{
  "aor": 0.00244024,
  "aqi": 0.0012574877440000001,
  "bids_meta": {
    "AcquisitionDateTime": "2017-07-05T18:18:57.000000",
    "ConversionSoftware": "dcm2niix",
    "ConversionSoftwareVersion": "v1.0.20170411 GCC4.8.4",
    "EchoTime": 0.035,
    "FlipAngle": 90,
    "ImageType": [
      "ORIGINAL",
      "PRIMARY",
      "EPI",
      "NONE"
    ],
    "MagneticFieldStrength": 3,
    "Manufacturer": "GE",
    "ManufacturersModelName": "DISCOVERY_MR750",
    "ProcedureStepDescription": "CompMet",
    "ProtocolName": "fMRI_CompMet",
    "RepetitionTime": 2,
    "ScanningSequence": "EP_GR",
    "SequenceVariant": "SS",
    "SeriesDescription": "fMRI_CompMet",
    "dataset": "unknown",
    "modality": "bold",
    "run_id": 2,
    "subject_id": "65",
    "task_id": "cm"
  },
  "dummy_trs": 0,
  "dvars_nstd": 16.240802466224903,
  "dvars_std": 1.1823935030923693,
  "dvars_vstd": 1.0156068673895582,
  "efc": 0.3283713865867632,
  "fber": 116016.8125,
  "fd_mean": 0.07910459044882177,
  "fd_num": 11,
  "fd_perc": 4.4,
  "fwhm_avg": 3.0404999999999998,
  "fwhm_x": 2.927675,
  "fwhm_y": 3.1208,
  "fwhm_z": 3.073025,
  "gcor": 0.0527861,
  "gsr_x": -0.009350260719656944,
  "gsr_y": 0.005238992627710104,
  "provenance": {
    "md5sum": "f9a118bb65d957205d260a6fb57df4d3",
    "settings": {
      "fd_thres": 0.2,
      "hmc_fsl": false
    },
    "software": "mriqc",
    "version": "0.15.2rc1",
    "webapi_port": null,
    "webapi_url": "https://mriqc.nimh.nih.gov/api/v1"
  },
  "size_t": 250,
  "size_x": 64,
  "size_y": 64,
  "size_z": 34,
  "snr": 2.5015851005836023,
  "spacing_tr": 2.0,
  "spacing_x": 4.0,
  "spacing_y": 4.0,
  "spacing_z": 4.0,
  "summary_bg_k": 112.8301859802159,
  "summary_bg_mad": 7.923027038574219,
  "summary_bg_mean": 26.957006454467773,
  "summary_bg_median": 5.956000328063965,
  "summary_bg_n": 96642.0,
  "summary_bg_p05": 0.22800001502037048,
  "summary_bg_p95": 111.52720527648897,
  "summary_bg_stdv": 86.0309066772461,
  "summary_fg_k": 1.3706640806360237,
  "summary_fg_mad": 605.2516479492188,
  "summary_fg_mean": 2083.603515625,
  "summary_fg_median": 1978.530029296875,
  "summary_fg_n": 16266.0,
  "summary_fg_p05": 902.7470245361328,
  "summary_fg_p95": 3605.8922729492188,
  "summary_fg_stdv": 790.88623046875,
  "tsnr": 75.35040283203125
}