{
  "aor": 0.0016759666666666668,
  "aqi": 0.0059568152,
  "bids_meta": {
    "AcquisitionDateTime": "2016-10-01T10:50:34.000000",
    "ConversionSoftware": "dcm2niix",
    "ConversionSoftwareVersion": "v1.0.20170411 GCC4.8.4",
    "EchoTime": 0.04,
    "FlipAngle": 90,
    "ImageType": [
      "ORIGINAL",
      "PRIMARY",
      "EPI",
      "NONE"
    ],
    "MagneticFieldStrength": 3,
    "Manufacturer": "GE",
    "ManufacturersModelName": "DISCOVERY_MR750",
    "ProcedureStepDescription": "MeditResp",
    "ProtocolName": "fMRI_RestSt",
    "RepetitionTime": 2,
    "ScanningSequence": "EP_GR",
    "SequenceVariant": "SS",
    "SeriesDescription": "fMRI_RestSt",
    "dataset": "unknown",
    "modality": "bold",
    "subject_id": "103",
    "task_id": "rest"
  },
  "dummy_trs": 0,
  "dvars_nstd": 14.751954690903007,
  "dvars_std": 0.9775965025418063,
  "dvars_vstd": 0.8881817263545145,
  "efc": 0.33299489412723654,
  "fber": 78945.125,
  "fd_mean": 0.09029911454923367,
  "fd_num": 2,
  "fd_perc": 0.6666666666666666,
  "fwhm_avg": 2.778691666666667,
  "fwhm_x": 2.70875,
  "fwhm_y": 2.99815,
  "fwhm_z": 2.629175,
  "gcor": 0.0231685,
  "gsr_x": 0.0040766471065580845,
  "gsr_y": 0.0026033392641693354,
  "provenance": {
    "md5sum": "243276a409c2d33f37700baaff15a4f6",
    "settings": {
      "fd_thres": 0.2,
      "hmc_fsl": false
    },
    "software": "mriqc",
    "version": "0.15.2rc1",
    "webapi_port": null,
    "webapi_url": "https://mriqc.nimh.nih.gov/api/v1"
  },
  "size_t": 300,
  "size_x": 64,
  "size_y": 64,
  "size_z": 34,
  "snr": 3.246490188491702,
  "spacing_tr": 2.0,
  "spacing_x": 4.0,
  "spacing_y": 4.0,
  "spacing_z": 4.0,
  "summary_bg_k": 282.6450991689529,
  "summary_bg_mad": 8.218558311462402,
  "summary_bg_mean": 24.231449127197266,
  "summary_bg_median": 6.426666736602783,
  "summary_bg_n": 96664.0,
  "summary_bg_p05": 0.33000001311302185,
  "summary_bg_p95": 84.11616859436033,
  "summary_bg_stdv": 85.75889587402344,
  "summary_fg_k": 0.4393469671064487,
  "summary_fg_mad": 491.13922119140625,
  "summary_fg_mean": 1800.2841796875,
  "summary_fg_median": 1813.780029296875,
  "summary_fg_n": 15836.0,
  "summary_fg_p05": 830.0517120361328,
  "summary_fg_p95": 2736.4884033203125,
  "summary_fg_stdv": 558.671875,
  "tsnr": 44.6749382019043
}