{
  "aor": 0.00423132,
  "aqi": 0.001715066952,
  "bids_meta": {
    "AcquisitionDateTime": "2017-06-22T20:27:45.000000",
    "ConversionSoftware": "dcm2niix",
    "ConversionSoftwareVersion": "v1.0.20170411 GCC4.8.4",
    "EchoTime": 0.035,
    "FlipAngle": 90,
    "ImageType": [
      "ORIGINAL",
      "PRIMARY",
      "EPI",
      "NONE"
    ],
    "MagneticFieldStrength": 3,
    "Manufacturer": "GE",
    "ManufacturersModelName": "DISCOVERY_MR750",
    "ProcedureStepDescription": "CompMet",
    "ProtocolName": "fMRI_CompMet_2",
    "RepetitionTime": 2,
    "ScanningSequence": "EP_GR",
    "SequenceVariant": "SS",
    "SeriesDescription": "fMRI_CompMet_2",
    "dataset": "unknown",
    "modality": "bold",
    "run_id": 2,
    "subject_id": "64",
    "task_id": "cm"
  },
  "dummy_trs": 0,
  "dvars_nstd": 15.188771075662645,
  "dvars_std": 1.10794160875502,
  "dvars_vstd": 1.022232105461848,
  "efc": 0.34240126336357657,
  "fber": 85179.296875,
  "fd_mean": 0.11450700898058287,
  "fd_num": 24,
  "fd_perc": 9.6,
  "fwhm_avg": 2.863583333333333,
  "fwhm_x": 2.76425,
  "fwhm_y": 2.931575,
  "fwhm_z": 2.894925,
  "gcor": 0.0396223,
  "gsr_x": -0.002910604700446129,
  "gsr_y": 0.0029690966475754976,
  "provenance": {
    "md5sum": "473efae67a34022da67bf31d3dd57849",
    "settings": {
      "fd_thres": 0.2,
      "hmc_fsl": false
    },
    "software": "mriqc",
    "version": "0.15.2rc1",
    "webapi_port": null,
    "webapi_url": "https://mriqc.nimh.nih.gov/api/v1"
  },
  "size_t": 250,
  "size_x": 64,
  "size_y": 64,
  "size_z": 34,
  "snr": 2.874354112772993,
  "spacing_tr": 2.0,
  "spacing_x": 4.0,
  "spacing_y": 4.0,
  "spacing_z": 4.0,
  "summary_bg_k": 107.48942942532035,
  "summary_bg_mad": 8.81258773803711,
  "summary_bg_mean": 27.803218841552734,
  "summary_bg_median": 6.572000503540039,
  "summary_bg_n": 95801.0,
  "summary_bg_p05": 0.15600000321865082,
  "summary_bg_p95": 116.29600524902344,
  "summary_bg_stdv": 86.4643783569336,
  "summary_fg_k": 0.4061189927607556,
  "summary_fg_mad": 589.83837890625,
  "summary_fg_mean": 1970.9952392578125,
  "summary_fg_median": 1933.030029296875,
  "summary_fg_n": 16990.0,
  "summary_fg_p05": 858.6984313964845,
  "summary_fg_p95": 3167.478295898437,
  "summary_fg_stdv": 672.4895629882812,
  "tsnr": 69.850341796875
}