{
  "aor": 0.011380266666666666,
  "aqi": 0.004720207076666667,
  "bids_meta": {
    "AcquisitionDateTime": "2016-09-20T21:44:22.000000",
    "ConversionSoftware": "dcm2niix",
    "ConversionSoftwareVersion": "v1.0.20170411 GCC4.8.4",
    "EchoTime": 0.04,
    "FlipAngle": 90,
    "ImageType": [
      "ORIGINAL",
      "PRIMARY",
      "EPI",
      "NONE"
    ],
    "MagneticFieldStrength": 3,
    "Manufacturer": "GE",
    "ManufacturersModelName": "DISCOVERY_MR750",
    "ProcedureStepDescription": "MeditResp",
    "ProtocolName": "fMRI_RestSt",
    "RepetitionTime": 2,
    "ScanningSequence": "EP_GR",
    "SequenceVariant": "SS",
    "SeriesDescription": "fMRI_RestSt",
    "dataset": "unknown",
    "modality": "bold",
    "subject_id": "117",
    "task_id": "rest"
  },
  "dummy_trs": 0,
  "dvars_nstd": 14.235474937391317,
  "dvars_std": 0.9394777868896323,
  "dvars_vstd": 0.8770430526755849,
  "efc": 0.33570764315903856,
  "fber": 69377.703125,
  "fd_mean": 0.11314262861161463,
  "fd_num": 18,
  "fd_perc": 6.0,
  "fwhm_avg": 2.8574831037641117,
  "fwhm_x": 2.71775,
  "fwhm_y": 2.96605,
  "fwhm_z": 2.888649311292336,
  "gcor": 0.0232887,
  "gsr_x": -0.0008666753419674933,
  "gsr_y": 0.006413203198462725,
  "provenance": {
    "md5sum": "dd9081a121f0f2a27f214c082eb9b882",
    "settings": {
      "fd_thres": 0.2,
      "hmc_fsl": false
    },
    "software": "mriqc",
    "version": "0.15.2rc1",
    "webapi_port": null,
    "webapi_url": "https://mriqc.nimh.nih.gov/api/v1"
  },
  "size_t": 300,
  "size_x": 64,
  "size_y": 64,
  "size_z": 34,
  "snr": 2.9435829944380316,
  "spacing_tr": 2.0,
  "spacing_x": 4.0,
  "spacing_y": 4.0,
  "spacing_z": 4.000000953674316,
  "summary_bg_k": 383.55482387410666,
  "summary_bg_mad": 8.319869995117188,
  "summary_bg_mean": 20.988800048828125,
  "summary_bg_median": 6.4716668128967285,
  "summary_bg_n": 95710.0,
  "summary_bg_p05": 0.25333333015441895,
  "summary_bg_p95": 79.97516899108888,
  "summary_bg_stdv": 68.5346908569336,
  "summary_fg_k": 0.05698919537892566,
  "summary_fg_mad": 538.2933959960938,
  "summary_fg_mean": 1763.513916015625,
  "summary_fg_median": 1753.0267333984375,
  "summary_fg_n": 16597.0,
  "summary_fg_p05": 696.2633666992188,
  "summary_fg_p95": 2744.052783203125,
  "summary_fg_stdv": 595.5238647460938,
  "tsnr": 47.991966247558594
}