{
  "bids_meta": {
    "AcquisitionDateTime": "2016-10-08T10:40:41.000000",
    "ConversionSoftware": "dcm2niix",
    "ConversionSoftwareVersion": "v1.0.20170411 GCC4.8.4",
    "EchoTime": 0.003336,
    "FlipAngle": 12,
    "ImageType": [
      "DERIVED",
      "PRIMARY",
      "OTHER"
    ],
    "InversionTime": 0.45,
    "MagneticFieldStrength": 3,
    "Manufacturer": "GE",
    "ManufacturersModelName": "DISCOVERY_MR750",
    "ProcedureStepDescription": "MeditResp",
    "ProtocolName": "PU:Sag_T1_FSPGR_BRAVO",
    "RepetitionTime": 0.008512,
    "ScanningSequence": "GR",
    "SequenceVariant": "SS_SP_SK",
    "SeriesDescription": "PU:Sag_T1_FSPGR_BRAVO",
    "dataset": "unknown",
    "modality": "T1w",
    "subject_id": "105"
  },
  "cjv": 0.3441812369727618,
  "cnr": 3.7584353709592055,
  "efc": 0.7595111203109544,
  "fber": 9647.658203125,
  "fwhm_avg": 3.72371,
  "fwhm_x": 3.81106,
  "fwhm_y": 3.84667,
  "fwhm_z": 3.5134,
  "icvs_csf": 0.20152783810875388,
  "icvs_gm": 0.4098182952736176,
  "icvs_wm": 0.3886538666176285,
  "inu_med": 0.823846697807312,
  "inu_range": 0.1487809300422669,
  "provenance": {
    "md5sum": "6d851f7771d431a09a2fd2684c17d447",
    "settings": {
      "testing": false
    },
    "software": "mriqc",
    "version": "0.15.2rc1",
    "warnings": {
      "large_rot_frame": true,
      "small_air_mask": true
    },
    "webapi_port": null,
    "webapi_url": "https://mriqc.nimh.nih.gov/api/v1"
  },
  "qi_1": 0.0,
  "qi_2": 0.002570623458228592,
  "rpve_csf": 20.72975048333076,
  "rpve_gm": 11.011222176552268,
  "rpve_wm": 14.409359198516666,
  "size_x": 176,
  "size_y": 256,
  "size_z": 256,
  "snr_csf": 3.322155123101265,
  "snr_gm": 11.783443361346167,
  "snr_total": 13.476117636506684,
  "snr_wm": 25.322754425072617,
  "snrd_csf": 131.82920277055314,
  "snrd_gm": 263.1574801614518,
  "snrd_total": 252.8140953625243,
  "snrd_wm": 363.45560315556804,
  "spacing_x": 1.0,
  "spacing_y": 1.0,
  "spacing_z": 1.0,
  "summary_bg_k": 22.621550406866497,
  "summary_bg_mad": 1.8025275468826294,
  "summary_bg_mean": 3.731065034866333,
  "summary_bg_median": 1.215786337852478,
  "summary_bg_n": 105872.0,
  "summary_bg_p05": 0.0,
  "summary_bg_p95": 17.230279350280753,
  "summary_bg_stdv": 7.486596584320068,
  "summary_csf_k": 1.7445576900674258,
  "summary_csf_mad": 93.56089782714844,
  "summary_csf_mean": 378.54315185546875,
  "summary_csf_median": 362.7119140625,
  "summary_csf_n": 24827.0,
  "summary_csf_p05": 229.48795013427736,
  "summary_csf_p95": 581.3057312011717,
  "summary_csf_stdv": 109.17750549316406,
  "summary_gm_k": 0.25771012043288266,
  "summary_gm_mad": 58.02690124511719,
  "summary_gm_mean": 725.4246215820312,
  "summary_gm_median": 724.0455932617188,
  "summary_gm_n": 34247.0,
  "summary_gm_p05": 626.4206176757813,
  "summary_gm_p95": 830.0829711914063,
  "summary_gm_stdv": 61.44511413574219,
  "summary_wm_k": 0.7914936590253676,
  "summary_wm_mad": 36.952667236328125,
  "summary_wm_mean": 1000.1348876953125,
  "summary_wm_median": 1000.0036010742188,
  "summary_wm_n": 292842.0,
  "summary_wm_p05": 936.0068572998048,
  "summary_wm_p95": 1064.4014831542968,
  "summary_wm_stdv": 39.49024963378906,
  "tpm_overlap_csf": 0.22262753546237946,
  "tpm_overlap_gm": 0.5042348504066467,
  "tpm_overlap_wm": 0.5747733116149902,
  "wm2max": 0.5375204975087254
}