{
  "aor": 0.0013949599999999998,
  "aqi": 0.001596275752,
  "bids_meta": {
    "AcquisitionDateTime": "2017-06-28T20:14:26.000000",
    "ConversionSoftware": "dcm2niix",
    "ConversionSoftwareVersion": "v1.0.20170411 GCC4.8.4",
    "EchoTime": 0.035,
    "FlipAngle": 90,
    "ImageType": [
      "ORIGINAL",
      "PRIMARY",
      "EPI",
      "NONE"
    ],
    "MagneticFieldStrength": 3,
    "Manufacturer": "GE",
    "ManufacturersModelName": "DISCOVERY_MR750",
    "ProcedureStepDescription": "CompMet",
    "ProtocolName": "fMRI_CompMet_1",
    "RepetitionTime": 2,
    "ScanningSequence": "EP_GR",
    "SequenceVariant": "SS",
    "SeriesDescription": "fMRI_CompMet_1",
    "dataset": "unknown",
    "modality": "bold",
    "run_id": 1,
    "subject_id": "69",
    "task_id": "cm"
  },
  "dummy_trs": 0,
  "dvars_nstd": 15.192156856706825,
  "dvars_std": 1.0938772436947795,
  "dvars_vstd": 0.9714839937349392,
  "efc": 0.3587527120046028,
  "fber": 70265.6171875,
  "fd_mean": 0.04833563711913746,
  "fd_num": 0,
  "fd_perc": 0.0,
  "fwhm_avg": 2.9810171307685205,
  "fwhm_x": 2.94505,
  "fwhm_y": 3.078125,
  "fwhm_z": 2.9198763923055613,
  "gcor": 0.0164751,
  "gsr_x": -0.009325666353106499,
  "gsr_y": 0.010445674881339073,
  "provenance": {
    "md5sum": "cd3f3ad4ef3167950eacb78336363514",
    "settings": {
      "fd_thres": 0.2,
      "hmc_fsl": false
    },
    "software": "mriqc",
    "version": "0.15.2rc1",
    "webapi_port": null,
    "webapi_url": "https://mriqc.nimh.nih.gov/api/v1"
  },
  "size_t": 250,
  "size_x": 64,
  "size_y": 64,
  "size_z": 34,
  "snr": 2.7224754614759235,
  "spacing_tr": 2.0,
  "spacing_x": 4.0,
  "spacing_y": 4.0,
  "spacing_z": 3.999998092651367,
  "summary_bg_k": 136.35395348530164,
  "summary_bg_mad": 9.571681022644043,
  "summary_bg_mean": 30.05504608154297,
  "summary_bg_median": 6.840000152587891,
  "summary_bg_n": 93345.0,
  "summary_bg_p05": 0.09200000762939453,
  "summary_bg_p95": 125.75920715332038,
  "summary_bg_stdv": 87.1444320678711,
  "summary_fg_k": 0.4843702018417315,
  "summary_fg_mad": 578.2326049804688,
  "summary_fg_mean": 1873.35400390625,
  "summary_fg_median": 1838.7880859375,
  "summary_fg_n": 18257.0,
  "summary_fg_p05": 747.2928344726563,
  "summary_fg_p95": 3051.1546386718755,
  "summary_fg_stdv": 675.391845703125,
  "tsnr": 73.6300048828125
}