{
  "bids_meta": {
    "AcquisitionDateTime": "2016-04-27T20:51:55.000000",
    "ConversionSoftware": "dcm2niix",
    "ConversionSoftwareVersion": "v1.0.20170411 GCC4.8.4",
    "EchoTime": 0.00318,
    "FlipAngle": 12,
    "ImageType": [
      "DERIVED",
      "PRIMARY",
      "OTHER"
    ],
    "InversionTime": 0.45,
    "MagneticFieldStrength": 3,
    "Manufacturer": "GE",
    "ManufacturersModelName": "DISCOVERY_MR750",
    "ProcedureStepDescription": "ActosHabla",
    "ProtocolName": "PU:Sag_T1_FSPGR_BRAVO",
    "RepetitionTime": 0.008156,
    "ScanningSequence": "GR",
    "SequenceVariant": "SS_SP_SK",
    "SeriesDescription": "PU:Sag_T1_FSPGR_BRAVO",
    "dataset": "unknown",
    "modality": "T1w",
    "subject_id": "01"
  },
  "cjv": 0.39912601325924674,
  "cnr": 3.29295986469175,
  "efc": 0.7371602277575757,
  "fber": 7552.16259765625,
  "fwhm_avg": 3.57363,
  "fwhm_x": 3.53197,
  "fwhm_y": 3.78184,
  "fwhm_z": 3.40708,
  "icvs_csf": 0.20306329563159642,
  "icvs_gm": 0.4241407328056483,
  "icvs_wm": 0.3727959715627553,
  "inu_med": 1.494236707687378,
  "inu_range": 0.4088291168212892,
  "provenance": {
    "md5sum": "27e1c403d4aedeee80bde0147989622f",
    "settings": {
      "testing": false
    },
    "software": "mriqc",
    "version": "0.15.2rc1",
    "warnings": {
      "large_rot_frame": true,
      "small_air_mask": false
    },
    "webapi_port": null,
    "webapi_url": "https://mriqc.nimh.nih.gov/api/v1"
  },
  "qi_1": 0.0,
  "qi_2": 0.002434050259807665,
  "rpve_csf": 26.278243503810486,
  "rpve_gm": 13.3614183600447,
  "rpve_wm": 18.083773079782606,
  "size_x": 176,
  "size_y": 256,
  "size_z": 256,
  "snr_csf": 3.0658922568276306,
  "snr_gm": 10.673330279706702,
  "snr_total": 10.68879267292082,
  "snr_wm": 18.327155482228132,
  "snrd_csf": 33.78182936714942,
  "snrd_gm": 72.85124876608137,
  "snrd_total": 69.6569979410986,
  "snrd_wm": 102.33791569006497,
  "spacing_x": 1.0,
  "spacing_y": 1.0,
  "spacing_z": 1.0,
  "summary_bg_k": 36.40341928275032,
  "summary_bg_mad": 6.401768207550049,
  "summary_bg_mean": 10.686521530151367,
  "summary_bg_median": 4.31792688369751,
  "summary_bg_n": 510199.0,
  "summary_bg_p05": 0.0,
  "summary_bg_p95": 38.82149429321287,
  "summary_bg_stdv": 15.188685417175293,
  "summary_csf_k": 0.4659438770826867,
  "summary_csf_mad": 95.92560577392578,
  "summary_csf_mean": 351.5007019042969,
  "summary_csf_median": 330.1044616699219,
  "summary_csf_n": 19849.0,
  "summary_csf_p05": 210.34219360351562,
  "summary_csf_p95": 558.2417602539062,
  "summary_csf_stdv": 107.667236328125,
  "summary_gm_k": 0.6823171304739062,
  "summary_gm_mad": 62.300193786621094,
  "summary_gm_mean": 714.6133422851562,
  "summary_gm_median": 711.87744140625,
  "summary_gm_n": 22336.0,
  "summary_gm_p05": 610.488525390625,
  "summary_gm_p95": 829.0796813964844,
  "summary_gm_stdv": 66.69535064697266,
  "summary_wm_k": 0.4542920916757769,
  "summary_wm_mad": 52.70142364501953,
  "summary_wm_mean": 1001.4481811523438,
  "summary_wm_median": 1000.0110473632812,
  "summary_wm_n": 200982.0,
  "summary_wm_p05": 914.7140045166016,
  "summary_wm_p95": 1093.1176452636719,
  "summary_wm_stdv": 54.564308166503906,
  "tpm_overlap_csf": 0.22365227341651917,
  "tpm_overlap_gm": 0.5082706809043884,
  "tpm_overlap_wm": 0.5613405108451843,
  "wm2max": 0.4257047279373204
}