{
  "bids_meta": {
    "AcquisitionMatrixPE": 256,
    "AcquisitionNumber": 1,
    "AcquisitionTime": "19:05:37.000000",
    "BodyPartExamined": "HEAD",
    "CoilString": "32Ch_Head",
    "ConversionSoftware": "dcm2niix",
    "ConversionSoftwareVersion": "v1.0.20181125  (JP2:OpenJPEG) GCC7.3.0",
    "DeviceSerialNumber": "0002806034DVR750",
    "EchoTime": 0.003192,
    "FlipAngle": 12,
    "ImageOrientationPatientDICOM": [
      0,
      1,
      0,
      0,
      0,
      -1
    ],
    "ImageType": [
      "ORIGINAL",
      "PRIMARY",
      "OTHER"
    ],
    "ImagingFrequency": 127.772,
    "InPlanePhaseEncodingDirectionDICOM": "ROW",
    "InstitutionName": "INSTITUTO_DE_NEUROBIOLOGIA",
    "InversionTime": 0.45,
    "MRAcquisitionType": "3D",
    "MagneticFieldStrength": 3,
    "Manufacturer": "GE",
    "ManufacturersModelName": "DISCOVERY_MR750",
    "Modality": "MR",
    "PatientPosition": "HFS",
    "PercentPhaseFOV": 100,
    "PixelBandwidth": 244.141,
    "ProcedureStepDescription": "Emociones_AH",
    "ProtocolName": "Sag_T1_FSPGR_BRAVO",
    "ReconMatrixPE": 256,
    "RepetitionTime": 0.008184,
    "SAR": 0.139069,
    "ScanOptions": "FAST_GEMS_EDR_GEMS_FILTERED_GEMS_ACC_GEMS_IR_GEMS",
    "ScanningSequence": "GR",
    "SequenceVariant": "SS_SP_SK",
    "SeriesDescription": "Sag_T1_FSPGR_BRAVO",
    "SeriesNumber": 9,
    "SliceThickness": 1,
    "SoftwareVersions": "27_LX_MR_Software_release:DV26.0_R02_1810.b",
    "SpacingBetweenSlices": 1,
    "StationName": "GEHCGEHC",
    "dataset": "unknown",
    "modality": "T1w",
    "subject_id": "27"
  },
  "cjv": 0.4463417280085208,
  "cnr": 3.0549048195119792,
  "efc": 0.6478259353553479,
  "fber": 12382.7021484375,
  "fwhm_avg": 3.736686666666667,
  "fwhm_x": 3.7543,
  "fwhm_y": 3.90823,
  "fwhm_z": 3.54753,
  "icvs_csf": 0.21080410614413295,
  "icvs_gm": 0.4292108038152424,
  "icvs_wm": 0.3599850900406246,
  "inu_med": 0.9632542729377747,
  "inu_range": 0.26756694316864005,
  "provenance": {
    "md5sum": "ae80dc75c518ec4a37fc279c3b0865b5",
    "settings": {
      "testing": false
    },
    "software": "mriqc",
    "version": "0.15.2rc1",
    "warnings": {
      "large_rot_frame": true,
      "small_air_mask": false
    },
    "webapi_port": null,
    "webapi_url": "https://mriqc.nimh.nih.gov/api/v1"
  },
  "qi_1": 2.8290984766023967e-05,
  "qi_2": 0.0023434004840838666,
  "rpve_csf": 23.392074423248467,
  "rpve_gm": 12.37019544381875,
  "rpve_wm": 17.831934198385145,
  "size_x": 176,
  "size_y": 256,
  "size_z": 256,
  "snr_csf": 3.3178868586744987,
  "snr_gm": 10.48375275469049,
  "snr_total": 10.827943573188875,
  "snr_wm": 18.68219110620164,
  "snrd_csf": 36.867917205550334,
  "snrd_gm": 76.98927069630295,
  "snrd_total": 73.17424868547941,
  "snrd_wm": 105.66555815458493,
  "spacing_x": 1.0,
  "spacing_y": 1.0,
  "spacing_z": 1.0,
  "summary_bg_k": 22.837759183740598,
  "summary_bg_mad": 6.200261116027832,
  "summary_bg_mean": 10.577527046203613,
  "summary_bg_median": 4.904142379760742,
  "summary_bg_n": 1813979.0,
  "summary_bg_p05": 0.0,
  "summary_bg_p95": 37.912355422973604,
  "summary_bg_stdv": 14.030050277709961,
  "summary_csf_k": 0.3474634612694847,
  "summary_csf_mad": 99.4317626953125,
  "summary_csf_mean": 369.9804382324219,
  "summary_csf_median": 348.9208068847656,
  "summary_csf_n": 22697.0,
  "summary_csf_p05": 231.68466796875,
  "summary_csf_p95": 563.4544189453126,
  "summary_csf_stdv": 105.16124725341797,
  "summary_gm_k": -0.02859852180785083,
  "summary_gm_mad": 69.55249786376953,
  "summary_gm_mean": 729.5989990234375,
  "summary_gm_median": 728.6323852539062,
  "summary_gm_n": 31062.0,
  "summary_gm_p05": 616.4204650878906,
  "summary_gm_p95": 846.6324279785157,
  "summary_gm_stdv": 69.49998474121094,
  "summary_wm_k": 0.3477333569184746,
  "summary_wm_mad": 51.58223342895508,
  "summary_wm_mean": 1001.6155395507812,
  "summary_wm_median": 1000.0269775390625,
  "summary_wm_n": 223646.0,
  "summary_wm_p05": 915.9149322509766,
  "summary_wm_p95": 1091.9082946777344,
  "summary_wm_stdv": 53.528236389160156,
  "tpm_overlap_csf": 0.22268220782279968,
  "tpm_overlap_gm": 0.5033701658248901,
  "tpm_overlap_wm": 0.5587042570114136,
  "wm2max": 0.4351406360206306
}