{
  "aor": 0.004742366666666667,
  "aqi": 0.0020151350333333334,
  "bids_meta": {
    "AcquisitionDateTime": "2016-10-12T20:11:18.000000",
    "ConversionSoftware": "dcm2niix",
    "ConversionSoftwareVersion": "v1.0.20170411 GCC4.8.4",
    "EchoTime": 0.04,
    "FlipAngle": 90,
    "ImageType": [
      "ORIGINAL",
      "PRIMARY",
      "EPI",
      "NONE"
    ],
    "MagneticFieldStrength": 3,
    "Manufacturer": "GE",
    "ManufacturersModelName": "DISCOVERY_MR750",
    "ProcedureStepDescription": "MeditResp",
    "ProtocolName": "fMRI_RestSt",
    "RepetitionTime": 2,
    "ScanningSequence": "EP_GR",
    "SequenceVariant": "SS",
    "SeriesDescription": "fMRI_RestSt",
    "dataset": "unknown",
    "modality": "bold",
    "subject_id": "108",
    "task_id": "rest"
  },
  "dummy_trs": 0,
  "dvars_nstd": 13.936150627458195,
  "dvars_std": 1.100523085852843,
  "dvars_vstd": 0.9913560328762543,
  "efc": 0.31889765776896667,
  "fber": 223289.203125,
  "fd_mean": 0.06772919087711841,
  "fd_num": 3,
  "fd_perc": 1.0,
  "fwhm_avg": 2.926649767897582,
  "fwhm_x": 2.791525,
  "fwhm_y": 3.0679,
  "fwhm_z": 2.9205243036927455,
  "gcor": 0.0722518,
  "gsr_x": -0.00577859953045845,
  "gsr_y": 0.0016975555336102843,
  "provenance": {
    "md5sum": "1f60af7e302bccc52ecfb1cf042d230d",
    "settings": {
      "fd_thres": 0.2,
      "hmc_fsl": false
    },
    "software": "mriqc",
    "version": "0.15.2rc1",
    "webapi_port": null,
    "webapi_url": "https://mriqc.nimh.nih.gov/api/v1"
  },
  "size_t": 300,
  "size_x": 64,
  "size_y": 64,
  "size_z": 34,
  "snr": 2.726434103196652,
  "spacing_tr": 2.0,
  "spacing_x": 4.0,
  "spacing_y": 4.0,
  "spacing_z": 4.000000953674316,
  "summary_bg_k": 214.54922886791056,
  "summary_bg_mad": 5.431265830993652,
  "summary_bg_mean": 19.367189407348633,
  "summary_bg_median": 4.079999923706055,
  "summary_bg_n": 97381.0,
  "summary_bg_p05": 0.08666666597127914,
  "summary_bg_p95": 77.20999908447266,
  "summary_bg_stdv": 69.80970764160156,
  "summary_fg_k": 0.25297482962110074,
  "summary_fg_mad": 586.3024291992188,
  "summary_fg_mean": 1904.93994140625,
  "summary_fg_median": 1887.5167236328125,
  "summary_fg_n": 15640.0,
  "summary_fg_p05": 721.0723236083985,
  "summary_fg_p95": 3136.6166625976557,
  "summary_fg_stdv": 692.2802124023438,
  "tsnr": 66.82637786865234
}