{
  "bids_meta": {
    "AcquisitionDateTime": "2016-09-05T20:23:7.000000",
    "ConversionSoftware": "dcm2niix",
    "ConversionSoftwareVersion": "v1.0.20170411 GCC4.8.4",
    "EchoTime": 0.003336,
    "FlipAngle": 12,
    "ImageType": [
      "DERIVED",
      "PRIMARY",
      "OTHER"
    ],
    "InversionTime": 0.45,
    "MagneticFieldStrength": 3,
    "Manufacturer": "GE",
    "ManufacturersModelName": "DISCOVERY_MR750",
    "ProcedureStepDescription": "MeditResp",
    "ProtocolName": "PU:Sag_T1_FSPGR_BRAVO",
    "RepetitionTime": 0.008512,
    "ScanningSequence": "GR",
    "SequenceVariant": "SS_SP_SK",
    "SeriesDescription": "PU:Sag_T1_FSPGR_BRAVO",
    "dataset": "unknown",
    "modality": "T1w",
    "subject_id": "98"
  },
  "cjv": 0.41028964684564107,
  "cnr": 3.1966071822871958,
  "efc": 0.7420966966739284,
  "fber": 8310.08984375,
  "fwhm_avg": 3.650736666666667,
  "fwhm_x": 3.64531,
  "fwhm_y": 3.82931,
  "fwhm_z": 3.47759,
  "icvs_csf": 0.1858179132482806,
  "icvs_gm": 0.4433487880992779,
  "icvs_wm": 0.37083329865244147,
  "inu_med": 1.0664653778076172,
  "inu_range": 0.2522101104259491,
  "provenance": {
    "md5sum": "8c89a6f9369dd2dda5f5024447626017",
    "settings": {
      "testing": false
    },
    "software": "mriqc",
    "version": "0.15.2rc1",
    "warnings": {
      "large_rot_frame": true,
      "small_air_mask": false
    },
    "webapi_port": null,
    "webapi_url": "https://mriqc.nimh.nih.gov/api/v1"
  },
  "qi_1": 0.0,
  "qi_2": 0.003271270702026767,
  "rpve_csf": 27.418076226436792,
  "rpve_gm": 12.82130252797488,
  "rpve_wm": 18.2472846167567,
  "size_x": 176,
  "size_y": 256,
  "size_z": 256,
  "snr_csf": 2.9259684339261516,
  "snr_gm": 10.957462166878418,
  "snr_total": 11.763010523698847,
  "snr_wm": 21.40560097029197,
  "snrd_csf": 29.945175258262406,
  "snrd_gm": 64.07106451874071,
  "snrd_total": 60.40453221768922,
  "snrd_wm": 87.19735687606453,
  "spacing_x": 1.0,
  "spacing_y": 1.0,
  "spacing_z": 1.0,
  "summary_bg_k": 5.115925240496292,
  "summary_bg_mad": 7.513299942016602,
  "summary_bg_mean": 11.676765441894531,
  "summary_bg_median": 5.904265403747559,
  "summary_bg_n": 365547.0,
  "summary_bg_p05": 0.0,
  "summary_bg_p95": 40.87028274536134,
  "summary_bg_stdv": 14.309030532836914,
  "summary_csf_k": -0.3506065991354754,
  "summary_csf_mad": 116.53390502929688,
  "summary_csf_mean": 376.3956298828125,
  "summary_csf_median": 343.42022705078125,
  "summary_csf_n": 12552.0,
  "summary_csf_p05": 227.27902450561524,
  "summary_csf_p95": 578.3827331542967,
  "summary_csf_stdv": 117.3650894165039,
  "summary_gm_k": 0.31093847811407516,
  "summary_gm_mad": 64.22697448730469,
  "summary_gm_mean": 739.7971801757812,
  "summary_gm_median": 734.7861328125,
  "summary_gm_n": 30568.0,
  "summary_gm_p05": 638.2562927246094,
  "summary_gm_p95": 859.9351074218748,
  "summary_gm_stdv": 67.05696105957031,
  "summary_wm_k": 0.7901084408627588,
  "summary_wm_mad": 44.5897331237793,
  "summary_wm_mean": 1001.2725219726562,
  "summary_wm_median": 1000.00537109375,
  "summary_wm_n": 210042.0,
  "summary_wm_p05": 927.2956146240234,
  "summary_wm_p95": 1078.7540161132813,
  "summary_wm_stdv": 46.71688461303711,
  "tpm_overlap_csf": 0.23129498958587646,
  "tpm_overlap_gm": 0.523489773273468,
  "tpm_overlap_wm": 0.567155122756958,
  "wm2max": 0.43634241293605114
}