{
  "bids_meta": {
    "AcquisitionMatrixPE": 256,
    "AcquisitionNumber": 1,
    "AcquisitionTime": "20:36:1.000000",
    "CoilString": "32Ch_Head",
    "ConversionSoftware": "dcm2niix",
    "ConversionSoftwareVersion": "v1.0.20190902",
    "Dcm2bidsVersion": "2.1.4",
    "DeviceSerialNumber": "000000000000GEHC",
    "EchoTime": 0.00318,
    "FlipAngle": 12,
    "ImageOrientationPatientDICOM": [
      0,
      1,
      0,
      0,
      0,
      -1
    ],
    "ImageType": [
      "ORIGINAL",
      "PRIMARY",
      "OTHER"
    ],
    "ImagingFrequency": 127.772,
    "InPlanePhaseEncodingDirectionDICOM": "ROW",
    "InstitutionName": "INSTITUTO_DE_NEUROBIOLOGIA",
    "InversionTime": 0.45,
    "MRAcquisitionType": "3D",
    "MagneticFieldStrength": 3,
    "Manufacturer": "GE",
    "ManufacturersModelName": "DISCOVERY_MR750",
    "Modality": "MR",
    "PatientPosition": "HFS",
    "PercentPhaseFOV": 100,
    "PixelBandwidth": 244.141,
    "ProcedureStepDescription": "verbos",
    "ProtocolName": "Sag_T1_FSPGR_BRAVO",
    "ReconMatrixPE": 256,
    "RepetitionTime": 0.008156,
    "SAR": 0.225151,
    "ScanOptions": "FAST_GEMS_EDR_GEMS_FILTERED_GEMS_ACC_GEMS",
    "ScanningSequence": "GR",
    "SequenceVariant": "SS_SP_SK",
    "SeriesDescription": "Sag_T1_FSPGR_BRAVO",
    "SeriesNumber": 12,
    "SliceThickness": 1,
    "SoftwareVersions": "24_LX_MR_Software_release:DV24.0_R02_1607.b",
    "SpacingBetweenSlices": 1,
    "StationName": "GEHCGEHC",
    "dataset": "unknown",
    "modality": "T1w",
    "subject_id": "130"
  },
  "cjv": 0.3923825709928649,
  "cnr": 2.761171373448175,
  "efc": 0.4884173442758752,
  "fber": 20727.0546875,
  "fwhm_avg": 4.351326666666667,
  "fwhm_x": 4.41136,
  "fwhm_y": 4.55417,
  "fwhm_z": 4.08845,
  "icvs_csf": 0.16083712008469866,
  "icvs_gm": 0.4337279071959138,
  "icvs_wm": 0.40543497271938755,
  "inu_med": 0.9075338840484619,
  "inu_range": 0.4797356575727463,
  "provenance": {
    "md5sum": "d9f73c6438ca8aa3023b5aa8a550b327",
    "settings": {
      "testing": false
    },
    "software": "mriqc",
    "version": "0.15.2rc1",
    "warnings": {
      "large_rot_frame": true,
      "small_air_mask": false
    },
    "webapi_port": null,
    "webapi_url": "https://mriqc.nimh.nih.gov/api/v1"
  },
  "qi_1": 1.2064401383170214e-05,
  "qi_2": 0.004253893859248262,
  "rpve_csf": 34.46619430947809,
  "rpve_gm": 14.0947085623731,
  "rpve_wm": 17.15725706132555,
  "size_x": 176,
  "size_y": 256,
  "size_z": 256,
  "snr_csf": 3.1173136546131897,
  "snr_gm": 11.261767205410875,
  "snr_total": 8.92898766605173,
  "snr_wm": 12.407882138131127,
  "snrd_csf": 48.75641413089933,
  "snrd_gm": 102.84436986312049,
  "snrd_total": 98.52308985851336,
  "snrd_wm": 143.96848558152024,
  "spacing_x": 1.0,
  "spacing_y": 1.0,
  "spacing_z": 1.0,
  "summary_bg_k": 9.928742962467236,
  "summary_bg_mad": 4.550601005554199,
  "summary_bg_mean": 9.54248332977295,
  "summary_bg_median": 3.346734046936035,
  "summary_bg_n": 3364675.0,
  "summary_bg_p05": 0.0,
  "summary_bg_p95": 38.28145904541013,
  "summary_bg_stdv": 13.543691635131836,
  "summary_csf_k": 8.784596133864811,
  "summary_csf_mad": 85.56378936767578,
  "summary_csf_mean": 365.9502258300781,
  "summary_csf_median": 338.663818359375,
  "summary_csf_n": 11000.0,
  "summary_csf_p05": 239.44938735961915,
  "summary_csf_p95": 569.549331665039,
  "summary_csf_stdv": 108.63469696044922,
  "summary_gm_k": 0.593184097786827,
  "summary_gm_mad": 59.39249801635742,
  "summary_gm_mean": 711.2940063476562,
  "summary_gm_median": 714.3607177734375,
  "summary_gm_n": 20313.0,
  "summary_gm_p05": 603.2546142578125,
  "summary_gm_p95": 810.745849609375,
  "summary_gm_stdv": 63.43082046508789,
  "summary_wm_k": 9.390342256814781,
  "summary_wm_mad": 52.69142532348633,
  "summary_wm_mean": 1013.3318481445312,
  "summary_wm_median": 1000.0103149414062,
  "summary_wm_n": 197676.0,
  "summary_wm_p05": 921.3014068603516,
  "summary_wm_p95": 1155.5952758789062,
  "summary_wm_stdv": 80.59455871582031,
  "tpm_overlap_csf": 0.21968404948711395,
  "tpm_overlap_gm": 0.5066483020782471,
  "tpm_overlap_wm": 0.5623417496681213,
  "wm2max": 0.2702502447164478
}