{
  "aor": 0.005223,
  "aqi": 0.0025619352,
  "bids_meta": {
    "AcquisitionDateTime": "2017-07-10T19:43:1.000000",
    "ConversionSoftware": "dcm2niix",
    "ConversionSoftwareVersion": "v1.0.20170411 GCC4.8.4",
    "EchoTime": 0.035,
    "FlipAngle": 90,
    "ImageType": [
      "ORIGINAL",
      "PRIMARY",
      "EPI",
      "NONE"
    ],
    "MagneticFieldStrength": 3,
    "Manufacturer": "GE",
    "ManufacturersModelName": "DISCOVERY_MR750",
    "ProcedureStepDescription": "CompMet",
    "ProtocolName": "fMRI_CompMet",
    "RepetitionTime": 2,
    "ScanningSequence": "EP_GR",
    "SequenceVariant": "SS",
    "SeriesDescription": "fMRI_CompMet",
    "dataset": "unknown",
    "modality": "bold",
    "run_id": 2,
    "subject_id": "79",
    "task_id": "cm"
  },
  "dummy_trs": 0,
  "dvars_nstd": 15.473436321044176,
  "dvars_std": 1.1385509445381534,
  "dvars_vstd": 1.0000940284337354,
  "efc": 0.38451646768845243,
  "fber": 71125.1015625,
  "fd_mean": 0.05613227977820795,
  "fd_num": 0,
  "fd_perc": 0.0,
  "fwhm_avg": 2.925266666666667,
  "fwhm_x": 2.719075,
  "fwhm_y": 2.960975,
  "fwhm_z": 3.09575,
  "gcor": 0.0181496,
  "gsr_x": -0.000468586542410776,
  "gsr_y": 0.008277345448732376,
  "provenance": {
    "md5sum": "5aba73ddfeaa11f141649fb4153ec020",
    "settings": {
      "fd_thres": 0.2,
      "hmc_fsl": false
    },
    "software": "mriqc",
    "version": "0.15.2rc1",
    "webapi_port": null,
    "webapi_url": "https://mriqc.nimh.nih.gov/api/v1"
  },
  "size_t": 250,
  "size_x": 64,
  "size_y": 64,
  "size_z": 34,
  "snr": 2.867884480538353,
  "spacing_tr": 2.0,
  "spacing_x": 4.0,
  "spacing_y": 4.0,
  "spacing_z": 4.0,
  "summary_bg_k": 81.18762111984645,
  "summary_bg_mad": 10.674736976623535,
  "summary_bg_mean": 49.13719177246094,
  "summary_bg_median": 7.78000020980835,
  "summary_bg_n": 91723.0,
  "summary_bg_p05": 0.13199999928474426,
  "summary_bg_p95": 263.1619995117184,
  "summary_bg_stdv": 150.96109008789062,
  "summary_fg_k": 0.29464839321432024,
  "summary_fg_mad": 654.9188842773438,
  "summary_fg_mean": 2189.75146484375,
  "summary_fg_median": 2123.880126953125,
  "summary_fg_n": 20139.0,
  "summary_fg_p05": 994.6904602050781,
  "summary_fg_p95": 3528.6566162109375,
  "summary_fg_stdv": 740.555419921875,
  "tsnr": 67.17739868164062
}