{
  "aor": 0.00106848,
  "aqi": 0.00117477808,
  "bids_meta": {
    "AcquisitionDateTime": "2017-07-10T19:32:28.000000",
    "ConversionSoftware": "dcm2niix",
    "ConversionSoftwareVersion": "v1.0.20170411 GCC4.8.4",
    "EchoTime": 0.035,
    "FlipAngle": 90,
    "ImageType": [
      "ORIGINAL",
      "PRIMARY",
      "EPI",
      "NONE"
    ],
    "MagneticFieldStrength": 3,
    "Manufacturer": "GE",
    "ManufacturersModelName": "DISCOVERY_MR750",
    "ProcedureStepDescription": "CompMet",
    "ProtocolName": "fMRI_CompMet",
    "RepetitionTime": 2,
    "ScanningSequence": "EP_GR",
    "SequenceVariant": "SS",
    "SeriesDescription": "fMRI_CompMet",
    "dataset": "unknown",
    "modality": "bold",
    "run_id": 1,
    "subject_id": "79",
    "task_id": "cm"
  },
  "dummy_trs": 0,
  "dvars_nstd": 12.792661800642568,
  "dvars_std": 1.094719192570281,
  "dvars_vstd": 0.9863758005220885,
  "efc": 0.3827577998788712,
  "fber": 74399.0625,
  "fd_mean": 0.04942151392259676,
  "fd_num": 0,
  "fd_perc": 0.0,
  "fwhm_avg": 2.9178166666666665,
  "fwhm_x": 2.72115,
  "fwhm_y": 2.95355,
  "fwhm_z": 3.07875,
  "gcor": 0.041255,
  "gsr_x": -0.00032833870500326157,
  "gsr_y": 0.007367480080574751,
  "provenance": {
    "md5sum": "e09840f13178747ed0e818eded55c00d",
    "settings": {
      "fd_thres": 0.2,
      "hmc_fsl": false
    },
    "software": "mriqc",
    "version": "0.15.2rc1",
    "webapi_port": null,
    "webapi_url": "https://mriqc.nimh.nih.gov/api/v1"
  },
  "size_t": 250,
  "size_x": 64,
  "size_y": 64,
  "size_z": 34,
  "snr": 2.8623209385958455,
  "spacing_tr": 2.0,
  "spacing_x": 4.0,
  "spacing_y": 4.0,
  "spacing_z": 4.0,
  "summary_bg_k": 76.03197617535541,
  "summary_bg_mad": 10.470137596130371,
  "summary_bg_mean": 46.95075607299805,
  "summary_bg_median": 7.656000137329102,
  "summary_bg_n": 91726.0,
  "summary_bg_p05": 0.13199999928474426,
  "summary_bg_p95": 249.4600067138672,
  "summary_bg_stdv": 144.55575561523438,
  "summary_fg_k": 0.3124799430947016,
  "summary_fg_mad": 654.361328125,
  "summary_fg_mean": 2207.708251953125,
  "summary_fg_median": 2137.89599609375,
  "summary_fg_n": 20150.0,
  "summary_fg_p05": 1008.1138427734376,
  "summary_fg_p95": 3562.2393432617187,
  "summary_fg_stdv": 746.8914184570312,
  "tsnr": 92.1890640258789
}