{
  "aor": 0.003447733333333333,
  "aqi": 0.007100956966666666,
  "bids_meta": {
    "AcquisitionDateTime": "2016-10-08T11:14:55.000000",
    "ConversionSoftware": "dcm2niix",
    "ConversionSoftwareVersion": "v1.0.20170411 GCC4.8.4",
    "EchoTime": 0.04,
    "FlipAngle": 90,
    "ImageType": [
      "ORIGINAL",
      "PRIMARY",
      "EPI",
      "NONE"
    ],
    "MagneticFieldStrength": 3,
    "Manufacturer": "GE",
    "ManufacturersModelName": "DISCOVERY_MR750",
    "ProcedureStepDescription": "MeditResp",
    "ProtocolName": "fMRI_RestSt",
    "RepetitionTime": 2,
    "ScanningSequence": "EP_GR",
    "SequenceVariant": "SS",
    "SeriesDescription": "fMRI_RestSt",
    "dataset": "unknown",
    "modality": "bold",
    "subject_id": "118",
    "task_id": "rest"
  },
  "dummy_trs": 0,
  "dvars_nstd": 41.85464161735784,
  "dvars_std": 1.144033924046822,
  "dvars_vstd": 0.9938903248494985,
  "efc": 0.3030121198041074,
  "fber": 55446.15234375,
  "fd_mean": 0.10785269316692522,
  "fd_num": 8,
  "fd_perc": 2.6666666666666665,
  "fwhm_avg": 3.0085839748746612,
  "fwhm_x": 3.160125,
  "fwhm_y": 3.452325,
  "fwhm_z": 2.413301924623984,
  "gcor": 0.00693323,
  "gsr_x": 0.0014562245924025774,
  "gsr_y": 0.028572211042046547,
  "provenance": {
    "md5sum": "14b762413187afb8fd251944be4727b9",
    "settings": {
      "fd_thres": 0.2,
      "hmc_fsl": false
    },
    "software": "mriqc",
    "version": "0.15.2rc1",
    "webapi_port": null,
    "webapi_url": "https://mriqc.nimh.nih.gov/api/v1"
  },
  "size_t": 300,
  "size_x": 64,
  "size_y": 64,
  "size_z": 34,
  "snr": 2.4721642148038603,
  "spacing_tr": 2.0,
  "spacing_x": 4.0,
  "spacing_y": 4.0,
  "spacing_z": 4.000000953674316,
  "summary_bg_k": 453.41724834185726,
  "summary_bg_mad": 5.876047134399414,
  "summary_bg_mean": 14.740408897399902,
  "summary_bg_median": 4.019999980926514,
  "summary_bg_n": 101046.0,
  "summary_bg_p05": 0.0,
  "summary_bg_p95": 56.9325008392334,
  "summary_bg_stdv": 47.66209411621094,
  "summary_fg_k": -0.3426141926901223,
  "summary_fg_mad": 383.3613586425781,
  "summary_fg_mean": 931.4357299804688,
  "summary_fg_median": 932.8167114257812,
  "summary_fg_n": 13015.0,
  "summary_fg_p05": 283.34633483886716,
  "summary_fg_p95": 1539.2247314453125,
  "summary_fg_stdv": 377.3134765625,
  "tsnr": 27.088993072509766
}