{
  "aor": 0.0019360919540229882,
  "aqi": 0.0016324706436781611,
  "bids_meta": {
    "AcquisitionMatrixPE": 64,
    "AcquisitionNumber": 1,
    "AcquisitionTime": "18:49:54.000000",
    "CoilString": "32Ch_Head",
    "ConversionSoftware": "dcm2niix",
    "ConversionSoftwareVersion": "v1.0.20190902",
    "Dcm2bidsVersion": "2.1.4",
    "DeviceSerialNumber": "000000000000GEHC",
    "EchoTime": 0.04,
    "EffectiveEchoSpacing": 0.000372,
    "FlipAngle": 90,
    "ImageOrientationPatientDICOM": [
      1,
      0,
      0,
      0,
      1,
      0
    ],
    "ImageType": [
      "ORIGINAL",
      "PRIMARY",
      "EPI",
      "NONE"
    ],
    "ImagingFrequency": 127.772,
    "InPlanePhaseEncodingDirectionDICOM": "COL",
    "InstitutionName": "INSTITUTO_DE_NEUROBIOLOGIA",
    "MRAcquisitionType": "2D",
    "MagneticFieldStrength": 3,
    "Manufacturer": "GE",
    "ManufacturersModelName": "DISCOVERY_MR750",
    "Modality": "MR",
    "PatientPosition": "HFS",
    "PercentPhaseFOV": 100,
    "PhaseEncodingDirection": "j",
    "PhaseEncodingPolarityGE": "Flipped",
    "PixelBandwidth": 7812.5,
    "ProcedureStepDescription": "verbos",
    "ProtocolName": "fMRI_5",
    "ReconMatrixPE": 64,
    "RepetitionTime": 2,
    "SAR": 0.356791,
    "ScanOptions": "EPI_GEMS_ACC_GEMS",
    "ScanningSequence": "EP_GR",
    "SequenceVariant": "SS",
    "SeriesDescription": "fMRI_5",
    "SeriesNumber": 10,
    "SliceThickness": 4,
    "SliceTiming": [
      0,
      1.0285,
      0.0571001,
      1.0857,
      0.1142,
      1.1428,
      0.1714,
      1.2,
      0.2285,
      1.2571,
      0.2857,
      1.3143,
      0.3428,
      1.3714,
      0.4,
      1.4286,
      0.4571,
      1.4857,
      0.5142,
      1.5428,
      0.5714,
      1.6,
      0.6285,
      1.6571,
      0.6857,
      1.7143,
      0.7428,
      1.7714,
      0.8,
      1.8285,
      0.8571,
      1.8857,
      0.9143,
      1.9428,
      0.9714
    ],
    "SoftwareVersions": "24_LX_MR_Software_release:DV24.0_R02_1607.b",
    "SpacingBetweenSlices": 4,
    "StationName": "GEHCGEHC",
    "TotalReadoutTime": 0.023436,
    "dataset": "unknown",
    "modality": "bold",
    "run_id": 5,
    "subject_id": "135",
    "task_id": "verbs"
  },
  "dummy_trs": 0,
  "dvars_nstd": 17.696283979942194,
  "dvars_std": 1.1502681897109828,
  "dvars_vstd": 1.0418785743352599,
  "efc": 0.3252217968851261,
  "fber": 87854.8203125,
  "fd_mean": 0.07383016291362944,
  "fd_num": 5,
  "fd_perc": 2.8735632183908044,
  "fwhm_avg": 3.0241249999999997,
  "fwhm_x": 2.948625,
  "fwhm_y": 3.024125,
  "fwhm_z": 3.099625,
  "gcor": 0.0862722,
  "gsr_x": -0.006223601289093494,
  "gsr_y": 0.004347185138612986,
  "provenance": {
    "md5sum": "7f70634dff10deecbcc9836a397f20dd",
    "settings": {
      "fd_thres": 0.2,
      "hmc_fsl": false
    },
    "software": "mriqc",
    "version": "0.15.2rc1",
    "webapi_port": null,
    "webapi_url": "https://mriqc.nimh.nih.gov/api/v1"
  },
  "size_t": 174,
  "size_x": 64,
  "size_y": 64,
  "size_z": 35,
  "snr": 2.366237630275864,
  "spacing_tr": 2.0,
  "spacing_x": 4.0,
  "spacing_y": 4.0,
  "spacing_z": 4.0,
  "summary_bg_k": 146.11191852647545,
  "summary_bg_mad": 8.248039245605469,
  "summary_bg_mean": 23.384784698486328,
  "summary_bg_median": 6.183907985687256,
  "summary_bg_n": 99883.0,
  "summary_bg_p05": 0.18965516984462738,
  "summary_bg_p95": 96.4764381408691,
  "summary_bg_stdv": 65.91319274902344,
  "summary_fg_k": 0.44613346850499536,
  "summary_fg_mad": 665.1472778320312,
  "summary_fg_mean": 1934.57080078125,
  "summary_fg_median": 1822.135009765625,
  "summary_fg_n": 16768.0,
  "summary_fg_p05": 803.0146759033203,
  "summary_fg_p95": 3409.7825561523437,
  "summary_fg_stdv": 770.0328369140625,
  "tsnr": 66.0645523071289
}