{
  "aor": 0.0006223666666666667,
  "aqi": 0.0015557970966666667,
  "bids_meta": {
    "AcquisitionMatrixPE": 64,
    "AcquisitionNumber": 1,
    "AcquisitionTime": "19:23:30.000000",
    "CoilString": "32Ch_Head",
    "ConversionSoftware": "dcm2niix",
    "ConversionSoftwareVersion": "v1.0.20190902",
    "Dcm2bidsVersion": "2.1.4",
    "DeviceSerialNumber": "000000000000GEHC",
    "EchoTime": 0.04,
    "EffectiveEchoSpacing": 0.000372,
    "FlipAngle": 90,
    "ImageOrientationPatientDICOM": [
      1,
      0,
      0,
      0,
      1,
      0
    ],
    "ImageType": [
      "ORIGINAL",
      "PRIMARY",
      "EPI",
      "NONE"
    ],
    "ImagingFrequency": 127.772,
    "InPlanePhaseEncodingDirectionDICOM": "COL",
    "InstitutionName": "INSTITUTO_DE_NEUROBIOLOGIA",
    "MRAcquisitionType": "2D",
    "MagneticFieldStrength": 3,
    "Manufacturer": "GE",
    "ManufacturersModelName": "DISCOVERY_MR750",
    "Modality": "MR",
    "PatientPosition": "HFS",
    "PercentPhaseFOV": 100,
    "PhaseEncodingDirection": "j",
    "PhaseEncodingPolarityGE": "Flipped",
    "PixelBandwidth": 7812.5,
    "ProcedureStepDescription": "verbos",
    "ProtocolName": "fMRI_RestState",
    "ReconMatrixPE": 64,
    "RepetitionTime": 2,
    "SAR": 0.356791,
    "ScanOptions": "EPI_GEMS_ACC_GEMS",
    "ScanningSequence": "EP_GR",
    "SequenceVariant": "SS",
    "SeriesDescription": "fMRI_RestState",
    "SeriesNumber": 15,
    "SliceThickness": 4,
    "SliceTiming": [
      0,
      1.0285,
      0.0571001,
      1.0857,
      0.1142,
      1.1428,
      0.1714,
      1.2,
      0.2285,
      1.2571,
      0.2857,
      1.3143,
      0.3428,
      1.3714,
      0.4,
      1.4286,
      0.4571,
      1.4857,
      0.5142,
      1.5428,
      0.5714,
      1.6,
      0.6285,
      1.6571,
      0.6857,
      1.7143,
      0.7428,
      1.7714,
      0.8,
      1.8285,
      0.8571,
      1.8857,
      0.9143,
      1.9428,
      0.9714
    ],
    "SoftwareVersions": "24_LX_MR_Software_release:DV24.0_R02_1607.b",
    "SpacingBetweenSlices": 4,
    "StationName": "GEHCGEHC",
    "TotalReadoutTime": 0.023436,
    "dataset": "unknown",
    "modality": "bold",
    "subject_id": "135",
    "task_id": "rest"
  },
  "dummy_trs": 0,
  "dvars_nstd": 18.120602365083624,
  "dvars_std": 1.1119629203678938,
  "dvars_vstd": 0.990111884615384,
  "efc": 0.32637819789388806,
  "fber": 83750.0859375,
  "fd_mean": 0.08171401295384116,
  "fd_num": 4,
  "fd_perc": 1.3333333333333333,
  "fwhm_avg": 2.9966416666666666,
  "fwhm_x": 2.9183,
  "fwhm_y": 2.983825,
  "fwhm_z": 3.0878,
  "gcor": 0.0699295,
  "gsr_x": -0.006980791222304106,
  "gsr_y": 0.006147753447294235,
  "provenance": {
    "md5sum": "c014d9aeb4008a6df72d3ce9736747c4",
    "settings": {
      "fd_thres": 0.2,
      "hmc_fsl": false
    },
    "software": "mriqc",
    "version": "0.15.2rc1",
    "webapi_port": null,
    "webapi_url": "https://mriqc.nimh.nih.gov/api/v1"
  },
  "size_t": 300,
  "size_x": 64,
  "size_y": 64,
  "size_z": 35,
  "snr": 2.4010329486832505,
  "spacing_tr": 2.0,
  "spacing_x": 4.0,
  "spacing_y": 4.0,
  "spacing_z": 4.0,
  "summary_bg_k": 370.2518743462762,
  "summary_bg_mad": 8.45083236694336,
  "summary_bg_mean": 24.7193546295166,
  "summary_bg_median": 6.309999942779541,
  "summary_bg_n": 100221.0,
  "summary_bg_p05": 0.18333333730697632,
  "summary_bg_p95": 102.88666534423828,
  "summary_bg_stdv": 75.7818832397461,
  "summary_fg_k": 0.47010803843618687,
  "summary_fg_mad": 648.6039428710938,
  "summary_fg_mean": 1911.257568359375,
  "summary_fg_median": 1804.65673828125,
  "summary_fg_n": 16601.0,
  "summary_fg_p05": 803.9566650390625,
  "summary_fg_p95": 3344.803466796875,
  "summary_fg_stdv": 751.5941772460938,
  "tsnr": 67.30228424072266
}