{
  "aor": 0.0024849425287356325,
  "aqi": 0.0011557979942528737,
  "bids_meta": {
    "AcquisitionMatrixPE": 64,
    "AcquisitionNumber": 1,
    "AcquisitionTime": "18:28:55.000000",
    "CoilString": "32Ch_Head",
    "ConversionSoftware": "dcm2niix",
    "ConversionSoftwareVersion": "v1.0.20190902",
    "Dcm2bidsVersion": "2.1.4",
    "DeviceSerialNumber": "000000000000GEHC",
    "EchoTime": 0.04,
    "EffectiveEchoSpacing": 0.000372,
    "FlipAngle": 90,
    "ImageOrientationPatientDICOM": [
      1,
      0,
      0,
      0,
      1,
      0
    ],
    "ImageType": [
      "ORIGINAL",
      "PRIMARY",
      "EPI",
      "NONE"
    ],
    "ImagingFrequency": 127.772,
    "InPlanePhaseEncodingDirectionDICOM": "COL",
    "InstitutionName": "INSTITUTO_DE_NEUROBIOLOGIA",
    "MRAcquisitionType": "2D",
    "MagneticFieldStrength": 3,
    "Manufacturer": "GE",
    "ManufacturersModelName": "DISCOVERY_MR750",
    "Modality": "MR",
    "PatientPosition": "HFS",
    "PercentPhaseFOV": 100,
    "PhaseEncodingDirection": "j",
    "PhaseEncodingPolarityGE": "Flipped",
    "PixelBandwidth": 7812.5,
    "ProcedureStepDescription": "verbos",
    "ProtocolName": "fMRI_2",
    "ReconMatrixPE": 64,
    "RepetitionTime": 2,
    "SAR": 0.356791,
    "ScanOptions": "EPI_GEMS_ACC_GEMS",
    "ScanningSequence": "EP_GR",
    "SequenceVariant": "SS",
    "SeriesDescription": "fMRI_2",
    "SeriesNumber": 7,
    "SliceThickness": 4,
    "SliceTiming": [
      0,
      1.0285,
      0.0571001,
      1.0857,
      0.1142,
      1.1428,
      0.1714,
      1.2,
      0.2285,
      1.2571,
      0.2857,
      1.3143,
      0.3428,
      1.3714,
      0.4,
      1.4286,
      0.4571,
      1.4857,
      0.5142,
      1.5428,
      0.5714,
      1.6,
      0.6285,
      1.6571,
      0.6857,
      1.7143,
      0.7428,
      1.7714,
      0.8,
      1.8285,
      0.8571,
      1.8857,
      0.9143,
      1.9428,
      0.9714
    ],
    "SoftwareVersions": "24_LX_MR_Software_release:DV24.0_R02_1607.b",
    "SpacingBetweenSlices": 4,
    "StationName": "GEHCGEHC",
    "TotalReadoutTime": 0.023436,
    "dataset": "unknown",
    "modality": "bold",
    "run_id": 2,
    "subject_id": "135",
    "task_id": "verbs"
  },
  "dummy_trs": 0,
  "dvars_nstd": 16.30477801641619,
  "dvars_std": 1.1600031242774564,
  "dvars_vstd": 1.0314736052023126,
  "efc": 0.32440131615436907,
  "fber": 90864.9140625,
  "fd_mean": 0.05353962943957606,
  "fd_num": 0,
  "fd_perc": 0.0,
  "fwhm_avg": 3.055108333333333,
  "fwhm_x": 2.9586,
  "fwhm_y": 3.04435,
  "fwhm_z": 3.162375,
  "gcor": 0.0394393,
  "gsr_x": -0.005915543530136347,
  "gsr_y": 0.0035140838008373976,
  "provenance": {
    "md5sum": "4ac7c2faae70e9273b1af4f9a330d11a",
    "settings": {
      "fd_thres": 0.2,
      "hmc_fsl": false
    },
    "software": "mriqc",
    "version": "0.15.2rc1",
    "webapi_port": null,
    "webapi_url": "https://mriqc.nimh.nih.gov/api/v1"
  },
  "size_t": 174,
  "size_x": 64,
  "size_y": 64,
  "size_z": 35,
  "snr": 2.3624456349139518,
  "spacing_tr": 2.0,
  "spacing_x": 4.0,
  "spacing_y": 4.0,
  "spacing_z": 4.0,
  "summary_bg_k": 116.73427385124172,
  "summary_bg_mad": 8.111709594726562,
  "summary_bg_mean": 22.877544403076172,
  "summary_bg_median": 6.097701072692871,
  "summary_bg_n": 99854.0,
  "summary_bg_p05": 0.18965516984462738,
  "summary_bg_p95": 94.86465110778774,
  "summary_bg_stdv": 63.868812561035156,
  "summary_fg_k": 0.4105133828796861,
  "summary_fg_mad": 669.4971923828125,
  "summary_fg_mean": 1964.4754638671875,
  "summary_fg_median": 1836.87353515625,
  "summary_fg_n": 16731.0,
  "summary_fg_p05": 844.8505859375,
  "summary_fg_p95": 3463.836181640625,
  "summary_fg_stdv": 777.5072631835938,
  "tsnr": 77.09162902832031
}