{
  "bids_meta": {
    "AcquisitionDateTime": "2016-09-21T20:34:47.000000",
    "ConversionSoftware": "dcm2niix",
    "ConversionSoftwareVersion": "v1.0.20170411 GCC4.8.4",
    "EchoTime": 0.00318,
    "FlipAngle": 12,
    "ImageType": [
      "DERIVED",
      "PRIMARY",
      "OTHER"
    ],
    "InversionTime": 0.45,
    "MagneticFieldStrength": 3,
    "Manufacturer": "GE",
    "ManufacturersModelName": "DISCOVERY_MR750",
    "ProcedureStepDescription": "MeditResp",
    "ProtocolName": "PU:Sag_T1_FSPGR_BRAVO",
    "RepetitionTime": 0.008156,
    "ScanningSequence": "GR",
    "SequenceVariant": "SS_SP_SK",
    "SeriesDescription": "PU:Sag_T1_FSPGR_BRAVO",
    "dataset": "unknown",
    "modality": "T1w",
    "subject_id": "99"
  },
  "cjv": 0.4201923502716189,
  "cnr": 3.2018384373822455,
  "efc": 0.7410294221381813,
  "fber": 8908.4453125,
  "fwhm_avg": 3.6788133333333337,
  "fwhm_x": 3.77887,
  "fwhm_y": 3.774,
  "fwhm_z": 3.48357,
  "icvs_csf": 0.19687747210228404,
  "icvs_gm": 0.44539510635924434,
  "icvs_wm": 0.35772742153847165,
  "inu_med": 0.8209788203239441,
  "inu_range": 0.19949471950531006,
  "provenance": {
    "md5sum": "889d12ffff27aa1395fee81145377f37",
    "settings": {
      "testing": false
    },
    "software": "mriqc",
    "version": "0.15.2rc1",
    "warnings": {
      "large_rot_frame": true,
      "small_air_mask": true
    },
    "webapi_port": null,
    "webapi_url": "https://mriqc.nimh.nih.gov/api/v1"
  },
  "qi_1": 0.0,
  "qi_2": 0.0036404577590593624,
  "rpve_csf": 25.00097448424438,
  "rpve_gm": 12.258488506540573,
  "rpve_wm": 17.984456259487224,
  "size_x": 176,
  "size_y": 256,
  "size_z": 256,
  "snr_csf": 3.462157233379709,
  "snr_gm": 11.57755555440072,
  "snr_total": 11.850955650835798,
  "snr_wm": 20.513154164726963,
  "snrd_csf": 99.97909010054029,
  "snrd_gm": 213.40424662696552,
  "snrd_total": 200.47494554995455,
  "snrd_wm": 288.0414999223578,
  "spacing_x": 1.0,
  "spacing_y": 1.0,
  "spacing_z": 1.0,
  "summary_bg_k": 20.250738803242996,
  "summary_bg_mad": 2.274479389190674,
  "summary_bg_mean": 4.583454608917236,
  "summary_bg_median": 1.5341130495071411,
  "summary_bg_n": 250489.0,
  "summary_bg_p05": 0.0,
  "summary_bg_p95": 22.299121475219692,
  "summary_bg_stdv": 8.829972267150879,
  "summary_csf_k": 1.3788254614306785,
  "summary_csf_mad": 79.77059173583984,
  "summary_csf_mean": 371.49615478515625,
  "summary_csf_median": 347.1038818359375,
  "summary_csf_n": 20837.0,
  "summary_csf_p05": 249.43211669921874,
  "summary_csf_p95": 569.3266479492188,
  "summary_csf_stdv": 100.2541275024414,
  "summary_gm_k": 0.20665448847174517,
  "summary_gm_mad": 61.590885162353516,
  "summary_gm_mean": 743.51953125,
  "summary_gm_median": 740.8893432617188,
  "summary_gm_n": 38361.0,
  "summary_gm_p05": 642.290771484375,
  "summary_gm_p95": 853.5105590820312,
  "summary_gm_stdv": 63.99275588989258,
  "summary_wm_k": 0.23234953989083573,
  "summary_wm_mad": 47.290611267089844,
  "summary_wm_mean": 1000.560302734375,
  "summary_wm_median": 1000.0123291015625,
  "summary_wm_n": 215178.0,
  "summary_wm_p05": 921.227505493164,
  "summary_wm_p95": 1081.53173828125,
  "summary_wm_stdv": 48.74969482421875,
  "tpm_overlap_csf": 0.23446567356586456,
  "tpm_overlap_gm": 0.5273687839508057,
  "tpm_overlap_wm": 0.5785589814186096,
  "wm2max": 0.3971147995470454
}