{
  "bids_meta": {
    "AcquisitionDateTime": "2017-07-04T20:01:48.000000",
    "ConversionSoftware": "dcm2niix",
    "ConversionSoftwareVersion": "v1.0.20170411 GCC4.8.4",
    "EchoTime": 0.00318,
    "FlipAngle": 12,
    "ImageType": [
      "DERIVED",
      "PRIMARY",
      "OTHER"
    ],
    "InversionTime": 0.45,
    "MagneticFieldStrength": 3,
    "Manufacturer": "GE",
    "ManufacturersModelName": "DISCOVERY_MR750",
    "ProcedureStepDescription": "CompMet",
    "ProtocolName": "PU:Sag_T1_FSPGR_BRAVO",
    "RepetitionTime": 0.008156,
    "ScanningSequence": "GR",
    "SequenceVariant": "SS_SP_SK",
    "SeriesDescription": "PU:Sag_T1_FSPGR_BRAVO",
    "dataset": "unknown",
    "modality": "T1w",
    "subject_id": "72"
  },
  "cjv": 0.381340102376031,
  "cnr": 3.4516056549674174,
  "efc": 0.7286425942497176,
  "fber": 12337.3583984375,
  "fwhm_avg": 3.4541633333333337,
  "fwhm_x": 3.48104,
  "fwhm_y": 3.6418,
  "fwhm_z": 3.23965,
  "icvs_csf": 0.18731474771460596,
  "icvs_gm": 0.4527699777869602,
  "icvs_wm": 0.3599152744984338,
  "inu_med": 1.2758715152740479,
  "inu_range": 0.29128801822662354,
  "provenance": {
    "md5sum": "675f9279e0ad80e12a7ec4182251ba69",
    "settings": {
      "testing": false
    },
    "software": "mriqc",
    "version": "0.15.2rc1",
    "warnings": {
      "large_rot_frame": true,
      "small_air_mask": true
    },
    "webapi_port": null,
    "webapi_url": "https://mriqc.nimh.nih.gov/api/v1"
  },
  "qi_1": 0.0,
  "qi_2": 0.002093767503271452,
  "rpve_csf": 31.089553210712957,
  "rpve_gm": 14.470623579641089,
  "rpve_wm": 21.30265863867148,
  "size_x": 176,
  "size_y": 256,
  "size_z": 256,
  "snr_csf": 2.9447623351546692,
  "snr_gm": 11.197135864812479,
  "snr_total": 11.48009051527837,
  "snr_wm": 20.29837334586796,
  "snrd_csf": 51.55116388750599,
  "snrd_gm": 114.63603449315656,
  "snrd_total": 108.60053425775912,
  "snrd_wm": 159.6144043926148,
  "spacing_x": 1.0,
  "spacing_y": 1.0,
  "spacing_z": 1.0,
  "summary_bg_k": 12.458525058154109,
  "summary_bg_mad": 4.104484558105469,
  "summary_bg_mean": 7.810696601867676,
  "summary_bg_median": 2.768432855606079,
  "summary_bg_n": 278220.0,
  "summary_bg_p05": 0.0,
  "summary_bg_p95": 30.612236499786377,
  "summary_bg_stdv": 11.14788818359375,
  "summary_csf_k": 0.16088334020595862,
  "summary_csf_mad": 102.8760757446289,
  "summary_csf_mean": 348.6169738769531,
  "summary_csf_median": 322.9723815917969,
  "summary_csf_n": 10499.0,
  "summary_csf_p05": 208.5982177734375,
  "summary_csf_p95": 550.2011108398438,
  "summary_csf_stdv": 109.67166900634766,
  "summary_gm_k": 0.3980242104640421,
  "summary_gm_mad": 60.88750076293945,
  "summary_gm_mean": 718.8756713867188,
  "summary_gm_median": 718.2044067382812,
  "summary_gm_n": 23417.0,
  "summary_gm_p05": 615.9040771484375,
  "summary_gm_p95": 826.780810546875,
  "summary_gm_stdv": 64.14042663574219,
  "summary_wm_k": 0.5342559073731885,
  "summary_wm_mad": 46.57157516479492,
  "summary_wm_mean": 1000.3817138671875,
  "summary_wm_median": 999.9976806640625,
  "summary_wm_n": 172493.0,
  "summary_wm_p05": 920.4821411132813,
  "summary_wm_p95": 1081.5806884765625,
  "summary_wm_stdv": 49.264774322509766,
  "tpm_overlap_csf": 0.22184480726718903,
  "tpm_overlap_gm": 0.520799994468689,
  "tpm_overlap_wm": 0.5642625689506531,
  "wm2max": 0.4024585370638036
}