{
  "bids_meta": {
    "AcquisitionDateTime": "2016-09-18T12:34:18.000000",
    "ConversionSoftware": "dcm2niix",
    "ConversionSoftwareVersion": "v1.0.20170411 GCC4.8.4",
    "EchoTime": 0.00318,
    "FlipAngle": 12,
    "ImageType": [
      "DERIVED",
      "PRIMARY",
      "OTHER"
    ],
    "InversionTime": 0.45,
    "MagneticFieldStrength": 3,
    "Manufacturer": "GE",
    "ManufacturersModelName": "DISCOVERY_MR750",
    "ProcedureStepDescription": "MeditResp",
    "ProtocolName": "PU:Sag_T1_FSPGR_BRAVO",
    "RepetitionTime": 0.008156,
    "ScanningSequence": "GR",
    "SequenceVariant": "SS_SP_SK",
    "SeriesDescription": "PU:Sag_T1_FSPGR_BRAVO",
    "dataset": "unknown",
    "modality": "T1w",
    "subject_id": "92"
  },
  "cjv": 0.41230539029197083,
  "cnr": 2.8322055354758553,
  "efc": 0.7137435881231695,
  "fber": 4252.365234375,
  "fwhm_avg": 3.707133333333333,
  "fwhm_x": 3.75119,
  "fwhm_y": 3.87128,
  "fwhm_z": 3.49893,
  "icvs_csf": 0.20757631032877893,
  "icvs_gm": 0.434209465841871,
  "icvs_wm": 0.3582142238293501,
  "inu_med": 1.554639220237732,
  "inu_range": 0.34724160432815543,
  "provenance": {
    "md5sum": "187d2e5bf82a3cbd15a93bd6a09114a9",
    "settings": {
      "testing": false
    },
    "software": "mriqc",
    "version": "0.15.2rc1",
    "warnings": {
      "large_rot_frame": true,
      "small_air_mask": false
    },
    "webapi_port": null,
    "webapi_url": "https://mriqc.nimh.nih.gov/api/v1"
  },
  "qi_1": 0.0,
  "qi_2": 0.0003415914612974642,
  "rpve_csf": 27.72761721663164,
  "rpve_gm": 14.284884742427437,
  "rpve_wm": 20.523494282174852,
  "size_x": 176,
  "size_y": 256,
  "size_z": 256,
  "snr_csf": 3.7932339067293976,
  "snr_gm": 11.261249354453211,
  "snr_total": 11.71949466690294,
  "snr_wm": 20.10400073952621,
  "snrd_csf": 31.436734006202663,
  "snrd_gm": 67.1838286019552,
  "snrd_total": 62.87362456682272,
  "snrd_wm": 90.00031109231033,
  "spacing_x": 1.0,
  "spacing_y": 1.0,
  "spacing_z": 1.0,
  "summary_bg_k": 54.37020882221786,
  "summary_bg_mad": 7.279328346252441,
  "summary_bg_mean": 17.593910217285156,
  "summary_bg_median": 5.471787452697754,
  "summary_bg_n": 588482.0,
  "summary_bg_p05": 0.0,
  "summary_bg_p95": 65.08138008117665,
  "summary_bg_stdv": 33.826969146728516,
  "summary_csf_k": 2.3515118280847433,
  "summary_csf_mad": 73.09507751464844,
  "summary_csf_mean": 369.8729553222656,
  "summary_csf_median": 349.2987365722656,
  "summary_csf_n": 21835.0,
  "summary_csf_p05": 258.9033538818359,
  "summary_csf_p95": 558.8568786621094,
  "summary_csf_stdv": 92.08257293701172,
  "summary_gm_k": 1.0037119315926697,
  "summary_gm_mad": 59.12428283691406,
  "summary_gm_mean": 749.9161376953125,
  "summary_gm_median": 746.4906005859375,
  "summary_gm_n": 26201.0,
  "summary_gm_p05": 647.8653564453125,
  "summary_gm_p95": 864.8502197265625,
  "summary_gm_stdv": 66.28717041015625,
  "summary_wm_k": 0.6026239568068021,
  "summary_wm_mad": 45.40243148803711,
  "summary_wm_mean": 1000.9827880859375,
  "summary_wm_median": 1000.00830078125,
  "summary_wm_n": 181595.0,
  "summary_wm_p05": 919.7753051757812,
  "summary_wm_p95": 1085.1000366210938,
  "summary_wm_stdv": 49.74161911010742,
  "tpm_overlap_csf": 0.23163162171840668,
  "tpm_overlap_gm": 0.5140848755836487,
  "tpm_overlap_wm": 0.5657665729522705,
  "wm2max": 0.44519427936521655
}