{
  "aor": 0.0025602873563218393,
  "aqi": 0.004221982183908046,
  "bids_meta": {
    "AcquisitionMatrixPE": 64,
    "AcquisitionNumber": 1,
    "AcquisitionTime": "18:17:30.000000",
    "CoilString": "32Ch_Head",
    "ConversionSoftware": "dcm2niix",
    "ConversionSoftwareVersion": "v1.0.20190902",
    "Dcm2bidsVersion": "2.1.4",
    "DeviceSerialNumber": "000000000000GEHC",
    "EchoTime": 0.04,
    "EffectiveEchoSpacing": 0.000372,
    "FlipAngle": 90,
    "ImageOrientationPatientDICOM": [
      1,
      0,
      0,
      0,
      1,
      0
    ],
    "ImageType": [
      "ORIGINAL",
      "PRIMARY",
      "EPI",
      "NONE"
    ],
    "ImagingFrequency": 127.772,
    "InPlanePhaseEncodingDirectionDICOM": "COL",
    "InstitutionName": "INSTITUTO_DE_NEUROBIOLOGIA",
    "MRAcquisitionType": "2D",
    "MagneticFieldStrength": 3,
    "Manufacturer": "GE",
    "ManufacturersModelName": "DISCOVERY_MR750",
    "Modality": "MR",
    "PatientPosition": "HFS",
    "PercentPhaseFOV": 100,
    "PhaseEncodingDirection": "j",
    "PhaseEncodingPolarityGE": "Flipped",
    "PixelBandwidth": 7812.5,
    "ProcedureStepDescription": "verbos",
    "ProtocolName": "fMRI_1",
    "ReconMatrixPE": 64,
    "RepetitionTime": 2,
    "SAR": 0.363107,
    "ScanOptions": "EPI_GEMS_ACC_GEMS",
    "ScanningSequence": "EP_GR",
    "SequenceVariant": "SS",
    "SeriesDescription": "fMRI_1",
    "SeriesNumber": 4,
    "SliceThickness": 4,
    "SliceTiming": [
      0,
      1.0285,
      0.0571001,
      1.0857,
      0.1142,
      1.1428,
      0.1714,
      1.2,
      0.2285,
      1.2571,
      0.2857,
      1.3143,
      0.3428,
      1.3714,
      0.4,
      1.4286,
      0.4571,
      1.4857,
      0.5142,
      1.5428,
      0.5714,
      1.6,
      0.6285,
      1.6571,
      0.6857,
      1.7143,
      0.7428,
      1.7714,
      0.8,
      1.8285,
      0.8571,
      1.8857,
      0.9143,
      1.9428,
      0.9714
    ],
    "SoftwareVersions": "24_LX_MR_Software_release:DV24.0_R02_1607.b",
    "SpacingBetweenSlices": 4,
    "StationName": "GEHCGEHC",
    "TotalReadoutTime": 0.023436,
    "dataset": "unknown",
    "modality": "bold",
    "run_id": 1,
    "subject_id": "132",
    "task_id": "verbs"
  },
  "dummy_trs": 0,
  "dvars_nstd": 18.529287613815022,
  "dvars_std": 0.9824512336994216,
  "dvars_vstd": 0.9096748553757228,
  "efc": 0.3406553935168701,
  "fber": 113682.15625,
  "fd_mean": 0.11460083506955683,
  "fd_num": 14,
  "fd_perc": 8.045977011494253,
  "fwhm_avg": 2.9128333333333334,
  "fwhm_x": 2.8821,
  "fwhm_y": 3.063125,
  "fwhm_z": 2.793275,
  "gcor": 0.0340453,
  "gsr_x": -0.01317114382982254,
  "gsr_y": -0.0019046986708417535,
  "provenance": {
    "md5sum": "c1d02d314b96caac186a8feb31f5b1ba",
    "settings": {
      "fd_thres": 0.2,
      "hmc_fsl": false
    },
    "software": "mriqc",
    "version": "0.15.2rc1",
    "webapi_port": null,
    "webapi_url": "https://mriqc.nimh.nih.gov/api/v1"
  },
  "size_t": 174,
  "size_x": 64,
  "size_y": 64,
  "size_z": 35,
  "snr": 2.6708539817326185,
  "spacing_tr": 2.0,
  "spacing_x": 4.0,
  "spacing_y": 4.0,
  "spacing_z": 4.0,
  "summary_bg_k": 67.74254368435234,
  "summary_bg_mad": 7.123307704925537,
  "summary_bg_mean": 29.242673873901367,
  "summary_bg_median": 5.402298927307129,
  "summary_bg_n": 98934.0,
  "summary_bg_p05": 0.24137930572032928,
  "summary_bg_p95": 114.35086059570297,
  "summary_bg_stdv": 96.2103271484375,
  "summary_fg_k": 0.6647076608124021,
  "summary_fg_mad": 567.7472534179688,
  "summary_fg_mean": 1872.2305908203125,
  "summary_fg_median": 1830.284423828125,
  "summary_fg_n": 17148.0,
  "summary_fg_p05": 739.5005645751953,
  "summary_fg_p95": 3093.3116699218745,
  "summary_fg_stdv": 685.2606201171875,
  "tsnr": 42.761268615722656
}