{
  "aor": 0.0013205200000000002,
  "aqi": 0.0014292700599999998,
  "bids_meta": {
    "AcquisitionDateTime": "2017-07-04T19:40:33.000000",
    "ConversionSoftware": "dcm2niix",
    "ConversionSoftwareVersion": "v1.0.20170411 GCC4.8.4",
    "EchoTime": 0.035,
    "FlipAngle": 90,
    "ImageType": [
      "ORIGINAL",
      "PRIMARY",
      "EPI",
      "NONE"
    ],
    "MagneticFieldStrength": 3,
    "Manufacturer": "GE",
    "ManufacturersModelName": "DISCOVERY_MR750",
    "ProcedureStepDescription": "CompMet",
    "ProtocolName": "fMRI_CompMet",
    "RepetitionTime": 2,
    "ScanningSequence": "EP_GR",
    "SequenceVariant": "SS",
    "SeriesDescription": "fMRI_CompMet",
    "dataset": "unknown",
    "modality": "bold",
    "run_id": 2,
    "subject_id": "72",
    "task_id": "cm"
  },
  "dummy_trs": 0,
  "dvars_nstd": 11.309395365060233,
  "dvars_std": 1.092634254337349,
  "dvars_vstd": 0.9917705956626504,
  "efc": 0.35000916767804385,
  "fber": 109331.2421875,
  "fd_mean": 0.0369959176548775,
  "fd_num": 0,
  "fd_perc": 0.0,
  "fwhm_avg": 2.8348999999999998,
  "fwhm_x": 2.689,
  "fwhm_y": 2.96105,
  "fwhm_z": 2.85465,
  "gcor": 0.0406313,
  "gsr_x": -0.0058282166719436646,
  "gsr_y": 0.0006745756254531443,
  "provenance": {
    "md5sum": "1af09e23051266d0692c5971487bf716",
    "settings": {
      "fd_thres": 0.2,
      "hmc_fsl": false
    },
    "software": "mriqc",
    "version": "0.15.2rc1",
    "webapi_port": null,
    "webapi_url": "https://mriqc.nimh.nih.gov/api/v1"
  },
  "size_t": 250,
  "size_x": 64,
  "size_y": 64,
  "size_z": 34,
  "snr": 3.286221760003774,
  "spacing_tr": 2.0,
  "spacing_x": 4.0,
  "spacing_y": 4.0,
  "spacing_z": 4.0,
  "summary_bg_k": 194.87734450811197,
  "summary_bg_mad": 8.474555015563965,
  "summary_bg_mean": 31.38941192626953,
  "summary_bg_median": 6.2920002937316895,
  "summary_bg_n": 95274.0,
  "summary_bg_p05": 0.19600000977516174,
  "summary_bg_p95": 133.66300735473615,
  "summary_bg_stdv": 105.6338882446289,
  "summary_fg_k": 0.3329683241891379,
  "summary_fg_mad": 570.5589599609375,
  "summary_fg_mean": 2110.62548828125,
  "summary_fg_median": 2076.72021484375,
  "summary_fg_n": 17155.0,
  "summary_fg_p05": 1063.9788696289063,
  "summary_fg_p95": 3205.299389648437,
  "summary_fg_stdv": 631.9292602539062,
  "tsnr": 95.26905822753906
}