{
  "aor": 0.0019720799999999998,
  "aqi": 0.0012999848919999998,
  "bids_meta": {
    "AcquisitionDateTime": "2017-07-04T19:31:18.000000",
    "ConversionSoftware": "dcm2niix",
    "ConversionSoftwareVersion": "v1.0.20170411 GCC4.8.4",
    "EchoTime": 0.035,
    "FlipAngle": 90,
    "ImageType": [
      "ORIGINAL",
      "PRIMARY",
      "EPI",
      "NONE"
    ],
    "MagneticFieldStrength": 3,
    "Manufacturer": "GE",
    "ManufacturersModelName": "DISCOVERY_MR750",
    "ProcedureStepDescription": "CompMet",
    "ProtocolName": "fMRI_CompMet",
    "RepetitionTime": 2,
    "ScanningSequence": "EP_GR",
    "SequenceVariant": "SS",
    "SeriesDescription": "fMRI_CompMet",
    "dataset": "unknown",
    "modality": "bold",
    "run_id": 1,
    "subject_id": "72",
    "task_id": "cm"
  },
  "dummy_trs": 0,
  "dvars_nstd": 11.159312880361435,
  "dvars_std": 1.0908253974698796,
  "dvars_vstd": 0.9959800935742975,
  "efc": 0.347956647491793,
  "fber": 108162.109375,
  "fd_mean": 0.03664864224352736,
  "fd_num": 0,
  "fd_perc": 0.0,
  "fwhm_avg": 2.842916666666666,
  "fwhm_x": 2.7047,
  "fwhm_y": 2.962925,
  "fwhm_z": 2.861125,
  "gcor": 0.0385192,
  "gsr_x": -0.0055715967901051044,
  "gsr_y": 0.0005843152175657451,
  "provenance": {
    "md5sum": "0df284f9112bf9f3fe3af483c22404e5",
    "settings": {
      "fd_thres": 0.2,
      "hmc_fsl": false
    },
    "software": "mriqc",
    "version": "0.15.2rc1",
    "webapi_port": null,
    "webapi_url": "https://mriqc.nimh.nih.gov/api/v1"
  },
  "size_t": 250,
  "size_x": 64,
  "size_y": 64,
  "size_z": 34,
  "snr": 3.2734707095562894,
  "spacing_tr": 2.0,
  "spacing_x": 4.0,
  "spacing_y": 4.0,
  "spacing_z": 4.0,
  "summary_bg_k": 200.61353381296863,
  "summary_bg_mad": 8.575371742248535,
  "summary_bg_mean": 30.822906494140625,
  "summary_bg_median": 6.3520002365112305,
  "summary_bg_n": 95472.0,
  "summary_bg_p05": 0.20000000298023224,
  "summary_bg_p95": 128.34679946899408,
  "summary_bg_stdv": 104.193603515625,
  "summary_fg_k": 0.29742120737089284,
  "summary_fg_mad": 580.6049194335938,
  "summary_fg_mean": 2115.001953125,
  "summary_fg_median": 2091.2841796875,
  "summary_fg_n": 17013.0,
  "summary_fg_p05": 1041.8064208984374,
  "summary_fg_p95": 3204.7249511718746,
  "summary_fg_stdv": 638.839599609375,
  "tsnr": 89.41000366210938
}