{
  "aor": 0.0026866666666666666,
  "aqi": 0.001824319040229885,
  "bids_meta": {
    "AcquisitionMatrixPE": 64,
    "AcquisitionNumber": 1,
    "AcquisitionTime": "19:51:45.000000",
    "CoilString": "32Ch_Head",
    "ConversionSoftware": "dcm2niix",
    "ConversionSoftwareVersion": "v1.0.20190902",
    "Dcm2bidsVersion": "2.1.4",
    "DeviceSerialNumber": "000000000000GEHC",
    "EchoTime": 0.04,
    "EffectiveEchoSpacing": 0.000372,
    "FlipAngle": 90,
    "ImageOrientationPatientDICOM": [
      1,
      0,
      0,
      0,
      1,
      0
    ],
    "ImageType": [
      "ORIGINAL",
      "PRIMARY",
      "EPI",
      "NONE"
    ],
    "ImagingFrequency": 127.772,
    "InPlanePhaseEncodingDirectionDICOM": "COL",
    "InstitutionName": "INSTITUTO_DE_NEUROBIOLOGIA",
    "MRAcquisitionType": "2D",
    "MagneticFieldStrength": 3,
    "Manufacturer": "GE",
    "ManufacturersModelName": "DISCOVERY_MR750",
    "Modality": "MR",
    "PatientPosition": "HFS",
    "PercentPhaseFOV": 100,
    "PhaseEncodingDirection": "j",
    "PhaseEncodingPolarityGE": "Flipped",
    "PixelBandwidth": 7812.5,
    "ProcedureStepDescription": "verbos",
    "ProtocolName": "fMRI_5",
    "ReconMatrixPE": 64,
    "RepetitionTime": 2,
    "SAR": 0.356791,
    "ScanOptions": "EPI_GEMS_ACC_GEMS",
    "ScanningSequence": "EP_GR",
    "SequenceVariant": "SS",
    "SeriesDescription": "fMRI_5",
    "SeriesNumber": 8,
    "SliceThickness": 4,
    "SliceTiming": [
      0,
      1.0285,
      0.0571001,
      1.0857,
      0.1142,
      1.1428,
      0.1714,
      1.2,
      0.2285,
      1.2571,
      0.2857,
      1.3143,
      0.3428,
      1.3714,
      0.4,
      1.4286,
      0.4571,
      1.4857,
      0.5142,
      1.5428,
      0.5714,
      1.6,
      0.6285,
      1.6571,
      0.6857,
      1.7143,
      0.7428,
      1.7714,
      0.8,
      1.8285,
      0.8571,
      1.8857,
      0.9143,
      1.9428,
      0.9714
    ],
    "SoftwareVersions": "24_LX_MR_Software_release:DV24.0_R02_1607.b",
    "SpacingBetweenSlices": 4,
    "StationName": "GEHCGEHC",
    "TotalReadoutTime": 0.023436,
    "dataset": "unknown",
    "modality": "bold",
    "run_id": 5,
    "subject_id": "131",
    "task_id": "verbs"
  },
  "dummy_trs": 0,
  "dvars_nstd": 14.23093886202312,
  "dvars_std": 1.081807958092485,
  "dvars_vstd": 1.0047780992485544,
  "efc": 0.3252985879728472,
  "fber": 68694.4296875,
  "fd_mean": 0.05467043837781885,
  "fd_num": 1,
  "fd_perc": 0.5747126436781609,
  "fwhm_avg": 2.8992416666666667,
  "fwhm_x": 2.839425,
  "fwhm_y": 2.93455,
  "fwhm_z": 2.92375,
  "gcor": 0.0706954,
  "gsr_x": -0.0061858342960476875,
  "gsr_y": 0.0038322312757372856,
  "provenance": {
    "md5sum": "7b28865a819217bd8acd5edc71ba8813",
    "settings": {
      "fd_thres": 0.2,
      "hmc_fsl": false
    },
    "software": "mriqc",
    "version": "0.15.2rc1",
    "webapi_port": null,
    "webapi_url": "https://mriqc.nimh.nih.gov/api/v1"
  },
  "size_t": 174,
  "size_x": 64,
  "size_y": 64,
  "size_z": 35,
  "snr": 2.555638956015377,
  "spacing_tr": 2.0,
  "spacing_x": 4.0,
  "spacing_y": 4.0,
  "spacing_z": 4.0,
  "summary_bg_k": 102.06620352310316,
  "summary_bg_mad": 9.01490306854248,
  "summary_bg_mean": 24.214929580688477,
  "summary_bg_median": 7.0,
  "summary_bg_n": 100817.0,
  "summary_bg_p05": 0.3045977056026459,
  "summary_bg_p95": 94.68965148925781,
  "summary_bg_stdv": 69.60125732421875,
  "summary_fg_k": 1.2446277078181662,
  "summary_fg_mad": 530.1920776367188,
  "summary_fg_mean": 1899.001220703125,
  "summary_fg_median": 1790.59765625,
  "summary_fg_n": 16283.0,
  "summary_fg_p05": 854.2419738769531,
  "summary_fg_p95": 3226.5286865234375,
  "summary_fg_stdv": 700.624267578125,
  "tsnr": 74.22721862792969
}