{
  "aor": 0.0018859195402298847,
  "aqi": 0.0015023831954022989,
  "bids_meta": {
    "AcquisitionMatrixPE": 64,
    "AcquisitionNumber": 1,
    "AcquisitionTime": "19:38:5.000000",
    "CoilString": "32Ch_Head",
    "ConversionSoftware": "dcm2niix",
    "ConversionSoftwareVersion": "v1.0.20190902",
    "Dcm2bidsVersion": "2.1.4",
    "DeviceSerialNumber": "000000000000GEHC",
    "EchoTime": 0.04,
    "EffectiveEchoSpacing": 0.000372,
    "FlipAngle": 90,
    "ImageOrientationPatientDICOM": [
      1,
      0,
      0,
      0,
      1,
      0
    ],
    "ImageType": [
      "ORIGINAL",
      "PRIMARY",
      "EPI",
      "NONE"
    ],
    "ImagingFrequency": 127.772,
    "InPlanePhaseEncodingDirectionDICOM": "COL",
    "InstitutionName": "INSTITUTO_DE_NEUROBIOLOGIA",
    "MRAcquisitionType": "2D",
    "MagneticFieldStrength": 3,
    "Manufacturer": "GE",
    "ManufacturersModelName": "DISCOVERY_MR750",
    "Modality": "MR",
    "PatientPosition": "HFS",
    "PercentPhaseFOV": 100,
    "PhaseEncodingDirection": "j",
    "PhaseEncodingPolarityGE": "Flipped",
    "PixelBandwidth": 7812.5,
    "ProcedureStepDescription": "verbos",
    "ProtocolName": "fMRI_3",
    "ReconMatrixPE": 64,
    "RepetitionTime": 2,
    "SAR": 0.356791,
    "ScanOptions": "EPI_GEMS_ACC_GEMS",
    "ScanningSequence": "EP_GR",
    "SequenceVariant": "SS",
    "SeriesDescription": "fMRI_3",
    "SeriesNumber": 6,
    "SliceThickness": 4,
    "SliceTiming": [
      0,
      1.0285,
      0.0571001,
      1.0857,
      0.1142,
      1.1428,
      0.1714,
      1.2,
      0.2285,
      1.2571,
      0.2857,
      1.3143,
      0.3428,
      1.3714,
      0.4,
      1.4286,
      0.4571,
      1.4857,
      0.5142,
      1.5428,
      0.5714,
      1.6,
      0.6285,
      1.6571,
      0.6857,
      1.7143,
      0.7428,
      1.7714,
      0.8,
      1.8285,
      0.8571,
      1.8857,
      0.9143,
      1.9428,
      0.9714
    ],
    "SoftwareVersions": "24_LX_MR_Software_release:DV24.0_R02_1607.b",
    "SpacingBetweenSlices": 4,
    "StationName": "GEHCGEHC",
    "TotalReadoutTime": 0.023436,
    "dataset": "unknown",
    "modality": "bold",
    "run_id": 3,
    "subject_id": "131",
    "task_id": "verbs"
  },
  "dummy_trs": 0,
  "dvars_nstd": 13.157083798208093,
  "dvars_std": 1.0441900472832373,
  "dvars_vstd": 0.9875694073988442,
  "efc": 0.3236388903548523,
  "fber": 70249.140625,
  "fd_mean": 0.048569488290458915,
  "fd_num": 0,
  "fd_perc": 0.0,
  "fwhm_avg": 2.914058333333333,
  "fwhm_x": 2.8682,
  "fwhm_y": 2.93425,
  "fwhm_z": 2.939725,
  "gcor": 0.036244,
  "gsr_x": -0.0055323271080851555,
  "gsr_y": 0.0033233577851206064,
  "provenance": {
    "md5sum": "e843dbf6a4a93419915b991a8d76ffcb",
    "settings": {
      "fd_thres": 0.2,
      "hmc_fsl": false
    },
    "software": "mriqc",
    "version": "0.15.2rc1",
    "webapi_port": null,
    "webapi_url": "https://mriqc.nimh.nih.gov/api/v1"
  },
  "size_t": 174,
  "size_x": 64,
  "size_y": 64,
  "size_z": 35,
  "snr": 2.5412673922266222,
  "spacing_tr": 2.0,
  "spacing_x": 4.0,
  "spacing_y": 4.0,
  "spacing_z": 4.0,
  "summary_bg_k": 113.8231668714742,
  "summary_bg_mad": 8.887092590332031,
  "summary_bg_mean": 23.40045928955078,
  "summary_bg_median": 6.936781406402588,
  "summary_bg_n": 100664.0,
  "summary_bg_p05": 0.3218390941619873,
  "summary_bg_p95": 90.8732761383053,
  "summary_bg_stdv": 68.38013458251953,
  "summary_fg_k": 1.2690323281260163,
  "summary_fg_mad": 533.217041015625,
  "summary_fg_mean": 1915.1380615234375,
  "summary_fg_median": 1798.3792724609375,
  "summary_fg_n": 16239.0,
  "summary_fg_p05": 870.797119140625,
  "summary_fg_p95": 3278.9022460937495,
  "summary_fg_stdv": 707.6484375,
  "tsnr": 81.2608871459961
}