{
  "aor": 0.007171600000000001,
  "aqi": 0.010926654666666667,
  "bids_meta": {
    "AcquisitionMatrixPE": 64,
    "AcquisitionNumber": 1,
    "AcquisitionTime": "20:27:10.000000",
    "CoilString": "32Ch_Head",
    "ConversionSoftware": "dcm2niix",
    "ConversionSoftwareVersion": "v1.0.20190902",
    "Dcm2bidsVersion": "2.1.4",
    "DeviceSerialNumber": "000000000000GEHC",
    "EchoTime": 0.04,
    "EffectiveEchoSpacing": 0.000372,
    "FlipAngle": 90,
    "ImageOrientationPatientDICOM": [
      1,
      0,
      0,
      0,
      1,
      0
    ],
    "ImageType": [
      "ORIGINAL",
      "PRIMARY",
      "EPI",
      "NONE"
    ],
    "ImagingFrequency": 127.772,
    "InPlanePhaseEncodingDirectionDICOM": "COL",
    "InstitutionName": "INSTITUTO_DE_NEUROBIOLOGIA",
    "MRAcquisitionType": "2D",
    "MagneticFieldStrength": 3,
    "Manufacturer": "GE",
    "ManufacturersModelName": "DISCOVERY_MR750",
    "Modality": "MR",
    "PatientPosition": "HFS",
    "PercentPhaseFOV": 100,
    "PhaseEncodingDirection": "j",
    "PhaseEncodingPolarityGE": "Flipped",
    "PixelBandwidth": 7812.5,
    "ProcedureStepDescription": "verbos",
    "ProtocolName": "fMRI_RestState",
    "ReconMatrixPE": 64,
    "RepetitionTime": 2,
    "SAR": 0.356791,
    "ScanOptions": "EPI_GEMS_ACC_GEMS",
    "ScanningSequence": "EP_GR",
    "SequenceVariant": "SS",
    "SeriesDescription": "fMRI_RestState",
    "SeriesNumber": 13,
    "SliceThickness": 4,
    "SliceTiming": [
      0,
      1.0285,
      0.0571001,
      1.0857,
      0.1142,
      1.1428,
      0.1714,
      1.2,
      0.2285,
      1.2571,
      0.2857,
      1.3143,
      0.3428,
      1.3714,
      0.4,
      1.4286,
      0.4571,
      1.4857,
      0.5142,
      1.5428,
      0.5714,
      1.6,
      0.6285,
      1.6571,
      0.6857,
      1.7143,
      0.7428,
      1.7714,
      0.8,
      1.8285,
      0.8571,
      1.8857,
      0.9143,
      1.9428,
      0.9714
    ],
    "SoftwareVersions": "24_LX_MR_Software_release:DV24.0_R02_1607.b",
    "SpacingBetweenSlices": 4,
    "StationName": "GEHCGEHC",
    "TotalReadoutTime": 0.023436,
    "dataset": "unknown",
    "modality": "bold",
    "subject_id": "131",
    "task_id": "rest"
  },
  "dummy_trs": 0,
  "dvars_nstd": 18.815632523444823,
  "dvars_std": 0.868500000769231,
  "dvars_vstd": 0.9209050947826086,
  "efc": 0.33007190895174326,
  "fber": 64410.14453125,
  "fd_mean": 0.1686870858798162,
  "fd_num": 62,
  "fd_perc": 20.666666666666668,
  "fwhm_avg": 2.9653166666666664,
  "fwhm_x": 2.8901,
  "fwhm_y": 2.9889,
  "fwhm_z": 3.01695,
  "gcor": 0.0357029,
  "gsr_x": -0.007352600339800119,
  "gsr_y": 0.007559780031442642,
  "provenance": {
    "md5sum": "6f32f46263b896ca41cae21b532ccb8d",
    "settings": {
      "fd_thres": 0.2,
      "hmc_fsl": false
    },
    "software": "mriqc",
    "version": "0.15.2rc1",
    "webapi_port": null,
    "webapi_url": "https://mriqc.nimh.nih.gov/api/v1"
  },
  "size_t": 300,
  "size_x": 64,
  "size_y": 64,
  "size_z": 35,
  "snr": 2.618385464320301,
  "spacing_tr": 2.0,
  "spacing_x": 4.0,
  "spacing_y": 4.0,
  "spacing_z": 4.0,
  "summary_bg_k": 164.07099449513672,
  "summary_bg_mad": 9.44417667388916,
  "summary_bg_mean": 27.52652931213379,
  "summary_bg_median": 7.240000247955322,
  "summary_bg_n": 100954.0,
  "summary_bg_p05": 0.33666667342185974,
  "summary_bg_p95": 110.70783691406247,
  "summary_bg_stdv": 77.40440368652344,
  "summary_fg_k": 1.0133118843904967,
  "summary_fg_mad": 524.1641235351562,
  "summary_fg_mean": 1904.2625732421875,
  "summary_fg_median": 1799.1033935546875,
  "summary_fg_n": 16193.0,
  "summary_fg_p05": 865.1300292968749,
  "summary_fg_p95": 3199.9673828124987,
  "summary_fg_stdv": 687.0828857421875,
  "tsnr": 28.37430763244629
}