{
  "aor": 0.0032664942528735637,
  "aqi": 0.0016087226494252873,
  "bids_meta": {
    "AcquisitionMatrixPE": 64,
    "AcquisitionNumber": 1,
    "AcquisitionTime": "20:12:40.000000",
    "CoilString": "32Ch_Head",
    "ConversionSoftware": "dcm2niix",
    "ConversionSoftwareVersion": "v1.0.20190902",
    "Dcm2bidsVersion": "2.1.4",
    "DeviceSerialNumber": "000000000000GEHC",
    "EchoTime": 0.04,
    "EffectiveEchoSpacing": 0.000372,
    "FlipAngle": 90,
    "ImageOrientationPatientDICOM": [
      1,
      0,
      0,
      0,
      1,
      0
    ],
    "ImageType": [
      "ORIGINAL",
      "PRIMARY",
      "EPI",
      "NONE"
    ],
    "ImagingFrequency": 127.772,
    "InPlanePhaseEncodingDirectionDICOM": "COL",
    "InstitutionName": "INSTITUTO_DE_NEUROBIOLOGIA",
    "MRAcquisitionType": "2D",
    "MagneticFieldStrength": 3,
    "Manufacturer": "GE",
    "ManufacturersModelName": "DISCOVERY_MR750",
    "Modality": "MR",
    "PatientPosition": "HFS",
    "PercentPhaseFOV": 100,
    "PhaseEncodingDirection": "j",
    "PhaseEncodingPolarityGE": "Flipped",
    "PixelBandwidth": 7812.5,
    "ProcedureStepDescription": "verbos",
    "ProtocolName": "fMRI_8",
    "ReconMatrixPE": 64,
    "RepetitionTime": 2,
    "SAR": 0.356791,
    "ScanOptions": "EPI_GEMS_ACC_GEMS",
    "ScanningSequence": "EP_GR",
    "SequenceVariant": "SS",
    "SeriesDescription": "fMRI_8",
    "SeriesNumber": 11,
    "SliceThickness": 4,
    "SliceTiming": [
      0,
      1.0285,
      0.0571001,
      1.0857,
      0.1142,
      1.1428,
      0.1714,
      1.2,
      0.2285,
      1.2571,
      0.2857,
      1.3143,
      0.3428,
      1.3714,
      0.4,
      1.4286,
      0.4571,
      1.4857,
      0.5142,
      1.5428,
      0.5714,
      1.6,
      0.6285,
      1.6571,
      0.6857,
      1.7143,
      0.7428,
      1.7714,
      0.8,
      1.8285,
      0.8571,
      1.8857,
      0.9143,
      1.9428,
      0.9714
    ],
    "SoftwareVersions": "24_LX_MR_Software_release:DV24.0_R02_1607.b",
    "SpacingBetweenSlices": 4,
    "StationName": "GEHCGEHC",
    "TotalReadoutTime": 0.023436,
    "dataset": "unknown",
    "modality": "bold",
    "run_id": 8,
    "subject_id": "131",
    "task_id": "verbs"
  },
  "dummy_trs": 0,
  "dvars_nstd": 13.516150975838157,
  "dvars_std": 1.0481252188439305,
  "dvars_vstd": 1.0007004826589596,
  "efc": 0.3275615355218223,
  "fber": 66674.546875,
  "fd_mean": 0.06205061944634212,
  "fd_num": 6,
  "fd_perc": 3.4482758620689653,
  "fwhm_avg": 2.906641666666667,
  "fwhm_x": 2.8341,
  "fwhm_y": 2.924075,
  "fwhm_z": 2.96175,
  "gcor": 0.0518757,
  "gsr_x": -0.005985279567539692,
  "gsr_y": 0.004890271928161383,
  "provenance": {
    "md5sum": "dec437472477306e5adec61d35e2f654",
    "settings": {
      "fd_thres": 0.2,
      "hmc_fsl": false
    },
    "software": "mriqc",
    "version": "0.15.2rc1",
    "webapi_port": null,
    "webapi_url": "https://mriqc.nimh.nih.gov/api/v1"
  },
  "size_t": 174,
  "size_x": 64,
  "size_y": 64,
  "size_z": 35,
  "snr": 2.55274038657185,
  "spacing_tr": 2.0,
  "spacing_x": 4.0,
  "spacing_y": 4.0,
  "spacing_z": 4.0,
  "summary_bg_k": 92.16036589402616,
  "summary_bg_mad": 9.296086311340332,
  "summary_bg_mean": 25.775575637817383,
  "summary_bg_median": 7.166666507720947,
  "summary_bg_n": 101073.0,
  "summary_bg_p05": 0.22413793206214905,
  "summary_bg_p95": 102.59999999999997,
  "summary_bg_stdv": 71.2638931274414,
  "summary_fg_k": 1.156078670966055,
  "summary_fg_mad": 539.667236328125,
  "summary_fg_mean": 1903.9888916015625,
  "summary_fg_median": 1795.2470703125,
  "summary_fg_n": 16233.0,
  "summary_fg_p05": 852.4160888671875,
  "summary_fg_p95": 3246.8044921875,
  "summary_fg_stdv": 703.2410278320312,
  "tsnr": 76.79075622558594
}