{
  "aor": 0.003638439306358381,
  "aqi": 0.0015687333410404625,
  "bids_meta": {
    "AcquisitionMatrixPE": 64,
    "AcquisitionNumber": 1,
    "AcquisitionTime": "19:22:51.000000",
    "CoilString": "32Ch_Head",
    "ConversionSoftware": "dcm2niix",
    "ConversionSoftwareVersion": "v1.0.20190902",
    "Dcm2bidsVersion": "2.1.4",
    "DeviceSerialNumber": "000000000000GEHC",
    "EchoTime": 0.04,
    "EffectiveEchoSpacing": 0.000372,
    "FlipAngle": 90,
    "ImageOrientationPatientDICOM": [
      1,
      0,
      0,
      0,
      1,
      0
    ],
    "ImageType": [
      "ORIGINAL",
      "PRIMARY",
      "EPI",
      "NONE"
    ],
    "ImagingFrequency": 127.772,
    "InPlanePhaseEncodingDirectionDICOM": "COL",
    "InstitutionName": "INSTITUTO_DE_NEUROBIOLOGIA",
    "MRAcquisitionType": "2D",
    "MagneticFieldStrength": 3,
    "Manufacturer": "GE",
    "ManufacturersModelName": "DISCOVERY_MR750",
    "Modality": "MR",
    "PatientPosition": "HFS",
    "PercentPhaseFOV": 100,
    "PhaseEncodingDirection": "j",
    "PhaseEncodingPolarityGE": "Flipped",
    "PixelBandwidth": 7812.5,
    "ProcedureStepDescription": "verbos",
    "ProtocolName": "fMRI_1",
    "ReconMatrixPE": 64,
    "RepetitionTime": 2,
    "SAR": 0.356791,
    "ScanOptions": "EPI_GEMS_ACC_GEMS",
    "ScanningSequence": "EP_GR",
    "SequenceVariant": "SS",
    "SeriesDescription": "fMRI_1",
    "SeriesNumber": 4,
    "SliceThickness": 4,
    "SliceTiming": [
      0,
      1.0285,
      0.0571001,
      1.0857,
      0.1142,
      1.1428,
      0.1714,
      1.2,
      0.2285,
      1.2571,
      0.2857,
      1.3143,
      0.3428,
      1.3714,
      0.4,
      1.4286,
      0.4571,
      1.4857,
      0.5142,
      1.5428,
      0.5714,
      1.6,
      0.6285,
      1.6571,
      0.6857,
      1.7143,
      0.7428,
      1.7714,
      0.8,
      1.8285,
      0.8571,
      1.8857,
      0.9143,
      1.9428,
      0.9714
    ],
    "SoftwareVersions": "24_LX_MR_Software_release:DV24.0_R02_1607.b",
    "SpacingBetweenSlices": 4,
    "StationName": "GEHCGEHC",
    "TotalReadoutTime": 0.023436,
    "dataset": "unknown",
    "modality": "bold",
    "run_id": 1,
    "subject_id": "131",
    "task_id": "verbs"
  },
  "dummy_trs": 1,
  "dvars_nstd": 14.357609205290702,
  "dvars_std": 1.051719171744186,
  "dvars_vstd": 0.9886762349418602,
  "efc": 0.322666809679701,
  "fber": 69882.125,
  "fd_mean": 0.056154712716157434,
  "fd_num": 5,
  "fd_perc": 2.8901734104046244,
  "fwhm_avg": 2.9405249999999996,
  "fwhm_x": 2.887325,
  "fwhm_y": 2.952875,
  "fwhm_z": 2.981375,
  "gcor": 0.0351478,
  "gsr_x": -0.004900412168353796,
  "gsr_y": 0.0018075844272971153,
  "provenance": {
    "md5sum": "6d1de97834fdf70858ade7acb444de12",
    "settings": {
      "fd_thres": 0.2,
      "hmc_fsl": false
    },
    "software": "mriqc",
    "version": "0.15.2rc1",
    "webapi_port": null,
    "webapi_url": "https://mriqc.nimh.nih.gov/api/v1"
  },
  "size_t": 173,
  "size_x": 64,
  "size_y": 64,
  "size_z": 35,
  "snr": 2.496399460271414,
  "spacing_tr": 2.0,
  "spacing_x": 4.0,
  "spacing_y": 4.0,
  "spacing_z": 4.0,
  "summary_bg_k": 115.3612426902929,
  "summary_bg_mad": 8.809913635253906,
  "summary_bg_mean": 22.934974670410156,
  "summary_bg_median": 6.9248552322387695,
  "summary_bg_n": 100549.0,
  "summary_bg_p05": 0.3641618490219116,
  "summary_bg_p95": 86.03005523681605,
  "summary_bg_stdv": 68.19877624511719,
  "summary_fg_k": 1.2916880214280875,
  "summary_fg_mad": 544.7147827148438,
  "summary_fg_mean": 1917.8140869140625,
  "summary_fg_median": 1801.3525390625,
  "summary_fg_n": 16295.0,
  "summary_fg_p05": 859.0762695312501,
  "summary_fg_p95": 3310.1646728515625,
  "summary_fg_stdv": 721.55810546875,
  "tsnr": 77.43135070800781
}