{
  "aor": 0.00100367816091954,
  "aqi": 0.0012181843965517242,
  "bids_meta": {
    "AcquisitionMatrixPE": 64,
    "AcquisitionNumber": 1,
    "AcquisitionTime": "20:21:0.000000",
    "CoilString": "32Ch_Head",
    "ConversionSoftware": "dcm2niix",
    "ConversionSoftwareVersion": "v1.0.20190902",
    "Dcm2bidsVersion": "2.1.4",
    "DeviceSerialNumber": "000000000000GEHC",
    "EchoTime": 0.04,
    "EffectiveEchoSpacing": 0.000372,
    "FlipAngle": 90,
    "ImageOrientationPatientDICOM": [
      1,
      0,
      0,
      0,
      1,
      0
    ],
    "ImageType": [
      "ORIGINAL",
      "PRIMARY",
      "EPI",
      "NONE"
    ],
    "ImagingFrequency": 127.772,
    "InPlanePhaseEncodingDirectionDICOM": "COL",
    "InstitutionName": "INSTITUTO_DE_NEUROBIOLOGIA",
    "MRAcquisitionType": "2D",
    "MagneticFieldStrength": 3,
    "Manufacturer": "GE",
    "ManufacturersModelName": "DISCOVERY_MR750",
    "Modality": "MR",
    "PatientPosition": "HFS",
    "PercentPhaseFOV": 100,
    "PhaseEncodingDirection": "j",
    "PhaseEncodingPolarityGE": "Flipped",
    "PixelBandwidth": 7812.5,
    "ProcedureStepDescription": "verbos",
    "ProtocolName": "fMRI_4",
    "ReconMatrixPE": 64,
    "RepetitionTime": 2,
    "SAR": 0.370431,
    "ScanOptions": "EPI_GEMS_ACC_GEMS",
    "ScanningSequence": "EP_GR",
    "SequenceVariant": "SS",
    "SeriesDescription": "fMRI_4",
    "SeriesNumber": 7,
    "SliceThickness": 4,
    "SliceTiming": [
      0,
      1.0285,
      0.0571001,
      1.0857,
      0.1142,
      1.1428,
      0.1714,
      1.2,
      0.2285,
      1.2571,
      0.2857,
      1.3143,
      0.3428,
      1.3714,
      0.4,
      1.4286,
      0.4571,
      1.4857,
      0.5142,
      1.5428,
      0.5714,
      1.6,
      0.6285,
      1.6571,
      0.6857,
      1.7143,
      0.7428,
      1.7714,
      0.8,
      1.8285,
      0.8571,
      1.8857,
      0.9143,
      1.9428,
      0.9714
    ],
    "SoftwareVersions": "24_LX_MR_Software_release:DV24.0_R02_1607.b",
    "SpacingBetweenSlices": 4,
    "StationName": "GEHCGEHC",
    "TotalReadoutTime": 0.023436,
    "dataset": "unknown",
    "modality": "bold",
    "run_id": 4,
    "subject_id": "146",
    "task_id": "verbs"
  },
  "dummy_trs": 0,
  "dvars_nstd": 17.02769338473988,
  "dvars_std": 1.1527025156647406,
  "dvars_vstd": 0.999353840173411,
  "efc": 0.3836776275664702,
  "fber": 67111.953125,
  "fd_mean": 0.06249730310145628,
  "fd_num": 2,
  "fd_perc": 1.1494252873563218,
  "fwhm_avg": 2.9712083333333332,
  "fwhm_x": 2.8551,
  "fwhm_y": 3.070425,
  "fwhm_z": 2.9881,
  "gcor": 0.0288425,
  "gsr_x": -0.014520050957798958,
  "gsr_y": 0.023570552468299866,
  "provenance": {
    "md5sum": "40cdb6d52c8d2c2b1970427ecf510c99",
    "settings": {
      "fd_thres": 0.2,
      "hmc_fsl": false
    },
    "software": "mriqc",
    "version": "0.15.2rc1",
    "webapi_port": null,
    "webapi_url": "https://mriqc.nimh.nih.gov/api/v1"
  },
  "size_t": 174,
  "size_x": 64,
  "size_y": 64,
  "size_z": 35,
  "snr": 2.5118416252290485,
  "spacing_tr": 2.0,
  "spacing_x": 4.0,
  "spacing_y": 4.0,
  "spacing_z": 4.0,
  "summary_bg_k": 269.66312519670475,
  "summary_bg_mad": 9.423896789550781,
  "summary_bg_mean": 31.755718231201172,
  "summary_bg_median": 6.913793087005615,
  "summary_bg_n": 92032.0,
  "summary_bg_p05": 0.13218390941619873,
  "summary_bg_p95": 132.95344314575192,
  "summary_bg_stdv": 102.81258392333984,
  "summary_fg_k": 0.5379976734619194,
  "summary_fg_mad": 659.4725952148438,
  "summary_fg_mean": 1891.1871337890625,
  "summary_fg_median": 1834.4913330078125,
  "summary_fg_n": 22716.0,
  "summary_fg_p05": 777.7155303955078,
  "summary_fg_p95": 3210.2686767578125,
  "summary_fg_stdv": 730.3211059570312,
  "tsnr": 76.24345397949219
}