{
  "aor": 0.005769266666666666,
  "aqi": 0.0032139033099999994,
  "bids_meta": {
    "AcquisitionMatrixPE": 64,
    "AcquisitionNumber": 1,
    "AcquisitionTime": "18:33:31.000000",
    "BodyPartExamined": "HEAD",
    "CoilString": "32Ch_Head",
    "ConversionSoftware": "dcm2niix",
    "ConversionSoftwareVersion": "v1.0.20181125  (JP2:OpenJPEG) GCC7.3.0",
    "DeviceSerialNumber": "0002806034DVR750",
    "EchoTime": 0.04,
    "EffectiveEchoSpacing": 0.000372,
    "FlipAngle": 90,
    "ImageOrientationPatientDICOM": [
      1,
      0,
      0,
      0,
      1,
      0
    ],
    "ImageType": [
      "ORIGINAL",
      "PRIMARY",
      "EPI",
      "NONE"
    ],
    "ImagingFrequency": 127.772,
    "InPlanePhaseEncodingDirectionDICOM": "COL",
    "InstitutionName": "INSTITUTO_DE_NEUROBIOLOGIA",
    "MRAcquisitionType": "2D",
    "MagneticFieldStrength": 3,
    "Manufacturer": "GE",
    "ManufacturersModelName": "DISCOVERY_MR750",
    "Modality": "MR",
    "PatientPosition": "HFS",
    "PercentPhaseFOV": 100,
    "PhaseEncodingDirection": "j",
    "PhaseEncodingPolarityGE": "Flipped",
    "PixelBandwidth": 7812.5,
    "ProcedureStepDescription": "Emociones_AH",
    "ProtocolName": "fMRI_RestState",
    "ReconMatrixPE": 64,
    "RepetitionTime": 2,
    "SAR": 0.16543,
    "ScanOptions": "EPI_GEMS_ACC_GEMS",
    "ScanningSequence": "EP_GR",
    "SequenceVariant": "SS",
    "SeriesDescription": "fMRI_RestState",
    "SeriesNumber": 4,
    "SliceThickness": 4,
    "SliceTiming": [
      0,
      1.0285,
      0.0571001,
      1.0857,
      0.1142,
      1.1428,
      0.1714,
      1.2,
      0.2285,
      1.2571,
      0.2857,
      1.3143,
      0.3428,
      1.3714,
      0.4,
      1.4286,
      0.4571,
      1.4857,
      0.5142,
      1.5428,
      0.5714,
      1.6,
      0.6285,
      1.6571,
      0.6857,
      1.7143,
      0.7428,
      1.7714,
      0.8,
      1.8285,
      0.8571,
      1.8857,
      0.9143,
      1.9428,
      0.9714
    ],
    "SoftwareVersions": "27_LX_MR_Software_release:DV26.0_R02_1810.b",
    "SpacingBetweenSlices": 4,
    "StationName": "GEHCGEHC",
    "TaskName": "rest",
    "TotalReadoutTime": 0.023436,
    "dataset": "unknown",
    "modality": "bold",
    "subject_id": "33",
    "task_id": "rest"
  },
  "dummy_trs": 0,
  "dvars_nstd": 14.303882528862886,
  "dvars_std": 1.0503826468896325,
  "dvars_vstd": 0.9648816607357861,
  "efc": 0.33720386764691607,
  "fber": 62132.875,
  "fd_mean": 0.06836646450854465,
  "fd_num": 0,
  "fd_perc": 0.0,
  "fwhm_avg": 2.8812416666666665,
  "fwhm_x": 2.804875,
  "fwhm_y": 2.94375,
  "fwhm_z": 2.8951,
  "gcor": 0.0172344,
  "gsr_x": -0.005629175342619419,
  "gsr_y": 0.008246893994510174,
  "provenance": {
    "md5sum": "836968cc52e76cd66a5aa9d709eafc39",
    "settings": {
      "fd_thres": 0.2,
      "hmc_fsl": false
    },
    "software": "mriqc",
    "version": "0.15.2rc1",
    "webapi_port": null,
    "webapi_url": "https://mriqc.nimh.nih.gov/api/v1"
  },
  "size_t": 300,
  "size_x": 64,
  "size_y": 64,
  "size_z": 35,
  "snr": 2.9251576714585137,
  "spacing_tr": 2.0,
  "spacing_x": 4.0,
  "spacing_y": 4.0,
  "spacing_z": 4.0,
  "summary_bg_k": 416.821313861699,
  "summary_bg_mad": 9.399698257446289,
  "summary_bg_mean": 24.66177749633789,
  "summary_bg_median": 7.300000190734863,
  "summary_bg_n": 99127.0,
  "summary_bg_p05": 0.3166666626930237,
  "summary_bg_p95": 94.7173362731933,
  "summary_bg_stdv": 81.52039337158203,
  "summary_fg_k": 0.28498388066211167,
  "summary_fg_mad": 551.0337524414062,
  "summary_fg_mean": 1882.6376953125,
  "summary_fg_median": 1849.1900634765625,
  "summary_fg_n": 17157.0,
  "summary_fg_p05": 819.1199951171876,
  "summary_fg_p95": 3004.5507324218747,
  "summary_fg_stdv": 632.1492309570312,
  "tsnr": 60.685340881347656
}