{
  "aor": 0.002290371900826446,
  "aqi": 0.0018559073595041321,
  "bids_meta": {
    "AcquisitionMatrixPE": 64,
    "AcquisitionNumber": 1,
    "AcquisitionTime": "18:46:9.000000",
    "BodyPartExamined": "HEAD",
    "CoilString": "32Ch_Head",
    "ConversionSoftware": "dcm2niix",
    "ConversionSoftwareVersion": "v1.0.20181125  (JP2:OpenJPEG) GCC7.3.0",
    "DeviceSerialNumber": "0002806034DVR750",
    "EchoTime": 0.04,
    "EffectiveEchoSpacing": 0.000372,
    "FlipAngle": 90,
    "ImageOrientationPatientDICOM": [
      1,
      0,
      0,
      0,
      1,
      0
    ],
    "ImageType": [
      "ORIGINAL",
      "PRIMARY",
      "EPI",
      "NONE"
    ],
    "ImagingFrequency": 127.772,
    "InPlanePhaseEncodingDirectionDICOM": "COL",
    "InstitutionName": "INSTITUTO_DE_NEUROBIOLOGIA",
    "MRAcquisitionType": "2D",
    "MagneticFieldStrength": 3,
    "Manufacturer": "GE",
    "ManufacturersModelName": "DISCOVERY_MR750",
    "Modality": "MR",
    "PatientPosition": "HFS",
    "PercentPhaseFOV": 100,
    "PhaseEncodingDirection": "j",
    "PhaseEncodingPolarityGE": "Flipped",
    "PixelBandwidth": 7812.5,
    "ProcedureStepDescription": "Emociones_AH",
    "ProtocolName": "fMRI_Jalil_1",
    "ReconMatrixPE": 64,
    "RepetitionTime": 2,
    "SAR": 0.164788,
    "ScanOptions": "EPI_GEMS_ACC_GEMS",
    "ScanningSequence": "EP_GR",
    "SequenceVariant": "SS",
    "SeriesDescription": "fMRI_Jalil_1",
    "SeriesNumber": 6,
    "SliceThickness": 4,
    "SliceTiming": [
      0,
      1.0285,
      0.0571001,
      1.0857,
      0.1142,
      1.1428,
      0.1714,
      1.2,
      0.2285,
      1.2571,
      0.2857,
      1.3143,
      0.3428,
      1.3714,
      0.4,
      1.4286,
      0.4571,
      1.4857,
      0.5142,
      1.5428,
      0.5714,
      1.6,
      0.6285,
      1.6571,
      0.6857,
      1.7143,
      0.7428,
      1.7714,
      0.8,
      1.8285,
      0.8571,
      1.8857,
      0.9143,
      1.9428,
      0.9714
    ],
    "SoftwareVersions": "27_LX_MR_Software_release:DV26.0_R02_1810.b",
    "SpacingBetweenSlices": 4,
    "StationName": "GEHCGEHC",
    "TaskName": "eah",
    "TotalReadoutTime": 0.023436,
    "dataset": "unknown",
    "modality": "bold",
    "run_id": 1,
    "subject_id": "33",
    "task_id": "eah"
  },
  "dummy_trs": 0,
  "dvars_nstd": 14.293182598381726,
  "dvars_std": 1.057508334771784,
  "dvars_vstd": 0.9942846888796684,
  "efc": 0.33771020548734587,
  "fber": 58131.015625,
  "fd_mean": 0.10232483882294259,
  "fd_num": 19,
  "fd_perc": 7.851239669421488,
  "fwhm_avg": 2.8494666666666664,
  "fwhm_x": 2.779375,
  "fwhm_y": 2.9132,
  "fwhm_z": 2.855825,
  "gcor": 0.0528452,
  "gsr_x": -0.005401829723268747,
  "gsr_y": 0.004424731712788343,
  "provenance": {
    "md5sum": "5011b55cfd1f8d6fb16711aa4b53c2e5",
    "settings": {
      "fd_thres": 0.2,
      "hmc_fsl": false
    },
    "software": "mriqc",
    "version": "0.15.2rc1",
    "webapi_port": null,
    "webapi_url": "https://mriqc.nimh.nih.gov/api/v1"
  },
  "size_t": 242,
  "size_x": 64,
  "size_y": 64,
  "size_z": 35,
  "snr": 2.938053874539356,
  "spacing_tr": 2.0,
  "spacing_x": 4.0,
  "spacing_y": 4.0,
  "spacing_z": 4.0,
  "summary_bg_k": 279.9035057321807,
  "summary_bg_mad": 9.685925483703613,
  "summary_bg_mean": 24.465681076049805,
  "summary_bg_median": 7.450412750244141,
  "summary_bg_n": 99364.0,
  "summary_bg_p05": 0.28099173307418823,
  "summary_bg_p95": 98.85041084289522,
  "summary_bg_stdv": 69.72138214111328,
  "summary_fg_k": 0.40113745079645735,
  "summary_fg_mad": 546.3726196289062,
  "summary_fg_mean": 1877.2645263671875,
  "summary_fg_median": 1840.93798828125,
  "summary_fg_n": 17070.0,
  "summary_fg_p05": 859.7388214111329,
  "summary_fg_p95": 2996.9245727539064,
  "summary_fg_stdv": 626.5657958984375,
  "tsnr": 65.95405578613281
}