{
  "aor": 0.0020318000000000003,
  "aqi": 0.0016294057066666668,
  "bids_meta": {
    "AcquisitionMatrixPE": 64,
    "AcquisitionNumber": 1,
    "AcquisitionTime": "19:13:36.000000",
    "BodyPartExamined": "HEAD",
    "CoilString": "32Ch_Head",
    "ConversionSoftware": "dcm2niix",
    "ConversionSoftwareVersion": "v1.0.20181125  (JP2:OpenJPEG) GCC7.3.0",
    "DeviceSerialNumber": "0002806034DVR750",
    "EchoTime": 0.04,
    "EffectiveEchoSpacing": 0.000372,
    "FlipAngle": 90,
    "ImageOrientationPatientDICOM": [
      1,
      0,
      0,
      0,
      1,
      0
    ],
    "ImageType": [
      "ORIGINAL",
      "PRIMARY",
      "EPI",
      "NONE"
    ],
    "ImagingFrequency": 127.772,
    "InPlanePhaseEncodingDirectionDICOM": "COL",
    "InstitutionName": "INSTITUTO_DE_NEUROBIOLOGIA",
    "MRAcquisitionType": "2D",
    "MagneticFieldStrength": 3,
    "Manufacturer": "GE",
    "ManufacturersModelName": "DISCOVERY_MR750",
    "Modality": "MR",
    "PatientPosition": "HFS",
    "PercentPhaseFOV": 100,
    "PhaseEncodingDirection": "j",
    "PhaseEncodingPolarityGE": "Flipped",
    "PixelBandwidth": 7812.5,
    "ProcedureStepDescription": "Emociones_AH",
    "ProtocolName": "fMRI_Jalil_4",
    "ReconMatrixPE": 64,
    "RepetitionTime": 2,
    "SAR": 0.164788,
    "ScanOptions": "EPI_GEMS_ACC_GEMS",
    "ScanningSequence": "EP_GR",
    "SequenceVariant": "SS",
    "SeriesDescription": "fMRI_Jalil_4",
    "SeriesNumber": 9,
    "SliceThickness": 4,
    "SliceTiming": [
      0,
      1.0285,
      0.0571001,
      1.0857,
      0.1142,
      1.1428,
      0.1714,
      1.2,
      0.2285,
      1.2571,
      0.2857,
      1.3143,
      0.3428,
      1.3714,
      0.4,
      1.4286,
      0.4571,
      1.4857,
      0.5142,
      1.5428,
      0.5714,
      1.6,
      0.6285,
      1.6571,
      0.6857,
      1.7143,
      0.7428,
      1.7714,
      0.8,
      1.8285,
      0.8571,
      1.8857,
      0.9143,
      1.9428,
      0.9714
    ],
    "SoftwareVersions": "27_LX_MR_Software_release:DV26.0_R02_1810.b",
    "SpacingBetweenSlices": 4,
    "StationName": "GEHCGEHC",
    "TaskName": "eah",
    "TotalReadoutTime": 0.023436,
    "dataset": "unknown",
    "modality": "bold",
    "run_id": 4,
    "subject_id": "33",
    "task_id": "eah"
  },
  "dummy_trs": 0,
  "dvars_nstd": 15.44502291557047,
  "dvars_std": 1.0642573170469796,
  "dvars_vstd": 0.9844449712751674,
  "efc": 0.3380422699186547,
  "fber": 56630.83203125,
  "fd_mean": 0.06618613860833154,
  "fd_num": 0,
  "fd_perc": 0.0,
  "fwhm_avg": 2.817341666666666,
  "fwhm_x": 2.757475,
  "fwhm_y": 2.892725,
  "fwhm_z": 2.801825,
  "gcor": 0.0235849,
  "gsr_x": -0.005859510041773319,
  "gsr_y": 0.004776703659445047,
  "provenance": {
    "md5sum": "6c3dae32255296f5916319dd96213831",
    "settings": {
      "fd_thres": 0.2,
      "hmc_fsl": false
    },
    "software": "mriqc",
    "version": "0.15.2rc1",
    "webapi_port": null,
    "webapi_url": "https://mriqc.nimh.nih.gov/api/v1"
  },
  "size_t": 150,
  "size_x": 64,
  "size_y": 64,
  "size_z": 35,
  "snr": 2.903178570992845,
  "spacing_tr": 2.0,
  "spacing_x": 4.0,
  "spacing_y": 4.0,
  "spacing_z": 4.0,
  "summary_bg_k": 261.53543399131746,
  "summary_bg_mad": 9.651740074157715,
  "summary_bg_mean": 24.223745346069336,
  "summary_bg_median": 7.369999885559082,
  "summary_bg_n": 99294.0,
  "summary_bg_p05": 0.23333333432674408,
  "summary_bg_p95": 97.62266731262184,
  "summary_bg_stdv": 69.34996032714844,
  "summary_fg_k": 0.34007019504281777,
  "summary_fg_mad": 552.4918212890625,
  "summary_fg_mean": 1828.1878662109375,
  "summary_fg_median": 1794.07666015625,
  "summary_fg_n": 17098.0,
  "summary_fg_p05": 824.8246948242188,
  "summary_fg_p95": 2928.455053710937,
  "summary_fg_stdv": 617.9517211914062,
  "tsnr": 76.66336059570312
}