{
  "aor": 0.0013268503937007873,
  "aqi": 0.001815378255905512,
  "bids_meta": {
    "AcquisitionMatrixPE": 64,
    "AcquisitionNumber": 1,
    "AcquisitionTime": "19:03:30.000000",
    "BodyPartExamined": "HEAD",
    "CoilString": "32Ch_Head",
    "ConversionSoftware": "dcm2niix",
    "ConversionSoftwareVersion": "v1.0.20181125  (JP2:OpenJPEG) GCC7.3.0",
    "DeviceSerialNumber": "0002806034DVR750",
    "EchoTime": 0.04,
    "EffectiveEchoSpacing": 0.000372,
    "FlipAngle": 90,
    "ImageOrientationPatientDICOM": [
      1,
      0,
      0,
      0,
      1,
      0
    ],
    "ImageType": [
      "ORIGINAL",
      "PRIMARY",
      "EPI",
      "NONE"
    ],
    "ImagingFrequency": 127.772,
    "InPlanePhaseEncodingDirectionDICOM": "COL",
    "InstitutionName": "INSTITUTO_DE_NEUROBIOLOGIA",
    "MRAcquisitionType": "2D",
    "MagneticFieldStrength": 3,
    "Manufacturer": "GE",
    "ManufacturersModelName": "DISCOVERY_MR750",
    "Modality": "MR",
    "PatientPosition": "HFS",
    "PercentPhaseFOV": 100,
    "PhaseEncodingDirection": "j",
    "PhaseEncodingPolarityGE": "Flipped",
    "PixelBandwidth": 7812.5,
    "ProcedureStepDescription": "Emociones_AH",
    "ProtocolName": "fMRI_Jalil_3",
    "ReconMatrixPE": 64,
    "RepetitionTime": 2,
    "SAR": 0.164788,
    "ScanOptions": "EPI_GEMS_ACC_GEMS",
    "ScanningSequence": "EP_GR",
    "SequenceVariant": "SS",
    "SeriesDescription": "fMRI_Jalil_3",
    "SeriesNumber": 8,
    "SliceThickness": 4,
    "SliceTiming": [
      0,
      1.0285,
      0.0571001,
      1.0857,
      0.1142,
      1.1428,
      0.1714,
      1.2,
      0.2285,
      1.2571,
      0.2857,
      1.3143,
      0.3428,
      1.3714,
      0.4,
      1.4286,
      0.4571,
      1.4857,
      0.5142,
      1.5428,
      0.5714,
      1.6,
      0.6285,
      1.6571,
      0.6857,
      1.7143,
      0.7428,
      1.7714,
      0.8,
      1.8285,
      0.8571,
      1.8857,
      0.9143,
      1.9428,
      0.9714
    ],
    "SoftwareVersions": "27_LX_MR_Software_release:DV26.0_R02_1810.b",
    "SpacingBetweenSlices": 4,
    "StationName": "GEHCGEHC",
    "TaskName": "eah",
    "TotalReadoutTime": 0.023436,
    "dataset": "unknown",
    "modality": "bold",
    "run_id": 3,
    "subject_id": "33",
    "task_id": "eah"
  },
  "dummy_trs": 0,
  "dvars_nstd": 15.265072570158114,
  "dvars_std": 1.0456340337944672,
  "dvars_vstd": 0.9683680206324107,
  "efc": 0.33755233300360804,
  "fber": 55153.16796875,
  "fd_mean": 0.06943110823782761,
  "fd_num": 5,
  "fd_perc": 1.968503937007874,
  "fwhm_avg": 2.790775,
  "fwhm_x": 2.7466,
  "fwhm_y": 2.86445,
  "fwhm_z": 2.761275,
  "gcor": 0.0240501,
  "gsr_x": -0.0060107228346168995,
  "gsr_y": 0.0045512039214372635,
  "provenance": {
    "md5sum": "2dca6cc00c0f7e9f1777594a0f81f320",
    "settings": {
      "fd_thres": 0.2,
      "hmc_fsl": false
    },
    "software": "mriqc",
    "version": "0.15.2rc1",
    "webapi_port": null,
    "webapi_url": "https://mriqc.nimh.nih.gov/api/v1"
  },
  "size_t": 254,
  "size_x": 64,
  "size_y": 64,
  "size_z": 35,
  "snr": 2.922651943024996,
  "spacing_tr": 2.0,
  "spacing_x": 4.0,
  "spacing_y": 4.0,
  "spacing_z": 4.0,
  "summary_bg_k": 227.9931211963819,
  "summary_bg_mad": 9.683610916137695,
  "summary_bg_mean": 24.350448608398438,
  "summary_bg_median": 7.401574611663818,
  "summary_bg_n": 99449.0,
  "summary_bg_p05": 0.25590550899505615,
  "summary_bg_p95": 97.54566650390622,
  "summary_bg_stdv": 68.50701141357422,
  "summary_fg_k": 0.3682262154133533,
  "summary_fg_mad": 539.9532470703125,
  "summary_fg_mean": 1809.7325439453125,
  "summary_fg_median": 1778.31494140625,
  "summary_fg_n": 16942.0,
  "summary_fg_p05": 811.1387725830078,
  "summary_fg_p95": 2895.978845214844,
  "summary_fg_stdv": 608.44140625,
  "tsnr": 70.47207641601562
}