{
  "aor": 0.005919338842975207,
  "aqi": 0.0032335346239669425,
  "bids_meta": {
    "AcquisitionMatrixPE": 64,
    "AcquisitionNumber": 1,
    "AcquisitionTime": "20:03:8.000000",
    "BodyPartExamined": "HEAD",
    "CoilString": "32Ch_Head",
    "ConversionSoftware": "dcm2niix",
    "ConversionSoftwareVersion": "v1.0.20181125  (JP2:OpenJPEG) GCC7.3.0",
    "DeviceSerialNumber": "0002806034DVR750",
    "EchoTime": 0.04,
    "EffectiveEchoSpacing": 0.000372,
    "FlipAngle": 90,
    "ImageOrientationPatientDICOM": [
      1,
      0,
      0,
      0,
      1,
      0
    ],
    "ImageType": [
      "ORIGINAL",
      "PRIMARY",
      "EPI",
      "NONE"
    ],
    "ImagingFrequency": 127.772,
    "InPlanePhaseEncodingDirectionDICOM": "COL",
    "InstitutionName": "INSTITUTO_DE_NEUROBIOLOGIA",
    "MRAcquisitionType": "2D",
    "MagneticFieldStrength": 3,
    "Manufacturer": "GE",
    "ManufacturersModelName": "DISCOVERY_MR750",
    "Modality": "MR",
    "PatientPosition": "HFS",
    "PercentPhaseFOV": 100,
    "PhaseEncodingDirection": "j",
    "PhaseEncodingPolarityGE": "Flipped",
    "PixelBandwidth": 7812.5,
    "ProcedureStepDescription": "Emociones_AH",
    "ProtocolName": "fMRI_Jalil_1",
    "ReconMatrixPE": 64,
    "RepetitionTime": 2,
    "SAR": 0.200249,
    "ScanOptions": "EPI_GEMS_ACC_GEMS",
    "ScanningSequence": "EP_GR",
    "SequenceVariant": "SS",
    "SeriesDescription": "fMRI_Jalil_1",
    "SeriesNumber": 5,
    "SliceThickness": 4,
    "SliceTiming": [
      0,
      1.0285,
      0.0571001,
      1.0857,
      0.1142,
      1.1428,
      0.1714,
      1.2,
      0.2285,
      1.2571,
      0.2857,
      1.3143,
      0.3428,
      1.3714,
      0.4,
      1.4286,
      0.4571,
      1.4857,
      0.5142,
      1.5428,
      0.5714,
      1.6,
      0.6285,
      1.6571,
      0.6857,
      1.7143,
      0.7428,
      1.7714,
      0.8,
      1.8285,
      0.8571,
      1.8857,
      0.9143,
      1.9428,
      0.9714
    ],
    "SoftwareVersions": "27_LX_MR_Software_release:DV26.0_R02_1810.b",
    "SpacingBetweenSlices": 4,
    "StationName": "GEHCGEHC",
    "TaskName": "eah",
    "TotalReadoutTime": 0.023436,
    "dataset": "unknown",
    "modality": "bold",
    "run_id": 1,
    "subject_id": "29",
    "task_id": "eah"
  },
  "dummy_trs": 0,
  "dvars_nstd": 20.978247519999996,
  "dvars_std": 1.0387791439419096,
  "dvars_vstd": 0.9714214555186719,
  "efc": 0.38651455319615563,
  "fber": 109184.9609375,
  "fd_mean": 0.17092157967212304,
  "fd_num": 41,
  "fd_perc": 16.94214876033058,
  "fwhm_avg": 2.877283333333333,
  "fwhm_x": 2.78915,
  "fwhm_y": 2.9225,
  "fwhm_z": 2.9202,
  "gcor": 0.0425756,
  "gsr_x": -0.005736735183745623,
  "gsr_y": 0.010050864890217781,
  "provenance": {
    "md5sum": "f1b24260268c3791519d5dda30846726",
    "settings": {
      "fd_thres": 0.2,
      "hmc_fsl": false
    },
    "software": "mriqc",
    "version": "0.15.2rc1",
    "webapi_port": null,
    "webapi_url": "https://mriqc.nimh.nih.gov/api/v1"
  },
  "size_t": 242,
  "size_x": 64,
  "size_y": 64,
  "size_z": 35,
  "snr": 2.6887646929903806,
  "spacing_tr": 2.0,
  "spacing_x": 4.0,
  "spacing_y": 4.0,
  "spacing_z": 4.0,
  "summary_bg_k": 83.00063935014232,
  "summary_bg_mad": 7.645816802978516,
  "summary_bg_mean": 26.804874420166016,
  "summary_bg_median": 5.442148685455322,
  "summary_bg_n": 91059.0,
  "summary_bg_p05": 0.08677685260772705,
  "summary_bg_p95": 113.02974929809564,
  "summary_bg_stdv": 80.85801696777344,
  "summary_fg_k": 0.3034355318777435,
  "summary_fg_mad": 622.0404052734375,
  "summary_fg_mean": 1897.66162109375,
  "summary_fg_median": 1835.8118896484375,
  "summary_fg_n": 23096.0,
  "summary_fg_p05": 830.6652374267578,
  "summary_fg_p95": 3120.4720458984375,
  "summary_fg_stdv": 682.7567138671875,
  "tsnr": 49.972747802734375
}