{
  "aor": 0.014346066666666667,
  "aqi": 0.006739818266666668,
  "bids_meta": {
    "AcquisitionMatrixPE": 64,
    "AcquisitionNumber": 1,
    "AcquisitionTime": "20:31:10.000000",
    "BodyPartExamined": "HEAD",
    "CoilString": "32Ch_Head",
    "ConversionSoftware": "dcm2niix",
    "ConversionSoftwareVersion": "v1.0.20181125  (JP2:OpenJPEG) GCC7.3.0",
    "DeviceSerialNumber": "0002806034DVR750",
    "EchoTime": 0.04,
    "EffectiveEchoSpacing": 0.000372,
    "FlipAngle": 90,
    "ImageOrientationPatientDICOM": [
      1,
      0,
      0,
      0,
      1,
      0
    ],
    "ImageType": [
      "ORIGINAL",
      "PRIMARY",
      "EPI",
      "NONE"
    ],
    "ImagingFrequency": 127.772,
    "InPlanePhaseEncodingDirectionDICOM": "COL",
    "InstitutionName": "INSTITUTO_DE_NEUROBIOLOGIA",
    "MRAcquisitionType": "2D",
    "MagneticFieldStrength": 3,
    "Manufacturer": "GE",
    "ManufacturersModelName": "DISCOVERY_MR750",
    "Modality": "MR",
    "PatientPosition": "HFS",
    "PercentPhaseFOV": 100,
    "PhaseEncodingDirection": "j",
    "PhaseEncodingPolarityGE": "Flipped",
    "PixelBandwidth": 7812.5,
    "ProcedureStepDescription": "Emociones_AH",
    "ProtocolName": "fMRI_Jalil_4",
    "ReconMatrixPE": 64,
    "RepetitionTime": 2,
    "SAR": 0.200249,
    "ScanOptions": "EPI_GEMS_ACC_GEMS",
    "ScanningSequence": "EP_GR",
    "SequenceVariant": "SS",
    "SeriesDescription": "fMRI_Jalil_4",
    "SeriesNumber": 8,
    "SliceThickness": 4,
    "SliceTiming": [
      0,
      1.0285,
      0.0571001,
      1.0857,
      0.1142,
      1.1428,
      0.1714,
      1.2,
      0.2285,
      1.2571,
      0.2857,
      1.3143,
      0.3428,
      1.3714,
      0.4,
      1.4286,
      0.4571,
      1.4857,
      0.5142,
      1.5428,
      0.5714,
      1.6,
      0.6285,
      1.6571,
      0.6857,
      1.7143,
      0.7428,
      1.7714,
      0.8,
      1.8285,
      0.8571,
      1.8857,
      0.9143,
      1.9428,
      0.9714
    ],
    "SoftwareVersions": "27_LX_MR_Software_release:DV26.0_R02_1810.b",
    "SpacingBetweenSlices": 4,
    "StationName": "GEHCGEHC",
    "TaskName": "eah",
    "TotalReadoutTime": 0.023436,
    "dataset": "unknown",
    "modality": "bold",
    "run_id": 4,
    "subject_id": "29",
    "task_id": "eah"
  },
  "dummy_trs": 0,
  "dvars_nstd": 32.449637662617434,
  "dvars_std": 1.0392814740268452,
  "dvars_vstd": 0.9869189529530207,
  "efc": 0.38626408608401297,
  "fber": 99499.3515625,
  "fd_mean": 0.41425890161265094,
  "fd_num": 69,
  "fd_perc": 46.0,
  "fwhm_avg": 2.8934583333333332,
  "fwhm_x": 2.800325,
  "fwhm_y": 2.952925,
  "fwhm_z": 2.927125,
  "gcor": 0.0945842,
  "gsr_x": -0.006036114878952503,
  "gsr_y": 0.009801908396184444,
  "provenance": {
    "md5sum": "2284c27e44a8d1c9767c582c005aeb70",
    "settings": {
      "fd_thres": 0.2,
      "hmc_fsl": false
    },
    "software": "mriqc",
    "version": "0.15.2rc1",
    "webapi_port": null,
    "webapi_url": "https://mriqc.nimh.nih.gov/api/v1"
  },
  "size_t": 150,
  "size_x": 64,
  "size_y": 64,
  "size_z": 35,
  "snr": 2.6981358870837875,
  "spacing_tr": 2.0,
  "spacing_x": 4.0,
  "spacing_y": 4.0,
  "spacing_z": 4.0,
  "summary_bg_k": 78.94166943529558,
  "summary_bg_mad": 7.966516494750977,
  "summary_bg_mean": 27.691322326660156,
  "summary_bg_median": 5.700000286102295,
  "summary_bg_n": 91261.0,
  "summary_bg_p05": 0.1066666692495346,
  "summary_bg_p95": 115.34000396728516,
  "summary_bg_stdv": 82.9794692993164,
  "summary_fg_k": 0.21081054376413366,
  "summary_fg_mad": 628.4257202148438,
  "summary_fg_mean": 1886.2718505859375,
  "summary_fg_median": 1830.9866943359375,
  "summary_fg_n": 22993.0,
  "summary_fg_p05": 820.5826782226563,
  "summary_fg_p95": 3093.8254394531245,
  "summary_fg_stdv": 678.5969848632812,
  "tsnr": 30.695079803466797
}