{
  "aor": 0.007815044642857143,
  "aqi": 0.004303123883928572,
  "bids_meta": {
    "AcquisitionMatrixPE": 64,
    "AcquisitionNumber": 1,
    "AcquisitionTime": "20:12:23.000000",
    "BodyPartExamined": "HEAD",
    "CoilString": "32Ch_Head",
    "ConversionSoftware": "dcm2niix",
    "ConversionSoftwareVersion": "v1.0.20181125  (JP2:OpenJPEG) GCC7.3.0",
    "DeviceSerialNumber": "0002806034DVR750",
    "EchoTime": 0.04,
    "EffectiveEchoSpacing": 0.000372,
    "FlipAngle": 90,
    "ImageOrientationPatientDICOM": [
      1,
      0,
      0,
      0,
      1,
      0
    ],
    "ImageType": [
      "ORIGINAL",
      "PRIMARY",
      "EPI",
      "NONE"
    ],
    "ImagingFrequency": 127.772,
    "InPlanePhaseEncodingDirectionDICOM": "COL",
    "InstitutionName": "INSTITUTO_DE_NEUROBIOLOGIA",
    "MRAcquisitionType": "2D",
    "MagneticFieldStrength": 3,
    "Manufacturer": "GE",
    "ManufacturersModelName": "DISCOVERY_MR750",
    "Modality": "MR",
    "PatientPosition": "HFS",
    "PercentPhaseFOV": 100,
    "PhaseEncodingDirection": "j",
    "PhaseEncodingPolarityGE": "Flipped",
    "PixelBandwidth": 7812.5,
    "ProcedureStepDescription": "Emociones_AH",
    "ProtocolName": "fMRI_Jalil_2",
    "ReconMatrixPE": 64,
    "RepetitionTime": 2,
    "SAR": 0.200249,
    "ScanOptions": "EPI_GEMS_ACC_GEMS",
    "ScanningSequence": "EP_GR",
    "SequenceVariant": "SS",
    "SeriesDescription": "fMRI_Jalil_2",
    "SeriesNumber": 6,
    "SliceThickness": 4,
    "SliceTiming": [
      0,
      1.0285,
      0.0571001,
      1.0857,
      0.1142,
      1.1428,
      0.1714,
      1.2,
      0.2285,
      1.2571,
      0.2857,
      1.3143,
      0.3428,
      1.3714,
      0.4,
      1.4286,
      0.4571,
      1.4857,
      0.5142,
      1.5428,
      0.5714,
      1.6,
      0.6285,
      1.6571,
      0.6857,
      1.7143,
      0.7428,
      1.7714,
      0.8,
      1.8285,
      0.8571,
      1.8857,
      0.9143,
      1.9428,
      0.9714
    ],
    "SoftwareVersions": "27_LX_MR_Software_release:DV26.0_R02_1810.b",
    "SpacingBetweenSlices": 4,
    "StationName": "GEHCGEHC",
    "TaskName": "eah",
    "TotalReadoutTime": 0.023436,
    "dataset": "unknown",
    "modality": "bold",
    "run_id": 2,
    "subject_id": "29",
    "task_id": "eah"
  },
  "dummy_trs": 0,
  "dvars_nstd": 25.021784991928257,
  "dvars_std": 1.0336010458744398,
  "dvars_vstd": 0.9810097879820626,
  "efc": 0.3858808366455067,
  "fber": 102742.640625,
  "fd_mean": 0.23781415036666018,
  "fd_num": 56,
  "fd_perc": 25.0,
  "fwhm_avg": 2.880791666666667,
  "fwhm_x": 2.798525,
  "fwhm_y": 2.929975,
  "fwhm_z": 2.913875,
  "gcor": 0.0453149,
  "gsr_x": -0.0059249852783977985,
  "gsr_y": 0.009123314172029495,
  "provenance": {
    "md5sum": "2d7b2f1acf5967cbeb9d74023cc7c378",
    "settings": {
      "fd_thres": 0.2,
      "hmc_fsl": false
    },
    "software": "mriqc",
    "version": "0.15.2rc1",
    "webapi_port": null,
    "webapi_url": "https://mriqc.nimh.nih.gov/api/v1"
  },
  "size_t": 224,
  "size_x": 64,
  "size_y": 64,
  "size_z": 35,
  "snr": 2.6764567544782594,
  "spacing_tr": 2.0,
  "spacing_x": 4.0,
  "spacing_y": 4.0,
  "spacing_z": 4.0,
  "summary_bg_k": 92.59162375056512,
  "summary_bg_mad": 7.869706630706787,
  "summary_bg_mean": 26.896526336669922,
  "summary_bg_median": 5.611607551574707,
  "summary_bg_n": 91071.0,
  "summary_bg_p05": 0.0892857164144516,
  "summary_bg_p95": 112.08036041259766,
  "summary_bg_stdv": 82.08162689208984,
  "summary_fg_k": 0.28752114402112205,
  "summary_fg_mad": 630.1061401367188,
  "summary_fg_mean": 1889.9566650390625,
  "summary_fg_median": 1833.091552734375,
  "summary_fg_n": 23102.0,
  "summary_fg_p05": 813.1252838134766,
  "summary_fg_p95": 3110.66484375,
  "summary_fg_stdv": 684.8800659179688,
  "tsnr": 42.271060943603516
}