{
  "aor": 0.0058701,
  "aqi": 0.0018867379233333333,
  "bids_meta": {
    "AcquisitionMatrixPE": 64,
    "AcquisitionNumber": 1,
    "AcquisitionTime": "19:50:46.000000",
    "BodyPartExamined": "HEAD",
    "CoilString": "32Ch_Head",
    "ConversionSoftware": "dcm2niix",
    "ConversionSoftwareVersion": "v1.0.20181125  (JP2:OpenJPEG) GCC7.3.0",
    "DeviceSerialNumber": "0002806034DVR750",
    "EchoTime": 0.04,
    "EffectiveEchoSpacing": 0.000372,
    "FlipAngle": 90,
    "ImageOrientationPatientDICOM": [
      1,
      0,
      0,
      0,
      1,
      0
    ],
    "ImageType": [
      "ORIGINAL",
      "PRIMARY",
      "EPI",
      "NONE"
    ],
    "ImagingFrequency": 127.772,
    "InPlanePhaseEncodingDirectionDICOM": "COL",
    "InstitutionName": "INSTITUTO_DE_NEUROBIOLOGIA",
    "MRAcquisitionType": "2D",
    "MagneticFieldStrength": 3,
    "Manufacturer": "GE",
    "ManufacturersModelName": "DISCOVERY_MR750",
    "Modality": "MR",
    "PatientPosition": "HFS",
    "PercentPhaseFOV": 100,
    "PhaseEncodingDirection": "j",
    "PhaseEncodingPolarityGE": "Flipped",
    "PixelBandwidth": 7812.5,
    "ProcedureStepDescription": "Emociones_AH",
    "ProtocolName": "fMRI_RestState",
    "ReconMatrixPE": 64,
    "RepetitionTime": 2,
    "SAR": 0.201019,
    "ScanOptions": "EPI_GEMS_ACC_GEMS",
    "ScanningSequence": "EP_GR",
    "SequenceVariant": "SS",
    "SeriesDescription": "fMRI_RestState",
    "SeriesNumber": 3,
    "SliceThickness": 4,
    "SliceTiming": [
      0,
      1.0285,
      0.0571001,
      1.0857,
      0.1142,
      1.1428,
      0.1714,
      1.2,
      0.2285,
      1.2571,
      0.2857,
      1.3143,
      0.3428,
      1.3714,
      0.4,
      1.4286,
      0.4571,
      1.4857,
      0.5142,
      1.5428,
      0.5714,
      1.6,
      0.6285,
      1.6571,
      0.6857,
      1.7143,
      0.7428,
      1.7714,
      0.8,
      1.8285,
      0.8571,
      1.8857,
      0.9143,
      1.9428,
      0.9714
    ],
    "SoftwareVersions": "27_LX_MR_Software_release:DV26.0_R02_1810.b",
    "SpacingBetweenSlices": 4,
    "StationName": "GEHCGEHC",
    "TaskName": "rest",
    "TotalReadoutTime": 0.023436,
    "dataset": "unknown",
    "modality": "bold",
    "subject_id": "29",
    "task_id": "rest"
  },
  "dummy_trs": 0,
  "dvars_nstd": 17.79011988886288,
  "dvars_std": 1.1577048509030097,
  "dvars_vstd": 1.0201957206688974,
  "efc": 0.3866459235223207,
  "fber": 107711.359375,
  "fd_mean": 0.09344551240126477,
  "fd_num": 18,
  "fd_perc": 6.0,
  "fwhm_avg": 2.883366666666667,
  "fwhm_x": 2.785775,
  "fwhm_y": 2.9498,
  "fwhm_z": 2.914525,
  "gcor": 0.0520386,
  "gsr_x": -0.0066330572590231895,
  "gsr_y": 0.010596289299428463,
  "provenance": {
    "md5sum": "e96655d734a1e5fc7827ea980ce467ce",
    "settings": {
      "fd_thres": 0.2,
      "hmc_fsl": false
    },
    "software": "mriqc",
    "version": "0.15.2rc1",
    "webapi_port": null,
    "webapi_url": "https://mriqc.nimh.nih.gov/api/v1"
  },
  "size_t": 300,
  "size_x": 64,
  "size_y": 64,
  "size_z": 35,
  "snr": 2.6978281415370686,
  "spacing_tr": 2.0,
  "spacing_x": 4.0,
  "spacing_y": 4.0,
  "spacing_z": 4.0,
  "summary_bg_k": 107.694307417219,
  "summary_bg_mad": 7.734241962432861,
  "summary_bg_mean": 28.674407958984375,
  "summary_bg_median": 5.513333320617676,
  "summary_bg_n": 91133.0,
  "summary_bg_p05": 0.08666666597127914,
  "summary_bg_p95": 115.35866699218742,
  "summary_bg_stdv": 92.79918670654297,
  "summary_fg_k": 0.20738089003064353,
  "summary_fg_mad": 626.525390625,
  "summary_fg_mean": 1898.3504638671875,
  "summary_fg_median": 1842.4483642578125,
  "summary_fg_n": 23102.0,
  "summary_fg_p05": 802.4625305175781,
  "summary_fg_p95": 3120.5429565429686,
  "summary_fg_stdv": 682.9228515625,
  "tsnr": 64.29289245605469
}