{
  "aor": 0.020208503937007873,
  "aqi": 0.00431067055511811,
  "bids_meta": {
    "AcquisitionMatrixPE": 64,
    "AcquisitionNumber": 1,
    "AcquisitionTime": "20:21:29.000000",
    "BodyPartExamined": "HEAD",
    "CoilString": "32Ch_Head",
    "ConversionSoftware": "dcm2niix",
    "ConversionSoftwareVersion": "v1.0.20181125  (JP2:OpenJPEG) GCC7.3.0",
    "DeviceSerialNumber": "0002806034DVR750",
    "EchoTime": 0.04,
    "EffectiveEchoSpacing": 0.000372,
    "FlipAngle": 90,
    "ImageOrientationPatientDICOM": [
      1,
      0,
      0,
      0,
      1,
      0
    ],
    "ImageType": [
      "ORIGINAL",
      "PRIMARY",
      "EPI",
      "NONE"
    ],
    "ImagingFrequency": 127.772,
    "InPlanePhaseEncodingDirectionDICOM": "COL",
    "InstitutionName": "INSTITUTO_DE_NEUROBIOLOGIA",
    "MRAcquisitionType": "2D",
    "MagneticFieldStrength": 3,
    "Manufacturer": "GE",
    "ManufacturersModelName": "DISCOVERY_MR750",
    "Modality": "MR",
    "PatientPosition": "HFS",
    "PercentPhaseFOV": 100,
    "PhaseEncodingDirection": "j",
    "PhaseEncodingPolarityGE": "Flipped",
    "PixelBandwidth": 7812.5,
    "ProcedureStepDescription": "Emociones_AH",
    "ProtocolName": "fMRI_Jalil_3",
    "ReconMatrixPE": 64,
    "RepetitionTime": 2,
    "SAR": 0.200249,
    "ScanOptions": "EPI_GEMS_ACC_GEMS",
    "ScanningSequence": "EP_GR",
    "SequenceVariant": "SS",
    "SeriesDescription": "fMRI_Jalil_3",
    "SeriesNumber": 7,
    "SliceThickness": 4,
    "SliceTiming": [
      0,
      1.0285,
      0.0571001,
      1.0857,
      0.1142,
      1.1428,
      0.1714,
      1.2,
      0.2285,
      1.2571,
      0.2857,
      1.3143,
      0.3428,
      1.3714,
      0.4,
      1.4286,
      0.4571,
      1.4857,
      0.5142,
      1.5428,
      0.5714,
      1.6,
      0.6285,
      1.6571,
      0.6857,
      1.7143,
      0.7428,
      1.7714,
      0.8,
      1.8285,
      0.8571,
      1.8857,
      0.9143,
      1.9428,
      0.9714
    ],
    "SoftwareVersions": "27_LX_MR_Software_release:DV26.0_R02_1810.b",
    "SpacingBetweenSlices": 4,
    "StationName": "GEHCGEHC",
    "TaskName": "eah",
    "TotalReadoutTime": 0.023436,
    "dataset": "unknown",
    "modality": "bold",
    "run_id": 3,
    "subject_id": "29",
    "task_id": "eah"
  },
  "dummy_trs": 0,
  "dvars_nstd": 25.274674555177867,
  "dvars_std": 1.173974879249012,
  "dvars_vstd": 1.083877660869565,
  "efc": 0.38621914646230915,
  "fber": 105571.7890625,
  "fd_mean": 0.21877943643082742,
  "fd_num": 50,
  "fd_perc": 19.68503937007874,
  "fwhm_avg": 2.8833249999999997,
  "fwhm_x": 2.787975,
  "fwhm_y": 2.931525,
  "fwhm_z": 2.930475,
  "gcor": 0.0680305,
  "gsr_x": -0.005359746515750885,
  "gsr_y": 0.00938711129128933,
  "provenance": {
    "md5sum": "d5914cd434e6b4ff8b271d04892b0655",
    "settings": {
      "fd_thres": 0.2,
      "hmc_fsl": false
    },
    "software": "mriqc",
    "version": "0.15.2rc1",
    "webapi_port": null,
    "webapi_url": "https://mriqc.nimh.nih.gov/api/v1"
  },
  "size_t": 254,
  "size_x": 64,
  "size_y": 64,
  "size_z": 35,
  "snr": 2.6853016621929235,
  "spacing_tr": 2.0,
  "spacing_x": 4.0,
  "spacing_y": 4.0,
  "spacing_z": 4.0,
  "summary_bg_k": 94.17673055909552,
  "summary_bg_mad": 7.815765380859375,
  "summary_bg_mean": 26.927488327026367,
  "summary_bg_median": 5.566929340362549,
  "summary_bg_n": 90999.0,
  "summary_bg_p05": 0.08267716318368912,
  "summary_bg_p95": 112.91417083740227,
  "summary_bg_stdv": 82.39632415771484,
  "summary_fg_k": 0.2933658430148096,
  "summary_fg_mad": 626.03173828125,
  "summary_fg_mean": 1903.1572265625,
  "summary_fg_median": 1842.94677734375,
  "summary_fg_n": 23124.0,
  "summary_fg_p05": 824.596258544922,
  "summary_fg_p95": 3134.60087890625,
  "summary_fg_stdv": 686.294189453125,
  "tsnr": 40.436927795410156
}