{
  "aor": 0.009921379310344827,
  "aqi": 0.005624740402298851,
  "bids_meta": {
    "AcquisitionMatrixPE": 64,
    "AcquisitionNumber": 1,
    "AcquisitionTime": "18:30:14.000000",
    "CoilString": "32Ch_Head",
    "ConversionSoftware": "dcm2niix",
    "ConversionSoftwareVersion": "v1.0.20190902",
    "Dcm2bidsVersion": "2.1.4",
    "DeviceSerialNumber": "000000000000GEHC",
    "EchoTime": 0.04,
    "EffectiveEchoSpacing": 0.000372,
    "FlipAngle": 90,
    "ImageOrientationPatientDICOM": [
      1,
      0,
      0,
      0,
      1,
      0
    ],
    "ImageType": [
      "ORIGINAL",
      "PRIMARY",
      "EPI",
      "NONE"
    ],
    "ImagingFrequency": 127.772,
    "InPlanePhaseEncodingDirectionDICOM": "ROW",
    "InstitutionName": "INSTITUTO_DE_NEUROBIOLOGIA",
    "MRAcquisitionType": "2D",
    "MagneticFieldStrength": 3,
    "Manufacturer": "GE",
    "ManufacturersModelName": "DISCOVERY_MR750",
    "Modality": "MR",
    "PatientPosition": "HFS",
    "PercentPhaseFOV": 100,
    "PhaseEncodingDirection": "i-",
    "PhaseEncodingPolarityGE": "Flipped",
    "PixelBandwidth": 7812.5,
    "ProcedureStepDescription": "verbos",
    "ProtocolName": "fMRI_2",
    "ReconMatrixPE": 64,
    "RepetitionTime": 2,
    "SAR": 0.349793,
    "ScanOptions": "EPI_GEMS_ACC_GEMS",
    "ScanningSequence": "EP_GR",
    "SequenceVariant": "SS",
    "SeriesDescription": "fMRI_2",
    "SeriesNumber": 5,
    "SliceThickness": 4,
    "SliceTiming": [
      0,
      1.0285,
      0.0571001,
      1.0857,
      0.1142,
      1.1428,
      0.1714,
      1.2,
      0.2285,
      1.2571,
      0.2857,
      1.3143,
      0.3428,
      1.3714,
      0.4,
      1.4286,
      0.4571,
      1.4857,
      0.5142,
      1.5428,
      0.5714,
      1.6,
      0.6285,
      1.6571,
      0.6857,
      1.7143,
      0.7428,
      1.7714,
      0.8,
      1.8285,
      0.8571,
      1.8857,
      0.9143,
      1.9428,
      0.9714
    ],
    "SoftwareVersions": "24_LX_MR_Software_release:DV24.0_R02_1607.b",
    "SpacingBetweenSlices": 4,
    "StationName": "GEHCGEHC",
    "TotalReadoutTime": 0.023436,
    "dataset": "unknown",
    "modality": "bold",
    "run_id": 2,
    "subject_id": "126",
    "task_id": "verbs"
  },
  "dummy_trs": 0,
  "dvars_nstd": 17.798817932427742,
  "dvars_std": 0.945961770751445,
  "dvars_vstd": 0.9817265639306363,
  "efc": 0.32754953352013466,
  "fber": 66239.75,
  "fd_mean": 0.13910967807684013,
  "fd_num": 22,
  "fd_perc": 12.64367816091954,
  "fwhm_avg": 2.9031249999999997,
  "fwhm_x": 2.847975,
  "fwhm_y": 3.09975,
  "fwhm_z": 2.76165,
  "gcor": 0.0341828,
  "gsr_x": -0.0012355191865935922,
  "gsr_y": 6.871324148960412e-05,
  "provenance": {
    "md5sum": "5e800ca4ee49050f53db2e6a072e70fb",
    "settings": {
      "fd_thres": 0.2,
      "hmc_fsl": false
    },
    "software": "mriqc",
    "version": "0.15.2rc1",
    "webapi_port": null,
    "webapi_url": "https://mriqc.nimh.nih.gov/api/v1"
  },
  "size_t": 174,
  "size_x": 64,
  "size_y": 64,
  "size_z": 35,
  "snr": 2.710960797778162,
  "spacing_tr": 2.0,
  "spacing_x": 4.0,
  "spacing_y": 4.0,
  "spacing_z": 4.0,
  "summary_bg_k": 112.69943616739366,
  "summary_bg_mad": 9.048986434936523,
  "summary_bg_mean": 27.494220733642578,
  "summary_bg_median": 6.873563289642334,
  "summary_bg_n": 100494.0,
  "summary_bg_p05": 0.270114928483963,
  "summary_bg_p95": 107.59971275329585,
  "summary_bg_stdv": 79.50508880615234,
  "summary_fg_k": 0.5678626220098657,
  "summary_fg_mad": 535.1683959960938,
  "summary_fg_mean": 1835.3173828125,
  "summary_fg_median": 1764.7586669921875,
  "summary_fg_n": 15835.0,
  "summary_fg_p05": 805.0586120605469,
  "summary_fg_p95": 3048.1660888671877,
  "summary_fg_stdv": 650.9511108398438,
  "tsnr": 42.924381256103516
}