{
  "aor": 0.0013452156862745095,
  "aqi": 0.002689934584313725,
  "bids_meta": {
    "AcquisitionDateTime": "2017-04-27T18:46:56.000000",
    "ConversionSoftware": "dcm2niix",
    "ConversionSoftwareVersion": "v1.0.20170411 GCC4.8.4",
    "EchoTime": 0.04,
    "FlipAngle": 90,
    "ImageType": [
      "ORIGINAL",
      "PRIMARY",
      "EPI",
      "NONE"
    ],
    "MagneticFieldStrength": 3,
    "Manufacturer": "GE",
    "ManufacturersModelName": "DISCOVERY_MR750",
    "ProcedureStepDescription": "ActosHabla",
    "ProtocolName": "fMRI_ActosHabla_3",
    "RepetitionTime": 2,
    "ScanningSequence": "EP_GR",
    "SequenceVariant": "SS",
    "SeriesDescription": "fMRI_ActosHabla_3",
    "dataset": "unknown",
    "modality": "bold",
    "run_id": 3,
    "subject_id": "19",
    "task_id": "rah"
  },
  "dummy_trs": 0,
  "dvars_nstd": 13.542781450944888,
  "dvars_std": 1.0641070784251974,
  "dvars_vstd": 0.9718070897244097,
  "efc": 0.3606047025528247,
  "fber": 35792.61328125,
  "fd_mean": 0.06698608377641123,
  "fd_num": 6,
  "fd_perc": 2.3529411764705883,
  "fwhm_avg": 2.908583333333334,
  "fwhm_x": 2.78785,
  "fwhm_y": 3.089575,
  "fwhm_z": 2.848325,
  "gcor": 0.0378771,
  "gsr_x": -0.0013450526166707277,
  "gsr_y": 0.003491582814604044,
  "provenance": {
    "md5sum": "779053a84135e20b3cf0588af9ad9692",
    "settings": {
      "fd_thres": 0.2,
      "hmc_fsl": false
    },
    "software": "mriqc",
    "version": "0.15.2rc1",
    "webapi_port": null,
    "webapi_url": "https://mriqc.nimh.nih.gov/api/v1"
  },
  "size_t": 255,
  "size_x": 64,
  "size_y": 64,
  "size_z": 35,
  "snr": 2.86189647405815,
  "spacing_tr": 2.0,
  "spacing_x": 4.0,
  "spacing_y": 4.0,
  "spacing_z": 4.0,
  "summary_bg_k": 354.49287944198403,
  "summary_bg_mad": 12.895733833312988,
  "summary_bg_mean": 35.91591262817383,
  "summary_bg_median": 9.286274909973145,
  "summary_bg_n": 97394.0,
  "summary_bg_p05": 0.15294118225574493,
  "summary_bg_p95": 159.15962066650383,
  "summary_bg_stdv": 100.55020141601562,
  "summary_fg_k": 0.18585070328115538,
  "summary_fg_mad": 596.2793579101562,
  "summary_fg_mean": 1814.005859375,
  "summary_fg_median": 1807.36083984375,
  "summary_fg_n": 18271.0,
  "summary_fg_p05": 739.4314270019531,
  "summary_fg_p95": 2868.09814453125,
  "summary_fg_stdv": 631.50830078125,
  "tsnr": 65.81645202636719
}