{
  "aor": 0.0034386220472440946,
  "aqi": 0.003336537937007874,
  "bids_meta": {
    "AcquisitionDateTime": "2017-04-27T18:36:56.000000",
    "ConversionSoftware": "dcm2niix",
    "ConversionSoftwareVersion": "v1.0.20170411 GCC4.8.4",
    "EchoTime": 0.04,
    "FlipAngle": 90,
    "ImageType": [
      "ORIGINAL",
      "PRIMARY",
      "EPI",
      "NONE"
    ],
    "MagneticFieldStrength": 3,
    "Manufacturer": "GE",
    "ManufacturersModelName": "DISCOVERY_MR750",
    "ProcedureStepDescription": "ActosHabla",
    "ProtocolName": "fMRI_ActosHabla_2",
    "RepetitionTime": 2,
    "ScanningSequence": "EP_GR",
    "SequenceVariant": "SS",
    "SeriesDescription": "fMRI_ActosHabla_2",
    "dataset": "unknown",
    "modality": "bold",
    "run_id": 2,
    "subject_id": "19",
    "task_id": "rah"
  },
  "dummy_trs": 0,
  "dvars_nstd": 13.331165894347826,
  "dvars_std": 1.0212803893675886,
  "dvars_vstd": 0.9539362917786562,
  "efc": 0.3606194742472095,
  "fber": 36024.1640625,
  "fd_mean": 0.054431370479843186,
  "fd_num": 1,
  "fd_perc": 0.3937007874015748,
  "fwhm_avg": 2.91335,
  "fwhm_x": 2.7877,
  "fwhm_y": 3.08515,
  "fwhm_z": 2.8672,
  "gcor": 0.0300225,
  "gsr_x": -0.000844956433866173,
  "gsr_y": 0.003210067981854081,
  "provenance": {
    "md5sum": "f02a50c7433394ae327b5b09b6bee7c8",
    "settings": {
      "fd_thres": 0.2,
      "hmc_fsl": false
    },
    "software": "mriqc",
    "version": "0.15.2rc1",
    "webapi_port": null,
    "webapi_url": "https://mriqc.nimh.nih.gov/api/v1"
  },
  "size_t": 254,
  "size_x": 64,
  "size_y": 64,
  "size_z": 35,
  "snr": 2.900023691780563,
  "spacing_tr": 2.0,
  "spacing_x": 4.0,
  "spacing_y": 4.0,
  "spacing_z": 4.0,
  "summary_bg_k": 373.7889490796609,
  "summary_bg_mad": 12.783065795898438,
  "summary_bg_mean": 34.99809646606445,
  "summary_bg_median": 9.224409103393555,
  "summary_bg_n": 97266.0,
  "summary_bg_p05": 0.17322835326194763,
  "summary_bg_p95": 152.43799591064453,
  "summary_bg_stdv": 98.57698822021484,
  "summary_fg_k": 0.1702949752003038,
  "summary_fg_mad": 594.984619140625,
  "summary_fg_mean": 1811.627685546875,
  "summary_fg_median": 1805.67919921875,
  "summary_fg_n": 18316.0,
  "summary_fg_p05": 766.0157623291016,
  "summary_fg_p95": 2854.3267822265625,
  "summary_fg_stdv": 622.6259155273438,
  "tsnr": 57.626487731933594
}