{
  "aor": 0.0010573180076628352,
  "aqi": 0.0015632148429118773,
  "bids_meta": {
    "AcquisitionDateTime": "2017-04-27T18:25:41.000000",
    "ConversionSoftware": "dcm2niix",
    "ConversionSoftwareVersion": "v1.0.20170411 GCC4.8.4",
    "EchoTime": 0.04,
    "FlipAngle": 90,
    "ImageType": [
      "ORIGINAL",
      "PRIMARY",
      "EPI",
      "NONE"
    ],
    "MagneticFieldStrength": 3,
    "Manufacturer": "GE",
    "ManufacturersModelName": "DISCOVERY_MR750",
    "ProcedureStepDescription": "ActosHabla",
    "ProtocolName": "fMRI_ActosHabla_1",
    "RepetitionTime": 2,
    "ScanningSequence": "EP_GR",
    "SequenceVariant": "SS",
    "SeriesDescription": "fMRI_ActosHabla_1",
    "dataset": "unknown",
    "modality": "bold",
    "run_id": 1,
    "subject_id": "19",
    "task_id": "rah"
  },
  "dummy_trs": 0,
  "dvars_nstd": 13.357983057384608,
  "dvars_std": 1.0886939154999997,
  "dvars_vstd": 1.0079070605769225,
  "efc": 0.36057358424075664,
  "fber": 37179.2578125,
  "fd_mean": 0.05148998412722038,
  "fd_num": 1,
  "fd_perc": 0.3831417624521073,
  "fwhm_avg": 2.910641666666667,
  "fwhm_x": 2.786975,
  "fwhm_y": 3.074775,
  "fwhm_z": 2.870175,
  "gcor": 0.0728092,
  "gsr_x": -0.000320876861223951,
  "gsr_y": 0.0025946120731532574,
  "provenance": {
    "md5sum": "51c5279f28cf0cac89adbb86ddaa46e9",
    "settings": {
      "fd_thres": 0.2,
      "hmc_fsl": false
    },
    "software": "mriqc",
    "version": "0.15.2rc1",
    "webapi_port": null,
    "webapi_url": "https://mriqc.nimh.nih.gov/api/v1"
  },
  "size_t": 261,
  "size_x": 64,
  "size_y": 64,
  "size_z": 35,
  "snr": 2.8759362543256897,
  "spacing_tr": 2.0,
  "spacing_x": 4.0,
  "spacing_y": 4.0,
  "spacing_z": 4.0,
  "summary_bg_k": 374.12702001284697,
  "summary_bg_mad": 12.643776893615723,
  "summary_bg_mean": 34.53355407714844,
  "summary_bg_median": 9.113920211791992,
  "summary_bg_n": 97070.0,
  "summary_bg_p05": 0.12774344012141226,
  "summary_bg_p95": 148.75292663574226,
  "summary_bg_stdv": 96.86933898925781,
  "summary_fg_k": 0.23604830798145082,
  "summary_fg_mad": 595.4515991210938,
  "summary_fg_mean": 1836.3096923828125,
  "summary_fg_median": 1820.3961181640625,
  "summary_fg_n": 18421.0,
  "summary_fg_p05": 770.3676147460938,
  "summary_fg_p95": 2900.063720703125,
  "summary_fg_stdv": 632.9579467773438,
  "tsnr": 73.9278335571289
}