{
  "bids_meta": {
    "AcquisitionDateTime": "2017-01-12T19:49:23.000000",
    "ConversionSoftware": "dcm2niix",
    "ConversionSoftwareVersion": "v1.0.20170411 GCC4.8.4",
    "EchoTime": 0.00318,
    "FlipAngle": 12,
    "ImageType": [
      "DERIVED",
      "PRIMARY",
      "OTHER"
    ],
    "InversionTime": 0.45,
    "MagneticFieldStrength": 3,
    "Manufacturer": "GE",
    "ManufacturersModelName": "DISCOVERY_MR750",
    "ProcedureStepDescription": "CompRefranes",
    "ProtocolName": "PU:Sag_T1_FSPGR_BRAVO",
    "RepetitionTime": 0.008156,
    "ScanningSequence": "GR",
    "SequenceVariant": "SS_SP_SK",
    "SeriesDescription": "PU:Sag_T1_FSPGR_BRAVO",
    "dataset": "unknown",
    "modality": "T1w",
    "subject_id": "58"
  },
  "cjv": 0.4339289141136245,
  "cnr": 3.0564788802216136,
  "efc": 0.7547608458023486,
  "fber": 5511.205078125,
  "fwhm_avg": 3.182726666666667,
  "fwhm_x": 3.13136,
  "fwhm_y": 3.42517,
  "fwhm_z": 2.99165,
  "icvs_csf": 0.2023553224833329,
  "icvs_gm": 0.4120063264555495,
  "icvs_wm": 0.3856383510611176,
  "inu_med": 1.5265001058578491,
  "inu_range": 0.3033926308155057,
  "provenance": {
    "md5sum": "954b3aafd415a3d67f13c8de9709455b",
    "settings": {
      "testing": false
    },
    "software": "mriqc",
    "version": "0.15.2rc1",
    "warnings": {
      "large_rot_frame": true,
      "small_air_mask": false
    },
    "webapi_port": null,
    "webapi_url": "https://mriqc.nimh.nih.gov/api/v1"
  },
  "qi_1": 0.0,
  "qi_2": 0.00315996240923911,
  "rpve_csf": 26.62369427936781,
  "rpve_gm": 13.56622881158791,
  "rpve_wm": 17.703656663607344,
  "size_x": 176,
  "size_y": 256,
  "size_z": 256,
  "snr_csf": 2.3862900974723362,
  "snr_gm": 9.56110974821075,
  "snr_total": 9.626496294748085,
  "snr_wm": 16.932089038561166,
  "snrd_csf": 34.16155608235766,
  "snrd_gm": 84.78396655871829,
  "snrd_total": 79.5813224737388,
  "snrd_wm": 119.7984447801404,
  "spacing_x": 1.0,
  "spacing_y": 1.0,
  "spacing_z": 1.0,
  "summary_bg_k": 7.019806232584239,
  "summary_bg_mad": 5.468855381011963,
  "summary_bg_mean": 10.25097942352295,
  "summary_bg_median": 4.568439960479736,
  "summary_bg_n": 347286.0,
  "summary_bg_p05": 0.0,
  "summary_bg_p95": 37.60598373413086,
  "summary_bg_stdv": 13.322528839111328,
  "summary_csf_k": 0.43430402624072295,
  "summary_csf_mad": 110.25247955322266,
  "summary_csf_mean": 305.91204833984375,
  "summary_csf_median": 285.1690368652344,
  "summary_csf_n": 12127.0,
  "summary_csf_p05": 141.1929183959961,
  "summary_csf_p95": 531.8825317382807,
  "summary_csf_stdv": 119.49816131591797,
  "summary_gm_k": 0.35421253583582146,
  "summary_gm_mad": 70.6615982055664,
  "summary_gm_mean": 710.0371704101562,
  "summary_gm_median": 707.7476806640625,
  "summary_gm_n": 19869.0,
  "summary_gm_p05": 591.7630615234375,
  "summary_gm_p95": 834.6664184570311,
  "summary_gm_stdv": 74.021728515625,
  "summary_wm_k": 0.4182289437266973,
  "summary_wm_mad": 56.171024322509766,
  "summary_wm_mean": 1003.3679809570312,
  "summary_wm_median": 1000.03662109375,
  "summary_wm_n": 195950.0,
  "summary_wm_p05": 912.5234954833984,
  "summary_wm_p95": 1106.4030334472654,
  "summary_wm_stdv": 59.06147003173828,
  "tpm_overlap_csf": 0.2087729573249817,
  "tpm_overlap_gm": 0.4865413010120392,
  "tpm_overlap_wm": 0.5558387041091919,
  "wm2max": 0.44216358041221776
}