{
  "bids_meta": {
    "AcquisitionDateTime": "2017-08-23T18:36:9.000000",
    "ConversionSoftware": "dcm2niix",
    "ConversionSoftwareVersion": "v1.0.20170411 GCC4.8.4",
    "EchoTime": 0.00318,
    "FlipAngle": 12,
    "ImageType": [
      "DERIVED",
      "PRIMARY",
      "OTHER"
    ],
    "InversionTime": 0.45,
    "MagneticFieldStrength": 3,
    "Manufacturer": "GE",
    "ManufacturersModelName": "DISCOVERY_MR750",
    "ProtocolName": "PU:Sag_T1_FSPGR_BRAVO",
    "RepetitionTime": 0.008156,
    "ScanningSequence": "GR",
    "SequenceVariant": "SS_SP_SK",
    "SeriesDescription": "PU:Sag_T1_FSPGR_BRAVO",
    "dataset": "unknown",
    "modality": "T1w",
    "subject_id": "89"
  },
  "cjv": 0.377422771270223,
  "cnr": 3.498278370849846,
  "efc": 0.7123989074602521,
  "fber": 7456.1630859375,
  "fwhm_avg": 3.5661066666666668,
  "fwhm_x": 3.58762,
  "fwhm_y": 3.77212,
  "fwhm_z": 3.33858,
  "icvs_csf": 0.20788899033298397,
  "icvs_gm": 0.44855989715058314,
  "icvs_wm": 0.3435511125164329,
  "inu_med": 0.7808718085289001,
  "inu_range": 0.19687763452529916,
  "provenance": {
    "md5sum": "186a09dcf7cb597a66b8c77f8aed22a0",
    "settings": {
      "testing": false
    },
    "software": "mriqc",
    "version": "0.15.2rc1",
    "warnings": {
      "large_rot_frame": true,
      "small_air_mask": false
    },
    "webapi_port": null,
    "webapi_url": "https://mriqc.nimh.nih.gov/api/v1"
  },
  "qi_1": 0.0,
  "qi_2": 0.0023891220803434984,
  "rpve_csf": 27.865967763135476,
  "rpve_gm": 14.233467388573093,
  "rpve_wm": 22.0989017128348,
  "size_x": 176,
  "size_y": 256,
  "size_z": 256,
  "snr_csf": 2.963911564409097,
  "snr_gm": 11.258558098556628,
  "snr_total": 11.715372748130124,
  "snr_wm": 20.923648581424644,
  "snrd_csf": 38.97203373249055,
  "snrd_gm": 86.7481928206334,
  "snrd_total": 82.24980328484268,
  "snrd_wm": 121.02918330140409,
  "spacing_x": 1.0,
  "spacing_y": 1.0,
  "spacing_z": 1.0,
  "summary_bg_k": 8.435323811163212,
  "summary_bg_mad": 5.413118362426758,
  "summary_bg_mean": 11.291200637817383,
  "summary_bg_median": 4.502487659454346,
  "summary_bg_n": 444008.0,
  "summary_bg_p05": 0.0,
  "summary_bg_p95": 41.732776451110794,
  "summary_bg_stdv": 14.79020881652832,
  "summary_csf_k": -0.2963639497704089,
  "summary_csf_mad": 98.99247741699219,
  "summary_csf_mean": 351.56854248046875,
  "summary_csf_median": 322.0096435546875,
  "summary_csf_n": 11157.0,
  "summary_csf_p05": 215.15487365722655,
  "summary_csf_p95": 552.6594482421875,
  "summary_csf_stdv": 108.63860321044922,
  "summary_gm_k": 0.32890513256481446,
  "summary_gm_mad": 60.55150604248047,
  "summary_gm_mean": 717.919921875,
  "summary_gm_median": 716.7640991210938,
  "summary_gm_n": 21435.0,
  "summary_gm_p05": 615.191229248047,
  "summary_gm_p95": 824.7030883789063,
  "summary_gm_stdv": 63.66244888305664,
  "summary_wm_k": 0.34769395507475265,
  "summary_wm_mad": 46.353309631347656,
  "summary_wm_mean": 1000.2182006835938,
  "summary_wm_median": 1000.0136108398438,
  "summary_wm_n": 167515.0,
  "summary_wm_p05": 921.8098754882812,
  "summary_wm_p95": 1078.562023925781,
  "summary_wm_stdv": 47.79331970214844,
  "tpm_overlap_csf": 0.21497556567192078,
  "tpm_overlap_gm": 0.5082014203071594,
  "tpm_overlap_wm": 0.5452224016189575,
  "wm2max": 0.3898621817968146
}