{
  "bids_meta": {
    "AcquisitionMatrixPE": 256,
    "AcquisitionNumber": 1,
    "AcquisitionTime": "19:48:7.000000",
    "CoilString": "32Ch_Head",
    "ConversionSoftware": "dcm2niix",
    "ConversionSoftwareVersion": "v1.0.20190902",
    "Dcm2bidsVersion": "2.1.4",
    "DeviceSerialNumber": "000000000000GEHC",
    "EchoTime": 0.00318,
    "FlipAngle": 12,
    "ImageOrientationPatientDICOM": [
      0,
      1,
      0,
      0,
      0,
      -1
    ],
    "ImageType": [
      "ORIGINAL",
      "PRIMARY",
      "OTHER"
    ],
    "ImagingFrequency": 127.772,
    "InPlanePhaseEncodingDirectionDICOM": "ROW",
    "InstitutionName": "INSTITUTO_DE_NEUROBIOLOGIA",
    "InversionTime": 0.45,
    "MRAcquisitionType": "3D",
    "MagneticFieldStrength": 3,
    "Manufacturer": "GE",
    "ManufacturersModelName": "DISCOVERY_MR750",
    "Modality": "MR",
    "PatientPosition": "HFS",
    "PercentPhaseFOV": 100,
    "PixelBandwidth": 244.141,
    "ProcedureStepDescription": "verbos",
    "ProtocolName": "Sag_T1_FSPGR_BRAVO",
    "ReconMatrixPE": 256,
    "RepetitionTime": 0.008156,
    "SAR": 0.228708,
    "ScanOptions": "FAST_GEMS_EDR_GEMS_FILTERED_GEMS_ACC_GEMS",
    "ScanningSequence": "GR",
    "SequenceVariant": "SS_SP_SK",
    "SeriesDescription": "Sag_T1_FSPGR_BRAVO",
    "SeriesNumber": 15,
    "SliceThickness": 1,
    "SoftwareVersions": "24_LX_MR_Software_release:DV24.0_R02_1607.b",
    "SpacingBetweenSlices": 1,
    "StationName": "GEHCGEHC",
    "dataset": "unknown",
    "modality": "T1w",
    "subject_id": "128"
  },
  "cjv": 0.4435673198360218,
  "cnr": 2.6558625370057114,
  "efc": 0.5861004198606333,
  "fber": 12822.2685546875,
  "fwhm_avg": 4.036716666666666,
  "fwhm_x": 4.11208,
  "fwhm_y": 4.21095,
  "fwhm_z": 3.78712,
  "icvs_csf": 0.18754747323506388,
  "icvs_gm": 0.41584319997196034,
  "icvs_wm": 0.3966093267929758,
  "inu_med": 1.2814645767211914,
  "inu_range": 0.7238125801086426,
  "provenance": {
    "md5sum": "dd25453f46aa770fb3c395208f674199",
    "settings": {
      "testing": false
    },
    "software": "mriqc",
    "version": "0.15.2rc1",
    "warnings": {
      "large_rot_frame": true,
      "small_air_mask": false
    },
    "webapi_port": null,
    "webapi_url": "https://mriqc.nimh.nih.gov/api/v1"
  },
  "qi_1": 4.751366737841181e-05,
  "qi_2": 0.0036793758103731192,
  "rpve_csf": 25.868401854741993,
  "rpve_gm": 12.001105016776163,
  "rpve_wm": 14.504133164952183,
  "size_x": 176,
  "size_y": 256,
  "size_z": 256,
  "snr_csf": 2.041346729136116,
  "snr_gm": 9.387372024535779,
  "snr_total": 7.455403685809841,
  "snr_wm": 10.93749230375763,
  "snrd_csf": 53.098082154772946,
  "snrd_gm": 120.24041327814506,
  "snrd_total": 116.1044548124017,
  "snrd_wm": 174.97486900428711,
  "spacing_x": 1.0,
  "spacing_y": 1.0,
  "spacing_z": 1.0,
  "summary_bg_k": 9.301378299645112,
  "summary_bg_mad": 3.744309186935425,
  "summary_bg_mean": 8.537858009338379,
  "summary_bg_median": 3.157485246658325,
  "summary_bg_n": 1818539.0,
  "summary_bg_p05": 0.0,
  "summary_bg_p95": 34.70090866088867,
  "summary_bg_stdv": 12.450662612915039,
  "summary_csf_k": 44.387642716286976,
  "summary_csf_mad": 77.21458435058594,
  "summary_csf_mean": 335.0820617675781,
  "summary_csf_median": 303.4721374511719,
  "summary_csf_n": 22723.0,
  "summary_csf_p05": 205.19972076416016,
  "summary_csf_p95": 528.7175598144529,
  "summary_csf_stdv": 148.65943908691406,
  "summary_gm_k": -0.0860470099588273,
  "summary_gm_mad": 74.00555419921875,
  "summary_gm_mean": 686.0179443359375,
  "summary_gm_median": 687.2115478515625,
  "summary_gm_n": 21502.0,
  "summary_gm_p05": 563.4574645996094,
  "summary_gm_p95": 803.5415954589844,
  "summary_gm_stdv": 73.20425415039062,
  "summary_wm_k": 6.282243227840063,
  "summary_wm_mad": 64.75318145751953,
  "summary_wm_mean": 1016.7710571289062,
  "summary_wm_median": 1000.0360717773438,
  "summary_wm_n": 203665.0,
  "summary_wm_p05": 910.3375610351563,
  "summary_wm_p95": 1185.0113525390625,
  "summary_wm_stdv": 91.43170928955078,
  "tpm_overlap_csf": 0.21509449183940887,
  "tpm_overlap_gm": 0.47453707456588745,
  "tpm_overlap_wm": 0.5161010026931763,
  "wm2max": 0.3211050543781387
}