{
  "bids_meta": {
    "AcquisitionMatrixPE": 256,
    "AcquisitionNumber": 1,
    "AcquisitionTime": "20:20:53.000000",
    "CoilString": "32Ch_Head",
    "ConversionSoftware": "dcm2niix",
    "ConversionSoftwareVersion": "v1.0.20190902",
    "Dcm2bidsVersion": "2.1.4",
    "DeviceSerialNumber": "000000000000GEHC",
    "EchoTime": 0.00318,
    "FlipAngle": 12,
    "ImageOrientationPatientDICOM": [
      0,
      1,
      0,
      0,
      0,
      -1
    ],
    "ImageType": [
      "ORIGINAL",
      "PRIMARY",
      "OTHER"
    ],
    "ImagingFrequency": 127.772,
    "InPlanePhaseEncodingDirectionDICOM": "ROW",
    "InstitutionName": "INSTITUTO_DE_NEUROBIOLOGIA",
    "InversionTime": 0.45,
    "MRAcquisitionType": "3D",
    "MagneticFieldStrength": 3,
    "Manufacturer": "GE",
    "ManufacturersModelName": "DISCOVERY_MR750",
    "Modality": "MR",
    "PatientPosition": "HFS",
    "PercentPhaseFOV": 100,
    "PixelBandwidth": 244.141,
    "ProcedureStepDescription": "verbos",
    "ProtocolName": "Sag_T1_FSPGR_BRAVO",
    "ReconMatrixPE": 256,
    "RepetitionTime": 0.008156,
    "SAR": 0.226371,
    "ScanOptions": "FAST_GEMS_EDR_GEMS_FILTERED_GEMS_ACC_GEMS",
    "ScanningSequence": "GR",
    "SequenceVariant": "SS_SP_SK",
    "SeriesDescription": "Sag_T1_FSPGR_BRAVO",
    "SeriesNumber": 12,
    "SliceThickness": 1,
    "SoftwareVersions": "24_LX_MR_Software_release:DV24.0_R02_1607.b",
    "SpacingBetweenSlices": 1,
    "StationName": "GEHCGEHC",
    "dataset": "unknown",
    "modality": "T1w",
    "subject_id": "131"
  },
  "cjv": 0.43600552739150045,
  "cnr": 2.4203291090153884,
  "efc": 0.5216292003067733,
  "fber": 37580.94140625,
  "fwhm_avg": 4.3866000000000005,
  "fwhm_x": 4.3216,
  "fwhm_y": 4.58856,
  "fwhm_z": 4.24964,
  "icvs_csf": 0.16987761120524125,
  "icvs_gm": 0.4309953790983825,
  "icvs_wm": 0.39912700969637627,
  "inu_med": 1.1334865093231201,
  "inu_range": 0.5653616428375243,
  "provenance": {
    "md5sum": "e95c117388febf2c916f2640fe1503d1",
    "settings": {
      "testing": false
    },
    "software": "mriqc",
    "version": "0.15.2rc1",
    "warnings": {
      "large_rot_frame": true,
      "small_air_mask": false
    },
    "webapi_port": null,
    "webapi_url": "https://mriqc.nimh.nih.gov/api/v1"
  },
  "qi_1": 0.0003420889944914191,
  "qi_2": 0.0017998906773328913,
  "rpve_csf": 34.780362791572266,
  "rpve_gm": 14.638780130167468,
  "rpve_wm": 18.118940395254416,
  "size_x": 176,
  "size_y": 256,
  "size_z": 256,
  "snr_csf": 3.107249877793028,
  "snr_gm": 10.60279117907801,
  "snr_total": 7.986372334460699,
  "snr_wm": 10.249075946511061,
  "snrd_csf": 71.37342677255108,
  "snrd_gm": 158.0354775379787,
  "snrd_total": 150.46369624858377,
  "snrd_wm": 221.9821844352216,
  "spacing_x": 1.0,
  "spacing_y": 1.0,
  "spacing_z": 1.0,
  "summary_bg_k": 16.607785175838178,
  "summary_bg_mad": 2.951305389404297,
  "summary_bg_mean": 6.87424898147583,
  "summary_bg_median": 1.990625262260437,
  "summary_bg_n": 2175823.0,
  "summary_bg_p05": 0.0,
  "summary_bg_p95": 30.46359958648681,
  "summary_bg_stdv": 11.751404762268066,
  "summary_csf_k": 1.1748804107634712,
  "summary_csf_mad": 85.24103546142578,
  "summary_csf_mean": 347.8081970214844,
  "summary_csf_median": 321.52813720703125,
  "summary_csf_n": 10657.0,
  "summary_csf_p05": 222.34417114257812,
  "summary_csf_p95": 554.1017456054686,
  "summary_csf_stdv": 103.4719009399414,
  "summary_gm_k": -0.017539944177915157,
  "summary_gm_mad": 67.60852813720703,
  "summary_gm_mean": 710.2896728515625,
  "summary_gm_median": 711.9295654296875,
  "summary_gm_n": 16724.0,
  "summary_gm_p05": 595.3897644042969,
  "summary_gm_p95": 816.1536254882812,
  "summary_gm_stdv": 67.14347839355469,
  "summary_wm_k": 13.038728957510646,
  "summary_wm_mad": 57.992332458496094,
  "summary_wm_mean": 1017.8316650390625,
  "summary_wm_median": 1000.0012817382812,
  "summary_wm_n": 161862.0,
  "summary_wm_p05": 916.5369232177735,
  "summary_wm_p95": 1185.0821350097647,
  "summary_wm_stdv": 97.56959533691406,
  "tpm_overlap_csf": 0.23396669328212738,
  "tpm_overlap_gm": 0.5108351707458496,
  "tpm_overlap_wm": 0.5518099069595337,
  "wm2max": 0.29362125275086115
}