{
  "aor": 0.0024287878787878784,
  "aqi": 0.002577536363636364,
  "bids_meta": {
    "AcquisitionDateTime": "2017-01-13T17:46:1.000000",
    "ConversionSoftware": "dcm2niix",
    "ConversionSoftwareVersion": "v1.0.20170411 GCC4.8.4",
    "EchoTime": 0.04,
    "FlipAngle": 90,
    "ImageType": [
      "ORIGINAL",
      "PRIMARY",
      "EPI",
      "NONE"
    ],
    "MagneticFieldStrength": 3,
    "Manufacturer": "GE",
    "ManufacturersModelName": "DISCOVERY_MR750",
    "ProcedureStepDescription": "CompRefranes",
    "ProtocolName": "fMRI_Comprension_1",
    "RepetitionTime": 2,
    "ScanningSequence": "EP_GR",
    "SequenceVariant": "SS",
    "SeriesDescription": "fMRI_Comprension_1",
    "dataset": "unknown",
    "modality": "bold",
    "run_id": 1,
    "subject_id": "52",
    "task_id": "cr"
  },
  "dummy_trs": 0,
  "dvars_nstd": 21.28924361130436,
  "dvars_std": 1.1589643722608693,
  "dvars_vstd": 1.0018856360434782,
  "efc": 0.35058963659278464,
  "fber": 99689.9453125,
  "fd_mean": 0.10101888414497612,
  "fd_num": 16,
  "fd_perc": 6.926406926406926,
  "fwhm_avg": 2.703533333333333,
  "fwhm_x": 2.5855,
  "fwhm_y": 2.912025,
  "fwhm_z": 2.613075,
  "gcor": 0.0310452,
  "gsr_x": -0.008731872774660587,
  "gsr_y": 0.005252113100141287,
  "provenance": {
    "md5sum": "92cdd332fe23e7f50ab5b239a4e33949",
    "settings": {
      "fd_thres": 0.2,
      "hmc_fsl": false
    },
    "software": "mriqc",
    "version": "0.15.2rc1",
    "webapi_port": null,
    "webapi_url": "https://mriqc.nimh.nih.gov/api/v1"
  },
  "size_t": 231,
  "size_x": 64,
  "size_y": 64,
  "size_z": 34,
  "snr": 3.3002389132119854,
  "spacing_tr": 2.0,
  "spacing_x": 4.0,
  "spacing_y": 4.0,
  "spacing_z": 4.0,
  "summary_bg_k": 140.44448821306494,
  "summary_bg_mad": 7.663321018218994,
  "summary_bg_mean": 19.742443084716797,
  "summary_bg_median": 5.705627918243408,
  "summary_bg_n": 94437.0,
  "summary_bg_p05": 0.1428571492433548,
  "summary_bg_p95": 74.44761657714841,
  "summary_bg_stdv": 59.687171936035156,
  "summary_fg_k": 0.5731450403927698,
  "summary_fg_mad": 472.2729797363281,
  "summary_fg_mean": 1788.1541748046875,
  "summary_fg_median": 1767.48046875,
  "summary_fg_n": 17874.0,
  "summary_fg_p05": 894.7930755615234,
  "summary_fg_p95": 2685.960229492187,
  "summary_fg_stdv": 535.54638671875,
  "tsnr": 63.29736328125
}