{
  "aor": 0.001468407079646018,
  "aqi": 0.0022865551769911505,
  "bids_meta": {
    "AcquisitionDateTime": "2017-01-13T18:04:50.000000",
    "ConversionSoftware": "dcm2niix",
    "ConversionSoftwareVersion": "v1.0.20170411 GCC4.8.4",
    "EchoTime": 0.04,
    "FlipAngle": 90,
    "ImageType": [
      "ORIGINAL",
      "PRIMARY",
      "EPI",
      "NONE"
    ],
    "MagneticFieldStrength": 3,
    "Manufacturer": "GE",
    "ManufacturersModelName": "DISCOVERY_MR750",
    "ProcedureStepDescription": "CompRefranes",
    "ProtocolName": "fMRI_Comprension_3",
    "RepetitionTime": 2,
    "ScanningSequence": "EP_GR",
    "SequenceVariant": "SS",
    "SeriesDescription": "fMRI_Comprension_3",
    "dataset": "unknown",
    "modality": "bold",
    "run_id": 3,
    "subject_id": "52",
    "task_id": "cr"
  },
  "dummy_trs": 0,
  "dvars_nstd": 21.72353335897778,
  "dvars_std": 1.1700522255555548,
  "dvars_vstd": 0.9929207178222224,
  "efc": 0.3499260107695709,
  "fber": 97926.09375,
  "fd_mean": 0.1376819130018716,
  "fd_num": 41,
  "fd_perc": 18.141592920353983,
  "fwhm_avg": 2.7163500000000003,
  "fwhm_x": 2.607375,
  "fwhm_y": 2.909125,
  "fwhm_z": 2.63255,
  "gcor": 0.0412663,
  "gsr_x": -0.009039775468409061,
  "gsr_y": 0.005573827773332596,
  "provenance": {
    "md5sum": "441ada1a92abfbc77b4e5bfbba8265bd",
    "settings": {
      "fd_thres": 0.2,
      "hmc_fsl": false
    },
    "software": "mriqc",
    "version": "0.15.2rc1",
    "webapi_port": null,
    "webapi_url": "https://mriqc.nimh.nih.gov/api/v1"
  },
  "size_t": 226,
  "size_x": 64,
  "size_y": 64,
  "size_z": 34,
  "snr": 3.2547073105374174,
  "spacing_tr": 2.0,
  "spacing_x": 4.0,
  "spacing_y": 4.0,
  "spacing_z": 4.0,
  "summary_bg_k": 143.60055153966684,
  "summary_bg_mad": 7.7607011795043945,
  "summary_bg_mean": 19.41126251220703,
  "summary_bg_median": 5.756637096405029,
  "summary_bg_n": 94503.0,
  "summary_bg_p05": 0.13716813921928406,
  "summary_bg_p95": 73.13230133056638,
  "summary_bg_stdv": 56.36385726928711,
  "summary_fg_k": 0.5206252066331496,
  "summary_fg_mad": 481.780029296875,
  "summary_fg_mean": 1783.797607421875,
  "summary_fg_median": 1758.668212890625,
  "summary_fg_n": 17954.0,
  "summary_fg_p05": 880.8655090332031,
  "summary_fg_p95": 2705.2891479492187,
  "summary_fg_stdv": 540.3309936523438,
  "tsnr": 65.87924194335938
}