{
  "aor": 0.001982699115044248,
  "aqi": 0.004856341902654868,
  "bids_meta": {
    "AcquisitionDateTime": "2017-01-13T18:13:53.000000",
    "ConversionSoftware": "dcm2niix",
    "ConversionSoftwareVersion": "v1.0.20170411 GCC4.8.4",
    "EchoTime": 0.04,
    "FlipAngle": 90,
    "ImageType": [
      "ORIGINAL",
      "PRIMARY",
      "EPI",
      "NONE"
    ],
    "MagneticFieldStrength": 3,
    "Manufacturer": "GE",
    "ManufacturersModelName": "DISCOVERY_MR750",
    "ProcedureStepDescription": "CompRefranes",
    "ProtocolName": "fMRI_Comprension_4",
    "RepetitionTime": 2,
    "ScanningSequence": "EP_GR",
    "SequenceVariant": "SS",
    "SeriesDescription": "fMRI_Comprension_4",
    "dataset": "unknown",
    "modality": "bold",
    "run_id": 4,
    "subject_id": "52",
    "task_id": "cr"
  },
  "dummy_trs": 0,
  "dvars_nstd": 23.51703664968889,
  "dvars_std": 1.102718055288889,
  "dvars_vstd": 0.9368381390666661,
  "efc": 0.3516203845629034,
  "fber": 100784.046875,
  "fd_mean": 0.16762228813298818,
  "fd_num": 65,
  "fd_perc": 28.761061946902654,
  "fwhm_avg": 2.737508333333333,
  "fwhm_x": 2.613275,
  "fwhm_y": 2.930825,
  "fwhm_z": 2.668425,
  "gcor": 0.0313889,
  "gsr_x": -0.008809887804090977,
  "gsr_y": 0.0052065192721784115,
  "provenance": {
    "md5sum": "17c2405e3d4a4c7277cc25891e03e7cf",
    "settings": {
      "fd_thres": 0.2,
      "hmc_fsl": false
    },
    "software": "mriqc",
    "version": "0.15.2rc1",
    "webapi_port": null,
    "webapi_url": "https://mriqc.nimh.nih.gov/api/v1"
  },
  "size_t": 226,
  "size_x": 64,
  "size_y": 64,
  "size_z": 34,
  "snr": 3.310754738884544,
  "spacing_tr": 2.0,
  "spacing_x": 4.0,
  "spacing_y": 4.0,
  "spacing_z": 4.0,
  "summary_bg_k": 132.23862854202417,
  "summary_bg_mad": 7.7607011795043945,
  "summary_bg_mean": 19.74489402770996,
  "summary_bg_median": 5.7477874755859375,
  "summary_bg_n": 94410.0,
  "summary_bg_p05": 0.14159291982650757,
  "summary_bg_p95": 76.178317642212,
  "summary_bg_stdv": 56.36423873901367,
  "summary_fg_k": 0.49192305363212396,
  "summary_fg_mad": 478.1982116699219,
  "summary_fg_mean": 1793.9669189453125,
  "summary_fg_median": 1773.3583984375,
  "summary_fg_n": 18047.0,
  "summary_fg_p05": 897.705322265625,
  "summary_fg_p95": 2694.357421875,
  "summary_fg_stdv": 535.620849609375,
  "tsnr": 46.76063537597656
}