{
  "aor": 0.0013429074889867842,
  "aqi": 0.0022646190132158592,
  "bids_meta": {
    "AcquisitionDateTime": "2017-01-13T17:55:28.000000",
    "ConversionSoftware": "dcm2niix",
    "ConversionSoftwareVersion": "v1.0.20170411 GCC4.8.4",
    "EchoTime": 0.04,
    "FlipAngle": 90,
    "ImageType": [
      "ORIGINAL",
      "PRIMARY",
      "EPI",
      "NONE"
    ],
    "MagneticFieldStrength": 3,
    "Manufacturer": "GE",
    "ManufacturersModelName": "DISCOVERY_MR750",
    "ProcedureStepDescription": "CompRefranes",
    "ProtocolName": "fMRI_Comprension_2",
    "RepetitionTime": 2,
    "ScanningSequence": "EP_GR",
    "SequenceVariant": "SS",
    "SeriesDescription": "fMRI_Comprension_2",
    "dataset": "unknown",
    "modality": "bold",
    "run_id": 2,
    "subject_id": "52",
    "task_id": "cr"
  },
  "dummy_trs": 0,
  "dvars_nstd": 20.243135836371682,
  "dvars_std": 1.154110326814159,
  "dvars_vstd": 0.9810813595575218,
  "efc": 0.35101312647472566,
  "fber": 99674.6796875,
  "fd_mean": 0.0914342038402432,
  "fd_num": 9,
  "fd_perc": 3.9647577092511015,
  "fwhm_avg": 2.6970333333333336,
  "fwhm_x": 2.575025,
  "fwhm_y": 2.9138,
  "fwhm_z": 2.602275,
  "gcor": 0.0316889,
  "gsr_x": -0.008777189068496227,
  "gsr_y": 0.005958334542810917,
  "provenance": {
    "md5sum": "efe23be8027e6f0f7f700a3bf2e2f010",
    "settings": {
      "fd_thres": 0.2,
      "hmc_fsl": false
    },
    "software": "mriqc",
    "version": "0.15.2rc1",
    "webapi_port": null,
    "webapi_url": "https://mriqc.nimh.nih.gov/api/v1"
  },
  "size_t": 227,
  "size_x": 64,
  "size_y": 64,
  "size_z": 34,
  "snr": 3.3496632226576417,
  "spacing_tr": 2.0,
  "spacing_x": 4.0,
  "spacing_y": 4.0,
  "spacing_z": 4.0,
  "summary_bg_k": 145.4287883160587,
  "summary_bg_mad": 7.713450908660889,
  "summary_bg_mean": 19.636442184448242,
  "summary_bg_median": 5.7312774658203125,
  "summary_bg_n": 94491.0,
  "summary_bg_p05": 0.14537444710731506,
  "summary_bg_p95": 74.10351943969727,
  "summary_bg_stdv": 57.76826095581055,
  "summary_fg_k": 0.5297129515334817,
  "summary_fg_mad": 474.32177734375,
  "summary_fg_mean": 1794.619384765625,
  "summary_fg_median": 1774.7840576171875,
  "summary_fg_n": 17921.0,
  "summary_fg_p05": 900.01318359375,
  "summary_fg_p95": 2690.696044921875,
  "summary_fg_stdv": 529.8247680664062,
  "tsnr": 68.09196472167969
}