{
  "aor": 0.003274112554112554,
  "aqi": 0.0026151910303030307,
  "bids_meta": {
    "AcquisitionDateTime": "2017-01-11T19:25:16.000000",
    "ConversionSoftware": "dcm2niix",
    "ConversionSoftwareVersion": "v1.0.20170411 GCC4.8.4",
    "EchoTime": 0.04,
    "FlipAngle": 90,
    "ImageType": [
      "ORIGINAL",
      "PRIMARY",
      "EPI",
      "NONE"
    ],
    "MagneticFieldStrength": 3,
    "Manufacturer": "GE",
    "ManufacturersModelName": "DISCOVERY_MR750",
    "ProcedureStepDescription": "CompRefranes",
    "ProtocolName": "fMRI_Comprension_2",
    "RepetitionTime": 2,
    "ScanningSequence": "EP_GR",
    "SequenceVariant": "SS",
    "SeriesDescription": "fMRI_Comprension_2",
    "dataset": "unknown",
    "modality": "bold",
    "run_id": 2,
    "subject_id": "57",
    "task_id": "cr"
  },
  "dummy_trs": 0,
  "dvars_nstd": 22.454962689565214,
  "dvars_std": 1.1085133559565215,
  "dvars_vstd": 1.003879416347826,
  "efc": 0.36247226445665764,
  "fber": 41915.7890625,
  "fd_mean": 0.17366775318489916,
  "fd_num": 80,
  "fd_perc": 34.63203463203463,
  "fwhm_avg": 2.7702500000000003,
  "fwhm_x": 2.708875,
  "fwhm_y": 2.84175,
  "fwhm_z": 2.760125,
  "gcor": 0.0523083,
  "gsr_x": -0.0006905668997205794,
  "gsr_y": 0.00610312120988965,
  "provenance": {
    "md5sum": "279ef2516d6703c5774f6e7c03c74a83",
    "settings": {
      "fd_thres": 0.2,
      "hmc_fsl": false
    },
    "software": "mriqc",
    "version": "0.15.2rc1",
    "webapi_port": null,
    "webapi_url": "https://mriqc.nimh.nih.gov/api/v1"
  },
  "size_t": 231,
  "size_x": 64,
  "size_y": 64,
  "size_z": 34,
  "snr": 2.6753071268744626,
  "spacing_tr": 2.0,
  "spacing_x": 4.0,
  "spacing_y": 4.0,
  "spacing_z": 4.0,
  "summary_bg_k": 218.21163713883413,
  "summary_bg_mad": 10.237015724182129,
  "summary_bg_mean": 22.904769897460938,
  "summary_bg_median": 7.61904764175415,
  "summary_bg_n": 91844.0,
  "summary_bg_p05": 0.1515151560306549,
  "summary_bg_p95": 89.66060752868593,
  "summary_bg_stdv": 61.020965576171875,
  "summary_fg_k": 0.32905127261113964,
  "summary_fg_mad": 554.6923217773438,
  "summary_fg_mean": 1669.57958984375,
  "summary_fg_median": 1626.1514892578125,
  "summary_fg_n": 19643.0,
  "summary_fg_p05": 691.1450317382812,
  "summary_fg_p95": 2743.259399414062,
  "summary_fg_stdv": 607.8218383789062,
  "tsnr": 56.68865966796875
}