{
  "aor": 0.003573965517241379,
  "aqi": 0.0028440881508620688,
  "bids_meta": {
    "AcquisitionDateTime": "2017-01-11T19:44:35.000000",
    "ConversionSoftware": "dcm2niix",
    "ConversionSoftwareVersion": "v1.0.20170411 GCC4.8.4",
    "EchoTime": 0.04,
    "FlipAngle": 90,
    "ImageType": [
      "ORIGINAL",
      "PRIMARY",
      "EPI",
      "NONE"
    ],
    "MagneticFieldStrength": 3,
    "Manufacturer": "GE",
    "ManufacturersModelName": "DISCOVERY_MR750",
    "ProcedureStepDescription": "CompRefranes",
    "ProtocolName": "fMRI_Comprension_4",
    "RepetitionTime": 2,
    "ScanningSequence": "EP_GR",
    "SequenceVariant": "SS",
    "SeriesDescription": "fMRI_Comprension_4",
    "dataset": "unknown",
    "modality": "bold",
    "run_id": 4,
    "subject_id": "57",
    "task_id": "cr"
  },
  "dummy_trs": 0,
  "dvars_nstd": 21.242717585757564,
  "dvars_std": 1.1418547600865807,
  "dvars_vstd": 1.0334975890909097,
  "efc": 0.3628892089426145,
  "fber": 39577.74609375,
  "fd_mean": 0.14299174206533274,
  "fd_num": 43,
  "fd_perc": 18.53448275862069,
  "fwhm_avg": 2.7576416666666668,
  "fwhm_x": 2.725375,
  "fwhm_y": 2.82895,
  "fwhm_z": 2.7186,
  "gcor": 0.0521883,
  "gsr_x": -0.0014556957175955176,
  "gsr_y": 0.006788603030145168,
  "provenance": {
    "md5sum": "e77ef7fd53eecb637bb19a8d79a7777e",
    "settings": {
      "fd_thres": 0.2,
      "hmc_fsl": false
    },
    "software": "mriqc",
    "version": "0.15.2rc1",
    "webapi_port": null,
    "webapi_url": "https://mriqc.nimh.nih.gov/api/v1"
  },
  "size_t": 232,
  "size_x": 64,
  "size_y": 64,
  "size_z": 34,
  "snr": 2.612112094089318,
  "spacing_tr": 2.0,
  "spacing_x": 4.0,
  "spacing_y": 4.0,
  "spacing_z": 4.0,
  "summary_bg_k": 241.872890941632,
  "summary_bg_mad": 10.244014739990234,
  "summary_bg_mean": 23.360734939575195,
  "summary_bg_median": 7.633620738983154,
  "summary_bg_n": 91917.0,
  "summary_bg_p05": 0.1551724076271057,
  "summary_bg_p95": 92.27155303955067,
  "summary_bg_stdv": 62.67958450317383,
  "summary_fg_k": 0.36241241183718254,
  "summary_fg_mad": 548.15380859375,
  "summary_fg_mean": 1616.4063720703125,
  "summary_fg_median": 1580.4180908203125,
  "summary_fg_n": 19651.0,
  "summary_fg_p05": 637.5840454101562,
  "summary_fg_p95": 2675.8729248046875,
  "summary_fg_stdv": 605.0191650390625,
  "tsnr": 57.89794158935547
}