{
  "aor": 0.001987965367965368,
  "aqi": 0.0023042098095238097,
  "bids_meta": {
    "AcquisitionDateTime": "2017-01-11T19:15:51.000000",
    "ConversionSoftware": "dcm2niix",
    "ConversionSoftwareVersion": "v1.0.20170411 GCC4.8.4",
    "EchoTime": 0.04,
    "FlipAngle": 90,
    "ImageType": [
      "ORIGINAL",
      "PRIMARY",
      "EPI",
      "NONE"
    ],
    "MagneticFieldStrength": 3,
    "Manufacturer": "GE",
    "ManufacturersModelName": "DISCOVERY_MR750",
    "ProcedureStepDescription": "CompRefranes",
    "ProtocolName": "fMRI_Comprension_1",
    "RepetitionTime": 2,
    "ScanningSequence": "EP_GR",
    "SequenceVariant": "SS",
    "SeriesDescription": "fMRI_Comprension_1",
    "dataset": "unknown",
    "modality": "bold",
    "run_id": 1,
    "subject_id": "57",
    "task_id": "cr"
  },
  "dummy_trs": 0,
  "dvars_nstd": 22.504838362739125,
  "dvars_std": 1.1120660880434787,
  "dvars_vstd": 1.0102269984347825,
  "efc": 0.36061942027447835,
  "fber": 40726.703125,
  "fd_mean": 0.16922485448881566,
  "fd_num": 64,
  "fd_perc": 27.705627705627705,
  "fwhm_avg": 2.7623916666666672,
  "fwhm_x": 2.731725,
  "fwhm_y": 2.833625,
  "fwhm_z": 2.721825,
  "gcor": 0.0449744,
  "gsr_x": -0.001271209679543972,
  "gsr_y": 0.005403065588325262,
  "provenance": {
    "md5sum": "13a373c50d8dedb84d0191d81ecc42fe",
    "settings": {
      "fd_thres": 0.2,
      "hmc_fsl": false
    },
    "software": "mriqc",
    "version": "0.15.2rc1",
    "webapi_port": null,
    "webapi_url": "https://mriqc.nimh.nih.gov/api/v1"
  },
  "size_t": 231,
  "size_x": 64,
  "size_y": 64,
  "size_z": 34,
  "snr": 2.629760147288181,
  "spacing_tr": 2.0,
  "spacing_x": 4.0,
  "spacing_y": 4.0,
  "spacing_z": 4.0,
  "summary_bg_k": 171.01056533751796,
  "summary_bg_mad": 10.281942367553711,
  "summary_bg_mean": 22.96299934387207,
  "summary_bg_median": 7.683982849121094,
  "summary_bg_n": 92074.0,
  "summary_bg_p05": 0.16450215876102448,
  "summary_bg_p95": 88.92077827453605,
  "summary_bg_stdv": 60.59022903442383,
  "summary_fg_k": 0.31721165039853405,
  "summary_fg_mad": 563.9888916015625,
  "summary_fg_mean": 1653.510498046875,
  "summary_fg_median": 1618.883056640625,
  "summary_fg_n": 19450.0,
  "summary_fg_p05": 662.5136505126953,
  "summary_fg_p95": 2729.837707519531,
  "summary_fg_stdv": 615.585205078125,
  "tsnr": 56.71074676513672
}