{
  "aor": 0.0016806926406926406,
  "aqi": 0.0034859578095238096,
  "bids_meta": {
    "AcquisitionDateTime": "2017-01-11T19:35:34.000000",
    "ConversionSoftware": "dcm2niix",
    "ConversionSoftwareVersion": "v1.0.20170411 GCC4.8.4",
    "EchoTime": 0.04,
    "FlipAngle": 90,
    "ImageType": [
      "ORIGINAL",
      "PRIMARY",
      "EPI",
      "NONE"
    ],
    "MagneticFieldStrength": 3,
    "Manufacturer": "GE",
    "ManufacturersModelName": "DISCOVERY_MR750",
    "ProcedureStepDescription": "CompRefranes",
    "ProtocolName": "fMRI_Comprension_3",
    "RepetitionTime": 2,
    "ScanningSequence": "EP_GR",
    "SequenceVariant": "SS",
    "SeriesDescription": "fMRI_Comprension_3",
    "dataset": "unknown",
    "modality": "bold",
    "run_id": 3,
    "subject_id": "57",
    "task_id": "cr"
  },
  "dummy_trs": 0,
  "dvars_nstd": 22.244936238434786,
  "dvars_std": 1.059638966826087,
  "dvars_vstd": 0.963118328782608,
  "efc": 0.3634880712486017,
  "fber": 40075.171875,
  "fd_mean": 0.1659612516483228,
  "fd_num": 69,
  "fd_perc": 29.87012987012987,
  "fwhm_avg": 2.7637,
  "fwhm_x": 2.713875,
  "fwhm_y": 2.844175,
  "fwhm_z": 2.73305,
  "gcor": 0.0306672,
  "gsr_x": -0.0011272556148469448,
  "gsr_y": 0.00637137470766902,
  "provenance": {
    "md5sum": "493f2dc2ef556f04dfbf6b08ec777efd",
    "settings": {
      "fd_thres": 0.2,
      "hmc_fsl": false
    },
    "software": "mriqc",
    "version": "0.15.2rc1",
    "webapi_port": null,
    "webapi_url": "https://mriqc.nimh.nih.gov/api/v1"
  },
  "size_t": 231,
  "size_x": 64,
  "size_y": 64,
  "size_z": 34,
  "snr": 2.62596677031958,
  "spacing_tr": 2.0,
  "spacing_x": 4.0,
  "spacing_y": 4.0,
  "spacing_z": 4.0,
  "summary_bg_k": 187.1242851332655,
  "summary_bg_mad": 10.288361549377441,
  "summary_bg_mean": 23.216920852661133,
  "summary_bg_median": 7.666666507720947,
  "summary_bg_n": 91831.0,
  "summary_bg_p05": 0.14718614518642426,
  "summary_bg_p95": 92.36796569824219,
  "summary_bg_stdv": 61.04695510864258,
  "summary_fg_k": 0.3250366813807495,
  "summary_fg_mad": 552.888671875,
  "summary_fg_mean": 1631.8917236328125,
  "summary_fg_median": 1591.38525390625,
  "summary_fg_n": 19688.0,
  "summary_fg_p05": 643.5623291015625,
  "summary_fg_p95": 2698.3687744140616,
  "summary_fg_stdv": 606.00341796875,
  "tsnr": 50.64288330078125
}