{
  "aor": 0.002785058823529411,
  "aqi": 0.0019636329098039217,
  "bids_meta": {
    "AcquisitionDateTime": "2016-05-16T20:23:8.000000",
    "ConversionSoftware": "dcm2niix",
    "ConversionSoftwareVersion": "v1.0.20170411 GCC4.8.4",
    "EchoTime": 0.04,
    "FlipAngle": 90,
    "ImageType": [
      "ORIGINAL",
      "PRIMARY",
      "EPI",
      "NONE"
    ],
    "MagneticFieldStrength": 3,
    "Manufacturer": "GE",
    "ManufacturersModelName": "DISCOVERY_MR750",
    "ProcedureStepDescription": "ActosHabla",
    "ProtocolName": "fMRI_ActosHabla_3",
    "RepetitionTime": 2,
    "ScanningSequence": "EP_GR",
    "SequenceVariant": "SS",
    "SeriesDescription": "fMRI_ActosHabla_3",
    "dataset": "unknown",
    "modality": "bold",
    "run_id": 3,
    "subject_id": "07",
    "task_id": "rah"
  },
  "dummy_trs": 0,
  "dvars_nstd": 15.14795905574804,
  "dvars_std": 1.1292128119291343,
  "dvars_vstd": 0.9612209326771649,
  "efc": 0.35020939416800456,
  "fber": 78868.328125,
  "fd_mean": 0.04393118161130031,
  "fd_num": 1,
  "fd_perc": 0.39215686274509803,
  "fwhm_avg": 2.7942,
  "fwhm_x": 2.608875,
  "fwhm_y": 3.002125,
  "fwhm_z": 2.7716,
  "gcor": 0.0391041,
  "gsr_x": 0.00020874585607089102,
  "gsr_y": -0.0020021582022309303,
  "provenance": {
    "md5sum": "cf243aa385545158ee33fb59cf8bc0dc",
    "settings": {
      "fd_thres": 0.2,
      "hmc_fsl": false
    },
    "software": "mriqc",
    "version": "0.15.2rc1",
    "webapi_port": null,
    "webapi_url": "https://mriqc.nimh.nih.gov/api/v1"
  },
  "size_t": 255,
  "size_x": 64,
  "size_y": 64,
  "size_z": 35,
  "snr": 3.279210839591126,
  "spacing_tr": 2.0,
  "spacing_x": 4.0,
  "spacing_y": 4.0,
  "spacing_z": 4.0,
  "summary_bg_k": 105.20719898560682,
  "summary_bg_mad": 9.186320304870605,
  "summary_bg_mean": 24.156885147094727,
  "summary_bg_median": 6.670588493347168,
  "summary_bg_n": 97284.0,
  "summary_bg_p05": 0.1098039299249649,
  "summary_bg_p95": 93.29745407104488,
  "summary_bg_stdv": 65.08753967285156,
  "summary_fg_k": 0.0965661757532521,
  "summary_fg_mad": 563.4091796875,
  "summary_fg_mean": 1903.8900146484375,
  "summary_fg_median": 1878.57470703125,
  "summary_fg_n": 18120.0,
  "summary_fg_p05": 989.5453338623047,
  "summary_fg_p95": 2865.9860107421873,
  "summary_fg_stdv": 572.8582153320312,
  "tsnr": 74.47616577148438
}