{
  "aor": 0.0006496551724137932,
  "aqi": 0.00120673138697318,
  "bids_meta": {
    "AcquisitionDateTime": "2016-05-16T20:03:10.000000",
    "ConversionSoftware": "dcm2niix",
    "ConversionSoftwareVersion": "v1.0.20170411 GCC4.8.4",
    "EchoTime": 0.04,
    "FlipAngle": 90,
    "ImageType": [
      "ORIGINAL",
      "PRIMARY",
      "EPI",
      "NONE"
    ],
    "MagneticFieldStrength": 3,
    "Manufacturer": "GE",
    "ManufacturersModelName": "DISCOVERY_MR750",
    "ProcedureStepDescription": "ActosHabla",
    "ProtocolName": "fMRI_ActosHabla_1",
    "RepetitionTime": 2,
    "ScanningSequence": "EP_GR",
    "SequenceVariant": "SS",
    "SeriesDescription": "fMRI_ActosHabla_1",
    "dataset": "unknown",
    "modality": "bold",
    "run_id": 1,
    "subject_id": "07",
    "task_id": "rah"
  },
  "dummy_trs": 0,
  "dvars_nstd": 12.293837162153848,
  "dvars_std": 1.0661816014230763,
  "dvars_vstd": 0.9664661165384616,
  "efc": 0.348124059951697,
  "fber": 83780.3828125,
  "fd_mean": 0.032628449983188874,
  "fd_num": 0,
  "fd_perc": 0.0,
  "fwhm_avg": 2.79965,
  "fwhm_x": 2.6122,
  "fwhm_y": 3.021325,
  "fwhm_z": 2.765425,
  "gcor": 0.0224966,
  "gsr_x": -0.0014342378126457334,
  "gsr_y": -0.0017350923735648394,
  "provenance": {
    "md5sum": "46a773d06e1bd2b9309ccb5af69228be",
    "settings": {
      "fd_thres": 0.2,
      "hmc_fsl": false
    },
    "software": "mriqc",
    "version": "0.15.2rc1",
    "webapi_port": null,
    "webapi_url": "https://mriqc.nimh.nih.gov/api/v1"
  },
  "size_t": 261,
  "size_x": 64,
  "size_y": 64,
  "size_z": 35,
  "snr": 3.2644154566000316,
  "spacing_tr": 2.0,
  "spacing_x": 4.0,
  "spacing_y": 4.0,
  "spacing_z": 4.0,
  "summary_bg_k": 121.69917406693823,
  "summary_bg_mad": 9.077388763427734,
  "summary_bg_mean": 23.55638313293457,
  "summary_bg_median": 6.597701072692871,
  "summary_bg_n": 97468.0,
  "summary_bg_p05": 0.10344827175140381,
  "summary_bg_p95": 86.78658752441402,
  "summary_bg_stdv": 66.4250259399414,
  "summary_fg_k": 0.16753373635672242,
  "summary_fg_mad": 570.0604858398438,
  "summary_fg_mean": 1922.8421630859375,
  "summary_fg_median": 1899.095703125,
  "summary_fg_n": 18020.0,
  "summary_fg_p05": 991.7147216796875,
  "summary_fg_p95": 2891.451037597656,
  "summary_fg_stdv": 581.7406005859375,
  "tsnr": 84.86885070800781
}