{
  "aor": 0.0010552362204724408,
  "aqi": 0.0013155785,
  "bids_meta": {
    "AcquisitionDateTime": "2016-05-16T20:13:35.000000",
    "ConversionSoftware": "dcm2niix",
    "ConversionSoftwareVersion": "v1.0.20170411 GCC4.8.4",
    "EchoTime": 0.04,
    "FlipAngle": 90,
    "ImageType": [
      "ORIGINAL",
      "PRIMARY",
      "EPI",
      "NONE"
    ],
    "MagneticFieldStrength": 3,
    "Manufacturer": "GE",
    "ManufacturersModelName": "DISCOVERY_MR750",
    "ProcedureStepDescription": "ActosHabla",
    "ProtocolName": "fMRI_ActosHabla_2",
    "RepetitionTime": 2,
    "ScanningSequence": "EP_GR",
    "SequenceVariant": "SS",
    "SeriesDescription": "fMRI_ActosHabla_2",
    "dataset": "unknown",
    "modality": "bold",
    "run_id": 2,
    "subject_id": "07",
    "task_id": "rah"
  },
  "dummy_trs": 0,
  "dvars_nstd": 14.883988674308297,
  "dvars_std": 1.1589529296442689,
  "dvars_vstd": 0.9894061390118585,
  "efc": 0.3499128198186092,
  "fber": 80804.953125,
  "fd_mean": 0.039902728174588155,
  "fd_num": 0,
  "fd_perc": 0.0,
  "fwhm_avg": 2.797566666666667,
  "fwhm_x": 2.610125,
  "fwhm_y": 3.011625,
  "fwhm_z": 2.77095,
  "gcor": 0.0504224,
  "gsr_x": -0.00010058915358968079,
  "gsr_y": -0.0017061646794900298,
  "provenance": {
    "md5sum": "fa4d3943ee91081f335fe00a8b0fad79",
    "settings": {
      "fd_thres": 0.2,
      "hmc_fsl": false
    },
    "software": "mriqc",
    "version": "0.15.2rc1",
    "webapi_port": null,
    "webapi_url": "https://mriqc.nimh.nih.gov/api/v1"
  },
  "size_t": 254,
  "size_x": 64,
  "size_y": 64,
  "size_z": 35,
  "snr": 3.2642001129209404,
  "spacing_tr": 2.0,
  "spacing_x": 4.0,
  "spacing_y": 4.0,
  "spacing_z": 4.0,
  "summary_bg_k": 113.31637535576829,
  "summary_bg_mad": 9.15244197845459,
  "summary_bg_mean": 23.985248565673828,
  "summary_bg_median": 6.649606227874756,
  "summary_bg_n": 97301.0,
  "summary_bg_p05": 0.09448818862438202,
  "summary_bg_p95": 93.41732025146484,
  "summary_bg_stdv": 64.56076049804688,
  "summary_fg_k": 0.10382980679765597,
  "summary_fg_mad": 565.6943969726562,
  "summary_fg_mean": 1906.770263671875,
  "summary_fg_median": 1882.6654052734375,
  "summary_fg_n": 18125.0,
  "summary_fg_p05": 981.2393798828125,
  "summary_fg_p95": 2872.3929687500004,
  "summary_fg_stdv": 576.7457275390625,
  "tsnr": 82.52468872070312
}