{
  "aor": 0.004386766666666667,
  "aqi": 0.004606980266666666,
  "bids_meta": {
    "AcquisitionDateTime": "2016-09-21T19:26:56.000000",
    "ConversionSoftware": "dcm2niix",
    "ConversionSoftwareVersion": "v1.0.20170411 GCC4.8.4",
    "EchoTime": 0.04,
    "FlipAngle": 90,
    "ImageType": [
      "ORIGINAL",
      "PRIMARY",
      "EPI",
      "NONE"
    ],
    "MagneticFieldStrength": 3,
    "Manufacturer": "GE",
    "ManufacturersModelName": "DISCOVERY_MR750",
    "ProcedureStepDescription": "MeditResp",
    "ProtocolName": "fMRI_RestSt",
    "RepetitionTime": 2,
    "ScanningSequence": "EP_GR",
    "SequenceVariant": "SS",
    "SeriesDescription": "fMRI_RestSt",
    "dataset": "unknown",
    "modality": "bold",
    "subject_id": "110",
    "task_id": "rest"
  },
  "dummy_trs": 0,
  "dvars_nstd": 14.859873752642137,
  "dvars_std": 1.0166323188294317,
  "dvars_vstd": 0.9606957041137125,
  "efc": 0.3322172348018359,
  "fber": 85551.359375,
  "fd_mean": 0.07571766328131813,
  "fd_num": 1,
  "fd_perc": 0.3333333333333333,
  "fwhm_avg": 2.8652083333333334,
  "fwhm_x": 2.852925,
  "fwhm_y": 3.0239,
  "fwhm_z": 2.7188,
  "gcor": 0.0165409,
  "gsr_x": -0.005377392750233412,
  "gsr_y": 0.005324823781847954,
  "provenance": {
    "md5sum": "896903ccc9dd34267177760356106331",
    "settings": {
      "fd_thres": 0.2,
      "hmc_fsl": false
    },
    "software": "mriqc",
    "version": "0.15.2rc1",
    "webapi_port": null,
    "webapi_url": "https://mriqc.nimh.nih.gov/api/v1"
  },
  "size_t": 300,
  "size_x": 64,
  "size_y": 64,
  "size_z": 34,
  "snr": 3.009196036697605,
  "spacing_tr": 2.0,
  "spacing_x": 4.0,
  "spacing_y": 4.0,
  "spacing_z": 4.0,
  "summary_bg_k": 216.91213088222372,
  "summary_bg_mad": 8.015935897827148,
  "summary_bg_mean": 23.212568283081055,
  "summary_bg_median": 6.12333345413208,
  "summary_bg_n": 96468.0,
  "summary_bg_p05": 0.25333333015441895,
  "summary_bg_p95": 91.66433792114253,
  "summary_bg_stdv": 71.7411880493164,
  "summary_fg_k": 0.154457137222761,
  "summary_fg_mad": 568.9956665039062,
  "summary_fg_mean": 1808.9259033203125,
  "summary_fg_median": 1825.6983642578125,
  "summary_fg_n": 15984.0,
  "summary_fg_p05": 750.7616790771485,
  "summary_fg_p95": 2811.997167968749,
  "summary_fg_stdv": 606.6873779296875,
  "tsnr": 46.412532806396484
}