{
  "bids_meta": {
    "AcquisitionDateTime": "2017-07-11T18:45:22.000000",
    "ConversionSoftware": "dcm2niix",
    "ConversionSoftwareVersion": "v1.0.20170411 GCC4.8.4",
    "EchoTime": 0.00318,
    "FlipAngle": 12,
    "ImageType": [
      "DERIVED",
      "PRIMARY",
      "OTHER"
    ],
    "InversionTime": 0.45,
    "MagneticFieldStrength": 3,
    "Manufacturer": "GE",
    "ManufacturersModelName": "DISCOVERY_MR750",
    "ProcedureStepDescription": "CompMet",
    "ProtocolName": "PU:Sag_T1_FSPGR_BRAVO",
    "RepetitionTime": 0.008156,
    "ScanningSequence": "GR",
    "SequenceVariant": "SS_SP_SK",
    "SeriesDescription": "PU:Sag_T1_FSPGR_BRAVO",
    "dataset": "unknown",
    "modality": "T1w",
    "subject_id": "73"
  },
  "cjv": 0.3765777313891054,
  "cnr": 3.5054685053304544,
  "efc": 0.6936270303507935,
  "fber": 5709.013671875,
  "fwhm_avg": 3.6167133333333332,
  "fwhm_x": 3.66119,
  "fwhm_y": 3.77359,
  "fwhm_z": 3.41536,
  "icvs_csf": 0.20057374974118697,
  "icvs_gm": 0.4418614665593218,
  "icvs_wm": 0.35756478369949124,
  "inu_med": 0.8530556559562683,
  "inu_range": 0.24286180436611182,
  "provenance": {
    "md5sum": "f4b45ba361b92b2972f97758823d8fa3",
    "settings": {
      "testing": false
    },
    "software": "mriqc",
    "version": "0.15.2rc1",
    "warnings": {
      "large_rot_frame": true,
      "small_air_mask": false
    },
    "webapi_port": null,
    "webapi_url": "https://mriqc.nimh.nih.gov/api/v1"
  },
  "qi_1": 0.0,
  "qi_2": 0.002953019403705006,
  "rpve_csf": 28.838667113211777,
  "rpve_gm": 14.335936162067958,
  "rpve_wm": 20.906358429983975,
  "size_x": 176,
  "size_y": 256,
  "size_z": 256,
  "snr_csf": 3.0843609866033295,
  "snr_gm": 11.734579088070138,
  "snr_total": 11.571454761280657,
  "snr_wm": 19.895424209168507,
  "snrd_csf": 26.856204466162815,
  "snrd_gm": 54.38787305195406,
  "snrd_total": 52.369779911974454,
  "snrd_wm": 75.86526221780646,
  "spacing_x": 1.0,
  "spacing_y": 1.0,
  "spacing_z": 1.0,
  "summary_bg_k": 7.288716654456511,
  "summary_bg_mad": 8.635616302490234,
  "summary_bg_mean": 13.228726387023926,
  "summary_bg_median": 6.62415885925293,
  "summary_bg_n": 565930.0,
  "summary_bg_p05": 0.0,
  "summary_bg_p95": 46.203392410278255,
  "summary_bg_stdv": 16.234140396118164,
  "summary_csf_k": -0.4433766008847555,
  "summary_csf_mad": 125.42160034179688,
  "summary_csf_mean": 371.8232116699219,
  "summary_csf_median": 354.00244140625,
  "summary_csf_n": 10186.0,
  "summary_csf_p05": 213.95134353637695,
  "summary_csf_p95": 570.2859954833984,
  "summary_csf_stdv": 114.76771545410156,
  "summary_gm_k": 0.25697407131829,
  "summary_gm_mad": 58.632511138916016,
  "summary_gm_mean": 717.9346313476562,
  "summary_gm_median": 716.908447265625,
  "summary_gm_n": 21538.0,
  "summary_gm_p05": 617.9252471923828,
  "summary_gm_p95": 820.4813842773438,
  "summary_gm_stdv": 61.092247009277344,
  "summary_wm_k": 0.5611100454397326,
  "summary_wm_mad": 47.977439880371094,
  "summary_wm_mean": 1000.38037109375,
  "summary_wm_median": 1000.0105590820312,
  "summary_wm_n": 177313.0,
  "summary_wm_p05": 918.5985351562499,
  "summary_wm_p95": 1082.830029296875,
  "summary_wm_stdv": 50.26320266723633,
  "tpm_overlap_csf": 0.20963114500045776,
  "tpm_overlap_gm": 0.5119647979736328,
  "tpm_overlap_wm": 0.5531713962554932,
  "wm2max": 0.38513552427508335
}