{
  "aor": 0.00200332,
  "aqi": 0.0014693695240000002,
  "bids_meta": {
    "AcquisitionDateTime": "2017-07-06T19:07:47.000000",
    "ConversionSoftware": "dcm2niix",
    "ConversionSoftwareVersion": "v1.0.20170411 GCC4.8.4",
    "EchoTime": 0.035,
    "FlipAngle": 90,
    "ImageType": [
      "ORIGINAL",
      "PRIMARY",
      "EPI",
      "NONE"
    ],
    "MagneticFieldStrength": 3,
    "Manufacturer": "GE",
    "ManufacturersModelName": "DISCOVERY_MR750",
    "ProcedureStepDescription": "CompMet",
    "ProtocolName": "fMRI_CompMet",
    "RepetitionTime": 2,
    "ScanningSequence": "EP_GR",
    "SequenceVariant": "SS",
    "SeriesDescription": "fMRI_CompMet",
    "dataset": "unknown",
    "modality": "bold",
    "run_id": 1,
    "subject_id": "77",
    "task_id": "cm"
  },
  "dummy_trs": 0,
  "dvars_nstd": 16.774046603052216,
  "dvars_std": 1.2946654560240969,
  "dvars_vstd": 1.0226171511646582,
  "efc": 0.3825352840331168,
  "fber": 95324.3828125,
  "fd_mean": 0.040696696732213516,
  "fd_num": 0,
  "fd_perc": 0.0,
  "fwhm_avg": 2.8437416666666664,
  "fwhm_x": 2.718175,
  "fwhm_y": 2.923825,
  "fwhm_z": 2.889225,
  "gcor": 0.0224474,
  "gsr_x": 0.006904218345880508,
  "gsr_y": 0.008091302588582039,
  "provenance": {
    "md5sum": "28719390ccf562ef4fea15bf9941f5d2",
    "settings": {
      "fd_thres": 0.2,
      "hmc_fsl": false
    },
    "software": "mriqc",
    "version": "0.15.2rc1",
    "webapi_port": null,
    "webapi_url": "https://mriqc.nimh.nih.gov/api/v1"
  },
  "size_t": 250,
  "size_x": 64,
  "size_y": 64,
  "size_z": 34,
  "snr": 2.8063499712368714,
  "spacing_tr": 2.0,
  "spacing_x": 4.0,
  "spacing_y": 4.0,
  "spacing_z": 4.0,
  "summary_bg_k": 77.59941471672649,
  "summary_bg_mad": 9.239577293395996,
  "summary_bg_mean": 44.622798919677734,
  "summary_bg_median": 6.588000297546387,
  "summary_bg_n": 91225.0,
  "summary_bg_p05": 0.08000000566244125,
  "summary_bg_p95": 221.97680969238291,
  "summary_bg_stdv": 142.4849090576172,
  "summary_fg_k": 0.01856171047225219,
  "summary_fg_mad": 684.9179077148438,
  "summary_fg_mean": 2084.76318359375,
  "summary_fg_median": 2018.81201171875,
  "summary_fg_n": 20464.0,
  "summary_fg_p05": 936.5762634277344,
  "summary_fg_p95": 3340.9481323242185,
  "summary_fg_stdv": 719.3552856445312,
  "tsnr": 96.78343200683594
}