{
  "aor": 0.0006278,
  "aqi": 0.0024846064533333334,
  "bids_meta": {
    "AcquisitionMatrixPE": 64,
    "AcquisitionNumber": 1,
    "AcquisitionTime": "21:07:56.000000",
    "CoilString": "32Ch_Head",
    "ConversionSoftware": "dcm2niix",
    "ConversionSoftwareVersion": "v1.0.20190902",
    "Dcm2bidsVersion": "2.1.4",
    "DeviceSerialNumber": "000000000000GEHC",
    "EchoTime": 0.04,
    "EffectiveEchoSpacing": 0.000372,
    "FlipAngle": 90,
    "ImageOrientationPatientDICOM": [
      1,
      0,
      0,
      0,
      1,
      0
    ],
    "ImageType": [
      "ORIGINAL",
      "PRIMARY",
      "EPI",
      "NONE"
    ],
    "ImagingFrequency": 127.772,
    "InPlanePhaseEncodingDirectionDICOM": "COL",
    "InstitutionName": "INSTITUTO_DE_NEUROBIOLOGIA",
    "MRAcquisitionType": "2D",
    "MagneticFieldStrength": 3,
    "Manufacturer": "GE",
    "ManufacturersModelName": "DISCOVERY_MR750",
    "Modality": "MR",
    "PatientPosition": "HFS",
    "PercentPhaseFOV": 100,
    "PhaseEncodingDirection": "j",
    "PhaseEncodingPolarityGE": "Flipped",
    "PixelBandwidth": 7812.5,
    "ProcedureStepDescription": "verbos",
    "ProtocolName": "fMRI_RestState",
    "ReconMatrixPE": 64,
    "RepetitionTime": 2,
    "SAR": 0.376334,
    "ScanOptions": "EPI_GEMS_ACC_GEMS",
    "ScanningSequence": "EP_GR",
    "SequenceVariant": "SS",
    "SeriesDescription": "fMRI_RestState",
    "SeriesNumber": 12,
    "SliceThickness": 4,
    "SliceTiming": [
      0,
      1.0285,
      0.0571001,
      1.0857,
      0.1142,
      1.1428,
      0.1714,
      1.2,
      0.2285,
      1.2571,
      0.2857,
      1.3143,
      0.3428,
      1.3714,
      0.4,
      1.4286,
      0.4571,
      1.4857,
      0.5142,
      1.5428,
      0.5714,
      1.6,
      0.6285,
      1.6571,
      0.6857,
      1.7143,
      0.7428,
      1.7714,
      0.8,
      1.8285,
      0.8571,
      1.8857,
      0.9143,
      1.9428,
      0.9714
    ],
    "SoftwareVersions": "24_LX_MR_Software_release:DV24.0_R02_1607.b",
    "SpacingBetweenSlices": 4,
    "StationName": "GEHCGEHC",
    "TotalReadoutTime": 0.023436,
    "dataset": "unknown",
    "modality": "bold",
    "subject_id": "138",
    "task_id": "rest"
  },
  "dummy_trs": 0,
  "dvars_nstd": 13.773520424849504,
  "dvars_std": 1.0032753389297662,
  "dvars_vstd": 0.9246552317725758,
  "efc": 0.3745111938159876,
  "fber": 72324.8515625,
  "fd_mean": 0.05319586392731438,
  "fd_num": 0,
  "fd_perc": 0.0,
  "fwhm_avg": 2.8988666666666667,
  "fwhm_x": 2.745675,
  "fwhm_y": 3.092225,
  "fwhm_z": 2.8587,
  "gcor": 0.0332211,
  "gsr_x": -0.004609802737832069,
  "gsr_y": 0.009140356443822384,
  "provenance": {
    "md5sum": "73987bac2892e6445eb16651ab60ccac",
    "settings": {
      "fd_thres": 0.2,
      "hmc_fsl": false
    },
    "software": "mriqc",
    "version": "0.15.2rc1",
    "webapi_port": null,
    "webapi_url": "https://mriqc.nimh.nih.gov/api/v1"
  },
  "size_t": 300,
  "size_x": 64,
  "size_y": 64,
  "size_z": 35,
  "snr": 2.7469011120170084,
  "spacing_tr": 2.0,
  "spacing_x": 4.0,
  "spacing_y": 4.0,
  "spacing_z": 4.0,
  "summary_bg_k": 421.01097641611614,
  "summary_bg_mad": 9.25143814086914,
  "summary_bg_mean": 28.14056968688965,
  "summary_bg_median": 6.553333282470703,
  "summary_bg_n": 93274.0,
  "summary_bg_p05": 0.04333333298563957,
  "summary_bg_p95": 108.33716735839818,
  "summary_bg_stdv": 99.10157012939453,
  "summary_fg_k": 0.5108603891452788,
  "summary_fg_mad": 619.4509887695312,
  "summary_fg_mean": 1820.1571044921875,
  "summary_fg_median": 1809.6966552734375,
  "summary_fg_n": 21497.0,
  "summary_fg_p05": 715.2326538085938,
  "summary_fg_p95": 2903.907421875,
  "summary_fg_stdv": 658.798583984375,
  "tsnr": 58.188446044921875
}