{
  "aor": 0.0014041954022988505,
  "aqi": 0.0011562949827586208,
  "bids_meta": {
    "AcquisitionMatrixPE": 64,
    "AcquisitionNumber": 1,
    "AcquisitionTime": "20:08:54.000000",
    "CoilString": "32Ch_Head",
    "ConversionSoftware": "dcm2niix",
    "ConversionSoftwareVersion": "v1.0.20190902",
    "Dcm2bidsVersion": "2.1.4",
    "DeviceSerialNumber": "000000000000GEHC",
    "EchoTime": 0.04,
    "EffectiveEchoSpacing": 0.000372,
    "FlipAngle": 90,
    "ImageOrientationPatientDICOM": [
      1,
      0,
      0,
      0,
      1,
      0
    ],
    "ImageType": [
      "ORIGINAL",
      "PRIMARY",
      "EPI",
      "NONE"
    ],
    "ImagingFrequency": 127.772,
    "InPlanePhaseEncodingDirectionDICOM": "COL",
    "InstitutionName": "INSTITUTO_DE_NEUROBIOLOGIA",
    "MRAcquisitionType": "2D",
    "MagneticFieldStrength": 3,
    "Manufacturer": "GE",
    "ManufacturersModelName": "DISCOVERY_MR750",
    "Modality": "MR",
    "PatientPosition": "HFS",
    "PercentPhaseFOV": 100,
    "PhaseEncodingDirection": "j",
    "PhaseEncodingPolarityGE": "Flipped",
    "PixelBandwidth": 7812.5,
    "ProcedureStepDescription": "verbos",
    "ProtocolName": "fMRI_1",
    "ReconMatrixPE": 64,
    "RepetitionTime": 2,
    "SAR": 0.376334,
    "ScanOptions": "EPI_GEMS_ACC_GEMS",
    "ScanningSequence": "EP_GR",
    "SequenceVariant": "SS",
    "SeriesDescription": "fMRI_1",
    "SeriesNumber": 4,
    "SliceThickness": 4,
    "SliceTiming": [
      0,
      1.0285,
      0.0571001,
      1.0857,
      0.1142,
      1.1428,
      0.1714,
      1.2,
      0.2285,
      1.2571,
      0.2857,
      1.3143,
      0.3428,
      1.3714,
      0.4,
      1.4286,
      0.4571,
      1.4857,
      0.5142,
      1.5428,
      0.5714,
      1.6,
      0.6285,
      1.6571,
      0.6857,
      1.7143,
      0.7428,
      1.7714,
      0.8,
      1.8285,
      0.8571,
      1.8857,
      0.9143,
      1.9428,
      0.9714
    ],
    "SoftwareVersions": "24_LX_MR_Software_release:DV24.0_R02_1607.b",
    "SpacingBetweenSlices": 4,
    "StationName": "GEHCGEHC",
    "TotalReadoutTime": 0.023436,
    "dataset": "unknown",
    "modality": "bold",
    "run_id": 1,
    "subject_id": "138",
    "task_id": "verbs"
  },
  "dummy_trs": 0,
  "dvars_nstd": 15.572179458208087,
  "dvars_std": 1.203143943526012,
  "dvars_vstd": 0.9972965491329475,
  "efc": 0.3733682068091118,
  "fber": 75434.28125,
  "fd_mean": 0.03712818296747954,
  "fd_num": 0,
  "fd_perc": 0.0,
  "fwhm_avg": 2.884916666666667,
  "fwhm_x": 2.7252,
  "fwhm_y": 3.079125,
  "fwhm_z": 2.850425,
  "gcor": 0.0544269,
  "gsr_x": -0.0028807222843170166,
  "gsr_y": 0.005870033986866474,
  "provenance": {
    "md5sum": "a54361762402811237dc72affe373db4",
    "settings": {
      "fd_thres": 0.2,
      "hmc_fsl": false
    },
    "software": "mriqc",
    "version": "0.15.2rc1",
    "webapi_port": null,
    "webapi_url": "https://mriqc.nimh.nih.gov/api/v1"
  },
  "size_t": 174,
  "size_x": 64,
  "size_y": 64,
  "size_z": 35,
  "snr": 2.7258133884682123,
  "spacing_tr": 2.0,
  "spacing_x": 4.0,
  "spacing_y": 4.0,
  "spacing_z": 4.0,
  "summary_bg_k": 215.18514236830842,
  "summary_bg_mad": 9.040465354919434,
  "summary_bg_mean": 26.43230438232422,
  "summary_bg_median": 6.408045768737793,
  "summary_bg_n": 93127.0,
  "summary_bg_p05": 0.03448275849223137,
  "summary_bg_p95": 101.59252929687494,
  "summary_bg_stdv": 86.8030776977539,
  "summary_fg_k": 0.6838388747946427,
  "summary_fg_mad": 616.379150390625,
  "summary_fg_mean": 1825.0517578125,
  "summary_fg_median": 1809.709716796875,
  "summary_fg_n": 21472.0,
  "summary_fg_p05": 730.9287200927735,
  "summary_fg_p95": 2922.872692871094,
  "summary_fg_stdv": 663.9000244140625,
  "tsnr": 78.745361328125
}