{
  "Manufacturer": "GE",
  "ManufacturersModelName": "DISCOVERY_MR750",
  "ProcedureStepDescription": "CompMet",
  "ScanningSequence": "EP_GR",
  "SequenceVariant": "SS",
  "SeriesDescription": "fMRI_CompMet",
  "ProtocolName": "fMRI_CompMet",
  "ImageType": [
    "ORIGINAL",
    "PRIMARY",
    "EPI",
    "NONE"
  ],
  "AcquisitionDateTime": "2017-07-11T19:12:5.000000",
  "MagneticFieldStrength": 3,
  "FlipAngle": 90,
  "EchoTime": 0.035,
  "RepetitionTime": 2,
  "ConversionSoftware": "dcm2niix",
  "ConversionSoftwareVersion": "v1.0.20170411 GCC4.8.4",
  "TaskName": "cmp",
  "SliceTiming": [
    1.0285,
    0.0571001,
    1.0857,
    0.1142,
    1.1428,
    0.1714,
    1.2,
    0.2285,
    1.2571,
    0.2857,
    1.3143,
    0.3428,
    1.3714,
    0.4,
    1.4286,
    0.4571,
    1.4857,
    0.5142,
    1.5428,
    0.5714,
    1.6,
    0.6285,
    1.6571,
    0.6857,
    1.7143,
    0.7428,
    1.7714,
    0.8,
    1.8285,
    0.8571,
    1.8857,
    0.9143,
    1.9428,
    0.9714
  ]
}
