{
  "aor": 0.0023503000000000005,
  "aqi": 0.0051715699,
  "bids_meta": {
    "AcquisitionDateTime": "2017-07-04T18:51:56.000000",
    "ConversionSoftware": "dcm2niix",
    "ConversionSoftwareVersion": "v1.0.20170411 GCC4.8.4",
    "EchoTime": 0.04,
    "FlipAngle": 90,
    "ImageType": [
      "ORIGINAL",
      "PRIMARY",
      "EPI",
      "NONE"
    ],
    "MagneticFieldStrength": 3,
    "Manufacturer": "GE",
    "ManufacturersModelName": "DISCOVERY_MR750",
    "ProtocolName": "fMRI_RestState",
    "RepetitionTime": 2,
    "ScanningSequence": "EP_GR",
    "SequenceVariant": "SS",
    "SeriesDescription": "fMRI_RestState",
    "dataset": "unknown",
    "modality": "bold",
    "subject_id": "68",
    "task_id": "rest"
  },
  "dummy_trs": 0,
  "dvars_nstd": 16.01120667478259,
  "dvars_std": 0.981282539431438,
  "dvars_vstd": 0.9114729165217399,
  "efc": 0.365031652374959,
  "fber": 70433.9453125,
  "fd_mean": 0.1285460271587306,
  "fd_num": 46,
  "fd_perc": 15.333333333333334,
  "fwhm_avg": 2.8992916666666666,
  "fwhm_x": 2.820525,
  "fwhm_y": 2.9432,
  "fwhm_z": 2.93415,
  "gcor": 0.0371895,
  "gsr_x": -0.004552648868411779,
  "gsr_y": 0.008072991855442524,
  "provenance": {
    "md5sum": "c26700cb603960595c3484a3684b2886",
    "settings": {
      "fd_thres": 0.2,
      "hmc_fsl": false
    },
    "software": "mriqc",
    "version": "0.15.2rc1",
    "webapi_port": null,
    "webapi_url": "https://mriqc.nimh.nih.gov/api/v1"
  },
  "size_t": 300,
  "size_x": 64,
  "size_y": 64,
  "size_z": 34,
  "snr": 2.784739208984084,
  "spacing_tr": 2.0,
  "spacing_x": 4.0,
  "spacing_y": 4.0,
  "spacing_z": 4.0,
  "summary_bg_k": 119.32335729743086,
  "summary_bg_mad": 9.651741027832031,
  "summary_bg_mean": 35.18794631958008,
  "summary_bg_median": 7.343333721160889,
  "summary_bg_n": 93150.0,
  "summary_bg_p05": 0.2266666740179062,
  "summary_bg_p95": 144.5683395385745,
  "summary_bg_stdv": 117.27140045166016,
  "summary_fg_k": 0.5308593077185177,
  "summary_fg_mad": 615.3047485351562,
  "summary_fg_mean": 2027.5899658203125,
  "summary_fg_median": 1967.2166748046875,
  "summary_fg_n": 19161.0,
  "summary_fg_p05": 938.88671875,
  "summary_fg_p95": 3337.72998046875,
  "summary_fg_stdv": 706.4091796875,
  "tsnr": 42.37452697753906
}