{
  "aor": 0.0023108,
  "aqi": 0.0011789909279999997,
  "bids_meta": {
    "AcquisitionDateTime": "2017-07-04T18:30:2.000000",
    "ConversionSoftware": "dcm2niix",
    "ConversionSoftwareVersion": "v1.0.20170411 GCC4.8.4",
    "EchoTime": 0.035,
    "FlipAngle": 90,
    "ImageType": [
      "ORIGINAL",
      "PRIMARY",
      "EPI",
      "NONE"
    ],
    "MagneticFieldStrength": 3,
    "Manufacturer": "GE",
    "ManufacturersModelName": "DISCOVERY_MR750",
    "ProtocolName": "fMRI_CompMet",
    "RepetitionTime": 2,
    "ScanningSequence": "EP_GR",
    "SequenceVariant": "SS",
    "SeriesDescription": "fMRI_CompMet",
    "dataset": "unknown",
    "modality": "bold",
    "run_id": 1,
    "subject_id": "68",
    "task_id": "cm"
  },
  "dummy_trs": 0,
  "dvars_nstd": 12.465642622449794,
  "dvars_std": 1.122677412208835,
  "dvars_vstd": 1.0064054882329314,
  "efc": 0.3750103985385996,
  "fber": 90220.890625,
  "fd_mean": 0.07125581407418558,
  "fd_num": 4,
  "fd_perc": 1.6,
  "fwhm_avg": 2.930225,
  "fwhm_x": 2.779525,
  "fwhm_y": 2.9786,
  "fwhm_z": 3.03255,
  "gcor": 0.0247101,
  "gsr_x": -0.004875988699495792,
  "gsr_y": 0.0074135721661150455,
  "provenance": {
    "md5sum": "f6e17c31c1bdac9bcc01507631b77a72",
    "settings": {
      "fd_thres": 0.2,
      "hmc_fsl": false
    },
    "software": "mriqc",
    "version": "0.15.2rc1",
    "webapi_port": null,
    "webapi_url": "https://mriqc.nimh.nih.gov/api/v1"
  },
  "size_t": 250,
  "size_x": 64,
  "size_y": 64,
  "size_z": 34,
  "snr": 2.806429361493357,
  "spacing_tr": 2.0,
  "spacing_x": 4.0,
  "spacing_y": 4.0,
  "spacing_z": 4.0,
  "summary_bg_k": 72.18985608378193,
  "summary_bg_mad": 9.500515937805176,
  "summary_bg_mean": 39.8597526550293,
  "summary_bg_median": 7.160000324249268,
  "summary_bg_n": 91974.0,
  "summary_bg_p05": 0.19600000977516174,
  "summary_bg_p95": 179.9070106506346,
  "summary_bg_stdv": 129.48486328125,
  "summary_fg_k": 0.5090146228167423,
  "summary_fg_mad": 672.2947998046875,
  "summary_fg_mean": 2228.501708984375,
  "summary_fg_median": 2152.864013671875,
  "summary_fg_n": 19933.0,
  "summary_fg_p05": 1045.832080078125,
  "summary_fg_p95": 3643.9657714843734,
  "summary_fg_stdv": 767.0993041992188,
  "tsnr": 86.74848937988281
}