{
  "bids_meta": {
    "AcquisitionDateTime": "2017-08-17T20:24:17.000000",
    "ConversionSoftware": "dcm2niix",
    "ConversionSoftwareVersion": "v1.0.20170411 GCC4.8.4",
    "EchoTime": 0.00318,
    "FlipAngle": 12,
    "ImageType": [
      "DERIVED",
      "PRIMARY",
      "OTHER"
    ],
    "InversionTime": 0.45,
    "MagneticFieldStrength": 3,
    "Manufacturer": "GE",
    "ManufacturersModelName": "DISCOVERY_MR750",
    "ProtocolName": "PU:Sag_T1_FSPGR_BRAVO",
    "RepetitionTime": 0.008156,
    "ScanningSequence": "GR",
    "SequenceVariant": "SS_SP_SK",
    "SeriesDescription": "PU:Sag_T1_FSPGR_BRAVO",
    "dataset": "unknown",
    "modality": "T1w",
    "subject_id": "75"
  },
  "cjv": 0.4158012959988864,
  "cnr": 3.0854955650509024,
  "efc": 0.6688805733883201,
  "fber": 2256.07958984375,
  "fwhm_avg": 4.127176666666667,
  "fwhm_x": 4.24402,
  "fwhm_y": 4.33657,
  "fwhm_z": 3.80094,
  "icvs_csf": 0.19278880377677804,
  "icvs_gm": 0.39867031772300554,
  "icvs_wm": 0.4085408785002164,
  "inu_med": 0.8779675960540771,
  "inu_range": 0.42376214861869776,
  "provenance": {
    "md5sum": "ed8c63706e37328aaa9e0f8285adbd58",
    "settings": {
      "testing": false
    },
    "software": "mriqc",
    "version": "0.15.2rc1",
    "warnings": {
      "large_rot_frame": true,
      "small_air_mask": false
    },
    "webapi_port": null,
    "webapi_url": "https://mriqc.nimh.nih.gov/api/v1"
  },
  "qi_1": 0.0,
  "qi_2": 0.0025123482229333885,
  "rpve_csf": 26.36801453570713,
  "rpve_gm": 12.979018148598295,
  "rpve_wm": 15.126382653371676,
  "size_x": 176,
  "size_y": 256,
  "size_z": 256,
  "snr_csf": 3.6259366817707113,
  "snr_gm": 12.100944619171898,
  "snr_total": 10.226236231487967,
  "snr_wm": 14.95182739352129,
  "snrd_csf": 14.037476938058395,
  "snrd_gm": 26.402620114822625,
  "snrd_total": 25.72885608376284,
  "snrd_wm": 36.746471198407505,
  "spacing_x": 1.0,
  "spacing_y": 1.0,
  "spacing_z": 1.0,
  "summary_bg_k": 3.4364333388106347,
  "summary_bg_mad": 17.82882308959961,
  "summary_bg_mean": 19.461650848388672,
  "summary_bg_median": 16.04767608642578,
  "summary_bg_n": 1349725.0,
  "summary_bg_p05": 0.0,
  "summary_bg_p95": 52.83332595825196,
  "summary_bg_stdv": 18.020532608032227,
  "summary_csf_k": 3.2545066210260654,
  "summary_csf_mad": 104.368896484375,
  "summary_csf_mean": 389.4289245605469,
  "summary_csf_median": 382.0146484375,
  "summary_csf_n": 20405.0,
  "summary_csf_p05": 230.25223083496093,
  "summary_csf_p95": 564.145458984375,
  "summary_csf_stdv": 105.35354614257812,
  "summary_gm_k": 0.1840821236275687,
  "summary_gm_mad": 58.550662994384766,
  "summary_gm_mean": 716.233642578125,
  "summary_gm_median": 718.5185546875,
  "summary_gm_n": 11688.0,
  "summary_gm_p05": 616.1757934570313,
  "summary_gm_p95": 809.753335571289,
  "summary_gm_stdv": 59.3745231628418,
  "summary_wm_k": 1.6701676980128797,
  "summary_wm_mad": 58.49600601196289,
  "summary_wm_mean": 1008.201416015625,
  "summary_wm_median": 1000.0151977539062,
  "summary_wm_n": 236267.0,
  "summary_wm_p05": 914.7167175292968,
  "summary_wm_p95": 1132.365771484375,
  "summary_wm_stdv": 66.88233184814453,
  "tpm_overlap_csf": 0.20980651676654816,
  "tpm_overlap_gm": 0.48826098442077637,
  "tpm_overlap_wm": 0.5528033375740051,
  "wm2max": 0.39477204093384816
}