{
  "bids_meta": {
    "AcquisitionDateTime": "2017-02-07T18:44:7.000000",
    "ConversionSoftware": "dcm2niix",
    "ConversionSoftwareVersion": "v1.0.20170411 GCC4.8.4",
    "EchoTime": 0.00318,
    "FlipAngle": 12,
    "ImageType": [
      "DERIVED",
      "PRIMARY",
      "OTHER"
    ],
    "InversionTime": 0.45,
    "MagneticFieldStrength": 3,
    "Manufacturer": "GE",
    "ManufacturersModelName": "DISCOVERY_MR750",
    "ProcedureStepDescription": "ActosHabla",
    "ProtocolName": "PU:Sag_T1_FSPGR_BRAVO",
    "RepetitionTime": 0.008156,
    "ScanningSequence": "GR",
    "SequenceVariant": "SS_SP_SK",
    "SeriesDescription": "PU:Sag_T1_FSPGR_BRAVO",
    "dataset": "unknown",
    "modality": "T1w",
    "subject_id": "15"
  },
  "cjv": 0.3991105970471093,
  "cnr": 3.2504382651944623,
  "efc": 0.741398176993252,
  "fber": 3988.48291015625,
  "fwhm_avg": 3.63066,
  "fwhm_x": 3.67234,
  "fwhm_y": 3.80224,
  "fwhm_z": 3.4174,
  "icvs_csf": 0.20846509241811803,
  "icvs_gm": 0.4095977865701433,
  "icvs_wm": 0.3819371210117387,
  "inu_med": 1.0444602966308594,
  "inu_range": 0.32188312113285034,
  "provenance": {
    "md5sum": "0d1d7fe89350734b4d64a059e3a72989",
    "settings": {
      "testing": false
    },
    "software": "mriqc",
    "version": "0.15.2rc1",
    "warnings": {
      "large_rot_frame": true,
      "small_air_mask": true
    },
    "webapi_port": null,
    "webapi_url": "https://mriqc.nimh.nih.gov/api/v1"
  },
  "qi_1": 0.0,
  "qi_2": 0.004362970087100947,
  "rpve_csf": 22.379772794045635,
  "rpve_gm": 11.970042865219263,
  "rpve_wm": 16.166928911624627,
  "size_x": 176,
  "size_y": 256,
  "size_z": 256,
  "snr_csf": 2.7965430002020137,
  "snr_gm": 9.625028946206402,
  "snr_total": 10.97203698704483,
  "snr_wm": 20.494539014726076,
  "snrd_csf": 98.64945401716653,
  "snrd_gm": 213.3712529462273,
  "snrd_total": 203.99973268764384,
  "snrd_wm": 299.9784910995378,
  "spacing_x": 1.0,
  "spacing_y": 1.0,
  "spacing_z": 1.0,
  "summary_bg_k": 11.472851656831713,
  "summary_bg_mad": 2.1839587688446045,
  "summary_bg_mean": 4.598555564880371,
  "summary_bg_median": 1.473057746887207,
  "summary_bg_n": 264248.0,
  "summary_bg_p05": 0.0,
  "summary_bg_p95": 18.94931135177612,
  "summary_bg_stdv": 6.904841423034668,
  "summary_csf_k": -0.4851840609247642,
  "summary_csf_mad": 126.55282592773438,
  "summary_csf_mean": 349.50787353515625,
  "summary_csf_median": 328.85723876953125,
  "summary_csf_n": 11152.0,
  "summary_csf_p05": 186.22227630615234,
  "summary_csf_p95": 550.5253845214844,
  "summary_csf_stdv": 117.58892822265625,
  "summary_gm_k": 0.31399113588815775,
  "summary_gm_mad": 68.04704284667969,
  "summary_gm_mean": 713.0905151367188,
  "summary_gm_median": 711.2931518554688,
  "summary_gm_n": 21183.0,
  "summary_gm_p05": 592.0107116699219,
  "summary_gm_p95": 840.364416503906,
  "summary_gm_stdv": 73.89862060546875,
  "summary_wm_k": 0.5435912244815255,
  "summary_wm_mad": 47.18152618408203,
  "summary_wm_mean": 1000.6627807617188,
  "summary_wm_median": 1000.0065307617188,
  "summary_wm_n": 254836.0,
  "summary_wm_p05": 921.7328948974609,
  "summary_wm_p95": 1080.7925415039062,
  "summary_wm_stdv": 48.79370880126953,
  "tpm_overlap_csf": 0.2180519700050354,
  "tpm_overlap_gm": 0.5007859468460083,
  "tpm_overlap_wm": 0.5888017416000366,
  "wm2max": 0.4523908340209369
}