{
  "aor": 0.0017371372549019608,
  "aqi": 0.00114433991372549,
  "bids_meta": {
    "AcquisitionDateTime": "2017-02-09T19:50:59.000000",
    "ConversionSoftware": "dcm2niix",
    "ConversionSoftwareVersion": "v1.0.20170411 GCC4.8.4",
    "EchoTime": 0.04,
    "FlipAngle": 90,
    "ImageType": [
      "ORIGINAL",
      "PRIMARY",
      "EPI",
      "NONE"
    ],
    "MagneticFieldStrength": 3,
    "Manufacturer": "GE",
    "ManufacturersModelName": "DISCOVERY_MR750",
    "ProcedureStepDescription": "ActosHabla",
    "ProtocolName": "fMRI_ActosHabla_3",
    "RepetitionTime": 2,
    "ScanningSequence": "EP_GR",
    "SequenceVariant": "SS",
    "SeriesDescription": "fMRI_ActosHabla_3",
    "dataset": "unknown",
    "modality": "bold",
    "run_id": 3,
    "subject_id": "17",
    "task_id": "rah"
  },
  "dummy_trs": 0,
  "dvars_nstd": 14.451470416259843,
  "dvars_std": 1.128851552952756,
  "dvars_vstd": 1.004874355511811,
  "efc": 0.3541476256448585,
  "fber": 105035.15625,
  "fd_mean": 0.0543349826046589,
  "fd_num": 0,
  "fd_perc": 0.0,
  "fwhm_avg": 2.7679916666666666,
  "fwhm_x": 2.7349,
  "fwhm_y": 2.86835,
  "fwhm_z": 2.700725,
  "gcor": 0.0430772,
  "gsr_x": -0.001941605587489903,
  "gsr_y": -0.0027083989698439837,
  "provenance": {
    "md5sum": "86a895c0809827dd95d7026f83f73532",
    "settings": {
      "fd_thres": 0.2,
      "hmc_fsl": false
    },
    "software": "mriqc",
    "version": "0.15.2rc1",
    "webapi_port": null,
    "webapi_url": "https://mriqc.nimh.nih.gov/api/v1"
  },
  "size_t": 255,
  "size_x": 64,
  "size_y": 64,
  "size_z": 35,
  "snr": 2.8986373751280836,
  "spacing_tr": 2.0,
  "spacing_x": 4.0,
  "spacing_y": 4.0,
  "spacing_z": 4.0,
  "summary_bg_k": 121.75173329292046,
  "summary_bg_mad": 7.825815200805664,
  "summary_bg_mean": 20.321510314941406,
  "summary_bg_median": 5.8156867027282715,
  "summary_bg_n": 95778.0,
  "summary_bg_p05": 0.14901961386203766,
  "summary_bg_p95": 74.33000259399412,
  "summary_bg_stdv": 59.57774353027344,
  "summary_fg_k": 0.5870843454431967,
  "summary_fg_mad": 556.0223388671875,
  "summary_fg_mean": 1886.170166015625,
  "summary_fg_median": 1841.2275390625,
  "summary_fg_n": 19657.0,
  "summary_fg_p05": 844.5216064453125,
  "summary_fg_p95": 3006.117041015625,
  "summary_fg_stdv": 635.1883544921875,
  "tsnr": 86.0572509765625
}