{
  "aor": 0.0003048031496062993,
  "aqi": 0.0009439508740157481,
  "bids_meta": {
    "AcquisitionDateTime": "2017-02-09T19:41:41.000000",
    "ConversionSoftware": "dcm2niix",
    "ConversionSoftwareVersion": "v1.0.20170411 GCC4.8.4",
    "EchoTime": 0.04,
    "FlipAngle": 90,
    "ImageType": [
      "ORIGINAL",
      "PRIMARY",
      "EPI",
      "NONE"
    ],
    "MagneticFieldStrength": 3,
    "Manufacturer": "GE",
    "ManufacturersModelName": "DISCOVERY_MR750",
    "ProcedureStepDescription": "ActosHabla",
    "ProtocolName": "fMRI_ActosHabla_2",
    "RepetitionTime": 2,
    "ScanningSequence": "EP_GR",
    "SequenceVariant": "SS",
    "SeriesDescription": "fMRI_ActosHabla_2",
    "dataset": "unknown",
    "modality": "bold",
    "run_id": 2,
    "subject_id": "17",
    "task_id": "rah"
  },
  "dummy_trs": 0,
  "dvars_nstd": 14.865964674743084,
  "dvars_std": 1.1609088984189717,
  "dvars_vstd": 1.0061128071936756,
  "efc": 0.3538334284468313,
  "fber": 108686.53125,
  "fd_mean": 0.053767284014158305,
  "fd_num": 0,
  "fd_perc": 0.0,
  "fwhm_avg": 2.7609250000000003,
  "fwhm_x": 2.7248,
  "fwhm_y": 2.869225,
  "fwhm_z": 2.68875,
  "gcor": 0.0422585,
  "gsr_x": -0.0017707430524751544,
  "gsr_y": -0.002612784970551729,
  "provenance": {
    "md5sum": "c3fe753ede0d80f3f69cccecd3d7ad7a",
    "settings": {
      "fd_thres": 0.2,
      "hmc_fsl": false
    },
    "software": "mriqc",
    "version": "0.15.2rc1",
    "webapi_port": null,
    "webapi_url": "https://mriqc.nimh.nih.gov/api/v1"
  },
  "size_t": 254,
  "size_x": 64,
  "size_y": 64,
  "size_z": 35,
  "snr": 2.9195740720231615,
  "spacing_tr": 2.0,
  "spacing_x": 4.0,
  "spacing_y": 4.0,
  "spacing_z": 4.0,
  "summary_bg_k": 121.59118939012885,
  "summary_bg_mad": 7.7771782875061035,
  "summary_bg_mean": 20.14969825744629,
  "summary_bg_median": 5.765869140625,
  "summary_bg_n": 95847.0,
  "summary_bg_p05": 0.12681063264608386,
  "summary_bg_p95": 73.93607406616206,
  "summary_bg_stdv": 58.412071228027344,
  "summary_fg_k": 0.5722503377551154,
  "summary_fg_mad": 555.7921752929688,
  "summary_fg_mean": 1883.780517578125,
  "summary_fg_median": 1843.9476318359375,
  "summary_fg_n": 19615.0,
  "summary_fg_p05": 848.5152221679688,
  "summary_fg_p95": 2991.0127197265624,
  "summary_fg_stdv": 631.56494140625,
  "tsnr": 89.6229248046875
}