{
  "aor": 0.0008923333333333335,
  "aqi": 0.0042270884000000005,
  "bids_meta": {
    "AcquisitionDateTime": "2017-07-06T18:36:1.000000",
    "ConversionSoftware": "dcm2niix",
    "ConversionSoftwareVersion": "v1.0.20170411 GCC4.8.4",
    "EchoTime": 0.04,
    "FlipAngle": 90,
    "ImageType": [
      "ORIGINAL",
      "PRIMARY",
      "EPI",
      "NONE"
    ],
    "MagneticFieldStrength": 3,
    "Manufacturer": "GE",
    "ManufacturersModelName": "DISCOVERY_MR750",
    "ProcedureStepDescription": "CompMet",
    "ProtocolName": "fMRI_RestState",
    "RepetitionTime": 2,
    "ScanningSequence": "EP_GR",
    "SequenceVariant": "SS",
    "SeriesDescription": "fMRI_RestState",
    "dataset": "unknown",
    "modality": "bold",
    "subject_id": "72",
    "task_id": "rest"
  },
  "dummy_trs": 0,
  "dvars_nstd": 16.338188825284284,
  "dvars_std": 0.9888702357190632,
  "dvars_vstd": 0.8999518043478258,
  "efc": 0.33666222149994157,
  "fber": 85776.9375,
  "fd_mean": 0.09145639944060656,
  "fd_num": 13,
  "fd_perc": 4.333333333333333,
  "fwhm_avg": 2.857483333333333,
  "fwhm_x": 2.73845,
  "fwhm_y": 3.004175,
  "fwhm_z": 2.829825,
  "gcor": 0.0423714,
  "gsr_x": -0.004715466871857643,
  "gsr_y": -0.003015527967363596,
  "provenance": {
    "md5sum": "d482a0b6b1fec02ebabd9e0a9deee752",
    "settings": {
      "fd_thres": 0.2,
      "hmc_fsl": false
    },
    "software": "mriqc",
    "version": "0.15.2rc1",
    "webapi_port": null,
    "webapi_url": "https://mriqc.nimh.nih.gov/api/v1"
  },
  "size_t": 300,
  "size_x": 64,
  "size_y": 64,
  "size_z": 34,
  "snr": 3.149983744669375,
  "spacing_tr": 2.0,
  "spacing_x": 4.0,
  "spacing_y": 4.0,
  "spacing_z": 4.0,
  "summary_bg_k": 97.91960752742222,
  "summary_bg_mad": 8.475543022155762,
  "summary_bg_mean": 24.71226692199707,
  "summary_bg_median": 6.329999923706055,
  "summary_bg_n": 96673.0,
  "summary_bg_p05": 0.1966666728258133,
  "summary_bg_p95": 95.4933364868163,
  "summary_bg_stdv": 72.69715118408203,
  "summary_fg_k": 0.251429811554881,
  "summary_fg_mad": 536.58837890625,
  "summary_fg_mean": 1867.580810546875,
  "summary_fg_median": 1854.695068359375,
  "summary_fg_n": 16224.0,
  "summary_fg_p05": 866.0300140380859,
  "summary_fg_p95": 2876.355749511718,
  "summary_fg_stdv": 588.7769775390625,
  "tsnr": 49.65616226196289
}