{
  "aor": 0.0083582,
  "aqi": 0.0038289484,
  "bids_meta": {
    "AcquisitionDateTime": "2017-07-11T18:34:20.000000",
    "ConversionSoftware": "dcm2niix",
    "ConversionSoftwareVersion": "v1.0.20170411 GCC4.8.4",
    "EchoTime": 0.04,
    "FlipAngle": 90,
    "ImageType": [
      "ORIGINAL",
      "PRIMARY",
      "EPI",
      "NONE"
    ],
    "MagneticFieldStrength": 3,
    "Manufacturer": "GE",
    "ManufacturersModelName": "DISCOVERY_MR750",
    "ProcedureStepDescription": "CompMet",
    "ProtocolName": "fMRI_RestState",
    "RepetitionTime": 2,
    "ScanningSequence": "EP_GR",
    "SequenceVariant": "SS",
    "SeriesDescription": "fMRI_RestState",
    "dataset": "unknown",
    "modality": "bold",
    "subject_id": "77",
    "task_id": "rest"
  },
  "dummy_trs": 0,
  "dvars_nstd": 14.594048216254174,
  "dvars_std": 1.131608966220736,
  "dvars_vstd": 1.049609084381271,
  "efc": 0.33228484294263355,
  "fber": 74835.265625,
  "fd_mean": 0.0721862791641382,
  "fd_num": 12,
  "fd_perc": 4.0,
  "fwhm_avg": 2.759525,
  "fwhm_x": 2.722675,
  "fwhm_y": 2.8984,
  "fwhm_z": 2.6575,
  "gcor": 0.0243478,
  "gsr_x": -0.00011400495714042336,
  "gsr_y": 0.0019246544688940048,
  "provenance": {
    "md5sum": "3567496bacd74ab797f6a5e520262973",
    "settings": {
      "fd_thres": 0.2,
      "hmc_fsl": false
    },
    "software": "mriqc",
    "version": "0.15.2rc1",
    "webapi_port": null,
    "webapi_url": "https://mriqc.nimh.nih.gov/api/v1"
  },
  "size_t": 300,
  "size_x": 64,
  "size_y": 64,
  "size_z": 34,
  "snr": 3.180389751985149,
  "spacing_tr": 2.0,
  "spacing_x": 4.0,
  "spacing_y": 4.0,
  "spacing_z": 4.0,
  "summary_bg_k": 269.04132309316293,
  "summary_bg_mad": 8.707817077636719,
  "summary_bg_mean": 21.65675926208496,
  "summary_bg_median": 6.53000020980835,
  "summary_bg_n": 96613.0,
  "summary_bg_p05": 0.19333334267139435,
  "summary_bg_p95": 74.80800170898426,
  "summary_bg_stdv": 70.17362976074219,
  "summary_fg_k": 0.5850029971327233,
  "summary_fg_mad": 480.9462585449219,
  "summary_fg_mean": 1785.637451171875,
  "summary_fg_median": 1782.4866943359375,
  "summary_fg_n": 16125.0,
  "summary_fg_p05": 809.1613403320313,
  "summary_fg_p95": 2714.814013671875,
  "summary_fg_stdv": 560.4443359375,
  "tsnr": 51.76995849609375
}