{
  "aor": 0.00134732,
  "aqi": 0.001903575128,
  "bids_meta": {
    "AcquisitionDateTime": "2017-07-06T19:18:4.000000",
    "ConversionSoftware": "dcm2niix",
    "ConversionSoftwareVersion": "v1.0.20170411 GCC4.8.4",
    "EchoTime": 0.035,
    "FlipAngle": 90,
    "ImageType": [
      "ORIGINAL",
      "PRIMARY",
      "EPI",
      "NONE"
    ],
    "MagneticFieldStrength": 3,
    "Manufacturer": "GE",
    "ManufacturersModelName": "DISCOVERY_MR750",
    "ProcedureStepDescription": "CompMet",
    "ProtocolName": "fMRI_CompMet",
    "RepetitionTime": 2,
    "ScanningSequence": "EP_GR",
    "SequenceVariant": "SS",
    "SeriesDescription": "fMRI_CompMet",
    "dataset": "unknown",
    "modality": "bold",
    "run_id": 2,
    "subject_id": "77",
    "task_id": "cm"
  },
  "dummy_trs": 0,
  "dvars_nstd": 16.16493909891566,
  "dvars_std": 1.2748799163052214,
  "dvars_vstd": 1.008132372409638,
  "efc": 0.38253006428695224,
  "fber": 94729.5859375,
  "fd_mean": 0.0387244659086128,
  "fd_num": 0,
  "fd_perc": 0.0,
  "fwhm_avg": 2.829083333333333,
  "fwhm_x": 2.706075,
  "fwhm_y": 2.8992,
  "fwhm_z": 2.881975,
  "gcor": 0.0417303,
  "gsr_x": 0.006856696214526892,
  "gsr_y": 0.008280479349195957,
  "provenance": {
    "md5sum": "49406a82d65fc217e8671cccdbd0a563",
    "settings": {
      "fd_thres": 0.2,
      "hmc_fsl": false
    },
    "software": "mriqc",
    "version": "0.15.2rc1",
    "webapi_port": null,
    "webapi_url": "https://mriqc.nimh.nih.gov/api/v1"
  },
  "size_t": 250,
  "size_x": 64,
  "size_y": 64,
  "size_z": 34,
  "snr": 2.8263893996786824,
  "spacing_tr": 2.0,
  "spacing_x": 4.0,
  "spacing_y": 4.0,
  "spacing_z": 4.0,
  "summary_bg_k": 81.77325456670145,
  "summary_bg_mad": 9.334464073181152,
  "summary_bg_mean": 45.69845199584961,
  "summary_bg_median": 6.656000137329102,
  "summary_bg_n": 91376.0,
  "summary_bg_p05": 0.07600000500679016,
  "summary_bg_p95": 229.33700561523438,
  "summary_bg_stdv": 146.81712341308594,
  "summary_fg_k": 0.01732870729814273,
  "summary_fg_mad": 676.5499267578125,
  "summary_fg_mean": 2088.4931640625,
  "summary_fg_median": 2021.64013671875,
  "summary_fg_n": 20312.0,
  "summary_fg_p05": 954.6280548095702,
  "summary_fg_p95": 3339.8148071289065,
  "summary_fg_stdv": 715.2554321289062,
  "tsnr": 95.91656494140625
}