{
  "aor": 0.0013870666666666667,
  "aqi": 0.002407106366666666,
  "bids_meta": {
    "AcquisitionDateTime": "2016-10-08T11:55:29.000000",
    "ConversionSoftware": "dcm2niix",
    "ConversionSoftwareVersion": "v1.0.20170411 GCC4.8.4",
    "EchoTime": 0.04,
    "FlipAngle": 90,
    "ImageType": [
      "ORIGINAL",
      "PRIMARY",
      "EPI",
      "NONE"
    ],
    "MagneticFieldStrength": 3,
    "Manufacturer": "GE",
    "ManufacturersModelName": "DISCOVERY_MR750",
    "ProcedureStepDescription": "MeditResp",
    "ProtocolName": "fMRI_RestSt",
    "RepetitionTime": 2,
    "ScanningSequence": "EP_GR",
    "SequenceVariant": "SS",
    "SeriesDescription": "fMRI_RestSt",
    "dataset": "unknown",
    "modality": "bold",
    "subject_id": "101",
    "task_id": "rest"
  },
  "dummy_trs": 0,
  "dvars_nstd": 13.884486025919742,
  "dvars_std": 1.0476315534782608,
  "dvars_vstd": 0.9648271707023406,
  "efc": 0.32769339955717086,
  "fber": 71601.4296875,
  "fd_mean": 0.07146230417021888,
  "fd_num": 13,
  "fd_perc": 4.333333333333333,
  "fwhm_avg": 2.9611249999999996,
  "fwhm_x": 2.881375,
  "fwhm_y": 3.2662,
  "fwhm_z": 2.7358,
  "gcor": 0.0343358,
  "gsr_x": -0.007353990338742733,
  "gsr_y": 0.0010581653332337737,
  "provenance": {
    "md5sum": "9450c020ac7ae12f44c204d99f809e65",
    "settings": {
      "fd_thres": 0.2,
      "hmc_fsl": false
    },
    "software": "mriqc",
    "version": "0.15.2rc1",
    "webapi_port": null,
    "webapi_url": "https://mriqc.nimh.nih.gov/api/v1"
  },
  "size_t": 300,
  "size_x": 64,
  "size_y": 64,
  "size_z": 34,
  "snr": 2.8136177171271166,
  "spacing_tr": 2.0,
  "spacing_x": 4.0,
  "spacing_y": 4.0,
  "spacing_z": 4.0,
  "summary_bg_k": 374.5378917879809,
  "summary_bg_mad": 8.618861198425293,
  "summary_bg_mean": 24.73676872253418,
  "summary_bg_median": 6.363333702087402,
  "summary_bg_n": 97345.0,
  "summary_bg_p05": 0.09666667133569717,
  "summary_bg_p95": 92.36333465576172,
  "summary_bg_stdv": 93.34088134765625,
  "summary_fg_k": 0.1676987092775577,
  "summary_fg_mad": 588.9537963867188,
  "summary_fg_mean": 1730.7095947265625,
  "summary_fg_median": 1756.0733642578125,
  "summary_fg_n": 15543.0,
  "summary_fg_p05": 647.7336975097655,
  "summary_fg_p95": 2713.45380859375,
  "summary_fg_stdv": 624.113525390625,
  "tsnr": 66.24793243408203
}