{
  "bids_meta": {
    "AcquisitionDateTime": "2017-01-11T19:53:33.000000",
    "ConversionSoftware": "dcm2niix",
    "ConversionSoftwareVersion": "v1.0.20170411 GCC4.8.4",
    "EchoTime": 0.00318,
    "FlipAngle": 12,
    "ImageType": [
      "DERIVED",
      "PRIMARY",
      "OTHER"
    ],
    "InversionTime": 0.45,
    "MagneticFieldStrength": 3,
    "Manufacturer": "GE",
    "ManufacturersModelName": "DISCOVERY_MR750",
    "ProcedureStepDescription": "CompRefranes",
    "ProtocolName": "PU:Sag_T1_FSPGR_BRAVO",
    "RepetitionTime": 0.008156,
    "ScanningSequence": "GR",
    "SequenceVariant": "SS_SP_SK",
    "SeriesDescription": "PU:Sag_T1_FSPGR_BRAVO",
    "dataset": "unknown",
    "modality": "T1w",
    "subject_id": "57"
  },
  "cjv": 0.4305826918688794,
  "cnr": 3.031756928496397,
  "efc": 0.7325116251861516,
  "fber": 5603.86083984375,
  "fwhm_avg": 3.9103433333333335,
  "fwhm_x": 4.01081,
  "fwhm_y": 4.06282,
  "fwhm_z": 3.6574,
  "icvs_csf": 0.23248343998607712,
  "icvs_gm": 0.4088850457315451,
  "icvs_wm": 0.3586315142823778,
  "inu_med": 0.8760312795639038,
  "inu_range": 0.21075177192687988,
  "provenance": {
    "md5sum": "dd01c506d5329a8c990d232af61bd243",
    "settings": {
      "testing": false
    },
    "software": "mriqc",
    "version": "0.15.2rc1",
    "warnings": {
      "large_rot_frame": true,
      "small_air_mask": false
    },
    "webapi_port": null,
    "webapi_url": "https://mriqc.nimh.nih.gov/api/v1"
  },
  "qi_1": 0.0,
  "qi_2": 0.0002381896229577506,
  "rpve_csf": 22.647990410239643,
  "rpve_gm": 12.933815594399299,
  "rpve_wm": 18.140024865575434,
  "size_x": 176,
  "size_y": 256,
  "size_z": 256,
  "snr_csf": 3.330810066439137,
  "snr_gm": 11.328460438229259,
  "snr_total": 10.760649753903811,
  "snr_wm": 17.622678757043037,
  "snrd_csf": 57.49385090335248,
  "snrd_gm": 116.09524298303604,
  "snrd_total": 111.00229844629551,
  "snrd_wm": 159.417801452498,
  "spacing_x": 1.0,
  "spacing_y": 1.0,
  "spacing_z": 1.0,
  "summary_bg_k": 20.00493983430233,
  "summary_bg_mad": 4.109685897827148,
  "summary_bg_mean": 13.969650268554688,
  "summary_bg_median": 3.6799309253692627,
  "summary_bg_n": 509530.0,
  "summary_bg_p05": 0.0,
  "summary_bg_p95": 64.96440811157227,
  "summary_bg_stdv": 26.122028350830078,
  "summary_csf_k": -0.12761328567609675,
  "summary_csf_mad": 116.84034729003906,
  "summary_csf_mean": 373.2072448730469,
  "summary_csf_median": 360.6602783203125,
  "summary_csf_n": 18892.0,
  "summary_csf_p05": 221.5121078491211,
  "summary_csf_p95": 563.3626098632812,
  "summary_csf_stdv": 108.27718353271484,
  "summary_gm_k": 0.0067213306422733154,
  "summary_gm_mad": 63.698509216308594,
  "summary_gm_mean": 729.507568359375,
  "summary_gm_median": 728.2681884765625,
  "summary_gm_n": 22768.0,
  "summary_gm_p05": 625.8524597167968,
  "summary_gm_p95": 838.0263732910155,
  "summary_gm_stdv": 64.28518676757812,
  "summary_wm_k": 0.802608168186679,
  "summary_wm_mad": 53.318119049072266,
  "summary_wm_mean": 1003.4653930664062,
  "summary_wm_median": 1000.0316162109375,
  "summary_wm_n": 219695.0,
  "summary_wm_p05": 916.47919921875,
  "summary_wm_p95": 1101.5574951171875,
  "summary_wm_stdv": 56.746726989746094,
  "tpm_overlap_csf": 0.21199528872966766,
  "tpm_overlap_gm": 0.49429836869239807,
  "tpm_overlap_wm": 0.561087429523468,
  "wm2max": 0.4059313918766778
}