{
  "aor": 0.0024509442060085835,
  "aqi": 0.003910104163090129,
  "bids_meta": {
    "AcquisitionDateTime": "2017-01-10T20:23:42.000000",
    "ConversionSoftware": "dcm2niix",
    "ConversionSoftwareVersion": "v1.0.20170411 GCC4.8.4",
    "EchoTime": 0.04,
    "FlipAngle": 90,
    "ImageType": [
      "ORIGINAL",
      "PRIMARY",
      "EPI",
      "NONE"
    ],
    "MagneticFieldStrength": 3,
    "Manufacturer": "GE",
    "ManufacturersModelName": "DISCOVERY_MR750",
    "ProcedureStepDescription": "CompRefranes",
    "ProtocolName": "fMRI_Comprension_2",
    "RepetitionTime": 2,
    "ScanningSequence": "EP_GR",
    "SequenceVariant": "SS",
    "SeriesDescription": "fMRI_Comprension_2",
    "dataset": "unknown",
    "modality": "bold",
    "run_id": 2,
    "subject_id": "50",
    "task_id": "cr"
  },
  "dummy_trs": 0,
  "dvars_nstd": 22.381818368232747,
  "dvars_std": 1.0110337525000004,
  "dvars_vstd": 0.9447537634051721,
  "efc": 0.36257525087701487,
  "fber": 53241.26171875,
  "fd_mean": 0.19592529651174892,
  "fd_num": 52,
  "fd_perc": 22.317596566523605,
  "fwhm_avg": 2.9391000000000003,
  "fwhm_x": 2.7766,
  "fwhm_y": 3.063,
  "fwhm_z": 2.9777,
  "gcor": 0.0153537,
  "gsr_x": -0.006478574126958847,
  "gsr_y": 0.015482460148632526,
  "provenance": {
    "md5sum": "3d82b79b3c303a22e213312ccf941a49",
    "settings": {
      "fd_thres": 0.2,
      "hmc_fsl": false
    },
    "software": "mriqc",
    "version": "0.15.2rc1",
    "webapi_port": null,
    "webapi_url": "https://mriqc.nimh.nih.gov/api/v1"
  },
  "size_t": 233,
  "size_x": 64,
  "size_y": 64,
  "size_z": 34,
  "snr": 2.499760710041981,
  "spacing_tr": 2.0,
  "spacing_x": 4.0,
  "spacing_y": 4.0,
  "spacing_z": 4.0,
  "summary_bg_k": 96.21333009812798,
  "summary_bg_mad": 9.321941375732422,
  "summary_bg_mean": 32.780513763427734,
  "summary_bg_median": 6.866952896118164,
  "summary_bg_n": 93141.0,
  "summary_bg_p05": 0.15879827737808228,
  "summary_bg_p95": 155.44635009765625,
  "summary_bg_stdv": 97.58795928955078,
  "summary_fg_k": 0.49217108854475944,
  "summary_fg_mad": 557.2071533203125,
  "summary_fg_mean": 1688.8726806640625,
  "summary_fg_median": 1627.214599609375,
  "summary_fg_n": 18618.0,
  "summary_fg_p05": 666.7103057861328,
  "summary_fg_p95": 2895.433337402342,
  "summary_fg_stdv": 650.9306640625,
  "tsnr": 45.061279296875
}