{
  "aor": 0.0010229694323144105,
  "aqi": 0.002566133755458515,
  "bids_meta": {
    "AcquisitionDateTime": "2017-01-10T20:32:41.000000",
    "ConversionSoftware": "dcm2niix",
    "ConversionSoftwareVersion": "v1.0.20170411 GCC4.8.4",
    "EchoTime": 0.04,
    "FlipAngle": 90,
    "ImageType": [
      "ORIGINAL",
      "PRIMARY",
      "EPI",
      "NONE"
    ],
    "MagneticFieldStrength": 3,
    "Manufacturer": "GE",
    "ManufacturersModelName": "DISCOVERY_MR750",
    "ProcedureStepDescription": "CompRefranes",
    "ProtocolName": "fMRI_Comprension_3",
    "RepetitionTime": 2,
    "ScanningSequence": "EP_GR",
    "SequenceVariant": "SS",
    "SeriesDescription": "fMRI_Comprension_3",
    "dataset": "unknown",
    "modality": "bold",
    "run_id": 3,
    "subject_id": "50",
    "task_id": "cr"
  },
  "dummy_trs": 0,
  "dvars_nstd": 20.611701044736854,
  "dvars_std": 1.0619585099561404,
  "dvars_vstd": 0.9812152464035092,
  "efc": 0.3643739919759333,
  "fber": 55512.05078125,
  "fd_mean": 0.13940346722351113,
  "fd_num": 19,
  "fd_perc": 8.296943231441048,
  "fwhm_avg": 2.922333333333333,
  "fwhm_x": 2.74845,
  "fwhm_y": 3.047975,
  "fwhm_z": 2.970575,
  "gcor": 0.0169423,
  "gsr_x": -0.006396678276360035,
  "gsr_y": 0.015229674056172371,
  "provenance": {
    "md5sum": "edc3e6971f20970190e4d25b9ab03fb7",
    "settings": {
      "fd_thres": 0.2,
      "hmc_fsl": false
    },
    "software": "mriqc",
    "version": "0.15.2rc1",
    "webapi_port": null,
    "webapi_url": "https://mriqc.nimh.nih.gov/api/v1"
  },
  "size_t": 229,
  "size_x": 64,
  "size_y": 64,
  "size_z": 34,
  "snr": 2.5274917672492396,
  "spacing_tr": 2.0,
  "spacing_x": 4.0,
  "spacing_y": 4.0,
  "spacing_z": 4.0,
  "summary_bg_k": 106.68964135153213,
  "summary_bg_mad": 9.258171081542969,
  "summary_bg_mean": 33.938297271728516,
  "summary_bg_median": 6.772925853729248,
  "summary_bg_n": 93092.0,
  "summary_bg_p05": 0.1266375631093979,
  "summary_bg_p95": 161.67271041870106,
  "summary_bg_stdv": 103.47748565673828,
  "summary_fg_k": 0.5045819845784401,
  "summary_fg_mad": 555.29931640625,
  "summary_fg_mean": 1697.9774169921875,
  "summary_fg_median": 1636.0982666015625,
  "summary_fg_n": 18754.0,
  "summary_fg_p05": 681.1122497558595,
  "summary_fg_p95": 2886.1214599609366,
  "summary_fg_stdv": 647.3036499023438,
  "tsnr": 62.226783752441406
}