{
  "aor": 0.0014612389380530973,
  "aqi": 0.002116330898230089,
  "bids_meta": {
    "AcquisitionDateTime": "2017-01-10T20:14:40.000000",
    "ConversionSoftware": "dcm2niix",
    "ConversionSoftwareVersion": "v1.0.20170411 GCC4.8.4",
    "EchoTime": 0.04,
    "FlipAngle": 90,
    "ImageType": [
      "ORIGINAL",
      "PRIMARY",
      "EPI",
      "NONE"
    ],
    "MagneticFieldStrength": 3,
    "Manufacturer": "GE",
    "ManufacturersModelName": "DISCOVERY_MR750",
    "ProcedureStepDescription": "CompRefranes",
    "ProtocolName": "fMRI_Comprension_1",
    "RepetitionTime": 2,
    "ScanningSequence": "EP_GR",
    "SequenceVariant": "SS",
    "SeriesDescription": "fMRI_Comprension_1",
    "dataset": "unknown",
    "modality": "bold",
    "run_id": 1,
    "subject_id": "50",
    "task_id": "cr"
  },
  "dummy_trs": 0,
  "dvars_nstd": 21.80592536088887,
  "dvars_std": 1.1198933814666663,
  "dvars_vstd": 1.0121390500000005,
  "efc": 0.36063002547303485,
  "fber": 53981.28125,
  "fd_mean": 0.12369261278571467,
  "fd_num": 15,
  "fd_perc": 6.6371681415929205,
  "fwhm_avg": 2.932733333333333,
  "fwhm_x": 2.769175,
  "fwhm_y": 3.04845,
  "fwhm_z": 2.980575,
  "gcor": 0.0193574,
  "gsr_x": -0.005821608938276768,
  "gsr_y": 0.014174660667777061,
  "provenance": {
    "md5sum": "1439add498e2b03f7dc1b2d581690cc1",
    "settings": {
      "fd_thres": 0.2,
      "hmc_fsl": false
    },
    "software": "mriqc",
    "version": "0.15.2rc1",
    "webapi_port": null,
    "webapi_url": "https://mriqc.nimh.nih.gov/api/v1"
  },
  "size_t": 226,
  "size_x": 64,
  "size_y": 64,
  "size_z": 34,
  "snr": 2.476742330870651,
  "spacing_tr": 2.0,
  "spacing_x": 4.0,
  "spacing_y": 4.0,
  "spacing_z": 4.0,
  "summary_bg_k": 97.49838055620745,
  "summary_bg_mad": 9.315464973449707,
  "summary_bg_mean": 32.206024169921875,
  "summary_bg_median": 6.831858158111572,
  "summary_bg_n": 93304.0,
  "summary_bg_p05": 0.12389380484819412,
  "summary_bg_p95": 150.9223426818841,
  "summary_bg_stdv": 96.61847686767578,
  "summary_fg_k": 0.5282685216990837,
  "summary_fg_mad": 555.9495849609375,
  "summary_fg_mean": 1691.648193359375,
  "summary_fg_median": 1626.1680908203125,
  "summary_fg_n": 18523.0,
  "summary_fg_p05": 663.9274291992188,
  "summary_fg_p95": 2918.843383789062,
  "summary_fg_stdv": 656.5576782226562,
  "tsnr": 60.42549514770508
}