{
  "aor": 0.0008076,
  "aqi": 0.0012815058866666666,
  "bids_meta": {
    "AcquisitionMatrixPE": 64,
    "AcquisitionNumber": 1,
    "AcquisitionTime": "21:18:38.000000",
    "CoilString": "32Ch_Head",
    "ConversionSoftware": "dcm2niix",
    "ConversionSoftwareVersion": "v1.0.20190902",
    "Dcm2bidsVersion": "2.1.4",
    "DeviceSerialNumber": "000000000000GEHC",
    "EchoTime": 0.04,
    "EffectiveEchoSpacing": 0.000372,
    "FlipAngle": 90,
    "ImageOrientationPatientDICOM": [
      1,
      0,
      0,
      0,
      1,
      0
    ],
    "ImageType": [
      "ORIGINAL",
      "PRIMARY",
      "EPI",
      "NONE"
    ],
    "ImagingFrequency": 127.772,
    "InPlanePhaseEncodingDirectionDICOM": "COL",
    "InstitutionName": "INSTITUTO_DE_NEUROBIOLOGIA",
    "MRAcquisitionType": "2D",
    "MagneticFieldStrength": 3,
    "Manufacturer": "GE",
    "ManufacturersModelName": "DISCOVERY_MR750",
    "Modality": "MR",
    "PatientPosition": "HFS",
    "PercentPhaseFOV": 100,
    "PhaseEncodingDirection": "j",
    "PhaseEncodingPolarityGE": "Flipped",
    "PixelBandwidth": 7812.5,
    "ProcedureStepDescription": "verbos",
    "ProtocolName": "fMRI_RestState",
    "ReconMatrixPE": 64,
    "RepetitionTime": 2,
    "SAR": 0.364805,
    "ScanOptions": "EPI_GEMS_ACC_GEMS",
    "ScanningSequence": "EP_GR",
    "SequenceVariant": "SS",
    "SeriesDescription": "fMRI_RestState",
    "SeriesNumber": 12,
    "SliceThickness": 4,
    "SliceTiming": [
      0,
      1.0285,
      0.0571001,
      1.0857,
      0.1142,
      1.1428,
      0.1714,
      1.2,
      0.2285,
      1.2571,
      0.2857,
      1.3143,
      0.3428,
      1.3714,
      0.4,
      1.4286,
      0.4571,
      1.4857,
      0.5142,
      1.5428,
      0.5714,
      1.6,
      0.6285,
      1.6571,
      0.6857,
      1.7143,
      0.7428,
      1.7714,
      0.8,
      1.8285,
      0.8571,
      1.8857,
      0.9143,
      1.9428,
      0.9714
    ],
    "SoftwareVersions": "24_LX_MR_Software_release:DV24.0_R02_1607.b",
    "SpacingBetweenSlices": 4,
    "StationName": "GEHCGEHC",
    "TotalReadoutTime": 0.023436,
    "dataset": "unknown",
    "modality": "bold",
    "subject_id": "125",
    "task_id": "rest"
  },
  "dummy_trs": 0,
  "dvars_nstd": 13.84054287602007,
  "dvars_std": 1.070495853511706,
  "dvars_vstd": 0.983542070367893,
  "efc": 0.33757994846902967,
  "fber": 76428.1484375,
  "fd_mean": 0.04838061923990737,
  "fd_num": 0,
  "fd_perc": 0.0,
  "fwhm_avg": 2.8211833333333334,
  "fwhm_x": 2.7572,
  "fwhm_y": 2.912525,
  "fwhm_z": 2.793825,
  "gcor": 0.0299291,
  "gsr_x": -0.00203919829800725,
  "gsr_y": 0.003536515636369586,
  "provenance": {
    "md5sum": "4be5138bc2b8b684170d0b6227fd3fcb",
    "settings": {
      "fd_thres": 0.2,
      "hmc_fsl": false
    },
    "software": "mriqc",
    "version": "0.15.2rc1",
    "webapi_port": null,
    "webapi_url": "https://mriqc.nimh.nih.gov/api/v1"
  },
  "size_t": 300,
  "size_x": 64,
  "size_y": 64,
  "size_z": 35,
  "snr": 2.7889588920066557,
  "spacing_tr": 2.0,
  "spacing_x": 4.0,
  "spacing_y": 4.0,
  "spacing_z": 4.0,
  "summary_bg_k": 164.3486135855136,
  "summary_bg_mad": 8.065356254577637,
  "summary_bg_mean": 19.37706756591797,
  "summary_bg_median": 6.260000228881836,
  "summary_bg_n": 98363.0,
  "summary_bg_p05": 0.2800000011920929,
  "summary_bg_p95": 72.16533813476555,
  "summary_bg_stdv": 56.229949951171875,
  "summary_fg_k": 0.5517648506132997,
  "summary_fg_mad": 527.20849609375,
  "summary_fg_mean": 1777.1240234375,
  "summary_fg_median": 1730.2333984375,
  "summary_fg_n": 17646.0,
  "summary_fg_p05": 781.6766815185547,
  "summary_fg_p95": 2916.3593139648438,
  "summary_fg_stdv": 620.3692626953125,
  "tsnr": 78.55393981933594
}