{
  "aor": 0.002647283464566929,
  "aqi": 0.0021415056535433073,
  "bids_meta": {
    "AcquisitionDateTime": "2016-04-27T20:31:55.000000",
    "ConversionSoftware": "dcm2niix",
    "ConversionSoftwareVersion": "v1.0.20170411 GCC4.8.4",
    "EchoTime": 0.04,
    "FlipAngle": 90,
    "ImageType": [
      "ORIGINAL",
      "PRIMARY",
      "EPI",
      "NONE"
    ],
    "MagneticFieldStrength": 3,
    "Manufacturer": "GE",
    "ManufacturersModelName": "DISCOVERY_MR750",
    "ProcedureStepDescription": "ActosHabla",
    "ProtocolName": "fMRI_ActosHabla_2",
    "RepetitionTime": 2,
    "ScanningSequence": "EP_GR",
    "SequenceVariant": "SS",
    "SeriesDescription": "fMRI_ActosHabla_2",
    "dataset": "unknown",
    "modality": "bold",
    "run_id": 2,
    "subject_id": "01",
    "task_id": "rah"
  },
  "dummy_trs": 0,
  "dvars_nstd": 17.022431347233205,
  "dvars_std": 1.1454098190909094,
  "dvars_vstd": 0.9903519020553364,
  "efc": 0.36446139101821245,
  "fber": 65554.9609375,
  "fd_mean": 0.061070094214189796,
  "fd_num": 12,
  "fd_perc": 4.724409448818897,
  "fwhm_avg": 2.7521583333333335,
  "fwhm_x": 2.6311,
  "fwhm_y": 2.9942,
  "fwhm_z": 2.631175,
  "gcor": 0.070682,
  "gsr_x": 0.0064966692589223385,
  "gsr_y": 0.0029397127218544483,
  "provenance": {
    "md5sum": "6266291a20b8d8a38b09ea586372aed3",
    "settings": {
      "fd_thres": 0.2,
      "hmc_fsl": false
    },
    "software": "mriqc",
    "version": "0.15.2rc1",
    "webapi_port": null,
    "webapi_url": "https://mriqc.nimh.nih.gov/api/v1"
  },
  "size_t": 254,
  "size_x": 64,
  "size_y": 64,
  "size_z": 35,
  "snr": 3.074348223460768,
  "spacing_tr": 2.0,
  "spacing_x": 4.0,
  "spacing_y": 4.0,
  "spacing_z": 4.0,
  "summary_bg_k": 70.3211558576425,
  "summary_bg_mad": 9.129094123840332,
  "summary_bg_mean": 31.177291870117188,
  "summary_bg_median": 6.484251976013184,
  "summary_bg_n": 96555.0,
  "summary_bg_p05": 0.05905511975288391,
  "summary_bg_p95": 115.53897399902347,
  "summary_bg_stdv": 102.57360076904297,
  "summary_fg_k": 0.14274956119533266,
  "summary_fg_mad": 511.66119384765625,
  "summary_fg_mean": 1686.1722412109375,
  "summary_fg_median": 1679.81298828125,
  "summary_fg_n": 18838.0,
  "summary_fg_p05": 771.4102111816406,
  "summary_fg_p95": 2619.8199584960926,
  "summary_fg_stdv": 546.3819580078125,
  "tsnr": 64.11581420898438
}