{
  "aor": 0.003776590038314176,
  "aqi": 0.0027325325019157084,
  "bids_meta": {
    "AcquisitionDateTime": "2016-04-27T20:22:10.000000",
    "ConversionSoftware": "dcm2niix",
    "ConversionSoftwareVersion": "v1.0.20170411 GCC4.8.4",
    "EchoTime": 0.04,
    "FlipAngle": 90,
    "ImageType": [
      "ORIGINAL",
      "PRIMARY",
      "EPI",
      "NONE"
    ],
    "MagneticFieldStrength": 3,
    "Manufacturer": "GE",
    "ManufacturersModelName": "DISCOVERY_MR750",
    "ProcedureStepDescription": "ActosHabla",
    "ProtocolName": "fMRI_ActosHabla_1",
    "RepetitionTime": 2,
    "ScanningSequence": "EP_GR",
    "SequenceVariant": "SS",
    "SeriesDescription": "fMRI_ActosHabla_1",
    "dataset": "unknown",
    "modality": "bold",
    "run_id": 1,
    "subject_id": "01",
    "task_id": "rah"
  },
  "dummy_trs": 0,
  "dvars_nstd": 18.179221123769235,
  "dvars_std": 1.1950017443461542,
  "dvars_vstd": 1.0009441236538459,
  "efc": 0.3638226238514687,
  "fber": 67766.1015625,
  "fd_mean": 0.07104746564107578,
  "fd_num": 16,
  "fd_perc": 6.130268199233717,
  "fwhm_avg": 2.7492416666666664,
  "fwhm_x": 2.632725,
  "fwhm_y": 2.990725,
  "fwhm_z": 2.624275,
  "gcor": 0.0814537,
  "gsr_x": 0.006146955769509077,
  "gsr_y": 0.0024807394947856665,
  "provenance": {
    "md5sum": "075e01bb5ac182febc716a727f7c61e5",
    "settings": {
      "fd_thres": 0.2,
      "hmc_fsl": false
    },
    "software": "mriqc",
    "version": "0.15.2rc1",
    "webapi_port": null,
    "webapi_url": "https://mriqc.nimh.nih.gov/api/v1"
  },
  "size_t": 261,
  "size_x": 64,
  "size_y": 64,
  "size_z": 35,
  "snr": 3.127047166644936,
  "spacing_tr": 2.0,
  "spacing_x": 4.0,
  "spacing_y": 4.0,
  "spacing_z": 4.0,
  "summary_bg_k": 67.70806074985487,
  "summary_bg_mad": 9.202359199523926,
  "summary_bg_mean": 31.868370056152344,
  "summary_bg_median": 6.532567024230957,
  "summary_bg_n": 96807.0,
  "summary_bg_p05": 0.06513410061597824,
  "summary_bg_p95": 119.71953811645503,
  "summary_bg_stdv": 103.69314575195312,
  "summary_fg_k": 0.2394701628889777,
  "summary_fg_mad": 508.60650634765625,
  "summary_fg_mean": 1712.992431640625,
  "summary_fg_median": 1710.538330078125,
  "summary_fg_n": 18666.0,
  "summary_fg_p05": 790.9415435791016,
  "summary_fg_p95": 2636.8983154296875,
  "summary_fg_stdv": 546.999267578125,
  "tsnr": 59.678321838378906
}