{
  "aor": 0.002034901960784313,
  "aqi": 0.0017259480352941178,
  "bids_meta": {
    "AcquisitionDateTime": "2016-04-27T20:41:41.000000",
    "ConversionSoftware": "dcm2niix",
    "ConversionSoftwareVersion": "v1.0.20170411 GCC4.8.4",
    "EchoTime": 0.04,
    "FlipAngle": 90,
    "ImageType": [
      "ORIGINAL",
      "PRIMARY",
      "EPI",
      "NONE"
    ],
    "MagneticFieldStrength": 3,
    "Manufacturer": "GE",
    "ManufacturersModelName": "DISCOVERY_MR750",
    "ProcedureStepDescription": "ActosHabla",
    "ProtocolName": "fMRI_ActosHabla_3",
    "RepetitionTime": 2,
    "ScanningSequence": "EP_GR",
    "SequenceVariant": "SS",
    "SeriesDescription": "fMRI_ActosHabla_3",
    "dataset": "unknown",
    "modality": "bold",
    "run_id": 3,
    "subject_id": "01",
    "task_id": "rah"
  },
  "dummy_trs": 0,
  "dvars_nstd": 17.557518572716525,
  "dvars_std": 1.1681403928346457,
  "dvars_vstd": 0.9954668837795276,
  "efc": 0.3645838005738867,
  "fber": 66839.7109375,
  "fd_mean": 0.0703555229106247,
  "fd_num": 13,
  "fd_perc": 5.098039215686274,
  "fwhm_avg": 2.745725,
  "fwhm_x": 2.626675,
  "fwhm_y": 2.981575,
  "fwhm_z": 2.628925,
  "gcor": 0.142303,
  "gsr_x": 0.006703705992549658,
  "gsr_y": 0.003625404555350542,
  "provenance": {
    "md5sum": "70f6589f7a29a222a35c233a0e13c767",
    "settings": {
      "fd_thres": 0.2,
      "hmc_fsl": false
    },
    "software": "mriqc",
    "version": "0.15.2rc1",
    "webapi_port": null,
    "webapi_url": "https://mriqc.nimh.nih.gov/api/v1"
  },
  "size_t": 255,
  "size_x": 64,
  "size_y": 64,
  "size_z": 35,
  "snr": 3.0787481230035403,
  "spacing_tr": 2.0,
  "spacing_x": 4.0,
  "spacing_y": 4.0,
  "spacing_z": 4.0,
  "summary_bg_k": 70.45145032835849,
  "summary_bg_mad": 9.099108695983887,
  "summary_bg_mean": 31.3909854888916,
  "summary_bg_median": 6.454902172088623,
  "summary_bg_n": 96624.0,
  "summary_bg_p05": 0.05490196496248245,
  "summary_bg_p95": 118.29059791564922,
  "summary_bg_stdv": 103.0498275756836,
  "summary_fg_k": 0.1660924028096611,
  "summary_fg_mad": 507.2535705566406,
  "summary_fg_mean": 1690.6749267578125,
  "summary_fg_median": 1683.0550537109375,
  "summary_fg_n": 18815.0,
  "summary_fg_p05": 772.7616088867187,
  "summary_fg_p95": 2620.1640625,
  "summary_fg_stdv": 546.6541137695312,
  "tsnr": 60.5950813293457
}