{
  "aor": 0.0009959375,
  "aqi": 0.0013551090714285716,
  "bids_meta": {
    "AcquisitionMatrixPE": 64,
    "AcquisitionNumber": 1,
    "AcquisitionTime": "16:10:7.000000",
    "BodyPartExamined": "HEAD",
    "CoilString": "32Ch_Head",
    "ConversionSoftware": "dcm2niix",
    "ConversionSoftwareVersion": "v1.0.20181125  (JP2:OpenJPEG) GCC7.3.0",
    "DeviceSerialNumber": "0002806034DVR750",
    "EchoTime": 0.04,
    "EffectiveEchoSpacing": 0.000372,
    "FlipAngle": 90,
    "ImageOrientationPatientDICOM": [
      1,
      0,
      0,
      0,
      1,
      0
    ],
    "ImageType": [
      "ORIGINAL",
      "PRIMARY",
      "EPI",
      "NONE"
    ],
    "ImagingFrequency": 127.772,
    "InPlanePhaseEncodingDirectionDICOM": "COL",
    "InstitutionName": "INSTITUTO_DE_NEUROBIOLOGIA",
    "MRAcquisitionType": "2D",
    "MagneticFieldStrength": 3,
    "Manufacturer": "GE",
    "ManufacturersModelName": "DISCOVERY_MR750",
    "Modality": "MR",
    "PatientPosition": "HFS",
    "PercentPhaseFOV": 100,
    "PhaseEncodingDirection": "j",
    "PhaseEncodingPolarityGE": "Flipped",
    "PixelBandwidth": 7812.5,
    "ProcedureStepDescription": "Emociones_AH",
    "ProtocolName": "fMRI_Jalil_2",
    "ReconMatrixPE": 64,
    "RepetitionTime": 2,
    "SAR": 0.20565,
    "ScanOptions": "EPI_GEMS_ACC_GEMS",
    "ScanningSequence": "EP_GR",
    "SequenceVariant": "SS",
    "SeriesDescription": "fMRI_Jalil_2",
    "SeriesNumber": 6,
    "SliceThickness": 4,
    "SliceTiming": [
      0,
      1.0285,
      0.0571001,
      1.0857,
      0.1142,
      1.1428,
      0.1714,
      1.2,
      0.2285,
      1.2571,
      0.2857,
      1.3143,
      0.3428,
      1.3714,
      0.4,
      1.4286,
      0.4571,
      1.4857,
      0.5142,
      1.5428,
      0.5714,
      1.6,
      0.6285,
      1.6571,
      0.6857,
      1.7143,
      0.7428,
      1.7714,
      0.8,
      1.8285,
      0.8571,
      1.8857,
      0.9143,
      1.9428,
      0.9714
    ],
    "SoftwareVersions": "27_LX_MR_Software_release:DV26.0_R02_1810.b",
    "SpacingBetweenSlices": 4,
    "StationName": "GEHCGEHC",
    "TaskName": "eah",
    "TotalReadoutTime": 0.023436,
    "dataset": "unknown",
    "modality": "bold",
    "run_id": 2,
    "subject_id": "38",
    "task_id": "eah"
  },
  "dummy_trs": 0,
  "dvars_nstd": 16.486745449417032,
  "dvars_std": 1.1534732634080715,
  "dvars_vstd": 0.9824280500448432,
  "efc": 0.36624857596182636,
  "fber": 45570.31640625,
  "fd_mean": 0.053255765926826105,
  "fd_num": 0,
  "fd_perc": 0.0,
  "fwhm_avg": 2.7991499999999996,
  "fwhm_x": 2.707725,
  "fwhm_y": 2.89245,
  "fwhm_z": 2.797275,
  "gcor": 0.0349571,
  "gsr_x": -0.003836928168311715,
  "gsr_y": 0.006272389553487301,
  "provenance": {
    "md5sum": "45588a097a946a28bd6248bee5145777",
    "settings": {
      "fd_thres": 0.2,
      "hmc_fsl": false
    },
    "software": "mriqc",
    "version": "0.15.2rc1",
    "webapi_port": null,
    "webapi_url": "https://mriqc.nimh.nih.gov/api/v1"
  },
  "size_t": 224,
  "size_x": 64,
  "size_y": 64,
  "size_z": 35,
  "snr": 2.7411706181821582,
  "spacing_tr": 2.0,
  "spacing_x": 4.0,
  "spacing_y": 4.0,
  "spacing_z": 4.0,
  "summary_bg_k": 222.82893531388987,
  "summary_bg_mad": 11.00037956237793,
  "summary_bg_mean": 32.96157455444336,
  "summary_bg_median": 7.892857551574707,
  "summary_bg_n": 96533.0,
  "summary_bg_p05": 0.066964291036129,
  "summary_bg_p95": 137.14911193847652,
  "summary_bg_stdv": 98.79182434082031,
  "summary_fg_k": 0.23208299677165511,
  "summary_fg_mad": 584.658203125,
  "summary_fg_mean": 1805.6910400390625,
  "summary_fg_median": 1744.2255859375,
  "summary_fg_n": 19228.0,
  "summary_fg_p05": 826.2493591308594,
  "summary_fg_p95": 2972.8090087890623,
  "summary_fg_stdv": 636.290283203125,
  "tsnr": 80.62967681884766
}