{
  "aor": 0.0018196000000000002,
  "aqi": 0.0012276934066666667,
  "bids_meta": {
    "AcquisitionMatrixPE": 64,
    "AcquisitionNumber": 1,
    "AcquisitionTime": "16:27:43.000000",
    "BodyPartExamined": "HEAD",
    "CoilString": "32Ch_Head",
    "ConversionSoftware": "dcm2niix",
    "ConversionSoftwareVersion": "v1.0.20181125  (JP2:OpenJPEG) GCC7.3.0",
    "DeviceSerialNumber": "0002806034DVR750",
    "EchoTime": 0.04,
    "EffectiveEchoSpacing": 0.000372,
    "FlipAngle": 90,
    "ImageOrientationPatientDICOM": [
      1,
      0,
      0,
      0,
      1,
      0
    ],
    "ImageType": [
      "ORIGINAL",
      "PRIMARY",
      "EPI",
      "NONE"
    ],
    "ImagingFrequency": 127.772,
    "InPlanePhaseEncodingDirectionDICOM": "COL",
    "InstitutionName": "INSTITUTO_DE_NEUROBIOLOGIA",
    "MRAcquisitionType": "2D",
    "MagneticFieldStrength": 3,
    "Manufacturer": "GE",
    "ManufacturersModelName": "DISCOVERY_MR750",
    "Modality": "MR",
    "PatientPosition": "HFS",
    "PercentPhaseFOV": 100,
    "PhaseEncodingDirection": "j",
    "PhaseEncodingPolarityGE": "Flipped",
    "PixelBandwidth": 7812.5,
    "ProcedureStepDescription": "Emociones_AH",
    "ProtocolName": "fMRI_Jalil_4",
    "ReconMatrixPE": 64,
    "RepetitionTime": 2,
    "SAR": 0.20565,
    "ScanOptions": "EPI_GEMS_ACC_GEMS",
    "ScanningSequence": "EP_GR",
    "SequenceVariant": "SS",
    "SeriesDescription": "fMRI_Jalil_4",
    "SeriesNumber": 8,
    "SliceThickness": 4,
    "SliceTiming": [
      0,
      1.0285,
      0.0571001,
      1.0857,
      0.1142,
      1.1428,
      0.1714,
      1.2,
      0.2285,
      1.2571,
      0.2857,
      1.3143,
      0.3428,
      1.3714,
      0.4,
      1.4286,
      0.4571,
      1.4857,
      0.5142,
      1.5428,
      0.5714,
      1.6,
      0.6285,
      1.6571,
      0.6857,
      1.7143,
      0.7428,
      1.7714,
      0.8,
      1.8285,
      0.8571,
      1.8857,
      0.9143,
      1.9428,
      0.9714
    ],
    "SoftwareVersions": "27_LX_MR_Software_release:DV26.0_R02_1810.b",
    "SpacingBetweenSlices": 4,
    "StationName": "GEHCGEHC",
    "TaskName": "eah",
    "TotalReadoutTime": 0.023436,
    "dataset": "unknown",
    "modality": "bold",
    "run_id": 4,
    "subject_id": "38",
    "task_id": "eah"
  },
  "dummy_trs": 0,
  "dvars_nstd": 17.1515504400671,
  "dvars_std": 1.2192113791275165,
  "dvars_vstd": 1.0345239010067115,
  "efc": 0.3659659586913167,
  "fber": 42385.578125,
  "fd_mean": 0.05939119811346044,
  "fd_num": 2,
  "fd_perc": 1.3333333333333333,
  "fwhm_avg": 2.780616666666667,
  "fwhm_x": 2.7065,
  "fwhm_y": 2.87075,
  "fwhm_z": 2.7646,
  "gcor": 0.0611239,
  "gsr_x": -0.004334221128374338,
  "gsr_y": 0.006264496594667435,
  "provenance": {
    "md5sum": "70ecb2d9402d0bcc13a80bb910add990",
    "settings": {
      "fd_thres": 0.2,
      "hmc_fsl": false
    },
    "software": "mriqc",
    "version": "0.15.2rc1",
    "webapi_port": null,
    "webapi_url": "https://mriqc.nimh.nih.gov/api/v1"
  },
  "size_t": 150,
  "size_x": 64,
  "size_y": 64,
  "size_z": 35,
  "snr": 2.7060480784247094,
  "spacing_tr": 2.0,
  "spacing_x": 4.0,
  "spacing_y": 4.0,
  "spacing_z": 4.0,
  "summary_bg_k": 231.4393660122067,
  "summary_bg_mad": 11.084922790527344,
  "summary_bg_mean": 32.650917053222656,
  "summary_bg_median": 7.949999809265137,
  "summary_bg_n": 96658.0,
  "summary_bg_p05": 0.06666667014360428,
  "summary_bg_p95": 137.14400024414047,
  "summary_bg_stdv": 95.75831604003906,
  "summary_fg_k": 0.2462432929235172,
  "summary_fg_mad": 584.550537109375,
  "summary_fg_mean": 1768.075927734375,
  "summary_fg_median": 1705.86669921875,
  "summary_fg_n": 19118.0,
  "summary_fg_p05": 810.722998046875,
  "summary_fg_p95": 2921.1076660156245,
  "summary_fg_stdv": 630.3739013671875,
  "tsnr": 85.33753967285156
}