{
  "aor": 0.0009543307086614173,
  "aqi": 0.0016345991102362206,
  "bids_meta": {
    "AcquisitionMatrixPE": 64,
    "AcquisitionNumber": 1,
    "AcquisitionTime": "16:18:19.000000",
    "BodyPartExamined": "HEAD",
    "CoilString": "32Ch_Head",
    "ConversionSoftware": "dcm2niix",
    "ConversionSoftwareVersion": "v1.0.20181125  (JP2:OpenJPEG) GCC7.3.0",
    "DeviceSerialNumber": "0002806034DVR750",
    "EchoTime": 0.04,
    "EffectiveEchoSpacing": 0.000372,
    "FlipAngle": 90,
    "ImageOrientationPatientDICOM": [
      1,
      0,
      0,
      0,
      1,
      0
    ],
    "ImageType": [
      "ORIGINAL",
      "PRIMARY",
      "EPI",
      "NONE"
    ],
    "ImagingFrequency": 127.772,
    "InPlanePhaseEncodingDirectionDICOM": "COL",
    "InstitutionName": "INSTITUTO_DE_NEUROBIOLOGIA",
    "MRAcquisitionType": "2D",
    "MagneticFieldStrength": 3,
    "Manufacturer": "GE",
    "ManufacturersModelName": "DISCOVERY_MR750",
    "Modality": "MR",
    "PatientPosition": "HFS",
    "PercentPhaseFOV": 100,
    "PhaseEncodingDirection": "j",
    "PhaseEncodingPolarityGE": "Flipped",
    "PixelBandwidth": 7812.5,
    "ProcedureStepDescription": "Emociones_AH",
    "ProtocolName": "fMRI_Jalil_3",
    "ReconMatrixPE": 64,
    "RepetitionTime": 2,
    "SAR": 0.20565,
    "ScanOptions": "EPI_GEMS_ACC_GEMS",
    "ScanningSequence": "EP_GR",
    "SequenceVariant": "SS",
    "SeriesDescription": "fMRI_Jalil_3",
    "SeriesNumber": 7,
    "SliceThickness": 4,
    "SliceTiming": [
      0,
      1.0285,
      0.0571001,
      1.0857,
      0.1142,
      1.1428,
      0.1714,
      1.2,
      0.2285,
      1.2571,
      0.2857,
      1.3143,
      0.3428,
      1.3714,
      0.4,
      1.4286,
      0.4571,
      1.4857,
      0.5142,
      1.5428,
      0.5714,
      1.6,
      0.6285,
      1.6571,
      0.6857,
      1.7143,
      0.7428,
      1.7714,
      0.8,
      1.8285,
      0.8571,
      1.8857,
      0.9143,
      1.9428,
      0.9714
    ],
    "SoftwareVersions": "27_LX_MR_Software_release:DV26.0_R02_1810.b",
    "SpacingBetweenSlices": 4,
    "StationName": "GEHCGEHC",
    "TaskName": "eah",
    "TotalReadoutTime": 0.023436,
    "dataset": "unknown",
    "modality": "bold",
    "run_id": 3,
    "subject_id": "38",
    "task_id": "eah"
  },
  "dummy_trs": 0,
  "dvars_nstd": 16.923140940553353,
  "dvars_std": 1.1448172320553356,
  "dvars_vstd": 0.9707183179051377,
  "efc": 0.36659342985647203,
  "fber": 45178.3203125,
  "fd_mean": 0.0632127477620871,
  "fd_num": 5,
  "fd_perc": 1.968503937007874,
  "fwhm_avg": 2.7991499999999996,
  "fwhm_x": 2.706925,
  "fwhm_y": 2.896975,
  "fwhm_z": 2.79355,
  "gcor": 0.0343828,
  "gsr_x": -0.004077051300555468,
  "gsr_y": 0.006523615680634975,
  "provenance": {
    "md5sum": "7fb714ae0cf7be7c7e0e9e7d705f3fe1",
    "settings": {
      "fd_thres": 0.2,
      "hmc_fsl": false
    },
    "software": "mriqc",
    "version": "0.15.2rc1",
    "webapi_port": null,
    "webapi_url": "https://mriqc.nimh.nih.gov/api/v1"
  },
  "size_t": 254,
  "size_x": 64,
  "size_y": 64,
  "size_z": 35,
  "snr": 2.726740017751042,
  "spacing_tr": 2.0,
  "spacing_x": 4.0,
  "spacing_y": 4.0,
  "spacing_z": 4.0,
  "summary_bg_k": 293.4359429042533,
  "summary_bg_mad": 11.02028751373291,
  "summary_bg_mean": 33.31185531616211,
  "summary_bg_median": 7.909448623657227,
  "summary_bg_n": 96522.0,
  "summary_bg_p05": 0.07480315119028091,
  "summary_bg_p95": 138.27952575683594,
  "summary_bg_stdv": 102.0169448852539,
  "summary_fg_k": 0.23210002731822632,
  "summary_fg_mad": 582.16064453125,
  "summary_fg_mean": 1796.6229248046875,
  "summary_fg_median": 1734.9212646484375,
  "summary_fg_n": 19244.0,
  "summary_fg_p05": 815.2177337646484,
  "summary_fg_p95": 2954.6289550781244,
  "summary_fg_stdv": 636.2455444335938,
  "tsnr": 71.20655822753906
}