{
  "aor": 0.009488925619834712,
  "aqi": 0.002046089979338843,
  "bids_meta": {
    "AcquisitionMatrixPE": 64,
    "AcquisitionNumber": 1,
    "AcquisitionTime": "16:01:15.000000",
    "BodyPartExamined": "HEAD",
    "CoilString": "32Ch_Head",
    "ConversionSoftware": "dcm2niix",
    "ConversionSoftwareVersion": "v1.0.20181125  (JP2:OpenJPEG) GCC7.3.0",
    "DeviceSerialNumber": "0002806034DVR750",
    "EchoTime": 0.04,
    "EffectiveEchoSpacing": 0.000372,
    "FlipAngle": 90,
    "ImageOrientationPatientDICOM": [
      1,
      0,
      0,
      0,
      1,
      0
    ],
    "ImageType": [
      "ORIGINAL",
      "PRIMARY",
      "EPI",
      "NONE"
    ],
    "ImagingFrequency": 127.772,
    "InPlanePhaseEncodingDirectionDICOM": "COL",
    "InstitutionName": "INSTITUTO_DE_NEUROBIOLOGIA",
    "MRAcquisitionType": "2D",
    "MagneticFieldStrength": 3,
    "Manufacturer": "GE",
    "ManufacturersModelName": "DISCOVERY_MR750",
    "Modality": "MR",
    "PatientPosition": "HFS",
    "PercentPhaseFOV": 100,
    "PhaseEncodingDirection": "j",
    "PhaseEncodingPolarityGE": "Flipped",
    "PixelBandwidth": 7812.5,
    "ProcedureStepDescription": "Emociones_AH",
    "ProtocolName": "fMRI_Jalil_1",
    "ReconMatrixPE": 64,
    "RepetitionTime": 2,
    "SAR": 0.20565,
    "ScanOptions": "EPI_GEMS_ACC_GEMS",
    "ScanningSequence": "EP_GR",
    "SequenceVariant": "SS",
    "SeriesDescription": "fMRI_Jalil_1",
    "SeriesNumber": 5,
    "SliceThickness": 4,
    "SliceTiming": [
      0,
      1.0285,
      0.0571001,
      1.0857,
      0.1142,
      1.1428,
      0.1714,
      1.2,
      0.2285,
      1.2571,
      0.2857,
      1.3143,
      0.3428,
      1.3714,
      0.4,
      1.4286,
      0.4571,
      1.4857,
      0.5142,
      1.5428,
      0.5714,
      1.6,
      0.6285,
      1.6571,
      0.6857,
      1.7143,
      0.7428,
      1.7714,
      0.8,
      1.8285,
      0.8571,
      1.8857,
      0.9143,
      1.9428,
      0.9714
    ],
    "SoftwareVersions": "27_LX_MR_Software_release:DV26.0_R02_1810.b",
    "SpacingBetweenSlices": 4,
    "StationName": "GEHCGEHC",
    "TaskName": "eah",
    "TotalReadoutTime": 0.023436,
    "dataset": "unknown",
    "modality": "bold",
    "run_id": 1,
    "subject_id": "38",
    "task_id": "eah"
  },
  "dummy_trs": 0,
  "dvars_nstd": 18.187997766846472,
  "dvars_std": 1.2252358415767644,
  "dvars_vstd": 1.0680638994190872,
  "efc": 0.36529487844310615,
  "fber": 45428.38671875,
  "fd_mean": 0.09740355434952037,
  "fd_num": 12,
  "fd_perc": 4.958677685950414,
  "fwhm_avg": 2.8071416666666664,
  "fwhm_x": 2.726325,
  "fwhm_y": 2.895575,
  "fwhm_z": 2.799525,
  "gcor": 0.0226006,
  "gsr_x": -0.003687008051201701,
  "gsr_y": 0.00477828411385417,
  "provenance": {
    "md5sum": "088ff9ba97c193cdaf1a84502890fc43",
    "settings": {
      "fd_thres": 0.2,
      "hmc_fsl": false
    },
    "software": "mriqc",
    "version": "0.15.2rc1",
    "webapi_port": null,
    "webapi_url": "https://mriqc.nimh.nih.gov/api/v1"
  },
  "size_t": 242,
  "size_x": 64,
  "size_y": 64,
  "size_z": 35,
  "snr": 2.732534829921412,
  "spacing_tr": 2.0,
  "spacing_x": 4.0,
  "spacing_y": 4.0,
  "spacing_z": 4.0,
  "summary_bg_k": 140.03227812728454,
  "summary_bg_mad": 10.880583763122559,
  "summary_bg_mean": 32.48236846923828,
  "summary_bg_median": 7.859503746032715,
  "summary_bg_n": 96581.0,
  "summary_bg_p05": 0.10330577939748764,
  "summary_bg_p95": 136.388427734375,
  "summary_bg_stdv": 94.21819305419922,
  "summary_fg_k": 0.23379400975996356,
  "summary_fg_mad": 584.4026489257812,
  "summary_fg_mean": 1799.9283447265625,
  "summary_fg_median": 1737.38427734375,
  "summary_fg_n": 19161.0,
  "summary_fg_p05": 816.5661010742188,
  "summary_fg_p95": 2961.954345703125,
  "summary_fg_stdv": 635.7975463867188,
  "tsnr": 66.54450988769531
}