{
  "aor": 0.002446551724137931,
  "aqi": 0.0014636374252873562,
  "bids_meta": {
    "AcquisitionMatrixPE": 64,
    "AcquisitionNumber": 1,
    "AcquisitionTime": "18:21:47.000000",
    "CoilString": "32Ch_Head",
    "ConversionSoftware": "dcm2niix",
    "ConversionSoftwareVersion": "v1.0.20190902",
    "Dcm2bidsVersion": "2.1.4",
    "DeviceSerialNumber": "000000000000GEHC",
    "EchoTime": 0.04,
    "EffectiveEchoSpacing": 0.000372,
    "FlipAngle": 90,
    "ImageOrientationPatientDICOM": [
      1,
      0,
      0,
      0,
      1,
      0
    ],
    "ImageType": [
      "ORIGINAL",
      "PRIMARY",
      "EPI",
      "NONE"
    ],
    "ImagingFrequency": 127.772,
    "InPlanePhaseEncodingDirectionDICOM": "COL",
    "InstitutionName": "INSTITUTO_DE_NEUROBIOLOGIA",
    "MRAcquisitionType": "2D",
    "MagneticFieldStrength": 3,
    "Manufacturer": "GE",
    "ManufacturersModelName": "DISCOVERY_MR750",
    "Modality": "MR",
    "PatientPosition": "HFS",
    "PercentPhaseFOV": 100,
    "PhaseEncodingDirection": "j",
    "PhaseEncodingPolarityGE": "Flipped",
    "PixelBandwidth": 7812.5,
    "ProcedureStepDescription": "verbos",
    "ProtocolName": "fMRI_3",
    "ReconMatrixPE": 64,
    "RepetitionTime": 2,
    "SAR": 0.364805,
    "ScanOptions": "EPI_GEMS_ACC_GEMS",
    "ScanningSequence": "EP_GR",
    "SequenceVariant": "SS",
    "SeriesDescription": "fMRI_3",
    "SeriesNumber": 6,
    "SliceThickness": 4,
    "SliceTiming": [
      0,
      1.0285,
      0.0571001,
      1.0857,
      0.1142,
      1.1428,
      0.1714,
      1.2,
      0.2285,
      1.2571,
      0.2857,
      1.3143,
      0.3428,
      1.3714,
      0.4,
      1.4286,
      0.4571,
      1.4857,
      0.5142,
      1.5428,
      0.5714,
      1.6,
      0.6285,
      1.6571,
      0.6857,
      1.7143,
      0.7428,
      1.7714,
      0.8,
      1.8285,
      0.8571,
      1.8857,
      0.9143,
      1.9428,
      0.9714
    ],
    "SoftwareVersions": "24_LX_MR_Software_release:DV24.0_R02_1607.b",
    "SpacingBetweenSlices": 4,
    "StationName": "GEHCGEHC",
    "TotalReadoutTime": 0.023436,
    "dataset": "unknown",
    "modality": "bold",
    "run_id": 3,
    "subject_id": "141",
    "task_id": "verbs"
  },
  "dummy_trs": 0,
  "dvars_nstd": 19.25834268786126,
  "dvars_std": 1.2097590969364158,
  "dvars_vstd": 1.0116537216763004,
  "efc": 0.3563825504206624,
  "fber": 53154.0546875,
  "fd_mean": 0.08513275544067174,
  "fd_num": 6,
  "fd_perc": 3.4482758620689653,
  "fwhm_avg": 2.9133333333333336,
  "fwhm_x": 2.866425,
  "fwhm_y": 2.8938,
  "fwhm_z": 2.979775,
  "gcor": 0.0264251,
  "gsr_x": -0.0008098392281681299,
  "gsr_y": 0.001930989557877183,
  "provenance": {
    "md5sum": "940605a46b5f7ce589d81dc64a024bf9",
    "settings": {
      "fd_thres": 0.2,
      "hmc_fsl": false
    },
    "software": "mriqc",
    "version": "0.15.2rc1",
    "webapi_port": null,
    "webapi_url": "https://mriqc.nimh.nih.gov/api/v1"
  },
  "size_t": 174,
  "size_x": 64,
  "size_y": 64,
  "size_z": 35,
  "snr": 2.497364465451131,
  "spacing_tr": 2.0,
  "spacing_x": 4.0,
  "spacing_y": 4.0,
  "spacing_z": 4.0,
  "summary_bg_k": 109.93473125082689,
  "summary_bg_mad": 10.293008804321289,
  "summary_bg_mean": 30.965660095214844,
  "summary_bg_median": 7.408045768737793,
  "summary_bg_n": 96908.0,
  "summary_bg_p05": 0.07471264153718948,
  "summary_bg_p95": 134.46925430297847,
  "summary_bg_stdv": 91.86141204833984,
  "summary_fg_k": 0.9431566322869931,
  "summary_fg_mad": 591.0386962890625,
  "summary_fg_mean": 1819.7100830078125,
  "summary_fg_median": 1738.2586669921875,
  "summary_fg_n": 18999.0,
  "summary_fg_p05": 802.6339172363281,
  "summary_fg_p95": 3154.5390625,
  "summary_fg_stdv": 696.0189208984375,
  "tsnr": 75.31131744384766
}