{
  "aor": 0.0016235057471264366,
  "aqi": 0.0014690829425287356,
  "bids_meta": {
    "AcquisitionMatrixPE": 64,
    "AcquisitionNumber": 1,
    "AcquisitionTime": "18:15:12.000000",
    "CoilString": "32Ch_Head",
    "ConversionSoftware": "dcm2niix",
    "ConversionSoftwareVersion": "v1.0.20190902",
    "Dcm2bidsVersion": "2.1.4",
    "DeviceSerialNumber": "000000000000GEHC",
    "EchoTime": 0.04,
    "EffectiveEchoSpacing": 0.000372,
    "FlipAngle": 90,
    "ImageOrientationPatientDICOM": [
      1,
      0,
      0,
      0,
      1,
      0
    ],
    "ImageType": [
      "ORIGINAL",
      "PRIMARY",
      "EPI",
      "NONE"
    ],
    "ImagingFrequency": 127.772,
    "InPlanePhaseEncodingDirectionDICOM": "COL",
    "InstitutionName": "INSTITUTO_DE_NEUROBIOLOGIA",
    "MRAcquisitionType": "2D",
    "MagneticFieldStrength": 3,
    "Manufacturer": "GE",
    "ManufacturersModelName": "DISCOVERY_MR750",
    "Modality": "MR",
    "PatientPosition": "HFS",
    "PercentPhaseFOV": 100,
    "PhaseEncodingDirection": "j",
    "PhaseEncodingPolarityGE": "Flipped",
    "PixelBandwidth": 7812.5,
    "ProcedureStepDescription": "verbos",
    "ProtocolName": "fMRI_2",
    "ReconMatrixPE": 64,
    "RepetitionTime": 2,
    "SAR": 0.364805,
    "ScanOptions": "EPI_GEMS_ACC_GEMS",
    "ScanningSequence": "EP_GR",
    "SequenceVariant": "SS",
    "SeriesDescription": "fMRI_2",
    "SeriesNumber": 5,
    "SliceThickness": 4,
    "SliceTiming": [
      0,
      1.0285,
      0.0571001,
      1.0857,
      0.1142,
      1.1428,
      0.1714,
      1.2,
      0.2285,
      1.2571,
      0.2857,
      1.3143,
      0.3428,
      1.3714,
      0.4,
      1.4286,
      0.4571,
      1.4857,
      0.5142,
      1.5428,
      0.5714,
      1.6,
      0.6285,
      1.6571,
      0.6857,
      1.7143,
      0.7428,
      1.7714,
      0.8,
      1.8285,
      0.8571,
      1.8857,
      0.9143,
      1.9428,
      0.9714
    ],
    "SoftwareVersions": "24_LX_MR_Software_release:DV24.0_R02_1607.b",
    "SpacingBetweenSlices": 4,
    "StationName": "GEHCGEHC",
    "TotalReadoutTime": 0.023436,
    "dataset": "unknown",
    "modality": "bold",
    "run_id": 2,
    "subject_id": "141",
    "task_id": "verbs"
  },
  "dummy_trs": 0,
  "dvars_nstd": 18.302599185144512,
  "dvars_std": 1.1718002665895952,
  "dvars_vstd": 0.988418471387283,
  "efc": 0.35536995620135275,
  "fber": 52454.37109375,
  "fd_mean": 0.05948503166803032,
  "fd_num": 0,
  "fd_perc": 0.0,
  "fwhm_avg": 2.9271166666666666,
  "fwhm_x": 2.87895,
  "fwhm_y": 2.89945,
  "fwhm_z": 3.00295,
  "gcor": 0.0181909,
  "gsr_x": -0.0011162965092808008,
  "gsr_y": 0.001319151371717453,
  "provenance": {
    "md5sum": "577ecacaef2b5c57154577cf9305f93a",
    "settings": {
      "fd_thres": 0.2,
      "hmc_fsl": false
    },
    "software": "mriqc",
    "version": "0.15.2rc1",
    "webapi_port": null,
    "webapi_url": "https://mriqc.nimh.nih.gov/api/v1"
  },
  "size_t": 174,
  "size_x": 64,
  "size_y": 64,
  "size_z": 35,
  "snr": 2.4876211547942773,
  "spacing_tr": 2.0,
  "spacing_x": 4.0,
  "spacing_y": 4.0,
  "spacing_z": 4.0,
  "summary_bg_k": 95.37449489274452,
  "summary_bg_mad": 10.275967597961426,
  "summary_bg_mean": 30.366113662719727,
  "summary_bg_median": 7.431034564971924,
  "summary_bg_n": 96923.0,
  "summary_bg_p05": 0.08045977354049683,
  "summary_bg_p95": 130.33563232421855,
  "summary_bg_stdv": 89.03336334228516,
  "summary_fg_k": 0.9114755338252811,
  "summary_fg_mad": 590.0584716796875,
  "summary_fg_mean": 1823.3714599609375,
  "summary_fg_median": 1737.459716796875,
  "summary_fg_n": 18957.0,
  "summary_fg_p05": 795.4885131835938,
  "summary_fg_p95": 3170.557373046876,
  "summary_fg_stdv": 698.423828125,
  "tsnr": 77.8075180053711
}