{
  "aor": 0.009171500000000003,
  "aqi": 0.002799399876666666,
  "bids_meta": {
    "AcquisitionMatrixPE": 64,
    "AcquisitionNumber": 1,
    "AcquisitionTime": "19:04:57.000000",
    "CoilString": "32Ch_Head",
    "ConversionSoftware": "dcm2niix",
    "ConversionSoftwareVersion": "v1.0.20190902",
    "Dcm2bidsVersion": "2.1.4",
    "DeviceSerialNumber": "000000000000GEHC",
    "EchoTime": 0.04,
    "EffectiveEchoSpacing": 0.000372,
    "FlipAngle": 90,
    "ImageOrientationPatientDICOM": [
      1,
      0,
      0,
      0,
      1,
      0
    ],
    "ImageType": [
      "ORIGINAL",
      "PRIMARY",
      "EPI",
      "NONE"
    ],
    "ImagingFrequency": 127.772,
    "InPlanePhaseEncodingDirectionDICOM": "COL",
    "InstitutionName": "INSTITUTO_DE_NEUROBIOLOGIA",
    "MRAcquisitionType": "2D",
    "MagneticFieldStrength": 3,
    "Manufacturer": "GE",
    "ManufacturersModelName": "DISCOVERY_MR750",
    "Modality": "MR",
    "PatientPosition": "HFS",
    "PercentPhaseFOV": 100,
    "PhaseEncodingDirection": "j",
    "PhaseEncodingPolarityGE": "Flipped",
    "PixelBandwidth": 7812.5,
    "ProcedureStepDescription": "verbos",
    "ProtocolName": "fMRI_RestState",
    "ReconMatrixPE": 64,
    "RepetitionTime": 2,
    "SAR": 0.364805,
    "ScanOptions": "EPI_GEMS_ACC_GEMS",
    "ScanningSequence": "EP_GR",
    "SequenceVariant": "SS",
    "SeriesDescription": "fMRI_RestState",
    "SeriesNumber": 12,
    "SliceThickness": 4,
    "SliceTiming": [
      0,
      1.0285,
      0.0571001,
      1.0857,
      0.1142,
      1.1428,
      0.1714,
      1.2,
      0.2285,
      1.2571,
      0.2857,
      1.3143,
      0.3428,
      1.3714,
      0.4,
      1.4286,
      0.4571,
      1.4857,
      0.5142,
      1.5428,
      0.5714,
      1.6,
      0.6285,
      1.6571,
      0.6857,
      1.7143,
      0.7428,
      1.7714,
      0.8,
      1.8285,
      0.8571,
      1.8857,
      0.9143,
      1.9428,
      0.9714
    ],
    "SoftwareVersions": "24_LX_MR_Software_release:DV24.0_R02_1607.b",
    "SpacingBetweenSlices": 4,
    "StationName": "GEHCGEHC",
    "TotalReadoutTime": 0.023436,
    "dataset": "unknown",
    "modality": "bold",
    "subject_id": "141",
    "task_id": "rest"
  },
  "dummy_trs": 0,
  "dvars_nstd": 19.010439455150504,
  "dvars_std": 1.1512760082943145,
  "dvars_vstd": 1.003446024481605,
  "efc": 0.360196580187744,
  "fber": 46378.2109375,
  "fd_mean": 0.08204491248521062,
  "fd_num": 16,
  "fd_perc": 5.333333333333333,
  "fwhm_avg": 2.8862083333333337,
  "fwhm_x": 2.841925,
  "fwhm_y": 2.859175,
  "fwhm_z": 2.957525,
  "gcor": 0.0545116,
  "gsr_x": -0.0021173132117837667,
  "gsr_y": 0.003355104010552168,
  "provenance": {
    "md5sum": "fa8267d38bb33136b60b8b9179eb6c79",
    "settings": {
      "fd_thres": 0.2,
      "hmc_fsl": false
    },
    "software": "mriqc",
    "version": "0.15.2rc1",
    "webapi_port": null,
    "webapi_url": "https://mriqc.nimh.nih.gov/api/v1"
  },
  "size_t": 300,
  "size_x": 64,
  "size_y": 64,
  "size_z": 35,
  "snr": 2.510881813087466,
  "spacing_tr": 2.0,
  "spacing_x": 4.0,
  "spacing_y": 4.0,
  "spacing_z": 4.0,
  "summary_bg_k": 84.77123902339201,
  "summary_bg_mad": 10.729098320007324,
  "summary_bg_mean": 33.29647445678711,
  "summary_bg_median": 7.730000019073486,
  "summary_bg_n": 96990.0,
  "summary_bg_p05": 0.1066666692495346,
  "summary_bg_p95": 146.43517150878927,
  "summary_bg_stdv": 95.23824310302734,
  "summary_fg_k": 1.0829766282454756,
  "summary_fg_mad": 570.8883666992188,
  "summary_fg_mean": 1769.8228759765625,
  "summary_fg_median": 1699.4683837890625,
  "summary_fg_n": 18922.0,
  "summary_fg_p05": 767.4052124023438,
  "summary_fg_p95": 3042.371252441407,
  "summary_fg_stdv": 676.8233642578125,
  "tsnr": 55.95348358154297
}