{
  "aor": 0.001632298850574713,
  "aqi": 0.0017572060977011496,
  "bids_meta": {
    "AcquisitionMatrixPE": 64,
    "AcquisitionNumber": 1,
    "AcquisitionTime": "18:49:32.000000",
    "CoilString": "32Ch_Head",
    "ConversionSoftware": "dcm2niix",
    "ConversionSoftwareVersion": "v1.0.20190902",
    "Dcm2bidsVersion": "2.1.4",
    "DeviceSerialNumber": "000000000000GEHC",
    "EchoTime": 0.04,
    "EffectiveEchoSpacing": 0.000372,
    "FlipAngle": 90,
    "ImageOrientationPatientDICOM": [
      1,
      0,
      0,
      0,
      1,
      0
    ],
    "ImageType": [
      "ORIGINAL",
      "PRIMARY",
      "EPI",
      "NONE"
    ],
    "ImagingFrequency": 127.772,
    "InPlanePhaseEncodingDirectionDICOM": "COL",
    "InstitutionName": "INSTITUTO_DE_NEUROBIOLOGIA",
    "MRAcquisitionType": "2D",
    "MagneticFieldStrength": 3,
    "Manufacturer": "GE",
    "ManufacturersModelName": "DISCOVERY_MR750",
    "Modality": "MR",
    "PatientPosition": "HFS",
    "PercentPhaseFOV": 100,
    "PhaseEncodingDirection": "j",
    "PhaseEncodingPolarityGE": "Flipped",
    "PixelBandwidth": 7812.5,
    "ProcedureStepDescription": "verbos",
    "ProtocolName": "fMRI_7",
    "ReconMatrixPE": 64,
    "RepetitionTime": 2,
    "SAR": 0.364805,
    "ScanOptions": "EPI_GEMS_ACC_GEMS",
    "ScanningSequence": "EP_GR",
    "SequenceVariant": "SS",
    "SeriesDescription": "fMRI_7",
    "SeriesNumber": 10,
    "SliceThickness": 4,
    "SliceTiming": [
      0,
      1.0285,
      0.0571001,
      1.0857,
      0.1142,
      1.1428,
      0.1714,
      1.2,
      0.2285,
      1.2571,
      0.2857,
      1.3143,
      0.3428,
      1.3714,
      0.4,
      1.4286,
      0.4571,
      1.4857,
      0.5142,
      1.5428,
      0.5714,
      1.6,
      0.6285,
      1.6571,
      0.6857,
      1.7143,
      0.7428,
      1.7714,
      0.8,
      1.8285,
      0.8571,
      1.8857,
      0.9143,
      1.9428,
      0.9714
    ],
    "SoftwareVersions": "24_LX_MR_Software_release:DV24.0_R02_1607.b",
    "SpacingBetweenSlices": 4,
    "StationName": "GEHCGEHC",
    "TotalReadoutTime": 0.023436,
    "dataset": "unknown",
    "modality": "bold",
    "run_id": 7,
    "subject_id": "141",
    "task_id": "verbs"
  },
  "dummy_trs": 0,
  "dvars_nstd": 18.61197473780347,
  "dvars_std": 1.163070811098266,
  "dvars_vstd": 0.9729911062427745,
  "efc": 0.35679949778698405,
  "fber": 52061.23046875,
  "fd_mean": 0.06756119598110034,
  "fd_num": 3,
  "fd_perc": 1.7241379310344827,
  "fwhm_avg": 2.9650916666666665,
  "fwhm_x": 2.903875,
  "fwhm_y": 2.9146,
  "fwhm_z": 3.0768,
  "gcor": 0.0361132,
  "gsr_x": -7.226530578918755e-05,
  "gsr_y": 0.0021951859816908836,
  "provenance": {
    "md5sum": "0aed03a57b9c295ea4dbae7acad64eb8",
    "settings": {
      "fd_thres": 0.2,
      "hmc_fsl": false
    },
    "software": "mriqc",
    "version": "0.15.2rc1",
    "webapi_port": null,
    "webapi_url": "https://mriqc.nimh.nih.gov/api/v1"
  },
  "size_t": 174,
  "size_x": 64,
  "size_y": 64,
  "size_z": 35,
  "snr": 2.3762072041409183,
  "spacing_tr": 2.0,
  "spacing_x": 4.0,
  "spacing_y": 4.0,
  "spacing_z": 4.0,
  "summary_bg_k": 83.1056829330129,
  "summary_bg_mad": 10.403778076171875,
  "summary_bg_mean": 32.456512451171875,
  "summary_bg_median": 7.5,
  "summary_bg_n": 96783.0,
  "summary_bg_p05": 0.08620689809322357,
  "summary_bg_p95": 142.24942016601543,
  "summary_bg_stdv": 94.53314208984375,
  "summary_fg_k": 1.019622924468071,
  "summary_fg_mad": 606.844482421875,
  "summary_fg_mean": 1850.9249267578125,
  "summary_fg_median": 1742.77880859375,
  "summary_fg_n": 19042.0,
  "summary_fg_p05": 797.773828125,
  "summary_fg_p95": 3270.4131713867196,
  "summary_fg_stdv": 733.4095458984375,
  "tsnr": 67.68607330322266
}