{
  "aor": 0.0011955172413793103,
  "aqi": 0.0013748170459770114,
  "bids_meta": {
    "AcquisitionMatrixPE": 64,
    "AcquisitionNumber": 1,
    "AcquisitionTime": "18:43:38.000000",
    "CoilString": "32Ch_Head",
    "ConversionSoftware": "dcm2niix",
    "ConversionSoftwareVersion": "v1.0.20190902",
    "Dcm2bidsVersion": "2.1.4",
    "DeviceSerialNumber": "000000000000GEHC",
    "EchoTime": 0.04,
    "EffectiveEchoSpacing": 0.000372,
    "FlipAngle": 90,
    "ImageOrientationPatientDICOM": [
      1,
      0,
      0,
      0,
      1,
      0
    ],
    "ImageType": [
      "ORIGINAL",
      "PRIMARY",
      "EPI",
      "NONE"
    ],
    "ImagingFrequency": 127.772,
    "InPlanePhaseEncodingDirectionDICOM": "COL",
    "InstitutionName": "INSTITUTO_DE_NEUROBIOLOGIA",
    "MRAcquisitionType": "2D",
    "MagneticFieldStrength": 3,
    "Manufacturer": "GE",
    "ManufacturersModelName": "DISCOVERY_MR750",
    "Modality": "MR",
    "PatientPosition": "HFS",
    "PercentPhaseFOV": 100,
    "PhaseEncodingDirection": "j",
    "PhaseEncodingPolarityGE": "Flipped",
    "PixelBandwidth": 7812.5,
    "ProcedureStepDescription": "verbos",
    "ProtocolName": "fMRI_4",
    "ReconMatrixPE": 64,
    "RepetitionTime": 2,
    "SAR": 0.360474,
    "ScanOptions": "EPI_GEMS_ACC_GEMS",
    "ScanningSequence": "EP_GR",
    "SequenceVariant": "SS",
    "SeriesDescription": "fMRI_4",
    "SeriesNumber": 7,
    "SliceThickness": 4,
    "SliceTiming": [
      0,
      1.0285,
      0.0571001,
      1.0857,
      0.1142,
      1.1428,
      0.1714,
      1.2,
      0.2285,
      1.2571,
      0.2857,
      1.3143,
      0.3428,
      1.3714,
      0.4,
      1.4286,
      0.4571,
      1.4857,
      0.5142,
      1.5428,
      0.5714,
      1.6,
      0.6285,
      1.6571,
      0.6857,
      1.7143,
      0.7428,
      1.7714,
      0.8,
      1.8285,
      0.8571,
      1.8857,
      0.9143,
      1.9428,
      0.9714
    ],
    "SoftwareVersions": "24_LX_MR_Software_release:DV24.0_R02_1607.b",
    "SpacingBetweenSlices": 4,
    "StationName": "GEHCGEHC",
    "TotalReadoutTime": 0.023436,
    "dataset": "unknown",
    "modality": "bold",
    "run_id": 4,
    "subject_id": "128",
    "task_id": "verbs"
  },
  "dummy_trs": 0,
  "dvars_nstd": 16.916063396763008,
  "dvars_std": 1.1082301797687863,
  "dvars_vstd": 1.0299821773410403,
  "efc": 0.36204746806339244,
  "fber": 106223.15625,
  "fd_mean": 0.15960492063175075,
  "fd_num": 50,
  "fd_perc": 28.735632183908045,
  "fwhm_avg": 2.931090712691263,
  "fwhm_x": 2.924825,
  "fwhm_y": 2.8675,
  "fwhm_z": 3.0009471380737893,
  "gcor": 0.0739004,
  "gsr_x": -0.0002527289616409689,
  "gsr_y": 0.005649539176374674,
  "provenance": {
    "md5sum": "e74abc836b5bb29d2e69b2399a6195fe",
    "settings": {
      "fd_thres": 0.2,
      "hmc_fsl": false
    },
    "software": "mriqc",
    "version": "0.15.2rc1",
    "webapi_port": null,
    "webapi_url": "https://mriqc.nimh.nih.gov/api/v1"
  },
  "size_t": 174,
  "size_x": 64,
  "size_y": 64,
  "size_z": 35,
  "snr": 2.325536929348961,
  "spacing_tr": 2.0,
  "spacing_x": 4.0,
  "spacing_y": 4.0,
  "spacing_z": 4.000003814697266,
  "summary_bg_k": 113.31502598871647,
  "summary_bg_mad": 8.299163818359375,
  "summary_bg_mean": 27.48253631591797,
  "summary_bg_median": 5.856321811676025,
  "summary_bg_n": 94086.0,
  "summary_bg_p05": 0.051724135875701904,
  "summary_bg_p95": 119.21551704406738,
  "summary_bg_stdv": 78.61685180664062,
  "summary_fg_k": 0.650413608808774,
  "summary_fg_mad": 674.7927856445312,
  "summary_fg_mean": 2040.0970458984375,
  "summary_fg_median": 1895.836181640625,
  "summary_fg_n": 20690.0,
  "summary_fg_p05": 866.3646423339844,
  "summary_fg_p95": 3613.5453613281247,
  "summary_fg_stdv": 815.2054443359375,
  "tsnr": 69.93939208984375
}