{
  "aor": 0.0009896875,
  "aqi": 0.0011041882008928571,
  "bids_meta": {
    "AcquisitionMatrixPE": 64,
    "AcquisitionNumber": 1,
    "AcquisitionTime": "19:47:38.000000",
    "BodyPartExamined": "HEAD",
    "CoilString": "32Ch_Head",
    "ConversionSoftware": "dcm2niix",
    "ConversionSoftwareVersion": "v1.0.20181125  (JP2:OpenJPEG) GCC7.3.0",
    "DeviceSerialNumber": "0002806034DVR750",
    "EchoTime": 0.04,
    "EffectiveEchoSpacing": 0.000372,
    "FlipAngle": 90,
    "ImageOrientationPatientDICOM": [
      1,
      0,
      0,
      0,
      1,
      0
    ],
    "ImageType": [
      "ORIGINAL",
      "PRIMARY",
      "EPI",
      "NONE"
    ],
    "ImagingFrequency": 127.772,
    "InPlanePhaseEncodingDirectionDICOM": "COL",
    "InstitutionName": "INSTITUTO_DE_NEUROBIOLOGIA",
    "MRAcquisitionType": "2D",
    "MagneticFieldStrength": 3,
    "Manufacturer": "GE",
    "ManufacturersModelName": "DISCOVERY_MR750",
    "Modality": "MR",
    "PatientPosition": "HFS",
    "PercentPhaseFOV": 100,
    "PhaseEncodingDirection": "j",
    "PhaseEncodingPolarityGE": "Flipped",
    "PixelBandwidth": 7812.5,
    "ProcedureStepDescription": "Emociones_AH",
    "ProtocolName": "fMRI_Jalil_2",
    "ReconMatrixPE": 64,
    "RepetitionTime": 2,
    "SAR": 0.176101,
    "ScanOptions": "EPI_GEMS_ACC_GEMS",
    "ScanningSequence": "EP_GR",
    "SequenceVariant": "SS",
    "SeriesDescription": "fMRI_Jalil_2",
    "SeriesNumber": 6,
    "SliceThickness": 4,
    "SliceTiming": [
      0,
      1.0285,
      0.0571001,
      1.0857,
      0.1142,
      1.1428,
      0.1714,
      1.2,
      0.2285,
      1.2571,
      0.2857,
      1.3143,
      0.3428,
      1.3714,
      0.4,
      1.4286,
      0.4571,
      1.4857,
      0.5142,
      1.5428,
      0.5714,
      1.6,
      0.6285,
      1.6571,
      0.6857,
      1.7143,
      0.7428,
      1.7714,
      0.8,
      1.8285,
      0.8571,
      1.8857,
      0.9143,
      1.9428,
      0.9714
    ],
    "SoftwareVersions": "27_LX_MR_Software_release:DV26.0_R02_1810.b",
    "SpacingBetweenSlices": 4,
    "StationName": "GEHCGEHC",
    "TaskName": "eah",
    "TotalReadoutTime": 0.023436,
    "dataset": "unknown",
    "modality": "bold",
    "run_id": 2,
    "subject_id": "32",
    "task_id": "eah"
  },
  "dummy_trs": 0,
  "dvars_nstd": 12.77628850735425,
  "dvars_std": 1.0988570775784756,
  "dvars_vstd": 1.0034031712107618,
  "efc": 0.34599074488248865,
  "fber": 60463.015625,
  "fd_mean": 0.07180407344137871,
  "fd_num": 2,
  "fd_perc": 0.8928571428571429,
  "fwhm_avg": 2.9132666666666664,
  "fwhm_x": 2.840325,
  "fwhm_y": 2.974125,
  "fwhm_z": 2.92535,
  "gcor": 0.0278713,
  "gsr_x": -0.001677889609709382,
  "gsr_y": 0.003302060067653656,
  "provenance": {
    "md5sum": "4f626d40eff02256b47de5eb95096e2f",
    "settings": {
      "fd_thres": 0.2,
      "hmc_fsl": false
    },
    "software": "mriqc",
    "version": "0.15.2rc1",
    "webapi_port": null,
    "webapi_url": "https://mriqc.nimh.nih.gov/api/v1"
  },
  "size_t": 224,
  "size_x": 64,
  "size_y": 64,
  "size_z": 35,
  "snr": 2.9433507929814744,
  "spacing_tr": 2.0,
  "spacing_x": 4.0,
  "spacing_y": 4.0,
  "spacing_z": 4.0,
  "summary_bg_k": 159.78863085800253,
  "summary_bg_mad": 10.265697479248047,
  "summary_bg_mean": 29.73223114013672,
  "summary_bg_median": 7.955357551574707,
  "summary_bg_n": 98375.0,
  "summary_bg_p05": 0.28125,
  "summary_bg_p95": 117.94598770141586,
  "summary_bg_stdv": 89.34410095214844,
  "summary_fg_k": 0.28336288436185253,
  "summary_fg_mad": 617.199462890625,
  "summary_fg_mean": 2056.04345703125,
  "summary_fg_median": 2013.415283203125,
  "summary_fg_n": 17948.0,
  "summary_fg_p05": 942.4480346679687,
  "summary_fg_p95": 3272.1816040039057,
  "summary_fg_stdv": 684.0364379882812,
  "tsnr": 100.76902770996094
}