{
  "aor": 0.0010316115702479341,
  "aqi": 0.001578981033057851,
  "bids_meta": {
    "AcquisitionMatrixPE": 64,
    "AcquisitionNumber": 1,
    "AcquisitionTime": "19:38:47.000000",
    "BodyPartExamined": "HEAD",
    "CoilString": "32Ch_Head",
    "ConversionSoftware": "dcm2niix",
    "ConversionSoftwareVersion": "v1.0.20181125  (JP2:OpenJPEG) GCC7.3.0",
    "DeviceSerialNumber": "0002806034DVR750",
    "EchoTime": 0.04,
    "EffectiveEchoSpacing": 0.000372,
    "FlipAngle": 90,
    "ImageOrientationPatientDICOM": [
      1,
      0,
      0,
      0,
      1,
      0
    ],
    "ImageType": [
      "ORIGINAL",
      "PRIMARY",
      "EPI",
      "NONE"
    ],
    "ImagingFrequency": 127.772,
    "InPlanePhaseEncodingDirectionDICOM": "COL",
    "InstitutionName": "INSTITUTO_DE_NEUROBIOLOGIA",
    "MRAcquisitionType": "2D",
    "MagneticFieldStrength": 3,
    "Manufacturer": "GE",
    "ManufacturersModelName": "DISCOVERY_MR750",
    "Modality": "MR",
    "PatientPosition": "HFS",
    "PercentPhaseFOV": 100,
    "PhaseEncodingDirection": "j",
    "PhaseEncodingPolarityGE": "Flipped",
    "PixelBandwidth": 7812.5,
    "ProcedureStepDescription": "Emociones_AH",
    "ProtocolName": "fMRI_Jalil_1",
    "ReconMatrixPE": 64,
    "RepetitionTime": 2,
    "SAR": 0.176101,
    "ScanOptions": "EPI_GEMS_ACC_GEMS",
    "ScanningSequence": "EP_GR",
    "SequenceVariant": "SS",
    "SeriesDescription": "fMRI_Jalil_1",
    "SeriesNumber": 5,
    "SliceThickness": 4,
    "SliceTiming": [
      0,
      1.0285,
      0.0571001,
      1.0857,
      0.1142,
      1.1428,
      0.1714,
      1.2,
      0.2285,
      1.2571,
      0.2857,
      1.3143,
      0.3428,
      1.3714,
      0.4,
      1.4286,
      0.4571,
      1.4857,
      0.5142,
      1.5428,
      0.5714,
      1.6,
      0.6285,
      1.6571,
      0.6857,
      1.7143,
      0.7428,
      1.7714,
      0.8,
      1.8285,
      0.8571,
      1.8857,
      0.9143,
      1.9428,
      0.9714
    ],
    "SoftwareVersions": "27_LX_MR_Software_release:DV26.0_R02_1810.b",
    "SpacingBetweenSlices": 4,
    "StationName": "GEHCGEHC",
    "TaskName": "eah",
    "TotalReadoutTime": 0.023436,
    "dataset": "unknown",
    "modality": "bold",
    "run_id": 1,
    "subject_id": "32",
    "task_id": "eah"
  },
  "dummy_trs": 0,
  "dvars_nstd": 13.106144726846477,
  "dvars_std": 1.0566150661825735,
  "dvars_vstd": 0.9839023495850623,
  "efc": 0.346416761634701,
  "fber": 59867.28515625,
  "fd_mean": 0.0793310427291689,
  "fd_num": 2,
  "fd_perc": 0.8264462809917356,
  "fwhm_avg": 2.9143166666666667,
  "fwhm_x": 2.855375,
  "fwhm_y": 2.9807,
  "fwhm_z": 2.906875,
  "gcor": 0.0176351,
  "gsr_x": -0.0018488429486751556,
  "gsr_y": 0.0033322148956358433,
  "provenance": {
    "md5sum": "ec7c68e465c3de43e40eb710c83afab0",
    "settings": {
      "fd_thres": 0.2,
      "hmc_fsl": false
    },
    "software": "mriqc",
    "version": "0.15.2rc1",
    "webapi_port": null,
    "webapi_url": "https://mriqc.nimh.nih.gov/api/v1"
  },
  "size_t": 242,
  "size_x": 64,
  "size_y": 64,
  "size_z": 35,
  "snr": 2.916132411694722,
  "spacing_tr": 2.0,
  "spacing_x": 4.0,
  "spacing_y": 4.0,
  "spacing_z": 4.0,
  "summary_bg_k": 129.07751731659218,
  "summary_bg_mad": 10.252622604370117,
  "summary_bg_mean": 29.864503860473633,
  "summary_bg_median": 7.931818008422852,
  "summary_bg_n": 98364.0,
  "summary_bg_p05": 0.27272725105285645,
  "summary_bg_p95": 120.79793167114235,
  "summary_bg_stdv": 87.32101440429688,
  "summary_fg_k": 0.2928866921541835,
  "summary_fg_mad": 621.626953125,
  "summary_fg_mean": 2032.1689453125,
  "summary_fg_median": 1998.2933349609375,
  "summary_fg_n": 17969.0,
  "summary_fg_p05": 926.7478759765625,
  "summary_fg_p95": 3251.6898925781243,
  "summary_fg_stdv": 685.235595703125,
  "tsnr": 83.00857543945312
}