{
  "aor": 0.0022947999999999996,
  "aqi": 0.001472015553333333,
  "bids_meta": {
    "AcquisitionMatrixPE": 64,
    "AcquisitionNumber": 1,
    "AcquisitionTime": "20:05:35.000000",
    "BodyPartExamined": "HEAD",
    "CoilString": "32Ch_Head",
    "ConversionSoftware": "dcm2niix",
    "ConversionSoftwareVersion": "v1.0.20181125  (JP2:OpenJPEG) GCC7.3.0",
    "DeviceSerialNumber": "0002806034DVR750",
    "EchoTime": 0.04,
    "EffectiveEchoSpacing": 0.000372,
    "FlipAngle": 90,
    "ImageOrientationPatientDICOM": [
      1,
      0,
      0,
      0,
      1,
      0
    ],
    "ImageType": [
      "ORIGINAL",
      "PRIMARY",
      "EPI",
      "NONE"
    ],
    "ImagingFrequency": 127.772,
    "InPlanePhaseEncodingDirectionDICOM": "COL",
    "InstitutionName": "INSTITUTO_DE_NEUROBIOLOGIA",
    "MRAcquisitionType": "2D",
    "MagneticFieldStrength": 3,
    "Manufacturer": "GE",
    "ManufacturersModelName": "DISCOVERY_MR750",
    "Modality": "MR",
    "PatientPosition": "HFS",
    "PercentPhaseFOV": 100,
    "PhaseEncodingDirection": "j",
    "PhaseEncodingPolarityGE": "Flipped",
    "PixelBandwidth": 7812.5,
    "ProcedureStepDescription": "Emociones_AH",
    "ProtocolName": "fMRI_Jalil_4",
    "ReconMatrixPE": 64,
    "RepetitionTime": 2,
    "SAR": 0.176101,
    "ScanOptions": "EPI_GEMS_ACC_GEMS",
    "ScanningSequence": "EP_GR",
    "SequenceVariant": "SS",
    "SeriesDescription": "fMRI_Jalil_4",
    "SeriesNumber": 8,
    "SliceThickness": 4,
    "SliceTiming": [
      0,
      1.0285,
      0.0571001,
      1.0857,
      0.1142,
      1.1428,
      0.1714,
      1.2,
      0.2285,
      1.2571,
      0.2857,
      1.3143,
      0.3428,
      1.3714,
      0.4,
      1.4286,
      0.4571,
      1.4857,
      0.5142,
      1.5428,
      0.5714,
      1.6,
      0.6285,
      1.6571,
      0.6857,
      1.7143,
      0.7428,
      1.7714,
      0.8,
      1.8285,
      0.8571,
      1.8857,
      0.9143,
      1.9428,
      0.9714
    ],
    "SoftwareVersions": "27_LX_MR_Software_release:DV26.0_R02_1810.b",
    "SpacingBetweenSlices": 4,
    "StationName": "GEHCGEHC",
    "TaskName": "eah",
    "TotalReadoutTime": 0.023436,
    "dataset": "unknown",
    "modality": "bold",
    "run_id": 4,
    "subject_id": "32",
    "task_id": "eah"
  },
  "dummy_trs": 0,
  "dvars_nstd": 13.72670103255033,
  "dvars_std": 1.102578037785235,
  "dvars_vstd": 1.0137625589932884,
  "efc": 0.34498474904872223,
  "fber": 57638.69921875,
  "fd_mean": 0.09631707765762595,
  "fd_num": 5,
  "fd_perc": 3.3333333333333335,
  "fwhm_avg": 2.8967666666666667,
  "fwhm_x": 2.8492,
  "fwhm_y": 2.964075,
  "fwhm_z": 2.877025,
  "gcor": 0.0241097,
  "gsr_x": -0.002017911523580551,
  "gsr_y": 0.003912285901606083,
  "provenance": {
    "md5sum": "ecc7b666dd2ac418cfa5e1b86b367128",
    "settings": {
      "fd_thres": 0.2,
      "hmc_fsl": false
    },
    "software": "mriqc",
    "version": "0.15.2rc1",
    "webapi_port": null,
    "webapi_url": "https://mriqc.nimh.nih.gov/api/v1"
  },
  "size_t": 150,
  "size_x": 64,
  "size_y": 64,
  "size_z": 35,
  "snr": 2.9391279871008655,
  "spacing_tr": 2.0,
  "spacing_x": 4.0,
  "spacing_y": 4.0,
  "spacing_z": 4.0,
  "summary_bg_k": 203.01872996017283,
  "summary_bg_mad": 10.397984504699707,
  "summary_bg_mean": 29.418615341186523,
  "summary_bg_median": 8.046667098999023,
  "summary_bg_n": 98487.0,
  "summary_bg_p05": 0.2800000011920929,
  "summary_bg_p95": 117.63600082397457,
  "summary_bg_stdv": 88.24552154541016,
  "summary_fg_k": 0.28957755078491587,
  "summary_fg_mad": 618.675048828125,
  "summary_fg_mean": 2026.3372802734375,
  "summary_fg_median": 1995.400146484375,
  "summary_fg_n": 17860.0,
  "summary_fg_p05": 926.9680145263671,
  "summary_fg_p95": 3226.582739257812,
  "summary_fg_stdv": 678.889892578125,
  "tsnr": 85.75777435302734
}