{
  "aor": 0.0012831496062992126,
  "aqi": 0.0015017243267716534,
  "bids_meta": {
    "AcquisitionMatrixPE": 64,
    "AcquisitionNumber": 1,
    "AcquisitionTime": "19:55:55.000000",
    "BodyPartExamined": "HEAD",
    "CoilString": "32Ch_Head",
    "ConversionSoftware": "dcm2niix",
    "ConversionSoftwareVersion": "v1.0.20181125  (JP2:OpenJPEG) GCC7.3.0",
    "DeviceSerialNumber": "0002806034DVR750",
    "EchoTime": 0.04,
    "EffectiveEchoSpacing": 0.000372,
    "FlipAngle": 90,
    "ImageOrientationPatientDICOM": [
      1,
      0,
      0,
      0,
      1,
      0
    ],
    "ImageType": [
      "ORIGINAL",
      "PRIMARY",
      "EPI",
      "NONE"
    ],
    "ImagingFrequency": 127.772,
    "InPlanePhaseEncodingDirectionDICOM": "COL",
    "InstitutionName": "INSTITUTO_DE_NEUROBIOLOGIA",
    "MRAcquisitionType": "2D",
    "MagneticFieldStrength": 3,
    "Manufacturer": "GE",
    "ManufacturersModelName": "DISCOVERY_MR750",
    "Modality": "MR",
    "PatientPosition": "HFS",
    "PercentPhaseFOV": 100,
    "PhaseEncodingDirection": "j",
    "PhaseEncodingPolarityGE": "Flipped",
    "PixelBandwidth": 7812.5,
    "ProcedureStepDescription": "Emociones_AH",
    "ProtocolName": "fMRI_Jalil_3",
    "ReconMatrixPE": 64,
    "RepetitionTime": 2,
    "SAR": 0.176101,
    "ScanOptions": "EPI_GEMS_ACC_GEMS",
    "ScanningSequence": "EP_GR",
    "SequenceVariant": "SS",
    "SeriesDescription": "fMRI_Jalil_3",
    "SeriesNumber": 7,
    "SliceThickness": 4,
    "SliceTiming": [
      0,
      1.0285,
      0.0571001,
      1.0857,
      0.1142,
      1.1428,
      0.1714,
      1.2,
      0.2285,
      1.2571,
      0.2857,
      1.3143,
      0.3428,
      1.3714,
      0.4,
      1.4286,
      0.4571,
      1.4857,
      0.5142,
      1.5428,
      0.5714,
      1.6,
      0.6285,
      1.6571,
      0.6857,
      1.7143,
      0.7428,
      1.7714,
      0.8,
      1.8285,
      0.8571,
      1.8857,
      0.9143,
      1.9428,
      0.9714
    ],
    "SoftwareVersions": "27_LX_MR_Software_release:DV26.0_R02_1810.b",
    "SpacingBetweenSlices": 4,
    "StationName": "GEHCGEHC",
    "TaskName": "eah",
    "TotalReadoutTime": 0.023436,
    "dataset": "unknown",
    "modality": "bold",
    "run_id": 3,
    "subject_id": "32",
    "task_id": "eah"
  },
  "dummy_trs": 0,
  "dvars_nstd": 13.282060023913035,
  "dvars_std": 1.0775549770355735,
  "dvars_vstd": 0.9978181679841893,
  "efc": 0.3457773970832579,
  "fber": 58878.93359375,
  "fd_mean": 0.0826143562841658,
  "fd_num": 1,
  "fd_perc": 0.3937007874015748,
  "fwhm_avg": 2.904166666666667,
  "fwhm_x": 2.8492,
  "fwhm_y": 2.9637,
  "fwhm_z": 2.8996,
  "gcor": 0.0245929,
  "gsr_x": -0.0021910874638706446,
  "gsr_y": 0.0035659249406307936,
  "provenance": {
    "md5sum": "1dc1e995615e1023018d3fc2f7d11e6d",
    "settings": {
      "fd_thres": 0.2,
      "hmc_fsl": false
    },
    "software": "mriqc",
    "version": "0.15.2rc1",
    "webapi_port": null,
    "webapi_url": "https://mriqc.nimh.nih.gov/api/v1"
  },
  "size_t": 254,
  "size_x": 64,
  "size_y": 64,
  "size_z": 35,
  "snr": 2.9454716793902516,
  "spacing_tr": 2.0,
  "spacing_x": 4.0,
  "spacing_y": 4.0,
  "spacing_z": 4.0,
  "summary_bg_k": 189.96457148825803,
  "summary_bg_mad": 10.314007759094238,
  "summary_bg_mean": 29.826875686645508,
  "summary_bg_median": 7.992125988006592,
  "summary_bg_n": 98437.0,
  "summary_bg_p05": 0.28346455097198486,
  "summary_bg_p95": 118.74803161621094,
  "summary_bg_stdv": 90.53727722167969,
  "summary_fg_k": 0.3233662389961047,
  "summary_fg_mad": 613.28662109375,
  "summary_fg_mean": 2032.257568359375,
  "summary_fg_median": 1997.05517578125,
  "summary_fg_n": 17908.0,
  "summary_fg_p05": 942.979736328125,
  "summary_fg_p95": 3238.166040039062,
  "summary_fg_stdv": 677.9896850585938,
  "tsnr": 83.14736938476562
}