{
  "aor": 0.0006970222222222222,
  "aqi": 0.0017752419866666667,
  "bids_meta": {
    "AcquisitionDateTime": "2017-01-13T19:14:24.000000",
    "ConversionSoftware": "dcm2niix",
    "ConversionSoftwareVersion": "v1.0.20170411 GCC4.8.4",
    "EchoTime": 0.04,
    "FlipAngle": 90,
    "ImageType": [
      "ORIGINAL",
      "PRIMARY",
      "EPI",
      "NONE"
    ],
    "MagneticFieldStrength": 3,
    "Manufacturer": "GE",
    "ManufacturersModelName": "DISCOVERY_MR750",
    "ProcedureStepDescription": "CompRefranes",
    "ProtocolName": "fMRI_Comprension_2",
    "RepetitionTime": 2,
    "ScanningSequence": "EP_GR",
    "SequenceVariant": "SS",
    "SeriesDescription": "fMRI_Comprension_2",
    "dataset": "unknown",
    "modality": "bold",
    "run_id": 2,
    "subject_id": "48",
    "task_id": "cr"
  },
  "dummy_trs": 0,
  "dvars_nstd": 20.912510113928565,
  "dvars_std": 1.1818441025446422,
  "dvars_vstd": 0.967944603258929,
  "efc": 0.3409219210180589,
  "fber": 83361.859375,
  "fd_mean": 0.09140528652465707,
  "fd_num": 1,
  "fd_perc": 0.4444444444444444,
  "fwhm_avg": 2.936925,
  "fwhm_x": 2.833475,
  "fwhm_y": 2.935025,
  "fwhm_z": 3.042275,
  "gcor": 0.0518813,
  "gsr_x": -0.0039541712030768394,
  "gsr_y": 0.005878441501408815,
  "provenance": {
    "md5sum": "50efb0ff2f45fcb2357fe9cb7488ba36",
    "settings": {
      "fd_thres": 0.2,
      "hmc_fsl": false
    },
    "software": "mriqc",
    "version": "0.15.2rc1",
    "webapi_port": null,
    "webapi_url": "https://mriqc.nimh.nih.gov/api/v1"
  },
  "size_t": 225,
  "size_x": 64,
  "size_y": 64,
  "size_z": 34,
  "snr": 2.723317028657624,
  "spacing_tr": 2.0,
  "spacing_x": 4.0,
  "spacing_y": 4.0,
  "spacing_z": 4.0,
  "summary_bg_k": 570.9480973281652,
  "summary_bg_mad": 7.867676258087158,
  "summary_bg_mean": 18.538028717041016,
  "summary_bg_median": 6.088889122009277,
  "summary_bg_n": 94429.0,
  "summary_bg_p05": 0.19555556774139404,
  "summary_bg_p95": 65.36000213623028,
  "summary_bg_stdv": 68.20932006835938,
  "summary_fg_k": 0.26392771176467367,
  "summary_fg_mad": 553.7619018554688,
  "summary_fg_mean": 1858.0853271484375,
  "summary_fg_median": 1791.808837890625,
  "summary_fg_n": 18134.0,
  "summary_fg_p05": 805.5591491699219,
  "summary_fg_p95": 3069.5087890624995,
  "summary_fg_stdv": 657.9327392578125,
  "tsnr": 70.9659652709961
}