{
  "aor": 0.0019884140969162996,
  "aqi": 0.0018521822907488987,
  "bids_meta": {
    "AcquisitionDateTime": "2017-01-13T19:41:30.000000",
    "ConversionSoftware": "dcm2niix",
    "ConversionSoftwareVersion": "v1.0.20170411 GCC4.8.4",
    "EchoTime": 0.04,
    "FlipAngle": 90,
    "ImageType": [
      "ORIGINAL",
      "PRIMARY",
      "EPI",
      "NONE"
    ],
    "MagneticFieldStrength": 3,
    "Manufacturer": "GE",
    "ManufacturersModelName": "DISCOVERY_MR750",
    "ProcedureStepDescription": "CompRefranes",
    "ProtocolName": "fMRI_Comprension_1",
    "RepetitionTime": 2,
    "ScanningSequence": "EP_GR",
    "SequenceVariant": "SS",
    "SeriesDescription": "fMRI_Comprension_1",
    "dataset": "unknown",
    "modality": "bold",
    "run_id": 1,
    "subject_id": "48",
    "task_id": "cr"
  },
  "dummy_trs": 0,
  "dvars_nstd": 21.260766999911503,
  "dvars_std": 1.2238177990265489,
  "dvars_vstd": 1.0105878014159293,
  "efc": 0.3410657540234814,
  "fber": 77934.8828125,
  "fd_mean": 0.08135586754515496,
  "fd_num": 1,
  "fd_perc": 0.44052863436123346,
  "fwhm_avg": 2.9141166666666667,
  "fwhm_x": 2.820625,
  "fwhm_y": 2.920175,
  "fwhm_z": 3.00155,
  "gcor": 0.0385354,
  "gsr_x": -0.004577280953526497,
  "gsr_y": 0.006222287658601999,
  "provenance": {
    "md5sum": "05ae095f9751f5dec26d5045ea9be289",
    "settings": {
      "fd_thres": 0.2,
      "hmc_fsl": false
    },
    "software": "mriqc",
    "version": "0.15.2rc1",
    "webapi_port": null,
    "webapi_url": "https://mriqc.nimh.nih.gov/api/v1"
  },
  "size_t": 227,
  "size_x": 64,
  "size_y": 64,
  "size_z": 34,
  "snr": 2.6982739547821755,
  "spacing_tr": 2.0,
  "spacing_x": 4.0,
  "spacing_y": 4.0,
  "spacing_z": 4.0,
  "summary_bg_k": 525.6677739673415,
  "summary_bg_mad": 8.033483505249023,
  "summary_bg_mean": 18.865947723388672,
  "summary_bg_median": 6.202642917633057,
  "summary_bg_n": 94445.0,
  "summary_bg_p05": 0.20264315605163574,
  "summary_bg_p95": 67.23259429931642,
  "summary_bg_stdv": 68.20460510253906,
  "summary_fg_k": 0.30723742430487544,
  "summary_fg_mad": 550.332763671875,
  "summary_fg_mean": 1847.8770751953125,
  "summary_fg_median": 1769.40966796875,
  "summary_fg_n": 18068.0,
  "summary_fg_p05": 829.0211181640625,
  "summary_fg_p95": 3071.6890502929673,
  "summary_fg_stdv": 655.7379760742188,
  "tsnr": 73.29289245605469
}