{
  "aor": 0.0010257657657657656,
  "aqi": 0.0021757328423423422,
  "bids_meta": {
    "AcquisitionDateTime": "2017-01-13T19:32:8.000000",
    "ConversionSoftware": "dcm2niix",
    "ConversionSoftwareVersion": "v1.0.20170411 GCC4.8.4",
    "EchoTime": 0.04,
    "FlipAngle": 90,
    "ImageType": [
      "ORIGINAL",
      "PRIMARY",
      "EPI",
      "NONE"
    ],
    "MagneticFieldStrength": 3,
    "Manufacturer": "GE",
    "ManufacturersModelName": "DISCOVERY_MR750",
    "ProcedureStepDescription": "CompRefranes",
    "ProtocolName": "fMRI_Comprension_4",
    "RepetitionTime": 2,
    "ScanningSequence": "EP_GR",
    "SequenceVariant": "SS",
    "SeriesDescription": "fMRI_Comprension_4",
    "dataset": "unknown",
    "modality": "bold",
    "run_id": 4,
    "subject_id": "48",
    "task_id": "cr"
  },
  "dummy_trs": 0,
  "dvars_nstd": 21.778704008687786,
  "dvars_std": 1.2107248282805427,
  "dvars_vstd": 0.9890068966968322,
  "efc": 0.3406991289952587,
  "fber": 79901.7265625,
  "fd_mean": 0.10329856909464943,
  "fd_num": 6,
  "fd_perc": 2.7027027027027026,
  "fwhm_avg": 2.953375,
  "fwhm_x": 2.855875,
  "fwhm_y": 2.944525,
  "fwhm_z": 3.059725,
  "gcor": 0.0387311,
  "gsr_x": -0.004119505174458027,
  "gsr_y": 0.005966917145997286,
  "provenance": {
    "md5sum": "4917cdb7c7bec3e88bc1fd17b5c1960a",
    "settings": {
      "fd_thres": 0.2,
      "hmc_fsl": false
    },
    "software": "mriqc",
    "version": "0.15.2rc1",
    "webapi_port": null,
    "webapi_url": "https://mriqc.nimh.nih.gov/api/v1"
  },
  "size_t": 222,
  "size_x": 64,
  "size_y": 64,
  "size_z": 34,
  "snr": 2.6736939969326885,
  "spacing_tr": 2.0,
  "spacing_x": 4.0,
  "spacing_y": 4.0,
  "spacing_z": 4.0,
  "summary_bg_k": 546.2986147808217,
  "summary_bg_mad": 8.0073881149292,
  "summary_bg_mean": 18.616764068603516,
  "summary_bg_median": 6.180180549621582,
  "summary_bg_n": 94400.0,
  "summary_bg_p05": 0.20270270109176636,
  "summary_bg_p95": 66.68018341064453,
  "summary_bg_stdv": 66.39765167236328,
  "summary_fg_k": 0.28194095953582465,
  "summary_fg_mad": 554.6202392578125,
  "summary_fg_mean": 1852.059814453125,
  "summary_fg_median": 1775.538330078125,
  "summary_fg_n": 18172.0,
  "summary_fg_p05": 805.4799621582033,
  "summary_fg_p95": 3093.5908325195314,
  "summary_fg_stdv": 664.05859375,
  "tsnr": 64.50918579101562
}