{
  "aor": 0.0009465486725663717,
  "aqi": 0.0016597642743362835,
  "bids_meta": {
    "AcquisitionDateTime": "2017-01-13T19:23:37.000000",
    "ConversionSoftware": "dcm2niix",
    "ConversionSoftwareVersion": "v1.0.20170411 GCC4.8.4",
    "EchoTime": 0.04,
    "FlipAngle": 90,
    "ImageType": [
      "ORIGINAL",
      "PRIMARY",
      "EPI",
      "NONE"
    ],
    "MagneticFieldStrength": 3,
    "Manufacturer": "GE",
    "ManufacturersModelName": "DISCOVERY_MR750",
    "ProcedureStepDescription": "CompRefranes",
    "ProtocolName": "fMRI_Comprension_3",
    "RepetitionTime": 2,
    "ScanningSequence": "EP_GR",
    "SequenceVariant": "SS",
    "SeriesDescription": "fMRI_Comprension_3",
    "dataset": "unknown",
    "modality": "bold",
    "run_id": 3,
    "subject_id": "48",
    "task_id": "cr"
  },
  "dummy_trs": 0,
  "dvars_nstd": 20.76097568933332,
  "dvars_std": 1.2084877168000001,
  "dvars_vstd": 0.989376765777777,
  "efc": 0.340775326242179,
  "fber": 81390.4140625,
  "fd_mean": 0.08069570345563527,
  "fd_num": 0,
  "fd_perc": 0.0,
  "fwhm_avg": 2.920583333333333,
  "fwhm_x": 2.820375,
  "fwhm_y": 2.9201,
  "fwhm_z": 3.021275,
  "gcor": 0.0379824,
  "gsr_x": -0.004074400290846825,
  "gsr_y": 0.005526253022253513,
  "provenance": {
    "md5sum": "25a8dc7aeca6606aca87abc7d9c4aeec",
    "settings": {
      "fd_thres": 0.2,
      "hmc_fsl": false
    },
    "software": "mriqc",
    "version": "0.15.2rc1",
    "webapi_port": null,
    "webapi_url": "https://mriqc.nimh.nih.gov/api/v1"
  },
  "size_t": 226,
  "size_x": 64,
  "size_y": 64,
  "size_z": 34,
  "snr": 2.7260517066769254,
  "spacing_tr": 2.0,
  "spacing_x": 4.0,
  "spacing_y": 4.0,
  "spacing_z": 4.0,
  "summary_bg_k": 552.8161090623397,
  "summary_bg_mad": 7.905025482177734,
  "summary_bg_mean": 18.561159133911133,
  "summary_bg_median": 6.11061954498291,
  "summary_bg_n": 94515.0,
  "summary_bg_p05": 0.19911503791809082,
  "summary_bg_p95": 65.84645843505861,
  "summary_bg_stdv": 65.88504028320312,
  "summary_fg_k": 0.2548752305567086,
  "summary_fg_mad": 552.8466796875,
  "summary_fg_mean": 1851.1964111328125,
  "summary_fg_median": 1779.0906982421875,
  "summary_fg_n": 18048.0,
  "summary_fg_p05": 823.0415649414062,
  "summary_fg_p95": 3066.1719116210934,
  "summary_fg_stdv": 652.6073608398438,
  "tsnr": 73.90998077392578
}