{
  "aor": 0.002689015748031496,
  "aqi": 0.0018270716299212601,
  "bids_meta": {
    "AcquisitionDateTime": "2016-05-03T20:57:8.000000",
    "ConversionSoftware": "dcm2niix",
    "ConversionSoftwareVersion": "v1.0.20170411 GCC4.8.4",
    "EchoTime": 0.04,
    "FlipAngle": 90,
    "ImageType": [
      "ORIGINAL",
      "PRIMARY",
      "EPI",
      "NONE"
    ],
    "MagneticFieldStrength": 3,
    "Manufacturer": "GE",
    "ManufacturersModelName": "DISCOVERY_MR750",
    "ProcedureStepDescription": "ActosHabla",
    "ProtocolName": "fMRI_ActosHabla_2",
    "RepetitionTime": 2,
    "ScanningSequence": "EP_GR",
    "SequenceVariant": "SS",
    "SeriesDescription": "fMRI_ActosHabla_2",
    "dataset": "unknown",
    "modality": "bold",
    "run_id": 2,
    "subject_id": "04",
    "task_id": "rah"
  },
  "dummy_trs": 0,
  "dvars_nstd": 16.535307089130423,
  "dvars_std": 1.126697811778657,
  "dvars_vstd": 1.0044148787747036,
  "efc": 0.3361415547283075,
  "fber": 65881.4375,
  "fd_mean": 0.08480097063580085,
  "fd_num": 4,
  "fd_perc": 1.5748031496062993,
  "fwhm_avg": 2.907575,
  "fwhm_x": 2.77155,
  "fwhm_y": 3.100925,
  "fwhm_z": 2.85025,
  "gcor": 0.0272523,
  "gsr_x": -0.0005965422606095672,
  "gsr_y": 0.0004976755590178072,
  "provenance": {
    "md5sum": "cceb542d09a8db5819a5556e1d55a80a",
    "settings": {
      "fd_thres": 0.2,
      "hmc_fsl": false
    },
    "software": "mriqc",
    "version": "0.15.2rc1",
    "webapi_port": null,
    "webapi_url": "https://mriqc.nimh.nih.gov/api/v1"
  },
  "size_t": 254,
  "size_x": 64,
  "size_y": 64,
  "size_z": 35,
  "snr": 2.7953701070493637,
  "spacing_tr": 2.0,
  "spacing_x": 4.0,
  "spacing_y": 4.0,
  "spacing_z": 4.0,
  "summary_bg_k": 241.58587256813246,
  "summary_bg_mad": 9.835372924804688,
  "summary_bg_mean": 23.581819534301758,
  "summary_bg_median": 7.314960479736328,
  "summary_bg_n": 98866.0,
  "summary_bg_p05": 0.14960630238056183,
  "summary_bg_p95": 92.49212646484375,
  "summary_bg_stdv": 60.123592376708984,
  "summary_fg_k": 0.8453205748369506,
  "summary_fg_mad": 535.51123046875,
  "summary_fg_mean": 1930.06103515625,
  "summary_fg_median": 1858.356201171875,
  "summary_fg_n": 17238.0,
  "summary_fg_p05": 896.8858032226562,
  "summary_fg_p95": 3175.9355346679686,
  "summary_fg_stdv": 664.7786254882812,
  "tsnr": 70.41682434082031
}