{
  "aor": 0.0010827586206896553,
  "aqi": 0.0017151554865900383,
  "bids_meta": {
    "AcquisitionDateTime": "2016-05-03T20:46:48.000000",
    "ConversionSoftware": "dcm2niix",
    "ConversionSoftwareVersion": "v1.0.20170411 GCC4.8.4",
    "EchoTime": 0.04,
    "FlipAngle": 90,
    "ImageType": [
      "ORIGINAL",
      "PRIMARY",
      "EPI",
      "NONE"
    ],
    "MagneticFieldStrength": 3,
    "Manufacturer": "GE",
    "ManufacturersModelName": "DISCOVERY_MR750",
    "ProcedureStepDescription": "ActosHabla",
    "ProtocolName": "fMRI_ActosHabla_1",
    "RepetitionTime": 2,
    "ScanningSequence": "EP_GR",
    "SequenceVariant": "SS",
    "SeriesDescription": "fMRI_ActosHabla_1",
    "dataset": "unknown",
    "modality": "bold",
    "run_id": 1,
    "subject_id": "04",
    "task_id": "rah"
  },
  "dummy_trs": 0,
  "dvars_nstd": 16.50767596684615,
  "dvars_std": 1.102742928038461,
  "dvars_vstd": 0.9775826728076926,
  "efc": 0.3347951582312907,
  "fber": 66734.3515625,
  "fd_mean": 0.07552171873315462,
  "fd_num": 6,
  "fd_perc": 2.2988505747126435,
  "fwhm_avg": 2.9000416666666666,
  "fwhm_x": 2.764775,
  "fwhm_y": 3.099275,
  "fwhm_z": 2.836075,
  "gcor": 0.0296319,
  "gsr_x": -0.0022337911650538445,
  "gsr_y": 0.0008063495042733848,
  "provenance": {
    "md5sum": "e23927265bafe6f2f9132c13b4103787",
    "settings": {
      "fd_thres": 0.2,
      "hmc_fsl": false
    },
    "software": "mriqc",
    "version": "0.15.2rc1",
    "webapi_port": null,
    "webapi_url": "https://mriqc.nimh.nih.gov/api/v1"
  },
  "size_t": 261,
  "size_x": 64,
  "size_y": 64,
  "size_z": 35,
  "snr": 2.838224223328665,
  "spacing_tr": 2.0,
  "spacing_x": 4.0,
  "spacing_y": 4.0,
  "spacing_z": 4.0,
  "summary_bg_k": 229.03675338798732,
  "summary_bg_mad": 9.736323356628418,
  "summary_bg_mean": 22.91437530517578,
  "summary_bg_median": 7.2337164878845215,
  "summary_bg_n": 98929.0,
  "summary_bg_p05": 0.16475094854831696,
  "summary_bg_p95": 87.211489868164,
  "summary_bg_stdv": 58.881065368652344,
  "summary_fg_k": 0.7931918935155298,
  "summary_fg_mad": 536.861083984375,
  "summary_fg_mean": 1931.656494140625,
  "summary_fg_median": 1863.0421142578125,
  "summary_fg_n": 17137.0,
  "summary_fg_p05": 910.420654296875,
  "summary_fg_p95": 3158.4986816406245,
  "summary_fg_stdv": 656.3920288085938,
  "tsnr": 70.07731628417969
}