{
  "aor": 0.0007423529411764705,
  "aqi": 0.001923269211764706,
  "bids_meta": {
    "AcquisitionDateTime": "2016-05-03T21:06:42.000000",
    "ConversionSoftware": "dcm2niix",
    "ConversionSoftwareVersion": "v1.0.20170411 GCC4.8.4",
    "EchoTime": 0.04,
    "FlipAngle": 90,
    "ImageType": [
      "ORIGINAL",
      "PRIMARY",
      "EPI",
      "NONE"
    ],
    "MagneticFieldStrength": 3,
    "Manufacturer": "GE",
    "ManufacturersModelName": "DISCOVERY_MR750",
    "ProcedureStepDescription": "ActosHabla",
    "ProtocolName": "fMRI_ActosHabla_3",
    "RepetitionTime": 2,
    "ScanningSequence": "EP_GR",
    "SequenceVariant": "SS",
    "SeriesDescription": "fMRI_ActosHabla_3",
    "dataset": "unknown",
    "modality": "bold",
    "run_id": 3,
    "subject_id": "04",
    "task_id": "rah"
  },
  "dummy_trs": 0,
  "dvars_nstd": 17.707765109881894,
  "dvars_std": 1.1221841671259838,
  "dvars_vstd": 0.9963649750787402,
  "efc": 0.33623591435696054,
  "fber": 65412.51953125,
  "fd_mean": 0.09876180770062246,
  "fd_num": 10,
  "fd_perc": 3.9215686274509802,
  "fwhm_avg": 2.916533333333333,
  "fwhm_x": 2.776025,
  "fwhm_y": 3.11395,
  "fwhm_z": 2.859625,
  "gcor": 0.0434173,
  "gsr_x": -0.0006413700757548213,
  "gsr_y": 0.0011368797859176993,
  "provenance": {
    "md5sum": "b09a19501fffe49164f5eedf4f983843",
    "settings": {
      "fd_thres": 0.2,
      "hmc_fsl": false
    },
    "software": "mriqc",
    "version": "0.15.2rc1",
    "webapi_port": null,
    "webapi_url": "https://mriqc.nimh.nih.gov/api/v1"
  },
  "size_t": 255,
  "size_x": 64,
  "size_y": 64,
  "size_z": 35,
  "snr": 2.7813082636208013,
  "spacing_tr": 2.0,
  "spacing_x": 4.0,
  "spacing_y": 4.0,
  "spacing_z": 4.0,
  "summary_bg_k": 270.65300477819835,
  "summary_bg_mad": 9.776924133300781,
  "summary_bg_mean": 23.51961326599121,
  "summary_bg_median": 7.261406898498535,
  "summary_bg_n": 98750.0,
  "summary_bg_p05": 0.12160215713083744,
  "summary_bg_p95": 91.60643196105946,
  "summary_bg_stdv": 61.56755065917969,
  "summary_fg_k": 0.8247084400058395,
  "summary_fg_mad": 537.8628540039062,
  "summary_fg_mean": 1921.0721435546875,
  "summary_fg_median": 1847.941650390625,
  "summary_fg_n": 17289.0,
  "summary_fg_p05": 878.7958496093751,
  "summary_fg_p95": 3166.307958984374,
  "summary_fg_stdv": 664.3953247070312,
  "tsnr": 67.29702758789062
}