{
  "aor": 0.00869312,
  "aqi": 0.00254736444,
  "bids_meta": {
    "AcquisitionDateTime": "2017-06-22T20:16:26.000000",
    "ConversionSoftware": "dcm2niix",
    "ConversionSoftwareVersion": "v1.0.20170411 GCC4.8.4",
    "EchoTime": 0.035,
    "FlipAngle": 90,
    "ImageType": [
      "ORIGINAL",
      "PRIMARY",
      "EPI",
      "NONE"
    ],
    "MagneticFieldStrength": 3,
    "Manufacturer": "GE",
    "ManufacturersModelName": "DISCOVERY_MR750",
    "ProcedureStepDescription": "CompMet",
    "ProtocolName": "fMRI_CompMet",
    "RepetitionTime": 2,
    "ScanningSequence": "EP_GR",
    "SequenceVariant": "SS",
    "SeriesDescription": "fMRI_CompMet",
    "dataset": "unknown",
    "modality": "bold",
    "run_id": 1,
    "subject_id": "64",
    "task_id": "cm"
  },
  "dummy_trs": 0,
  "dvars_nstd": 19.02684900767067,
  "dvars_std": 1.149270652610441,
  "dvars_vstd": 1.0371723726907627,
  "efc": 0.3436043458102384,
  "fber": 89380.9453125,
  "fd_mean": 0.14587393717626637,
  "fd_num": 48,
  "fd_perc": 19.2,
  "fwhm_avg": 2.8532083333333333,
  "fwhm_x": 2.751275,
  "fwhm_y": 2.944975,
  "fwhm_z": 2.863375,
  "gcor": 0.0564946,
  "gsr_x": -0.00304660527035594,
  "gsr_y": 0.0029834520537406206,
  "provenance": {
    "md5sum": "15023c35b638c490f01959d9e52f27ee",
    "settings": {
      "fd_thres": 0.2,
      "hmc_fsl": false
    },
    "software": "mriqc",
    "version": "0.15.2rc1",
    "webapi_port": null,
    "webapi_url": "https://mriqc.nimh.nih.gov/api/v1"
  },
  "size_t": 250,
  "size_x": 64,
  "size_y": 64,
  "size_z": 34,
  "snr": 2.919330105284472,
  "spacing_tr": 2.0,
  "spacing_x": 4.0,
  "spacing_y": 4.0,
  "spacing_z": 4.0,
  "summary_bg_k": 90.65348547961004,
  "summary_bg_mad": 8.699910163879395,
  "summary_bg_mean": 28.36292266845703,
  "summary_bg_median": 6.51200008392334,
  "summary_bg_n": 95818.0,
  "summary_bg_p05": 0.1600000113248825,
  "summary_bg_p95": 120.50020217895492,
  "summary_bg_stdv": 87.0981674194336,
  "summary_fg_k": 0.41178599519393133,
  "summary_fg_mad": 580.7056884765625,
  "summary_fg_mean": 1989.114013671875,
  "summary_fg_median": 1955.068115234375,
  "summary_fg_n": 17034.0,
  "summary_fg_p05": 866.7454376220703,
  "summary_fg_p95": 3191.5793090820307,
  "summary_fg_stdv": 669.6778564453125,
  "tsnr": 55.782405853271484
}