{
  "aor": 0.003823162393162393,
  "aqi": 0.0029848839743589744,
  "bids_meta": {
    "AcquisitionDateTime": "2017-01-12T18:33:32.000000",
    "ConversionSoftware": "dcm2niix",
    "ConversionSoftwareVersion": "v1.0.20170411 GCC4.8.4",
    "EchoTime": 0.04,
    "FlipAngle": 90,
    "ImageType": [
      "ORIGINAL",
      "PRIMARY",
      "EPI",
      "NONE"
    ],
    "MagneticFieldStrength": 3,
    "Manufacturer": "GE",
    "ManufacturersModelName": "DISCOVERY_MR750",
    "ProcedureStepDescription": "CompRefranes",
    "ProtocolName": "fMRI_Comprension_3",
    "RepetitionTime": 2,
    "ScanningSequence": "EP_GR",
    "SequenceVariant": "SS",
    "SeriesDescription": "fMRI_Comprension_3",
    "dataset": "unknown",
    "modality": "bold",
    "run_id": 3,
    "subject_id": "49",
    "task_id": "cr"
  },
  "dummy_trs": 0,
  "dvars_nstd": 23.241134336523597,
  "dvars_std": 1.1201138719742498,
  "dvars_vstd": 1.0257514366952794,
  "efc": 0.33179418680316813,
  "fber": 59383.24609375,
  "fd_mean": 0.13828057076975958,
  "fd_num": 33,
  "fd_perc": 14.102564102564102,
  "fwhm_avg": 2.656079556558715,
  "fwhm_x": 2.597175,
  "fwhm_y": 2.918075,
  "fwhm_z": 2.452988669676146,
  "gcor": 0.0456278,
  "gsr_x": -0.010496650822460651,
  "gsr_y": 0.0032879214268177748,
  "provenance": {
    "md5sum": "2be8b0bcd00655685a6bf4c0e583d709",
    "settings": {
      "fd_thres": 0.2,
      "hmc_fsl": false
    },
    "software": "mriqc",
    "version": "0.15.2rc1",
    "webapi_port": null,
    "webapi_url": "https://mriqc.nimh.nih.gov/api/v1"
  },
  "size_t": 234,
  "size_x": 64,
  "size_y": 64,
  "size_z": 34,
  "snr": 3.1858042198629604,
  "spacing_tr": 2.0,
  "spacing_x": 4.0,
  "spacing_y": 4.0,
  "spacing_z": 3.999998092651367,
  "summary_bg_k": 192.57399163570423,
  "summary_bg_mad": 7.774158000946045,
  "summary_bg_mean": 23.729061126708984,
  "summary_bg_median": 6.000000476837158,
  "summary_bg_n": 98140.0,
  "summary_bg_p05": 0.1666666716337204,
  "summary_bg_p95": 85.17137145996095,
  "summary_bg_stdv": 82.24501037597656,
  "summary_fg_k": 0.396419179035139,
  "summary_fg_mad": 429.38763427734375,
  "summary_fg_mean": 1489.793701171875,
  "summary_fg_median": 1492.32275390625,
  "summary_fg_n": 14988.0,
  "summary_fg_p05": 678.5070922851562,
  "summary_fg_p95": 2257.1705932617188,
  "summary_fg_stdv": 468.41326904296875,
  "tsnr": 52.030845642089844
}