{
  "aor": 0.02384382882882883,
  "aqi": 0.0058214700900900895,
  "bids_meta": {
    "AcquisitionDateTime": "2017-01-12T18:15:3.000000",
    "ConversionSoftware": "dcm2niix",
    "ConversionSoftwareVersion": "v1.0.20170411 GCC4.8.4",
    "EchoTime": 0.04,
    "FlipAngle": 90,
    "ImageType": [
      "ORIGINAL",
      "PRIMARY",
      "EPI",
      "NONE"
    ],
    "MagneticFieldStrength": 3,
    "Manufacturer": "GE",
    "ManufacturersModelName": "DISCOVERY_MR750",
    "ProcedureStepDescription": "CompRefranes",
    "ProtocolName": "fMRI_Comprension_1",
    "RepetitionTime": 2,
    "ScanningSequence": "EP_GR",
    "SequenceVariant": "SS",
    "SeriesDescription": "fMRI_Comprension_1",
    "dataset": "unknown",
    "modality": "bold",
    "run_id": 1,
    "subject_id": "49",
    "task_id": "cr"
  },
  "dummy_trs": 0,
  "dvars_nstd": 25.211858218597293,
  "dvars_std": 1.1593274440271493,
  "dvars_vstd": 1.1336257027601815,
  "efc": 0.3306069293012273,
  "fber": 64776.79296875,
  "fd_mean": 0.1519688848667971,
  "fd_num": 27,
  "fd_perc": 12.162162162162161,
  "fwhm_avg": 2.6994337307455054,
  "fwhm_x": 2.637525,
  "fwhm_y": 2.960475,
  "fwhm_z": 2.5003011922365155,
  "gcor": 0.0843878,
  "gsr_x": -0.009653827175498009,
  "gsr_y": 0.0018486351473256946,
  "provenance": {
    "md5sum": "574c88243f04b0f3b6c03bca03b640c3",
    "settings": {
      "fd_thres": 0.2,
      "hmc_fsl": false
    },
    "software": "mriqc",
    "version": "0.15.2rc1",
    "webapi_port": null,
    "webapi_url": "https://mriqc.nimh.nih.gov/api/v1"
  },
  "size_t": 222,
  "size_x": 64,
  "size_y": 64,
  "size_z": 34,
  "snr": 3.2319070606546276,
  "spacing_tr": 2.0,
  "spacing_x": 4.0,
  "spacing_y": 4.0,
  "spacing_z": 3.999998092651367,
  "summary_bg_k": 165.39128682607927,
  "summary_bg_mad": 7.660111427307129,
  "summary_bg_mean": 23.316415786743164,
  "summary_bg_median": 5.914414405822754,
  "summary_bg_n": 98042.0,
  "summary_bg_p05": 0.171171173453331,
  "summary_bg_p95": 84.25022392272938,
  "summary_bg_stdv": 80.17269897460938,
  "summary_fg_k": 0.38274032727425134,
  "summary_fg_mad": 435.7313232421875,
  "summary_fg_mean": 1526.025634765625,
  "summary_fg_median": 1533.324462890625,
  "summary_fg_n": 15044.0,
  "summary_fg_p05": 692.1808929443359,
  "summary_fg_p95": 2291.588061523437,
  "summary_fg_stdv": 474.4175720214844,
  "tsnr": 35.43437194824219
}