{
  "aor": 0.004774549549549549,
  "aqi": 0.0024831294594594598,
  "bids_meta": {
    "AcquisitionDateTime": "2017-01-12T18:24:41.000000",
    "ConversionSoftware": "dcm2niix",
    "ConversionSoftwareVersion": "v1.0.20170411 GCC4.8.4",
    "EchoTime": 0.04,
    "FlipAngle": 90,
    "ImageType": [
      "ORIGINAL",
      "PRIMARY",
      "EPI",
      "NONE"
    ],
    "MagneticFieldStrength": 3,
    "Manufacturer": "GE",
    "ManufacturersModelName": "DISCOVERY_MR750",
    "ProcedureStepDescription": "CompRefranes",
    "ProtocolName": "fMRI_Comprension_2",
    "RepetitionTime": 2,
    "ScanningSequence": "EP_GR",
    "SequenceVariant": "SS",
    "SeriesDescription": "fMRI_Comprension_2",
    "dataset": "unknown",
    "modality": "bold",
    "run_id": 2,
    "subject_id": "49",
    "task_id": "cr"
  },
  "dummy_trs": 0,
  "dvars_nstd": 22.020817959637995,
  "dvars_std": 1.1463535121266968,
  "dvars_vstd": 1.0565449423529412,
  "efc": 0.3305616638834302,
  "fber": 60316.90234375,
  "fd_mean": 0.138133302410833,
  "fd_num": 28,
  "fd_perc": 12.612612612612613,
  "fwhm_avg": 2.65757705502767,
  "fwhm_x": 2.616175,
  "fwhm_y": 2.9132,
  "fwhm_z": 2.44335616508301,
  "gcor": 0.0399679,
  "gsr_x": -0.010125579312443733,
  "gsr_y": 0.003218594007194042,
  "provenance": {
    "md5sum": "6930504d0dd2c9e11f5d91e4a7b5301d",
    "settings": {
      "fd_thres": 0.2,
      "hmc_fsl": false
    },
    "software": "mriqc",
    "version": "0.15.2rc1",
    "webapi_port": null,
    "webapi_url": "https://mriqc.nimh.nih.gov/api/v1"
  },
  "size_t": 222,
  "size_x": 64,
  "size_y": 64,
  "size_z": 34,
  "snr": 3.1664120633973445,
  "spacing_tr": 2.0,
  "spacing_x": 4.0,
  "spacing_y": 4.0,
  "spacing_z": 3.999998092651367,
  "summary_bg_k": 204.09332184794042,
  "summary_bg_mad": 7.653433322906494,
  "summary_bg_mean": 23.223737716674805,
  "summary_bg_median": 5.923423767089844,
  "summary_bg_n": 98086.0,
  "summary_bg_p05": 0.1756756752729416,
  "summary_bg_p95": 82.79279708862305,
  "summary_bg_stdv": 81.19127655029297,
  "summary_fg_k": 0.39861953352107715,
  "summary_fg_mad": 433.981689453125,
  "summary_fg_mean": 1487.9154052734375,
  "summary_fg_median": 1492.549560546875,
  "summary_fg_n": 15011.0,
  "summary_fg_p05": 680.4504699707031,
  "summary_fg_p95": 2255.7523193359375,
  "summary_fg_stdv": 471.3536376953125,
  "tsnr": 56.72472381591797
}