{
  "aor": 0.0008012598425196851,
  "aqi": 0.0018469458700787404,
  "bids_meta": {
    "AcquisitionMatrixPE": 64,
    "AcquisitionNumber": 1,
    "AcquisitionTime": "15:11:36.000000",
    "BodyPartExamined": "HEAD",
    "CoilString": "32Ch_Head",
    "ConversionSoftware": "dcm2niix",
    "ConversionSoftwareVersion": "v1.0.20181125  (JP2:OpenJPEG) GCC7.3.0",
    "DeviceSerialNumber": "0002806034DVR750",
    "EchoTime": 0.04,
    "EffectiveEchoSpacing": 0.000372,
    "FlipAngle": 90,
    "ImageOrientationPatientDICOM": [
      1,
      0,
      0,
      0,
      1,
      0
    ],
    "ImageType": [
      "ORIGINAL",
      "PRIMARY",
      "EPI",
      "NONE"
    ],
    "ImagingFrequency": 127.772,
    "InPlanePhaseEncodingDirectionDICOM": "COL",
    "InstitutionName": "INSTITUTO_DE_NEUROBIOLOGIA",
    "MRAcquisitionType": "2D",
    "MagneticFieldStrength": 3,
    "Manufacturer": "GE",
    "ManufacturersModelName": "DISCOVERY_MR750",
    "Modality": "MR",
    "PatientPosition": "HFS",
    "PercentPhaseFOV": 100,
    "PhaseEncodingDirection": "j",
    "PhaseEncodingPolarityGE": "Flipped",
    "PixelBandwidth": 7812.5,
    "ProcedureStepDescription": "Emociones_AH",
    "ProtocolName": "fMRI_Jalil_3",
    "ReconMatrixPE": 64,
    "RepetitionTime": 2,
    "SAR": 0.208721,
    "ScanOptions": "EPI_GEMS_ACC_GEMS",
    "ScanningSequence": "EP_GR",
    "SequenceVariant": "SS",
    "SeriesDescription": "fMRI_Jalil_3",
    "SeriesNumber": 7,
    "SliceThickness": 4,
    "SliceTiming": [
      0,
      1.0285,
      0.0571001,
      1.0857,
      0.1142,
      1.1428,
      0.1714,
      1.2,
      0.2285,
      1.2571,
      0.2857,
      1.3143,
      0.3428,
      1.3714,
      0.4,
      1.4286,
      0.4571,
      1.4857,
      0.5142,
      1.5428,
      0.5714,
      1.6,
      0.6285,
      1.6571,
      0.6857,
      1.7143,
      0.7428,
      1.7714,
      0.8,
      1.8285,
      0.8571,
      1.8857,
      0.9143,
      1.9428,
      0.9714
    ],
    "SoftwareVersions": "27_LX_MR_Software_release:DV26.0_R03_1831.b",
    "SpacingBetweenSlices": 4,
    "StationName": "GEHCGEHC",
    "TaskName": "eah",
    "TotalReadoutTime": 0.023436,
    "dataset": "unknown",
    "modality": "bold",
    "run_id": 3,
    "subject_id": "46",
    "task_id": "eah"
  },
  "dummy_trs": 0,
  "dvars_nstd": 20.43198551213438,
  "dvars_std": 1.1158818541501974,
  "dvars_vstd": 0.9884943697628462,
  "efc": 0.33797585160162297,
  "fber": 77630.0,
  "fd_mean": 0.13522906962892386,
  "fd_num": 37,
  "fd_perc": 14.566929133858268,
  "fwhm_avg": 2.7105833333333336,
  "fwhm_x": 2.725475,
  "fwhm_y": 2.856175,
  "fwhm_z": 2.5501,
  "gcor": 0.0357242,
  "gsr_x": -0.007880502380430698,
  "gsr_y": -0.003535980824381113,
  "provenance": {
    "md5sum": "df5ad2e71eb5f1bb266cc88af7e59bdc",
    "settings": {
      "fd_thres": 0.2,
      "hmc_fsl": false
    },
    "software": "mriqc",
    "version": "0.15.2rc1",
    "webapi_port": null,
    "webapi_url": "https://mriqc.nimh.nih.gov/api/v1"
  },
  "size_t": 254,
  "size_x": 64,
  "size_y": 64,
  "size_z": 35,
  "snr": 2.9590813876643285,
  "spacing_tr": 2.0,
  "spacing_x": 4.0,
  "spacing_y": 4.0,
  "spacing_z": 4.0,
  "summary_bg_k": 84.42484194961737,
  "summary_bg_mad": 8.095942497253418,
  "summary_bg_mean": 24.953039169311523,
  "summary_bg_median": 6.066929340362549,
  "summary_bg_n": 99553.0,
  "summary_bg_p05": 0.15354330837726593,
  "summary_bg_p95": 98.08267974853516,
  "summary_bg_stdv": 77.56265258789062,
  "summary_fg_k": 0.1585766889597804,
  "summary_fg_mad": 533.6959228515625,
  "summary_fg_mean": 1698.3837890625,
  "summary_fg_median": 1708.7401123046875,
  "summary_fg_n": 16681.0,
  "summary_fg_p05": 693.7637939453125,
  "summary_fg_p95": 2642.476318359375,
  "summary_fg_stdv": 577.43896484375,
  "tsnr": 61.088401794433594
}