{
  "aor": 0.0034770666666666668,
  "aqi": 0.0020176446066666664,
  "bids_meta": {
    "AcquisitionMatrixPE": 64,
    "AcquisitionNumber": 1,
    "AcquisitionTime": "15:20:52.000000",
    "BodyPartExamined": "HEAD",
    "CoilString": "32Ch_Head",
    "ConversionSoftware": "dcm2niix",
    "ConversionSoftwareVersion": "v1.0.20181125  (JP2:OpenJPEG) GCC7.3.0",
    "DeviceSerialNumber": "0002806034DVR750",
    "EchoTime": 0.04,
    "EffectiveEchoSpacing": 0.000372,
    "FlipAngle": 90,
    "ImageOrientationPatientDICOM": [
      1,
      0,
      0,
      0,
      1,
      0
    ],
    "ImageType": [
      "ORIGINAL",
      "PRIMARY",
      "EPI",
      "NONE"
    ],
    "ImagingFrequency": 127.772,
    "InPlanePhaseEncodingDirectionDICOM": "COL",
    "InstitutionName": "INSTITUTO_DE_NEUROBIOLOGIA",
    "MRAcquisitionType": "2D",
    "MagneticFieldStrength": 3,
    "Manufacturer": "GE",
    "ManufacturersModelName": "DISCOVERY_MR750",
    "Modality": "MR",
    "PatientPosition": "HFS",
    "PercentPhaseFOV": 100,
    "PhaseEncodingDirection": "j",
    "PhaseEncodingPolarityGE": "Flipped",
    "PixelBandwidth": 7812.5,
    "ProcedureStepDescription": "Emociones_AH",
    "ProtocolName": "fMRI_Jalil_4",
    "ReconMatrixPE": 64,
    "RepetitionTime": 2,
    "SAR": 0.208721,
    "ScanOptions": "EPI_GEMS_ACC_GEMS",
    "ScanningSequence": "EP_GR",
    "SequenceVariant": "SS",
    "SeriesDescription": "fMRI_Jalil_4",
    "SeriesNumber": 8,
    "SliceThickness": 4,
    "SliceTiming": [
      0,
      1.0285,
      0.0571001,
      1.0857,
      0.1142,
      1.1428,
      0.1714,
      1.2,
      0.2285,
      1.2571,
      0.2857,
      1.3143,
      0.3428,
      1.3714,
      0.4,
      1.4286,
      0.4571,
      1.4857,
      0.5142,
      1.5428,
      0.5714,
      1.6,
      0.6285,
      1.6571,
      0.6857,
      1.7143,
      0.7428,
      1.7714,
      0.8,
      1.8285,
      0.8571,
      1.8857,
      0.9143,
      1.9428,
      0.9714
    ],
    "SoftwareVersions": "27_LX_MR_Software_release:DV26.0_R03_1831.b",
    "SpacingBetweenSlices": 4,
    "StationName": "GEHCGEHC",
    "TaskName": "eah",
    "TotalReadoutTime": 0.023436,
    "dataset": "unknown",
    "modality": "bold",
    "run_id": 4,
    "subject_id": "46",
    "task_id": "eah"
  },
  "dummy_trs": 0,
  "dvars_nstd": 20.398485708590602,
  "dvars_std": 1.1118528450335567,
  "dvars_vstd": 1.003750697248322,
  "efc": 0.3371740798734967,
  "fber": 75865.7421875,
  "fd_mean": 0.13894520633891347,
  "fd_num": 22,
  "fd_perc": 14.666666666666666,
  "fwhm_avg": 2.7150583333333334,
  "fwhm_x": 2.72595,
  "fwhm_y": 2.866125,
  "fwhm_z": 2.5531,
  "gcor": 0.0349991,
  "gsr_x": -0.007546501699835062,
  "gsr_y": -0.0033128305803984404,
  "provenance": {
    "md5sum": "ef83970e203c4cf712d204042afa2842",
    "settings": {
      "fd_thres": 0.2,
      "hmc_fsl": false
    },
    "software": "mriqc",
    "version": "0.15.2rc1",
    "webapi_port": null,
    "webapi_url": "https://mriqc.nimh.nih.gov/api/v1"
  },
  "size_t": 150,
  "size_x": 64,
  "size_y": 64,
  "size_z": 35,
  "snr": 2.939119663397165,
  "spacing_tr": 2.0,
  "spacing_x": 4.0,
  "spacing_y": 4.0,
  "spacing_z": 4.0,
  "summary_bg_k": 92.23696406681967,
  "summary_bg_mad": 8.045588493347168,
  "summary_bg_mean": 24.591630935668945,
  "summary_bg_median": 6.046666622161865,
  "summary_bg_n": 99435.0,
  "summary_bg_p05": 0.1666666716337204,
  "summary_bg_p95": 94.61000595092734,
  "summary_bg_stdv": 77.59182739257812,
  "summary_fg_k": 0.15139459912429043,
  "summary_fg_mad": 535.9706420898438,
  "summary_fg_mean": 1682.2530517578125,
  "summary_fg_median": 1684.8800048828125,
  "summary_fg_n": 16634.0,
  "summary_fg_p05": 695.47001953125,
  "summary_fg_p95": 2627.263146972656,
  "summary_fg_stdv": 573.2428588867188,
  "tsnr": 62.3734130859375
}