{
  "aor": 0.0008520982142857142,
  "aqi": 0.0017004910580357142,
  "bids_meta": {
    "AcquisitionMatrixPE": 64,
    "AcquisitionNumber": 1,
    "AcquisitionTime": "15:03:24.000000",
    "BodyPartExamined": "HEAD",
    "CoilString": "32Ch_Head",
    "ConversionSoftware": "dcm2niix",
    "ConversionSoftwareVersion": "v1.0.20181125  (JP2:OpenJPEG) GCC7.3.0",
    "DeviceSerialNumber": "0002806034DVR750",
    "EchoTime": 0.04,
    "EffectiveEchoSpacing": 0.000372,
    "FlipAngle": 90,
    "ImageOrientationPatientDICOM": [
      1,
      0,
      0,
      0,
      1,
      0
    ],
    "ImageType": [
      "ORIGINAL",
      "PRIMARY",
      "EPI",
      "NONE"
    ],
    "ImagingFrequency": 127.772,
    "InPlanePhaseEncodingDirectionDICOM": "COL",
    "InstitutionName": "INSTITUTO_DE_NEUROBIOLOGIA",
    "MRAcquisitionType": "2D",
    "MagneticFieldStrength": 3,
    "Manufacturer": "GE",
    "ManufacturersModelName": "DISCOVERY_MR750",
    "Modality": "MR",
    "PatientPosition": "HFS",
    "PercentPhaseFOV": 100,
    "PhaseEncodingDirection": "j",
    "PhaseEncodingPolarityGE": "Flipped",
    "PixelBandwidth": 7812.5,
    "ProcedureStepDescription": "Emociones_AH",
    "ProtocolName": "fMRI_Jalil_2",
    "ReconMatrixPE": 64,
    "RepetitionTime": 2,
    "SAR": 0.208721,
    "ScanOptions": "EPI_GEMS_ACC_GEMS",
    "ScanningSequence": "EP_GR",
    "SequenceVariant": "SS",
    "SeriesDescription": "fMRI_Jalil_2",
    "SeriesNumber": 6,
    "SliceThickness": 4,
    "SliceTiming": [
      0,
      1.0285,
      0.0571001,
      1.0857,
      0.1142,
      1.1428,
      0.1714,
      1.2,
      0.2285,
      1.2571,
      0.2857,
      1.3143,
      0.3428,
      1.3714,
      0.4,
      1.4286,
      0.4571,
      1.4857,
      0.5142,
      1.5428,
      0.5714,
      1.6,
      0.6285,
      1.6571,
      0.6857,
      1.7143,
      0.7428,
      1.7714,
      0.8,
      1.8285,
      0.8571,
      1.8857,
      0.9143,
      1.9428,
      0.9714
    ],
    "SoftwareVersions": "27_LX_MR_Software_release:DV26.0_R03_1831.b",
    "SpacingBetweenSlices": 4,
    "StationName": "GEHCGEHC",
    "TaskName": "eah",
    "TotalReadoutTime": 0.023436,
    "dataset": "unknown",
    "modality": "bold",
    "run_id": 2,
    "subject_id": "46",
    "task_id": "eah"
  },
  "dummy_trs": 0,
  "dvars_nstd": 18.871024965470866,
  "dvars_std": 1.088005970358744,
  "dvars_vstd": 0.9682876689237668,
  "efc": 0.33699676523317884,
  "fber": 78928.5546875,
  "fd_mean": 0.09640082949638902,
  "fd_num": 7,
  "fd_perc": 3.125,
  "fwhm_avg": 2.7158833333333336,
  "fwhm_x": 2.724675,
  "fwhm_y": 2.861025,
  "fwhm_z": 2.56195,
  "gcor": 0.0229914,
  "gsr_x": -0.007679456379264593,
  "gsr_y": -0.003724462352693081,
  "provenance": {
    "md5sum": "8e809d4908f4ca285067fca1ed255788",
    "settings": {
      "fd_thres": 0.2,
      "hmc_fsl": false
    },
    "software": "mriqc",
    "version": "0.15.2rc1",
    "webapi_port": null,
    "webapi_url": "https://mriqc.nimh.nih.gov/api/v1"
  },
  "size_t": 224,
  "size_x": 64,
  "size_y": 64,
  "size_z": 35,
  "snr": 2.9682313219288226,
  "spacing_tr": 2.0,
  "spacing_x": 4.0,
  "spacing_y": 4.0,
  "spacing_z": 4.0,
  "summary_bg_k": 85.28376058944392,
  "summary_bg_mad": 8.048412322998047,
  "summary_bg_mean": 25.05736541748047,
  "summary_bg_median": 6.035714626312256,
  "summary_bg_n": 99669.0,
  "summary_bg_p05": 0.15625,
  "summary_bg_p95": 97.25536346435538,
  "summary_bg_stdv": 78.2839126586914,
  "summary_fg_k": 0.1521521245286217,
  "summary_fg_mad": 533.4423828125,
  "summary_fg_mean": 1701.7899169921875,
  "summary_fg_median": 1711.232177734375,
  "summary_fg_n": 16546.0,
  "summary_fg_p05": 699.4252777099609,
  "summary_fg_p95": 2644.3182373046875,
  "summary_fg_stdv": 576.4983520507812,
  "tsnr": 64.81034851074219
}