{
  "aor": 0.0019333599999999994,
  "aqi": 0.0009578604,
  "bids_meta": {
    "AcquisitionDateTime": "2017-08-23T19:03:28.000000",
    "ConversionSoftware": "dcm2niix",
    "ConversionSoftwareVersion": "v1.0.20170411 GCC4.8.4",
    "EchoTime": 0.035,
    "FlipAngle": 90,
    "ImageType": [
      "ORIGINAL",
      "PRIMARY",
      "EPI",
      "NONE"
    ],
    "MagneticFieldStrength": 3,
    "Manufacturer": "GE",
    "ManufacturersModelName": "DISCOVERY_MR750",
    "ProtocolName": "fMRI_CompMet",
    "RepetitionTime": 2,
    "ScanningSequence": "EP_GR",
    "SequenceVariant": "SS",
    "SeriesDescription": "fMRI_CompMet",
    "dataset": "unknown",
    "modality": "bold",
    "run_id": 2,
    "subject_id": "89",
    "task_id": "cm"
  },
  "dummy_trs": 0,
  "dvars_nstd": 13.172507654056222,
  "dvars_std": 1.106433791365461,
  "dvars_vstd": 0.9946228087951804,
  "efc": 0.3868223250787626,
  "fber": 112773.453125,
  "fd_mean": 0.048200104452095015,
  "fd_num": 0,
  "fd_perc": 0.0,
  "fwhm_avg": 2.7209083333333335,
  "fwhm_x": 2.550475,
  "fwhm_y": 2.8798,
  "fwhm_z": 2.73245,
  "gcor": 0.039851,
  "gsr_x": -0.003874831600114703,
  "gsr_y": 0.008881784044206142,
  "provenance": {
    "md5sum": "7d52cccf4ff5a8de2889c1a60e006bb5",
    "settings": {
      "fd_thres": 0.2,
      "hmc_fsl": false
    },
    "software": "mriqc",
    "version": "0.15.2rc1",
    "webapi_port": null,
    "webapi_url": "https://mriqc.nimh.nih.gov/api/v1"
  },
  "size_t": 250,
  "size_x": 64,
  "size_y": 64,
  "size_z": 34,
  "snr": 2.9054701243213117,
  "spacing_tr": 2.0,
  "spacing_x": 4.0,
  "spacing_y": 4.0,
  "spacing_z": 4.0,
  "summary_bg_k": 72.83615630327645,
  "summary_bg_mad": 8.58130168914795,
  "summary_bg_mean": 31.206449508666992,
  "summary_bg_median": 5.984000205993652,
  "summary_bg_n": 89340.0,
  "summary_bg_p05": 0.03200000151991844,
  "summary_bg_p95": 156.3648132324219,
  "summary_bg_stdv": 82.05709838867188,
  "summary_fg_k": 0.20438579332848983,
  "summary_fg_mad": 670.6848754882812,
  "summary_fg_mean": 2090.6845703125,
  "summary_fg_median": 2051.2802734375,
  "summary_fg_n": 21616.0,
  "summary_fg_p05": 968.8590240478516,
  "summary_fg_p95": 3306.8041381835938,
  "summary_fg_stdv": 705.989990234375,
  "tsnr": 92.4937744140625
}