{
  "aor": 0.0058953600000000005,
  "aqi": 0.0010525164879999999,
  "bids_meta": {
    "AcquisitionDateTime": "2017-08-23T18:53:16.000000",
    "ConversionSoftware": "dcm2niix",
    "ConversionSoftwareVersion": "v1.0.20170411 GCC4.8.4",
    "EchoTime": 0.035,
    "FlipAngle": 90,
    "ImageType": [
      "ORIGINAL",
      "PRIMARY",
      "EPI",
      "NONE"
    ],
    "MagneticFieldStrength": 3,
    "Manufacturer": "GE",
    "ManufacturersModelName": "DISCOVERY_MR750",
    "ProtocolName": "fMRI_CompMet",
    "RepetitionTime": 2,
    "ScanningSequence": "EP_GR",
    "SequenceVariant": "SS",
    "SeriesDescription": "fMRI_CompMet",
    "dataset": "unknown",
    "modality": "bold",
    "run_id": 1,
    "subject_id": "89",
    "task_id": "cm"
  },
  "dummy_trs": 0,
  "dvars_nstd": 13.652416960923707,
  "dvars_std": 1.169625254216867,
  "dvars_vstd": 1.064201722168675,
  "efc": 0.3866871364148718,
  "fber": 114472.390625,
  "fd_mean": 0.05353715172599393,
  "fd_num": 1,
  "fd_perc": 0.4,
  "fwhm_avg": 2.749775,
  "fwhm_x": 2.5672,
  "fwhm_y": 2.896375,
  "fwhm_z": 2.78575,
  "gcor": 0.0456294,
  "gsr_x": -0.0032447422854602337,
  "gsr_y": 0.009925469756126404,
  "provenance": {
    "md5sum": "60d627ffc4d4f8cef78e540d31fe8d6f",
    "settings": {
      "fd_thres": 0.2,
      "hmc_fsl": false
    },
    "software": "mriqc",
    "version": "0.15.2rc1",
    "webapi_port": null,
    "webapi_url": "https://mriqc.nimh.nih.gov/api/v1"
  },
  "size_t": 250,
  "size_x": 64,
  "size_y": 64,
  "size_z": 34,
  "snr": 2.8938170519585102,
  "spacing_tr": 2.0,
  "spacing_x": 4.0,
  "spacing_y": 4.0,
  "spacing_z": 4.0,
  "summary_bg_k": 85.9463399402897,
  "summary_bg_mad": 8.646536827087402,
  "summary_bg_mean": 30.897144317626953,
  "summary_bg_median": 6.0320000648498535,
  "summary_bg_n": 89227.0,
  "summary_bg_p05": 0.036000002175569534,
  "summary_bg_p95": 152.42760467529288,
  "summary_bg_stdv": 82.398681640625,
  "summary_fg_k": 0.23716497260107072,
  "summary_fg_mad": 672.8406372070312,
  "summary_fg_mean": 2104.498779296875,
  "summary_fg_median": 2061.900146484375,
  "summary_fg_n": 21763.0,
  "summary_fg_p05": 972.8132629394531,
  "summary_fg_p95": 3338.9958251953117,
  "summary_fg_stdv": 712.5028076171875,
  "tsnr": 88.94644165039062
}