{
  "aor": 0.0022898850574712645,
  "aqi": 0.005101051551724137,
  "bids_meta": {
    "AcquisitionMatrixPE": 64,
    "AcquisitionNumber": 1,
    "AcquisitionTime": "18:32:38.000000",
    "CoilString": "32Ch_Head",
    "ConversionSoftware": "dcm2niix",
    "ConversionSoftwareVersion": "v1.0.20190902",
    "Dcm2bidsVersion": "2.1.4",
    "DeviceSerialNumber": "000000000000GEHC",
    "EchoTime": 0.04,
    "EffectiveEchoSpacing": 0.000372,
    "FlipAngle": 90,
    "ImageOrientationPatientDICOM": [
      1,
      0,
      0,
      0,
      1,
      0
    ],
    "ImageType": [
      "ORIGINAL",
      "PRIMARY",
      "EPI",
      "NONE"
    ],
    "ImagingFrequency": 127.772,
    "InPlanePhaseEncodingDirectionDICOM": "COL",
    "InstitutionName": "INSTITUTO_DE_NEUROBIOLOGIA",
    "MRAcquisitionType": "2D",
    "MagneticFieldStrength": 3,
    "Manufacturer": "GE",
    "ManufacturersModelName": "DISCOVERY_MR750",
    "Modality": "MR",
    "PatientPosition": "HFS",
    "PercentPhaseFOV": 100,
    "PhaseEncodingDirection": "j",
    "PhaseEncodingPolarityGE": "Flipped",
    "PixelBandwidth": 7812.5,
    "ProcedureStepDescription": "verbos",
    "ProtocolName": "fMRI_3",
    "ReconMatrixPE": 64,
    "RepetitionTime": 2,
    "SAR": 0.367275,
    "ScanOptions": "EPI_GEMS_ACC_GEMS",
    "ScanningSequence": "EP_GR",
    "SequenceVariant": "SS",
    "SeriesDescription": "fMRI_3",
    "SeriesNumber": 7,
    "SliceThickness": 4,
    "SliceTiming": [
      0,
      1.0285,
      0.0571001,
      1.0857,
      0.1142,
      1.1428,
      0.1714,
      1.2,
      0.2285,
      1.2571,
      0.2857,
      1.3143,
      0.3428,
      1.3714,
      0.4,
      1.4286,
      0.4571,
      1.4857,
      0.5142,
      1.5428,
      0.5714,
      1.6,
      0.6285,
      1.6571,
      0.6857,
      1.7143,
      0.7428,
      1.7714,
      0.8,
      1.8285,
      0.8571,
      1.8857,
      0.9143,
      1.9428,
      0.9714
    ],
    "SoftwareVersions": "24_LX_MR_Software_release:DV24.0_R02_1607.b",
    "SpacingBetweenSlices": 4,
    "StationName": "GEHCGEHC",
    "TotalReadoutTime": 0.023436,
    "dataset": "unknown",
    "modality": "bold",
    "run_id": 3,
    "subject_id": "145",
    "task_id": "verbs"
  },
  "dummy_trs": 0,
  "dvars_nstd": 16.404480388439303,
  "dvars_std": 0.9404669936994223,
  "dvars_vstd": 0.8926992466473989,
  "efc": 0.3689085942589435,
  "fber": 75334.8828125,
  "fd_mean": 0.11861356610153645,
  "fd_num": 9,
  "fd_perc": 5.172413793103448,
  "fwhm_avg": 2.893041666666667,
  "fwhm_x": 2.745175,
  "fwhm_y": 3.048775,
  "fwhm_z": 2.885175,
  "gcor": 0.0344856,
  "gsr_x": -0.007014971226453781,
  "gsr_y": 0.009965374134480953,
  "provenance": {
    "md5sum": "a8dd8e5cf1f097449f33466bc03a0679",
    "settings": {
      "fd_thres": 0.2,
      "hmc_fsl": false
    },
    "software": "mriqc",
    "version": "0.15.2rc1",
    "webapi_port": null,
    "webapi_url": "https://mriqc.nimh.nih.gov/api/v1"
  },
  "size_t": 174,
  "size_x": 64,
  "size_y": 64,
  "size_z": 35,
  "snr": 2.7923017070162763,
  "spacing_tr": 2.0,
  "spacing_x": 4.0,
  "spacing_y": 4.0,
  "spacing_z": 4.0,
  "summary_bg_k": 154.72242848928067,
  "summary_bg_mad": 8.835968971252441,
  "summary_bg_mean": 31.538921356201172,
  "summary_bg_median": 6.563218593597412,
  "summary_bg_n": 95251.0,
  "summary_bg_p05": 0.19540229439735413,
  "summary_bg_p95": 138.89080810546875,
  "summary_bg_stdv": 97.65811157226562,
  "summary_fg_k": 0.050725680325099276,
  "summary_fg_mad": 613.2349853515625,
  "summary_fg_mean": 1912.56982421875,
  "summary_fg_median": 1872.732666015625,
  "summary_fg_n": 20070.0,
  "summary_fg_p05": 789.0517181396484,
  "summary_fg_p95": 3098.9770019531243,
  "summary_fg_stdv": 670.6603393554688,
  "tsnr": 51.920989990234375
}