{
  "aor": 0.0020188505747126438,
  "aqi": 0.0026625963793103446,
  "bids_meta": {
    "AcquisitionMatrixPE": 64,
    "AcquisitionNumber": 1,
    "AcquisitionTime": "18:39:40.000000",
    "CoilString": "32Ch_Head",
    "ConversionSoftware": "dcm2niix",
    "ConversionSoftwareVersion": "v1.0.20190902",
    "Dcm2bidsVersion": "2.1.4",
    "DeviceSerialNumber": "000000000000GEHC",
    "EchoTime": 0.04,
    "EffectiveEchoSpacing": 0.000372,
    "FlipAngle": 90,
    "ImageOrientationPatientDICOM": [
      1,
      0,
      0,
      0,
      1,
      0
    ],
    "ImageType": [
      "ORIGINAL",
      "PRIMARY",
      "EPI",
      "NONE"
    ],
    "ImagingFrequency": 127.772,
    "InPlanePhaseEncodingDirectionDICOM": "COL",
    "InstitutionName": "INSTITUTO_DE_NEUROBIOLOGIA",
    "MRAcquisitionType": "2D",
    "MagneticFieldStrength": 3,
    "Manufacturer": "GE",
    "ManufacturersModelName": "DISCOVERY_MR750",
    "Modality": "MR",
    "PatientPosition": "HFS",
    "PercentPhaseFOV": 100,
    "PhaseEncodingDirection": "j",
    "PhaseEncodingPolarityGE": "Flipped",
    "PixelBandwidth": 7812.5,
    "ProcedureStepDescription": "verbos",
    "ProtocolName": "fMRI_4",
    "ReconMatrixPE": 64,
    "RepetitionTime": 2,
    "SAR": 0.367275,
    "ScanOptions": "EPI_GEMS_ACC_GEMS",
    "ScanningSequence": "EP_GR",
    "SequenceVariant": "SS",
    "SeriesDescription": "fMRI_4",
    "SeriesNumber": 8,
    "SliceThickness": 4,
    "SliceTiming": [
      0,
      1.0285,
      0.0571001,
      1.0857,
      0.1142,
      1.1428,
      0.1714,
      1.2,
      0.2285,
      1.2571,
      0.2857,
      1.3143,
      0.3428,
      1.3714,
      0.4,
      1.4286,
      0.4571,
      1.4857,
      0.5142,
      1.5428,
      0.5714,
      1.6,
      0.6285,
      1.6571,
      0.6857,
      1.7143,
      0.7428,
      1.7714,
      0.8,
      1.8285,
      0.8571,
      1.8857,
      0.9143,
      1.9428,
      0.9714
    ],
    "SoftwareVersions": "24_LX_MR_Software_release:DV24.0_R02_1607.b",
    "SpacingBetweenSlices": 4,
    "StationName": "GEHCGEHC",
    "TotalReadoutTime": 0.023436,
    "dataset": "unknown",
    "modality": "bold",
    "run_id": 4,
    "subject_id": "145",
    "task_id": "verbs"
  },
  "dummy_trs": 0,
  "dvars_nstd": 15.55869595277456,
  "dvars_std": 1.0611037367052025,
  "dvars_vstd": 0.9886006370520232,
  "efc": 0.36866624614794247,
  "fber": 70966.046875,
  "fd_mean": 0.10159167883691189,
  "fd_num": 9,
  "fd_perc": 5.172413793103448,
  "fwhm_avg": 2.883691666666666,
  "fwhm_x": 2.74145,
  "fwhm_y": 3.01185,
  "fwhm_z": 2.897775,
  "gcor": 0.0337553,
  "gsr_x": -0.007431328762322664,
  "gsr_y": 0.011309497058391571,
  "provenance": {
    "md5sum": "bd06daf7c581be5d33c52692a1a32894",
    "settings": {
      "fd_thres": 0.2,
      "hmc_fsl": false
    },
    "software": "mriqc",
    "version": "0.15.2rc1",
    "webapi_port": null,
    "webapi_url": "https://mriqc.nimh.nih.gov/api/v1"
  },
  "size_t": 174,
  "size_x": 64,
  "size_y": 64,
  "size_z": 35,
  "snr": 2.778882828570928,
  "spacing_tr": 2.0,
  "spacing_x": 4.0,
  "spacing_y": 4.0,
  "spacing_z": 4.0,
  "summary_bg_k": 88.66323326608031,
  "summary_bg_mad": 9.841411590576172,
  "summary_bg_mean": 33.14509582519531,
  "summary_bg_median": 7.241379261016846,
  "summary_bg_n": 95267.0,
  "summary_bg_p05": 0.18965516984462738,
  "summary_bg_p95": 140.3850555419922,
  "summary_bg_stdv": 95.1530990600586,
  "summary_fg_k": 0.3137397398005941,
  "summary_fg_mad": 625.0614624023438,
  "summary_fg_mean": 2056.66552734375,
  "summary_fg_median": 1982.6839599609375,
  "summary_fg_n": 19985.0,
  "summary_fg_p05": 924.8942626953125,
  "summary_fg_p95": 3365.720751953125,
  "summary_fg_stdv": 713.4645385742188,
  "tsnr": 69.84526062011719
}