{
  "aor": 0.0006922333333333333,
  "aqi": 0.00221756375,
  "bids_meta": {
    "AcquisitionMatrixPE": 64,
    "AcquisitionNumber": 1,
    "AcquisitionTime": "19:20:43.000000",
    "CoilString": "32Ch_Head",
    "ConversionSoftware": "dcm2niix",
    "ConversionSoftwareVersion": "v1.0.20190902",
    "Dcm2bidsVersion": "2.1.4",
    "DeviceSerialNumber": "000000000000GEHC",
    "EchoTime": 0.04,
    "EffectiveEchoSpacing": 0.000372,
    "FlipAngle": 90,
    "ImageOrientationPatientDICOM": [
      1,
      0,
      0,
      0,
      1,
      0
    ],
    "ImageType": [
      "ORIGINAL",
      "PRIMARY",
      "EPI",
      "NONE"
    ],
    "ImagingFrequency": 127.772,
    "InPlanePhaseEncodingDirectionDICOM": "COL",
    "InstitutionName": "INSTITUTO_DE_NEUROBIOLOGIA",
    "MRAcquisitionType": "2D",
    "MagneticFieldStrength": 3,
    "Manufacturer": "GE",
    "ManufacturersModelName": "DISCOVERY_MR750",
    "Modality": "MR",
    "PatientPosition": "HFS",
    "PercentPhaseFOV": 100,
    "PhaseEncodingDirection": "j",
    "PhaseEncodingPolarityGE": "Flipped",
    "PixelBandwidth": 7812.5,
    "ProcedureStepDescription": "verbos",
    "ProtocolName": "fMRI_RestState",
    "ReconMatrixPE": 64,
    "RepetitionTime": 2,
    "SAR": 0.367275,
    "ScanOptions": "EPI_GEMS_ACC_GEMS",
    "ScanningSequence": "EP_GR",
    "SequenceVariant": "SS",
    "SeriesDescription": "fMRI_RestState",
    "SeriesNumber": 13,
    "SliceThickness": 4,
    "SliceTiming": [
      0,
      1.0285,
      0.0571001,
      1.0857,
      0.1142,
      1.1428,
      0.1714,
      1.2,
      0.2285,
      1.2571,
      0.2857,
      1.3143,
      0.3428,
      1.3714,
      0.4,
      1.4286,
      0.4571,
      1.4857,
      0.5142,
      1.5428,
      0.5714,
      1.6,
      0.6285,
      1.6571,
      0.6857,
      1.7143,
      0.7428,
      1.7714,
      0.8,
      1.8285,
      0.8571,
      1.8857,
      0.9143,
      1.9428,
      0.9714
    ],
    "SoftwareVersions": "24_LX_MR_Software_release:DV24.0_R02_1607.b",
    "SpacingBetweenSlices": 4,
    "StationName": "GEHCGEHC",
    "TotalReadoutTime": 0.023436,
    "dataset": "unknown",
    "modality": "bold",
    "subject_id": "145",
    "task_id": "rest"
  },
  "dummy_trs": 0,
  "dvars_nstd": 16.022368469464894,
  "dvars_std": 1.1333331428093645,
  "dvars_vstd": 0.9745036676254176,
  "efc": 0.3685603461330513,
  "fber": 76740.1953125,
  "fd_mean": 0.09597525354562624,
  "fd_num": 4,
  "fd_perc": 1.3333333333333333,
  "fwhm_avg": 2.842691666666667,
  "fwhm_x": 2.71165,
  "fwhm_y": 3.01195,
  "fwhm_z": 2.804475,
  "gcor": 0.0677501,
  "gsr_x": -0.00911389384418726,
  "gsr_y": 0.012344871647655964,
  "provenance": {
    "md5sum": "8aef4339e81640fc365551b63ff700d7",
    "settings": {
      "fd_thres": 0.2,
      "hmc_fsl": false
    },
    "software": "mriqc",
    "version": "0.15.2rc1",
    "webapi_port": null,
    "webapi_url": "https://mriqc.nimh.nih.gov/api/v1"
  },
  "size_t": 300,
  "size_x": 64,
  "size_y": 64,
  "size_z": 35,
  "snr": 2.8335510152129437,
  "spacing_tr": 2.0,
  "spacing_x": 4.0,
  "spacing_y": 4.0,
  "spacing_z": 4.0,
  "summary_bg_k": 448.5827368015108,
  "summary_bg_mad": 8.796773910522461,
  "summary_bg_mean": 32.84893798828125,
  "summary_bg_median": 6.493333339691162,
  "summary_bg_n": 95223.0,
  "summary_bg_p05": 0.14666667580604553,
  "summary_bg_p95": 141.67466735839832,
  "summary_bg_stdv": 123.30335998535156,
  "summary_fg_k": 0.049437791115245044,
  "summary_fg_mad": 614.3609008789062,
  "summary_fg_mean": 1915.800048828125,
  "summary_fg_median": 1872.0,
  "summary_fg_n": 20003.0,
  "summary_fg_p05": 815.8730285644532,
  "summary_fg_p95": 3071.990844726562,
  "summary_fg_stdv": 660.6386108398438,
  "tsnr": 73.93708801269531
}