{
  "aor": 0.005241781609195402,
  "aqi": 0.002593579517241379,
  "bids_meta": {
    "AcquisitionMatrixPE": 64,
    "AcquisitionNumber": 1,
    "AcquisitionTime": "18:54:13.000000",
    "CoilString": "32Ch_Head",
    "ConversionSoftware": "dcm2niix",
    "ConversionSoftwareVersion": "v1.0.20190902",
    "Dcm2bidsVersion": "2.1.4",
    "DeviceSerialNumber": "000000000000GEHC",
    "EchoTime": 0.04,
    "EffectiveEchoSpacing": 0.000372,
    "FlipAngle": 90,
    "ImageOrientationPatientDICOM": [
      1,
      0,
      0,
      0,
      1,
      0
    ],
    "ImageType": [
      "ORIGINAL",
      "PRIMARY",
      "EPI",
      "NONE"
    ],
    "ImagingFrequency": 127.772,
    "InPlanePhaseEncodingDirectionDICOM": "COL",
    "InstitutionName": "INSTITUTO_DE_NEUROBIOLOGIA",
    "MRAcquisitionType": "2D",
    "MagneticFieldStrength": 3,
    "Manufacturer": "GE",
    "ManufacturersModelName": "DISCOVERY_MR750",
    "Modality": "MR",
    "PatientPosition": "HFS",
    "PercentPhaseFOV": 100,
    "PhaseEncodingDirection": "j",
    "PhaseEncodingPolarityGE": "Flipped",
    "PixelBandwidth": 7812.5,
    "ProcedureStepDescription": "verbos",
    "ProtocolName": "fMRI_6",
    "ReconMatrixPE": 64,
    "RepetitionTime": 2,
    "SAR": 0.367275,
    "ScanOptions": "EPI_GEMS_ACC_GEMS",
    "ScanningSequence": "EP_GR",
    "SequenceVariant": "SS",
    "SeriesDescription": "fMRI_6",
    "SeriesNumber": 10,
    "SliceThickness": 4,
    "SliceTiming": [
      0,
      1.0285,
      0.0571001,
      1.0857,
      0.1142,
      1.1428,
      0.1714,
      1.2,
      0.2285,
      1.2571,
      0.2857,
      1.3143,
      0.3428,
      1.3714,
      0.4,
      1.4286,
      0.4571,
      1.4857,
      0.5142,
      1.5428,
      0.5714,
      1.6,
      0.6285,
      1.6571,
      0.6857,
      1.7143,
      0.7428,
      1.7714,
      0.8,
      1.8285,
      0.8571,
      1.8857,
      0.9143,
      1.9428,
      0.9714
    ],
    "SoftwareVersions": "24_LX_MR_Software_release:DV24.0_R02_1607.b",
    "SpacingBetweenSlices": 4,
    "StationName": "GEHCGEHC",
    "TotalReadoutTime": 0.023436,
    "dataset": "unknown",
    "modality": "bold",
    "run_id": 6,
    "subject_id": "145",
    "task_id": "verbs"
  },
  "dummy_trs": 0,
  "dvars_nstd": 14.87344318450866,
  "dvars_std": 1.1064821493063584,
  "dvars_vstd": 1.0842487993063579,
  "efc": 0.36770820401322674,
  "fber": 77955.59375,
  "fd_mean": 0.08517207358373553,
  "fd_num": 4,
  "fd_perc": 2.2988505747126435,
  "fwhm_avg": 2.846966666666667,
  "fwhm_x": 2.712425,
  "fwhm_y": 3.013025,
  "fwhm_z": 2.81545,
  "gcor": 0.0320825,
  "gsr_x": -0.0074829645454883575,
  "gsr_y": 0.008747256360948086,
  "provenance": {
    "md5sum": "3835762e3f278e10eed027e69fe2deee",
    "settings": {
      "fd_thres": 0.2,
      "hmc_fsl": false
    },
    "software": "mriqc",
    "version": "0.15.2rc1",
    "webapi_port": null,
    "webapi_url": "https://mriqc.nimh.nih.gov/api/v1"
  },
  "size_t": 174,
  "size_x": 64,
  "size_y": 64,
  "size_z": 35,
  "snr": 2.8539806845263804,
  "spacing_tr": 2.0,
  "spacing_x": 4.0,
  "spacing_y": 4.0,
  "spacing_z": 4.0,
  "summary_bg_k": 129.5516372140777,
  "summary_bg_mad": 8.776324272155762,
  "summary_bg_mean": 30.759418487548828,
  "summary_bg_median": 6.488505840301514,
  "summary_bg_n": 95310.0,
  "summary_bg_p05": 0.1551724076271057,
  "summary_bg_p95": 135.47758941650426,
  "summary_bg_stdv": 94.5583724975586,
  "summary_fg_k": 0.061482194087499664,
  "summary_fg_mad": 606.7080688476562,
  "summary_fg_mean": 1915.901123046875,
  "summary_fg_median": 1878.6551513671875,
  "summary_fg_n": 19943.0,
  "summary_fg_p05": 816.0821716308593,
  "summary_fg_p95": 3059.472338867186,
  "summary_fg_stdv": 658.2413330078125,
  "tsnr": 72.4637451171875
}