{
  "aor": 0.004203793103448276,
  "aqi": 0.002216921132183908,
  "bids_meta": {
    "AcquisitionMatrixPE": 64,
    "AcquisitionNumber": 1,
    "AcquisitionTime": "18:16:53.000000",
    "CoilString": "32Ch_Head",
    "ConversionSoftware": "dcm2niix",
    "ConversionSoftwareVersion": "v1.0.20190902",
    "Dcm2bidsVersion": "2.1.4",
    "DeviceSerialNumber": "000000000000GEHC",
    "EchoTime": 0.04,
    "EffectiveEchoSpacing": 0.000372,
    "FlipAngle": 90,
    "ImageOrientationPatientDICOM": [
      1,
      0,
      0,
      0,
      1,
      0
    ],
    "ImageType": [
      "ORIGINAL",
      "PRIMARY",
      "EPI",
      "NONE"
    ],
    "ImagingFrequency": 127.772,
    "InPlanePhaseEncodingDirectionDICOM": "COL",
    "InstitutionName": "INSTITUTO_DE_NEUROBIOLOGIA",
    "MRAcquisitionType": "2D",
    "MagneticFieldStrength": 3,
    "Manufacturer": "GE",
    "ManufacturersModelName": "DISCOVERY_MR750",
    "Modality": "MR",
    "PatientPosition": "HFS",
    "PercentPhaseFOV": 100,
    "PhaseEncodingDirection": "j",
    "PhaseEncodingPolarityGE": "Flipped",
    "PixelBandwidth": 7812.5,
    "ProcedureStepDescription": "verbos",
    "ProtocolName": "fMRI_1",
    "ReconMatrixPE": 64,
    "RepetitionTime": 2,
    "SAR": 0.367275,
    "ScanOptions": "EPI_GEMS_ACC_GEMS",
    "ScanningSequence": "EP_GR",
    "SequenceVariant": "SS",
    "SeriesDescription": "fMRI_1",
    "SeriesNumber": 4,
    "SliceThickness": 4,
    "SliceTiming": [
      0,
      1.0285,
      0.0571001,
      1.0857,
      0.1142,
      1.1428,
      0.1714,
      1.2,
      0.2285,
      1.2571,
      0.2857,
      1.3143,
      0.3428,
      1.3714,
      0.4,
      1.4286,
      0.4571,
      1.4857,
      0.5142,
      1.5428,
      0.5714,
      1.6,
      0.6285,
      1.6571,
      0.6857,
      1.7143,
      0.7428,
      1.7714,
      0.8,
      1.8285,
      0.8571,
      1.8857,
      0.9143,
      1.9428,
      0.9714
    ],
    "SoftwareVersions": "24_LX_MR_Software_release:DV24.0_R02_1607.b",
    "SpacingBetweenSlices": 4,
    "StationName": "GEHCGEHC",
    "TotalReadoutTime": 0.023436,
    "dataset": "unknown",
    "modality": "bold",
    "run_id": 1,
    "subject_id": "145",
    "task_id": "verbs"
  },
  "dummy_trs": 0,
  "dvars_nstd": 17.68986135277457,
  "dvars_std": 1.1619978895375724,
  "dvars_vstd": 0.9912550963005775,
  "efc": 0.3674502424384918,
  "fber": 79006.8984375,
  "fd_mean": 0.07830134540896036,
  "fd_num": 3,
  "fd_perc": 1.7241379310344827,
  "fwhm_avg": 2.8679666666666663,
  "fwhm_x": 2.72615,
  "fwhm_y": 3.034975,
  "fwhm_z": 2.842775,
  "gcor": 0.0507232,
  "gsr_x": -0.006888119038194418,
  "gsr_y": 0.00603380287066102,
  "provenance": {
    "md5sum": "a2b983f00fac6b729260d7c476590a0e",
    "settings": {
      "fd_thres": 0.2,
      "hmc_fsl": false
    },
    "software": "mriqc",
    "version": "0.15.2rc1",
    "webapi_port": null,
    "webapi_url": "https://mriqc.nimh.nih.gov/api/v1"
  },
  "size_t": 174,
  "size_x": 64,
  "size_y": 64,
  "size_z": 35,
  "snr": 2.843221230393533,
  "spacing_tr": 2.0,
  "spacing_x": 4.0,
  "spacing_y": 4.0,
  "spacing_z": 4.0,
  "summary_bg_k": 99.02271174720686,
  "summary_bg_mad": 8.708158493041992,
  "summary_bg_mean": 30.851533889770508,
  "summary_bg_median": 6.459770202636719,
  "summary_bg_n": 95439.0,
  "summary_bg_p05": 0.17241379618644714,
  "summary_bg_p95": 135.39540557861287,
  "summary_bg_stdv": 93.17351531982422,
  "summary_fg_k": 0.029007920054405112,
  "summary_fg_mad": 612.169921875,
  "summary_fg_mean": 1921.9666748046875,
  "summary_fg_median": 1885.3677978515625,
  "summary_fg_n": 19855.0,
  "summary_fg_p05": 804.4948181152344,
  "summary_fg_p95": 3083.6636962890625,
  "summary_fg_stdv": 663.0930786132812,
  "tsnr": 68.64620971679688
}