{
  "aor": 0.0012979885057471264,
  "aqi": 0.0008867957643678162,
  "bids_meta": {
    "AcquisitionMatrixPE": 64,
    "AcquisitionNumber": 1,
    "AcquisitionTime": "20:30:47.000000",
    "CoilString": "32Ch_Head",
    "ConversionSoftware": "dcm2niix",
    "ConversionSoftwareVersion": "v1.0.20190902",
    "Dcm2bidsVersion": "2.1.4",
    "DeviceSerialNumber": "000000000000GEHC",
    "EchoTime": 0.04,
    "EffectiveEchoSpacing": 0.000372,
    "FlipAngle": 90,
    "ImageOrientationPatientDICOM": [
      1,
      0,
      0,
      0,
      1,
      0
    ],
    "ImageType": [
      "ORIGINAL",
      "PRIMARY",
      "EPI",
      "NONE"
    ],
    "ImagingFrequency": 127.772,
    "InPlanePhaseEncodingDirectionDICOM": "COL",
    "InstitutionName": "INSTITUTO_DE_NEUROBIOLOGIA",
    "MRAcquisitionType": "2D",
    "MagneticFieldStrength": 3,
    "Manufacturer": "GE",
    "ManufacturersModelName": "DISCOVERY_MR750",
    "Modality": "MR",
    "PatientPosition": "HFS",
    "PercentPhaseFOV": 100,
    "PhaseEncodingDirection": "j",
    "PhaseEncodingPolarityGE": "Flipped",
    "PixelBandwidth": 7812.5,
    "ProcedureStepDescription": "verbos",
    "ProtocolName": "fMRI_4",
    "ReconMatrixPE": 64,
    "RepetitionTime": 2,
    "SAR": 0.360474,
    "ScanOptions": "EPI_GEMS_ACC_GEMS",
    "ScanningSequence": "EP_GR",
    "SequenceVariant": "SS",
    "SeriesDescription": "fMRI_4",
    "SeriesNumber": 9,
    "SliceThickness": 4,
    "SliceTiming": [
      0,
      1.0285,
      0.0571001,
      1.0857,
      0.1142,
      1.1428,
      0.1714,
      1.2,
      0.2285,
      1.2571,
      0.2857,
      1.3143,
      0.3428,
      1.3714,
      0.4,
      1.4286,
      0.4571,
      1.4857,
      0.5142,
      1.5428,
      0.5714,
      1.6,
      0.6285,
      1.6571,
      0.6857,
      1.7143,
      0.7428,
      1.7714,
      0.8,
      1.8285,
      0.8571,
      1.8857,
      0.9143,
      1.9428,
      0.9714
    ],
    "SoftwareVersions": "24_LX_MR_Software_release:DV24.0_R02_1607.b",
    "SpacingBetweenSlices": 4,
    "StationName": "GEHCGEHC",
    "TotalReadoutTime": 0.023436,
    "dataset": "unknown",
    "modality": "bold",
    "run_id": 4,
    "subject_id": "133",
    "task_id": "verbs"
  },
  "dummy_trs": 0,
  "dvars_nstd": 15.516724663583826,
  "dvars_std": 1.117260221329479,
  "dvars_vstd": 1.0176475238728329,
  "efc": 0.3346282435155122,
  "fber": 61633.50390625,
  "fd_mean": 0.09775674888314953,
  "fd_num": 7,
  "fd_perc": 4.022988505747127,
  "fwhm_avg": 3.0009,
  "fwhm_x": 2.9966,
  "fwhm_y": 3.090275,
  "fwhm_z": 2.915825,
  "gcor": 0.0368032,
  "gsr_x": -0.005388656631112099,
  "gsr_y": 0.007128471974283457,
  "provenance": {
    "md5sum": "4aead47946eb6d74e9db82e667474ebd",
    "settings": {
      "fd_thres": 0.2,
      "hmc_fsl": false
    },
    "software": "mriqc",
    "version": "0.15.2rc1",
    "webapi_port": null,
    "webapi_url": "https://mriqc.nimh.nih.gov/api/v1"
  },
  "size_t": 174,
  "size_x": 64,
  "size_y": 64,
  "size_z": 35,
  "snr": 2.3825090770329784,
  "spacing_tr": 2.0,
  "spacing_x": 4.0,
  "spacing_y": 4.0,
  "spacing_z": 4.0,
  "summary_bg_k": 164.46426840806495,
  "summary_bg_mad": 9.15123462677002,
  "summary_bg_mean": 24.665569305419922,
  "summary_bg_median": 6.804597854614258,
  "summary_bg_n": 98863.0,
  "summary_bg_p05": 0.18390804529190063,
  "summary_bg_p95": 96.4954025268552,
  "summary_bg_stdv": 72.09526062011719,
  "summary_fg_k": 0.5697014629737711,
  "summary_fg_mad": 590.6296997070312,
  "summary_fg_mean": 1818.443359375,
  "summary_fg_median": 1712.8333740234375,
  "summary_fg_n": 17275.0,
  "summary_fg_p05": 730.8925476074219,
  "summary_fg_p95": 3176.6775634765627,
  "summary_fg_stdv": 718.899169921875,
  "tsnr": 91.98747253417969
}