{
  "aor": 0.0015514367816091951,
  "aqi": 0.0017430027931034484,
  "bids_meta": {
    "AcquisitionMatrixPE": 64,
    "AcquisitionNumber": 1,
    "AcquisitionTime": "20:44:15.000000",
    "CoilString": "32Ch_Head",
    "ConversionSoftware": "dcm2niix",
    "ConversionSoftwareVersion": "v1.0.20190902",
    "Dcm2bidsVersion": "2.1.4",
    "DeviceSerialNumber": "000000000000GEHC",
    "EchoTime": 0.04,
    "EffectiveEchoSpacing": 0.000372,
    "FlipAngle": 90,
    "ImageOrientationPatientDICOM": [
      1,
      0,
      0,
      0,
      1,
      0
    ],
    "ImageType": [
      "ORIGINAL",
      "PRIMARY",
      "EPI",
      "NONE"
    ],
    "ImagingFrequency": 127.772,
    "InPlanePhaseEncodingDirectionDICOM": "COL",
    "InstitutionName": "INSTITUTO_DE_NEUROBIOLOGIA",
    "MRAcquisitionType": "2D",
    "MagneticFieldStrength": 3,
    "Manufacturer": "GE",
    "ManufacturersModelName": "DISCOVERY_MR750",
    "Modality": "MR",
    "PatientPosition": "HFS",
    "PercentPhaseFOV": 100,
    "PhaseEncodingDirection": "j",
    "PhaseEncodingPolarityGE": "Flipped",
    "PixelBandwidth": 7812.5,
    "ProcedureStepDescription": "verbos",
    "ProtocolName": "fMRI_6",
    "ReconMatrixPE": 64,
    "RepetitionTime": 2,
    "SAR": 0.360474,
    "ScanOptions": "EPI_GEMS_ACC_GEMS",
    "ScanningSequence": "EP_GR",
    "SequenceVariant": "SS",
    "SeriesDescription": "fMRI_6",
    "SeriesNumber": 11,
    "SliceThickness": 4,
    "SliceTiming": [
      0,
      1.0285,
      0.0571001,
      1.0857,
      0.1142,
      1.1428,
      0.1714,
      1.2,
      0.2285,
      1.2571,
      0.2857,
      1.3143,
      0.3428,
      1.3714,
      0.4,
      1.4286,
      0.4571,
      1.4857,
      0.5142,
      1.5428,
      0.5714,
      1.6,
      0.6285,
      1.6571,
      0.6857,
      1.7143,
      0.7428,
      1.7714,
      0.8,
      1.8285,
      0.8571,
      1.8857,
      0.9143,
      1.9428,
      0.9714
    ],
    "SoftwareVersions": "24_LX_MR_Software_release:DV24.0_R02_1607.b",
    "SpacingBetweenSlices": 4,
    "StationName": "GEHCGEHC",
    "TotalReadoutTime": 0.023436,
    "dataset": "unknown",
    "modality": "bold",
    "run_id": 6,
    "subject_id": "133",
    "task_id": "verbs"
  },
  "dummy_trs": 0,
  "dvars_nstd": 15.325649256127168,
  "dvars_std": 1.0349465698265892,
  "dvars_vstd": 0.9790260728323698,
  "efc": 0.3350388368809404,
  "fber": 62058.49609375,
  "fd_mean": 0.10641718661611754,
  "fd_num": 5,
  "fd_perc": 2.8735632183908044,
  "fwhm_avg": 3.013916666666667,
  "fwhm_x": 3.0067,
  "fwhm_y": 3.109575,
  "fwhm_z": 2.925475,
  "gcor": 0.0185517,
  "gsr_x": -0.005832752678543329,
  "gsr_y": 0.006983507890254259,
  "provenance": {
    "md5sum": "ad45af247c07bfa6d64fc5cb39117c2f",
    "settings": {
      "fd_thres": 0.2,
      "hmc_fsl": false
    },
    "software": "mriqc",
    "version": "0.15.2rc1",
    "webapi_port": null,
    "webapi_url": "https://mriqc.nimh.nih.gov/api/v1"
  },
  "size_t": 174,
  "size_x": 64,
  "size_y": 64,
  "size_z": 35,
  "snr": 2.387926280340056,
  "spacing_tr": 2.0,
  "spacing_x": 4.0,
  "spacing_y": 4.0,
  "spacing_z": 4.0,
  "summary_bg_k": 162.40676833423663,
  "summary_bg_mad": 9.125672340393066,
  "summary_bg_mean": 24.563549041748047,
  "summary_bg_median": 6.7988505363464355,
  "summary_bg_n": 98877.0,
  "summary_bg_p05": 0.18390804529190063,
  "summary_bg_p95": 95.7229888916015,
  "summary_bg_stdv": 70.6683349609375,
  "summary_fg_k": 0.5275037623438417,
  "summary_fg_mad": 595.1838989257812,
  "summary_fg_mean": 1816.9324951171875,
  "summary_fg_median": 1715.689697265625,
  "summary_fg_n": 17334.0,
  "summary_fg_p05": 727.6738372802735,
  "summary_fg_p95": 3180.7366699218746,
  "summary_fg_stdv": 718.4644775390625,
  "tsnr": 75.63775634765625
}