{
  "aor": 0.0012466091954022988,
  "aqi": 0.0010111969080459767,
  "bids_meta": {
    "AcquisitionMatrixPE": 64,
    "AcquisitionNumber": 1,
    "AcquisitionTime": "20:58:0.000000",
    "CoilString": "32Ch_Head",
    "ConversionSoftware": "dcm2niix",
    "ConversionSoftwareVersion": "v1.0.20190902",
    "Dcm2bidsVersion": "2.1.4",
    "DeviceSerialNumber": "000000000000GEHC",
    "EchoTime": 0.04,
    "EffectiveEchoSpacing": 0.000372,
    "FlipAngle": 90,
    "ImageOrientationPatientDICOM": [
      1,
      0,
      0,
      0,
      1,
      0
    ],
    "ImageType": [
      "ORIGINAL",
      "PRIMARY",
      "EPI",
      "NONE"
    ],
    "ImagingFrequency": 127.772,
    "InPlanePhaseEncodingDirectionDICOM": "COL",
    "InstitutionName": "INSTITUTO_DE_NEUROBIOLOGIA",
    "MRAcquisitionType": "2D",
    "MagneticFieldStrength": 3,
    "Manufacturer": "GE",
    "ManufacturersModelName": "DISCOVERY_MR750",
    "Modality": "MR",
    "PatientPosition": "HFS",
    "PercentPhaseFOV": 100,
    "PhaseEncodingDirection": "j",
    "PhaseEncodingPolarityGE": "Flipped",
    "PixelBandwidth": 7812.5,
    "ProcedureStepDescription": "verbos",
    "ProtocolName": "fMRI_8",
    "ReconMatrixPE": 64,
    "RepetitionTime": 2,
    "SAR": 0.360474,
    "ScanOptions": "EPI_GEMS_ACC_GEMS",
    "ScanningSequence": "EP_GR",
    "SequenceVariant": "SS",
    "SeriesDescription": "fMRI_8",
    "SeriesNumber": 13,
    "SliceThickness": 4,
    "SliceTiming": [
      0,
      1.0285,
      0.0571001,
      1.0857,
      0.1142,
      1.1428,
      0.1714,
      1.2,
      0.2285,
      1.2571,
      0.2857,
      1.3143,
      0.3428,
      1.3714,
      0.4,
      1.4286,
      0.4571,
      1.4857,
      0.5142,
      1.5428,
      0.5714,
      1.6,
      0.6285,
      1.6571,
      0.6857,
      1.7143,
      0.7428,
      1.7714,
      0.8,
      1.8285,
      0.8571,
      1.8857,
      0.9143,
      1.9428,
      0.9714
    ],
    "SoftwareVersions": "24_LX_MR_Software_release:DV24.0_R02_1607.b",
    "SpacingBetweenSlices": 4,
    "StationName": "GEHCGEHC",
    "TotalReadoutTime": 0.023436,
    "dataset": "unknown",
    "modality": "bold",
    "run_id": 8,
    "subject_id": "133",
    "task_id": "verbs"
  },
  "dummy_trs": 0,
  "dvars_nstd": 15.972395434046236,
  "dvars_std": 1.1003806871098267,
  "dvars_vstd": 1.0163172321387282,
  "efc": 0.3350999058895276,
  "fber": 61365.5859375,
  "fd_mean": 0.09482254577668871,
  "fd_num": 5,
  "fd_perc": 2.8735632183908044,
  "fwhm_avg": 3.0014749999999997,
  "fwhm_x": 2.989175,
  "fwhm_y": 3.102375,
  "fwhm_z": 2.912875,
  "gcor": 0.0410904,
  "gsr_x": -0.006189955864101648,
  "gsr_y": 0.005613070912659168,
  "provenance": {
    "md5sum": "0ae12ba13756a10ad0cb38bd8915cec3",
    "settings": {
      "fd_thres": 0.2,
      "hmc_fsl": false
    },
    "software": "mriqc",
    "version": "0.15.2rc1",
    "webapi_port": null,
    "webapi_url": "https://mriqc.nimh.nih.gov/api/v1"
  },
  "size_t": 174,
  "size_x": 64,
  "size_y": 64,
  "size_z": 35,
  "snr": 2.4343334073764615,
  "spacing_tr": 2.0,
  "spacing_x": 4.0,
  "spacing_y": 4.0,
  "spacing_z": 4.0,
  "summary_bg_k": 135.79297248554656,
  "summary_bg_mad": 9.236441612243652,
  "summary_bg_mean": 24.636219024658203,
  "summary_bg_median": 6.867815971374512,
  "summary_bg_n": 99034.0,
  "summary_bg_p05": 0.18390804529190063,
  "summary_bg_p95": 96.26321754455526,
  "summary_bg_stdv": 71.00115203857422,
  "summary_fg_k": 0.4698840117856089,
  "summary_fg_mad": 586.8804931640625,
  "summary_fg_mean": 1817.8096923828125,
  "summary_fg_median": 1716.485595703125,
  "summary_fg_n": 17286.0,
  "summary_fg_p05": 734.4597778320312,
  "summary_fg_p95": 3149.484130859375,
  "summary_fg_stdv": 705.0948486328125,
  "tsnr": 85.81907653808594
}