{
  "aor": 0.007563966666666666,
  "aqi": 0.002934270453333333,
  "bids_meta": {
    "AcquisitionMatrixPE": 64,
    "AcquisitionNumber": 1,
    "AcquisitionTime": "21:05:5.000000",
    "CoilString": "32Ch_Head",
    "ConversionSoftware": "dcm2niix",
    "ConversionSoftwareVersion": "v1.0.20190902",
    "Dcm2bidsVersion": "2.1.4",
    "DeviceSerialNumber": "000000000000GEHC",
    "EchoTime": 0.04,
    "EffectiveEchoSpacing": 0.000372,
    "FlipAngle": 90,
    "ImageOrientationPatientDICOM": [
      1,
      0,
      0,
      0,
      1,
      0
    ],
    "ImageType": [
      "ORIGINAL",
      "PRIMARY",
      "EPI",
      "NONE"
    ],
    "ImagingFrequency": 127.772,
    "InPlanePhaseEncodingDirectionDICOM": "COL",
    "InstitutionName": "INSTITUTO_DE_NEUROBIOLOGIA",
    "MRAcquisitionType": "2D",
    "MagneticFieldStrength": 3,
    "Manufacturer": "GE",
    "ManufacturersModelName": "DISCOVERY_MR750",
    "Modality": "MR",
    "PatientPosition": "HFS",
    "PercentPhaseFOV": 100,
    "PhaseEncodingDirection": "j",
    "PhaseEncodingPolarityGE": "Flipped",
    "PixelBandwidth": 7812.5,
    "ProcedureStepDescription": "verbos",
    "ProtocolName": "fMRI_RestState",
    "ReconMatrixPE": 64,
    "RepetitionTime": 2,
    "SAR": 0.360474,
    "ScanOptions": "EPI_GEMS_ACC_GEMS",
    "ScanningSequence": "EP_GR",
    "SequenceVariant": "SS",
    "SeriesDescription": "fMRI_RestState",
    "SeriesNumber": 14,
    "SliceThickness": 4,
    "SliceTiming": [
      0,
      1.0285,
      0.0571001,
      1.0857,
      0.1142,
      1.1428,
      0.1714,
      1.2,
      0.2285,
      1.2571,
      0.2857,
      1.3143,
      0.3428,
      1.3714,
      0.4,
      1.4286,
      0.4571,
      1.4857,
      0.5142,
      1.5428,
      0.5714,
      1.6,
      0.6285,
      1.6571,
      0.6857,
      1.7143,
      0.7428,
      1.7714,
      0.8,
      1.8285,
      0.8571,
      1.8857,
      0.9143,
      1.9428,
      0.9714
    ],
    "SoftwareVersions": "24_LX_MR_Software_release:DV24.0_R02_1607.b",
    "SpacingBetweenSlices": 4,
    "StationName": "GEHCGEHC",
    "TotalReadoutTime": 0.023436,
    "dataset": "unknown",
    "modality": "bold",
    "subject_id": "133",
    "task_id": "rest"
  },
  "dummy_trs": 0,
  "dvars_nstd": 14.981086663846156,
  "dvars_std": 1.0145541740133772,
  "dvars_vstd": 1.0184129107692308,
  "efc": 0.33658112125165585,
  "fber": 62102.3671875,
  "fd_mean": 0.10646077474960959,
  "fd_num": 14,
  "fd_perc": 4.666666666666667,
  "fwhm_avg": 3.0223166666666668,
  "fwhm_x": 2.99985,
  "fwhm_y": 3.1251,
  "fwhm_z": 2.942,
  "gcor": 0.0158002,
  "gsr_x": -0.007001292426139116,
  "gsr_y": 0.008578401990234852,
  "provenance": {
    "md5sum": "e8219c69f8cbeeed4dc535d17905a983",
    "settings": {
      "fd_thres": 0.2,
      "hmc_fsl": false
    },
    "software": "mriqc",
    "version": "0.15.2rc1",
    "webapi_port": null,
    "webapi_url": "https://mriqc.nimh.nih.gov/api/v1"
  },
  "size_t": 300,
  "size_x": 64,
  "size_y": 64,
  "size_z": 35,
  "snr": 2.4223401361556998,
  "spacing_tr": 2.0,
  "spacing_x": 4.0,
  "spacing_y": 4.0,
  "spacing_z": 4.0,
  "summary_bg_k": 298.0031873259178,
  "summary_bg_mad": 9.162482261657715,
  "summary_bg_mean": 25.86216163635254,
  "summary_bg_median": 6.806666851043701,
  "summary_bg_n": 99027.0,
  "summary_bg_p05": 0.20000000298023224,
  "summary_bg_p95": 98.36033401489254,
  "summary_bg_stdv": 82.24919891357422,
  "summary_fg_k": 0.43069710770074376,
  "summary_fg_mad": 589.0824584960938,
  "summary_fg_mean": 1824.87646484375,
  "summary_fg_median": 1718.493408203125,
  "summary_fg_n": 17315.0,
  "summary_fg_p05": 725.6383483886718,
  "summary_fg_p95": 3168.2521484374997,
  "summary_fg_stdv": 709.4147338867188,
  "tsnr": 59.59137725830078
}