{
  "aor": 0.01494056,
  "aqi": 0.002072328964,
  "bids_meta": {
    "AcquisitionDateTime": "2017-08-24T19:02:43.000000",
    "ConversionSoftware": "dcm2niix",
    "ConversionSoftwareVersion": "v1.0.20170411 GCC4.8.4",
    "EchoTime": 0.035,
    "FlipAngle": 90,
    "ImageType": [
      "ORIGINAL",
      "PRIMARY",
      "EPI",
      "NONE"
    ],
    "MagneticFieldStrength": 3,
    "Manufacturer": "GE",
    "ManufacturersModelName": "DISCOVERY_MR750",
    "ProtocolName": "fMRI_CompMet",
    "RepetitionTime": 2,
    "ScanningSequence": "EP_GR",
    "SequenceVariant": "SS",
    "SeriesDescription": "fMRI_CompMet",
    "dataset": "unknown",
    "modality": "bold",
    "run_id": 1,
    "subject_id": "90",
    "task_id": "cm"
  },
  "dummy_trs": 0,
  "dvars_nstd": 15.144610738072293,
  "dvars_std": 1.1255152663453811,
  "dvars_vstd": 1.1140649341365456,
  "efc": 0.3447083359328879,
  "fber": 92852.671875,
  "fd_mean": 0.07819331875589895,
  "fd_num": 1,
  "fd_perc": 0.4,
  "fwhm_avg": 2.8014916666666667,
  "fwhm_x": 2.6697,
  "fwhm_y": 3.05615,
  "fwhm_z": 2.678625,
  "gcor": 0.0539004,
  "gsr_x": -0.011551587842404842,
  "gsr_y": 0.009909754619002342,
  "provenance": {
    "md5sum": "b2a229ef66578616947d54c454fddfab",
    "settings": {
      "fd_thres": 0.2,
      "hmc_fsl": false
    },
    "software": "mriqc",
    "version": "0.15.2rc1",
    "webapi_port": null,
    "webapi_url": "https://mriqc.nimh.nih.gov/api/v1"
  },
  "size_t": 250,
  "size_x": 64,
  "size_y": 64,
  "size_z": 34,
  "snr": 3.145175901608369,
  "spacing_tr": 2.0,
  "spacing_x": 4.0,
  "spacing_y": 4.0,
  "spacing_z": 4.0,
  "summary_bg_k": 121.75707773645752,
  "summary_bg_mad": 8.705841064453125,
  "summary_bg_mean": 26.7898006439209,
  "summary_bg_median": 6.440000534057617,
  "summary_bg_n": 95085.0,
  "summary_bg_p05": 0.14800000190734863,
  "summary_bg_p95": 121.51600646972656,
  "summary_bg_stdv": 79.26683044433594,
  "summary_fg_k": 0.33766962942596246,
  "summary_fg_mad": 574.2623291015625,
  "summary_fg_mean": 1960.742919921875,
  "summary_fg_median": 1971.6220703125,
  "summary_fg_n": 17088.0,
  "summary_fg_p05": 867.9090637207032,
  "summary_fg_p95": 2989.6812255859377,
  "summary_fg_stdv": 626.8534545898438,
  "tsnr": 58.84150695800781
}