{
  "aor": 0.007983,
  "aqi": 0.0032474635640000003,
  "bids_meta": {
    "AcquisitionDateTime": "2017-07-13T19:16:3.000000",
    "ConversionSoftware": "dcm2niix",
    "ConversionSoftwareVersion": "v1.0.20170411 GCC4.8.4",
    "EchoTime": 0.035,
    "FlipAngle": 90,
    "ImageType": [
      "ORIGINAL",
      "PRIMARY",
      "EPI",
      "NONE"
    ],
    "MagneticFieldStrength": 3,
    "Manufacturer": "GE",
    "ManufacturersModelName": "DISCOVERY_MR750",
    "ProcedureStepDescription": "CompMet",
    "ProtocolName": "fMRI_CompMet",
    "RepetitionTime": 2,
    "ScanningSequence": "EP_GR",
    "SequenceVariant": "SS",
    "SeriesDescription": "fMRI_CompMet",
    "dataset": "unknown",
    "modality": "bold",
    "run_id": 1,
    "subject_id": "81",
    "task_id": "cm"
  },
  "dummy_trs": 0,
  "dvars_nstd": 15.391110389196783,
  "dvars_std": 1.0387726516064255,
  "dvars_vstd": 0.9466202929718877,
  "efc": 0.33653308111335256,
  "fber": 121677.3984375,
  "fd_mean": 0.0920646384184452,
  "fd_num": 11,
  "fd_perc": 4.4,
  "fwhm_avg": 2.8320416666666666,
  "fwhm_x": 2.7297,
  "fwhm_y": 3.026075,
  "fwhm_z": 2.74035,
  "gcor": 0.0475405,
  "gsr_x": -0.005628040060400963,
  "gsr_y": 0.0019539152272045612,
  "provenance": {
    "md5sum": "3cb75da1cbe377696801da3a6ceb0166",
    "settings": {
      "fd_thres": 0.2,
      "hmc_fsl": false
    },
    "software": "mriqc",
    "version": "0.15.2rc1",
    "webapi_port": null,
    "webapi_url": "https://mriqc.nimh.nih.gov/api/v1"
  },
  "size_t": 250,
  "size_x": 64,
  "size_y": 64,
  "size_z": 34,
  "snr": 3.4588211174933856,
  "spacing_tr": 2.0,
  "spacing_x": 4.0,
  "spacing_y": 4.0,
  "spacing_z": 4.0,
  "summary_bg_k": 188.08340758828456,
  "summary_bg_mad": 7.436733245849609,
  "summary_bg_mean": 22.966215133666992,
  "summary_bg_median": 5.87600040435791,
  "summary_bg_n": 96032.0,
  "summary_bg_p05": 0.328000009059906,
  "summary_bg_p95": 76.57740669250484,
  "summary_bg_stdv": 84.0662841796875,
  "summary_fg_k": 0.37429819817319654,
  "summary_fg_mad": 536.6724853515625,
  "summary_fg_mean": 2029.8131103515625,
  "summary_fg_median": 2038.0120849609375,
  "summary_fg_n": 16499.0,
  "summary_fg_p05": 961.3712646484375,
  "summary_fg_p95": 2957.3492919921873,
  "summary_fg_stdv": 589.2037353515625,
  "tsnr": 64.90509796142578
}