{
  "aor": 0.00458532,
  "aqi": 0.0022480691119999997,
  "bids_meta": {
    "AcquisitionDateTime": "2017-07-13T19:25:45.000000",
    "ConversionSoftware": "dcm2niix",
    "ConversionSoftwareVersion": "v1.0.20170411 GCC4.8.4",
    "EchoTime": 0.035,
    "FlipAngle": 90,
    "ImageType": [
      "ORIGINAL",
      "PRIMARY",
      "EPI",
      "NONE"
    ],
    "MagneticFieldStrength": 3,
    "Manufacturer": "GE",
    "ManufacturersModelName": "DISCOVERY_MR750",
    "ProcedureStepDescription": "CompMet",
    "ProtocolName": "fMRI_CompMet",
    "RepetitionTime": 2,
    "ScanningSequence": "EP_GR",
    "SequenceVariant": "SS",
    "SeriesDescription": "fMRI_CompMet",
    "dataset": "unknown",
    "modality": "bold",
    "run_id": 2,
    "subject_id": "81",
    "task_id": "cm"
  },
  "dummy_trs": 0,
  "dvars_nstd": 16.34832707767069,
  "dvars_std": 1.1939469469076303,
  "dvars_vstd": 1.054662113534137,
  "efc": 0.3360190051604082,
  "fber": 117041.40625,
  "fd_mean": 0.10883388367006186,
  "fd_num": 26,
  "fd_perc": 10.4,
  "fwhm_avg": 2.8135,
  "fwhm_x": 2.71435,
  "fwhm_y": 3.011675,
  "fwhm_z": 2.714475,
  "gcor": 0.0648731,
  "gsr_x": -0.005370726343244314,
  "gsr_y": 0.0015326400753110647,
  "provenance": {
    "md5sum": "68bf77eff7c6118c2c214f05d2878eef",
    "settings": {
      "fd_thres": 0.2,
      "hmc_fsl": false
    },
    "software": "mriqc",
    "version": "0.15.2rc1",
    "webapi_port": null,
    "webapi_url": "https://mriqc.nimh.nih.gov/api/v1"
  },
  "size_t": 250,
  "size_x": 64,
  "size_y": 64,
  "size_z": 34,
  "snr": 3.4791077278008804,
  "spacing_tr": 2.0,
  "spacing_x": 4.0,
  "spacing_y": 4.0,
  "spacing_z": 4.0,
  "summary_bg_k": 202.31772860953205,
  "summary_bg_mad": 7.53754997253418,
  "summary_bg_mean": 22.63042640686035,
  "summary_bg_median": 5.944000244140625,
  "summary_bg_n": 96037.0,
  "summary_bg_p05": 0.30000001192092896,
  "summary_bg_p95": 74.71600341796875,
  "summary_bg_stdv": 82.30522155761719,
  "summary_fg_k": 0.32952594552123227,
  "summary_fg_mad": 534.3773193359375,
  "summary_fg_mean": 2018.8055419921875,
  "summary_fg_median": 2024.18408203125,
  "summary_fg_n": 16445.0,
  "summary_fg_p05": 982.4136352539062,
  "summary_fg_p95": 2935.4689453124997,
  "summary_fg_stdv": 581.7935791015625,
  "tsnr": 68.74063110351562
}