{
    "Modality": "MR",
    "MagneticFieldStrength": 3,
    "ImagingFrequency": 127.772,
    "Manufacturer": "GE",
    "ManufacturersModelName": "DISCOVERY_MR750",
    "InstitutionName": "INSTITUTO_DE_NEUROBIOLOGIA",
    "DeviceSerialNumber": "000000000000GEHC",
    "StationName": "GEHCGEHC",
    "PatientPosition": "HFS",
    "ProcedureStepDescription": "verbos",
    "SoftwareVersions": "24_LX_MR_Software_release:DV24.0_R02_1607.b",
    "MRAcquisitionType": "3D",
    "SeriesDescription": "Sag_T1_FSPGR_BRAVO",
    "ProtocolName": "Sag_T1_FSPGR_BRAVO",
    "ScanningSequence": "GR",
    "SequenceVariant": "SS_SP_SK",
    "ScanOptions": "FAST_GEMS_EDR_GEMS_FILTERED_GEMS_ACC_GEMS",
    "ImageType": [
        "ORIGINAL",
        "PRIMARY",
        "OTHER"
    ],
    "SeriesNumber": 15,
    "AcquisitionTime": "19:48:7.000000",
    "AcquisitionNumber": 1,
    "SliceThickness": 1,
    "SpacingBetweenSlices": 1,
    "SAR": 0.228708,
    "EchoTime": 0.00318,
    "RepetitionTime": 0.008156,
    "InversionTime": 0.45,
    "FlipAngle": 12,
    "CoilString": "32Ch_Head",
    "PercentPhaseFOV": 100,
    "AcquisitionMatrixPE": 256,
    "ReconMatrixPE": 256,
    "PixelBandwidth": 244.141,
    "ImageOrientationPatientDICOM": [
        0,
        1,
        0,
        0,
        0,
        -1
    ],
    "InPlanePhaseEncodingDirectionDICOM": "ROW",
    "ConversionSoftware": "dcm2niix",
    "ConversionSoftwareVersion": "v1.0.20190902",
    "Dcm2bidsVersion": "2.1.4"
}