{
  "aor": 0.00086376,
  "aqi": 0.0015674006760000002,
  "bids_meta": {
    "AcquisitionDateTime": "2017-07-05T19:15:6.000000",
    "ConversionSoftware": "dcm2niix",
    "ConversionSoftwareVersion": "v1.0.20170411 GCC4.8.4",
    "EchoTime": 0.035,
    "FlipAngle": 90,
    "ImageType": [
      "ORIGINAL",
      "PRIMARY",
      "EPI",
      "NONE"
    ],
    "MagneticFieldStrength": 3,
    "Manufacturer": "GE",
    "ManufacturersModelName": "DISCOVERY_MR750",
    "ProcedureStepDescription": "CompMet",
    "ProtocolName": "fMRI_CompMet",
    "RepetitionTime": 2,
    "ScanningSequence": "EP_GR",
    "SequenceVariant": "SS",
    "SeriesDescription": "fMRI_CompMet",
    "dataset": "unknown",
    "modality": "bold",
    "run_id": 2,
    "subject_id": "76",
    "task_id": "cm"
  },
  "dummy_trs": 0,
  "dvars_nstd": 16.222394012409637,
  "dvars_std": 1.2713966929317269,
  "dvars_vstd": 1.0125758975100405,
  "efc": 0.3806577772407527,
  "fber": 88102.2109375,
  "fd_mean": 0.03961507545079508,
  "fd_num": 0,
  "fd_perc": 0.0,
  "fwhm_avg": 2.879508333333334,
  "fwhm_x": 2.6949,
  "fwhm_y": 2.982575,
  "fwhm_z": 2.96105,
  "gcor": 0.0619474,
  "gsr_x": -0.004478564485907555,
  "gsr_y": 0.010763435624539852,
  "provenance": {
    "md5sum": "9cb3d50b4ae6b3d70f0d8ad68b5e2b4f",
    "settings": {
      "fd_thres": 0.2,
      "hmc_fsl": false
    },
    "software": "mriqc",
    "version": "0.15.2rc1",
    "webapi_port": null,
    "webapi_url": "https://mriqc.nimh.nih.gov/api/v1"
  },
  "size_t": 250,
  "size_x": 64,
  "size_y": 64,
  "size_z": 34,
  "snr": 2.8396599269501253,
  "spacing_tr": 2.0,
  "spacing_x": 4.0,
  "spacing_y": 4.0,
  "spacing_z": 4.0,
  "summary_bg_k": 224.06032192753594,
  "summary_bg_mad": 9.607263565063477,
  "summary_bg_mean": 31.35593032836914,
  "summary_bg_median": 7.000000476837158,
  "summary_bg_n": 89646.0,
  "summary_bg_p05": 0.12400000542402267,
  "summary_bg_p95": 133.57200622558594,
  "summary_bg_stdv": 102.9286117553711,
  "summary_fg_k": 0.2269020378847304,
  "summary_fg_mad": 666.6787109375,
  "summary_fg_mean": 2184.342041015625,
  "summary_fg_median": 2108.4580078125,
  "summary_fg_n": 21294.0,
  "summary_fg_p05": 1037.5556762695312,
  "summary_fg_p95": 3547.0348754882807,
  "summary_fg_stdv": 742.4862670898438,
  "tsnr": 94.19437408447266
}