{
  "aor": 0.0017619678714859439,
  "aqi": 0.0016123747590361445,
  "bids_meta": {
    "AcquisitionDateTime": "2017-07-05T19:05:0.000000",
    "ConversionSoftware": "dcm2niix",
    "ConversionSoftwareVersion": "v1.0.20170411 GCC4.8.4",
    "EchoTime": 0.035,
    "FlipAngle": 90,
    "ImageType": [
      "ORIGINAL",
      "PRIMARY",
      "EPI",
      "NONE"
    ],
    "MagneticFieldStrength": 3,
    "Manufacturer": "GE",
    "ManufacturersModelName": "DISCOVERY_MR750",
    "ProcedureStepDescription": "CompMet",
    "ProtocolName": "fMRI_CompMet",
    "RepetitionTime": 2,
    "ScanningSequence": "EP_GR",
    "SequenceVariant": "SS",
    "SeriesDescription": "fMRI_CompMet",
    "dataset": "unknown",
    "modality": "bold",
    "run_id": 1,
    "subject_id": "76",
    "task_id": "cm"
  },
  "dummy_trs": 1,
  "dvars_nstd": 16.20167747645161,
  "dvars_std": 1.243671364556451,
  "dvars_vstd": 0.9831535954032261,
  "efc": 0.38015996811580255,
  "fber": 90749.2734375,
  "fd_mean": 0.04024147269016859,
  "fd_num": 0,
  "fd_perc": 0.0,
  "fwhm_avg": 2.875716666666667,
  "fwhm_x": 2.69245,
  "fwhm_y": 2.97775,
  "fwhm_z": 2.95695,
  "gcor": 0.0253877,
  "gsr_x": -0.0045584929175674915,
  "gsr_y": 0.009769600816071033,
  "provenance": {
    "md5sum": "e7459da528580b8514220817108dec32",
    "settings": {
      "fd_thres": 0.2,
      "hmc_fsl": false
    },
    "software": "mriqc",
    "version": "0.15.2rc1",
    "webapi_port": null,
    "webapi_url": "https://mriqc.nimh.nih.gov/api/v1"
  },
  "size_t": 249,
  "size_x": 64,
  "size_y": 64,
  "size_z": 34,
  "snr": 2.85960853605319,
  "spacing_tr": 2.0,
  "spacing_x": 4.0,
  "spacing_y": 4.0,
  "spacing_z": 4.0,
  "summary_bg_k": 188.65893271048955,
  "summary_bg_mad": 9.395768165588379,
  "summary_bg_mean": 30.63688850402832,
  "summary_bg_median": 6.867469787597656,
  "summary_bg_n": 89752.0,
  "summary_bg_p05": 0.12851405143737793,
  "summary_bg_p95": 131.03312988281243,
  "summary_bg_stdv": 97.25102233886719,
  "summary_fg_k": 0.2202601245727962,
  "summary_fg_mad": 666.9507446289062,
  "summary_fg_mean": 2176.824951171875,
  "summary_fg_median": 2105.8232421875,
  "summary_fg_n": 21267.0,
  "summary_fg_p05": 1033.3072021484375,
  "summary_fg_p95": 3519.961376953125,
  "summary_fg_stdv": 736.3853149414062,
  "tsnr": 86.72111511230469
}