{
  "aor": 0.0034114400000000004,
  "aqi": 0.002244117656,
  "bids_meta": {
    "AcquisitionDateTime": "2017-07-10T18:35:56.000000",
    "ConversionSoftware": "dcm2niix",
    "ConversionSoftwareVersion": "v1.0.20170411 GCC4.8.4",
    "EchoTime": 0.035,
    "FlipAngle": 90,
    "ImageType": [
      "ORIGINAL",
      "PRIMARY",
      "EPI",
      "NONE"
    ],
    "MagneticFieldStrength": 3,
    "Manufacturer": "GE",
    "ManufacturersModelName": "DISCOVERY_MR750",
    "ProcedureStepDescription": "CompMet",
    "ProtocolName": "fMRI_CompMet",
    "RepetitionTime": 2,
    "ScanningSequence": "EP_GR",
    "SequenceVariant": "SS",
    "SeriesDescription": "fMRI_CompMet",
    "dataset": "unknown",
    "modality": "bold",
    "run_id": 2,
    "subject_id": "78",
    "task_id": "cm"
  },
  "dummy_trs": 0,
  "dvars_nstd": 14.452436033574303,
  "dvars_std": 1.0691302481124498,
  "dvars_vstd": 0.9759735426907625,
  "efc": 0.3396348807494915,
  "fber": 111473.6484375,
  "fd_mean": 0.07634283949273163,
  "fd_num": 8,
  "fd_perc": 3.2,
  "fwhm_avg": 2.8490249999999997,
  "fwhm_x": 2.80125,
  "fwhm_y": 2.94485,
  "fwhm_z": 2.800975,
  "gcor": 0.0377755,
  "gsr_x": -0.00557307293638587,
  "gsr_y": 0.004057605750858784,
  "provenance": {
    "md5sum": "102fec70c96f2d2a7529f14eb9403889",
    "settings": {
      "fd_thres": 0.2,
      "hmc_fsl": false
    },
    "software": "mriqc",
    "version": "0.15.2rc1",
    "webapi_port": null,
    "webapi_url": "https://mriqc.nimh.nih.gov/api/v1"
  },
  "size_t": 250,
  "size_x": 64,
  "size_y": 64,
  "size_z": 34,
  "snr": 2.946423221914481,
  "spacing_tr": 2.0,
  "spacing_x": 4.0,
  "spacing_y": 4.0,
  "spacing_z": 4.0,
  "summary_bg_k": 188.86695977611973,
  "summary_bg_mad": 7.6739501953125,
  "summary_bg_mean": 22.708253860473633,
  "summary_bg_median": 5.908000469207764,
  "summary_bg_n": 95435.0,
  "summary_bg_p05": 0.24000000953674316,
  "summary_bg_p95": 86.30600433349616,
  "summary_bg_stdv": 75.7069091796875,
  "summary_fg_k": 0.5044210925556469,
  "summary_fg_mad": 582.8347778320312,
  "summary_fg_mean": 1994.51171875,
  "summary_fg_median": 1959.8121337890625,
  "summary_fg_n": 17215.0,
  "summary_fg_p05": 935.1572509765625,
  "summary_fg_p95": 3187.2098388671875,
  "summary_fg_stdv": 665.1302490234375,
  "tsnr": 65.43536376953125
}