{
  "aor": 0.005502566666666667,
  "aqi": 0.0022916216666666665,
  "bids_meta": {
    "AcquisitionDateTime": "2017-07-12T19:11:39.000000",
    "ConversionSoftware": "dcm2niix",
    "ConversionSoftwareVersion": "v1.0.20170411 GCC4.8.4",
    "EchoTime": 0.04,
    "FlipAngle": 90,
    "ImageType": [
      "ORIGINAL",
      "PRIMARY",
      "EPI",
      "NONE"
    ],
    "MagneticFieldStrength": 3,
    "Manufacturer": "GE",
    "ManufacturersModelName": "DISCOVERY_MR750",
    "ProcedureStepDescription": "CompMet",
    "ProtocolName": "fMRI_RestState",
    "RepetitionTime": 2,
    "ScanningSequence": "EP_GR",
    "SequenceVariant": "SS",
    "SeriesDescription": "fMRI_RestState",
    "dataset": "unknown",
    "modality": "bold",
    "subject_id": "78",
    "task_id": "rest"
  },
  "dummy_trs": 0,
  "dvars_nstd": 14.825414654581945,
  "dvars_std": 1.1910577642474927,
  "dvars_vstd": 1.0074299548829435,
  "efc": 0.36969175337399324,
  "fber": 93980.015625,
  "fd_mean": 0.058052664559444696,
  "fd_num": 5,
  "fd_perc": 1.6666666666666667,
  "fwhm_avg": 2.820391666666667,
  "fwhm_x": 2.729425,
  "fwhm_y": 2.94695,
  "fwhm_z": 2.7848,
  "gcor": 0.085011,
  "gsr_x": -0.0021220615599304438,
  "gsr_y": 0.003326478647068143,
  "provenance": {
    "md5sum": "19c7d8d416429fb3ad8252e6e40e5e90",
    "settings": {
      "fd_thres": 0.2,
      "hmc_fsl": false
    },
    "software": "mriqc",
    "version": "0.15.2rc1",
    "webapi_port": null,
    "webapi_url": "https://mriqc.nimh.nih.gov/api/v1"
  },
  "size_t": 300,
  "size_x": 64,
  "size_y": 64,
  "size_z": 34,
  "snr": 2.864765153726259,
  "spacing_tr": 2.0,
  "spacing_x": 4.0,
  "spacing_y": 4.0,
  "spacing_z": 4.0,
  "summary_bg_k": 78.83232552836873,
  "summary_bg_mad": 8.554615020751953,
  "summary_bg_mean": 27.613117218017578,
  "summary_bg_median": 6.176666736602783,
  "summary_bg_n": 91786.0,
  "summary_bg_p05": 0.09666667133569717,
  "summary_bg_p95": 117.63083839416504,
  "summary_bg_stdv": 83.48719024658203,
  "summary_fg_k": 0.18531200196048125,
  "summary_fg_mad": 617.2964477539062,
  "summary_fg_mean": 1973.9732666015625,
  "summary_fg_median": 1916.163330078125,
  "summary_fg_n": 19995.0,
  "summary_fg_p05": 925.4530090332032,
  "summary_fg_p95": 3166.063061523437,
  "summary_fg_stdv": 668.8560180664062,
  "tsnr": 59.455589294433594
}