{
  "aor": 0.0014412799999999999,
  "aqi": 0.001644639444,
  "bids_meta": {
    "AcquisitionDateTime": "2017-07-10T18:24:21.000000",
    "ConversionSoftware": "dcm2niix",
    "ConversionSoftwareVersion": "v1.0.20170411 GCC4.8.4",
    "EchoTime": 0.035,
    "FlipAngle": 90,
    "ImageType": [
      "ORIGINAL",
      "PRIMARY",
      "EPI",
      "NONE"
    ],
    "MagneticFieldStrength": 3,
    "Manufacturer": "GE",
    "ManufacturersModelName": "DISCOVERY_MR750",
    "ProcedureStepDescription": "CompMet",
    "ProtocolName": "fMRI_CompMet",
    "RepetitionTime": 2,
    "ScanningSequence": "EP_GR",
    "SequenceVariant": "SS",
    "SeriesDescription": "fMRI_CompMet",
    "dataset": "unknown",
    "modality": "bold",
    "run_id": 1,
    "subject_id": "78",
    "task_id": "cm"
  },
  "dummy_trs": 0,
  "dvars_nstd": 13.25456199104418,
  "dvars_std": 1.0984309162248993,
  "dvars_vstd": 0.9876215759036145,
  "efc": 0.33856118724875983,
  "fber": 122252.6640625,
  "fd_mean": 0.059130743742831504,
  "fd_num": 0,
  "fd_perc": 0.0,
  "fwhm_avg": 2.8431583333333332,
  "fwhm_x": 2.79115,
  "fwhm_y": 2.924325,
  "fwhm_z": 2.814,
  "gcor": 0.0348753,
  "gsr_x": -0.004817179869860411,
  "gsr_y": 0.0031245348509401083,
  "provenance": {
    "md5sum": "a0135d75a83e6375740c572fc148406d",
    "settings": {
      "fd_thres": 0.2,
      "hmc_fsl": false
    },
    "software": "mriqc",
    "version": "0.15.2rc1",
    "webapi_port": null,
    "webapi_url": "https://mriqc.nimh.nih.gov/api/v1"
  },
  "size_t": 250,
  "size_x": 64,
  "size_y": 64,
  "size_z": 34,
  "snr": 3.0156514179645164,
  "spacing_tr": 2.0,
  "spacing_x": 4.0,
  "spacing_y": 4.0,
  "spacing_z": 4.0,
  "summary_bg_k": 178.7119849965905,
  "summary_bg_mad": 7.531619071960449,
  "summary_bg_mean": 22.323904037475586,
  "summary_bg_median": 5.800000190734863,
  "summary_bg_n": 95469.0,
  "summary_bg_p05": 0.23200000822544098,
  "summary_bg_p95": 83.1192047119138,
  "summary_bg_stdv": 74.55963134765625,
  "summary_fg_k": 0.5474187358915183,
  "summary_fg_mad": 574.7633056640625,
  "summary_fg_mean": 2063.419189453125,
  "summary_fg_median": 2016.384033203125,
  "summary_fg_n": 17138.0,
  "summary_fg_p05": 1013.3726470947265,
  "summary_fg_p95": 3289.6298339843747,
  "summary_fg_stdv": 668.6201171875,
  "tsnr": 77.03044891357422
}