{
  "aor": 0.0015023666666666665,
  "aqi": 0.002830839166666667,
  "bids_meta": {
    "AcquisitionDateTime": "2016-09-19T18:28:53.000000",
    "ConversionSoftware": "dcm2niix",
    "ConversionSoftwareVersion": "v1.0.20170411 GCC4.8.4",
    "EchoTime": 0.04,
    "FlipAngle": 90,
    "ImageType": [
      "ORIGINAL",
      "PRIMARY",
      "EPI",
      "NONE"
    ],
    "MagneticFieldStrength": 3,
    "Manufacturer": "GE",
    "ManufacturersModelName": "DISCOVERY_MR750",
    "ProcedureStepDescription": "MeditResp",
    "ProtocolName": "fMRI_RestSt",
    "RepetitionTime": 2,
    "ScanningSequence": "EP_GR",
    "SequenceVariant": "SS",
    "SeriesDescription": "fMRI_RestSt",
    "dataset": "unknown",
    "modality": "bold",
    "subject_id": "109",
    "task_id": "rest"
  },
  "dummy_trs": 0,
  "dvars_nstd": 18.782517471237455,
  "dvars_std": 1.1757629465886292,
  "dvars_vstd": 0.9663970316053513,
  "efc": 0.3447761097799131,
  "fber": 58503.44921875,
  "fd_mean": 0.0987908341916103,
  "fd_num": 9,
  "fd_perc": 3.0,
  "fwhm_avg": 2.8064331038773607,
  "fwhm_x": 2.710675,
  "fwhm_y": 2.8214,
  "fwhm_z": 2.887224311632082,
  "gcor": 0.0684373,
  "gsr_x": -0.0007307534106075764,
  "gsr_y": 0.0023399025667458773,
  "provenance": {
    "md5sum": "3d12c46738055f348a2776a1eb854dd5",
    "settings": {
      "fd_thres": 0.2,
      "hmc_fsl": false
    },
    "software": "mriqc",
    "version": "0.15.2rc1",
    "webapi_port": null,
    "webapi_url": "https://mriqc.nimh.nih.gov/api/v1"
  },
  "size_t": 300,
  "size_x": 64,
  "size_y": 64,
  "size_z": 34,
  "snr": 3.0818197857392677,
  "spacing_tr": 2.0,
  "spacing_x": 4.0,
  "spacing_y": 4.0,
  "spacing_z": 4.000000953674316,
  "summary_bg_k": 183.28419761711172,
  "summary_bg_mad": 9.355219841003418,
  "summary_bg_mean": 25.327571868896484,
  "summary_bg_median": 6.920000076293945,
  "summary_bg_n": 96025.0,
  "summary_bg_p05": 0.19333334267139435,
  "summary_bg_p95": 89.49466705322268,
  "summary_bg_stdv": 75.12408447265625,
  "summary_fg_k": 0.18212751921394998,
  "summary_fg_mad": 497.43768310546875,
  "summary_fg_mean": 1662.0289306640625,
  "summary_fg_median": 1667.0966796875,
  "summary_fg_n": 16673.0,
  "summary_fg_p05": 704.2719970703125,
  "summary_fg_p95": 2545.586767578125,
  "summary_fg_stdv": 540.9293212890625,
  "tsnr": 58.483280181884766
}