{
  "aor": 0.005605433333333332,
  "aqi": 0.00426612728,
  "bids_meta": {
    "AcquisitionDateTime": "2016-09-18T14:00:48.000000",
    "ConversionSoftware": "dcm2niix",
    "ConversionSoftwareVersion": "v1.0.20170411 GCC4.8.4",
    "EchoTime": 0.04,
    "FlipAngle": 90,
    "ImageType": [
      "ORIGINAL",
      "PRIMARY",
      "EPI",
      "NONE"
    ],
    "MagneticFieldStrength": 3,
    "Manufacturer": "GE",
    "ManufacturersModelName": "DISCOVERY_MR750",
    "ProcedureStepDescription": "MeditResp",
    "ProtocolName": "fMRI_RestSt",
    "RepetitionTime": 2,
    "ScanningSequence": "EP_GR",
    "SequenceVariant": "SS",
    "SeriesDescription": "fMRI_RestSt",
    "dataset": "unknown",
    "modality": "bold",
    "subject_id": "107",
    "task_id": "rest"
  },
  "dummy_trs": 0,
  "dvars_nstd": 18.796654988561873,
  "dvars_std": 1.129586904113712,
  "dvars_vstd": 1.0287611708361197,
  "efc": 0.32715374960979077,
  "fber": 81513.5078125,
  "fd_mean": 0.1140590930619632,
  "fd_num": 40,
  "fd_perc": 13.333333333333334,
  "fwhm_avg": 2.747099790169845,
  "fwhm_x": 2.5637,
  "fwhm_y": 3.037325,
  "fwhm_z": 2.640274370509536,
  "gcor": 0.101619,
  "gsr_x": -0.010888771153986454,
  "gsr_y": 0.008376242592930794,
  "provenance": {
    "md5sum": "304de08e102542dedd37e456e17f8390",
    "settings": {
      "fd_thres": 0.2,
      "hmc_fsl": false
    },
    "software": "mriqc",
    "version": "0.15.2rc1",
    "webapi_port": null,
    "webapi_url": "https://mriqc.nimh.nih.gov/api/v1"
  },
  "size_t": 300,
  "size_x": 64,
  "size_y": 64,
  "size_z": 34,
  "snr": 3.0051262725261347,
  "spacing_tr": 2.0,
  "spacing_x": 4.0,
  "spacing_y": 4.0,
  "spacing_z": 4.000000953674316,
  "summary_bg_k": 337.644489951249,
  "summary_bg_mad": 7.926980018615723,
  "summary_bg_mean": 20.02252197265625,
  "summary_bg_median": 6.010000228881836,
  "summary_bg_n": 96424.0,
  "summary_bg_p05": 0.18333333730697632,
  "summary_bg_p95": 68.31516647338859,
  "summary_bg_stdv": 75.66364288330078,
  "summary_fg_k": 0.02544148178793071,
  "summary_fg_mad": 546.091796875,
  "summary_fg_mean": 1745.8529052734375,
  "summary_fg_median": 1748.760009765625,
  "summary_fg_n": 16020.0,
  "summary_fg_p05": 743.1640045166016,
  "summary_fg_p95": 2716.6653808593746,
  "summary_fg_stdv": 581.907470703125,
  "tsnr": 42.96378707885742
}