{
  "aor": 0.002748850574712644,
  "aqi": 0.001192878827586207,
  "bids_meta": {
    "AcquisitionMatrixPE": 64,
    "AcquisitionNumber": 1,
    "AcquisitionTime": "20:28:32.000000",
    "CoilString": "32Ch_Head",
    "ConversionSoftware": "dcm2niix",
    "ConversionSoftwareVersion": "v1.0.20190902",
    "Dcm2bidsVersion": "2.1.4",
    "DeviceSerialNumber": "000000000000GEHC",
    "EchoTime": 0.04,
    "EffectiveEchoSpacing": 0.000372,
    "FlipAngle": 90,
    "ImageOrientationPatientDICOM": [
      1,
      0,
      0,
      0,
      1,
      0
    ],
    "ImageType": [
      "ORIGINAL",
      "PRIMARY",
      "EPI",
      "NONE"
    ],
    "ImagingFrequency": 127.772,
    "InPlanePhaseEncodingDirectionDICOM": "COL",
    "InstitutionName": "INSTITUTO_DE_NEUROBIOLOGIA",
    "MRAcquisitionType": "2D",
    "MagneticFieldStrength": 3,
    "Manufacturer": "GE",
    "ManufacturersModelName": "DISCOVERY_MR750",
    "Modality": "MR",
    "PatientPosition": "HFS",
    "PercentPhaseFOV": 100,
    "PhaseEncodingDirection": "j",
    "PhaseEncodingPolarityGE": "Flipped",
    "PixelBandwidth": 7812.5,
    "ProtocolName": "fMRI_5",
    "ReconMatrixPE": 64,
    "RepetitionTime": 2,
    "SAR": 0.371198,
    "ScanOptions": "EPI_GEMS_ACC_GEMS",
    "ScanningSequence": "EP_GR",
    "SequenceVariant": "SS",
    "SeriesDescription": "fMRI_5",
    "SeriesNumber": 8,
    "SliceThickness": 4,
    "SliceTiming": [
      0,
      1.0285,
      0.0571001,
      1.0857,
      0.1142,
      1.1428,
      0.1714,
      1.2,
      0.2285,
      1.2571,
      0.2857,
      1.3143,
      0.3428,
      1.3714,
      0.4,
      1.4286,
      0.4571,
      1.4857,
      0.5142,
      1.5428,
      0.5714,
      1.6,
      0.6285,
      1.6571,
      0.6857,
      1.7143,
      0.7428,
      1.7714,
      0.8,
      1.8285,
      0.8571,
      1.8857,
      0.9143,
      1.9428,
      0.9714
    ],
    "SoftwareVersions": "24_LX_MR_Software_release:DV24.0_R02_1607.b",
    "SpacingBetweenSlices": 4,
    "StationName": "GEHCGEHC",
    "TotalReadoutTime": 0.023436,
    "dataset": "unknown",
    "modality": "bold",
    "run_id": 5,
    "subject_id": "140",
    "task_id": "verbs"
  },
  "dummy_trs": 0,
  "dvars_nstd": 15.731219556242776,
  "dvars_std": 1.2566522612138724,
  "dvars_vstd": 1.041220398728324,
  "efc": 0.34268669157173315,
  "fber": 62607.1484375,
  "fd_mean": 0.031527115507405695,
  "fd_num": 0,
  "fd_perc": 0.0,
  "fwhm_avg": 2.79625,
  "fwhm_x": 2.6728,
  "fwhm_y": 2.917425,
  "fwhm_z": 2.798525,
  "gcor": 0.0630255,
  "gsr_x": -0.004980805329978466,
  "gsr_y": 0.004767569713294506,
  "provenance": {
    "md5sum": "ed51e61f04a266bebf6e0e2c8b5ddb88",
    "settings": {
      "fd_thres": 0.2,
      "hmc_fsl": false
    },
    "software": "mriqc",
    "version": "0.15.2rc1",
    "webapi_port": null,
    "webapi_url": "https://mriqc.nimh.nih.gov/api/v1"
  },
  "size_t": 174,
  "size_x": 64,
  "size_y": 64,
  "size_z": 35,
  "snr": 3.081546555800157,
  "spacing_tr": 2.0,
  "spacing_x": 4.0,
  "spacing_y": 4.0,
  "spacing_z": 4.0,
  "summary_bg_k": 309.30586068911776,
  "summary_bg_mad": 9.54318618774414,
  "summary_bg_mean": 25.872976303100586,
  "summary_bg_median": 6.896551609039307,
  "summary_bg_n": 98836.0,
  "summary_bg_p05": 0.08045977354049683,
  "summary_bg_p95": 90.60632133483887,
  "summary_bg_stdv": 89.31708526611328,
  "summary_fg_k": 0.10705805145990288,
  "summary_fg_mad": 525.484619140625,
  "summary_fg_mean": 1783.221435546875,
  "summary_fg_median": 1747.4798583984375,
  "summary_fg_n": 17284.0,
  "summary_fg_p05": 846.3873596191406,
  "summary_fg_p95": 2762.369836425781,
  "summary_fg_stdv": 567.0624389648438,
  "tsnr": 93.31977844238281
}