{
  "aor": 0.0018018390804597699,
  "aqi": 0.0009387699770114943,
  "bids_meta": {
    "AcquisitionMatrixPE": 64,
    "AcquisitionNumber": 1,
    "AcquisitionTime": "20:50:18.000000",
    "CoilString": "32Ch_Head",
    "ConversionSoftware": "dcm2niix",
    "ConversionSoftwareVersion": "v1.0.20190902",
    "Dcm2bidsVersion": "2.1.4",
    "DeviceSerialNumber": "000000000000GEHC",
    "EchoTime": 0.04,
    "EffectiveEchoSpacing": 0.000372,
    "FlipAngle": 90,
    "ImageOrientationPatientDICOM": [
      1,
      0,
      0,
      0,
      1,
      0
    ],
    "ImageType": [
      "ORIGINAL",
      "PRIMARY",
      "EPI",
      "NONE"
    ],
    "ImagingFrequency": 127.772,
    "InPlanePhaseEncodingDirectionDICOM": "COL",
    "InstitutionName": "INSTITUTO_DE_NEUROBIOLOGIA",
    "MRAcquisitionType": "2D",
    "MagneticFieldStrength": 3,
    "Manufacturer": "GE",
    "ManufacturersModelName": "DISCOVERY_MR750",
    "Modality": "MR",
    "PatientPosition": "HFS",
    "PercentPhaseFOV": 100,
    "PhaseEncodingDirection": "j",
    "PhaseEncodingPolarityGE": "Flipped",
    "PixelBandwidth": 7812.5,
    "ProtocolName": "fMRI_8",
    "ReconMatrixPE": 64,
    "RepetitionTime": 2,
    "SAR": 0.371198,
    "ScanOptions": "EPI_GEMS_ACC_GEMS",
    "ScanningSequence": "EP_GR",
    "SequenceVariant": "SS",
    "SeriesDescription": "fMRI_8",
    "SeriesNumber": 11,
    "SliceThickness": 4,
    "SliceTiming": [
      0,
      1.0285,
      0.0571001,
      1.0857,
      0.1142,
      1.1428,
      0.1714,
      1.2,
      0.2285,
      1.2571,
      0.2857,
      1.3143,
      0.3428,
      1.3714,
      0.4,
      1.4286,
      0.4571,
      1.4857,
      0.5142,
      1.5428,
      0.5714,
      1.6,
      0.6285,
      1.6571,
      0.6857,
      1.7143,
      0.7428,
      1.7714,
      0.8,
      1.8285,
      0.8571,
      1.8857,
      0.9143,
      1.9428,
      0.9714
    ],
    "SoftwareVersions": "24_LX_MR_Software_release:DV24.0_R02_1607.b",
    "SpacingBetweenSlices": 4,
    "StationName": "GEHCGEHC",
    "TotalReadoutTime": 0.023436,
    "dataset": "unknown",
    "modality": "bold",
    "run_id": 8,
    "subject_id": "140",
    "task_id": "verbs"
  },
  "dummy_trs": 0,
  "dvars_nstd": 15.874165799306352,
  "dvars_std": 1.246699096358382,
  "dvars_vstd": 1.0258223985549138,
  "efc": 0.34230088967132954,
  "fber": 63284.80078125,
  "fd_mean": 0.02763932341208886,
  "fd_num": 0,
  "fd_perc": 0.0,
  "fwhm_avg": 2.8109333333333333,
  "fwhm_x": 2.6995,
  "fwhm_y": 2.929975,
  "fwhm_z": 2.803325,
  "gcor": 0.0388496,
  "gsr_x": -0.004802783019840717,
  "gsr_y": 0.0045743947848677635,
  "provenance": {
    "md5sum": "93bebfa0101f85b1d07859e3647793ae",
    "settings": {
      "fd_thres": 0.2,
      "hmc_fsl": false
    },
    "software": "mriqc",
    "version": "0.15.2rc1",
    "webapi_port": null,
    "webapi_url": "https://mriqc.nimh.nih.gov/api/v1"
  },
  "size_t": 174,
  "size_x": 64,
  "size_y": 64,
  "size_z": 35,
  "snr": 3.025086147745613,
  "spacing_tr": 2.0,
  "spacing_x": 4.0,
  "spacing_y": 4.0,
  "spacing_z": 4.0,
  "summary_bg_k": 320.6339252703287,
  "summary_bg_mad": 9.475021362304688,
  "summary_bg_mean": 25.560518264770508,
  "summary_bg_median": 6.862069129943848,
  "summary_bg_n": 98696.0,
  "summary_bg_p05": 0.08045977354049683,
  "summary_bg_p95": 89.99569129943848,
  "summary_bg_stdv": 88.46630859375,
  "summary_fg_k": 0.09561945585458131,
  "summary_fg_mad": 535.7562866210938,
  "summary_fg_mean": 1779.396484375,
  "summary_fg_median": 1748.5057373046875,
  "summary_fg_n": 17396.0,
  "summary_fg_p05": 828.3822021484375,
  "summary_fg_p95": 2778.9496459960938,
  "summary_fg_stdv": 577.9853515625,
  "tsnr": 97.76651763916016
}