{
  "aor": 0.002161264367816092,
  "aqi": 0.0011200641781609194,
  "bids_meta": {
    "AcquisitionMatrixPE": 64,
    "AcquisitionNumber": 1,
    "AcquisitionTime": "20:43:10.000000",
    "CoilString": "32Ch_Head",
    "ConversionSoftware": "dcm2niix",
    "ConversionSoftwareVersion": "v1.0.20190902",
    "Dcm2bidsVersion": "2.1.4",
    "DeviceSerialNumber": "000000000000GEHC",
    "EchoTime": 0.04,
    "EffectiveEchoSpacing": 0.000372,
    "FlipAngle": 90,
    "ImageOrientationPatientDICOM": [
      1,
      0,
      0,
      0,
      1,
      0
    ],
    "ImageType": [
      "ORIGINAL",
      "PRIMARY",
      "EPI",
      "NONE"
    ],
    "ImagingFrequency": 127.772,
    "InPlanePhaseEncodingDirectionDICOM": "COL",
    "InstitutionName": "INSTITUTO_DE_NEUROBIOLOGIA",
    "MRAcquisitionType": "2D",
    "MagneticFieldStrength": 3,
    "Manufacturer": "GE",
    "ManufacturersModelName": "DISCOVERY_MR750",
    "Modality": "MR",
    "PatientPosition": "HFS",
    "PercentPhaseFOV": 100,
    "PhaseEncodingDirection": "j",
    "PhaseEncodingPolarityGE": "Flipped",
    "PixelBandwidth": 7812.5,
    "ProtocolName": "fMRI_7",
    "ReconMatrixPE": 64,
    "RepetitionTime": 2,
    "SAR": 0.371198,
    "ScanOptions": "EPI_GEMS_ACC_GEMS",
    "ScanningSequence": "EP_GR",
    "SequenceVariant": "SS",
    "SeriesDescription": "fMRI_7",
    "SeriesNumber": 10,
    "SliceThickness": 4,
    "SliceTiming": [
      0,
      1.0285,
      0.0571001,
      1.0857,
      0.1142,
      1.1428,
      0.1714,
      1.2,
      0.2285,
      1.2571,
      0.2857,
      1.3143,
      0.3428,
      1.3714,
      0.4,
      1.4286,
      0.4571,
      1.4857,
      0.5142,
      1.5428,
      0.5714,
      1.6,
      0.6285,
      1.6571,
      0.6857,
      1.7143,
      0.7428,
      1.7714,
      0.8,
      1.8285,
      0.8571,
      1.8857,
      0.9143,
      1.9428,
      0.9714
    ],
    "SoftwareVersions": "24_LX_MR_Software_release:DV24.0_R02_1607.b",
    "SpacingBetweenSlices": 4,
    "StationName": "GEHCGEHC",
    "TotalReadoutTime": 0.023436,
    "dataset": "unknown",
    "modality": "bold",
    "run_id": 7,
    "subject_id": "140",
    "task_id": "verbs"
  },
  "dummy_trs": 0,
  "dvars_nstd": 15.400109842196533,
  "dvars_std": 1.2268795053757224,
  "dvars_vstd": 1.023385057052023,
  "efc": 0.34314727517495996,
  "fber": 62731.64453125,
  "fd_mean": 0.031696800200165194,
  "fd_num": 1,
  "fd_perc": 0.5747126436781609,
  "fwhm_avg": 2.8002583333333333,
  "fwhm_x": 2.6705,
  "fwhm_y": 2.917425,
  "fwhm_z": 2.81285,
  "gcor": 0.06825,
  "gsr_x": -0.004674769472330809,
  "gsr_y": 0.004491899162530899,
  "provenance": {
    "md5sum": "54ebad44421907c15d32ab79577b4e2d",
    "settings": {
      "fd_thres": 0.2,
      "hmc_fsl": false
    },
    "software": "mriqc",
    "version": "0.15.2rc1",
    "webapi_port": null,
    "webapi_url": "https://mriqc.nimh.nih.gov/api/v1"
  },
  "size_t": 174,
  "size_x": 64,
  "size_y": 64,
  "size_z": 35,
  "snr": 3.0692348294218403,
  "spacing_tr": 2.0,
  "spacing_x": 4.0,
  "spacing_y": 4.0,
  "spacing_z": 4.0,
  "summary_bg_k": 291.09139266753306,
  "summary_bg_mad": 9.534666061401367,
  "summary_bg_mean": 25.622621536254883,
  "summary_bg_median": 6.902298927307129,
  "summary_bg_n": 98724.0,
  "summary_bg_p05": 0.08045977354049683,
  "summary_bg_p95": 89.94166603088374,
  "summary_bg_stdv": 87.53658294677734,
  "summary_fg_k": 0.10137926445650614,
  "summary_fg_mad": 528.9909057617188,
  "summary_fg_mean": 1786.21142578125,
  "summary_fg_median": 1751.2069091796875,
  "summary_fg_n": 17397.0,
  "summary_fg_p05": 854.2057250976563,
  "summary_fg_p95": 2769.476904296875,
  "summary_fg_stdv": 570.551513671875,
  "tsnr": 89.50125885009766
}