{
  "aor": 0.0011392666666666666,
  "aqi": 0.0019879767233333336,
  "bids_meta": {
    "AcquisitionMatrixPE": 64,
    "AcquisitionNumber": 1,
    "AcquisitionTime": "20:57:50.000000",
    "CoilString": "32Ch_Head",
    "ConversionSoftware": "dcm2niix",
    "ConversionSoftwareVersion": "v1.0.20190902",
    "Dcm2bidsVersion": "2.1.4",
    "DeviceSerialNumber": "000000000000GEHC",
    "EchoTime": 0.04,
    "EffectiveEchoSpacing": 0.000372,
    "FlipAngle": 90,
    "ImageOrientationPatientDICOM": [
      1,
      0,
      0,
      0,
      1,
      0
    ],
    "ImageType": [
      "ORIGINAL",
      "PRIMARY",
      "EPI",
      "NONE"
    ],
    "ImagingFrequency": 127.772,
    "InPlanePhaseEncodingDirectionDICOM": "COL",
    "InstitutionName": "INSTITUTO_DE_NEUROBIOLOGIA",
    "MRAcquisitionType": "2D",
    "MagneticFieldStrength": 3,
    "Manufacturer": "GE",
    "ManufacturersModelName": "DISCOVERY_MR750",
    "Modality": "MR",
    "PatientPosition": "HFS",
    "PercentPhaseFOV": 100,
    "PhaseEncodingDirection": "j",
    "PhaseEncodingPolarityGE": "Flipped",
    "PixelBandwidth": 7812.5,
    "ProtocolName": "fMRI_RestState",
    "ReconMatrixPE": 64,
    "RepetitionTime": 2,
    "SAR": 0.371198,
    "ScanOptions": "EPI_GEMS_ACC_GEMS",
    "ScanningSequence": "EP_GR",
    "SequenceVariant": "SS",
    "SeriesDescription": "fMRI_RestState",
    "SeriesNumber": 12,
    "SliceThickness": 4,
    "SliceTiming": [
      0,
      1.0285,
      0.0571001,
      1.0857,
      0.1142,
      1.1428,
      0.1714,
      1.2,
      0.2285,
      1.2571,
      0.2857,
      1.3143,
      0.3428,
      1.3714,
      0.4,
      1.4286,
      0.4571,
      1.4857,
      0.5142,
      1.5428,
      0.5714,
      1.6,
      0.6285,
      1.6571,
      0.6857,
      1.7143,
      0.7428,
      1.7714,
      0.8,
      1.8285,
      0.8571,
      1.8857,
      0.9143,
      1.9428,
      0.9714
    ],
    "SoftwareVersions": "24_LX_MR_Software_release:DV24.0_R02_1607.b",
    "SpacingBetweenSlices": 4,
    "StationName": "GEHCGEHC",
    "TotalReadoutTime": 0.023436,
    "dataset": "unknown",
    "modality": "bold",
    "subject_id": "140",
    "task_id": "rest"
  },
  "dummy_trs": 0,
  "dvars_nstd": 16.652821754414724,
  "dvars_std": 1.1981582095652168,
  "dvars_vstd": 0.9828484208695651,
  "efc": 0.3436853287121572,
  "fber": 63330.91796875,
  "fd_mean": 0.041660375803865154,
  "fd_num": 0,
  "fd_perc": 0.0,
  "fwhm_avg": 2.803525,
  "fwhm_x": 2.678875,
  "fwhm_y": 2.912175,
  "fwhm_z": 2.819525,
  "gcor": 0.0475654,
  "gsr_x": -0.005622778553515673,
  "gsr_y": 0.009047667495906353,
  "provenance": {
    "md5sum": "e710d18906bd1985e9051f0a88b2831e",
    "settings": {
      "fd_thres": 0.2,
      "hmc_fsl": false
    },
    "software": "mriqc",
    "version": "0.15.2rc1",
    "webapi_port": null,
    "webapi_url": "https://mriqc.nimh.nih.gov/api/v1"
  },
  "size_t": 300,
  "size_x": 64,
  "size_y": 64,
  "size_z": 35,
  "snr": 3.06851907916513,
  "spacing_tr": 2.0,
  "spacing_x": 4.0,
  "spacing_y": 4.0,
  "spacing_z": 4.0,
  "summary_bg_k": 486.9386562775295,
  "summary_bg_mad": 9.533132553100586,
  "summary_bg_mean": 27.38761329650879,
  "summary_bg_median": 6.886666774749756,
  "summary_bg_n": 98679.0,
  "summary_bg_p05": 0.0833333358168602,
  "summary_bg_p95": 93.18100051879874,
  "summary_bg_stdv": 108.76354217529297,
  "summary_fg_k": 0.12365411351166244,
  "summary_fg_mad": 530.7962036132812,
  "summary_fg_mean": 1795.62841796875,
  "summary_fg_median": 1761.9566650390625,
  "summary_fg_n": 17405.0,
  "summary_fg_p05": 848.3273315429688,
  "summary_fg_p95": 2789.19072265625,
  "summary_fg_stdv": 574.187744140625,
  "tsnr": 74.59082794189453
}