{
  "aor": 0.003595982142857143,
  "aqi": 0.007495659196428571,
  "bids_meta": {
    "AcquisitionMatrixPE": 64,
    "AcquisitionNumber": 1,
    "AcquisitionTime": "18:45:18.000000",
    "BodyPartExamined": "HEAD",
    "CoilString": "32Ch_Head",
    "ConversionSoftware": "dcm2niix",
    "ConversionSoftwareVersion": "v1.0.20181125  (JP2:OpenJPEG) GCC7.3.0",
    "DeviceSerialNumber": "0002806034DVR750",
    "EchoTime": 0.04,
    "EffectiveEchoSpacing": 0.000372,
    "FlipAngle": 90,
    "ImageOrientationPatientDICOM": [
      1,
      0,
      0,
      0,
      1,
      0
    ],
    "ImageType": [
      "ORIGINAL",
      "PRIMARY",
      "EPI",
      "NONE"
    ],
    "ImagingFrequency": 127.772,
    "InPlanePhaseEncodingDirectionDICOM": "COL",
    "InstitutionName": "INSTITUTO_DE_NEUROBIOLOGIA",
    "MRAcquisitionType": "2D",
    "MagneticFieldStrength": 3,
    "Manufacturer": "GE",
    "ManufacturersModelName": "DISCOVERY_MR750",
    "Modality": "MR",
    "PatientPosition": "HFS",
    "PercentPhaseFOV": 100,
    "PhaseEncodingDirection": "j",
    "PhaseEncodingPolarityGE": "Flipped",
    "PixelBandwidth": 7812.5,
    "ProcedureStepDescription": "Emociones_AH",
    "ProtocolName": "fMRI_Jalil_2",
    "ReconMatrixPE": 64,
    "RepetitionTime": 2,
    "SAR": 0.16467,
    "ScanOptions": "EPI_GEMS_ACC_GEMS",
    "ScanningSequence": "EP_GR",
    "SequenceVariant": "SS",
    "SeriesDescription": "fMRI_Jalil_2",
    "SeriesNumber": 6,
    "SliceThickness": 4,
    "SliceTiming": [
      0,
      1.0285,
      0.0571001,
      1.0857,
      0.1142,
      1.1428,
      0.1714,
      1.2,
      0.2285,
      1.2571,
      0.2857,
      1.3143,
      0.3428,
      1.3714,
      0.4,
      1.4286,
      0.4571,
      1.4857,
      0.5142,
      1.5428,
      0.5714,
      1.6,
      0.6285,
      1.6571,
      0.6857,
      1.7143,
      0.7428,
      1.7714,
      0.8,
      1.8285,
      0.8571,
      1.8857,
      0.9143,
      1.9428,
      0.9714
    ],
    "SoftwareVersions": "27_LX_MR_Software_release:DV26.0_R02_1810.b",
    "SpacingBetweenSlices": 4,
    "StationName": "GEHCGEHC",
    "TaskName": "eah",
    "TotalReadoutTime": 0.023436,
    "dataset": "unknown",
    "modality": "bold",
    "run_id": 2,
    "subject_id": "30",
    "task_id": "eah"
  },
  "dummy_trs": 0,
  "dvars_nstd": 15.92668091538117,
  "dvars_std": 0.9349252139013449,
  "dvars_vstd": 0.9061239207623322,
  "efc": 0.32303724250102045,
  "fber": 48091.3125,
  "fd_mean": 0.10120758001340725,
  "fd_num": 11,
  "fd_perc": 4.910714285714286,
  "fwhm_avg": 2.9442416666666666,
  "fwhm_x": 2.827625,
  "fwhm_y": 3.058,
  "fwhm_z": 2.9471,
  "gcor": 0.0122254,
  "gsr_x": -0.0025786389596760273,
  "gsr_y": 0.005986514035612345,
  "provenance": {
    "md5sum": "10a2d643ad654af4a33f4eca3c85892c",
    "settings": {
      "fd_thres": 0.2,
      "hmc_fsl": false
    },
    "software": "mriqc",
    "version": "0.15.2rc1",
    "webapi_port": null,
    "webapi_url": "https://mriqc.nimh.nih.gov/api/v1"
  },
  "size_t": 224,
  "size_x": 64,
  "size_y": 64,
  "size_z": 35,
  "snr": 2.8919758604930945,
  "spacing_tr": 2.0,
  "spacing_x": 4.0,
  "spacing_y": 4.0,
  "spacing_z": 4.0,
  "summary_bg_k": 401.969975384652,
  "summary_bg_mad": 8.948564529418945,
  "summary_bg_mean": 22.917573928833008,
  "summary_bg_median": 7.767857551574707,
  "summary_bg_n": 101108.0,
  "summary_bg_p05": 0.486607164144516,
  "summary_bg_p95": 83.36004829406735,
  "summary_bg_stdv": 70.4109878540039,
  "summary_fg_k": 0.5817547916519716,
  "summary_fg_mad": 526.0657348632812,
  "summary_fg_mean": 1785.15380859375,
  "summary_fg_median": 1779.696533203125,
  "summary_fg_n": 15723.0,
  "summary_fg_p05": 755.4080688476563,
  "summary_fg_p95": 2863.2055908203124,
  "summary_fg_stdv": 615.3716430664062,
  "tsnr": 36.113426208496094
}