{
  "aor": 0.006257800000000001,
  "aqi": 0.005137215533333334,
  "bids_meta": {
    "AcquisitionMatrixPE": 64,
    "AcquisitionNumber": 1,
    "AcquisitionTime": "19:03:56.000000",
    "BodyPartExamined": "HEAD",
    "CoilString": "32Ch_Head",
    "ConversionSoftware": "dcm2niix",
    "ConversionSoftwareVersion": "v1.0.20181125  (JP2:OpenJPEG) GCC7.3.0",
    "DeviceSerialNumber": "0002806034DVR750",
    "EchoTime": 0.04,
    "EffectiveEchoSpacing": 0.000372,
    "FlipAngle": 90,
    "ImageOrientationPatientDICOM": [
      1,
      0,
      0,
      0,
      1,
      0
    ],
    "ImageType": [
      "ORIGINAL",
      "PRIMARY",
      "EPI",
      "NONE"
    ],
    "ImagingFrequency": 127.772,
    "InPlanePhaseEncodingDirectionDICOM": "COL",
    "InstitutionName": "INSTITUTO_DE_NEUROBIOLOGIA",
    "MRAcquisitionType": "2D",
    "MagneticFieldStrength": 3,
    "Manufacturer": "GE",
    "ManufacturersModelName": "DISCOVERY_MR750",
    "Modality": "MR",
    "PatientPosition": "HFS",
    "PercentPhaseFOV": 100,
    "PhaseEncodingDirection": "j",
    "PhaseEncodingPolarityGE": "Flipped",
    "PixelBandwidth": 7812.5,
    "ProcedureStepDescription": "Emociones_AH",
    "ProtocolName": "fMRI_Jalil_4",
    "ReconMatrixPE": 64,
    "RepetitionTime": 2,
    "SAR": 0.16467,
    "ScanOptions": "EPI_GEMS_ACC_GEMS",
    "ScanningSequence": "EP_GR",
    "SequenceVariant": "SS",
    "SeriesDescription": "fMRI_Jalil_4",
    "SeriesNumber": 8,
    "SliceThickness": 4,
    "SliceTiming": [
      0,
      1.0285,
      0.0571001,
      1.0857,
      0.1142,
      1.1428,
      0.1714,
      1.2,
      0.2285,
      1.2571,
      0.2857,
      1.3143,
      0.3428,
      1.3714,
      0.4,
      1.4286,
      0.4571,
      1.4857,
      0.5142,
      1.5428,
      0.5714,
      1.6,
      0.6285,
      1.6571,
      0.6857,
      1.7143,
      0.7428,
      1.7714,
      0.8,
      1.8285,
      0.8571,
      1.8857,
      0.9143,
      1.9428,
      0.9714
    ],
    "SoftwareVersions": "27_LX_MR_Software_release:DV26.0_R02_1810.b",
    "SpacingBetweenSlices": 4,
    "StationName": "GEHCGEHC",
    "TaskName": "eah",
    "TotalReadoutTime": 0.023436,
    "dataset": "unknown",
    "modality": "bold",
    "run_id": 4,
    "subject_id": "30",
    "task_id": "eah"
  },
  "dummy_trs": 0,
  "dvars_nstd": 15.879101279530204,
  "dvars_std": 1.0219133161744969,
  "dvars_vstd": 0.9760253277852352,
  "efc": 0.32199152058474484,
  "fber": 47604.98046875,
  "fd_mean": 0.11056055332569587,
  "fd_num": 11,
  "fd_perc": 7.333333333333333,
  "fwhm_avg": 2.8908083333333336,
  "fwhm_x": 2.797075,
  "fwhm_y": 3.003725,
  "fwhm_z": 2.871625,
  "gcor": 0.0155606,
  "gsr_x": -0.0026783000212162733,
  "gsr_y": 0.0060106730088591576,
  "provenance": {
    "md5sum": "b316d35052bf83361cd7faa39b002a0c",
    "settings": {
      "fd_thres": 0.2,
      "hmc_fsl": false
    },
    "software": "mriqc",
    "version": "0.15.2rc1",
    "webapi_port": null,
    "webapi_url": "https://mriqc.nimh.nih.gov/api/v1"
  },
  "size_t": 150,
  "size_x": 64,
  "size_y": 64,
  "size_z": 35,
  "snr": 2.9140181877353433,
  "spacing_tr": 2.0,
  "spacing_x": 4.0,
  "spacing_y": 4.0,
  "spacing_z": 4.0,
  "summary_bg_k": 396.25804733443255,
  "summary_bg_mad": 9.093293190002441,
  "summary_bg_mean": 22.69700050354004,
  "summary_bg_median": 7.9066667556762695,
  "summary_bg_n": 101372.0,
  "summary_bg_p05": 0.4266666769981384,
  "summary_bg_p95": 83.74966659545896,
  "summary_bg_stdv": 67.85945129394531,
  "summary_fg_k": 0.5382934752934228,
  "summary_fg_mad": 529.0122680664062,
  "summary_fg_mean": 1801.8057861328125,
  "summary_fg_median": 1792.00341796875,
  "summary_fg_n": 15604.0,
  "summary_fg_p05": 763.5963470458985,
  "summary_fg_p95": 2889.246630859375,
  "summary_fg_stdv": 614.9398803710938,
  "tsnr": 45.48860549926758
}