{
  "aor": 0.0034830578512396694,
  "aqi": 0.00409343173553719,
  "bids_meta": {
    "AcquisitionMatrixPE": 64,
    "AcquisitionNumber": 1,
    "AcquisitionTime": "18:36:4.000000",
    "BodyPartExamined": "HEAD",
    "CoilString": "32Ch_Head",
    "ConversionSoftware": "dcm2niix",
    "ConversionSoftwareVersion": "v1.0.20181125  (JP2:OpenJPEG) GCC7.3.0",
    "DeviceSerialNumber": "0002806034DVR750",
    "EchoTime": 0.04,
    "EffectiveEchoSpacing": 0.000372,
    "FlipAngle": 90,
    "ImageOrientationPatientDICOM": [
      1,
      0,
      0,
      0,
      1,
      0
    ],
    "ImageType": [
      "ORIGINAL",
      "PRIMARY",
      "EPI",
      "NONE"
    ],
    "ImagingFrequency": 127.772,
    "InPlanePhaseEncodingDirectionDICOM": "COL",
    "InstitutionName": "INSTITUTO_DE_NEUROBIOLOGIA",
    "MRAcquisitionType": "2D",
    "MagneticFieldStrength": 3,
    "Manufacturer": "GE",
    "ManufacturersModelName": "DISCOVERY_MR750",
    "Modality": "MR",
    "PatientPosition": "HFS",
    "PercentPhaseFOV": 100,
    "PhaseEncodingDirection": "j",
    "PhaseEncodingPolarityGE": "Flipped",
    "PixelBandwidth": 7812.5,
    "ProcedureStepDescription": "Emociones_AH",
    "ProtocolName": "fMRI_Jalil_1",
    "ReconMatrixPE": 64,
    "RepetitionTime": 2,
    "SAR": 0.16467,
    "ScanOptions": "EPI_GEMS_ACC_GEMS",
    "ScanningSequence": "EP_GR",
    "SequenceVariant": "SS",
    "SeriesDescription": "fMRI_Jalil_1",
    "SeriesNumber": 5,
    "SliceThickness": 4,
    "SliceTiming": [
      0,
      1.0285,
      0.0571001,
      1.0857,
      0.1142,
      1.1428,
      0.1714,
      1.2,
      0.2285,
      1.2571,
      0.2857,
      1.3143,
      0.3428,
      1.3714,
      0.4,
      1.4286,
      0.4571,
      1.4857,
      0.5142,
      1.5428,
      0.5714,
      1.6,
      0.6285,
      1.6571,
      0.6857,
      1.7143,
      0.7428,
      1.7714,
      0.8,
      1.8285,
      0.8571,
      1.8857,
      0.9143,
      1.9428,
      0.9714
    ],
    "SoftwareVersions": "27_LX_MR_Software_release:DV26.0_R02_1810.b",
    "SpacingBetweenSlices": 4,
    "StationName": "GEHCGEHC",
    "TaskName": "eah",
    "TotalReadoutTime": 0.023436,
    "dataset": "unknown",
    "modality": "bold",
    "run_id": 1,
    "subject_id": "30",
    "task_id": "eah"
  },
  "dummy_trs": 0,
  "dvars_nstd": 16.73084158120332,
  "dvars_std": 0.9909988195020741,
  "dvars_vstd": 0.9530794542323655,
  "efc": 0.32155958429323855,
  "fber": 48928.19140625,
  "fd_mean": 0.11495793844210282,
  "fd_num": 20,
  "fd_perc": 8.264462809917354,
  "fwhm_avg": 2.947233333333333,
  "fwhm_x": 2.831125,
  "fwhm_y": 3.04425,
  "fwhm_z": 2.966325,
  "gcor": 0.0285359,
  "gsr_x": -0.002515441970899701,
  "gsr_y": 0.0058937231078743935,
  "provenance": {
    "md5sum": "514db6283d3ea96052f2b70bc5c39b94",
    "settings": {
      "fd_thres": 0.2,
      "hmc_fsl": false
    },
    "software": "mriqc",
    "version": "0.15.2rc1",
    "webapi_port": null,
    "webapi_url": "https://mriqc.nimh.nih.gov/api/v1"
  },
  "size_t": 242,
  "size_x": 64,
  "size_y": 64,
  "size_z": 35,
  "snr": 2.8426466178423873,
  "spacing_tr": 2.0,
  "spacing_x": 4.0,
  "spacing_y": 4.0,
  "spacing_z": 4.0,
  "summary_bg_k": 411.6613460363759,
  "summary_bg_mad": 8.950750350952148,
  "summary_bg_mean": 22.827133178710938,
  "summary_bg_median": 7.801652431488037,
  "summary_bg_n": 101166.0,
  "summary_bg_p05": 0.5247933864593506,
  "summary_bg_p95": 81.81404876708984,
  "summary_bg_stdv": 71.88154602050781,
  "summary_fg_k": 0.637534356948843,
  "summary_fg_mad": 530.4713745117188,
  "summary_fg_mean": 1803.10791015625,
  "summary_fg_median": 1783.7850341796875,
  "summary_fg_n": 15723.0,
  "summary_fg_p05": 761.3003662109376,
  "summary_fg_p95": 2915.8205566406245,
  "summary_fg_stdv": 627.4885864257812,
  "tsnr": 51.52696990966797
}