{
  "aor": 0.0009474409448818899,
  "aqi": 0.002083323401574803,
  "bids_meta": {
    "AcquisitionMatrixPE": 64,
    "AcquisitionNumber": 1,
    "AcquisitionTime": "18:54:26.000000",
    "BodyPartExamined": "HEAD",
    "CoilString": "32Ch_Head",
    "ConversionSoftware": "dcm2niix",
    "ConversionSoftwareVersion": "v1.0.20181125  (JP2:OpenJPEG) GCC7.3.0",
    "DeviceSerialNumber": "0002806034DVR750",
    "EchoTime": 0.04,
    "EffectiveEchoSpacing": 0.000372,
    "FlipAngle": 90,
    "ImageOrientationPatientDICOM": [
      1,
      0,
      0,
      0,
      1,
      0
    ],
    "ImageType": [
      "ORIGINAL",
      "PRIMARY",
      "EPI",
      "NONE"
    ],
    "ImagingFrequency": 127.772,
    "InPlanePhaseEncodingDirectionDICOM": "COL",
    "InstitutionName": "INSTITUTO_DE_NEUROBIOLOGIA",
    "MRAcquisitionType": "2D",
    "MagneticFieldStrength": 3,
    "Manufacturer": "GE",
    "ManufacturersModelName": "DISCOVERY_MR750",
    "Modality": "MR",
    "PatientPosition": "HFS",
    "PercentPhaseFOV": 100,
    "PhaseEncodingDirection": "j",
    "PhaseEncodingPolarityGE": "Flipped",
    "PixelBandwidth": 7812.5,
    "ProcedureStepDescription": "Emociones_AH",
    "ProtocolName": "fMRI_Jalil_3",
    "ReconMatrixPE": 64,
    "RepetitionTime": 2,
    "SAR": 0.16467,
    "ScanOptions": "EPI_GEMS_ACC_GEMS",
    "ScanningSequence": "EP_GR",
    "SequenceVariant": "SS",
    "SeriesDescription": "fMRI_Jalil_3",
    "SeriesNumber": 7,
    "SliceThickness": 4,
    "SliceTiming": [
      0,
      1.0285,
      0.0571001,
      1.0857,
      0.1142,
      1.1428,
      0.1714,
      1.2,
      0.2285,
      1.2571,
      0.2857,
      1.3143,
      0.3428,
      1.3714,
      0.4,
      1.4286,
      0.4571,
      1.4857,
      0.5142,
      1.5428,
      0.5714,
      1.6,
      0.6285,
      1.6571,
      0.6857,
      1.7143,
      0.7428,
      1.7714,
      0.8,
      1.8285,
      0.8571,
      1.8857,
      0.9143,
      1.9428,
      0.9714
    ],
    "SoftwareVersions": "27_LX_MR_Software_release:DV26.0_R02_1810.b",
    "SpacingBetweenSlices": 4,
    "StationName": "GEHCGEHC",
    "TaskName": "eah",
    "TotalReadoutTime": 0.023436,
    "dataset": "unknown",
    "modality": "bold",
    "run_id": 3,
    "subject_id": "30",
    "task_id": "eah"
  },
  "dummy_trs": 0,
  "dvars_nstd": 15.63267725881423,
  "dvars_std": 1.0833191045454544,
  "dvars_vstd": 0.9931588985375501,
  "efc": 0.32207132574981284,
  "fber": 48045.79296875,
  "fd_mean": 0.07651751116036054,
  "fd_num": 5,
  "fd_perc": 1.968503937007874,
  "fwhm_avg": 2.884816666666667,
  "fwhm_x": 2.791475,
  "fwhm_y": 2.999975,
  "fwhm_z": 2.863,
  "gcor": 0.0375767,
  "gsr_x": -0.0027455987874418497,
  "gsr_y": 0.005718146916478872,
  "provenance": {
    "md5sum": "012a0424fb8f61a187c128f7172d447a",
    "settings": {
      "fd_thres": 0.2,
      "hmc_fsl": false
    },
    "software": "mriqc",
    "version": "0.15.2rc1",
    "webapi_port": null,
    "webapi_url": "https://mriqc.nimh.nih.gov/api/v1"
  },
  "size_t": 254,
  "size_x": 64,
  "size_y": 64,
  "size_z": 35,
  "snr": 2.8802768922513446,
  "spacing_tr": 2.0,
  "spacing_x": 4.0,
  "spacing_y": 4.0,
  "spacing_z": 4.0,
  "summary_bg_k": 409.37112272598915,
  "summary_bg_mad": 9.012353897094727,
  "summary_bg_mean": 22.957422256469727,
  "summary_bg_median": 7.854330539703369,
  "summary_bg_n": 101310.0,
  "summary_bg_p05": 0.4409448802471161,
  "summary_bg_p95": 84.53582458496085,
  "summary_bg_stdv": 70.78034210205078,
  "summary_fg_k": 0.586530045223455,
  "summary_fg_mad": 528.573974609375,
  "summary_fg_mean": 1801.50341796875,
  "summary_fg_median": 1792.909423828125,
  "summary_fg_n": 15644.0,
  "summary_fg_p05": 753.6529479980469,
  "summary_fg_p95": 2907.854138183592,
  "summary_fg_stdv": 622.458251953125,
  "tsnr": 69.62889099121094
}