{
  "aor": 0.0033483999999999996,
  "aqi": 0.007354362433333333,
  "bids_meta": {
    "AcquisitionMatrixPE": 64,
    "AcquisitionNumber": 1,
    "AcquisitionTime": "18:23:28.000000",
    "BodyPartExamined": "HEAD",
    "CoilString": "32Ch_Head",
    "ConversionSoftware": "dcm2niix",
    "ConversionSoftwareVersion": "v1.0.20181125  (JP2:OpenJPEG) GCC7.3.0",
    "DeviceSerialNumber": "0002806034DVR750",
    "EchoTime": 0.04,
    "EffectiveEchoSpacing": 0.000372,
    "FlipAngle": 90,
    "ImageOrientationPatientDICOM": [
      1,
      0,
      0,
      0,
      1,
      0
    ],
    "ImageType": [
      "ORIGINAL",
      "PRIMARY",
      "EPI",
      "NONE"
    ],
    "ImagingFrequency": 127.772,
    "InPlanePhaseEncodingDirectionDICOM": "COL",
    "InstitutionName": "INSTITUTO_DE_NEUROBIOLOGIA",
    "MRAcquisitionType": "2D",
    "MagneticFieldStrength": 3,
    "Manufacturer": "GE",
    "ManufacturersModelName": "DISCOVERY_MR750",
    "Modality": "MR",
    "PatientPosition": "HFS",
    "PercentPhaseFOV": 100,
    "PhaseEncodingDirection": "j",
    "PhaseEncodingPolarityGE": "Flipped",
    "PixelBandwidth": 7812.5,
    "ProcedureStepDescription": "Emociones_AH",
    "ProtocolName": "fMRI_RestState",
    "ReconMatrixPE": 64,
    "RepetitionTime": 2,
    "SAR": 0.165379,
    "ScanOptions": "EPI_GEMS_ACC_GEMS",
    "ScanningSequence": "EP_GR",
    "SequenceVariant": "SS",
    "SeriesDescription": "fMRI_RestState",
    "SeriesNumber": 3,
    "SliceThickness": 4,
    "SliceTiming": [
      0,
      1.0285,
      0.0571001,
      1.0857,
      0.1142,
      1.1428,
      0.1714,
      1.2,
      0.2285,
      1.2571,
      0.2857,
      1.3143,
      0.3428,
      1.3714,
      0.4,
      1.4286,
      0.4571,
      1.4857,
      0.5142,
      1.5428,
      0.5714,
      1.6,
      0.6285,
      1.6571,
      0.6857,
      1.7143,
      0.7428,
      1.7714,
      0.8,
      1.8285,
      0.8571,
      1.8857,
      0.9143,
      1.9428,
      0.9714
    ],
    "SoftwareVersions": "27_LX_MR_Software_release:DV26.0_R02_1810.b",
    "SpacingBetweenSlices": 4,
    "StationName": "GEHCGEHC",
    "TaskName": "rest",
    "TotalReadoutTime": 0.023436,
    "dataset": "unknown",
    "modality": "bold",
    "subject_id": "30",
    "task_id": "rest"
  },
  "dummy_trs": 0,
  "dvars_nstd": 19.056440914916376,
  "dvars_std": 0.9313991101337799,
  "dvars_vstd": 0.9210001825418063,
  "efc": 0.3216942673891002,
  "fber": 49667.48046875,
  "fd_mean": 0.148629910338147,
  "fd_num": 53,
  "fd_perc": 17.666666666666668,
  "fwhm_avg": 2.917475,
  "fwhm_x": 2.819875,
  "fwhm_y": 3.067825,
  "fwhm_z": 2.864725,
  "gcor": 0.0313552,
  "gsr_x": -0.003447412746027112,
  "gsr_y": 0.006976050790399313,
  "provenance": {
    "md5sum": "2f9cd55d05cda750ea0d68d8597d1f08",
    "settings": {
      "fd_thres": 0.2,
      "hmc_fsl": false
    },
    "software": "mriqc",
    "version": "0.15.2rc1",
    "webapi_port": null,
    "webapi_url": "https://mriqc.nimh.nih.gov/api/v1"
  },
  "size_t": 300,
  "size_x": 64,
  "size_y": 64,
  "size_z": 35,
  "snr": 2.9570057600206257,
  "spacing_tr": 2.0,
  "spacing_x": 4.0,
  "spacing_y": 4.0,
  "spacing_z": 4.0,
  "summary_bg_k": 543.3266562665767,
  "summary_bg_mad": 8.949975967407227,
  "summary_bg_mean": 23.030569076538086,
  "summary_bg_median": 7.720000267028809,
  "summary_bg_n": 101499.0,
  "summary_bg_p05": 0.40666666626930237,
  "summary_bg_p95": 83.59067077636713,
  "summary_bg_stdv": 74.88435363769531,
  "summary_fg_k": 0.5087452226334546,
  "summary_fg_mad": 524.5322265625,
  "summary_fg_mean": 1794.7490234375,
  "summary_fg_median": 1793.916748046875,
  "summary_fg_n": 15520.0,
  "summary_fg_p05": 761.8848266601562,
  "summary_fg_p95": 2829.5468261718743,
  "summary_fg_stdv": 606.6470947265625,
  "tsnr": 37.00321960449219
}