{
  "aor": 0.0022713200000000003,
  "aqi": 0.0017806653560000002,
  "bids_meta": {
    "AcquisitionDateTime": "2017-08-16T19:48:44.000000",
    "ConversionSoftware": "dcm2niix",
    "ConversionSoftwareVersion": "v1.0.20170411 GCC4.8.4",
    "EchoTime": 0.035,
    "FlipAngle": 90,
    "ImageType": [
      "ORIGINAL",
      "PRIMARY",
      "EPI",
      "NONE"
    ],
    "MagneticFieldStrength": 3,
    "Manufacturer": "GE",
    "ManufacturersModelName": "DISCOVERY_MR750",
    "ProcedureStepDescription": "CompMet",
    "ProtocolName": "fMRI_CompMet",
    "RepetitionTime": 2,
    "ScanningSequence": "EP_GR",
    "SequenceVariant": "SS",
    "SeriesDescription": "fMRI_CompMet",
    "dataset": "unknown",
    "modality": "bold",
    "run_id": 2,
    "subject_id": "86",
    "task_id": "cm"
  },
  "dummy_trs": 0,
  "dvars_nstd": 15.868130213052202,
  "dvars_std": 1.1585247991566272,
  "dvars_vstd": 1.027468872610441,
  "efc": 0.3995092081175412,
  "fber": 72023.125,
  "fd_mean": 0.12415316803737009,
  "fd_num": 32,
  "fd_perc": 12.8,
  "fwhm_avg": 2.9967166666666665,
  "fwhm_x": 2.8946,
  "fwhm_y": 2.95005,
  "fwhm_z": 3.1455,
  "gcor": 0.0647589,
  "gsr_x": -0.001720997504889965,
  "gsr_y": 0.01056399755179882,
  "provenance": {
    "md5sum": "172d6b9e4368ccb9d52668c4e8f90e40",
    "settings": {
      "fd_thres": 0.2,
      "hmc_fsl": false
    },
    "software": "mriqc",
    "version": "0.15.2rc1",
    "webapi_port": null,
    "webapi_url": "https://mriqc.nimh.nih.gov/api/v1"
  },
  "size_t": 250,
  "size_x": 64,
  "size_y": 64,
  "size_z": 34,
  "snr": 2.441047212336079,
  "spacing_tr": 2.0,
  "spacing_x": 4.0,
  "spacing_y": 4.0,
  "spacing_z": 4.0,
  "summary_bg_k": 78.43555954457698,
  "summary_bg_mad": 10.56799030303955,
  "summary_bg_mean": 40.67423629760742,
  "summary_bg_median": 7.624000549316406,
  "summary_bg_n": 87671.0,
  "summary_bg_p05": 0.14400000870227814,
  "summary_bg_p95": 192.50000762939453,
  "summary_bg_stdv": 117.3691635131836,
  "summary_fg_k": 0.3950137794819768,
  "summary_fg_mad": 735.4061889648438,
  "summary_fg_mean": 2230.34814453125,
  "summary_fg_median": 2094.10400390625,
  "summary_fg_n": 23111.0,
  "summary_fg_p05": 997.0560302734375,
  "summary_fg_p95": 3890.5341796875,
  "summary_fg_stdv": 857.8526000976562,
  "tsnr": 80.24701690673828
}