{
  "aor": 0.0013540800000000001,
  "aqi": 0.0014638454319999999,
  "bids_meta": {
    "AcquisitionDateTime": "2017-08-16T19:38:58.000000",
    "ConversionSoftware": "dcm2niix",
    "ConversionSoftwareVersion": "v1.0.20170411 GCC4.8.4",
    "EchoTime": 0.035,
    "FlipAngle": 90,
    "ImageType": [
      "ORIGINAL",
      "PRIMARY",
      "EPI",
      "NONE"
    ],
    "MagneticFieldStrength": 3,
    "Manufacturer": "GE",
    "ManufacturersModelName": "DISCOVERY_MR750",
    "ProcedureStepDescription": "CompMet",
    "ProtocolName": "fMRI_CompMet",
    "RepetitionTime": 2,
    "ScanningSequence": "EP_GR",
    "SequenceVariant": "SS",
    "SeriesDescription": "fMRI_CompMet",
    "dataset": "unknown",
    "modality": "bold",
    "run_id": 1,
    "subject_id": "86",
    "task_id": "cm"
  },
  "dummy_trs": 0,
  "dvars_nstd": 13.860758386746989,
  "dvars_std": 1.0856202894377507,
  "dvars_vstd": 0.9996320716867465,
  "efc": 0.4026857136445533,
  "fber": 72672.8203125,
  "fd_mean": 0.09000933430350039,
  "fd_num": 11,
  "fd_perc": 4.4,
  "fwhm_avg": 3.01275,
  "fwhm_x": 2.88475,
  "fwhm_y": 2.991,
  "fwhm_z": 3.1625,
  "gcor": 0.0685476,
  "gsr_x": -0.002705757040530443,
  "gsr_y": 0.009889166802167892,
  "provenance": {
    "md5sum": "7cfec2681afa5049008a8381b9a6d67c",
    "settings": {
      "fd_thres": 0.2,
      "hmc_fsl": false
    },
    "software": "mriqc",
    "version": "0.15.2rc1",
    "webapi_port": null,
    "webapi_url": "https://mriqc.nimh.nih.gov/api/v1"
  },
  "size_t": 250,
  "size_x": 64,
  "size_y": 64,
  "size_z": 34,
  "snr": 2.4356084626755665,
  "spacing_tr": 2.0,
  "spacing_x": 4.0,
  "spacing_y": 4.0,
  "spacing_z": 4.0,
  "summary_bg_k": 67.33978898085077,
  "summary_bg_mad": 10.372285842895508,
  "summary_bg_mean": 40.15492248535156,
  "summary_bg_median": 7.512000560760498,
  "summary_bg_n": 87129.0,
  "summary_bg_p05": 0.12800000607967377,
  "summary_bg_p95": 191.3640106201165,
  "summary_bg_stdv": 113.34648132324219,
  "summary_fg_k": 0.44242023190166613,
  "summary_fg_mad": 723.2786254882812,
  "summary_fg_mean": 2234.1572265625,
  "summary_fg_median": 2094.64404296875,
  "summary_fg_n": 23509.0,
  "summary_fg_p05": 1012.3104370117188,
  "summary_fg_p95": 3908.788134765625,
  "summary_fg_stdv": 859.990234375,
  "tsnr": 81.36214447021484
}