{
  "aor": 0.0026839224137931036,
  "aqi": 0.003517456939655172,
  "bids_meta": {
    "AcquisitionDateTime": "2017-01-12T19:31:55.000000",
    "ConversionSoftware": "dcm2niix",
    "ConversionSoftwareVersion": "v1.0.20170411 GCC4.8.4",
    "EchoTime": 0.04,
    "FlipAngle": 90,
    "ImageType": [
      "ORIGINAL",
      "PRIMARY",
      "EPI",
      "NONE"
    ],
    "MagneticFieldStrength": 3,
    "Manufacturer": "GE",
    "ManufacturersModelName": "DISCOVERY_MR750",
    "ProcedureStepDescription": "CompRefranes",
    "ProtocolName": "fMRI_Comprension_3",
    "RepetitionTime": 2,
    "ScanningSequence": "EP_GR",
    "SequenceVariant": "SS",
    "SeriesDescription": "fMRI_Comprension_3",
    "dataset": "unknown",
    "modality": "bold",
    "run_id": 3,
    "subject_id": "58",
    "task_id": "cr"
  },
  "dummy_trs": 0,
  "dvars_nstd": 21.26867010683984,
  "dvars_std": 1.127454516580087,
  "dvars_vstd": 1.003026986883117,
  "efc": 0.3682056723085595,
  "fber": 98691.046875,
  "fd_mean": 0.18317190274991907,
  "fd_num": 63,
  "fd_perc": 27.155172413793103,
  "fwhm_avg": 2.7864,
  "fwhm_x": 2.717025,
  "fwhm_y": 2.867925,
  "fwhm_z": 2.77425,
  "gcor": 0.01071,
  "gsr_x": -0.008626063354313374,
  "gsr_y": 0.014915288425981998,
  "provenance": {
    "md5sum": "bbf37fbc477cdefdbba41367d8c307a1",
    "settings": {
      "fd_thres": 0.2,
      "hmc_fsl": false
    },
    "software": "mriqc",
    "version": "0.15.2rc1",
    "webapi_port": null,
    "webapi_url": "https://mriqc.nimh.nih.gov/api/v1"
  },
  "size_t": 232,
  "size_x": 64,
  "size_y": 64,
  "size_z": 34,
  "snr": 2.8285265540172086,
  "spacing_tr": 2.0,
  "spacing_x": 4.0,
  "spacing_y": 4.0,
  "spacing_z": 4.0,
  "summary_bg_k": 164.03507635056138,
  "summary_bg_mad": 8.115968704223633,
  "summary_bg_mean": 28.9256534576416,
  "summary_bg_median": 5.913793087005615,
  "summary_bg_n": 91994.0,
  "summary_bg_p05": 0.17241379618644714,
  "summary_bg_p95": 117.09935188293446,
  "summary_bg_stdv": 86.9082260131836,
  "summary_fg_k": 0.14749402961914626,
  "summary_fg_mad": 608.9404907226562,
  "summary_fg_mean": 1879.8565673828125,
  "summary_fg_median": 1828.6551513671875,
  "summary_fg_n": 19633.0,
  "summary_fg_p05": 844.172412109375,
  "summary_fg_p95": 3003.0284179687496,
  "summary_fg_stdv": 646.488037109375,
  "tsnr": 56.11296463012695
}