{
  "aor": 0.00247787610619469,
  "aqi": 0.0035303352654867254,
  "bids_meta": {
    "AcquisitionDateTime": "2017-01-12T19:23:25.000000",
    "ConversionSoftware": "dcm2niix",
    "ConversionSoftwareVersion": "v1.0.20170411 GCC4.8.4",
    "EchoTime": 0.04,
    "FlipAngle": 90,
    "ImageType": [
      "ORIGINAL",
      "PRIMARY",
      "EPI",
      "NONE"
    ],
    "MagneticFieldStrength": 3,
    "Manufacturer": "GE",
    "ManufacturersModelName": "DISCOVERY_MR750",
    "ProcedureStepDescription": "CompRefranes",
    "ProtocolName": "fMRI_Comprension_2",
    "RepetitionTime": 2,
    "ScanningSequence": "EP_GR",
    "SequenceVariant": "SS",
    "SeriesDescription": "fMRI_Comprension_2",
    "dataset": "unknown",
    "modality": "bold",
    "run_id": 2,
    "subject_id": "58",
    "task_id": "cr"
  },
  "dummy_trs": 0,
  "dvars_nstd": 21.615289705066647,
  "dvars_std": 1.1200195823555563,
  "dvars_vstd": 0.9812391786666667,
  "efc": 0.3679417575236483,
  "fber": 97697.21875,
  "fd_mean": 0.1854377015878875,
  "fd_num": 70,
  "fd_perc": 30.97345132743363,
  "fwhm_avg": 2.7867916666666672,
  "fwhm_x": 2.71005,
  "fwhm_y": 2.87595,
  "fwhm_z": 2.774375,
  "gcor": 0.00910584,
  "gsr_x": -0.007939412258565426,
  "gsr_y": 0.013949472457170486,
  "provenance": {
    "md5sum": "832b5b351cbe0d8caff9515efc7c0178",
    "settings": {
      "fd_thres": 0.2,
      "hmc_fsl": false
    },
    "software": "mriqc",
    "version": "0.15.2rc1",
    "webapi_port": null,
    "webapi_url": "https://mriqc.nimh.nih.gov/api/v1"
  },
  "size_t": 226,
  "size_x": 64,
  "size_y": 64,
  "size_z": 34,
  "snr": 2.8384312531261906,
  "spacing_tr": 2.0,
  "spacing_x": 4.0,
  "spacing_y": 4.0,
  "spacing_z": 4.0,
  "summary_bg_k": 145.50238699102997,
  "summary_bg_mad": 8.108390808105469,
  "summary_bg_mean": 28.429704666137695,
  "summary_bg_median": 5.938053131103516,
  "summary_bg_n": 92044.0,
  "summary_bg_p05": 0.19911503791809082,
  "summary_bg_p95": 116.81836051940891,
  "summary_bg_stdv": 82.7287826538086,
  "summary_fg_k": 0.13204539139931581,
  "summary_fg_mad": 610.8321533203125,
  "summary_fg_mean": 1878.252685546875,
  "summary_fg_median": 1828.114990234375,
  "summary_fg_n": 19619.0,
  "summary_fg_p05": 848.727001953125,
  "summary_fg_p95": 2985.4389160156243,
  "summary_fg_stdv": 644.0418090820312,
  "tsnr": 52.37180709838867
}