{
  "aor": 0.004488873873873874,
  "aqi": 0.0038521481531531535,
  "bids_meta": {
    "AcquisitionDateTime": "2017-01-12T19:40:52.000000",
    "ConversionSoftware": "dcm2niix",
    "ConversionSoftwareVersion": "v1.0.20170411 GCC4.8.4",
    "EchoTime": 0.04,
    "FlipAngle": 90,
    "ImageType": [
      "ORIGINAL",
      "PRIMARY",
      "EPI",
      "NONE"
    ],
    "MagneticFieldStrength": 3,
    "Manufacturer": "GE",
    "ManufacturersModelName": "DISCOVERY_MR750",
    "ProcedureStepDescription": "CompRefranes",
    "ProtocolName": "fMRI_Comprension_4",
    "RepetitionTime": 2,
    "ScanningSequence": "EP_GR",
    "SequenceVariant": "SS",
    "SeriesDescription": "fMRI_Comprension_4",
    "dataset": "unknown",
    "modality": "bold",
    "run_id": 4,
    "subject_id": "58",
    "task_id": "cr"
  },
  "dummy_trs": 0,
  "dvars_nstd": 23.88190651796381,
  "dvars_std": 1.1364395819909499,
  "dvars_vstd": 1.0151627366515836,
  "efc": 0.3687610919652515,
  "fber": 96178.7109375,
  "fd_mean": 0.2566839001865013,
  "fd_num": 104,
  "fd_perc": 46.846846846846844,
  "fwhm_avg": 2.7945583333333333,
  "fwhm_x": 2.717825,
  "fwhm_y": 2.88165,
  "fwhm_z": 2.7842,
  "gcor": 0.0104589,
  "gsr_x": -0.008658351376652718,
  "gsr_y": 0.015435113571584225,
  "provenance": {
    "md5sum": "14e669e7d9d1a88582c34c7ab926ff15",
    "settings": {
      "fd_thres": 0.2,
      "hmc_fsl": false
    },
    "software": "mriqc",
    "version": "0.15.2rc1",
    "webapi_port": null,
    "webapi_url": "https://mriqc.nimh.nih.gov/api/v1"
  },
  "size_t": 222,
  "size_x": 64,
  "size_y": 64,
  "size_z": 34,
  "snr": 2.815403434302382,
  "spacing_tr": 2.0,
  "spacing_x": 4.0,
  "spacing_y": 4.0,
  "spacing_z": 4.0,
  "summary_bg_k": 151.85613148912125,
  "summary_bg_mad": 8.214418411254883,
  "summary_bg_mean": 29.43039321899414,
  "summary_bg_median": 5.986486434936523,
  "summary_bg_n": 92039.0,
  "summary_bg_p05": 0.18468469381332397,
  "summary_bg_p95": 118.95090484619136,
  "summary_bg_stdv": 86.67562866210938,
  "summary_fg_k": 0.15141345273401008,
  "summary_fg_mad": 610.3912353515625,
  "summary_fg_mean": 1876.4818115234375,
  "summary_fg_median": 1824.946044921875,
  "summary_fg_n": 19685.0,
  "summary_fg_p05": 841.0720825195312,
  "summary_fg_p95": 2993.2243164062493,
  "summary_fg_stdv": 648.18408203125,
  "tsnr": 50.072052001953125
}