{
  "aor": 0.005013206751054853,
  "aqi": 0.004325064725738397,
  "bids_meta": {
    "AcquisitionDateTime": "2017-01-12T19:14:31.000000",
    "ConversionSoftware": "dcm2niix",
    "ConversionSoftwareVersion": "v1.0.20170411 GCC4.8.4",
    "EchoTime": 0.04,
    "FlipAngle": 90,
    "ImageType": [
      "ORIGINAL",
      "PRIMARY",
      "EPI",
      "NONE"
    ],
    "MagneticFieldStrength": 3,
    "Manufacturer": "GE",
    "ManufacturersModelName": "DISCOVERY_MR750",
    "ProcedureStepDescription": "CompRefranes",
    "ProtocolName": "fMRI_Comprension_1",
    "RepetitionTime": 2,
    "ScanningSequence": "EP_GR",
    "SequenceVariant": "SS",
    "SeriesDescription": "fMRI_Comprension_1",
    "dataset": "unknown",
    "modality": "bold",
    "run_id": 1,
    "subject_id": "58",
    "task_id": "cr"
  },
  "dummy_trs": 0,
  "dvars_nstd": 23.659770314957633,
  "dvars_std": 1.091546070932204,
  "dvars_vstd": 0.9811103085169492,
  "efc": 0.36843092230706675,
  "fber": 89607.4609375,
  "fd_mean": 0.2562843759271867,
  "fd_num": 101,
  "fd_perc": 42.61603375527426,
  "fwhm_avg": 2.802108333333333,
  "fwhm_x": 2.719275,
  "fwhm_y": 2.892225,
  "fwhm_z": 2.794825,
  "gcor": 0.0096601,
  "gsr_x": -0.007617132738232613,
  "gsr_y": 0.013403196819126606,
  "provenance": {
    "md5sum": "10e177a06ee244b47d7a8717b93d8243",
    "settings": {
      "fd_thres": 0.2,
      "hmc_fsl": false
    },
    "software": "mriqc",
    "version": "0.15.2rc1",
    "webapi_port": null,
    "webapi_url": "https://mriqc.nimh.nih.gov/api/v1"
  },
  "size_t": 237,
  "size_x": 64,
  "size_y": 64,
  "size_z": 34,
  "snr": 2.84869993306679,
  "spacing_tr": 2.0,
  "spacing_x": 4.0,
  "spacing_y": 4.0,
  "spacing_z": 4.0,
  "summary_bg_k": 133.08299633234674,
  "summary_bg_mad": 8.382645606994629,
  "summary_bg_mean": 28.49332046508789,
  "summary_bg_median": 6.139240264892578,
  "summary_bg_n": 92032.0,
  "summary_bg_p05": 0.2067510485649109,
  "summary_bg_p95": 116.05358200073235,
  "summary_bg_stdv": 82.22352600097656,
  "summary_fg_k": 0.10460818172826691,
  "summary_fg_mad": 612.7275390625,
  "summary_fg_mean": 1882.2825927734375,
  "summary_fg_median": 1838.96826171875,
  "summary_fg_n": 19674.0,
  "summary_fg_p05": 840.1733703613281,
  "summary_fg_p95": 2987.053491210937,
  "summary_fg_stdv": 645.5300903320312,
  "tsnr": 46.269805908203125
}