{
  "aor": 0.0009087058823529412,
  "aqi": 0.001856887611764706,
  "bids_meta": {
    "AcquisitionDateTime": "2016-05-19T18:41:22.000000",
    "ConversionSoftware": "dcm2niix",
    "ConversionSoftwareVersion": "v1.0.20170411 GCC4.8.4",
    "EchoTime": 0.04,
    "FlipAngle": 90,
    "ImageType": [
      "ORIGINAL",
      "PRIMARY",
      "EPI",
      "NONE"
    ],
    "MagneticFieldStrength": 3,
    "Manufacturer": "GE",
    "ManufacturersModelName": "DISCOVERY_MR750",
    "ProcedureStepDescription": "ActosHabla",
    "ProtocolName": "fMRI_ActosHabla_3",
    "RepetitionTime": 2,
    "ScanningSequence": "EP_GR",
    "SequenceVariant": "SS",
    "SeriesDescription": "fMRI_ActosHabla_3",
    "dataset": "unknown",
    "modality": "bold",
    "run_id": 3,
    "subject_id": "09",
    "task_id": "rah"
  },
  "dummy_trs": 0,
  "dvars_nstd": 20.768062471338588,
  "dvars_std": 1.1789452477559055,
  "dvars_vstd": 0.9815426146850397,
  "efc": 0.3243044312176686,
  "fber": 74714.0078125,
  "fd_mean": 0.1681174486104734,
  "fd_num": 89,
  "fd_perc": 34.90196078431372,
  "fwhm_avg": 2.9454166666666666,
  "fwhm_x": 2.863825,
  "fwhm_y": 3.00035,
  "fwhm_z": 2.972075,
  "gcor": 0.0344799,
  "gsr_x": -0.0034318279940634966,
  "gsr_y": -0.003199024358764291,
  "provenance": {
    "md5sum": "669f67a145e9671798a652dcabe9a5a2",
    "settings": {
      "fd_thres": 0.2,
      "hmc_fsl": false
    },
    "software": "mriqc",
    "version": "0.15.2rc1",
    "webapi_port": null,
    "webapi_url": "https://mriqc.nimh.nih.gov/api/v1"
  },
  "size_t": 255,
  "size_x": 64,
  "size_y": 64,
  "size_z": 35,
  "snr": 2.9839682124426545,
  "spacing_tr": 2.0,
  "spacing_x": 4.0,
  "spacing_y": 4.0,
  "spacing_z": 4.0,
  "summary_bg_k": 133.29539879121685,
  "summary_bg_mad": 8.87817096710205,
  "summary_bg_mean": 24.380706787109375,
  "summary_bg_median": 6.6588239669799805,
  "summary_bg_n": 101069.0,
  "summary_bg_p05": 0.18431372940540314,
  "summary_bg_p95": 97.06824188232375,
  "summary_bg_stdv": 70.37682342529297,
  "summary_fg_k": 0.4264570598841053,
  "summary_fg_mad": 496.639892578125,
  "summary_fg_mean": 1767.6871337890625,
  "summary_fg_median": 1776.894287109375,
  "summary_fg_n": 15524.0,
  "summary_fg_p05": 722.0169189453125,
  "summary_fg_p95": 2772.8690551757813,
  "summary_fg_stdv": 595.4611206054688,
  "tsnr": 71.25523376464844
}