{
  "aor": 0.0013808267716535433,
  "aqi": 0.0022712927637795273,
  "bids_meta": {
    "AcquisitionDateTime": "2016-05-19T18:31:39.000000",
    "ConversionSoftware": "dcm2niix",
    "ConversionSoftwareVersion": "v1.0.20170411 GCC4.8.4",
    "EchoTime": 0.04,
    "FlipAngle": 90,
    "ImageType": [
      "ORIGINAL",
      "PRIMARY",
      "EPI",
      "NONE"
    ],
    "MagneticFieldStrength": 3,
    "Manufacturer": "GE",
    "ManufacturersModelName": "DISCOVERY_MR750",
    "ProcedureStepDescription": "ActosHabla",
    "ProtocolName": "fMRI_ActosHabla_2",
    "RepetitionTime": 2,
    "ScanningSequence": "EP_GR",
    "SequenceVariant": "SS",
    "SeriesDescription": "fMRI_ActosHabla_2",
    "dataset": "unknown",
    "modality": "bold",
    "run_id": 2,
    "subject_id": "09",
    "task_id": "rah"
  },
  "dummy_trs": 0,
  "dvars_nstd": 20.58444780426878,
  "dvars_std": 1.1943412923320158,
  "dvars_vstd": 0.9900245144664038,
  "efc": 0.3235265277236678,
  "fber": 77451.984375,
  "fd_mean": 0.15607883902348132,
  "fd_num": 59,
  "fd_perc": 23.228346456692915,
  "fwhm_avg": 2.954416666666667,
  "fwhm_x": 2.86,
  "fwhm_y": 3.010025,
  "fwhm_z": 2.993225,
  "gcor": 0.0289289,
  "gsr_x": -0.0035391647834330797,
  "gsr_y": -0.0032496240455657244,
  "provenance": {
    "md5sum": "b3d8888f1a3c3bf836b49dfd2fc7d2ad",
    "settings": {
      "fd_thres": 0.2,
      "hmc_fsl": false
    },
    "software": "mriqc",
    "version": "0.15.2rc1",
    "webapi_port": null,
    "webapi_url": "https://mriqc.nimh.nih.gov/api/v1"
  },
  "size_t": 254,
  "size_x": 64,
  "size_y": 64,
  "size_z": 35,
  "snr": 2.988037932451146,
  "spacing_tr": 2.0,
  "spacing_x": 4.0,
  "spacing_y": 4.0,
  "spacing_z": 4.0,
  "summary_bg_k": 133.59063484651503,
  "summary_bg_mad": 8.778873443603516,
  "summary_bg_mean": 24.189472198486328,
  "summary_bg_median": 6.590551376342773,
  "summary_bg_n": 101131.0,
  "summary_bg_p05": 0.20078739523887634,
  "summary_bg_p95": 95.88582611083984,
  "summary_bg_stdv": 70.22085571289062,
  "summary_fg_k": 0.44142075527705593,
  "summary_fg_mad": 504.5721435546875,
  "summary_fg_mean": 1788.966552734375,
  "summary_fg_median": 1795.81298828125,
  "summary_fg_n": 15482.0,
  "summary_fg_p05": 737.7336791992188,
  "summary_fg_p95": 2809.3467163085934,
  "summary_fg_stdv": 600.9813232421875,
  "tsnr": 67.19701385498047
}