{
  "aor": 0.01672306666666667,
  "aqi": 0.002308400603333333,
  "bids_meta": {
    "AcquisitionDateTime": "2016-10-08T10:17:20.000000",
    "ConversionSoftware": "dcm2niix",
    "ConversionSoftwareVersion": "v1.0.20170411 GCC4.8.4",
    "EchoTime": 0.04,
    "FlipAngle": 90,
    "ImageType": [
      "ORIGINAL",
      "PRIMARY",
      "EPI",
      "NONE"
    ],
    "MagneticFieldStrength": 3,
    "Manufacturer": "GE",
    "ManufacturersModelName": "DISCOVERY_MR750",
    "ProcedureStepDescription": "MeditResp",
    "ProtocolName": "fMRI_RestSt",
    "RepetitionTime": 2,
    "ScanningSequence": "EP_GR",
    "SequenceVariant": "SS",
    "SeriesDescription": "fMRI_RestSt",
    "dataset": "unknown",
    "modality": "bold",
    "subject_id": "105",
    "task_id": "rest"
  },
  "dummy_trs": 0,
  "dvars_nstd": 19.503072547257535,
  "dvars_std": 1.2587589559531775,
  "dvars_vstd": 1.153187143244147,
  "efc": 0.3723548181552662,
  "fber": 110094.1640625,
  "fd_mean": 0.14422036488247691,
  "fd_num": 38,
  "fd_perc": 12.666666666666666,
  "fwhm_avg": 2.9633833333333333,
  "fwhm_x": 2.789275,
  "fwhm_y": 3.1789,
  "fwhm_z": 2.921975,
  "gcor": 0.0411002,
  "gsr_x": -0.0036282679066061974,
  "gsr_y": 0.004270070232450962,
  "provenance": {
    "md5sum": "817c1bff7075582ca4c2fcaffd2899a3",
    "settings": {
      "fd_thres": 0.2,
      "hmc_fsl": false
    },
    "software": "mriqc",
    "version": "0.15.2rc1",
    "webapi_port": null,
    "webapi_url": "https://mriqc.nimh.nih.gov/api/v1"
  },
  "size_t": 300,
  "size_x": 64,
  "size_y": 64,
  "size_z": 34,
  "snr": 2.5184571253025383,
  "spacing_tr": 2.0,
  "spacing_x": 4.0,
  "spacing_y": 4.0,
  "spacing_z": 4.0,
  "summary_bg_k": 210.59340519400212,
  "summary_bg_mad": 7.403128147125244,
  "summary_bg_mean": 23.982166290283203,
  "summary_bg_median": 5.383333683013916,
  "summary_bg_n": 89409.0,
  "summary_bg_p05": 0.07000000029802322,
  "summary_bg_p95": 87.15867004394514,
  "summary_bg_stdv": 86.48920440673828,
  "summary_fg_k": 0.12827541392315345,
  "summary_fg_mad": 710.2998657226562,
  "summary_fg_mean": 1891.9112548828125,
  "summary_fg_median": 1852.683349609375,
  "summary_fg_n": 21305.0,
  "summary_fg_p05": 702.3866821289063,
  "summary_fg_p95": 3139.9408203124995,
  "summary_fg_stdv": 735.6249389648438,
  "tsnr": 53.86201858520508
}