{
  "bids_meta": {
    "AcquisitionMatrixPE": 256,
    "AcquisitionNumber": 1,
    "AcquisitionTime": "20:03:48.000000",
    "BodyPartExamined": "HEAD",
    "CoilString": "32Ch_Head",
    "ConversionSoftware": "dcm2niix",
    "ConversionSoftwareVersion": "v1.0.20181125  (JP2:OpenJPEG) GCC7.3.0",
    "DeviceSerialNumber": "0002806034DVR750",
    "EchoTime": 0.003192,
    "FlipAngle": 12,
    "ImageOrientationPatientDICOM": [
      0,
      1,
      0,
      0,
      0,
      -1
    ],
    "ImageType": [
      "ORIGINAL",
      "PRIMARY",
      "OTHER"
    ],
    "ImagingFrequency": 127.772,
    "InPlanePhaseEncodingDirectionDICOM": "ROW",
    "InstitutionName": "INSTITUTO_DE_NEUROBIOLOGIA",
    "InversionTime": 0.45,
    "MRAcquisitionType": "3D",
    "MagneticFieldStrength": 3,
    "Manufacturer": "GE",
    "ManufacturersModelName": "DISCOVERY_MR750",
    "Modality": "MR",
    "PatientPosition": "HFS",
    "PercentPhaseFOV": 100,
    "PixelBandwidth": 244.141,
    "ProcedureStepDescription": "Emociones_AH",
    "ProtocolName": "Sag_T1_FSPGR_BRAVO",
    "ReconMatrixPE": 256,
    "RepetitionTime": 0.008184,
    "SAR": 0.10915,
    "ScanOptions": "FAST_GEMS_EDR_GEMS_FILTERED_GEMS_ACC_GEMS_IR_GEMS",
    "ScanningSequence": "GR",
    "SequenceVariant": "SS_SP_SK",
    "SeriesDescription": "Sag_T1_FSPGR_BRAVO",
    "SeriesNumber": 9,
    "SliceThickness": 1,
    "SoftwareVersions": "27_LX_MR_Software_release:DV26.0_R02_1810.b",
    "SpacingBetweenSlices": 1,
    "StationName": "GEHCGEHC",
    "dataset": "unknown",
    "modality": "T1w",
    "subject_id": "26"
  },
  "cjv": 0.49164387039062923,
  "cnr": 2.753302340634418,
  "efc": 0.5927721637211584,
  "fber": 30050.98828125,
  "fwhm_avg": 3.487216666666667,
  "fwhm_x": 3.48183,
  "fwhm_y": 3.61267,
  "fwhm_z": 3.36715,
  "icvs_csf": 0.2024712000650809,
  "icvs_gm": 0.4347977004235105,
  "icvs_wm": 0.3627310995114086,
  "inu_med": 1.2141637802124023,
  "inu_range": 0.360430508852005,
  "provenance": {
    "md5sum": "e86535143f3521af4fe44510c64a7c9b",
    "settings": {
      "testing": false
    },
    "software": "mriqc",
    "version": "0.15.2rc1",
    "warnings": {
      "large_rot_frame": true,
      "small_air_mask": false
    },
    "webapi_port": null,
    "webapi_url": "https://mriqc.nimh.nih.gov/api/v1"
  },
  "qi_1": 3.553331000429098e-05,
  "qi_2": 0.00260415861062711,
  "rpve_csf": 29.005223895714533,
  "rpve_gm": 14.68911077987921,
  "rpve_wm": 21.183050866236535,
  "size_x": 176,
  "size_y": 256,
  "size_z": 256,
  "snr_csf": 3.2319465960850815,
  "snr_gm": 10.360381287224689,
  "snr_total": 10.571405878930861,
  "snr_wm": 18.12188975348281,
  "snrd_csf": 59.1189265668433,
  "snrd_gm": 119.87620428072408,
  "snrd_total": 113.11814975459806,
  "snrd_wm": 160.3593184162268,
  "spacing_x": 1.0,
  "spacing_y": 1.0,
  "spacing_z": 1.0,
  "summary_bg_k": 30.731147539419084,
  "summary_bg_mad": 4.085519313812256,
  "summary_bg_mean": 8.300443649291992,
  "summary_bg_median": 3.4312007427215576,
  "summary_bg_n": 1965887.0,
  "summary_bg_p05": 0.0,
  "summary_bg_p95": 32.212715530395506,
  "summary_bg_stdv": 12.498007774353027,
  "summary_csf_k": -0.511245736937469,
  "summary_csf_mad": 127.9642333984375,
  "summary_csf_mean": 383.47442626953125,
  "summary_csf_median": 368.67364501953125,
  "summary_csf_n": 14574.0,
  "summary_csf_p05": 223.09780807495116,
  "summary_csf_p95": 577.7758575439452,
  "summary_csf_stdv": 114.06778717041016,
  "summary_gm_k": 0.14276318057078363,
  "summary_gm_mad": 69.76473999023438,
  "summary_gm_mean": 750.306640625,
  "summary_gm_median": 747.5642700195312,
  "summary_gm_n": 18931.0,
  "summary_gm_p05": 635.2434997558594,
  "summary_gm_p95": 875.5559997558594,
  "summary_gm_stdv": 72.1541519165039,
  "summary_wm_k": 0.1613352859842725,
  "summary_wm_mad": 54.35478210449219,
  "summary_wm_mean": 1001.0457763671875,
  "summary_wm_median": 1000.0224609375,
  "summary_wm_n": 183362.0,
  "summary_wm_p05": 911.7944946289062,
  "summary_wm_p95": 1093.0605590820312,
  "summary_wm_stdv": 55.1829719543457,
  "tpm_overlap_csf": 0.222823828458786,
  "tpm_overlap_gm": 0.5111328363418579,
  "tpm_overlap_wm": 0.5631216764450073,
  "wm2max": 0.45785552814084873
}