{
  "aor": 0.009463937007874016,
  "aqi": 0.0024153881692913384,
  "bids_meta": {
    "AcquisitionDateTime": "2017-01-31T20:36:17.000000",
    "ConversionSoftware": "dcm2niix",
    "ConversionSoftwareVersion": "v1.0.20170411 GCC4.8.4",
    "EchoTime": 0.04,
    "FlipAngle": 90,
    "ImageType": [
      "ORIGINAL",
      "PRIMARY",
      "EPI",
      "NONE"
    ],
    "MagneticFieldStrength": 3,
    "Manufacturer": "GE",
    "ManufacturersModelName": "DISCOVERY_MR750",
    "ProcedureStepDescription": "ActosHabla",
    "ProtocolName": "fMRI_ActosHabla_2",
    "RepetitionTime": 2,
    "ScanningSequence": "EP_GR",
    "SequenceVariant": "SS",
    "SeriesDescription": "fMRI_ActosHabla_2",
    "dataset": "unknown",
    "modality": "bold",
    "run_id": 2,
    "subject_id": "14",
    "task_id": "rah"
  },
  "dummy_trs": 0,
  "dvars_nstd": 19.959444234703568,
  "dvars_std": 1.0547870631225302,
  "dvars_vstd": 0.9433401032806326,
  "efc": 0.39524253373113877,
  "fber": 33223.7421875,
  "fd_mean": 0.08135161338308558,
  "fd_num": 6,
  "fd_perc": 2.3622047244094486,
  "fwhm_avg": 3.0099249999999995,
  "fwhm_x": 2.845175,
  "fwhm_y": 3.02845,
  "fwhm_z": 3.15615,
  "gcor": 0.0345329,
  "gsr_x": 0.010499123483896255,
  "gsr_y": 0.0024774065241217613,
  "provenance": {
    "md5sum": "ce0d3fb015a4052372258ab77289e02a",
    "settings": {
      "fd_thres": 0.2,
      "hmc_fsl": false
    },
    "software": "mriqc",
    "version": "0.15.2rc1",
    "webapi_port": null,
    "webapi_url": "https://mriqc.nimh.nih.gov/api/v1"
  },
  "size_t": 254,
  "size_x": 64,
  "size_y": 64,
  "size_z": 35,
  "snr": 2.1620440905623264,
  "spacing_tr": 2.0,
  "spacing_x": 4.0,
  "spacing_y": 4.0,
  "spacing_z": 4.0,
  "summary_bg_k": 65.12352689555433,
  "summary_bg_mad": 13.460160255432129,
  "summary_bg_mean": 38.96842575073242,
  "summary_bg_median": 9.208661079406738,
  "summary_bg_n": 90192.0,
  "summary_bg_p05": 0.007874015718698502,
  "summary_bg_p95": 161.98838653564442,
  "summary_bg_stdv": 95.98287963867188,
  "summary_fg_k": 0.6024217167971364,
  "summary_fg_mad": 712.0517578125,
  "summary_fg_mean": 1885.3143310546875,
  "summary_fg_median": 1757.19091796875,
  "summary_fg_n": 24118.0,
  "summary_fg_p05": 726.4824981689453,
  "summary_fg_p95": 3459.6156372070304,
  "summary_fg_stdv": 812.7283325195312,
  "tsnr": 47.86573791503906
}