{
  "aor": 0.0007154117647058824,
  "aqi": 0.0012526412941176472,
  "bids_meta": {
    "AcquisitionDateTime": "2017-01-31T20:46:14.000000",
    "ConversionSoftware": "dcm2niix",
    "ConversionSoftwareVersion": "v1.0.20170411 GCC4.8.4",
    "EchoTime": 0.04,
    "FlipAngle": 90,
    "ImageType": [
      "ORIGINAL",
      "PRIMARY",
      "EPI",
      "NONE"
    ],
    "MagneticFieldStrength": 3,
    "Manufacturer": "GE",
    "ManufacturersModelName": "DISCOVERY_MR750",
    "ProcedureStepDescription": "ActosHabla",
    "ProtocolName": "fMRI_ActosHabla_3",
    "RepetitionTime": 2,
    "ScanningSequence": "EP_GR",
    "SequenceVariant": "SS",
    "SeriesDescription": "fMRI_ActosHabla_3",
    "dataset": "unknown",
    "modality": "bold",
    "run_id": 3,
    "subject_id": "14",
    "task_id": "rah"
  },
  "dummy_trs": 0,
  "dvars_nstd": 19.562980712007878,
  "dvars_std": 1.1819998711811022,
  "dvars_vstd": 0.9955505009448817,
  "efc": 0.3944661236988864,
  "fber": 30532.93359375,
  "fd_mean": 0.07898502619754602,
  "fd_num": 1,
  "fd_perc": 0.39215686274509803,
  "fwhm_avg": 2.9910916666666663,
  "fwhm_x": 2.845525,
  "fwhm_y": 3.015475,
  "fwhm_z": 3.112275,
  "gcor": 0.0592493,
  "gsr_x": 0.009248612448573112,
  "gsr_y": 0.0029678901191800833,
  "provenance": {
    "md5sum": "8c7d10a65c3aa68fbfb7084db85dcc82",
    "settings": {
      "fd_thres": 0.2,
      "hmc_fsl": false
    },
    "software": "mriqc",
    "version": "0.15.2rc1",
    "webapi_port": null,
    "webapi_url": "https://mriqc.nimh.nih.gov/api/v1"
  },
  "size_t": 255,
  "size_x": 64,
  "size_y": 64,
  "size_z": 35,
  "snr": 2.139623497572445,
  "spacing_tr": 2.0,
  "spacing_x": 4.0,
  "spacing_y": 4.0,
  "spacing_z": 4.0,
  "summary_bg_k": 63.5083695639141,
  "summary_bg_mad": 13.639942169189453,
  "summary_bg_mean": 38.920433044433594,
  "summary_bg_median": 9.317647933959961,
  "summary_bg_n": 90255.0,
  "summary_bg_p05": 0.003921568859368563,
  "summary_bg_p95": 163.83647308349612,
  "summary_bg_stdv": 94.46696472167969,
  "summary_fg_k": 0.5911059376182104,
  "summary_fg_mad": 717.9166870117188,
  "summary_fg_mean": 1859.1761474609375,
  "summary_fg_median": 1734.0157470703125,
  "summary_fg_n": 24029.0,
  "summary_fg_p05": 707.5875000000001,
  "summary_fg_p95": 3433.4552246093735,
  "summary_fg_stdv": 810.4134521484375,
  "tsnr": 72.9573974609375
}