{
  "aor": 0.0012624521072796934,
  "aqi": 0.001628439318007663,
  "bids_meta": {
    "AcquisitionDateTime": "2017-01-31T20:26:7.000000",
    "ConversionSoftware": "dcm2niix",
    "ConversionSoftwareVersion": "v1.0.20170411 GCC4.8.4",
    "EchoTime": 0.04,
    "FlipAngle": 90,
    "ImageType": [
      "ORIGINAL",
      "PRIMARY",
      "EPI",
      "NONE"
    ],
    "MagneticFieldStrength": 3,
    "Manufacturer": "GE",
    "ManufacturersModelName": "DISCOVERY_MR750",
    "ProcedureStepDescription": "ActosHabla",
    "ProtocolName": "fMRI_ActosHabla_1",
    "RepetitionTime": 2,
    "ScanningSequence": "EP_GR",
    "SequenceVariant": "SS",
    "SeriesDescription": "fMRI_ActosHabla_1",
    "dataset": "unknown",
    "modality": "bold",
    "run_id": 1,
    "subject_id": "14",
    "task_id": "rah"
  },
  "dummy_trs": 0,
  "dvars_nstd": 18.258112001500017,
  "dvars_std": 1.107097423653846,
  "dvars_vstd": 0.980014192961539,
  "efc": 0.39405582902580794,
  "fber": 34985.234375,
  "fd_mean": 0.07558224481921326,
  "fd_num": 0,
  "fd_perc": 0.0,
  "fwhm_avg": 3.0107583333333334,
  "fwhm_x": 2.83455,
  "fwhm_y": 3.041075,
  "fwhm_z": 3.15665,
  "gcor": 0.0185231,
  "gsr_x": 0.008204693906009197,
  "gsr_y": 0.0027247953694313765,
  "provenance": {
    "md5sum": "d654947bbadad90967bdd985bba79f57",
    "settings": {
      "fd_thres": 0.2,
      "hmc_fsl": false
    },
    "software": "mriqc",
    "version": "0.15.2rc1",
    "webapi_port": null,
    "webapi_url": "https://mriqc.nimh.nih.gov/api/v1"
  },
  "size_t": 261,
  "size_x": 64,
  "size_y": 64,
  "size_z": 35,
  "snr": 2.2091719523222997,
  "spacing_tr": 2.0,
  "spacing_x": 4.0,
  "spacing_y": 4.0,
  "spacing_z": 4.0,
  "summary_bg_k": 64.78136909265436,
  "summary_bg_mad": 13.252532005310059,
  "summary_bg_mean": 37.586082458496094,
  "summary_bg_median": 9.065134048461914,
  "summary_bg_n": 90351.0,
  "summary_bg_p05": 0.0038314175326377153,
  "summary_bg_p95": 154.72413635253906,
  "summary_bg_stdv": 92.96736145019531,
  "summary_fg_k": 0.48925842646136797,
  "summary_fg_mad": 725.5150756835938,
  "summary_fg_mean": 1905.9381103515625,
  "summary_fg_median": 1786.6666259765625,
  "summary_fg_n": 23990.0,
  "summary_fg_p05": 742.2246765136719,
  "summary_fg_p95": 3457.359265136718,
  "summary_fg_stdv": 808.7326049804688,
  "tsnr": 64.76322937011719
}