{
  "aor": 0.0009422745098039215,
  "aqi": 0.0019530501058823528,
  "bids_meta": {
    "AcquisitionDateTime": "2017-01-31T19:48:4.000000",
    "ConversionSoftware": "dcm2niix",
    "ConversionSoftwareVersion": "v1.0.20170411 GCC4.8.4",
    "EchoTime": 0.04,
    "FlipAngle": 90,
    "ImageType": [
      "ORIGINAL",
      "PRIMARY",
      "EPI",
      "NONE"
    ],
    "MagneticFieldStrength": 3,
    "Manufacturer": "GE",
    "ManufacturersModelName": "DISCOVERY_MR750",
    "ProcedureStepDescription": "ActosHabla",
    "ProtocolName": "fMRI_ActosHabla_3",
    "RepetitionTime": 2,
    "ScanningSequence": "EP_GR",
    "SequenceVariant": "SS",
    "SeriesDescription": "fMRI_ActosHabla_3",
    "dataset": "unknown",
    "modality": "bold",
    "run_id": 3,
    "subject_id": "13",
    "task_id": "rah"
  },
  "dummy_trs": 0,
  "dvars_nstd": 17.04733104393702,
  "dvars_std": 1.0951795586220463,
  "dvars_vstd": 0.9872861929921256,
  "efc": 0.3561490544647523,
  "fber": 43119.5625,
  "fd_mean": 0.08164970106740456,
  "fd_num": 4,
  "fd_perc": 1.5686274509803921,
  "fwhm_avg": 2.7651833333333333,
  "fwhm_x": 2.7613,
  "fwhm_y": 2.80165,
  "fwhm_z": 2.7326,
  "gcor": 0.0372705,
  "gsr_x": 0.002155054360628128,
  "gsr_y": -0.0035906352568417788,
  "provenance": {
    "md5sum": "264d4d656e02050fba7788f9dd74177a",
    "settings": {
      "fd_thres": 0.2,
      "hmc_fsl": false
    },
    "software": "mriqc",
    "version": "0.15.2rc1",
    "webapi_port": null,
    "webapi_url": "https://mriqc.nimh.nih.gov/api/v1"
  },
  "size_t": 255,
  "size_x": 64,
  "size_y": 64,
  "size_z": 35,
  "snr": 2.88427136517543,
  "spacing_tr": 2.0,
  "spacing_x": 4.0,
  "spacing_y": 4.0,
  "spacing_z": 4.0,
  "summary_bg_k": 150.86275601034117,
  "summary_bg_mad": 10.988699913024902,
  "summary_bg_mean": 26.771549224853516,
  "summary_bg_median": 8.011765480041504,
  "summary_bg_n": 97432.0,
  "summary_bg_p05": 0.13333334028720856,
  "summary_bg_p95": 106.38608779907224,
  "summary_bg_stdv": 72.4769058227539,
  "summary_fg_k": 0.3667947441241015,
  "summary_fg_mad": 519.0648193359375,
  "summary_fg_mean": 1726.306884765625,
  "summary_fg_median": 1701.36865234375,
  "summary_fg_n": 18264.0,
  "summary_fg_p05": 748.781005859375,
  "summary_fg_p95": 2757.261499023437,
  "summary_fg_stdv": 589.8619995117188,
  "tsnr": 71.58900451660156
}