{
  "aor": 0.001203228346456693,
  "aqi": 0.0017602363267716534,
  "bids_meta": {
    "AcquisitionDateTime": "2017-01-31T19:37:58.000000",
    "ConversionSoftware": "dcm2niix",
    "ConversionSoftwareVersion": "v1.0.20170411 GCC4.8.4",
    "EchoTime": 0.04,
    "FlipAngle": 90,
    "ImageType": [
      "ORIGINAL",
      "PRIMARY",
      "EPI",
      "NONE"
    ],
    "MagneticFieldStrength": 3,
    "Manufacturer": "GE",
    "ManufacturersModelName": "DISCOVERY_MR750",
    "ProcedureStepDescription": "ActosHabla",
    "ProtocolName": "fMRI_ActosHabla_2",
    "RepetitionTime": 2,
    "ScanningSequence": "EP_GR",
    "SequenceVariant": "SS",
    "SeriesDescription": "fMRI_ActosHabla_2",
    "dataset": "unknown",
    "modality": "bold",
    "run_id": 2,
    "subject_id": "13",
    "task_id": "rah"
  },
  "dummy_trs": 0,
  "dvars_nstd": 16.726574705533597,
  "dvars_std": 1.140260439920948,
  "dvars_vstd": 1.0082093024901186,
  "efc": 0.35447344469067377,
  "fber": 43448.6328125,
  "fd_mean": 0.07120632031239542,
  "fd_num": 1,
  "fd_perc": 0.3937007874015748,
  "fwhm_avg": 2.763875,
  "fwhm_x": 2.758225,
  "fwhm_y": 2.7923,
  "fwhm_z": 2.7411,
  "gcor": 0.0249141,
  "gsr_x": 0.0013194127241149545,
  "gsr_y": -0.0029474045149981976,
  "provenance": {
    "md5sum": "2083b4a7598c89c83a6e8054500f95df",
    "settings": {
      "fd_thres": 0.2,
      "hmc_fsl": false
    },
    "software": "mriqc",
    "version": "0.15.2rc1",
    "webapi_port": null,
    "webapi_url": "https://mriqc.nimh.nih.gov/api/v1"
  },
  "size_t": 254,
  "size_x": 64,
  "size_y": 64,
  "size_z": 35,
  "snr": 2.9021150423340503,
  "spacing_tr": 2.0,
  "spacing_x": 4.0,
  "spacing_y": 4.0,
  "spacing_z": 4.0,
  "summary_bg_k": 161.09396772734803,
  "summary_bg_mad": 10.99110221862793,
  "summary_bg_mean": 26.484256744384766,
  "summary_bg_median": 8.015748023986816,
  "summary_bg_n": 97624.0,
  "summary_bg_p05": 0.13779526948928833,
  "summary_bg_p95": 103.73543395996066,
  "summary_bg_stdv": 71.76177978515625,
  "summary_fg_k": 0.37070312785987003,
  "summary_fg_mad": 517.5391235351562,
  "summary_fg_mean": 1737.782470703125,
  "summary_fg_median": 1717.9803466796875,
  "summary_fg_n": 18103.0,
  "summary_fg_p05": 740.653564453125,
  "summary_fg_p95": 2769.42707519531,
  "summary_fg_stdv": 591.9589233398438,
  "tsnr": 76.22160339355469
}