{
  "aor": 0.0013592337164750957,
  "aqi": 0.0014488131992337165,
  "bids_meta": {
    "AcquisitionDateTime": "2017-01-31T19:26:46.000000",
    "ConversionSoftware": "dcm2niix",
    "ConversionSoftwareVersion": "v1.0.20170411 GCC4.8.4",
    "EchoTime": 0.04,
    "FlipAngle": 90,
    "ImageType": [
      "ORIGINAL",
      "PRIMARY",
      "EPI",
      "NONE"
    ],
    "MagneticFieldStrength": 3,
    "Manufacturer": "GE",
    "ManufacturersModelName": "DISCOVERY_MR750",
    "ProcedureStepDescription": "ActosHabla",
    "ProtocolName": "fMRI_ActosHabla_1",
    "RepetitionTime": 2,
    "ScanningSequence": "EP_GR",
    "SequenceVariant": "SS",
    "SeriesDescription": "fMRI_ActosHabla_1",
    "dataset": "unknown",
    "modality": "bold",
    "run_id": 1,
    "subject_id": "13",
    "task_id": "rah"
  },
  "dummy_trs": 0,
  "dvars_nstd": 16.39647459265384,
  "dvars_std": 1.1422969987307685,
  "dvars_vstd": 1.0077946105769238,
  "efc": 0.3536623048843071,
  "fber": 46153.40625,
  "fd_mean": 0.06337419131232408,
  "fd_num": 0,
  "fd_perc": 0.0,
  "fwhm_avg": 2.7798166666666666,
  "fwhm_x": 2.758475,
  "fwhm_y": 2.80465,
  "fwhm_z": 2.776325,
  "gcor": 0.0252633,
  "gsr_x": 0.00224451906979084,
  "gsr_y": -0.0034645353443920612,
  "provenance": {
    "md5sum": "83f493aaab86293f7fd3003143f60ba4",
    "settings": {
      "fd_thres": 0.2,
      "hmc_fsl": false
    },
    "software": "mriqc",
    "version": "0.15.2rc1",
    "webapi_port": null,
    "webapi_url": "https://mriqc.nimh.nih.gov/api/v1"
  },
  "size_t": 261,
  "size_x": 64,
  "size_y": 64,
  "size_z": 35,
  "snr": 2.9258318235154723,
  "spacing_tr": 2.0,
  "spacing_x": 4.0,
  "spacing_y": 4.0,
  "spacing_z": 4.0,
  "summary_bg_k": 160.99917560699097,
  "summary_bg_mad": 10.86673641204834,
  "summary_bg_mean": 25.950544357299805,
  "summary_bg_median": 7.938697338104248,
  "summary_bg_n": 97567.0,
  "summary_bg_p05": 0.13409961760044098,
  "summary_bg_p95": 99.75095672607411,
  "summary_bg_stdv": 71.05745697021484,
  "summary_fg_k": 0.3550266080542954,
  "summary_fg_mad": 522.9722900390625,
  "summary_fg_mean": 1766.2764892578125,
  "summary_fg_median": 1737.310302734375,
  "summary_fg_n": 18160.0,
  "summary_fg_p05": 774.953988647461,
  "summary_fg_p95": 2807.0932006835933,
  "summary_fg_stdv": 593.7670288085938,
  "tsnr": 77.22312927246094
}