{
  "aor": 0.0031115200000000004,
  "aqi": 0.0015116394440000001,
  "bids_meta": {
    "AcquisitionDateTime": "2017-07-12T18:51:49.000000",
    "ConversionSoftware": "dcm2niix",
    "ConversionSoftwareVersion": "v1.0.20170411 GCC4.8.4",
    "EchoTime": 0.035,
    "FlipAngle": 90,
    "ImageType": [
      "ORIGINAL",
      "PRIMARY",
      "EPI",
      "NONE"
    ],
    "MagneticFieldStrength": 3,
    "Manufacturer": "GE",
    "ManufacturersModelName": "DISCOVERY_MR750",
    "ProcedureStepDescription": "CompMet",
    "ProtocolName": "fMRI_CompMet",
    "RepetitionTime": 2,
    "ScanningSequence": "EP_GR",
    "SequenceVariant": "SS",
    "SeriesDescription": "fMRI_CompMet",
    "dataset": "unknown",
    "modality": "bold",
    "run_id": 1,
    "subject_id": "82",
    "task_id": "cm"
  },
  "dummy_trs": 0,
  "dvars_nstd": 13.238415128152601,
  "dvars_std": 1.1991160628514057,
  "dvars_vstd": 0.9887196128915658,
  "efc": 0.37916142238921735,
  "fber": 113204.921875,
  "fd_mean": 0.04846846805254681,
  "fd_num": 0,
  "fd_perc": 0.0,
  "fwhm_avg": 2.856158333333333,
  "fwhm_x": 2.7129,
  "fwhm_y": 2.965725,
  "fwhm_z": 2.88985,
  "gcor": 0.0432487,
  "gsr_x": -0.002198029076680541,
  "gsr_y": 0.003958662040531635,
  "provenance": {
    "md5sum": "8504337e3bb6a1835c56d643ff2eeb67",
    "settings": {
      "fd_thres": 0.2,
      "hmc_fsl": false
    },
    "software": "mriqc",
    "version": "0.15.2rc1",
    "webapi_port": null,
    "webapi_url": "https://mriqc.nimh.nih.gov/api/v1"
  },
  "size_t": 250,
  "size_x": 64,
  "size_y": 64,
  "size_z": 34,
  "snr": 2.933879030708908,
  "spacing_tr": 2.0,
  "spacing_x": 4.0,
  "spacing_y": 4.0,
  "spacing_z": 4.0,
  "summary_bg_k": 64.56655564311724,
  "summary_bg_mad": 8.871891975402832,
  "summary_bg_mean": 35.565704345703125,
  "summary_bg_median": 6.344000339508057,
  "summary_bg_n": 91144.0,
  "summary_bg_p05": 0.08400000631809235,
  "summary_bg_p95": 167.4988136291503,
  "summary_bg_stdv": 109.6847152709961,
  "summary_fg_k": 0.14466003796400306,
  "summary_fg_mad": 680.5799560546875,
  "summary_fg_mean": 2220.191650390625,
  "summary_fg_median": 2149.696044921875,
  "summary_fg_n": 20609.0,
  "summary_fg_p05": 1095.26005859375,
  "summary_fg_p95": 3538.2746093749993,
  "summary_fg_stdv": 732.6968383789062,
  "tsnr": 79.79047393798828
}