{
  "aor": 0.00343648,
  "aqi": 0.00154212496,
  "bids_meta": {
    "AcquisitionDateTime": "2017-07-12T19:01:44.000000",
    "ConversionSoftware": "dcm2niix",
    "ConversionSoftwareVersion": "v1.0.20170411 GCC4.8.4",
    "EchoTime": 0.035,
    "FlipAngle": 90,
    "ImageType": [
      "ORIGINAL",
      "PRIMARY",
      "EPI",
      "NONE"
    ],
    "MagneticFieldStrength": 3,
    "Manufacturer": "GE",
    "ManufacturersModelName": "DISCOVERY_MR750",
    "ProcedureStepDescription": "CompMet",
    "ProtocolName": "fMRI_CompMet",
    "RepetitionTime": 2,
    "ScanningSequence": "EP_GR",
    "SequenceVariant": "SS",
    "SeriesDescription": "fMRI_CompMet",
    "dataset": "unknown",
    "modality": "bold",
    "run_id": 2,
    "subject_id": "82",
    "task_id": "cm"
  },
  "dummy_trs": 0,
  "dvars_nstd": 13.678824872851404,
  "dvars_std": 1.193037805381526,
  "dvars_vstd": 1.0175318173895587,
  "efc": 0.3781017586824094,
  "fber": 109094.578125,
  "fd_mean": 0.040984951287144564,
  "fd_num": 1,
  "fd_perc": 0.4,
  "fwhm_avg": 2.8516583333333334,
  "fwhm_x": 2.721375,
  "fwhm_y": 2.94395,
  "fwhm_z": 2.88965,
  "gcor": 0.0306272,
  "gsr_x": -0.002520420588552952,
  "gsr_y": 0.00449250778183341,
  "provenance": {
    "md5sum": "520e4758cd4cfefdafd382729a50981f",
    "settings": {
      "fd_thres": 0.2,
      "hmc_fsl": false
    },
    "software": "mriqc",
    "version": "0.15.2rc1",
    "webapi_port": null,
    "webapi_url": "https://mriqc.nimh.nih.gov/api/v1"
  },
  "size_t": 250,
  "size_x": 64,
  "size_y": 64,
  "size_z": 34,
  "snr": 2.896599535079616,
  "spacing_tr": 2.0,
  "spacing_x": 4.0,
  "spacing_y": 4.0,
  "spacing_z": 4.0,
  "summary_bg_k": 68.83039453433273,
  "summary_bg_mad": 8.91933536529541,
  "summary_bg_mean": 35.95003890991211,
  "summary_bg_median": 6.37600040435791,
  "summary_bg_n": 91294.0,
  "summary_bg_p05": 0.0560000017285347,
  "summary_bg_p95": 167.9456047058104,
  "summary_bg_stdv": 112.52324676513672,
  "summary_fg_k": 0.17506069610937658,
  "summary_fg_mad": 676.5648803710938,
  "summary_fg_mean": 2202.462158203125,
  "summary_fg_median": 2134.18408203125,
  "summary_fg_n": 20465.0,
  "summary_fg_p05": 1070.4464111328125,
  "summary_fg_p95": 3527.2554199218753,
  "summary_fg_stdv": 736.771484375,
  "tsnr": 85.61518096923828
}