{
  "aor": 0.0017572727272727271,
  "aqi": 0.0027546628016528927,
  "bids_meta": {
    "AcquisitionMatrixPE": 64,
    "AcquisitionNumber": 1,
    "AcquisitionTime": "14:54:39.000000",
    "BodyPartExamined": "HEAD",
    "CoilString": "32Ch_Head",
    "ConversionSoftware": "dcm2niix",
    "ConversionSoftwareVersion": "v1.0.20181125  (JP2:OpenJPEG) GCC7.3.0",
    "DeviceSerialNumber": "0002806034DVR750",
    "EchoTime": 0.04,
    "EffectiveEchoSpacing": 0.000372,
    "FlipAngle": 90,
    "ImageOrientationPatientDICOM": [
      1,
      0,
      0,
      0,
      1,
      0
    ],
    "ImageType": [
      "ORIGINAL",
      "PRIMARY",
      "EPI",
      "NONE"
    ],
    "ImagingFrequency": 127.772,
    "InPlanePhaseEncodingDirectionDICOM": "COL",
    "InstitutionName": "INSTITUTO_DE_NEUROBIOLOGIA",
    "MRAcquisitionType": "2D",
    "MagneticFieldStrength": 3,
    "Manufacturer": "GE",
    "ManufacturersModelName": "DISCOVERY_MR750",
    "Modality": "MR",
    "PatientPosition": "HFS",
    "PercentPhaseFOV": 100,
    "PhaseEncodingDirection": "j",
    "PhaseEncodingPolarityGE": "Flipped",
    "PixelBandwidth": 7812.5,
    "ProcedureStepDescription": "Emociones_AH",
    "ProtocolName": "fMRI_Jalil_1",
    "ReconMatrixPE": 64,
    "RepetitionTime": 2,
    "SAR": 0.208721,
    "ScanOptions": "EPI_GEMS_ACC_GEMS",
    "ScanningSequence": "EP_GR",
    "SequenceVariant": "SS",
    "SeriesDescription": "fMRI_Jalil_1",
    "SeriesNumber": 5,
    "SliceThickness": 4,
    "SliceTiming": [
      0,
      1.0285,
      0.0571001,
      1.0857,
      0.1142,
      1.1428,
      0.1714,
      1.2,
      0.2285,
      1.2571,
      0.2857,
      1.3143,
      0.3428,
      1.3714,
      0.4,
      1.4286,
      0.4571,
      1.4857,
      0.5142,
      1.5428,
      0.5714,
      1.6,
      0.6285,
      1.6571,
      0.6857,
      1.7143,
      0.7428,
      1.7714,
      0.8,
      1.8285,
      0.8571,
      1.8857,
      0.9143,
      1.9428,
      0.9714
    ],
    "SoftwareVersions": "27_LX_MR_Software_release:DV26.0_R03_1831.b",
    "SpacingBetweenSlices": 4,
    "StationName": "GEHCGEHC",
    "TaskName": "eah",
    "TotalReadoutTime": 0.023436,
    "dataset": "unknown",
    "modality": "bold",
    "run_id": 1,
    "subject_id": "46",
    "task_id": "eah"
  },
  "dummy_trs": 0,
  "dvars_nstd": 18.645587849917007,
  "dvars_std": 1.0928751636099592,
  "dvars_vstd": 0.9771023898340245,
  "efc": 0.33653821816869994,
  "fber": 78782.9296875,
  "fd_mean": 0.09382013852907406,
  "fd_num": 9,
  "fd_perc": 3.71900826446281,
  "fwhm_avg": 2.717283333333333,
  "fwhm_x": 2.722575,
  "fwhm_y": 2.8694,
  "fwhm_z": 2.559875,
  "gcor": 0.0570125,
  "gsr_x": -0.008126688189804554,
  "gsr_y": -0.00316189369186759,
  "provenance": {
    "md5sum": "ccb0a6774fb94d46e0fe95a4fa4443ec",
    "settings": {
      "fd_thres": 0.2,
      "hmc_fsl": false
    },
    "software": "mriqc",
    "version": "0.15.2rc1",
    "webapi_port": null,
    "webapi_url": "https://mriqc.nimh.nih.gov/api/v1"
  },
  "size_t": 242,
  "size_x": 64,
  "size_y": 64,
  "size_z": 35,
  "snr": 2.988616775129039,
  "spacing_tr": 2.0,
  "spacing_x": 4.0,
  "spacing_y": 4.0,
  "spacing_z": 4.0,
  "summary_bg_k": 90.95218889691876,
  "summary_bg_mad": 8.06241512298584,
  "summary_bg_mean": 24.936058044433594,
  "summary_bg_median": 6.045454502105713,
  "summary_bg_n": 99740.0,
  "summary_bg_p05": 0.17768594622612,
  "summary_bg_p95": 95.52602767944308,
  "summary_bg_stdv": 78.72193145751953,
  "summary_fg_k": 0.18248932036400944,
  "summary_fg_mad": 530.8483276367188,
  "summary_fg_mean": 1709.1905517578125,
  "summary_fg_median": 1716.43994140625,
  "summary_fg_n": 16444.0,
  "summary_fg_p05": 721.2760192871094,
  "summary_fg_p95": 2655.009375,
  "summary_fg_stdv": 574.3084106445312,
  "tsnr": 55.712406158447266
}