{
  "bids_meta": {
    "AcquisitionDateTime": "2016-09-18T16:29:4.000000",
    "ConversionSoftware": "dcm2niix",
    "ConversionSoftwareVersion": "v1.0.20170411 GCC4.8.4",
    "EchoTime": 0.00318,
    "FlipAngle": 12,
    "ImageType": [
      "DERIVED",
      "PRIMARY",
      "OTHER"
    ],
    "InversionTime": 0.45,
    "MagneticFieldStrength": 3,
    "Manufacturer": "GE",
    "ManufacturersModelName": "DISCOVERY_MR750",
    "ProcedureStepDescription": "MeditResp",
    "ProtocolName": "PU:Sag_T1_FSPGR_BRAVO",
    "RepetitionTime": 0.008156,
    "ScanningSequence": "GR",
    "SequenceVariant": "SS_SP_SK",
    "SeriesDescription": "PU:Sag_T1_FSPGR_BRAVO",
    "dataset": "unknown",
    "modality": "T1w",
    "subject_id": "96"
  },
  "cjv": 0.3435324309597895,
  "cnr": 3.799797068522586,
  "efc": 0.725526112225989,
  "fber": 17388.037109375,
  "fwhm_avg": 3.629243333333333,
  "fwhm_x": 3.63153,
  "fwhm_y": 3.81906,
  "fwhm_z": 3.43714,
  "icvs_csf": 0.19153048999094,
  "icvs_gm": 0.4410826843535257,
  "icvs_wm": 0.36738682565553427,
  "inu_med": 0.8129640817642212,
  "inu_range": 0.1360981941223145,
  "provenance": {
    "md5sum": "48fa8c0068295c10861b7a6978ee00c0",
    "settings": {
      "testing": false
    },
    "software": "mriqc",
    "version": "0.15.2rc1",
    "warnings": {
      "large_rot_frame": true,
      "small_air_mask": true
    },
    "webapi_port": null,
    "webapi_url": "https://mriqc.nimh.nih.gov/api/v1"
  },
  "qi_1": 0.0,
  "qi_2": 0.0019092528517290685,
  "rpve_csf": 29.077181472181103,
  "rpve_gm": 14.106063609177918,
  "rpve_wm": 20.327650592053143,
  "size_x": 176,
  "size_y": 256,
  "size_z": 256,
  "snr_csf": 3.2452535261189417,
  "snr_gm": 11.905170831476894,
  "snr_total": 12.707168848839038,
  "snr_wm": 22.971082188921276,
  "snrd_csf": 62.44038185747486,
  "snrd_gm": 139.72372258204024,
  "snrd_total": 132.48391632627326,
  "snrd_wm": 195.28764453930467,
  "spacing_x": 1.0,
  "spacing_y": 1.0,
  "spacing_z": 1.0,
  "summary_bg_k": 7.220247183221749,
  "summary_bg_mad": 3.3546979427337646,
  "summary_bg_mean": 7.085369110107422,
  "summary_bg_median": 2.262709379196167,
  "summary_bg_n": 202368.0,
  "summary_bg_p05": 0.0,
  "summary_bg_p95": 27.909772014617914,
  "summary_bg_stdv": 10.002686500549316,
  "summary_csf_k": 1.1841466921398176,
  "summary_csf_mad": 73.81470489501953,
  "summary_csf_mean": 344.51507568359375,
  "summary_csf_median": 319.73284912109375,
  "summary_csf_n": 12701.0,
  "summary_csf_p05": 225.28529357910156,
  "summary_csf_p95": 547.03173828125,
  "summary_csf_stdv": 98.51934814453125,
  "summary_gm_k": 0.3841944056094819,
  "summary_gm_mad": 55.872222900390625,
  "summary_gm_mean": 718.529541015625,
  "summary_gm_median": 715.470703125,
  "summary_gm_n": 28293.0,
  "summary_gm_p05": 624.1849731445312,
  "summary_gm_p95": 824.2569580078125,
  "summary_gm_stdv": 60.096412658691406,
  "summary_wm_k": 0.38478084009987423,
  "summary_wm_mad": 41.87002944946289,
  "summary_wm_mean": 1000.3778686523438,
  "summary_wm_median": 999.9918823242188,
  "summary_wm_n": 198579.0,
  "summary_wm_p05": 929.7485107421875,
  "summary_wm_p95": 1072.2931884765624,
  "summary_wm_stdv": 43.53253173828125,
  "tpm_overlap_csf": 0.23510921001434326,
  "tpm_overlap_gm": 0.5301519632339478,
  "tpm_overlap_wm": 0.5924140810966492,
  "wm2max": 0.40979402094093886
}