{
  "bids_meta": {
    "AcquisitionMatrixPE": 256,
    "AcquisitionNumber": 1,
    "AcquisitionTime": "18:57:29.000000",
    "BodyPartExamined": "HEAD",
    "CoilString": "32Ch_Head",
    "ConversionSoftware": "dcm2niix",
    "ConversionSoftwareVersion": "v1.0.20181125  (JP2:OpenJPEG) GCC7.3.0",
    "DeviceSerialNumber": "0002806034DVR750",
    "EchoTime": 0.003192,
    "FlipAngle": 12,
    "ImageOrientationPatientDICOM": [
      0,
      1,
      0,
      0,
      0,
      -1
    ],
    "ImageType": [
      "ORIGINAL",
      "PRIMARY",
      "OTHER"
    ],
    "ImagingFrequency": 127.772,
    "InPlanePhaseEncodingDirectionDICOM": "ROW",
    "InstitutionName": "INSTITUTO_DE_NEUROBIOLOGIA",
    "InversionTime": 0.45,
    "MRAcquisitionType": "3D",
    "MagneticFieldStrength": 3,
    "Manufacturer": "GE",
    "ManufacturersModelName": "DISCOVERY_MR750",
    "Modality": "MR",
    "PatientPosition": "HFS",
    "PercentPhaseFOV": 100,
    "PixelBandwidth": 244.141,
    "ProcedureStepDescription": "Emociones_AH",
    "ProtocolName": "Sag_T1_FSPGR_BRAVO",
    "ReconMatrixPE": 256,
    "RepetitionTime": 0.008184,
    "SAR": 0.13707,
    "ScanOptions": "FAST_GEMS_EDR_GEMS_FILTERED_GEMS_ACC_GEMS_IR_GEMS",
    "ScanningSequence": "GR",
    "SequenceVariant": "SS_SP_SK",
    "SeriesDescription": "Sag_T1_FSPGR_BRAVO",
    "SeriesNumber": 9,
    "SliceThickness": 1,
    "SoftwareVersions": "27_LX_MR_Software_release:DV26.0_R02_1810.b",
    "SpacingBetweenSlices": 1,
    "StationName": "GEHCGEHC",
    "dataset": "unknown",
    "modality": "T1w",
    "subject_id": "41"
  },
  "cjv": 0.3917434271323031,
  "cnr": 3.3429590221892913,
  "efc": 0.583419516484511,
  "fber": 28149.560546875,
  "fwhm_avg": 3.6037533333333336,
  "fwhm_x": 3.63424,
  "fwhm_y": 3.83366,
  "fwhm_z": 3.34336,
  "icvs_csf": 0.20954930901211344,
  "icvs_gm": 0.4240013670527319,
  "icvs_wm": 0.36644932393515467,
  "inu_med": 0.9901643395423889,
  "inu_range": 0.19404136538505556,
  "provenance": {
    "md5sum": "31321a88c6b0cc3a8eece7f97f05bef7",
    "settings": {
      "testing": false
    },
    "software": "mriqc",
    "version": "0.15.2rc1",
    "warnings": {
      "large_rot_frame": true,
      "small_air_mask": false
    },
    "webapi_port": null,
    "webapi_url": "https://mriqc.nimh.nih.gov/api/v1"
  },
  "qi_1": 3.132484400227687e-06,
  "qi_2": 0.0022650532744340245,
  "rpve_csf": 25.68766976909159,
  "rpve_gm": 13.526113545219712,
  "rpve_wm": 19.084363362748476,
  "size_x": 176,
  "size_y": 256,
  "size_z": 256,
  "snr_csf": 3.0278418802388947,
  "snr_gm": 12.094275743397846,
  "snr_total": 12.721663683949634,
  "snr_wm": 23.042873428212157,
  "snrd_csf": 55.20861471663047,
  "snrd_gm": 120.87851232659767,
  "snrd_total": 112.75166703078207,
  "snrd_wm": 162.16787404911804,
  "spacing_x": 1.0,
  "spacing_y": 1.0,
  "spacing_z": 1.0,
  "summary_bg_k": 12.357989466160324,
  "summary_bg_mad": 4.039934158325195,
  "summary_bg_mean": 7.817994117736816,
  "summary_bg_median": 3.282968282699585,
  "summary_bg_n": 1994501.0,
  "summary_bg_p05": 0.0,
  "summary_bg_p95": 29.521116256713867,
  "summary_bg_stdv": 10.915292739868164,
  "summary_csf_k": 0.6427880010356772,
  "summary_csf_mad": 87.41412353515625,
  "summary_csf_mean": 376.7968444824219,
  "summary_csf_median": 340.4469299316406,
  "summary_csf_n": 18001.0,
  "summary_csf_p05": 242.18118286132812,
  "summary_csf_p95": 585.8251342773438,
  "summary_csf_stdv": 112.43568420410156,
  "summary_gm_k": 0.48614750964321374,
  "summary_gm_mad": 57.4103889465332,
  "summary_gm_mean": 745.5579223632812,
  "summary_gm_median": 745.4039306640625,
  "summary_gm_n": 21455.0,
  "summary_gm_p05": 643.2761779785156,
  "summary_gm_p95": 846.4664001464844,
  "summary_gm_stdv": 61.631351470947266,
  "summary_wm_k": 0.27444403137791573,
  "summary_wm_mad": 42.332618713378906,
  "summary_wm_mean": 1001.5531005859375,
  "summary_wm_median": 1000.0170288085938,
  "summary_wm_n": 205326.0,
  "summary_wm_p05": 933.2050170898438,
  "summary_wm_p95": 1075.2301330566406,
  "summary_wm_stdv": 43.39799880981445,
  "tpm_overlap_csf": 0.22888144850730896,
  "tpm_overlap_gm": 0.5126637816429138,
  "tpm_overlap_wm": 0.5682984590530396,
  "wm2max": 0.4080907415997556
}