{
  "aor": 0.002061800766283525,
  "aqi": 0.0026958917892720307,
  "bids_meta": {
    "AcquisitionDateTime": "2017-02-23T18:11:57.000000",
    "ConversionSoftware": "dcm2niix",
    "ConversionSoftwareVersion": "v1.0.20170411 GCC4.8.4",
    "EchoTime": 0.04,
    "FlipAngle": 90,
    "ImageType": [
      "ORIGINAL",
      "PRIMARY",
      "EPI",
      "NONE"
    ],
    "MagneticFieldStrength": 3,
    "Manufacturer": "GE",
    "ManufacturersModelName": "DISCOVERY_MR750",
    "ProcedureStepDescription": "ActosHabla",
    "ProtocolName": "fMRI_ActosHabla_1",
    "RepetitionTime": 2,
    "ScanningSequence": "EP_GR",
    "SequenceVariant": "SS",
    "SeriesDescription": "fMRI_ActosHabla_1",
    "dataset": "unknown",
    "modality": "bold",
    "run_id": 1,
    "subject_id": "18",
    "task_id": "rah"
  },
  "dummy_trs": 0,
  "dvars_nstd": 16.411163278730772,
  "dvars_std": 1.1346912528846147,
  "dvars_vstd": 0.9709936481153844,
  "efc": 0.3562791757138186,
  "fber": 60567.8046875,
  "fd_mean": 0.08733079458557931,
  "fd_num": 18,
  "fd_perc": 6.896551724137931,
  "fwhm_avg": 2.920875,
  "fwhm_x": 2.77135,
  "fwhm_y": 3.0523,
  "fwhm_z": 2.938975,
  "gcor": 0.0159489,
  "gsr_x": -0.001023865886963904,
  "gsr_y": 0.002940723905339837,
  "provenance": {
    "md5sum": "9448f11ad913523ed4d01ab5731f10da",
    "settings": {
      "fd_thres": 0.2,
      "hmc_fsl": false
    },
    "software": "mriqc",
    "version": "0.15.2rc1",
    "webapi_port": null,
    "webapi_url": "https://mriqc.nimh.nih.gov/api/v1"
  },
  "size_t": 261,
  "size_x": 64,
  "size_y": 64,
  "size_z": 35,
  "snr": 2.9699591049125686,
  "spacing_tr": 2.0,
  "spacing_x": 4.0,
  "spacing_y": 4.0,
  "spacing_z": 4.0,
  "summary_bg_k": 183.85476076382676,
  "summary_bg_mad": 10.63383674621582,
  "summary_bg_mean": 24.643123626708984,
  "summary_bg_median": 7.846743106842041,
  "summary_bg_n": 96154.0,
  "summary_bg_p05": 0.20306512713432312,
  "summary_bg_p95": 91.69865951538083,
  "summary_bg_stdv": 67.08600616455078,
  "summary_fg_k": 0.6723846107442677,
  "summary_fg_mad": 550.2727661132812,
  "summary_fg_mean": 1959.5672607421875,
  "summary_fg_median": 1912.02294921875,
  "summary_fg_n": 19275.0,
  "summary_fg_p05": 944.480419921875,
  "summary_fg_p95": 3129.7523925781243,
  "summary_fg_stdv": 643.7709350585938,
  "tsnr": 64.37474822998047
}