{
  "aor": 0.0019776078431372546,
  "aqi": 0.0038161411333333334,
  "bids_meta": {
    "AcquisitionDateTime": "2017-02-23T18:33:11.000000",
    "ConversionSoftware": "dcm2niix",
    "ConversionSoftwareVersion": "v1.0.20170411 GCC4.8.4",
    "EchoTime": 0.04,
    "FlipAngle": 90,
    "ImageType": [
      "ORIGINAL",
      "PRIMARY",
      "EPI",
      "NONE"
    ],
    "MagneticFieldStrength": 3,
    "Manufacturer": "GE",
    "ManufacturersModelName": "DISCOVERY_MR750",
    "ProcedureStepDescription": "ActosHabla",
    "ProtocolName": "fMRI_ActosHabla_3",
    "RepetitionTime": 2,
    "ScanningSequence": "EP_GR",
    "SequenceVariant": "SS",
    "SeriesDescription": "fMRI_ActosHabla_3",
    "dataset": "unknown",
    "modality": "bold",
    "run_id": 3,
    "subject_id": "18",
    "task_id": "rah"
  },
  "dummy_trs": 0,
  "dvars_nstd": 16.14600663295275,
  "dvars_std": 1.0801371623622047,
  "dvars_vstd": 0.9448174617322832,
  "efc": 0.358283890149559,
  "fber": 60497.59375,
  "fd_mean": 0.06979242907808954,
  "fd_num": 0,
  "fd_perc": 0.0,
  "fwhm_avg": 2.9334249999999997,
  "fwhm_x": 2.7961,
  "fwhm_y": 3.053375,
  "fwhm_z": 2.9508,
  "gcor": 0.0224562,
  "gsr_x": -0.0010298159904778004,
  "gsr_y": 0.0024619402829557657,
  "provenance": {
    "md5sum": "036dede7430a6fe0e7f8cdfab6cca1e6",
    "settings": {
      "fd_thres": 0.2,
      "hmc_fsl": false
    },
    "software": "mriqc",
    "version": "0.15.2rc1",
    "webapi_port": null,
    "webapi_url": "https://mriqc.nimh.nih.gov/api/v1"
  },
  "size_t": 255,
  "size_x": 64,
  "size_y": 64,
  "size_z": 35,
  "snr": 2.935212507787692,
  "spacing_tr": 2.0,
  "spacing_x": 4.0,
  "spacing_y": 4.0,
  "spacing_z": 4.0,
  "summary_bg_k": 158.68856238930442,
  "summary_bg_mad": 10.570082664489746,
  "summary_bg_mean": 25.308948516845703,
  "summary_bg_median": 7.796078681945801,
  "summary_bg_n": 95994.0,
  "summary_bg_p05": 0.21176472306251526,
  "summary_bg_p95": 95.46804733276363,
  "summary_bg_stdv": 68.43603515625,
  "summary_fg_k": 0.6973854958996202,
  "summary_fg_mad": 548.7199096679688,
  "summary_fg_mean": 1937.3465576171875,
  "summary_fg_median": 1892.3765869140625,
  "summary_fg_n": 19457.0,
  "summary_fg_p05": 921.3710205078125,
  "summary_fg_p95": 3102.7469238281255,
  "summary_fg_stdv": 644.6987915039062,
  "tsnr": 55.98472595214844
}