{
  "aor": 0.004292086614173228,
  "aqi": 0.002654703248031496,
  "bids_meta": {
    "AcquisitionDateTime": "2017-02-23T18:23:23.000000",
    "ConversionSoftware": "dcm2niix",
    "ConversionSoftwareVersion": "v1.0.20170411 GCC4.8.4",
    "EchoTime": 0.04,
    "FlipAngle": 90,
    "ImageType": [
      "ORIGINAL",
      "PRIMARY",
      "EPI",
      "NONE"
    ],
    "MagneticFieldStrength": 3,
    "Manufacturer": "GE",
    "ManufacturersModelName": "DISCOVERY_MR750",
    "ProcedureStepDescription": "ActosHabla",
    "ProtocolName": "fMRI_ActosHabla_2",
    "RepetitionTime": 2,
    "ScanningSequence": "EP_GR",
    "SequenceVariant": "SS",
    "SeriesDescription": "fMRI_ActosHabla_2",
    "dataset": "unknown",
    "modality": "bold",
    "run_id": 2,
    "subject_id": "18",
    "task_id": "rah"
  },
  "dummy_trs": 0,
  "dvars_nstd": 15.932194928616605,
  "dvars_std": 1.1716076302766794,
  "dvars_vstd": 1.0245615014624505,
  "efc": 0.3571444331431797,
  "fber": 60129.52734375,
  "fd_mean": 0.05858478018982034,
  "fd_num": 0,
  "fd_perc": 0.0,
  "fwhm_avg": 2.912891666666667,
  "fwhm_x": 2.77275,
  "fwhm_y": 3.041775,
  "fwhm_z": 2.92415,
  "gcor": 0.0251893,
  "gsr_x": -0.001275191898457706,
  "gsr_y": 0.002616036916151643,
  "provenance": {
    "md5sum": "7bef6f65a347691447ed83d8914a94c3",
    "settings": {
      "fd_thres": 0.2,
      "hmc_fsl": false
    },
    "software": "mriqc",
    "version": "0.15.2rc1",
    "webapi_port": null,
    "webapi_url": "https://mriqc.nimh.nih.gov/api/v1"
  },
  "size_t": 254,
  "size_x": 64,
  "size_y": 64,
  "size_z": 35,
  "snr": 2.9903568130725913,
  "spacing_tr": 2.0,
  "spacing_x": 4.0,
  "spacing_y": 4.0,
  "spacing_z": 4.0,
  "summary_bg_k": 182.9651302742838,
  "summary_bg_mad": 10.617533683776855,
  "summary_bg_mean": 24.75775146484375,
  "summary_bg_median": 7.842519760131836,
  "summary_bg_n": 96073.0,
  "summary_bg_p05": 0.19685038924217224,
  "summary_bg_p95": 93.29291076660154,
  "summary_bg_stdv": 67.63545989990234,
  "summary_fg_k": 0.6137109240635383,
  "summary_fg_mad": 551.1077880859375,
  "summary_fg_mean": 1953.93896484375,
  "summary_fg_median": 1907.9803466796875,
  "summary_fg_n": 19355.0,
  "summary_fg_p05": 941.0866088867188,
  "summary_fg_p95": 3108.910986328124,
  "summary_fg_stdv": 638.0278930664062,
  "tsnr": 64.61590576171875
}