{
  "bids_meta": {
    "AcquisitionDateTime": "2017-07-13T19:46:36.000000",
    "ConversionSoftware": "dcm2niix",
    "ConversionSoftwareVersion": "v1.0.20170411 GCC4.8.4",
    "EchoTime": 0.00318,
    "FlipAngle": 12,
    "ImageType": [
      "DERIVED",
      "PRIMARY",
      "OTHER"
    ],
    "InversionTime": 0.45,
    "MagneticFieldStrength": 3,
    "Manufacturer": "GE",
    "ManufacturersModelName": "DISCOVERY_MR750",
    "ProcedureStepDescription": "CompMet",
    "ProtocolName": "PU:Sag_T1_FSPGR_BRAVO",
    "RepetitionTime": 0.008156,
    "ScanningSequence": "GR",
    "SequenceVariant": "SS_SP_SK",
    "SeriesDescription": "PU:Sag_T1_FSPGR_BRAVO",
    "dataset": "unknown",
    "modality": "T1w",
    "subject_id": "81"
  },
  "cjv": 0.41065759164829335,
  "cnr": 3.147186472442595,
  "efc": 0.7382195941876395,
  "fber": 9022.4873046875,
  "fwhm_avg": 3.5784633333333336,
  "fwhm_x": 3.62763,
  "fwhm_y": 3.67937,
  "fwhm_z": 3.42839,
  "icvs_csf": 0.19530173085270544,
  "icvs_gm": 0.413611452448599,
  "icvs_wm": 0.3910868166986956,
  "inu_med": 1.0099856853485107,
  "inu_range": 0.31141042709350597,
  "provenance": {
    "md5sum": "7b8a6acfabbe695b755919aecbca5e58",
    "settings": {
      "testing": false
    },
    "software": "mriqc",
    "version": "0.15.2rc1",
    "warnings": {
      "large_rot_frame": true,
      "small_air_mask": true
    },
    "webapi_port": null,
    "webapi_url": "https://mriqc.nimh.nih.gov/api/v1"
  },
  "qi_1": 0.0,
  "qi_2": 0.0030731349107571706,
  "rpve_csf": 30.062845983636894,
  "rpve_gm": 14.981476510420368,
  "rpve_wm": 19.575296252729487,
  "size_x": 176,
  "size_y": 256,
  "size_z": 256,
  "snr_csf": 2.8058680405798606,
  "snr_gm": 10.47563243931659,
  "snr_total": 10.794156935759872,
  "snr_wm": 19.10097032738317,
  "snrd_csf": 33.26298047627178,
  "snrd_gm": 64.51691165449577,
  "snrd_total": 62.39393065141221,
  "snrd_wm": 89.40189982346911,
  "spacing_x": 1.0,
  "spacing_y": 1.0,
  "spacing_z": 1.0,
  "summary_bg_k": 10.918377561815648,
  "summary_bg_mad": 7.328030586242676,
  "summary_bg_mean": 12.837804794311523,
  "summary_bg_median": 5.074002265930176,
  "summary_bg_n": 204204.0,
  "summary_bg_p05": 0.0,
  "summary_bg_p95": 50.04063205718994,
  "summary_bg_stdv": 18.333782196044922,
  "summary_csf_k": -0.8028757935602728,
  "summary_csf_mad": 162.93304443359375,
  "summary_csf_mean": 373.82427978515625,
  "summary_csf_median": 372.0632019042969,
  "summary_csf_n": 9577.0,
  "summary_csf_p05": 180.11297607421875,
  "summary_csf_p95": 584.4799072265625,
  "summary_csf_stdv": 132.5948944091797,
  "summary_gm_k": 0.458867876134899,
  "summary_gm_mad": 64.16792297363281,
  "summary_gm_mean": 721.20654296875,
  "summary_gm_median": 721.6541748046875,
  "summary_gm_n": 17490.0,
  "summary_gm_p05": 605.9794372558595,
  "summary_gm_p95": 833.5466491699219,
  "summary_gm_stdv": 68.88687133789062,
  "summary_wm_k": 0.7621147436426652,
  "summary_wm_mad": 50.13908386230469,
  "summary_wm_mean": 1002.1964111328125,
  "summary_wm_median": 1000.0053100585938,
  "summary_wm_n": 199419.0,
  "summary_wm_p05": 921.0657165527343,
  "summary_wm_p95": 1090.4791015624999,
  "summary_wm_stdv": 52.35350799560547,
  "tpm_overlap_csf": 0.21192361414432526,
  "tpm_overlap_gm": 0.5001439452171326,
  "tpm_overlap_wm": 0.5626837611198425,
  "wm2max": 0.3908184815638526
}