{
  "aor": 0.005339040000000001,
  "aqi": 0.001265708128,
  "bids_meta": {
    "AcquisitionDateTime": "2017-08-17T21:03:56.000000",
    "ConversionSoftware": "dcm2niix",
    "ConversionSoftwareVersion": "v1.0.20170411 GCC4.8.4",
    "EchoTime": 0.035,
    "FlipAngle": 90,
    "ImageType": [
      "ORIGINAL",
      "PRIMARY",
      "EPI",
      "NONE"
    ],
    "MagneticFieldStrength": 3,
    "Manufacturer": "GE",
    "ManufacturersModelName": "DISCOVERY_MR750",
    "ProtocolName": "fMRI_CompMet",
    "RepetitionTime": 2,
    "ScanningSequence": "EP_GR",
    "SequenceVariant": "SS",
    "SeriesDescription": "fMRI_CompMet",
    "dataset": "unknown",
    "modality": "bold",
    "run_id": 1,
    "subject_id": "83",
    "task_id": "cm"
  },
  "dummy_trs": 0,
  "dvars_nstd": 15.100777177791162,
  "dvars_std": 1.2076961955823287,
  "dvars_vstd": 1.0560169730522087,
  "efc": 0.3706876478009393,
  "fber": 73051.546875,
  "fd_mean": 0.09745039692996646,
  "fd_num": 20,
  "fd_perc": 8.0,
  "fwhm_avg": 2.956341666666667,
  "fwhm_x": 2.85285,
  "fwhm_y": 2.96735,
  "fwhm_z": 3.048825,
  "gcor": 0.0342498,
  "gsr_x": -0.0032613989897072315,
  "gsr_y": -0.0011618435382843018,
  "provenance": {
    "md5sum": "a29c03767aee308e73283c7e48504887",
    "settings": {
      "fd_thres": 0.2,
      "hmc_fsl": false
    },
    "software": "mriqc",
    "version": "0.15.2rc1",
    "webapi_port": null,
    "webapi_url": "https://mriqc.nimh.nih.gov/api/v1"
  },
  "size_t": 250,
  "size_x": 64,
  "size_y": 64,
  "size_z": 34,
  "snr": 2.649072537975497,
  "spacing_tr": 2.0,
  "spacing_x": 4.0,
  "spacing_y": 4.0,
  "spacing_z": 4.0,
  "summary_bg_k": 70.37698106870242,
  "summary_bg_mad": 9.725871086120605,
  "summary_bg_mean": 32.71392059326172,
  "summary_bg_median": 7.4760003089904785,
  "summary_bg_n": 90966.0,
  "summary_bg_p05": 0.25600001215934753,
  "summary_bg_p95": 131.62200927734375,
  "summary_bg_stdv": 104.55435943603516,
  "summary_fg_k": 0.49993367229410035,
  "summary_fg_mad": 682.5454711914062,
  "summary_fg_mean": 2230.58154296875,
  "summary_fg_median": 2132.1201171875,
  "summary_fg_n": 20444.0,
  "summary_fg_p05": 995.2030242919923,
  "summary_fg_p95": 3729.261938476562,
  "summary_fg_stdv": 804.8356323242188,
  "tsnr": 84.31608581542969
}