{
  "aor": 0.001812333333333333,
  "aqi": 0.002701613293333333,
  "bids_meta": {
    "AcquisitionDateTime": "2017-08-16T19:59:2.000000",
    "ConversionSoftware": "dcm2niix",
    "ConversionSoftwareVersion": "v1.0.20170411 GCC4.8.4",
    "EchoTime": 0.04,
    "FlipAngle": 90,
    "ImageType": [
      "ORIGINAL",
      "PRIMARY",
      "EPI",
      "NONE"
    ],
    "MagneticFieldStrength": 3,
    "Manufacturer": "GE",
    "ManufacturersModelName": "DISCOVERY_MR750",
    "ProcedureStepDescription": "CompMet",
    "ProtocolName": "fMRI_RestState",
    "RepetitionTime": 2,
    "ScanningSequence": "EP_GR",
    "SequenceVariant": "SS",
    "SeriesDescription": "fMRI_RestState",
    "dataset": "unknown",
    "modality": "bold",
    "subject_id": "83",
    "task_id": "rest"
  },
  "dummy_trs": 0,
  "dvars_nstd": 14.569262533277596,
  "dvars_std": 0.9956894039799332,
  "dvars_vstd": 0.9332704268896324,
  "efc": 0.3912095631566036,
  "fber": 60153.71484375,
  "fd_mean": 0.07746921053226181,
  "fd_num": 3,
  "fd_perc": 1.0,
  "fwhm_avg": 2.988941666666667,
  "fwhm_x": 2.89225,
  "fwhm_y": 2.97715,
  "fwhm_z": 3.097425,
  "gcor": 0.0303563,
  "gsr_x": -0.001475188066251576,
  "gsr_y": 0.009356008842587471,
  "provenance": {
    "md5sum": "28a7db82b35504eab4ab678b3d0b98b0",
    "settings": {
      "fd_thres": 0.2,
      "hmc_fsl": false
    },
    "software": "mriqc",
    "version": "0.15.2rc1",
    "webapi_port": null,
    "webapi_url": "https://mriqc.nimh.nih.gov/api/v1"
  },
  "size_t": 300,
  "size_x": 64,
  "size_y": 64,
  "size_z": 34,
  "snr": 2.4275879949131696,
  "spacing_tr": 2.0,
  "spacing_x": 4.0,
  "spacing_y": 4.0,
  "spacing_z": 4.0,
  "summary_bg_k": 169.01264764543959,
  "summary_bg_mad": 10.19041919708252,
  "summary_bg_mean": 32.943748474121094,
  "summary_bg_median": 7.443333625793457,
  "summary_bg_n": 88348.0,
  "summary_bg_p05": 0.15666666626930237,
  "summary_bg_p95": 142.29550476074178,
  "summary_bg_stdv": 98.77716064453125,
  "summary_fg_k": 0.37148976301576786,
  "summary_fg_mad": 671.1024169921875,
  "summary_fg_mean": 2000.4801025390625,
  "summary_fg_median": 1888.50341796875,
  "summary_fg_n": 22610.0,
  "summary_fg_p05": 844.6908630371095,
  "summary_fg_p95": 3490.72158203125,
  "summary_fg_stdv": 777.9168701171875,
  "tsnr": 59.46235656738281
}