{
  "aor": 0.0008701181102362205,
  "aqi": 0.0022952652362204723,
  "bids_meta": {
    "AcquisitionDateTime": "2017-02-09T18:30:37.000000",
    "ConversionSoftware": "dcm2niix",
    "ConversionSoftwareVersion": "v1.0.20170411 GCC4.8.4",
    "EchoTime": 0.04,
    "FlipAngle": 90,
    "ImageType": [
      "ORIGINAL",
      "PRIMARY",
      "EPI",
      "NONE"
    ],
    "MagneticFieldStrength": 3,
    "Manufacturer": "GE",
    "ManufacturersModelName": "DISCOVERY_MR750",
    "ProcedureStepDescription": "ActosHabla",
    "ProtocolName": "fMRI_ActosHabla_2",
    "RepetitionTime": 2,
    "ScanningSequence": "EP_GR",
    "SequenceVariant": "SS",
    "SeriesDescription": "fMRI_ActosHabla_2",
    "dataset": "unknown",
    "modality": "bold",
    "run_id": 2,
    "subject_id": "16",
    "task_id": "rah"
  },
  "dummy_trs": 0,
  "dvars_nstd": 16.439933916403167,
  "dvars_std": 1.1632501364822136,
  "dvars_vstd": 1.0050139532015805,
  "efc": 0.34583146039855234,
  "fber": 60357.171875,
  "fd_mean": 0.06990235708643723,
  "fd_num": 4,
  "fd_perc": 1.5748031496062993,
  "fwhm_avg": 2.847275,
  "fwhm_x": 2.798475,
  "fwhm_y": 2.961125,
  "fwhm_z": 2.782225,
  "gcor": 0.0789527,
  "gsr_x": 0.003755992278456688,
  "gsr_y": 0.0009808407630771399,
  "provenance": {
    "md5sum": "45f46b39b40e14220907030092b07d6a",
    "settings": {
      "fd_thres": 0.2,
      "hmc_fsl": false
    },
    "software": "mriqc",
    "version": "0.15.2rc1",
    "webapi_port": null,
    "webapi_url": "https://mriqc.nimh.nih.gov/api/v1"
  },
  "size_t": 254,
  "size_x": 64,
  "size_y": 64,
  "size_z": 35,
  "snr": 3.156149026339469,
  "spacing_tr": 2.0,
  "spacing_x": 4.0,
  "spacing_y": 4.0,
  "spacing_z": 4.0,
  "summary_bg_k": 288.76749644723617,
  "summary_bg_mad": 10.278985977172852,
  "summary_bg_mean": 24.058372497558594,
  "summary_bg_median": 7.515748023986816,
  "summary_bg_n": 97950.0,
  "summary_bg_p05": 0.13779526948928833,
  "summary_bg_p95": 85.27381744384766,
  "summary_bg_stdv": 75.76140594482422,
  "summary_fg_k": 0.2780965516484728,
  "summary_fg_mad": 527.7188110351562,
  "summary_fg_mean": 1814.8570556640625,
  "summary_fg_median": 1819.972412109375,
  "summary_fg_n": 17963.0,
  "summary_fg_p05": 799.6448852539063,
  "summary_fg_p95": 2752.0103271484377,
  "summary_fg_stdv": 576.6273193359375,
  "tsnr": 72.76177978515625
}