{
  "aor": 0.0008534099616858238,
  "aqi": 0.002172779095785441,
  "bids_meta": {
    "AcquisitionDateTime": "2017-02-09T18:20:14.000000",
    "ConversionSoftware": "dcm2niix",
    "ConversionSoftwareVersion": "v1.0.20170411 GCC4.8.4",
    "EchoTime": 0.04,
    "FlipAngle": 90,
    "ImageType": [
      "ORIGINAL",
      "PRIMARY",
      "EPI",
      "NONE"
    ],
    "MagneticFieldStrength": 3,
    "Manufacturer": "GE",
    "ManufacturersModelName": "DISCOVERY_MR750",
    "ProcedureStepDescription": "ActosHabla",
    "ProtocolName": "fMRI_ActosHabla_1",
    "RepetitionTime": 2,
    "ScanningSequence": "EP_GR",
    "SequenceVariant": "SS",
    "SeriesDescription": "fMRI_ActosHabla_1",
    "dataset": "unknown",
    "modality": "bold",
    "run_id": 1,
    "subject_id": "16",
    "task_id": "rah"
  },
  "dummy_trs": 0,
  "dvars_nstd": 16.214098237076914,
  "dvars_std": 1.131682719884615,
  "dvars_vstd": 0.9809292530769232,
  "efc": 0.3445628325278557,
  "fber": 62165.48046875,
  "fd_mean": 0.05956753448853861,
  "fd_num": 5,
  "fd_perc": 1.9157088122605364,
  "fwhm_avg": 2.8466500000000003,
  "fwhm_x": 2.801975,
  "fwhm_y": 2.9725,
  "fwhm_z": 2.765475,
  "gcor": 0.0388982,
  "gsr_x": 0.003196646459400654,
  "gsr_y": 0.0007441454217769206,
  "provenance": {
    "md5sum": "21681f795bcad7de17d1229ebbd8784e",
    "settings": {
      "fd_thres": 0.2,
      "hmc_fsl": false
    },
    "software": "mriqc",
    "version": "0.15.2rc1",
    "webapi_port": null,
    "webapi_url": "https://mriqc.nimh.nih.gov/api/v1"
  },
  "size_t": 261,
  "size_x": 64,
  "size_y": 64,
  "size_z": 35,
  "snr": 3.167545056758494,
  "spacing_tr": 2.0,
  "spacing_x": 4.0,
  "spacing_y": 4.0,
  "spacing_z": 4.0,
  "summary_bg_k": 253.29251810931584,
  "summary_bg_mad": 10.128273963928223,
  "summary_bg_mean": 23.386070251464844,
  "summary_bg_median": 7.398467063903809,
  "summary_bg_n": 98087.0,
  "summary_bg_p05": 0.13026820123195648,
  "summary_bg_p95": 83.3628349304198,
  "summary_bg_stdv": 71.30079650878906,
  "summary_fg_k": 0.29141358526393457,
  "summary_fg_mad": 524.486083984375,
  "summary_fg_mean": 1809.33837890625,
  "summary_fg_median": 1821.9462890625,
  "summary_fg_n": 17900.0,
  "summary_fg_p05": 786.6141357421875,
  "summary_fg_p95": 2743.255578613281,
  "summary_fg_stdv": 575.1758422851562,
  "tsnr": 71.06327056884766
}