{
  "aor": 0.006295905511811024,
  "aqi": 0.006708568622047244,
  "bids_meta": {
    "AcquisitionDateTime": "2017-02-09T18:40:15.000000",
    "ConversionSoftware": "dcm2niix",
    "ConversionSoftwareVersion": "v1.0.20170411 GCC4.8.4",
    "EchoTime": 0.04,
    "FlipAngle": 90,
    "ImageType": [
      "ORIGINAL",
      "PRIMARY",
      "EPI",
      "NONE"
    ],
    "MagneticFieldStrength": 3,
    "Manufacturer": "GE",
    "ManufacturersModelName": "DISCOVERY_MR750",
    "ProcedureStepDescription": "ActosHabla",
    "ProtocolName": "fMRI_ActosHabla_3",
    "RepetitionTime": 2,
    "ScanningSequence": "EP_GR",
    "SequenceVariant": "SS",
    "SeriesDescription": "fMRI_ActosHabla_3",
    "dataset": "unknown",
    "modality": "bold",
    "run_id": 3,
    "subject_id": "16",
    "task_id": "rah"
  },
  "dummy_trs": 1,
  "dvars_nstd": 18.859487544782603,
  "dvars_std": 0.9330458346245057,
  "dvars_vstd": 0.8879809643873516,
  "efc": 0.3472477237515473,
  "fber": 59246.703125,
  "fd_mean": 0.1139416154828358,
  "fd_num": 21,
  "fd_perc": 8.26771653543307,
  "fwhm_avg": 2.85005,
  "fwhm_x": 2.792975,
  "fwhm_y": 2.98365,
  "fwhm_z": 2.773525,
  "gcor": 0.0660495,
  "gsr_x": 0.0039030290208756924,
  "gsr_y": 0.0008685628999955952,
  "provenance": {
    "md5sum": "6ab5d49a461fd3ac0056d584b1f7030d",
    "settings": {
      "fd_thres": 0.2,
      "hmc_fsl": false
    },
    "software": "mriqc",
    "version": "0.15.2rc1",
    "webapi_port": null,
    "webapi_url": "https://mriqc.nimh.nih.gov/api/v1"
  },
  "size_t": 254,
  "size_x": 64,
  "size_y": 64,
  "size_z": 35,
  "snr": 3.180827930122858,
  "spacing_tr": 2.0,
  "spacing_x": 4.0,
  "spacing_y": 4.0,
  "spacing_z": 4.0,
  "summary_bg_k": 246.7149109135829,
  "summary_bg_mad": 10.214778900146484,
  "summary_bg_mean": 24.450870513916016,
  "summary_bg_median": 7.448818683624268,
  "summary_bg_n": 97972.0,
  "summary_bg_p05": 0.17322835326194763,
  "summary_bg_p95": 87.59586791992184,
  "summary_bg_stdv": 74.66229248046875,
  "summary_fg_k": 0.26617845303946375,
  "summary_fg_mad": 522.8858642578125,
  "summary_fg_mean": 1790.8636474609375,
  "summary_fg_median": 1795.4488525390625,
  "summary_fg_n": 17920.0,
  "summary_fg_p05": 802.9204467773438,
  "summary_fg_p95": 2709.606457519531,
  "summary_fg_stdv": 564.44384765625,
  "tsnr": 40.47428894042969
}