{
  "aor": 0.0035832666666666666,
  "aqi": 0.004322736066666668,
  "bids_meta": {
    "AcquisitionDateTime": "2016-09-05T19:59:23.000000",
    "ConversionSoftware": "dcm2niix",
    "ConversionSoftwareVersion": "v1.0.20170411 GCC4.8.4",
    "EchoTime": 0.04,
    "FlipAngle": 90,
    "ImageType": [
      "ORIGINAL",
      "PRIMARY",
      "EPI",
      "NONE"
    ],
    "MagneticFieldStrength": 3,
    "Manufacturer": "GE",
    "ManufacturersModelName": "DISCOVERY_MR750",
    "ProcedureStepDescription": "MeditResp",
    "ProtocolName": "fMRI_RestSt",
    "RepetitionTime": 2,
    "ScanningSequence": "EP_GR",
    "SequenceVariant": "SS",
    "SeriesDescription": "fMRI_RestSt",
    "dataset": "unknown",
    "modality": "bold",
    "subject_id": "98",
    "task_id": "rest"
  },
  "dummy_trs": 0,
  "dvars_nstd": 14.56189503862876,
  "dvars_std": 1.0267360949832764,
  "dvars_vstd": 0.9497207314715721,
  "efc": 0.33852199698611185,
  "fber": 134576.0625,
  "fd_mean": 0.062669271826637,
  "fd_num": 2,
  "fd_perc": 0.6666666666666666,
  "fwhm_avg": 2.971041666666667,
  "fwhm_x": 2.74705,
  "fwhm_y": 3.371,
  "fwhm_z": 2.795075,
  "gcor": 0.0297979,
  "gsr_x": -0.00836232304573059,
  "gsr_y": 0.006354146171361208,
  "provenance": {
    "md5sum": "311df3285a5be9b15ce2ce3106c2f3b4",
    "settings": {
      "fd_thres": 0.2,
      "hmc_fsl": false
    },
    "software": "mriqc",
    "version": "0.15.2rc1",
    "webapi_port": null,
    "webapi_url": "https://mriqc.nimh.nih.gov/api/v1"
  },
  "size_t": 300,
  "size_x": 64,
  "size_y": 64,
  "size_z": 35,
  "snr": 2.8955869133419916,
  "spacing_tr": 2.0,
  "spacing_x": 4.0,
  "spacing_y": 4.0,
  "spacing_z": 4.0,
  "summary_bg_k": 106.62272252166579,
  "summary_bg_mad": 6.953404426574707,
  "summary_bg_mean": 23.03363037109375,
  "summary_bg_median": 5.010000228881836,
  "summary_bg_n": 98624.0,
  "summary_bg_p05": 0.06333333253860474,
  "summary_bg_p95": 96.49483451843211,
  "summary_bg_stdv": 69.78462982177734,
  "summary_fg_k": 0.5054373364473888,
  "summary_fg_mad": 575.4178466796875,
  "summary_fg_mean": 1827.995849609375,
  "summary_fg_median": 1845.530029296875,
  "summary_fg_n": 17510.0,
  "summary_fg_p05": 737.7806915283203,
  "summary_fg_p95": 2863.9507812499996,
  "summary_fg_stdv": 637.3413696289062,
  "tsnr": 46.438514709472656
}