{
  "bids_meta": {
    "AcquisitionMatrixPE": 256,
    "AcquisitionNumber": 1,
    "AcquisitionTime": "20:11:21.000000",
    "BodyPartExamined": "HEAD",
    "CoilString": "32Ch_Head",
    "ConversionSoftware": "dcm2niix",
    "ConversionSoftwareVersion": "v1.0.20181125  (JP2:OpenJPEG) GCC7.3.0",
    "DeviceSerialNumber": "0002806034DVR750",
    "EchoTime": 0.003192,
    "FlipAngle": 12,
    "ImageOrientationPatientDICOM": [
      0,
      1,
      0,
      0,
      0,
      -1
    ],
    "ImageType": [
      "ORIGINAL",
      "PRIMARY",
      "OTHER"
    ],
    "ImagingFrequency": 127.772,
    "InPlanePhaseEncodingDirectionDICOM": "ROW",
    "InstitutionName": "INSTITUTO_DE_NEUROBIOLOGIA",
    "InversionTime": 0.45,
    "MRAcquisitionType": "3D",
    "MagneticFieldStrength": 3,
    "Manufacturer": "GE",
    "ManufacturersModelName": "DISCOVERY_MR750",
    "Modality": "MR",
    "PatientPosition": "HFS",
    "PercentPhaseFOV": 100,
    "PixelBandwidth": 244.141,
    "ProcedureStepDescription": "Emociones_AH",
    "ProtocolName": "Sag_T1_FSPGR_BRAVO",
    "ReconMatrixPE": 256,
    "RepetitionTime": 0.008184,
    "SAR": 0.113369,
    "ScanOptions": "FAST_GEMS_EDR_GEMS_FILTERED_GEMS_ACC_GEMS_IR_GEMS",
    "ScanningSequence": "GR",
    "SequenceVariant": "SS_SP_SK",
    "SeriesDescription": "Sag_T1_FSPGR_BRAVO",
    "SeriesNumber": 9,
    "SliceThickness": 1,
    "SoftwareVersions": "27_LX_MR_Software_release:DV26.0_R02_1810.b",
    "SpacingBetweenSlices": 1,
    "StationName": "GEHCGEHC",
    "dataset": "unknown",
    "modality": "T1w",
    "subject_id": "32"
  },
  "cjv": 0.443760904059426,
  "cnr": 3.052667336417003,
  "efc": 0.5937772358419302,
  "fber": 28533.4375,
  "fwhm_avg": 3.3687633333333333,
  "fwhm_x": 3.39858,
  "fwhm_y": 3.5354,
  "fwhm_z": 3.17231,
  "icvs_csf": 0.19490829455242267,
  "icvs_gm": 0.44842787234980014,
  "icvs_wm": 0.35666383309777716,
  "inu_med": 0.925781786441803,
  "inu_range": 0.2063426405191422,
  "provenance": {
    "md5sum": "4ee4bfc085c05f751c0a7411f8798e3c",
    "settings": {
      "testing": false
    },
    "software": "mriqc",
    "version": "0.15.2rc1",
    "warnings": {
      "large_rot_frame": true,
      "small_air_mask": false
    },
    "webapi_port": null,
    "webapi_url": "https://mriqc.nimh.nih.gov/api/v1"
  },
  "qi_1": 0.0,
  "qi_2": 0.0020718640100421738,
  "rpve_csf": 27.994089305750094,
  "rpve_gm": 13.554873278679741,
  "rpve_wm": 19.97012504942579,
  "size_x": 176,
  "size_y": 256,
  "size_z": 256,
  "snr_csf": 3.416134426620421,
  "snr_gm": 11.053763098896033,
  "snr_total": 10.933027907894129,
  "snr_wm": 18.32918619816593,
  "snrd_csf": 39.951283161996955,
  "snrd_gm": 95.37778500122626,
  "snrd_total": 88.41825698702274,
  "snrd_wm": 129.92570279784502,
  "spacing_x": 1.0,
  "spacing_y": 1.0,
  "spacing_z": 1.0,
  "summary_bg_k": 9.764778687841826,
  "summary_bg_mad": 5.042575836181641,
  "summary_bg_mean": 9.906638145446777,
  "summary_bg_median": 4.106719493865967,
  "summary_bg_n": 2002192.0,
  "summary_bg_p05": 0.0,
  "summary_bg_p95": 39.49548149108887,
  "summary_bg_stdv": 14.163894653320312,
  "summary_csf_k": 2.1618210480222864,
  "summary_csf_mad": 64.52269744873047,
  "summary_csf_mean": 328.136474609375,
  "summary_csf_median": 307.5044860839844,
  "summary_csf_n": 16523.0,
  "summary_csf_p05": 219.4264144897461,
  "summary_csf_p95": 518.6858032226562,
  "summary_csf_stdv": 90.01261138916016,
  "summary_gm_k": 0.20752414329286406,
  "summary_gm_mad": 64.50541687011719,
  "summary_gm_mean": 734.4055786132812,
  "summary_gm_median": 734.1215209960938,
  "summary_gm_n": 25903.0,
  "summary_gm_p05": 627.0371337890625,
  "summary_gm_p95": 845.8413330078125,
  "summary_gm_stdv": 66.41243743896484,
  "summary_wm_k": 0.2650788697980735,
  "summary_wm_mad": 53.49720001220703,
  "summary_wm_mean": 1002.9721069335938,
  "summary_wm_median": 1000.036376953125,
  "summary_wm_n": 182817.0,
  "summary_wm_p05": 918.4711547851562,
  "summary_wm_p95": 1096.7555908203124,
  "summary_wm_stdv": 54.55963134765625,
  "tpm_overlap_csf": 0.21955610811710358,
  "tpm_overlap_gm": 0.5114083290100098,
  "tpm_overlap_wm": 0.5534767508506775,
  "wm2max": 0.40374233510651536
}