{
  "aor": 0.004512818181818181,
  "aqi": 0.002397636454545455,
  "bids_meta": {
    "AcquisitionDateTime": "2017-01-10T20:41:22.000000",
    "ConversionSoftware": "dcm2niix",
    "ConversionSoftwareVersion": "v1.0.20170411 GCC4.8.4",
    "EchoTime": 0.04,
    "FlipAngle": 90,
    "ImageType": [
      "ORIGINAL",
      "PRIMARY",
      "EPI",
      "NONE"
    ],
    "MagneticFieldStrength": 3,
    "Manufacturer": "GE",
    "ManufacturersModelName": "DISCOVERY_MR750",
    "ProcedureStepDescription": "CompRefranes",
    "ProtocolName": "fMRI_Comprension_4",
    "RepetitionTime": 2,
    "ScanningSequence": "EP_GR",
    "SequenceVariant": "SS",
    "SeriesDescription": "fMRI_Comprension_4",
    "dataset": "unknown",
    "modality": "bold",
    "run_id": 4,
    "subject_id": "50",
    "task_id": "cr"
  },
  "dummy_trs": 3,
  "dvars_nstd": 21.342922380639283,
  "dvars_std": 1.1254460089954337,
  "dvars_vstd": 1.0507739194520553,
  "efc": 0.3648332467852979,
  "fber": 53702.9921875,
  "fd_mean": 0.1776735861708639,
  "fd_num": 45,
  "fd_perc": 20.454545454545453,
  "fwhm_avg": 2.9198333333333335,
  "fwhm_x": 2.74915,
  "fwhm_y": 3.04405,
  "fwhm_z": 2.9663,
  "gcor": 0.0367368,
  "gsr_x": -0.006600049789994955,
  "gsr_y": 0.01491510309278965,
  "provenance": {
    "md5sum": "7d60804616072a41e052b55c3d3833b3",
    "settings": {
      "fd_thres": 0.2,
      "hmc_fsl": false
    },
    "software": "mriqc",
    "version": "0.15.2rc1",
    "webapi_port": null,
    "webapi_url": "https://mriqc.nimh.nih.gov/api/v1"
  },
  "size_t": 220,
  "size_x": 64,
  "size_y": 64,
  "size_z": 34,
  "snr": 2.5184363911563334,
  "spacing_tr": 2.0,
  "spacing_x": 4.0,
  "spacing_y": 4.0,
  "spacing_z": 4.0,
  "summary_bg_k": 99.63672866239112,
  "summary_bg_mad": 9.401045799255371,
  "summary_bg_mean": 34.29413986206055,
  "summary_bg_median": 6.872726917266846,
  "summary_bg_n": 93109.0,
  "summary_bg_p05": 0.12272726744413376,
  "summary_bg_p95": 166.63726806640597,
  "summary_bg_stdv": 102.93339538574219,
  "summary_fg_k": 0.5801682495725196,
  "summary_fg_mad": 553.5665283203125,
  "summary_fg_mean": 1700.5252685546875,
  "summary_fg_median": 1636.0068359375,
  "summary_fg_n": 18726.0,
  "summary_fg_p05": 679.6204376220703,
  "summary_fg_p95": 2888.6817016601562,
  "summary_fg_stdv": 649.5947875976562,
  "tsnr": 62.07587814331055
}