{
  "aor": 0.006214094488188977,
  "aqi": 0.0019282978661417322,
  "bids_meta": {
    "AcquisitionDateTime": "2017-02-07T19:08:25.000000",
    "ConversionSoftware": "dcm2niix",
    "ConversionSoftwareVersion": "v1.0.20170411 GCC4.8.4",
    "EchoTime": 0.04,
    "FlipAngle": 90,
    "ImageType": [
      "ORIGINAL",
      "PRIMARY",
      "EPI",
      "NONE"
    ],
    "MagneticFieldStrength": 3,
    "Manufacturer": "GE",
    "ManufacturersModelName": "DISCOVERY_MR750",
    "ProcedureStepDescription": "ActosHabla",
    "ProtocolName": "fMRI_ActosHabla_2",
    "RepetitionTime": 2,
    "ScanningSequence": "EP_GR",
    "SequenceVariant": "SS",
    "SeriesDescription": "fMRI_ActosHabla_2",
    "dataset": "unknown",
    "modality": "bold",
    "run_id": 2,
    "subject_id": "15",
    "task_id": "rah"
  },
  "dummy_trs": 0,
  "dvars_nstd": 19.114698493043488,
  "dvars_std": 1.2251166128063244,
  "dvars_vstd": 1.0455556389328065,
  "efc": 0.3757518803750629,
  "fber": 67189.4140625,
  "fd_mean": 0.13416568342074314,
  "fd_num": 26,
  "fd_perc": 10.236220472440944,
  "fwhm_avg": 2.8050833333333336,
  "fwhm_x": 2.61535,
  "fwhm_y": 3.04215,
  "fwhm_z": 2.75775,
  "gcor": 0.0519658,
  "gsr_x": 0.0022699215915054083,
  "gsr_y": 0.005431534722447395,
  "provenance": {
    "md5sum": "b9886eb400faf0f66aecbd6f83982f9e",
    "settings": {
      "fd_thres": 0.2,
      "hmc_fsl": false
    },
    "software": "mriqc",
    "version": "0.15.2rc1",
    "webapi_port": null,
    "webapi_url": "https://mriqc.nimh.nih.gov/api/v1"
  },
  "size_t": 254,
  "size_x": 64,
  "size_y": 64,
  "size_z": 35,
  "snr": 2.9625274438243503,
  "spacing_tr": 2.0,
  "spacing_x": 4.0,
  "spacing_y": 4.0,
  "spacing_z": 4.0,
  "summary_bg_k": 294.6796270710091,
  "summary_bg_mad": 10.103876113891602,
  "summary_bg_mean": 28.13466453552246,
  "summary_bg_median": 7.185039520263672,
  "summary_bg_n": 93720.0,
  "summary_bg_p05": 0.07480315119028091,
  "summary_bg_p95": 116.05176849365239,
  "summary_bg_stdv": 75.9091796875,
  "summary_fg_k": -0.009491669289082072,
  "summary_fg_mad": 608.80078125,
  "summary_fg_mean": 1918.781494140625,
  "summary_fg_median": 1901.8975830078125,
  "summary_fg_n": 21127.0,
  "summary_fg_p05": 806.422052001953,
  "summary_fg_p95": 2983.5306396484375,
  "summary_fg_stdv": 641.9696044921875,
  "tsnr": 67.37782287597656
}