{
  "aor": 0.0036816862745098033,
  "aqi": 0.0016221333058823529,
  "bids_meta": {
    "AcquisitionDateTime": "2017-02-07T19:18:33.000000",
    "ConversionSoftware": "dcm2niix",
    "ConversionSoftwareVersion": "v1.0.20170411 GCC4.8.4",
    "EchoTime": 0.04,
    "FlipAngle": 90,
    "ImageType": [
      "ORIGINAL",
      "PRIMARY",
      "EPI",
      "NONE"
    ],
    "MagneticFieldStrength": 3,
    "Manufacturer": "GE",
    "ManufacturersModelName": "DISCOVERY_MR750",
    "ProcedureStepDescription": "ActosHabla",
    "ProtocolName": "fMRI_ActosHabla_3",
    "RepetitionTime": 2,
    "ScanningSequence": "EP_GR",
    "SequenceVariant": "SS",
    "SeriesDescription": "fMRI_ActosHabla_3",
    "dataset": "unknown",
    "modality": "bold",
    "run_id": 3,
    "subject_id": "15",
    "task_id": "rah"
  },
  "dummy_trs": 0,
  "dvars_nstd": 17.539342478346455,
  "dvars_std": 1.190825237874016,
  "dvars_vstd": 1.0179617888188977,
  "efc": 0.3768282318341071,
  "fber": 67113.203125,
  "fd_mean": 0.09627869378175852,
  "fd_num": 14,
  "fd_perc": 5.490196078431373,
  "fwhm_avg": 2.777658333333333,
  "fwhm_x": 2.587875,
  "fwhm_y": 3.01585,
  "fwhm_z": 2.72925,
  "gcor": 0.0404492,
  "gsr_x": 0.002494785003364086,
  "gsr_y": 0.005637391936033964,
  "provenance": {
    "md5sum": "31214f0de9575af8afe2da3427646ad3",
    "settings": {
      "fd_thres": 0.2,
      "hmc_fsl": false
    },
    "software": "mriqc",
    "version": "0.15.2rc1",
    "webapi_port": null,
    "webapi_url": "https://mriqc.nimh.nih.gov/api/v1"
  },
  "size_t": 255,
  "size_x": 64,
  "size_y": 64,
  "size_z": 35,
  "snr": 3.0038978322138576,
  "spacing_tr": 2.0,
  "spacing_x": 4.0,
  "spacing_y": 4.0,
  "spacing_z": 4.0,
  "summary_bg_k": 320.51238597051105,
  "summary_bg_mad": 10.139837265014648,
  "summary_bg_mean": 28.950515747070312,
  "summary_bg_median": 7.207843780517578,
  "summary_bg_n": 93776.0,
  "summary_bg_p05": 0.07058823853731155,
  "summary_bg_p95": 122.02451705932617,
  "summary_bg_stdv": 78.40913391113281,
  "summary_fg_k": 0.010493698944390228,
  "summary_fg_mad": 599.0438842773438,
  "summary_fg_mean": 1926.3624267578125,
  "summary_fg_median": 1903.647216796875,
  "summary_fg_n": 21048.0,
  "summary_fg_p05": 831.1702545166015,
  "summary_fg_p95": 2980.861169433593,
  "summary_fg_stdv": 633.7106323242188,
  "tsnr": 77.20763397216797
}