{
  "aor": 0.005013788546255507,
  "aqi": 0.00343051127753304,
  "bids_meta": {
    "AcquisitionDateTime": "2017-01-27T19:30:8.000000",
    "ConversionSoftware": "dcm2niix",
    "ConversionSoftwareVersion": "v1.0.20170411 GCC4.8.4",
    "EchoTime": 0.04,
    "FlipAngle": 90,
    "ImageType": [
      "ORIGINAL",
      "PRIMARY",
      "EPI",
      "NONE"
    ],
    "MagneticFieldStrength": 3,
    "Manufacturer": "GE",
    "ManufacturersModelName": "DISCOVERY_MR750",
    "ProcedureStepDescription": "ComRefranes",
    "ProtocolName": "fMRI_Comprension_4",
    "RepetitionTime": 2,
    "ScanningSequence": "EP_GR",
    "SequenceVariant": "SS",
    "SeriesDescription": "fMRI_Comprension_4",
    "dataset": "unknown",
    "modality": "bold",
    "run_id": 4,
    "subject_id": "63",
    "task_id": "cr"
  },
  "dummy_trs": 0,
  "dvars_nstd": 26.754674202522114,
  "dvars_std": 1.212962303982301,
  "dvars_vstd": 1.0437207393362837,
  "efc": 0.37204000394082476,
  "fber": 60369.06640625,
  "fd_mean": 0.18697317599285468,
  "fd_num": 65,
  "fd_perc": 28.634361233480178,
  "fwhm_avg": 2.7615666666666665,
  "fwhm_x": 2.64185,
  "fwhm_y": 2.89795,
  "fwhm_z": 2.7449,
  "gcor": 0.064773,
  "gsr_x": 0.004701607394963503,
  "gsr_y": 0.009755095466971397,
  "provenance": {
    "md5sum": "020c2914e21ae3709a2593381e0817e6",
    "settings": {
      "fd_thres": 0.2,
      "hmc_fsl": false
    },
    "software": "mriqc",
    "version": "0.15.2rc1",
    "webapi_port": null,
    "webapi_url": "https://mriqc.nimh.nih.gov/api/v1"
  },
  "size_t": 227,
  "size_x": 64,
  "size_y": 64,
  "size_z": 34,
  "snr": 2.703952613246201,
  "spacing_tr": 2.0,
  "spacing_x": 4.0,
  "spacing_y": 4.0,
  "spacing_z": 4.0,
  "summary_bg_k": 317.92975993508406,
  "summary_bg_mad": 10.071244239807129,
  "summary_bg_mean": 31.77404022216797,
  "summary_bg_median": 7.044052600860596,
  "summary_bg_n": 91236.0,
  "summary_bg_p05": 0.022026430815458298,
  "summary_bg_p95": 131.52752685546875,
  "summary_bg_stdv": 107.89900207519531,
  "summary_fg_k": 0.07002038708761749,
  "summary_fg_mad": 611.6289672851562,
  "summary_fg_mean": 1801.4765625,
  "summary_fg_median": 1761.0660400390625,
  "summary_fg_n": 20033.0,
  "summary_fg_p05": 743.0581176757812,
  "summary_fg_p95": 2943.3602539062495,
  "summary_fg_stdv": 651.2769775390625,
  "tsnr": 47.18092346191406
}