{
  "aor": 0.004616382978723404,
  "aqi": 0.003710628489361702,
  "bids_meta": {
    "AcquisitionDateTime": "2017-01-27T19:21:18.000000",
    "ConversionSoftware": "dcm2niix",
    "ConversionSoftwareVersion": "v1.0.20170411 GCC4.8.4",
    "EchoTime": 0.04,
    "FlipAngle": 90,
    "ImageType": [
      "ORIGINAL",
      "PRIMARY",
      "EPI",
      "NONE"
    ],
    "MagneticFieldStrength": 3,
    "Manufacturer": "GE",
    "ManufacturersModelName": "DISCOVERY_MR750",
    "ProcedureStepDescription": "ComRefranes",
    "ProtocolName": "fMRI_Comprension_3",
    "RepetitionTime": 2,
    "ScanningSequence": "EP_GR",
    "SequenceVariant": "SS",
    "SeriesDescription": "fMRI_Comprension_3",
    "dataset": "unknown",
    "modality": "bold",
    "run_id": 3,
    "subject_id": "63",
    "task_id": "cr"
  },
  "dummy_trs": 0,
  "dvars_nstd": 26.11619009525641,
  "dvars_std": 1.198029621239317,
  "dvars_vstd": 1.026646114401709,
  "efc": 0.3720424619165319,
  "fber": 57590.03515625,
  "fd_mean": 0.1694225405832124,
  "fd_num": 56,
  "fd_perc": 23.829787234042552,
  "fwhm_avg": 2.7800249999999997,
  "fwhm_x": 2.6622,
  "fwhm_y": 2.9044,
  "fwhm_z": 2.773475,
  "gcor": 0.0480365,
  "gsr_x": 0.004618121311068535,
  "gsr_y": 0.009056058712303638,
  "provenance": {
    "md5sum": "088145979211bc54993277eacd75216c",
    "settings": {
      "fd_thres": 0.2,
      "hmc_fsl": false
    },
    "software": "mriqc",
    "version": "0.15.2rc1",
    "webapi_port": null,
    "webapi_url": "https://mriqc.nimh.nih.gov/api/v1"
  },
  "size_t": 235,
  "size_x": 64,
  "size_y": 64,
  "size_z": 34,
  "snr": 2.6745164182797194,
  "spacing_tr": 2.0,
  "spacing_x": 4.0,
  "spacing_y": 4.0,
  "spacing_z": 4.0,
  "summary_bg_k": 307.12528521567936,
  "summary_bg_mad": 10.252037048339844,
  "summary_bg_mean": 32.193180084228516,
  "summary_bg_median": 7.178723335266113,
  "summary_bg_n": 91257.0,
  "summary_bg_p05": 0.029787233099341393,
  "summary_bg_p95": 131.86553039550773,
  "summary_bg_stdv": 108.7419662475586,
  "summary_fg_k": 0.05145892370823546,
  "summary_fg_mad": 621.9863891601562,
  "summary_fg_mean": 1801.82763671875,
  "summary_fg_median": 1755.9361572265625,
  "summary_fg_n": 20039.0,
  "summary_fg_p05": 742.4170104980469,
  "summary_fg_p95": 2954.6046630859373,
  "summary_fg_stdv": 656.5270385742188,
  "tsnr": 45.67770767211914
}