{
  "aor": 0.003807404255319149,
  "aqi": 0.002708243923404255,
  "bids_meta": {
    "AcquisitionDateTime": "2017-01-27T19:12:15.000000",
    "ConversionSoftware": "dcm2niix",
    "ConversionSoftwareVersion": "v1.0.20170411 GCC4.8.4",
    "EchoTime": 0.04,
    "FlipAngle": 90,
    "ImageType": [
      "ORIGINAL",
      "PRIMARY",
      "EPI",
      "NONE"
    ],
    "MagneticFieldStrength": 3,
    "Manufacturer": "GE",
    "ManufacturersModelName": "DISCOVERY_MR750",
    "ProcedureStepDescription": "ComRefranes",
    "ProtocolName": "fMRI_Comprension_2",
    "RepetitionTime": 2,
    "ScanningSequence": "EP_GR",
    "SequenceVariant": "SS",
    "SeriesDescription": "fMRI_Comprension_2",
    "dataset": "unknown",
    "modality": "bold",
    "run_id": 2,
    "subject_id": "63",
    "task_id": "cr"
  },
  "dummy_trs": 0,
  "dvars_nstd": 24.903364743760672,
  "dvars_std": 1.2133744611538464,
  "dvars_vstd": 1.0297732028632478,
  "efc": 0.3719959813197335,
  "fber": 59783.77734375,
  "fd_mean": 0.13796175500261496,
  "fd_num": 43,
  "fd_perc": 18.29787234042553,
  "fwhm_avg": 2.7708166666666667,
  "fwhm_x": 2.6458,
  "fwhm_y": 2.907625,
  "fwhm_z": 2.759025,
  "gcor": 0.0646791,
  "gsr_x": 0.005219330079853535,
  "gsr_y": 0.008951663970947266,
  "provenance": {
    "md5sum": "1fb1454e96d8a449415b9c551563b5e3",
    "settings": {
      "fd_thres": 0.2,
      "hmc_fsl": false
    },
    "software": "mriqc",
    "version": "0.15.2rc1",
    "webapi_port": null,
    "webapi_url": "https://mriqc.nimh.nih.gov/api/v1"
  },
  "size_t": 235,
  "size_x": 64,
  "size_y": 64,
  "size_z": 34,
  "snr": 2.6979596440811573,
  "spacing_tr": 2.0,
  "spacing_x": 4.0,
  "spacing_y": 4.0,
  "spacing_z": 4.0,
  "summary_bg_k": 298.88498724658086,
  "summary_bg_mad": 10.157402038574219,
  "summary_bg_mean": 31.871580123901367,
  "summary_bg_median": 7.11063814163208,
  "summary_bg_n": 91251.0,
  "summary_bg_p05": 0.021276595070958138,
  "summary_bg_p95": 131.8872299194336,
  "summary_bg_stdv": 107.81226348876953,
  "summary_fg_k": 0.051454815435830525,
  "summary_fg_mad": 618.1188354492188,
  "summary_fg_mean": 1807.5399169921875,
  "summary_fg_median": 1765.604248046875,
  "summary_fg_n": 20029.0,
  "summary_fg_p05": 750.5931762695312,
  "summary_fg_p95": 2957.1368652343745,
  "summary_fg_stdv": 654.4057006835938,
  "tsnr": 55.296409606933594
}