{
  "aor": 0.0025148927038626608,
  "aqi": 0.002943767296137339,
  "bids_meta": {
    "AcquisitionDateTime": "2017-01-27T19:03:5.000000",
    "ConversionSoftware": "dcm2niix",
    "ConversionSoftwareVersion": "v1.0.20170411 GCC4.8.4",
    "EchoTime": 0.04,
    "FlipAngle": 90,
    "ImageType": [
      "ORIGINAL",
      "PRIMARY",
      "EPI",
      "NONE"
    ],
    "MagneticFieldStrength": 3,
    "Manufacturer": "GE",
    "ManufacturersModelName": "DISCOVERY_MR750",
    "ProcedureStepDescription": "ComRefranes",
    "ProtocolName": "fMRI_Comprension_1",
    "RepetitionTime": 2,
    "ScanningSequence": "EP_GR",
    "SequenceVariant": "SS",
    "SeriesDescription": "fMRI_Comprension_1",
    "dataset": "unknown",
    "modality": "bold",
    "run_id": 1,
    "subject_id": "63",
    "task_id": "cr"
  },
  "dummy_trs": 0,
  "dvars_nstd": 22.924995693448263,
  "dvars_std": 1.1782250661637934,
  "dvars_vstd": 0.9908969469396552,
  "efc": 0.3723945324144439,
  "fber": 62249.05859375,
  "fd_mean": 0.08994138426073306,
  "fd_num": 13,
  "fd_perc": 5.579399141630901,
  "fwhm_avg": 2.765525,
  "fwhm_x": 2.63555,
  "fwhm_y": 2.916875,
  "fwhm_z": 2.74415,
  "gcor": 0.0561251,
  "gsr_x": 0.004947976674884558,
  "gsr_y": 0.008824864402413368,
  "provenance": {
    "md5sum": "4da00897cd1987ab11b57edfa6a262df",
    "settings": {
      "fd_thres": 0.2,
      "hmc_fsl": false
    },
    "software": "mriqc",
    "version": "0.15.2rc1",
    "webapi_port": null,
    "webapi_url": "https://mriqc.nimh.nih.gov/api/v1"
  },
  "size_t": 233,
  "size_x": 64,
  "size_y": 64,
  "size_z": 34,
  "snr": 2.693949912431326,
  "spacing_tr": 2.0,
  "spacing_x": 4.0,
  "spacing_y": 4.0,
  "spacing_z": 4.0,
  "summary_bg_k": 293.96438597285515,
  "summary_bg_mad": 9.818262100219727,
  "summary_bg_mean": 31.80092430114746,
  "summary_bg_median": 6.8755364418029785,
  "summary_bg_n": 91249.0,
  "summary_bg_p05": 0.030042918398976326,
  "summary_bg_p95": 130.53047485351559,
  "summary_bg_stdv": 106.12548065185547,
  "summary_fg_k": 0.04456525891584384,
  "summary_fg_mad": 616.1707153320312,
  "summary_fg_mean": 1796.0703125,
  "summary_fg_median": 1752.1995849609375,
  "summary_fg_n": 20074.0,
  "summary_fg_p05": 745.8431060791016,
  "summary_fg_p95": 2933.738977050781,
  "summary_fg_stdv": 650.404052734375,
  "tsnr": 54.973445892333984
}