{
  "aor": 0.0013035632183908048,
  "aqi": 0.0014758739827586207,
  "bids_meta": {
    "AcquisitionMatrixPE": 64,
    "AcquisitionNumber": 1,
    "AcquisitionTime": "20:35:55.000000",
    "CoilString": "32Ch_Head",
    "ConversionSoftware": "dcm2niix",
    "ConversionSoftwareVersion": "v1.0.20190902",
    "Dcm2bidsVersion": "2.1.4",
    "DeviceSerialNumber": "000000000000GEHC",
    "EchoTime": 0.04,
    "EffectiveEchoSpacing": 0.000372,
    "FlipAngle": 90,
    "ImageOrientationPatientDICOM": [
      1,
      0,
      0,
      0,
      1,
      0
    ],
    "ImageType": [
      "ORIGINAL",
      "PRIMARY",
      "EPI",
      "NONE"
    ],
    "ImagingFrequency": 127.772,
    "InPlanePhaseEncodingDirectionDICOM": "COL",
    "InstitutionName": "INSTITUTO_DE_NEUROBIOLOGIA",
    "MRAcquisitionType": "2D",
    "MagneticFieldStrength": 3,
    "Manufacturer": "GE",
    "ManufacturersModelName": "DISCOVERY_MR750",
    "Modality": "MR",
    "PatientPosition": "HFS",
    "PercentPhaseFOV": 100,
    "PhaseEncodingDirection": "j",
    "PhaseEncodingPolarityGE": "Flipped",
    "PixelBandwidth": 7812.5,
    "ProcedureStepDescription": "verbos",
    "ProtocolName": "fMRI_6",
    "ReconMatrixPE": 64,
    "RepetitionTime": 2,
    "SAR": 0.370431,
    "ScanOptions": "EPI_GEMS_ACC_GEMS",
    "ScanningSequence": "EP_GR",
    "SequenceVariant": "SS",
    "SeriesDescription": "fMRI_6",
    "SeriesNumber": 9,
    "SliceThickness": 4,
    "SliceTiming": [
      0,
      1.0285,
      0.0571001,
      1.0857,
      0.1142,
      1.1428,
      0.1714,
      1.2,
      0.2285,
      1.2571,
      0.2857,
      1.3143,
      0.3428,
      1.3714,
      0.4,
      1.4286,
      0.4571,
      1.4857,
      0.5142,
      1.5428,
      0.5714,
      1.6,
      0.6285,
      1.6571,
      0.6857,
      1.7143,
      0.7428,
      1.7714,
      0.8,
      1.8285,
      0.8571,
      1.8857,
      0.9143,
      1.9428,
      0.9714
    ],
    "SoftwareVersions": "24_LX_MR_Software_release:DV24.0_R02_1607.b",
    "SpacingBetweenSlices": 4,
    "StationName": "GEHCGEHC",
    "TotalReadoutTime": 0.023436,
    "dataset": "unknown",
    "modality": "bold",
    "run_id": 6,
    "subject_id": "146",
    "task_id": "verbs"
  },
  "dummy_trs": 0,
  "dvars_nstd": 17.590034980404617,
  "dvars_std": 1.1601436016763007,
  "dvars_vstd": 1.0066194825433525,
  "efc": 0.38314497764541744,
  "fber": 64977.62890625,
  "fd_mean": 0.07569988957537183,
  "fd_num": 7,
  "fd_perc": 4.022988505747127,
  "fwhm_avg": 2.94895,
  "fwhm_x": 2.84265,
  "fwhm_y": 3.04225,
  "fwhm_z": 2.96195,
  "gcor": 0.029147,
  "gsr_x": -0.014475363306701183,
  "gsr_y": 0.02398010902106762,
  "provenance": {
    "md5sum": "e461745f8be6bbc8c8e9011aaea38fe6",
    "settings": {
      "fd_thres": 0.2,
      "hmc_fsl": false
    },
    "software": "mriqc",
    "version": "0.15.2rc1",
    "webapi_port": null,
    "webapi_url": "https://mriqc.nimh.nih.gov/api/v1"
  },
  "size_t": 174,
  "size_x": 64,
  "size_y": 64,
  "size_z": 35,
  "snr": 2.5727472515436927,
  "spacing_tr": 2.0,
  "spacing_x": 4.0,
  "spacing_y": 4.0,
  "spacing_z": 4.0,
  "summary_bg_k": 285.5407155400778,
  "summary_bg_mad": 9.670997619628906,
  "summary_bg_mean": 32.23249435424805,
  "summary_bg_median": 7.0804595947265625,
  "summary_bg_n": 92344.0,
  "summary_bg_p05": 0.12068965286016464,
  "summary_bg_p95": 133.2816162109375,
  "summary_bg_stdv": 105.23968505859375,
  "summary_fg_k": 0.5709516187624315,
  "summary_fg_mad": 651.8465576171875,
  "summary_fg_mean": 1907.6470947265625,
  "summary_fg_median": 1847.485595703125,
  "summary_fg_n": 22486.0,
  "summary_fg_p05": 806.3563232421875,
  "summary_fg_p95": 3183.739990234375,
  "summary_fg_stdv": 718.0823974609375,
  "tsnr": 77.25906372070312
}