{
  "aor": 0.005909367816091954,
  "aqi": 0.0016711005459770114,
  "bids_meta": {
    "AcquisitionMatrixPE": 64,
    "AcquisitionNumber": 1,
    "AcquisitionTime": "19:59:25.000000",
    "CoilString": "32Ch_Head",
    "ConversionSoftware": "dcm2niix",
    "ConversionSoftwareVersion": "v1.0.20190902",
    "Dcm2bidsVersion": "2.1.4",
    "DeviceSerialNumber": "000000000000GEHC",
    "EchoTime": 0.04,
    "EffectiveEchoSpacing": 0.000372,
    "FlipAngle": 90,
    "ImageOrientationPatientDICOM": [
      1,
      0,
      0,
      0,
      1,
      0
    ],
    "ImageType": [
      "ORIGINAL",
      "PRIMARY",
      "EPI",
      "NONE"
    ],
    "ImagingFrequency": 127.772,
    "InPlanePhaseEncodingDirectionDICOM": "COL",
    "InstitutionName": "INSTITUTO_DE_NEUROBIOLOGIA",
    "MRAcquisitionType": "2D",
    "MagneticFieldStrength": 3,
    "Manufacturer": "GE",
    "ManufacturersModelName": "DISCOVERY_MR750",
    "Modality": "MR",
    "PatientPosition": "HFS",
    "PercentPhaseFOV": 100,
    "PhaseEncodingDirection": "j",
    "PhaseEncodingPolarityGE": "Flipped",
    "PixelBandwidth": 7812.5,
    "ProcedureStepDescription": "verbos",
    "ProtocolName": "fMRI_1",
    "ReconMatrixPE": 64,
    "RepetitionTime": 2,
    "SAR": 0.370431,
    "ScanOptions": "EPI_GEMS_ACC_GEMS",
    "ScanningSequence": "EP_GR",
    "SequenceVariant": "SS",
    "SeriesDescription": "fMRI_1",
    "SeriesNumber": 4,
    "SliceThickness": 4,
    "SliceTiming": [
      0,
      1.0285,
      0.0571001,
      1.0857,
      0.1142,
      1.1428,
      0.1714,
      1.2,
      0.2285,
      1.2571,
      0.2857,
      1.3143,
      0.3428,
      1.3714,
      0.4,
      1.4286,
      0.4571,
      1.4857,
      0.5142,
      1.5428,
      0.5714,
      1.6,
      0.6285,
      1.6571,
      0.6857,
      1.7143,
      0.7428,
      1.7714,
      0.8,
      1.8285,
      0.8571,
      1.8857,
      0.9143,
      1.9428,
      0.9714
    ],
    "SoftwareVersions": "24_LX_MR_Software_release:DV24.0_R02_1607.b",
    "SpacingBetweenSlices": 4,
    "StationName": "GEHCGEHC",
    "TotalReadoutTime": 0.023436,
    "dataset": "unknown",
    "modality": "bold",
    "run_id": 1,
    "subject_id": "146",
    "task_id": "verbs"
  },
  "dummy_trs": 0,
  "dvars_nstd": 16.99106020745665,
  "dvars_std": 1.1672364306358376,
  "dvars_vstd": 1.0457280429479772,
  "efc": 0.38011227275743315,
  "fber": 67863.75,
  "fd_mean": 0.08964338439534056,
  "fd_num": 8,
  "fd_perc": 4.597701149425287,
  "fwhm_avg": 2.9669333333333334,
  "fwhm_x": 2.855,
  "fwhm_y": 3.041075,
  "fwhm_z": 3.004725,
  "gcor": 0.0210569,
  "gsr_x": -0.013146892189979553,
  "gsr_y": 0.021253321319818497,
  "provenance": {
    "md5sum": "3c9765f613d7343610b39cedddf58010",
    "settings": {
      "fd_thres": 0.2,
      "hmc_fsl": false
    },
    "software": "mriqc",
    "version": "0.15.2rc1",
    "webapi_port": null,
    "webapi_url": "https://mriqc.nimh.nih.gov/api/v1"
  },
  "size_t": 174,
  "size_x": 64,
  "size_y": 64,
  "size_z": 35,
  "snr": 2.5344736211370993,
  "spacing_tr": 2.0,
  "spacing_x": 4.0,
  "spacing_y": 4.0,
  "spacing_z": 4.0,
  "summary_bg_k": 281.56331501696116,
  "summary_bg_mad": 9.415375709533691,
  "summary_bg_mean": 30.651329040527344,
  "summary_bg_median": 6.94252872467041,
  "summary_bg_n": 92446.0,
  "summary_bg_p05": 0.1551724076271057,
  "summary_bg_p95": 124.26580619812012,
  "summary_bg_stdv": 99.58285522460938,
  "summary_fg_k": 0.5312314469365766,
  "summary_fg_mad": 661.07861328125,
  "summary_fg_mean": 1910.8662109375,
  "summary_fg_median": 1849.962646484375,
  "summary_fg_n": 22388.0,
  "summary_fg_p05": 793.8341979980469,
  "summary_fg_p95": 3213.5991577148425,
  "summary_fg_stdv": 729.903564453125,
  "tsnr": 69.01567077636719
}