{
  "aor": 0.0016851333333333333,
  "aqi": 0.0058611485,
  "bids_meta": {
    "AcquisitionMatrixPE": 64,
    "AcquisitionNumber": 1,
    "AcquisitionTime": "20:58:11.000000",
    "CoilString": "32Ch_Head",
    "ConversionSoftware": "dcm2niix",
    "ConversionSoftwareVersion": "v1.0.20190902",
    "Dcm2bidsVersion": "2.1.4",
    "DeviceSerialNumber": "000000000000GEHC",
    "EchoTime": 0.04,
    "EffectiveEchoSpacing": 0.000372,
    "FlipAngle": 90,
    "ImageOrientationPatientDICOM": [
      1,
      0,
      0,
      0,
      1,
      0
    ],
    "ImageType": [
      "ORIGINAL",
      "PRIMARY",
      "EPI",
      "NONE"
    ],
    "ImagingFrequency": 127.772,
    "InPlanePhaseEncodingDirectionDICOM": "COL",
    "InstitutionName": "INSTITUTO_DE_NEUROBIOLOGIA",
    "MRAcquisitionType": "2D",
    "MagneticFieldStrength": 3,
    "Manufacturer": "GE",
    "ManufacturersModelName": "DISCOVERY_MR750",
    "Modality": "MR",
    "PatientPosition": "HFS",
    "PercentPhaseFOV": 100,
    "PhaseEncodingDirection": "j",
    "PhaseEncodingPolarityGE": "Flipped",
    "PixelBandwidth": 7812.5,
    "ProcedureStepDescription": "verbos",
    "ProtocolName": "fMRI_RestState",
    "ReconMatrixPE": 64,
    "RepetitionTime": 2,
    "SAR": 0.370431,
    "ScanOptions": "EPI_GEMS_ACC_GEMS",
    "ScanningSequence": "EP_GR",
    "SequenceVariant": "SS",
    "SeriesDescription": "fMRI_RestState",
    "SeriesNumber": 12,
    "SliceThickness": 4,
    "SliceTiming": [
      0,
      1.0285,
      0.0571001,
      1.0857,
      0.1142,
      1.1428,
      0.1714,
      1.2,
      0.2285,
      1.2571,
      0.2857,
      1.3143,
      0.3428,
      1.3714,
      0.4,
      1.4286,
      0.4571,
      1.4857,
      0.5142,
      1.5428,
      0.5714,
      1.6,
      0.6285,
      1.6571,
      0.6857,
      1.7143,
      0.7428,
      1.7714,
      0.8,
      1.8285,
      0.8571,
      1.8857,
      0.9143,
      1.9428,
      0.9714
    ],
    "SoftwareVersions": "24_LX_MR_Software_release:DV24.0_R02_1607.b",
    "SpacingBetweenSlices": 4,
    "StationName": "GEHCGEHC",
    "TotalReadoutTime": 0.023436,
    "dataset": "unknown",
    "modality": "bold",
    "subject_id": "146",
    "task_id": "rest"
  },
  "dummy_trs": 0,
  "dvars_nstd": 17.5731656035786,
  "dvars_std": 1.0005286213043478,
  "dvars_vstd": 0.9089226038795986,
  "efc": 0.38580874317383074,
  "fber": 63441.3046875,
  "fd_mean": 0.1139293141486466,
  "fd_num": 29,
  "fd_perc": 9.666666666666666,
  "fwhm_avg": 2.980608333333333,
  "fwhm_x": 2.852825,
  "fwhm_y": 3.079975,
  "fwhm_z": 3.009025,
  "gcor": 0.0357839,
  "gsr_x": -0.016012970358133316,
  "gsr_y": 0.029423614963889122,
  "provenance": {
    "md5sum": "7c7bc681c06b0ab7baf64cd6797eacb2",
    "settings": {
      "fd_thres": 0.2,
      "hmc_fsl": false
    },
    "software": "mriqc",
    "version": "0.15.2rc1",
    "webapi_port": null,
    "webapi_url": "https://mriqc.nimh.nih.gov/api/v1"
  },
  "size_t": 300,
  "size_x": 64,
  "size_y": 64,
  "size_z": 35,
  "snr": 2.587627621298216,
  "spacing_tr": 2.0,
  "spacing_x": 4.0,
  "spacing_y": 4.0,
  "spacing_z": 4.0,
  "summary_bg_k": 438.72921117747444,
  "summary_bg_mad": 9.760464668273926,
  "summary_bg_mean": 35.505184173583984,
  "summary_bg_median": 7.173333644866943,
  "summary_bg_n": 92300.0,
  "summary_bg_p05": 0.15333333611488342,
  "summary_bg_p95": 143.5848434448243,
  "summary_bg_stdv": 133.6400604248047,
  "summary_fg_k": 0.5546105415694096,
  "summary_fg_mad": 647.7985229492188,
  "summary_fg_mean": 1919.1397705078125,
  "summary_fg_median": 1852.4866943359375,
  "summary_fg_n": 22519.0,
  "summary_fg_p05": 823.2783630371094,
  "summary_fg_p95": 3201.320385742187,
  "summary_fg_stdv": 715.8856811523438,
  "tsnr": 44.951568603515625
}