{
  "aor": 0.0038770114942528735,
  "aqi": 0.001929680130268199,
  "bids_meta": {
    "AcquisitionDateTime": "2016-05-02T20:21:52.000000",
    "ConversionSoftware": "dcm2niix",
    "ConversionSoftwareVersion": "v1.0.20170411 GCC4.8.4",
    "EchoTime": 0.04,
    "FlipAngle": 90,
    "ImageType": [
      "ORIGINAL",
      "PRIMARY",
      "EPI",
      "NONE"
    ],
    "MagneticFieldStrength": 3,
    "Manufacturer": "GE",
    "ManufacturersModelName": "DISCOVERY_MR750",
    "ProcedureStepDescription": "ActosHabla",
    "ProtocolName": "fMRI_ActosHabla_1",
    "RepetitionTime": 2,
    "ScanningSequence": "EP_GR",
    "SequenceVariant": "SS",
    "SeriesDescription": "fMRI_ActosHabla_1",
    "dataset": "unknown",
    "modality": "bold",
    "run_id": 1,
    "subject_id": "03",
    "task_id": "rah"
  },
  "dummy_trs": 0,
  "dvars_nstd": 15.203806213269225,
  "dvars_std": 1.1620853168461538,
  "dvars_vstd": 1.0501936218461543,
  "efc": 0.36024906857974004,
  "fber": 80934.0859375,
  "fd_mean": 0.055489833348041154,
  "fd_num": 1,
  "fd_perc": 0.3831417624521073,
  "fwhm_avg": 2.8794916666666666,
  "fwhm_x": 2.72905,
  "fwhm_y": 2.9395,
  "fwhm_z": 2.969925,
  "gcor": 0.0249858,
  "gsr_x": -0.001723442692309618,
  "gsr_y": 0.001563639147207141,
  "provenance": {
    "md5sum": "fb322637ce3db6e4c275db04b2062e54",
    "settings": {
      "fd_thres": 0.2,
      "hmc_fsl": false
    },
    "software": "mriqc",
    "version": "0.15.2rc1",
    "webapi_port": null,
    "webapi_url": "https://mriqc.nimh.nih.gov/api/v1"
  },
  "size_t": 261,
  "size_x": 64,
  "size_y": 64,
  "size_z": 35,
  "snr": 2.904506271596704,
  "spacing_tr": 2.0,
  "spacing_x": 4.0,
  "spacing_y": 4.0,
  "spacing_z": 4.0,
  "summary_bg_k": 85.69847081248562,
  "summary_bg_mad": 8.515021324157715,
  "summary_bg_mean": 21.696571350097656,
  "summary_bg_median": 6.379310131072998,
  "summary_bg_n": 95492.0,
  "summary_bg_p05": 0.14942528307437897,
  "summary_bg_p95": 83.47126007080078,
  "summary_bg_stdv": 61.4524040222168,
  "summary_fg_k": 0.5505053187643596,
  "summary_fg_mad": 559.7022705078125,
  "summary_fg_mean": 1859.4322509765625,
  "summary_fg_median": 1825.896484375,
  "summary_fg_n": 19733.0,
  "summary_fg_p05": 825.7539794921875,
  "summary_fg_p95": 2944.32109375,
  "summary_fg_stdv": 628.626708984375,
  "tsnr": 70.1439437866211
}