{
  "aor": 0.0008188627450980392,
  "aqi": 0.001261088380392157,
  "bids_meta": {
    "AcquisitionDateTime": "2016-05-02T20:42:41.000000",
    "ConversionSoftware": "dcm2niix",
    "ConversionSoftwareVersion": "v1.0.20170411 GCC4.8.4",
    "EchoTime": 0.04,
    "FlipAngle": 90,
    "ImageType": [
      "ORIGINAL",
      "PRIMARY",
      "EPI",
      "NONE"
    ],
    "MagneticFieldStrength": 3,
    "Manufacturer": "GE",
    "ManufacturersModelName": "DISCOVERY_MR750",
    "ProcedureStepDescription": "ActosHabla",
    "ProtocolName": "fMRI_ActosHabla_3",
    "RepetitionTime": 2,
    "ScanningSequence": "EP_GR",
    "SequenceVariant": "SS",
    "SeriesDescription": "fMRI_ActosHabla_3",
    "dataset": "unknown",
    "modality": "bold",
    "run_id": 3,
    "subject_id": "03",
    "task_id": "rah"
  },
  "dummy_trs": 0,
  "dvars_nstd": 17.060644258858268,
  "dvars_std": 1.2168790102755895,
  "dvars_vstd": 0.9886913232677166,
  "efc": 0.36009966809719357,
  "fber": 79058.8359375,
  "fd_mean": 0.057412607595383996,
  "fd_num": 1,
  "fd_perc": 0.39215686274509803,
  "fwhm_avg": 2.863666666666667,
  "fwhm_x": 2.7219,
  "fwhm_y": 2.9319,
  "fwhm_z": 2.9372,
  "gcor": 0.03942,
  "gsr_x": -0.0015299171209335327,
  "gsr_y": 0.002380684018135071,
  "provenance": {
    "md5sum": "50b6b38939ec9c5f7c94a56ea7535d76",
    "settings": {
      "fd_thres": 0.2,
      "hmc_fsl": false
    },
    "software": "mriqc",
    "version": "0.15.2rc1",
    "webapi_port": null,
    "webapi_url": "https://mriqc.nimh.nih.gov/api/v1"
  },
  "size_t": 255,
  "size_x": 64,
  "size_y": 64,
  "size_z": 35,
  "snr": 2.8905286344421453,
  "spacing_tr": 2.0,
  "spacing_x": 4.0,
  "spacing_y": 4.0,
  "spacing_z": 4.0,
  "summary_bg_k": 94.9299772125828,
  "summary_bg_mad": 8.558395385742188,
  "summary_bg_mean": 21.750505447387695,
  "summary_bg_median": 6.411765098571777,
  "summary_bg_n": 95524.0,
  "summary_bg_p05": 0.13725490868091583,
  "summary_bg_p95": 84.19608306884766,
  "summary_bg_stdv": 62.05656051635742,
  "summary_fg_k": 0.5304858995239257,
  "summary_fg_mad": 558.7550048828125,
  "summary_fg_mean": 1843.7071533203125,
  "summary_fg_median": 1808.051025390625,
  "summary_fg_n": 19726.0,
  "summary_fg_p05": 830.8814392089844,
  "summary_fg_p95": 2932.56201171875,
  "summary_fg_stdv": 625.492919921875,
  "tsnr": 82.05207061767578
}