{
  "aor": 0.0010714173228346456,
  "aqi": 0.001115677405511811,
  "bids_meta": {
    "AcquisitionDateTime": "2016-05-02T20:32:27.000000",
    "ConversionSoftware": "dcm2niix",
    "ConversionSoftwareVersion": "v1.0.20170411 GCC4.8.4",
    "EchoTime": 0.04,
    "FlipAngle": 90,
    "ImageType": [
      "ORIGINAL",
      "PRIMARY",
      "EPI",
      "NONE"
    ],
    "MagneticFieldStrength": 3,
    "Manufacturer": "GE",
    "ManufacturersModelName": "DISCOVERY_MR750",
    "ProcedureStepDescription": "ActosHabla",
    "ProtocolName": "fMRI_ActosHabla_2",
    "RepetitionTime": 2,
    "ScanningSequence": "EP_GR",
    "SequenceVariant": "SS",
    "SeriesDescription": "fMRI_ActosHabla_2",
    "dataset": "unknown",
    "modality": "bold",
    "run_id": 2,
    "subject_id": "03",
    "task_id": "rah"
  },
  "dummy_trs": 0,
  "dvars_nstd": 16.61621298067194,
  "dvars_std": 1.2362957539130432,
  "dvars_vstd": 1.0139201588537552,
  "efc": 0.36035711374877905,
  "fber": 79628.6015625,
  "fd_mean": 0.05009741751608072,
  "fd_num": 2,
  "fd_perc": 0.7874015748031497,
  "fwhm_avg": 2.8601916666666667,
  "fwhm_x": 2.711575,
  "fwhm_y": 2.9279,
  "fwhm_z": 2.9411,
  "gcor": 0.0362127,
  "gsr_x": -0.0017724602948874235,
  "gsr_y": 0.0023150190245360136,
  "provenance": {
    "md5sum": "0a3f0a08172fb9f12e6132dca4f679f1",
    "settings": {
      "fd_thres": 0.2,
      "hmc_fsl": false
    },
    "software": "mriqc",
    "version": "0.15.2rc1",
    "webapi_port": null,
    "webapi_url": "https://mriqc.nimh.nih.gov/api/v1"
  },
  "size_t": 254,
  "size_x": 64,
  "size_y": 64,
  "size_z": 35,
  "snr": 2.906175869109884,
  "spacing_tr": 2.0,
  "spacing_x": 4.0,
  "spacing_y": 4.0,
  "spacing_z": 4.0,
  "summary_bg_k": 87.67419375241677,
  "summary_bg_mad": 8.615436553955078,
  "summary_bg_mean": 21.874526977539062,
  "summary_bg_median": 6.444881916046143,
  "summary_bg_n": 95572.0,
  "summary_bg_p05": 0.14173227548599243,
  "summary_bg_p95": 84.73208770751941,
  "summary_bg_stdv": 62.157527923583984,
  "summary_fg_k": 0.518649688623138,
  "summary_fg_mad": 560.0469970703125,
  "summary_fg_mean": 1851.8731689453125,
  "summary_fg_median": 1822.600341796875,
  "summary_fg_n": 19736.0,
  "summary_fg_p05": 811.5245819091797,
  "summary_fg_p95": 2929.1181030273438,
  "summary_fg_stdv": 627.1314086914062,
  "tsnr": 87.6176528930664
}