{
  "aor": 0.020775039370078737,
  "aqi": 0.005823637874015748,
  "bids_meta": {
    "AcquisitionMatrixPE": 64,
    "AcquisitionNumber": 1,
    "AcquisitionTime": "18:49:50.000000",
    "BodyPartExamined": "HEAD",
    "CoilString": "32Ch_Head",
    "ConversionSoftware": "dcm2niix",
    "ConversionSoftwareVersion": "v1.0.20181125  (JP2:OpenJPEG) GCC7.3.0",
    "DeviceSerialNumber": "0002806034DVR750",
    "EchoTime": 0.04,
    "EffectiveEchoSpacing": 0.000372,
    "FlipAngle": 90,
    "ImageOrientationPatientDICOM": [
      1,
      0,
      0,
      0,
      1,
      0
    ],
    "ImageType": [
      "ORIGINAL",
      "PRIMARY",
      "EPI",
      "NONE"
    ],
    "ImagingFrequency": 127.772,
    "InPlanePhaseEncodingDirectionDICOM": "COL",
    "InstitutionName": "INSTITUTO_DE_NEUROBIOLOGIA",
    "MRAcquisitionType": "2D",
    "MagneticFieldStrength": 3,
    "Manufacturer": "GE",
    "ManufacturersModelName": "DISCOVERY_MR750",
    "Modality": "MR",
    "PatientPosition": "HFS",
    "PercentPhaseFOV": 100,
    "PhaseEncodingDirection": "j",
    "PhaseEncodingPolarityGE": "Flipped",
    "PixelBandwidth": 7812.5,
    "ProcedureStepDescription": "Emociones_AH",
    "ProtocolName": "fMRI_Jalil_3",
    "ReconMatrixPE": 64,
    "RepetitionTime": 2,
    "SAR": 0.181367,
    "ScanOptions": "EPI_GEMS_ACC_GEMS",
    "ScanningSequence": "EP_GR",
    "SequenceVariant": "SS",
    "SeriesDescription": "fMRI_Jalil_3",
    "SeriesNumber": 8,
    "SliceThickness": 4,
    "SliceTiming": [
      0,
      1.0285,
      0.0571001,
      1.0857,
      0.1142,
      1.1428,
      0.1714,
      1.2,
      0.2285,
      1.2571,
      0.2857,
      1.3143,
      0.3428,
      1.3714,
      0.4,
      1.4286,
      0.4571,
      1.4857,
      0.5142,
      1.5428,
      0.5714,
      1.6,
      0.6285,
      1.6571,
      0.6857,
      1.7143,
      0.7428,
      1.7714,
      0.8,
      1.8285,
      0.8571,
      1.8857,
      0.9143,
      1.9428,
      0.9714
    ],
    "SoftwareVersions": "27_LX_MR_Software_release:DV26.0_R02_1810.b",
    "SpacingBetweenSlices": 4,
    "StationName": "GEHCGEHC",
    "TaskName": "eah",
    "TotalReadoutTime": 0.023436,
    "dataset": "unknown",
    "modality": "bold",
    "run_id": 3,
    "subject_id": "39",
    "task_id": "eah"
  },
  "dummy_trs": 0,
  "dvars_nstd": 20.00728555893281,
  "dvars_std": 1.0344724584980238,
  "dvars_vstd": 0.9862021245454543,
  "efc": 0.351809163239111,
  "fber": 86850.34375,
  "fd_mean": 0.13049445526542952,
  "fd_num": 27,
  "fd_perc": 10.62992125984252,
  "fwhm_avg": 2.7125749999999997,
  "fwhm_x": 2.608375,
  "fwhm_y": 2.90805,
  "fwhm_z": 2.6213,
  "gcor": 0.0437966,
  "gsr_x": 0.0046839285641908646,
  "gsr_y": -0.0018948328215628862,
  "provenance": {
    "md5sum": "4b92b8285f6bc075aa4535251787ca2f",
    "settings": {
      "fd_thres": 0.2,
      "hmc_fsl": false
    },
    "software": "mriqc",
    "version": "0.15.2rc1",
    "webapi_port": null,
    "webapi_url": "https://mriqc.nimh.nih.gov/api/v1"
  },
  "size_t": 254,
  "size_x": 64,
  "size_y": 64,
  "size_z": 35,
  "snr": 2.9542763508004954,
  "spacing_tr": 2.0,
  "spacing_x": 4.0,
  "spacing_y": 4.0,
  "spacing_z": 4.0,
  "summary_bg_k": 93.73670315339837,
  "summary_bg_mad": 8.510370254516602,
  "summary_bg_mean": 27.000394821166992,
  "summary_bg_median": 6.405511856079102,
  "summary_bg_n": 97663.0,
  "summary_bg_p05": 0.20472440123558044,
  "summary_bg_p95": 109.17991790771477,
  "summary_bg_stdv": 84.36702728271484,
  "summary_fg_k": 0.06546515636882999,
  "summary_fg_mad": 617.1768798828125,
  "summary_fg_mean": 1925.992919921875,
  "summary_fg_median": 1910.82080078125,
  "summary_fg_n": 18104.0,
  "summary_fg_p05": 847.5696899414063,
  "summary_fg_p95": 3011.6223510742184,
  "summary_fg_stdv": 646.7803955078125,
  "tsnr": 38.17374038696289
}