{
  "aor": 0.002934910714285714,
  "aqi": 0.0024590814151785713,
  "bids_meta": {
    "AcquisitionMatrixPE": 64,
    "AcquisitionNumber": 1,
    "AcquisitionTime": "18:41:34.000000",
    "BodyPartExamined": "HEAD",
    "CoilString": "32Ch_Head",
    "ConversionSoftware": "dcm2niix",
    "ConversionSoftwareVersion": "v1.0.20181125  (JP2:OpenJPEG) GCC7.3.0",
    "DeviceSerialNumber": "0002806034DVR750",
    "EchoTime": 0.04,
    "EffectiveEchoSpacing": 0.000372,
    "FlipAngle": 90,
    "ImageOrientationPatientDICOM": [
      1,
      0,
      0,
      0,
      1,
      0
    ],
    "ImageType": [
      "ORIGINAL",
      "PRIMARY",
      "EPI",
      "NONE"
    ],
    "ImagingFrequency": 127.772,
    "InPlanePhaseEncodingDirectionDICOM": "COL",
    "InstitutionName": "INSTITUTO_DE_NEUROBIOLOGIA",
    "MRAcquisitionType": "2D",
    "MagneticFieldStrength": 3,
    "Manufacturer": "GE",
    "ManufacturersModelName": "DISCOVERY_MR750",
    "Modality": "MR",
    "PatientPosition": "HFS",
    "PercentPhaseFOV": 100,
    "PhaseEncodingDirection": "j",
    "PhaseEncodingPolarityGE": "Flipped",
    "PixelBandwidth": 7812.5,
    "ProcedureStepDescription": "Emociones_AH",
    "ProtocolName": "fMRI_Jalil_2",
    "ReconMatrixPE": 64,
    "RepetitionTime": 2,
    "SAR": 0.181367,
    "ScanOptions": "EPI_GEMS_ACC_GEMS",
    "ScanningSequence": "EP_GR",
    "SequenceVariant": "SS",
    "SeriesDescription": "fMRI_Jalil_2",
    "SeriesNumber": 7,
    "SliceThickness": 4,
    "SliceTiming": [
      0,
      1.0285,
      0.0571001,
      1.0857,
      0.1142,
      1.1428,
      0.1714,
      1.2,
      0.2285,
      1.2571,
      0.2857,
      1.3143,
      0.3428,
      1.3714,
      0.4,
      1.4286,
      0.4571,
      1.4857,
      0.5142,
      1.5428,
      0.5714,
      1.6,
      0.6285,
      1.6571,
      0.6857,
      1.7143,
      0.7428,
      1.7714,
      0.8,
      1.8285,
      0.8571,
      1.8857,
      0.9143,
      1.9428,
      0.9714
    ],
    "SoftwareVersions": "27_LX_MR_Software_release:DV26.0_R02_1810.b",
    "SpacingBetweenSlices": 4,
    "StationName": "GEHCGEHC",
    "TaskName": "eah",
    "TotalReadoutTime": 0.023436,
    "dataset": "unknown",
    "modality": "bold",
    "run_id": 2,
    "subject_id": "39",
    "task_id": "eah"
  },
  "dummy_trs": 0,
  "dvars_nstd": 18.019146294977574,
  "dvars_std": 1.0906561563677133,
  "dvars_vstd": 0.9720996434080714,
  "efc": 0.3519484896433179,
  "fber": 91280.8046875,
  "fd_mean": 0.10551186360707397,
  "fd_num": 10,
  "fd_perc": 4.464285714285714,
  "fwhm_avg": 2.6908250000000002,
  "fwhm_x": 2.596925,
  "fwhm_y": 2.8829,
  "fwhm_z": 2.59265,
  "gcor": 0.0649315,
  "gsr_x": 0.004906045272946358,
  "gsr_y": -0.002357299206778407,
  "provenance": {
    "md5sum": "95387113ec054a02e4c423ea228016c6",
    "settings": {
      "fd_thres": 0.2,
      "hmc_fsl": false
    },
    "software": "mriqc",
    "version": "0.15.2rc1",
    "webapi_port": null,
    "webapi_url": "https://mriqc.nimh.nih.gov/api/v1"
  },
  "size_t": 224,
  "size_x": 64,
  "size_y": 64,
  "size_z": 35,
  "snr": 2.9717615091155,
  "spacing_tr": 2.0,
  "spacing_x": 4.0,
  "spacing_y": 4.0,
  "spacing_z": 4.0,
  "summary_bg_k": 89.56383715264268,
  "summary_bg_mad": 8.359495162963867,
  "summary_bg_mean": 27.301877975463867,
  "summary_bg_median": 6.281250476837158,
  "summary_bg_n": 97637.0,
  "summary_bg_p05": 0.1785714328289032,
  "summary_bg_p95": 111.0160766601562,
  "summary_bg_stdv": 86.82774353027344,
  "summary_fg_k": 0.07870992861591075,
  "summary_fg_mad": 614.2442016601562,
  "summary_fg_mean": 1932.84765625,
  "summary_fg_median": 1918.08935546875,
  "summary_fg_n": 18124.0,
  "summary_fg_p05": 862.4558349609375,
  "summary_fg_p95": 3016.026696777343,
  "summary_fg_stdv": 645.4207153320312,
  "tsnr": 57.10634231567383
}