{
  "aor": 0.002479917355371901,
  "aqi": 0.004454898264462811,
  "bids_meta": {
    "AcquisitionMatrixPE": 64,
    "AcquisitionNumber": 1,
    "AcquisitionTime": "18:32:4.000000",
    "BodyPartExamined": "HEAD",
    "CoilString": "32Ch_Head",
    "ConversionSoftware": "dcm2niix",
    "ConversionSoftwareVersion": "v1.0.20181125  (JP2:OpenJPEG) GCC7.3.0",
    "DeviceSerialNumber": "0002806034DVR750",
    "EchoTime": 0.04,
    "EffectiveEchoSpacing": 0.000372,
    "FlipAngle": 90,
    "ImageOrientationPatientDICOM": [
      1,
      0,
      0,
      0,
      1,
      0
    ],
    "ImageType": [
      "ORIGINAL",
      "PRIMARY",
      "EPI",
      "NONE"
    ],
    "ImagingFrequency": 127.772,
    "InPlanePhaseEncodingDirectionDICOM": "COL",
    "InstitutionName": "INSTITUTO_DE_NEUROBIOLOGIA",
    "MRAcquisitionType": "2D",
    "MagneticFieldStrength": 3,
    "Manufacturer": "GE",
    "ManufacturersModelName": "DISCOVERY_MR750",
    "Modality": "MR",
    "PatientPosition": "HFS",
    "PercentPhaseFOV": 100,
    "PhaseEncodingDirection": "j",
    "PhaseEncodingPolarityGE": "Flipped",
    "PixelBandwidth": 7812.5,
    "ProcedureStepDescription": "Emociones_AH",
    "ProtocolName": "fMRI_Jalil_1",
    "ReconMatrixPE": 64,
    "RepetitionTime": 2,
    "SAR": 0.181367,
    "ScanOptions": "EPI_GEMS_ACC_GEMS",
    "ScanningSequence": "EP_GR",
    "SequenceVariant": "SS",
    "SeriesDescription": "fMRI_Jalil_1",
    "SeriesNumber": 5,
    "SliceThickness": 4,
    "SliceTiming": [
      0,
      1.0285,
      0.0571001,
      1.0857,
      0.1142,
      1.1428,
      0.1714,
      1.2,
      0.2285,
      1.2571,
      0.2857,
      1.3143,
      0.3428,
      1.3714,
      0.4,
      1.4286,
      0.4571,
      1.4857,
      0.5142,
      1.5428,
      0.5714,
      1.6,
      0.6285,
      1.6571,
      0.6857,
      1.7143,
      0.7428,
      1.7714,
      0.8,
      1.8285,
      0.8571,
      1.8857,
      0.9143,
      1.9428,
      0.9714
    ],
    "SoftwareVersions": "27_LX_MR_Software_release:DV26.0_R02_1810.b",
    "SpacingBetweenSlices": 4,
    "StationName": "GEHCGEHC",
    "TaskName": "eah",
    "TotalReadoutTime": 0.023436,
    "dataset": "unknown",
    "modality": "bold",
    "run_id": 1,
    "subject_id": "39",
    "task_id": "eah"
  },
  "dummy_trs": 0,
  "dvars_nstd": 18.567441409834025,
  "dvars_std": 1.024186058755187,
  "dvars_vstd": 0.9313274928215766,
  "efc": 0.35184685278287225,
  "fber": 91124.53125,
  "fd_mean": 0.1382866673523789,
  "fd_num": 29,
  "fd_perc": 11.983471074380166,
  "fwhm_avg": 2.70455,
  "fwhm_x": 2.6056,
  "fwhm_y": 2.908975,
  "fwhm_z": 2.599075,
  "gcor": 0.0155649,
  "gsr_x": 0.004428579937666655,
  "gsr_y": -0.0019241349073126912,
  "provenance": {
    "md5sum": "9a4c6fddce41d491935bf21e96cfdab3",
    "settings": {
      "fd_thres": 0.2,
      "hmc_fsl": false
    },
    "software": "mriqc",
    "version": "0.15.2rc1",
    "webapi_port": null,
    "webapi_url": "https://mriqc.nimh.nih.gov/api/v1"
  },
  "size_t": 242,
  "size_x": 64,
  "size_y": 64,
  "size_z": 35,
  "snr": 2.953960264220257,
  "spacing_tr": 2.0,
  "spacing_x": 4.0,
  "spacing_y": 4.0,
  "spacing_z": 4.0,
  "summary_bg_k": 112.21099180200598,
  "summary_bg_mad": 8.380990982055664,
  "summary_bg_mean": 26.754226684570312,
  "summary_bg_median": 6.2892560958862305,
  "summary_bg_n": 97557.0,
  "summary_bg_p05": 0.1694214791059494,
  "summary_bg_p95": 105.94627838134758,
  "summary_bg_stdv": 86.84320831298828,
  "summary_fg_k": 0.0710272539300707,
  "summary_fg_mad": 616.7871704101562,
  "summary_fg_mean": 1929.256591796875,
  "summary_fg_median": 1917.43994140625,
  "summary_fg_n": 18188.0,
  "summary_fg_p05": 839.9832489013672,
  "summary_fg_p95": 3013.0580932617167,
  "summary_fg_stdv": 649.0903930664062,
  "tsnr": 49.82830810546875
}