{
  "aor": 0.008535436241610737,
  "aqi": 0.0064368102684563755,
  "bids_meta": {
    "AcquisitionMatrixPE": 64,
    "AcquisitionNumber": 1,
    "AcquisitionTime": "18:18:53.000000",
    "BodyPartExamined": "HEAD",
    "CoilString": "32Ch_Head",
    "ConversionSoftware": "dcm2niix",
    "ConversionSoftwareVersion": "v1.0.20181125  (JP2:OpenJPEG) GCC7.3.0",
    "DeviceSerialNumber": "0002806034DVR750",
    "EchoTime": 0.04,
    "EffectiveEchoSpacing": 0.000372,
    "FlipAngle": 90,
    "ImageOrientationPatientDICOM": [
      1,
      0,
      0,
      0,
      1,
      0
    ],
    "ImageType": [
      "ORIGINAL",
      "PRIMARY",
      "EPI",
      "NONE"
    ],
    "ImagingFrequency": 127.772,
    "InPlanePhaseEncodingDirectionDICOM": "COL",
    "InstitutionName": "INSTITUTO_DE_NEUROBIOLOGIA",
    "MRAcquisitionType": "2D",
    "MagneticFieldStrength": 3,
    "Manufacturer": "GE",
    "ManufacturersModelName": "DISCOVERY_MR750",
    "Modality": "MR",
    "PatientPosition": "HFS",
    "PercentPhaseFOV": 100,
    "PhaseEncodingDirection": "j",
    "PhaseEncodingPolarityGE": "Flipped",
    "PixelBandwidth": 7812.5,
    "ProcedureStepDescription": "Emociones_AH",
    "ProtocolName": "fMRI_RestState",
    "ReconMatrixPE": 64,
    "RepetitionTime": 2,
    "SAR": 0.182981,
    "ScanOptions": "EPI_GEMS_ACC_GEMS",
    "ScanningSequence": "EP_GR",
    "SequenceVariant": "SS",
    "SeriesDescription": "fMRI_RestState",
    "SeriesNumber": 3,
    "SliceThickness": 4,
    "SliceTiming": [
      0,
      1.0285,
      0.0571001,
      1.0857,
      0.1142,
      1.1428,
      0.1714,
      1.2,
      0.2285,
      1.2571,
      0.2857,
      1.3143,
      0.3428,
      1.3714,
      0.4,
      1.4286,
      0.4571,
      1.4857,
      0.5142,
      1.5428,
      0.5714,
      1.6,
      0.6285,
      1.6571,
      0.6857,
      1.7143,
      0.7428,
      1.7714,
      0.8,
      1.8285,
      0.8571,
      1.8857,
      0.9143,
      1.9428,
      0.9714
    ],
    "SoftwareVersions": "27_LX_MR_Software_release:DV26.0_R02_1810.b",
    "SpacingBetweenSlices": 4,
    "StationName": "GEHCGEHC",
    "TaskName": "rest",
    "TotalReadoutTime": 0.023436,
    "dataset": "unknown",
    "modality": "bold",
    "subject_id": "39",
    "task_id": "rest"
  },
  "dummy_trs": 2,
  "dvars_nstd": 16.260531926599324,
  "dvars_std": 1.005733165218855,
  "dvars_vstd": 0.9292926620875429,
  "efc": 0.3522418326845665,
  "fber": 94446.6015625,
  "fd_mean": 0.08808430799962583,
  "fd_num": 7,
  "fd_perc": 2.348993288590604,
  "fwhm_avg": 2.7335499999999997,
  "fwhm_x": 2.6125,
  "fwhm_y": 2.93455,
  "fwhm_z": 2.6536,
  "gcor": 0.0424094,
  "gsr_x": 0.003970178309828043,
  "gsr_y": 0.000987971550785005,
  "provenance": {
    "md5sum": "f28cc23c602c6483718afb0a312d8489",
    "settings": {
      "fd_thres": 0.2,
      "hmc_fsl": false
    },
    "software": "mriqc",
    "version": "0.15.2rc1",
    "webapi_port": null,
    "webapi_url": "https://mriqc.nimh.nih.gov/api/v1"
  },
  "size_t": 298,
  "size_x": 64,
  "size_y": 64,
  "size_z": 35,
  "snr": 3.0014553347108266,
  "spacing_tr": 2.0,
  "spacing_x": 4.0,
  "spacing_y": 4.0,
  "spacing_z": 4.0,
  "summary_bg_k": 214.6256060222186,
  "summary_bg_mad": 8.273716926574707,
  "summary_bg_mean": 27.4376277923584,
  "summary_bg_median": 6.255033493041992,
  "summary_bg_n": 97474.0,
  "summary_bg_p05": 0.2214765101671219,
  "summary_bg_p95": 105.15469856262189,
  "summary_bg_stdv": 96.95326232910156,
  "summary_fg_k": 0.0279123949261737,
  "summary_fg_mad": 620.9840087890625,
  "summary_fg_mean": 1959.5738525390625,
  "summary_fg_median": 1945.36083984375,
  "summary_fg_n": 18212.0,
  "summary_fg_p05": 875.9442962646485,
  "summary_fg_p95": 3040.248559570313,
  "summary_fg_stdv": 648.1213989257812,
  "tsnr": 41.14955139160156
}