{
  "aor": 0.002794128440366973,
  "aqi": 0.003425463119266055,
  "bids_meta": {
    "AcquisitionDateTime": "2017-01-09T19:42:49.000000",
    "ConversionSoftware": "dcm2niix",
    "ConversionSoftwareVersion": "v1.0.20170411 GCC4.8.4",
    "EchoTime": 0.04,
    "FlipAngle": 90,
    "ImageType": [
      "ORIGINAL",
      "PRIMARY",
      "EPI",
      "NONE"
    ],
    "MagneticFieldStrength": 3,
    "Manufacturer": "GE",
    "ManufacturersModelName": "DISCOVERY_MR750",
    "ProcedureStepDescription": "CompRefranes",
    "ProtocolName": "fMRI_Comprension_2",
    "RepetitionTime": 2,
    "ScanningSequence": "EP_GR",
    "SequenceVariant": "SS",
    "SeriesDescription": "fMRI_Comprension_2",
    "dataset": "unknown",
    "modality": "bold",
    "run_id": 2,
    "subject_id": "56",
    "task_id": "cr"
  },
  "dummy_trs": 0,
  "dvars_nstd": 21.186550364700455,
  "dvars_std": 1.1147834729032262,
  "dvars_vstd": 0.973624927880185,
  "efc": 0.34740249824951147,
  "fber": 121445.8984375,
  "fd_mean": 0.13282120108772377,
  "fd_num": 19,
  "fd_perc": 8.715596330275229,
  "fwhm_avg": 2.8313583333333336,
  "fwhm_x": 2.676,
  "fwhm_y": 3.028,
  "fwhm_z": 2.790075,
  "gcor": 0.015755,
  "gsr_x": -0.006466606166213751,
  "gsr_y": 0.00867557618767023,
  "provenance": {
    "md5sum": "93a666f4752b13d18a462aeb33093979",
    "settings": {
      "fd_thres": 0.2,
      "hmc_fsl": false
    },
    "software": "mriqc",
    "version": "0.15.2rc1",
    "webapi_port": null,
    "webapi_url": "https://mriqc.nimh.nih.gov/api/v1"
  },
  "size_t": 218,
  "size_x": 64,
  "size_y": 64,
  "size_z": 34,
  "snr": 2.9704211745760487,
  "spacing_tr": 2.0,
  "spacing_x": 4.0,
  "spacing_y": 4.0,
  "spacing_z": 4.0,
  "summary_bg_k": 110.40326624409958,
  "summary_bg_mad": 7.174977779388428,
  "summary_bg_mean": 22.197738647460938,
  "summary_bg_median": 5.399082183837891,
  "summary_bg_n": 94318.0,
  "summary_bg_p05": 0.27981650829315186,
  "summary_bg_p95": 86.9823390960693,
  "summary_bg_stdv": 61.67824935913086,
  "summary_fg_k": 0.44754630020517006,
  "summary_fg_mad": 538.225341796875,
  "summary_fg_mean": 1875.1732177734375,
  "summary_fg_median": 1832.9150390625,
  "summary_fg_n": 18050.0,
  "summary_fg_p05": 860.3251861572267,
  "summary_fg_p95": 2951.856042480469,
  "summary_fg_stdv": 617.0385131835938,
  "tsnr": 51.58583450317383
}