{
  "bids_meta": {
    "AcquisitionMatrixPE": 256,
    "AcquisitionNumber": 1,
    "AcquisitionTime": "19:33:51.000000",
    "BodyPartExamined": "HEAD",
    "CoilString": "32Ch_Head",
    "ConversionSoftware": "dcm2niix",
    "ConversionSoftwareVersion": "v1.0.20181125  (JP2:OpenJPEG) GCC7.3.0",
    "DeviceSerialNumber": "0002806034DVR750",
    "EchoTime": 0.003192,
    "FlipAngle": 12,
    "ImageOrientationPatientDICOM": [
      0,
      1,
      0,
      0,
      0,
      -1
    ],
    "ImageType": [
      "ORIGINAL",
      "PRIMARY",
      "OTHER"
    ],
    "ImagingFrequency": 127.772,
    "InPlanePhaseEncodingDirectionDICOM": "ROW",
    "InstitutionName": "INSTITUTO_DE_NEUROBIOLOGIA",
    "InversionTime": 0.45,
    "MRAcquisitionType": "3D",
    "MagneticFieldStrength": 3,
    "Manufacturer": "GE",
    "ManufacturersModelName": "DISCOVERY_MR750",
    "Modality": "MR",
    "PatientPosition": "HFS",
    "PercentPhaseFOV": 100,
    "PixelBandwidth": 244.141,
    "ProcedureStepDescription": "Emociones_AH",
    "ProtocolName": "Sag_T1_FSPGR_BRAVO",
    "ReconMatrixPE": 256,
    "RepetitionTime": 0.008184,
    "SAR": 0.112132,
    "ScanOptions": "FAST_GEMS_EDR_GEMS_FILTERED_GEMS_ACC_GEMS_IR_GEMS",
    "ScanningSequence": "GR",
    "SequenceVariant": "SS_SP_SK",
    "SeriesDescription": "Sag_T1_FSPGR_BRAVO",
    "SeriesNumber": 11,
    "SliceThickness": 1,
    "SoftwareVersions": "27_LX_MR_Software_release:DV26.0_R02_1810.b",
    "SpacingBetweenSlices": 1,
    "StationName": "GEHCGEHC",
    "dataset": "unknown",
    "modality": "T1w",
    "subject_id": "28"
  },
  "cjv": 0.4688664714230765,
  "cnr": 2.9008390810440448,
  "efc": 0.6306915443586029,
  "fber": 33046.4140625,
  "fwhm_avg": 3.5998033333333335,
  "fwhm_x": 3.62022,
  "fwhm_y": 3.80555,
  "fwhm_z": 3.37364,
  "icvs_csf": 0.21095320720203828,
  "icvs_gm": 0.43336545961649137,
  "icvs_wm": 0.3556813331814704,
  "inu_med": 1.058640718460083,
  "inu_range": 0.33985973000526426,
  "provenance": {
    "md5sum": "72d57612e3c8badafe15e5950184cc01",
    "settings": {
      "testing": false
    },
    "software": "mriqc",
    "version": "0.15.2rc1",
    "warnings": {
      "large_rot_frame": true,
      "small_air_mask": false
    },
    "webapi_port": null,
    "webapi_url": "https://mriqc.nimh.nih.gov/api/v1"
  },
  "qi_1": 0.0,
  "qi_2": 0.004001644394809951,
  "rpve_csf": 23.17649228773537,
  "rpve_gm": 12.189803155731768,
  "rpve_wm": 17.85528851771928,
  "size_x": 176,
  "size_y": 256,
  "size_z": 256,
  "snr_csf": 3.0715522649506704,
  "snr_gm": 10.051387944604672,
  "snr_total": 10.518409976610103,
  "snr_wm": 18.43228972027497,
  "snrd_csf": 53.759313036383425,
  "snrd_gm": 106.33214828384993,
  "snrd_total": 101.64897810902467,
  "snrd_wm": 144.85547300684067,
  "spacing_x": 1.0,
  "spacing_y": 1.0,
  "spacing_z": 1.0,
  "summary_bg_k": 17.321330722841264,
  "summary_bg_mad": 4.522771835327148,
  "summary_bg_mean": 8.277663230895996,
  "summary_bg_median": 3.8148820400238037,
  "summary_bg_n": 1824578.0,
  "summary_bg_p05": 0.0,
  "summary_bg_p95": 30.433031845092763,
  "summary_bg_stdv": 11.327183723449707,
  "summary_csf_k": -0.4021483025543686,
  "summary_csf_mad": 139.41116333007812,
  "summary_csf_mean": 384.29290771484375,
  "summary_csf_median": 371.1305236816406,
  "summary_csf_n": 18434.0,
  "summary_csf_p05": 212.4379997253418,
  "summary_csf_p95": 583.722100830078,
  "summary_csf_stdv": 120.8250503540039,
  "summary_gm_k": 0.08497214524094554,
  "summary_gm_mad": 71.97959899902344,
  "summary_gm_mean": 734.6245727539062,
  "summary_gm_median": 734.0701293945312,
  "summary_gm_n": 25015.0,
  "summary_gm_p05": 615.3834045410156,
  "summary_gm_p95": 856.206719970703,
  "summary_gm_stdv": 73.03025817871094,
  "summary_wm_k": 0.3282519488415274,
  "summary_wm_mad": 52.714500427246094,
  "summary_wm_mean": 1002.2577514648438,
  "summary_wm_median": 1000.0181274414062,
  "summary_wm_n": 218908.0,
  "summary_wm_p05": 916.869351196289,
  "summary_wm_p95": 1094.569091796875,
  "summary_wm_stdv": 54.25347900390625,
  "tpm_overlap_csf": 0.21678383648395538,
  "tpm_overlap_gm": 0.510080099105835,
  "tpm_overlap_wm": 0.5679670572280884,
  "wm2max": 0.42671092816384515
}