{
  "aor": 0.008631535433070867,
  "aqi": 0.0033968305118110237,
  "bids_meta": {
    "AcquisitionMatrixPE": 64,
    "AcquisitionNumber": 1,
    "AcquisitionTime": "18:49:35.000000",
    "BodyPartExamined": "HEAD",
    "CoilString": "32Ch_Head",
    "ConversionSoftware": "dcm2niix",
    "ConversionSoftwareVersion": "v1.0.20181125  (JP2:OpenJPEG) GCC7.3.0",
    "DeviceSerialNumber": "0002806034DVR750",
    "EchoTime": 0.04,
    "EffectiveEchoSpacing": 0.000372,
    "FlipAngle": 90,
    "ImageOrientationPatientDICOM": [
      1,
      0,
      0,
      0,
      1,
      0
    ],
    "ImageType": [
      "ORIGINAL",
      "PRIMARY",
      "EPI",
      "NONE"
    ],
    "ImagingFrequency": 127.772,
    "InPlanePhaseEncodingDirectionDICOM": "COL",
    "InstitutionName": "INSTITUTO_DE_NEUROBIOLOGIA",
    "MRAcquisitionType": "2D",
    "MagneticFieldStrength": 3,
    "Manufacturer": "GE",
    "ManufacturersModelName": "DISCOVERY_MR750",
    "Modality": "MR",
    "PatientPosition": "HFS",
    "PercentPhaseFOV": 100,
    "PhaseEncodingDirection": "j",
    "PhaseEncodingPolarityGE": "Flipped",
    "PixelBandwidth": 7812.5,
    "ProcedureStepDescription": "Emociones_AH",
    "ProtocolName": "fMRI_Jalil_3",
    "ReconMatrixPE": 64,
    "RepetitionTime": 2,
    "SAR": 0.208694,
    "ScanOptions": "EPI_GEMS_ACC_GEMS",
    "ScanningSequence": "EP_GR",
    "SequenceVariant": "SS",
    "SeriesDescription": "fMRI_Jalil_3",
    "SeriesNumber": 7,
    "SliceThickness": 4,
    "SliceTiming": [
      0,
      1.0285,
      0.0571001,
      1.0857,
      0.1142,
      1.1428,
      0.1714,
      1.2,
      0.2285,
      1.2571,
      0.2857,
      1.3143,
      0.3428,
      1.3714,
      0.4,
      1.4286,
      0.4571,
      1.4857,
      0.5142,
      1.5428,
      0.5714,
      1.6,
      0.6285,
      1.6571,
      0.6857,
      1.7143,
      0.7428,
      1.7714,
      0.8,
      1.8285,
      0.8571,
      1.8857,
      0.9143,
      1.9428,
      0.9714
    ],
    "SoftwareVersions": "27_LX_MR_Software_release:DV26.0_R02_1810.b",
    "SpacingBetweenSlices": 4,
    "StationName": "GEHCGEHC",
    "TaskName": "eah",
    "TotalReadoutTime": 0.023436,
    "dataset": "unknown",
    "modality": "bold",
    "run_id": 3,
    "subject_id": "27",
    "task_id": "eah"
  },
  "dummy_trs": 0,
  "dvars_nstd": 24.356457913517783,
  "dvars_std": 1.1588894858893282,
  "dvars_vstd": 1.0692247604347827,
  "efc": 0.3698392110051874,
  "fber": 59754.10546875,
  "fd_mean": 0.22390779246285522,
  "fd_num": 81,
  "fd_perc": 31.88976377952756,
  "fwhm_avg": 2.8219583333333333,
  "fwhm_x": 2.71355,
  "fwhm_y": 2.9833,
  "fwhm_z": 2.769025,
  "gcor": 0.0823023,
  "gsr_x": -0.007800991181284189,
  "gsr_y": 0.00911164190620184,
  "provenance": {
    "md5sum": "9d4fd47dccad18eb3e83a8cf8ae1c0ac",
    "settings": {
      "fd_thres": 0.2,
      "hmc_fsl": false
    },
    "software": "mriqc",
    "version": "0.15.2rc1",
    "webapi_port": null,
    "webapi_url": "https://mriqc.nimh.nih.gov/api/v1"
  },
  "size_t": 254,
  "size_x": 64,
  "size_y": 64,
  "size_z": 35,
  "snr": 2.785933296689943,
  "spacing_tr": 2.0,
  "spacing_x": 4.0,
  "spacing_y": 4.0,
  "spacing_z": 4.0,
  "summary_bg_k": 57.93688952097228,
  "summary_bg_mad": 9.666099548339844,
  "summary_bg_mean": 31.97918701171875,
  "summary_bg_median": 6.940944671630859,
  "summary_bg_n": 95898.0,
  "summary_bg_p05": 0.11023622006177902,
  "summary_bg_p95": 156.42146148681624,
  "summary_bg_stdv": 85.73316955566406,
  "summary_fg_k": 0.0577214455901256,
  "summary_fg_mad": 578.763671875,
  "summary_fg_mean": 1751.3277587890625,
  "summary_fg_median": 1738.405517578125,
  "summary_fg_n": 19522.0,
  "summary_fg_p05": 640.78935546875,
  "summary_fg_p95": 2786.9697753906257,
  "summary_fg_stdv": 623.9779663085938,
  "tsnr": 46.211456298828125
}