{
  "aor": 0.004214586776859504,
  "aqi": 0.0022139794834710744,
  "bids_meta": {
    "AcquisitionMatrixPE": 64,
    "AcquisitionNumber": 1,
    "AcquisitionTime": "18:31:50.000000",
    "BodyPartExamined": "HEAD",
    "CoilString": "32Ch_Head",
    "ConversionSoftware": "dcm2niix",
    "ConversionSoftwareVersion": "v1.0.20181125  (JP2:OpenJPEG) GCC7.3.0",
    "DeviceSerialNumber": "0002806034DVR750",
    "EchoTime": 0.04,
    "EffectiveEchoSpacing": 0.000372,
    "FlipAngle": 90,
    "ImageOrientationPatientDICOM": [
      1,
      0,
      0,
      0,
      1,
      0
    ],
    "ImageType": [
      "ORIGINAL",
      "PRIMARY",
      "EPI",
      "NONE"
    ],
    "ImagingFrequency": 127.772,
    "InPlanePhaseEncodingDirectionDICOM": "COL",
    "InstitutionName": "INSTITUTO_DE_NEUROBIOLOGIA",
    "MRAcquisitionType": "2D",
    "MagneticFieldStrength": 3,
    "Manufacturer": "GE",
    "ManufacturersModelName": "DISCOVERY_MR750",
    "Modality": "MR",
    "PatientPosition": "HFS",
    "PercentPhaseFOV": 100,
    "PhaseEncodingDirection": "j",
    "PhaseEncodingPolarityGE": "Flipped",
    "PixelBandwidth": 7812.5,
    "ProcedureStepDescription": "Emociones_AH",
    "ProtocolName": "fMRI_Jalil_1",
    "ReconMatrixPE": 64,
    "RepetitionTime": 2,
    "SAR": 0.212945,
    "ScanOptions": "EPI_GEMS_ACC_GEMS",
    "ScanningSequence": "EP_GR",
    "SequenceVariant": "SS",
    "SeriesDescription": "fMRI_Jalil_1",
    "SeriesNumber": 5,
    "SliceThickness": 4,
    "SliceTiming": [
      0,
      1.0285,
      0.0571001,
      1.0857,
      0.1142,
      1.1428,
      0.1714,
      1.2,
      0.2285,
      1.2571,
      0.2857,
      1.3143,
      0.3428,
      1.3714,
      0.4,
      1.4286,
      0.4571,
      1.4857,
      0.5142,
      1.5428,
      0.5714,
      1.6,
      0.6285,
      1.6571,
      0.6857,
      1.7143,
      0.7428,
      1.7714,
      0.8,
      1.8285,
      0.8571,
      1.8857,
      0.9143,
      1.9428,
      0.9714
    ],
    "SoftwareVersions": "27_LX_MR_Software_release:DV26.0_R02_1810.b",
    "SpacingBetweenSlices": 4,
    "StationName": "GEHCGEHC",
    "TaskName": "eah",
    "TotalReadoutTime": 0.023436,
    "dataset": "unknown",
    "modality": "bold",
    "run_id": 1,
    "subject_id": "27",
    "task_id": "eah"
  },
  "dummy_trs": 0,
  "dvars_nstd": 19.367207226556012,
  "dvars_std": 1.0950191530705398,
  "dvars_vstd": 1.0037955948132784,
  "efc": 0.3669663336781389,
  "fber": 45433.9921875,
  "fd_mean": 0.12264503229302812,
  "fd_num": 24,
  "fd_perc": 9.917355371900827,
  "fwhm_avg": 2.788858333333333,
  "fwhm_x": 2.607325,
  "fwhm_y": 2.8935,
  "fwhm_z": 2.86575,
  "gcor": 0.031541,
  "gsr_x": -0.0076356609351933,
  "gsr_y": 0.009704931639134884,
  "provenance": {
    "md5sum": "6d79d5e3d475da4c123dc3665090cb11",
    "settings": {
      "fd_thres": 0.2,
      "hmc_fsl": false
    },
    "software": "mriqc",
    "version": "0.15.2rc1",
    "webapi_port": null,
    "webapi_url": "https://mriqc.nimh.nih.gov/api/v1"
  },
  "size_t": 242,
  "size_x": 64,
  "size_y": 64,
  "size_z": 35,
  "snr": 2.8413590737045142,
  "spacing_tr": 2.0,
  "spacing_x": 4.0,
  "spacing_y": 4.0,
  "spacing_z": 4.0,
  "summary_bg_k": 48.837788779408385,
  "summary_bg_mad": 11.66477108001709,
  "summary_bg_mean": 35.95505905151367,
  "summary_bg_median": 8.355371475219727,
  "summary_bg_n": 98268.0,
  "summary_bg_p05": 0.10330577939748764,
  "summary_bg_p95": 170.31921005249012,
  "summary_bg_stdv": 93.9301986694336,
  "summary_fg_k": 0.055587124008408484,
  "summary_fg_mad": 596.790283203125,
  "summary_fg_mean": 1806.0272216796875,
  "summary_fg_median": 1790.7685546875,
  "summary_fg_n": 18471.0,
  "summary_fg_p05": 698.7272644042969,
  "summary_fg_p95": 2849.9068603515625,
  "summary_fg_stdv": 630.233642578125,
  "tsnr": 61.979087829589844
}