{
  "aor": 0.009304066666666666,
  "aqi": 0.002743050533333333,
  "bids_meta": {
    "AcquisitionMatrixPE": 64,
    "AcquisitionNumber": 1,
    "AcquisitionTime": "18:59:3.000000",
    "BodyPartExamined": "HEAD",
    "CoilString": "32Ch_Head",
    "ConversionSoftware": "dcm2niix",
    "ConversionSoftwareVersion": "v1.0.20181125  (JP2:OpenJPEG) GCC7.3.0",
    "DeviceSerialNumber": "0002806034DVR750",
    "EchoTime": 0.04,
    "EffectiveEchoSpacing": 0.000372,
    "FlipAngle": 90,
    "ImageOrientationPatientDICOM": [
      1,
      0,
      0,
      0,
      1,
      0
    ],
    "ImageType": [
      "ORIGINAL",
      "PRIMARY",
      "EPI",
      "NONE"
    ],
    "ImagingFrequency": 127.772,
    "InPlanePhaseEncodingDirectionDICOM": "COL",
    "InstitutionName": "INSTITUTO_DE_NEUROBIOLOGIA",
    "MRAcquisitionType": "2D",
    "MagneticFieldStrength": 3,
    "Manufacturer": "GE",
    "ManufacturersModelName": "DISCOVERY_MR750",
    "Modality": "MR",
    "PatientPosition": "HFS",
    "PercentPhaseFOV": 100,
    "PhaseEncodingDirection": "j",
    "PhaseEncodingPolarityGE": "Flipped",
    "PixelBandwidth": 7812.5,
    "ProcedureStepDescription": "Emociones_AH",
    "ProtocolName": "fMRI_Jalil_4",
    "ReconMatrixPE": 64,
    "RepetitionTime": 2,
    "SAR": 0.208694,
    "ScanOptions": "EPI_GEMS_ACC_GEMS",
    "ScanningSequence": "EP_GR",
    "SequenceVariant": "SS",
    "SeriesDescription": "fMRI_Jalil_4",
    "SeriesNumber": 8,
    "SliceThickness": 4,
    "SliceTiming": [
      0,
      1.0285,
      0.0571001,
      1.0857,
      0.1142,
      1.1428,
      0.1714,
      1.2,
      0.2285,
      1.2571,
      0.2857,
      1.3143,
      0.3428,
      1.3714,
      0.4,
      1.4286,
      0.4571,
      1.4857,
      0.5142,
      1.5428,
      0.5714,
      1.6,
      0.6285,
      1.6571,
      0.6857,
      1.7143,
      0.7428,
      1.7714,
      0.8,
      1.8285,
      0.8571,
      1.8857,
      0.9143,
      1.9428,
      0.9714
    ],
    "SoftwareVersions": "27_LX_MR_Software_release:DV26.0_R02_1810.b",
    "SpacingBetweenSlices": 4,
    "StationName": "GEHCGEHC",
    "TaskName": "eah",
    "TotalReadoutTime": 0.023436,
    "dataset": "unknown",
    "modality": "bold",
    "run_id": 4,
    "subject_id": "27",
    "task_id": "eah"
  },
  "dummy_trs": 0,
  "dvars_nstd": 23.121962547114105,
  "dvars_std": 1.1759090493959738,
  "dvars_vstd": 1.0808359451006713,
  "efc": 0.3709329409282138,
  "fber": 59486.3515625,
  "fd_mean": 0.28778946504916353,
  "fd_num": 55,
  "fd_perc": 36.666666666666664,
  "fwhm_avg": 2.8179833333333337,
  "fwhm_x": 2.70935,
  "fwhm_y": 2.9627,
  "fwhm_z": 2.7819,
  "gcor": 0.0689099,
  "gsr_x": -0.007675607688724995,
  "gsr_y": 0.008770950138568878,
  "provenance": {
    "md5sum": "11036333c7f412142891f838ef9ff059",
    "settings": {
      "fd_thres": 0.2,
      "hmc_fsl": false
    },
    "software": "mriqc",
    "version": "0.15.2rc1",
    "webapi_port": null,
    "webapi_url": "https://mriqc.nimh.nih.gov/api/v1"
  },
  "size_t": 150,
  "size_x": 64,
  "size_y": 64,
  "size_z": 35,
  "snr": 2.7493779888159344,
  "spacing_tr": 2.0,
  "spacing_x": 4.0,
  "spacing_y": 4.0,
  "spacing_z": 4.0,
  "summary_bg_k": 51.93107624879983,
  "summary_bg_mad": 9.676450729370117,
  "summary_bg_mean": 32.17262649536133,
  "summary_bg_median": 6.953333377838135,
  "summary_bg_n": 95725.0,
  "summary_bg_p05": 0.10000000149011612,
  "summary_bg_p95": 157.8000030517579,
  "summary_bg_stdv": 85.29373931884766,
  "summary_fg_k": 0.05126794692093117,
  "summary_fg_mad": 586.0924682617188,
  "summary_fg_mean": 1751.2698974609375,
  "summary_fg_median": 1735.1533203125,
  "summary_fg_n": 19750.0,
  "summary_fg_p05": 625.9983581542969,
  "summary_fg_p95": 2809.2874877929685,
  "summary_fg_stdv": 631.0916137695312,
  "tsnr": 51.80945587158203
}