{
  "aor": 0.0035347767857142856,
  "aqi": 0.0021409612008928573,
  "bids_meta": {
    "AcquisitionMatrixPE": 64,
    "AcquisitionNumber": 1,
    "AcquisitionTime": "18:40:58.000000",
    "BodyPartExamined": "HEAD",
    "CoilString": "32Ch_Head",
    "ConversionSoftware": "dcm2niix",
    "ConversionSoftwareVersion": "v1.0.20181125  (JP2:OpenJPEG) GCC7.3.0",
    "DeviceSerialNumber": "0002806034DVR750",
    "EchoTime": 0.04,
    "EffectiveEchoSpacing": 0.000372,
    "FlipAngle": 90,
    "ImageOrientationPatientDICOM": [
      1,
      0,
      0,
      0,
      1,
      0
    ],
    "ImageType": [
      "ORIGINAL",
      "PRIMARY",
      "EPI",
      "NONE"
    ],
    "ImagingFrequency": 127.772,
    "InPlanePhaseEncodingDirectionDICOM": "COL",
    "InstitutionName": "INSTITUTO_DE_NEUROBIOLOGIA",
    "MRAcquisitionType": "2D",
    "MagneticFieldStrength": 3,
    "Manufacturer": "GE",
    "ManufacturersModelName": "DISCOVERY_MR750",
    "Modality": "MR",
    "PatientPosition": "HFS",
    "PercentPhaseFOV": 100,
    "PhaseEncodingDirection": "j",
    "PhaseEncodingPolarityGE": "Flipped",
    "PixelBandwidth": 7812.5,
    "ProcedureStepDescription": "Emociones_AH",
    "ProtocolName": "fMRI_Jalil_2",
    "ReconMatrixPE": 64,
    "RepetitionTime": 2,
    "SAR": 0.208694,
    "ScanOptions": "EPI_GEMS_ACC_GEMS",
    "ScanningSequence": "EP_GR",
    "SequenceVariant": "SS",
    "SeriesDescription": "fMRI_Jalil_2",
    "SeriesNumber": 6,
    "SliceThickness": 4,
    "SliceTiming": [
      0,
      1.0285,
      0.0571001,
      1.0857,
      0.1142,
      1.1428,
      0.1714,
      1.2,
      0.2285,
      1.2571,
      0.2857,
      1.3143,
      0.3428,
      1.3714,
      0.4,
      1.4286,
      0.4571,
      1.4857,
      0.5142,
      1.5428,
      0.5714,
      1.6,
      0.6285,
      1.6571,
      0.6857,
      1.7143,
      0.7428,
      1.7714,
      0.8,
      1.8285,
      0.8571,
      1.8857,
      0.9143,
      1.9428,
      0.9714
    ],
    "SoftwareVersions": "27_LX_MR_Software_release:DV26.0_R02_1810.b",
    "SpacingBetweenSlices": 4,
    "StationName": "GEHCGEHC",
    "TaskName": "eah",
    "TotalReadoutTime": 0.023436,
    "dataset": "unknown",
    "modality": "bold",
    "run_id": 2,
    "subject_id": "27",
    "task_id": "eah"
  },
  "dummy_trs": 0,
  "dvars_nstd": 19.429463549103133,
  "dvars_std": 1.088079328206278,
  "dvars_vstd": 1.0042009411659196,
  "efc": 0.36937596632466335,
  "fber": 60718.375,
  "fd_mean": 0.15425714163526233,
  "fd_num": 37,
  "fd_perc": 16.517857142857142,
  "fwhm_avg": 2.8187833333333336,
  "fwhm_x": 2.705475,
  "fwhm_y": 2.986525,
  "fwhm_z": 2.76435,
  "gcor": 0.0296682,
  "gsr_x": -0.007159977685660124,
  "gsr_y": 0.008531976491212845,
  "provenance": {
    "md5sum": "5d9b4e421ccda5d227808487b031a00a",
    "settings": {
      "fd_thres": 0.2,
      "hmc_fsl": false
    },
    "software": "mriqc",
    "version": "0.15.2rc1",
    "webapi_port": null,
    "webapi_url": "https://mriqc.nimh.nih.gov/api/v1"
  },
  "size_t": 224,
  "size_x": 64,
  "size_y": 64,
  "size_z": 35,
  "snr": 2.8207467327194755,
  "spacing_tr": 2.0,
  "spacing_x": 4.0,
  "spacing_y": 4.0,
  "spacing_z": 4.0,
  "summary_bg_k": 64.07099772477717,
  "summary_bg_mad": 9.67000961303711,
  "summary_bg_mean": 31.37816619873047,
  "summary_bg_median": 6.9776787757873535,
  "summary_bg_n": 95825.0,
  "summary_bg_p05": 0.125,
  "summary_bg_p95": 152.4375061035157,
  "summary_bg_stdv": 84.2813949584961,
  "summary_fg_k": 0.0433327567402344,
  "summary_fg_mad": 584.4464111328125,
  "summary_fg_mean": 1773.227783203125,
  "summary_fg_median": 1757.1585693359375,
  "summary_fg_n": 19548.0,
  "summary_fg_p05": 674.5446655273438,
  "summary_fg_p95": 2813.705236816406,
  "summary_fg_stdv": 622.9249877929688,
  "tsnr": 62.455875396728516
}