{
  "aor": 0.0018379000000000002,
  "aqi": 0.0026705193666666668,
  "bids_meta": {
    "AcquisitionMatrixPE": 64,
    "AcquisitionNumber": 1,
    "AcquisitionTime": "18:18:53.000000",
    "BodyPartExamined": "HEAD",
    "CoilString": "32Ch_Head",
    "ConversionSoftware": "dcm2niix",
    "ConversionSoftwareVersion": "v1.0.20181125  (JP2:OpenJPEG) GCC7.3.0",
    "DeviceSerialNumber": "0002806034DVR750",
    "EchoTime": 0.04,
    "EffectiveEchoSpacing": 0.000372,
    "FlipAngle": 90,
    "ImageOrientationPatientDICOM": [
      1,
      0,
      0,
      0,
      1,
      0
    ],
    "ImageType": [
      "ORIGINAL",
      "PRIMARY",
      "EPI",
      "NONE"
    ],
    "ImagingFrequency": 127.772,
    "InPlanePhaseEncodingDirectionDICOM": "COL",
    "InstitutionName": "INSTITUTO_DE_NEUROBIOLOGIA",
    "MRAcquisitionType": "2D",
    "MagneticFieldStrength": 3,
    "Manufacturer": "GE",
    "ManufacturersModelName": "DISCOVERY_MR750",
    "Modality": "MR",
    "PatientPosition": "HFS",
    "PercentPhaseFOV": 100,
    "PhaseEncodingDirection": "j",
    "PhaseEncodingPolarityGE": "Flipped",
    "PixelBandwidth": 7812.5,
    "ProcedureStepDescription": "Emociones_AH",
    "ProtocolName": "fMRI_RestState",
    "ReconMatrixPE": 64,
    "RepetitionTime": 2,
    "SAR": 0.208694,
    "ScanOptions": "EPI_GEMS_ACC_GEMS",
    "ScanningSequence": "EP_GR",
    "SequenceVariant": "SS",
    "SeriesDescription": "fMRI_RestState",
    "SeriesNumber": 3,
    "SliceThickness": 4,
    "SliceTiming": [
      0,
      1.0285,
      0.0571001,
      1.0857,
      0.1142,
      1.1428,
      0.1714,
      1.2,
      0.2285,
      1.2571,
      0.2857,
      1.3143,
      0.3428,
      1.3714,
      0.4,
      1.4286,
      0.4571,
      1.4857,
      0.5142,
      1.5428,
      0.5714,
      1.6,
      0.6285,
      1.6571,
      0.6857,
      1.7143,
      0.7428,
      1.7714,
      0.8,
      1.8285,
      0.8571,
      1.8857,
      0.9143,
      1.9428,
      0.9714
    ],
    "SoftwareVersions": "27_LX_MR_Software_release:DV26.0_R02_1810.b",
    "SpacingBetweenSlices": 4,
    "StationName": "GEHCGEHC",
    "TaskName": "rest",
    "TotalReadoutTime": 0.023436,
    "dataset": "unknown",
    "modality": "bold",
    "subject_id": "27",
    "task_id": "rest"
  },
  "dummy_trs": 0,
  "dvars_nstd": 18.709515399331092,
  "dvars_std": 1.1158448393645484,
  "dvars_vstd": 1.0125152621739133,
  "efc": 0.3690338549688648,
  "fber": 62205.5546875,
  "fd_mean": 0.11027567636780905,
  "fd_num": 21,
  "fd_perc": 7.0,
  "fwhm_avg": 2.8178416666666664,
  "fwhm_x": 2.70835,
  "fwhm_y": 2.992225,
  "fwhm_z": 2.75295,
  "gcor": 0.0592617,
  "gsr_x": -0.008526922203600407,
  "gsr_y": 0.012544560246169567,
  "provenance": {
    "md5sum": "bd02fe2d0280b19d5424cc422395cf7f",
    "settings": {
      "fd_thres": 0.2,
      "hmc_fsl": false
    },
    "software": "mriqc",
    "version": "0.15.2rc1",
    "webapi_port": null,
    "webapi_url": "https://mriqc.nimh.nih.gov/api/v1"
  },
  "size_t": 300,
  "size_x": 64,
  "size_y": 64,
  "size_z": 35,
  "snr": 2.788745720936176,
  "spacing_tr": 2.0,
  "spacing_x": 4.0,
  "spacing_y": 4.0,
  "spacing_z": 4.0,
  "summary_bg_k": 175.73772203110087,
  "summary_bg_mad": 9.587494850158691,
  "summary_bg_mean": 31.917661666870117,
  "summary_bg_median": 6.860000133514404,
  "summary_bg_n": 95863.0,
  "summary_bg_p05": 0.07999999821186066,
  "summary_bg_p95": 149.82300872802713,
  "summary_bg_stdv": 93.74395751953125,
  "summary_fg_k": 0.0981393716774912,
  "summary_fg_mad": 584.8172607421875,
  "summary_fg_mean": 1758.2183837890625,
  "summary_fg_median": 1749.913330078125,
  "summary_fg_n": 19589.0,
  "summary_fg_p05": 648.4780151367188,
  "summary_fg_p95": 2791.0640625,
  "summary_fg_stdv": 627.4751586914062,
  "tsnr": 58.076045989990234
}