{
  "aor": 0.0010110800000000001,
  "aqi": 0.0013547678360000001,
  "bids_meta": {
    "AcquisitionDateTime": "2017-07-06T18:15:42.000000",
    "ConversionSoftware": "dcm2niix",
    "ConversionSoftwareVersion": "v1.0.20170411 GCC4.8.4",
    "EchoTime": 0.035,
    "FlipAngle": 90,
    "ImageType": [
      "ORIGINAL",
      "PRIMARY",
      "EPI",
      "NONE"
    ],
    "MagneticFieldStrength": 3,
    "Manufacturer": "GE",
    "ManufacturersModelName": "DISCOVERY_MR750",
    "ProcedureStepDescription": "CompMet",
    "ProtocolName": "fMRI_CompMet",
    "RepetitionTime": 2,
    "ScanningSequence": "EP_GR",
    "SequenceVariant": "SS",
    "SeriesDescription": "fMRI_CompMet",
    "dataset": "unknown",
    "modality": "bold",
    "run_id": 1,
    "subject_id": "71",
    "task_id": "cm"
  },
  "dummy_trs": 0,
  "dvars_nstd": 15.686809604979917,
  "dvars_std": 1.1268395055020082,
  "dvars_vstd": 0.9819551272690763,
  "efc": 0.3435215755496295,
  "fber": 95712.8828125,
  "fd_mean": 0.07721571570095546,
  "fd_num": 5,
  "fd_perc": 2.0,
  "fwhm_avg": 2.9784666666666664,
  "fwhm_x": 2.82085,
  "fwhm_y": 3.0773,
  "fwhm_z": 3.03725,
  "gcor": 0.0484548,
  "gsr_x": -0.0063540153205394745,
  "gsr_y": 0.005606125574558973,
  "provenance": {
    "md5sum": "3657397c9df39360d4e7cea7637edd5f",
    "settings": {
      "fd_thres": 0.2,
      "hmc_fsl": false
    },
    "software": "mriqc",
    "version": "0.15.2rc1",
    "webapi_port": null,
    "webapi_url": "https://mriqc.nimh.nih.gov/api/v1"
  },
  "size_t": 250,
  "size_x": 64,
  "size_y": 64,
  "size_z": 34,
  "snr": 2.543565864262202,
  "spacing_tr": 2.0,
  "spacing_x": 4.0,
  "spacing_y": 4.0,
  "spacing_z": 4.0,
  "summary_bg_k": 110.05605430363684,
  "summary_bg_mad": 8.36187744140625,
  "summary_bg_mean": 26.085786819458008,
  "summary_bg_median": 6.464000225067139,
  "summary_bg_n": 94245.0,
  "summary_bg_p05": 0.320000022649765,
  "summary_bg_p95": 106.94880371093755,
  "summary_bg_stdv": 81.9648208618164,
  "summary_fg_k": 0.8473692354329345,
  "summary_fg_mad": 613.121337890625,
  "summary_fg_mean": 2086.5166015625,
  "summary_fg_median": 1991.902099609375,
  "summary_fg_n": 18012.0,
  "summary_fg_p05": 883.4372253417969,
  "summary_fg_p95": 3600.922253417969,
  "summary_fg_stdv": 783.09228515625,
  "tsnr": 80.17792510986328
}