{
  "aor": 0.0107077,
  "aqi": 0.0032137537100000004,
  "bids_meta": {
    "AcquisitionDateTime": "2017-07-05T19:25:21.000000",
    "ConversionSoftware": "dcm2niix",
    "ConversionSoftwareVersion": "v1.0.20170411 GCC4.8.4",
    "EchoTime": 0.04,
    "FlipAngle": 90,
    "ImageType": [
      "ORIGINAL",
      "PRIMARY",
      "EPI",
      "NONE"
    ],
    "MagneticFieldStrength": 3,
    "Manufacturer": "GE",
    "ManufacturersModelName": "DISCOVERY_MR750",
    "ProcedureStepDescription": "CompMet",
    "ProtocolName": "fMRI_RestState",
    "RepetitionTime": 2,
    "ScanningSequence": "EP_GR",
    "SequenceVariant": "SS",
    "SeriesDescription": "fMRI_RestState",
    "dataset": "unknown",
    "modality": "bold",
    "subject_id": "71",
    "task_id": "rest"
  },
  "dummy_trs": 0,
  "dvars_nstd": 16.47519710632107,
  "dvars_std": 1.1352966850836121,
  "dvars_vstd": 1.1140874723411376,
  "efc": 0.3356448128811322,
  "fber": 72766.125,
  "fd_mean": 0.09390060992559965,
  "fd_num": 18,
  "fd_perc": 6.0,
  "fwhm_avg": 2.9034166666666668,
  "fwhm_x": 2.7936,
  "fwhm_y": 3.047375,
  "fwhm_z": 2.869275,
  "gcor": 0.0614665,
  "gsr_x": -0.009731854312121868,
  "gsr_y": 0.0036285347305238247,
  "provenance": {
    "md5sum": "e8ea0246e92b3a949d566ee3c7a2a0da",
    "settings": {
      "fd_thres": 0.2,
      "hmc_fsl": false
    },
    "software": "mriqc",
    "version": "0.15.2rc1",
    "webapi_port": null,
    "webapi_url": "https://mriqc.nimh.nih.gov/api/v1"
  },
  "size_t": 300,
  "size_x": 64,
  "size_y": 64,
  "size_z": 34,
  "snr": 2.579439589221533,
  "spacing_tr": 2.0,
  "spacing_x": 4.0,
  "spacing_y": 4.0,
  "spacing_z": 4.0,
  "summary_bg_k": 120.86637089494478,
  "summary_bg_mad": 8.574382781982422,
  "summary_bg_mean": 25.88017463684082,
  "summary_bg_median": 6.62333345413208,
  "summary_bg_n": 95954.0,
  "summary_bg_p05": 0.30883333683014097,
  "summary_bg_p95": 94.50350074768058,
  "summary_bg_stdv": 84.60220336914062,
  "summary_fg_k": 0.7328930472248807,
  "summary_fg_mad": 552.65234375,
  "summary_fg_mean": 1845.9913330078125,
  "summary_fg_median": 1775.5267333984375,
  "summary_fg_n": 16702.0,
  "summary_fg_p05": 764.0423706054687,
  "summary_fg_p95": 3134.5205688476553,
  "summary_fg_stdv": 688.3175659179688,
  "tsnr": 48.592918395996094
}