{
  "aor": 0.0008802016129032258,
  "aqi": 0.002103397762096774,
  "bids_meta": {
    "AcquisitionDateTime": "2017-07-06T18:25:46.000000",
    "ConversionSoftware": "dcm2niix",
    "ConversionSoftwareVersion": "v1.0.20170411 GCC4.8.4",
    "EchoTime": 0.035,
    "FlipAngle": 90,
    "ImageType": [
      "ORIGINAL",
      "PRIMARY",
      "EPI",
      "NONE"
    ],
    "MagneticFieldStrength": 3,
    "Manufacturer": "GE",
    "ManufacturersModelName": "DISCOVERY_MR750",
    "ProcedureStepDescription": "CompMet",
    "ProtocolName": "fMRI_CompMet",
    "RepetitionTime": 2,
    "ScanningSequence": "EP_GR",
    "SequenceVariant": "SS",
    "SeriesDescription": "fMRI_CompMet",
    "dataset": "unknown",
    "modality": "bold",
    "run_id": 2,
    "subject_id": "71",
    "task_id": "cm"
  },
  "dummy_trs": 2,
  "dvars_nstd": 16.083986822753037,
  "dvars_std": 1.0514173804453435,
  "dvars_vstd": 0.9383209940890688,
  "efc": 0.34428915441286057,
  "fber": 93277.2421875,
  "fd_mean": 0.07762798216117557,
  "fd_num": 5,
  "fd_perc": 2.0161290322580645,
  "fwhm_avg": 2.9836416666666667,
  "fwhm_x": 2.82755,
  "fwhm_y": 3.091125,
  "fwhm_z": 3.03225,
  "gcor": 0.0390732,
  "gsr_x": -0.006621667183935642,
  "gsr_y": 0.006002075504511595,
  "provenance": {
    "md5sum": "eb83964e5e6f291279e4d1bafd6e7833",
    "settings": {
      "fd_thres": 0.2,
      "hmc_fsl": false
    },
    "software": "mriqc",
    "version": "0.15.2rc1",
    "webapi_port": null,
    "webapi_url": "https://mriqc.nimh.nih.gov/api/v1"
  },
  "size_t": 248,
  "size_x": 64,
  "size_y": 64,
  "size_z": 34,
  "snr": 2.534654289907763,
  "spacing_tr": 2.0,
  "spacing_x": 4.0,
  "spacing_y": 4.0,
  "spacing_z": 4.0,
  "summary_bg_k": 112.47610220323983,
  "summary_bg_mad": 8.381484985351562,
  "summary_bg_mean": 26.358224868774414,
  "summary_bg_median": 6.459677219390869,
  "summary_bg_n": 94249.0,
  "summary_bg_p05": 0.3104838728904724,
  "summary_bg_p95": 109.13144989013668,
  "summary_bg_stdv": 80.71391296386719,
  "summary_fg_k": 0.8297782612836637,
  "summary_fg_mad": 611.4149780273438,
  "summary_fg_mean": 2065.88134765625,
  "summary_fg_median": 1969.727783203125,
  "summary_fg_n": 18022.0,
  "summary_fg_p05": 884.5288177490235,
  "summary_fg_p95": 3556.2112792968755,
  "summary_fg_stdv": 777.0973510742188,
  "tsnr": 69.2768783569336
}