{
  "aor": 0.006136896551724138,
  "aqi": 0.0012352623275862069,
  "bids_meta": {
    "AcquisitionMatrixPE": 64,
    "AcquisitionNumber": 1,
    "AcquisitionTime": "19:52:51.000000",
    "CoilString": "32Ch_Head",
    "ConversionSoftware": "dcm2niix",
    "ConversionSoftwareVersion": "v1.0.20190902",
    "Dcm2bidsVersion": "2.1.4",
    "DeviceSerialNumber": "000000000000GEHC",
    "EchoTime": 0.04,
    "EffectiveEchoSpacing": 0.000372,
    "FlipAngle": 90,
    "ImageOrientationPatientDICOM": [
      1,
      0,
      0,
      0,
      1,
      0
    ],
    "ImageType": [
      "ORIGINAL",
      "PRIMARY",
      "EPI",
      "NONE"
    ],
    "ImagingFrequency": 127.772,
    "InPlanePhaseEncodingDirectionDICOM": "COL",
    "InstitutionName": "INSTITUTO_DE_NEUROBIOLOGIA",
    "MRAcquisitionType": "2D",
    "MagneticFieldStrength": 3,
    "Manufacturer": "GE",
    "ManufacturersModelName": "DISCOVERY_MR750",
    "Modality": "MR",
    "PatientPosition": "HFS",
    "PercentPhaseFOV": 100,
    "PhaseEncodingDirection": "j",
    "PhaseEncodingPolarityGE": "Flipped",
    "PixelBandwidth": 7812.5,
    "ProcedureStepDescription": "verbos",
    "ProtocolName": "fMRI_1",
    "ReconMatrixPE": 64,
    "RepetitionTime": 2,
    "SAR": 0.352886,
    "ScanOptions": "EPI_GEMS_ACC_GEMS",
    "ScanningSequence": "EP_GR",
    "SequenceVariant": "SS",
    "SeriesDescription": "fMRI_1",
    "SeriesNumber": 4,
    "SliceThickness": 4,
    "SliceTiming": [
      0,
      1.0285,
      0.0571001,
      1.0857,
      0.1142,
      1.1428,
      0.1714,
      1.2,
      0.2285,
      1.2571,
      0.2857,
      1.3143,
      0.3428,
      1.3714,
      0.4,
      1.4286,
      0.4571,
      1.4857,
      0.5142,
      1.5428,
      0.5714,
      1.6,
      0.6285,
      1.6571,
      0.6857,
      1.7143,
      0.7428,
      1.7714,
      0.8,
      1.8285,
      0.8571,
      1.8857,
      0.9143,
      1.9428,
      0.9714
    ],
    "SoftwareVersions": "24_LX_MR_Software_release:DV24.0_R02_1607.b",
    "SpacingBetweenSlices": 4,
    "StationName": "GEHCGEHC",
    "TotalReadoutTime": 0.023436,
    "dataset": "unknown",
    "modality": "bold",
    "run_id": 1,
    "subject_id": "142",
    "task_id": "verbs"
  },
  "dummy_trs": 0,
  "dvars_nstd": 13.706770312601163,
  "dvars_std": 1.1479008860693642,
  "dvars_vstd": 1.0624906486127172,
  "efc": 0.32112789238638206,
  "fber": 81908.7109375,
  "fd_mean": 0.12263311214880492,
  "fd_num": 24,
  "fd_perc": 13.793103448275861,
  "fwhm_avg": 2.8537,
  "fwhm_x": 2.7288,
  "fwhm_y": 3.015775,
  "fwhm_z": 2.816525,
  "gcor": 0.0802262,
  "gsr_x": -0.010337593965232372,
  "gsr_y": 0.0086655979976058,
  "provenance": {
    "md5sum": "43cba1b08c26a7c1f0dbf0f389a68021",
    "settings": {
      "fd_thres": 0.2,
      "hmc_fsl": false
    },
    "software": "mriqc",
    "version": "0.15.2rc1",
    "webapi_port": null,
    "webapi_url": "https://mriqc.nimh.nih.gov/api/v1"
  },
  "size_t": 174,
  "size_x": 64,
  "size_y": 64,
  "size_z": 35,
  "snr": 2.9697369715771367,
  "spacing_tr": 2.0,
  "spacing_x": 4.0,
  "spacing_y": 4.0,
  "spacing_z": 4.0,
  "summary_bg_k": 257.5886776514173,
  "summary_bg_mad": 7.430052280426025,
  "summary_bg_mean": 20.12269401550293,
  "summary_bg_median": 6.195402145385742,
  "summary_bg_n": 100689.0,
  "summary_bg_p05": 0.3965517282485962,
  "summary_bg_p95": 72.50919647216793,
  "summary_bg_stdv": 69.87848663330078,
  "summary_fg_k": 0.5339454724450601,
  "summary_fg_mad": 511.2293701171875,
  "summary_fg_mean": 1823.9871826171875,
  "summary_fg_median": 1795.5,
  "summary_fg_n": 15926.0,
  "summary_fg_p05": 811.6695251464844,
  "summary_fg_p95": 2902.063232421875,
  "summary_fg_stdv": 604.5800170898438,
  "tsnr": 83.50260162353516
}