{
  "aor": 0.003380639534883721,
  "aqi": 0.0014241081337209303,
  "bids_meta": {
    "AcquisitionMatrixPE": 64,
    "AcquisitionNumber": 1,
    "AcquisitionTime": "20:06:43.000000",
    "CoilString": "32Ch_Head",
    "ConversionSoftware": "dcm2niix",
    "ConversionSoftwareVersion": "v1.0.20190902",
    "Dcm2bidsVersion": "2.1.4",
    "DeviceSerialNumber": "000000000000GEHC",
    "EchoTime": 0.04,
    "EffectiveEchoSpacing": 0.000372,
    "FlipAngle": 90,
    "ImageOrientationPatientDICOM": [
      1,
      0,
      0,
      0,
      1,
      0
    ],
    "ImageType": [
      "ORIGINAL",
      "PRIMARY",
      "EPI",
      "NONE"
    ],
    "ImagingFrequency": 127.772,
    "InPlanePhaseEncodingDirectionDICOM": "COL",
    "InstitutionName": "INSTITUTO_DE_NEUROBIOLOGIA",
    "MRAcquisitionType": "2D",
    "MagneticFieldStrength": 3,
    "Manufacturer": "GE",
    "ManufacturersModelName": "DISCOVERY_MR750",
    "Modality": "MR",
    "PatientPosition": "HFS",
    "PercentPhaseFOV": 100,
    "PhaseEncodingDirection": "j",
    "PhaseEncodingPolarityGE": "Flipped",
    "PixelBandwidth": 7812.5,
    "ProcedureStepDescription": "verbos",
    "ProtocolName": "fMRI_3",
    "ReconMatrixPE": 64,
    "RepetitionTime": 2,
    "SAR": 0.352886,
    "ScanOptions": "EPI_GEMS_ACC_GEMS",
    "ScanningSequence": "EP_GR",
    "SequenceVariant": "SS",
    "SeriesDescription": "fMRI_3",
    "SeriesNumber": 6,
    "SliceThickness": 4,
    "SliceTiming": [
      0,
      1.0285,
      0.0571001,
      1.0857,
      0.1142,
      1.1428,
      0.1714,
      1.2,
      0.2285,
      1.2571,
      0.2857,
      1.3143,
      0.3428,
      1.3714,
      0.4,
      1.4286,
      0.4571,
      1.4857,
      0.5142,
      1.5428,
      0.5714,
      1.6,
      0.6285,
      1.6571,
      0.6857,
      1.7143,
      0.7428,
      1.7714,
      0.8,
      1.8285,
      0.8571,
      1.8857,
      0.9143,
      1.9428,
      0.9714
    ],
    "SoftwareVersions": "24_LX_MR_Software_release:DV24.0_R02_1607.b",
    "SpacingBetweenSlices": 4,
    "StationName": "GEHCGEHC",
    "TotalReadoutTime": 0.023436,
    "dataset": "unknown",
    "modality": "bold",
    "run_id": 3,
    "subject_id": "142",
    "task_id": "verbs"
  },
  "dummy_trs": 2,
  "dvars_nstd": 11.942479579707605,
  "dvars_std": 1.0243969825730996,
  "dvars_vstd": 0.9772027163742688,
  "efc": 0.3217962029418955,
  "fber": 79538.8046875,
  "fd_mean": 0.08423678057759103,
  "fd_num": 6,
  "fd_perc": 3.488372093023256,
  "fwhm_avg": 2.8518333333333334,
  "fwhm_x": 2.718425,
  "fwhm_y": 3.016925,
  "fwhm_z": 2.82015,
  "gcor": 0.0388267,
  "gsr_x": -0.010076510719954967,
  "gsr_y": 0.00940496101975441,
  "provenance": {
    "md5sum": "b45345fb5ec8c6040501c6e7476a65f0",
    "settings": {
      "fd_thres": 0.2,
      "hmc_fsl": false
    },
    "software": "mriqc",
    "version": "0.15.2rc1",
    "webapi_port": null,
    "webapi_url": "https://mriqc.nimh.nih.gov/api/v1"
  },
  "size_t": 172,
  "size_x": 64,
  "size_y": 64,
  "size_z": 35,
  "snr": 2.9922014243063857,
  "spacing_tr": 2.0,
  "spacing_x": 4.0,
  "spacing_y": 4.0,
  "spacing_z": 4.0,
  "summary_bg_k": 324.6813790868914,
  "summary_bg_mad": 7.499209403991699,
  "summary_bg_mean": 20.001649856567383,
  "summary_bg_median": 6.232558250427246,
  "summary_bg_n": 100597.0,
  "summary_bg_p05": 0.39534884691238403,
  "summary_bg_p95": 71.87325592041014,
  "summary_bg_stdv": 69.12890625,
  "summary_fg_k": 0.5212704342214058,
  "summary_fg_mad": 510.3340759277344,
  "summary_fg_mean": 1814.6934814453125,
  "summary_fg_median": 1787.529052734375,
  "summary_fg_n": 15969.0,
  "summary_fg_p05": 825.0883666992188,
  "summary_fg_p95": 2882.5640136718744,
  "summary_fg_stdv": 597.3772583007812,
  "tsnr": 82.13639831542969
}