{
  "aor": 0.006281494252873563,
  "aqi": 0.0034764497701149427,
  "bids_meta": {
    "AcquisitionMatrixPE": 64,
    "AcquisitionNumber": 1,
    "AcquisitionTime": "20:41:10.000000",
    "CoilString": "32Ch_Head",
    "ConversionSoftware": "dcm2niix",
    "ConversionSoftwareVersion": "v1.0.20190902",
    "Dcm2bidsVersion": "2.1.4",
    "DeviceSerialNumber": "000000000000GEHC",
    "EchoTime": 0.04,
    "EffectiveEchoSpacing": 0.000372,
    "FlipAngle": 90,
    "ImageOrientationPatientDICOM": [
      1,
      0,
      0,
      0,
      1,
      0
    ],
    "ImageType": [
      "ORIGINAL",
      "PRIMARY",
      "EPI",
      "NONE"
    ],
    "ImagingFrequency": 127.772,
    "InPlanePhaseEncodingDirectionDICOM": "COL",
    "InstitutionName": "INSTITUTO_DE_NEUROBIOLOGIA",
    "MRAcquisitionType": "2D",
    "MagneticFieldStrength": 3,
    "Manufacturer": "GE",
    "ManufacturersModelName": "DISCOVERY_MR750",
    "Modality": "MR",
    "PatientPosition": "HFS",
    "PercentPhaseFOV": 100,
    "PhaseEncodingDirection": "j",
    "PhaseEncodingPolarityGE": "Flipped",
    "PixelBandwidth": 7812.5,
    "ProcedureStepDescription": "verbos",
    "ProtocolName": "fMRI_8",
    "ReconMatrixPE": 64,
    "RepetitionTime": 2,
    "SAR": 0.352886,
    "ScanOptions": "EPI_GEMS_ACC_GEMS",
    "ScanningSequence": "EP_GR",
    "SequenceVariant": "SS",
    "SeriesDescription": "fMRI_8",
    "SeriesNumber": 11,
    "SliceThickness": 4,
    "SliceTiming": [
      0,
      1.0285,
      0.0571001,
      1.0857,
      0.1142,
      1.1428,
      0.1714,
      1.2,
      0.2285,
      1.2571,
      0.2857,
      1.3143,
      0.3428,
      1.3714,
      0.4,
      1.4286,
      0.4571,
      1.4857,
      0.5142,
      1.5428,
      0.5714,
      1.6,
      0.6285,
      1.6571,
      0.6857,
      1.7143,
      0.7428,
      1.7714,
      0.8,
      1.8285,
      0.8571,
      1.8857,
      0.9143,
      1.9428,
      0.9714
    ],
    "SoftwareVersions": "24_LX_MR_Software_release:DV24.0_R02_1607.b",
    "SpacingBetweenSlices": 4,
    "StationName": "GEHCGEHC",
    "TotalReadoutTime": 0.023436,
    "dataset": "unknown",
    "modality": "bold",
    "run_id": 8,
    "subject_id": "142",
    "task_id": "verbs"
  },
  "dummy_trs": 0,
  "dvars_nstd": 17.231296677052022,
  "dvars_std": 1.0074648583815027,
  "dvars_vstd": 0.9558261912716755,
  "efc": 0.32379464483829234,
  "fber": 82147.203125,
  "fd_mean": 0.14762402411304376,
  "fd_num": 33,
  "fd_perc": 18.96551724137931,
  "fwhm_avg": 2.868916666666667,
  "fwhm_x": 2.7293,
  "fwhm_y": 3.018075,
  "fwhm_z": 2.859375,
  "gcor": 0.0469745,
  "gsr_x": -0.00992199219763279,
  "gsr_y": 0.009863423183560371,
  "provenance": {
    "md5sum": "acef3e9e89e0692fce6f8f812f9e4051",
    "settings": {
      "fd_thres": 0.2,
      "hmc_fsl": false
    },
    "software": "mriqc",
    "version": "0.15.2rc1",
    "webapi_port": null,
    "webapi_url": "https://mriqc.nimh.nih.gov/api/v1"
  },
  "size_t": 174,
  "size_x": 64,
  "size_y": 64,
  "size_z": 35,
  "snr": 2.968416407784911,
  "spacing_tr": 2.0,
  "spacing_x": 4.0,
  "spacing_y": 4.0,
  "spacing_z": 4.0,
  "summary_bg_k": 330.0674250307407,
  "summary_bg_mad": 7.515259742736816,
  "summary_bg_mean": 20.16683006286621,
  "summary_bg_median": 6.212643623352051,
  "summary_bg_n": 100404.0,
  "summary_bg_p05": 0.3735632300376892,
  "summary_bg_p95": 73.99253044128407,
  "summary_bg_stdv": 68.80365753173828,
  "summary_fg_k": 0.5746017253296785,
  "summary_fg_mad": 519.41357421875,
  "summary_fg_mean": 1841.985595703125,
  "summary_fg_median": 1807.97705078125,
  "summary_fg_n": 16193.0,
  "summary_fg_p05": 826.6448120117188,
  "summary_fg_p95": 2934.893017578125,
  "summary_fg_stdv": 609.0524291992188,
  "tsnr": 52.794029235839844
}