{
  "aor": 0.0026336666666666665,
  "aqi": 0.0024833840833333332,
  "bids_meta": {
    "AcquisitionMatrixPE": 64,
    "AcquisitionNumber": 1,
    "AcquisitionTime": "20:49:23.000000",
    "CoilString": "32Ch_Head",
    "ConversionSoftware": "dcm2niix",
    "ConversionSoftwareVersion": "v1.0.20190902",
    "Dcm2bidsVersion": "2.1.4",
    "DeviceSerialNumber": "000000000000GEHC",
    "EchoTime": 0.04,
    "EffectiveEchoSpacing": 0.000372,
    "FlipAngle": 90,
    "ImageOrientationPatientDICOM": [
      1,
      0,
      0,
      0,
      1,
      0
    ],
    "ImageType": [
      "ORIGINAL",
      "PRIMARY",
      "EPI",
      "NONE"
    ],
    "ImagingFrequency": 127.772,
    "InPlanePhaseEncodingDirectionDICOM": "COL",
    "InstitutionName": "INSTITUTO_DE_NEUROBIOLOGIA",
    "MRAcquisitionType": "2D",
    "MagneticFieldStrength": 3,
    "Manufacturer": "GE",
    "ManufacturersModelName": "DISCOVERY_MR750",
    "Modality": "MR",
    "PatientPosition": "HFS",
    "PercentPhaseFOV": 100,
    "PhaseEncodingDirection": "j",
    "PhaseEncodingPolarityGE": "Flipped",
    "PixelBandwidth": 7812.5,
    "ProcedureStepDescription": "verbos",
    "ProtocolName": "fMRI_RestState",
    "ReconMatrixPE": 64,
    "RepetitionTime": 2,
    "SAR": 0.352886,
    "ScanOptions": "EPI_GEMS_ACC_GEMS",
    "ScanningSequence": "EP_GR",
    "SequenceVariant": "SS",
    "SeriesDescription": "fMRI_RestState",
    "SeriesNumber": 12,
    "SliceThickness": 4,
    "SliceTiming": [
      0,
      1.0285,
      0.0571001,
      1.0857,
      0.1142,
      1.1428,
      0.1714,
      1.2,
      0.2285,
      1.2571,
      0.2857,
      1.3143,
      0.3428,
      1.3714,
      0.4,
      1.4286,
      0.4571,
      1.4857,
      0.5142,
      1.5428,
      0.5714,
      1.6,
      0.6285,
      1.6571,
      0.6857,
      1.7143,
      0.7428,
      1.7714,
      0.8,
      1.8285,
      0.8571,
      1.8857,
      0.9143,
      1.9428,
      0.9714
    ],
    "SoftwareVersions": "24_LX_MR_Software_release:DV24.0_R02_1607.b",
    "SpacingBetweenSlices": 4,
    "StationName": "GEHCGEHC",
    "TotalReadoutTime": 0.023436,
    "dataset": "unknown",
    "modality": "bold",
    "subject_id": "142",
    "task_id": "rest"
  },
  "dummy_trs": 0,
  "dvars_nstd": 16.378590000066914,
  "dvars_std": 1.1172698630100335,
  "dvars_vstd": 0.9831021450836119,
  "efc": 0.32436712945725416,
  "fber": 79906.0546875,
  "fd_mean": 0.1383675287404485,
  "fd_num": 62,
  "fd_perc": 20.666666666666668,
  "fwhm_avg": 2.854866666666666,
  "fwhm_x": 2.717775,
  "fwhm_y": 3.013325,
  "fwhm_z": 2.8335,
  "gcor": 0.0390895,
  "gsr_x": -0.011254892684519291,
  "gsr_y": 0.012162961065769196,
  "provenance": {
    "md5sum": "b89427d5bace2c320d3486012e7d1e8c",
    "settings": {
      "fd_thres": 0.2,
      "hmc_fsl": false
    },
    "software": "mriqc",
    "version": "0.15.2rc1",
    "webapi_port": null,
    "webapi_url": "https://mriqc.nimh.nih.gov/api/v1"
  },
  "size_t": 300,
  "size_x": 64,
  "size_y": 64,
  "size_z": 35,
  "snr": 2.9787820138272783,
  "spacing_tr": 2.0,
  "spacing_x": 4.0,
  "spacing_y": 4.0,
  "spacing_z": 4.0,
  "summary_bg_k": 451.66900110551717,
  "summary_bg_mad": 7.65516996383667,
  "summary_bg_mean": 21.401203155517578,
  "summary_bg_median": 6.2833333015441895,
  "summary_bg_n": 100666.0,
  "summary_bg_p05": 0.33416667580604553,
  "summary_bg_p95": 78.31500053405762,
  "summary_bg_stdv": 78.89903259277344,
  "summary_fg_k": 0.5111278873631986,
  "summary_fg_mad": 519.0244140625,
  "summary_fg_mean": 1821.171630859375,
  "summary_fg_median": 1790.453369140625,
  "summary_fg_n": 16111.0,
  "summary_fg_p05": 823.79833984375,
  "summary_fg_p95": 2890.5101318359375,
  "summary_fg_stdv": 601.05029296875,
  "tsnr": 66.2379379272461
}