{
  "aor": 0.0023997333333333334,
  "aqi": 0.001666446351111111,
  "bids_meta": {
    "AcquisitionDateTime": "2017-01-17T17:55:57.000000",
    "ConversionSoftware": "dcm2niix",
    "ConversionSoftwareVersion": "v1.0.20170411 GCC4.8.4",
    "EchoTime": 0.04,
    "FlipAngle": 90,
    "ImageType": [
      "ORIGINAL",
      "PRIMARY",
      "EPI",
      "NONE"
    ],
    "MagneticFieldStrength": 3,
    "Manufacturer": "GE",
    "ManufacturersModelName": "DISCOVERY_MR750",
    "ProcedureStepDescription": "CompRefranes",
    "ProtocolName": "fMRI_Comprension_1",
    "RepetitionTime": 2,
    "ScanningSequence": "EP_GR",
    "SequenceVariant": "SS",
    "SeriesDescription": "fMRI_Comprension_1",
    "dataset": "unknown",
    "modality": "bold",
    "run_id": 1,
    "subject_id": "53",
    "task_id": "cr"
  },
  "dummy_trs": 0,
  "dvars_nstd": 17.914808605223218,
  "dvars_std": 1.1453738533482147,
  "dvars_vstd": 1.001399341473214,
  "efc": 0.3418143319059654,
  "fber": 85228.640625,
  "fd_mean": 0.08678967056832185,
  "fd_num": 2,
  "fd_perc": 0.8888888888888888,
  "fwhm_avg": 2.8004583333333333,
  "fwhm_x": 2.67865,
  "fwhm_y": 3.044,
  "fwhm_z": 2.678725,
  "gcor": 0.0488557,
  "gsr_x": -0.009702376089990139,
  "gsr_y": 0.005476573947817087,
  "provenance": {
    "md5sum": "417b13e7b3244b1e37c261eb6f88125b",
    "settings": {
      "fd_thres": 0.2,
      "hmc_fsl": false
    },
    "software": "mriqc",
    "version": "0.15.2rc1",
    "webapi_port": null,
    "webapi_url": "https://mriqc.nimh.nih.gov/api/v1"
  },
  "size_t": 225,
  "size_x": 64,
  "size_y": 64,
  "size_z": 34,
  "snr": 2.890154593348526,
  "spacing_tr": 2.0,
  "spacing_x": 4.0,
  "spacing_y": 4.0,
  "spacing_z": 4.0,
  "summary_bg_k": 104.52743658710168,
  "summary_bg_mad": 7.459136962890625,
  "summary_bg_mean": 23.583141326904297,
  "summary_bg_median": 5.528889179229736,
  "summary_bg_n": 95453.0,
  "summary_bg_p05": 0.1111111119389534,
  "summary_bg_p95": 101.00089263915996,
  "summary_bg_stdv": 71.43336486816406,
  "summary_fg_k": -0.09126466031829406,
  "summary_fg_mad": 542.1151123046875,
  "summary_fg_mean": 1632.6787109375,
  "summary_fg_median": 1631.775634765625,
  "summary_fg_n": 16796.0,
  "summary_fg_p05": 663.4611358642578,
  "summary_fg_p95": 2570.6689453125,
  "summary_fg_stdv": 564.5812377929688,
  "tsnr": 66.44194793701172
}