{
  "aor": 0.0015678423236514523,
  "aqi": 0.001972251385892116,
  "bids_meta": {
    "AcquisitionDateTime": "2017-01-17T18:13:34.000000",
    "ConversionSoftware": "dcm2niix",
    "ConversionSoftwareVersion": "v1.0.20170411 GCC4.8.4",
    "EchoTime": 0.04,
    "FlipAngle": 90,
    "ImageType": [
      "ORIGINAL",
      "PRIMARY",
      "EPI",
      "NONE"
    ],
    "MagneticFieldStrength": 3,
    "Manufacturer": "GE",
    "ManufacturersModelName": "DISCOVERY_MR750",
    "ProcedureStepDescription": "CompRefranes",
    "ProtocolName": "fMRI_Comprension_3",
    "RepetitionTime": 2,
    "ScanningSequence": "EP_GR",
    "SequenceVariant": "SS",
    "SeriesDescription": "fMRI_Comprension_3",
    "dataset": "unknown",
    "modality": "bold",
    "run_id": 3,
    "subject_id": "53",
    "task_id": "cr"
  },
  "dummy_trs": 0,
  "dvars_nstd": 18.687440764750008,
  "dvars_std": 1.127821519000001,
  "dvars_vstd": 0.9999268767500002,
  "efc": 0.3430779247433493,
  "fber": 81282.5234375,
  "fd_mean": 0.1071107139833351,
  "fd_num": 16,
  "fd_perc": 6.639004149377594,
  "fwhm_avg": 2.7915083333333333,
  "fwhm_x": 2.66285,
  "fwhm_y": 3.04265,
  "fwhm_z": 2.669025,
  "gcor": 0.0536445,
  "gsr_x": -0.00974090863019228,
  "gsr_y": 0.004670836962759495,
  "provenance": {
    "md5sum": "30914379d9f22069476f3eaf7d99f14f",
    "settings": {
      "fd_thres": 0.2,
      "hmc_fsl": false
    },
    "software": "mriqc",
    "version": "0.15.2rc1",
    "webapi_port": null,
    "webapi_url": "https://mriqc.nimh.nih.gov/api/v1"
  },
  "size_t": 241,
  "size_x": 64,
  "size_y": 64,
  "size_z": 34,
  "snr": 2.866125166612242,
  "spacing_tr": 2.0,
  "spacing_x": 4.0,
  "spacing_y": 4.0,
  "spacing_z": 4.0,
  "summary_bg_k": 85.94400675902929,
  "summary_bg_mad": 7.566809177398682,
  "summary_bg_mean": 24.194265365600586,
  "summary_bg_median": 5.597510814666748,
  "summary_bg_n": 95457.0,
  "summary_bg_p05": 0.09958507120609283,
  "summary_bg_p95": 106.41576995849607,
  "summary_bg_stdv": 71.775146484375,
  "summary_fg_k": -0.09254154126917857,
  "summary_fg_mad": 539.8948974609375,
  "summary_fg_mean": 1608.292236328125,
  "summary_fg_median": 1606.6680908203125,
  "summary_fg_n": 16791.0,
  "summary_fg_p05": 653.3091430664062,
  "summary_fg_p95": 2542.394287109375,
  "summary_fg_stdv": 560.5548095703125,
  "tsnr": 64.40205383300781
}