{
  "aor": 0.0013062447257383965,
  "aqi": 0.0014206397130801687,
  "bids_meta": {
    "AcquisitionDateTime": "2017-01-17T18:22:48.000000",
    "ConversionSoftware": "dcm2niix",
    "ConversionSoftwareVersion": "v1.0.20170411 GCC4.8.4",
    "EchoTime": 0.04,
    "FlipAngle": 90,
    "ImageType": [
      "ORIGINAL",
      "PRIMARY",
      "EPI",
      "NONE"
    ],
    "MagneticFieldStrength": 3,
    "Manufacturer": "GE",
    "ManufacturersModelName": "DISCOVERY_MR750",
    "ProcedureStepDescription": "CompRefranes",
    "ProtocolName": "fMRI_Comprension_4",
    "RepetitionTime": 2,
    "ScanningSequence": "EP_GR",
    "SequenceVariant": "SS",
    "SeriesDescription": "fMRI_Comprension_4",
    "dataset": "unknown",
    "modality": "bold",
    "run_id": 4,
    "subject_id": "53",
    "task_id": "cr"
  },
  "dummy_trs": 0,
  "dvars_nstd": 18.53786845538135,
  "dvars_std": 1.1618934051694918,
  "dvars_vstd": 1.0172724648728806,
  "efc": 0.3426379470917776,
  "fber": 85466.796875,
  "fd_mean": 0.10918271861323627,
  "fd_num": 20,
  "fd_perc": 8.438818565400844,
  "fwhm_avg": 2.808533333333333,
  "fwhm_x": 2.683525,
  "fwhm_y": 3.0623,
  "fwhm_z": 2.679775,
  "gcor": 0.0435138,
  "gsr_x": -0.009375899098813534,
  "gsr_y": 0.004013786558061838,
  "provenance": {
    "md5sum": "e5b8d3f1ee0726c75cb02a9cdde901d4",
    "settings": {
      "fd_thres": 0.2,
      "hmc_fsl": false
    },
    "software": "mriqc",
    "version": "0.15.2rc1",
    "webapi_port": null,
    "webapi_url": "https://mriqc.nimh.nih.gov/api/v1"
  },
  "size_t": 237,
  "size_x": 64,
  "size_y": 64,
  "size_z": 34,
  "snr": 2.852843476428094,
  "spacing_tr": 2.0,
  "spacing_x": 4.0,
  "spacing_y": 4.0,
  "spacing_z": 4.0,
  "summary_bg_k": 97.50154645780702,
  "summary_bg_mad": 7.431778430938721,
  "summary_bg_mean": 23.784893035888672,
  "summary_bg_median": 5.497889995574951,
  "summary_bg_n": 95418.0,
  "summary_bg_p05": 0.09704640507698059,
  "summary_bg_p95": 105.10969657897901,
  "summary_bg_stdv": 69.83646392822266,
  "summary_fg_k": -0.09729106502804852,
  "summary_fg_mad": 547.7808227539062,
  "summary_fg_mean": 1618.8680419921875,
  "summary_fg_median": 1622.6539306640625,
  "summary_fg_n": 16899.0,
  "summary_fg_p05": 650.9877380371095,
  "summary_fg_p95": 2568.1761962890623,
  "summary_fg_stdv": 568.7679443359375,
  "tsnr": 70.73335266113281
}