{
  "aor": 0.0010611489361702128,
  "aqi": 0.0016919011319148937,
  "bids_meta": {
    "AcquisitionDateTime": "2017-01-17T18:04:43.000000",
    "ConversionSoftware": "dcm2niix",
    "ConversionSoftwareVersion": "v1.0.20170411 GCC4.8.4",
    "EchoTime": 0.04,
    "FlipAngle": 90,
    "ImageType": [
      "ORIGINAL",
      "PRIMARY",
      "EPI",
      "NONE"
    ],
    "MagneticFieldStrength": 3,
    "Manufacturer": "GE",
    "ManufacturersModelName": "DISCOVERY_MR750",
    "ProcedureStepDescription": "CompRefranes",
    "ProtocolName": "fMRI_Comprension_2",
    "RepetitionTime": 2,
    "ScanningSequence": "EP_GR",
    "SequenceVariant": "SS",
    "SeriesDescription": "fMRI_Comprension_2",
    "dataset": "unknown",
    "modality": "bold",
    "run_id": 2,
    "subject_id": "53",
    "task_id": "cr"
  },
  "dummy_trs": 0,
  "dvars_nstd": 17.013397221025638,
  "dvars_std": 1.1220601713675213,
  "dvars_vstd": 0.9905326789316244,
  "efc": 0.3423918733440213,
  "fber": 84923.734375,
  "fd_mean": 0.08974178567308828,
  "fd_num": 3,
  "fd_perc": 1.2765957446808511,
  "fwhm_avg": 2.795991666666667,
  "fwhm_x": 2.6728,
  "fwhm_y": 3.046625,
  "fwhm_z": 2.66855,
  "gcor": 0.0310003,
  "gsr_x": -0.009788666851818562,
  "gsr_y": 0.0055176573805511,
  "provenance": {
    "md5sum": "a086c78f791f2d2b11f7dd85214a697a",
    "settings": {
      "fd_thres": 0.2,
      "hmc_fsl": false
    },
    "software": "mriqc",
    "version": "0.15.2rc1",
    "webapi_port": null,
    "webapi_url": "https://mriqc.nimh.nih.gov/api/v1"
  },
  "size_t": 235,
  "size_x": 64,
  "size_y": 64,
  "size_z": 34,
  "snr": 2.8823337351005573,
  "spacing_tr": 2.0,
  "spacing_x": 4.0,
  "spacing_y": 4.0,
  "spacing_z": 4.0,
  "summary_bg_k": 97.72964498461555,
  "summary_bg_mad": 7.419320106506348,
  "summary_bg_mean": 23.48504066467285,
  "summary_bg_median": 5.497872352600098,
  "summary_bg_n": 95397.0,
  "summary_bg_p05": 0.09787233918905258,
  "summary_bg_p95": 101.91914367675781,
  "summary_bg_stdv": 70.19478607177734,
  "summary_fg_k": -0.08146564124502609,
  "summary_fg_mad": 541.6608276367188,
  "summary_fg_mean": 1621.9342041015625,
  "summary_fg_median": 1618.30419921875,
  "summary_fg_n": 16806.0,
  "summary_fg_p05": 663.2382659912109,
  "summary_fg_p95": 2556.12548828125,
  "summary_fg_stdv": 561.4395141601562,
  "tsnr": 71.21923828125
}