{
  "aor": 0.0016492543859649121,
  "aqi": 0.0015509236052631576,
  "bids_meta": {
    "AcquisitionDateTime": "2017-01-10T18:24:23.000000",
    "ConversionSoftware": "dcm2niix",
    "ConversionSoftwareVersion": "v1.0.20170411 GCC4.8.4",
    "EchoTime": 0.04,
    "FlipAngle": 90,
    "ImageType": [
      "ORIGINAL",
      "PRIMARY",
      "EPI",
      "NONE"
    ],
    "MagneticFieldStrength": 3,
    "Manufacturer": "GE",
    "ManufacturersModelName": "DISCOVERY_MR750",
    "ProcedureStepDescription": "CompRefranes",
    "ProtocolName": "fMRI_Comprension_1",
    "RepetitionTime": 2,
    "ScanningSequence": "EP_GR",
    "SequenceVariant": "SS",
    "SeriesDescription": "fMRI_Comprension_1",
    "dataset": "unknown",
    "modality": "bold",
    "run_id": 1,
    "subject_id": "51",
    "task_id": "cr"
  },
  "dummy_trs": 0,
  "dvars_nstd": 19.142657448105727,
  "dvars_std": 1.1835334723348014,
  "dvars_vstd": 0.9989038183259914,
  "efc": 0.34568180478371974,
  "fber": 88301.1171875,
  "fd_mean": 0.061275250647407166,
  "fd_num": 3,
  "fd_perc": 1.3157894736842106,
  "fwhm_avg": 2.81575,
  "fwhm_x": 2.72105,
  "fwhm_y": 2.84255,
  "fwhm_z": 2.88365,
  "gcor": 0.0403099,
  "gsr_x": -0.0032359908800572157,
  "gsr_y": 0.0035901879891753197,
  "provenance": {
    "md5sum": "ea5865ec6db6f0a34939bfb3b7530d55",
    "settings": {
      "fd_thres": 0.2,
      "hmc_fsl": false
    },
    "software": "mriqc",
    "version": "0.15.2rc1",
    "webapi_port": null,
    "webapi_url": "https://mriqc.nimh.nih.gov/api/v1"
  },
  "size_t": 228,
  "size_x": 64,
  "size_y": 64,
  "size_z": 34,
  "snr": 2.8197218892341303,
  "spacing_tr": 2.0,
  "spacing_x": 4.0,
  "spacing_y": 4.0,
  "spacing_z": 4.0,
  "summary_bg_k": 207.44037859659514,
  "summary_bg_mad": 7.647106647491455,
  "summary_bg_mean": 20.567346572875977,
  "summary_bg_median": 5.5789475440979,
  "summary_bg_n": 94365.0,
  "summary_bg_p05": 0.07017543911933899,
  "summary_bg_p95": 78.40087890625004,
  "summary_bg_stdv": 65.61407470703125,
  "summary_fg_k": 0.37826589529510546,
  "summary_fg_mad": 526.9447021484375,
  "summary_fg_mean": 1731.4508056640625,
  "summary_fg_median": 1680.765380859375,
  "summary_fg_n": 17900.0,
  "summary_fg_p05": 785.9798156738282,
  "summary_fg_p95": 2793.79765625,
  "summary_fg_stdv": 596.0582275390625,
  "tsnr": 71.7643051147461
}