{
  "aor": 0.008500566666666666,
  "aqi": 0.0024393279566666667,
  "bids_meta": {
    "AcquisitionDateTime": "2016-09-06T20:38:9.000000",
    "ConversionSoftware": "dcm2niix",
    "ConversionSoftwareVersion": "v1.0.20170411 GCC4.8.4",
    "EchoTime": 0.04,
    "FlipAngle": 90,
    "ImageType": [
      "ORIGINAL",
      "PRIMARY",
      "EPI",
      "NONE"
    ],
    "MagneticFieldStrength": 3,
    "Manufacturer": "GE",
    "ManufacturersModelName": "DISCOVERY_MR750",
    "ProcedureStepDescription": "MeditResp",
    "ProtocolName": "fMRI_RestSt",
    "RepetitionTime": 2,
    "ScanningSequence": "EP_GR",
    "SequenceVariant": "SS",
    "SeriesDescription": "fMRI_RestSt",
    "dataset": "unknown",
    "modality": "bold",
    "subject_id": "94",
    "task_id": "rest"
  },
  "dummy_trs": 0,
  "dvars_nstd": 16.043903765083623,
  "dvars_std": 1.1339578552842806,
  "dvars_vstd": 1.0861259334448161,
  "efc": 0.3355842196372964,
  "fber": 140974.640625,
  "fd_mean": 0.08648245472359765,
  "fd_num": 3,
  "fd_perc": 1.0,
  "fwhm_avg": 2.803341232113251,
  "fwhm_x": 2.734125,
  "fwhm_y": 2.941925,
  "fwhm_z": 2.7339736963397523,
  "gcor": 0.0459905,
  "gsr_x": -0.004271619953215122,
  "gsr_y": -0.0064348019659519196,
  "provenance": {
    "md5sum": "ba12823a84368c5e1119b6d452b93a8d",
    "settings": {
      "fd_thres": 0.2,
      "hmc_fsl": false
    },
    "software": "mriqc",
    "version": "0.15.2rc1",
    "webapi_port": null,
    "webapi_url": "https://mriqc.nimh.nih.gov/api/v1"
  },
  "size_t": 300,
  "size_x": 64,
  "size_y": 64,
  "size_z": 34,
  "snr": 3.0268245213316307,
  "spacing_tr": 2.0,
  "spacing_x": 4.0,
  "spacing_y": 4.0,
  "spacing_z": 4.000001907348633,
  "summary_bg_k": 128.16768936335558,
  "summary_bg_mad": 6.8002028465271,
  "summary_bg_mean": 25.09334945678711,
  "summary_bg_median": 5.090000152587891,
  "summary_bg_n": 96370.0,
  "summary_bg_p05": 0.10999999940395355,
  "summary_bg_p95": 88.19683303833018,
  "summary_bg_stdv": 93.23702239990234,
  "summary_fg_k": 0.15060003635578578,
  "summary_fg_mad": 574.82958984375,
  "summary_fg_mean": 1922.082763671875,
  "summary_fg_median": 1916.93505859375,
  "summary_fg_n": 16624.0,
  "summary_fg_p05": 784.0723571777344,
  "summary_fg_p95": 2960.835815429687,
  "summary_fg_stdv": 633.2965087890625,
  "tsnr": 58.59547805786133
}