{
  "bids_meta": {
    "AcquisitionMatrixPE": 256,
    "AcquisitionNumber": 1,
    "AcquisitionTime": "21:19:15.000000",
    "CoilString": "32Ch_Head",
    "ConversionSoftware": "dcm2niix",
    "ConversionSoftwareVersion": "v1.0.20190902",
    "Dcm2bidsVersion": "2.1.4",
    "DeviceSerialNumber": "000000000000GEHC",
    "EchoTime": 0.00318,
    "FlipAngle": 12,
    "ImageOrientationPatientDICOM": [
      0,
      1,
      0,
      0,
      0,
      -1
    ],
    "ImageType": [
      "ORIGINAL",
      "PRIMARY",
      "OTHER"
    ],
    "ImagingFrequency": 127.772,
    "InPlanePhaseEncodingDirectionDICOM": "ROW",
    "InstitutionName": "INSTITUTO_DE_NEUROBIOLOGIA",
    "InversionTime": 0.45,
    "MRAcquisitionType": "3D",
    "MagneticFieldStrength": 3,
    "Manufacturer": "GE",
    "ManufacturersModelName": "DISCOVERY_MR750",
    "Modality": "MR",
    "PatientPosition": "HFS",
    "PercentPhaseFOV": 100,
    "PixelBandwidth": 244.141,
    "ProcedureStepDescription": "verbos",
    "ProtocolName": "Sag_T1_FSPGR_BRAVO",
    "ReconMatrixPE": 256,
    "RepetitionTime": 0.008156,
    "SAR": 0.23877,
    "ScanOptions": "FAST_GEMS_EDR_GEMS_FILTERED_GEMS_ACC_GEMS",
    "ScanningSequence": "GR",
    "SequenceVariant": "SS_SP_SK",
    "SeriesDescription": "Sag_T1_FSPGR_BRAVO",
    "SeriesNumber": 13,
    "SliceThickness": 1,
    "SoftwareVersions": "24_LX_MR_Software_release:DV24.0_R02_1607.b",
    "SpacingBetweenSlices": 1,
    "StationName": "GEHCGEHC",
    "dataset": "unknown",
    "modality": "T1w",
    "subject_id": "138"
  },
  "cjv": 0.4190485110391221,
  "cnr": 2.94403725317487,
  "efc": 0.5475995614981809,
  "fber": 12808.470703125,
  "fwhm_avg": 3.86619,
  "fwhm_x": 3.90803,
  "fwhm_y": 4.01068,
  "fwhm_z": 3.67986,
  "icvs_csf": 0.16924598253965284,
  "icvs_gm": 0.40943548953671594,
  "icvs_wm": 0.4213185279236312,
  "inu_med": 1.2874664068222046,
  "inu_range": 0.6193845868110657,
  "provenance": {
    "md5sum": "5dfac04a3a8ae95636cc62cd60035cf6",
    "settings": {
      "testing": false
    },
    "software": "mriqc",
    "version": "0.15.2rc1",
    "warnings": {
      "large_rot_frame": true,
      "small_air_mask": false
    },
    "webapi_port": null,
    "webapi_url": "https://mriqc.nimh.nih.gov/api/v1"
  },
  "qi_1": 4.465966831800256e-05,
  "qi_2": 0.0027373428640076907,
  "rpve_csf": 27.76548967516586,
  "rpve_gm": 12.092269382460168,
  "rpve_wm": 13.891916623930273,
  "size_x": 176,
  "size_y": 256,
  "size_z": 256,
  "snr_csf": 3.164365948449094,
  "snr_gm": 10.50003005481043,
  "snr_total": 9.533422215360925,
  "snr_wm": 14.93587064282325,
  "snrd_csf": 61.236094250323,
  "snrd_gm": 128.42361192200698,
  "snrd_total": 123.00749830106675,
  "snrd_wm": 179.36278873087025,
  "spacing_x": 1.0,
  "spacing_y": 1.0,
  "spacing_z": 1.0,
  "summary_bg_k": 14.238919696099135,
  "summary_bg_mad": 3.6526622772216797,
  "summary_bg_mean": 8.32243537902832,
  "summary_bg_median": 2.4898529052734375,
  "summary_bg_n": 2529766.0,
  "summary_bg_p05": 0.0,
  "summary_bg_p95": 34.54535675048828,
  "summary_bg_stdv": 13.169458389282227,
  "summary_csf_k": 1.2679000397210114,
  "summary_csf_mad": 93.14608764648438,
  "summary_csf_mean": 367.53057861328125,
  "summary_csf_median": 341.4171142578125,
  "summary_csf_n": 17272.0,
  "summary_csf_p05": 234.9151268005371,
  "summary_csf_p95": 574.9744812011719,
  "summary_csf_stdv": 107.89119720458984,
  "summary_gm_k": -0.024870496031012657,
  "summary_gm_mad": 67.26303100585938,
  "summary_gm_mean": 713.095458984375,
  "summary_gm_median": 716.0159301757812,
  "summary_gm_n": 20280.0,
  "summary_gm_p05": 596.6922882080078,
  "summary_gm_p95": 823.045620727539,
  "summary_gm_stdv": 68.19011688232422,
  "summary_wm_k": 5.302613689513281,
  "summary_wm_mad": 51.7498664855957,
  "summary_wm_mean": 1007.4968872070312,
  "summary_wm_median": 1000.0233764648438,
  "summary_wm_n": 244622.0,
  "summary_wm_p05": 918.3904174804688,
  "summary_wm_p95": 1120.448309326172,
  "summary_wm_stdv": 66.95433807373047,
  "tpm_overlap_csf": 0.21844474971294403,
  "tpm_overlap_gm": 0.48094236850738525,
  "tpm_overlap_wm": 0.5462414622306824,
  "wm2max": 0.247031311581723
}