{
  "aor": 0.00515888,
  "aqi": 0.002948235828,
  "bids_meta": {
    "AcquisitionDateTime": "2017-08-18T19:27:10.000000",
    "ConversionSoftware": "dcm2niix",
    "ConversionSoftwareVersion": "v1.0.20170411 GCC4.8.4",
    "EchoTime": 0.035,
    "FlipAngle": 90,
    "ImageType": [
      "ORIGINAL",
      "PRIMARY",
      "EPI",
      "NONE"
    ],
    "MagneticFieldStrength": 3,
    "Manufacturer": "GE",
    "ManufacturersModelName": "DISCOVERY_MR750",
    "ProcedureStepDescription": "CompMet",
    "ProtocolName": "fMRI_CompMet",
    "RepetitionTime": 2,
    "ScanningSequence": "EP_GR",
    "SequenceVariant": "SS",
    "SeriesDescription": "fMRI_CompMet",
    "dataset": "unknown",
    "modality": "bold",
    "run_id": 2,
    "subject_id": "85",
    "task_id": "cm"
  },
  "dummy_trs": 0,
  "dvars_nstd": 17.867392563012046,
  "dvars_std": 1.0936190243373498,
  "dvars_vstd": 0.9800021493172687,
  "efc": 0.3693209304546753,
  "fber": 73944.90625,
  "fd_mean": 0.16880552523359518,
  "fd_num": 53,
  "fd_perc": 21.2,
  "fwhm_avg": 2.9378499999999996,
  "fwhm_x": 2.819225,
  "fwhm_y": 3.035225,
  "fwhm_z": 2.9591,
  "gcor": 0.0249264,
  "gsr_x": -0.008626426570117474,
  "gsr_y": 0.010957322083413601,
  "provenance": {
    "md5sum": "b5c7f2b98d0c85cbfc32284022e8ed95",
    "settings": {
      "fd_thres": 0.2,
      "hmc_fsl": false
    },
    "software": "mriqc",
    "version": "0.15.2rc1",
    "webapi_port": null,
    "webapi_url": "https://mriqc.nimh.nih.gov/api/v1"
  },
  "size_t": 250,
  "size_x": 64,
  "size_y": 64,
  "size_z": 34,
  "snr": 2.7295234846604024,
  "spacing_tr": 2.0,
  "spacing_x": 4.0,
  "spacing_y": 4.0,
  "spacing_z": 4.0,
  "summary_bg_k": 96.48560808089198,
  "summary_bg_mad": 10.052043914794922,
  "summary_bg_mean": 39.52702713012695,
  "summary_bg_median": 7.4160003662109375,
  "summary_bg_n": 92344.0,
  "summary_bg_p05": 0.17600001394748688,
  "summary_bg_p95": 183.61700973510725,
  "summary_bg_stdv": 126.20806884765625,
  "summary_fg_k": 0.35170293333422187,
  "summary_fg_mad": 654.7943725585938,
  "summary_fg_mean": 2148.52392578125,
  "summary_fg_median": 2073.828125,
  "summary_fg_n": 19565.0,
  "summary_fg_p05": 966.9192504882812,
  "summary_fg_p95": 3558.0321289062495,
  "summary_fg_stdv": 759.7572021484375,
  "tsnr": 60.02444076538086
}