{
  "aor": 0.005222873563218391,
  "aqi": 0.007564384137931034,
  "bids_meta": {
    "AcquisitionDateTime": "2017-08-17T20:04:20.000000",
    "ConversionSoftware": "dcm2niix",
    "ConversionSoftwareVersion": "v1.0.20170411 GCC4.8.4",
    "EchoTime": 0.04,
    "FlipAngle": 90,
    "ImageType": [
      "ORIGINAL",
      "PRIMARY",
      "EPI",
      "NONE"
    ],
    "MagneticFieldStrength": 3,
    "Manufacturer": "GE",
    "ManufacturersModelName": "DISCOVERY_MR750",
    "ProtocolName": "fMRI_RestState",
    "RepetitionTime": 2,
    "ScanningSequence": "EP_GR",
    "SequenceVariant": "SS",
    "SeriesDescription": "fMRI_RestState",
    "dataset": "unknown",
    "modality": "bold",
    "subject_id": "85",
    "task_id": "rest"
  },
  "dummy_trs": 0,
  "dvars_nstd": 22.726509404883714,
  "dvars_std": 0.9813977286046514,
  "dvars_vstd": 0.9165530396511627,
  "efc": 0.35723481534349955,
  "fber": 67486.4765625,
  "fd_mean": 0.20774938274228755,
  "fd_num": 38,
  "fd_perc": 43.67816091954023,
  "fwhm_avg": 2.939166666666667,
  "fwhm_x": 2.900075,
  "fwhm_y": 2.83795,
  "fwhm_z": 3.079475,
  "gcor": 0.02387,
  "gsr_x": -0.005741359665989876,
  "gsr_y": 0.006404310930520296,
  "provenance": {
    "md5sum": "30614ac8cf95299f42c80eea882b9564",
    "settings": {
      "fd_thres": 0.2,
      "hmc_fsl": false
    },
    "software": "mriqc",
    "version": "0.15.2rc1",
    "webapi_port": null,
    "webapi_url": "https://mriqc.nimh.nih.gov/api/v1"
  },
  "size_t": 87,
  "size_x": 64,
  "size_y": 64,
  "size_z": 34,
  "snr": 2.468142708080211,
  "spacing_tr": 2.0,
  "spacing_x": 4.0,
  "spacing_y": 4.0,
  "spacing_z": 4.0,
  "summary_bg_k": 137.72934684424885,
  "summary_bg_mad": 9.713601112365723,
  "summary_bg_mean": 28.246076583862305,
  "summary_bg_median": 7.0804595947265625,
  "summary_bg_n": 93270.0,
  "summary_bg_p05": 0.16091954708099365,
  "summary_bg_p95": 120.32930755615244,
  "summary_bg_stdv": 81.31981658935547,
  "summary_fg_k": 0.6989363958101249,
  "summary_fg_mad": 596.9774169921875,
  "summary_fg_mean": 1925.121337890625,
  "summary_fg_median": 1823.0574951171875,
  "summary_fg_n": 18859.0,
  "summary_fg_p05": 797.9747131347657,
  "summary_fg_p95": 3333.854052734375,
  "summary_fg_stdv": 738.6157836914062,
  "tsnr": 37.004722595214844
}