{
  "aor": 0.007454826086956521,
  "aqi": 0.006023767304347826,
  "bids_meta": {
    "AcquisitionDateTime": "2017-01-09T19:33:28.000000",
    "ConversionSoftware": "dcm2niix",
    "ConversionSoftwareVersion": "v1.0.20170411 GCC4.8.4",
    "EchoTime": 0.04,
    "FlipAngle": 90,
    "ImageType": [
      "ORIGINAL",
      "PRIMARY",
      "EPI",
      "NONE"
    ],
    "MagneticFieldStrength": 3,
    "Manufacturer": "GE",
    "ManufacturersModelName": "DISCOVERY_MR750",
    "ProcedureStepDescription": "CompRefranes",
    "ProtocolName": "fMRI_Comprension_1",
    "RepetitionTime": 2,
    "ScanningSequence": "EP_GR",
    "SequenceVariant": "SS",
    "SeriesDescription": "fMRI_Comprension_1",
    "dataset": "unknown",
    "modality": "bold",
    "run_id": 1,
    "subject_id": "56",
    "task_id": "cr"
  },
  "dummy_trs": 0,
  "dvars_nstd": 23.057705554323142,
  "dvars_std": 1.035247616157205,
  "dvars_vstd": 0.9638983012227074,
  "efc": 0.34684699573970573,
  "fber": 108796.546875,
  "fd_mean": 0.2010044440848869,
  "fd_num": 42,
  "fd_perc": 18.26086956521739,
  "fwhm_avg": 2.842133333333333,
  "fwhm_x": 2.698875,
  "fwhm_y": 3.022975,
  "fwhm_z": 2.80455,
  "gcor": 0.0152996,
  "gsr_x": -0.0071844556368887424,
  "gsr_y": 0.010530347004532814,
  "provenance": {
    "md5sum": "e247b6015ce29ad7b630bf64a2dd2432",
    "settings": {
      "fd_thres": 0.2,
      "hmc_fsl": false
    },
    "software": "mriqc",
    "version": "0.15.2rc1",
    "webapi_port": null,
    "webapi_url": "https://mriqc.nimh.nih.gov/api/v1"
  },
  "size_t": 230,
  "size_x": 64,
  "size_y": 64,
  "size_z": 34,
  "snr": 2.9603875253611744,
  "spacing_tr": 2.0,
  "spacing_x": 4.0,
  "spacing_y": 4.0,
  "spacing_z": 4.0,
  "summary_bg_k": 142.66921632687934,
  "summary_bg_mad": 7.541932582855225,
  "summary_bg_mean": 22.291431427001953,
  "summary_bg_median": 5.639130115509033,
  "summary_bg_n": 94432.0,
  "summary_bg_p05": 0.27826085686683655,
  "summary_bg_p95": 86.87303924560541,
  "summary_bg_stdv": 60.97456741333008,
  "summary_fg_k": 0.3983565633403088,
  "summary_fg_mad": 540.3536376953125,
  "summary_fg_mean": 1853.781005859375,
  "summary_fg_median": 1810.14990234375,
  "summary_fg_n": 17906.0,
  "summary_fg_p05": 864.5260467529297,
  "summary_fg_p95": 2921.6715087890625,
  "summary_fg_stdv": 611.4400024414062,
  "tsnr": 38.57828140258789
}