{
  "aor": 0.0036971428571428576,
  "aqi": 0.0038277569585253453,
  "bids_meta": {
    "AcquisitionDateTime": "2017-01-09T19:53:9.000000",
    "ConversionSoftware": "dcm2niix",
    "ConversionSoftwareVersion": "v1.0.20170411 GCC4.8.4",
    "EchoTime": 0.04,
    "FlipAngle": 90,
    "ImageType": [
      "ORIGINAL",
      "PRIMARY",
      "EPI",
      "NONE"
    ],
    "MagneticFieldStrength": 3,
    "Manufacturer": "GE",
    "ManufacturersModelName": "DISCOVERY_MR750",
    "ProcedureStepDescription": "CompRefranes",
    "ProtocolName": "fMRI_Comprension_3",
    "RepetitionTime": 2,
    "ScanningSequence": "EP_GR",
    "SequenceVariant": "SS",
    "SeriesDescription": "fMRI_Comprension_3",
    "dataset": "unknown",
    "modality": "bold",
    "run_id": 3,
    "subject_id": "56",
    "task_id": "cr"
  },
  "dummy_trs": 0,
  "dvars_nstd": 19.52002628638888,
  "dvars_std": 1.104114959907407,
  "dvars_vstd": 0.9622874793518521,
  "efc": 0.3495872796229682,
  "fber": 114146.671875,
  "fd_mean": 0.13467016078673708,
  "fd_num": 17,
  "fd_perc": 7.8341013824884795,
  "fwhm_avg": 2.7971083333333335,
  "fwhm_x": 2.65695,
  "fwhm_y": 2.98145,
  "fwhm_z": 2.752925,
  "gcor": 0.0141265,
  "gsr_x": -0.007021312136203051,
  "gsr_y": 0.009280214086174965,
  "provenance": {
    "md5sum": "8749b2971d4f860ece243fe3a9224490",
    "settings": {
      "fd_thres": 0.2,
      "hmc_fsl": false
    },
    "software": "mriqc",
    "version": "0.15.2rc1",
    "webapi_port": null,
    "webapi_url": "https://mriqc.nimh.nih.gov/api/v1"
  },
  "size_t": 217,
  "size_x": 64,
  "size_y": 64,
  "size_z": 34,
  "snr": 3.0777569783451013,
  "spacing_tr": 2.0,
  "spacing_x": 4.0,
  "spacing_y": 4.0,
  "spacing_z": 4.0,
  "summary_bg_k": 139.97763501491096,
  "summary_bg_mad": 7.8571085929870605,
  "summary_bg_mean": 24.165977478027344,
  "summary_bg_median": 5.861751079559326,
  "summary_bg_n": 94320.0,
  "summary_bg_p05": 0.26728111505508423,
  "summary_bg_p95": 94.500230407715,
  "summary_bg_stdv": 67.40921783447266,
  "summary_fg_k": 0.5864201250700218,
  "summary_fg_mad": 523.9802856445312,
  "summary_fg_mean": 1955.6881103515625,
  "summary_fg_median": 1904.815673828125,
  "summary_fg_n": 18019.0,
  "summary_fg_p05": 941.1161254882813,
  "summary_fg_p95": 3044.9060791015618,
  "summary_fg_stdv": 618.8801879882812,
  "tsnr": 53.89984130859375
}