{
  "aor": 0.0016263555555555555,
  "aqi": 0.002475324391111111,
  "bids_meta": {
    "AcquisitionDateTime": "2017-01-09T20:01:47.000000",
    "ConversionSoftware": "dcm2niix",
    "ConversionSoftwareVersion": "v1.0.20170411 GCC4.8.4",
    "EchoTime": 0.04,
    "FlipAngle": 90,
    "ImageType": [
      "ORIGINAL",
      "PRIMARY",
      "EPI",
      "NONE"
    ],
    "MagneticFieldStrength": 3,
    "Manufacturer": "GE",
    "ManufacturersModelName": "DISCOVERY_MR750",
    "ProcedureStepDescription": "CompRefranes",
    "ProtocolName": "fMRI_Comprension_4",
    "RepetitionTime": 2,
    "ScanningSequence": "EP_GR",
    "SequenceVariant": "SS",
    "SeriesDescription": "fMRI_Comprension_4",
    "dataset": "unknown",
    "modality": "bold",
    "run_id": 4,
    "subject_id": "56",
    "task_id": "cr"
  },
  "dummy_trs": 0,
  "dvars_nstd": 18.687651808705358,
  "dvars_std": 1.1090414779017859,
  "dvars_vstd": 0.9718213474107141,
  "efc": 0.34901857585037604,
  "fber": 107446.1875,
  "fd_mean": 0.1298688167804107,
  "fd_num": 17,
  "fd_perc": 7.555555555555555,
  "fwhm_avg": 2.76135,
  "fwhm_x": 2.631525,
  "fwhm_y": 2.935675,
  "fwhm_z": 2.71685,
  "gcor": 0.0185091,
  "gsr_x": -0.007335696369409561,
  "gsr_y": 0.00884574931114912,
  "provenance": {
    "md5sum": "95a285efedeac407bac6c68b5a3556cb",
    "settings": {
      "fd_thres": 0.2,
      "hmc_fsl": false
    },
    "software": "mriqc",
    "version": "0.15.2rc1",
    "webapi_port": null,
    "webapi_url": "https://mriqc.nimh.nih.gov/api/v1"
  },
  "size_t": 225,
  "size_x": 64,
  "size_y": 64,
  "size_z": 34,
  "snr": 3.0993563148136314,
  "spacing_tr": 2.0,
  "spacing_x": 4.0,
  "spacing_y": 4.0,
  "spacing_z": 4.0,
  "summary_bg_k": 136.58824004601976,
  "summary_bg_mad": 8.0389986038208,
  "summary_bg_mean": 24.713220596313477,
  "summary_bg_median": 5.97777795791626,
  "summary_bg_n": 94585.0,
  "summary_bg_p05": 0.24444444477558136,
  "summary_bg_p95": 95.44356079101564,
  "summary_bg_stdv": 70.65139770507812,
  "summary_fg_k": 0.5661741049527973,
  "summary_fg_mad": 522.2647705078125,
  "summary_fg_mean": 1965.2935791015625,
  "summary_fg_median": 1912.564453125,
  "summary_fg_n": 17805.0,
  "summary_fg_p05": 971.0089111328125,
  "summary_fg_p95": 3062.722802734375,
  "summary_fg_stdv": 617.0670776367188,
  "tsnr": 67.42378234863281
}