{
  "aor": 0.0012664556962025317,
  "aqi": 0.0014878489746835443,
  "bids_meta": {
    "AcquisitionDateTime": "2017-01-10T18:33:31.000000",
    "ConversionSoftware": "dcm2niix",
    "ConversionSoftwareVersion": "v1.0.20170411 GCC4.8.4",
    "EchoTime": 0.04,
    "FlipAngle": 90,
    "ImageType": [
      "ORIGINAL",
      "PRIMARY",
      "EPI",
      "NONE"
    ],
    "MagneticFieldStrength": 3,
    "Manufacturer": "GE",
    "ManufacturersModelName": "DISCOVERY_MR750",
    "ProcedureStepDescription": "CompRefranes",
    "ProtocolName": "fMRI_Comprension_2",
    "RepetitionTime": 2,
    "ScanningSequence": "EP_GR",
    "SequenceVariant": "SS",
    "SeriesDescription": "fMRI_Comprension_2",
    "dataset": "unknown",
    "modality": "bold",
    "run_id": 2,
    "subject_id": "51",
    "task_id": "cr"
  },
  "dummy_trs": 0,
  "dvars_nstd": 17.181481070381356,
  "dvars_std": 1.1493013061864412,
  "dvars_vstd": 0.9943720503813558,
  "efc": 0.3461348732272597,
  "fber": 84607.53125,
  "fd_mean": 0.05716922504792093,
  "fd_num": 1,
  "fd_perc": 0.4219409282700422,
  "fwhm_avg": 2.804441666666667,
  "fwhm_x": 2.72175,
  "fwhm_y": 2.82925,
  "fwhm_z": 2.862325,
  "gcor": 0.0300271,
  "gsr_x": -0.0035196994431316853,
  "gsr_y": 0.004313515964895487,
  "provenance": {
    "md5sum": "3ca82ae398b24a98fc772c82aff50d24",
    "settings": {
      "fd_thres": 0.2,
      "hmc_fsl": false
    },
    "software": "mriqc",
    "version": "0.15.2rc1",
    "webapi_port": null,
    "webapi_url": "https://mriqc.nimh.nih.gov/api/v1"
  },
  "size_t": 237,
  "size_x": 64,
  "size_y": 64,
  "size_z": 34,
  "snr": 2.783870295604758,
  "spacing_tr": 2.0,
  "spacing_x": 4.0,
  "spacing_y": 4.0,
  "spacing_z": 4.0,
  "summary_bg_k": 217.0050234685797,
  "summary_bg_mad": 7.719540596008301,
  "summary_bg_mean": 20.846498489379883,
  "summary_bg_median": 5.624472141265869,
  "summary_bg_n": 94406.0,
  "summary_bg_p05": 0.07172995805740356,
  "summary_bg_p95": 79.66982841491699,
  "summary_bg_stdv": 66.3717041015625,
  "summary_fg_k": 0.36965747769647317,
  "summary_fg_mad": 525.2351684570312,
  "summary_fg_mean": 1702.291259765625,
  "summary_fg_median": 1649.8353271484375,
  "summary_fg_n": 17909.0,
  "summary_fg_p05": 752.8024902343752,
  "summary_fg_p95": 2756.6133300781244,
  "summary_fg_stdv": 592.6243286132812,
  "tsnr": 74.9171142578125
}