{
  "aor": 0.0013608636363636364,
  "aqi": 0.0013698464727272728,
  "bids_meta": {
    "AcquisitionDateTime": "2017-01-10T18:51:37.000000",
    "ConversionSoftware": "dcm2niix",
    "ConversionSoftwareVersion": "v1.0.20170411 GCC4.8.4",
    "EchoTime": 0.04,
    "FlipAngle": 90,
    "ImageType": [
      "ORIGINAL",
      "PRIMARY",
      "EPI",
      "NONE"
    ],
    "MagneticFieldStrength": 3,
    "Manufacturer": "GE",
    "ManufacturersModelName": "DISCOVERY_MR750",
    "ProcedureStepDescription": "CompRefranes",
    "ProtocolName": "fMRI_Comprension_4",
    "RepetitionTime": 2,
    "ScanningSequence": "EP_GR",
    "SequenceVariant": "SS",
    "SeriesDescription": "fMRI_Comprension_4",
    "dataset": "unknown",
    "modality": "bold",
    "run_id": 4,
    "subject_id": "51",
    "task_id": "cr"
  },
  "dummy_trs": 0,
  "dvars_nstd": 17.301980519497715,
  "dvars_std": 1.1718511650228316,
  "dvars_vstd": 0.9997718663470317,
  "efc": 0.34772482447959707,
  "fber": 85391.890625,
  "fd_mean": 0.054196301846980814,
  "fd_num": 0,
  "fd_perc": 0.0,
  "fwhm_avg": 2.7952,
  "fwhm_x": 2.70395,
  "fwhm_y": 2.836275,
  "fwhm_z": 2.845375,
  "gcor": 0.0234387,
  "gsr_x": -0.00397684657946229,
  "gsr_y": 0.0043503534980118275,
  "provenance": {
    "md5sum": "10f82a5818abaeac4699a92a1028cce9",
    "settings": {
      "fd_thres": 0.2,
      "hmc_fsl": false
    },
    "software": "mriqc",
    "version": "0.15.2rc1",
    "webapi_port": null,
    "webapi_url": "https://mriqc.nimh.nih.gov/api/v1"
  },
  "size_t": 220,
  "size_x": 64,
  "size_y": 64,
  "size_z": 34,
  "snr": 2.8036606421689725,
  "spacing_tr": 2.0,
  "spacing_x": 4.0,
  "spacing_y": 4.0,
  "spacing_z": 4.0,
  "summary_bg_k": 220.67147719858625,
  "summary_bg_mad": 7.736487865447998,
  "summary_bg_mean": 21.279571533203125,
  "summary_bg_median": 5.636363506317139,
  "summary_bg_n": 94322.0,
  "summary_bg_p05": 0.06818181276321411,
  "summary_bg_p95": 82.54045410156246,
  "summary_bg_stdv": 67.90387725830078,
  "summary_fg_k": 0.340709233947031,
  "summary_fg_mad": 529.191162109375,
  "summary_fg_mean": 1704.5213623046875,
  "summary_fg_median": 1655.088623046875,
  "summary_fg_n": 17980.0,
  "summary_fg_p05": 765.0586090087892,
  "summary_fg_p95": 2758.0456054687497,
  "summary_fg_stdv": 590.3148803710938,
  "tsnr": 81.40573120117188
}