{
  "aor": 0.005768407079646017,
  "aqi": 0.0027862558053097343,
  "bids_meta": {
    "AcquisitionDateTime": "2017-01-10T18:43:5.000000",
    "ConversionSoftware": "dcm2niix",
    "ConversionSoftwareVersion": "v1.0.20170411 GCC4.8.4",
    "EchoTime": 0.04,
    "FlipAngle": 90,
    "ImageType": [
      "ORIGINAL",
      "PRIMARY",
      "EPI",
      "NONE"
    ],
    "MagneticFieldStrength": 3,
    "Manufacturer": "GE",
    "ManufacturersModelName": "DISCOVERY_MR750",
    "ProcedureStepDescription": "CompRefranes",
    "ProtocolName": "fMRI_Comprension_3",
    "RepetitionTime": 2,
    "ScanningSequence": "EP_GR",
    "SequenceVariant": "SS",
    "SeriesDescription": "fMRI_Comprension_3",
    "dataset": "unknown",
    "modality": "bold",
    "run_id": 3,
    "subject_id": "51",
    "task_id": "cr"
  },
  "dummy_trs": 0,
  "dvars_nstd": 19.260686827466674,
  "dvars_std": 1.1064819430666668,
  "dvars_vstd": 0.9794734381333334,
  "efc": 0.34717965099130216,
  "fber": 82847.125,
  "fd_mean": 0.09994065739624793,
  "fd_num": 29,
  "fd_perc": 12.831858407079647,
  "fwhm_avg": 2.817225,
  "fwhm_x": 2.72705,
  "fwhm_y": 2.845675,
  "fwhm_z": 2.87895,
  "gcor": 0.0175417,
  "gsr_x": -0.0036467923782765865,
  "gsr_y": 0.004606806207448244,
  "provenance": {
    "md5sum": "45bf23fc0a33ab8ae4464bafc0637e3a",
    "settings": {
      "fd_thres": 0.2,
      "hmc_fsl": false
    },
    "software": "mriqc",
    "version": "0.15.2rc1",
    "webapi_port": null,
    "webapi_url": "https://mriqc.nimh.nih.gov/api/v1"
  },
  "size_t": 226,
  "size_x": 64,
  "size_y": 64,
  "size_z": 34,
  "snr": 2.786416659244767,
  "spacing_tr": 2.0,
  "spacing_x": 4.0,
  "spacing_y": 4.0,
  "spacing_z": 4.0,
  "summary_bg_k": 214.72253268582577,
  "summary_bg_mad": 7.741020679473877,
  "summary_bg_mean": 20.925472259521484,
  "summary_bg_median": 5.641592979431152,
  "summary_bg_n": 94244.0,
  "summary_bg_p05": 0.08407079428434372,
  "summary_bg_p95": 79.29646301269531,
  "summary_bg_stdv": 66.66761016845703,
  "summary_fg_k": 0.3706074177137957,
  "summary_fg_mad": 524.591796875,
  "summary_fg_mean": 1696.7271728515625,
  "summary_fg_median": 1645.8319091796875,
  "summary_fg_n": 17997.0,
  "summary_fg_p05": 742.0344970703125,
  "summary_fg_p95": 2751.8514160156255,
  "summary_fg_stdv": 590.6461181640625,
  "tsnr": 58.51103591918945
}