{
  "aor": 0.012888799999999999,
  "aqi": 0.007595863933333333,
  "bids_meta": {
    "AcquisitionMatrixPE": 64,
    "AcquisitionNumber": 1,
    "AcquisitionTime": "18:59:51.000000",
    "BodyPartExamined": "HEAD",
    "CoilString": "32Ch_Head",
    "ConversionSoftware": "dcm2niix",
    "ConversionSoftwareVersion": "v1.0.20181125  (JP2:OpenJPEG) GCC7.3.0",
    "DeviceSerialNumber": "0002806034DVR750",
    "EchoTime": 0.04,
    "EffectiveEchoSpacing": 0.000372,
    "FlipAngle": 90,
    "ImageOrientationPatientDICOM": [
      1,
      0,
      0,
      0,
      1,
      0
    ],
    "ImageType": [
      "ORIGINAL",
      "PRIMARY",
      "EPI",
      "NONE"
    ],
    "ImagingFrequency": 127.772,
    "InPlanePhaseEncodingDirectionDICOM": "COL",
    "InstitutionName": "INSTITUTO_DE_NEUROBIOLOGIA",
    "MRAcquisitionType": "2D",
    "MagneticFieldStrength": 3,
    "Manufacturer": "GE",
    "ManufacturersModelName": "DISCOVERY_MR750",
    "Modality": "MR",
    "PatientPosition": "HFS",
    "PercentPhaseFOV": 100,
    "PhaseEncodingDirection": "j",
    "PhaseEncodingPolarityGE": "Flipped",
    "PixelBandwidth": 7812.5,
    "ProcedureStepDescription": "Emociones_AH",
    "ProtocolName": "fMRI_Jalil_4",
    "ReconMatrixPE": 64,
    "RepetitionTime": 2,
    "SAR": 0.181367,
    "ScanOptions": "EPI_GEMS_ACC_GEMS",
    "ScanningSequence": "EP_GR",
    "SequenceVariant": "SS",
    "SeriesDescription": "fMRI_Jalil_4",
    "SeriesNumber": 9,
    "SliceThickness": 4,
    "SliceTiming": [
      0,
      1.0285,
      0.0571001,
      1.0857,
      0.1142,
      1.1428,
      0.1714,
      1.2,
      0.2285,
      1.2571,
      0.2857,
      1.3143,
      0.3428,
      1.3714,
      0.4,
      1.4286,
      0.4571,
      1.4857,
      0.5142,
      1.5428,
      0.5714,
      1.6,
      0.6285,
      1.6571,
      0.6857,
      1.7143,
      0.7428,
      1.7714,
      0.8,
      1.8285,
      0.8571,
      1.8857,
      0.9143,
      1.9428,
      0.9714
    ],
    "SoftwareVersions": "27_LX_MR_Software_release:DV26.0_R02_1810.b",
    "SpacingBetweenSlices": 4,
    "StationName": "GEHCGEHC",
    "TaskName": "eah",
    "TotalReadoutTime": 0.023436,
    "dataset": "unknown",
    "modality": "bold",
    "run_id": 4,
    "subject_id": "39",
    "task_id": "eah"
  },
  "dummy_trs": 0,
  "dvars_nstd": 29.973377995838923,
  "dvars_std": 1.0390644164429532,
  "dvars_vstd": 0.9807399604697989,
  "efc": 0.3516891160683843,
  "fber": 87365.0078125,
  "fd_mean": 0.33721819300355677,
  "fd_num": 61,
  "fd_perc": 40.666666666666664,
  "fwhm_avg": 2.6911833333333335,
  "fwhm_x": 2.61845,
  "fwhm_y": 2.889525,
  "fwhm_z": 2.565575,
  "gcor": 0.047034,
  "gsr_x": 0.0052206614054739475,
  "gsr_y": -0.0008377270423807204,
  "provenance": {
    "md5sum": "0c3d84fdd489b227aab20b845b293614",
    "settings": {
      "fd_thres": 0.2,
      "hmc_fsl": false
    },
    "software": "mriqc",
    "version": "0.15.2rc1",
    "webapi_port": null,
    "webapi_url": "https://mriqc.nimh.nih.gov/api/v1"
  },
  "size_t": 150,
  "size_x": 64,
  "size_y": 64,
  "size_z": 35,
  "snr": 2.9668299688493946,
  "spacing_tr": 2.0,
  "spacing_x": 4.0,
  "spacing_y": 4.0,
  "spacing_z": 4.0,
  "summary_bg_k": 109.36153325075075,
  "summary_bg_mad": 8.23338508605957,
  "summary_bg_mean": 25.913904190063477,
  "summary_bg_median": 6.240000247955322,
  "summary_bg_n": 97455.0,
  "summary_bg_p05": 0.2133333384990692,
  "summary_bg_p95": 102.90867004394534,
  "summary_bg_stdv": 82.58810424804688,
  "summary_fg_k": 0.11276047451342874,
  "summary_fg_mad": 598.3486328125,
  "summary_fg_mean": 1897.291015625,
  "summary_fg_median": 1885.1400146484375,
  "summary_fg_n": 18178.0,
  "summary_fg_p05": 832.5796905517578,
  "summary_fg_p95": 2955.703759765625,
  "summary_fg_stdv": 635.3880004882812,
  "tsnr": 34.57384490966797
}