{
  "aor": 0.0045412,
  "aqi": 0.0036752143666666666,
  "bids_meta": {
    "AcquisitionDateTime": "2016-09-05T20:44:38.000000",
    "ConversionSoftware": "dcm2niix",
    "ConversionSoftwareVersion": "v1.0.20170411 GCC4.8.4",
    "EchoTime": 0.04,
    "FlipAngle": 90,
    "ImageType": [
      "ORIGINAL",
      "PRIMARY",
      "EPI",
      "NONE"
    ],
    "MagneticFieldStrength": 3,
    "Manufacturer": "GE",
    "ManufacturersModelName": "DISCOVERY_MR750",
    "ProcedureStepDescription": "MeditResp",
    "ProtocolName": "fMRI_RestSt",
    "RepetitionTime": 2,
    "ScanningSequence": "EP_GR",
    "SequenceVariant": "SS",
    "SeriesDescription": "fMRI_RestSt",
    "dataset": "unknown",
    "modality": "bold",
    "subject_id": "115",
    "task_id": "rest"
  },
  "dummy_trs": 0,
  "dvars_nstd": 16.21960460367893,
  "dvars_std": 1.095183307324415,
  "dvars_vstd": 1.0707145719732445,
  "efc": 0.3185838210286458,
  "fber": 114015.625,
  "fd_mean": 0.12217868684789782,
  "fd_num": 42,
  "fd_perc": 14.0,
  "fwhm_avg": 2.8628916666666666,
  "fwhm_x": 2.836625,
  "fwhm_y": 3.1015,
  "fwhm_z": 2.65055,
  "gcor": 0.0357822,
  "gsr_x": -0.003225858323276043,
  "gsr_y": -0.004752280656248331,
  "provenance": {
    "md5sum": "441c27f0479e187461c12a94eda365b4",
    "settings": {
      "fd_thres": 0.2,
      "hmc_fsl": false
    },
    "software": "mriqc",
    "version": "0.15.2rc1",
    "webapi_port": null,
    "webapi_url": "https://mriqc.nimh.nih.gov/api/v1"
  },
  "size_t": 300,
  "size_x": 64,
  "size_y": 64,
  "size_z": 35,
  "snr": 2.989911101421404,
  "spacing_tr": 2.0,
  "spacing_x": 4.0,
  "spacing_y": 4.0,
  "spacing_z": 4.0,
  "summary_bg_k": 141.50505600679114,
  "summary_bg_mad": 6.42955207824707,
  "summary_bg_mean": 19.757049560546875,
  "summary_bg_median": 5.0966668128967285,
  "summary_bg_n": 101010.0,
  "summary_bg_p05": 0.273333340883255,
  "summary_bg_p95": 68.12066955566391,
  "summary_bg_stdv": 67.10502624511719,
  "summary_fg_k": 0.18173135895578651,
  "summary_fg_mad": 534.6509399414062,
  "summary_fg_mean": 1726.6070556640625,
  "summary_fg_median": 1739.7366943359375,
  "summary_fg_n": 15461.0,
  "summary_fg_p05": 738.9666748046875,
  "summary_fg_p95": 2698.489990234375,
  "summary_fg_stdv": 581.8502197265625,
  "tsnr": 49.899383544921875
}