{
  "bids_meta": {
    "AcquisitionDateTime": "2017-06-26T20:58:22.000000",
    "ConversionSoftware": "dcm2niix",
    "ConversionSoftwareVersion": "v1.0.20170411 GCC4.8.4",
    "EchoTime": 0.00318,
    "FlipAngle": 12,
    "ImageType": [
      "DERIVED",
      "PRIMARY",
      "OTHER"
    ],
    "InversionTime": 0.45,
    "MagneticFieldStrength": 3,
    "Manufacturer": "GE",
    "ManufacturersModelName": "DISCOVERY_MR750",
    "ProcedureStepDescription": "CompMet",
    "ProtocolName": "PU:Sag_T1_FSPGR_BRAVO",
    "RepetitionTime": 0.008156,
    "ScanningSequence": "GR",
    "SequenceVariant": "SS_SP_SK",
    "SeriesDescription": "PU:Sag_T1_FSPGR_BRAVO",
    "dataset": "unknown",
    "modality": "T1w",
    "subject_id": "67"
  },
  "cjv": 0.3700637792549494,
  "cnr": 3.560621989759573,
  "efc": 0.715584192673357,
  "fber": 16390.16015625,
  "fwhm_avg": 3.7586933333333334,
  "fwhm_x": 3.74154,
  "fwhm_y": 4.00348,
  "fwhm_z": 3.53106,
  "icvs_csf": 0.20381256919958635,
  "icvs_gm": 0.4431612139685311,
  "icvs_wm": 0.35302621683188257,
  "inu_med": 0.8550790548324585,
  "inu_range": 0.258520296216011,
  "provenance": {
    "md5sum": "4c2e9f59c44cc88a8fe216fec46e9f3c",
    "settings": {
      "testing": false
    },
    "software": "mriqc",
    "version": "0.15.2rc1",
    "warnings": {
      "large_rot_frame": true,
      "small_air_mask": false
    },
    "webapi_port": null,
    "webapi_url": "https://mriqc.nimh.nih.gov/api/v1"
  },
  "qi_1": 0.0,
  "qi_2": 0.004017368343627794,
  "rpve_csf": 26.156923808609204,
  "rpve_gm": 13.182448904796257,
  "rpve_wm": 19.80254864014929,
  "size_x": 176,
  "size_y": 256,
  "size_z": 256,
  "snr_csf": 2.9805738952486056,
  "snr_gm": 10.794443364572144,
  "snr_total": 11.432476923693729,
  "snr_wm": 20.52241351126044,
  "snrd_csf": 38.37323800343856,
  "snrd_gm": 83.67081963563854,
  "snrd_total": 80.21844984916119,
  "snrd_wm": 118.61129190840647,
  "spacing_x": 1.0,
  "spacing_y": 1.0,
  "spacing_z": 1.0,
  "summary_bg_k": 7.407720614556737,
  "summary_bg_mad": 5.523501873016357,
  "summary_bg_mean": 10.352598190307617,
  "summary_bg_median": 3.7255454063415527,
  "summary_bg_n": 422169.0,
  "summary_bg_p05": 0.0,
  "summary_bg_p95": 39.47329635620116,
  "summary_bg_stdv": 14.138036727905273,
  "summary_csf_k": -0.4784584760528663,
  "summary_csf_mad": 103.36006164550781,
  "summary_csf_mean": 354.168212890625,
  "summary_csf_median": 323.52752685546875,
  "summary_csf_n": 15395.0,
  "summary_csf_p05": 216.4935043334961,
  "summary_csf_p95": 548.9791870117186,
  "summary_csf_stdv": 108.54185485839844,
  "summary_gm_k": 0.3193321178260722,
  "summary_gm_mad": 62.55999755859375,
  "summary_gm_mean": 706.0089721679688,
  "summary_gm_median": 705.4346923828125,
  "summary_gm_n": 23720.0,
  "summary_gm_p05": 600.4846923828125,
  "summary_gm_p95": 814.9271514892579,
  "summary_gm_stdv": 65.35027313232422,
  "summary_wm_k": 0.5177165268990493,
  "summary_wm_mad": 46.455474853515625,
  "summary_wm_mean": 1000.6290283203125,
  "summary_wm_median": 1000.0203247070312,
  "summary_wm_n": 188078.0,
  "summary_wm_p05": 921.4969818115235,
  "summary_wm_p95": 1080.9335083007813,
  "summary_wm_stdv": 48.72807312011719,
  "tpm_overlap_csf": 0.22847490012645721,
  "tpm_overlap_gm": 0.5229730606079102,
  "tpm_overlap_wm": 0.5647678375244141,
  "wm2max": 0.36929961842161846
}