{
  "bids_meta": {
    "AcquisitionDateTime": "2017-07-06T19:39:26.000000",
    "ConversionSoftware": "dcm2niix",
    "ConversionSoftwareVersion": "v1.0.20170411 GCC4.8.4",
    "EchoTime": 0.00318,
    "FlipAngle": 12,
    "ImageType": [
      "DERIVED",
      "PRIMARY",
      "OTHER"
    ],
    "InversionTime": 0.45,
    "MagneticFieldStrength": 3,
    "Manufacturer": "GE",
    "ManufacturersModelName": "DISCOVERY_MR750",
    "ProcedureStepDescription": "CompMet",
    "ProtocolName": "PU:Sag_T1_FSPGR_BRAVO",
    "RepetitionTime": 0.008156,
    "ScanningSequence": "GR",
    "SequenceVariant": "SS_SP_SK",
    "SeriesDescription": "PU:Sag_T1_FSPGR_BRAVO",
    "dataset": "unknown",
    "modality": "T1w",
    "subject_id": "77"
  },
  "cjv": 0.40273364022525043,
  "cnr": 3.3006257938123484,
  "efc": 0.7233198874191767,
  "fber": 6119.2041015625,
  "fwhm_avg": 3.5810066666666667,
  "fwhm_x": 3.66639,
  "fwhm_y": 3.7032,
  "fwhm_z": 3.37343,
  "icvs_csf": 0.21122055657513206,
  "icvs_gm": 0.41774505303540044,
  "icvs_wm": 0.3710343903894675,
  "inu_med": 0.969978392124176,
  "inu_range": 0.28370553255081166,
  "provenance": {
    "md5sum": "616a62980f3eb60adc1923fd19c2bf8e",
    "settings": {
      "testing": false
    },
    "software": "mriqc",
    "version": "0.15.2rc1",
    "warnings": {
      "large_rot_frame": true,
      "small_air_mask": false
    },
    "webapi_port": null,
    "webapi_url": "https://mriqc.nimh.nih.gov/api/v1"
  },
  "qi_1": 0.00016289277201502177,
  "qi_2": 0.0026610034999364532,
  "rpve_csf": 24.27009993487581,
  "rpve_gm": 12.840040938096942,
  "rpve_wm": 17.717195409692092,
  "size_x": 176,
  "size_y": 256,
  "size_z": 256,
  "snr_csf": 3.195575207400871,
  "snr_gm": 10.811390084093846,
  "snr_total": 11.340025108577736,
  "snr_wm": 20.01311003423849,
  "snrd_csf": 42.42268462709756,
  "snrd_gm": 97.31002877178176,
  "snrd_total": 91.57124766637172,
  "snrd_wm": 134.98102960023581,
  "spacing_x": 1.0,
  "spacing_y": 1.0,
  "spacing_z": 1.0,
  "summary_bg_k": 41.32389461703083,
  "summary_bg_mad": 4.853548526763916,
  "summary_bg_mean": 10.056023597717285,
  "summary_bg_median": 3.2736687660217285,
  "summary_bg_n": 565499.0,
  "summary_bg_p05": 0.0,
  "summary_bg_p95": 39.43915977478027,
  "summary_bg_stdv": 14.374961853027344,
  "summary_csf_k": 0.5309904539423234,
  "summary_csf_mad": 78.72747802734375,
  "summary_csf_mean": 340.0195617675781,
  "summary_csf_median": 314.28656005859375,
  "summary_csf_n": 18182.0,
  "summary_csf_p05": 219.90921478271483,
  "summary_csf_p95": 539.0164581298828,
  "summary_csf_stdv": 98.34783935546875,
  "summary_gm_k": 0.32415436254057806,
  "summary_gm_mad": 63.92876434326172,
  "summary_gm_mean": 722.7759399414062,
  "summary_gm_median": 720.9169921875,
  "summary_gm_n": 19806.0,
  "summary_gm_p05": 616.34716796875,
  "summary_gm_p95": 835.3188934326172,
  "summary_gm_stdv": 66.6795654296875,
  "summary_wm_k": 0.27773601061544095,
  "summary_wm_mad": 48.46772003173828,
  "summary_wm_mean": 1000.4473266601562,
  "summary_wm_median": 1000.0009155273438,
  "summary_wm_n": 219567.0,
  "summary_wm_p05": 918.8574340820312,
  "summary_wm_p95": 1083.1492187499998,
  "summary_wm_stdv": 49.96717834472656,
  "tpm_overlap_csf": 0.213273286819458,
  "tpm_overlap_gm": 0.4842044413089752,
  "tpm_overlap_wm": 0.5592564940452576,
  "wm2max": 0.42446551989412723
}