{
  "aor": 0.002944256198347108,
  "aqi": 0.0026279795123966944,
  "bids_meta": {
    "AcquisitionMatrixPE": 64,
    "AcquisitionNumber": 1,
    "AcquisitionTime": "19:30:50.000000",
    "BodyPartExamined": "HEAD",
    "CoilString": "32Ch_Head",
    "ConversionSoftware": "dcm2niix",
    "ConversionSoftwareVersion": "v1.0.20181125  (JP2:OpenJPEG) GCC7.3.0",
    "DeviceSerialNumber": "0002806034DVR750",
    "EchoTime": 0.04,
    "EffectiveEchoSpacing": 0.000372,
    "FlipAngle": 90,
    "ImageOrientationPatientDICOM": [
      1,
      0,
      0,
      0,
      1,
      0
    ],
    "ImageType": [
      "ORIGINAL",
      "PRIMARY",
      "EPI",
      "NONE"
    ],
    "ImagingFrequency": 127.772,
    "InPlanePhaseEncodingDirectionDICOM": "COL",
    "InstitutionName": "INSTITUTO_DE_NEUROBIOLOGIA",
    "MRAcquisitionType": "2D",
    "MagneticFieldStrength": 3,
    "Manufacturer": "GE",
    "ManufacturersModelName": "DISCOVERY_MR750",
    "Modality": "MR",
    "PatientPosition": "HFS",
    "PercentPhaseFOV": 100,
    "PhaseEncodingDirection": "j",
    "PhaseEncodingPolarityGE": "Flipped",
    "PixelBandwidth": 7812.5,
    "ProcedureStepDescription": "Emociones_AH",
    "ProtocolName": "fMRI_Jalil_1",
    "ReconMatrixPE": 64,
    "RepetitionTime": 2,
    "SAR": 0.166299,
    "ScanOptions": "EPI_GEMS_ACC_GEMS",
    "ScanningSequence": "EP_GR",
    "SequenceVariant": "SS",
    "SeriesDescription": "fMRI_Jalil_1",
    "SeriesNumber": 5,
    "SliceThickness": 4,
    "SliceTiming": [
      0,
      1.0285,
      0.0571001,
      1.0857,
      0.1142,
      1.1428,
      0.1714,
      1.2,
      0.2285,
      1.2571,
      0.2857,
      1.3143,
      0.3428,
      1.3714,
      0.4,
      1.4286,
      0.4571,
      1.4857,
      0.5142,
      1.5428,
      0.5714,
      1.6,
      0.6285,
      1.6571,
      0.6857,
      1.7143,
      0.7428,
      1.7714,
      0.8,
      1.8285,
      0.8571,
      1.8857,
      0.9143,
      1.9428,
      0.9714
    ],
    "SoftwareVersions": "27_LX_MR_Software_release:DV26.0_R02_1810.b",
    "SpacingBetweenSlices": 4,
    "StationName": "GEHCGEHC",
    "TaskName": "eah",
    "TotalReadoutTime": 0.023436,
    "dataset": "unknown",
    "modality": "bold",
    "run_id": 1,
    "subject_id": "26",
    "task_id": "eah"
  },
  "dummy_trs": 0,
  "dvars_nstd": 16.805611487385885,
  "dvars_std": 1.078704323236514,
  "dvars_vstd": 1.0057360029045643,
  "efc": 0.3304501349280047,
  "fber": 68080.0390625,
  "fd_mean": 0.09625016077174191,
  "fd_num": 9,
  "fd_perc": 3.71900826446281,
  "fwhm_avg": 2.7993916666666667,
  "fwhm_x": 2.7708,
  "fwhm_y": 2.8692,
  "fwhm_z": 2.758175,
  "gcor": 0.0447274,
  "gsr_x": -0.001705730683170259,
  "gsr_y": -0.002048586495220661,
  "provenance": {
    "md5sum": "1a345b8f694319edc48b1bc2b1f1a71c",
    "settings": {
      "fd_thres": 0.2,
      "hmc_fsl": false
    },
    "software": "mriqc",
    "version": "0.15.2rc1",
    "webapi_port": null,
    "webapi_url": "https://mriqc.nimh.nih.gov/api/v1"
  },
  "size_t": 242,
  "size_x": 64,
  "size_y": 64,
  "size_z": 35,
  "snr": 2.8219182850808227,
  "spacing_tr": 2.0,
  "spacing_x": 4.0,
  "spacing_y": 4.0,
  "spacing_z": 4.0,
  "summary_bg_k": 98.29427459467773,
  "summary_bg_mad": 8.491267204284668,
  "summary_bg_mean": 22.900455474853516,
  "summary_bg_median": 6.68595027923584,
  "summary_bg_n": 100300.0,
  "summary_bg_p05": 0.29752063751220703,
  "summary_bg_p95": 90.01239013671875,
  "summary_bg_stdv": 67.6893539428711,
  "summary_fg_k": 0.4255437502641488,
  "summary_fg_mad": 559.6884765625,
  "summary_fg_mean": 1811.8865966796875,
  "summary_fg_median": 1763.7044677734375,
  "summary_fg_n": 16402.0,
  "summary_fg_p05": 820.9545166015625,
  "summary_fg_p95": 2935.2505981445306,
  "summary_fg_stdv": 624.98291015625,
  "tsnr": 56.97960662841797
}