{
  "aor": 0.005588200000000001,
  "aqi": 0.0036146512,
  "bids_meta": {
    "AcquisitionMatrixPE": 64,
    "AcquisitionNumber": 1,
    "AcquisitionTime": "19:57:40.000000",
    "BodyPartExamined": "HEAD",
    "CoilString": "32Ch_Head",
    "ConversionSoftware": "dcm2niix",
    "ConversionSoftwareVersion": "v1.0.20181125  (JP2:OpenJPEG) GCC7.3.0",
    "DeviceSerialNumber": "0002806034DVR750",
    "EchoTime": 0.04,
    "EffectiveEchoSpacing": 0.000372,
    "FlipAngle": 90,
    "ImageOrientationPatientDICOM": [
      1,
      0,
      0,
      0,
      1,
      0
    ],
    "ImageType": [
      "ORIGINAL",
      "PRIMARY",
      "EPI",
      "NONE"
    ],
    "ImagingFrequency": 127.772,
    "InPlanePhaseEncodingDirectionDICOM": "COL",
    "InstitutionName": "INSTITUTO_DE_NEUROBIOLOGIA",
    "MRAcquisitionType": "2D",
    "MagneticFieldStrength": 3,
    "Manufacturer": "GE",
    "ManufacturersModelName": "DISCOVERY_MR750",
    "Modality": "MR",
    "PatientPosition": "HFS",
    "PercentPhaseFOV": 100,
    "PhaseEncodingDirection": "j",
    "PhaseEncodingPolarityGE": "Flipped",
    "PixelBandwidth": 7812.5,
    "ProcedureStepDescription": "Emociones_AH",
    "ProtocolName": "fMRI_Jalil_4",
    "ReconMatrixPE": 64,
    "RepetitionTime": 2,
    "SAR": 0.166299,
    "ScanOptions": "EPI_GEMS_ACC_GEMS",
    "ScanningSequence": "EP_GR",
    "SequenceVariant": "SS",
    "SeriesDescription": "fMRI_Jalil_4",
    "SeriesNumber": 8,
    "SliceThickness": 4,
    "SliceTiming": [
      0,
      1.0285,
      0.0571001,
      1.0857,
      0.1142,
      1.1428,
      0.1714,
      1.2,
      0.2285,
      1.2571,
      0.2857,
      1.3143,
      0.3428,
      1.3714,
      0.4,
      1.4286,
      0.4571,
      1.4857,
      0.5142,
      1.5428,
      0.5714,
      1.6,
      0.6285,
      1.6571,
      0.6857,
      1.7143,
      0.7428,
      1.7714,
      0.8,
      1.8285,
      0.8571,
      1.8857,
      0.9143,
      1.9428,
      0.9714
    ],
    "SoftwareVersions": "27_LX_MR_Software_release:DV26.0_R02_1810.b",
    "SpacingBetweenSlices": 4,
    "StationName": "GEHCGEHC",
    "TaskName": "eah",
    "TotalReadoutTime": 0.023436,
    "dataset": "unknown",
    "modality": "bold",
    "run_id": 4,
    "subject_id": "26",
    "task_id": "eah"
  },
  "dummy_trs": 0,
  "dvars_nstd": 21.385735844295304,
  "dvars_std": 1.0716452625503348,
  "dvars_vstd": 0.9906630644966444,
  "efc": 0.33172446510719544,
  "fber": 71800.125,
  "fd_mean": 0.22678003983734643,
  "fd_num": 60,
  "fd_perc": 40.0,
  "fwhm_avg": 2.8287999999999998,
  "fwhm_x": 2.79005,
  "fwhm_y": 2.88685,
  "fwhm_z": 2.8095,
  "gcor": 0.0401163,
  "gsr_x": -0.001475951517932117,
  "gsr_y": -0.0013409891398623586,
  "provenance": {
    "md5sum": "0787a581df3e0c9dd5fa3fa59114f39b",
    "settings": {
      "fd_thres": 0.2,
      "hmc_fsl": false
    },
    "software": "mriqc",
    "version": "0.15.2rc1",
    "webapi_port": null,
    "webapi_url": "https://mriqc.nimh.nih.gov/api/v1"
  },
  "size_t": 150,
  "size_x": 64,
  "size_y": 64,
  "size_z": 35,
  "snr": 2.7863620320074385,
  "spacing_tr": 2.0,
  "spacing_x": 4.0,
  "spacing_y": 4.0,
  "spacing_z": 4.0,
  "summary_bg_k": 93.18673970575509,
  "summary_bg_mad": 8.381644248962402,
  "summary_bg_mean": 23.42062759399414,
  "summary_bg_median": 6.579999923706055,
  "summary_bg_n": 100184.0,
  "summary_bg_p05": 0.29333335161209106,
  "summary_bg_p95": 93.17333221435547,
  "summary_bg_stdv": 68.0481948852539,
  "summary_fg_k": 0.4543606882186406,
  "summary_fg_mad": 558.6446533203125,
  "summary_fg_mean": 1816.0882568359375,
  "summary_fg_median": 1767.0,
  "summary_fg_n": 16530.0,
  "summary_fg_p05": 806.3180114746094,
  "summary_fg_p95": 2949.2600830078127,
  "summary_fg_stdv": 634.1410522460938,
  "tsnr": 46.69702911376953
}