{
  "aor": 0.0015177333333333334,
  "aqi": 0.009441856033333333,
  "bids_meta": {
    "AcquisitionMatrixPE": 64,
    "AcquisitionNumber": 1,
    "AcquisitionTime": "19:17:24.000000",
    "BodyPartExamined": "HEAD",
    "CoilString": "32Ch_Head",
    "ConversionSoftware": "dcm2niix",
    "ConversionSoftwareVersion": "v1.0.20181125  (JP2:OpenJPEG) GCC7.3.0",
    "DeviceSerialNumber": "0002806034DVR750",
    "EchoTime": 0.04,
    "EffectiveEchoSpacing": 0.000372,
    "FlipAngle": 90,
    "ImageOrientationPatientDICOM": [
      1,
      0,
      0,
      0,
      1,
      0
    ],
    "ImageType": [
      "ORIGINAL",
      "PRIMARY",
      "EPI",
      "NONE"
    ],
    "ImagingFrequency": 127.772,
    "InPlanePhaseEncodingDirectionDICOM": "COL",
    "InstitutionName": "INSTITUTO_DE_NEUROBIOLOGIA",
    "MRAcquisitionType": "2D",
    "MagneticFieldStrength": 3,
    "Manufacturer": "GE",
    "ManufacturersModelName": "DISCOVERY_MR750",
    "Modality": "MR",
    "PatientPosition": "HFS",
    "PercentPhaseFOV": 100,
    "PhaseEncodingDirection": "j",
    "PhaseEncodingPolarityGE": "Flipped",
    "PixelBandwidth": 7812.5,
    "ProcedureStepDescription": "Emociones_AH",
    "ProtocolName": "fMRI_RestState",
    "ReconMatrixPE": 64,
    "RepetitionTime": 2,
    "SAR": 0.167817,
    "ScanOptions": "EPI_GEMS_ACC_GEMS",
    "ScanningSequence": "EP_GR",
    "SequenceVariant": "SS",
    "SeriesDescription": "fMRI_RestState",
    "SeriesNumber": 3,
    "SliceThickness": 4,
    "SliceTiming": [
      0,
      1.0285,
      0.0571001,
      1.0857,
      0.1142,
      1.1428,
      0.1714,
      1.2,
      0.2285,
      1.2571,
      0.2857,
      1.3143,
      0.3428,
      1.3714,
      0.4,
      1.4286,
      0.4571,
      1.4857,
      0.5142,
      1.5428,
      0.5714,
      1.6,
      0.6285,
      1.6571,
      0.6857,
      1.7143,
      0.7428,
      1.7714,
      0.8,
      1.8285,
      0.8571,
      1.8857,
      0.9143,
      1.9428,
      0.9714
    ],
    "SoftwareVersions": "27_LX_MR_Software_release:DV26.0_R02_1810.b",
    "SpacingBetweenSlices": 4,
    "StationName": "GEHCGEHC",
    "TaskName": "rest",
    "TotalReadoutTime": 0.023436,
    "dataset": "unknown",
    "modality": "bold",
    "subject_id": "26",
    "task_id": "rest"
  },
  "dummy_trs": 0,
  "dvars_nstd": 21.63417288919732,
  "dvars_std": 0.9739016028428088,
  "dvars_vstd": 0.8807507165217383,
  "efc": 0.331283975352948,
  "fber": 72949.5234375,
  "fd_mean": 0.1788674504352559,
  "fd_num": 100,
  "fd_perc": 33.333333333333336,
  "fwhm_avg": 2.8788583333333335,
  "fwhm_x": 2.8222,
  "fwhm_y": 2.9397,
  "fwhm_z": 2.874675,
  "gcor": 0.0211357,
  "gsr_x": -0.002242548391222954,
  "gsr_y": 0.0013975580222904682,
  "provenance": {
    "md5sum": "1034f1ec561dc3513d50b9b0e7a3a2d0",
    "settings": {
      "fd_thres": 0.2,
      "hmc_fsl": false
    },
    "software": "mriqc",
    "version": "0.15.2rc1",
    "webapi_port": null,
    "webapi_url": "https://mriqc.nimh.nih.gov/api/v1"
  },
  "size_t": 300,
  "size_x": 64,
  "size_y": 64,
  "size_z": 35,
  "snr": 2.8701683907548254,
  "spacing_tr": 2.0,
  "spacing_x": 4.0,
  "spacing_y": 4.0,
  "spacing_z": 4.0,
  "summary_bg_k": 284.3305288717612,
  "summary_bg_mad": 8.510137557983398,
  "summary_bg_mean": 23.17696762084961,
  "summary_bg_median": 6.670000076293945,
  "summary_bg_n": 100054.0,
  "summary_bg_p05": 0.3466666638851166,
  "summary_bg_p95": 89.66983375549268,
  "summary_bg_stdv": 72.38610076904297,
  "summary_fg_k": 0.37622332384723567,
  "summary_fg_mad": 554.4387817382812,
  "summary_fg_mean": 1843.7880859375,
  "summary_fg_median": 1797.7301025390625,
  "summary_fg_n": 16491.0,
  "summary_fg_p05": 824.2833557128906,
  "summary_fg_p95": 2966.49169921875,
  "summary_fg_stdv": 626.3310546875,
  "tsnr": 32.19803237915039
}