{
  "aor": 0.0014088392857142856,
  "aqi": 0.004066534419642857,
  "bids_meta": {
    "AcquisitionMatrixPE": 64,
    "AcquisitionNumber": 1,
    "AcquisitionTime": "19:39:41.000000",
    "BodyPartExamined": "HEAD",
    "CoilString": "32Ch_Head",
    "ConversionSoftware": "dcm2niix",
    "ConversionSoftwareVersion": "v1.0.20181125  (JP2:OpenJPEG) GCC7.3.0",
    "DeviceSerialNumber": "0002806034DVR750",
    "EchoTime": 0.04,
    "EffectiveEchoSpacing": 0.000372,
    "FlipAngle": 90,
    "ImageOrientationPatientDICOM": [
      1,
      0,
      0,
      0,
      1,
      0
    ],
    "ImageType": [
      "ORIGINAL",
      "PRIMARY",
      "EPI",
      "NONE"
    ],
    "ImagingFrequency": 127.772,
    "InPlanePhaseEncodingDirectionDICOM": "COL",
    "InstitutionName": "INSTITUTO_DE_NEUROBIOLOGIA",
    "MRAcquisitionType": "2D",
    "MagneticFieldStrength": 3,
    "Manufacturer": "GE",
    "ManufacturersModelName": "DISCOVERY_MR750",
    "Modality": "MR",
    "PatientPosition": "HFS",
    "PercentPhaseFOV": 100,
    "PhaseEncodingDirection": "j",
    "PhaseEncodingPolarityGE": "Flipped",
    "PixelBandwidth": 7812.5,
    "ProcedureStepDescription": "Emociones_AH",
    "ProtocolName": "fMRI_Jalil_2",
    "ReconMatrixPE": 64,
    "RepetitionTime": 2,
    "SAR": 0.166299,
    "ScanOptions": "EPI_GEMS_ACC_GEMS",
    "ScanningSequence": "EP_GR",
    "SequenceVariant": "SS",
    "SeriesDescription": "fMRI_Jalil_2",
    "SeriesNumber": 6,
    "SliceThickness": 4,
    "SliceTiming": [
      0,
      1.0285,
      0.0571001,
      1.0857,
      0.1142,
      1.1428,
      0.1714,
      1.2,
      0.2285,
      1.2571,
      0.2857,
      1.3143,
      0.3428,
      1.3714,
      0.4,
      1.4286,
      0.4571,
      1.4857,
      0.5142,
      1.5428,
      0.5714,
      1.6,
      0.6285,
      1.6571,
      0.6857,
      1.7143,
      0.7428,
      1.7714,
      0.8,
      1.8285,
      0.8571,
      1.8857,
      0.9143,
      1.9428,
      0.9714
    ],
    "SoftwareVersions": "27_LX_MR_Software_release:DV26.0_R02_1810.b",
    "SpacingBetweenSlices": 4,
    "StationName": "GEHCGEHC",
    "TaskName": "eah",
    "TotalReadoutTime": 0.023436,
    "dataset": "unknown",
    "modality": "bold",
    "run_id": 2,
    "subject_id": "26",
    "task_id": "eah"
  },
  "dummy_trs": 0,
  "dvars_nstd": 19.120534161390147,
  "dvars_std": 0.9674082710313899,
  "dvars_vstd": 0.8931133983856501,
  "efc": 0.3307211846584262,
  "fber": 73797.2109375,
  "fd_mean": 0.13908508253190582,
  "fd_num": 43,
  "fd_perc": 19.196428571428573,
  "fwhm_avg": 2.8303833333333337,
  "fwhm_x": 2.7893,
  "fwhm_y": 2.885575,
  "fwhm_z": 2.816275,
  "gcor": 0.032245,
  "gsr_x": -0.0011300717014819384,
  "gsr_y": -0.00249752146191895,
  "provenance": {
    "md5sum": "f13a5d937eefda558cb5af94045c7cb4",
    "settings": {
      "fd_thres": 0.2,
      "hmc_fsl": false
    },
    "software": "mriqc",
    "version": "0.15.2rc1",
    "webapi_port": null,
    "webapi_url": "https://mriqc.nimh.nih.gov/api/v1"
  },
  "size_t": 224,
  "size_x": 64,
  "size_y": 64,
  "size_z": 35,
  "snr": 2.814825591991236,
  "spacing_tr": 2.0,
  "spacing_x": 4.0,
  "spacing_y": 4.0,
  "spacing_z": 4.0,
  "summary_bg_k": 98.2529803143008,
  "summary_bg_mad": 8.352875709533691,
  "summary_bg_mean": 23.08795166015625,
  "summary_bg_median": 6.549107551574707,
  "summary_bg_n": 100260.0,
  "summary_bg_p05": 0.2633928656578064,
  "summary_bg_p95": 91.86852912902775,
  "summary_bg_stdv": 67.52157592773438,
  "summary_fg_k": 0.49155679507876915,
  "summary_fg_mad": 550.1181640625,
  "summary_fg_mean": 1837.20751953125,
  "summary_fg_median": 1781.638427734375,
  "summary_fg_n": 16451.0,
  "summary_fg_p05": 831.7991333007812,
  "summary_fg_p95": 2980.102783203125,
  "summary_fg_stdv": 632.9288330078125,
  "tsnr": 46.30146026611328
}