{
  "aor": 0.004403070866141733,
  "aqi": 0.0029254787007874017,
  "bids_meta": {
    "AcquisitionMatrixPE": 64,
    "AcquisitionNumber": 1,
    "AcquisitionTime": "19:47:56.000000",
    "BodyPartExamined": "HEAD",
    "CoilString": "32Ch_Head",
    "ConversionSoftware": "dcm2niix",
    "ConversionSoftwareVersion": "v1.0.20181125  (JP2:OpenJPEG) GCC7.3.0",
    "DeviceSerialNumber": "0002806034DVR750",
    "EchoTime": 0.04,
    "EffectiveEchoSpacing": 0.000372,
    "FlipAngle": 90,
    "ImageOrientationPatientDICOM": [
      1,
      0,
      0,
      0,
      1,
      0
    ],
    "ImageType": [
      "ORIGINAL",
      "PRIMARY",
      "EPI",
      "NONE"
    ],
    "ImagingFrequency": 127.772,
    "InPlanePhaseEncodingDirectionDICOM": "COL",
    "InstitutionName": "INSTITUTO_DE_NEUROBIOLOGIA",
    "MRAcquisitionType": "2D",
    "MagneticFieldStrength": 3,
    "Manufacturer": "GE",
    "ManufacturersModelName": "DISCOVERY_MR750",
    "Modality": "MR",
    "PatientPosition": "HFS",
    "PercentPhaseFOV": 100,
    "PhaseEncodingDirection": "j",
    "PhaseEncodingPolarityGE": "Flipped",
    "PixelBandwidth": 7812.5,
    "ProcedureStepDescription": "Emociones_AH",
    "ProtocolName": "fMRI_Jalil_3",
    "ReconMatrixPE": 64,
    "RepetitionTime": 2,
    "SAR": 0.166299,
    "ScanOptions": "EPI_GEMS_ACC_GEMS",
    "ScanningSequence": "EP_GR",
    "SequenceVariant": "SS",
    "SeriesDescription": "fMRI_Jalil_3",
    "SeriesNumber": 7,
    "SliceThickness": 4,
    "SliceTiming": [
      0,
      1.0285,
      0.0571001,
      1.0857,
      0.1142,
      1.1428,
      0.1714,
      1.2,
      0.2285,
      1.2571,
      0.2857,
      1.3143,
      0.3428,
      1.3714,
      0.4,
      1.4286,
      0.4571,
      1.4857,
      0.5142,
      1.5428,
      0.5714,
      1.6,
      0.6285,
      1.6571,
      0.6857,
      1.7143,
      0.7428,
      1.7714,
      0.8,
      1.8285,
      0.8571,
      1.8857,
      0.9143,
      1.9428,
      0.9714
    ],
    "SoftwareVersions": "27_LX_MR_Software_release:DV26.0_R02_1810.b",
    "SpacingBetweenSlices": 4,
    "StationName": "GEHCGEHC",
    "TaskName": "eah",
    "TotalReadoutTime": 0.023436,
    "dataset": "unknown",
    "modality": "bold",
    "run_id": 3,
    "subject_id": "26",
    "task_id": "eah"
  },
  "dummy_trs": 0,
  "dvars_nstd": 24.295655763003964,
  "dvars_std": 1.1313761466007906,
  "dvars_vstd": 1.0283632876284587,
  "efc": 0.3312039529570802,
  "fber": 70262.3203125,
  "fd_mean": 0.2165536087625676,
  "fd_num": 97,
  "fd_perc": 38.188976377952756,
  "fwhm_avg": 2.8048333333333333,
  "fwhm_x": 2.772025,
  "fwhm_y": 2.866025,
  "fwhm_z": 2.77645,
  "gcor": 0.0493023,
  "gsr_x": -0.0015166789526119828,
  "gsr_y": -0.0019049844704568386,
  "provenance": {
    "md5sum": "a53cf7ba8858e26899202c20af1d6acc",
    "settings": {
      "fd_thres": 0.2,
      "hmc_fsl": false
    },
    "software": "mriqc",
    "version": "0.15.2rc1",
    "webapi_port": null,
    "webapi_url": "https://mriqc.nimh.nih.gov/api/v1"
  },
  "size_t": 254,
  "size_x": 64,
  "size_y": 64,
  "size_z": 35,
  "snr": 2.8215737570189363,
  "spacing_tr": 2.0,
  "spacing_x": 4.0,
  "spacing_y": 4.0,
  "spacing_z": 4.0,
  "summary_bg_k": 102.04014580238952,
  "summary_bg_mad": 8.478266716003418,
  "summary_bg_mean": 23.312274932861328,
  "summary_bg_median": 6.64370059967041,
  "summary_bg_n": 100236.0,
  "summary_bg_p05": 0.23228345811367035,
  "summary_bg_p95": 92.50098419189453,
  "summary_bg_stdv": 69.78849029541016,
  "summary_fg_k": 0.47025698431808394,
  "summary_fg_mad": 556.1743774414062,
  "summary_fg_mean": 1816.800048828125,
  "summary_fg_median": 1762.901611328125,
  "summary_fg_n": 16427.0,
  "summary_fg_p05": 825.5562927246094,
  "summary_fg_p95": 2936.792529296875,
  "summary_fg_stdv": 624.7747192382812,
  "tsnr": 51.066497802734375
}