{
  "bids_meta": {
    "AcquisitionDateTime": "2016-09-19T18:51:51.000000",
    "ConversionSoftware": "dcm2niix",
    "ConversionSoftwareVersion": "v1.0.20170411 GCC4.8.4",
    "EchoTime": 0.00318,
    "FlipAngle": 12,
    "ImageType": [
      "DERIVED",
      "PRIMARY",
      "OTHER"
    ],
    "InversionTime": 0.45,
    "MagneticFieldStrength": 3,
    "Manufacturer": "GE",
    "ManufacturersModelName": "DISCOVERY_MR750",
    "ProcedureStepDescription": "MeditResp",
    "ProtocolName": "PU:Sag_T1_FSPGR_BRAVO",
    "RepetitionTime": 0.008156,
    "ScanningSequence": "GR",
    "SequenceVariant": "SS_SP_SK",
    "SeriesDescription": "PU:Sag_T1_FSPGR_BRAVO",
    "dataset": "unknown",
    "modality": "T1w",
    "subject_id": "109"
  },
  "cjv": 0.4769446421840808,
  "cnr": 2.7512069436395485,
  "efc": 0.7176237193918135,
  "fber": 10875.7060546875,
  "fwhm_avg": 3.27193,
  "fwhm_x": 3.3601,
  "fwhm_y": 3.3017,
  "fwhm_z": 3.15399,
  "icvs_csf": 0.20759653195994165,
  "icvs_gm": 0.41732721316705296,
  "icvs_wm": 0.3750762548730054,
  "inu_med": 0.8106213212013245,
  "inu_range": 0.16554081439971913,
  "provenance": {
    "md5sum": "f45532a8b182ff641bb558d3ac00825d",
    "settings": {
      "testing": false
    },
    "software": "mriqc",
    "version": "0.15.2rc1",
    "warnings": {
      "large_rot_frame": true,
      "small_air_mask": false
    },
    "webapi_port": null,
    "webapi_url": "https://mriqc.nimh.nih.gov/api/v1"
  },
  "qi_1": 0.0,
  "qi_2": 0.0017479732703304675,
  "rpve_csf": 28.891591079828775,
  "rpve_gm": 14.779382163116932,
  "rpve_wm": 19.505007693669405,
  "size_x": 176,
  "size_y": 256,
  "size_z": 256,
  "snr_csf": 4.353539431077806,
  "snr_gm": 12.209683443645513,
  "snr_total": 11.692813744809627,
  "snr_wm": 18.515218359705557,
  "snrd_csf": 53.04113458785681,
  "snrd_gm": 111.68762566090204,
  "snrd_total": 103.42854024598331,
  "snrd_wm": 145.5568604891911,
  "spacing_x": 1.0,
  "spacing_y": 1.0,
  "spacing_z": 1.0,
  "summary_bg_k": 88.87346423650392,
  "summary_bg_mad": 4.5011138916015625,
  "summary_bg_mean": 11.901389122009277,
  "summary_bg_median": 3.791001319885254,
  "summary_bg_n": 679286.0,
  "summary_bg_p05": 0.0,
  "summary_bg_p95": 46.83157157897949,
  "summary_bg_stdv": 16.944725036621094,
  "summary_csf_k": 1.9723563184558284,
  "summary_csf_mad": 70.3042984008789,
  "summary_csf_mean": 380.149658203125,
  "summary_csf_median": 364.4190673828125,
  "summary_csf_n": 26775.0,
  "summary_csf_p05": 272.7529815673828,
  "summary_csf_p95": 540.9978149414062,
  "summary_csf_stdv": 83.70482635498047,
  "summary_gm_k": 0.39322542967616236,
  "summary_gm_mad": 59.406978607177734,
  "summary_gm_mean": 769.015380859375,
  "summary_gm_median": 767.3497314453125,
  "summary_gm_n": 10227.0,
  "summary_gm_p05": 668.1507934570312,
  "summary_gm_p95": 875.0583923339843,
  "summary_gm_stdv": 62.84456253051758,
  "summary_wm_k": 0.5540800187753678,
  "summary_wm_mad": 51.57734680175781,
  "summary_wm_mean": 1004.6387329101562,
  "summary_wm_median": 1000.0482788085938,
  "summary_wm_n": 165889.0,
  "summary_wm_p05": 924.2223876953126,
  "summary_wm_p95": 1100.44892578125,
  "summary_wm_stdv": 54.01206970214844,
  "tpm_overlap_csf": 0.2340567708015442,
  "tpm_overlap_gm": 0.4920257031917572,
  "tpm_overlap_wm": 0.5437368154525757,
  "wm2max": 0.40947427046772555
}