{
  "bids_meta": {
    "AcquisitionDateTime": "2016-05-02T19:59:17.000000",
    "ConversionSoftware": "dcm2niix",
    "ConversionSoftwareVersion": "v1.0.20170411 GCC4.8.4",
    "EchoTime": 0.00318,
    "FlipAngle": 12,
    "ImageType": [
      "DERIVED",
      "PRIMARY",
      "OTHER"
    ],
    "InversionTime": 0.45,
    "MagneticFieldStrength": 3,
    "Manufacturer": "GE",
    "ManufacturersModelName": "DISCOVERY_MR750",
    "ProcedureStepDescription": "ActosHabla",
    "ProtocolName": "PU:Sag_T1_FSPGR_BRAVO",
    "RepetitionTime": 0.008156,
    "ScanningSequence": "GR",
    "SequenceVariant": "SS_SP_SK",
    "SeriesDescription": "PU:Sag_T1_FSPGR_BRAVO",
    "dataset": "unknown",
    "modality": "T1w",
    "subject_id": "02"
  },
  "cjv": 0.4113834966776143,
  "cnr": 3.1980522923286183,
  "efc": 0.7068558959879716,
  "fber": 19101.63671875,
  "fwhm_avg": 3.628816666666667,
  "fwhm_x": 3.66516,
  "fwhm_y": 3.82593,
  "fwhm_z": 3.39536,
  "icvs_csf": 0.20888340319006515,
  "icvs_gm": 0.43730573961590846,
  "icvs_wm": 0.3538108571940264,
  "inu_med": 1.5688488483428955,
  "inu_range": 0.46339712142944345,
  "provenance": {
    "md5sum": "8b1bf74b9eecab0133bf55444474b3a2",
    "settings": {
      "testing": false
    },
    "software": "mriqc",
    "version": "0.15.2rc1",
    "warnings": {
      "large_rot_frame": true,
      "small_air_mask": false
    },
    "webapi_port": null,
    "webapi_url": "https://mriqc.nimh.nih.gov/api/v1"
  },
  "qi_1": 0.0,
  "qi_2": 0.003298280443733532,
  "rpve_csf": 28.098365724381626,
  "rpve_gm": 14.340190623078396,
  "rpve_wm": 20.97374920870733,
  "size_x": 176,
  "size_y": 256,
  "size_z": 256,
  "snr_csf": 3.327723479918935,
  "snr_gm": 10.660272113133727,
  "snr_total": 10.832777567328636,
  "snr_wm": 18.51033710893325,
  "snrd_csf": 54.265096980105625,
  "snrd_gm": 105.23976721610224,
  "snrd_total": 101.91923920893608,
  "snrd_wm": 146.25285343060037,
  "spacing_x": 1.0,
  "spacing_y": 1.0,
  "spacing_z": 1.0,
  "summary_bg_k": 12.30930302461267,
  "summary_bg_mad": 4.479567527770996,
  "summary_bg_mean": 10.262381553649902,
  "summary_bg_median": 3.6286816596984863,
  "summary_bg_n": 647735.0,
  "summary_bg_p05": 0.0,
  "summary_bg_p95": 40.00565872192378,
  "summary_bg_stdv": 14.63864517211914,
  "summary_csf_k": -0.14499779226397091,
  "summary_csf_mad": 123.79841613769531,
  "summary_csf_mean": 384.0238037109375,
  "summary_csf_median": 371.0436096191406,
  "summary_csf_n": 15411.0,
  "summary_csf_p05": 227.4706268310547,
  "summary_csf_p95": 570.3894958496094,
  "summary_csf_stdv": 111.49711608886719,
  "summary_gm_k": 0.16816305825158118,
  "summary_gm_mad": 65.10202026367188,
  "summary_gm_mean": 720.9956665039062,
  "summary_gm_median": 719.5885620117188,
  "summary_gm_n": 18258.0,
  "summary_gm_p05": 611.1433746337891,
  "summary_gm_p95": 835.0465118408204,
  "summary_gm_stdv": 67.50004577636719,
  "summary_wm_k": 1.315716879877776,
  "summary_wm_mad": 50.26287841796875,
  "summary_wm_mean": 1001.5715942382812,
  "summary_wm_median": 1000.0200805664062,
  "summary_wm_n": 168148.0,
  "summary_wm_p05": 917.065771484375,
  "summary_wm_p95": 1090.1377868652344,
  "summary_wm_stdv": 54.0247917175293,
  "tpm_overlap_csf": 0.21780596673488617,
  "tpm_overlap_gm": 0.5096192955970764,
  "tpm_overlap_wm": 0.5500913262367249,
  "wm2max": 0.4216656942810203
}