{
  "bids_meta": {
    "AcquisitionDateTime": "2017-01-10T19:00:34.000000",
    "ConversionSoftware": "dcm2niix",
    "ConversionSoftwareVersion": "v1.0.20170411 GCC4.8.4",
    "EchoTime": 0.00318,
    "FlipAngle": 12,
    "ImageType": [
      "DERIVED",
      "PRIMARY",
      "OTHER"
    ],
    "InversionTime": 0.45,
    "MagneticFieldStrength": 3,
    "Manufacturer": "GE",
    "ManufacturersModelName": "DISCOVERY_MR750",
    "ProcedureStepDescription": "CompRefranes",
    "ProtocolName": "PU:Sag_T1_FSPGR_BRAVO",
    "RepetitionTime": 0.008156,
    "ScanningSequence": "GR",
    "SequenceVariant": "SS_SP_SK",
    "SeriesDescription": "PU:Sag_T1_FSPGR_BRAVO",
    "dataset": "unknown",
    "modality": "T1w",
    "subject_id": "51"
  },
  "cjv": 0.39045500671279654,
  "cnr": 3.3660793236162365,
  "efc": 0.728782686814679,
  "fber": 26282.763671875,
  "fwhm_avg": 3.7188466666666664,
  "fwhm_x": 3.87121,
  "fwhm_y": 3.78506,
  "fwhm_z": 3.50027,
  "icvs_csf": 0.1928774968985107,
  "icvs_gm": 0.44727404692599837,
  "icvs_wm": 0.35984845617549094,
  "inu_med": 0.9743418097496033,
  "inu_range": 0.26869210600852955,
  "provenance": {
    "md5sum": "abc372423703d59ec3eaf1010dc5af5d",
    "settings": {
      "testing": false
    },
    "software": "mriqc",
    "version": "0.15.2rc1",
    "warnings": {
      "large_rot_frame": true,
      "small_air_mask": false
    },
    "webapi_port": null,
    "webapi_url": "https://mriqc.nimh.nih.gov/api/v1"
  },
  "qi_1": 0.0,
  "qi_2": 0.0021898148685152072,
  "rpve_csf": 29.504784818408737,
  "rpve_gm": 14.074027915326724,
  "rpve_wm": 20.458793964467894,
  "size_x": 176,
  "size_y": 256,
  "size_z": 256,
  "snr_csf": 3.2974998481947275,
  "snr_gm": 11.511231641207498,
  "snr_total": 11.172584029382785,
  "snr_wm": 18.709020598746125,
  "snrd_csf": 67.48044421857455,
  "snrd_gm": 143.82020569597861,
  "snrd_total": 137.01247604358124,
  "snrd_wm": 199.73677821619057,
  "spacing_x": 1.0,
  "spacing_y": 1.0,
  "spacing_z": 1.0,
  "summary_bg_k": 12.394430256245881,
  "summary_bg_mad": 3.280027151107788,
  "summary_bg_mean": 7.8657917976379395,
  "summary_bg_median": 2.2123446464538574,
  "summary_bg_n": 393581.0,
  "summary_bg_p05": 0.0,
  "summary_bg_p95": 32.718116760253906,
  "summary_bg_stdv": 12.145886421203613,
  "summary_csf_k": 0.2711300376048511,
  "summary_csf_mad": 90.85762023925781,
  "summary_csf_mean": 362.7121887207031,
  "summary_csf_median": 337.84979248046875,
  "summary_csf_n": 15635.0,
  "summary_csf_p05": 234.585368347168,
  "summary_csf_p95": 554.9947998046875,
  "summary_csf_stdv": 102.45307159423828,
  "summary_gm_k": 0.6057717588911724,
  "summary_gm_mad": 58.45198059082031,
  "summary_gm_mean": 722.5811767578125,
  "summary_gm_median": 720.054931640625,
  "summary_gm_n": 21922.0,
  "summary_gm_p05": 624.4235260009766,
  "summary_gm_p95": 830.1488250732423,
  "summary_gm_stdv": 62.55095291137695,
  "summary_wm_k": 0.42910927741586047,
  "summary_wm_mad": 50.857357025146484,
  "summary_wm_mean": 999.186767578125,
  "summary_wm_median": 1000.0086669921875,
  "summary_wm_n": 178914.0,
  "summary_wm_p05": 908.5179138183594,
  "summary_wm_p95": 1084.923962402344,
  "summary_wm_stdv": 53.45046615600586,
  "tpm_overlap_csf": 0.2228180468082428,
  "tpm_overlap_gm": 0.5190091729164124,
  "tpm_overlap_wm": 0.5491445660591125,
  "wm2max": 0.4193060776373338
}