{
  "aor": 0.001834922480620155,
  "aqi": 0.0018786619263565893,
  "bids_meta": {
    "AcquisitionDateTime": "2016-05-18T18:22:4.000000",
    "ConversionSoftware": "dcm2niix",
    "ConversionSoftwareVersion": "v1.0.20170411 GCC4.8.4",
    "EchoTime": 0.04,
    "FlipAngle": 90,
    "ImageType": [
      "ORIGINAL",
      "PRIMARY",
      "EPI",
      "NONE"
    ],
    "MagneticFieldStrength": 3,
    "Manufacturer": "GE",
    "ManufacturersModelName": "DISCOVERY_MR750",
    "ProcedureStepDescription": "ActosHabla",
    "ProtocolName": "fMRI_ActosHabla_1",
    "RepetitionTime": 2,
    "ScanningSequence": "EP_GR",
    "SequenceVariant": "SS",
    "SeriesDescription": "fMRI_ActosHabla_1",
    "dataset": "unknown",
    "modality": "bold",
    "run_id": 1,
    "subject_id": "08",
    "task_id": "rah"
  },
  "dummy_trs": 3,
  "dvars_nstd": 16.737281246731513,
  "dvars_std": 1.132832510856031,
  "dvars_vstd": 0.9892473405836576,
  "efc": 0.3444128346606098,
  "fber": 94399.6171875,
  "fd_mean": 0.06080140509619852,
  "fd_num": 3,
  "fd_perc": 1.1627906976744187,
  "fwhm_avg": 2.7916666666666665,
  "fwhm_x": 2.678875,
  "fwhm_y": 3.080825,
  "fwhm_z": 2.6153,
  "gcor": 0.029667,
  "gsr_x": -0.0005420233937911689,
  "gsr_y": 0.00140360405202955,
  "provenance": {
    "md5sum": "43075a5a05bfcc71c1b666f402de9dcd",
    "settings": {
      "fd_thres": 0.2,
      "hmc_fsl": false
    },
    "software": "mriqc",
    "version": "0.15.2rc1",
    "webapi_port": null,
    "webapi_url": "https://mriqc.nimh.nih.gov/api/v1"
  },
  "size_t": 258,
  "size_x": 64,
  "size_y": 64,
  "size_z": 35,
  "snr": 2.954745118875053,
  "spacing_tr": 2.0,
  "spacing_x": 4.0,
  "spacing_y": 4.0,
  "spacing_z": 4.0,
  "summary_bg_k": 221.9739896736779,
  "summary_bg_mad": 7.815268039703369,
  "summary_bg_mean": 23.10573959350586,
  "summary_bg_median": 5.639534950256348,
  "summary_bg_n": 97782.0,
  "summary_bg_p05": 0.08914728462696075,
  "summary_bg_p95": 90.37868194580071,
  "summary_bg_stdv": 66.26866149902344,
  "summary_fg_k": 0.021513999311990606,
  "summary_fg_mad": 552.7806396484375,
  "summary_fg_mean": 1711.9248046875,
  "summary_fg_median": 1704.8953857421875,
  "summary_fg_n": 17883.0,
  "summary_fg_p05": 747.4496154785156,
  "summary_fg_p95": 2675.790795898437,
  "summary_fg_stdv": 576.9863891601562,
  "tsnr": 64.33515930175781
}