{
  "aor": 0.0008956299212598425,
  "aqi": 0.001620472720472441,
  "bids_meta": {
    "AcquisitionDateTime": "2016-05-18T18:32:16.000000",
    "ConversionSoftware": "dcm2niix",
    "ConversionSoftwareVersion": "v1.0.20170411 GCC4.8.4",
    "EchoTime": 0.04,
    "FlipAngle": 90,
    "ImageType": [
      "ORIGINAL",
      "PRIMARY",
      "EPI",
      "NONE"
    ],
    "MagneticFieldStrength": 3,
    "Manufacturer": "GE",
    "ManufacturersModelName": "DISCOVERY_MR750",
    "ProcedureStepDescription": "ActosHabla",
    "ProtocolName": "fMRI_ActosHabla_2",
    "RepetitionTime": 2,
    "ScanningSequence": "EP_GR",
    "SequenceVariant": "SS",
    "SeriesDescription": "fMRI_ActosHabla_2",
    "dataset": "unknown",
    "modality": "bold",
    "run_id": 2,
    "subject_id": "08",
    "task_id": "rah"
  },
  "dummy_trs": 0,
  "dvars_nstd": 16.343256875296436,
  "dvars_std": 1.1365029275889333,
  "dvars_vstd": 1.008215771462451,
  "efc": 0.3466107487389017,
  "fber": 86881.5,
  "fd_mean": 0.05161544636767014,
  "fd_num": 1,
  "fd_perc": 0.3937007874015748,
  "fwhm_avg": 2.7681416666666667,
  "fwhm_x": 2.667825,
  "fwhm_y": 3.0424,
  "fwhm_z": 2.5942,
  "gcor": 0.0251333,
  "gsr_x": 8.337095641763881e-05,
  "gsr_y": 0.00010984890104737133,
  "provenance": {
    "md5sum": "e77b18a84bc3ff375e26d0be5d37f1f8",
    "settings": {
      "fd_thres": 0.2,
      "hmc_fsl": false
    },
    "software": "mriqc",
    "version": "0.15.2rc1",
    "webapi_port": null,
    "webapi_url": "https://mriqc.nimh.nih.gov/api/v1"
  },
  "size_t": 254,
  "size_x": 64,
  "size_y": 64,
  "size_z": 35,
  "snr": 2.929040543154495,
  "spacing_tr": 2.0,
  "spacing_x": 4.0,
  "spacing_y": 4.0,
  "spacing_z": 4.0,
  "summary_bg_k": 309.4743761321356,
  "summary_bg_mad": 7.9558539390563965,
  "summary_bg_mean": 23.80117416381836,
  "summary_bg_median": 5.744094371795654,
  "summary_bg_n": 97690.0,
  "summary_bg_p05": 0.08661417663097382,
  "summary_bg_p95": 96.53405303955081,
  "summary_bg_stdv": 67.59634399414062,
  "summary_fg_k": 0.05379546671159963,
  "summary_fg_mad": 544.392333984375,
  "summary_fg_mean": 1678.7574462890625,
  "summary_fg_median": 1673.6397705078125,
  "summary_fg_n": 17982.0,
  "summary_fg_p05": 720.0005920410157,
  "summary_fg_p95": 2636.7902221679688,
  "summary_fg_stdv": 571.3793334960938,
  "tsnr": 70.47135162353516
}