{
  "aor": 0.006876733333333333,
  "aqi": 0.0090223015,
  "bids_meta": {
    "AcquisitionMatrixPE": 64,
    "AcquisitionNumber": 1,
    "AcquisitionTime": "21:22:20.000000",
    "CoilString": "32Ch_Head",
    "ConversionSoftware": "dcm2niix",
    "ConversionSoftwareVersion": "v1.0.20190902",
    "Dcm2bidsVersion": "2.1.4",
    "DeviceSerialNumber": "000000000000GEHC",
    "EchoTime": 0.04,
    "EffectiveEchoSpacing": 0.000372,
    "FlipAngle": 90,
    "ImageOrientationPatientDICOM": [
      1,
      0,
      0,
      0,
      1,
      0
    ],
    "ImageType": [
      "ORIGINAL",
      "PRIMARY",
      "EPI",
      "NONE"
    ],
    "ImagingFrequency": 127.772,
    "InPlanePhaseEncodingDirectionDICOM": "COL",
    "InstitutionName": "INSTITUTO_DE_NEUROBIOLOGIA",
    "MRAcquisitionType": "2D",
    "MagneticFieldStrength": 3,
    "Manufacturer": "GE",
    "ManufacturersModelName": "DISCOVERY_MR750",
    "Modality": "MR",
    "PatientPosition": "HFS",
    "PercentPhaseFOV": 100,
    "PhaseEncodingDirection": "j",
    "PhaseEncodingPolarityGE": "Flipped",
    "PixelBandwidth": 7812.5,
    "ProcedureStepDescription": "verbos_aza",
    "ProtocolName": "fMRI_RestState",
    "ReconMatrixPE": 64,
    "RepetitionTime": 2,
    "SAR": 0.364805,
    "ScanOptions": "EPI_GEMS_ACC_GEMS",
    "ScanningSequence": "EP_GR",
    "SequenceVariant": "SS",
    "SeriesDescription": "fMRI_RestState",
    "SeriesNumber": 14,
    "SliceThickness": 4,
    "SliceTiming": [
      0,
      1.0285,
      0.0571001,
      1.0857,
      0.1142,
      1.1428,
      0.1714,
      1.2,
      0.2285,
      1.2571,
      0.2857,
      1.3143,
      0.3428,
      1.3714,
      0.4,
      1.4286,
      0.4571,
      1.4857,
      0.5142,
      1.5428,
      0.5714,
      1.6,
      0.6285,
      1.6571,
      0.6857,
      1.7143,
      0.7428,
      1.7714,
      0.8,
      1.8285,
      0.8571,
      1.8857,
      0.9143,
      1.9428,
      0.9714
    ],
    "SoftwareVersions": "24_LX_MR_Software_release:DV24.0_R02_1607.b",
    "SpacingBetweenSlices": 4,
    "StationName": "GEHCGEHC",
    "TotalReadoutTime": 0.023436,
    "dataset": "unknown",
    "modality": "bold",
    "subject_id": "123",
    "task_id": "rest"
  },
  "dummy_trs": 0,
  "dvars_nstd": 21.498230458862874,
  "dvars_std": 1.0991693797993316,
  "dvars_vstd": 0.9783078195652171,
  "efc": 0.36272452215859685,
  "fber": 108882.1796875,
  "fd_mean": 0.17350030740117087,
  "fd_num": 86,
  "fd_perc": 28.666666666666668,
  "fwhm_avg": 3.0188916666666668,
  "fwhm_x": 2.773275,
  "fwhm_y": 3.084625,
  "fwhm_z": 3.198775,
  "gcor": 0.0286989,
  "gsr_x": -0.0089448606595397,
  "gsr_y": 0.016231993213295937,
  "provenance": {
    "md5sum": "768548fd67dd71ee7df4450a00f58b8a",
    "settings": {
      "fd_thres": 0.2,
      "hmc_fsl": false
    },
    "software": "mriqc",
    "version": "0.15.2rc1",
    "webapi_port": null,
    "webapi_url": "https://mriqc.nimh.nih.gov/api/v1"
  },
  "size_t": 300,
  "size_x": 64,
  "size_y": 64,
  "size_z": 35,
  "snr": 2.424047060438865,
  "spacing_tr": 2.0,
  "spacing_x": 4.0,
  "spacing_y": 4.0,
  "spacing_z": 4.0,
  "summary_bg_k": 484.850418017568,
  "summary_bg_mad": 7.899799346923828,
  "summary_bg_mean": 24.13985252380371,
  "summary_bg_median": 5.703333377838135,
  "summary_bg_n": 94080.0,
  "summary_bg_p05": 0.14666667580604553,
  "summary_bg_p95": 91.55066986083988,
  "summary_bg_stdv": 81.75261688232422,
  "summary_fg_k": 0.6302792436627134,
  "summary_fg_mad": 627.479248046875,
  "summary_fg_mean": 1910.8907470703125,
  "summary_fg_median": 1797.546630859375,
  "summary_fg_n": 21002.0,
  "summary_fg_p05": 830.0688629150391,
  "summary_fg_p95": 3345.300390625,
  "summary_fg_stdv": 741.5300903320312,
  "tsnr": 36.527645111083984
}