{
  "aor": 0.0014861494252873563,
  "aqi": 0.0016871650057471263,
  "bids_meta": {
    "AcquisitionMatrixPE": 64,
    "AcquisitionNumber": 1,
    "AcquisitionTime": "20:21:0.000000",
    "CoilString": "32Ch_Head",
    "ConversionSoftware": "dcm2niix",
    "ConversionSoftwareVersion": "v1.0.20190902",
    "Dcm2bidsVersion": "2.1.4",
    "DeviceSerialNumber": "000000000000GEHC",
    "EchoTime": 0.04,
    "EffectiveEchoSpacing": 0.000372,
    "FlipAngle": 90,
    "ImageOrientationPatientDICOM": [
      1,
      0,
      0,
      0,
      1,
      0
    ],
    "ImageType": [
      "ORIGINAL",
      "PRIMARY",
      "EPI",
      "NONE"
    ],
    "ImagingFrequency": 127.772,
    "InPlanePhaseEncodingDirectionDICOM": "ROW",
    "InstitutionName": "INSTITUTO_DE_NEUROBIOLOGIA",
    "MRAcquisitionType": "2D",
    "MagneticFieldStrength": 3,
    "Manufacturer": "GE",
    "ManufacturersModelName": "DISCOVERY_MR750",
    "Modality": "MR",
    "PatientPosition": "HFS",
    "PercentPhaseFOV": 100,
    "PhaseEncodingDirection": "i-",
    "PhaseEncodingPolarityGE": "Flipped",
    "PixelBandwidth": 7812.5,
    "ProcedureStepDescription": "verbos_aza",
    "ProtocolName": "fMRI_2",
    "ReconMatrixPE": 64,
    "RepetitionTime": 2,
    "SAR": 0.364805,
    "ScanOptions": "EPI_GEMS_ACC_GEMS",
    "ScanningSequence": "EP_GR",
    "SequenceVariant": "SS",
    "SeriesDescription": "fMRI_2",
    "SeriesNumber": 5,
    "SliceThickness": 4,
    "SliceTiming": [
      0,
      1.0285,
      0.0571001,
      1.0857,
      0.1142,
      1.1428,
      0.1714,
      1.2,
      0.2285,
      1.2571,
      0.2857,
      1.3143,
      0.3428,
      1.3714,
      0.4,
      1.4286,
      0.4571,
      1.4857,
      0.5142,
      1.5428,
      0.5714,
      1.6,
      0.6285,
      1.6571,
      0.6857,
      1.7143,
      0.7428,
      1.7714,
      0.8,
      1.8285,
      0.8571,
      1.8857,
      0.9143,
      1.9428,
      0.9714
    ],
    "SoftwareVersions": "24_LX_MR_Software_release:DV24.0_R02_1607.b",
    "SpacingBetweenSlices": 4,
    "StationName": "GEHCGEHC",
    "TotalReadoutTime": 0.023436,
    "dataset": "unknown",
    "modality": "bold",
    "run_id": 2,
    "subject_id": "123",
    "task_id": "verbs"
  },
  "dummy_trs": 0,
  "dvars_nstd": 14.798759895838144,
  "dvars_std": 1.065080506647398,
  "dvars_vstd": 0.9661590145664738,
  "efc": 0.3732225264040115,
  "fber": 40875.2890625,
  "fd_mean": 0.05573104394185431,
  "fd_num": 0,
  "fd_perc": 0.0,
  "fwhm_avg": 2.9913166666666666,
  "fwhm_x": 2.792575,
  "fwhm_y": 3.033725,
  "fwhm_z": 3.14765,
  "gcor": 0.0371012,
  "gsr_x": 0.007192009128630161,
  "gsr_y": 0.002549070166423917,
  "provenance": {
    "md5sum": "a79ee0bfa78aa2ca45dca758d718343b",
    "settings": {
      "fd_thres": 0.2,
      "hmc_fsl": false
    },
    "software": "mriqc",
    "version": "0.15.2rc1",
    "webapi_port": null,
    "webapi_url": "https://mriqc.nimh.nih.gov/api/v1"
  },
  "size_t": 174,
  "size_x": 64,
  "size_y": 64,
  "size_z": 35,
  "snr": 2.3294140185675754,
  "spacing_tr": 2.0,
  "spacing_x": 4.0,
  "spacing_y": 4.0,
  "spacing_z": 4.0,
  "summary_bg_k": 189.98778894389358,
  "summary_bg_mad": 12.31241512298584,
  "summary_bg_mean": 31.094970703125,
  "summary_bg_median": 8.764368057250977,
  "summary_bg_n": 93500.0,
  "summary_bg_p05": 0.1149425283074379,
  "summary_bg_p95": 129.71408309936533,
  "summary_bg_stdv": 75.77420043945312,
  "summary_fg_k": 0.6786447935057582,
  "summary_fg_mad": 630.361572265625,
  "summary_fg_mean": 1958.7171630859375,
  "summary_fg_median": 1812.3505859375,
  "summary_fg_n": 21418.0,
  "summary_fg_p05": 871.8350708007813,
  "summary_fg_p95": 3505.7878784179647,
  "summary_fg_stdv": 778.0103759765625,
  "tsnr": 70.47301483154297
}