{
  "aor": 0.0016285057471264368,
  "aqi": 0.0012000658505747126,
  "bids_meta": {
    "AcquisitionMatrixPE": 64,
    "AcquisitionNumber": 1,
    "AcquisitionTime": "20:34:39.000000",
    "CoilString": "32Ch_Head",
    "ConversionSoftware": "dcm2niix",
    "ConversionSoftwareVersion": "v1.0.20190902",
    "Dcm2bidsVersion": "2.1.4",
    "DeviceSerialNumber": "000000000000GEHC",
    "EchoTime": 0.04,
    "EffectiveEchoSpacing": 0.000372,
    "FlipAngle": 90,
    "ImageOrientationPatientDICOM": [
      1,
      0,
      0,
      0,
      1,
      0
    ],
    "ImageType": [
      "ORIGINAL",
      "PRIMARY",
      "EPI",
      "NONE"
    ],
    "ImagingFrequency": 127.772,
    "InPlanePhaseEncodingDirectionDICOM": "ROW",
    "InstitutionName": "INSTITUTO_DE_NEUROBIOLOGIA",
    "MRAcquisitionType": "2D",
    "MagneticFieldStrength": 3,
    "Manufacturer": "GE",
    "ManufacturersModelName": "DISCOVERY_MR750",
    "Modality": "MR",
    "PatientPosition": "HFS",
    "PercentPhaseFOV": 100,
    "PhaseEncodingDirection": "i-",
    "PhaseEncodingPolarityGE": "Flipped",
    "PixelBandwidth": 7812.5,
    "ProcedureStepDescription": "verbos_aza",
    "ProtocolName": "fMRI_4",
    "ReconMatrixPE": 64,
    "RepetitionTime": 2,
    "SAR": 0.364805,
    "ScanOptions": "EPI_GEMS_ACC_GEMS",
    "ScanningSequence": "EP_GR",
    "SequenceVariant": "SS",
    "SeriesDescription": "fMRI_4",
    "SeriesNumber": 7,
    "SliceThickness": 4,
    "SliceTiming": [
      0,
      1.0285,
      0.0571001,
      1.0857,
      0.1142,
      1.1428,
      0.1714,
      1.2,
      0.2285,
      1.2571,
      0.2857,
      1.3143,
      0.3428,
      1.3714,
      0.4,
      1.4286,
      0.4571,
      1.4857,
      0.5142,
      1.5428,
      0.5714,
      1.6,
      0.6285,
      1.6571,
      0.6857,
      1.7143,
      0.7428,
      1.7714,
      0.8,
      1.8285,
      0.8571,
      1.8857,
      0.9143,
      1.9428,
      0.9714
    ],
    "SoftwareVersions": "24_LX_MR_Software_release:DV24.0_R02_1607.b",
    "SpacingBetweenSlices": 4,
    "StationName": "GEHCGEHC",
    "TotalReadoutTime": 0.023436,
    "dataset": "unknown",
    "modality": "bold",
    "run_id": 4,
    "subject_id": "123",
    "task_id": "verbs"
  },
  "dummy_trs": 0,
  "dvars_nstd": 14.88981698410405,
  "dvars_std": 1.13472913699422,
  "dvars_vstd": 1.0195178858959537,
  "efc": 0.37401938328529283,
  "fber": 39205.65625,
  "fd_mean": 0.0638631559837413,
  "fd_num": 2,
  "fd_perc": 1.1494252873563218,
  "fwhm_avg": 3.0072333333333336,
  "fwhm_x": 2.819125,
  "fwhm_y": 3.049475,
  "fwhm_z": 3.1531,
  "gcor": 0.0329596,
  "gsr_x": 0.006223340053111315,
  "gsr_y": 0.0024500838480889797,
  "provenance": {
    "md5sum": "d099bae4cbe4e2b4310eb110dec724bc",
    "settings": {
      "fd_thres": 0.2,
      "hmc_fsl": false
    },
    "software": "mriqc",
    "version": "0.15.2rc1",
    "webapi_port": null,
    "webapi_url": "https://mriqc.nimh.nih.gov/api/v1"
  },
  "size_t": 174,
  "size_x": 64,
  "size_y": 64,
  "size_z": 35,
  "snr": 2.293431752599492,
  "spacing_tr": 2.0,
  "spacing_x": 4.0,
  "spacing_y": 4.0,
  "spacing_z": 4.0,
  "summary_bg_k": 190.10955434555277,
  "summary_bg_mad": 12.491350173950195,
  "summary_bg_mean": 31.12000274658203,
  "summary_bg_median": 8.913792610168457,
  "summary_bg_n": 93267.0,
  "summary_bg_p05": 0.13793103396892548,
  "summary_bg_p95": 129.1436767578125,
  "summary_bg_stdv": 74.61634063720703,
  "summary_fg_k": 0.7200018738148879,
  "summary_fg_mad": 626.4846801757812,
  "summary_fg_mean": 1946.91259765625,
  "summary_fg_median": 1803.9080810546875,
  "summary_fg_n": 21703.0,
  "summary_fg_p05": 831.7977233886719,
  "summary_fg_p95": 3515.8286621093735,
  "summary_fg_stdv": 786.5359497070312,
  "tsnr": 81.36911010742188
}