{
  "aor": 0.0017388505747126437,
  "aqi": 0.0030241940229885056,
  "bids_meta": {
    "AcquisitionMatrixPE": 64,
    "AcquisitionNumber": 1,
    "AcquisitionTime": "20:41:39.000000",
    "CoilString": "32Ch_Head",
    "ConversionSoftware": "dcm2niix",
    "ConversionSoftwareVersion": "v1.0.20190902",
    "Dcm2bidsVersion": "2.1.4",
    "DeviceSerialNumber": "000000000000GEHC",
    "EchoTime": 0.04,
    "EffectiveEchoSpacing": 0.000372,
    "FlipAngle": 90,
    "ImageOrientationPatientDICOM": [
      1,
      0,
      0,
      0,
      1,
      0
    ],
    "ImageType": [
      "ORIGINAL",
      "PRIMARY",
      "EPI",
      "NONE"
    ],
    "ImagingFrequency": 127.772,
    "InPlanePhaseEncodingDirectionDICOM": "ROW",
    "InstitutionName": "INSTITUTO_DE_NEUROBIOLOGIA",
    "MRAcquisitionType": "2D",
    "MagneticFieldStrength": 3,
    "Manufacturer": "GE",
    "ManufacturersModelName": "DISCOVERY_MR750",
    "Modality": "MR",
    "PatientPosition": "HFS",
    "PercentPhaseFOV": 100,
    "PhaseEncodingDirection": "i-",
    "PhaseEncodingPolarityGE": "Flipped",
    "PixelBandwidth": 7812.5,
    "ProcedureStepDescription": "verbos_aza",
    "ProtocolName": "fMRI_5",
    "ReconMatrixPE": 64,
    "RepetitionTime": 2,
    "SAR": 0.364805,
    "ScanOptions": "EPI_GEMS_ACC_GEMS",
    "ScanningSequence": "EP_GR",
    "SequenceVariant": "SS",
    "SeriesDescription": "fMRI_5",
    "SeriesNumber": 8,
    "SliceThickness": 4,
    "SliceTiming": [
      0,
      1.0285,
      0.0571001,
      1.0857,
      0.1142,
      1.1428,
      0.1714,
      1.2,
      0.2285,
      1.2571,
      0.2857,
      1.3143,
      0.3428,
      1.3714,
      0.4,
      1.4286,
      0.4571,
      1.4857,
      0.5142,
      1.5428,
      0.5714,
      1.6,
      0.6285,
      1.6571,
      0.6857,
      1.7143,
      0.7428,
      1.7714,
      0.8,
      1.8285,
      0.8571,
      1.8857,
      0.9143,
      1.9428,
      0.9714
    ],
    "SoftwareVersions": "24_LX_MR_Software_release:DV24.0_R02_1607.b",
    "SpacingBetweenSlices": 4,
    "StationName": "GEHCGEHC",
    "TotalReadoutTime": 0.023436,
    "dataset": "unknown",
    "modality": "bold",
    "run_id": 5,
    "subject_id": "123",
    "task_id": "verbs"
  },
  "dummy_trs": 0,
  "dvars_nstd": 14.878501296011558,
  "dvars_std": 1.0007287640462428,
  "dvars_vstd": 0.9375734608092486,
  "efc": 0.3756795425187372,
  "fber": 38617.14453125,
  "fd_mean": 0.06693203045883202,
  "fd_num": 5,
  "fd_perc": 2.8735632183908044,
  "fwhm_avg": 2.9969083333333333,
  "fwhm_x": 2.79335,
  "fwhm_y": 3.06265,
  "fwhm_z": 3.134725,
  "gcor": 0.0176106,
  "gsr_x": 0.007349711377173662,
  "gsr_y": 0.0023277627769857645,
  "provenance": {
    "md5sum": "8cf72301bc1ba6fc93f240ed78c93cd8",
    "settings": {
      "fd_thres": 0.2,
      "hmc_fsl": false
    },
    "software": "mriqc",
    "version": "0.15.2rc1",
    "webapi_port": null,
    "webapi_url": "https://mriqc.nimh.nih.gov/api/v1"
  },
  "size_t": 174,
  "size_x": 64,
  "size_y": 64,
  "size_z": 35,
  "snr": 2.338582581215701,
  "spacing_tr": 2.0,
  "spacing_x": 4.0,
  "spacing_y": 4.0,
  "spacing_z": 4.0,
  "summary_bg_k": 165.93150981882275,
  "summary_bg_mad": 12.67028522491455,
  "summary_bg_mean": 32.63343048095703,
  "summary_bg_median": 9.034482955932617,
  "summary_bg_n": 93437.0,
  "summary_bg_p05": 0.14942528307437897,
  "summary_bg_p95": 140.26551818847648,
  "summary_bg_stdv": 77.84822082519531,
  "summary_fg_k": 0.7233489999723179,
  "summary_fg_mad": 624.6185913085938,
  "summary_fg_mean": 1947.9139404296875,
  "summary_fg_median": 1809.011474609375,
  "summary_fg_n": 21581.0,
  "summary_fg_p05": 845.7816162109375,
  "summary_fg_p95": 3474.689697265625,
  "summary_fg_stdv": 773.532470703125,
  "tsnr": 56.39005661010742
}