{
  "aor": 0.0030218390804597696,
  "aqi": 0.0024948381781609193,
  "bids_meta": {
    "AcquisitionMatrixPE": 64,
    "AcquisitionNumber": 1,
    "AcquisitionTime": "18:26:21.000000",
    "CoilString": "32Ch_Head",
    "ConversionSoftware": "dcm2niix",
    "ConversionSoftwareVersion": "v1.0.20190902",
    "Dcm2bidsVersion": "2.1.4",
    "DeviceSerialNumber": "000000000000GEHC",
    "EchoTime": 0.04,
    "EffectiveEchoSpacing": 0.000372,
    "FlipAngle": 90,
    "ImageOrientationPatientDICOM": [
      1,
      0,
      0,
      0,
      1,
      0
    ],
    "ImageType": [
      "ORIGINAL",
      "PRIMARY",
      "EPI",
      "NONE"
    ],
    "ImagingFrequency": 127.772,
    "InPlanePhaseEncodingDirectionDICOM": "COL",
    "InstitutionName": "INSTITUTO_DE_NEUROBIOLOGIA",
    "MRAcquisitionType": "2D",
    "MagneticFieldStrength": 3,
    "Manufacturer": "GE",
    "ManufacturersModelName": "DISCOVERY_MR750",
    "Modality": "MR",
    "PatientPosition": "HFS",
    "PercentPhaseFOV": 100,
    "PhaseEncodingDirection": "j",
    "PhaseEncodingPolarityGE": "Flipped",
    "PixelBandwidth": 7812.5,
    "ProcedureStepDescription": "verbos",
    "ProtocolName": "fMRI_1",
    "ReconMatrixPE": 64,
    "RepetitionTime": 2,
    "SAR": 0.356791,
    "ScanOptions": "EPI_GEMS_ACC_GEMS",
    "ScanningSequence": "EP_GR",
    "SequenceVariant": "SS",
    "SeriesDescription": "fMRI_1",
    "SeriesNumber": 5,
    "SliceThickness": 4,
    "SliceTiming": [
      0,
      1.0285,
      0.0571001,
      1.0857,
      0.1142,
      1.1428,
      0.1714,
      1.2,
      0.2285,
      1.2571,
      0.2857,
      1.3143,
      0.3428,
      1.3714,
      0.4,
      1.4286,
      0.4571,
      1.4857,
      0.5142,
      1.5428,
      0.5714,
      1.6,
      0.6285,
      1.6571,
      0.6857,
      1.7143,
      0.7428,
      1.7714,
      0.8,
      1.8285,
      0.8571,
      1.8857,
      0.9143,
      1.9428,
      0.9714
    ],
    "SoftwareVersions": "24_LX_MR_Software_release:DV24.0_R02_1607.b",
    "SpacingBetweenSlices": 4,
    "StationName": "GEHCGEHC",
    "TotalReadoutTime": 0.023436,
    "dataset": "unknown",
    "modality": "bold",
    "run_id": 1,
    "subject_id": "137",
    "task_id": "verbs"
  },
  "dummy_trs": 0,
  "dvars_nstd": 15.105890687745672,
  "dvars_std": 1.0670911972254338,
  "dvars_vstd": 1.0122908581502894,
  "efc": 0.3155706669126414,
  "fber": 57947.890625,
  "fd_mean": 0.06958028967834294,
  "fd_num": 7,
  "fd_perc": 4.022988505747127,
  "fwhm_avg": 2.8087166666666668,
  "fwhm_x": 2.74155,
  "fwhm_y": 3.1073,
  "fwhm_z": 2.5773,
  "gcor": 0.060155,
  "gsr_x": -0.008751382119953632,
  "gsr_y": 0.005390310660004616,
  "provenance": {
    "md5sum": "071977c10487e728995aa4a2c85e5be1",
    "settings": {
      "fd_thres": 0.2,
      "hmc_fsl": false
    },
    "software": "mriqc",
    "version": "0.15.2rc1",
    "webapi_port": null,
    "webapi_url": "https://mriqc.nimh.nih.gov/api/v1"
  },
  "size_t": 174,
  "size_x": 64,
  "size_y": 64,
  "size_z": 35,
  "snr": 3.0225755513829378,
  "spacing_tr": 2.0,
  "spacing_x": 4.0,
  "spacing_y": 4.0,
  "spacing_z": 4.0,
  "summary_bg_k": 338.46909766508213,
  "summary_bg_mad": 8.00946044921875,
  "summary_bg_mean": 20.975269317626953,
  "summary_bg_median": 6.678160667419434,
  "summary_bg_n": 102346.0,
  "summary_bg_p05": 0.33908045291900635,
  "summary_bg_p95": 72.64798545837402,
  "summary_bg_stdv": 75.5853271484375,
  "summary_fg_k": -0.011067216082762066,
  "summary_fg_mad": 521.27099609375,
  "summary_fg_mean": 1614.4820556640625,
  "summary_fg_median": 1654.5689697265625,
  "summary_fg_n": 14857.0,
  "summary_fg_p05": 629.7103393554687,
  "summary_fg_p95": 2460.193115234375,
  "summary_fg_stdv": 547.38525390625,
  "tsnr": 66.68836975097656
}