{
  "aor": 0.004883218390804598,
  "aqi": 0.0019595625804597703,
  "bids_meta": {
    "AcquisitionMatrixPE": 64,
    "AcquisitionNumber": 1,
    "AcquisitionTime": "18:37:37.000000",
    "CoilString": "32Ch_Head",
    "ConversionSoftware": "dcm2niix",
    "ConversionSoftwareVersion": "v1.0.20190902",
    "Dcm2bidsVersion": "2.1.4",
    "DeviceSerialNumber": "000000000000GEHC",
    "EchoTime": 0.04,
    "EffectiveEchoSpacing": 0.000372,
    "FlipAngle": 90,
    "ImageOrientationPatientDICOM": [
      1,
      0,
      0,
      0,
      1,
      0
    ],
    "ImageType": [
      "ORIGINAL",
      "PRIMARY",
      "EPI",
      "NONE"
    ],
    "ImagingFrequency": 127.772,
    "InPlanePhaseEncodingDirectionDICOM": "COL",
    "InstitutionName": "INSTITUTO_DE_NEUROBIOLOGIA",
    "MRAcquisitionType": "2D",
    "MagneticFieldStrength": 3,
    "Manufacturer": "GE",
    "ManufacturersModelName": "DISCOVERY_MR750",
    "Modality": "MR",
    "PatientPosition": "HFS",
    "PercentPhaseFOV": 100,
    "PhaseEncodingDirection": "j",
    "PhaseEncodingPolarityGE": "Flipped",
    "PixelBandwidth": 7812.5,
    "ProcedureStepDescription": "verbos",
    "ProtocolName": "fMRI_4",
    "ReconMatrixPE": 64,
    "RepetitionTime": 2,
    "SAR": 0.353885,
    "ScanOptions": "EPI_GEMS_ACC_GEMS",
    "ScanningSequence": "EP_GR",
    "SequenceVariant": "SS",
    "SeriesDescription": "fMRI_4",
    "SeriesNumber": 7,
    "SliceThickness": 4,
    "SliceTiming": [
      0,
      1.0285,
      0.0571001,
      1.0857,
      0.1142,
      1.1428,
      0.1714,
      1.2,
      0.2285,
      1.2571,
      0.2857,
      1.3143,
      0.3428,
      1.3714,
      0.4,
      1.4286,
      0.4571,
      1.4857,
      0.5142,
      1.5428,
      0.5714,
      1.6,
      0.6285,
      1.6571,
      0.6857,
      1.7143,
      0.7428,
      1.7714,
      0.8,
      1.8285,
      0.8571,
      1.8857,
      0.9143,
      1.9428,
      0.9714
    ],
    "SoftwareVersions": "24_LX_MR_Software_release:DV24.0_R02_1607.b",
    "SpacingBetweenSlices": 4,
    "StationName": "GEHCGEHC",
    "TotalReadoutTime": 0.023436,
    "dataset": "unknown",
    "modality": "bold",
    "run_id": 4,
    "subject_id": "139",
    "task_id": "verbs"
  },
  "dummy_trs": 0,
  "dvars_nstd": 14.179635455895951,
  "dvars_std": 1.1094231996531794,
  "dvars_vstd": 1.0141658819653179,
  "efc": 0.3539218413823405,
  "fber": 82376.109375,
  "fd_mean": 0.05758159715286968,
  "fd_num": 0,
  "fd_perc": 0.0,
  "fwhm_avg": 2.745691666666667,
  "fwhm_x": 2.678225,
  "fwhm_y": 2.861325,
  "fwhm_z": 2.697525,
  "gcor": 0.029286,
  "gsr_x": -0.006025797687470913,
  "gsr_y": 0.001740472624078393,
  "provenance": {
    "md5sum": "8b8352bb08153d9f113b45b793cfd6b0",
    "settings": {
      "fd_thres": 0.2,
      "hmc_fsl": false
    },
    "software": "mriqc",
    "version": "0.15.2rc1",
    "webapi_port": null,
    "webapi_url": "https://mriqc.nimh.nih.gov/api/v1"
  },
  "size_t": 174,
  "size_x": 64,
  "size_y": 64,
  "size_z": 35,
  "snr": 3.052175707382249,
  "spacing_tr": 2.0,
  "spacing_x": 4.0,
  "spacing_y": 4.0,
  "spacing_z": 4.0,
  "summary_bg_k": 142.02583267650152,
  "summary_bg_mad": 8.256560325622559,
  "summary_bg_mean": 20.263809204101562,
  "summary_bg_median": 6.482758522033691,
  "summary_bg_n": 96222.0,
  "summary_bg_p05": 0.28735631704330444,
  "summary_bg_p95": 72.87327804565427,
  "summary_bg_stdv": 58.398170471191406,
  "summary_fg_k": 0.5541033431800253,
  "summary_fg_mad": 546.0404663085938,
  "summary_fg_mean": 1929.0382080078125,
  "summary_fg_median": 1883.4713134765625,
  "summary_fg_n": 19433.0,
  "summary_fg_p05": 917.4482666015625,
  "summary_fg_p95": 3007.7528320312485,
  "summary_fg_stdv": 617.0755004882812,
  "tsnr": 78.03219604492188
}