{
  "aor": 0.002155566666666667,
  "aqi": 0.0041410139,
  "bids_meta": {
    "AcquisitionMatrixPE": 64,
    "AcquisitionNumber": 1,
    "AcquisitionTime": "19:19:22.000000",
    "CoilString": "32Ch_Head",
    "ConversionSoftware": "dcm2niix",
    "ConversionSoftwareVersion": "v1.0.20190902",
    "Dcm2bidsVersion": "2.1.4",
    "DeviceSerialNumber": "000000000000GEHC",
    "EchoTime": 0.04,
    "EffectiveEchoSpacing": 0.000372,
    "FlipAngle": 90,
    "ImageOrientationPatientDICOM": [
      1,
      0,
      0,
      0,
      1,
      0
    ],
    "ImageType": [
      "ORIGINAL",
      "PRIMARY",
      "EPI",
      "NONE"
    ],
    "ImagingFrequency": 127.772,
    "InPlanePhaseEncodingDirectionDICOM": "COL",
    "InstitutionName": "INSTITUTO_DE_NEUROBIOLOGIA",
    "MRAcquisitionType": "2D",
    "MagneticFieldStrength": 3,
    "Manufacturer": "GE",
    "ManufacturersModelName": "DISCOVERY_MR750",
    "Modality": "MR",
    "PatientPosition": "HFS",
    "PercentPhaseFOV": 100,
    "PhaseEncodingDirection": "j",
    "PhaseEncodingPolarityGE": "Flipped",
    "PixelBandwidth": 7812.5,
    "ProcedureStepDescription": "verbos",
    "ProtocolName": "fMRI_RestState",
    "ReconMatrixPE": 64,
    "RepetitionTime": 2,
    "SAR": 0.353885,
    "ScanOptions": "EPI_GEMS_ACC_GEMS",
    "ScanningSequence": "EP_GR",
    "SequenceVariant": "SS",
    "SeriesDescription": "fMRI_RestState",
    "SeriesNumber": 12,
    "SliceThickness": 4,
    "SliceTiming": [
      0,
      1.0285,
      0.0571001,
      1.0857,
      0.1142,
      1.1428,
      0.1714,
      1.2,
      0.2285,
      1.2571,
      0.2857,
      1.3143,
      0.3428,
      1.3714,
      0.4,
      1.4286,
      0.4571,
      1.4857,
      0.5142,
      1.5428,
      0.5714,
      1.6,
      0.6285,
      1.6571,
      0.6857,
      1.7143,
      0.7428,
      1.7714,
      0.8,
      1.8285,
      0.8571,
      1.8857,
      0.9143,
      1.9428,
      0.9714
    ],
    "SoftwareVersions": "24_LX_MR_Software_release:DV24.0_R02_1607.b",
    "SpacingBetweenSlices": 4,
    "StationName": "GEHCGEHC",
    "TotalReadoutTime": 0.023436,
    "dataset": "unknown",
    "modality": "bold",
    "subject_id": "139",
    "task_id": "rest"
  },
  "dummy_trs": 0,
  "dvars_nstd": 12.440032808795989,
  "dvars_std": 0.9559492071237464,
  "dvars_vstd": 0.9035045995652166,
  "efc": 0.3566446122267432,
  "fber": 74244.6953125,
  "fd_mean": 0.051686361458310896,
  "fd_num": 2,
  "fd_perc": 0.6666666666666666,
  "fwhm_avg": 2.7034583333333333,
  "fwhm_x": 2.6462,
  "fwhm_y": 2.82405,
  "fwhm_z": 2.640125,
  "gcor": 0.0190536,
  "gsr_x": -0.00749206030741334,
  "gsr_y": 0.005309083499014378,
  "provenance": {
    "md5sum": "5c9ba9bf9681b4ca0278dedadfb4d436",
    "settings": {
      "fd_thres": 0.2,
      "hmc_fsl": false
    },
    "software": "mriqc",
    "version": "0.15.2rc1",
    "webapi_port": null,
    "webapi_url": "https://mriqc.nimh.nih.gov/api/v1"
  },
  "size_t": 300,
  "size_x": 64,
  "size_y": 64,
  "size_z": 35,
  "snr": 3.117869950201449,
  "spacing_tr": 2.0,
  "spacing_x": 4.0,
  "spacing_y": 4.0,
  "spacing_z": 4.0,
  "summary_bg_k": 124.98522909895375,
  "summary_bg_mad": 8.772064208984375,
  "summary_bg_mean": 21.857704162597656,
  "summary_bg_median": 6.7833333015441895,
  "summary_bg_n": 96485.0,
  "summary_bg_p05": 0.2866666615009308,
  "summary_bg_p95": 81.0626663208008,
  "summary_bg_stdv": 57.978275299072266,
  "summary_fg_k": 0.5676475671517167,
  "summary_fg_mad": 528.55517578125,
  "summary_fg_mean": 1903.630859375,
  "summary_fg_median": 1866.376708984375,
  "summary_fg_n": 19366.0,
  "summary_fg_p05": 921.4475402832031,
  "summary_fg_p95": 2931.4959716796875,
  "summary_fg_stdv": 598.5908813476562,
  "tsnr": 51.459754943847656
}