{
  "aor": 0.0011119767441860465,
  "aqi": 0.001034959784883721,
  "bids_meta": {
    "AcquisitionMatrixPE": 64,
    "AcquisitionNumber": 1,
    "AcquisitionTime": "18:16:57.000000",
    "CoilString": "32Ch_Head",
    "ConversionSoftware": "dcm2niix",
    "ConversionSoftwareVersion": "v1.0.20190902",
    "Dcm2bidsVersion": "2.1.4",
    "DeviceSerialNumber": "000000000000GEHC",
    "EchoTime": 0.04,
    "EffectiveEchoSpacing": 0.000372,
    "FlipAngle": 90,
    "ImageOrientationPatientDICOM": [
      1,
      0,
      0,
      0,
      1,
      0
    ],
    "ImageType": [
      "ORIGINAL",
      "PRIMARY",
      "EPI",
      "NONE"
    ],
    "ImagingFrequency": 127.772,
    "InPlanePhaseEncodingDirectionDICOM": "COL",
    "InstitutionName": "INSTITUTO_DE_NEUROBIOLOGIA",
    "MRAcquisitionType": "2D",
    "MagneticFieldStrength": 3,
    "Manufacturer": "GE",
    "ManufacturersModelName": "DISCOVERY_MR750",
    "Modality": "MR",
    "PatientPosition": "HFS",
    "PercentPhaseFOV": 100,
    "PhaseEncodingDirection": "j",
    "PhaseEncodingPolarityGE": "Flipped",
    "PixelBandwidth": 7812.5,
    "ProcedureStepDescription": "verbos",
    "ProtocolName": "fMRI_1",
    "ReconMatrixPE": 64,
    "RepetitionTime": 2,
    "SAR": 0.353885,
    "ScanOptions": "EPI_GEMS_ACC_GEMS",
    "ScanningSequence": "EP_GR",
    "SequenceVariant": "SS",
    "SeriesDescription": "fMRI_1",
    "SeriesNumber": 4,
    "SliceThickness": 4,
    "SliceTiming": [
      0,
      1.0285,
      0.0571001,
      1.0857,
      0.1142,
      1.1428,
      0.1714,
      1.2,
      0.2285,
      1.2571,
      0.2857,
      1.3143,
      0.3428,
      1.3714,
      0.4,
      1.4286,
      0.4571,
      1.4857,
      0.5142,
      1.5428,
      0.5714,
      1.6,
      0.6285,
      1.6571,
      0.6857,
      1.7143,
      0.7428,
      1.7714,
      0.8,
      1.8285,
      0.8571,
      1.8857,
      0.9143,
      1.9428,
      0.9714
    ],
    "SoftwareVersions": "24_LX_MR_Software_release:DV24.0_R02_1607.b",
    "SpacingBetweenSlices": 4,
    "StationName": "GEHCGEHC",
    "TotalReadoutTime": 0.023436,
    "dataset": "unknown",
    "modality": "bold",
    "run_id": 1,
    "subject_id": "139",
    "task_id": "verbs"
  },
  "dummy_trs": 2,
  "dvars_nstd": 13.496952057192978,
  "dvars_std": 1.0921882737426905,
  "dvars_vstd": 0.979979233333333,
  "efc": 0.3523371970056685,
  "fber": 84816.9609375,
  "fd_mean": 0.04380931810662333,
  "fd_num": 0,
  "fd_perc": 0.0,
  "fwhm_avg": 2.716466666666667,
  "fwhm_x": 2.653025,
  "fwhm_y": 2.8383,
  "fwhm_z": 2.658075,
  "gcor": 0.0480476,
  "gsr_x": -0.005816126242280006,
  "gsr_y": 0.0008203008328564465,
  "provenance": {
    "md5sum": "9cb4d4ba69792b02ea97d15327a3a7e7",
    "settings": {
      "fd_thres": 0.2,
      "hmc_fsl": false
    },
    "software": "mriqc",
    "version": "0.15.2rc1",
    "webapi_port": null,
    "webapi_url": "https://mriqc.nimh.nih.gov/api/v1"
  },
  "size_t": 172,
  "size_x": 64,
  "size_y": 64,
  "size_z": 35,
  "snr": 3.0933461653508436,
  "spacing_tr": 2.0,
  "spacing_x": 4.0,
  "spacing_y": 4.0,
  "spacing_z": 4.0,
  "summary_bg_k": 137.9122536666409,
  "summary_bg_mad": 8.059494972229004,
  "summary_bg_mean": 19.724428176879883,
  "summary_bg_median": 6.343023300170898,
  "summary_bg_n": 96524.0,
  "summary_bg_p05": 0.2732558250427246,
  "summary_bg_p95": 71.77732391357412,
  "summary_bg_stdv": 57.22819137573242,
  "summary_fg_k": 0.4044935740192557,
  "summary_fg_mad": 544.8563232421875,
  "summary_fg_mean": 1909.6051025390625,
  "summary_fg_median": 1878.8953857421875,
  "summary_fg_n": 19263.0,
  "summary_fg_p05": 898.873858642578,
  "summary_fg_p95": 2951.21044921875,
  "summary_fg_stdv": 607.3832397460938,
  "tsnr": 90.01564025878906
}