{
  "aor": 0.0015886206896551724,
  "aqi": 0.0010785250402298848,
  "bids_meta": {
    "AcquisitionMatrixPE": 64,
    "AcquisitionNumber": 1,
    "AcquisitionTime": "19:01:10.000000",
    "CoilString": "32Ch_Head",
    "ConversionSoftware": "dcm2niix",
    "ConversionSoftwareVersion": "v1.0.20190902",
    "Dcm2bidsVersion": "2.1.4",
    "DeviceSerialNumber": "000000000000GEHC",
    "EchoTime": 0.04,
    "EffectiveEchoSpacing": 0.000372,
    "FlipAngle": 90,
    "ImageOrientationPatientDICOM": [
      1,
      0,
      0,
      0,
      1,
      0
    ],
    "ImageType": [
      "ORIGINAL",
      "PRIMARY",
      "EPI",
      "NONE"
    ],
    "ImagingFrequency": 127.772,
    "InPlanePhaseEncodingDirectionDICOM": "COL",
    "InstitutionName": "INSTITUTO_DE_NEUROBIOLOGIA",
    "MRAcquisitionType": "2D",
    "MagneticFieldStrength": 3,
    "Manufacturer": "GE",
    "ManufacturersModelName": "DISCOVERY_MR750",
    "Modality": "MR",
    "PatientPosition": "HFS",
    "PercentPhaseFOV": 100,
    "PhaseEncodingDirection": "j",
    "PhaseEncodingPolarityGE": "Flipped",
    "PixelBandwidth": 7812.5,
    "ProcedureStepDescription": "verbos",
    "ProtocolName": "fMRI_7",
    "ReconMatrixPE": 64,
    "RepetitionTime": 2,
    "SAR": 0.353885,
    "ScanOptions": "EPI_GEMS_ACC_GEMS",
    "ScanningSequence": "EP_GR",
    "SequenceVariant": "SS",
    "SeriesDescription": "fMRI_7",
    "SeriesNumber": 10,
    "SliceThickness": 4,
    "SliceTiming": [
      0,
      1.0285,
      0.0571001,
      1.0857,
      0.1142,
      1.1428,
      0.1714,
      1.2,
      0.2285,
      1.2571,
      0.2857,
      1.3143,
      0.3428,
      1.3714,
      0.4,
      1.4286,
      0.4571,
      1.4857,
      0.5142,
      1.5428,
      0.5714,
      1.6,
      0.6285,
      1.6571,
      0.6857,
      1.7143,
      0.7428,
      1.7714,
      0.8,
      1.8285,
      0.8571,
      1.8857,
      0.9143,
      1.9428,
      0.9714
    ],
    "SoftwareVersions": "24_LX_MR_Software_release:DV24.0_R02_1607.b",
    "SpacingBetweenSlices": 4,
    "StationName": "GEHCGEHC",
    "TotalReadoutTime": 0.023436,
    "dataset": "unknown",
    "modality": "bold",
    "run_id": 7,
    "subject_id": "139",
    "task_id": "verbs"
  },
  "dummy_trs": 0,
  "dvars_nstd": 14.665842442254329,
  "dvars_std": 1.1422165167630056,
  "dvars_vstd": 1.0100045670520237,
  "efc": 0.3538246849071403,
  "fber": 82379.4921875,
  "fd_mean": 0.06665346461364169,
  "fd_num": 1,
  "fd_perc": 0.5747126436781609,
  "fwhm_avg": 2.7144166666666667,
  "fwhm_x": 2.65285,
  "fwhm_y": 2.823875,
  "fwhm_z": 2.666525,
  "gcor": 0.0930013,
  "gsr_x": -0.0058655203320086,
  "gsr_y": 0.0009459274006076157,
  "provenance": {
    "md5sum": "f1f46dffef0c10bd1aeeb71f1dcdb689",
    "settings": {
      "fd_thres": 0.2,
      "hmc_fsl": false
    },
    "software": "mriqc",
    "version": "0.15.2rc1",
    "webapi_port": null,
    "webapi_url": "https://mriqc.nimh.nih.gov/api/v1"
  },
  "size_t": 174,
  "size_x": 64,
  "size_y": 64,
  "size_z": 35,
  "snr": 3.042434288341889,
  "spacing_tr": 2.0,
  "spacing_x": 4.0,
  "spacing_y": 4.0,
  "spacing_z": 4.0,
  "summary_bg_k": 147.97519178378272,
  "summary_bg_mad": 8.205436706542969,
  "summary_bg_mean": 19.864551544189453,
  "summary_bg_median": 6.431034564971924,
  "summary_bg_n": 96361.0,
  "summary_bg_p05": 0.26436781883239746,
  "summary_bg_p95": 72.8563232421875,
  "summary_bg_stdv": 56.954776763916016,
  "summary_fg_k": 0.4528525193521329,
  "summary_fg_mad": 544.8051147460938,
  "summary_fg_mean": 1904.0428466796875,
  "summary_fg_median": 1869.1207275390625,
  "summary_fg_n": 19433.0,
  "summary_fg_p05": 881.9919677734374,
  "summary_fg_p95": 2958.148193359375,
  "summary_fg_stdv": 614.3345947265625,
  "tsnr": 86.67535400390625
}