{
  "aor": 0.0009777578475336321,
  "aqi": 0.002091360520179372,
  "bids_meta": {
    "AcquisitionDateTime": "2017-01-10T19:20:15.000000",
    "ConversionSoftware": "dcm2niix",
    "ConversionSoftwareVersion": "v1.0.20170411 GCC4.8.4",
    "EchoTime": 0.04,
    "FlipAngle": 90,
    "ImageType": [
      "ORIGINAL",
      "PRIMARY",
      "EPI",
      "NONE"
    ],
    "MagneticFieldStrength": 3,
    "Manufacturer": "GE",
    "ManufacturersModelName": "DISCOVERY_MR750",
    "ProcedureStepDescription": "CompRefranes",
    "ProtocolName": "fMRI_Comprension_1",
    "RepetitionTime": 2,
    "ScanningSequence": "EP_GR",
    "SequenceVariant": "SS",
    "SeriesDescription": "fMRI_Comprension_1",
    "dataset": "unknown",
    "modality": "bold",
    "run_id": 1,
    "subject_id": "62",
    "task_id": "cr"
  },
  "dummy_trs": 0,
  "dvars_nstd": 18.120804039549544,
  "dvars_std": 1.1218636300900895,
  "dvars_vstd": 1.000985055945946,
  "efc": 0.3358094144003945,
  "fber": 75968.796875,
  "fd_mean": 0.10349538209439187,
  "fd_num": 5,
  "fd_perc": 2.242152466367713,
  "fwhm_avg": 2.8627083333333334,
  "fwhm_x": 2.741375,
  "fwhm_y": 2.903575,
  "fwhm_z": 2.943175,
  "gcor": 0.0513167,
  "gsr_x": -0.006748140789568424,
  "gsr_y": 0.006176282186061144,
  "provenance": {
    "md5sum": "614b6152d075b68ae772de138548e468",
    "settings": {
      "fd_thres": 0.2,
      "hmc_fsl": false
    },
    "software": "mriqc",
    "version": "0.15.2rc1",
    "webapi_port": null,
    "webapi_url": "https://mriqc.nimh.nih.gov/api/v1"
  },
  "size_t": 223,
  "size_x": 64,
  "size_y": 64,
  "size_z": 34,
  "snr": 2.6735118779663485,
  "spacing_tr": 2.0,
  "spacing_x": 4.0,
  "spacing_y": 4.0,
  "spacing_z": 4.0,
  "summary_bg_k": 439.00407132999004,
  "summary_bg_mad": 7.452902317047119,
  "summary_bg_mean": 19.558504104614258,
  "summary_bg_median": 5.8968610763549805,
  "summary_bg_n": 95180.0,
  "summary_bg_p05": 0.2735426127910614,
  "summary_bg_p95": 74.88811798095703,
  "summary_bg_stdv": 68.2262954711914,
  "summary_fg_k": 0.6897867500617187,
  "summary_fg_mad": 501.5052185058594,
  "summary_fg_mean": 1728.2423095703125,
  "summary_fg_median": 1656.3184814453125,
  "summary_fg_n": 17133.0,
  "summary_fg_p05": 778.6547485351563,
  "summary_fg_p95": 2901.174072265625,
  "summary_fg_stdv": 619.5110473632812,
  "tsnr": 68.1202392578125
}