{
  "aor": 0.0006835840707964602,
  "aqi": 0.0023066990088495575,
  "bids_meta": {
    "AcquisitionDateTime": "2017-01-10T19:37:50.000000",
    "ConversionSoftware": "dcm2niix",
    "ConversionSoftwareVersion": "v1.0.20170411 GCC4.8.4",
    "EchoTime": 0.04,
    "FlipAngle": 90,
    "ImageType": [
      "ORIGINAL",
      "PRIMARY",
      "EPI",
      "NONE"
    ],
    "MagneticFieldStrength": 3,
    "Manufacturer": "GE",
    "ManufacturersModelName": "DISCOVERY_MR750",
    "ProcedureStepDescription": "CompRefranes",
    "ProtocolName": "fMRI_Comprension_3",
    "RepetitionTime": 2,
    "ScanningSequence": "EP_GR",
    "SequenceVariant": "SS",
    "SeriesDescription": "fMRI_Comprension_3",
    "dataset": "unknown",
    "modality": "bold",
    "run_id": 3,
    "subject_id": "62",
    "task_id": "cr"
  },
  "dummy_trs": 0,
  "dvars_nstd": 16.055422617644446,
  "dvars_std": 1.0629729700000008,
  "dvars_vstd": 0.976228797422222,
  "efc": 0.33875199796966304,
  "fber": 77162.5703125,
  "fd_mean": 0.12626828305273474,
  "fd_num": 22,
  "fd_perc": 9.734513274336283,
  "fwhm_avg": 2.8489083333333336,
  "fwhm_x": 2.724225,
  "fwhm_y": 2.911775,
  "fwhm_z": 2.910725,
  "gcor": 0.0438809,
  "gsr_x": -0.007711946964263916,
  "gsr_y": 0.006031957920640707,
  "provenance": {
    "md5sum": "2dd1954f925dc02956ecdcf63d3139c6",
    "settings": {
      "fd_thres": 0.2,
      "hmc_fsl": false
    },
    "software": "mriqc",
    "version": "0.15.2rc1",
    "webapi_port": null,
    "webapi_url": "https://mriqc.nimh.nih.gov/api/v1"
  },
  "size_t": 226,
  "size_x": 64,
  "size_y": 64,
  "size_z": 34,
  "snr": 2.728855143380218,
  "spacing_tr": 2.0,
  "spacing_x": 4.0,
  "spacing_y": 4.0,
  "spacing_z": 4.0,
  "summary_bg_k": 435.1763454702131,
  "summary_bg_mad": 7.524534225463867,
  "summary_bg_mean": 20.43194580078125,
  "summary_bg_median": 5.938053131103516,
  "summary_bg_n": 95144.0,
  "summary_bg_p05": 0.28761062026023865,
  "summary_bg_p95": 80.22167968749977,
  "summary_bg_stdv": 70.4233627319336,
  "summary_fg_k": 0.6746243718131755,
  "summary_fg_mad": 495.7597961425781,
  "summary_fg_mean": 1716.514404296875,
  "summary_fg_median": 1658.1416015625,
  "summary_fg_n": 17221.0,
  "summary_fg_p05": 761.1194458007812,
  "summary_fg_p95": 2844.916015625,
  "summary_fg_stdv": 607.6150512695312,
  "tsnr": 72.61155700683594
}