{
  "aor": 0.0005962995594713655,
  "aqi": 0.0023614871145374453,
  "bids_meta": {
    "AcquisitionDateTime": "2017-01-10T19:47:10.000000",
    "ConversionSoftware": "dcm2niix",
    "ConversionSoftwareVersion": "v1.0.20170411 GCC4.8.4",
    "EchoTime": 0.04,
    "FlipAngle": 90,
    "ImageType": [
      "ORIGINAL",
      "PRIMARY",
      "EPI",
      "NONE"
    ],
    "MagneticFieldStrength": 3,
    "Manufacturer": "GE",
    "ManufacturersModelName": "DISCOVERY_MR750",
    "ProcedureStepDescription": "CompRefranes",
    "ProtocolName": "fMRI_Comprension_4",
    "RepetitionTime": 2,
    "ScanningSequence": "EP_GR",
    "SequenceVariant": "SS",
    "SeriesDescription": "fMRI_Comprension_4",
    "dataset": "unknown",
    "modality": "bold",
    "run_id": 4,
    "subject_id": "62",
    "task_id": "cr"
  },
  "dummy_trs": 0,
  "dvars_nstd": 16.408920287920356,
  "dvars_std": 1.052082743982301,
  "dvars_vstd": 0.9727377074778767,
  "efc": 0.3396193319818162,
  "fber": 72628.953125,
  "fd_mean": 0.15547131990653498,
  "fd_num": 58,
  "fd_perc": 25.550660792951543,
  "fwhm_avg": 2.8539333333333334,
  "fwhm_x": 2.74425,
  "fwhm_y": 2.93065,
  "fwhm_z": 2.8869,
  "gcor": 0.0472016,
  "gsr_x": -0.008302472531795502,
  "gsr_y": 0.007153094280511141,
  "provenance": {
    "md5sum": "70bb0956850ad853bc929d1cec79af80",
    "settings": {
      "fd_thres": 0.2,
      "hmc_fsl": false
    },
    "software": "mriqc",
    "version": "0.15.2rc1",
    "webapi_port": null,
    "webapi_url": "https://mriqc.nimh.nih.gov/api/v1"
  },
  "size_t": 227,
  "size_x": 64,
  "size_y": 64,
  "size_z": 34,
  "snr": 2.6909966873639064,
  "spacing_tr": 2.0,
  "spacing_x": 4.0,
  "spacing_y": 4.0,
  "spacing_z": 4.0,
  "summary_bg_k": 471.88564618714855,
  "summary_bg_mad": 7.576293468475342,
  "summary_bg_mean": 20.749921798706055,
  "summary_bg_median": 5.977973461151123,
  "summary_bg_n": 95016.0,
  "summary_bg_p05": 0.28634360432624817,
  "summary_bg_p95": 81.34030342102051,
  "summary_bg_stdv": 74.46006774902344,
  "summary_fg_k": 0.6152434840890955,
  "summary_fg_mad": 499.86553955078125,
  "summary_fg_mean": 1679.44189453125,
  "summary_fg_median": 1627.726806640625,
  "summary_fg_n": 17386.0,
  "summary_fg_p05": 703.6486206054688,
  "summary_fg_p95": 2798.8402709960938,
  "summary_fg_stdv": 604.8613891601562,
  "tsnr": 70.11117553710938
}