{
  "aor": 0.001667212389380531,
  "aqi": 0.002444357026548672,
  "bids_meta": {
    "AcquisitionDateTime": "2017-01-10T19:28:58.000000",
    "ConversionSoftware": "dcm2niix",
    "ConversionSoftwareVersion": "v1.0.20170411 GCC4.8.4",
    "EchoTime": 0.04,
    "FlipAngle": 90,
    "ImageType": [
      "ORIGINAL",
      "PRIMARY",
      "EPI",
      "NONE"
    ],
    "MagneticFieldStrength": 3,
    "Manufacturer": "GE",
    "ManufacturersModelName": "DISCOVERY_MR750",
    "ProcedureStepDescription": "CompRefranes",
    "ProtocolName": "fMRI_Comprension_2",
    "RepetitionTime": 2,
    "ScanningSequence": "EP_GR",
    "SequenceVariant": "SS",
    "SeriesDescription": "fMRI_Comprension_2",
    "dataset": "unknown",
    "modality": "bold",
    "run_id": 2,
    "subject_id": "62",
    "task_id": "cr"
  },
  "dummy_trs": 2,
  "dvars_nstd": 16.514071320355555,
  "dvars_std": 1.072024459733334,
  "dvars_vstd": 0.9927101559999995,
  "efc": 0.33857692934036715,
  "fber": 74094.96875,
  "fd_mean": 0.10744618050795114,
  "fd_num": 1,
  "fd_perc": 0.4424778761061947,
  "fwhm_avg": 2.83915,
  "fwhm_x": 2.713175,
  "fwhm_y": 2.909025,
  "fwhm_z": 2.89525,
  "gcor": 0.0437186,
  "gsr_x": -0.007456673309206963,
  "gsr_y": 0.006562976632267237,
  "provenance": {
    "md5sum": "1cfab6a03b01f47b8977900f6ba5f248",
    "settings": {
      "fd_thres": 0.2,
      "hmc_fsl": false
    },
    "software": "mriqc",
    "version": "0.15.2rc1",
    "webapi_port": null,
    "webapi_url": "https://mriqc.nimh.nih.gov/api/v1"
  },
  "size_t": 226,
  "size_x": 64,
  "size_y": 64,
  "size_z": 34,
  "snr": 2.7093438379277868,
  "spacing_tr": 2.0,
  "spacing_x": 4.0,
  "spacing_y": 4.0,
  "spacing_z": 4.0,
  "summary_bg_k": 475.6150994633573,
  "summary_bg_mad": 7.517974376678467,
  "summary_bg_mean": 20.036956787109375,
  "summary_bg_median": 5.946902751922607,
  "summary_bg_n": 95012.0,
  "summary_bg_p05": 0.29203540086746216,
  "summary_bg_p95": 78.00641632080077,
  "summary_bg_stdv": 70.72142028808594,
  "summary_fg_k": 0.6664659483373336,
  "summary_fg_mad": 494.7497253417969,
  "summary_fg_mean": 1699.12841796875,
  "summary_fg_median": 1637.6416015625,
  "summary_fg_n": 17307.0,
  "summary_fg_p05": 742.9677185058594,
  "summary_fg_p95": 2826.689794921875,
  "summary_fg_stdv": 604.4246826171875,
  "tsnr": 67.5208511352539
}