{
  "aor": 0.015380236220472441,
  "aqi": 0.003335116208661417,
  "bids_meta": {
    "AcquisitionDateTime": "2017-05-04T18:22:54.000000",
    "ConversionSoftware": "dcm2niix",
    "ConversionSoftwareVersion": "v1.0.20170411 GCC4.8.4",
    "EchoTime": 0.04,
    "FlipAngle": 90,
    "ImageType": [
      "ORIGINAL",
      "PRIMARY",
      "EPI",
      "NONE"
    ],
    "MagneticFieldStrength": 3,
    "Manufacturer": "GE",
    "ManufacturersModelName": "DISCOVERY_MR750",
    "ProcedureStepDescription": "ActosHabla",
    "ProtocolName": "fMRI_ActosHabla_2",
    "RepetitionTime": 2,
    "ScanningSequence": "EP_GR",
    "SequenceVariant": "SS",
    "SeriesDescription": "fMRI_ActosHabla_2",
    "dataset": "unknown",
    "modality": "bold",
    "run_id": 2,
    "subject_id": "21",
    "task_id": "rah"
  },
  "dummy_trs": 0,
  "dvars_nstd": 20.23971608150197,
  "dvars_std": 1.1501936241501973,
  "dvars_vstd": 1.0002015581027672,
  "efc": 0.3774810375412864,
  "fber": 64009.16015625,
  "fd_mean": 0.14672907197466825,
  "fd_num": 44,
  "fd_perc": 17.322834645669293,
  "fwhm_avg": 2.8683,
  "fwhm_x": 2.766175,
  "fwhm_y": 3.0282,
  "fwhm_z": 2.810525,
  "gcor": 0.0624906,
  "gsr_x": 0.004683122970163822,
  "gsr_y": -0.003898556809872389,
  "provenance": {
    "md5sum": "c2f9a158bbf1358e004cecb1ca65012a",
    "settings": {
      "fd_thres": 0.2,
      "hmc_fsl": false
    },
    "software": "mriqc",
    "version": "0.15.2rc1",
    "webapi_port": null,
    "webapi_url": "https://mriqc.nimh.nih.gov/api/v1"
  },
  "size_t": 254,
  "size_x": 64,
  "size_y": 64,
  "size_z": 35,
  "snr": 2.766675354628696,
  "spacing_tr": 2.0,
  "spacing_x": 4.0,
  "spacing_y": 4.0,
  "spacing_z": 4.0,
  "summary_bg_k": 90.40971099933601,
  "summary_bg_mad": 9.71279525756836,
  "summary_bg_mean": 29.08232879638672,
  "summary_bg_median": 6.854330539703369,
  "summary_bg_n": 93455.0,
  "summary_bg_p05": 0.05511811003088951,
  "summary_bg_p95": 122.74921264648438,
  "summary_bg_stdv": 76.69679260253906,
  "summary_fg_k": -0.030320834116252637,
  "summary_fg_mad": 611.2232666015625,
  "summary_fg_mean": 1783.1966552734375,
  "summary_fg_median": 1757.230224609375,
  "summary_fg_n": 21440.0,
  "summary_fg_p05": 706.3789154052735,
  "summary_fg_p95": 2857.771923828125,
  "summary_fg_stdv": 635.1266479492188,
  "tsnr": 46.226661682128906
}