{
  "aor": 0.005212078431372549,
  "aqi": 0.0029530951764705883,
  "bids_meta": {
    "AcquisitionDateTime": "2017-05-04T18:33:39.000000",
    "ConversionSoftware": "dcm2niix",
    "ConversionSoftwareVersion": "v1.0.20170411 GCC4.8.4",
    "EchoTime": 0.04,
    "FlipAngle": 90,
    "ImageType": [
      "ORIGINAL",
      "PRIMARY",
      "EPI",
      "NONE"
    ],
    "MagneticFieldStrength": 3,
    "Manufacturer": "GE",
    "ManufacturersModelName": "DISCOVERY_MR750",
    "ProcedureStepDescription": "ActosHabla",
    "ProtocolName": "fMRI_ActosHabla_3",
    "RepetitionTime": 2,
    "ScanningSequence": "EP_GR",
    "SequenceVariant": "SS",
    "SeriesDescription": "fMRI_ActosHabla_3",
    "dataset": "unknown",
    "modality": "bold",
    "run_id": 3,
    "subject_id": "21",
    "task_id": "rah"
  },
  "dummy_trs": 0,
  "dvars_nstd": 21.308318464645666,
  "dvars_std": 1.150029235708661,
  "dvars_vstd": 1.0204671142519695,
  "efc": 0.3776001343272641,
  "fber": 63256.15234375,
  "fd_mean": 0.152173912553662,
  "fd_num": 39,
  "fd_perc": 15.294117647058824,
  "fwhm_avg": 2.8692166666666665,
  "fwhm_x": 2.75765,
  "fwhm_y": 3.03005,
  "fwhm_z": 2.81995,
  "gcor": 0.0451739,
  "gsr_x": 0.005388564895838499,
  "gsr_y": -0.004312196746468544,
  "provenance": {
    "md5sum": "28bb0109d9fd5d157a422b733e09dcb7",
    "settings": {
      "fd_thres": 0.2,
      "hmc_fsl": false
    },
    "software": "mriqc",
    "version": "0.15.2rc1",
    "webapi_port": null,
    "webapi_url": "https://mriqc.nimh.nih.gov/api/v1"
  },
  "size_t": 255,
  "size_x": 64,
  "size_y": 64,
  "size_z": 35,
  "snr": 2.7812771473539586,
  "spacing_tr": 2.0,
  "spacing_x": 4.0,
  "spacing_y": 4.0,
  "spacing_z": 4.0,
  "summary_bg_k": 81.27123427060125,
  "summary_bg_mad": 9.668892860412598,
  "summary_bg_mean": 29.450298309326172,
  "summary_bg_median": 6.854902267456055,
  "summary_bg_n": 93517.0,
  "summary_bg_p05": 0.08235294371843338,
  "summary_bg_p95": 124.64392700195305,
  "summary_bg_stdv": 74.96527862548828,
  "summary_fg_k": -0.030003343088627066,
  "summary_fg_mad": 606.0123901367188,
  "summary_fg_mean": 1794.0592041015625,
  "summary_fg_median": 1764.5804443359375,
  "summary_fg_n": 21315.0,
  "summary_fg_p05": 727.2851501464844,
  "summary_fg_p95": 2865.615942382812,
  "summary_fg_stdv": 634.434814453125,
  "tsnr": 53.169273376464844
}