{
  "aor": 0.0028110727969348657,
  "aqi": 0.002931503103448276,
  "bids_meta": {
    "AcquisitionDateTime": "2017-05-04T18:12:45.000000",
    "ConversionSoftware": "dcm2niix",
    "ConversionSoftwareVersion": "v1.0.20170411 GCC4.8.4",
    "EchoTime": 0.04,
    "FlipAngle": 90,
    "ImageType": [
      "ORIGINAL",
      "PRIMARY",
      "EPI",
      "NONE"
    ],
    "MagneticFieldStrength": 3,
    "Manufacturer": "GE",
    "ManufacturersModelName": "DISCOVERY_MR750",
    "ProcedureStepDescription": "ActosHabla",
    "ProtocolName": "fMRI_ActosHabla_1",
    "RepetitionTime": 2,
    "ScanningSequence": "EP_GR",
    "SequenceVariant": "SS",
    "SeriesDescription": "fMRI_ActosHabla_1",
    "dataset": "unknown",
    "modality": "bold",
    "run_id": 1,
    "subject_id": "21",
    "task_id": "rah"
  },
  "dummy_trs": 0,
  "dvars_nstd": 21.703178559538472,
  "dvars_std": 1.1669093293076924,
  "dvars_vstd": 1.0293529077307695,
  "efc": 0.37670020143148863,
  "fber": 68202.59375,
  "fd_mean": 0.1485809930385646,
  "fd_num": 60,
  "fd_perc": 22.988505747126435,
  "fwhm_avg": 2.8690999999999995,
  "fwhm_x": 2.765875,
  "fwhm_y": 3.033175,
  "fwhm_z": 2.80825,
  "gcor": 0.0691116,
  "gsr_x": 0.00415421836078167,
  "gsr_y": -0.004660637117922306,
  "provenance": {
    "md5sum": "d9bfb86640b6edcc4ad0711a04e0f98a",
    "settings": {
      "fd_thres": 0.2,
      "hmc_fsl": false
    },
    "software": "mriqc",
    "version": "0.15.2rc1",
    "webapi_port": null,
    "webapi_url": "https://mriqc.nimh.nih.gov/api/v1"
  },
  "size_t": 261,
  "size_x": 64,
  "size_y": 64,
  "size_z": 35,
  "snr": 2.7714097214697095,
  "spacing_tr": 2.0,
  "spacing_x": 4.0,
  "spacing_y": 4.0,
  "spacing_z": 4.0,
  "summary_bg_k": 83.89579876704111,
  "summary_bg_mad": 9.528240203857422,
  "summary_bg_mean": 28.517770767211914,
  "summary_bg_median": 6.607823371887207,
  "summary_bg_n": 93465.0,
  "summary_bg_p05": 0.0,
  "summary_bg_p95": 122.04338531494146,
  "summary_bg_stdv": 73.39918518066406,
  "summary_fg_k": -0.03724934537159186,
  "summary_fg_mad": 610.4330444335938,
  "summary_fg_mean": 1775.603271484375,
  "summary_fg_median": 1753.1239013671875,
  "summary_fg_n": 21393.0,
  "summary_fg_p05": 701.1659790039063,
  "summary_fg_p95": 2837.9846191406245,
  "summary_fg_stdv": 632.5599975585938,
  "tsnr": 47.50489044189453
}