{
  "aor": 0.011623466666666665,
  "aqi": 0.010306684888888888,
  "bids_meta": {
    "AcquisitionDateTime": "2017-01-09T20:43:44.000000",
    "ConversionSoftware": "dcm2niix",
    "ConversionSoftwareVersion": "v1.0.20170411 GCC4.8.4",
    "EchoTime": 0.04,
    "FlipAngle": 90,
    "ImageType": [
      "ORIGINAL",
      "PRIMARY",
      "EPI",
      "NONE"
    ],
    "MagneticFieldStrength": 3,
    "Manufacturer": "GE",
    "ManufacturersModelName": "DISCOVERY_MR750",
    "ProcedureStepDescription": "CompRefranes",
    "ProtocolName": "fMRI_Comprension_2",
    "RepetitionTime": 2,
    "ScanningSequence": "EP_GR",
    "SequenceVariant": "SS",
    "SeriesDescription": "fMRI_Comprension_2",
    "dataset": "unknown",
    "modality": "bold",
    "run_id": 2,
    "subject_id": "54",
    "task_id": "cr"
  },
  "dummy_trs": 0,
  "dvars_nstd": 33.51233835736607,
  "dvars_std": 0.9494322319642859,
  "dvars_vstd": 0.9472217389285713,
  "efc": 0.3603294343764491,
  "fber": 63552.06640625,
  "fd_mean": 0.4476966321504627,
  "fd_num": 93,
  "fd_perc": 41.333333333333336,
  "fwhm_avg": 2.9380249999999997,
  "fwhm_x": 2.862825,
  "fwhm_y": 2.999,
  "fwhm_z": 2.95225,
  "gcor": 0.0291845,
  "gsr_x": 0.0036655417643487453,
  "gsr_y": -0.0013228669995442033,
  "provenance": {
    "md5sum": "8fd4e365416f6053ccf3fb8327af37d6",
    "settings": {
      "fd_thres": 0.2,
      "hmc_fsl": false
    },
    "software": "mriqc",
    "version": "0.15.2rc1",
    "webapi_port": null,
    "webapi_url": "https://mriqc.nimh.nih.gov/api/v1"
  },
  "size_t": 225,
  "size_x": 64,
  "size_y": 64,
  "size_z": 34,
  "snr": 2.5881215514109477,
  "spacing_tr": 2.0,
  "spacing_x": 4.0,
  "spacing_y": 4.0,
  "spacing_z": 4.0,
  "summary_bg_k": 100.96847148724129,
  "summary_bg_mad": 7.274635314941406,
  "summary_bg_mean": 21.599740982055664,
  "summary_bg_median": 5.44444465637207,
  "summary_bg_n": 92836.0,
  "summary_bg_p05": 0.20000000298023224,
  "summary_bg_p95": 83.17333221435547,
  "summary_bg_stdv": 64.1120834350586,
  "summary_fg_k": -0.23381063377971234,
  "summary_fg_mad": 523.7176513671875,
  "summary_fg_mean": 1385.2039794921875,
  "summary_fg_median": 1385.957763671875,
  "summary_fg_n": 19308.0,
  "summary_fg_p05": 490.64602203369145,
  "summary_fg_p95": 2293.086437988281,
  "summary_fg_stdv": 535.4933471679688,
  "tsnr": 24.490406036376953
}