{
  "aor": 0.011792511013215858,
  "aqi": 0.005157039074889868,
  "bids_meta": {
    "AcquisitionDateTime": "2017-01-09T21:03:14.000000",
    "ConversionSoftware": "dcm2niix",
    "ConversionSoftwareVersion": "v1.0.20170411 GCC4.8.4",
    "EchoTime": 0.04,
    "FlipAngle": 90,
    "ImageType": [
      "ORIGINAL",
      "PRIMARY",
      "EPI",
      "NONE"
    ],
    "MagneticFieldStrength": 3,
    "Manufacturer": "GE",
    "ManufacturersModelName": "DISCOVERY_MR750",
    "ProcedureStepDescription": "CompRefranes",
    "ProtocolName": "fMRI_Comprension_4",
    "RepetitionTime": 2,
    "ScanningSequence": "EP_GR",
    "SequenceVariant": "SS",
    "SeriesDescription": "fMRI_Comprension_4",
    "dataset": "unknown",
    "modality": "bold",
    "run_id": 4,
    "subject_id": "54",
    "task_id": "cr"
  },
  "dummy_trs": 0,
  "dvars_nstd": 25.285051320265474,
  "dvars_std": 1.1300195257964607,
  "dvars_vstd": 1.0592390933628324,
  "efc": 0.35602192861171383,
  "fber": 73541.03125,
  "fd_mean": 0.15261468486519608,
  "fd_num": 26,
  "fd_perc": 11.45374449339207,
  "fwhm_avg": 2.853291666666667,
  "fwhm_x": 2.797525,
  "fwhm_y": 2.896275,
  "fwhm_z": 2.866075,
  "gcor": 0.0270523,
  "gsr_x": 0.004507065284997225,
  "gsr_y": -0.0006671113660559058,
  "provenance": {
    "md5sum": "0843d9482baa8ac8d33f1e2643d261ef",
    "settings": {
      "fd_thres": 0.2,
      "hmc_fsl": false
    },
    "software": "mriqc",
    "version": "0.15.2rc1",
    "webapi_port": null,
    "webapi_url": "https://mriqc.nimh.nih.gov/api/v1"
  },
  "size_t": 227,
  "size_x": 64,
  "size_y": 64,
  "size_z": 34,
  "snr": 2.572498701512204,
  "spacing_tr": 2.0,
  "spacing_x": 4.0,
  "spacing_y": 4.0,
  "spacing_z": 4.0,
  "summary_bg_k": 90.14747056204288,
  "summary_bg_mad": 6.737022399902344,
  "summary_bg_mean": 20.205001831054688,
  "summary_bg_median": 4.969162940979004,
  "summary_bg_n": 93052.0,
  "summary_bg_p05": 0.1409691572189331,
  "summary_bg_p95": 76.48413658142087,
  "summary_bg_stdv": 61.603519439697266,
  "summary_fg_k": -0.17840819690180343,
  "summary_fg_mad": 525.84375,
  "summary_fg_mean": 1391.065673828125,
  "summary_fg_median": 1380.817138671875,
  "summary_fg_n": 18932.0,
  "summary_fg_p05": 509.2568008422852,
  "summary_fg_p95": 2320.162243652344,
  "summary_fg_stdv": 536.7468872070312,
  "tsnr": 36.94746780395508
}