{
  "aor": 0.009077960784313726,
  "aqi": 0.008136036078431372,
  "bids_meta": {
    "AcquisitionDateTime": "2016-05-16T19:23:57.000000",
    "ConversionSoftware": "dcm2niix",
    "ConversionSoftwareVersion": "v1.0.20170411 GCC4.8.4",
    "EchoTime": 0.04,
    "FlipAngle": 90,
    "ImageType": [
      "ORIGINAL",
      "PRIMARY",
      "EPI",
      "NONE"
    ],
    "MagneticFieldStrength": 3,
    "Manufacturer": "GE",
    "ManufacturersModelName": "DISCOVERY_MR750",
    "ProcedureStepDescription": "ActosHabla",
    "ProtocolName": "fMRI_ActosHabla_3",
    "RepetitionTime": 2,
    "ScanningSequence": "EP_GR",
    "SequenceVariant": "SS",
    "SeriesDescription": "fMRI_ActosHabla_3",
    "dataset": "unknown",
    "modality": "bold",
    "run_id": 3,
    "subject_id": "06",
    "task_id": "rah"
  },
  "dummy_trs": 0,
  "dvars_nstd": 27.48321187787401,
  "dvars_std": 0.8953350829921262,
  "dvars_vstd": 0.900068890354331,
  "efc": 0.3627044283096175,
  "fber": 60609.4921875,
  "fd_mean": 0.3600804894335104,
  "fd_num": 108,
  "fd_perc": 42.35294117647059,
  "fwhm_avg": 2.9323333333333337,
  "fwhm_x": 2.801025,
  "fwhm_y": 2.9691,
  "fwhm_z": 3.026875,
  "gcor": 0.0491228,
  "gsr_x": 0.0003136166778858751,
  "gsr_y": 0.0012841534335166216,
  "provenance": {
    "md5sum": "539527b892bece93705053b1ae528866",
    "settings": {
      "fd_thres": 0.2,
      "hmc_fsl": false
    },
    "software": "mriqc",
    "version": "0.15.2rc1",
    "webapi_port": null,
    "webapi_url": "https://mriqc.nimh.nih.gov/api/v1"
  },
  "size_t": 255,
  "size_x": 64,
  "size_y": 64,
  "size_z": 35,
  "snr": 2.608597994111175,
  "spacing_tr": 2.0,
  "spacing_x": 4.0,
  "spacing_y": 4.0,
  "spacing_z": 4.0,
  "summary_bg_k": 227.15929569135716,
  "summary_bg_mad": 9.87529468536377,
  "summary_bg_mean": 25.021116256713867,
  "summary_bg_median": 7.013725757598877,
  "summary_bg_n": 94954.0,
  "summary_bg_p05": 0.1098039299249649,
  "summary_bg_p95": 100.90726394653316,
  "summary_bg_stdv": 64.38713836669922,
  "summary_fg_k": 0.5979997676918214,
  "summary_fg_mad": 596.325927734375,
  "summary_fg_mean": 1810.0377197265625,
  "summary_fg_median": 1759.535400390625,
  "summary_fg_n": 20282.0,
  "summary_fg_p05": 761.1992431640626,
  "summary_fg_p95": 3052.7625000000003,
  "summary_fg_stdv": 674.4971923828125,
  "tsnr": 28.902170181274414
}