{
  "aor": 0.006543779527559054,
  "aqi": 0.005242073976377952,
  "bids_meta": {
    "AcquisitionDateTime": "2016-05-16T19:14:3.000000",
    "ConversionSoftware": "dcm2niix",
    "ConversionSoftwareVersion": "v1.0.20170411 GCC4.8.4",
    "EchoTime": 0.04,
    "FlipAngle": 90,
    "ImageType": [
      "ORIGINAL",
      "PRIMARY",
      "EPI",
      "NONE"
    ],
    "MagneticFieldStrength": 3,
    "Manufacturer": "GE",
    "ManufacturersModelName": "DISCOVERY_MR750",
    "ProcedureStepDescription": "ActosHabla",
    "ProtocolName": "fMRI_ActosHabla_2",
    "RepetitionTime": 2,
    "ScanningSequence": "EP_GR",
    "SequenceVariant": "SS",
    "SeriesDescription": "fMRI_ActosHabla_2",
    "dataset": "unknown",
    "modality": "bold",
    "run_id": 2,
    "subject_id": "06",
    "task_id": "rah"
  },
  "dummy_trs": 0,
  "dvars_nstd": 18.517762142569186,
  "dvars_std": 0.9774641766798421,
  "dvars_vstd": 0.9496251597628456,
  "efc": 0.36332109224248393,
  "fber": 62092.31640625,
  "fd_mean": 0.16914607417403732,
  "fd_num": 51,
  "fd_perc": 20.078740157480315,
  "fwhm_avg": 2.9299666666666666,
  "fwhm_x": 2.801325,
  "fwhm_y": 2.96455,
  "fwhm_z": 3.024025,
  "gcor": 0.0230598,
  "gsr_x": -6.529749953188002e-06,
  "gsr_y": 5.747399336542003e-05,
  "provenance": {
    "md5sum": "16f02c057270483f700f26802a8bc0b5",
    "settings": {
      "fd_thres": 0.2,
      "hmc_fsl": false
    },
    "software": "mriqc",
    "version": "0.15.2rc1",
    "webapi_port": null,
    "webapi_url": "https://mriqc.nimh.nih.gov/api/v1"
  },
  "size_t": 254,
  "size_x": 64,
  "size_y": 64,
  "size_z": 35,
  "snr": 2.569366826794006,
  "spacing_tr": 2.0,
  "spacing_x": 4.0,
  "spacing_y": 4.0,
  "spacing_z": 4.0,
  "summary_bg_k": 148.87446283490206,
  "summary_bg_mad": 9.81202507019043,
  "summary_bg_mean": 25.529203414916992,
  "summary_bg_median": 6.948818683624268,
  "summary_bg_n": 95015.0,
  "summary_bg_p05": 0.08267716318368912,
  "summary_bg_p95": 106.49015808105474,
  "summary_bg_stdv": 63.79047393798828,
  "summary_fg_k": 0.632154030172341,
  "summary_fg_mad": 603.996826171875,
  "summary_fg_mean": 1808.9901123046875,
  "summary_fg_median": 1758.464599609375,
  "summary_fg_n": 20427.0,
  "summary_fg_p05": 751.0728393554687,
  "summary_fg_p95": 3070.7849609375,
  "summary_fg_stdv": 684.3793334960938,
  "tsnr": 37.947471618652344
}