{
  "aor": 0.001056551724137931,
  "aqi": 0.0006666666724137932,
  "bids_meta": {
    "AcquisitionMatrixPE": 64,
    "AcquisitionNumber": 1,
    "AcquisitionTime": "18:47:0.000000",
    "CoilString": "32Ch_Head",
    "ConversionSoftware": "dcm2niix",
    "ConversionSoftwareVersion": "v1.0.20190902",
    "Dcm2bidsVersion": "2.1.4",
    "DeviceSerialNumber": "000000000000GEHC",
    "EchoTime": 0.04,
    "EffectiveEchoSpacing": 0.000372,
    "FlipAngle": 90,
    "ImageOrientationPatientDICOM": [
      1,
      0,
      0,
      0,
      1,
      0
    ],
    "ImageType": [
      "ORIGINAL",
      "PRIMARY",
      "EPI",
      "NONE"
    ],
    "ImagingFrequency": 127.772,
    "InPlanePhaseEncodingDirectionDICOM": "COL",
    "InstitutionName": "INSTITUTO_DE_NEUROBIOLOGIA",
    "MRAcquisitionType": "2D",
    "MagneticFieldStrength": 3,
    "Manufacturer": "GE",
    "ManufacturersModelName": "DISCOVERY_MR750",
    "Modality": "MR",
    "PatientPosition": "HFS",
    "PercentPhaseFOV": 100,
    "PhaseEncodingDirection": "j",
    "PhaseEncodingPolarityGE": "Flipped",
    "PixelBandwidth": 7812.5,
    "ProcedureStepDescription": "verbos",
    "ProtocolName": "fMRI_3",
    "ReconMatrixPE": 64,
    "RepetitionTime": 2,
    "SAR": 0.367275,
    "ScanOptions": "EPI_GEMS_ACC_GEMS",
    "ScanningSequence": "EP_GR",
    "SequenceVariant": "SS",
    "SeriesDescription": "fMRI_3",
    "SeriesNumber": 9,
    "SliceThickness": 4,
    "SliceTiming": [
      0,
      1.0285,
      0.0571001,
      1.0857,
      0.1142,
      1.1428,
      0.1714,
      1.2,
      0.2285,
      1.2571,
      0.2857,
      1.3143,
      0.3428,
      1.3714,
      0.4,
      1.4286,
      0.4571,
      1.4857,
      0.5142,
      1.5428,
      0.5714,
      1.6,
      0.6285,
      1.6571,
      0.6857,
      1.7143,
      0.7428,
      1.7714,
      0.8,
      1.8285,
      0.8571,
      1.8857,
      0.9143,
      1.9428,
      0.9714
    ],
    "SoftwareVersions": "24_LX_MR_Software_release:DV24.0_R02_1607.b",
    "SpacingBetweenSlices": 4,
    "StationName": "GEHCGEHC",
    "TotalReadoutTime": 0.023436,
    "dataset": "unknown",
    "modality": "bold",
    "run_id": 3,
    "subject_id": "143",
    "task_id": "verbs"
  },
  "dummy_trs": 0,
  "dvars_nstd": 13.773994848265897,
  "dvars_std": 1.0999979149132952,
  "dvars_vstd": 1.0243116265895955,
  "efc": 0.3712651682826224,
  "fber": 78177.40625,
  "fd_mean": 0.033889926018043234,
  "fd_num": 0,
  "fd_perc": 0.0,
  "fwhm_avg": 2.858125,
  "fwhm_x": 2.7581,
  "fwhm_y": 2.99945,
  "fwhm_z": 2.816825,
  "gcor": 0.0196615,
  "gsr_x": -0.0061738258227705956,
  "gsr_y": 0.010466871783137321,
  "provenance": {
    "md5sum": "b21f9332cf73b3d2fd15e34f32887260",
    "settings": {
      "fd_thres": 0.2,
      "hmc_fsl": false
    },
    "software": "mriqc",
    "version": "0.15.2rc1",
    "webapi_port": null,
    "webapi_url": "https://mriqc.nimh.nih.gov/api/v1"
  },
  "size_t": 174,
  "size_x": 64,
  "size_y": 64,
  "size_z": 35,
  "snr": 2.7279593324574067,
  "spacing_tr": 2.0,
  "spacing_x": 4.0,
  "spacing_y": 4.0,
  "spacing_z": 4.0,
  "summary_bg_k": 85.10523836053544,
  "summary_bg_mad": 8.563305854797363,
  "summary_bg_mean": 30.61790657043457,
  "summary_bg_median": 6.183907985687256,
  "summary_bg_n": 94560.0,
  "summary_bg_p05": 0.12068965286016464,
  "summary_bg_p95": 143.67556991577166,
  "summary_bg_stdv": 89.79337310791016,
  "summary_fg_k": 0.1842070166372931,
  "summary_fg_mad": 595.44384765625,
  "summary_fg_mean": 1823.5302734375,
  "summary_fg_median": 1773.12353515625,
  "summary_fg_n": 20130.0,
  "summary_fg_p05": 772.6344909667969,
  "summary_fg_p95": 2966.454016113281,
  "summary_fg_stdv": 649.9655151367188,
  "tsnr": 97.94371032714844
}