{
  "aor": 0.002989266666666667,
  "aqi": 0.003439079256666666,
  "bids_meta": {
    "AcquisitionMatrixPE": 64,
    "AcquisitionNumber": 1,
    "AcquisitionTime": "18:20:37.000000",
    "CoilString": "32Ch_Head",
    "ConversionSoftware": "dcm2niix",
    "ConversionSoftwareVersion": "v1.0.20190902",
    "Dcm2bidsVersion": "2.1.4",
    "DeviceSerialNumber": "000000000000GEHC",
    "EchoTime": 0.04,
    "EffectiveEchoSpacing": 0.000372,
    "FlipAngle": 90,
    "ImageOrientationPatientDICOM": [
      1,
      0,
      0,
      0,
      1,
      0
    ],
    "ImageType": [
      "ORIGINAL",
      "PRIMARY",
      "EPI",
      "NONE"
    ],
    "ImagingFrequency": 127.772,
    "InPlanePhaseEncodingDirectionDICOM": "COL",
    "InstitutionName": "INSTITUTO_DE_NEUROBIOLOGIA",
    "MRAcquisitionType": "2D",
    "MagneticFieldStrength": 3,
    "Manufacturer": "GE",
    "ManufacturersModelName": "DISCOVERY_MR750",
    "Modality": "MR",
    "PatientPosition": "HFS",
    "PercentPhaseFOV": 100,
    "PhaseEncodingDirection": "j",
    "PhaseEncodingPolarityGE": "Flipped",
    "PixelBandwidth": 7812.5,
    "ProcedureStepDescription": "verbos",
    "ProtocolName": "fMRI_RestState",
    "ReconMatrixPE": 64,
    "RepetitionTime": 2,
    "SAR": 0.367275,
    "ScanOptions": "EPI_GEMS_ACC_GEMS",
    "ScanningSequence": "EP_GR",
    "SequenceVariant": "SS",
    "SeriesDescription": "fMRI_RestState",
    "SeriesNumber": 6,
    "SliceThickness": 4,
    "SliceTiming": [
      0,
      1.0285,
      0.0571001,
      1.0857,
      0.1142,
      1.1428,
      0.1714,
      1.2,
      0.2285,
      1.2571,
      0.2857,
      1.3143,
      0.3428,
      1.3714,
      0.4,
      1.4286,
      0.4571,
      1.4857,
      0.5142,
      1.5428,
      0.5714,
      1.6,
      0.6285,
      1.6571,
      0.6857,
      1.7143,
      0.7428,
      1.7714,
      0.8,
      1.8285,
      0.8571,
      1.8857,
      0.9143,
      1.9428,
      0.9714
    ],
    "SoftwareVersions": "24_LX_MR_Software_release:DV24.0_R02_1607.b",
    "SpacingBetweenSlices": 4,
    "StationName": "GEHCGEHC",
    "TotalReadoutTime": 0.023436,
    "dataset": "unknown",
    "modality": "bold",
    "subject_id": "143",
    "task_id": "rest"
  },
  "dummy_trs": 0,
  "dvars_nstd": 15.749439871170564,
  "dvars_std": 1.0327777355183942,
  "dvars_vstd": 0.977892758729096,
  "efc": 0.37408661621782374,
  "fber": 77819.40625,
  "fd_mean": 0.07637345705108115,
  "fd_num": 4,
  "fd_perc": 1.3333333333333333,
  "fwhm_avg": 2.891883333333334,
  "fwhm_x": 2.7547,
  "fwhm_y": 3.041025,
  "fwhm_z": 2.879925,
  "gcor": 0.040662,
  "gsr_x": -0.007488028146326542,
  "gsr_y": 0.017012476921081543,
  "provenance": {
    "md5sum": "62bfb748bd29a240a877ae8723ce9ca2",
    "settings": {
      "fd_thres": 0.2,
      "hmc_fsl": false
    },
    "software": "mriqc",
    "version": "0.15.2rc1",
    "webapi_port": null,
    "webapi_url": "https://mriqc.nimh.nih.gov/api/v1"
  },
  "size_t": 300,
  "size_x": 64,
  "size_y": 64,
  "size_z": 35,
  "snr": 2.761975627930312,
  "spacing_tr": 2.0,
  "spacing_x": 4.0,
  "spacing_y": 4.0,
  "spacing_z": 4.0,
  "summary_bg_k": 226.40640049266733,
  "summary_bg_mad": 8.678165435791016,
  "summary_bg_mean": 33.73524475097656,
  "summary_bg_median": 6.253333568572998,
  "summary_bg_n": 94563.0,
  "summary_bg_p05": 0.12666666507720947,
  "summary_bg_p95": 148.58933105468708,
  "summary_bg_stdv": 114.74787139892578,
  "summary_fg_k": 0.1764634962533913,
  "summary_fg_mad": 586.6088256835938,
  "summary_fg_mean": 1830.9962158203125,
  "summary_fg_median": 1779.4383544921875,
  "summary_fg_n": 20228.0,
  "summary_fg_p05": 780.8840179443359,
  "summary_fg_p95": 2955.591625976561,
  "summary_fg_stdv": 644.2469482421875,
  "tsnr": 52.22431945800781
}