{
  "aor": 0.001290344827586207,
  "aqi": 0.00362976408045977,
  "bids_meta": {
    "AcquisitionMatrixPE": 64,
    "AcquisitionNumber": 1,
    "AcquisitionTime": "19:21:51.000000",
    "CoilString": "32Ch_Head",
    "ConversionSoftware": "dcm2niix",
    "ConversionSoftwareVersion": "v1.0.20190902",
    "Dcm2bidsVersion": "2.1.4",
    "DeviceSerialNumber": "000000000000GEHC",
    "EchoTime": 0.04,
    "EffectiveEchoSpacing": 0.000372,
    "FlipAngle": 90,
    "ImageOrientationPatientDICOM": [
      1,
      0,
      0,
      0,
      1,
      0
    ],
    "ImageType": [
      "ORIGINAL",
      "PRIMARY",
      "EPI",
      "NONE"
    ],
    "ImagingFrequency": 127.772,
    "InPlanePhaseEncodingDirectionDICOM": "COL",
    "InstitutionName": "INSTITUTO_DE_NEUROBIOLOGIA",
    "MRAcquisitionType": "2D",
    "MagneticFieldStrength": 3,
    "Manufacturer": "GE",
    "ManufacturersModelName": "DISCOVERY_MR750",
    "Modality": "MR",
    "PatientPosition": "HFS",
    "PercentPhaseFOV": 100,
    "PhaseEncodingDirection": "j",
    "PhaseEncodingPolarityGE": "Flipped",
    "PixelBandwidth": 7812.5,
    "ProcedureStepDescription": "verbos",
    "ProtocolName": "fMRI_8",
    "ReconMatrixPE": 64,
    "RepetitionTime": 2,
    "SAR": 0.367275,
    "ScanOptions": "EPI_GEMS_ACC_GEMS",
    "ScanningSequence": "EP_GR",
    "SequenceVariant": "SS",
    "SeriesDescription": "fMRI_8",
    "SeriesNumber": 14,
    "SliceThickness": 4,
    "SliceTiming": [
      0,
      1.0285,
      0.0571001,
      1.0857,
      0.1142,
      1.1428,
      0.1714,
      1.2,
      0.2285,
      1.2571,
      0.2857,
      1.3143,
      0.3428,
      1.3714,
      0.4,
      1.4286,
      0.4571,
      1.4857,
      0.5142,
      1.5428,
      0.5714,
      1.6,
      0.6285,
      1.6571,
      0.6857,
      1.7143,
      0.7428,
      1.7714,
      0.8,
      1.8285,
      0.8571,
      1.8857,
      0.9143,
      1.9428,
      0.9714
    ],
    "SoftwareVersions": "24_LX_MR_Software_release:DV24.0_R02_1607.b",
    "SpacingBetweenSlices": 4,
    "StationName": "GEHCGEHC",
    "TotalReadoutTime": 0.023436,
    "dataset": "unknown",
    "modality": "bold",
    "run_id": 8,
    "subject_id": "143",
    "task_id": "verbs"
  },
  "dummy_trs": 0,
  "dvars_nstd": 15.634987907976873,
  "dvars_std": 0.9774311416763006,
  "dvars_vstd": 0.92865091849711,
  "efc": 0.36728710210785936,
  "fber": 84248.828125,
  "fd_mean": 0.06491540413249922,
  "fd_num": 4,
  "fd_perc": 2.2988505747126435,
  "fwhm_avg": 2.888225,
  "fwhm_x": 2.764,
  "fwhm_y": 2.994275,
  "fwhm_z": 2.9064,
  "gcor": 0.0245382,
  "gsr_x": -0.003942504990845919,
  "gsr_y": 0.01641310751438141,
  "provenance": {
    "md5sum": "aec92aa0be3d8ea8af7d369c6db36750",
    "settings": {
      "fd_thres": 0.2,
      "hmc_fsl": false
    },
    "software": "mriqc",
    "version": "0.15.2rc1",
    "webapi_port": null,
    "webapi_url": "https://mriqc.nimh.nih.gov/api/v1"
  },
  "size_t": 174,
  "size_x": 64,
  "size_y": 64,
  "size_z": 35,
  "snr": 2.671747371841904,
  "spacing_tr": 2.0,
  "spacing_x": 4.0,
  "spacing_y": 4.0,
  "spacing_z": 4.0,
  "summary_bg_k": 137.93836043467326,
  "summary_bg_mad": 8.367329597473145,
  "summary_bg_mean": 28.642906188964844,
  "summary_bg_median": 6.0,
  "summary_bg_n": 94723.0,
  "summary_bg_p05": 0.08620689809322357,
  "summary_bg_p95": 124.0862045288086,
  "summary_bg_stdv": 86.3653564453125,
  "summary_fg_k": 0.4621569663098968,
  "summary_fg_mad": 587.91552734375,
  "summary_fg_mean": 1830.724609375,
  "summary_fg_median": 1764.965576171875,
  "summary_fg_n": 20178.0,
  "summary_fg_p05": 790.4135253906251,
  "summary_fg_p95": 3018.82432861328,
  "summary_fg_stdv": 660.5870971679688,
  "tsnr": 52.12345886230469
}