{
  "aor": 0.005982183908045978,
  "aqi": 0.0020890815057471265,
  "bids_meta": {
    "AcquisitionMatrixPE": 64,
    "AcquisitionNumber": 1,
    "AcquisitionTime": "18:14:21.000000",
    "CoilString": "32Ch_Head",
    "ConversionSoftware": "dcm2niix",
    "ConversionSoftwareVersion": "v1.0.20190902",
    "Dcm2bidsVersion": "2.1.4",
    "DeviceSerialNumber": "000000000000GEHC",
    "EchoTime": 0.04,
    "EffectiveEchoSpacing": 0.000372,
    "FlipAngle": 90,
    "ImageOrientationPatientDICOM": [
      1,
      0,
      0,
      0,
      1,
      0
    ],
    "ImageType": [
      "ORIGINAL",
      "PRIMARY",
      "EPI",
      "NONE"
    ],
    "ImagingFrequency": 127.772,
    "InPlanePhaseEncodingDirectionDICOM": "COL",
    "InstitutionName": "INSTITUTO_DE_NEUROBIOLOGIA",
    "MRAcquisitionType": "2D",
    "MagneticFieldStrength": 3,
    "Manufacturer": "GE",
    "ManufacturersModelName": "DISCOVERY_MR750",
    "Modality": "MR",
    "PatientPosition": "HFS",
    "PercentPhaseFOV": 100,
    "PhaseEncodingDirection": "j",
    "PhaseEncodingPolarityGE": "Flipped",
    "PixelBandwidth": 7812.5,
    "ProcedureStepDescription": "verbos",
    "ProtocolName": "fMRI_2",
    "ReconMatrixPE": 64,
    "RepetitionTime": 2,
    "SAR": 0.374905,
    "ScanOptions": "EPI_GEMS_ACC_GEMS",
    "ScanningSequence": "EP_GR",
    "SequenceVariant": "SS",
    "SeriesDescription": "fMRI_2",
    "SeriesNumber": 5,
    "SliceThickness": 4,
    "SliceTiming": [
      0,
      1.0285,
      0.0571001,
      1.0857,
      0.1142,
      1.1428,
      0.1714,
      1.2,
      0.2285,
      1.2571,
      0.2857,
      1.3143,
      0.3428,
      1.3714,
      0.4,
      1.4286,
      0.4571,
      1.4857,
      0.5142,
      1.5428,
      0.5714,
      1.6,
      0.6285,
      1.6571,
      0.6857,
      1.7143,
      0.7428,
      1.7714,
      0.8,
      1.8285,
      0.8571,
      1.8857,
      0.9143,
      1.9428,
      0.9714
    ],
    "SoftwareVersions": "24_LX_MR_Software_release:DV24.0_R02_1607.b",
    "SpacingBetweenSlices": 4,
    "StationName": "GEHCGEHC",
    "TotalReadoutTime": 0.023436,
    "dataset": "unknown",
    "modality": "bold",
    "run_id": 2,
    "subject_id": "134",
    "task_id": "verbs"
  },
  "dummy_trs": 0,
  "dvars_nstd": 21.98642568080925,
  "dvars_std": 1.175897202890173,
  "dvars_vstd": 1.038741216473989,
  "efc": 0.3449879803568689,
  "fber": 69475.7734375,
  "fd_mean": 0.1449126177354955,
  "fd_num": 30,
  "fd_perc": 17.24137931034483,
  "fwhm_avg": 2.871,
  "fwhm_x": 2.7997,
  "fwhm_y": 2.930625,
  "fwhm_z": 2.882675,
  "gcor": 0.0596355,
  "gsr_x": -0.005974165629595518,
  "gsr_y": 0.0033451488707214594,
  "provenance": {
    "md5sum": "69eb25327b0005b917720bc522d9f4ad",
    "settings": {
      "fd_thres": 0.2,
      "hmc_fsl": false
    },
    "software": "mriqc",
    "version": "0.15.2rc1",
    "webapi_port": null,
    "webapi_url": "https://mriqc.nimh.nih.gov/api/v1"
  },
  "size_t": 174,
  "size_x": 64,
  "size_y": 64,
  "size_z": 35,
  "snr": 2.7916042874691733,
  "spacing_tr": 2.0,
  "spacing_x": 4.0,
  "spacing_y": 4.0,
  "spacing_z": 4.0,
  "summary_bg_k": 153.38901107896223,
  "summary_bg_mad": 7.9412946701049805,
  "summary_bg_mean": 20.05009651184082,
  "summary_bg_median": 6.155172348022461,
  "summary_bg_n": 97815.0,
  "summary_bg_p05": 0.24137930572032928,
  "summary_bg_p95": 75.04482803344737,
  "summary_bg_stdv": 58.77111053466797,
  "summary_fg_k": 0.28402545855577577,
  "summary_fg_mad": 532.6973266601562,
  "summary_fg_mean": 1671.247314453125,
  "summary_fg_median": 1643.209716796875,
  "summary_fg_n": 18430.0,
  "summary_fg_p05": 697.5609344482422,
  "summary_fg_p95": 2711.0195190429686,
  "summary_fg_stdv": 588.609619140625,
  "tsnr": 58.253456115722656
}