{
  "aor": 0.0149183908045977,
  "aqi": 0.003756333701149426,
  "bids_meta": {
    "AcquisitionMatrixPE": 64,
    "AcquisitionNumber": 1,
    "AcquisitionTime": "18:56:14.000000",
    "CoilString": "32Ch_Head",
    "ConversionSoftware": "dcm2niix",
    "ConversionSoftwareVersion": "v1.0.20190902",
    "Dcm2bidsVersion": "2.1.4",
    "DeviceSerialNumber": "000000000000GEHC",
    "EchoTime": 0.04,
    "EffectiveEchoSpacing": 0.000372,
    "FlipAngle": 90,
    "ImageOrientationPatientDICOM": [
      1,
      0,
      0,
      0,
      1,
      0
    ],
    "ImageType": [
      "ORIGINAL",
      "PRIMARY",
      "EPI",
      "NONE"
    ],
    "ImagingFrequency": 127.772,
    "InPlanePhaseEncodingDirectionDICOM": "COL",
    "InstitutionName": "INSTITUTO_DE_NEUROBIOLOGIA",
    "MRAcquisitionType": "2D",
    "MagneticFieldStrength": 3,
    "Manufacturer": "GE",
    "ManufacturersModelName": "DISCOVERY_MR750",
    "Modality": "MR",
    "PatientPosition": "HFS",
    "PercentPhaseFOV": 100,
    "PhaseEncodingDirection": "j",
    "PhaseEncodingPolarityGE": "Flipped",
    "PixelBandwidth": 7812.5,
    "ProcedureStepDescription": "verbos",
    "ProtocolName": "fMRI_8",
    "ReconMatrixPE": 64,
    "RepetitionTime": 2,
    "SAR": 0.374905,
    "ScanOptions": "EPI_GEMS_ACC_GEMS",
    "ScanningSequence": "EP_GR",
    "SequenceVariant": "SS",
    "SeriesDescription": "fMRI_8",
    "SeriesNumber": 11,
    "SliceThickness": 4,
    "SliceTiming": [
      0,
      1.0285,
      0.0571001,
      1.0857,
      0.1142,
      1.1428,
      0.1714,
      1.2,
      0.2285,
      1.2571,
      0.2857,
      1.3143,
      0.3428,
      1.3714,
      0.4,
      1.4286,
      0.4571,
      1.4857,
      0.5142,
      1.5428,
      0.5714,
      1.6,
      0.6285,
      1.6571,
      0.6857,
      1.7143,
      0.7428,
      1.7714,
      0.8,
      1.8285,
      0.8571,
      1.8857,
      0.9143,
      1.9428,
      0.9714
    ],
    "SoftwareVersions": "24_LX_MR_Software_release:DV24.0_R02_1607.b",
    "SpacingBetweenSlices": 4,
    "StationName": "GEHCGEHC",
    "TotalReadoutTime": 0.023436,
    "dataset": "unknown",
    "modality": "bold",
    "run_id": 8,
    "subject_id": "134",
    "task_id": "verbs"
  },
  "dummy_trs": 0,
  "dvars_nstd": 24.27283922063584,
  "dvars_std": 1.0802748255491328,
  "dvars_vstd": 1.0387731983236994,
  "efc": 0.3449116508845973,
  "fber": 65061.83203125,
  "fd_mean": 0.2326207753417257,
  "fd_num": 27,
  "fd_perc": 15.517241379310345,
  "fwhm_avg": 2.8465333333333334,
  "fwhm_x": 2.782775,
  "fwhm_y": 2.91135,
  "fwhm_z": 2.845475,
  "gcor": 0.0644038,
  "gsr_x": -0.006145729683339596,
  "gsr_y": 0.004991699941456318,
  "provenance": {
    "md5sum": "270a3e35e6a1b5cf4b6ddb592e70762b",
    "settings": {
      "fd_thres": 0.2,
      "hmc_fsl": false
    },
    "software": "mriqc",
    "version": "0.15.2rc1",
    "webapi_port": null,
    "webapi_url": "https://mriqc.nimh.nih.gov/api/v1"
  },
  "size_t": 174,
  "size_x": 64,
  "size_y": 64,
  "size_z": 35,
  "snr": 2.755901597207623,
  "spacing_tr": 2.0,
  "spacing_x": 4.0,
  "spacing_y": 4.0,
  "spacing_z": 4.0,
  "summary_bg_k": 139.18231895725086,
  "summary_bg_mad": 8.009459495544434,
  "summary_bg_mean": 19.74261474609375,
  "summary_bg_median": 6.235631942749023,
  "summary_bg_n": 97805.0,
  "summary_bg_p05": 0.25287356972694397,
  "summary_bg_p95": 74.84022827148445,
  "summary_bg_stdv": 54.45779037475586,
  "summary_fg_k": 0.40604496083770014,
  "summary_fg_mad": 525.1353149414062,
  "summary_fg_mean": 1650.86865234375,
  "summary_fg_median": 1619.8160400390625,
  "summary_fg_n": 18354.0,
  "summary_fg_p05": 704.7206665039063,
  "summary_fg_p95": 2695.466857910156,
  "summary_fg_stdv": 587.7466430664062,
  "tsnr": 41.596534729003906
}