{
  "aor": 0.003206473988439307,
  "aqi": 0.001658234,
  "bids_meta": {
    "AcquisitionMatrixPE": 64,
    "AcquisitionNumber": 1,
    "AcquisitionTime": "18:28:14.000000",
    "CoilString": "32Ch_Head",
    "ConversionSoftware": "dcm2niix",
    "ConversionSoftwareVersion": "v1.0.20190902",
    "Dcm2bidsVersion": "2.1.4",
    "DeviceSerialNumber": "000000000000GEHC",
    "EchoTime": 0.04,
    "EffectiveEchoSpacing": 0.000372,
    "FlipAngle": 90,
    "ImageOrientationPatientDICOM": [
      1,
      0,
      0,
      0,
      1,
      0
    ],
    "ImageType": [
      "ORIGINAL",
      "PRIMARY",
      "EPI",
      "NONE"
    ],
    "ImagingFrequency": 127.772,
    "InPlanePhaseEncodingDirectionDICOM": "COL",
    "InstitutionName": "INSTITUTO_DE_NEUROBIOLOGIA",
    "MRAcquisitionType": "2D",
    "MagneticFieldStrength": 3,
    "Manufacturer": "GE",
    "ManufacturersModelName": "DISCOVERY_MR750",
    "Modality": "MR",
    "PatientPosition": "HFS",
    "PercentPhaseFOV": 100,
    "PhaseEncodingDirection": "j",
    "PhaseEncodingPolarityGE": "Flipped",
    "PixelBandwidth": 7812.5,
    "ProcedureStepDescription": "verbos",
    "ProtocolName": "fMRI_4",
    "ReconMatrixPE": 64,
    "RepetitionTime": 2,
    "SAR": 0.374905,
    "ScanOptions": "EPI_GEMS_ACC_GEMS",
    "ScanningSequence": "EP_GR",
    "SequenceVariant": "SS",
    "SeriesDescription": "fMRI_4",
    "SeriesNumber": 7,
    "SliceThickness": 4,
    "SliceTiming": [
      0,
      1.0285,
      0.0571001,
      1.0857,
      0.1142,
      1.1428,
      0.1714,
      1.2,
      0.2285,
      1.2571,
      0.2857,
      1.3143,
      0.3428,
      1.3714,
      0.4,
      1.4286,
      0.4571,
      1.4857,
      0.5142,
      1.5428,
      0.5714,
      1.6,
      0.6285,
      1.6571,
      0.6857,
      1.7143,
      0.7428,
      1.7714,
      0.8,
      1.8285,
      0.8571,
      1.8857,
      0.9143,
      1.9428,
      0.9714
    ],
    "SoftwareVersions": "24_LX_MR_Software_release:DV24.0_R02_1607.b",
    "SpacingBetweenSlices": 4,
    "StationName": "GEHCGEHC",
    "TotalReadoutTime": 0.023436,
    "dataset": "unknown",
    "modality": "bold",
    "run_id": 4,
    "subject_id": "134",
    "task_id": "verbs"
  },
  "dummy_trs": 1,
  "dvars_nstd": 19.524911530930225,
  "dvars_std": 1.141123778604651,
  "dvars_vstd": 1.0179529665697675,
  "efc": 0.34503612413286944,
  "fber": 67655.859375,
  "fd_mean": 0.12811321483400087,
  "fd_num": 23,
  "fd_perc": 13.294797687861271,
  "fwhm_avg": 2.8427166666666666,
  "fwhm_x": 2.771375,
  "fwhm_y": 2.906225,
  "fwhm_z": 2.85055,
  "gcor": 0.042425,
  "gsr_x": -0.006189705338329077,
  "gsr_y": 0.003969085868448019,
  "provenance": {
    "md5sum": "2c11288919835f06922da506af46a532",
    "settings": {
      "fd_thres": 0.2,
      "hmc_fsl": false
    },
    "software": "mriqc",
    "version": "0.15.2rc1",
    "webapi_port": null,
    "webapi_url": "https://mriqc.nimh.nih.gov/api/v1"
  },
  "size_t": 173,
  "size_x": 64,
  "size_y": 64,
  "size_z": 35,
  "snr": 2.812982367193666,
  "spacing_tr": 2.0,
  "spacing_x": 4.0,
  "spacing_y": 4.0,
  "spacing_z": 4.0,
  "summary_bg_k": 149.86359032998269,
  "summary_bg_mad": 7.9871978759765625,
  "summary_bg_mean": 19.862506866455078,
  "summary_bg_median": 6.184970855712891,
  "summary_bg_n": 97871.0,
  "summary_bg_p05": 0.23121386766433716,
  "summary_bg_p95": 75.39017105102539,
  "summary_bg_stdv": 55.98487854003906,
  "summary_fg_k": 0.30986818614825573,
  "summary_fg_mad": 530.8143920898438,
  "summary_fg_mean": 1659.9239501953125,
  "summary_fg_median": 1632.67626953125,
  "summary_fg_n": 18310.0,
  "summary_fg_p05": 707.0063201904297,
  "summary_fg_p95": 2680.2441284179686,
  "summary_fg_stdv": 580.3917236328125,
  "tsnr": 65.45445251464844
}