{
  "aor": 0.004309533333333334,
  "aqi": 0.005931881466666666,
  "bids_meta": {
    "AcquisitionMatrixPE": 64,
    "AcquisitionNumber": 1,
    "AcquisitionTime": "19:03:56.000000",
    "CoilString": "32Ch_Head",
    "ConversionSoftware": "dcm2niix",
    "ConversionSoftwareVersion": "v1.0.20190902",
    "Dcm2bidsVersion": "2.1.4",
    "DeviceSerialNumber": "000000000000GEHC",
    "EchoTime": 0.04,
    "EffectiveEchoSpacing": 0.000372,
    "FlipAngle": 90,
    "ImageOrientationPatientDICOM": [
      1,
      0,
      0,
      0,
      1,
      0
    ],
    "ImageType": [
      "ORIGINAL",
      "PRIMARY",
      "EPI",
      "NONE"
    ],
    "ImagingFrequency": 127.772,
    "InPlanePhaseEncodingDirectionDICOM": "COL",
    "InstitutionName": "INSTITUTO_DE_NEUROBIOLOGIA",
    "MRAcquisitionType": "2D",
    "MagneticFieldStrength": 3,
    "Manufacturer": "GE",
    "ManufacturersModelName": "DISCOVERY_MR750",
    "Modality": "MR",
    "PatientPosition": "HFS",
    "PercentPhaseFOV": 100,
    "PhaseEncodingDirection": "j",
    "PhaseEncodingPolarityGE": "Flipped",
    "PixelBandwidth": 7812.5,
    "ProcedureStepDescription": "verbos",
    "ProtocolName": "fMRI_RestState",
    "ReconMatrixPE": 64,
    "RepetitionTime": 2,
    "SAR": 0.374905,
    "ScanOptions": "EPI_GEMS_ACC_GEMS",
    "ScanningSequence": "EP_GR",
    "SequenceVariant": "SS",
    "SeriesDescription": "fMRI_RestState",
    "SeriesNumber": 12,
    "SliceThickness": 4,
    "SliceTiming": [
      0,
      1.0285,
      0.0571001,
      1.0857,
      0.1142,
      1.1428,
      0.1714,
      1.2,
      0.2285,
      1.2571,
      0.2857,
      1.3143,
      0.3428,
      1.3714,
      0.4,
      1.4286,
      0.4571,
      1.4857,
      0.5142,
      1.5428,
      0.5714,
      1.6,
      0.6285,
      1.6571,
      0.6857,
      1.7143,
      0.7428,
      1.7714,
      0.8,
      1.8285,
      0.8571,
      1.8857,
      0.9143,
      1.9428,
      0.9714
    ],
    "SoftwareVersions": "24_LX_MR_Software_release:DV24.0_R02_1607.b",
    "SpacingBetweenSlices": 4,
    "StationName": "GEHCGEHC",
    "TotalReadoutTime": 0.023436,
    "dataset": "unknown",
    "modality": "bold",
    "subject_id": "134",
    "task_id": "rest"
  },
  "dummy_trs": 0,
  "dvars_nstd": 18.161628633913047,
  "dvars_std": 1.0061920016053514,
  "dvars_vstd": 0.9500532903010029,
  "efc": 0.3462056404511679,
  "fber": 67066.0546875,
  "fd_mean": 0.14268256071669047,
  "fd_num": 50,
  "fd_perc": 16.666666666666668,
  "fwhm_avg": 2.877025,
  "fwhm_x": 2.7848,
  "fwhm_y": 3.0115,
  "fwhm_z": 2.834775,
  "gcor": 0.0208515,
  "gsr_x": -0.006571449805051088,
  "gsr_y": 0.004474007058888674,
  "provenance": {
    "md5sum": "74636cab10b42f4d84ce1d9eda6f0397",
    "settings": {
      "fd_thres": 0.2,
      "hmc_fsl": false
    },
    "software": "mriqc",
    "version": "0.15.2rc1",
    "webapi_port": null,
    "webapi_url": "https://mriqc.nimh.nih.gov/api/v1"
  },
  "size_t": 300,
  "size_x": 64,
  "size_y": 64,
  "size_z": 35,
  "snr": 2.77490977150195,
  "spacing_tr": 2.0,
  "spacing_x": 4.0,
  "spacing_y": 4.0,
  "spacing_z": 4.0,
  "summary_bg_k": 118.99008461649893,
  "summary_bg_mad": 7.991225719451904,
  "summary_bg_mean": 20.221773147583008,
  "summary_bg_median": 6.190000057220459,
  "summary_bg_n": 97733.0,
  "summary_bg_p05": 0.2600000202655792,
  "summary_bg_p95": 77.6593368530273,
  "summary_bg_stdv": 52.330223083496094,
  "summary_fg_k": 0.17915199527676418,
  "summary_fg_mad": 537.223388671875,
  "summary_fg_mean": 1632.6202392578125,
  "summary_fg_median": 1615.8333740234375,
  "summary_fg_n": 18322.0,
  "summary_fg_p05": 656.7551818847656,
  "summary_fg_p95": 2644.965161132813,
  "summary_fg_stdv": 582.2853393554688,
  "tsnr": 36.81398010253906
}