{
  "bids_meta": {
    "AcquisitionDateTime": "2016-05-16T20:32:57.000000",
    "ConversionSoftware": "dcm2niix",
    "ConversionSoftwareVersion": "v1.0.20170411 GCC4.8.4",
    "EchoTime": 0.00318,
    "FlipAngle": 12,
    "ImageType": [
      "DERIVED",
      "PRIMARY",
      "OTHER"
    ],
    "InversionTime": 0.45,
    "MagneticFieldStrength": 3,
    "Manufacturer": "GE",
    "ManufacturersModelName": "DISCOVERY_MR750",
    "ProcedureStepDescription": "ActosHabla",
    "ProtocolName": "PU:Sag_T1_FSPGR_BRAVO",
    "RepetitionTime": 0.008156,
    "ScanningSequence": "GR",
    "SequenceVariant": "SS_SP_SK",
    "SeriesDescription": "PU:Sag_T1_FSPGR_BRAVO",
    "dataset": "unknown",
    "modality": "T1w",
    "subject_id": "07"
  },
  "cjv": 0.4478674887838148,
  "cnr": 2.9854426619229546,
  "efc": 0.7114681557882716,
  "fber": 16250.734375,
  "fwhm_avg": 3.8572900000000003,
  "fwhm_x": 3.88473,
  "fwhm_y": 3.95396,
  "fwhm_z": 3.73318,
  "icvs_csf": 0.21992696587890648,
  "icvs_gm": 0.42936345322709046,
  "icvs_wm": 0.35070958089400306,
  "inu_med": 0.8294364809989929,
  "inu_range": 0.30049217939376827,
  "provenance": {
    "md5sum": "2ae9f973242a1a327d581edcc20d7062",
    "settings": {
      "testing": false
    },
    "software": "mriqc",
    "version": "0.15.2rc1",
    "warnings": {
      "large_rot_frame": true,
      "small_air_mask": false
    },
    "webapi_port": null,
    "webapi_url": "https://mriqc.nimh.nih.gov/api/v1"
  },
  "qi_1": 0.0,
  "qi_2": 0.0028763434172704673,
  "rpve_csf": 26.504556343814738,
  "rpve_gm": 14.206201279450772,
  "rpve_wm": 20.548374722607615,
  "size_x": 176,
  "size_y": 256,
  "size_z": 256,
  "snr_csf": 2.95005260479852,
  "snr_gm": 11.788009696789414,
  "snr_total": 11.083478072084413,
  "snr_wm": 18.5123719146653,
  "snrd_csf": 51.95413410723785,
  "snrd_gm": 101.45309397163656,
  "snrd_total": 96.36798601279669,
  "snrd_wm": 135.69672995951566,
  "spacing_x": 1.0,
  "spacing_y": 1.0,
  "spacing_z": 1.0,
  "summary_bg_k": 10.974160069599115,
  "summary_bg_mad": 4.828037738800049,
  "summary_bg_mean": 9.773221969604492,
  "summary_bg_median": 3.3728678226470947,
  "summary_bg_n": 357231.0,
  "summary_bg_p05": 0.0,
  "summary_bg_p95": 38.905412673950195,
  "summary_bg_stdv": 14.30604076385498,
  "summary_csf_k": -0.7646730550650869,
  "summary_csf_mad": 140.97927856445312,
  "summary_csf_mean": 411.7186584472656,
  "summary_csf_median": 382.8768005371094,
  "summary_csf_n": 20488.0,
  "summary_csf_p05": 242.16061782836914,
  "summary_csf_p95": 636.033740234375,
  "summary_csf_stdv": 129.78326416015625,
  "summary_gm_k": 0.2851584839177357,
  "summary_gm_mad": 60.909305572509766,
  "summary_gm_mean": 750.5756225585938,
  "summary_gm_median": 747.66015625,
  "summary_gm_n": 20959.0,
  "summary_gm_p05": 650.8949279785156,
  "summary_gm_p95": 859.1851989746094,
  "summary_gm_stdv": 63.42396545410156,
  "summary_wm_k": 0.4647615695763476,
  "summary_wm_mad": 52.11408996582031,
  "summary_wm_mean": 1001.5211791992188,
  "summary_wm_median": 1000.0191650390625,
  "summary_wm_n": 183986.0,
  "summary_wm_p05": 915.5202789306641,
  "summary_wm_p95": 1091.5353393554688,
  "summary_wm_stdv": 54.01881790161133,
  "tpm_overlap_csf": 0.21780776977539062,
  "tpm_overlap_gm": 0.5050267577171326,
  "tpm_overlap_wm": 0.5595731735229492,
  "wm2max": 0.33984363917931626
}