{
  "bids_meta": {
    "AcquisitionDateTime": "2016-09-05T19:34:30.000000",
    "ConversionSoftware": "dcm2niix",
    "ConversionSoftwareVersion": "v1.0.20170411 GCC4.8.4",
    "EchoTime": 0.003336,
    "FlipAngle": 12,
    "ImageType": [
      "DERIVED",
      "PRIMARY",
      "OTHER"
    ],
    "InversionTime": 0.45,
    "MagneticFieldStrength": 3,
    "Manufacturer": "GE",
    "ManufacturersModelName": "DISCOVERY_MR750",
    "ProcedureStepDescription": "MeditResp",
    "ProtocolName": "PU:Sag_T1_FSPGR_BRAVO",
    "RepetitionTime": 0.008512,
    "ScanningSequence": "GR",
    "SequenceVariant": "SS_SP_SK",
    "SeriesDescription": "PU:Sag_T1_FSPGR_BRAVO",
    "dataset": "unknown",
    "modality": "T1w",
    "subject_id": "95"
  },
  "cjv": 0.3683166166396622,
  "cnr": 3.541236617511132,
  "efc": 0.7346806492508391,
  "fber": 11646.3359375,
  "fwhm_avg": 3.73188,
  "fwhm_x": 3.86195,
  "fwhm_y": 3.83898,
  "fwhm_z": 3.49471,
  "icvs_csf": 0.19356995175176392,
  "icvs_gm": 0.43496830791989394,
  "icvs_wm": 0.3714617403283421,
  "inu_med": 0.9119833111763,
  "inu_range": 0.1903228759765625,
  "provenance": {
    "md5sum": "d7d5a49e8d1bc9db484bad5227f79083",
    "settings": {
      "testing": false
    },
    "software": "mriqc",
    "version": "0.15.2rc1",
    "warnings": {
      "large_rot_frame": true,
      "small_air_mask": false
    },
    "webapi_port": null,
    "webapi_url": "https://mriqc.nimh.nih.gov/api/v1"
  },
  "qi_1": 0.0,
  "qi_2": 0.002542001617942477,
  "rpve_csf": 28.671013393226016,
  "rpve_gm": 14.050115157604228,
  "rpve_wm": 19.758508389062253,
  "size_x": 176,
  "size_y": 256,
  "size_z": 256,
  "snr_csf": 3.1107238985124472,
  "snr_gm": 11.101251412437987,
  "snr_total": 12.377347695006469,
  "snr_wm": 22.920067774068972,
  "snrd_csf": 45.280067658730694,
  "snrd_gm": 99.2709525089133,
  "snrd_total": 94.20730148978663,
  "snrd_wm": 138.0708843017159,
  "spacing_x": 1.0,
  "spacing_y": 1.0,
  "spacing_z": 1.0,
  "summary_bg_k": 8.313411090282965,
  "summary_bg_mad": 4.74496603012085,
  "summary_bg_mean": 9.584693908691406,
  "summary_bg_median": 3.2004308700561523,
  "summary_bg_n": 381386.0,
  "summary_bg_p05": 0.0,
  "summary_bg_p95": 39.119632720947266,
  "summary_bg_stdv": 14.111546516418457,
  "summary_csf_k": 0.06288168306827524,
  "summary_csf_mad": 85.40106201171875,
  "summary_csf_mean": 360.18218994140625,
  "summary_csf_median": 327.95062255859375,
  "summary_csf_n": 21241.0,
  "summary_csf_p05": 234.93435668945312,
  "summary_csf_p95": 568.3531494140625,
  "summary_csf_stdv": 105.42333984375,
  "summary_gm_k": 0.37074028369448175,
  "summary_gm_mad": 61.50727081298828,
  "summary_gm_mean": 721.3383178710938,
  "summary_gm_median": 718.9912109375,
  "summary_gm_n": 29800.0,
  "summary_gm_p05": 619.3534393310547,
  "summary_gm_p95": 833.1601409912109,
  "summary_gm_stdv": 64.76559448242188,
  "summary_wm_k": 0.3766740452029116,
  "summary_wm_mad": 41.99590301513672,
  "summary_wm_mean": 1000.6219482421875,
  "summary_wm_median": 1000.008056640625,
  "summary_wm_n": 199806.0,
  "summary_wm_p05": 929.8699188232422,
  "summary_wm_p95": 1072.6569213867188,
  "summary_wm_stdv": 43.630130767822266,
  "tpm_overlap_csf": 0.24648429453372955,
  "tpm_overlap_gm": 0.5283433794975281,
  "tpm_overlap_wm": 0.584266722202301,
  "wm2max": 0.43971924063579465
}