{
  "bids_meta": {
    "AcquisitionMatrixPE": 256,
    "AcquisitionNumber": 1,
    "AcquisitionTime": "20:59:27.000000",
    "BodyPartExamined": "HEAD",
    "CoilString": "32Ch_Head",
    "ConversionSoftware": "dcm2niix",
    "ConversionSoftwareVersion": "v1.0.20181125  (JP2:OpenJPEG) GCC7.3.0",
    "DeviceSerialNumber": "0002806034DVR750",
    "EchoTime": 0.003192,
    "FlipAngle": 12,
    "ImageOrientationPatientDICOM": [
      0,
      1,
      0,
      0,
      0,
      -1
    ],
    "ImageType": [
      "ORIGINAL",
      "PRIMARY",
      "OTHER"
    ],
    "ImagingFrequency": 127.772,
    "InPlanePhaseEncodingDirectionDICOM": "ROW",
    "InstitutionName": "INSTITUTO_DE_NEUROBIOLOGIA",
    "InversionTime": 0.45,
    "MRAcquisitionType": "3D",
    "MagneticFieldStrength": 3,
    "Manufacturer": "GE",
    "ManufacturersModelName": "DISCOVERY_MR750",
    "Modality": "MR",
    "PatientPosition": "HFS",
    "PercentPhaseFOV": 100,
    "PixelBandwidth": 244.141,
    "ProcedureStepDescription": "Emociones_AH",
    "ProtocolName": "Sag_T1_FSPGR_BRAVO",
    "ReconMatrixPE": 256,
    "RepetitionTime": 0.008184,
    "SAR": 0.110782,
    "ScanOptions": "FAST_GEMS_EDR_GEMS_FILTERED_GEMS_ACC_GEMS_IR_GEMS",
    "ScanningSequence": "GR",
    "SequenceVariant": "SS_SP_SK",
    "SeriesDescription": "Sag_T1_FSPGR_BRAVO",
    "SeriesNumber": 11,
    "SliceThickness": 1,
    "SoftwareVersions": "27_LX_MR_Software_release:DV26.0_R03_1831.b",
    "SpacingBetweenSlices": 1,
    "StationName": "GEHCGEHC",
    "dataset": "unknown",
    "modality": "T1w",
    "subject_id": "45"
  },
  "cjv": 0.38607500353878726,
  "cnr": 3.3726245841637503,
  "efc": 0.5988269965851576,
  "fber": 18272.140625,
  "fwhm_avg": 3.94666,
  "fwhm_x": 4.05457,
  "fwhm_y": 4.17589,
  "fwhm_z": 3.60952,
  "icvs_csf": 0.21923539408144113,
  "icvs_gm": 0.4238850522562288,
  "icvs_wm": 0.3568795536623301,
  "inu_med": 1.0457684993743896,
  "inu_range": 0.3129554450511931,
  "provenance": {
    "md5sum": "5016a8e10fc98377eae2a4d9a8575ee2",
    "settings": {
      "testing": false
    },
    "software": "mriqc",
    "version": "0.15.2rc1",
    "warnings": {
      "large_rot_frame": true,
      "small_air_mask": false
    },
    "webapi_port": null,
    "webapi_url": "https://mriqc.nimh.nih.gov/api/v1"
  },
  "qi_1": 0.0,
  "qi_2": 0.0031681697164019557,
  "rpve_csf": 28.796511817932686,
  "rpve_gm": 15.52459572774458,
  "rpve_wm": 22.15176224513642,
  "size_x": 176,
  "size_y": 256,
  "size_z": 256,
  "snr_csf": 3.4014649079423678,
  "snr_gm": 11.821968445546508,
  "snr_total": 11.96896408044793,
  "snr_wm": 20.68345888785491,
  "snrd_csf": 56.162739891729835,
  "snrd_gm": 106.21726693365918,
  "snrd_total": 102.42254624457748,
  "snrd_wm": 144.88763190834342,
  "spacing_x": 1.0,
  "spacing_y": 1.0,
  "spacing_z": 1.0,
  "summary_bg_k": 10.504785052865003,
  "summary_bg_mad": 4.521782875061035,
  "summary_bg_mean": 7.056360721588135,
  "summary_bg_median": 3.788588762283325,
  "summary_bg_n": 1556035.0,
  "summary_bg_p05": 0.0,
  "summary_bg_p95": 24.668760108947765,
  "summary_bg_stdv": 8.93690299987793,
  "summary_csf_k": -0.517569580636223,
  "summary_csf_mad": 129.91058349609375,
  "summary_csf_mean": 402.6419982910156,
  "summary_csf_median": 387.637939453125,
  "summary_csf_n": 23209.0,
  "summary_csf_p05": 247.65335998535156,
  "summary_csf_p95": 593.4993530273437,
  "summary_csf_stdv": 113.95960235595703,
  "summary_gm_k": 0.48170587487039773,
  "summary_gm_mad": 59.09111785888672,
  "summary_gm_mean": 734.9796752929688,
  "summary_gm_median": 733.11669921875,
  "summary_gm_n": 22246.0,
  "summary_gm_p05": 637.0876007080078,
  "summary_gm_p95": 840.5830841064453,
  "summary_gm_stdv": 62.011688232421875,
  "summary_wm_k": 0.5552855507935104,
  "summary_wm_mad": 43.954124450683594,
  "summary_wm_mean": 1002.4782104492188,
  "summary_wm_median": 1000.0214233398438,
  "summary_wm_n": 168629.0,
  "summary_wm_p05": 926.4161499023437,
  "summary_wm_p95": 1087.50322265625,
  "summary_wm_stdv": 48.34870529174805,
  "tpm_overlap_csf": 0.2181188464164734,
  "tpm_overlap_gm": 0.5102707147598267,
  "tpm_overlap_wm": 0.5581891536712646,
  "wm2max": 0.45800074524327045
}