{
  "bids_meta": {
    "AcquisitionDateTime": "2017-01-10T20:49:52.000000",
    "ConversionSoftware": "dcm2niix",
    "ConversionSoftwareVersion": "v1.0.20170411 GCC4.8.4",
    "EchoTime": 0.00318,
    "FlipAngle": 12,
    "ImageType": [
      "DERIVED",
      "PRIMARY",
      "OTHER"
    ],
    "InversionTime": 0.45,
    "MagneticFieldStrength": 3,
    "Manufacturer": "GE",
    "ManufacturersModelName": "DISCOVERY_MR750",
    "ProcedureStepDescription": "CompRefranes",
    "ProtocolName": "PU:Sag_T1_FSPGR_BRAVO",
    "RepetitionTime": 0.008156,
    "ScanningSequence": "GR",
    "SequenceVariant": "SS_SP_SK",
    "SeriesDescription": "PU:Sag_T1_FSPGR_BRAVO",
    "dataset": "unknown",
    "modality": "T1w",
    "subject_id": "50"
  },
  "cjv": 0.41935893700832483,
  "cnr": 3.043393161315679,
  "efc": 0.7462881094560033,
  "fber": 6159.41943359375,
  "fwhm_avg": 3.47359,
  "fwhm_x": 3.48244,
  "fwhm_y": 3.68858,
  "fwhm_z": 3.24975,
  "icvs_csf": 0.20442795585273435,
  "icvs_gm": 0.43127434595716024,
  "icvs_wm": 0.3642976981901054,
  "inu_med": 1.2461916208267212,
  "inu_range": 0.3999834537506104,
  "provenance": {
    "md5sum": "44635be2ba9e1e65a0cd0111acb1918e",
    "settings": {
      "testing": false
    },
    "software": "mriqc",
    "version": "0.15.2rc1",
    "warnings": {
      "large_rot_frame": true,
      "small_air_mask": false
    },
    "webapi_port": null,
    "webapi_url": "https://mriqc.nimh.nih.gov/api/v1"
  },
  "qi_1": 0.0,
  "qi_2": 0.0019441972258439275,
  "rpve_csf": 24.15083419029379,
  "rpve_gm": 12.30430878740485,
  "rpve_wm": 17.626111974398817,
  "size_x": 176,
  "size_y": 256,
  "size_z": 256,
  "snr_csf": 2.7180224278714045,
  "snr_gm": 9.650051481915037,
  "snr_total": 10.30087553657188,
  "snr_wm": 18.534552699929197,
  "snrd_csf": 59.70501227882989,
  "snrd_gm": 124.09645186145767,
  "snrd_total": 118.91988608134925,
  "snrd_wm": 172.95819410376018,
  "spacing_x": 1.0,
  "spacing_y": 1.0,
  "spacing_z": 1.0,
  "summary_bg_k": 8.65563513873574,
  "summary_bg_mad": 3.787921905517578,
  "summary_bg_mean": 8.35708236694336,
  "summary_bg_median": 2.5549144744873047,
  "summary_bg_n": 449538.0,
  "summary_bg_p05": 0.0,
  "summary_bg_p95": 37.34464225769043,
  "summary_bg_stdv": 13.337214469909668,
  "summary_csf_k": 1.2319491977341297,
  "summary_csf_mad": 136.13580322265625,
  "summary_csf_mean": 363.8236389160156,
  "summary_csf_median": 345.2073974609375,
  "summary_csf_n": 13286.0,
  "summary_csf_p05": 182.03992080688477,
  "summary_csf_p95": 577.0982055664062,
  "summary_csf_stdv": 127.00204467773438,
  "summary_gm_k": 0.7566423711621377,
  "summary_gm_mad": 67.32054138183594,
  "summary_gm_mean": 721.1341552734375,
  "summary_gm_median": 717.5111694335938,
  "summary_gm_n": 21138.0,
  "summary_gm_p05": 603.4645660400391,
  "summary_gm_p95": 849.9033599853515,
  "summary_gm_stdv": 74.35133361816406,
  "summary_wm_k": 0.8549425926450547,
  "summary_wm_mad": 51.15375900268555,
  "summary_wm_mean": 1001.6463012695312,
  "summary_wm_median": 1000.0240478515625,
  "summary_wm_n": 207964.0,
  "summary_wm_p05": 915.85849609375,
  "summary_wm_p95": 1090.9206970214843,
  "summary_wm_stdv": 53.95445251464844,
  "tpm_overlap_csf": 0.2057272046804428,
  "tpm_overlap_gm": 0.4922868609428406,
  "tpm_overlap_wm": 0.5369961261749268,
  "wm2max": 0.461705879566374
}