{
  "bids_meta": {
    "AcquisitionDateTime": "2016-09-06T18:51:29.000000",
    "ConversionSoftware": "dcm2niix",
    "ConversionSoftwareVersion": "v1.0.20170411 GCC4.8.4",
    "EchoTime": 0.003336,
    "FlipAngle": 12,
    "ImageType": [
      "DERIVED",
      "PRIMARY",
      "OTHER"
    ],
    "InversionTime": 0.45,
    "MagneticFieldStrength": 3,
    "Manufacturer": "GE",
    "ManufacturersModelName": "DISCOVERY_MR750",
    "ProcedureStepDescription": "MeditResp",
    "ProtocolName": "PU:Sag_T1_FSPGR_BRAVO",
    "RepetitionTime": 0.008512,
    "ScanningSequence": "GR",
    "SequenceVariant": "SS_SP_SK",
    "SeriesDescription": "PU:Sag_T1_FSPGR_BRAVO",
    "dataset": "unknown",
    "modality": "T1w",
    "subject_id": "114"
  },
  "cjv": 0.44822043493244434,
  "cnr": 2.8400358803022696,
  "efc": 0.7478948374075931,
  "fber": 2610.362060546875,
  "fwhm_avg": 3.463846666666667,
  "fwhm_x": 3.4588,
  "fwhm_y": 3.64597,
  "fwhm_z": 3.28677,
  "icvs_csf": 0.20822553793358067,
  "icvs_gm": 0.4202027921294427,
  "icvs_wm": 0.3715716699369766,
  "inu_med": 1.029624581336975,
  "inu_range": 0.25461877584457404,
  "provenance": {
    "md5sum": "9bf4f92faa8ad3524b47091dcc2cfb10",
    "settings": {
      "testing": false
    },
    "software": "mriqc",
    "version": "0.15.2rc1",
    "warnings": {
      "large_rot_frame": true,
      "small_air_mask": false
    },
    "webapi_port": null,
    "webapi_url": "https://mriqc.nimh.nih.gov/api/v1"
  },
  "qi_1": 0.0,
  "qi_2": 0.002802736818585369,
  "rpve_csf": 23.152859353354344,
  "rpve_gm": 12.180345177229247,
  "rpve_wm": 16.92212917352466,
  "size_x": 176,
  "size_y": 256,
  "size_z": 256,
  "snr_csf": 2.7770938221418606,
  "snr_gm": 9.160122792698902,
  "snr_total": 10.159397321370363,
  "snr_wm": 18.54097534927033,
  "snrd_csf": 37.35694999255118,
  "snrd_gm": 87.39671910970024,
  "snrd_total": 81.79887093857293,
  "snrd_wm": 120.64294371346736,
  "spacing_x": 1.0,
  "spacing_y": 1.0,
  "spacing_z": 1.0,
  "summary_bg_k": 6.642120241732259,
  "summary_bg_mad": 5.430452823638916,
  "summary_bg_mean": 11.343639373779297,
  "summary_bg_median": 3.6627845764160156,
  "summary_bg_n": 493698.0,
  "summary_bg_p05": 0.0,
  "summary_bg_p95": 44.329784965515124,
  "summary_bg_stdv": 15.883615493774414,
  "summary_csf_k": 0.5980765192790365,
  "summary_csf_mad": 93.72175598144531,
  "summary_csf_mean": 335.0684814453125,
  "summary_csf_median": 309.6533203125,
  "summary_csf_n": 14664.0,
  "summary_csf_p05": 189.33525009155275,
  "summary_csf_p95": 552.4192565917967,
  "summary_csf_stdv": 111.49884796142578,
  "summary_gm_k": 0.48167733244611766,
  "summary_gm_mad": 72.43955993652344,
  "summary_gm_mean": 729.770751953125,
  "summary_gm_median": 724.43505859375,
  "summary_gm_n": 20513.0,
  "summary_gm_p05": 608.5366455078125,
  "summary_gm_p95": 872.1158203125,
  "summary_gm_stdv": 79.08380889892578,
  "summary_wm_k": 0.6225394803000275,
  "summary_wm_mad": 51.08073425292969,
  "summary_wm_mean": 1002.0376586914062,
  "summary_wm_median": 1000.014404296875,
  "summary_wm_n": 226729.0,
  "summary_wm_p05": 917.0669921875001,
  "summary_wm_p95": 1093.6084472656248,
  "summary_wm_stdv": 53.93525314331055,
  "tpm_overlap_csf": 0.22880198061466217,
  "tpm_overlap_gm": 0.5052387714385986,
  "tpm_overlap_wm": 0.575554370880127,
  "wm2max": 0.4138040828030562
}