{
  "aor": 0.0017845977011494254,
  "aqi": 0.0011090785804597702,
  "bids_meta": {
    "AcquisitionMatrixPE": 64,
    "AcquisitionNumber": 1,
    "AcquisitionTime": "19:28:38.000000",
    "CoilString": "32Ch_Head",
    "ConversionSoftware": "dcm2niix",
    "ConversionSoftwareVersion": "v1.0.20190902",
    "Dcm2bidsVersion": "2.1.4",
    "DeviceSerialNumber": "000000000000GEHC",
    "EchoTime": 0.04,
    "EffectiveEchoSpacing": 0.000372,
    "FlipAngle": 90,
    "ImageOrientationPatientDICOM": [
      1,
      0,
      0,
      0,
      1,
      0
    ],
    "ImageType": [
      "ORIGINAL",
      "PRIMARY",
      "EPI",
      "NONE"
    ],
    "ImagingFrequency": 127.772,
    "InPlanePhaseEncodingDirectionDICOM": "ROW",
    "InstitutionName": "INSTITUTO_DE_NEUROBIOLOGIA",
    "MRAcquisitionType": "2D",
    "MagneticFieldStrength": 3,
    "Manufacturer": "GE",
    "ManufacturersModelName": "DISCOVERY_MR750",
    "Modality": "MR",
    "PatientPosition": "HFS",
    "PercentPhaseFOV": 100,
    "PhaseEncodingDirection": "i-",
    "PhaseEncodingPolarityGE": "Flipped",
    "PixelBandwidth": 7812.5,
    "ProcedureStepDescription": "verbos",
    "ProtocolName": "fMRI_8",
    "ReconMatrixPE": 64,
    "RepetitionTime": 2,
    "SAR": 0.355837,
    "ScanOptions": "EPI_GEMS_ACC_GEMS",
    "ScanningSequence": "EP_GR",
    "SequenceVariant": "SS",
    "SeriesDescription": "fMRI_8",
    "SeriesNumber": 11,
    "SliceThickness": 4,
    "SliceTiming": [
      0,
      1.0285,
      0.0571001,
      1.0857,
      0.1142,
      1.1428,
      0.1714,
      1.2,
      0.2285,
      1.2571,
      0.2857,
      1.3143,
      0.3428,
      1.3714,
      0.4,
      1.4286,
      0.4571,
      1.4857,
      0.5142,
      1.5428,
      0.5714,
      1.6,
      0.6285,
      1.6571,
      0.6857,
      1.7143,
      0.7428,
      1.7714,
      0.8,
      1.8285,
      0.8571,
      1.8857,
      0.9143,
      1.9428,
      0.9714
    ],
    "SoftwareVersions": "24_LX_MR_Software_release:DV24.0_R02_1607.b",
    "SpacingBetweenSlices": 4,
    "StationName": "GEHCGEHC",
    "TotalReadoutTime": 0.023436,
    "dataset": "unknown",
    "modality": "bold",
    "run_id": 8,
    "subject_id": "124",
    "task_id": "verbs"
  },
  "dummy_trs": 0,
  "dvars_nstd": 19.311315822890165,
  "dvars_std": 1.2499310878612715,
  "dvars_vstd": 1.018495532543353,
  "efc": 0.3305416705562606,
  "fber": 43925.94140625,
  "fd_mean": 0.05711387047109209,
  "fd_num": 0,
  "fd_perc": 0.0,
  "fwhm_avg": 2.833841666666667,
  "fwhm_x": 2.85055,
  "fwhm_y": 3.047675,
  "fwhm_z": 2.6033,
  "gcor": 0.0312566,
  "gsr_x": -0.005006297025829554,
  "gsr_y": -0.0030719456262886524,
  "provenance": {
    "md5sum": "b5ff27fcee7195dd557da16b3d6bf63b",
    "settings": {
      "fd_thres": 0.2,
      "hmc_fsl": false
    },
    "software": "mriqc",
    "version": "0.15.2rc1",
    "webapi_port": null,
    "webapi_url": "https://mriqc.nimh.nih.gov/api/v1"
  },
  "size_t": 174,
  "size_x": 64,
  "size_y": 64,
  "size_z": 35,
  "snr": 2.7221923547551268,
  "spacing_tr": 2.0,
  "spacing_x": 4.0,
  "spacing_y": 4.0,
  "spacing_z": 4.0,
  "summary_bg_k": 118.34262065694219,
  "summary_bg_mad": 10.148157119750977,
  "summary_bg_mean": 25.727340698242188,
  "summary_bg_median": 7.568965435028076,
  "summary_bg_n": 100797.0,
  "summary_bg_p05": 0.12068965286016464,
  "summary_bg_p95": 109.50804748535137,
  "summary_bg_stdv": 65.17987823486328,
  "summary_fg_k": -0.015620322947449417,
  "summary_fg_mad": 564.3432006835938,
  "summary_fg_mean": 1620.5413818359375,
  "summary_fg_median": 1597.32177734375,
  "summary_fg_n": 15923.0,
  "summary_fg_p05": 656.4551940917969,
  "summary_fg_p95": 2628.278637695312,
  "summary_fg_stdv": 586.75927734375,
  "tsnr": 76.8377456665039
}