{
  "aor": 0.0016892528735632185,
  "aqi": 0.0016439797643678158,
  "bids_meta": {
    "AcquisitionMatrixPE": 64,
    "AcquisitionNumber": 1,
    "AcquisitionTime": "19:12:43.000000",
    "CoilString": "32Ch_Head",
    "ConversionSoftware": "dcm2niix",
    "ConversionSoftwareVersion": "v1.0.20190902",
    "Dcm2bidsVersion": "2.1.4",
    "DeviceSerialNumber": "000000000000GEHC",
    "EchoTime": 0.04,
    "EffectiveEchoSpacing": 0.000372,
    "FlipAngle": 90,
    "ImageOrientationPatientDICOM": [
      1,
      0,
      0,
      0,
      1,
      0
    ],
    "ImageType": [
      "ORIGINAL",
      "PRIMARY",
      "EPI",
      "NONE"
    ],
    "ImagingFrequency": 127.772,
    "InPlanePhaseEncodingDirectionDICOM": "COL",
    "InstitutionName": "INSTITUTO_DE_NEUROBIOLOGIA",
    "MRAcquisitionType": "2D",
    "MagneticFieldStrength": 3,
    "Manufacturer": "GE",
    "ManufacturersModelName": "DISCOVERY_MR750",
    "Modality": "MR",
    "PatientPosition": "HFS",
    "PercentPhaseFOV": 100,
    "PhaseEncodingDirection": "j",
    "PhaseEncodingPolarityGE": "Flipped",
    "PixelBandwidth": 7812.5,
    "ProcedureStepDescription": "verbos",
    "ProtocolName": "fMRI_8",
    "ReconMatrixPE": 64,
    "RepetitionTime": 2,
    "SAR": 0.367275,
    "ScanOptions": "EPI_GEMS_ACC_GEMS",
    "ScanningSequence": "EP_GR",
    "SequenceVariant": "SS",
    "SeriesDescription": "fMRI_8",
    "SeriesNumber": 12,
    "SliceThickness": 4,
    "SliceTiming": [
      0,
      1.0285,
      0.0571001,
      1.0857,
      0.1142,
      1.1428,
      0.1714,
      1.2,
      0.2285,
      1.2571,
      0.2857,
      1.3143,
      0.3428,
      1.3714,
      0.4,
      1.4286,
      0.4571,
      1.4857,
      0.5142,
      1.5428,
      0.5714,
      1.6,
      0.6285,
      1.6571,
      0.6857,
      1.7143,
      0.7428,
      1.7714,
      0.8,
      1.8285,
      0.8571,
      1.8857,
      0.9143,
      1.9428,
      0.9714
    ],
    "SoftwareVersions": "24_LX_MR_Software_release:DV24.0_R02_1607.b",
    "SpacingBetweenSlices": 4,
    "StationName": "GEHCGEHC",
    "TotalReadoutTime": 0.023436,
    "dataset": "unknown",
    "modality": "bold",
    "run_id": 8,
    "subject_id": "145",
    "task_id": "verbs"
  },
  "dummy_trs": 0,
  "dvars_nstd": 12.569853986531793,
  "dvars_std": 1.1090229504624278,
  "dvars_vstd": 1.024886376473988,
  "efc": 0.36802671867339953,
  "fber": 76391.0546875,
  "fd_mean": 0.05766612082482867,
  "fd_num": 0,
  "fd_perc": 0.0,
  "fwhm_avg": 2.8549666666666664,
  "fwhm_x": 2.720325,
  "fwhm_y": 3.0266,
  "fwhm_z": 2.817975,
  "gcor": 0.0399368,
  "gsr_x": -0.007409119047224522,
  "gsr_y": 0.008521927520632744,
  "provenance": {
    "md5sum": "6bf4a5e0ab567dc80cb1e9e70def3e99",
    "settings": {
      "fd_thres": 0.2,
      "hmc_fsl": false
    },
    "software": "mriqc",
    "version": "0.15.2rc1",
    "webapi_port": null,
    "webapi_url": "https://mriqc.nimh.nih.gov/api/v1"
  },
  "size_t": 174,
  "size_x": 64,
  "size_y": 64,
  "size_z": 35,
  "snr": 2.8247376982456722,
  "spacing_tr": 2.0,
  "spacing_x": 4.0,
  "spacing_y": 4.0,
  "spacing_z": 4.0,
  "summary_bg_k": 131.24836341263756,
  "summary_bg_mad": 8.818927764892578,
  "summary_bg_mean": 30.668249130249023,
  "summary_bg_median": 6.534482955932617,
  "summary_bg_n": 95125.0,
  "summary_bg_p05": 0.14942528307437897,
  "summary_bg_p95": 137.03218688964847,
  "summary_bg_stdv": 95.10989379882812,
  "summary_fg_k": 0.04828333030336651,
  "summary_fg_mad": 617.120361328125,
  "summary_fg_mean": 1909.7764892578125,
  "summary_fg_median": 1874.2183837890625,
  "summary_fg_n": 20091.0,
  "summary_fg_p05": 796.862060546875,
  "summary_fg_p95": 3064.853515625,
  "summary_fg_stdv": 663.4852294921875,
  "tsnr": 96.29934692382812
}