{
  "aor": 0.006970114942528736,
  "aqi": 0.001985345099616858,
  "bids_meta": {
    "AcquisitionDateTime": "2016-11-14T19:11:39.000000",
    "ConversionSoftware": "dcm2niix",
    "ConversionSoftwareVersion": "v1.0.20170411 GCC4.8.4",
    "EchoTime": 0.04,
    "FlipAngle": 90,
    "ImageType": [
      "ORIGINAL",
      "PRIMARY",
      "EPI",
      "NONE"
    ],
    "MagneticFieldStrength": 3,
    "Manufacturer": "GE",
    "ManufacturersModelName": "DISCOVERY_MR750",
    "ProtocolName": "fMRI_ActosHabla_1",
    "RepetitionTime": 2,
    "ScanningSequence": "EP_GR",
    "SequenceVariant": "SS",
    "SeriesDescription": "fMRI_ActosHabla_1",
    "dataset": "unknown",
    "modality": "bold",
    "run_id": 1,
    "subject_id": "11",
    "task_id": "rah"
  },
  "dummy_trs": 0,
  "dvars_nstd": 15.684222441692308,
  "dvars_std": 1.1192112193076917,
  "dvars_vstd": 1.0730627421538463,
  "efc": 0.3491064319359877,
  "fber": 43508.67578125,
  "fd_mean": 0.04449574610828317,
  "fd_num": 0,
  "fd_perc": 0.0,
  "fwhm_avg": 2.798883333333333,
  "fwhm_x": 2.66415,
  "fwhm_y": 2.970625,
  "fwhm_z": 2.761875,
  "gcor": 0.0514135,
  "gsr_x": 0.006685036234557629,
  "gsr_y": -0.00843770056962967,
  "provenance": {
    "md5sum": "9f6e847177e7aa5ca48a8033ecda9681",
    "settings": {
      "fd_thres": 0.2,
      "hmc_fsl": false
    },
    "software": "mriqc",
    "version": "0.15.2rc1",
    "webapi_port": null,
    "webapi_url": "https://mriqc.nimh.nih.gov/api/v1"
  },
  "size_t": 261,
  "size_x": 64,
  "size_y": 64,
  "size_z": 35,
  "snr": 2.8579848093089173,
  "spacing_tr": 2.0,
  "spacing_x": 4.0,
  "spacing_y": 4.0,
  "spacing_z": 4.0,
  "summary_bg_k": 178.09804638607253,
  "summary_bg_mad": 10.90081787109375,
  "summary_bg_mean": 28.023921966552734,
  "summary_bg_median": 8.11111068725586,
  "summary_bg_n": 98426.0,
  "summary_bg_p05": 0.20689654350280762,
  "summary_bg_p95": 117.14080238342285,
  "summary_bg_stdv": 68.5855712890625,
  "summary_fg_k": 0.03190423889785565,
  "summary_fg_mad": 564.1075439453125,
  "summary_fg_mean": 1740.4649658203125,
  "summary_fg_median": 1723.208740234375,
  "summary_fg_n": 17696.0,
  "summary_fg_p05": 736.3706512451172,
  "summary_fg_p95": 2780.8927001953125,
  "summary_fg_stdv": 602.9283447265625,
  "tsnr": 59.333927154541016
}