{
  "aor": 0.000906078431372549,
  "aqi": 0.0018213702352941178,
  "bids_meta": {
    "AcquisitionDateTime": "2016-11-14T19:31:34.000000",
    "ConversionSoftware": "dcm2niix",
    "ConversionSoftwareVersion": "v1.0.20170411 GCC4.8.4",
    "EchoTime": 0.04,
    "FlipAngle": 90,
    "ImageType": [
      "ORIGINAL",
      "PRIMARY",
      "EPI",
      "NONE"
    ],
    "MagneticFieldStrength": 3,
    "Manufacturer": "GE",
    "ManufacturersModelName": "DISCOVERY_MR750",
    "ProtocolName": "fMRI_ActosHabla_3",
    "RepetitionTime": 2,
    "ScanningSequence": "EP_GR",
    "SequenceVariant": "SS",
    "SeriesDescription": "fMRI_ActosHabla_3",
    "dataset": "unknown",
    "modality": "bold",
    "run_id": 3,
    "subject_id": "11",
    "task_id": "rah"
  },
  "dummy_trs": 0,
  "dvars_nstd": 15.571898122244095,
  "dvars_std": 1.0703544116535435,
  "dvars_vstd": 0.985898284055118,
  "efc": 0.3499659055953047,
  "fber": 42839.328125,
  "fd_mean": 0.047733679138971336,
  "fd_num": 0,
  "fd_perc": 0.0,
  "fwhm_avg": 2.7968333333333337,
  "fwhm_x": 2.659675,
  "fwhm_y": 2.956675,
  "fwhm_z": 2.77415,
  "gcor": 0.0303129,
  "gsr_x": 0.007458972278982401,
  "gsr_y": -0.007888377644121647,
  "provenance": {
    "md5sum": "f0d3b033cadee47a66ac41c94261a3c1",
    "settings": {
      "fd_thres": 0.2,
      "hmc_fsl": false
    },
    "software": "mriqc",
    "version": "0.15.2rc1",
    "webapi_port": null,
    "webapi_url": "https://mriqc.nimh.nih.gov/api/v1"
  },
  "size_t": 255,
  "size_x": 64,
  "size_y": 64,
  "size_z": 35,
  "snr": 2.848933845537493,
  "spacing_tr": 2.0,
  "spacing_x": 4.0,
  "spacing_y": 4.0,
  "spacing_z": 4.0,
  "summary_bg_k": 84.35729255795326,
  "summary_bg_mad": 10.94218635559082,
  "summary_bg_mean": 27.675506591796875,
  "summary_bg_median": 8.113725662231445,
  "summary_bg_n": 98261.0,
  "summary_bg_p05": 0.1882353127002716,
  "summary_bg_p95": 117.8666763305664,
  "summary_bg_stdv": 63.293216705322266,
  "summary_fg_k": 0.062003402773643135,
  "summary_fg_mad": 566.7030029296875,
  "summary_fg_mean": 1735.222412109375,
  "summary_fg_median": 1711.35302734375,
  "summary_fg_n": 17831.0,
  "summary_fg_p05": 749.0255126953125,
  "summary_fg_p95": 2784.1785888671875,
  "summary_fg_stdv": 600.6826171875,
  "tsnr": 66.57723999023438
}