{
  "aor": 0.0008723622047244093,
  "aqi": 0.0012718995393700787,
  "bids_meta": {
    "AcquisitionDateTime": "2016-11-14T19:22:15.000000",
    "ConversionSoftware": "dcm2niix",
    "ConversionSoftwareVersion": "v1.0.20170411 GCC4.8.4",
    "EchoTime": 0.04,
    "FlipAngle": 90,
    "ImageType": [
      "ORIGINAL",
      "PRIMARY",
      "EPI",
      "NONE"
    ],
    "MagneticFieldStrength": 3,
    "Manufacturer": "GE",
    "ManufacturersModelName": "DISCOVERY_MR750",
    "ProtocolName": "fMRI_ActosHabla_2",
    "RepetitionTime": 2,
    "ScanningSequence": "EP_GR",
    "SequenceVariant": "SS",
    "SeriesDescription": "fMRI_ActosHabla_2",
    "dataset": "unknown",
    "modality": "bold",
    "run_id": 2,
    "subject_id": "11",
    "task_id": "rah"
  },
  "dummy_trs": 0,
  "dvars_nstd": 15.396049371383395,
  "dvars_std": 1.1098275556521737,
  "dvars_vstd": 0.994369529802372,
  "efc": 0.34834444059807057,
  "fber": 42339.9453125,
  "fd_mean": 0.039434953748076845,
  "fd_num": 0,
  "fd_perc": 0.0,
  "fwhm_avg": 2.786775,
  "fwhm_x": 2.65205,
  "fwhm_y": 2.954325,
  "fwhm_z": 2.75395,
  "gcor": 0.0236563,
  "gsr_x": 0.005941752810031176,
  "gsr_y": -0.007163302972912788,
  "provenance": {
    "md5sum": "94f7be19006a86483543c4b616be7aee",
    "settings": {
      "fd_thres": 0.2,
      "hmc_fsl": false
    },
    "software": "mriqc",
    "version": "0.15.2rc1",
    "webapi_port": null,
    "webapi_url": "https://mriqc.nimh.nih.gov/api/v1"
  },
  "size_t": 254,
  "size_x": 64,
  "size_y": 64,
  "size_z": 35,
  "snr": 2.873502160995639,
  "spacing_tr": 2.0,
  "spacing_x": 4.0,
  "spacing_y": 4.0,
  "spacing_z": 4.0,
  "summary_bg_k": 91.7291607956195,
  "summary_bg_mad": 10.96191692352295,
  "summary_bg_mean": 26.932518005371094,
  "summary_bg_median": 8.161417007446289,
  "summary_bg_n": 98394.0,
  "summary_bg_p05": 0.16535432636737823,
  "summary_bg_p95": 110.90295104980466,
  "summary_bg_stdv": 61.78240966796875,
  "summary_fg_k": 0.0520125097504307,
  "summary_fg_mad": 558.2989501953125,
  "summary_fg_mean": 1742.4107666015625,
  "summary_fg_median": 1719.775634765625,
  "summary_fg_n": 17755.0,
  "summary_fg_p05": 761.1491943359375,
  "summary_fg_p95": 2790.3095214843747,
  "summary_fg_stdv": 598.477783203125,
  "tsnr": 75.40824890136719
}