{
  "aor": 0.0011116475095785442,
  "aqi": 0.0024097050383141768,
  "bids_meta": {
    "AcquisitionDateTime": "2017-02-09T19:31:39.000000",
    "ConversionSoftware": "dcm2niix",
    "ConversionSoftwareVersion": "v1.0.20170411 GCC4.8.4",
    "EchoTime": 0.04,
    "FlipAngle": 90,
    "ImageType": [
      "ORIGINAL",
      "PRIMARY",
      "EPI",
      "NONE"
    ],
    "MagneticFieldStrength": 3,
    "Manufacturer": "GE",
    "ManufacturersModelName": "DISCOVERY_MR750",
    "ProcedureStepDescription": "ActosHabla",
    "ProtocolName": "fMRI_ActosHabla_1",
    "RepetitionTime": 2,
    "ScanningSequence": "EP_GR",
    "SequenceVariant": "SS",
    "SeriesDescription": "fMRI_ActosHabla_1",
    "dataset": "unknown",
    "modality": "bold",
    "run_id": 1,
    "subject_id": "17",
    "task_id": "rah"
  },
  "dummy_trs": 0,
  "dvars_nstd": 14.496262532115384,
  "dvars_std": 1.0512442796923083,
  "dvars_vstd": 0.942193383461539,
  "efc": 0.35347402008860057,
  "fber": 109767.328125,
  "fd_mean": 0.054601137561614485,
  "fd_num": 0,
  "fd_perc": 0.0,
  "fwhm_avg": 2.775,
  "fwhm_x": 2.73445,
  "fwhm_y": 2.88195,
  "fwhm_z": 2.7086,
  "gcor": 0.029581,
  "gsr_x": -0.0015671250876039267,
  "gsr_y": -0.0022009010426700115,
  "provenance": {
    "md5sum": "884b5ef4d72d1c7334a3425efe2922c3",
    "settings": {
      "fd_thres": 0.2,
      "hmc_fsl": false
    },
    "software": "mriqc",
    "version": "0.15.2rc1",
    "webapi_port": null,
    "webapi_url": "https://mriqc.nimh.nih.gov/api/v1"
  },
  "size_t": 261,
  "size_x": 64,
  "size_y": 64,
  "size_z": 35,
  "snr": 2.914147014030306,
  "spacing_tr": 2.0,
  "spacing_x": 4.0,
  "spacing_y": 4.0,
  "spacing_z": 4.0,
  "summary_bg_k": 159.8301983514652,
  "summary_bg_mad": 7.634549140930176,
  "summary_bg_mean": 19.799196243286133,
  "summary_bg_median": 5.670497894287109,
  "summary_bg_n": 95748.0,
  "summary_bg_p05": 0.15708811581134796,
  "summary_bg_p95": 70.7442485809325,
  "summary_bg_stdv": 59.167762756347656,
  "summary_fg_k": 0.5746526507026362,
  "summary_fg_mad": 553.1298828125,
  "summary_fg_mean": 1880.044921875,
  "summary_fg_median": 1836.2796630859375,
  "summary_fg_n": 19657.0,
  "summary_fg_p05": 858.7976928710938,
  "summary_fg_p95": 2990.4687988281253,
  "summary_fg_stdv": 630.1099243164062,
  "tsnr": 68.34024810791016
}