{
  "bids_meta": {
    "AcquisitionDateTime": "2016-09-21T21:21:8.000000",
    "ConversionSoftware": "dcm2niix",
    "ConversionSoftwareVersion": "v1.0.20170411 GCC4.8.4",
    "EchoTime": 0.00318,
    "FlipAngle": 12,
    "ImageType": [
      "DERIVED",
      "PRIMARY",
      "OTHER"
    ],
    "InversionTime": 0.45,
    "MagneticFieldStrength": 3,
    "Manufacturer": "GE",
    "ManufacturersModelName": "DISCOVERY_MR750",
    "ProcedureStepDescription": "MeditResp",
    "ProtocolName": "PU:Sag_T1_FSPGR_BRAVO",
    "RepetitionTime": 0.008156,
    "ScanningSequence": "GR",
    "SequenceVariant": "SS_SP_SK",
    "SeriesDescription": "PU:Sag_T1_FSPGR_BRAVO",
    "dataset": "unknown",
    "modality": "T1w",
    "subject_id": "102"
  },
  "cjv": 0.4204176829907104,
  "cnr": 3.1125569249903737,
  "efc": 0.7204744743126105,
  "fber": 9649.83203125,
  "fwhm_avg": 3.800796666666667,
  "fwhm_x": 3.82086,
  "fwhm_y": 4.00844,
  "fwhm_z": 3.57309,
  "icvs_csf": 0.19455424745668118,
  "icvs_gm": 0.43033266053320546,
  "icvs_wm": 0.3751130920101134,
  "inu_med": 1.356663703918457,
  "inu_range": 0.2884047150611877,
  "provenance": {
    "md5sum": "3ec861010311dd99f83a5b78c586465a",
    "settings": {
      "testing": false
    },
    "software": "mriqc",
    "version": "0.15.2rc1",
    "warnings": {
      "large_rot_frame": true,
      "small_air_mask": false
    },
    "webapi_port": null,
    "webapi_url": "https://mriqc.nimh.nih.gov/api/v1"
  },
  "qi_1": 0.0,
  "qi_2": 0.001515622018276638,
  "rpve_csf": 25.762153680603863,
  "rpve_gm": 12.675288490924219,
  "rpve_wm": 17.315059175622363,
  "size_x": 176,
  "size_y": 256,
  "size_z": 256,
  "snr_csf": 3.266848589134859,
  "snr_gm": 11.873544059834828,
  "snr_total": 12.275549195014449,
  "snr_wm": 21.68625493607366,
  "snrd_csf": 77.21678844095993,
  "snrd_gm": 154.37120155746206,
  "snrd_total": 145.58658903776214,
  "snrd_wm": 205.17177711486443,
  "spacing_x": 1.0,
  "spacing_y": 1.0,
  "spacing_z": 1.0,
  "summary_bg_k": 24.147519422945773,
  "summary_bg_mad": 3.193121910095215,
  "summary_bg_mean": 8.815811157226562,
  "summary_bg_median": 2.6652169227600098,
  "summary_bg_n": 671125.0,
  "summary_bg_p05": 0.0,
  "summary_bg_p95": 36.47343368530269,
  "summary_bg_stdv": 13.650768280029297,
  "summary_csf_k": -0.008108996255872025,
  "summary_csf_mad": 112.51054382324219,
  "summary_csf_mean": 396.8612365722656,
  "summary_csf_median": 376.3531188964844,
  "summary_csf_n": 22119.0,
  "summary_csf_p05": 233.98953552246093,
  "summary_csf_p95": 599.388928222656,
  "summary_csf_stdv": 115.20111846923828,
  "summary_gm_k": 0.38275807546164,
  "summary_gm_mad": 60.442420959472656,
  "summary_gm_mean": 756.1361083984375,
  "summary_gm_median": 752.4022216796875,
  "summary_gm_n": 32888.0,
  "summary_gm_p05": 657.6860961914062,
  "summary_gm_p95": 866.4550659179688,
  "summary_gm_stdv": 63.36699295043945,
  "summary_wm_k": 0.5234756361098021,
  "summary_wm_mad": 43.65342330932617,
  "summary_wm_mean": 1001.9221801757812,
  "summary_wm_median": 1000.0032348632812,
  "summary_wm_n": 228248.0,
  "summary_wm_p05": 929.5814697265625,
  "summary_wm_p95": 1080.69716796875,
  "summary_wm_stdv": 46.112205505371094,
  "tpm_overlap_csf": 0.2191600650548935,
  "tpm_overlap_gm": 0.517074465751648,
  "tpm_overlap_wm": 0.5711929798126221,
  "wm2max": 0.45929935698672847
}