{
  "aor": 0.0024143,
  "aqi": 0.0021885529333333337,
  "bids_meta": {
    "AcquisitionMatrixPE": 64,
    "AcquisitionNumber": 1,
    "AcquisitionTime": "19:26:17.000000",
    "BodyPartExamined": "HEAD",
    "CoilString": "32Ch_Head",
    "ConversionSoftware": "dcm2niix",
    "ConversionSoftwareVersion": "v1.0.20181125  (JP2:OpenJPEG) GCC7.3.0",
    "DeviceSerialNumber": "0002806034DVR750",
    "EchoTime": 0.04,
    "EffectiveEchoSpacing": 0.000372,
    "FlipAngle": 90,
    "ImageOrientationPatientDICOM": [
      1,
      0,
      0,
      0,
      1,
      0
    ],
    "ImageType": [
      "ORIGINAL",
      "PRIMARY",
      "EPI",
      "NONE"
    ],
    "ImagingFrequency": 127.772,
    "InPlanePhaseEncodingDirectionDICOM": "COL",
    "InstitutionName": "INSTITUTO_DE_NEUROBIOLOGIA",
    "MRAcquisitionType": "2D",
    "MagneticFieldStrength": 3,
    "Manufacturer": "GE",
    "ManufacturersModelName": "DISCOVERY_MR750",
    "Modality": "MR",
    "PatientPosition": "HFS",
    "PercentPhaseFOV": 100,
    "PhaseEncodingDirection": "j",
    "PhaseEncodingPolarityGE": "Flipped",
    "PixelBandwidth": 7812.5,
    "ProcedureStepDescription": "Emociones_AH",
    "ProtocolName": "fMRI_RestState",
    "ReconMatrixPE": 64,
    "RepetitionTime": 2,
    "SAR": 0.176101,
    "ScanOptions": "EPI_GEMS_ACC_GEMS",
    "ScanningSequence": "EP_GR",
    "SequenceVariant": "SS",
    "SeriesDescription": "fMRI_RestState",
    "SeriesNumber": 3,
    "SliceThickness": 4,
    "SliceTiming": [
      0,
      1.0285,
      0.0571001,
      1.0857,
      0.1142,
      1.1428,
      0.1714,
      1.2,
      0.2285,
      1.2571,
      0.2857,
      1.3143,
      0.3428,
      1.3714,
      0.4,
      1.4286,
      0.4571,
      1.4857,
      0.5142,
      1.5428,
      0.5714,
      1.6,
      0.6285,
      1.6571,
      0.6857,
      1.7143,
      0.7428,
      1.7714,
      0.8,
      1.8285,
      0.8571,
      1.8857,
      0.9143,
      1.9428,
      0.9714
    ],
    "SoftwareVersions": "27_LX_MR_Software_release:DV26.0_R02_1810.b",
    "SpacingBetweenSlices": 4,
    "StationName": "GEHCGEHC",
    "TaskName": "rest",
    "TotalReadoutTime": 0.023436,
    "dataset": "unknown",
    "modality": "bold",
    "subject_id": "32",
    "task_id": "rest"
  },
  "dummy_trs": 0,
  "dvars_nstd": 13.98292499083613,
  "dvars_std": 1.0513581321404686,
  "dvars_vstd": 0.9719404701003345,
  "efc": 0.3460054894230235,
  "fber": 61851.22265625,
  "fd_mean": 0.08641091634701706,
  "fd_num": 2,
  "fd_perc": 0.6666666666666666,
  "fwhm_avg": 2.9054250000000006,
  "fwhm_x": 2.8418,
  "fwhm_y": 2.963925,
  "fwhm_z": 2.91055,
  "gcor": 0.0204389,
  "gsr_x": -0.0014098932733759284,
  "gsr_y": 0.003829067572951317,
  "provenance": {
    "md5sum": "70e059aa4dffb1aa697b6373936674e6",
    "settings": {
      "fd_thres": 0.2,
      "hmc_fsl": false
    },
    "software": "mriqc",
    "version": "0.15.2rc1",
    "webapi_port": null,
    "webapi_url": "https://mriqc.nimh.nih.gov/api/v1"
  },
  "size_t": 300,
  "size_x": 64,
  "size_y": 64,
  "size_z": 35,
  "snr": 3.002318704235889,
  "spacing_tr": 2.0,
  "spacing_x": 4.0,
  "spacing_y": 4.0,
  "spacing_z": 4.0,
  "summary_bg_k": 237.36876977541561,
  "summary_bg_mad": 10.3189115524292,
  "summary_bg_mean": 30.372211456298828,
  "summary_bg_median": 7.9766669273376465,
  "summary_bg_n": 98635.0,
  "summary_bg_p05": 0.29333335161209106,
  "summary_bg_p95": 119.08100204467769,
  "summary_bg_stdv": 94.19547271728516,
  "summary_fg_k": 0.24217012290594475,
  "summary_fg_mad": 616.2831420898438,
  "summary_fg_mean": 2059.02587890625,
  "summary_fg_median": 2029.114990234375,
  "summary_fg_n": 17808.0,
  "summary_fg_p05": 960.3637054443359,
  "summary_fg_p95": 3255.578784179686,
  "summary_fg_stdv": 675.830322265625,
  "tsnr": 65.81880950927734
}