{
  "bids_meta": {
    "AcquisitionMatrixPE": 256,
    "AcquisitionNumber": 1,
    "AcquisitionTime": "21:42:32.000000",
    "CoilString": "32Ch_Head",
    "ConversionSoftware": "dcm2niix",
    "ConversionSoftwareVersion": "v1.0.20190902",
    "Dcm2bidsVersion": "2.1.4",
    "DeviceSerialNumber": "000000000000GEHC",
    "EchoTime": 0.00318,
    "FlipAngle": 12,
    "ImageOrientationPatientDICOM": [
      0,
      1,
      0,
      0,
      0,
      -1
    ],
    "ImageType": [
      "ORIGINAL",
      "PRIMARY",
      "OTHER"
    ],
    "ImagingFrequency": 127.772,
    "InPlanePhaseEncodingDirectionDICOM": "ROW",
    "InstitutionName": "INSTITUTO_DE_NEUROBIOLOGIA",
    "InversionTime": 0.45,
    "MRAcquisitionType": "3D",
    "MagneticFieldStrength": 3,
    "Manufacturer": "GE",
    "ManufacturersModelName": "DISCOVERY_MR750",
    "Modality": "MR",
    "PatientPosition": "HFS",
    "PercentPhaseFOV": 100,
    "PixelBandwidth": 244.141,
    "ProcedureStepDescription": "verbos",
    "ProtocolName": "Sag_T1_FSPGR_BRAVO",
    "ReconMatrixPE": 256,
    "RepetitionTime": 0.008156,
    "SAR": 0.235025,
    "ScanOptions": "FAST_GEMS_EDR_GEMS_FILTERED_GEMS_ACC_GEMS",
    "ScanningSequence": "GR",
    "SequenceVariant": "SS_SP_SK",
    "SeriesDescription": "Sag_T1_FSPGR_BRAVO",
    "SeriesNumber": 17,
    "SliceThickness": 1,
    "SoftwareVersions": "24_LX_MR_Software_release:DV24.0_R02_1607.b",
    "SpacingBetweenSlices": 1,
    "StationName": "GEHCGEHC",
    "dataset": "unknown",
    "modality": "T1w",
    "subject_id": "129"
  },
  "cjv": 0.42426432277218507,
  "cnr": 2.5246447347842476,
  "efc": 0.5584333251387228,
  "fber": 13660.771484375,
  "fwhm_avg": 4.17003,
  "fwhm_x": 4.17442,
  "fwhm_y": 4.37302,
  "fwhm_z": 3.96265,
  "icvs_csf": 0.19482298647833876,
  "icvs_gm": 0.40783203682372743,
  "icvs_wm": 0.3973449766979338,
  "inu_med": 1.274919033050537,
  "inu_range": 0.7259395480155937,
  "provenance": {
    "md5sum": "e31c4817c9b0c36d665c6980951e6ee9",
    "settings": {
      "testing": false
    },
    "software": "mriqc",
    "version": "0.15.2rc1",
    "warnings": {
      "large_rot_frame": true,
      "small_air_mask": false
    },
    "webapi_port": null,
    "webapi_url": "https://mriqc.nimh.nih.gov/api/v1"
  },
  "qi_1": 2.6906953448664223e-06,
  "qi_2": 0.003004431253430847,
  "rpve_csf": 28.503047802374077,
  "rpve_gm": 13.580617982563593,
  "rpve_wm": 16.226046572345204,
  "size_x": 176,
  "size_y": 256,
  "size_z": 256,
  "snr_csf": 2.9041863294642734,
  "snr_gm": 9.788544039640632,
  "snr_total": 7.562696380261413,
  "snr_wm": 9.995358771679333,
  "snrd_csf": 42.92030716886824,
  "snrd_gm": 94.99605402951431,
  "snrd_total": 91.91574224209654,
  "snrd_wm": 137.83086552790706,
  "spacing_x": 1.0,
  "spacing_y": 1.0,
  "spacing_z": 1.0,
  "summary_bg_k": 6.478836201591401,
  "summary_bg_mad": 4.753238201141357,
  "summary_bg_mean": 10.089835166931152,
  "summary_bg_median": 3.517876625061035,
  "summary_bg_n": 2307116.0,
  "summary_bg_p05": 0.0,
  "summary_bg_p95": 39.10268592834473,
  "summary_bg_stdv": 13.653435707092285,
  "summary_csf_k": 41.92155911458885,
  "summary_csf_mad": 74.01514434814453,
  "summary_csf_mean": 330.8864440917969,
  "summary_csf_median": 311.4014892578125,
  "summary_csf_n": 21092.0,
  "summary_csf_p05": 208.26472625732424,
  "summary_csf_p95": 518.6221496582033,
  "summary_csf_stdv": 107.22249603271484,
  "summary_gm_k": -0.10319230794810874,
  "summary_gm_mad": 71.85779571533203,
  "summary_gm_mean": 689.3506469726562,
  "summary_gm_median": 689.2288208007812,
  "summary_gm_n": 16136.0,
  "summary_gm_p05": 572.5425872802734,
  "summary_gm_p95": 804.3110504150391,
  "summary_gm_stdv": 70.40959930419922,
  "summary_wm_k": 8.279965015749555,
  "summary_wm_mad": 59.995574951171875,
  "summary_wm_mean": 1020.3118896484375,
  "summary_wm_median": 1000.010009765625,
  "summary_wm_n": 170586.0,
  "summary_wm_p05": 914.0923461914062,
  "summary_wm_p95": 1210.6218566894531,
  "summary_wm_stdv": 100.0471420288086,
  "tpm_overlap_csf": 0.2242428958415985,
  "tpm_overlap_gm": 0.47943276166915894,
  "tpm_overlap_wm": 0.5314993858337402,
  "wm2max": 0.39362382906539095
}