{
  "aor": 0.0026649,
  "aqi": 0.004545674433333334,
  "bids_meta": {
    "AcquisitionDateTime": "2016-10-01T12:08:59.000000",
    "ConversionSoftware": "dcm2niix",
    "ConversionSoftwareVersion": "v1.0.20170411 GCC4.8.4",
    "EchoTime": 0.04,
    "FlipAngle": 90,
    "ImageType": [
      "ORIGINAL",
      "PRIMARY",
      "EPI",
      "NONE"
    ],
    "MagneticFieldStrength": 3,
    "Manufacturer": "GE",
    "ManufacturersModelName": "DISCOVERY_MR750",
    "ProcedureStepDescription": "MeditResp",
    "ProtocolName": "fMRI_RestSt",
    "RepetitionTime": 2,
    "ScanningSequence": "EP_GR",
    "SequenceVariant": "SS",
    "SeriesDescription": "fMRI_RestSt",
    "dataset": "unknown",
    "modality": "bold",
    "subject_id": "112",
    "task_id": "rest"
  },
  "dummy_trs": 0,
  "dvars_nstd": 14.913442984749157,
  "dvars_std": 0.9917854185953175,
  "dvars_vstd": 0.9267820212040133,
  "efc": 0.3312748082509455,
  "fber": 78672.6796875,
  "fd_mean": 0.05947159928141975,
  "fd_num": 1,
  "fd_perc": 0.3333333333333333,
  "fwhm_avg": 2.8697166666666667,
  "fwhm_x": 2.733075,
  "fwhm_y": 3.0796,
  "fwhm_z": 2.796475,
  "gcor": 0.0178064,
  "gsr_x": -0.004484553821384907,
  "gsr_y": 0.0037023413460701704,
  "provenance": {
    "md5sum": "0cd28be614e34b5839d5072cbac0e3e3",
    "settings": {
      "fd_thres": 0.2,
      "hmc_fsl": false
    },
    "software": "mriqc",
    "version": "0.15.2rc1",
    "webapi_port": null,
    "webapi_url": "https://mriqc.nimh.nih.gov/api/v1"
  },
  "size_t": 300,
  "size_x": 64,
  "size_y": 64,
  "size_z": 34,
  "snr": 3.2470490640622045,
  "spacing_tr": 2.0,
  "spacing_x": 4.0,
  "spacing_y": 4.0,
  "spacing_z": 4.0,
  "summary_bg_k": 201.12746788860005,
  "summary_bg_mad": 7.630460262298584,
  "summary_bg_mean": 18.661216735839844,
  "summary_bg_median": 6.023333549499512,
  "summary_bg_n": 96797.0,
  "summary_bg_p05": 0.3199999928474426,
  "summary_bg_p95": 67.55667114257812,
  "summary_bg_stdv": 55.00004959106445,
  "summary_fg_k": 0.23858993845831034,
  "summary_fg_mad": 454.0172424316406,
  "summary_fg_mean": 1667.5330810546875,
  "summary_fg_median": 1658.9466552734375,
  "summary_fg_n": 16105.0,
  "summary_fg_p05": 800.6767089843751,
  "summary_fg_p95": 2537.2141113281245,
  "summary_fg_stdv": 510.8931579589844,
  "tsnr": 48.804561614990234
}