{
  "aor": 0.0030788800000000004,
  "aqi": 0.00494050312,
  "bids_meta": {
    "AcquisitionDateTime": "2017-08-17T19:54:2.000000",
    "ConversionSoftware": "dcm2niix",
    "ConversionSoftwareVersion": "v1.0.20170411 GCC4.8.4",
    "EchoTime": 0.035,
    "FlipAngle": 90,
    "ImageType": [
      "ORIGINAL",
      "PRIMARY",
      "EPI",
      "NONE"
    ],
    "MagneticFieldStrength": 3,
    "Manufacturer": "GE",
    "ManufacturersModelName": "DISCOVERY_MR750",
    "ProtocolName": "fMRI_CompMet",
    "RepetitionTime": 2,
    "ScanningSequence": "EP_GR",
    "SequenceVariant": "SS",
    "SeriesDescription": "fMRI_CompMet",
    "dataset": "unknown",
    "modality": "bold",
    "run_id": 2,
    "subject_id": "75",
    "task_id": "cm"
  },
  "dummy_trs": 0,
  "dvars_nstd": 18.52608123843372,
  "dvars_std": 0.9831724071084335,
  "dvars_vstd": 0.9328375977911645,
  "efc": 0.3732368447862528,
  "fber": 80828.171875,
  "fd_mean": 0.14624593995445898,
  "fd_num": 38,
  "fd_perc": 15.2,
  "fwhm_avg": 3.005966666666667,
  "fwhm_x": 2.9392,
  "fwhm_y": 2.886525,
  "fwhm_z": 3.192175,
  "gcor": 0.0228127,
  "gsr_x": -0.006491577718406916,
  "gsr_y": 0.0052320403046905994,
  "provenance": {
    "md5sum": "fa5c483cbd6535d487f485c1d3cae1fd",
    "settings": {
      "fd_thres": 0.2,
      "hmc_fsl": false
    },
    "software": "mriqc",
    "version": "0.15.2rc1",
    "webapi_port": null,
    "webapi_url": "https://mriqc.nimh.nih.gov/api/v1"
  },
  "size_t": 250,
  "size_x": 64,
  "size_y": 64,
  "size_z": 34,
  "snr": 2.456138735160988,
  "spacing_tr": 2.0,
  "spacing_x": 4.0,
  "spacing_y": 4.0,
  "spacing_z": 4.0,
  "summary_bg_k": 76.05765770685704,
  "summary_bg_mad": 10.034252166748047,
  "summary_bg_mean": 35.9252815246582,
  "summary_bg_median": 7.26800012588501,
  "summary_bg_n": 91581.0,
  "summary_bg_p05": 0.1680000126361847,
  "summary_bg_p95": 166.2320098876953,
  "summary_bg_stdv": 103.60624694824219,
  "summary_fg_k": 0.7981635036315082,
  "summary_fg_mad": 665.7298583984375,
  "summary_fg_mean": 2145.770751953125,
  "summary_fg_median": 2030.4200439453125,
  "summary_fg_n": 20345.0,
  "summary_fg_p05": 895.2976440429688,
  "summary_fg_p95": 3751.041748046874,
  "summary_fg_stdv": 826.6512451171875,
  "tsnr": 46.352783203125
}