{
  "aor": 0.004486700000000001,
  "aqi": 0.006138503899999999,
  "bids_meta": {
    "AcquisitionDateTime": "2017-07-10T19:53:55.000000",
    "ConversionSoftware": "dcm2niix",
    "ConversionSoftwareVersion": "v1.0.20170411 GCC4.8.4",
    "EchoTime": 0.04,
    "FlipAngle": 90,
    "ImageType": [
      "ORIGINAL",
      "PRIMARY",
      "EPI",
      "NONE"
    ],
    "MagneticFieldStrength": 3,
    "Manufacturer": "GE",
    "ManufacturersModelName": "DISCOVERY_MR750",
    "ProcedureStepDescription": "CompMet",
    "ProtocolName": "fMRI_RestState",
    "RepetitionTime": 2,
    "ScanningSequence": "EP_GR",
    "SequenceVariant": "SS",
    "SeriesDescription": "fMRI_RestState",
    "dataset": "unknown",
    "modality": "bold",
    "subject_id": "75",
    "task_id": "rest"
  },
  "dummy_trs": 0,
  "dvars_nstd": 18.675405381137114,
  "dvars_std": 1.0019057158528424,
  "dvars_vstd": 0.9451723475919723,
  "efc": 0.37712936692205595,
  "fber": 58701.43359375,
  "fd_mean": 0.13596311672257902,
  "fd_num": 39,
  "fd_perc": 13.0,
  "fwhm_avg": 2.8851333333333335,
  "fwhm_x": 2.712725,
  "fwhm_y": 2.927175,
  "fwhm_z": 3.0155,
  "gcor": 0.0343835,
  "gsr_x": -0.0017661029705777764,
  "gsr_y": 0.012315697968006134,
  "provenance": {
    "md5sum": "90936fa8bca2684c5d88595de7600b73",
    "settings": {
      "fd_thres": 0.2,
      "hmc_fsl": false
    },
    "software": "mriqc",
    "version": "0.15.2rc1",
    "webapi_port": null,
    "webapi_url": "https://mriqc.nimh.nih.gov/api/v1"
  },
  "size_t": 300,
  "size_x": 64,
  "size_y": 64,
  "size_z": 34,
  "snr": 2.9167585714961204,
  "spacing_tr": 2.0,
  "spacing_x": 4.0,
  "spacing_y": 4.0,
  "spacing_z": 4.0,
  "summary_bg_k": 197.62048898755836,
  "summary_bg_mad": 10.57342529296875,
  "summary_bg_mean": 40.135807037353516,
  "summary_bg_median": 7.758333206176758,
  "summary_bg_n": 92242.0,
  "summary_bg_p05": 0.1666666716337204,
  "summary_bg_p95": 186.9796775817871,
  "summary_bg_stdv": 132.46621704101562,
  "summary_fg_k": 0.2280724425464511,
  "summary_fg_mad": 590.916015625,
  "summary_fg_mean": 1952.1634521484375,
  "summary_fg_median": 1905.2301025390625,
  "summary_fg_n": 19679.0,
  "summary_fg_p05": 881.9333740234374,
  "summary_fg_p95": 3110.542700195312,
  "summary_fg_stdv": 653.1845703125,
  "tsnr": 39.450645446777344
}