{
  "aor": 0.014003439999999999,
  "aqi": 0.0029528800119999997,
  "bids_meta": {
    "AcquisitionDateTime": "2017-08-17T19:43:27.000000",
    "ConversionSoftware": "dcm2niix",
    "ConversionSoftwareVersion": "v1.0.20170411 GCC4.8.4",
    "EchoTime": 0.035,
    "FlipAngle": 90,
    "ImageType": [
      "ORIGINAL",
      "PRIMARY",
      "EPI",
      "NONE"
    ],
    "MagneticFieldStrength": 3,
    "Manufacturer": "GE",
    "ManufacturersModelName": "DISCOVERY_MR750",
    "ProtocolName": "fMRI_CompMet",
    "RepetitionTime": 2,
    "ScanningSequence": "EP_GR",
    "SequenceVariant": "SS",
    "SeriesDescription": "fMRI_CompMet",
    "dataset": "unknown",
    "modality": "bold",
    "run_id": 1,
    "subject_id": "75",
    "task_id": "cm"
  },
  "dummy_trs": 0,
  "dvars_nstd": 19.273217036465866,
  "dvars_std": 1.0842949979116465,
  "dvars_vstd": 1.0681851179518067,
  "efc": 0.37153346762122913,
  "fber": 89691.2734375,
  "fd_mean": 0.1758436212392569,
  "fd_num": 44,
  "fd_perc": 17.6,
  "fwhm_avg": 2.9947083333333335,
  "fwhm_x": 2.932,
  "fwhm_y": 2.88865,
  "fwhm_z": 3.163475,
  "gcor": 0.0587619,
  "gsr_x": -0.006061967927962542,
  "gsr_y": 0.0016345661133527756,
  "provenance": {
    "md5sum": "924a1625da7def1fdd8cdb07af0bd304",
    "settings": {
      "fd_thres": 0.2,
      "hmc_fsl": false
    },
    "software": "mriqc",
    "version": "0.15.2rc1",
    "webapi_port": null,
    "webapi_url": "https://mriqc.nimh.nih.gov/api/v1"
  },
  "size_t": 250,
  "size_x": 64,
  "size_y": 64,
  "size_z": 34,
  "snr": 2.4835796086693285,
  "spacing_tr": 2.0,
  "spacing_x": 4.0,
  "spacing_y": 4.0,
  "spacing_z": 4.0,
  "summary_bg_k": 69.36271001318511,
  "summary_bg_mad": 9.619124412536621,
  "summary_bg_mean": 34.76408004760742,
  "summary_bg_median": 6.984000205993652,
  "summary_bg_n": 91687.0,
  "summary_bg_p05": 0.164000004529953,
  "summary_bg_p95": 162.15720825195268,
  "summary_bg_stdv": 101.93685150146484,
  "summary_fg_k": 0.7229128900440158,
  "summary_fg_mad": 685.0126953125,
  "summary_fg_mean": 2180.392822265625,
  "summary_fg_median": 2072.93212890625,
  "summary_fg_n": 20262.0,
  "summary_fg_p05": 907.9640258789063,
  "summary_fg_p95": 3792.332543945313,
  "summary_fg_stdv": 834.6343994140625,
  "tsnr": 47.49844741821289
}