{
  "aor": 0.004906436781609196,
  "aqi": 0.0022047878735632184,
  "bids_meta": {
    "AcquisitionMatrixPE": 64,
    "AcquisitionNumber": 1,
    "AcquisitionTime": "18:56:38.000000",
    "CoilString": "32Ch_Head",
    "ConversionSoftware": "dcm2niix",
    "ConversionSoftwareVersion": "v1.0.20190902",
    "Dcm2bidsVersion": "2.1.4",
    "DeviceSerialNumber": "000000000000GEHC",
    "EchoTime": 0.04,
    "EffectiveEchoSpacing": 0.000372,
    "FlipAngle": 90,
    "ImageOrientationPatientDICOM": [
      1,
      0,
      0,
      0,
      1,
      0
    ],
    "ImageType": [
      "ORIGINAL",
      "PRIMARY",
      "EPI",
      "NONE"
    ],
    "ImagingFrequency": 127.772,
    "InPlanePhaseEncodingDirectionDICOM": "COL",
    "InstitutionName": "INSTITUTO_DE_NEUROBIOLOGIA",
    "MRAcquisitionType": "2D",
    "MagneticFieldStrength": 3,
    "Manufacturer": "GE",
    "ManufacturersModelName": "DISCOVERY_MR750",
    "Modality": "MR",
    "PatientPosition": "HFS",
    "PercentPhaseFOV": 100,
    "PhaseEncodingDirection": "j",
    "PhaseEncodingPolarityGE": "Flipped",
    "PixelBandwidth": 7812.5,
    "ProcedureStepDescription": "verbos",
    "ProtocolName": "fMRI_6",
    "ReconMatrixPE": 64,
    "RepetitionTime": 2,
    "SAR": 0.356791,
    "ScanOptions": "EPI_GEMS_ACC_GEMS",
    "ScanningSequence": "EP_GR",
    "SequenceVariant": "SS",
    "SeriesDescription": "fMRI_6",
    "SeriesNumber": 11,
    "SliceThickness": 4,
    "SliceTiming": [
      0,
      1.0285,
      0.0571001,
      1.0857,
      0.1142,
      1.1428,
      0.1714,
      1.2,
      0.2285,
      1.2571,
      0.2857,
      1.3143,
      0.3428,
      1.3714,
      0.4,
      1.4286,
      0.4571,
      1.4857,
      0.5142,
      1.5428,
      0.5714,
      1.6,
      0.6285,
      1.6571,
      0.6857,
      1.7143,
      0.7428,
      1.7714,
      0.8,
      1.8285,
      0.8571,
      1.8857,
      0.9143,
      1.9428,
      0.9714
    ],
    "SoftwareVersions": "24_LX_MR_Software_release:DV24.0_R02_1607.b",
    "SpacingBetweenSlices": 4,
    "StationName": "GEHCGEHC",
    "TotalReadoutTime": 0.023436,
    "dataset": "unknown",
    "modality": "bold",
    "run_id": 7,
    "subject_id": "135",
    "task_id": "verbs"
  },
  "dummy_trs": 0,
  "dvars_nstd": 19.43556546306358,
  "dvars_std": 1.0635478351445085,
  "dvars_vstd": 0.9824995934682084,
  "efc": 0.3251941271120045,
  "fber": 87295.5546875,
  "fd_mean": 0.07887405070926064,
  "fd_num": 4,
  "fd_perc": 2.2988505747126435,
  "fwhm_avg": 3.0707,
  "fwhm_x": 2.98575,
  "fwhm_y": 3.056175,
  "fwhm_z": 3.170175,
  "gcor": 0.0991245,
  "gsr_x": -0.00617107842117548,
  "gsr_y": 0.004706541541963816,
  "provenance": {
    "md5sum": "83068a26b176d1cccd143b4bdd70fdc6",
    "settings": {
      "fd_thres": 0.2,
      "hmc_fsl": false
    },
    "software": "mriqc",
    "version": "0.15.2rc1",
    "webapi_port": null,
    "webapi_url": "https://mriqc.nimh.nih.gov/api/v1"
  },
  "size_t": 174,
  "size_x": 64,
  "size_y": 64,
  "size_z": 35,
  "snr": 2.314625028281685,
  "spacing_tr": 2.0,
  "spacing_x": 4.0,
  "spacing_y": 4.0,
  "spacing_z": 4.0,
  "summary_bg_k": 112.75218891436553,
  "summary_bg_mad": 8.316205024719238,
  "summary_bg_mean": 23.67640495300293,
  "summary_bg_median": 6.224137783050537,
  "summary_bg_n": 99765.0,
  "summary_bg_p05": 0.18965516984462738,
  "summary_bg_p95": 97.53333435058587,
  "summary_bg_stdv": 65.67971801757812,
  "summary_fg_k": 0.4263646745052334,
  "summary_fg_mad": 677.7794189453125,
  "summary_fg_mean": 1963.9051513671875,
  "summary_fg_median": 1832.9080810546875,
  "summary_fg_n": 16857.0,
  "summary_fg_p05": 821.2873779296875,
  "summary_fg_p95": 3484.6527832031243,
  "summary_fg_stdv": 791.8577270507812,
  "tsnr": 51.0224494934082
}