{
  "aor": 0.0032487666666666665,
  "aqi": 0.0015452549933333334,
  "bids_meta": {
    "AcquisitionDateTime": "2016-09-06T19:09:49.000000",
    "ConversionSoftware": "dcm2niix",
    "ConversionSoftwareVersion": "v1.0.20170411 GCC4.8.4",
    "EchoTime": 0.04,
    "FlipAngle": 90,
    "ImageType": [
      "ORIGINAL",
      "PRIMARY",
      "EPI",
      "NONE"
    ],
    "MagneticFieldStrength": 3,
    "Manufacturer": "GE",
    "ManufacturersModelName": "DISCOVERY_MR750",
    "ProcedureStepDescription": "MeditResp",
    "ProtocolName": "fMRI_RestSt",
    "RepetitionTime": 2,
    "ScanningSequence": "EP_GR",
    "SequenceVariant": "SS",
    "SeriesDescription": "fMRI_RestSt",
    "dataset": "unknown",
    "modality": "bold",
    "subject_id": "122",
    "task_id": "rest"
  },
  "dummy_trs": 0,
  "dvars_nstd": 13.80790396602007,
  "dvars_std": 1.1131747631103686,
  "dvars_vstd": 1.00730868458194,
  "efc": 0.3387605042226719,
  "fber": 114287.7734375,
  "fd_mean": 0.09345669517243149,
  "fd_num": 5,
  "fd_perc": 1.6666666666666667,
  "fwhm_avg": 2.8357995589774965,
  "fwhm_x": 2.737975,
  "fwhm_y": 2.99475,
  "fwhm_z": 2.7746736769324887,
  "gcor": 0.0413691,
  "gsr_x": -0.006397384684532881,
  "gsr_y": 0.011564869433641434,
  "provenance": {
    "md5sum": "1cfa870bbcf7d2a4e9b2af17707a0d2b",
    "settings": {
      "fd_thres": 0.2,
      "hmc_fsl": false
    },
    "software": "mriqc",
    "version": "0.15.2rc1",
    "webapi_port": null,
    "webapi_url": "https://mriqc.nimh.nih.gov/api/v1"
  },
  "size_t": 300,
  "size_x": 64,
  "size_y": 64,
  "size_z": 34,
  "snr": 3.0161642692451047,
  "spacing_tr": 2.0,
  "spacing_x": 4.0,
  "spacing_y": 4.0,
  "spacing_z": 4.000001907348633,
  "summary_bg_k": 189.41854663125747,
  "summary_bg_mad": 7.497025489807129,
  "summary_bg_mean": 22.77375602722168,
  "summary_bg_median": 5.616666793823242,
  "summary_bg_n": 95503.0,
  "summary_bg_p05": 0.18333333730697632,
  "summary_bg_p95": 93.08000259399394,
  "summary_bg_stdv": 63.503089904785156,
  "summary_fg_k": 0.1382816232458315,
  "summary_fg_mad": 563.6456909179688,
  "summary_fg_mean": 1864.566650390625,
  "summary_fg_median": 1872.2000732421875,
  "summary_fg_n": 16823.0,
  "summary_fg_p05": 743.2289978027344,
  "summary_fg_p95": 2868.2554931640625,
  "summary_fg_stdv": 620.7037353515625,
  "tsnr": 72.09622192382812
}