{
  "bids_meta": {
    "AcquisitionDateTime": "2017-01-31T20:56:34.000000",
    "ConversionSoftware": "dcm2niix",
    "ConversionSoftwareVersion": "v1.0.20170411 GCC4.8.4",
    "EchoTime": 0.00318,
    "FlipAngle": 12,
    "ImageType": [
      "DERIVED",
      "PRIMARY",
      "OTHER"
    ],
    "InversionTime": 0.45,
    "MagneticFieldStrength": 3,
    "Manufacturer": "GE",
    "ManufacturersModelName": "DISCOVERY_MR750",
    "ProcedureStepDescription": "ActosHabla",
    "ProtocolName": "PU:Sag_T1_FSPGR_BRAVO",
    "RepetitionTime": 0.008156,
    "ScanningSequence": "GR",
    "SequenceVariant": "SS_SP_SK",
    "SeriesDescription": "PU:Sag_T1_FSPGR_BRAVO",
    "dataset": "unknown",
    "modality": "T1w",
    "subject_id": "14"
  },
  "cjv": 0.39876941295655344,
  "cnr": 3.2274666874381865,
  "efc": 0.7334739385303927,
  "fber": 6103.4228515625,
  "fwhm_avg": 3.8635599999999997,
  "fwhm_x": 3.92589,
  "fwhm_y": 4.04231,
  "fwhm_z": 3.62248,
  "icvs_csf": 0.22717964169456312,
  "icvs_gm": 0.4227701417903362,
  "icvs_wm": 0.3500502165151007,
  "inu_med": 1.4591177701950073,
  "inu_range": 0.4689015686511995,
  "provenance": {
    "md5sum": "73410649f7153c4be09b6681d686fd04",
    "settings": {
      "testing": false
    },
    "software": "mriqc",
    "version": "0.15.2rc1",
    "warnings": {
      "large_rot_frame": true,
      "small_air_mask": false
    },
    "webapi_port": null,
    "webapi_url": "https://mriqc.nimh.nih.gov/api/v1"
  },
  "qi_1": 0.0,
  "qi_2": 0.0021206325578824346,
  "rpve_csf": 19.274308361749117,
  "rpve_gm": 10.731413119838818,
  "rpve_wm": 15.42711364956803,
  "size_x": 176,
  "size_y": 256,
  "size_z": 256,
  "snr_csf": 3.8585414585591122,
  "snr_gm": 10.015223722200622,
  "snr_total": 11.489069456521841,
  "snr_wm": 20.59344318880579,
  "snrd_csf": 63.79402867666312,
  "snrd_gm": 130.10386563345617,
  "snrd_total": 125.10110831342026,
  "snrd_wm": 181.4054306301415,
  "spacing_x": 1.0,
  "spacing_y": 1.0,
  "spacing_z": 1.0,
  "summary_bg_k": 35.17719814053789,
  "summary_bg_mad": 3.6114749908447266,
  "summary_bg_mean": 8.988656044006348,
  "summary_bg_median": 2.8730554580688477,
  "summary_bg_n": 610212.0,
  "summary_bg_p05": 0.0,
  "summary_bg_p95": 35.174172782897934,
  "summary_bg_stdv": 13.851980209350586,
  "summary_csf_k": 0.6742538877026001,
  "summary_csf_mad": 81.40838623046875,
  "summary_csf_mean": 367.5210876464844,
  "summary_csf_median": 351.6680603027344,
  "summary_csf_n": 42915.0,
  "summary_csf_p05": 245.62195281982423,
  "summary_csf_p95": 542.3367309570312,
  "summary_csf_stdv": 91.13909149169922,
  "summary_gm_k": 0.44464664762513406,
  "summary_gm_mad": 66.97943115234375,
  "summary_gm_mean": 723.1599731445312,
  "summary_gm_median": 717.2046508789062,
  "summary_gm_n": 29438.0,
  "summary_gm_p05": 615.5568572998046,
  "summary_gm_p95": 852.7498138427733,
  "summary_gm_stdv": 71.6102294921875,
  "summary_wm_k": 0.5818112452082209,
  "summary_wm_mad": 45.79362487792969,
  "summary_wm_mean": 1000.17431640625,
  "summary_wm_median": 1000.00732421875,
  "summary_wm_n": 256452.0,
  "summary_wm_p05": 920.9040832519531,
  "summary_wm_p95": 1079.6071655273438,
  "summary_wm_stdv": 48.55940628051758,
  "tpm_overlap_csf": 0.2158876657485962,
  "tpm_overlap_gm": 0.4985640347003937,
  "tpm_overlap_wm": 0.5567335486412048,
  "wm2max": 0.4154883582124168
}