{
  "aor": 0.001195619834710744,
  "aqi": 0.0011985921694214875,
  "bids_meta": {
    "AcquisitionMatrixPE": 64,
    "AcquisitionNumber": 1,
    "AcquisitionTime": "19:39:7.000000",
    "BodyPartExamined": "HEAD",
    "CoilString": "32Ch_Head",
    "ConversionSoftware": "dcm2niix",
    "ConversionSoftwareVersion": "v1.0.20181125  (JP2:OpenJPEG) GCC7.3.0",
    "DeviceSerialNumber": "0002806034DVR750",
    "EchoTime": 0.04,
    "EffectiveEchoSpacing": 0.000372,
    "FlipAngle": 90,
    "ImageOrientationPatientDICOM": [
      1,
      0,
      0,
      0,
      1,
      0
    ],
    "ImageType": [
      "ORIGINAL",
      "PRIMARY",
      "EPI",
      "NONE"
    ],
    "ImagingFrequency": 127.772,
    "InPlanePhaseEncodingDirectionDICOM": "COL",
    "InstitutionName": "INSTITUTO_DE_NEUROBIOLOGIA",
    "MRAcquisitionType": "2D",
    "MagneticFieldStrength": 3,
    "Manufacturer": "GE",
    "ManufacturersModelName": "DISCOVERY_MR750",
    "Modality": "MR",
    "PatientPosition": "HFS",
    "PercentPhaseFOV": 100,
    "PhaseEncodingDirection": "j",
    "PhaseEncodingPolarityGE": "Flipped",
    "PixelBandwidth": 7812.5,
    "ProcedureStepDescription": "Emociones_AH",
    "ProtocolName": "fMRI_Jalil_1",
    "ReconMatrixPE": 64,
    "RepetitionTime": 2,
    "SAR": 0.233878,
    "ScanOptions": "EPI_GEMS_ACC_GEMS",
    "ScanningSequence": "EP_GR",
    "SequenceVariant": "SS",
    "SeriesDescription": "fMRI_Jalil_1",
    "SeriesNumber": 5,
    "SliceThickness": 4,
    "SliceTiming": [
      0,
      1.0285,
      0.0571001,
      1.0857,
      0.1142,
      1.1428,
      0.1714,
      1.2,
      0.2285,
      1.2571,
      0.2857,
      1.3143,
      0.3428,
      1.3714,
      0.4,
      1.4286,
      0.4571,
      1.4857,
      0.5142,
      1.5428,
      0.5714,
      1.6,
      0.6285,
      1.6571,
      0.6857,
      1.7143,
      0.7428,
      1.7714,
      0.8,
      1.8285,
      0.8571,
      1.8857,
      0.9143,
      1.9428,
      0.9714
    ],
    "SoftwareVersions": "27_LX_MR_Software_release:DV26.0_R02_1810.b",
    "SpacingBetweenSlices": 4,
    "StationName": "GEHCGEHC",
    "TaskName": "eah",
    "TotalReadoutTime": 0.023436,
    "dataset": "unknown",
    "modality": "bold",
    "run_id": 1,
    "subject_id": "40",
    "task_id": "eah"
  },
  "dummy_trs": 0,
  "dvars_nstd": 15.751566546597513,
  "dvars_std": 1.1516337139004158,
  "dvars_vstd": 0.9970138695435681,
  "efc": 0.36753162252685817,
  "fber": 80115.8125,
  "fd_mean": 0.048907618676442756,
  "fd_num": 0,
  "fd_perc": 0.0,
  "fwhm_avg": 2.700741666666667,
  "fwhm_x": 2.61955,
  "fwhm_y": 2.810375,
  "fwhm_z": 2.6723,
  "gcor": 0.0410882,
  "gsr_x": -0.004108238033950329,
  "gsr_y": 0.003266093321144581,
  "provenance": {
    "md5sum": "8d04b8e30060abfabd931d39336cb585",
    "settings": {
      "fd_thres": 0.2,
      "hmc_fsl": false
    },
    "software": "mriqc",
    "version": "0.15.2rc1",
    "webapi_port": null,
    "webapi_url": "https://mriqc.nimh.nih.gov/api/v1"
  },
  "size_t": 242,
  "size_x": 64,
  "size_y": 64,
  "size_z": 35,
  "snr": 3.0533637369689868,
  "spacing_tr": 2.0,
  "spacing_x": 4.0,
  "spacing_y": 4.0,
  "spacing_z": 4.0,
  "summary_bg_k": 59.91902701730789,
  "summary_bg_mad": 9.171303749084473,
  "summary_bg_mean": 30.91890525817871,
  "summary_bg_median": 6.582644462585449,
  "summary_bg_n": 95691.0,
  "summary_bg_p05": 0.07438015937805176,
  "summary_bg_p95": 140.7272720336914,
  "summary_bg_stdv": 89.11702728271484,
  "summary_fg_k": 0.029274388111232952,
  "summary_fg_mad": 589.3956298828125,
  "summary_fg_mean": 1940.318603515625,
  "summary_fg_median": 1899.4296875,
  "summary_fg_n": 19444.0,
  "summary_fg_p05": 947.8530578613281,
  "summary_fg_p95": 3013.367749023437,
  "summary_fg_stdv": 622.061767578125,
  "tsnr": 79.37431335449219
}