{
  "aor": 0.0026199333333333337,
  "aqi": 0.0013176056933333331,
  "bids_meta": {
    "AcquisitionMatrixPE": 64,
    "AcquisitionNumber": 1,
    "AcquisitionTime": "20:06:25.000000",
    "BodyPartExamined": "HEAD",
    "CoilString": "32Ch_Head",
    "ConversionSoftware": "dcm2niix",
    "ConversionSoftwareVersion": "v1.0.20181125  (JP2:OpenJPEG) GCC7.3.0",
    "DeviceSerialNumber": "0002806034DVR750",
    "EchoTime": 0.04,
    "EffectiveEchoSpacing": 0.000372,
    "FlipAngle": 90,
    "ImageOrientationPatientDICOM": [
      1,
      0,
      0,
      0,
      1,
      0
    ],
    "ImageType": [
      "ORIGINAL",
      "PRIMARY",
      "EPI",
      "NONE"
    ],
    "ImagingFrequency": 127.772,
    "InPlanePhaseEncodingDirectionDICOM": "COL",
    "InstitutionName": "INSTITUTO_DE_NEUROBIOLOGIA",
    "MRAcquisitionType": "2D",
    "MagneticFieldStrength": 3,
    "Manufacturer": "GE",
    "ManufacturersModelName": "DISCOVERY_MR750",
    "Modality": "MR",
    "PatientPosition": "HFS",
    "PercentPhaseFOV": 100,
    "PhaseEncodingDirection": "j",
    "PhaseEncodingPolarityGE": "Flipped",
    "PixelBandwidth": 7812.5,
    "ProcedureStepDescription": "Emociones_AH",
    "ProtocolName": "fMRI_Jalil_4",
    "ReconMatrixPE": 64,
    "RepetitionTime": 2,
    "SAR": 0.233878,
    "ScanOptions": "EPI_GEMS_ACC_GEMS",
    "ScanningSequence": "EP_GR",
    "SequenceVariant": "SS",
    "SeriesDescription": "fMRI_Jalil_4",
    "SeriesNumber": 8,
    "SliceThickness": 4,
    "SliceTiming": [
      0,
      1.0285,
      0.0571001,
      1.0857,
      0.1142,
      1.1428,
      0.1714,
      1.2,
      0.2285,
      1.2571,
      0.2857,
      1.3143,
      0.3428,
      1.3714,
      0.4,
      1.4286,
      0.4571,
      1.4857,
      0.5142,
      1.5428,
      0.5714,
      1.6,
      0.6285,
      1.6571,
      0.6857,
      1.7143,
      0.7428,
      1.7714,
      0.8,
      1.8285,
      0.8571,
      1.8857,
      0.9143,
      1.9428,
      0.9714
    ],
    "SoftwareVersions": "27_LX_MR_Software_release:DV26.0_R02_1810.b",
    "SpacingBetweenSlices": 4,
    "StationName": "GEHCGEHC",
    "TaskName": "eah",
    "TotalReadoutTime": 0.023436,
    "dataset": "unknown",
    "modality": "bold",
    "run_id": 4,
    "subject_id": "40",
    "task_id": "eah"
  },
  "dummy_trs": 0,
  "dvars_nstd": 15.846916467114097,
  "dvars_std": 1.1533564736241606,
  "dvars_vstd": 1.030265546577181,
  "efc": 0.3687793419330763,
  "fber": 77725.8359375,
  "fd_mean": 0.07552630706722559,
  "fd_num": 7,
  "fd_perc": 4.666666666666667,
  "fwhm_avg": 2.7076166666666666,
  "fwhm_x": 2.614325,
  "fwhm_y": 2.818325,
  "fwhm_z": 2.6902,
  "gcor": 0.0331098,
  "gsr_x": -0.005068137776106596,
  "gsr_y": 0.0035803597420454025,
  "provenance": {
    "md5sum": "2842a93d71fd684e84736c21ed49186e",
    "settings": {
      "fd_thres": 0.2,
      "hmc_fsl": false
    },
    "software": "mriqc",
    "version": "0.15.2rc1",
    "webapi_port": null,
    "webapi_url": "https://mriqc.nimh.nih.gov/api/v1"
  },
  "size_t": 150,
  "size_x": 64,
  "size_y": 64,
  "size_z": 35,
  "snr": 3.052941432738456,
  "spacing_tr": 2.0,
  "spacing_x": 4.0,
  "spacing_y": 4.0,
  "spacing_z": 4.0,
  "summary_bg_k": 63.481731478681155,
  "summary_bg_mad": 9.320626258850098,
  "summary_bg_mean": 31.252599716186523,
  "summary_bg_median": 6.706666946411133,
  "summary_bg_n": 95498.0,
  "summary_bg_p05": 0.07999999821186066,
  "summary_bg_p95": 144.2543418884277,
  "summary_bg_stdv": 90.40409088134766,
  "summary_fg_k": 0.08420648604796366,
  "summary_fg_mad": 584.916259765625,
  "summary_fg_mean": 1945.2034912109375,
  "summary_fg_median": 1902.166748046875,
  "summary_fg_n": 19577.0,
  "summary_fg_p05": 954.984033203125,
  "summary_fg_p95": 3027.556005859375,
  "summary_fg_stdv": 623.04443359375,
  "tsnr": 77.0367431640625
}