{
  "aor": 0.0011145535714285717,
  "aqi": 0.001486236919642857,
  "bids_meta": {
    "AcquisitionMatrixPE": 64,
    "AcquisitionNumber": 1,
    "AcquisitionTime": "19:47:50.000000",
    "BodyPartExamined": "HEAD",
    "CoilString": "32Ch_Head",
    "ConversionSoftware": "dcm2niix",
    "ConversionSoftwareVersion": "v1.0.20181125  (JP2:OpenJPEG) GCC7.3.0",
    "DeviceSerialNumber": "0002806034DVR750",
    "EchoTime": 0.04,
    "EffectiveEchoSpacing": 0.000372,
    "FlipAngle": 90,
    "ImageOrientationPatientDICOM": [
      1,
      0,
      0,
      0,
      1,
      0
    ],
    "ImageType": [
      "ORIGINAL",
      "PRIMARY",
      "EPI",
      "NONE"
    ],
    "ImagingFrequency": 127.772,
    "InPlanePhaseEncodingDirectionDICOM": "COL",
    "InstitutionName": "INSTITUTO_DE_NEUROBIOLOGIA",
    "MRAcquisitionType": "2D",
    "MagneticFieldStrength": 3,
    "Manufacturer": "GE",
    "ManufacturersModelName": "DISCOVERY_MR750",
    "Modality": "MR",
    "PatientPosition": "HFS",
    "PercentPhaseFOV": 100,
    "PhaseEncodingDirection": "j",
    "PhaseEncodingPolarityGE": "Flipped",
    "PixelBandwidth": 7812.5,
    "ProcedureStepDescription": "Emociones_AH",
    "ProtocolName": "fMRI_Jalil_2",
    "ReconMatrixPE": 64,
    "RepetitionTime": 2,
    "SAR": 0.233878,
    "ScanOptions": "EPI_GEMS_ACC_GEMS",
    "ScanningSequence": "EP_GR",
    "SequenceVariant": "SS",
    "SeriesDescription": "fMRI_Jalil_2",
    "SeriesNumber": 6,
    "SliceThickness": 4,
    "SliceTiming": [
      0,
      1.0285,
      0.0571001,
      1.0857,
      0.1142,
      1.1428,
      0.1714,
      1.2,
      0.2285,
      1.2571,
      0.2857,
      1.3143,
      0.3428,
      1.3714,
      0.4,
      1.4286,
      0.4571,
      1.4857,
      0.5142,
      1.5428,
      0.5714,
      1.6,
      0.6285,
      1.6571,
      0.6857,
      1.7143,
      0.7428,
      1.7714,
      0.8,
      1.8285,
      0.8571,
      1.8857,
      0.9143,
      1.9428,
      0.9714
    ],
    "SoftwareVersions": "27_LX_MR_Software_release:DV26.0_R02_1810.b",
    "SpacingBetweenSlices": 4,
    "StationName": "GEHCGEHC",
    "TaskName": "eah",
    "TotalReadoutTime": 0.023436,
    "dataset": "unknown",
    "modality": "bold",
    "run_id": 2,
    "subject_id": "40",
    "task_id": "eah"
  },
  "dummy_trs": 0,
  "dvars_nstd": 15.408605417174893,
  "dvars_std": 1.090977842242152,
  "dvars_vstd": 1.0290203142152463,
  "efc": 0.3678638770351168,
  "fber": 77963.9296875,
  "fd_mean": 0.05650469151814318,
  "fd_num": 2,
  "fd_perc": 0.8928571428571429,
  "fwhm_avg": 2.6883999999999997,
  "fwhm_x": 2.60265,
  "fwhm_y": 2.801875,
  "fwhm_z": 2.660675,
  "gcor": 0.0270584,
  "gsr_x": -0.005208248272538185,
  "gsr_y": 0.003793220967054367,
  "provenance": {
    "md5sum": "93591f89928ad73ff4a5afc4420ecadb",
    "settings": {
      "fd_thres": 0.2,
      "hmc_fsl": false
    },
    "software": "mriqc",
    "version": "0.15.2rc1",
    "webapi_port": null,
    "webapi_url": "https://mriqc.nimh.nih.gov/api/v1"
  },
  "size_t": 224,
  "size_x": 64,
  "size_y": 64,
  "size_z": 35,
  "snr": 3.049947422636918,
  "spacing_tr": 2.0,
  "spacing_x": 4.0,
  "spacing_y": 4.0,
  "spacing_z": 4.0,
  "summary_bg_k": 58.85295584543808,
  "summary_bg_mad": 9.272883415222168,
  "summary_bg_mean": 31.27800941467285,
  "summary_bg_median": 6.674107551574707,
  "summary_bg_n": 95755.0,
  "summary_bg_p05": 0.0848214328289032,
  "summary_bg_p95": 144.55759277343753,
  "summary_bg_stdv": 89.6466064453125,
  "summary_fg_k": 0.05601531592271236,
  "summary_fg_mad": 584.3903198242188,
  "summary_fg_mean": 1937.93115234375,
  "summary_fg_median": 1893.200927734375,
  "summary_fg_n": 19389.0,
  "summary_fg_p05": 950.2357666015625,
  "summary_fg_p95": 3022.468017578125,
  "summary_fg_stdv": 620.71630859375,
  "tsnr": 75.70449829101562
}