{
  "aor": 0.001273267716535433,
  "aqi": 0.0013259175826771654,
  "bids_meta": {
    "AcquisitionMatrixPE": 64,
    "AcquisitionNumber": 1,
    "AcquisitionTime": "19:56:52.000000",
    "BodyPartExamined": "HEAD",
    "CoilString": "32Ch_Head",
    "ConversionSoftware": "dcm2niix",
    "ConversionSoftwareVersion": "v1.0.20181125  (JP2:OpenJPEG) GCC7.3.0",
    "DeviceSerialNumber": "0002806034DVR750",
    "EchoTime": 0.04,
    "EffectiveEchoSpacing": 0.000372,
    "FlipAngle": 90,
    "ImageOrientationPatientDICOM": [
      1,
      0,
      0,
      0,
      1,
      0
    ],
    "ImageType": [
      "ORIGINAL",
      "PRIMARY",
      "EPI",
      "NONE"
    ],
    "ImagingFrequency": 127.772,
    "InPlanePhaseEncodingDirectionDICOM": "COL",
    "InstitutionName": "INSTITUTO_DE_NEUROBIOLOGIA",
    "MRAcquisitionType": "2D",
    "MagneticFieldStrength": 3,
    "Manufacturer": "GE",
    "ManufacturersModelName": "DISCOVERY_MR750",
    "Modality": "MR",
    "PatientPosition": "HFS",
    "PercentPhaseFOV": 100,
    "PhaseEncodingDirection": "j",
    "PhaseEncodingPolarityGE": "Flipped",
    "PixelBandwidth": 7812.5,
    "ProcedureStepDescription": "Emociones_AH",
    "ProtocolName": "fMRI_Jalil_3",
    "ReconMatrixPE": 64,
    "RepetitionTime": 2,
    "SAR": 0.233878,
    "ScanOptions": "EPI_GEMS_ACC_GEMS",
    "ScanningSequence": "EP_GR",
    "SequenceVariant": "SS",
    "SeriesDescription": "fMRI_Jalil_3",
    "SeriesNumber": 7,
    "SliceThickness": 4,
    "SliceTiming": [
      0,
      1.0285,
      0.0571001,
      1.0857,
      0.1142,
      1.1428,
      0.1714,
      1.2,
      0.2285,
      1.2571,
      0.2857,
      1.3143,
      0.3428,
      1.3714,
      0.4,
      1.4286,
      0.4571,
      1.4857,
      0.5142,
      1.5428,
      0.5714,
      1.6,
      0.6285,
      1.6571,
      0.6857,
      1.7143,
      0.7428,
      1.7714,
      0.8,
      1.8285,
      0.8571,
      1.8857,
      0.9143,
      1.9428,
      0.9714
    ],
    "SoftwareVersions": "27_LX_MR_Software_release:DV26.0_R02_1810.b",
    "SpacingBetweenSlices": 4,
    "StationName": "GEHCGEHC",
    "TaskName": "eah",
    "TotalReadoutTime": 0.023436,
    "dataset": "unknown",
    "modality": "bold",
    "run_id": 3,
    "subject_id": "40",
    "task_id": "eah"
  },
  "dummy_trs": 0,
  "dvars_nstd": 15.881508774347827,
  "dvars_std": 1.1188479643873512,
  "dvars_vstd": 0.9909671579841896,
  "efc": 0.3681120089161619,
  "fber": 76592.6015625,
  "fd_mean": 0.05669806611654372,
  "fd_num": 3,
  "fd_perc": 1.1811023622047243,
  "fwhm_avg": 2.6905750000000004,
  "fwhm_x": 2.614775,
  "fwhm_y": 2.80525,
  "fwhm_z": 2.6517,
  "gcor": 0.0359855,
  "gsr_x": -0.005116176325827837,
  "gsr_y": 0.003939909860491753,
  "provenance": {
    "md5sum": "1eb171dc6a1412e55ce8d5bb5fc81025",
    "settings": {
      "fd_thres": 0.2,
      "hmc_fsl": false
    },
    "software": "mriqc",
    "version": "0.15.2rc1",
    "webapi_port": null,
    "webapi_url": "https://mriqc.nimh.nih.gov/api/v1"
  },
  "size_t": 254,
  "size_x": 64,
  "size_y": 64,
  "size_z": 35,
  "snr": 3.0242419590732497,
  "spacing_tr": 2.0,
  "spacing_x": 4.0,
  "spacing_y": 4.0,
  "spacing_z": 4.0,
  "summary_bg_k": 54.197402839768294,
  "summary_bg_mad": 9.234161376953125,
  "summary_bg_mean": 30.861717224121094,
  "summary_bg_median": 6.637795448303223,
  "summary_bg_n": 95608.0,
  "summary_bg_p05": 0.08267716318368912,
  "summary_bg_p95": 144.387993621826,
  "summary_bg_stdv": 87.57183074951172,
  "summary_fg_k": 0.0748328470648838,
  "summary_fg_mad": 582.0323486328125,
  "summary_fg_mean": 1915.64599609375,
  "summary_fg_median": 1872.49609375,
  "summary_fg_n": 19483.0,
  "summary_fg_p05": 928.0362243652344,
  "summary_fg_p95": 2991.197314453125,
  "summary_fg_stdv": 619.146240234375,
  "tsnr": 74.73723602294922
}