{
  "bids_meta": {
    "AcquisitionDateTime": "2017-02-23T18:43:38.000000",
    "ConversionSoftware": "dcm2niix",
    "ConversionSoftwareVersion": "v1.0.20170411 GCC4.8.4",
    "EchoTime": 0.00318,
    "FlipAngle": 12,
    "ImageType": [
      "DERIVED",
      "PRIMARY",
      "OTHER"
    ],
    "InversionTime": 0.45,
    "MagneticFieldStrength": 3,
    "Manufacturer": "GE",
    "ManufacturersModelName": "DISCOVERY_MR750",
    "ProcedureStepDescription": "ActosHabla",
    "ProtocolName": "PU:Sag_T1_FSPGR_BRAVO",
    "RepetitionTime": 0.008156,
    "ScanningSequence": "GR",
    "SequenceVariant": "SS_SP_SK",
    "SeriesDescription": "PU:Sag_T1_FSPGR_BRAVO",
    "dataset": "unknown",
    "modality": "T1w",
    "subject_id": "18"
  },
  "cjv": 0.4329178982528196,
  "cnr": 3.071322927718184,
  "efc": 0.7435699925023842,
  "fber": 5756.41162109375,
  "fwhm_avg": 3.7101666666666664,
  "fwhm_x": 3.58545,
  "fwhm_y": 4.04334,
  "fwhm_z": 3.50171,
  "icvs_csf": 0.2279888775154978,
  "icvs_gm": 0.4209338703716911,
  "icvs_wm": 0.3510772521128111,
  "inu_med": 0.8397926688194275,
  "inu_range": 0.26761666536331163,
  "provenance": {
    "md5sum": "11cb9c021cca5c854ecae072f16e8f8a",
    "settings": {
      "testing": false
    },
    "software": "mriqc",
    "version": "0.15.2rc1",
    "warnings": {
      "large_rot_frame": true,
      "small_air_mask": true
    },
    "webapi_port": null,
    "webapi_url": "https://mriqc.nimh.nih.gov/api/v1"
  },
  "qi_1": 0.0,
  "qi_2": 0.0021048399249709846,
  "rpve_csf": 23.992656482369057,
  "rpve_gm": 13.261804879529182,
  "rpve_wm": 19.17966132906995,
  "size_x": 176,
  "size_y": 256,
  "size_z": 256,
  "snr_csf": 3.2957544503106715,
  "snr_gm": 10.62218142079216,
  "snr_total": 10.249420670305861,
  "snr_wm": 16.830326139814755,
  "snrd_csf": 51.42797105866316,
  "snrd_gm": 94.15883091398365,
  "snrd_total": 92.22365223925756,
  "snrd_wm": 131.08415474512591,
  "spacing_x": 1.0,
  "spacing_y": 1.0,
  "spacing_z": 1.0,
  "summary_bg_k": 6.432096009448628,
  "summary_bg_mad": 4.997921943664551,
  "summary_bg_mean": 12.362678527832031,
  "summary_bg_median": 3.371047019958496,
  "summary_bg_n": 227156.0,
  "summary_bg_p05": 0.0,
  "summary_bg_p95": 49.96859073638916,
  "summary_bg_stdv": 17.577011108398438,
  "summary_csf_k": -0.4436782693133625,
  "summary_csf_mad": 131.51300048828125,
  "summary_csf_mean": 380.18359375,
  "summary_csf_median": 392.3350830078125,
  "summary_csf_n": 13204.0,
  "summary_csf_p05": 184.05151824951173,
  "summary_csf_p95": 557.5225067138672,
  "summary_csf_stdv": 119.0380630493164,
  "summary_gm_k": 0.135102749772682,
  "summary_gm_mad": 66.1964111328125,
  "summary_gm_mean": 719.4314575195312,
  "summary_gm_median": 718.3214111328125,
  "summary_gm_n": 21360.0,
  "summary_gm_p05": 609.7993743896485,
  "summary_gm_p95": 833.2763824462891,
  "summary_gm_stdv": 67.62307739257812,
  "summary_wm_k": 1.2390560717264911,
  "summary_wm_mad": 55.755218505859375,
  "summary_wm_mean": 1003.1401977539062,
  "summary_wm_median": 1000.018310546875,
  "summary_wm_n": 187154.0,
  "summary_wm_p05": 912.0625366210937,
  "summary_wm_p95": 1103.90625,
  "summary_wm_stdv": 59.417484283447266,
  "tpm_overlap_csf": 0.19815020263195038,
  "tpm_overlap_gm": 0.49467048048973083,
  "tpm_overlap_wm": 0.5522506237030029,
  "wm2max": 0.3779446417004921
}