{
  "bids_meta": {
    "AcquisitionDateTime": "2017-07-04T19:03:24.000000",
    "ConversionSoftware": "dcm2niix",
    "ConversionSoftwareVersion": "v1.0.20170411 GCC4.8.4",
    "EchoTime": 0.00318,
    "FlipAngle": 12,
    "ImageType": [
      "DERIVED",
      "PRIMARY",
      "OTHER"
    ],
    "InversionTime": 0.45,
    "MagneticFieldStrength": 3,
    "Manufacturer": "GE",
    "ManufacturersModelName": "DISCOVERY_MR750",
    "ProtocolName": "PU:Sag_T1_FSPGR_BRAVO",
    "RepetitionTime": 0.008156,
    "ScanningSequence": "GR",
    "SequenceVariant": "SS_SP_SK",
    "SeriesDescription": "PU:Sag_T1_FSPGR_BRAVO",
    "dataset": "unknown",
    "modality": "T1w",
    "subject_id": "68"
  },
  "cjv": 0.4004396429743983,
  "cnr": 3.339473089163837,
  "efc": 0.7448890928663653,
  "fber": 2148.665283203125,
  "fwhm_avg": 3.4295266666666664,
  "fwhm_x": 3.31951,
  "fwhm_y": 3.64332,
  "fwhm_z": 3.32575,
  "icvs_csf": 0.19839982783865062,
  "icvs_gm": 0.4438221201905687,
  "icvs_wm": 0.3577780519707807,
  "inu_med": 1.018194556236267,
  "inu_range": 0.3117880702018738,
  "provenance": {
    "md5sum": "22451d8407c12adfec8fc4c3093751a4",
    "settings": {
      "testing": false
    },
    "software": "mriqc",
    "version": "0.15.2rc1",
    "warnings": {
      "large_rot_frame": true,
      "small_air_mask": false
    },
    "webapi_port": null,
    "webapi_url": "https://mriqc.nimh.nih.gov/api/v1"
  },
  "qi_1": 0.0,
  "qi_2": 0.002743597327929745,
  "rpve_csf": 24.743880511758636,
  "rpve_gm": 12.187017839017512,
  "rpve_wm": 18.103003823910502,
  "size_x": 176,
  "size_y": 256,
  "size_z": 256,
  "snr_csf": 2.5229300277570017,
  "snr_gm": 10.365619762446348,
  "snr_total": 10.21183587111907,
  "snr_wm": 17.74695782315386,
  "snrd_csf": 25.873060652751075,
  "snrd_gm": 56.56966894014895,
  "snrd_total": 54.420590590760696,
  "snrd_wm": 80.81904217938207,
  "spacing_x": 1.0,
  "spacing_y": 1.0,
  "spacing_z": 1.0,
  "summary_bg_k": 6.805214601333436,
  "summary_bg_mad": 8.106318473815918,
  "summary_bg_mean": 14.05412769317627,
  "summary_bg_median": 6.35729455947876,
  "summary_bg_n": 375069.0,
  "summary_bg_p05": 0.0,
  "summary_bg_p95": 51.8772247314453,
  "summary_bg_stdv": 18.38377571105957,
  "summary_csf_k": 0.8160035486897117,
  "summary_csf_mad": 114.41431427001953,
  "summary_csf_mean": 343.3091735839844,
  "summary_csf_median": 320.1398620605469,
  "summary_csf_n": 6258.0,
  "summary_csf_p05": 170.08313293457033,
  "summary_csf_p95": 572.9085205078125,
  "summary_csf_stdv": 126.88195037841797,
  "summary_gm_k": 0.2640870997418876,
  "summary_gm_mad": 64.98365783691406,
  "summary_gm_mean": 702.3396606445312,
  "summary_gm_median": 699.9638061523438,
  "summary_gm_n": 28903.0,
  "summary_gm_p05": 594.283203125,
  "summary_gm_p95": 817.0962829589843,
  "summary_gm_stdv": 67.52627563476562,
  "summary_wm_k": 0.28018213379447143,
  "summary_wm_mad": 55.16793441772461,
  "summary_wm_mean": 1000.8001708984375,
  "summary_wm_median": 1000.0130004882812,
  "summary_wm_n": 206708.0,
  "summary_wm_p05": 909.5936096191406,
  "summary_wm_p95": 1094.0983337402342,
  "summary_wm_stdv": 56.34828186035156,
  "tpm_overlap_csf": 0.19685609638690948,
  "tpm_overlap_gm": 0.5118473172187805,
  "tpm_overlap_wm": 0.5674475431442261,
  "wm2max": 0.3947137682170697
}