{
  "aor": 0.002186149425287356,
  "aqi": 0.0026147294827586205,
  "bids_meta": {
    "AcquisitionMatrixPE": 64,
    "AcquisitionNumber": 1,
    "AcquisitionTime": "20:16:44.000000",
    "CoilString": "32Ch_Head",
    "ConversionSoftware": "dcm2niix",
    "ConversionSoftwareVersion": "v1.0.20190902",
    "Dcm2bidsVersion": "2.1.4",
    "DeviceSerialNumber": "000000000000GEHC",
    "EchoTime": 0.04,
    "EffectiveEchoSpacing": 0.000372,
    "FlipAngle": 90,
    "ImageOrientationPatientDICOM": [
      1,
      0,
      0,
      0,
      1,
      0
    ],
    "ImageType": [
      "ORIGINAL",
      "PRIMARY",
      "EPI",
      "NONE"
    ],
    "ImagingFrequency": 127.772,
    "InPlanePhaseEncodingDirectionDICOM": "COL",
    "InstitutionName": "INSTITUTO_DE_NEUROBIOLOGIA",
    "MRAcquisitionType": "2D",
    "MagneticFieldStrength": 3,
    "Manufacturer": "GE",
    "ManufacturersModelName": "DISCOVERY_MR750",
    "Modality": "MR",
    "PatientPosition": "HFS",
    "PercentPhaseFOV": 100,
    "PhaseEncodingDirection": "j",
    "PhaseEncodingPolarityGE": "Flipped",
    "PixelBandwidth": 7812.5,
    "ProcedureStepDescription": "verbos",
    "ProtocolName": "fMRI_4",
    "ReconMatrixPE": 64,
    "RepetitionTime": 2,
    "SAR": 0.375623,
    "ScanOptions": "EPI_GEMS_ACC_GEMS",
    "ScanningSequence": "EP_GR",
    "SequenceVariant": "SS",
    "SeriesDescription": "fMRI_4",
    "SeriesNumber": 7,
    "SliceThickness": 4,
    "SliceTiming": [
      0,
      1.0285,
      0.0571001,
      1.0857,
      0.1142,
      1.1428,
      0.1714,
      1.2,
      0.2285,
      1.2571,
      0.2857,
      1.3143,
      0.3428,
      1.3714,
      0.4,
      1.4286,
      0.4571,
      1.4857,
      0.5142,
      1.5428,
      0.5714,
      1.6,
      0.6285,
      1.6571,
      0.6857,
      1.7143,
      0.7428,
      1.7714,
      0.8,
      1.8285,
      0.8571,
      1.8857,
      0.9143,
      1.9428,
      0.9714
    ],
    "SoftwareVersions": "24_LX_MR_Software_release:DV24.0_R02_1607.b",
    "SpacingBetweenSlices": 4,
    "StationName": "GEHCGEHC",
    "TotalReadoutTime": 0.023436,
    "dataset": "unknown",
    "modality": "bold",
    "run_id": 4,
    "subject_id": "136",
    "task_id": "verbs"
  },
  "dummy_trs": 0,
  "dvars_nstd": 15.254993339075144,
  "dvars_std": 1.0300350472832371,
  "dvars_vstd": 0.9777886157225433,
  "efc": 0.3746678715303266,
  "fber": 68193.34375,
  "fd_mean": 0.09786846264306875,
  "fd_num": 17,
  "fd_perc": 9.770114942528735,
  "fwhm_avg": 3.0738250000000007,
  "fwhm_x": 2.948325,
  "fwhm_y": 3.064325,
  "fwhm_z": 3.208825,
  "gcor": 0.0388417,
  "gsr_x": 0.0005127795739099383,
  "gsr_y": 0.00976572185754776,
  "provenance": {
    "md5sum": "a9f3b842e825c2c406583428ab7cc028",
    "settings": {
      "fd_thres": 0.2,
      "hmc_fsl": false
    },
    "software": "mriqc",
    "version": "0.15.2rc1",
    "webapi_port": null,
    "webapi_url": "https://mriqc.nimh.nih.gov/api/v1"
  },
  "size_t": 174,
  "size_x": 64,
  "size_y": 64,
  "size_z": 35,
  "snr": 2.2998093739906524,
  "spacing_tr": 2.0,
  "spacing_x": 4.0,
  "spacing_y": 4.0,
  "spacing_z": 4.0,
  "summary_bg_k": 51.1351319739031,
  "summary_bg_mad": 9.176796913146973,
  "summary_bg_mean": 35.82127380371094,
  "summary_bg_median": 6.528735637664795,
  "summary_bg_n": 93575.0,
  "summary_bg_p05": 0.06896551698446274,
  "summary_bg_p95": 174.59884796142586,
  "summary_bg_stdv": 103.95974731445312,
  "summary_fg_k": 0.9708969268081606,
  "summary_fg_mad": 629.2070922851562,
  "summary_fg_mean": 1856.0478515625,
  "summary_fg_median": 1751.8189697265625,
  "summary_fg_n": 21246.0,
  "summary_fg_p05": 754.0977172851562,
  "summary_fg_p95": 3339.3993530273438,
  "summary_fg_stdv": 761.7056274414062,
  "tsnr": 60.35667419433594
}