{
  "aor": 0.0037605747126436785,
  "aqi": 0.0024624443505747128,
  "bids_meta": {
    "AcquisitionMatrixPE": 64,
    "AcquisitionNumber": 1,
    "AcquisitionTime": "19:55:32.000000",
    "CoilString": "32Ch_Head",
    "ConversionSoftware": "dcm2niix",
    "ConversionSoftwareVersion": "v1.0.20190902",
    "Dcm2bidsVersion": "2.1.4",
    "DeviceSerialNumber": "000000000000GEHC",
    "EchoTime": 0.04,
    "EffectiveEchoSpacing": 0.000372,
    "FlipAngle": 90,
    "ImageOrientationPatientDICOM": [
      1,
      0,
      0,
      0,
      1,
      0
    ],
    "ImageType": [
      "ORIGINAL",
      "PRIMARY",
      "EPI",
      "NONE"
    ],
    "ImagingFrequency": 127.772,
    "InPlanePhaseEncodingDirectionDICOM": "COL",
    "InstitutionName": "INSTITUTO_DE_NEUROBIOLOGIA",
    "MRAcquisitionType": "2D",
    "MagneticFieldStrength": 3,
    "Manufacturer": "GE",
    "ManufacturersModelName": "DISCOVERY_MR750",
    "Modality": "MR",
    "PatientPosition": "HFS",
    "PercentPhaseFOV": 100,
    "PhaseEncodingDirection": "j",
    "PhaseEncodingPolarityGE": "Flipped",
    "PixelBandwidth": 7812.5,
    "ProcedureStepDescription": "verbos",
    "ProtocolName": "fMRI_1",
    "ReconMatrixPE": 64,
    "RepetitionTime": 2,
    "SAR": 0.375623,
    "ScanOptions": "EPI_GEMS_ACC_GEMS",
    "ScanningSequence": "EP_GR",
    "SequenceVariant": "SS",
    "SeriesDescription": "fMRI_1",
    "SeriesNumber": 4,
    "SliceThickness": 4,
    "SliceTiming": [
      0,
      1.0285,
      0.0571001,
      1.0857,
      0.1142,
      1.1428,
      0.1714,
      1.2,
      0.2285,
      1.2571,
      0.2857,
      1.3143,
      0.3428,
      1.3714,
      0.4,
      1.4286,
      0.4571,
      1.4857,
      0.5142,
      1.5428,
      0.5714,
      1.6,
      0.6285,
      1.6571,
      0.6857,
      1.7143,
      0.7428,
      1.7714,
      0.8,
      1.8285,
      0.8571,
      1.8857,
      0.9143,
      1.9428,
      0.9714
    ],
    "SoftwareVersions": "24_LX_MR_Software_release:DV24.0_R02_1607.b",
    "SpacingBetweenSlices": 4,
    "StationName": "GEHCGEHC",
    "TotalReadoutTime": 0.023436,
    "dataset": "unknown",
    "modality": "bold",
    "run_id": 1,
    "subject_id": "136",
    "task_id": "verbs"
  },
  "dummy_trs": 0,
  "dvars_nstd": 16.883049998208094,
  "dvars_std": 1.0694979512138725,
  "dvars_vstd": 0.9843946673988444,
  "efc": 0.3740225331318896,
  "fber": 67519.1484375,
  "fd_mean": 0.06562055624765165,
  "fd_num": 3,
  "fd_perc": 1.7241379310344827,
  "fwhm_avg": 3.0754,
  "fwhm_x": 2.96895,
  "fwhm_y": 3.078675,
  "fwhm_z": 3.178575,
  "gcor": 0.01843,
  "gsr_x": 0.00018435847596265376,
  "gsr_y": 0.00789764802902937,
  "provenance": {
    "md5sum": "04d569a48fcc0eb7948cb8226b23e269",
    "settings": {
      "fd_thres": 0.2,
      "hmc_fsl": false
    },
    "software": "mriqc",
    "version": "0.15.2rc1",
    "webapi_port": null,
    "webapi_url": "https://mriqc.nimh.nih.gov/api/v1"
  },
  "size_t": 174,
  "size_x": 64,
  "size_y": 64,
  "size_z": 35,
  "snr": 2.298035609020572,
  "spacing_tr": 2.0,
  "spacing_x": 4.0,
  "spacing_y": 4.0,
  "spacing_z": 4.0,
  "summary_bg_k": 51.05834190505789,
  "summary_bg_mad": 9.219400405883789,
  "summary_bg_mean": 34.98005676269531,
  "summary_bg_median": 6.574712753295898,
  "summary_bg_n": 93634.0,
  "summary_bg_p05": 0.06321839243173599,
  "summary_bg_p95": 168.24195861816378,
  "summary_bg_stdv": 101.51588439941406,
  "summary_fg_k": 0.8481666421646672,
  "summary_fg_mad": 648.7536010742188,
  "summary_fg_mean": 1843.219970703125,
  "summary_fg_median": 1749.3419189453125,
  "summary_fg_n": 21262.0,
  "summary_fg_p05": 720.709194946289,
  "summary_fg_p95": 3294.1364990234374,
  "summary_fg_stdv": 761.2156982421875,
  "tsnr": 60.37882995605469
}