{
  "aor": 0.0022801724137931035,
  "aqi": 0.007109904827586206,
  "bids_meta": {
    "AcquisitionMatrixPE": 64,
    "AcquisitionNumber": 1,
    "AcquisitionTime": "20:23:29.000000",
    "CoilString": "32Ch_Head",
    "ConversionSoftware": "dcm2niix",
    "ConversionSoftwareVersion": "v1.0.20190902",
    "Dcm2bidsVersion": "2.1.4",
    "DeviceSerialNumber": "000000000000GEHC",
    "EchoTime": 0.04,
    "EffectiveEchoSpacing": 0.000372,
    "FlipAngle": 90,
    "ImageOrientationPatientDICOM": [
      1,
      0,
      0,
      0,
      1,
      0
    ],
    "ImageType": [
      "ORIGINAL",
      "PRIMARY",
      "EPI",
      "NONE"
    ],
    "ImagingFrequency": 127.772,
    "InPlanePhaseEncodingDirectionDICOM": "COL",
    "InstitutionName": "INSTITUTO_DE_NEUROBIOLOGIA",
    "MRAcquisitionType": "2D",
    "MagneticFieldStrength": 3,
    "Manufacturer": "GE",
    "ManufacturersModelName": "DISCOVERY_MR750",
    "Modality": "MR",
    "PatientPosition": "HFS",
    "PercentPhaseFOV": 100,
    "PhaseEncodingDirection": "j",
    "PhaseEncodingPolarityGE": "Flipped",
    "PixelBandwidth": 7812.5,
    "ProcedureStepDescription": "verbos",
    "ProtocolName": "fMRI_5",
    "ReconMatrixPE": 64,
    "RepetitionTime": 2,
    "SAR": 0.375623,
    "ScanOptions": "EPI_GEMS_ACC_GEMS",
    "ScanningSequence": "EP_GR",
    "SequenceVariant": "SS",
    "SeriesDescription": "fMRI_5",
    "SeriesNumber": 8,
    "SliceThickness": 4,
    "SliceTiming": [
      0,
      1.0285,
      0.0571001,
      1.0857,
      0.1142,
      1.1428,
      0.1714,
      1.2,
      0.2285,
      1.2571,
      0.2857,
      1.3143,
      0.3428,
      1.3714,
      0.4,
      1.4286,
      0.4571,
      1.4857,
      0.5142,
      1.5428,
      0.5714,
      1.6,
      0.6285,
      1.6571,
      0.6857,
      1.7143,
      0.7428,
      1.7714,
      0.8,
      1.8285,
      0.8571,
      1.8857,
      0.9143,
      1.9428,
      0.9714
    ],
    "SoftwareVersions": "24_LX_MR_Software_release:DV24.0_R02_1607.b",
    "SpacingBetweenSlices": 4,
    "StationName": "GEHCGEHC",
    "TotalReadoutTime": 0.023436,
    "dataset": "unknown",
    "modality": "bold",
    "run_id": 5,
    "subject_id": "136",
    "task_id": "verbs"
  },
  "dummy_trs": 0,
  "dvars_nstd": 18.91293164630059,
  "dvars_std": 0.9235596492485552,
  "dvars_vstd": 0.8839882154913294,
  "efc": 0.3712079551207312,
  "fber": 62903.359375,
  "fd_mean": 0.24156686594497354,
  "fd_num": 74,
  "fd_perc": 42.52873563218391,
  "fwhm_avg": 3.128341666666666,
  "fwhm_x": 3.011075,
  "fwhm_y": 3.098325,
  "fwhm_z": 3.275625,
  "gcor": 0.0312134,
  "gsr_x": 0.0009855141397565603,
  "gsr_y": 0.00980656873434782,
  "provenance": {
    "md5sum": "ef6944f99314c90166fde2144e6fad46",
    "settings": {
      "fd_thres": 0.2,
      "hmc_fsl": false
    },
    "software": "mriqc",
    "version": "0.15.2rc1",
    "webapi_port": null,
    "webapi_url": "https://mriqc.nimh.nih.gov/api/v1"
  },
  "size_t": 174,
  "size_x": 64,
  "size_y": 64,
  "size_z": 35,
  "snr": 2.2499018831700495,
  "spacing_tr": 2.0,
  "spacing_x": 4.0,
  "spacing_y": 4.0,
  "spacing_z": 4.0,
  "summary_bg_k": 47.91383274508158,
  "summary_bg_mad": 9.279045104980469,
  "summary_bg_mean": 33.96089553833008,
  "summary_bg_median": 6.660919666290283,
  "summary_bg_n": 93791.0,
  "summary_bg_p05": 0.09770114719867706,
  "summary_bg_p95": 163.83045959472656,
  "summary_bg_stdv": 95.43414306640625,
  "summary_fg_k": 1.0324315140005895,
  "summary_fg_mad": 628.8193359375,
  "summary_fg_mean": 1819.8804931640625,
  "summary_fg_median": 1716.9827880859375,
  "summary_fg_n": 21025.0,
  "summary_fg_p05": 719.0494262695313,
  "summary_fg_p95": 3304.009277343749,
  "summary_fg_stdv": 763.1185913085938,
  "tsnr": 34.895511627197266
}