{
  "bids_meta": {
    "AcquisitionDateTime": "2017-01-31T19:03:4.000000",
    "ConversionSoftware": "dcm2niix",
    "ConversionSoftwareVersion": "v1.0.20170411 GCC4.8.4",
    "EchoTime": 0.00318,
    "FlipAngle": 12,
    "ImageType": [
      "DERIVED",
      "PRIMARY",
      "OTHER"
    ],
    "InversionTime": 0.45,
    "MagneticFieldStrength": 3,
    "Manufacturer": "GE",
    "ManufacturersModelName": "DISCOVERY_MR750",
    "ProcedureStepDescription": "ActosHabla",
    "ProtocolName": "PU:Sag_T1_FSPGR_BRAVO",
    "RepetitionTime": 0.008156,
    "ScanningSequence": "GR",
    "SequenceVariant": "SS_SP_SK",
    "SeriesDescription": "PU:Sag_T1_FSPGR_BRAVO",
    "dataset": "unknown",
    "modality": "T1w",
    "subject_id": "12"
  },
  "cjv": 0.4450621640677953,
  "cnr": 2.874547102262916,
  "efc": 0.7143904141084914,
  "fber": 5010.873046875,
  "fwhm_avg": 3.7381766666666665,
  "fwhm_x": 3.85898,
  "fwhm_y": 3.89834,
  "fwhm_z": 3.45721,
  "icvs_csf": 0.20073889726722868,
  "icvs_gm": 0.43544848761287236,
  "icvs_wm": 0.36381261511989893,
  "inu_med": 0.8736634850502014,
  "inu_range": 0.2645348191261292,
  "provenance": {
    "md5sum": "7ecef19145e876b98d050a5a809b062c",
    "settings": {
      "testing": false
    },
    "software": "mriqc",
    "version": "0.15.2rc1",
    "warnings": {
      "large_rot_frame": true,
      "small_air_mask": false
    },
    "webapi_port": null,
    "webapi_url": "https://mriqc.nimh.nih.gov/api/v1"
  },
  "qi_1": 0.0,
  "qi_2": 0.001516313002588544,
  "rpve_csf": 25.719982111073154,
  "rpve_gm": 12.85593135990807,
  "rpve_wm": 18.15657655116011,
  "size_x": 176,
  "size_y": 256,
  "size_z": 256,
  "snr_csf": 3.193938994534309,
  "snr_gm": 10.482056261922528,
  "snr_total": 10.772457950280817,
  "snr_wm": 18.641378594385614,
  "snrd_csf": 46.74879961227102,
  "snrd_gm": 103.05781801959797,
  "snrd_total": 96.32751184294726,
  "snrd_wm": 139.17591789697278,
  "spacing_x": 1.0,
  "spacing_y": 1.0,
  "spacing_z": 1.0,
  "summary_bg_k": 23.90699392955094,
  "summary_bg_mad": 4.707360744476318,
  "summary_bg_mean": 11.1705961227417,
  "summary_bg_median": 3.9268147945404053,
  "summary_bg_n": 598181.0,
  "summary_bg_p05": 0.0,
  "summary_bg_p95": 45.31747055053711,
  "summary_bg_stdv": 16.808990478515625,
  "summary_csf_k": 0.6961372060051216,
  "summary_csf_mad": 86.52713775634766,
  "summary_csf_mean": 364.0173034667969,
  "summary_csf_median": 335.9048156738281,
  "summary_csf_n": 19835.0,
  "summary_csf_p05": 236.76595916748045,
  "summary_csf_p95": 574.9288330078125,
  "summary_csf_stdv": 105.16680145263672,
  "summary_gm_k": 0.46378778737614335,
  "summary_gm_mad": 66.43458557128906,
  "summary_gm_mean": 744.2173461914062,
  "summary_gm_median": 740.5028076171875,
  "summary_gm_n": 25619.0,
  "summary_gm_p05": 635.65205078125,
  "summary_gm_p95": 869.2429626464843,
  "summary_gm_stdv": 70.64342498779297,
  "summary_wm_k": 0.8579753784098276,
  "summary_wm_mad": 49.067901611328125,
  "summary_wm_mean": 1003.4385986328125,
  "summary_wm_median": 1000.022705078125,
  "summary_wm_n": 203472.0,
  "summary_wm_p05": 921.6893890380859,
  "summary_wm_p95": 1097.9899291992188,
  "summary_wm_stdv": 53.64518737792969,
  "tpm_overlap_csf": 0.23495052754878998,
  "tpm_overlap_gm": 0.5167859196662903,
  "tpm_overlap_wm": 0.5709246397018433,
  "wm2max": 0.3670976325418755
}