{
  "bids_meta": {
    "AcquisitionDateTime": "2017-05-04T20:56:53.000000",
    "ConversionSoftware": "dcm2niix",
    "ConversionSoftwareVersion": "v1.0.20170411 GCC4.8.4",
    "EchoTime": 0.00318,
    "FlipAngle": 12,
    "ImageType": [
      "DERIVED",
      "PRIMARY",
      "OTHER"
    ],
    "InversionTime": 0.45,
    "MagneticFieldStrength": 3,
    "Manufacturer": "GE",
    "ManufacturersModelName": "DISCOVERY_MR750",
    "ProcedureStepDescription": "ActosHabla",
    "ProtocolName": "PU:Sag_T1_FSPGR_BRAVO",
    "RepetitionTime": 0.008156,
    "ScanningSequence": "GR",
    "SequenceVariant": "SS_SP_SK",
    "SeriesDescription": "PU:Sag_T1_FSPGR_BRAVO",
    "dataset": "unknown",
    "modality": "T1w",
    "subject_id": "23"
  },
  "cjv": 0.4545513987619334,
  "cnr": 2.8875609345065203,
  "efc": 0.7315250211102481,
  "fber": 2253.37158203125,
  "fwhm_avg": 3.716893333333333,
  "fwhm_x": 3.74059,
  "fwhm_y": 3.91336,
  "fwhm_z": 3.49673,
  "icvs_csf": 0.2066965504760145,
  "icvs_gm": 0.41495422189828657,
  "icvs_wm": 0.37834922762569895,
  "inu_med": 1.4531455039978027,
  "inu_range": 0.5027581810951232,
  "provenance": {
    "md5sum": "ea4b5a1962d70b0579d069311c550fa3",
    "settings": {
      "testing": false
    },
    "software": "mriqc",
    "version": "0.15.2rc1",
    "warnings": {
      "large_rot_frame": true,
      "small_air_mask": false
    },
    "webapi_port": null,
    "webapi_url": "https://mriqc.nimh.nih.gov/api/v1"
  },
  "qi_1": 0.0,
  "qi_2": 0.0012105039644018023,
  "rpve_csf": 23.046575822723344,
  "rpve_gm": 11.786156353991238,
  "rpve_wm": 15.408519287809845,
  "size_x": 176,
  "size_y": 256,
  "size_z": 256,
  "snr_csf": 2.941127072822015,
  "snr_gm": 10.404706063209025,
  "snr_total": 9.41024687644711,
  "snr_wm": 14.884907493310285,
  "snrd_csf": 30.601745014810334,
  "snrd_gm": 68.68342870872141,
  "snrd_total": 65.30137011864264,
  "snrd_wm": 96.61893663239616,
  "spacing_x": 1.0,
  "spacing_y": 1.0,
  "spacing_z": 1.0,
  "summary_bg_k": 12.24956694560845,
  "summary_bg_mad": 6.780773162841797,
  "summary_bg_mean": 18.20823860168457,
  "summary_bg_median": 5.325970649719238,
  "summary_bg_n": 719656.0,
  "summary_bg_p05": 0.0,
  "summary_bg_p95": 77.52963638305664,
  "summary_bg_stdv": 29.068761825561523,
  "summary_csf_k": 0.9665476735283072,
  "summary_csf_mad": 93.28883361816406,
  "summary_csf_mean": 337.0309143066406,
  "summary_csf_median": 316.7332763671875,
  "summary_csf_n": 26650.0,
  "summary_csf_p05": 194.66173553466797,
  "summary_csf_p95": 542.7749053955079,
  "summary_csf_stdv": 107.68910217285156,
  "summary_gm_k": -0.007734680732467414,
  "summary_gm_mad": 67.70028686523438,
  "summary_gm_mean": 712.4669189453125,
  "summary_gm_median": 710.8851928710938,
  "summary_gm_n": 16139.0,
  "summary_gm_p05": 602.2878723144531,
  "summary_gm_p95": 828.4156372070311,
  "summary_gm_stdv": 68.3213119506836,
  "summary_wm_k": 0.9620989146979877,
  "summary_wm_mad": 63.72746276855469,
  "summary_wm_mean": 1002.5191040039062,
  "summary_wm_median": 1000.0224609375,
  "summary_wm_n": 234517.0,
  "summary_wm_p05": 897.51376953125,
  "summary_wm_p95": 1115.4769287109375,
  "summary_wm_stdv": 67.18350982666016,
  "tpm_overlap_csf": 0.21457087993621826,
  "tpm_overlap_gm": 0.4779244065284729,
  "tpm_overlap_wm": 0.5218620300292969,
  "wm2max": 0.42469930602986944
}