{
  "aor": 0.0016429464285714283,
  "aqi": 0.0020817950580357143,
  "bids_meta": {
    "AcquisitionMatrixPE": 64,
    "AcquisitionNumber": 1,
    "AcquisitionTime": "18:23:3.000000",
    "BodyPartExamined": "HEAD",
    "CoilString": "32Ch_Head",
    "ConversionSoftware": "dcm2niix",
    "ConversionSoftwareVersion": "v1.0.20181125  (JP2:OpenJPEG) GCC7.3.0",
    "DeviceSerialNumber": "0002806034DVR750",
    "EchoTime": 0.04,
    "EffectiveEchoSpacing": 0.000372,
    "FlipAngle": 90,
    "ImageOrientationPatientDICOM": [
      1,
      0,
      0,
      0,
      1,
      0
    ],
    "ImageType": [
      "ORIGINAL",
      "PRIMARY",
      "EPI",
      "NONE"
    ],
    "ImagingFrequency": 127.772,
    "InPlanePhaseEncodingDirectionDICOM": "COL",
    "InstitutionName": "INSTITUTO_DE_NEUROBIOLOGIA",
    "MRAcquisitionType": "2D",
    "MagneticFieldStrength": 3,
    "Manufacturer": "GE",
    "ManufacturersModelName": "DISCOVERY_MR750",
    "Modality": "MR",
    "PatientPosition": "HFS",
    "PercentPhaseFOV": 100,
    "PhaseEncodingDirection": "j",
    "PhaseEncodingPolarityGE": "Flipped",
    "PixelBandwidth": 7812.5,
    "ProcedureStepDescription": "Emociones_AH",
    "ProtocolName": "fMRI_Jalil_2",
    "ReconMatrixPE": 64,
    "RepetitionTime": 2,
    "SAR": 0.162564,
    "ScanOptions": "EPI_GEMS_ACC_GEMS",
    "ScanningSequence": "EP_GR",
    "SequenceVariant": "SS",
    "SeriesDescription": "fMRI_Jalil_2",
    "SeriesNumber": 9,
    "SliceThickness": 4,
    "SliceTiming": [
      0,
      1.0285,
      0.0571001,
      1.0857,
      0.1142,
      1.1428,
      0.1714,
      1.2,
      0.2285,
      1.2571,
      0.2857,
      1.3143,
      0.3428,
      1.3714,
      0.4,
      1.4286,
      0.4571,
      1.4857,
      0.5142,
      1.5428,
      0.5714,
      1.6,
      0.6285,
      1.6571,
      0.6857,
      1.7143,
      0.7428,
      1.7714,
      0.8,
      1.8285,
      0.8571,
      1.8857,
      0.9143,
      1.9428,
      0.9714
    ],
    "SoftwareVersions": "27_LX_MR_Software_release:DV26.0_R03_1831.b",
    "SpacingBetweenSlices": 4,
    "StationName": "GEHCGEHC",
    "TaskName": "eah",
    "TotalReadoutTime": 0.023436,
    "dataset": "unknown",
    "modality": "bold",
    "run_id": 2,
    "subject_id": "42",
    "task_id": "eah"
  },
  "dummy_trs": 0,
  "dvars_nstd": 16.582925501345287,
  "dvars_std": 1.1041668893721976,
  "dvars_vstd": 1.0058752586098656,
  "efc": 0.3089068677448376,
  "fber": 66526.984375,
  "fd_mean": 0.10327453322092656,
  "fd_num": 14,
  "fd_perc": 6.25,
  "fwhm_avg": 2.7499749999999996,
  "fwhm_x": 2.74875,
  "fwhm_y": 2.96425,
  "fwhm_z": 2.536925,
  "gcor": 0.0194262,
  "gsr_x": -0.008971448987722397,
  "gsr_y": 0.001256639719940722,
  "provenance": {
    "md5sum": "dce13b377aef61b7136b864776bfaa48",
    "settings": {
      "fd_thres": 0.2,
      "hmc_fsl": false
    },
    "software": "mriqc",
    "version": "0.15.2rc1",
    "webapi_port": null,
    "webapi_url": "https://mriqc.nimh.nih.gov/api/v1"
  },
  "size_t": 224,
  "size_x": 64,
  "size_y": 64,
  "size_z": 35,
  "snr": 2.9606490761960513,
  "spacing_tr": 2.0,
  "spacing_x": 4.0,
  "spacing_y": 4.0,
  "spacing_z": 4.0,
  "summary_bg_k": 140.32734579686417,
  "summary_bg_mad": 8.227119445800781,
  "summary_bg_mean": 22.18488311767578,
  "summary_bg_median": 6.678571701049805,
  "summary_bg_n": 103386.0,
  "summary_bg_p05": 0.3392857313156128,
  "summary_bg_p95": 85.6875057220459,
  "summary_bg_stdv": 66.22264099121094,
  "summary_fg_k": 0.4894275606850673,
  "summary_fg_mad": 502.9927062988281,
  "summary_fg_mean": 1732.84033203125,
  "summary_fg_median": 1740.513427734375,
  "summary_fg_n": 14003.0,
  "summary_fg_p05": 709.9134521484375,
  "summary_fg_p95": 2734.4599365234376,
  "summary_fg_stdv": 587.8613891601562,
  "tsnr": 73.7911376953125
}