{
  "aor": 0.004092795275590551,
  "aqi": 0.0020275078503937008,
  "bids_meta": {
    "AcquisitionMatrixPE": 64,
    "AcquisitionNumber": 1,
    "AcquisitionTime": "18:31:13.000000",
    "BodyPartExamined": "HEAD",
    "CoilString": "32Ch_Head",
    "ConversionSoftware": "dcm2niix",
    "ConversionSoftwareVersion": "v1.0.20181125  (JP2:OpenJPEG) GCC7.3.0",
    "DeviceSerialNumber": "0002806034DVR750",
    "EchoTime": 0.04,
    "EffectiveEchoSpacing": 0.000372,
    "FlipAngle": 90,
    "ImageOrientationPatientDICOM": [
      1,
      0,
      0,
      0,
      1,
      0
    ],
    "ImageType": [
      "ORIGINAL",
      "PRIMARY",
      "EPI",
      "NONE"
    ],
    "ImagingFrequency": 127.772,
    "InPlanePhaseEncodingDirectionDICOM": "COL",
    "InstitutionName": "INSTITUTO_DE_NEUROBIOLOGIA",
    "MRAcquisitionType": "2D",
    "MagneticFieldStrength": 3,
    "Manufacturer": "GE",
    "ManufacturersModelName": "DISCOVERY_MR750",
    "Modality": "MR",
    "PatientPosition": "HFS",
    "PercentPhaseFOV": 100,
    "PhaseEncodingDirection": "j",
    "PhaseEncodingPolarityGE": "Flipped",
    "PixelBandwidth": 7812.5,
    "ProcedureStepDescription": "Emociones_AH",
    "ProtocolName": "fMRI_Jalil_3",
    "ReconMatrixPE": 64,
    "RepetitionTime": 2,
    "SAR": 0.162564,
    "ScanOptions": "EPI_GEMS_ACC_GEMS",
    "ScanningSequence": "EP_GR",
    "SequenceVariant": "SS",
    "SeriesDescription": "fMRI_Jalil_3",
    "SeriesNumber": 10,
    "SliceThickness": 4,
    "SliceTiming": [
      0,
      1.0285,
      0.0571001,
      1.0857,
      0.1142,
      1.1428,
      0.1714,
      1.2,
      0.2285,
      1.2571,
      0.2857,
      1.3143,
      0.3428,
      1.3714,
      0.4,
      1.4286,
      0.4571,
      1.4857,
      0.5142,
      1.5428,
      0.5714,
      1.6,
      0.6285,
      1.6571,
      0.6857,
      1.7143,
      0.7428,
      1.7714,
      0.8,
      1.8285,
      0.8571,
      1.8857,
      0.9143,
      1.9428,
      0.9714
    ],
    "SoftwareVersions": "27_LX_MR_Software_release:DV26.0_R03_1831.b",
    "SpacingBetweenSlices": 4,
    "StationName": "GEHCGEHC",
    "TaskName": "eah",
    "TotalReadoutTime": 0.023436,
    "dataset": "unknown",
    "modality": "bold",
    "run_id": 3,
    "subject_id": "42",
    "task_id": "eah"
  },
  "dummy_trs": 0,
  "dvars_nstd": 16.336949536561267,
  "dvars_std": 1.1462702508695648,
  "dvars_vstd": 1.0544562274703564,
  "efc": 0.3097590641723621,
  "fber": 64678.52734375,
  "fd_mean": 0.08382039254814881,
  "fd_num": 15,
  "fd_perc": 5.905511811023622,
  "fwhm_avg": 2.75085,
  "fwhm_x": 2.7473,
  "fwhm_y": 2.953525,
  "fwhm_z": 2.551725,
  "gcor": 0.0306713,
  "gsr_x": -0.009352266788482666,
  "gsr_y": 0.001378586865030229,
  "provenance": {
    "md5sum": "600456cec425f817e6de8fa4a0d86903",
    "settings": {
      "fd_thres": 0.2,
      "hmc_fsl": false
    },
    "software": "mriqc",
    "version": "0.15.2rc1",
    "webapi_port": null,
    "webapi_url": "https://mriqc.nimh.nih.gov/api/v1"
  },
  "size_t": 254,
  "size_x": 64,
  "size_y": 64,
  "size_z": 35,
  "snr": 2.9303426087987523,
  "spacing_tr": 2.0,
  "spacing_x": 4.0,
  "spacing_y": 4.0,
  "spacing_z": 4.0,
  "summary_bg_k": 157.09177892918942,
  "summary_bg_mad": 8.387792587280273,
  "summary_bg_mean": 22.731285095214844,
  "summary_bg_median": 6.740157604217529,
  "summary_bg_n": 103431.0,
  "summary_bg_p05": 0.32677164673805237,
  "summary_bg_p95": 87.80511474609375,
  "summary_bg_stdv": 68.90354919433594,
  "summary_fg_k": 0.44191862899295486,
  "summary_fg_mad": 506.1626281738281,
  "summary_fg_mean": 1730.66357421875,
  "summary_fg_median": 1734.3543701171875,
  "summary_fg_n": 14043.0,
  "summary_fg_p05": 704.8846618652344,
  "summary_fg_p95": 2740.008715820313,
  "summary_fg_stdv": 591.8395385742188,
  "tsnr": 71.17694091796875
}