{
  "aor": 0.0107976,
  "aqi": 0.0051149079333333335,
  "bids_meta": {
    "AcquisitionMatrixPE": 64,
    "AcquisitionNumber": 1,
    "AcquisitionTime": "18:40:43.000000",
    "BodyPartExamined": "HEAD",
    "CoilString": "32Ch_Head",
    "ConversionSoftware": "dcm2niix",
    "ConversionSoftwareVersion": "v1.0.20181125  (JP2:OpenJPEG) GCC7.3.0",
    "DeviceSerialNumber": "0002806034DVR750",
    "EchoTime": 0.04,
    "EffectiveEchoSpacing": 0.000372,
    "FlipAngle": 90,
    "ImageOrientationPatientDICOM": [
      1,
      0,
      0,
      0,
      1,
      0
    ],
    "ImageType": [
      "ORIGINAL",
      "PRIMARY",
      "EPI",
      "NONE"
    ],
    "ImagingFrequency": 127.772,
    "InPlanePhaseEncodingDirectionDICOM": "COL",
    "InstitutionName": "INSTITUTO_DE_NEUROBIOLOGIA",
    "MRAcquisitionType": "2D",
    "MagneticFieldStrength": 3,
    "Manufacturer": "GE",
    "ManufacturersModelName": "DISCOVERY_MR750",
    "Modality": "MR",
    "PatientPosition": "HFS",
    "PercentPhaseFOV": 100,
    "PhaseEncodingDirection": "j",
    "PhaseEncodingPolarityGE": "Flipped",
    "PixelBandwidth": 7812.5,
    "ProcedureStepDescription": "Emociones_AH",
    "ProtocolName": "fMRI_Jalil_4",
    "ReconMatrixPE": 64,
    "RepetitionTime": 2,
    "SAR": 0.162564,
    "ScanOptions": "EPI_GEMS_ACC_GEMS",
    "ScanningSequence": "EP_GR",
    "SequenceVariant": "SS",
    "SeriesDescription": "fMRI_Jalil_4",
    "SeriesNumber": 11,
    "SliceThickness": 4,
    "SliceTiming": [
      0,
      1.0285,
      0.0571001,
      1.0857,
      0.1142,
      1.1428,
      0.1714,
      1.2,
      0.2285,
      1.2571,
      0.2857,
      1.3143,
      0.3428,
      1.3714,
      0.4,
      1.4286,
      0.4571,
      1.4857,
      0.5142,
      1.5428,
      0.5714,
      1.6,
      0.6285,
      1.6571,
      0.6857,
      1.7143,
      0.7428,
      1.7714,
      0.8,
      1.8285,
      0.8571,
      1.8857,
      0.9143,
      1.9428,
      0.9714
    ],
    "SoftwareVersions": "27_LX_MR_Software_release:DV26.0_R03_1831.b",
    "SpacingBetweenSlices": 4,
    "StationName": "GEHCGEHC",
    "TaskName": "eah",
    "TotalReadoutTime": 0.023436,
    "dataset": "unknown",
    "modality": "bold",
    "run_id": 4,
    "subject_id": "42",
    "task_id": "eah"
  },
  "dummy_trs": 0,
  "dvars_nstd": 18.68369914053691,
  "dvars_std": 1.0945626099328858,
  "dvars_vstd": 1.0432839899328863,
  "efc": 0.3105882341351102,
  "fber": 65099.6171875,
  "fd_mean": 0.15593831714878584,
  "fd_num": 20,
  "fd_perc": 13.333333333333334,
  "fwhm_avg": 2.7838583333333333,
  "fwhm_x": 2.77665,
  "fwhm_y": 2.996175,
  "fwhm_z": 2.57875,
  "gcor": 0.0150475,
  "gsr_x": -0.009845919907093048,
  "gsr_y": 0.001983226975426078,
  "provenance": {
    "md5sum": "c14fd7f5e9c10bf9ed8c5300cbbf0e2d",
    "settings": {
      "fd_thres": 0.2,
      "hmc_fsl": false
    },
    "software": "mriqc",
    "version": "0.15.2rc1",
    "webapi_port": null,
    "webapi_url": "https://mriqc.nimh.nih.gov/api/v1"
  },
  "size_t": 150,
  "size_x": 64,
  "size_y": 64,
  "size_z": 35,
  "snr": 2.888558209447324,
  "spacing_tr": 2.0,
  "spacing_x": 4.0,
  "spacing_y": 4.0,
  "spacing_z": 4.0,
  "summary_bg_k": 141.89537091294295,
  "summary_bg_mad": 8.282805442810059,
  "summary_bg_mean": 22.824020385742188,
  "summary_bg_median": 6.65333366394043,
  "summary_bg_n": 103326.0,
  "summary_bg_p05": 0.3266666829586029,
  "summary_bg_p95": 89.06666564941406,
  "summary_bg_stdv": 67.48741149902344,
  "summary_fg_k": 0.3819592660862732,
  "summary_fg_mad": 512.8419189453125,
  "summary_fg_mean": 1710.5777587890625,
  "summary_fg_median": 1715.126708984375,
  "summary_fg_n": 14149.0,
  "summary_fg_p05": 681.6760009765626,
  "summary_fg_p95": 2719.1361816406206,
  "summary_fg_stdv": 593.7446899414062,
  "tsnr": 45.4160270690918
}