{
  "aor": 0.003859793388429752,
  "aqi": 0.0031735086776859497,
  "bids_meta": {
    "AcquisitionMatrixPE": 64,
    "AcquisitionNumber": 1,
    "AcquisitionTime": "18:13:45.000000",
    "BodyPartExamined": "HEAD",
    "CoilString": "32Ch_Head",
    "ConversionSoftware": "dcm2niix",
    "ConversionSoftwareVersion": "v1.0.20181125  (JP2:OpenJPEG) GCC7.3.0",
    "DeviceSerialNumber": "0002806034DVR750",
    "EchoTime": 0.04,
    "EffectiveEchoSpacing": 0.000372,
    "FlipAngle": 90,
    "ImageOrientationPatientDICOM": [
      1,
      0,
      0,
      0,
      1,
      0
    ],
    "ImageType": [
      "ORIGINAL",
      "PRIMARY",
      "EPI",
      "NONE"
    ],
    "ImagingFrequency": 127.772,
    "InPlanePhaseEncodingDirectionDICOM": "COL",
    "InstitutionName": "INSTITUTO_DE_NEUROBIOLOGIA",
    "MRAcquisitionType": "2D",
    "MagneticFieldStrength": 3,
    "Manufacturer": "GE",
    "ManufacturersModelName": "DISCOVERY_MR750",
    "Modality": "MR",
    "PatientPosition": "HFS",
    "PercentPhaseFOV": 100,
    "PhaseEncodingDirection": "j",
    "PhaseEncodingPolarityGE": "Flipped",
    "PixelBandwidth": 7812.5,
    "ProcedureStepDescription": "Emociones_AH",
    "ProtocolName": "fMRI_Jalil_1",
    "ReconMatrixPE": 64,
    "RepetitionTime": 2,
    "SAR": 0.162564,
    "ScanOptions": "EPI_GEMS_ACC_GEMS",
    "ScanningSequence": "EP_GR",
    "SequenceVariant": "SS",
    "SeriesDescription": "fMRI_Jalil_1",
    "SeriesNumber": 8,
    "SliceThickness": 4,
    "SliceTiming": [
      0,
      1.0285,
      0.0571001,
      1.0857,
      0.1142,
      1.1428,
      0.1714,
      1.2,
      0.2285,
      1.2571,
      0.2857,
      1.3143,
      0.3428,
      1.3714,
      0.4,
      1.4286,
      0.4571,
      1.4857,
      0.5142,
      1.5428,
      0.5714,
      1.6,
      0.6285,
      1.6571,
      0.6857,
      1.7143,
      0.7428,
      1.7714,
      0.8,
      1.8285,
      0.8571,
      1.8857,
      0.9143,
      1.9428,
      0.9714
    ],
    "SoftwareVersions": "27_LX_MR_Software_release:DV26.0_R03_1831.b",
    "SpacingBetweenSlices": 4,
    "StationName": "GEHCGEHC",
    "TaskName": "eah",
    "TotalReadoutTime": 0.023436,
    "dataset": "unknown",
    "modality": "bold",
    "run_id": 1,
    "subject_id": "42",
    "task_id": "eah"
  },
  "dummy_trs": 0,
  "dvars_nstd": 19.11451869987551,
  "dvars_std": 1.1010271480497926,
  "dvars_vstd": 1.013904463983403,
  "efc": 0.30987495680404303,
  "fber": 65459.015625,
  "fd_mean": 0.1776638805776569,
  "fd_num": 55,
  "fd_perc": 22.727272727272727,
  "fwhm_avg": 2.7588333333333335,
  "fwhm_x": 2.752025,
  "fwhm_y": 2.986525,
  "fwhm_z": 2.53795,
  "gcor": 0.0286943,
  "gsr_x": -0.009449003264307976,
  "gsr_y": 0.0013888328103348613,
  "provenance": {
    "md5sum": "9af8b7226dff507086ebbd966fd284a3",
    "settings": {
      "fd_thres": 0.2,
      "hmc_fsl": false
    },
    "software": "mriqc",
    "version": "0.15.2rc1",
    "webapi_port": null,
    "webapi_url": "https://mriqc.nimh.nih.gov/api/v1"
  },
  "size_t": 242,
  "size_x": 64,
  "size_y": 64,
  "size_z": 35,
  "snr": 2.909484352140069,
  "spacing_tr": 2.0,
  "spacing_x": 4.0,
  "spacing_y": 4.0,
  "spacing_z": 4.0,
  "summary_bg_k": 138.59527802252256,
  "summary_bg_mad": 8.203323364257812,
  "summary_bg_mean": 22.260398864746094,
  "summary_bg_median": 6.6198344230651855,
  "summary_bg_n": 103344.0,
  "summary_bg_p05": 0.3429751992225647,
  "summary_bg_p95": 86.23553466796875,
  "summary_bg_stdv": 65.99793243408203,
  "summary_fg_k": 0.4466415336542555,
  "summary_fg_mad": 511.3783264160156,
  "summary_fg_mean": 1707.6009521484375,
  "summary_fg_median": 1712.54736328125,
  "summary_fg_n": 14080.0,
  "summary_fg_p05": 686.1850738525392,
  "summary_fg_p95": 2706.2438232421873,
  "summary_fg_stdv": 588.587646484375,
  "tsnr": 60.089847564697266
}