{
  "bids_meta": {
    "AcquisitionDateTime": "2016-09-06T19:34:2.000000",
    "ConversionSoftware": "dcm2niix",
    "ConversionSoftwareVersion": "v1.0.20170411 GCC4.8.4",
    "EchoTime": 0.003336,
    "FlipAngle": 12,
    "ImageType": [
      "DERIVED",
      "PRIMARY",
      "OTHER"
    ],
    "InversionTime": 0.45,
    "MagneticFieldStrength": 3,
    "Manufacturer": "GE",
    "ManufacturersModelName": "DISCOVERY_MR750",
    "ProcedureStepDescription": "MeditResp",
    "ProtocolName": "PU:Sag_T1_FSPGR_BRAVO",
    "RepetitionTime": 0.008512,
    "ScanningSequence": "GR",
    "SequenceVariant": "SS_SP_SK",
    "SeriesDescription": "PU:Sag_T1_FSPGR_BRAVO",
    "dataset": "unknown",
    "modality": "T1w",
    "subject_id": "122"
  },
  "cjv": 0.3849464548431849,
  "cnr": 3.414683136004311,
  "efc": 0.7460214550694705,
  "fber": 12137.248046875,
  "fwhm_avg": 3.4674666666666667,
  "fwhm_x": 3.43879,
  "fwhm_y": 3.69913,
  "fwhm_z": 3.26448,
  "icvs_csf": 0.18585466371284762,
  "icvs_gm": 0.4479764465302996,
  "icvs_wm": 0.3661688897568528,
  "inu_med": 0.7580469846725464,
  "inu_range": 0.1808579206466676,
  "provenance": {
    "md5sum": "8e99498dcaa0514fefb9524a4aab1c11",
    "settings": {
      "testing": false
    },
    "software": "mriqc",
    "version": "0.15.2rc1",
    "warnings": {
      "large_rot_frame": true,
      "small_air_mask": true
    },
    "webapi_port": null,
    "webapi_url": "https://mriqc.nimh.nih.gov/api/v1"
  },
  "qi_1": 0.0,
  "qi_2": 0.003685563933318639,
  "rpve_csf": 28.768089426807936,
  "rpve_gm": 13.447066263208908,
  "rpve_wm": 19.624529015713456,
  "size_x": 176,
  "size_y": 256,
  "size_z": 256,
  "snr_csf": 2.731630751848978,
  "snr_gm": 10.679038227165272,
  "snr_total": 11.404575186241809,
  "snr_wm": 20.803056579711182,
  "snrd_csf": 75.46848925230404,
  "snrd_gm": 149.18401172082358,
  "snrd_total": 144.45084939768074,
  "snrd_wm": 208.70004721991467,
  "spacing_x": 1.0,
  "spacing_y": 1.0,
  "spacing_z": 1.0,
  "summary_bg_k": 10.543858481193752,
  "summary_bg_mad": 3.13913631439209,
  "summary_bg_mean": 8.619974136352539,
  "summary_bg_median": 2.1173152923583984,
  "summary_bg_n": 236481.0,
  "summary_bg_p05": 0.0,
  "summary_bg_p95": 36.60133743286133,
  "summary_bg_stdv": 13.547327995300293,
  "summary_csf_k": -1.0706233664631846,
  "summary_csf_mad": 168.72207641601562,
  "summary_csf_mean": 381.00543212890625,
  "summary_csf_median": 361.6130676269531,
  "summary_csf_n": 8084.0,
  "summary_csf_p05": 198.45537338256835,
  "summary_csf_p95": 587.3990539550781,
  "summary_csf_stdv": 132.37173461914062,
  "summary_gm_k": 0.2398292722001507,
  "summary_gm_mad": 63.71244430541992,
  "summary_gm_mean": 717.8899536132812,
  "summary_gm_median": 714.82666015625,
  "summary_gm_n": 25795.0,
  "summary_gm_p05": 612.9005615234375,
  "summary_gm_p95": 833.7953552246094,
  "summary_gm_stdv": 66.93606567382812,
  "summary_wm_k": 0.4139746960369042,
  "summary_wm_mad": 46.06491470336914,
  "summary_wm_mean": 1000.8795776367188,
  "summary_wm_median": 1000.0023193359375,
  "summary_wm_n": 188712.0,
  "summary_wm_p05": 923.5033081054687,
  "summary_wm_p95": 1080.8533020019531,
  "summary_wm_stdv": 48.06984329223633,
  "tpm_overlap_csf": 0.21564416587352753,
  "tpm_overlap_gm": 0.5202615261077881,
  "tpm_overlap_wm": 0.5592796802520752,
  "wm2max": 0.3980457406613166
}