{
  "aor": 0.005151929133858268,
  "aqi": 0.007374282519685041,
  "bids_meta": {
    "AcquisitionMatrixPE": 64,
    "AcquisitionNumber": 1,
    "AcquisitionTime": "13:58:35.000000",
    "BodyPartExamined": "HEAD",
    "CoilString": "32Ch_Head",
    "ConversionSoftware": "dcm2niix",
    "ConversionSoftwareVersion": "v1.0.20181125  (JP2:OpenJPEG) GCC7.3.0",
    "DeviceSerialNumber": "0002806034DVR750",
    "EchoTime": 0.04,
    "EffectiveEchoSpacing": 0.000372,
    "FlipAngle": 90,
    "ImageOrientationPatientDICOM": [
      1,
      0,
      0,
      0,
      1,
      0
    ],
    "ImageType": [
      "ORIGINAL",
      "PRIMARY",
      "EPI",
      "NONE"
    ],
    "ImagingFrequency": 127.772,
    "InPlanePhaseEncodingDirectionDICOM": "COL",
    "InstitutionName": "INSTITUTO_DE_NEUROBIOLOGIA",
    "MRAcquisitionType": "2D",
    "MagneticFieldStrength": 3,
    "Manufacturer": "GE",
    "ManufacturersModelName": "DISCOVERY_MR750",
    "Modality": "MR",
    "PatientPosition": "HFS",
    "PercentPhaseFOV": 100,
    "PhaseEncodingDirection": "j",
    "PhaseEncodingPolarityGE": "Flipped",
    "PixelBandwidth": 7812.5,
    "ProcedureStepDescription": "Emociones_AH",
    "ProtocolName": "fMRI_Jalil_3",
    "ReconMatrixPE": 64,
    "RepetitionTime": 2,
    "SAR": 0.246474,
    "ScanOptions": "EPI_GEMS_ACC_GEMS",
    "ScanningSequence": "EP_GR",
    "SequenceVariant": "SS",
    "SeriesDescription": "fMRI_Jalil_3",
    "SeriesNumber": 7,
    "SliceThickness": 4,
    "SliceTiming": [
      0,
      1.0285,
      0.0571001,
      1.0857,
      0.1142,
      1.1428,
      0.1714,
      1.2,
      0.2285,
      1.2571,
      0.2857,
      1.3143,
      0.3428,
      1.3714,
      0.4,
      1.4286,
      0.4571,
      1.4857,
      0.5142,
      1.5428,
      0.5714,
      1.6,
      0.6285,
      1.6571,
      0.6857,
      1.7143,
      0.7428,
      1.7714,
      0.8,
      1.8285,
      0.8571,
      1.8857,
      0.9143,
      1.9428,
      0.9714
    ],
    "SoftwareVersions": "27_LX_MR_Software_release:DV26.0_R02_1810.b",
    "SpacingBetweenSlices": 4,
    "StationName": "GEHCGEHC",
    "TaskName": "eah",
    "TotalReadoutTime": 0.023436,
    "dataset": "unknown",
    "modality": "bold",
    "run_id": 3,
    "subject_id": "37",
    "task_id": "eah"
  },
  "dummy_trs": 0,
  "dvars_nstd": 24.567678319604745,
  "dvars_std": 1.0540417598814227,
  "dvars_vstd": 1.0316331681422926,
  "efc": 0.349575297463456,
  "fber": 42057.4921875,
  "fd_mean": 0.29614128774464094,
  "fd_num": 132,
  "fd_perc": 51.968503937007874,
  "fwhm_avg": 2.777416666666667,
  "fwhm_x": 2.8012,
  "fwhm_y": 2.911725,
  "fwhm_z": 2.619325,
  "gcor": 0.0582648,
  "gsr_x": 0.004514037631452084,
  "gsr_y": -0.001429704949259758,
  "provenance": {
    "md5sum": "6bd01ce64fc4071bbb122713524d7db6",
    "settings": {
      "fd_thres": 0.2,
      "hmc_fsl": false
    },
    "software": "mriqc",
    "version": "0.15.2rc1",
    "webapi_port": null,
    "webapi_url": "https://mriqc.nimh.nih.gov/api/v1"
  },
  "size_t": 254,
  "size_x": 64,
  "size_y": 64,
  "size_z": 35,
  "snr": 2.7360065966709177,
  "spacing_tr": 2.0,
  "spacing_x": 4.0,
  "spacing_y": 4.0,
  "spacing_z": 4.0,
  "summary_bg_k": 109.35486042540796,
  "summary_bg_mad": 10.728436470031738,
  "summary_bg_mean": 33.61838912963867,
  "summary_bg_median": 7.960629940032959,
  "summary_bg_n": 98740.0,
  "summary_bg_p05": 0.19685038924217224,
  "summary_bg_p95": 139.92756347656197,
  "summary_bg_stdv": 100.89265441894531,
  "summary_fg_k": 0.9004236448584875,
  "summary_fg_mad": 526.6798706054688,
  "summary_fg_mean": 1687.1937255859375,
  "summary_fg_median": 1674.501953125,
  "summary_fg_n": 17128.0,
  "summary_fg_p05": 679.3171173095703,
  "summary_fg_p95": 2745.2336059570307,
  "summary_fg_stdv": 612.0062255859375,
  "tsnr": 31.98399543762207
}