{
  "aor": 0.0072458035714285714,
  "aqi": 0.0052935178125,
  "bids_meta": {
    "AcquisitionMatrixPE": 64,
    "AcquisitionNumber": 1,
    "AcquisitionTime": "13:50:7.000000",
    "BodyPartExamined": "HEAD",
    "CoilString": "32Ch_Head",
    "ConversionSoftware": "dcm2niix",
    "ConversionSoftwareVersion": "v1.0.20181125  (JP2:OpenJPEG) GCC7.3.0",
    "DeviceSerialNumber": "0002806034DVR750",
    "EchoTime": 0.04,
    "EffectiveEchoSpacing": 0.000372,
    "FlipAngle": 90,
    "ImageOrientationPatientDICOM": [
      1,
      0,
      0,
      0,
      1,
      0
    ],
    "ImageType": [
      "ORIGINAL",
      "PRIMARY",
      "EPI",
      "NONE"
    ],
    "ImagingFrequency": 127.772,
    "InPlanePhaseEncodingDirectionDICOM": "COL",
    "InstitutionName": "INSTITUTO_DE_NEUROBIOLOGIA",
    "MRAcquisitionType": "2D",
    "MagneticFieldStrength": 3,
    "Manufacturer": "GE",
    "ManufacturersModelName": "DISCOVERY_MR750",
    "Modality": "MR",
    "PatientPosition": "HFS",
    "PercentPhaseFOV": 100,
    "PhaseEncodingDirection": "j",
    "PhaseEncodingPolarityGE": "Flipped",
    "PixelBandwidth": 7812.5,
    "ProcedureStepDescription": "Emociones_AH",
    "ProtocolName": "fMRI_Jalil_2",
    "ReconMatrixPE": 64,
    "RepetitionTime": 2,
    "SAR": 0.246474,
    "ScanOptions": "EPI_GEMS_ACC_GEMS",
    "ScanningSequence": "EP_GR",
    "SequenceVariant": "SS",
    "SeriesDescription": "fMRI_Jalil_2",
    "SeriesNumber": 6,
    "SliceThickness": 4,
    "SliceTiming": [
      0,
      1.0285,
      0.0571001,
      1.0857,
      0.1142,
      1.1428,
      0.1714,
      1.2,
      0.2285,
      1.2571,
      0.2857,
      1.3143,
      0.3428,
      1.3714,
      0.4,
      1.4286,
      0.4571,
      1.4857,
      0.5142,
      1.5428,
      0.5714,
      1.6,
      0.6285,
      1.6571,
      0.6857,
      1.7143,
      0.7428,
      1.7714,
      0.8,
      1.8285,
      0.8571,
      1.8857,
      0.9143,
      1.9428,
      0.9714
    ],
    "SoftwareVersions": "27_LX_MR_Software_release:DV26.0_R02_1810.b",
    "SpacingBetweenSlices": 4,
    "StationName": "GEHCGEHC",
    "TaskName": "eah",
    "TotalReadoutTime": 0.023436,
    "dataset": "unknown",
    "modality": "bold",
    "run_id": 2,
    "subject_id": "37",
    "task_id": "eah"
  },
  "dummy_trs": 0,
  "dvars_nstd": 17.225451974035884,
  "dvars_std": 1.0112604387892377,
  "dvars_vstd": 1.0314543826905826,
  "efc": 0.3488052685859471,
  "fber": 45938.16015625,
  "fd_mean": 0.13477452156386296,
  "fd_num": 44,
  "fd_perc": 19.642857142857142,
  "fwhm_avg": 2.812116666666667,
  "fwhm_x": 2.814875,
  "fwhm_y": 2.937025,
  "fwhm_z": 2.68445,
  "gcor": 0.0457524,
  "gsr_x": 0.005005696322768927,
  "gsr_y": -0.0018437139224261045,
  "provenance": {
    "md5sum": "e82ea5de409e6c4274c6a12c04ecad9d",
    "settings": {
      "fd_thres": 0.2,
      "hmc_fsl": false
    },
    "software": "mriqc",
    "version": "0.15.2rc1",
    "webapi_port": null,
    "webapi_url": "https://mriqc.nimh.nih.gov/api/v1"
  },
  "size_t": 224,
  "size_x": 64,
  "size_y": 64,
  "size_z": 35,
  "snr": 2.745160423452783,
  "spacing_tr": 2.0,
  "spacing_x": 4.0,
  "spacing_y": 4.0,
  "spacing_z": 4.0,
  "summary_bg_k": 104.86179866991847,
  "summary_bg_mad": 10.616491317749023,
  "summary_bg_mean": 34.3258056640625,
  "summary_bg_median": 7.875000476837158,
  "summary_bg_n": 98814.0,
  "summary_bg_p05": 0.2008928656578064,
  "summary_bg_p95": 142.65044784545893,
  "summary_bg_stdv": 102.69619750976562,
  "summary_fg_k": 0.8410920503182866,
  "summary_fg_mad": 539.7598876953125,
  "summary_fg_mean": 1743.7403564453125,
  "summary_fg_median": 1729.8170166015625,
  "summary_fg_n": 17201.0,
  "summary_fg_p05": 705.7142944335938,
  "summary_fg_p95": 2849.531494140625,
  "summary_fg_stdv": 630.114990234375,
  "tsnr": 39.676002502441406
}