{
  "aor": 0.006031375,
  "aqi": 0.004947636791666667,
  "bids_meta": {
    "AcquisitionMatrixPE": 64,
    "AcquisitionNumber": 1,
    "AcquisitionTime": "13:41:9.000000",
    "BodyPartExamined": "HEAD",
    "CoilString": "32Ch_Head",
    "ConversionSoftware": "dcm2niix",
    "ConversionSoftwareVersion": "v1.0.20181125  (JP2:OpenJPEG) GCC7.3.0",
    "DeviceSerialNumber": "0002806034DVR750",
    "EchoTime": 0.04,
    "EffectiveEchoSpacing": 0.000372,
    "FlipAngle": 90,
    "ImageOrientationPatientDICOM": [
      1,
      0,
      0,
      0,
      1,
      0
    ],
    "ImageType": [
      "ORIGINAL",
      "PRIMARY",
      "EPI",
      "NONE"
    ],
    "ImagingFrequency": 127.772,
    "InPlanePhaseEncodingDirectionDICOM": "COL",
    "InstitutionName": "INSTITUTO_DE_NEUROBIOLOGIA",
    "MRAcquisitionType": "2D",
    "MagneticFieldStrength": 3,
    "Manufacturer": "GE",
    "ManufacturersModelName": "DISCOVERY_MR750",
    "Modality": "MR",
    "PatientPosition": "HFS",
    "PercentPhaseFOV": 100,
    "PhaseEncodingDirection": "j",
    "PhaseEncodingPolarityGE": "Flipped",
    "PixelBandwidth": 7812.5,
    "ProcedureStepDescription": "Emociones_AH",
    "ProtocolName": "fMRI_Jalil_1",
    "ReconMatrixPE": 64,
    "RepetitionTime": 2,
    "SAR": 0.246474,
    "ScanOptions": "EPI_GEMS_ACC_GEMS",
    "ScanningSequence": "EP_GR",
    "SequenceVariant": "SS",
    "SeriesDescription": "fMRI_Jalil_1",
    "SeriesNumber": 5,
    "SliceThickness": 4,
    "SliceTiming": [
      0,
      1.0285,
      0.0571001,
      1.0857,
      0.1142,
      1.1428,
      0.1714,
      1.2,
      0.2285,
      1.2571,
      0.2857,
      1.3143,
      0.3428,
      1.3714,
      0.4,
      1.4286,
      0.4571,
      1.4857,
      0.5142,
      1.5428,
      0.5714,
      1.6,
      0.6285,
      1.6571,
      0.6857,
      1.7143,
      0.7428,
      1.7714,
      0.8,
      1.8285,
      0.8571,
      1.8857,
      0.9143,
      1.9428,
      0.9714
    ],
    "SoftwareVersions": "27_LX_MR_Software_release:DV26.0_R02_1810.b",
    "SpacingBetweenSlices": 4,
    "StationName": "GEHCGEHC",
    "TaskName": "eah",
    "TotalReadoutTime": 0.023436,
    "dataset": "unknown",
    "modality": "bold",
    "run_id": 1,
    "subject_id": "37",
    "task_id": "eah"
  },
  "dummy_trs": 2,
  "dvars_nstd": 14.94966651410042,
  "dvars_std": 0.9926071486610878,
  "dvars_vstd": 0.9810378129707116,
  "efc": 0.34632194039059844,
  "fber": 44570.0078125,
  "fd_mean": 0.08432421865050611,
  "fd_num": 17,
  "fd_perc": 7.083333333333333,
  "fwhm_avg": 2.784791666666667,
  "fwhm_x": 2.791125,
  "fwhm_y": 2.9187,
  "fwhm_z": 2.64455,
  "gcor": 0.0442529,
  "gsr_x": 0.004140113480389118,
  "gsr_y": -0.002472837921231985,
  "provenance": {
    "md5sum": "8d508eab154883127f9c7499f8744737",
    "settings": {
      "fd_thres": 0.2,
      "hmc_fsl": false
    },
    "software": "mriqc",
    "version": "0.15.2rc1",
    "webapi_port": null,
    "webapi_url": "https://mriqc.nimh.nih.gov/api/v1"
  },
  "size_t": 240,
  "size_x": 64,
  "size_y": 64,
  "size_z": 35,
  "snr": 2.7764719359898264,
  "spacing_tr": 2.0,
  "spacing_x": 4.0,
  "spacing_y": 4.0,
  "spacing_z": 4.0,
  "summary_bg_k": 101.84322860572868,
  "summary_bg_mad": 10.785931587219238,
  "summary_bg_mean": 33.040367126464844,
  "summary_bg_median": 7.987500190734863,
  "summary_bg_n": 99044.0,
  "summary_bg_p05": 0.16250000894069672,
  "summary_bg_p95": 135.77854995727535,
  "summary_bg_stdv": 100.26873779296875,
  "summary_fg_k": 0.7910804518232193,
  "summary_fg_mad": 534.9662475585938,
  "summary_fg_mean": 1754.1044921875,
  "summary_fg_median": 1736.3709716796875,
  "summary_fg_n": 16933.0,
  "summary_fg_p05": 725.4767089843749,
  "summary_fg_p95": 2853.403515625,
  "summary_fg_stdv": 625.3690795898438,
  "tsnr": 46.488311767578125
}