{
  "aor": 0.0049144666666666665,
  "aqi": 0.012416940233333333,
  "bids_meta": {
    "AcquisitionMatrixPE": 64,
    "AcquisitionNumber": 1,
    "AcquisitionTime": "13:27:53.000000",
    "BodyPartExamined": "HEAD",
    "CoilString": "32Ch_Head",
    "ConversionSoftware": "dcm2niix",
    "ConversionSoftwareVersion": "v1.0.20181125  (JP2:OpenJPEG) GCC7.3.0",
    "DeviceSerialNumber": "0002806034DVR750",
    "EchoTime": 0.04,
    "EffectiveEchoSpacing": 0.000372,
    "FlipAngle": 90,
    "ImageOrientationPatientDICOM": [
      1,
      0,
      0,
      0,
      1,
      0
    ],
    "ImageType": [
      "ORIGINAL",
      "PRIMARY",
      "EPI",
      "NONE"
    ],
    "ImagingFrequency": 127.772,
    "InPlanePhaseEncodingDirectionDICOM": "COL",
    "InstitutionName": "INSTITUTO_DE_NEUROBIOLOGIA",
    "MRAcquisitionType": "2D",
    "MagneticFieldStrength": 3,
    "Manufacturer": "GE",
    "ManufacturersModelName": "DISCOVERY_MR750",
    "Modality": "MR",
    "PatientPosition": "HFS",
    "PercentPhaseFOV": 100,
    "PhaseEncodingDirection": "j",
    "PhaseEncodingPolarityGE": "Flipped",
    "PixelBandwidth": 7812.5,
    "ProcedureStepDescription": "Emociones_AH",
    "ProtocolName": "fMRI_RestState",
    "ReconMatrixPE": 64,
    "RepetitionTime": 2,
    "SAR": 0.246474,
    "ScanOptions": "EPI_GEMS_ACC_GEMS",
    "ScanningSequence": "EP_GR",
    "SequenceVariant": "SS",
    "SeriesDescription": "fMRI_RestState",
    "SeriesNumber": 3,
    "SliceThickness": 4,
    "SliceTiming": [
      0,
      1.0285,
      0.0571001,
      1.0857,
      0.1142,
      1.1428,
      0.1714,
      1.2,
      0.2285,
      1.2571,
      0.2857,
      1.3143,
      0.3428,
      1.3714,
      0.4,
      1.4286,
      0.4571,
      1.4857,
      0.5142,
      1.5428,
      0.5714,
      1.6,
      0.6285,
      1.6571,
      0.6857,
      1.7143,
      0.7428,
      1.7714,
      0.8,
      1.8285,
      0.8571,
      1.8857,
      0.9143,
      1.9428,
      0.9714
    ],
    "SoftwareVersions": "27_LX_MR_Software_release:DV26.0_R02_1810.b",
    "SpacingBetweenSlices": 4,
    "StationName": "GEHCGEHC",
    "TaskName": "rest",
    "TotalReadoutTime": 0.023436,
    "dataset": "unknown",
    "modality": "bold",
    "subject_id": "37",
    "task_id": "rest"
  },
  "dummy_trs": 0,
  "dvars_nstd": 16.254190763712373,
  "dvars_std": 0.9092417262876256,
  "dvars_vstd": 0.9042319997658863,
  "efc": 0.3462208194533023,
  "fber": 46619.08203125,
  "fd_mean": 0.13405574116392602,
  "fd_num": 57,
  "fd_perc": 19.0,
  "fwhm_avg": 2.8504083333333328,
  "fwhm_x": 2.835275,
  "fwhm_y": 2.972825,
  "fwhm_z": 2.743125,
  "gcor": 0.0180121,
  "gsr_x": 0.004177313297986984,
  "gsr_y": 0.0019986925181001425,
  "provenance": {
    "md5sum": "3ab52ca32fa971f581aa544703c749b7",
    "settings": {
      "fd_thres": 0.2,
      "hmc_fsl": false
    },
    "software": "mriqc",
    "version": "0.15.2rc1",
    "webapi_port": null,
    "webapi_url": "https://mriqc.nimh.nih.gov/api/v1"
  },
  "size_t": 300,
  "size_x": 64,
  "size_y": 64,
  "size_z": 35,
  "snr": 2.7580780141207306,
  "spacing_tr": 2.0,
  "spacing_x": 4.0,
  "spacing_y": 4.0,
  "spacing_z": 4.0,
  "summary_bg_k": 146.59612995991543,
  "summary_bg_mad": 10.981141090393066,
  "summary_bg_mean": 34.6246223449707,
  "summary_bg_median": 8.123333930969238,
  "summary_bg_n": 99112.0,
  "summary_bg_p05": 0.24000000953674316,
  "summary_bg_p95": 135.84500503540028,
  "summary_bg_stdv": 107.57703399658203,
  "summary_fg_k": 0.5662202030950114,
  "summary_fg_mad": 560.747314453125,
  "summary_fg_mean": 1801.0087890625,
  "summary_fg_median": 1768.0634765625,
  "summary_fg_n": 16846.0,
  "summary_fg_p05": 745.3825225830078,
  "summary_fg_p95": 2933.8308715820312,
  "summary_fg_stdv": 641.0300903320312,
  "tsnr": 26.065963745117188
}