{
  "aor": 0.007278933333333333,
  "aqi": 0.009335340333333332,
  "bids_meta": {
    "AcquisitionMatrixPE": 64,
    "AcquisitionNumber": 1,
    "AcquisitionTime": "14:08:48.000000",
    "BodyPartExamined": "HEAD",
    "CoilString": "32Ch_Head",
    "ConversionSoftware": "dcm2niix",
    "ConversionSoftwareVersion": "v1.0.20181125  (JP2:OpenJPEG) GCC7.3.0",
    "DeviceSerialNumber": "0002806034DVR750",
    "EchoTime": 0.04,
    "EffectiveEchoSpacing": 0.000372,
    "FlipAngle": 90,
    "ImageOrientationPatientDICOM": [
      1,
      0,
      0,
      0,
      1,
      0
    ],
    "ImageType": [
      "ORIGINAL",
      "PRIMARY",
      "EPI",
      "NONE"
    ],
    "ImagingFrequency": 127.772,
    "InPlanePhaseEncodingDirectionDICOM": "COL",
    "InstitutionName": "INSTITUTO_DE_NEUROBIOLOGIA",
    "MRAcquisitionType": "2D",
    "MagneticFieldStrength": 3,
    "Manufacturer": "GE",
    "ManufacturersModelName": "DISCOVERY_MR750",
    "Modality": "MR",
    "PatientPosition": "HFS",
    "PercentPhaseFOV": 100,
    "PhaseEncodingDirection": "j",
    "PhaseEncodingPolarityGE": "Flipped",
    "PixelBandwidth": 7812.5,
    "ProcedureStepDescription": "Emociones_AH",
    "ProtocolName": "fMRI_Jalil_4",
    "ReconMatrixPE": 64,
    "RepetitionTime": 2,
    "SAR": 0.246474,
    "ScanOptions": "EPI_GEMS_ACC_GEMS",
    "ScanningSequence": "EP_GR",
    "SequenceVariant": "SS",
    "SeriesDescription": "fMRI_Jalil_4",
    "SeriesNumber": 8,
    "SliceThickness": 4,
    "SliceTiming": [
      0,
      1.0285,
      0.0571001,
      1.0857,
      0.1142,
      1.1428,
      0.1714,
      1.2,
      0.2285,
      1.2571,
      0.2857,
      1.3143,
      0.3428,
      1.3714,
      0.4,
      1.4286,
      0.4571,
      1.4857,
      0.5142,
      1.5428,
      0.5714,
      1.6,
      0.6285,
      1.6571,
      0.6857,
      1.7143,
      0.7428,
      1.7714,
      0.8,
      1.8285,
      0.8571,
      1.8857,
      0.9143,
      1.9428,
      0.9714
    ],
    "SoftwareVersions": "27_LX_MR_Software_release:DV26.0_R02_1810.b",
    "SpacingBetweenSlices": 4,
    "StationName": "GEHCGEHC",
    "TaskName": "eah",
    "TotalReadoutTime": 0.023436,
    "dataset": "unknown",
    "modality": "bold",
    "run_id": 4,
    "subject_id": "37",
    "task_id": "eah"
  },
  "dummy_trs": 0,
  "dvars_nstd": 20.230027678859063,
  "dvars_std": 0.9689908560402687,
  "dvars_vstd": 0.949331180402684,
  "efc": 0.3480953854861264,
  "fber": 43634.3828125,
  "fd_mean": 0.20797032783102856,
  "fd_num": 39,
  "fd_perc": 26.0,
  "fwhm_avg": 2.8332083333333333,
  "fwhm_x": 2.8265,
  "fwhm_y": 2.95675,
  "fwhm_z": 2.716375,
  "gcor": 0.0389203,
  "gsr_x": 0.004651250783354044,
  "gsr_y": -0.0018153763376176357,
  "provenance": {
    "md5sum": "0a54b9f6f12921344e2b7b6f9529b148",
    "settings": {
      "fd_thres": 0.2,
      "hmc_fsl": false
    },
    "software": "mriqc",
    "version": "0.15.2rc1",
    "webapi_port": null,
    "webapi_url": "https://mriqc.nimh.nih.gov/api/v1"
  },
  "size_t": 150,
  "size_x": 64,
  "size_y": 64,
  "size_z": 35,
  "snr": 2.7225173766554125,
  "spacing_tr": 2.0,
  "spacing_x": 4.0,
  "spacing_y": 4.0,
  "spacing_z": 4.0,
  "summary_bg_k": 106.49399338650161,
  "summary_bg_mad": 10.852649688720703,
  "summary_bg_mean": 33.42180252075195,
  "summary_bg_median": 8.033333778381348,
  "summary_bg_n": 98741.0,
  "summary_bg_p05": 0.20000000298023224,
  "summary_bg_p95": 136.4199981689453,
  "summary_bg_stdv": 100.14279174804688,
  "summary_fg_k": 0.8830407736955443,
  "summary_fg_mad": 539.7562255859375,
  "summary_fg_mean": 1751.1612548828125,
  "summary_fg_median": 1733.8333740234375,
  "summary_fg_n": 17192.0,
  "summary_fg_p05": 698.3753479003906,
  "summary_fg_p95": 2872.582666015625,
  "summary_fg_stdv": 636.830810546875,
  "tsnr": 30.803321838378906
}