{
  "aor": 0.0023618999999999997,
  "aqi": 0.00238662619,
  "bids_meta": {
    "AcquisitionDateTime": "2016-09-18T16:06:4.000000",
    "ConversionSoftware": "dcm2niix",
    "ConversionSoftwareVersion": "v1.0.20170411 GCC4.8.4",
    "EchoTime": 0.04,
    "FlipAngle": 90,
    "ImageType": [
      "ORIGINAL",
      "PRIMARY",
      "EPI",
      "NONE"
    ],
    "MagneticFieldStrength": 3,
    "Manufacturer": "GE",
    "ManufacturersModelName": "DISCOVERY_MR750",
    "ProcedureStepDescription": "MeditResp",
    "ProtocolName": "fMRI_RestSt",
    "RepetitionTime": 2,
    "ScanningSequence": "EP_GR",
    "SequenceVariant": "SS",
    "SeriesDescription": "fMRI_RestSt",
    "dataset": "unknown",
    "modality": "bold",
    "subject_id": "96",
    "task_id": "rest"
  },
  "dummy_trs": 0,
  "dvars_nstd": 13.820470395451492,
  "dvars_std": 1.0573093233110373,
  "dvars_vstd": 1.009609079397993,
  "efc": 0.3273670135245128,
  "fber": 125182.46875,
  "fd_mean": 0.04335932964805897,
  "fd_num": 0,
  "fd_perc": 0.0,
  "fwhm_avg": 2.7573333333333334,
  "fwhm_x": 2.6198,
  "fwhm_y": 3.000175,
  "fwhm_z": 2.652025,
  "gcor": 0.0235074,
  "gsr_x": -0.011158046312630177,
  "gsr_y": 0.004835289437323809,
  "provenance": {
    "md5sum": "9c7a1a4d541b7fd864d9d64e03b17c9d",
    "settings": {
      "fd_thres": 0.2,
      "hmc_fsl": false
    },
    "software": "mriqc",
    "version": "0.15.2rc1",
    "webapi_port": null,
    "webapi_url": "https://mriqc.nimh.nih.gov/api/v1"
  },
  "size_t": 300,
  "size_x": 64,
  "size_y": 64,
  "size_z": 34,
  "snr": 3.0742356707398293,
  "spacing_tr": 2.0,
  "spacing_x": 4.0,
  "spacing_y": 4.0,
  "spacing_z": 4.0,
  "summary_bg_k": 177.819045100272,
  "summary_bg_mad": 6.691478252410889,
  "summary_bg_mean": 22.006864547729492,
  "summary_bg_median": 5.026666641235352,
  "summary_bg_n": 97129.0,
  "summary_bg_p05": 0.1666666716337204,
  "summary_bg_p95": 73.27466735839818,
  "summary_bg_stdv": 84.4901123046875,
  "summary_fg_k": 0.25060082567297703,
  "summary_fg_mad": 506.8671875,
  "summary_fg_mean": 1765.96826171875,
  "summary_fg_median": 1761.61669921875,
  "summary_fg_n": 15465.0,
  "summary_fg_p05": 729.1060424804688,
  "summary_fg_p95": 2698.3481445312495,
  "summary_fg_stdv": 573.0073852539062,
  "tsnr": 68.73257446289062
}