{
  "aor": 0.002379727272727273,
  "aqi": 0.0031045949545454544,
  "bids_meta": {
    "AcquisitionDateTime": "2017-01-12T20:22:4.000000",
    "ConversionSoftware": "dcm2niix",
    "ConversionSoftwareVersion": "v1.0.20170411 GCC4.8.4",
    "EchoTime": 0.04,
    "FlipAngle": 90,
    "ImageType": [
      "ORIGINAL",
      "PRIMARY",
      "EPI",
      "NONE"
    ],
    "MagneticFieldStrength": 3,
    "Manufacturer": "GE",
    "ManufacturersModelName": "DISCOVERY_MR750",
    "ProcedureStepDescription": "CompRefranes",
    "ProtocolName": "fMRI_Comprension_2",
    "RepetitionTime": 2,
    "ScanningSequence": "EP_GR",
    "SequenceVariant": "SS",
    "SeriesDescription": "fMRI_Comprension_2",
    "dataset": "unknown",
    "modality": "bold",
    "run_id": 2,
    "subject_id": "61",
    "task_id": "cr"
  },
  "dummy_trs": 0,
  "dvars_nstd": 22.580901115433793,
  "dvars_std": 1.1005685796347036,
  "dvars_vstd": 0.9756214613242007,
  "efc": 0.346161772871515,
  "fber": 55185.05859375,
  "fd_mean": 0.08415618554369456,
  "fd_num": 8,
  "fd_perc": 3.6363636363636362,
  "fwhm_avg": 2.8537083333333335,
  "fwhm_x": 2.849825,
  "fwhm_y": 2.9271,
  "fwhm_z": 2.7842,
  "gcor": 0.0103889,
  "gsr_x": -0.00554786529392004,
  "gsr_y": 0.004686415661126375,
  "provenance": {
    "md5sum": "6294621c265b17ef4b50d4d8bace90c0",
    "settings": {
      "fd_thres": 0.2,
      "hmc_fsl": false
    },
    "software": "mriqc",
    "version": "0.15.2rc1",
    "webapi_port": null,
    "webapi_url": "https://mriqc.nimh.nih.gov/api/v1"
  },
  "size_t": 220,
  "size_x": 64,
  "size_y": 64,
  "size_z": 34,
  "snr": 2.488587191908567,
  "spacing_tr": 2.0,
  "spacing_x": 4.0,
  "spacing_y": 4.0,
  "spacing_z": 4.0,
  "summary_bg_k": 71.38890577572091,
  "summary_bg_mad": 9.118003845214844,
  "summary_bg_mean": 27.173124313354492,
  "summary_bg_median": 6.78636360168457,
  "summary_bg_n": 95216.0,
  "summary_bg_p05": 0.17272727191448212,
  "summary_bg_p95": 121.54545402526855,
  "summary_bg_stdv": 78.15031433105469,
  "summary_fg_k": 0.7557555532144336,
  "summary_fg_mad": 517.4215087890625,
  "summary_fg_mean": 1678.1533203125,
  "summary_fg_median": 1601.463623046875,
  "summary_fg_n": 17211.0,
  "summary_fg_p05": 685.029541015625,
  "summary_fg_p95": 2915.4931640625,
  "summary_fg_stdv": 643.5045166015625,
  "tsnr": 53.237281799316406
}