{
  "aor": 0.002165,
  "aqi": 0.0026518583045454544,
  "bids_meta": {
    "AcquisitionDateTime": "2017-01-12T20:13:1.000000",
    "ConversionSoftware": "dcm2niix",
    "ConversionSoftwareVersion": "v1.0.20170411 GCC4.8.4",
    "EchoTime": 0.04,
    "FlipAngle": 90,
    "ImageType": [
      "ORIGINAL",
      "PRIMARY",
      "EPI",
      "NONE"
    ],
    "MagneticFieldStrength": 3,
    "Manufacturer": "GE",
    "ManufacturersModelName": "DISCOVERY_MR750",
    "ProcedureStepDescription": "CompRefranes",
    "ProtocolName": "fMRI_Comprension_1",
    "RepetitionTime": 2,
    "ScanningSequence": "EP_GR",
    "SequenceVariant": "SS",
    "SeriesDescription": "fMRI_Comprension_1",
    "dataset": "unknown",
    "modality": "bold",
    "run_id": 1,
    "subject_id": "61",
    "task_id": "cr"
  },
  "dummy_trs": 0,
  "dvars_nstd": 22.050389651050228,
  "dvars_std": 1.1315716302283105,
  "dvars_vstd": 0.9964987545205476,
  "efc": 0.34629693391770117,
  "fber": 59588.6484375,
  "fd_mean": 0.08050747886816854,
  "fd_num": 3,
  "fd_perc": 1.3636363636363635,
  "fwhm_avg": 2.8359083333333337,
  "fwhm_x": 2.818525,
  "fwhm_y": 2.914825,
  "fwhm_z": 2.774375,
  "gcor": 0.0094337,
  "gsr_x": -0.0037206136621534824,
  "gsr_y": 0.004868748597800732,
  "provenance": {
    "md5sum": "24212059c532721449d97a567f93e6ca",
    "settings": {
      "fd_thres": 0.2,
      "hmc_fsl": false
    },
    "software": "mriqc",
    "version": "0.15.2rc1",
    "webapi_port": null,
    "webapi_url": "https://mriqc.nimh.nih.gov/api/v1"
  },
  "size_t": 220,
  "size_x": 64,
  "size_y": 64,
  "size_z": 34,
  "snr": 2.5073042455544647,
  "spacing_tr": 2.0,
  "spacing_x": 4.0,
  "spacing_y": 4.0,
  "spacing_z": 4.0,
  "summary_bg_k": 86.39782946894432,
  "summary_bg_mad": 9.0303955078125,
  "summary_bg_mean": 27.63654899597168,
  "summary_bg_median": 6.709090709686279,
  "summary_bg_n": 95284.0,
  "summary_bg_p05": 0.15909090638160706,
  "summary_bg_p95": 122.38045005798331,
  "summary_bg_stdv": 80.46942901611328,
  "summary_fg_k": 0.7586447836815657,
  "summary_fg_mad": 521.2054443359375,
  "summary_fg_mean": 1720.8858642578125,
  "summary_fg_median": 1634.4317626953125,
  "summary_fg_n": 17190.0,
  "summary_fg_p05": 734.237271118164,
  "summary_fg_p95": 2982.752783203125,
  "summary_fg_stdv": 651.8491821289062,
  "tsnr": 57.10674285888672
}