{
  "aor": 0.001860986547085202,
  "aqi": 0.0017041788923766814,
  "bids_meta": {
    "AcquisitionDateTime": "2017-01-12T20:30:57.000000",
    "ConversionSoftware": "dcm2niix",
    "ConversionSoftwareVersion": "v1.0.20170411 GCC4.8.4",
    "EchoTime": 0.04,
    "FlipAngle": 90,
    "ImageType": [
      "ORIGINAL",
      "PRIMARY",
      "EPI",
      "NONE"
    ],
    "MagneticFieldStrength": 3,
    "Manufacturer": "GE",
    "ManufacturersModelName": "DISCOVERY_MR750",
    "ProcedureStepDescription": "CompRefranes",
    "ProtocolName": "fMRI_Comprension_3",
    "RepetitionTime": 2,
    "ScanningSequence": "EP_GR",
    "SequenceVariant": "SS",
    "SeriesDescription": "fMRI_Comprension_3",
    "dataset": "unknown",
    "modality": "bold",
    "run_id": 3,
    "subject_id": "61",
    "task_id": "cr"
  },
  "dummy_trs": 0,
  "dvars_nstd": 21.684053223648647,
  "dvars_std": 1.1988303101801792,
  "dvars_vstd": 1.0309601457657656,
  "efc": 0.3486831864460268,
  "fber": 58297.64453125,
  "fd_mean": 0.08388902760637539,
  "fd_num": 4,
  "fd_perc": 1.7937219730941705,
  "fwhm_avg": 2.8647499999999995,
  "fwhm_x": 2.850175,
  "fwhm_y": 2.961725,
  "fwhm_z": 2.78235,
  "gcor": 0.0212926,
  "gsr_x": -0.0053961933590471745,
  "gsr_y": 0.0050741275772452354,
  "provenance": {
    "md5sum": "ce677b4f5f7963d215fa037c5d3cb320",
    "settings": {
      "fd_thres": 0.2,
      "hmc_fsl": false
    },
    "software": "mriqc",
    "version": "0.15.2rc1",
    "webapi_port": null,
    "webapi_url": "https://mriqc.nimh.nih.gov/api/v1"
  },
  "size_t": 223,
  "size_x": 64,
  "size_y": 64,
  "size_z": 34,
  "snr": 2.4976056151117443,
  "spacing_tr": 2.0,
  "spacing_x": 4.0,
  "spacing_y": 4.0,
  "spacing_z": 4.0,
  "summary_bg_k": 65.50592896087916,
  "summary_bg_mad": 8.982043266296387,
  "summary_bg_mean": 27.84111213684082,
  "summary_bg_median": 6.690583229064941,
  "summary_bg_n": 94969.0,
  "summary_bg_p05": 0.1569506824016571,
  "summary_bg_p95": 127.32915344238208,
  "summary_bg_stdv": 80.22698211669922,
  "summary_fg_k": 0.7192080821410545,
  "summary_fg_mad": 524.7481689453125,
  "summary_fg_mean": 1690.7276611328125,
  "summary_fg_median": 1619.67724609375,
  "summary_fg_n": 17485.0,
  "summary_fg_p05": 673.6430541992188,
  "summary_fg_p95": 2917.4540039062476,
  "summary_fg_stdv": 648.4734497070312,
  "tsnr": 64.54402160644531
}