{
  "aor": 0.005797022222222222,
  "aqi": 0.002853965182222222,
  "bids_meta": {
    "AcquisitionDateTime": "2017-01-12T20:39:17.000000",
    "ConversionSoftware": "dcm2niix",
    "ConversionSoftwareVersion": "v1.0.20170411 GCC4.8.4",
    "EchoTime": 0.04,
    "FlipAngle": 90,
    "ImageType": [
      "ORIGINAL",
      "PRIMARY",
      "EPI",
      "NONE"
    ],
    "MagneticFieldStrength": 3,
    "Manufacturer": "GE",
    "ManufacturersModelName": "DISCOVERY_MR750",
    "ProcedureStepDescription": "CompRefranes",
    "ProtocolName": "fMRI_Comprension_4",
    "RepetitionTime": 2,
    "ScanningSequence": "EP_GR",
    "SequenceVariant": "SS",
    "SeriesDescription": "fMRI_Comprension_4",
    "dataset": "unknown",
    "modality": "bold",
    "run_id": 4,
    "subject_id": "61",
    "task_id": "cr"
  },
  "dummy_trs": 0,
  "dvars_nstd": 21.686974627366073,
  "dvars_std": 1.1522487927232146,
  "dvars_vstd": 1.0339906485714283,
  "efc": 0.3473957871472999,
  "fber": 57263.140625,
  "fd_mean": 0.10367291045022793,
  "fd_num": 14,
  "fd_perc": 6.222222222222222,
  "fwhm_avg": 2.84915,
  "fwhm_x": 2.84435,
  "fwhm_y": 2.931875,
  "fwhm_z": 2.771225,
  "gcor": 0.0122231,
  "gsr_x": -0.006007481832057238,
  "gsr_y": 0.005694238003343344,
  "provenance": {
    "md5sum": "f5b24b5250ee0717e654bf3e58363bcc",
    "settings": {
      "fd_thres": 0.2,
      "hmc_fsl": false
    },
    "software": "mriqc",
    "version": "0.15.2rc1",
    "webapi_port": null,
    "webapi_url": "https://mriqc.nimh.nih.gov/api/v1"
  },
  "size_t": 225,
  "size_x": 64,
  "size_y": 64,
  "size_z": 34,
  "snr": 2.515509618788064,
  "spacing_tr": 2.0,
  "spacing_x": 4.0,
  "spacing_y": 4.0,
  "spacing_z": 4.0,
  "summary_bg_k": 68.29439973497254,
  "summary_bg_mad": 8.994453430175781,
  "summary_bg_mean": 27.62895393371582,
  "summary_bg_median": 6.711111068725586,
  "summary_bg_n": 95144.0,
  "summary_bg_p05": 0.1599999964237213,
  "summary_bg_p95": 125.64844970703071,
  "summary_bg_stdv": 79.39952850341797,
  "summary_fg_k": 0.7259544565717575,
  "summary_fg_mad": 526.7156982421875,
  "summary_fg_mean": 1697.7528076171875,
  "summary_fg_median": 1621.835693359375,
  "summary_fg_n": 17254.0,
  "summary_fg_p05": 706.4039947509766,
  "summary_fg_p95": 2927.844262695312,
  "summary_fg_stdv": 644.7157592773438,
  "tsnr": 51.68048858642578
}