{
  "aor": 0.004053425196850394,
  "aqi": 0.002400620141732283,
  "bids_meta": {
    "AcquisitionDateTime": "2017-08-31T18:59:29.000000",
    "ConversionSoftware": "dcm2niix",
    "ConversionSoftwareVersion": "v1.0.20170411 GCC4.8.4",
    "EchoTime": 0.04,
    "FlipAngle": 90,
    "ImageType": [
      "ORIGINAL",
      "PRIMARY",
      "EPI",
      "NONE"
    ],
    "MagneticFieldStrength": 3,
    "Manufacturer": "GE",
    "ManufacturersModelName": "DISCOVERY_MR750",
    "ProcedureStepDescription": "ActosHabla",
    "ProtocolName": "fMRI_ActosHabla_2",
    "RepetitionTime": 2,
    "ScanningSequence": "EP_GR",
    "SequenceVariant": "SS",
    "SeriesDescription": "fMRI_ActosHabla_2",
    "dataset": "unknown",
    "modality": "bold",
    "run_id": 2,
    "subject_id": "24",
    "task_id": "rah"
  },
  "dummy_trs": 0,
  "dvars_nstd": 15.508206491778664,
  "dvars_std": 1.05303494,
  "dvars_vstd": 1.003350074980237,
  "efc": 0.3186859195045409,
  "fber": 62394.70703125,
  "fd_mean": 0.1186789070520438,
  "fd_num": 29,
  "fd_perc": 11.417322834645669,
  "fwhm_avg": 3.013475,
  "fwhm_x": 3.04565,
  "fwhm_y": 3.01435,
  "fwhm_z": 2.980425,
  "gcor": 0.0495098,
  "gsr_x": -0.0020112108904868364,
  "gsr_y": -0.0024569551460444927,
  "provenance": {
    "md5sum": "92b00e676c34cb4770679b7956b71d43",
    "settings": {
      "fd_thres": 0.2,
      "hmc_fsl": false
    },
    "software": "mriqc",
    "version": "0.15.2rc1",
    "webapi_port": null,
    "webapi_url": "https://mriqc.nimh.nih.gov/api/v1"
  },
  "size_t": 254,
  "size_x": 64,
  "size_y": 64,
  "size_z": 35,
  "snr": 2.484396864051692,
  "spacing_tr": 2.0,
  "spacing_x": 4.0,
  "spacing_y": 4.0,
  "spacing_z": 4.0,
  "summary_bg_k": 78.22287650349077,
  "summary_bg_mad": 9.00651741027832,
  "summary_bg_mean": 21.85462760925293,
  "summary_bg_median": 7.070866107940674,
  "summary_bg_n": 100790.0,
  "summary_bg_p05": 0.3858267664909363,
  "summary_bg_p95": 87.5730346679687,
  "summary_bg_stdv": 52.367881774902344,
  "summary_fg_k": 0.6804810072442509,
  "summary_fg_mad": 577.9756469726562,
  "summary_fg_mean": 1846.073974609375,
  "summary_fg_median": 1776.2008056640625,
  "summary_fg_n": 15691.0,
  "summary_fg_p05": 653.25,
  "summary_fg_p95": 3139.8306884765625,
  "summary_fg_stdv": 714.919677734375,
  "tsnr": 54.34407043457031
}