{
  "aor": 0.0035142745098039217,
  "aqi": 0.0020511718156862747,
  "bids_meta": {
    "AcquisitionDateTime": "2017-08-31T19:09:29.000000",
    "ConversionSoftware": "dcm2niix",
    "ConversionSoftwareVersion": "v1.0.20170411 GCC4.8.4",
    "EchoTime": 0.04,
    "FlipAngle": 90,
    "ImageType": [
      "ORIGINAL",
      "PRIMARY",
      "EPI",
      "NONE"
    ],
    "MagneticFieldStrength": 3,
    "Manufacturer": "GE",
    "ManufacturersModelName": "DISCOVERY_MR750",
    "ProcedureStepDescription": "ActosHabla",
    "ProtocolName": "fMRI_ActosHabla_3",
    "RepetitionTime": 2,
    "ScanningSequence": "EP_GR",
    "SequenceVariant": "SS",
    "SeriesDescription": "fMRI_ActosHabla_3",
    "dataset": "unknown",
    "modality": "bold",
    "run_id": 3,
    "subject_id": "24",
    "task_id": "rah"
  },
  "dummy_trs": 0,
  "dvars_nstd": 16.20428333488189,
  "dvars_std": 1.0847644421653544,
  "dvars_vstd": 1.0143711836220475,
  "efc": 0.3201002006264879,
  "fber": 58911.81640625,
  "fd_mean": 0.12969905940508838,
  "fd_num": 36,
  "fd_perc": 14.117647058823529,
  "fwhm_avg": 2.981575,
  "fwhm_x": 3.041775,
  "fwhm_y": 2.993375,
  "fwhm_z": 2.909575,
  "gcor": 0.0611308,
  "gsr_x": -0.0018655350431799889,
  "gsr_y": -0.0029851505532860756,
  "provenance": {
    "md5sum": "b806f4c77f646d4c60400e1392a503e7",
    "settings": {
      "fd_thres": 0.2,
      "hmc_fsl": false
    },
    "software": "mriqc",
    "version": "0.15.2rc1",
    "webapi_port": null,
    "webapi_url": "https://mriqc.nimh.nih.gov/api/v1"
  },
  "size_t": 255,
  "size_x": 64,
  "size_y": 64,
  "size_z": 35,
  "snr": 2.477213989477705,
  "spacing_tr": 2.0,
  "spacing_x": 4.0,
  "spacing_y": 4.0,
  "spacing_z": 4.0,
  "summary_bg_k": 74.84533163902223,
  "summary_bg_mad": 9.02352523803711,
  "summary_bg_mean": 22.489307403564453,
  "summary_bg_median": 7.086275100708008,
  "summary_bg_n": 100911.0,
  "summary_bg_p05": 0.3529411852359772,
  "summary_bg_p95": 92.18431854248047,
  "summary_bg_stdv": 53.35304641723633,
  "summary_fg_k": 0.6891696181236795,
  "summary_fg_mad": 572.1914672851562,
  "summary_fg_mean": 1802.60107421875,
  "summary_fg_median": 1738.482421875,
  "summary_fg_n": 15713.0,
  "summary_fg_p05": 641.5835693359375,
  "summary_fg_p95": 3074.32412109375,
  "summary_fg_stdv": 701.7670288085938,
  "tsnr": 57.33941650390625
}