{
  "aor": 0.004474789272030651,
  "aqi": 0.002308944720306513,
  "bids_meta": {
    "AcquisitionDateTime": "2017-08-31T18:48:53.000000",
    "ConversionSoftware": "dcm2niix",
    "ConversionSoftwareVersion": "v1.0.20170411 GCC4.8.4",
    "EchoTime": 0.04,
    "FlipAngle": 90,
    "ImageType": [
      "ORIGINAL",
      "PRIMARY",
      "EPI",
      "NONE"
    ],
    "MagneticFieldStrength": 3,
    "Manufacturer": "GE",
    "ManufacturersModelName": "DISCOVERY_MR750",
    "ProcedureStepDescription": "ActosHabla",
    "ProtocolName": "fMRI_ActosHabla_1",
    "RepetitionTime": 2,
    "ScanningSequence": "EP_GR",
    "SequenceVariant": "SS",
    "SeriesDescription": "fMRI_ActosHabla_1",
    "dataset": "unknown",
    "modality": "bold",
    "run_id": 1,
    "subject_id": "24",
    "task_id": "rah"
  },
  "dummy_trs": 0,
  "dvars_nstd": 14.915916032076934,
  "dvars_std": 1.0367476560384608,
  "dvars_vstd": 1.0018123114230768,
  "efc": 0.3178430096937069,
  "fber": 64754.6640625,
  "fd_mean": 0.10982240437707984,
  "fd_num": 22,
  "fd_perc": 8.42911877394636,
  "fwhm_avg": 2.995791666666667,
  "fwhm_x": 3.034875,
  "fwhm_y": 2.985025,
  "fwhm_z": 2.967475,
  "gcor": 0.0403783,
  "gsr_x": -0.0024131753016263247,
  "gsr_y": -0.0014408593997359276,
  "provenance": {
    "md5sum": "48a654a26772884ba32b47710dad73d0",
    "settings": {
      "fd_thres": 0.2,
      "hmc_fsl": false
    },
    "software": "mriqc",
    "version": "0.15.2rc1",
    "webapi_port": null,
    "webapi_url": "https://mriqc.nimh.nih.gov/api/v1"
  },
  "size_t": 261,
  "size_x": 64,
  "size_y": 64,
  "size_z": 35,
  "snr": 2.4867854019089175,
  "spacing_tr": 2.0,
  "spacing_x": 4.0,
  "spacing_y": 4.0,
  "spacing_z": 4.0,
  "summary_bg_k": 84.97442770993503,
  "summary_bg_mad": 8.84164810180664,
  "summary_bg_mean": 21.38789176940918,
  "summary_bg_median": 6.959770202636719,
  "summary_bg_n": 100750.0,
  "summary_bg_p05": 0.39080458879470825,
  "summary_bg_p95": 85.8948261260986,
  "summary_bg_stdv": 51.20839309692383,
  "summary_fg_k": 0.8127430802998838,
  "summary_fg_mad": 575.2240600585938,
  "summary_fg_mean": 1847.8568115234375,
  "summary_fg_median": 1774.47314453125,
  "summary_fg_n": 15594.0,
  "summary_fg_p05": 682.1725982666017,
  "summary_fg_p95": 3148.604565429686,
  "summary_fg_stdv": 713.5381469726562,
  "tsnr": 56.406288146972656
}