{
  "bids_meta": {
    "AcquisitionMatrixPE": 256,
    "AcquisitionNumber": 1,
    "AcquisitionTime": "21:08:58.000000",
    "CoilString": "32Ch_Head",
    "ConversionSoftware": "dcm2niix",
    "ConversionSoftwareVersion": "v1.0.20190902",
    "Dcm2bidsVersion": "2.1.4",
    "DeviceSerialNumber": "000000000000GEHC",
    "EchoTime": 0.00318,
    "FlipAngle": 12,
    "ImageOrientationPatientDICOM": [
      0,
      1,
      0,
      0,
      0,
      -1
    ],
    "ImageType": [
      "ORIGINAL",
      "PRIMARY",
      "OTHER"
    ],
    "ImagingFrequency": 127.772,
    "InPlanePhaseEncodingDirectionDICOM": "ROW",
    "InstitutionName": "INSTITUTO_DE_NEUROBIOLOGIA",
    "InversionTime": 0.45,
    "MRAcquisitionType": "3D",
    "MagneticFieldStrength": 3,
    "Manufacturer": "GE",
    "ManufacturersModelName": "DISCOVERY_MR750",
    "Modality": "MR",
    "PatientPosition": "HFS",
    "PercentPhaseFOV": 100,
    "PixelBandwidth": 244.141,
    "ProtocolName": "Sag_T1_FSPGR_BRAVO",
    "ReconMatrixPE": 256,
    "RepetitionTime": 0.008156,
    "SAR": 0.235512,
    "ScanOptions": "FAST_GEMS_EDR_GEMS_FILTERED_GEMS_ACC_GEMS",
    "ScanningSequence": "GR",
    "SequenceVariant": "SS_SP_SK",
    "SeriesDescription": "Sag_T1_FSPGR_BRAVO",
    "SeriesNumber": 13,
    "SliceThickness": 1,
    "SoftwareVersions": "24_LX_MR_Software_release:DV24.0_R02_1607.b",
    "SpacingBetweenSlices": 1,
    "StationName": "GEHCGEHC",
    "dataset": "unknown",
    "modality": "T1w",
    "subject_id": "140"
  },
  "cjv": 0.4621180955886997,
  "cnr": 2.66561259537452,
  "efc": 0.5589235955869208,
  "fber": 8696.109375,
  "fwhm_avg": 3.7812133333333335,
  "fwhm_x": 3.87885,
  "fwhm_y": 3.87727,
  "fwhm_z": 3.58752,
  "icvs_csf": 0.16835811246884305,
  "icvs_gm": 0.44460364705168753,
  "icvs_wm": 0.38703824047946944,
  "inu_med": 0.9172712564468384,
  "inu_range": 0.3482161223888399,
  "provenance": {
    "md5sum": "a8e6e0f769c38c9a136df0135261b05a",
    "settings": {
      "testing": false
    },
    "software": "mriqc",
    "version": "0.15.2rc1",
    "warnings": {
      "large_rot_frame": true,
      "small_air_mask": false
    },
    "webapi_port": null,
    "webapi_url": "https://mriqc.nimh.nih.gov/api/v1"
  },
  "qi_1": 1.268577295094185e-05,
  "qi_2": 0.00223629781879813,
  "rpve_csf": 33.085917525178196,
  "rpve_gm": 13.901566080231381,
  "rpve_wm": 18.085951123354143,
  "size_x": 176,
  "size_y": 256,
  "size_z": 256,
  "snr_csf": 3.28997527621318,
  "snr_gm": 11.29029765010006,
  "snr_total": 9.658874940496453,
  "snr_wm": 14.396351895176121,
  "snrd_csf": 49.82374040651,
  "snrd_gm": 105.38848408023773,
  "snrd_total": 99.14346053878047,
  "snrd_wm": 142.2181571295937,
  "spacing_x": 1.0,
  "spacing_y": 1.0,
  "spacing_z": 1.0,
  "summary_bg_k": 81.90661808007542,
  "summary_bg_mad": 4.6066813468933105,
  "summary_bg_mean": 10.597532272338867,
  "summary_bg_median": 3.853588104248047,
  "summary_bg_n": 1978288.0,
  "summary_bg_p05": 0.0,
  "summary_bg_p95": 41.952615737915025,
  "summary_bg_stdv": 17.482337951660156,
  "summary_csf_k": 0.25787282094728514,
  "summary_csf_mad": 94.05760192871094,
  "summary_csf_mean": 375.89208984375,
  "summary_csf_median": 350.34246826171875,
  "summary_csf_n": 12149.0,
  "summary_csf_p05": 238.56004943847657,
  "summary_csf_p95": 579.1990112304687,
  "summary_csf_stdv": 106.48348999023438,
  "summary_gm_k": 0.04100326742597016,
  "summary_gm_mad": 64.07549285888672,
  "summary_gm_mean": 741.5171508789062,
  "summary_gm_median": 741.0535888671875,
  "summary_gm_n": 20413.0,
  "summary_gm_p05": 634.6289672851562,
  "summary_gm_p95": 853.6505004882812,
  "summary_gm_stdv": 65.63471221923828,
  "summary_wm_k": 3.8091751188245437,
  "summary_wm_mad": 55.60057067871094,
  "summary_wm_mean": 1011.5496215820312,
  "summary_wm_median": 1000.0264892578125,
  "summary_wm_n": 182524.0,
  "summary_wm_p05": 924.3558563232423,
  "summary_wm_p95": 1142.0789611816406,
  "summary_wm_stdv": 69.46369171142578,
  "tpm_overlap_csf": 0.21722626686096191,
  "tpm_overlap_gm": 0.5166736841201782,
  "tpm_overlap_wm": 0.5522305369377136,
  "wm2max": 0.26738568083484443
}