{
  "bids_meta": {
    "AcquisitionMatrixPE": 256,
    "AcquisitionNumber": 1,
    "AcquisitionTime": "16:33:47.000000",
    "BodyPartExamined": "HEAD",
    "CoilString": "32Ch_Head",
    "ConversionSoftware": "dcm2niix",
    "ConversionSoftwareVersion": "v1.0.20181125  (JP2:OpenJPEG) GCC7.3.0",
    "DeviceSerialNumber": "0002806034DVR750",
    "EchoTime": 0.003192,
    "FlipAngle": 12,
    "ImageOrientationPatientDICOM": [
      0,
      1,
      0,
      0,
      0,
      -1
    ],
    "ImageType": [
      "ORIGINAL",
      "PRIMARY",
      "OTHER"
    ],
    "ImagingFrequency": 127.772,
    "InPlanePhaseEncodingDirectionDICOM": "ROW",
    "InstitutionName": "INSTITUTO_DE_NEUROBIOLOGIA",
    "InversionTime": 0.45,
    "MRAcquisitionType": "3D",
    "MagneticFieldStrength": 3,
    "Manufacturer": "GE",
    "ManufacturersModelName": "DISCOVERY_MR750",
    "Modality": "MR",
    "PatientPosition": "HFS",
    "PercentPhaseFOV": 100,
    "PixelBandwidth": 244.141,
    "ProcedureStepDescription": "Emociones_AH",
    "ProtocolName": "Sag_T1_FSPGR_BRAVO",
    "ReconMatrixPE": 256,
    "RepetitionTime": 0.008184,
    "SAR": 0.135851,
    "ScanOptions": "FAST_GEMS_EDR_GEMS_FILTERED_GEMS_ACC_GEMS_IR_GEMS",
    "ScanningSequence": "GR",
    "SequenceVariant": "SS_SP_SK",
    "SeriesDescription": "Sag_T1_FSPGR_BRAVO",
    "SeriesNumber": 9,
    "SliceThickness": 1,
    "SoftwareVersions": "27_LX_MR_Software_release:DV26.0_R02_1810.b",
    "SpacingBetweenSlices": 1,
    "StationName": "GEHCGEHC",
    "dataset": "unknown",
    "modality": "T1w",
    "subject_id": "38"
  },
  "cjv": 0.45980590834510904,
  "cnr": 2.8879794016855094,
  "efc": 0.625940112103225,
  "fber": 17236.390625,
  "fwhm_avg": 3.525533333333333,
  "fwhm_x": 3.55974,
  "fwhm_y": 3.65033,
  "fwhm_z": 3.36653,
  "icvs_csf": 0.21441274699495547,
  "icvs_gm": 0.41534130795113594,
  "icvs_wm": 0.3702459450539086,
  "inu_med": 1.1372236013412476,
  "inu_range": 0.28036293387413025,
  "provenance": {
    "md5sum": "e06b251ca7458ad9633d53e504e155c4",
    "settings": {
      "testing": false
    },
    "software": "mriqc",
    "version": "0.15.2rc1",
    "warnings": {
      "large_rot_frame": true,
      "small_air_mask": false
    },
    "webapi_port": null,
    "webapi_url": "https://mriqc.nimh.nih.gov/api/v1"
  },
  "qi_1": 0.0,
  "qi_2": 0.0021875765370358785,
  "rpve_csf": 24.973081229986096,
  "rpve_gm": 13.51088186087188,
  "rpve_wm": 18.733343791208522,
  "size_x": 176,
  "size_y": 256,
  "size_z": 256,
  "snr_csf": 3.0255696568803985,
  "snr_gm": 11.263384512690845,
  "snr_total": 11.260400467355671,
  "snr_wm": 19.49224723249577,
  "snrd_csf": 43.074757581993055,
  "snrd_gm": 90.60226000314829,
  "snrd_total": 84.64638818685256,
  "snrd_wm": 120.26214697541637,
  "spacing_x": 1.0,
  "spacing_y": 1.0,
  "spacing_z": 1.0,
  "summary_bg_k": 36.82381476921294,
  "summary_bg_mad": 5.44766902923584,
  "summary_bg_mean": 10.20684814453125,
  "summary_bg_median": 4.278209209442139,
  "summary_bg_n": 2159422.0,
  "summary_bg_p05": 0.0,
  "summary_bg_p95": 38.15074977874756,
  "summary_bg_stdv": 13.683186531066895,
  "summary_csf_k": 0.3823505958489881,
  "summary_csf_mad": 105.70832824707031,
  "summary_csf_mean": 385.4762268066406,
  "summary_csf_median": 358.180419921875,
  "summary_csf_n": 14570.0,
  "summary_csf_p05": 233.20280838012695,
  "summary_csf_p95": 607.5628112792967,
  "summary_csf_stdv": 118.3803939819336,
  "summary_gm_k": 0.2585326353494466,
  "summary_gm_mad": 64.08427429199219,
  "summary_gm_mean": 754.3408813476562,
  "summary_gm_median": 753.3868408203125,
  "summary_gm_n": 19118.0,
  "summary_gm_p05": 646.6391082763672,
  "summary_gm_p95": 866.8127288818359,
  "summary_gm_stdv": 66.88639068603516,
  "summary_wm_k": 0.4585143806415437,
  "summary_wm_mad": 49.31833267211914,
  "summary_wm_mean": 1002.1155395507812,
  "summary_wm_median": 1000.018310546875,
  "summary_wm_n": 202668.0,
  "summary_wm_p05": 921.4242797851563,
  "summary_wm_p95": 1089.5290405273436,
  "summary_wm_stdv": 51.303260803222656,
  "tpm_overlap_csf": 0.21165387332439423,
  "tpm_overlap_gm": 0.4931707978248596,
  "tpm_overlap_wm": 0.5577297806739807,
  "wm2max": 0.44138094025558905
}