{
  "aor": 0.002310533333333333,
  "aqi": 0.0029103388533333334,
  "bids_meta": {
    "AcquisitionDateTime": "2016-09-18T11:25:13.000000",
    "ConversionSoftware": "dcm2niix",
    "ConversionSoftwareVersion": "v1.0.20170411 GCC4.8.4",
    "EchoTime": 0.04,
    "FlipAngle": 90,
    "ImageType": [
      "ORIGINAL",
      "PRIMARY",
      "EPI",
      "NONE"
    ],
    "MagneticFieldStrength": 3,
    "Manufacturer": "GE",
    "ManufacturersModelName": "DISCOVERY_MR750",
    "ProcedureStepDescription": "MeditResp",
    "ProtocolName": "fMRI_RestSt",
    "RepetitionTime": 2,
    "ScanningSequence": "EP_GR",
    "SequenceVariant": "SS",
    "SeriesDescription": "fMRI_RestSt",
    "dataset": "unknown",
    "modality": "bold",
    "subject_id": "106",
    "task_id": "rest"
  },
  "dummy_trs": 0,
  "dvars_nstd": 20.497984302240823,
  "dvars_std": 1.1344441748829435,
  "dvars_vstd": 1.011526380802675,
  "efc": 0.3567018488806264,
  "fber": 54085.11328125,
  "fd_mean": 0.11875261584210485,
  "fd_num": 21,
  "fd_perc": 7.0,
  "fwhm_avg": 2.806808333333333,
  "fwhm_x": 2.7517,
  "fwhm_y": 2.982825,
  "fwhm_z": 2.6859,
  "gcor": 0.0819866,
  "gsr_x": -0.002587859285995364,
  "gsr_y": 0.005204422865062952,
  "provenance": {
    "md5sum": "eb10035080e37be5c2812525f3f417ab",
    "settings": {
      "fd_thres": 0.2,
      "hmc_fsl": false
    },
    "software": "mriqc",
    "version": "0.15.2rc1",
    "webapi_port": null,
    "webapi_url": "https://mriqc.nimh.nih.gov/api/v1"
  },
  "size_t": 300,
  "size_x": 64,
  "size_y": 64,
  "size_z": 34,
  "snr": 2.922713501034038,
  "spacing_tr": 2.0,
  "spacing_x": 4.0,
  "spacing_y": 4.0,
  "spacing_z": 4.0,
  "summary_bg_k": 155.63958806036226,
  "summary_bg_mad": 10.047101020812988,
  "summary_bg_mean": 27.686695098876953,
  "summary_bg_median": 7.296666622161865,
  "summary_bg_n": 94081.0,
  "summary_bg_p05": 0.10999999940395355,
  "summary_bg_p95": 102.06000518798828,
  "summary_bg_stdv": 88.4598159790039,
  "summary_fg_k": -0.03740499098868,
  "summary_fg_mad": 586.2653198242188,
  "summary_fg_mean": 1725.967041015625,
  "summary_fg_median": 1732.90673828125,
  "summary_fg_n": 18313.0,
  "summary_fg_p05": 717.5080200195313,
  "summary_fg_p95": 2705.431396484375,
  "summary_fg_stdv": 592.89404296875,
  "tsnr": 56.0368766784668
}