{
  "aor": 0.0014432,
  "aqi": 0.0022903368239999998,
  "bids_meta": {
    "AcquisitionDateTime": "2017-07-04T18:42:8.000000",
    "ConversionSoftware": "dcm2niix",
    "ConversionSoftwareVersion": "v1.0.20170411 GCC4.8.4",
    "EchoTime": 0.035,
    "FlipAngle": 90,
    "ImageType": [
      "ORIGINAL",
      "PRIMARY",
      "EPI",
      "NONE"
    ],
    "MagneticFieldStrength": 3,
    "Manufacturer": "GE",
    "ManufacturersModelName": "DISCOVERY_MR750",
    "ProtocolName": "fMRI_CompMet",
    "RepetitionTime": 2,
    "ScanningSequence": "EP_GR",
    "SequenceVariant": "SS",
    "SeriesDescription": "fMRI_CompMet",
    "dataset": "unknown",
    "modality": "bold",
    "run_id": 2,
    "subject_id": "68",
    "task_id": "cm"
  },
  "dummy_trs": 0,
  "dvars_nstd": 13.899906855261046,
  "dvars_std": 1.0441486210843374,
  "dvars_vstd": 0.9357243320080321,
  "efc": 0.37531946827048956,
  "fber": 83830.796875,
  "fd_mean": 0.07541409024483979,
  "fd_num": 6,
  "fd_perc": 2.4,
  "fwhm_avg": 2.9341500000000003,
  "fwhm_x": 2.7866,
  "fwhm_y": 2.980325,
  "fwhm_z": 3.035525,
  "gcor": 0.0117174,
  "gsr_x": -0.005891791544854641,
  "gsr_y": 0.007738781627267599,
  "provenance": {
    "md5sum": "c3b2f970098d3e88401fee792e040b3e",
    "settings": {
      "fd_thres": 0.2,
      "hmc_fsl": false
    },
    "software": "mriqc",
    "version": "0.15.2rc1",
    "webapi_port": null,
    "webapi_url": "https://mriqc.nimh.nih.gov/api/v1"
  },
  "size_t": 250,
  "size_x": 64,
  "size_y": 64,
  "size_z": 34,
  "snr": 2.7542705933586213,
  "spacing_tr": 2.0,
  "spacing_x": 4.0,
  "spacing_y": 4.0,
  "spacing_z": 4.0,
  "summary_bg_k": 68.00576105374108,
  "summary_bg_mad": 9.86227035522461,
  "summary_bg_mean": 41.01032638549805,
  "summary_bg_median": 7.392000198364258,
  "summary_bg_n": 92029.0,
  "summary_bg_p05": 0.19200000166893005,
  "summary_bg_p95": 187.7960083007809,
  "summary_bg_stdv": 130.79608154296875,
  "summary_fg_k": 0.528353908251936,
  "summary_fg_mad": 684.5948486328125,
  "summary_fg_mean": 2249.3369140625,
  "summary_fg_median": 2162.59423828125,
  "summary_fg_n": 19936.0,
  "summary_fg_p05": 1054.8360595703125,
  "summary_fg_p95": 3713.5922241210938,
  "summary_fg_stdv": 785.1588745117188,
  "tsnr": 65.4059829711914
}