{
  "bids_meta": {
    "AcquisitionDateTime": "2017-01-27T19:38:57.000000",
    "ConversionSoftware": "dcm2niix",
    "ConversionSoftwareVersion": "v1.0.20170411 GCC4.8.4",
    "EchoTime": 0.00318,
    "FlipAngle": 12,
    "ImageType": [
      "DERIVED",
      "PRIMARY",
      "OTHER"
    ],
    "InversionTime": 0.45,
    "MagneticFieldStrength": 3,
    "Manufacturer": "GE",
    "ManufacturersModelName": "DISCOVERY_MR750",
    "ProcedureStepDescription": "ComRefranes",
    "ProtocolName": "PU:Sag_T1_FSPGR_BRAVO",
    "RepetitionTime": 0.008156,
    "ScanningSequence": "GR",
    "SequenceVariant": "SS_SP_SK",
    "SeriesDescription": "PU:Sag_T1_FSPGR_BRAVO",
    "dataset": "unknown",
    "modality": "T1w",
    "subject_id": "63"
  },
  "cjv": 0.4695042699720918,
  "cnr": 2.8076265168710615,
  "efc": 0.7461059310313444,
  "fber": 1567.3883056640625,
  "fwhm_avg": 3.4086,
  "fwhm_x": 3.41435,
  "fwhm_y": 3.61845,
  "fwhm_z": 3.193,
  "icvs_csf": 0.21679514602110309,
  "icvs_gm": 0.4096494398265269,
  "icvs_wm": 0.37355541415237,
  "inu_med": 0.9371669292449951,
  "inu_range": 0.27114024758338906,
  "provenance": {
    "md5sum": "f25218f031e10f8c4485f65d8943529c",
    "settings": {
      "testing": false
    },
    "software": "mriqc",
    "version": "0.15.2rc1",
    "warnings": {
      "large_rot_frame": true,
      "small_air_mask": false
    },
    "webapi_port": null,
    "webapi_url": "https://mriqc.nimh.nih.gov/api/v1"
  },
  "qi_1": 0.0,
  "qi_2": 0.001806417029268348,
  "rpve_csf": 23.81536745223818,
  "rpve_gm": 13.037323018135696,
  "rpve_wm": 17.377123611113216,
  "size_x": 176,
  "size_y": 256,
  "size_z": 256,
  "snr_csf": 3.1502136590308507,
  "snr_gm": 10.857286789157937,
  "snr_total": 10.38906883034071,
  "snr_wm": 17.15970604283334,
  "snrd_csf": 42.57383365381933,
  "snrd_gm": 95.83189591422477,
  "snrd_total": 89.12248057373348,
  "snrd_wm": 128.96171215315638,
  "spacing_x": 1.0,
  "spacing_y": 1.0,
  "spacing_z": 1.0,
  "summary_bg_k": 13.243111224393108,
  "summary_bg_mad": 5.080287456512451,
  "summary_bg_mean": 11.639616012573242,
  "summary_bg_median": 3.4266016483306885,
  "summary_bg_n": 379569.0,
  "summary_bg_p05": 0.0,
  "summary_bg_p95": 46.80224914550775,
  "summary_bg_stdv": 17.085054397583008,
  "summary_csf_k": 1.5565720554194273,
  "summary_csf_mad": 84.5426254272461,
  "summary_csf_mean": 352.2030944824219,
  "summary_csf_median": 330.1408996582031,
  "summary_csf_n": 24483.0,
  "summary_csf_p05": 218.1880584716797,
  "summary_csf_p95": 557.2037658691405,
  "summary_csf_stdv": 104.7973861694336,
  "summary_gm_k": 0.24207739739236,
  "summary_gm_mad": 65.6297607421875,
  "summary_gm_mean": 744.3001098632812,
  "summary_gm_median": 743.1331787109375,
  "summary_gm_n": 21807.0,
  "summary_gm_p05": 634.1923278808595,
  "summary_gm_p95": 861.799725341797,
  "summary_gm_stdv": 68.44400024414062,
  "summary_wm_k": 1.0537210774900476,
  "summary_wm_mad": 54.989078521728516,
  "summary_wm_mean": 1005.2279052734375,
  "summary_wm_median": 1000.0399780273438,
  "summary_wm_n": 216360.0,
  "summary_wm_p05": 919.3794464111328,
  "summary_wm_p95": 1107.6176452636719,
  "summary_wm_stdv": 58.27825164794922,
  "tpm_overlap_csf": 0.21457692980766296,
  "tpm_overlap_gm": 0.4799365997314453,
  "tpm_overlap_wm": 0.5530229210853577,
  "wm2max": 0.40119530589002955
}