{
  "bids_meta": {
    "AcquisitionDateTime": "2016-05-02T20:52:49.000000",
    "ConversionSoftware": "dcm2niix",
    "ConversionSoftwareVersion": "v1.0.20170411 GCC4.8.4",
    "EchoTime": 0.00318,
    "FlipAngle": 12,
    "ImageType": [
      "DERIVED",
      "PRIMARY",
      "OTHER"
    ],
    "InversionTime": 0.45,
    "MagneticFieldStrength": 3,
    "Manufacturer": "GE",
    "ManufacturersModelName": "DISCOVERY_MR750",
    "ProcedureStepDescription": "ActosHabla",
    "ProtocolName": "PU:Sag_T1_FSPGR_BRAVO",
    "RepetitionTime": 0.008156,
    "ScanningSequence": "GR",
    "SequenceVariant": "SS_SP_SK",
    "SeriesDescription": "PU:Sag_T1_FSPGR_BRAVO",
    "dataset": "unknown",
    "modality": "T1w",
    "subject_id": "03"
  },
  "cjv": 0.36178206565511517,
  "cnr": 3.608671739191178,
  "efc": 0.7436542705948848,
  "fber": 17362.28515625,
  "fwhm_avg": 3.6459499999999996,
  "fwhm_x": 3.73058,
  "fwhm_y": 3.73264,
  "fwhm_z": 3.47463,
  "icvs_csf": 0.2017994284378001,
  "icvs_gm": 0.44677291661989965,
  "icvs_wm": 0.35142765494230027,
  "inu_med": 1.5564919710159302,
  "inu_range": 0.32850801944732666,
  "provenance": {
    "md5sum": "2c00b90836e38ee92e8470ac1e1dcf7c",
    "settings": {
      "testing": false
    },
    "software": "mriqc",
    "version": "0.15.2rc1",
    "warnings": {
      "large_rot_frame": true,
      "small_air_mask": false
    },
    "webapi_port": null,
    "webapi_url": "https://mriqc.nimh.nih.gov/api/v1"
  },
  "qi_1": 0.0,
  "qi_2": 0.0021204863025510194,
  "rpve_csf": 25.502521903675092,
  "rpve_gm": 12.707124671126898,
  "rpve_wm": 19.200535422306807,
  "size_x": 176,
  "size_y": 256,
  "size_z": 256,
  "snr_csf": 3.8246358023077813,
  "snr_gm": 10.8515200026757,
  "snr_total": 11.551265995208098,
  "snr_wm": 19.977642180640814,
  "snrd_csf": 64.70239923135014,
  "snrd_gm": 139.81573305448885,
  "snrd_total": 134.53777021954735,
  "snrd_wm": 199.09517837280305,
  "spacing_x": 1.0,
  "spacing_y": 1.0,
  "spacing_z": 1.0,
  "summary_bg_k": 9.334849447408867,
  "summary_bg_mad": 3.2905735969543457,
  "summary_bg_mean": 7.10146951675415,
  "summary_bg_median": 2.2194581031799316,
  "summary_bg_n": 440666.0,
  "summary_bg_p05": 0.0,
  "summary_bg_p95": 29.212961196899414,
  "summary_bg_stdv": 10.682408332824707,
  "summary_csf_k": 2.255684463160046,
  "summary_csf_mad": 69.71124267578125,
  "summary_csf_mean": 341.81915283203125,
  "summary_csf_median": 324.98272705078125,
  "summary_csf_n": 23682.0,
  "summary_csf_p05": 237.26491165161133,
  "summary_csf_p95": 512.6900817871094,
  "summary_csf_stdv": 84.96910095214844,
  "summary_gm_k": 0.6891526521040987,
  "summary_gm_mad": 59.3509635925293,
  "summary_gm_mean": 706.5396118164062,
  "summary_gm_median": 702.2567749023438,
  "summary_gm_n": 26437.0,
  "summary_gm_p05": 607.7675537109375,
  "summary_gm_p95": 820.3127075195312,
  "summary_gm_stdv": 64.71383666992188,
  "summary_wm_k": 0.21545395625341035,
  "summary_wm_mad": 48.36772537231445,
  "summary_wm_mean": 999.422607421875,
  "summary_wm_median": 1000.00146484375,
  "summary_wm_n": 204773.0,
  "summary_wm_p05": 915.97236328125,
  "summary_wm_p95": 1080.6581787109376,
  "summary_wm_stdv": 50.055908203125,
  "tpm_overlap_csf": 0.23340880870819092,
  "tpm_overlap_gm": 0.5239386558532715,
  "tpm_overlap_wm": 0.5807245373725891,
  "wm2max": 0.46064978848519855
}