{
  "bids_meta": {
    "AcquisitionDateTime": "2017-08-24T19:48:12.000000",
    "ConversionSoftware": "dcm2niix",
    "ConversionSoftwareVersion": "v1.0.20170411 GCC4.8.4",
    "EchoTime": 0.00318,
    "FlipAngle": 12,
    "ImageType": [
      "DERIVED",
      "PRIMARY",
      "OTHER"
    ],
    "InversionTime": 0.45,
    "MagneticFieldStrength": 3,
    "Manufacturer": "GE",
    "ManufacturersModelName": "DISCOVERY_MR750",
    "ProcedureStepDescription": "CompMet",
    "ProtocolName": "PU:Sag_T1_FSPGR_BRAVO",
    "RepetitionTime": 0.008156,
    "ScanningSequence": "GR",
    "SequenceVariant": "SS_SP_SK",
    "SeriesDescription": "PU:Sag_T1_FSPGR_BRAVO",
    "dataset": "unknown",
    "modality": "T1w",
    "subject_id": "91"
  },
  "cjv": 0.41784536712399367,
  "cnr": 3.1234320904865256,
  "efc": 0.7255448067016066,
  "fber": 6976.34326171875,
  "fwhm_avg": 3.8781433333333326,
  "fwhm_x": 3.91812,
  "fwhm_y": 4.08378,
  "fwhm_z": 3.63253,
  "icvs_csf": 0.2107804865458244,
  "icvs_gm": 0.42932649038380444,
  "icvs_wm": 0.35989302307037113,
  "inu_med": 0.9753628969192505,
  "inu_range": 0.3347151279449463,
  "provenance": {
    "md5sum": "a35f9de54733962bf6aaf5128e094f64",
    "settings": {
      "testing": false
    },
    "software": "mriqc",
    "version": "0.15.2rc1",
    "warnings": {
      "large_rot_frame": true,
      "small_air_mask": false
    },
    "webapi_port": null,
    "webapi_url": "https://mriqc.nimh.nih.gov/api/v1"
  },
  "qi_1": 0.0,
  "qi_2": 0.0025011587754400462,
  "rpve_csf": 23.377237903968,
  "rpve_gm": 12.224860234416312,
  "rpve_wm": 17.65395374213405,
  "size_x": 176,
  "size_y": 256,
  "size_z": 256,
  "snr_csf": 3.0133465679921465,
  "snr_gm": 10.022932583728679,
  "snr_total": 10.74167126041069,
  "snr_wm": 19.188734629511245,
  "snrd_csf": 50.15702697625358,
  "snrd_gm": 101.697643238648,
  "snrd_total": 97.79108476989052,
  "snrd_wm": 141.51858409476998,
  "spacing_x": 1.0,
  "spacing_y": 1.0,
  "spacing_z": 1.0,
  "summary_bg_k": 10.773889514112849,
  "summary_bg_mad": 4.62941837310791,
  "summary_bg_mean": 10.66318130493164,
  "summary_bg_median": 3.2694549560546875,
  "summary_bg_n": 559185.0,
  "summary_bg_p05": 0.0,
  "summary_bg_p95": 44.5022148132324,
  "summary_bg_stdv": 16.11393165588379,
  "summary_csf_k": -0.033884001588092794,
  "summary_csf_mad": 118.21476745605469,
  "summary_csf_mean": 374.5970458984375,
  "summary_csf_median": 354.4267578125,
  "summary_csf_n": 16218.0,
  "summary_csf_p05": 213.12192916870117,
  "summary_csf_p95": 583.210580444336,
  "summary_csf_stdv": 117.6153564453125,
  "summary_gm_k": 0.3541757927849254,
  "summary_gm_mad": 68.34810638427734,
  "summary_gm_mean": 722.4124145507812,
  "summary_gm_median": 718.6304321289062,
  "summary_gm_n": 28055.0,
  "summary_gm_p05": 611.8784729003906,
  "summary_gm_p95": 847.3778381347656,
  "summary_gm_stdv": 71.69734191894531,
  "summary_wm_k": 0.6328110767175583,
  "summary_wm_mad": 49.22874450683594,
  "summary_wm_mean": 1001.1304931640625,
  "summary_wm_median": 1000.0188598632812,
  "summary_wm_n": 223100.0,
  "summary_wm_p05": 917.7379699707031,
  "summary_wm_p95": 1087.89638671875,
  "summary_wm_stdv": 52.114776611328125,
  "tpm_overlap_csf": 0.21675409376621246,
  "tpm_overlap_gm": 0.517976701259613,
  "tpm_overlap_wm": 0.5691832900047302,
  "wm2max": 0.3781087489531967
}