{
  "aor": 0.005793103448275862,
  "aqi": 0.0062440590804597705,
  "bids_meta": {
    "AcquisitionMatrixPE": 64,
    "AcquisitionNumber": 1,
    "AcquisitionTime": "19:04:35.000000",
    "CoilString": "32Ch_Head",
    "ConversionSoftware": "dcm2niix",
    "ConversionSoftwareVersion": "v1.0.20190902",
    "Dcm2bidsVersion": "2.1.4",
    "DeviceSerialNumber": "000000000000GEHC",
    "EchoTime": 0.04,
    "EffectiveEchoSpacing": 0.000372,
    "FlipAngle": 90,
    "ImageOrientationPatientDICOM": [
      1,
      0,
      0,
      0,
      1,
      0
    ],
    "ImageType": [
      "ORIGINAL",
      "PRIMARY",
      "EPI",
      "NONE"
    ],
    "ImagingFrequency": 127.772,
    "InPlanePhaseEncodingDirectionDICOM": "ROW",
    "InstitutionName": "INSTITUTO_DE_NEUROBIOLOGIA",
    "MRAcquisitionType": "2D",
    "MagneticFieldStrength": 3,
    "Manufacturer": "GE",
    "ManufacturersModelName": "DISCOVERY_MR750",
    "Modality": "MR",
    "PatientPosition": "HFS",
    "PercentPhaseFOV": 100,
    "PhaseEncodingDirection": "i-",
    "PhaseEncodingPolarityGE": "Flipped",
    "PixelBandwidth": 7812.5,
    "ProcedureStepDescription": "verbos",
    "ProtocolName": "fMRI_6",
    "ReconMatrixPE": 64,
    "RepetitionTime": 2,
    "SAR": 0.349793,
    "ScanOptions": "EPI_GEMS_ACC_GEMS",
    "ScanningSequence": "EP_GR",
    "SequenceVariant": "SS",
    "SeriesDescription": "fMRI_6",
    "SeriesNumber": 9,
    "SliceThickness": 4,
    "SliceTiming": [
      0,
      1.0285,
      0.0571001,
      1.0857,
      0.1142,
      1.1428,
      0.1714,
      1.2,
      0.2285,
      1.2571,
      0.2857,
      1.3143,
      0.3428,
      1.3714,
      0.4,
      1.4286,
      0.4571,
      1.4857,
      0.5142,
      1.5428,
      0.5714,
      1.6,
      0.6285,
      1.6571,
      0.6857,
      1.7143,
      0.7428,
      1.7714,
      0.8,
      1.8285,
      0.8571,
      1.8857,
      0.9143,
      1.9428,
      0.9714
    ],
    "SoftwareVersions": "24_LX_MR_Software_release:DV24.0_R02_1607.b",
    "SpacingBetweenSlices": 4,
    "StationName": "GEHCGEHC",
    "TotalReadoutTime": 0.023436,
    "dataset": "unknown",
    "modality": "bold",
    "run_id": 6,
    "subject_id": "126",
    "task_id": "verbs"
  },
  "dummy_trs": 0,
  "dvars_nstd": 19.885402955086704,
  "dvars_std": 0.9297170002312138,
  "dvars_vstd": 0.9247775486127171,
  "efc": 0.3278540367937218,
  "fber": 60335.8125,
  "fd_mean": 0.16628818336123885,
  "fd_num": 39,
  "fd_perc": 22.413793103448278,
  "fwhm_avg": 2.9363999999999995,
  "fwhm_x": 2.909,
  "fwhm_y": 3.089325,
  "fwhm_z": 2.810875,
  "gcor": 0.0436408,
  "gsr_x": -0.0028516645543277264,
  "gsr_y": 0.0022645904682576656,
  "provenance": {
    "md5sum": "d2c27c25a7e6d70f95724684edde20e0",
    "settings": {
      "fd_thres": 0.2,
      "hmc_fsl": false
    },
    "software": "mriqc",
    "version": "0.15.2rc1",
    "webapi_port": null,
    "webapi_url": "https://mriqc.nimh.nih.gov/api/v1"
  },
  "size_t": 174,
  "size_x": 64,
  "size_y": 64,
  "size_z": 35,
  "snr": 2.535201245697874,
  "spacing_tr": 2.0,
  "spacing_x": 4.0,
  "spacing_y": 4.0,
  "spacing_z": 4.0,
  "summary_bg_k": 87.8571168131205,
  "summary_bg_mad": 9.440937995910645,
  "summary_bg_mean": 27.641061782836914,
  "summary_bg_median": 7.143678188323975,
  "summary_bg_n": 100600.0,
  "summary_bg_p05": 0.22413793206214905,
  "summary_bg_p95": 110.5068943023679,
  "summary_bg_stdv": 76.38380432128906,
  "summary_fg_k": 0.7072018535695466,
  "summary_fg_mad": 534.9636840820312,
  "summary_fg_mean": 1817.877197265625,
  "summary_fg_median": 1719.8333740234375,
  "summary_fg_n": 16021.0,
  "summary_fg_p05": 794.7701416015625,
  "summary_fg_p95": 3137.816162109375,
  "summary_fg_stdv": 678.3602294921875,
  "tsnr": 38.390953063964844
}