{
  "aor": 0.002902633333333334,
  "aqi": 0.0055585096999999995,
  "bids_meta": {
    "AcquisitionMatrixPE": 64,
    "AcquisitionNumber": 1,
    "AcquisitionTime": "19:26:29.000000",
    "CoilString": "32Ch_Head",
    "ConversionSoftware": "dcm2niix",
    "ConversionSoftwareVersion": "v1.0.20190902",
    "Dcm2bidsVersion": "2.1.4",
    "DeviceSerialNumber": "000000000000GEHC",
    "EchoTime": 0.04,
    "EffectiveEchoSpacing": 0.000372,
    "FlipAngle": 90,
    "ImageOrientationPatientDICOM": [
      1,
      0,
      0,
      0,
      1,
      0
    ],
    "ImageType": [
      "ORIGINAL",
      "PRIMARY",
      "EPI",
      "NONE"
    ],
    "ImagingFrequency": 127.772,
    "InPlanePhaseEncodingDirectionDICOM": "COL",
    "InstitutionName": "INSTITUTO_DE_NEUROBIOLOGIA",
    "MRAcquisitionType": "2D",
    "MagneticFieldStrength": 3,
    "Manufacturer": "GE",
    "ManufacturersModelName": "DISCOVERY_MR750",
    "Modality": "MR",
    "PatientPosition": "HFS",
    "PercentPhaseFOV": 100,
    "PhaseEncodingDirection": "j",
    "PhaseEncodingPolarityGE": "Flipped",
    "PixelBandwidth": 7812.5,
    "ProcedureStepDescription": "verbos",
    "ProtocolName": "fMRI_RestState",
    "ReconMatrixPE": 64,
    "RepetitionTime": 2,
    "SAR": 0.349793,
    "ScanOptions": "EPI_GEMS_ACC_GEMS",
    "ScanningSequence": "EP_GR",
    "SequenceVariant": "SS",
    "SeriesDescription": "fMRI_RestState",
    "SeriesNumber": 12,
    "SliceThickness": 4,
    "SliceTiming": [
      0,
      1.0285,
      0.0571001,
      1.0857,
      0.1142,
      1.1428,
      0.1714,
      1.2,
      0.2285,
      1.2571,
      0.2857,
      1.3143,
      0.3428,
      1.3714,
      0.4,
      1.4286,
      0.4571,
      1.4857,
      0.5142,
      1.5428,
      0.5714,
      1.6,
      0.6285,
      1.6571,
      0.6857,
      1.7143,
      0.7428,
      1.7714,
      0.8,
      1.8285,
      0.8571,
      1.8857,
      0.9143,
      1.9428,
      0.9714
    ],
    "SoftwareVersions": "24_LX_MR_Software_release:DV24.0_R02_1607.b",
    "SpacingBetweenSlices": 4,
    "StationName": "GEHCGEHC",
    "TotalReadoutTime": 0.023436,
    "dataset": "unknown",
    "modality": "bold",
    "subject_id": "126",
    "task_id": "rest"
  },
  "dummy_trs": 0,
  "dvars_nstd": 15.82934704595318,
  "dvars_std": 0.9562408295986621,
  "dvars_vstd": 0.94028847187291,
  "efc": 0.32120609547430173,
  "fber": 97623.3984375,
  "fd_mean": 0.09368295236942882,
  "fd_num": 14,
  "fd_perc": 4.666666666666667,
  "fwhm_avg": 2.943633333333333,
  "fwhm_x": 2.86675,
  "fwhm_y": 3.0797,
  "fwhm_z": 2.88445,
  "gcor": 0.0729696,
  "gsr_x": -0.008484315127134323,
  "gsr_y": 0.010675633326172829,
  "provenance": {
    "md5sum": "ab020580878bcd57d593dba7a51c6840",
    "settings": {
      "fd_thres": 0.2,
      "hmc_fsl": false
    },
    "software": "mriqc",
    "version": "0.15.2rc1",
    "webapi_port": null,
    "webapi_url": "https://mriqc.nimh.nih.gov/api/v1"
  },
  "size_t": 300,
  "size_x": 64,
  "size_y": 64,
  "size_z": 35,
  "snr": 2.57953783807488,
  "spacing_tr": 2.0,
  "spacing_x": 4.0,
  "spacing_y": 4.0,
  "spacing_z": 4.0,
  "summary_bg_k": 191.18672621339803,
  "summary_bg_mad": 7.709532260894775,
  "summary_bg_mean": 27.20968246459961,
  "summary_bg_median": 5.930000305175781,
  "summary_bg_n": 101794.0,
  "summary_bg_p05": 0.18333333730697632,
  "summary_bg_p95": 110.16850280761682,
  "summary_bg_stdv": 89.0888442993164,
  "summary_fg_k": 0.6173156047573061,
  "summary_fg_mad": 557.21142578125,
  "summary_fg_mean": 1878.1253662109375,
  "summary_fg_median": 1788.9400634765625,
  "summary_fg_n": 15515.0,
  "summary_fg_p05": 806.5403686523438,
  "summary_fg_p95": 3211.373095703125,
  "summary_fg_stdv": 693.489501953125,
  "tsnr": 44.38285827636719
}