{
  "aor": 0.006462758620689655,
  "aqi": 0.004649084942528735,
  "bids_meta": {
    "AcquisitionMatrixPE": 64,
    "AcquisitionNumber": 1,
    "AcquisitionTime": "19:18:26.000000",
    "CoilString": "32Ch_Head",
    "ConversionSoftware": "dcm2niix",
    "ConversionSoftwareVersion": "v1.0.20190902",
    "Dcm2bidsVersion": "2.1.4",
    "DeviceSerialNumber": "000000000000GEHC",
    "EchoTime": 0.04,
    "EffectiveEchoSpacing": 0.000372,
    "FlipAngle": 90,
    "ImageOrientationPatientDICOM": [
      1,
      0,
      0,
      0,
      1,
      0
    ],
    "ImageType": [
      "ORIGINAL",
      "PRIMARY",
      "EPI",
      "NONE"
    ],
    "ImagingFrequency": 127.772,
    "InPlanePhaseEncodingDirectionDICOM": "ROW",
    "InstitutionName": "INSTITUTO_DE_NEUROBIOLOGIA",
    "MRAcquisitionType": "2D",
    "MagneticFieldStrength": 3,
    "Manufacturer": "GE",
    "ManufacturersModelName": "DISCOVERY_MR750",
    "Modality": "MR",
    "PatientPosition": "HFS",
    "PercentPhaseFOV": 100,
    "PhaseEncodingDirection": "i-",
    "PhaseEncodingPolarityGE": "Flipped",
    "PixelBandwidth": 7812.5,
    "ProcedureStepDescription": "verbos",
    "ProtocolName": "fMRI_8",
    "ReconMatrixPE": 64,
    "RepetitionTime": 2,
    "SAR": 0.349793,
    "ScanOptions": "EPI_GEMS_ACC_GEMS",
    "ScanningSequence": "EP_GR",
    "SequenceVariant": "SS",
    "SeriesDescription": "fMRI_8",
    "SeriesNumber": 11,
    "SliceThickness": 4,
    "SliceTiming": [
      0,
      1.0285,
      0.0571001,
      1.0857,
      0.1142,
      1.1428,
      0.1714,
      1.2,
      0.2285,
      1.2571,
      0.2857,
      1.3143,
      0.3428,
      1.3714,
      0.4,
      1.4286,
      0.4571,
      1.4857,
      0.5142,
      1.5428,
      0.5714,
      1.6,
      0.6285,
      1.6571,
      0.6857,
      1.7143,
      0.7428,
      1.7714,
      0.8,
      1.8285,
      0.8571,
      1.8857,
      0.9143,
      1.9428,
      0.9714
    ],
    "SoftwareVersions": "24_LX_MR_Software_release:DV24.0_R02_1607.b",
    "SpacingBetweenSlices": 4,
    "StationName": "GEHCGEHC",
    "TotalReadoutTime": 0.023436,
    "dataset": "unknown",
    "modality": "bold",
    "run_id": 8,
    "subject_id": "126",
    "task_id": "verbs"
  },
  "dummy_trs": 0,
  "dvars_nstd": 18.61982515872833,
  "dvars_std": 1.00352016867052,
  "dvars_vstd": 0.9758524352023119,
  "efc": 0.32956418626496486,
  "fber": 65074.88671875,
  "fd_mean": 0.17415868368483503,
  "fd_num": 45,
  "fd_perc": 25.862068965517242,
  "fwhm_avg": 2.9143000000000003,
  "fwhm_x": 2.87745,
  "fwhm_y": 3.05165,
  "fwhm_z": 2.8138,
  "gcor": 0.04094,
  "gsr_x": -0.002713174093514681,
  "gsr_y": 0.0009430697537027299,
  "provenance": {
    "md5sum": "c49936fb2749f88268d711118c687869",
    "settings": {
      "fd_thres": 0.2,
      "hmc_fsl": false
    },
    "software": "mriqc",
    "version": "0.15.2rc1",
    "webapi_port": null,
    "webapi_url": "https://mriqc.nimh.nih.gov/api/v1"
  },
  "size_t": 174,
  "size_x": 64,
  "size_y": 64,
  "size_z": 35,
  "snr": 2.6049555084827416,
  "spacing_tr": 2.0,
  "spacing_x": 4.0,
  "spacing_y": 4.0,
  "spacing_z": 4.0,
  "summary_bg_k": 80.44246701654596,
  "summary_bg_mad": 9.419636726379395,
  "summary_bg_mean": 28.61943244934082,
  "summary_bg_median": 7.106321811676025,
  "summary_bg_n": 100946.0,
  "summary_bg_p05": 0.16091954708099365,
  "summary_bg_p95": 120.80172348022461,
  "summary_bg_stdv": 77.45272064208984,
  "summary_fg_k": 0.7019580019405844,
  "summary_fg_mad": 542.7091064453125,
  "summary_fg_mean": 1850.7535400390625,
  "summary_fg_median": 1761.298828125,
  "summary_fg_n": 16034.0,
  "summary_fg_p05": 814.0945343017579,
  "summary_fg_p95": 3148.6988403320292,
  "summary_fg_stdv": 676.1128540039062,
  "tsnr": 44.6221809387207
}