{
  "bids_meta": {
    "AcquisitionDateTime": "2016-10-12T20:33:46.000000",
    "ConversionSoftware": "dcm2niix",
    "ConversionSoftwareVersion": "v1.0.20170411 GCC4.8.4",
    "EchoTime": 0.003336,
    "FlipAngle": 12,
    "ImageType": [
      "DERIVED",
      "PRIMARY",
      "OTHER"
    ],
    "InversionTime": 0.45,
    "MagneticFieldStrength": 3,
    "Manufacturer": "GE",
    "ManufacturersModelName": "DISCOVERY_MR750",
    "ProcedureStepDescription": "MeditResp",
    "ProtocolName": "PU:Sag_T1_FSPGR_BRAVO",
    "RepetitionTime": 0.008512,
    "ScanningSequence": "GR",
    "SequenceVariant": "SS_SP_SK",
    "SeriesDescription": "PU:Sag_T1_FSPGR_BRAVO",
    "dataset": "unknown",
    "modality": "T1w",
    "subject_id": "108"
  },
  "cjv": 0.37264225338580964,
  "cnr": 3.467678274677257,
  "efc": 0.7561453884375889,
  "fber": 14938.142578125,
  "fwhm_avg": 3.610556666666666,
  "fwhm_x": 3.60856,
  "fwhm_y": 3.71926,
  "fwhm_z": 3.50385,
  "icvs_csf": 0.19227143126810567,
  "icvs_gm": 0.43675970950269977,
  "icvs_wm": 0.37096885922919454,
  "inu_med": 0.7814902067184448,
  "inu_range": 0.1446260720491408,
  "provenance": {
    "md5sum": "6e8017ec5094dd9d232452c37bfb1613",
    "settings": {
      "testing": false
    },
    "software": "mriqc",
    "version": "0.15.2rc1",
    "warnings": {
      "large_rot_frame": true,
      "small_air_mask": true
    },
    "webapi_port": null,
    "webapi_url": "https://mriqc.nimh.nih.gov/api/v1"
  },
  "qi_1": 0.0,
  "qi_2": 0.002499652548137939,
  "rpve_csf": 29.661042682516076,
  "rpve_gm": 14.489052237666106,
  "rpve_wm": 20.85323464493631,
  "size_x": 176,
  "size_y": 256,
  "size_z": 256,
  "snr_csf": 2.8779010799468705,
  "snr_gm": 11.477679279945844,
  "snr_total": 12.205037591320975,
  "snr_wm": 22.259532414070215,
  "snrd_csf": 53.84186075542576,
  "snrd_gm": 116.24817222781166,
  "snrd_total": 109.96315480963175,
  "snrd_wm": 159.7994314456578,
  "spacing_x": 1.0,
  "spacing_y": 1.0,
  "spacing_z": 1.0,
  "summary_bg_k": 9.233404013960524,
  "summary_bg_mad": 4.099748611450195,
  "summary_bg_mean": 7.991394996643066,
  "summary_bg_median": 2.7652382850646973,
  "summary_bg_n": 193376.0,
  "summary_bg_p05": 0.0,
  "summary_bg_p95": 32.52504825592041,
  "summary_bg_stdv": 11.906620025634766,
  "summary_csf_k": -0.028707700251688006,
  "summary_csf_mad": 111.69560241699219,
  "summary_csf_mean": 372.1895446777344,
  "summary_csf_median": 336.9345703125,
  "summary_csf_n": 11464.0,
  "summary_csf_p05": 225.24404525756836,
  "summary_csf_p95": 580.4395172119141,
  "summary_csf_stdv": 117.0713882446289,
  "summary_gm_k": 0.2379975834742014,
  "summary_gm_mad": 59.62931442260742,
  "summary_gm_mean": 730.2777099609375,
  "summary_gm_median": 727.4642333984375,
  "summary_gm_n": 28117.0,
  "summary_gm_p05": 629.637548828125,
  "summary_gm_p95": 841.3364990234375,
  "summary_gm_stdv": 63.3796501159668,
  "summary_wm_k": 0.6504850411586638,
  "summary_wm_mad": 41.929664611816406,
  "summary_wm_mean": 1000.8619384765625,
  "summary_wm_median": 1000.001708984375,
  "summary_wm_n": 186804.0,
  "summary_wm_p05": 928.0800537109375,
  "summary_wm_p95": 1075.4945556640625,
  "summary_wm_stdv": 44.924530029296875,
  "tpm_overlap_csf": 0.2334916889667511,
  "tpm_overlap_gm": 0.5299201607704163,
  "tpm_overlap_wm": 0.5829268097877502,
  "wm2max": 0.49168787109000484
}