{
  "bids_meta": {
    "AcquisitionMatrixPE": 256,
    "AcquisitionNumber": 1,
    "AcquisitionTime": "21:52:40.000000",
    "CoilString": "32Ch_Head",
    "ConversionSoftware": "dcm2niix",
    "ConversionSoftwareVersion": "v1.0.20190902",
    "Dcm2bidsVersion": "2.1.4",
    "DeviceSerialNumber": "000000000000GEHC",
    "EchoTime": 0.00318,
    "FlipAngle": 12,
    "ImageOrientationPatientDICOM": [
      0,
      1,
      0,
      0,
      0,
      -1
    ],
    "ImageType": [
      "ORIGINAL",
      "PRIMARY",
      "OTHER"
    ],
    "ImagingFrequency": 127.772,
    "InPlanePhaseEncodingDirectionDICOM": "ROW",
    "InstitutionName": "INSTITUTO_DE_NEUROBIOLOGIA",
    "InversionTime": 0.45,
    "MRAcquisitionType": "3D",
    "MagneticFieldStrength": 3,
    "Manufacturer": "GE",
    "ManufacturersModelName": "DISCOVERY_MR750",
    "Modality": "MR",
    "PatientPosition": "HFS",
    "PercentPhaseFOV": 100,
    "PixelBandwidth": 244.141,
    "ProcedureStepDescription": "verbos_aza",
    "ProtocolName": "Sag_T1_FSPGR_BRAVO",
    "ReconMatrixPE": 256,
    "RepetitionTime": 0.008156,
    "SAR": 0.231456,
    "ScanOptions": "FAST_GEMS_EDR_GEMS_FILTERED_GEMS_ACC_GEMS",
    "ScanningSequence": "GR",
    "SequenceVariant": "SS_SP_SK",
    "SeriesDescription": "Sag_T1_FSPGR_BRAVO",
    "SeriesNumber": 18,
    "SliceThickness": 1,
    "SoftwareVersions": "24_LX_MR_Software_release:DV24.0_R02_1607.b",
    "SpacingBetweenSlices": 1,
    "StationName": "GEHCGEHC",
    "dataset": "unknown",
    "modality": "T1w",
    "subject_id": "123"
  },
  "cjv": 0.4573494697546196,
  "cnr": 2.442443249138144,
  "efc": 0.5754186033852076,
  "fber": 13883.27734375,
  "fwhm_avg": 4.282346666666667,
  "fwhm_x": 4.25827,
  "fwhm_y": 4.54471,
  "fwhm_z": 4.04406,
  "icvs_csf": 0.1912949343758465,
  "icvs_gm": 0.3919242049418934,
  "icvs_wm": 0.4167808606822601,
  "inu_med": 1.3675527572631836,
  "inu_range": 0.7825101852416991,
  "provenance": {
    "md5sum": "91c9592de356cb3eef3fad7ed2e599db",
    "settings": {
      "testing": false
    },
    "software": "mriqc",
    "version": "0.15.2rc1",
    "warnings": {
      "large_rot_frame": true,
      "small_air_mask": false
    },
    "webapi_port": null,
    "webapi_url": "https://mriqc.nimh.nih.gov/api/v1"
  },
  "qi_1": 3.037523372746444e-05,
  "qi_2": 0.003240269624997063,
  "rpve_csf": 24.775981864280904,
  "rpve_gm": 12.259594067421949,
  "rpve_wm": 14.035291532070431,
  "size_x": 176,
  "size_y": 256,
  "size_z": 256,
  "snr_csf": 3.1342612509426457,
  "snr_gm": 9.178038853767477,
  "snr_total": 7.535287090977287,
  "snr_wm": 10.29356116822174,
  "snrd_csf": 63.61937512369798,
  "snrd_gm": 145.23394931974227,
  "snrd_total": 139.04268009540473,
  "snrd_wm": 208.2747158427739,
  "spacing_x": 1.0,
  "spacing_y": 1.0,
  "spacing_z": 1.0,
  "summary_bg_k": 11.061503183597463,
  "summary_bg_mad": 3.145716667175293,
  "summary_bg_mean": 8.030627250671387,
  "summary_bg_median": 2.7447643280029297,
  "summary_bg_n": 1748000.0,
  "summary_bg_p05": 0.0,
  "summary_bg_p95": 33.35080337524404,
  "summary_bg_stdv": 12.153005599975586,
  "summary_csf_k": 1.6824844380154165,
  "summary_csf_mad": 80.65287780761719,
  "summary_csf_mean": 322.0593566894531,
  "summary_csf_median": 305.47613525390625,
  "summary_csf_n": 18379.0,
  "summary_csf_p05": 190.74862823486328,
  "summary_csf_p95": 511.4878051757812,
  "summary_csf_stdv": 97.46086883544922,
  "summary_gm_k": 0.30493939425738636,
  "summary_gm_mad": 73.52092742919922,
  "summary_gm_mean": 689.2948608398438,
  "summary_gm_median": 697.3583984375,
  "summary_gm_n": 15429.0,
  "summary_gm_p05": 552.58271484375,
  "summary_gm_p95": 798.6747192382812,
  "summary_gm_stdv": 75.9787368774414,
  "summary_wm_k": 5.526462007875068,
  "summary_wm_mad": 64.91778564453125,
  "summary_wm_mean": 1021.3646240234375,
  "summary_wm_median": 1000.0562744140625,
  "summary_wm_n": 240474.0,
  "summary_wm_p05": 914.2012359619141,
  "summary_wm_p95": 1216.93212890625,
  "summary_wm_stdv": 97.15337371826172,
  "tpm_overlap_csf": 0.2243051826953888,
  "tpm_overlap_gm": 0.4819597601890564,
  "tpm_overlap_wm": 0.5619843602180481,
  "wm2max": 0.3479185450362835
}