{
  "aor": 0.0034185599999999993,
  "aqi": 0.001062140076,
  "bids_meta": {
    "AcquisitionDateTime": "2017-08-18T19:13:47.000000",
    "ConversionSoftware": "dcm2niix",
    "ConversionSoftwareVersion": "v1.0.20170411 GCC4.8.4",
    "EchoTime": 0.035,
    "FlipAngle": 90,
    "ImageType": [
      "ORIGINAL",
      "PRIMARY",
      "EPI",
      "NONE"
    ],
    "MagneticFieldStrength": 3,
    "Manufacturer": "GE",
    "ManufacturersModelName": "DISCOVERY_MR750",
    "ProcedureStepDescription": "CompMet",
    "ProtocolName": "fMRI_CompMet",
    "RepetitionTime": 2,
    "ScanningSequence": "EP_GR",
    "SequenceVariant": "SS",
    "SeriesDescription": "fMRI_CompMet",
    "dataset": "unknown",
    "modality": "bold",
    "run_id": 1,
    "subject_id": "85",
    "task_id": "cm"
  },
  "dummy_trs": 0,
  "dvars_nstd": 14.755671087550205,
  "dvars_std": 1.2002508855823295,
  "dvars_vstd": 1.0178899560240964,
  "efc": 0.3690611583254503,
  "fber": 77247.8515625,
  "fd_mean": 0.05467556031169773,
  "fd_num": 1,
  "fd_perc": 0.4,
  "fwhm_avg": 2.9047083333333332,
  "fwhm_x": 2.79065,
  "fwhm_y": 3.01115,
  "fwhm_z": 2.912325,
  "gcor": 0.053672,
  "gsr_x": -0.008957203477621078,
  "gsr_y": 0.010631980374455452,
  "provenance": {
    "md5sum": "09b0721a250e9aab2a6ec57fa58d56fc",
    "settings": {
      "fd_thres": 0.2,
      "hmc_fsl": false
    },
    "software": "mriqc",
    "version": "0.15.2rc1",
    "webapi_port": null,
    "webapi_url": "https://mriqc.nimh.nih.gov/api/v1"
  },
  "size_t": 250,
  "size_x": 64,
  "size_y": 64,
  "size_z": 34,
  "snr": 2.7830681517017375,
  "spacing_tr": 2.0,
  "spacing_x": 4.0,
  "spacing_y": 4.0,
  "spacing_z": 4.0,
  "summary_bg_k": 97.65543484499625,
  "summary_bg_mad": 9.96308708190918,
  "summary_bg_mean": 39.45689010620117,
  "summary_bg_median": 7.344000339508057,
  "summary_bg_n": 92419.0,
  "summary_bg_p05": 0.15200001001358032,
  "summary_bg_p95": 185.85440521240213,
  "summary_bg_stdv": 127.79133605957031,
  "summary_fg_k": 0.3610653719173924,
  "summary_fg_mad": 644.6470947265625,
  "summary_fg_mean": 2157.177001953125,
  "summary_fg_median": 2089.920166015625,
  "summary_fg_n": 19441.0,
  "summary_fg_p05": 964.8720703125,
  "summary_fg_p95": 3528.2001953125,
  "summary_fg_stdv": 750.9217529296875,
  "tsnr": 94.13748931884766
}