{
  "aor": 0.005220076628352491,
  "aqi": 0.002053435214559387,
  "bids_meta": {
    "AcquisitionDateTime": "2017-05-04T19:13:26.000000",
    "ConversionSoftware": "dcm2niix",
    "ConversionSoftwareVersion": "v1.0.20170411 GCC4.8.4",
    "EchoTime": 0.04,
    "FlipAngle": 90,
    "ImageType": [
      "ORIGINAL",
      "PRIMARY",
      "EPI",
      "NONE"
    ],
    "MagneticFieldStrength": 3,
    "Manufacturer": "GE",
    "ManufacturersModelName": "DISCOVERY_MR750",
    "ProcedureStepDescription": "Actos_Habla",
    "ProtocolName": "fMRI_ActosHabla_1",
    "RepetitionTime": 2,
    "ScanningSequence": "EP_GR",
    "SequenceVariant": "SS",
    "SeriesDescription": "fMRI_ActosHabla_1",
    "dataset": "unknown",
    "modality": "bold",
    "run_id": 1,
    "subject_id": "22",
    "task_id": "rah"
  },
  "dummy_trs": 0,
  "dvars_nstd": 21.23609532600002,
  "dvars_std": 1.229158273000001,
  "dvars_vstd": 1.0625046567692304,
  "efc": 0.38291691245950177,
  "fber": 42925.3125,
  "fd_mean": 0.10569703957007394,
  "fd_num": 15,
  "fd_perc": 5.747126436781609,
  "fwhm_avg": 2.8480333333333334,
  "fwhm_x": 2.7725,
  "fwhm_y": 2.981375,
  "fwhm_z": 2.790225,
  "gcor": 0.0364361,
  "gsr_x": 0.009394372813403606,
  "gsr_y": -0.001495925709605217,
  "provenance": {
    "md5sum": "c433839388f17c761ca29e69549c8565",
    "settings": {
      "fd_thres": 0.2,
      "hmc_fsl": false
    },
    "software": "mriqc",
    "version": "0.15.2rc1",
    "webapi_port": null,
    "webapi_url": "https://mriqc.nimh.nih.gov/api/v1"
  },
  "size_t": 261,
  "size_x": 64,
  "size_y": 64,
  "size_z": 35,
  "snr": 2.6656613931610904,
  "spacing_tr": 2.0,
  "spacing_x": 4.0,
  "spacing_y": 4.0,
  "spacing_z": 4.0,
  "summary_bg_k": 92.28308285607675,
  "summary_bg_mad": 11.434782981872559,
  "summary_bg_mean": 34.689414978027344,
  "summary_bg_median": 7.961685657501221,
  "summary_bg_n": 93886.0,
  "summary_bg_p05": 0.02298850566148758,
  "summary_bg_p95": 162.93581771850586,
  "summary_bg_stdv": 86.80230712890625,
  "summary_fg_k": -0.0968709192762991,
  "summary_fg_mad": 615.2770385742188,
  "summary_fg_mean": 1724.752685546875,
  "summary_fg_median": 1697.5172119140625,
  "summary_fg_n": 21126.0,
  "summary_fg_p05": 651.7796783447266,
  "summary_fg_p95": 2798.9071044921875,
  "summary_fg_stdv": 636.7939453125,
  "tsnr": 69.23150634765625
}