{
  "aor": 0.003672156862745098,
  "aqi": 0.0027051426274509803,
  "bids_meta": {
    "AcquisitionDateTime": "2017-05-04T19:33:15.000000",
    "ConversionSoftware": "dcm2niix",
    "ConversionSoftwareVersion": "v1.0.20170411 GCC4.8.4",
    "EchoTime": 0.04,
    "FlipAngle": 90,
    "ImageType": [
      "ORIGINAL",
      "PRIMARY",
      "EPI",
      "NONE"
    ],
    "MagneticFieldStrength": 3,
    "Manufacturer": "GE",
    "ManufacturersModelName": "DISCOVERY_MR750",
    "ProcedureStepDescription": "Actos_Habla",
    "ProtocolName": "fMRI_ActosHabla_3",
    "RepetitionTime": 2,
    "ScanningSequence": "EP_GR",
    "SequenceVariant": "SS",
    "SeriesDescription": "fMRI_ActosHabla_3",
    "dataset": "unknown",
    "modality": "bold",
    "run_id": 3,
    "subject_id": "22",
    "task_id": "rah"
  },
  "dummy_trs": 0,
  "dvars_nstd": 21.10983781724408,
  "dvars_std": 1.1687213574409445,
  "dvars_vstd": 1.0420318072047245,
  "efc": 0.38536559234228607,
  "fber": 42876.671875,
  "fd_mean": 0.12478038816145573,
  "fd_num": 26,
  "fd_perc": 10.196078431372548,
  "fwhm_avg": 2.857533333333333,
  "fwhm_x": 2.78795,
  "fwhm_y": 2.9797,
  "fwhm_z": 2.80495,
  "gcor": 0.0301862,
  "gsr_x": 0.009530612267553806,
  "gsr_y": -0.001405970542691648,
  "provenance": {
    "md5sum": "490c33380d642facfff8577a86892c39",
    "settings": {
      "fd_thres": 0.2,
      "hmc_fsl": false
    },
    "software": "mriqc",
    "version": "0.15.2rc1",
    "webapi_port": null,
    "webapi_url": "https://mriqc.nimh.nih.gov/api/v1"
  },
  "size_t": 255,
  "size_x": 64,
  "size_y": 64,
  "size_z": 35,
  "snr": 2.667130423773091,
  "spacing_tr": 2.0,
  "spacing_x": 4.0,
  "spacing_y": 4.0,
  "spacing_z": 4.0,
  "summary_bg_k": 97.05369269710492,
  "summary_bg_mad": 11.448015213012695,
  "summary_bg_mean": 35.87903594970703,
  "summary_bg_median": 7.9803924560546875,
  "summary_bg_n": 93709.0,
  "summary_bg_p05": 0.0313725508749485,
  "summary_bg_p95": 168.96315307617186,
  "summary_bg_stdv": 90.2035903930664,
  "summary_fg_k": -0.08931945696785348,
  "summary_fg_mad": 611.122802734375,
  "summary_fg_mean": 1722.469970703125,
  "summary_fg_median": 1693.560791015625,
  "summary_fg_n": 21210.0,
  "summary_fg_p05": 644.4576843261718,
  "summary_fg_p95": 2793.248059082031,
  "summary_fg_stdv": 634.9598999023438,
  "tsnr": 58.250648498535156
}