{
  "aor": 0.0020666333333333336,
  "aqi": 0.006088893666666667,
  "bids_meta": {
    "AcquisitionDateTime": "2016-09-06T18:27:47.000000",
    "ConversionSoftware": "dcm2niix",
    "ConversionSoftwareVersion": "v1.0.20170411 GCC4.8.4",
    "EchoTime": 0.04,
    "FlipAngle": 90,
    "ImageType": [
      "ORIGINAL",
      "PRIMARY",
      "EPI",
      "NONE"
    ],
    "MagneticFieldStrength": 3,
    "Manufacturer": "GE",
    "ManufacturersModelName": "DISCOVERY_MR750",
    "ProcedureStepDescription": "MeditResp",
    "ProtocolName": "fMRI_RestSt",
    "RepetitionTime": 2,
    "ScanningSequence": "EP_GR",
    "SequenceVariant": "SS",
    "SeriesDescription": "fMRI_RestSt",
    "dataset": "unknown",
    "modality": "bold",
    "subject_id": "114",
    "task_id": "rest"
  },
  "dummy_trs": 0,
  "dvars_nstd": 22.405124632140467,
  "dvars_std": 1.0295013434448155,
  "dvars_vstd": 0.9017046065217396,
  "efc": 0.381746605243591,
  "fber": 116513.0703125,
  "fd_mean": 0.20274212569397942,
  "fd_num": 109,
  "fd_perc": 36.333333333333336,
  "fwhm_avg": 2.847941666666667,
  "fwhm_x": 2.723725,
  "fwhm_y": 3.116975,
  "fwhm_z": 2.703125,
  "gcor": 0.0419698,
  "gsr_x": -0.00618306640535593,
  "gsr_y": 0.013678010553121567,
  "provenance": {
    "md5sum": "4a7a61ec8851f6695cdfe5edf7062110",
    "settings": {
      "fd_thres": 0.2,
      "hmc_fsl": false
    },
    "software": "mriqc",
    "version": "0.15.2rc1",
    "webapi_port": null,
    "webapi_url": "https://mriqc.nimh.nih.gov/api/v1"
  },
  "size_t": 300,
  "size_x": 64,
  "size_y": 64,
  "size_z": 34,
  "snr": 3.004974376192921,
  "spacing_tr": 2.0,
  "spacing_x": 4.0,
  "spacing_y": 4.0,
  "spacing_z": 4.0,
  "summary_bg_k": 302.59540475938275,
  "summary_bg_mad": 7.813314437866211,
  "summary_bg_mean": 29.19606590270996,
  "summary_bg_median": 5.450000286102295,
  "summary_bg_n": 90115.0,
  "summary_bg_p05": 0.03666666895151138,
  "summary_bg_p95": 124.37133712768582,
  "summary_bg_stdv": 101.49348449707031,
  "summary_fg_k": 0.20964423400526488,
  "summary_fg_mad": 591.9783325195312,
  "summary_fg_mean": 1854.237060546875,
  "summary_fg_median": 1851.848388671875,
  "summary_fg_n": 21164.0,
  "summary_fg_p05": 844.8301971435546,
  "summary_fg_p95": 2878.744653320312,
  "summary_fg_stdv": 616.2463989257812,
  "tsnr": 41.38600540161133
}