{
  "bids_meta": {
    "AcquisitionMatrixPE": 256,
    "AcquisitionNumber": 1,
    "AcquisitionTime": "19:10:45.000000",
    "BodyPartExamined": "HEAD",
    "CoilString": "32Ch_Head",
    "ConversionSoftware": "dcm2niix",
    "ConversionSoftwareVersion": "v1.0.20181125  (JP2:OpenJPEG) GCC7.3.0",
    "DeviceSerialNumber": "0002806034DVR750",
    "EchoTime": 0.003192,
    "FlipAngle": 12,
    "ImageOrientationPatientDICOM": [
      0,
      1,
      0,
      0,
      0,
      -1
    ],
    "ImageType": [
      "ORIGINAL",
      "PRIMARY",
      "OTHER"
    ],
    "ImagingFrequency": 127.772,
    "InPlanePhaseEncodingDirectionDICOM": "ROW",
    "InstitutionName": "INSTITUTO_DE_NEUROBIOLOGIA",
    "InversionTime": 0.45,
    "MRAcquisitionType": "3D",
    "MagneticFieldStrength": 3,
    "Manufacturer": "GE",
    "ManufacturersModelName": "DISCOVERY_MR750",
    "Modality": "MR",
    "PatientPosition": "HFS",
    "PercentPhaseFOV": 100,
    "PixelBandwidth": 244.141,
    "ProcedureStepDescription": "Emociones_AH",
    "ProtocolName": "Sag_T1_FSPGR_BRAVO",
    "ReconMatrixPE": 256,
    "RepetitionTime": 0.008184,
    "SAR": 0.117849,
    "ScanOptions": "FAST_GEMS_EDR_GEMS_FILTERED_GEMS_ACC_GEMS_IR_GEMS",
    "ScanningSequence": "GR",
    "SequenceVariant": "SS_SP_SK",
    "SeriesDescription": "Sag_T1_FSPGR_BRAVO",
    "SeriesNumber": 10,
    "SliceThickness": 1,
    "SoftwareVersions": "27_LX_MR_Software_release:DV26.0_R02_1810.b",
    "SpacingBetweenSlices": 1,
    "StationName": "GEHCGEHC",
    "dataset": "unknown",
    "modality": "T1w",
    "subject_id": "31"
  },
  "cjv": 0.42599681707108816,
  "cnr": 3.1824100075667388,
  "efc": 0.6313875769596327,
  "fber": 24886.328125,
  "fwhm_avg": 3.5700233333333333,
  "fwhm_x": 3.58552,
  "fwhm_y": 3.76835,
  "fwhm_z": 3.3562,
  "icvs_csf": 0.20740678612559033,
  "icvs_gm": 0.4313363825765093,
  "icvs_wm": 0.36125683129790037,
  "inu_med": 0.9143120050430298,
  "inu_range": 0.24426555037498476,
  "provenance": {
    "md5sum": "d65c51568d8a3346bd3ced94c6c90a4d",
    "settings": {
      "testing": false
    },
    "software": "mriqc",
    "version": "0.15.2rc1",
    "warnings": {
      "large_rot_frame": true,
      "small_air_mask": false
    },
    "webapi_port": null,
    "webapi_url": "https://mriqc.nimh.nih.gov/api/v1"
  },
  "qi_1": 3.3588284406399048e-06,
  "qi_2": 0.002801862613928007,
  "rpve_csf": 22.565661851240453,
  "rpve_gm": 11.752267096532396,
  "rpve_wm": 17.076995767006498,
  "size_x": 176,
  "size_y": 256,
  "size_z": 256,
  "snr_csf": 3.1375049081225725,
  "snr_gm": 10.962444955269692,
  "snr_total": 11.398770171834954,
  "snr_wm": 20.096360652112594,
  "snrd_csf": 50.64763284875406,
  "snrd_gm": 109.17839333291226,
  "snrd_total": 102.92293232354666,
  "snrd_wm": 148.94277078897366,
  "spacing_x": 1.0,
  "spacing_y": 1.0,
  "spacing_z": 1.0,
  "summary_bg_k": 23.515107507090594,
  "summary_bg_mad": 4.398691177368164,
  "summary_bg_mean": 7.469225883483887,
  "summary_bg_median": 3.7129712104797363,
  "summary_bg_n": 1806880.0,
  "summary_bg_p05": 0.0,
  "summary_bg_p95": 26.579332923889154,
  "summary_bg_stdv": 9.525680541992188,
  "summary_csf_k": 0.35848110716625214,
  "summary_csf_mad": 95.35791015625,
  "summary_csf_mean": 364.22747802734375,
  "summary_csf_median": 340.0563659667969,
  "summary_csf_n": 16335.0,
  "summary_csf_p05": 225.05512237548828,
  "summary_csf_p95": 570.959619140625,
  "summary_csf_stdv": 108.38101196289062,
  "summary_gm_k": 0.16548821235921052,
  "summary_gm_mad": 65.00808715820312,
  "summary_gm_mean": 735.5569458007812,
  "summary_gm_median": 733.0413208007812,
  "summary_gm_n": 28847.0,
  "summary_gm_p05": 627.940380859375,
  "summary_gm_p95": 849.443634033203,
  "summary_gm_stdv": 66.86725616455078,
  "summary_wm_k": 0.2772970682423601,
  "summary_wm_mad": 48.72643280029297,
  "summary_wm_mean": 1002.3509521484375,
  "summary_wm_median": 1000.0257568359375,
  "summary_wm_n": 225933.0,
  "summary_wm_p05": 924.6051269531251,
  "summary_wm_p95": 1087.0990966796874,
  "summary_wm_stdv": 49.76142501831055,
  "tpm_overlap_csf": 0.20541013777256012,
  "tpm_overlap_gm": 0.4991625249385834,
  "tpm_overlap_wm": 0.5544706583023071,
  "wm2max": 0.4444376077031379
}