{
  "aor": 0.00155036,
  "aqi": 0.0010087557920000002,
  "bids_meta": {
    "AcquisitionDateTime": "2017-07-05T18:09:2.000000",
    "ConversionSoftware": "dcm2niix",
    "ConversionSoftwareVersion": "v1.0.20170411 GCC4.8.4",
    "EchoTime": 0.035,
    "FlipAngle": 90,
    "ImageType": [
      "ORIGINAL",
      "PRIMARY",
      "EPI",
      "NONE"
    ],
    "MagneticFieldStrength": 3,
    "Manufacturer": "GE",
    "ManufacturersModelName": "DISCOVERY_MR750",
    "ProcedureStepDescription": "CompMet",
    "ProtocolName": "fMRI_CompMet",
    "RepetitionTime": 2,
    "ScanningSequence": "EP_GR",
    "SequenceVariant": "SS",
    "SeriesDescription": "fMRI_CompMet",
    "dataset": "unknown",
    "modality": "bold",
    "run_id": 1,
    "subject_id": "65",
    "task_id": "cm"
  },
  "dummy_trs": 0,
  "dvars_nstd": 16.14278637084338,
  "dvars_std": 1.1918087816465865,
  "dvars_vstd": 1.0126964770281126,
  "efc": 0.328764856023832,
  "fber": 115925.0390625,
  "fd_mean": 0.07509707754659817,
  "fd_num": 9,
  "fd_perc": 3.6,
  "fwhm_avg": 3.0512,
  "fwhm_x": 2.938725,
  "fwhm_y": 3.134825,
  "fwhm_z": 3.08005,
  "gcor": 0.0473289,
  "gsr_x": -0.009146874770522118,
  "gsr_y": 0.005537656135857105,
  "provenance": {
    "md5sum": "83b4842440ea796732810a4d45f7b875",
    "settings": {
      "fd_thres": 0.2,
      "hmc_fsl": false
    },
    "software": "mriqc",
    "version": "0.15.2rc1",
    "webapi_port": null,
    "webapi_url": "https://mriqc.nimh.nih.gov/api/v1"
  },
  "size_t": 250,
  "size_x": 64,
  "size_y": 64,
  "size_z": 34,
  "snr": 2.469543336864803,
  "spacing_tr": 2.0,
  "spacing_x": 4.0,
  "spacing_y": 4.0,
  "spacing_z": 4.0,
  "summary_bg_k": 116.16484681689059,
  "summary_bg_mad": 7.928956985473633,
  "summary_bg_mean": 26.943552017211914,
  "summary_bg_median": 5.964000225067139,
  "summary_bg_n": 96515.0,
  "summary_bg_p05": 0.2240000069141388,
  "summary_bg_p95": 110.60880355834966,
  "summary_bg_stdv": 86.15689849853516,
  "summary_fg_k": 1.3165571812042929,
  "summary_fg_mad": 617.4625854492188,
  "summary_fg_mean": 2084.2919921875,
  "summary_fg_median": 1977.6640625,
  "summary_fg_n": 16407.0,
  "summary_fg_p05": 898.3332275390626,
  "summary_fg_p95": 3611.80986328125,
  "summary_fg_stdv": 800.79736328125,
  "tsnr": 81.55890655517578
}