{
  "aor": 0.0021563999999999997,
  "aqi": 0.0037751170999999997,
  "bids_meta": {
    "AcquisitionMatrixPE": 64,
    "AcquisitionNumber": 1,
    "AcquisitionTime": "20:42:11.000000",
    "CoilString": "32Ch_Head",
    "ConversionSoftware": "dcm2niix",
    "ConversionSoftwareVersion": "v1.0.20190902",
    "Dcm2bidsVersion": "2.1.4",
    "DeviceSerialNumber": "000000000000GEHC",
    "EchoTime": 0.04,
    "EffectiveEchoSpacing": 0.000372,
    "FlipAngle": 90,
    "ImageOrientationPatientDICOM": [
      1,
      0,
      0,
      0,
      1,
      0
    ],
    "ImageType": [
      "ORIGINAL",
      "PRIMARY",
      "EPI",
      "NONE"
    ],
    "ImagingFrequency": 127.772,
    "InPlanePhaseEncodingDirectionDICOM": "COL",
    "InstitutionName": "INSTITUTO_DE_NEUROBIOLOGIA",
    "MRAcquisitionType": "2D",
    "MagneticFieldStrength": 3,
    "Manufacturer": "GE",
    "ManufacturersModelName": "DISCOVERY_MR750",
    "Modality": "MR",
    "PatientPosition": "HFS",
    "PercentPhaseFOV": 100,
    "PhaseEncodingDirection": "j",
    "PhaseEncodingPolarityGE": "Flipped",
    "PixelBandwidth": 7812.5,
    "ProcedureStepDescription": "verbos",
    "ProtocolName": "fMRI_RestState",
    "ReconMatrixPE": 64,
    "RepetitionTime": 2,
    "SAR": 0.354868,
    "ScanOptions": "EPI_GEMS_ACC_GEMS",
    "ScanningSequence": "EP_GR",
    "SequenceVariant": "SS",
    "SeriesDescription": "fMRI_RestState",
    "SeriesNumber": 13,
    "SliceThickness": 4,
    "SliceTiming": [
      0,
      1.0285,
      0.0571001,
      1.0857,
      0.1142,
      1.1428,
      0.1714,
      1.2,
      0.2285,
      1.2571,
      0.2857,
      1.3143,
      0.3428,
      1.3714,
      0.4,
      1.4286,
      0.4571,
      1.4857,
      0.5142,
      1.5428,
      0.5714,
      1.6,
      0.6285,
      1.6571,
      0.6857,
      1.7143,
      0.7428,
      1.7714,
      0.8,
      1.8285,
      0.8571,
      1.8857,
      0.9143,
      1.9428,
      0.9714
    ],
    "SoftwareVersions": "24_LX_MR_Software_release:DV24.0_R02_1607.b",
    "SpacingBetweenSlices": 4,
    "StationName": "GEHCGEHC",
    "TotalReadoutTime": 0.023436,
    "dataset": "unknown",
    "modality": "bold",
    "subject_id": "130",
    "task_id": "rest"
  },
  "dummy_trs": 0,
  "dvars_nstd": 13.782446880434781,
  "dvars_std": 0.9779802014381278,
  "dvars_vstd": 0.9221245423745816,
  "efc": 0.334326672857722,
  "fber": 88618.6875,
  "fd_mean": 0.06443791795597152,
  "fd_num": 8,
  "fd_perc": 2.6666666666666665,
  "fwhm_avg": 2.8925416666666663,
  "fwhm_x": 2.82325,
  "fwhm_y": 3.109675,
  "fwhm_z": 2.7447,
  "gcor": 0.0221675,
  "gsr_x": -0.006965181790292263,
  "gsr_y": 0.009780374355614185,
  "provenance": {
    "md5sum": "881b553dfbcf923ca8c35f7cab0a50d4",
    "settings": {
      "fd_thres": 0.2,
      "hmc_fsl": false
    },
    "software": "mriqc",
    "version": "0.15.2rc1",
    "webapi_port": null,
    "webapi_url": "https://mriqc.nimh.nih.gov/api/v1"
  },
  "size_t": 300,
  "size_x": 64,
  "size_y": 64,
  "size_z": 35,
  "snr": 3.0209424636734084,
  "spacing_tr": 2.0,
  "spacing_x": 4.0,
  "spacing_y": 4.0,
  "spacing_z": 4.0,
  "summary_bg_k": 182.2744843273456,
  "summary_bg_mad": 8.179022789001465,
  "summary_bg_mean": 19.78743553161621,
  "summary_bg_median": 6.070000171661377,
  "summary_bg_n": 98688.0,
  "summary_bg_p05": 0.06333333253860474,
  "summary_bg_p95": 66.93333435058594,
  "summary_bg_stdv": 64.80775451660156,
  "summary_fg_k": 0.2667664454127143,
  "summary_fg_mad": 569.5020751953125,
  "summary_fg_mean": 1803.30322265625,
  "summary_fg_median": 1820.5400390625,
  "summary_fg_n": 17273.0,
  "summary_fg_p05": 767.8966796875,
  "summary_fg_p95": 2764.6260253906235,
  "summary_fg_stdv": 602.622314453125,
  "tsnr": 52.470088958740234
}