{
  "aor": 0.0017980842911877396,
  "aqi": 0.002382028,
  "bids_meta": {
    "AcquisitionDateTime": "2016-05-03T21:32:33.000000",
    "ConversionSoftware": "dcm2niix",
    "ConversionSoftwareVersion": "v1.0.20170411 GCC4.8.4",
    "EchoTime": 0.04,
    "FlipAngle": 90,
    "ImageType": [
      "ORIGINAL",
      "PRIMARY",
      "EPI",
      "NONE"
    ],
    "MagneticFieldStrength": 3,
    "Manufacturer": "GE",
    "ManufacturersModelName": "DISCOVERY_MR750",
    "ProcedureStepDescription": "ActosHabla",
    "ProtocolName": "fMRI_ActosHabla_1",
    "RepetitionTime": 2,
    "ScanningSequence": "EP_GR",
    "SequenceVariant": "SS",
    "SeriesDescription": "fMRI_ActosHabla_1",
    "dataset": "unknown",
    "modality": "bold",
    "run_id": 1,
    "subject_id": "05",
    "task_id": "rah"
  },
  "dummy_trs": 0,
  "dvars_nstd": 16.402824897153856,
  "dvars_std": 1.1359646954615386,
  "dvars_vstd": 1.0257270860769234,
  "efc": 0.36109273869837333,
  "fber": 47595.72265625,
  "fd_mean": 0.06662783061005068,
  "fd_num": 2,
  "fd_perc": 0.7662835249042146,
  "fwhm_avg": 2.816916666666667,
  "fwhm_x": 2.6505,
  "fwhm_y": 2.97425,
  "fwhm_z": 2.826,
  "gcor": 0.0329566,
  "gsr_x": 0.005626037251204252,
  "gsr_y": -0.0028487544041126966,
  "provenance": {
    "md5sum": "ae8833c7ca14ad9fba105d4bf9104032",
    "settings": {
      "fd_thres": 0.2,
      "hmc_fsl": false
    },
    "software": "mriqc",
    "version": "0.15.2rc1",
    "webapi_port": null,
    "webapi_url": "https://mriqc.nimh.nih.gov/api/v1"
  },
  "size_t": 261,
  "size_x": 64,
  "size_y": 64,
  "size_z": 35,
  "snr": 2.9485273195522406,
  "spacing_tr": 2.0,
  "spacing_x": 4.0,
  "spacing_y": 4.0,
  "spacing_z": 4.0,
  "summary_bg_k": 170.8714547629514,
  "summary_bg_mad": 11.44046401977539,
  "summary_bg_mean": 28.08078384399414,
  "summary_bg_median": 8.149425506591797,
  "summary_bg_n": 96163.0,
  "summary_bg_p05": 0.06896551698446274,
  "summary_bg_p95": 112.05708618164016,
  "summary_bg_stdv": 74.2108154296875,
  "summary_fg_k": 0.059511444601064056,
  "summary_fg_mad": 563.650146484375,
  "summary_fg_mean": 1810.77490234375,
  "summary_fg_median": 1789.17431640625,
  "summary_fg_n": 19244.0,
  "summary_fg_p05": 770.8384979248046,
  "summary_fg_p95": 2833.2937622070312,
  "summary_fg_stdv": 606.7869262695312,
  "tsnr": 66.25606536865234
}