{
  "bids_meta": {
    "AcquisitionDateTime": "2017-06-28T20:46:6.000000",
    "ConversionSoftware": "dcm2niix",
    "ConversionSoftwareVersion": "v1.0.20170411 GCC4.8.4",
    "EchoTime": 0.00318,
    "FlipAngle": 12,
    "ImageType": [
      "DERIVED",
      "PRIMARY",
      "OTHER"
    ],
    "InversionTime": 0.45,
    "MagneticFieldStrength": 3,
    "Manufacturer": "GE",
    "ManufacturersModelName": "DISCOVERY_MR750",
    "ProcedureStepDescription": "CompMet",
    "ProtocolName": "PU:Sag_T1_FSPGR_BRAVO",
    "RepetitionTime": 0.008156,
    "ScanningSequence": "GR",
    "SequenceVariant": "SS_SP_SK",
    "SeriesDescription": "PU:Sag_T1_FSPGR_BRAVO",
    "dataset": "unknown",
    "modality": "T1w",
    "subject_id": "69"
  },
  "cjv": 0.3671046621844596,
  "cnr": 3.5399669253904182,
  "efc": 0.7308096916996288,
  "fber": 7892.13671875,
  "fwhm_avg": 3.7574066666666663,
  "fwhm_x": 3.82616,
  "fwhm_y": 3.95408,
  "fwhm_z": 3.49198,
  "icvs_csf": 0.19555943000547557,
  "icvs_gm": 0.4396085090240843,
  "icvs_wm": 0.3648320609704401,
  "inu_med": 0.8096039295196533,
  "inu_range": 0.25385621190071106,
  "provenance": {
    "md5sum": "44fa8944042086bcc25bda9ff7f06b80",
    "settings": {
      "testing": false
    },
    "software": "mriqc",
    "version": "0.15.2rc1",
    "warnings": {
      "large_rot_frame": true,
      "small_air_mask": false
    },
    "webapi_port": null,
    "webapi_url": "https://mriqc.nimh.nih.gov/api/v1"
  },
  "qi_1": 0.0,
  "qi_2": 0.0038668300553292003,
  "rpve_csf": 26.20390988531858,
  "rpve_gm": 12.75239585787531,
  "rpve_wm": 18.304419301653844,
  "size_x": 176,
  "size_y": 256,
  "size_z": 256,
  "snr_csf": 3.152748869447969,
  "snr_gm": 10.869470181452517,
  "snr_total": 11.589521456839853,
  "snr_wm": 20.746345319619067,
  "snrd_csf": 35.89807170624606,
  "snrd_gm": 79.29530592814491,
  "snrd_total": 75.6840111669322,
  "snrd_wm": 111.85865586640566,
  "spacing_x": 1.0,
  "spacing_y": 1.0,
  "spacing_z": 1.0,
  "summary_bg_k": 9.947929925441677,
  "summary_bg_mad": 5.856948375701904,
  "summary_bg_mean": 10.310213088989258,
  "summary_bg_median": 4.719451427459717,
  "summary_bg_n": 368602.0,
  "summary_bg_p05": 0.0,
  "summary_bg_p95": 37.52379055023196,
  "summary_bg_stdv": 13.641327857971191,
  "summary_csf_k": 0.7558660801916641,
  "summary_csf_mad": 86.05490112304688,
  "summary_csf_mean": 342.0052795410156,
  "summary_csf_median": 320.93035888671875,
  "summary_csf_n": 17938.0,
  "summary_csf_p05": 210.50848083496092,
  "summary_csf_p95": 538.2565826416015,
  "summary_csf_stdv": 101.79098510742188,
  "summary_gm_k": 0.4969086610027982,
  "summary_gm_mad": 61.981895446777344,
  "summary_gm_mean": 711.3701782226562,
  "summary_gm_median": 708.903564453125,
  "summary_gm_n": 28633.0,
  "summary_gm_p05": 607.5820068359375,
  "summary_gm_p95": 821.0181518554687,
  "summary_gm_stdv": 65.21855926513672,
  "summary_wm_k": 1.0821448843563592,
  "summary_wm_mad": 44.8888053894043,
  "summary_wm_mean": 1000.6061401367188,
  "summary_wm_median": 1000.0213623046875,
  "summary_wm_n": 202366.0,
  "summary_wm_p05": 922.7283325195312,
  "summary_wm_p95": 1078.7292175292969,
  "summary_wm_stdv": 48.202171325683594,
  "tpm_overlap_csf": 0.22472628951072693,
  "tpm_overlap_gm": 0.5182035565376282,
  "tpm_overlap_wm": 0.5628681778907776,
  "wm2max": 0.38433923519888313
}