{
  "aor": 0.006498931623931626,
  "aqi": 0.002466621581196581,
  "bids_meta": {
    "AcquisitionDateTime": "2017-01-11T20:17:28.000000",
    "ConversionSoftware": "dcm2niix",
    "ConversionSoftwareVersion": "v1.0.20170411 GCC4.8.4",
    "EchoTime": 0.04,
    "FlipAngle": 90,
    "ImageType": [
      "ORIGINAL",
      "PRIMARY",
      "EPI",
      "NONE"
    ],
    "MagneticFieldStrength": 3,
    "Manufacturer": "GE",
    "ManufacturersModelName": "DISCOVERY_MR750",
    "ProcedureStepDescription": "CompRefranes",
    "ProtocolName": "fMRI_Comprension_1",
    "RepetitionTime": 2,
    "ScanningSequence": "EP_GR",
    "SequenceVariant": "SS",
    "SeriesDescription": "fMRI_Comprension_1",
    "dataset": "unknown",
    "modality": "bold",
    "run_id": 1,
    "subject_id": "60",
    "task_id": "cr"
  },
  "dummy_trs": 0,
  "dvars_nstd": 17.88709083841202,
  "dvars_std": 1.1360901860944208,
  "dvars_vstd": 1.0627413542918458,
  "efc": 0.3373827397945782,
  "fber": 65592.8359375,
  "fd_mean": 0.06416120032795661,
  "fd_num": 2,
  "fd_perc": 0.8547008547008547,
  "fwhm_avg": 2.651291666666667,
  "fwhm_x": 2.536125,
  "fwhm_y": 2.81555,
  "fwhm_z": 2.6022,
  "gcor": 0.0559116,
  "gsr_x": -0.006486647762358189,
  "gsr_y": 0.004179868381470442,
  "provenance": {
    "md5sum": "f9d9df65a8303d6ea756e5c7667d4983",
    "settings": {
      "fd_thres": 0.2,
      "hmc_fsl": false
    },
    "software": "mriqc",
    "version": "0.15.2rc1",
    "webapi_port": null,
    "webapi_url": "https://mriqc.nimh.nih.gov/api/v1"
  },
  "size_t": 234,
  "size_x": 64,
  "size_y": 64,
  "size_z": 34,
  "snr": 3.136911722470488,
  "spacing_tr": 2.0,
  "spacing_x": 4.0,
  "spacing_y": 4.0,
  "spacing_z": 4.0,
  "summary_bg_k": 296.27872605989535,
  "summary_bg_mad": 8.293703079223633,
  "summary_bg_mean": 20.30552864074707,
  "summary_bg_median": 6.3205132484436035,
  "summary_bg_n": 96404.0,
  "summary_bg_p05": 0.15811966359615326,
  "summary_bg_p95": 72.59829711914062,
  "summary_bg_stdv": 67.395263671875,
  "summary_fg_k": 0.3698006867957342,
  "summary_fg_mad": 457.4271240234375,
  "summary_fg_mean": 1624.707275390625,
  "summary_fg_median": 1610.3675537109375,
  "summary_fg_n": 16651.0,
  "summary_fg_p05": 760.0726928710938,
  "summary_fg_p95": 2499.3057861328125,
  "summary_fg_stdv": 513.3453979492188,
  "tsnr": 60.602378845214844
}