{
  "aor": 0.001212198275862069,
  "aqi": 0.0031166181896551725,
  "bids_meta": {
    "AcquisitionDateTime": "2017-01-11T20:46:15.000000",
    "ConversionSoftware": "dcm2niix",
    "ConversionSoftwareVersion": "v1.0.20170411 GCC4.8.4",
    "EchoTime": 0.04,
    "FlipAngle": 90,
    "ImageType": [
      "ORIGINAL",
      "PRIMARY",
      "EPI",
      "NONE"
    ],
    "MagneticFieldStrength": 3,
    "Manufacturer": "GE",
    "ManufacturersModelName": "DISCOVERY_MR750",
    "ProcedureStepDescription": "CompRefranes",
    "ProtocolName": "fMRI_Comprension_4",
    "RepetitionTime": 2,
    "ScanningSequence": "EP_GR",
    "SequenceVariant": "SS",
    "SeriesDescription": "fMRI_Comprension_4",
    "dataset": "unknown",
    "modality": "bold",
    "run_id": 4,
    "subject_id": "60",
    "task_id": "cr"
  },
  "dummy_trs": 0,
  "dvars_nstd": 20.846118468874447,
  "dvars_std": 1.1200267254978353,
  "dvars_vstd": 0.997028898484848,
  "efc": 0.3399810962940338,
  "fber": 67178.296875,
  "fd_mean": 0.11638112824644883,
  "fd_num": 22,
  "fd_perc": 9.482758620689655,
  "fwhm_avg": 2.668333333333333,
  "fwhm_x": 2.542625,
  "fwhm_y": 2.81825,
  "fwhm_z": 2.644125,
  "gcor": 0.0738098,
  "gsr_x": -0.006696971599012613,
  "gsr_y": 0.005472202319651842,
  "provenance": {
    "md5sum": "03cc02541190d4d94121ecf2b78e8a60",
    "settings": {
      "fd_thres": 0.2,
      "hmc_fsl": false
    },
    "software": "mriqc",
    "version": "0.15.2rc1",
    "webapi_port": null,
    "webapi_url": "https://mriqc.nimh.nih.gov/api/v1"
  },
  "size_t": 232,
  "size_x": 64,
  "size_y": 64,
  "size_z": 34,
  "snr": 3.151004894951004,
  "spacing_tr": 2.0,
  "spacing_x": 4.0,
  "spacing_y": 4.0,
  "spacing_z": 4.0,
  "summary_bg_k": 344.21980343044186,
  "summary_bg_mad": 8.320466041564941,
  "summary_bg_mean": 21.678394317626953,
  "summary_bg_median": 6.323276042938232,
  "summary_bg_n": 96360.0,
  "summary_bg_p05": 0.15086206793785095,
  "summary_bg_p95": 79.88448333740239,
  "summary_bg_stdv": 74.2762222290039,
  "summary_fg_k": 0.3766327848767288,
  "summary_fg_mad": 456.945068359375,
  "summary_fg_mean": 1644.013671875,
  "summary_fg_median": 1622.5667724609375,
  "summary_fg_n": 16794.0,
  "summary_fg_p05": 800.0239166259767,
  "summary_fg_p95": 2537.49638671875,
  "summary_fg_stdv": 514.9209594726562,
  "tsnr": 58.300079345703125
}