{
  "aor": 0.001855123966942149,
  "aqi": 0.0037176630991735543,
  "bids_meta": {
    "AcquisitionDateTime": "2017-01-11T20:26:27.000000",
    "ConversionSoftware": "dcm2niix",
    "ConversionSoftwareVersion": "v1.0.20170411 GCC4.8.4",
    "EchoTime": 0.04,
    "FlipAngle": 90,
    "ImageType": [
      "ORIGINAL",
      "PRIMARY",
      "EPI",
      "NONE"
    ],
    "MagneticFieldStrength": 3,
    "Manufacturer": "GE",
    "ManufacturersModelName": "DISCOVERY_MR750",
    "ProcedureStepDescription": "CompRefranes",
    "ProtocolName": "fMRI_Comprension_2",
    "RepetitionTime": 2,
    "ScanningSequence": "EP_GR",
    "SequenceVariant": "SS",
    "SeriesDescription": "fMRI_Comprension_2",
    "dataset": "unknown",
    "modality": "bold",
    "run_id": 2,
    "subject_id": "60",
    "task_id": "cr"
  },
  "dummy_trs": 0,
  "dvars_nstd": 20.144531313319504,
  "dvars_std": 1.1086764878423243,
  "dvars_vstd": 0.9884312066804988,
  "efc": 0.33960632404296176,
  "fber": 72206.2890625,
  "fd_mean": 0.10751118699963713,
  "fd_num": 15,
  "fd_perc": 6.198347107438017,
  "fwhm_avg": 2.676066666666667,
  "fwhm_x": 2.5533,
  "fwhm_y": 2.8347,
  "fwhm_z": 2.6402,
  "gcor": 0.0361775,
  "gsr_x": -0.006601833272725344,
  "gsr_y": 0.0053325495682656765,
  "provenance": {
    "md5sum": "b9bdc5893c3ca9ed0bb202fae9028f98",
    "settings": {
      "fd_thres": 0.2,
      "hmc_fsl": false
    },
    "software": "mriqc",
    "version": "0.15.2rc1",
    "webapi_port": null,
    "webapi_url": "https://mriqc.nimh.nih.gov/api/v1"
  },
  "size_t": 242,
  "size_x": 64,
  "size_y": 64,
  "size_z": 34,
  "snr": 3.1654430811960963,
  "spacing_tr": 2.0,
  "spacing_x": 4.0,
  "spacing_y": 4.0,
  "spacing_z": 4.0,
  "summary_bg_k": 368.1577382741531,
  "summary_bg_mad": 8.086921691894531,
  "summary_bg_mean": 21.03973960876465,
  "summary_bg_median": 6.136363506317139,
  "summary_bg_n": 96177.0,
  "summary_bg_p05": 0.1570247858762741,
  "summary_bg_p95": 75.9669418334961,
  "summary_bg_stdv": 72.61211395263672,
  "summary_fg_k": 0.3762472572394948,
  "summary_fg_mad": 462.07257080078125,
  "summary_fg_mean": 1647.6953125,
  "summary_fg_median": 1629.1011962890625,
  "summary_fg_n": 16850.0,
  "summary_fg_p05": 785.8472930908204,
  "summary_fg_p95": 2526.0856201171873,
  "summary_fg_stdv": 514.6365966796875,
  "tsnr": 55.65586853027344
}