{
  "aor": 0.0012677292576419215,
  "aqi": 0.0038173886899563318,
  "bids_meta": {
    "AcquisitionDateTime": "2017-01-11T20:36:46.000000",
    "ConversionSoftware": "dcm2niix",
    "ConversionSoftwareVersion": "v1.0.20170411 GCC4.8.4",
    "EchoTime": 0.04,
    "FlipAngle": 90,
    "ImageType": [
      "ORIGINAL",
      "PRIMARY",
      "EPI",
      "NONE"
    ],
    "MagneticFieldStrength": 3,
    "Manufacturer": "GE",
    "ManufacturersModelName": "DISCOVERY_MR750",
    "ProcedureStepDescription": "CompRefranes",
    "ProtocolName": "fMRI_Comprension_3",
    "RepetitionTime": 2,
    "ScanningSequence": "EP_GR",
    "SequenceVariant": "SS",
    "SeriesDescription": "fMRI_Comprension_3",
    "dataset": "unknown",
    "modality": "bold",
    "run_id": 3,
    "subject_id": "60",
    "task_id": "cr"
  },
  "dummy_trs": 0,
  "dvars_nstd": 18.903745178728062,
  "dvars_std": 1.04271912622807,
  "dvars_vstd": 0.9563757099561395,
  "efc": 0.34002257808630426,
  "fber": 66132.8203125,
  "fd_mean": 0.10234420331469546,
  "fd_num": 11,
  "fd_perc": 4.8034934497816595,
  "fwhm_avg": 2.665475,
  "fwhm_x": 2.5425,
  "fwhm_y": 2.82505,
  "fwhm_z": 2.628875,
  "gcor": 0.0302175,
  "gsr_x": -0.0069002374075353146,
  "gsr_y": 0.004962853156030178,
  "provenance": {
    "md5sum": "29897969a31c49868302d2cc7445ff05",
    "settings": {
      "fd_thres": 0.2,
      "hmc_fsl": false
    },
    "software": "mriqc",
    "version": "0.15.2rc1",
    "webapi_port": null,
    "webapi_url": "https://mriqc.nimh.nih.gov/api/v1"
  },
  "size_t": 229,
  "size_x": 64,
  "size_y": 64,
  "size_z": 34,
  "snr": 3.1229632387760664,
  "spacing_tr": 2.0,
  "spacing_x": 4.0,
  "spacing_y": 4.0,
  "spacing_z": 4.0,
  "summary_bg_k": 302.8360737705724,
  "summary_bg_mad": 8.312931060791016,
  "summary_bg_mean": 21.469125747680664,
  "summary_bg_median": 6.31441068649292,
  "summary_bg_n": 96375.0,
  "summary_bg_p05": 0.16157205402851105,
  "summary_bg_p95": 79.20523834228516,
  "summary_bg_stdv": 71.03014373779297,
  "summary_fg_k": 0.34575743758241684,
  "summary_fg_mad": 461.30303955078125,
  "summary_fg_mean": 1630.873291015625,
  "summary_fg_median": 1615.9345703125,
  "summary_fg_n": 16789.0,
  "summary_fg_p05": 774.83408203125,
  "summary_fg_p95": 2520.68740234375,
  "summary_fg_stdv": 517.4208984375,
  "tsnr": 51.91596603393555
}