{
  "aor": 0.003924466666666666,
  "aqi": 0.0030251910266666663,
  "bids_meta": {
    "AcquisitionMatrixPE": 64,
    "AcquisitionNumber": 1,
    "AcquisitionTime": "18:50:57.000000",
    "BodyPartExamined": "HEAD",
    "CoilString": "32Ch_Head",
    "ConversionSoftware": "dcm2niix",
    "ConversionSoftwareVersion": "v1.0.20181125  (JP2:OpenJPEG) GCC7.3.0",
    "DeviceSerialNumber": "0002806034DVR750",
    "EchoTime": 0.04,
    "EffectiveEchoSpacing": 0.000372,
    "FlipAngle": 90,
    "ImageOrientationPatientDICOM": [
      1,
      0,
      0,
      0,
      1,
      0
    ],
    "ImageType": [
      "ORIGINAL",
      "PRIMARY",
      "EPI",
      "NONE"
    ],
    "ImagingFrequency": 127.772,
    "InPlanePhaseEncodingDirectionDICOM": "COL",
    "InstitutionName": "INSTITUTO_DE_NEUROBIOLOGIA",
    "MRAcquisitionType": "2D",
    "MagneticFieldStrength": 3,
    "Manufacturer": "GE",
    "ManufacturersModelName": "DISCOVERY_MR750",
    "Modality": "MR",
    "PatientPosition": "HFS",
    "PercentPhaseFOV": 100,
    "PhaseEncodingDirection": "j",
    "PhaseEncodingPolarityGE": "Flipped",
    "PixelBandwidth": 7812.5,
    "ProcedureStepDescription": "Emociones_AH",
    "ProtocolName": "fMRI_Jalil_4",
    "ReconMatrixPE": 64,
    "RepetitionTime": 2,
    "SAR": 0.203652,
    "ScanOptions": "EPI_GEMS_ACC_GEMS",
    "ScanningSequence": "EP_GR",
    "SequenceVariant": "SS",
    "SeriesDescription": "fMRI_Jalil_4",
    "SeriesNumber": 8,
    "SliceThickness": 4,
    "SliceTiming": [
      0,
      1.0285,
      0.0571001,
      1.0857,
      0.1142,
      1.1428,
      0.1714,
      1.2,
      0.2285,
      1.2571,
      0.2857,
      1.3143,
      0.3428,
      1.3714,
      0.4,
      1.4286,
      0.4571,
      1.4857,
      0.5142,
      1.5428,
      0.5714,
      1.6,
      0.6285,
      1.6571,
      0.6857,
      1.7143,
      0.7428,
      1.7714,
      0.8,
      1.8285,
      0.8571,
      1.8857,
      0.9143,
      1.9428,
      0.9714
    ],
    "SoftwareVersions": "27_LX_MR_Software_release:DV26.0_R02_1810.b",
    "SpacingBetweenSlices": 4,
    "StationName": "GEHCGEHC",
    "TaskName": "eah",
    "TotalReadoutTime": 0.023436,
    "dataset": "unknown",
    "modality": "bold",
    "run_id": 4,
    "subject_id": "41",
    "task_id": "eah"
  },
  "dummy_trs": 0,
  "dvars_nstd": 16.70431060241611,
  "dvars_std": 1.0486049137583888,
  "dvars_vstd": 0.979740009463087,
  "efc": 0.3406618832870134,
  "fber": 66031.7265625,
  "fd_mean": 0.1146984529584283,
  "fd_num": 11,
  "fd_perc": 7.333333333333333,
  "fwhm_avg": 2.7706999999999997,
  "fwhm_x": 2.743425,
  "fwhm_y": 2.8975,
  "fwhm_z": 2.671175,
  "gcor": 0.0179057,
  "gsr_x": -0.00796246062964201,
  "gsr_y": 0.005189158488065004,
  "provenance": {
    "md5sum": "b50297d9f71d931b639921ad6a254a87",
    "settings": {
      "fd_thres": 0.2,
      "hmc_fsl": false
    },
    "software": "mriqc",
    "version": "0.15.2rc1",
    "webapi_port": null,
    "webapi_url": "https://mriqc.nimh.nih.gov/api/v1"
  },
  "size_t": 150,
  "size_x": 64,
  "size_y": 64,
  "size_z": 35,
  "snr": 3.0086588891007997,
  "spacing_tr": 2.0,
  "spacing_x": 4.0,
  "spacing_y": 4.0,
  "spacing_z": 4.0,
  "summary_bg_k": 139.09317959698217,
  "summary_bg_mad": 9.567727088928223,
  "summary_bg_mean": 23.26612091064453,
  "summary_bg_median": 7.140000343322754,
  "summary_bg_n": 98485.0,
  "summary_bg_p05": 0.1733333319425583,
  "summary_bg_p95": 93.0213378906247,
  "summary_bg_stdv": 63.53023910522461,
  "summary_fg_k": 0.2014020713655298,
  "summary_fg_mad": 567.8858642578125,
  "summary_fg_mean": 1928.97119140625,
  "summary_fg_median": 1872.90673828125,
  "summary_fg_n": 17751.0,
  "summary_fg_p05": 949.9733581542969,
  "summary_fg_p95": 3046.943359375,
  "summary_fg_stdv": 622.4879760742188,
  "tsnr": 59.58091735839844
}