{
  "aor": 0.009776294642857144,
  "aqi": 0.004456423339285714,
  "bids_meta": {
    "AcquisitionMatrixPE": 64,
    "AcquisitionNumber": 1,
    "AcquisitionTime": "18:32:42.000000",
    "BodyPartExamined": "HEAD",
    "CoilString": "32Ch_Head",
    "ConversionSoftware": "dcm2niix",
    "ConversionSoftwareVersion": "v1.0.20181125  (JP2:OpenJPEG) GCC7.3.0",
    "DeviceSerialNumber": "0002806034DVR750",
    "EchoTime": 0.04,
    "EffectiveEchoSpacing": 0.000372,
    "FlipAngle": 90,
    "ImageOrientationPatientDICOM": [
      1,
      0,
      0,
      0,
      1,
      0
    ],
    "ImageType": [
      "ORIGINAL",
      "PRIMARY",
      "EPI",
      "NONE"
    ],
    "ImagingFrequency": 127.772,
    "InPlanePhaseEncodingDirectionDICOM": "COL",
    "InstitutionName": "INSTITUTO_DE_NEUROBIOLOGIA",
    "MRAcquisitionType": "2D",
    "MagneticFieldStrength": 3,
    "Manufacturer": "GE",
    "ManufacturersModelName": "DISCOVERY_MR750",
    "Modality": "MR",
    "PatientPosition": "HFS",
    "PercentPhaseFOV": 100,
    "PhaseEncodingDirection": "j",
    "PhaseEncodingPolarityGE": "Flipped",
    "PixelBandwidth": 7812.5,
    "ProcedureStepDescription": "Emociones_AH",
    "ProtocolName": "fMRI_Jalil_2",
    "ReconMatrixPE": 64,
    "RepetitionTime": 2,
    "SAR": 0.203652,
    "ScanOptions": "EPI_GEMS_ACC_GEMS",
    "ScanningSequence": "EP_GR",
    "SequenceVariant": "SS",
    "SeriesDescription": "fMRI_Jalil_2",
    "SeriesNumber": 6,
    "SliceThickness": 4,
    "SliceTiming": [
      0,
      1.0285,
      0.0571001,
      1.0857,
      0.1142,
      1.1428,
      0.1714,
      1.2,
      0.2285,
      1.2571,
      0.2857,
      1.3143,
      0.3428,
      1.3714,
      0.4,
      1.4286,
      0.4571,
      1.4857,
      0.5142,
      1.5428,
      0.5714,
      1.6,
      0.6285,
      1.6571,
      0.6857,
      1.7143,
      0.7428,
      1.7714,
      0.8,
      1.8285,
      0.8571,
      1.8857,
      0.9143,
      1.9428,
      0.9714
    ],
    "SoftwareVersions": "27_LX_MR_Software_release:DV26.0_R02_1810.b",
    "SpacingBetweenSlices": 4,
    "StationName": "GEHCGEHC",
    "TaskName": "eah",
    "TotalReadoutTime": 0.023436,
    "dataset": "unknown",
    "modality": "bold",
    "run_id": 2,
    "subject_id": "41",
    "task_id": "eah"
  },
  "dummy_trs": 0,
  "dvars_nstd": 20.266094652511203,
  "dvars_std": 1.040993758834081,
  "dvars_vstd": 0.9895320010313902,
  "efc": 0.34003794212235444,
  "fber": 67163.015625,
  "fd_mean": 0.13867493966789254,
  "fd_num": 34,
  "fd_perc": 15.178571428571429,
  "fwhm_avg": 2.7693833333333338,
  "fwhm_x": 2.7405,
  "fwhm_y": 2.911875,
  "fwhm_z": 2.655775,
  "gcor": 0.0333355,
  "gsr_x": -0.008042718283832073,
  "gsr_y": 0.004863081965595484,
  "provenance": {
    "md5sum": "e95387c0a500db2a518ea82185c61868",
    "settings": {
      "fd_thres": 0.2,
      "hmc_fsl": false
    },
    "software": "mriqc",
    "version": "0.15.2rc1",
    "webapi_port": null,
    "webapi_url": "https://mriqc.nimh.nih.gov/api/v1"
  },
  "size_t": 224,
  "size_x": 64,
  "size_y": 64,
  "size_z": 35,
  "snr": 3.0281786912952615,
  "spacing_tr": 2.0,
  "spacing_x": 4.0,
  "spacing_y": 4.0,
  "spacing_z": 4.0,
  "summary_bg_k": 148.1188038646013,
  "summary_bg_mad": 9.51115894317627,
  "summary_bg_mean": 22.751693725585938,
  "summary_bg_median": 7.062500476837158,
  "summary_bg_n": 98607.0,
  "summary_bg_p05": 0.1785714328289032,
  "summary_bg_p95": 90.3839340209961,
  "summary_bg_stdv": 62.14889144897461,
  "summary_fg_k": 0.20517166961804856,
  "summary_fg_mad": 565.37451171875,
  "summary_fg_mean": 1911.5963134765625,
  "summary_fg_median": 1863.5068359375,
  "summary_fg_n": 17698.0,
  "summary_fg_p05": 932.4268096923828,
  "summary_fg_p95": 3002.3970581054687,
  "summary_fg_stdv": 615.3712768554688,
  "tsnr": 48.764400482177734
}