{
  "aor": 0.007639297520661157,
  "aqi": 0.007978788223140498,
  "bids_meta": {
    "AcquisitionMatrixPE": 64,
    "AcquisitionNumber": 1,
    "AcquisitionTime": "18:22:51.000000",
    "BodyPartExamined": "HEAD",
    "CoilString": "32Ch_Head",
    "ConversionSoftware": "dcm2niix",
    "ConversionSoftwareVersion": "v1.0.20181125  (JP2:OpenJPEG) GCC7.3.0",
    "DeviceSerialNumber": "0002806034DVR750",
    "EchoTime": 0.04,
    "EffectiveEchoSpacing": 0.000372,
    "FlipAngle": 90,
    "ImageOrientationPatientDICOM": [
      1,
      0,
      0,
      0,
      1,
      0
    ],
    "ImageType": [
      "ORIGINAL",
      "PRIMARY",
      "EPI",
      "NONE"
    ],
    "ImagingFrequency": 127.772,
    "InPlanePhaseEncodingDirectionDICOM": "COL",
    "InstitutionName": "INSTITUTO_DE_NEUROBIOLOGIA",
    "MRAcquisitionType": "2D",
    "MagneticFieldStrength": 3,
    "Manufacturer": "GE",
    "ManufacturersModelName": "DISCOVERY_MR750",
    "Modality": "MR",
    "PatientPosition": "HFS",
    "PercentPhaseFOV": 100,
    "PhaseEncodingDirection": "j",
    "PhaseEncodingPolarityGE": "Flipped",
    "PixelBandwidth": 7812.5,
    "ProcedureStepDescription": "Emociones_AH",
    "ProtocolName": "fMRI_Jalil_1",
    "ReconMatrixPE": 64,
    "RepetitionTime": 2,
    "SAR": 0.203652,
    "ScanOptions": "EPI_GEMS_ACC_GEMS",
    "ScanningSequence": "EP_GR",
    "SequenceVariant": "SS",
    "SeriesDescription": "fMRI_Jalil_1",
    "SeriesNumber": 5,
    "SliceThickness": 4,
    "SliceTiming": [
      0,
      1.0285,
      0.0571001,
      1.0857,
      0.1142,
      1.1428,
      0.1714,
      1.2,
      0.2285,
      1.2571,
      0.2857,
      1.3143,
      0.3428,
      1.3714,
      0.4,
      1.4286,
      0.4571,
      1.4857,
      0.5142,
      1.5428,
      0.5714,
      1.6,
      0.6285,
      1.6571,
      0.6857,
      1.7143,
      0.7428,
      1.7714,
      0.8,
      1.8285,
      0.8571,
      1.8857,
      0.9143,
      1.9428,
      0.9714
    ],
    "SoftwareVersions": "27_LX_MR_Software_release:DV26.0_R02_1810.b",
    "SpacingBetweenSlices": 4,
    "StationName": "GEHCGEHC",
    "TaskName": "eah",
    "TotalReadoutTime": 0.023436,
    "dataset": "unknown",
    "modality": "bold",
    "run_id": 1,
    "subject_id": "41",
    "task_id": "eah"
  },
  "dummy_trs": 0,
  "dvars_nstd": 25.66530351103733,
  "dvars_std": 0.8889389192116184,
  "dvars_vstd": 0.891114749585063,
  "efc": 0.33964184891281135,
  "fber": 68184.2890625,
  "fd_mean": 0.20978922010086523,
  "fd_num": 63,
  "fd_perc": 26.03305785123967,
  "fwhm_avg": 2.8048583333333337,
  "fwhm_x": 2.76375,
  "fwhm_y": 2.9274,
  "fwhm_z": 2.723425,
  "gcor": 0.0475385,
  "gsr_x": -0.007384035270661116,
  "gsr_y": 0.00489672739058733,
  "provenance": {
    "md5sum": "576ad59d02fbd1bbe93ddb9cae14d574",
    "settings": {
      "fd_thres": 0.2,
      "hmc_fsl": false
    },
    "software": "mriqc",
    "version": "0.15.2rc1",
    "webapi_port": null,
    "webapi_url": "https://mriqc.nimh.nih.gov/api/v1"
  },
  "size_t": 242,
  "size_x": 64,
  "size_y": 64,
  "size_z": 35,
  "snr": 3.053550085816522,
  "spacing_tr": 2.0,
  "spacing_x": 4.0,
  "spacing_y": 4.0,
  "spacing_z": 4.0,
  "summary_bg_k": 158.48224462398767,
  "summary_bg_mad": 9.434741020202637,
  "summary_bg_mean": 22.06732940673828,
  "summary_bg_median": 7.045454025268555,
  "summary_bg_n": 98591.0,
  "summary_bg_p05": 0.20661155879497528,
  "summary_bg_p95": 87.15288925170898,
  "summary_bg_stdv": 59.90263366699219,
  "summary_fg_k": 0.22213882592159484,
  "summary_fg_mad": 550.24755859375,
  "summary_fg_mean": 1906.594970703125,
  "summary_fg_median": 1858.764404296875,
  "summary_fg_n": 17736.0,
  "summary_fg_p05": 930.5072021484375,
  "summary_fg_p95": 2979.8170166015625,
  "summary_fg_stdv": 608.7052612304688,
  "tsnr": 32.65113067626953
}