{
  "aor": 0.01990055118110236,
  "aqi": 0.0053854568897637786,
  "bids_meta": {
    "AcquisitionMatrixPE": 64,
    "AcquisitionNumber": 1,
    "AcquisitionTime": "18:41:33.000000",
    "BodyPartExamined": "HEAD",
    "CoilString": "32Ch_Head",
    "ConversionSoftware": "dcm2niix",
    "ConversionSoftwareVersion": "v1.0.20181125  (JP2:OpenJPEG) GCC7.3.0",
    "DeviceSerialNumber": "0002806034DVR750",
    "EchoTime": 0.04,
    "EffectiveEchoSpacing": 0.000372,
    "FlipAngle": 90,
    "ImageOrientationPatientDICOM": [
      1,
      0,
      0,
      0,
      1,
      0
    ],
    "ImageType": [
      "ORIGINAL",
      "PRIMARY",
      "EPI",
      "NONE"
    ],
    "ImagingFrequency": 127.772,
    "InPlanePhaseEncodingDirectionDICOM": "COL",
    "InstitutionName": "INSTITUTO_DE_NEUROBIOLOGIA",
    "MRAcquisitionType": "2D",
    "MagneticFieldStrength": 3,
    "Manufacturer": "GE",
    "ManufacturersModelName": "DISCOVERY_MR750",
    "Modality": "MR",
    "PatientPosition": "HFS",
    "PercentPhaseFOV": 100,
    "PhaseEncodingDirection": "j",
    "PhaseEncodingPolarityGE": "Flipped",
    "PixelBandwidth": 7812.5,
    "ProcedureStepDescription": "Emociones_AH",
    "ProtocolName": "fMRI_Jalil_3",
    "ReconMatrixPE": 64,
    "RepetitionTime": 2,
    "SAR": 0.203652,
    "ScanOptions": "EPI_GEMS_ACC_GEMS",
    "ScanningSequence": "EP_GR",
    "SequenceVariant": "SS",
    "SeriesDescription": "fMRI_Jalil_3",
    "SeriesNumber": 7,
    "SliceThickness": 4,
    "SliceTiming": [
      0,
      1.0285,
      0.0571001,
      1.0857,
      0.1142,
      1.1428,
      0.1714,
      1.2,
      0.2285,
      1.2571,
      0.2857,
      1.3143,
      0.3428,
      1.3714,
      0.4,
      1.4286,
      0.4571,
      1.4857,
      0.5142,
      1.5428,
      0.5714,
      1.6,
      0.6285,
      1.6571,
      0.6857,
      1.7143,
      0.7428,
      1.7714,
      0.8,
      1.8285,
      0.8571,
      1.8857,
      0.9143,
      1.9428,
      0.9714
    ],
    "SoftwareVersions": "27_LX_MR_Software_release:DV26.0_R02_1810.b",
    "SpacingBetweenSlices": 4,
    "StationName": "GEHCGEHC",
    "TaskName": "eah",
    "TotalReadoutTime": 0.023436,
    "dataset": "unknown",
    "modality": "bold",
    "run_id": 3,
    "subject_id": "41",
    "task_id": "eah"
  },
  "dummy_trs": 0,
  "dvars_nstd": 19.91873575683793,
  "dvars_std": 1.0830434233992101,
  "dvars_vstd": 1.1263821618972327,
  "efc": 0.3417323423606136,
  "fber": 66509.3515625,
  "fd_mean": 0.1835349223502949,
  "fd_num": 46,
  "fd_perc": 18.11023622047244,
  "fwhm_avg": 2.793275,
  "fwhm_x": 2.7525,
  "fwhm_y": 2.938175,
  "fwhm_z": 2.68915,
  "gcor": 0.0297213,
  "gsr_x": -0.008106994442641735,
  "gsr_y": 0.004942580591887236,
  "provenance": {
    "md5sum": "cd9f26b90f2dab86b1d6052b23f7b7a3",
    "settings": {
      "fd_thres": 0.2,
      "hmc_fsl": false
    },
    "software": "mriqc",
    "version": "0.15.2rc1",
    "webapi_port": null,
    "webapi_url": "https://mriqc.nimh.nih.gov/api/v1"
  },
  "size_t": 254,
  "size_x": 64,
  "size_y": 64,
  "size_z": 35,
  "snr": 3.000594691381595,
  "spacing_tr": 2.0,
  "spacing_x": 4.0,
  "spacing_y": 4.0,
  "spacing_z": 4.0,
  "summary_bg_k": 132.72740390499138,
  "summary_bg_mad": 9.485152244567871,
  "summary_bg_mean": 23.21286392211914,
  "summary_bg_median": 7.074803352355957,
  "summary_bg_n": 98375.0,
  "summary_bg_p05": 0.19291338324546814,
  "summary_bg_p95": 93.25039367675771,
  "summary_bg_stdv": 62.79008483886719,
  "summary_fg_k": 0.2169379234978659,
  "summary_fg_mad": 569.67529296875,
  "summary_fg_mean": 1904.9273681640625,
  "summary_fg_median": 1854.32080078125,
  "summary_fg_n": 17832.0,
  "summary_fg_p05": 918.7346343994141,
  "summary_fg_p95": 3002.6615234375004,
  "summary_fg_stdv": 617.9671020507812,
  "tsnr": 40.04487609863281
}