{
  "aor": 0.004635866666666667,
  "aqi": 0.0070184372,
  "bids_meta": {
    "AcquisitionMatrixPE": 64,
    "AcquisitionNumber": 1,
    "AcquisitionTime": "18:09:49.000000",
    "BodyPartExamined": "HEAD",
    "CoilString": "32Ch_Head",
    "ConversionSoftware": "dcm2niix",
    "ConversionSoftwareVersion": "v1.0.20181125  (JP2:OpenJPEG) GCC7.3.0",
    "DeviceSerialNumber": "0002806034DVR750",
    "EchoTime": 0.04,
    "EffectiveEchoSpacing": 0.000372,
    "FlipAngle": 90,
    "ImageOrientationPatientDICOM": [
      1,
      0,
      0,
      0,
      1,
      0
    ],
    "ImageType": [
      "ORIGINAL",
      "PRIMARY",
      "EPI",
      "NONE"
    ],
    "ImagingFrequency": 127.772,
    "InPlanePhaseEncodingDirectionDICOM": "COL",
    "InstitutionName": "INSTITUTO_DE_NEUROBIOLOGIA",
    "MRAcquisitionType": "2D",
    "MagneticFieldStrength": 3,
    "Manufacturer": "GE",
    "ManufacturersModelName": "DISCOVERY_MR750",
    "Modality": "MR",
    "PatientPosition": "HFS",
    "PercentPhaseFOV": 100,
    "PhaseEncodingDirection": "j",
    "PhaseEncodingPolarityGE": "Flipped",
    "PixelBandwidth": 7812.5,
    "ProcedureStepDescription": "Emociones_AH",
    "ProtocolName": "fMRI_RestState",
    "ReconMatrixPE": 64,
    "RepetitionTime": 2,
    "SAR": 0.202161,
    "ScanOptions": "EPI_GEMS_ACC_GEMS",
    "ScanningSequence": "EP_GR",
    "SequenceVariant": "SS",
    "SeriesDescription": "fMRI_RestState",
    "SeriesNumber": 3,
    "SliceThickness": 4,
    "SliceTiming": [
      0,
      1.0285,
      0.0571001,
      1.0857,
      0.1142,
      1.1428,
      0.1714,
      1.2,
      0.2285,
      1.2571,
      0.2857,
      1.3143,
      0.3428,
      1.3714,
      0.4,
      1.4286,
      0.4571,
      1.4857,
      0.5142,
      1.5428,
      0.5714,
      1.6,
      0.6285,
      1.6571,
      0.6857,
      1.7143,
      0.7428,
      1.7714,
      0.8,
      1.8285,
      0.8571,
      1.8857,
      0.9143,
      1.9428,
      0.9714
    ],
    "SoftwareVersions": "27_LX_MR_Software_release:DV26.0_R02_1810.b",
    "SpacingBetweenSlices": 4,
    "StationName": "GEHCGEHC",
    "TaskName": "rest",
    "TotalReadoutTime": 0.023436,
    "dataset": "unknown",
    "modality": "bold",
    "subject_id": "41",
    "task_id": "rest"
  },
  "dummy_trs": 0,
  "dvars_nstd": 16.962273384080273,
  "dvars_std": 1.0203539624749156,
  "dvars_vstd": 0.9480430432107024,
  "efc": 0.3407578449928148,
  "fber": 76375.3984375,
  "fd_mean": 0.11250771969129883,
  "fd_num": 40,
  "fd_perc": 13.333333333333334,
  "fwhm_avg": 2.828158333333333,
  "fwhm_x": 2.765775,
  "fwhm_y": 2.972925,
  "fwhm_z": 2.745775,
  "gcor": 0.0322486,
  "gsr_x": -0.00801234133541584,
  "gsr_y": 0.007292220834642649,
  "provenance": {
    "md5sum": "8411329f57f8dcdbd8caae7c56b3b1a5",
    "settings": {
      "fd_thres": 0.2,
      "hmc_fsl": false
    },
    "software": "mriqc",
    "version": "0.15.2rc1",
    "webapi_port": null,
    "webapi_url": "https://mriqc.nimh.nih.gov/api/v1"
  },
  "size_t": 300,
  "size_x": 64,
  "size_y": 64,
  "size_z": 35,
  "snr": 3.073062389813213,
  "spacing_tr": 2.0,
  "spacing_x": 4.0,
  "spacing_y": 4.0,
  "spacing_z": 4.0,
  "summary_bg_k": 144.2315346320901,
  "summary_bg_mad": 9.202018737792969,
  "summary_bg_mean": 23.229225158691406,
  "summary_bg_median": 6.880000114440918,
  "summary_bg_n": 98523.0,
  "summary_bg_p05": 0.18666666746139526,
  "summary_bg_p95": 91.62900543212865,
  "summary_bg_stdv": 64.27334594726562,
  "summary_fg_k": 0.24643776236373638,
  "summary_fg_mad": 561.1798095703125,
  "summary_fg_mean": 1947.631591796875,
  "summary_fg_median": 1908.17333984375,
  "summary_fg_n": 17711.0,
  "summary_fg_p05": 947.4166870117188,
  "summary_fg_p95": 3036.8951416015625,
  "summary_fg_stdv": 620.9179077148438,
  "tsnr": 36.23874282836914
}