{
  "bids_meta": {
    "AcquisitionDateTime": "2016-10-01T11:13:42.000000",
    "ConversionSoftware": "dcm2niix",
    "ConversionSoftwareVersion": "v1.0.20170411 GCC4.8.4",
    "EchoTime": 0.00318,
    "FlipAngle": 12,
    "ImageType": [
      "DERIVED",
      "PRIMARY",
      "OTHER"
    ],
    "InversionTime": 0.45,
    "MagneticFieldStrength": 3,
    "Manufacturer": "GE",
    "ManufacturersModelName": "DISCOVERY_MR750",
    "ProcedureStepDescription": "MeditResp",
    "ProtocolName": "PU:Sag_T1_FSPGR_BRAVO",
    "RepetitionTime": 0.008156,
    "ScanningSequence": "GR",
    "SequenceVariant": "SS_SP_SK",
    "SeriesDescription": "PU:Sag_T1_FSPGR_BRAVO",
    "dataset": "unknown",
    "modality": "T1w",
    "subject_id": "103"
  },
  "cjv": 0.3910239351180272,
  "cnr": 3.2881277511717437,
  "efc": 0.7180837822356136,
  "fber": 7048.005859375,
  "fwhm_avg": 3.3817866666666667,
  "fwhm_x": 3.43619,
  "fwhm_y": 3.51657,
  "fwhm_z": 3.1926,
  "icvs_csf": 0.2049652516863746,
  "icvs_gm": 0.44718008888395616,
  "icvs_wm": 0.3478546594296692,
  "inu_med": 0.7951608896255493,
  "inu_range": 0.15181392431259155,
  "provenance": {
    "md5sum": "5d3b0170c3d999eef36433999d469f9d",
    "settings": {
      "testing": false
    },
    "software": "mriqc",
    "version": "0.15.2rc1",
    "warnings": {
      "large_rot_frame": true,
      "small_air_mask": false
    },
    "webapi_port": null,
    "webapi_url": "https://mriqc.nimh.nih.gov/api/v1"
  },
  "qi_1": 0.0,
  "qi_2": 0.0032673101590451814,
  "rpve_csf": 29.42195850119214,
  "rpve_gm": 14.760009228619609,
  "rpve_wm": 22.55151911949463,
  "size_x": 176,
  "size_y": 256,
  "size_z": 256,
  "snr_csf": 2.6427933415107168,
  "snr_gm": 10.698626596962184,
  "snr_total": 10.597156327473,
  "snr_wm": 18.4500490439461,
  "snrd_csf": 25.5509185532978,
  "snrd_gm": 60.357936089491204,
  "snrd_total": 56.943897446944185,
  "snrd_wm": 84.92283769804355,
  "spacing_x": 1.0,
  "spacing_y": 1.0,
  "spacing_z": 1.0,
  "summary_bg_k": 19.63868751491844,
  "summary_bg_mad": 7.7146782875061035,
  "summary_bg_mean": 13.94335651397705,
  "summary_bg_median": 5.2034711837768555,
  "summary_bg_n": 469928.0,
  "summary_bg_p05": 0.0,
  "summary_bg_p95": 50.92958030700684,
  "summary_bg_stdv": 19.703420639038086,
  "summary_csf_k": 0.24794894117959432,
  "summary_csf_mad": 104.52051544189453,
  "summary_csf_mean": 323.7734680175781,
  "summary_csf_median": 300.8795166015625,
  "summary_csf_n": 8328.0,
  "summary_csf_p05": 170.98737335205078,
  "summary_csf_p95": 538.2024963378906,
  "summary_csf_stdv": 113.84221649169922,
  "summary_gm_k": 0.27390141407616575,
  "summary_gm_mad": 62.950374603271484,
  "summary_gm_mean": 710.3642578125,
  "summary_gm_median": 710.7559204101562,
  "summary_gm_n": 22864.0,
  "summary_gm_p05": 599.0261047363281,
  "summary_gm_p95": 820.0914428710937,
  "summary_gm_stdv": 66.432861328125,
  "summary_wm_k": 0.9055417175661189,
  "summary_wm_mad": 50.16053009033203,
  "summary_wm_mean": 1003.6461181640625,
  "summary_wm_median": 1000.0244140625,
  "summary_wm_n": 154451.0,
  "summary_wm_p05": 921.823486328125,
  "summary_wm_p95": 1098.741455078125,
  "summary_wm_stdv": 54.20154571533203,
  "tpm_overlap_csf": 0.21723151206970215,
  "tpm_overlap_gm": 0.517062783241272,
  "tpm_overlap_wm": 0.5546002984046936,
  "wm2max": 0.38418515012119225
}