{
  "aor": 0.010398733333333332,
  "aqi": 0.007291568399999999,
  "bids_meta": {
    "AcquisitionMatrixPE": 64,
    "AcquisitionNumber": 1,
    "AcquisitionTime": "18:30:57.000000",
    "BodyPartExamined": "HEAD",
    "CoilString": "32Ch_Head",
    "ConversionSoftware": "dcm2niix",
    "ConversionSoftwareVersion": "v1.0.20181125  (JP2:OpenJPEG) GCC7.3.0",
    "DeviceSerialNumber": "0002806034DVR750",
    "EchoTime": 0.04,
    "EffectiveEchoSpacing": 0.000372,
    "FlipAngle": 90,
    "ImageOrientationPatientDICOM": [
      1,
      0,
      0,
      0,
      1,
      0
    ],
    "ImageType": [
      "ORIGINAL",
      "PRIMARY",
      "EPI",
      "NONE"
    ],
    "ImagingFrequency": 127.772,
    "InPlanePhaseEncodingDirectionDICOM": "COL",
    "InstitutionName": "INSTITUTO_DE_NEUROBIOLOGIA",
    "MRAcquisitionType": "2D",
    "MagneticFieldStrength": 3,
    "Manufacturer": "GE",
    "ManufacturersModelName": "DISCOVERY_MR750",
    "Modality": "MR",
    "PatientPosition": "HFS",
    "PercentPhaseFOV": 100,
    "PhaseEncodingDirection": "j",
    "PhaseEncodingPolarityGE": "Flipped",
    "PixelBandwidth": 7812.5,
    "ProcedureStepDescription": "Emociones_AH",
    "ProtocolName": "fMRI_RestState",
    "ReconMatrixPE": 64,
    "RepetitionTime": 2,
    "SAR": 0.187437,
    "ScanOptions": "EPI_GEMS_ACC_GEMS",
    "ScanningSequence": "EP_GR",
    "SequenceVariant": "SS",
    "SeriesDescription": "fMRI_RestState",
    "SeriesNumber": 3,
    "SliceThickness": 4,
    "SliceTiming": [
      0,
      1.0285,
      0.0571001,
      1.0857,
      0.1142,
      1.1428,
      0.1714,
      1.2,
      0.2285,
      1.2571,
      0.2857,
      1.3143,
      0.3428,
      1.3714,
      0.4,
      1.4286,
      0.4571,
      1.4857,
      0.5142,
      1.5428,
      0.5714,
      1.6,
      0.6285,
      1.6571,
      0.6857,
      1.7143,
      0.7428,
      1.7714,
      0.8,
      1.8285,
      0.8571,
      1.8857,
      0.9143,
      1.9428,
      0.9714
    ],
    "SoftwareVersions": "27_LX_MR_Software_release:DV26.0_R03_1831.b",
    "SpacingBetweenSlices": 4,
    "StationName": "GEHCGEHC",
    "TaskName": "rest",
    "TotalReadoutTime": 0.023436,
    "dataset": "unknown",
    "modality": "bold",
    "subject_id": "44",
    "task_id": "rest"
  },
  "dummy_trs": 0,
  "dvars_nstd": 13.26700499227425,
  "dvars_std": 0.9532553170234118,
  "dvars_vstd": 0.9593957006354514,
  "efc": 0.32663159762182775,
  "fber": 98279.5625,
  "fd_mean": 0.08508288304333515,
  "fd_num": 21,
  "fd_perc": 7.0,
  "fwhm_avg": 2.833183333333334,
  "fwhm_x": 2.7115,
  "fwhm_y": 2.9552,
  "fwhm_z": 2.83285,
  "gcor": 0.0426088,
  "gsr_x": -0.006441102363169193,
  "gsr_y": 0.0030246993992477655,
  "provenance": {
    "md5sum": "e680b4f4b276bbb2285d572372d4ba95",
    "settings": {
      "fd_thres": 0.2,
      "hmc_fsl": false
    },
    "software": "mriqc",
    "version": "0.15.2rc1",
    "webapi_port": null,
    "webapi_url": "https://mriqc.nimh.nih.gov/api/v1"
  },
  "size_t": 300,
  "size_x": 64,
  "size_y": 64,
  "size_z": 35,
  "snr": 3.1258192393663555,
  "spacing_tr": 2.0,
  "spacing_x": 4.0,
  "spacing_y": 4.0,
  "spacing_z": 4.0,
  "summary_bg_k": 118.86786938285847,
  "summary_bg_mad": 8.762179374694824,
  "summary_bg_mean": 21.908159255981445,
  "summary_bg_median": 6.453333377838135,
  "summary_bg_n": 100127.0,
  "summary_bg_p05": 0.1666666716337204,
  "summary_bg_p95": 81.01466979980466,
  "summary_bg_stdv": 63.935821533203125,
  "summary_fg_k": 0.1729593925134716,
  "summary_fg_mad": 590.428955078125,
  "summary_fg_mean": 2020.69091796875,
  "summary_fg_median": 1996.178466796875,
  "summary_fg_n": 16236.0,
  "summary_fg_p05": 955.5992126464844,
  "summary_fg_p95": 3106.3284912109375,
  "summary_fg_stdv": 638.5900268554688,
  "tsnr": 39.174442291259766
}