{
  "aor": 0.0062004724409448824,
  "aqi": 0.001960402062992126,
  "bids_meta": {
    "AcquisitionMatrixPE": 64,
    "AcquisitionNumber": 1,
    "AcquisitionTime": "19:02:59.000000",
    "BodyPartExamined": "HEAD",
    "CoilString": "32Ch_Head",
    "ConversionSoftware": "dcm2niix",
    "ConversionSoftwareVersion": "v1.0.20181125  (JP2:OpenJPEG) GCC7.3.0",
    "DeviceSerialNumber": "0002806034DVR750",
    "EchoTime": 0.04,
    "EffectiveEchoSpacing": 0.000372,
    "FlipAngle": 90,
    "ImageOrientationPatientDICOM": [
      1,
      0,
      0,
      0,
      1,
      0
    ],
    "ImageType": [
      "ORIGINAL",
      "PRIMARY",
      "EPI",
      "NONE"
    ],
    "ImagingFrequency": 127.772,
    "InPlanePhaseEncodingDirectionDICOM": "COL",
    "InstitutionName": "INSTITUTO_DE_NEUROBIOLOGIA",
    "MRAcquisitionType": "2D",
    "MagneticFieldStrength": 3,
    "Manufacturer": "GE",
    "ManufacturersModelName": "DISCOVERY_MR750",
    "Modality": "MR",
    "PatientPosition": "HFS",
    "PercentPhaseFOV": 100,
    "PhaseEncodingDirection": "j",
    "PhaseEncodingPolarityGE": "Flipped",
    "PixelBandwidth": 7812.5,
    "ProcedureStepDescription": "Emociones_AH",
    "ProtocolName": "fMRI_Jalil_3",
    "ReconMatrixPE": 64,
    "RepetitionTime": 2,
    "SAR": 0.187794,
    "ScanOptions": "EPI_GEMS_ACC_GEMS",
    "ScanningSequence": "EP_GR",
    "SequenceVariant": "SS",
    "SeriesDescription": "fMRI_Jalil_3",
    "SeriesNumber": 7,
    "SliceThickness": 4,
    "SliceTiming": [
      0,
      1.0285,
      0.0571001,
      1.0857,
      0.1142,
      1.1428,
      0.1714,
      1.2,
      0.2285,
      1.2571,
      0.2857,
      1.3143,
      0.3428,
      1.3714,
      0.4,
      1.4286,
      0.4571,
      1.4857,
      0.5142,
      1.5428,
      0.5714,
      1.6,
      0.6285,
      1.6571,
      0.6857,
      1.7143,
      0.7428,
      1.7714,
      0.8,
      1.8285,
      0.8571,
      1.8857,
      0.9143,
      1.9428,
      0.9714
    ],
    "SoftwareVersions": "27_LX_MR_Software_release:DV26.0_R03_1831.b",
    "SpacingBetweenSlices": 4,
    "StationName": "GEHCGEHC",
    "TaskName": "eah",
    "TotalReadoutTime": 0.023436,
    "dataset": "unknown",
    "modality": "bold",
    "run_id": 3,
    "subject_id": "44",
    "task_id": "eah"
  },
  "dummy_trs": 0,
  "dvars_nstd": 17.33982722438735,
  "dvars_std": 1.1262700710276676,
  "dvars_vstd": 1.0432157828063247,
  "efc": 0.32582599720085537,
  "fber": 99822.1796875,
  "fd_mean": 0.09247690567223077,
  "fd_num": 24,
  "fd_perc": 9.448818897637794,
  "fwhm_avg": 2.792908333333333,
  "fwhm_x": 2.6812,
  "fwhm_y": 2.896825,
  "fwhm_z": 2.8007,
  "gcor": 0.0873514,
  "gsr_x": -0.005537854041904211,
  "gsr_y": 0.00176402204670012,
  "provenance": {
    "md5sum": "40c66cd30bf95b705afcbd79c51096c6",
    "settings": {
      "fd_thres": 0.2,
      "hmc_fsl": false
    },
    "software": "mriqc",
    "version": "0.15.2rc1",
    "webapi_port": null,
    "webapi_url": "https://mriqc.nimh.nih.gov/api/v1"
  },
  "size_t": 254,
  "size_x": 64,
  "size_y": 64,
  "size_z": 35,
  "snr": 3.0788071660418064,
  "spacing_tr": 2.0,
  "spacing_x": 4.0,
  "spacing_y": 4.0,
  "spacing_z": 4.0,
  "summary_bg_k": 116.5344693026501,
  "summary_bg_mad": 8.533719062805176,
  "summary_bg_mean": 20.456157684326172,
  "summary_bg_median": 6.295275688171387,
  "summary_bg_n": 99834.0,
  "summary_bg_p05": 0.10236220061779022,
  "summary_bg_p95": 78.546060180664,
  "summary_bg_stdv": 59.60902786254883,
  "summary_fg_k": 0.2951350532824377,
  "summary_fg_mad": 575.8770751953125,
  "summary_fg_mean": 2030.713623046875,
  "summary_fg_median": 1982.8326416015625,
  "summary_fg_n": 16328.0,
  "summary_fg_p05": 996.1757781982421,
  "summary_fg_p95": 3178.4193359374995,
  "summary_fg_stdv": 644.0065307617188,
  "tsnr": 60.64808654785156
}