{
  "aor": 0.01983925170068027,
  "aqi": 0.004693885238095238,
  "bids_meta": {
    "AcquisitionMatrixPE": 64,
    "AcquisitionNumber": 1,
    "AcquisitionTime": "19:12:16.000000",
    "BodyPartExamined": "HEAD",
    "CoilString": "32Ch_Head",
    "ConversionSoftware": "dcm2niix",
    "ConversionSoftwareVersion": "v1.0.20181125  (JP2:OpenJPEG) GCC7.3.0",
    "DeviceSerialNumber": "0002806034DVR750",
    "EchoTime": 0.04,
    "EffectiveEchoSpacing": 0.000372,
    "FlipAngle": 90,
    "ImageOrientationPatientDICOM": [
      1,
      0,
      0,
      0,
      1,
      0
    ],
    "ImageType": [
      "ORIGINAL",
      "PRIMARY",
      "EPI",
      "NONE"
    ],
    "ImagingFrequency": 127.772,
    "InPlanePhaseEncodingDirectionDICOM": "COL",
    "InstitutionName": "INSTITUTO_DE_NEUROBIOLOGIA",
    "MRAcquisitionType": "2D",
    "MagneticFieldStrength": 3,
    "Manufacturer": "GE",
    "ManufacturersModelName": "DISCOVERY_MR750",
    "Modality": "MR",
    "PatientPosition": "HFS",
    "PercentPhaseFOV": 100,
    "PhaseEncodingDirection": "j",
    "PhaseEncodingPolarityGE": "Flipped",
    "PixelBandwidth": 7812.5,
    "ProcedureStepDescription": "Emociones_AH",
    "ProtocolName": "fMRI_Jalil_4",
    "ReconMatrixPE": 64,
    "RepetitionTime": 2,
    "SAR": 0.187794,
    "ScanOptions": "EPI_GEMS_ACC_GEMS",
    "ScanningSequence": "EP_GR",
    "SequenceVariant": "SS",
    "SeriesDescription": "fMRI_Jalil_4",
    "SeriesNumber": 8,
    "SliceThickness": 4,
    "SliceTiming": [
      0,
      1.0285,
      0.0571001,
      1.0857,
      0.1142,
      1.1428,
      0.1714,
      1.2,
      0.2285,
      1.2571,
      0.2857,
      1.3143,
      0.3428,
      1.3714,
      0.4,
      1.4286,
      0.4571,
      1.4857,
      0.5142,
      1.5428,
      0.5714,
      1.6,
      0.6285,
      1.6571,
      0.6857,
      1.7143,
      0.7428,
      1.7714,
      0.8,
      1.8285,
      0.8571,
      1.8857,
      0.9143,
      1.9428,
      0.9714
    ],
    "SoftwareVersions": "27_LX_MR_Software_release:DV26.0_R03_1831.b",
    "SpacingBetweenSlices": 4,
    "StationName": "GEHCGEHC",
    "TaskName": "eah",
    "TotalReadoutTime": 0.023436,
    "dataset": "unknown",
    "modality": "bold",
    "run_id": 4,
    "subject_id": "44",
    "task_id": "eah"
  },
  "dummy_trs": 3,
  "dvars_nstd": 21.39805743472603,
  "dvars_std": 1.0659387031506848,
  "dvars_vstd": 1.0536812639041093,
  "efc": 0.3268480952676553,
  "fber": 100374.78125,
  "fd_mean": 0.20238775109422955,
  "fd_num": 25,
  "fd_perc": 17.006802721088434,
  "fwhm_avg": 2.8190833333333334,
  "fwhm_x": 2.710025,
  "fwhm_y": 2.900075,
  "fwhm_z": 2.84715,
  "gcor": 0.0702733,
  "gsr_x": -0.005286904517561197,
  "gsr_y": 0.0034456192515790462,
  "provenance": {
    "md5sum": "702677e881064be8d106089f8918b8e5",
    "settings": {
      "fd_thres": 0.2,
      "hmc_fsl": false
    },
    "software": "mriqc",
    "version": "0.15.2rc1",
    "webapi_port": null,
    "webapi_url": "https://mriqc.nimh.nih.gov/api/v1"
  },
  "size_t": 147,
  "size_x": 64,
  "size_y": 64,
  "size_z": 35,
  "snr": 3.0349953861463,
  "spacing_tr": 2.0,
  "spacing_x": 4.0,
  "spacing_y": 4.0,
  "spacing_z": 4.0,
  "summary_bg_k": 132.73483487813834,
  "summary_bg_mad": 8.54261302947998,
  "summary_bg_mean": 20.69713592529297,
  "summary_bg_median": 6.306122303009033,
  "summary_bg_n": 99695.0,
  "summary_bg_p05": 0.15646257996559143,
  "summary_bg_p95": 77.18367004394531,
  "summary_bg_stdv": 59.990562438964844,
  "summary_fg_k": 0.3876836041912104,
  "summary_fg_mad": 574.9874267578125,
  "summary_fg_mean": 2033.8861083984375,
  "summary_fg_median": 1978.1087646484375,
  "summary_fg_n": 16493.0,
  "summary_fg_p05": 999.8435180664062,
  "summary_fg_p95": 3216.09794921875,
  "summary_fg_stdv": 651.7468872070312,
  "tsnr": 40.3192024230957
}