{
  "aor": 0.0022839285714285717,
  "aqi": 0.0017608431741071428,
  "bids_meta": {
    "AcquisitionMatrixPE": 64,
    "AcquisitionNumber": 1,
    "AcquisitionTime": "18:54:19.000000",
    "BodyPartExamined": "HEAD",
    "CoilString": "32Ch_Head",
    "ConversionSoftware": "dcm2niix",
    "ConversionSoftwareVersion": "v1.0.20181125  (JP2:OpenJPEG) GCC7.3.0",
    "DeviceSerialNumber": "0002806034DVR750",
    "EchoTime": 0.04,
    "EffectiveEchoSpacing": 0.000372,
    "FlipAngle": 90,
    "ImageOrientationPatientDICOM": [
      1,
      0,
      0,
      0,
      1,
      0
    ],
    "ImageType": [
      "ORIGINAL",
      "PRIMARY",
      "EPI",
      "NONE"
    ],
    "ImagingFrequency": 127.772,
    "InPlanePhaseEncodingDirectionDICOM": "COL",
    "InstitutionName": "INSTITUTO_DE_NEUROBIOLOGIA",
    "MRAcquisitionType": "2D",
    "MagneticFieldStrength": 3,
    "Manufacturer": "GE",
    "ManufacturersModelName": "DISCOVERY_MR750",
    "Modality": "MR",
    "PatientPosition": "HFS",
    "PercentPhaseFOV": 100,
    "PhaseEncodingDirection": "j",
    "PhaseEncodingPolarityGE": "Flipped",
    "PixelBandwidth": 7812.5,
    "ProcedureStepDescription": "Emociones_AH",
    "ProtocolName": "fMRI_Jalil_2",
    "ReconMatrixPE": 64,
    "RepetitionTime": 2,
    "SAR": 0.187794,
    "ScanOptions": "EPI_GEMS_ACC_GEMS",
    "ScanningSequence": "EP_GR",
    "SequenceVariant": "SS",
    "SeriesDescription": "fMRI_Jalil_2",
    "SeriesNumber": 6,
    "SliceThickness": 4,
    "SliceTiming": [
      0,
      1.0285,
      0.0571001,
      1.0857,
      0.1142,
      1.1428,
      0.1714,
      1.2,
      0.2285,
      1.2571,
      0.2857,
      1.3143,
      0.3428,
      1.3714,
      0.4,
      1.4286,
      0.4571,
      1.4857,
      0.5142,
      1.5428,
      0.5714,
      1.6,
      0.6285,
      1.6571,
      0.6857,
      1.7143,
      0.7428,
      1.7714,
      0.8,
      1.8285,
      0.8571,
      1.8857,
      0.9143,
      1.9428,
      0.9714
    ],
    "SoftwareVersions": "27_LX_MR_Software_release:DV26.0_R03_1831.b",
    "SpacingBetweenSlices": 4,
    "StationName": "GEHCGEHC",
    "TaskName": "eah",
    "TotalReadoutTime": 0.023436,
    "dataset": "unknown",
    "modality": "bold",
    "run_id": 2,
    "subject_id": "44",
    "task_id": "eah"
  },
  "dummy_trs": 0,
  "dvars_nstd": 16.008429163721967,
  "dvars_std": 1.0815226537668163,
  "dvars_vstd": 0.9807594364573999,
  "efc": 0.3258970316723824,
  "fber": 97695.71875,
  "fd_mean": 0.08045009522611217,
  "fd_num": 12,
  "fd_perc": 5.357142857142857,
  "fwhm_avg": 2.7958916666666673,
  "fwhm_x": 2.708975,
  "fwhm_y": 2.915775,
  "fwhm_z": 2.762925,
  "gcor": 0.0908879,
  "gsr_x": -0.006438106764107943,
  "gsr_y": 0.0008917343802750111,
  "provenance": {
    "md5sum": "b68aa31202c51d3c171cb2f2eb5a8c97",
    "settings": {
      "fd_thres": 0.2,
      "hmc_fsl": false
    },
    "software": "mriqc",
    "version": "0.15.2rc1",
    "webapi_port": null,
    "webapi_url": "https://mriqc.nimh.nih.gov/api/v1"
  },
  "size_t": 224,
  "size_x": 64,
  "size_y": 64,
  "size_z": 35,
  "snr": 3.0346950080138595,
  "spacing_tr": 2.0,
  "spacing_x": 4.0,
  "spacing_y": 4.0,
  "spacing_z": 4.0,
  "summary_bg_k": 112.52379393901015,
  "summary_bg_mad": 8.577912330627441,
  "summary_bg_mean": 21.917970657348633,
  "summary_bg_median": 6.325892925262451,
  "summary_bg_n": 100159.0,
  "summary_bg_p05": 0.1160714328289032,
  "summary_bg_p95": 83.3308067321777,
  "summary_bg_stdv": 66.06868743896484,
  "summary_fg_k": 0.184620211412013,
  "summary_fg_mad": 598.239990234375,
  "summary_fg_mean": 2009.35302734375,
  "summary_fg_median": 1978.493408203125,
  "summary_fg_n": 16216.0,
  "summary_fg_p05": 947.8371124267578,
  "summary_fg_p95": 3143.31494140625,
  "summary_fg_stdv": 651.9378051757812,
  "tsnr": 63.61946487426758
}