{
  "bids_meta": {
    "AcquisitionDateTime": "2016-10-08T11:37:53.000000",
    "ConversionSoftware": "dcm2niix",
    "ConversionSoftwareVersion": "v1.0.20170411 GCC4.8.4",
    "EchoTime": 0.003336,
    "FlipAngle": 12,
    "ImageType": [
      "DERIVED",
      "PRIMARY",
      "OTHER"
    ],
    "InversionTime": 0.45,
    "MagneticFieldStrength": 3,
    "Manufacturer": "GE",
    "ManufacturersModelName": "DISCOVERY_MR750",
    "ProcedureStepDescription": "MeditResp",
    "ProtocolName": "PU:Sag_T1_FSPGR_BRAVO",
    "RepetitionTime": 0.008512,
    "ScanningSequence": "GR",
    "SequenceVariant": "SS_SP_SK",
    "SeriesDescription": "PU:Sag_T1_FSPGR_BRAVO",
    "dataset": "unknown",
    "modality": "T1w",
    "subject_id": "118"
  },
  "cjv": 0.3335058865397935,
  "cnr": 4.0369348771655,
  "efc": 0.698578015334125,
  "fber": 14347.849609375,
  "fwhm_avg": 3.3537466666666664,
  "fwhm_x": 3.41033,
  "fwhm_y": 3.40138,
  "fwhm_z": 3.24953,
  "icvs_csf": 0.1889909475199904,
  "icvs_gm": 0.45926573164894857,
  "icvs_wm": 0.351743320831061,
  "inu_med": 1.3420155048370361,
  "inu_range": 0.3090106904506682,
  "provenance": {
    "md5sum": "f184e869a70bae44f651e7c26850c4f7",
    "settings": {
      "testing": false
    },
    "software": "mriqc",
    "version": "0.15.2rc1",
    "warnings": {
      "large_rot_frame": true,
      "small_air_mask": false
    },
    "webapi_port": null,
    "webapi_url": "https://mriqc.nimh.nih.gov/api/v1"
  },
  "qi_1": 0.0,
  "qi_2": 0.00447934877320822,
  "rpve_csf": 28.54570527287009,
  "rpve_gm": 13.20548293505254,
  "rpve_wm": 20.199489239304956,
  "size_x": 176,
  "size_y": 256,
  "size_z": 256,
  "snr_csf": 1.9335029049208343,
  "snr_gm": 10.51782821515368,
  "snr_total": 10.579279920167728,
  "snr_wm": 19.28650864042867,
  "snrd_csf": 28.773021861315048,
  "snrd_gm": 62.58688020124059,
  "snrd_total": 61.83061463966367,
  "snrd_wm": 94.13194185643538,
  "spacing_x": 1.0,
  "spacing_y": 1.0,
  "spacing_z": 1.0,
  "summary_bg_k": 4.486326291895582,
  "summary_bg_mad": 6.9598259925842285,
  "summary_bg_mean": 11.062541961669922,
  "summary_bg_median": 4.694331169128418,
  "summary_bg_n": 319826.0,
  "summary_bg_p05": 0.0,
  "summary_bg_p95": 40.870421409606934,
  "summary_bg_stdv": 14.376507759094238,
  "summary_csf_k": 83.82467477848506,
  "summary_csf_mad": 117.20037078857422,
  "summary_csf_mean": 330.7606201171875,
  "summary_csf_median": 305.6695251464844,
  "summary_csf_n": 8123.0,
  "summary_csf_p05": 164.06121826171875,
  "summary_csf_p95": 520.9419555664062,
  "summary_csf_stdv": 158.08132934570312,
  "summary_gm_k": -0.02296408427621177,
  "summary_gm_mad": 62.959556579589844,
  "summary_gm_mean": 665.276123046875,
  "summary_gm_median": 664.8902587890625,
  "summary_gm_n": 27058.0,
  "summary_gm_p05": 561.4566528320313,
  "summary_gm_p95": 770.3570983886718,
  "summary_gm_stdv": 63.214378356933594,
  "summary_wm_k": 0.7075826343791172,
  "summary_wm_mad": 48.804344177246094,
  "summary_wm_mean": 999.9351806640625,
  "summary_wm_median": 1000.0084838867188,
  "summary_wm_n": 168537.0,
  "summary_wm_p05": 914.8452758789062,
  "summary_wm_p95": 1083.64189453125,
  "summary_wm_stdv": 51.85000228881836,
  "tpm_overlap_csf": 0.20976580679416656,
  "tpm_overlap_gm": 0.5167108774185181,
  "tpm_overlap_wm": 0.5376255512237549,
  "wm2max": 0.37385975177799435
}