{
  "aor": 0.0009606,
  "aqi": 0.0007686257000000001,
  "bids_meta": {
    "AcquisitionDateTime": "2017-08-14T19:43:33.000000",
    "ConversionSoftware": "dcm2niix",
    "ConversionSoftwareVersion": "v1.0.20170411 GCC4.8.4",
    "EchoTime": 0.035,
    "FlipAngle": 90,
    "ImageType": [
      "ORIGINAL",
      "PRIMARY",
      "EPI",
      "NONE"
    ],
    "MagneticFieldStrength": 3,
    "Manufacturer": "GE",
    "ManufacturersModelName": "DISCOVERY_MR750",
    "ProcedureStepDescription": "CompMet",
    "ProtocolName": "fMRI_CompMet",
    "RepetitionTime": 2,
    "ScanningSequence": "EP_GR",
    "SequenceVariant": "SS",
    "SeriesDescription": "fMRI_CompMet",
    "dataset": "unknown",
    "modality": "bold",
    "run_id": 1,
    "subject_id": "84",
    "task_id": "cm"
  },
  "dummy_trs": 0,
  "dvars_nstd": 11.019138830321282,
  "dvars_std": 1.0388088164658635,
  "dvars_vstd": 1.000192183493976,
  "efc": 0.32776893397918133,
  "fber": 72173.078125,
  "fd_mean": 0.06623601622216835,
  "fd_num": 0,
  "fd_perc": 0.0,
  "fwhm_avg": 2.9384666666666663,
  "fwhm_x": 2.839425,
  "fwhm_y": 3.118225,
  "fwhm_z": 2.85775,
  "gcor": 0.0509399,
  "gsr_x": -0.008885538205504417,
  "gsr_y": 0.0007852136041037738,
  "provenance": {
    "md5sum": "386db78e549bcbc1dace10f52494c14f",
    "settings": {
      "fd_thres": 0.2,
      "hmc_fsl": false
    },
    "software": "mriqc",
    "version": "0.15.2rc1",
    "webapi_port": null,
    "webapi_url": "https://mriqc.nimh.nih.gov/api/v1"
  },
  "size_t": 250,
  "size_x": 64,
  "size_y": 64,
  "size_z": 34,
  "snr": 2.643189856607891,
  "spacing_tr": 2.0,
  "spacing_x": 4.0,
  "spacing_y": 4.0,
  "spacing_z": 4.0,
  "summary_bg_k": 156.62056848597024,
  "summary_bg_mad": 8.806657791137695,
  "summary_bg_mean": 32.02338790893555,
  "summary_bg_median": 7.032000541687012,
  "summary_bg_n": 97875.0,
  "summary_bg_p05": 0.4440000355243683,
  "summary_bg_p95": 132.02800445556653,
  "summary_bg_stdv": 111.07865905761719,
  "summary_fg_k": 0.49694856607108395,
  "summary_fg_mad": 621.577880859375,
  "summary_fg_mean": 1978.147705078125,
  "summary_fg_median": 1928.0321044921875,
  "summary_fg_n": 15248.0,
  "summary_fg_p05": 767.9508300781249,
  "summary_fg_p95": 3279.685437011719,
  "summary_fg_stdv": 729.409912109375,
  "tsnr": 92.95806884765625
}