{
  "aor": 0.0084838,
  "aqi": 0.0016789102133333332,
  "bids_meta": {
    "AcquisitionDateTime": "2017-08-16T20:50:49.000000",
    "ConversionSoftware": "dcm2niix",
    "ConversionSoftwareVersion": "v1.0.20170411 GCC4.8.4",
    "EchoTime": 0.04,
    "FlipAngle": 90,
    "ImageType": [
      "ORIGINAL",
      "PRIMARY",
      "EPI",
      "NONE"
    ],
    "MagneticFieldStrength": 3,
    "Manufacturer": "GE",
    "ManufacturersModelName": "DISCOVERY_MR750",
    "ProtocolName": "fMRI_RestState",
    "RepetitionTime": 2,
    "ScanningSequence": "EP_GR",
    "SequenceVariant": "SS",
    "SeriesDescription": "fMRI_RestState",
    "dataset": "unknown",
    "modality": "bold",
    "subject_id": "84",
    "task_id": "rest"
  },
  "dummy_trs": 0,
  "dvars_nstd": 17.89207315247492,
  "dvars_std": 1.2333475653511705,
  "dvars_vstd": 1.1195622366555182,
  "efc": 0.36089275269664933,
  "fber": 62684.91015625,
  "fd_mean": 0.0677072151208968,
  "fd_num": 6,
  "fd_perc": 2.0,
  "fwhm_avg": 2.8196499999999998,
  "fwhm_x": 2.7622,
  "fwhm_y": 2.85585,
  "fwhm_z": 2.8409,
  "gcor": 0.066698,
  "gsr_x": -0.002123149111866951,
  "gsr_y": 0.0032333703711628914,
  "provenance": {
    "md5sum": "926caad01f39b4d4d0c7c2f854195370",
    "settings": {
      "fd_thres": 0.2,
      "hmc_fsl": false
    },
    "software": "mriqc",
    "version": "0.15.2rc1",
    "webapi_port": null,
    "webapi_url": "https://mriqc.nimh.nih.gov/api/v1"
  },
  "size_t": 300,
  "size_x": 64,
  "size_y": 64,
  "size_z": 34,
  "snr": 2.667323768745955,
  "spacing_tr": 2.0,
  "spacing_x": 4.0,
  "spacing_y": 4.0,
  "spacing_z": 4.0,
  "summary_bg_k": 121.28005027558487,
  "summary_bg_mad": 9.997681617736816,
  "summary_bg_mean": 35.53769302368164,
  "summary_bg_median": 7.100000381469727,
  "summary_bg_n": 93649.0,
  "summary_bg_p05": 0.046666666865348816,
  "summary_bg_p95": 148.09467163085924,
  "summary_bg_stdv": 118.1220474243164,
  "summary_fg_k": 0.24205685974563407,
  "summary_fg_mad": 599.465576171875,
  "summary_fg_mean": 1858.225830078125,
  "summary_fg_median": 1798.1199951171875,
  "summary_fg_n": 18431.0,
  "summary_fg_p05": 755.9716796875,
  "summary_fg_p95": 3076.066650390625,
  "summary_fg_stdv": 674.110595703125,
  "tsnr": 65.02149963378906
}