{
  "bids_meta": {
    "AcquisitionDateTime": "2017-07-05T19:36:28.000000",
    "ConversionSoftware": "dcm2niix",
    "ConversionSoftwareVersion": "v1.0.20170411 GCC4.8.4",
    "EchoTime": 0.00318,
    "FlipAngle": 12,
    "ImageType": [
      "DERIVED",
      "PRIMARY",
      "OTHER"
    ],
    "InversionTime": 0.45,
    "MagneticFieldStrength": 3,
    "Manufacturer": "GE",
    "ManufacturersModelName": "DISCOVERY_MR750",
    "ProcedureStepDescription": "CompMet",
    "ProtocolName": "PU:Sag_T1_FSPGR_BRAVO",
    "RepetitionTime": 0.008156,
    "ScanningSequence": "GR",
    "SequenceVariant": "SS_SP_SK",
    "SeriesDescription": "PU:Sag_T1_FSPGR_BRAVO",
    "dataset": "unknown",
    "modality": "T1w",
    "subject_id": "76"
  },
  "cjv": 0.39212477024077413,
  "cnr": 3.412421158414541,
  "efc": 0.7320587969445286,
  "fber": 9307.3779296875,
  "fwhm_avg": 3.6016399999999997,
  "fwhm_x": 3.59012,
  "fwhm_y": 3.80977,
  "fwhm_z": 3.40503,
  "icvs_csf": 0.209133560152275,
  "icvs_gm": 0.4174453846525662,
  "icvs_wm": 0.37342105519515884,
  "inu_med": 1.0616209506988525,
  "inu_range": 0.2987494021654129,
  "provenance": {
    "md5sum": "d335bd6ca824adadd84eb965d46c0176",
    "settings": {
      "testing": false
    },
    "software": "mriqc",
    "version": "0.15.2rc1",
    "warnings": {
      "large_rot_frame": true,
      "small_air_mask": false
    },
    "webapi_port": null,
    "webapi_url": "https://mriqc.nimh.nih.gov/api/v1"
  },
  "qi_1": 0.0,
  "qi_2": 0.0032838415314877752,
  "rpve_csf": 26.0808838282504,
  "rpve_gm": 13.785829987002657,
  "rpve_wm": 19.289804213168424,
  "size_x": 176,
  "size_y": 256,
  "size_z": 256,
  "snr_csf": 3.727702837620105,
  "snr_gm": 10.558861404300439,
  "snr_total": 11.463451893550166,
  "snr_wm": 20.10379143872996,
  "snrd_csf": 68.72559988829029,
  "snrd_gm": 112.87790842348136,
  "snrd_total": 113.45596561054482,
  "snrd_wm": 158.76438851986285,
  "spacing_x": 1.0,
  "spacing_y": 1.0,
  "spacing_z": 1.0,
  "summary_bg_k": 9.59880269495396,
  "summary_bg_mad": 4.1265106201171875,
  "summary_bg_mean": 8.929044723510742,
  "summary_bg_median": 3.5883259773254395,
  "summary_bg_n": 294794.0,
  "summary_bg_p05": 0.0,
  "summary_bg_p95": 35.39276008605948,
  "summary_bg_stdv": 12.871026992797852,
  "summary_csf_k": 0.29160279027839575,
  "summary_csf_mad": 117.25445556640625,
  "summary_csf_mean": 418.2506408691406,
  "summary_csf_median": 432.88226318359375,
  "summary_csf_n": 12612.0,
  "summary_csf_p05": 218.96204910278323,
  "summary_csf_p95": 582.7612854003903,
  "summary_csf_stdv": 116.12113952636719,
  "summary_gm_k": 0.24220644980695694,
  "summary_gm_mad": 65.33702850341797,
  "summary_gm_mean": 710.7693481445312,
  "summary_gm_median": 710.984619140625,
  "summary_gm_n": 18551.0,
  "summary_gm_p05": 600.4317016601562,
  "summary_gm_p95": 822.0070190429688,
  "summary_gm_stdv": 67.33353424072266,
  "summary_wm_k": 0.37490799068817493,
  "summary_wm_mad": 47.996986389160156,
  "summary_wm_mean": 1001.1614379882812,
  "summary_wm_median": 1000.010009765625,
  "summary_wm_n": 204118.0,
  "summary_wm_p05": 921.4135375976562,
  "summary_wm_p95": 1084.2829467773438,
  "summary_wm_stdv": 49.74223709106445,
  "tpm_overlap_csf": 0.2036847323179245,
  "tpm_overlap_gm": 0.5023401975631714,
  "tpm_overlap_wm": 0.5690465569496155,
  "wm2max": 0.3962400461864224
}