{
  "aor": 0.0014725000000000003,
  "aqi": 0.00180941673,
  "bids_meta": {
    "AcquisitionDateTime": "2016-09-21T20:11:10.000000",
    "ConversionSoftware": "dcm2niix",
    "ConversionSoftwareVersion": "v1.0.20170411 GCC4.8.4",
    "EchoTime": 0.04,
    "FlipAngle": 90,
    "ImageType": [
      "ORIGINAL",
      "PRIMARY",
      "EPI",
      "NONE"
    ],
    "MagneticFieldStrength": 3,
    "Manufacturer": "GE",
    "ManufacturersModelName": "DISCOVERY_MR750",
    "ProcedureStepDescription": "MeditResp",
    "ProtocolName": "fMRI_RestSt",
    "RepetitionTime": 2,
    "ScanningSequence": "EP_GR",
    "SequenceVariant": "SS",
    "SeriesDescription": "fMRI_RestSt",
    "dataset": "unknown",
    "modality": "bold",
    "subject_id": "99",
    "task_id": "rest"
  },
  "dummy_trs": 0,
  "dvars_nstd": 15.605001918394645,
  "dvars_std": 1.145091529598661,
  "dvars_vstd": 0.981077484849498,
  "efc": 0.3556104800489672,
  "fber": 99112.8671875,
  "fd_mean": 0.1000708822167277,
  "fd_num": 9,
  "fd_perc": 3.0,
  "fwhm_avg": 2.8625164396604443,
  "fwhm_x": 2.723875,
  "fwhm_y": 3.007275,
  "fwhm_z": 2.856399318981333,
  "gcor": 0.0568041,
  "gsr_x": -0.00449759466573596,
  "gsr_y": 0.009292775765061378,
  "provenance": {
    "md5sum": "7fbdd0860f54fc5be082fe8edf135859",
    "settings": {
      "fd_thres": 0.2,
      "hmc_fsl": false
    },
    "software": "mriqc",
    "version": "0.15.2rc1",
    "webapi_port": null,
    "webapi_url": "https://mriqc.nimh.nih.gov/api/v1"
  },
  "size_t": 300,
  "size_x": 64,
  "size_y": 64,
  "size_z": 34,
  "snr": 2.7157581213114703,
  "spacing_tr": 2.0,
  "spacing_x": 4.0,
  "spacing_y": 4.0,
  "spacing_z": 4.000000953674316,
  "summary_bg_k": 288.9365087579278,
  "summary_bg_mad": 7.71941614151001,
  "summary_bg_mean": 22.008583068847656,
  "summary_bg_median": 5.663333415985107,
  "summary_bg_n": 92586.0,
  "summary_bg_p05": 0.10333333909511566,
  "summary_bg_p95": 87.9275016784668,
  "summary_bg_stdv": 69.24618530273438,
  "summary_fg_k": -0.16718386620486925,
  "summary_fg_mad": 658.2556762695312,
  "summary_fg_mean": 1853.1524658203125,
  "summary_fg_median": 1839.7266845703125,
  "summary_fg_n": 18955.0,
  "summary_fg_p05": 715.4046630859375,
  "summary_fg_p95": 3014.1831298828124,
  "summary_fg_stdv": 677.40869140625,
  "tsnr": 64.61705017089844
}