{
  "aor": 0.003856896551724137,
  "aqi": 0.0025798021072796933,
  "bids_meta": {
    "AcquisitionDateTime": "2017-05-04T20:26:56.000000",
    "ConversionSoftware": "dcm2niix",
    "ConversionSoftwareVersion": "v1.0.20170411 GCC4.8.4",
    "EchoTime": 0.04,
    "FlipAngle": 90,
    "ImageType": [
      "ORIGINAL",
      "PRIMARY",
      "EPI",
      "NONE"
    ],
    "MagneticFieldStrength": 3,
    "Manufacturer": "GE",
    "ManufacturersModelName": "DISCOVERY_MR750",
    "ProcedureStepDescription": "ActosHabla",
    "ProtocolName": "fMRI_ActosHabla_1",
    "RepetitionTime": 2,
    "ScanningSequence": "EP_GR",
    "SequenceVariant": "SS",
    "SeriesDescription": "fMRI_ActosHabla_1",
    "dataset": "unknown",
    "modality": "bold",
    "run_id": 1,
    "subject_id": "23",
    "task_id": "rah"
  },
  "dummy_trs": 0,
  "dvars_nstd": 22.907383398076913,
  "dvars_std": 1.1357359907692308,
  "dvars_vstd": 0.9857589531153846,
  "efc": 0.38464908370307216,
  "fber": 30967.91015625,
  "fd_mean": 0.14932367111069378,
  "fd_num": 29,
  "fd_perc": 11.11111111111111,
  "fwhm_avg": 2.892225444269392,
  "fwhm_x": 2.762225,
  "fwhm_y": 3.11935,
  "fwhm_z": 2.7951013328081764,
  "gcor": 0.0287174,
  "gsr_x": 0.00250711920671165,
  "gsr_y": 0.002122126519680023,
  "provenance": {
    "md5sum": "23eae6de720486b8409a4010afc4e5c5",
    "settings": {
      "fd_thres": 0.2,
      "hmc_fsl": false
    },
    "software": "mriqc",
    "version": "0.15.2rc1",
    "webapi_port": null,
    "webapi_url": "https://mriqc.nimh.nih.gov/api/v1"
  },
  "size_t": 261,
  "size_x": 64,
  "size_y": 64,
  "size_z": 35,
  "snr": 2.72167319057208,
  "spacing_tr": 2.0,
  "spacing_x": 4.0,
  "spacing_y": 4.0,
  "spacing_z": 3.999998092651367,
  "summary_bg_k": 116.618377804118,
  "summary_bg_mad": 13.065075874328613,
  "summary_bg_mean": 35.534820556640625,
  "summary_bg_median": 9.118773460388184,
  "summary_bg_n": 93942.0,
  "summary_bg_p05": 0.030651340261101723,
  "summary_bg_p95": 143.76570510864232,
  "summary_bg_stdv": 95.87487030029297,
  "summary_fg_k": 0.18140704341174008,
  "summary_fg_mad": 615.37353515625,
  "summary_fg_mean": 1690.71533203125,
  "summary_fg_median": 1679.561279296875,
  "summary_fg_n": 21042.0,
  "summary_fg_p05": 674.8365478515625,
  "summary_fg_p95": 2700.1117187500004,
  "summary_fg_stdv": 617.0914916992188,
  "tsnr": 49.98668670654297
}