{
  "aor": 0.0012991732283464566,
  "aqi": 0.001976427779527559,
  "bids_meta": {
    "AcquisitionDateTime": "2017-05-04T20:37:4.000000",
    "ConversionSoftware": "dcm2niix",
    "ConversionSoftwareVersion": "v1.0.20170411 GCC4.8.4",
    "EchoTime": 0.04,
    "FlipAngle": 90,
    "ImageType": [
      "ORIGINAL",
      "PRIMARY",
      "EPI",
      "NONE"
    ],
    "MagneticFieldStrength": 3,
    "Manufacturer": "GE",
    "ManufacturersModelName": "DISCOVERY_MR750",
    "ProcedureStepDescription": "ActosHabla",
    "ProtocolName": "fMRI_ActosHabla_2",
    "RepetitionTime": 2,
    "ScanningSequence": "EP_GR",
    "SequenceVariant": "SS",
    "SeriesDescription": "fMRI_ActosHabla_2",
    "dataset": "unknown",
    "modality": "bold",
    "run_id": 2,
    "subject_id": "23",
    "task_id": "rah"
  },
  "dummy_trs": 0,
  "dvars_nstd": 20.812353880158103,
  "dvars_std": 1.1719937562845841,
  "dvars_vstd": 1.0004541213833993,
  "efc": 0.3852981964866553,
  "fber": 31603.63671875,
  "fd_mean": 0.12824333912035396,
  "fd_num": 19,
  "fd_perc": 7.480314960629921,
  "fwhm_avg": 2.8574004410427922,
  "fwhm_x": 2.740775,
  "fwhm_y": 3.056625,
  "fwhm_z": 2.7748013231283775,
  "gcor": 0.0296322,
  "gsr_x": 0.0030506975017488003,
  "gsr_y": 0.0028334774542599916,
  "provenance": {
    "md5sum": "54d30afeb39fd9ae1f6da226bcd6e40b",
    "settings": {
      "fd_thres": 0.2,
      "hmc_fsl": false
    },
    "software": "mriqc",
    "version": "0.15.2rc1",
    "webapi_port": null,
    "webapi_url": "https://mriqc.nimh.nih.gov/api/v1"
  },
  "size_t": 254,
  "size_x": 64,
  "size_y": 64,
  "size_z": 35,
  "snr": 2.7442783128271033,
  "spacing_tr": 2.0,
  "spacing_x": 4.0,
  "spacing_y": 4.0,
  "spacing_z": 3.999998092651367,
  "summary_bg_k": 116.07720801402795,
  "summary_bg_mad": 12.829763412475586,
  "summary_bg_mean": 35.697025299072266,
  "summary_bg_median": 8.937007904052734,
  "summary_bg_n": 93862.0,
  "summary_bg_p05": 0.023622047156095505,
  "summary_bg_p95": 147.66909942626953,
  "summary_bg_stdv": 95.40221405029297,
  "summary_fg_k": 0.2510670593702975,
  "summary_fg_mad": 597.8213500976562,
  "summary_fg_mean": 1699.7879638671875,
  "summary_fg_median": 1677.6417236328125,
  "summary_fg_n": 20899.0,
  "summary_fg_p05": 719.3456787109375,
  "summary_fg_p95": 2710.42353515625,
  "summary_fg_stdv": 611.308837890625,
  "tsnr": 65.03243255615234
}