{
  "aor": 0.008312431372549018,
  "aqi": 0.0028388959568627446,
  "bids_meta": {
    "AcquisitionDateTime": "2017-05-04T20:47:7.000000",
    "ConversionSoftware": "dcm2niix",
    "ConversionSoftwareVersion": "v1.0.20170411 GCC4.8.4",
    "EchoTime": 0.04,
    "FlipAngle": 90,
    "ImageType": [
      "ORIGINAL",
      "PRIMARY",
      "EPI",
      "NONE"
    ],
    "MagneticFieldStrength": 3,
    "Manufacturer": "GE",
    "ManufacturersModelName": "DISCOVERY_MR750",
    "ProcedureStepDescription": "ActosHabla",
    "ProtocolName": "fMRI_ActosHabla_3",
    "RepetitionTime": 2,
    "ScanningSequence": "EP_GR",
    "SequenceVariant": "SS",
    "SeriesDescription": "fMRI_ActosHabla_3",
    "dataset": "unknown",
    "modality": "bold",
    "run_id": 3,
    "subject_id": "23",
    "task_id": "rah"
  },
  "dummy_trs": 0,
  "dvars_nstd": 21.044736324960635,
  "dvars_std": 1.173521583622048,
  "dvars_vstd": 1.0566701216141732,
  "efc": 0.3867076170694573,
  "fber": 31202.744140625,
  "fd_mean": 0.1429178184872273,
  "fd_num": 18,
  "fd_perc": 7.0588235294117645,
  "fwhm_avg": 2.834308768610367,
  "fwhm_x": 2.7239,
  "fwhm_y": 3.0405,
  "fwhm_z": 2.7385263058311016,
  "gcor": 0.0229719,
  "gsr_x": 0.005112207029014826,
  "gsr_y": 0.003190965624526143,
  "provenance": {
    "md5sum": "5dd7af742620484dd5be44d536c9d05e",
    "settings": {
      "fd_thres": 0.2,
      "hmc_fsl": false
    },
    "software": "mriqc",
    "version": "0.15.2rc1",
    "webapi_port": null,
    "webapi_url": "https://mriqc.nimh.nih.gov/api/v1"
  },
  "size_t": 255,
  "size_x": 64,
  "size_y": 64,
  "size_z": 35,
  "snr": 2.758738774644971,
  "spacing_tr": 2.0,
  "spacing_x": 4.0,
  "spacing_y": 4.0,
  "spacing_z": 3.999998092651367,
  "summary_bg_k": 110.48558489980216,
  "summary_bg_mad": 12.75037956237793,
  "summary_bg_mean": 36.5704460144043,
  "summary_bg_median": 8.86274528503418,
  "summary_bg_n": 93880.0,
  "summary_bg_p05": 0.019607843831181526,
  "summary_bg_p95": 155.96707458496107,
  "summary_bg_stdv": 96.6845932006836,
  "summary_fg_k": 0.17211941476681103,
  "summary_fg_mad": 594.8084716796875,
  "summary_fg_mean": 1666.3104248046875,
  "summary_fg_median": 1643.09228515625,
  "summary_fg_n": 20852.0,
  "summary_fg_p05": 709.0457550048827,
  "summary_fg_p95": 2659.6305908203126,
  "summary_fg_stdv": 595.5811767578125,
  "tsnr": 51.61064147949219
}