{
  "aor": 0.0011665999999999998,
  "aqi": 0.001599081748,
  "bids_meta": {
    "AcquisitionDateTime": "2017-07-11T18:24:20.000000",
    "ConversionSoftware": "dcm2niix",
    "ConversionSoftwareVersion": "v1.0.20170411 GCC4.8.4",
    "EchoTime": 0.035,
    "FlipAngle": 90,
    "ImageType": [
      "ORIGINAL",
      "PRIMARY",
      "EPI",
      "NONE"
    ],
    "MagneticFieldStrength": 3,
    "Manufacturer": "GE",
    "ManufacturersModelName": "DISCOVERY_MR750",
    "ProcedureStepDescription": "CompMet",
    "ProtocolName": "fMRI_CompMet",
    "RepetitionTime": 2,
    "ScanningSequence": "EP_GR",
    "SequenceVariant": "SS",
    "SeriesDescription": "fMRI_CompMet",
    "dataset": "unknown",
    "modality": "bold",
    "run_id": 2,
    "subject_id": "73",
    "task_id": "cm"
  },
  "dummy_trs": 0,
  "dvars_nstd": 13.135407489879526,
  "dvars_std": 1.0879720795983938,
  "dvars_vstd": 0.9391319155020078,
  "efc": 0.3434050840717354,
  "fber": 98989.6875,
  "fd_mean": 0.06904486036906153,
  "fd_num": 7,
  "fd_perc": 2.8,
  "fwhm_avg": 2.8107249999999997,
  "fwhm_x": 2.7146,
  "fwhm_y": 2.954475,
  "fwhm_z": 2.7631,
  "gcor": 0.0169196,
  "gsr_x": 0.0012155851582065225,
  "gsr_y": -3.791071867453866e-05,
  "provenance": {
    "md5sum": "25990849dc3dbe8c7f02031ad5f55337",
    "settings": {
      "fd_thres": 0.2,
      "hmc_fsl": false
    },
    "software": "mriqc",
    "version": "0.15.2rc1",
    "webapi_port": null,
    "webapi_url": "https://mriqc.nimh.nih.gov/api/v1"
  },
  "size_t": 250,
  "size_x": 64,
  "size_y": 64,
  "size_z": 34,
  "snr": 3.2699684496484562,
  "spacing_tr": 2.0,
  "spacing_x": 4.0,
  "spacing_y": 4.0,
  "spacing_z": 4.0,
  "summary_bg_k": 150.86893724917965,
  "summary_bg_mad": 8.691014289855957,
  "summary_bg_mean": 25.55868148803711,
  "summary_bg_median": 6.498000144958496,
  "summary_bg_n": 95252.0,
  "summary_bg_p05": 0.18400001525878906,
  "summary_bg_p95": 94.40940742492671,
  "summary_bg_stdv": 86.63636016845703,
  "summary_fg_k": 0.6528498268941862,
  "summary_fg_mad": 538.4190063476562,
  "summary_fg_mean": 2047.3369140625,
  "summary_fg_median": 2036.338134765625,
  "summary_fg_n": 17174.0,
  "summary_fg_p05": 983.4686584472656,
  "summary_fg_p95": 3077.9750366210924,
  "summary_fg_stdv": 622.7212524414062,
  "tsnr": 82.49331665039062
}