{
  "aor": 0.00080864,
  "aqi": 0.0009118586479999999,
  "bids_meta": {
    "AcquisitionDateTime": "2017-07-11T18:13:45.000000",
    "ConversionSoftware": "dcm2niix",
    "ConversionSoftwareVersion": "v1.0.20170411 GCC4.8.4",
    "EchoTime": 0.035,
    "FlipAngle": 90,
    "ImageType": [
      "ORIGINAL",
      "PRIMARY",
      "EPI",
      "NONE"
    ],
    "MagneticFieldStrength": 3,
    "Manufacturer": "GE",
    "ManufacturersModelName": "DISCOVERY_MR750",
    "ProcedureStepDescription": "CompMet",
    "ProtocolName": "fMRI_CompMet",
    "RepetitionTime": 2,
    "ScanningSequence": "EP_GR",
    "SequenceVariant": "SS",
    "SeriesDescription": "fMRI_CompMet",
    "dataset": "unknown",
    "modality": "bold",
    "run_id": 1,
    "subject_id": "73",
    "task_id": "cm"
  },
  "dummy_trs": 0,
  "dvars_nstd": 12.798198068112447,
  "dvars_std": 1.144483940963855,
  "dvars_vstd": 0.991367869116466,
  "efc": 0.34547845562493984,
  "fber": 95492.90625,
  "fd_mean": 0.04664215187950295,
  "fd_num": 0,
  "fd_perc": 0.0,
  "fwhm_avg": 2.8398833333333333,
  "fwhm_x": 2.748325,
  "fwhm_y": 2.99595,
  "fwhm_z": 2.775375,
  "gcor": 0.0642405,
  "gsr_x": 0.00037840285222046077,
  "gsr_y": -0.0003538245218805969,
  "provenance": {
    "md5sum": "0b3c2156d9fca486084ecc90612d1bf0",
    "settings": {
      "fd_thres": 0.2,
      "hmc_fsl": false
    },
    "software": "mriqc",
    "version": "0.15.2rc1",
    "webapi_port": null,
    "webapi_url": "https://mriqc.nimh.nih.gov/api/v1"
  },
  "size_t": 250,
  "size_x": 64,
  "size_y": 64,
  "size_z": 34,
  "snr": 3.22401230679268,
  "spacing_tr": 2.0,
  "spacing_x": 4.0,
  "spacing_y": 4.0,
  "spacing_z": 4.0,
  "summary_bg_k": 149.96997768799847,
  "summary_bg_mad": 8.895614624023438,
  "summary_bg_mean": 26.59759521484375,
  "summary_bg_median": 6.62000036239624,
  "summary_bg_n": 95176.0,
  "summary_bg_p05": 0.1720000058412552,
  "summary_bg_p95": 97.91600799560547,
  "summary_bg_stdv": 89.4094467163086,
  "summary_fg_k": 0.6083307909288669,
  "summary_fg_mad": 540.3846435546875,
  "summary_fg_mean": 2045.3623046875,
  "summary_fg_median": 2034.692138671875,
  "summary_fg_n": 17365.0,
  "summary_fg_p05": 950.4688476562501,
  "summary_fg_p95": 3090.5896972656246,
  "summary_fg_stdv": 631.08740234375,
  "tsnr": 98.90158081054688
}