{
  "aor": 0.0013442333333333334,
  "aqi": 0.0016962809799999997,
  "bids_meta": {
    "AcquisitionDateTime": "2016-09-19T19:16:49.000000",
    "ConversionSoftware": "dcm2niix",
    "ConversionSoftwareVersion": "v1.0.20170411 GCC4.8.4",
    "EchoTime": 0.04,
    "FlipAngle": 90,
    "ImageType": [
      "ORIGINAL",
      "PRIMARY",
      "EPI",
      "NONE"
    ],
    "MagneticFieldStrength": 3,
    "Manufacturer": "GE",
    "ManufacturersModelName": "DISCOVERY_MR750",
    "ProcedureStepDescription": "MeditResp",
    "ProtocolName": "fMRI_RestSt",
    "RepetitionTime": 2,
    "ScanningSequence": "EP_GR",
    "SequenceVariant": "SS",
    "SeriesDescription": "fMRI_RestSt",
    "dataset": "unknown",
    "modality": "bold",
    "subject_id": "93",
    "task_id": "rest"
  },
  "dummy_trs": 0,
  "dvars_nstd": 18.16701118137125,
  "dvars_std": 1.1417550286956524,
  "dvars_vstd": 0.9970727984280924,
  "efc": 0.34374475422029366,
  "fber": 115761.71875,
  "fd_mean": 0.1112740186644519,
  "fd_num": 30,
  "fd_perc": 10.0,
  "fwhm_avg": 2.8460750000000004,
  "fwhm_x": 2.70935,
  "fwhm_y": 3.0486,
  "fwhm_z": 2.780275,
  "gcor": 0.0462948,
  "gsr_x": -0.006159781012684107,
  "gsr_y": 0.004558221902698278,
  "provenance": {
    "md5sum": "4077289b7bd6e18c0706ea85f9d8c8f2",
    "settings": {
      "fd_thres": 0.2,
      "hmc_fsl": false
    },
    "software": "mriqc",
    "version": "0.15.2rc1",
    "webapi_port": null,
    "webapi_url": "https://mriqc.nimh.nih.gov/api/v1"
  },
  "size_t": 300,
  "size_x": 64,
  "size_y": 64,
  "size_z": 34,
  "snr": 3.0259867868841424,
  "spacing_tr": 2.0,
  "spacing_x": 4.0,
  "spacing_y": 4.0,
  "spacing_z": 4.0,
  "summary_bg_k": 279.0055032767675,
  "summary_bg_mad": 6.553102016448975,
  "summary_bg_mean": 19.418806076049805,
  "summary_bg_median": 5.163333415985107,
  "summary_bg_n": 94355.0,
  "summary_bg_p05": 0.24000000953674316,
  "summary_bg_p95": 71.87433700561525,
  "summary_bg_stdv": 71.27877807617188,
  "summary_fg_k": -0.008503769360391988,
  "summary_fg_mad": 544.0903930664062,
  "summary_fg_mean": 1767.2733154296875,
  "summary_fg_median": 1784.15673828125,
  "summary_fg_n": 17595.0,
  "summary_fg_p05": 731.0163391113281,
  "summary_fg_p95": 2733.4907226562495,
  "summary_fg_stdv": 589.5947875976562,
  "tsnr": 69.17310333251953
}