{
  "aor": 0.0021647555555555555,
  "aqi": 0.0017089854844444445,
  "bids_meta": {
    "AcquisitionDateTime": "2017-01-17T18:58:54.000000",
    "ConversionSoftware": "dcm2niix",
    "ConversionSoftwareVersion": "v1.0.20170411 GCC4.8.4",
    "EchoTime": 0.04,
    "FlipAngle": 90,
    "ImageType": [
      "ORIGINAL",
      "PRIMARY",
      "EPI",
      "NONE"
    ],
    "MagneticFieldStrength": 3,
    "Manufacturer": "GE",
    "ManufacturersModelName": "DISCOVERY_MR750",
    "ProcedureStepDescription": "CompRefranes",
    "ProtocolName": "fMRI_Comprension_2",
    "RepetitionTime": 2,
    "ScanningSequence": "EP_GR",
    "SequenceVariant": "SS",
    "SeriesDescription": "fMRI_Comprension_2",
    "dataset": "unknown",
    "modality": "bold",
    "run_id": 2,
    "subject_id": "47",
    "task_id": "cr"
  },
  "dummy_trs": 0,
  "dvars_nstd": 21.293523950401784,
  "dvars_std": 1.2067941331249998,
  "dvars_vstd": 1.0189834670982145,
  "efc": 0.36112813839273533,
  "fber": 81017.40625,
  "fd_mean": 0.09208076406754005,
  "fd_num": 6,
  "fd_perc": 2.6666666666666665,
  "fwhm_avg": 2.8133250000000003,
  "fwhm_x": 2.70405,
  "fwhm_y": 3.010725,
  "fwhm_z": 2.7252,
  "gcor": 0.0407582,
  "gsr_x": -0.0038589290343225002,
  "gsr_y": 0.008693881332874298,
  "provenance": {
    "md5sum": "a20426197efdf1825b2980068df33c95",
    "settings": {
      "fd_thres": 0.2,
      "hmc_fsl": false
    },
    "software": "mriqc",
    "version": "0.15.2rc1",
    "webapi_port": null,
    "webapi_url": "https://mriqc.nimh.nih.gov/api/v1"
  },
  "size_t": 225,
  "size_x": 64,
  "size_y": 64,
  "size_z": 34,
  "snr": 2.7237135234025978,
  "spacing_tr": 2.0,
  "spacing_x": 4.0,
  "spacing_y": 4.0,
  "spacing_z": 4.0,
  "summary_bg_k": 79.20879171823672,
  "summary_bg_mad": 8.151018142700195,
  "summary_bg_mean": 26.24193572998047,
  "summary_bg_median": 6.035555839538574,
  "summary_bg_n": 92764.0,
  "summary_bg_p05": 0.12444444745779037,
  "summary_bg_p95": 117.36022224426219,
  "summary_bg_stdv": 77.7931137084961,
  "summary_fg_k": 0.05466280391948519,
  "summary_fg_mad": 601.7256469726562,
  "summary_fg_mean": 1803.4227294921875,
  "summary_fg_median": 1762.993408203125,
  "summary_fg_n": 18800.0,
  "summary_fg_p05": 721.8471008300781,
  "summary_fg_p95": 2931.5299316406254,
  "summary_fg_stdv": 647.2584228515625,
  "tsnr": 64.79345703125
}