{
  "aor": 0.0013991774891774895,
  "aqi": 0.001880353064935065,
  "bids_meta": {
    "AcquisitionDateTime": "2017-01-17T18:49:21.000000",
    "ConversionSoftware": "dcm2niix",
    "ConversionSoftwareVersion": "v1.0.20170411 GCC4.8.4",
    "EchoTime": 0.04,
    "FlipAngle": 90,
    "ImageType": [
      "ORIGINAL",
      "PRIMARY",
      "EPI",
      "NONE"
    ],
    "MagneticFieldStrength": 3,
    "Manufacturer": "GE",
    "ManufacturersModelName": "DISCOVERY_MR750",
    "ProcedureStepDescription": "CompRefranes",
    "ProtocolName": "fMRI_Comprension_1",
    "RepetitionTime": 2,
    "ScanningSequence": "EP_GR",
    "SequenceVariant": "SS",
    "SeriesDescription": "fMRI_Comprension_1",
    "dataset": "unknown",
    "modality": "bold",
    "run_id": 1,
    "subject_id": "47",
    "task_id": "cr"
  },
  "dummy_trs": 0,
  "dvars_nstd": 22.255390366086967,
  "dvars_std": 1.1900258209130437,
  "dvars_vstd": 0.991911867956522,
  "efc": 0.36043153703026,
  "fber": 82176.578125,
  "fd_mean": 0.09838222083665721,
  "fd_num": 8,
  "fd_perc": 3.463203463203463,
  "fwhm_avg": 2.8104666666666667,
  "fwhm_x": 2.7018,
  "fwhm_y": 3.00705,
  "fwhm_z": 2.72255,
  "gcor": 0.0371644,
  "gsr_x": -0.0038688851054757833,
  "gsr_y": 0.008120883256196976,
  "provenance": {
    "md5sum": "699a99d16b21a9982749cbdf40049c7c",
    "settings": {
      "fd_thres": 0.2,
      "hmc_fsl": false
    },
    "software": "mriqc",
    "version": "0.15.2rc1",
    "webapi_port": null,
    "webapi_url": "https://mriqc.nimh.nih.gov/api/v1"
  },
  "size_t": 231,
  "size_x": 64,
  "size_y": 64,
  "size_z": 34,
  "snr": 2.767300588559198,
  "spacing_tr": 2.0,
  "spacing_x": 4.0,
  "spacing_y": 4.0,
  "spacing_z": 4.0,
  "summary_bg_k": 73.41749203757227,
  "summary_bg_mad": 8.106176376342773,
  "summary_bg_mean": 26.008583068847656,
  "summary_bg_median": 6.0,
  "summary_bg_n": 92847.0,
  "summary_bg_p05": 0.12554112076759338,
  "summary_bg_p95": 116.07013168334942,
  "summary_bg_stdv": 77.50897979736328,
  "summary_fg_k": 0.054063747136989804,
  "summary_fg_mad": 595.4445190429688,
  "summary_fg_mean": 1811.23486328125,
  "summary_fg_median": 1771.1904296875,
  "summary_fg_n": 18730.0,
  "summary_fg_p05": 755.141357421875,
  "summary_fg_p95": 2929.922717285156,
  "summary_fg_stdv": 640.0255737304688,
  "tsnr": 62.94561767578125
}