{
  "aor": 0.007719234234234235,
  "aqi": 0.0025245796216216217,
  "bids_meta": {
    "AcquisitionDateTime": "2017-01-17T19:16:5.000000",
    "ConversionSoftware": "dcm2niix",
    "ConversionSoftwareVersion": "v1.0.20170411 GCC4.8.4",
    "EchoTime": 0.04,
    "FlipAngle": 90,
    "ImageType": [
      "ORIGINAL",
      "PRIMARY",
      "EPI",
      "NONE"
    ],
    "MagneticFieldStrength": 3,
    "Manufacturer": "GE",
    "ManufacturersModelName": "DISCOVERY_MR750",
    "ProcedureStepDescription": "CompRefranes",
    "ProtocolName": "fMRI_Comprension_4",
    "RepetitionTime": 2,
    "ScanningSequence": "EP_GR",
    "SequenceVariant": "SS",
    "SeriesDescription": "fMRI_Comprension_4",
    "dataset": "unknown",
    "modality": "bold",
    "run_id": 4,
    "subject_id": "47",
    "task_id": "cr"
  },
  "dummy_trs": 0,
  "dvars_nstd": 22.689231199728507,
  "dvars_std": 1.2394529342081444,
  "dvars_vstd": 1.0451667512217198,
  "efc": 0.3628515660112799,
  "fber": 83967.203125,
  "fd_mean": 0.1357707047452005,
  "fd_num": 10,
  "fd_perc": 4.504504504504505,
  "fwhm_avg": 2.844583333333333,
  "fwhm_x": 2.7336,
  "fwhm_y": 3.04025,
  "fwhm_z": 2.7599,
  "gcor": 0.0304955,
  "gsr_x": -0.004253499675542116,
  "gsr_y": 0.009503067471086979,
  "provenance": {
    "md5sum": "62eaa9d386541a8f3bd6258d7b0a4efe",
    "settings": {
      "fd_thres": 0.2,
      "hmc_fsl": false
    },
    "software": "mriqc",
    "version": "0.15.2rc1",
    "webapi_port": null,
    "webapi_url": "https://mriqc.nimh.nih.gov/api/v1"
  },
  "size_t": 222,
  "size_x": 64,
  "size_y": 64,
  "size_z": 34,
  "snr": 2.692647406350144,
  "spacing_tr": 2.0,
  "spacing_x": 4.0,
  "spacing_y": 4.0,
  "spacing_z": 4.0,
  "summary_bg_k": 77.84238507564956,
  "summary_bg_mad": 8.014066696166992,
  "summary_bg_mean": 26.688199996948242,
  "summary_bg_median": 5.941441535949707,
  "summary_bg_n": 92452.0,
  "summary_bg_p05": 0.13513514399528503,
  "summary_bg_p95": 121.36936950683594,
  "summary_bg_stdv": 78.48844146728516,
  "summary_fg_k": 0.11329257979865792,
  "summary_fg_mad": 605.3792724609375,
  "summary_fg_mean": 1809.9713134765625,
  "summary_fg_median": 1768.0225830078125,
  "summary_fg_n": 19092.0,
  "summary_fg_p05": 721.9829132080079,
  "summary_fg_p95": 2957.83095703125,
  "summary_fg_stdv": 656.5940551757812,
  "tsnr": 55.665306091308594
}