{
  "aor": 0.0014847555555555555,
  "aqi": 0.001875748253333333,
  "bids_meta": {
    "AcquisitionDateTime": "2017-01-17T19:07:51.000000",
    "ConversionSoftware": "dcm2niix",
    "ConversionSoftwareVersion": "v1.0.20170411 GCC4.8.4",
    "EchoTime": 0.04,
    "FlipAngle": 90,
    "ImageType": [
      "ORIGINAL",
      "PRIMARY",
      "EPI",
      "NONE"
    ],
    "MagneticFieldStrength": 3,
    "Manufacturer": "GE",
    "ManufacturersModelName": "DISCOVERY_MR750",
    "ProcedureStepDescription": "CompRefranes",
    "ProtocolName": "fMRI_Comprension_3",
    "RepetitionTime": 2,
    "ScanningSequence": "EP_GR",
    "SequenceVariant": "SS",
    "SeriesDescription": "fMRI_Comprension_3",
    "dataset": "unknown",
    "modality": "bold",
    "run_id": 3,
    "subject_id": "47",
    "task_id": "cr"
  },
  "dummy_trs": 0,
  "dvars_nstd": 21.022494712410722,
  "dvars_std": 1.1897641370089282,
  "dvars_vstd": 1.0148494383928577,
  "efc": 0.3601455280816894,
  "fber": 82204.09375,
  "fd_mean": 0.09376577623996073,
  "fd_num": 2,
  "fd_perc": 0.8888888888888888,
  "fwhm_avg": 2.827033333333334,
  "fwhm_x": 2.727425,
  "fwhm_y": 3.0083,
  "fwhm_z": 2.745375,
  "gcor": 0.0417203,
  "gsr_x": -0.0037571596913039684,
  "gsr_y": 0.009225170128047466,
  "provenance": {
    "md5sum": "6dbed10f885c9a9f3340eea7d703d54d",
    "settings": {
      "fd_thres": 0.2,
      "hmc_fsl": false
    },
    "software": "mriqc",
    "version": "0.15.2rc1",
    "webapi_port": null,
    "webapi_url": "https://mriqc.nimh.nih.gov/api/v1"
  },
  "size_t": 225,
  "size_x": 64,
  "size_y": 64,
  "size_z": 34,
  "snr": 2.6607132317975735,
  "spacing_tr": 2.0,
  "spacing_x": 4.0,
  "spacing_y": 4.0,
  "spacing_z": 4.0,
  "summary_bg_k": 84.31156842182507,
  "summary_bg_mad": 8.098302841186523,
  "summary_bg_mean": 26.587465286254883,
  "summary_bg_median": 6.004444599151611,
  "summary_bg_n": 92902.0,
  "summary_bg_p05": 0.13333334028720856,
  "summary_bg_p95": 120.71533851623533,
  "summary_bg_stdv": 79.88946533203125,
  "summary_fg_k": 0.11183383605586883,
  "summary_fg_mad": 605.4022827148438,
  "summary_fg_mean": 1801.6036376953125,
  "summary_fg_median": 1759.34228515625,
  "summary_fg_n": 18783.0,
  "summary_fg_p05": 705.519580078125,
  "summary_fg_p95": 2961.806787109374,
  "summary_fg_stdv": 661.2119750976562,
  "tsnr": 65.26274871826172
}