{
  "aor": 0.0024122988505747124,
  "aqi": 0.0014655217777777777,
  "bids_meta": {
    "AcquisitionDateTime": "2017-02-07T18:56:11.000000",
    "ConversionSoftware": "dcm2niix",
    "ConversionSoftwareVersion": "v1.0.20170411 GCC4.8.4",
    "EchoTime": 0.04,
    "FlipAngle": 90,
    "ImageType": [
      "ORIGINAL",
      "PRIMARY",
      "EPI",
      "NONE"
    ],
    "MagneticFieldStrength": 3,
    "Manufacturer": "GE",
    "ManufacturersModelName": "DISCOVERY_MR750",
    "ProcedureStepDescription": "ActosHabla",
    "ProtocolName": "fMRI_ActosHabla_1",
    "RepetitionTime": 2,
    "ScanningSequence": "EP_GR",
    "SequenceVariant": "SS",
    "SeriesDescription": "fMRI_ActosHabla_1",
    "dataset": "unknown",
    "modality": "bold",
    "run_id": 1,
    "subject_id": "15",
    "task_id": "rah"
  },
  "dummy_trs": 0,
  "dvars_nstd": 17.21372153553846,
  "dvars_std": 1.1786232732307695,
  "dvars_vstd": 1.0032194675384618,
  "efc": 0.37451686897063174,
  "fber": 70470.921875,
  "fd_mean": 0.0842945325552323,
  "fd_num": 13,
  "fd_perc": 4.980842911877395,
  "fwhm_avg": 2.805275,
  "fwhm_x": 2.610675,
  "fwhm_y": 3.03925,
  "fwhm_z": 2.7659,
  "gcor": 0.0471252,
  "gsr_x": 0.0013882667990401387,
  "gsr_y": 0.00623305793851614,
  "provenance": {
    "md5sum": "3ea881c69d60b32a0450a5038a492563",
    "settings": {
      "fd_thres": 0.2,
      "hmc_fsl": false
    },
    "software": "mriqc",
    "version": "0.15.2rc1",
    "webapi_port": null,
    "webapi_url": "https://mriqc.nimh.nih.gov/api/v1"
  },
  "size_t": 261,
  "size_x": 64,
  "size_y": 64,
  "size_z": 35,
  "snr": 2.9803521218606246,
  "spacing_tr": 2.0,
  "spacing_x": 4.0,
  "spacing_y": 4.0,
  "spacing_z": 4.0,
  "summary_bg_k": 336.2435281744134,
  "summary_bg_mad": 9.935139656066895,
  "summary_bg_mean": 27.280555725097656,
  "summary_bg_median": 7.072796821594238,
  "summary_bg_n": 93724.0,
  "summary_bg_p05": 0.06896551698446274,
  "summary_bg_p95": 111.00631828308076,
  "summary_bg_stdv": 75.52118682861328,
  "summary_fg_k": 0.008651064494988425,
  "summary_fg_mad": 603.544189453125,
  "summary_fg_mean": 1925.16357421875,
  "summary_fg_median": 1906.59765625,
  "summary_fg_n": 21060.0,
  "summary_fg_p05": 827.0558990478517,
  "summary_fg_p95": 2994.603344726562,
  "summary_fg_stdv": 639.7070922851562,
  "tsnr": 77.22938537597656
}