{
  "bids_meta": {
    "AcquisitionDateTime": "2017-06-27T21:00:20.000000",
    "ConversionSoftware": "dcm2niix",
    "ConversionSoftwareVersion": "v1.0.20170411 GCC4.8.4",
    "EchoTime": 0.00318,
    "FlipAngle": 12,
    "ImageType": [
      "DERIVED",
      "PRIMARY",
      "OTHER"
    ],
    "InversionTime": 0.45,
    "MagneticFieldStrength": 3,
    "Manufacturer": "GE",
    "ManufacturersModelName": "DISCOVERY_MR750",
    "ProcedureStepDescription": "CompMet",
    "ProtocolName": "PU:Sag_T1_FSPGR_BRAVO",
    "RepetitionTime": 0.008156,
    "ScanningSequence": "GR",
    "SequenceVariant": "SS_SP_SK",
    "SeriesDescription": "PU:Sag_T1_FSPGR_BRAVO",
    "dataset": "unknown",
    "modality": "T1w",
    "subject_id": "66"
  },
  "cjv": 0.39675771808396765,
  "cnr": 3.2324020399710776,
  "efc": 0.7362760588722955,
  "fber": 4703.3564453125,
  "fwhm_avg": 3.55803,
  "fwhm_x": 3.64441,
  "fwhm_y": 3.67573,
  "fwhm_z": 3.35395,
  "icvs_csf": 0.1984513517844097,
  "icvs_gm": 0.443299232605204,
  "icvs_wm": 0.3582494156103863,
  "inu_med": 1.5191617012023926,
  "inu_range": 0.3998687505722045,
  "provenance": {
    "md5sum": "17f8e95d209358292001413b614afbc3",
    "settings": {
      "testing": false
    },
    "software": "mriqc",
    "version": "0.15.2rc1",
    "warnings": {
      "large_rot_frame": true,
      "small_air_mask": false
    },
    "webapi_port": null,
    "webapi_url": "https://mriqc.nimh.nih.gov/api/v1"
  },
  "qi_1": 0.0,
  "qi_2": 0.003133347352168324,
  "rpve_csf": 23.585382151614958,
  "rpve_gm": 11.635454623705277,
  "rpve_wm": 16.988209380284196,
  "size_x": 176,
  "size_y": 256,
  "size_z": 256,
  "snr_csf": 3.008324140865447,
  "snr_gm": 10.57945789226317,
  "snr_total": 11.0163392480545,
  "snr_wm": 19.46123571103488,
  "snrd_csf": 39.149508334551214,
  "snrd_gm": 85.45886624956617,
  "snrd_total": 81.05149544375796,
  "snrd_wm": 118.54611174715649,
  "spacing_x": 1.0,
  "spacing_y": 1.0,
  "spacing_z": 1.0,
  "summary_bg_k": 8.00729399931093,
  "summary_bg_mad": 5.526442050933838,
  "summary_bg_mean": 9.748184204101562,
  "summary_bg_median": 3.7275283336639404,
  "summary_bg_n": 465237.0,
  "summary_bg_p05": 0.0,
  "summary_bg_p95": 37.28665161132812,
  "summary_bg_stdv": 13.134936332702637,
  "summary_csf_k": 0.2688170922419246,
  "summary_csf_mad": 94.89518737792969,
  "summary_csf_mean": 356.65545654296875,
  "summary_csf_median": 330.2480163574219,
  "summary_csf_n": 16273.0,
  "summary_csf_p05": 218.062255859375,
  "summary_csf_p95": 573.0114135742188,
  "summary_csf_stdv": 109.77469635009766,
  "summary_gm_k": 0.7277345282240648,
  "summary_gm_mad": 62.44756317138672,
  "summary_gm_mean": 725.5508422851562,
  "summary_gm_median": 720.8933715820312,
  "summary_gm_n": 26909.0,
  "summary_gm_p05": 622.9830200195313,
  "summary_gm_p95": 846.9224609375,
  "summary_gm_stdv": 68.13959503173828,
  "summary_wm_k": 0.46160051760983034,
  "summary_wm_mad": 48.291259765625,
  "summary_wm_mean": 1000.4705810546875,
  "summary_wm_median": 1000.0028076171875,
  "summary_wm_n": 216102.0,
  "summary_wm_p05": 916.3387847900391,
  "summary_wm_p95": 1085.762121582031,
  "summary_wm_stdv": 51.38422393798828,
  "tpm_overlap_csf": 0.209111288189888,
  "tpm_overlap_gm": 0.5067617297172546,
  "tpm_overlap_wm": 0.5502557158470154,
  "wm2max": 0.42764132234375674
}