{
  "aor": 0.004276062992125985,
  "aqi": 0.002775272562992126,
  "bids_meta": {
    "AcquisitionDateTime": "2016-05-02T19:38:17.000000",
    "ConversionSoftware": "dcm2niix",
    "ConversionSoftwareVersion": "v1.0.20170411 GCC4.8.4",
    "EchoTime": 0.04,
    "FlipAngle": 90,
    "ImageType": [
      "ORIGINAL",
      "PRIMARY",
      "EPI",
      "NONE"
    ],
    "MagneticFieldStrength": 3,
    "Manufacturer": "GE",
    "ManufacturersModelName": "DISCOVERY_MR750",
    "ProcedureStepDescription": "ActosHabla",
    "ProtocolName": "fMRI_ActosHabla_2",
    "RepetitionTime": 2,
    "ScanningSequence": "EP_GR",
    "SequenceVariant": "SS",
    "SeriesDescription": "fMRI_ActosHabla_2",
    "dataset": "unknown",
    "modality": "bold",
    "run_id": 2,
    "subject_id": "02",
    "task_id": "rah"
  },
  "dummy_trs": 0,
  "dvars_nstd": 17.011382054110666,
  "dvars_std": 1.0761937248221338,
  "dvars_vstd": 0.971772247114625,
  "efc": 0.3357678905988414,
  "fber": 72672.6328125,
  "fd_mean": 0.07575402542984332,
  "fd_num": 11,
  "fd_perc": 4.330708661417323,
  "fwhm_avg": 2.778658333333334,
  "fwhm_x": 2.6777,
  "fwhm_y": 2.957425,
  "fwhm_z": 2.70085,
  "gcor": 0.0460451,
  "gsr_x": -0.003601141506806016,
  "gsr_y": 0.003850729903206229,
  "provenance": {
    "md5sum": "dd49e4488ad8e0784075d5fd7f39154e",
    "settings": {
      "fd_thres": 0.2,
      "hmc_fsl": false
    },
    "software": "mriqc",
    "version": "0.15.2rc1",
    "webapi_port": null,
    "webapi_url": "https://mriqc.nimh.nih.gov/api/v1"
  },
  "size_t": 254,
  "size_x": 64,
  "size_y": 64,
  "size_z": 35,
  "snr": 3.2612566337022995,
  "spacing_tr": 2.0,
  "spacing_x": 4.0,
  "spacing_y": 4.0,
  "spacing_z": 4.0,
  "summary_bg_k": 286.7283054427084,
  "summary_bg_mad": 9.52601146697998,
  "summary_bg_mean": 23.02171516418457,
  "summary_bg_median": 6.937007904052734,
  "summary_bg_n": 99427.0,
  "summary_bg_p05": 0.08661417663097382,
  "summary_bg_p95": 82.97874145507802,
  "summary_bg_stdv": 72.23023223876953,
  "summary_fg_k": 0.40159872342535285,
  "summary_fg_mad": 507.7066650390625,
  "summary_fg_mean": 1853.31884765625,
  "summary_fg_median": 1828.81494140625,
  "summary_fg_n": 16646.0,
  "summary_fg_p05": 935.6269836425781,
  "summary_fg_p95": 2817.5423583984375,
  "summary_fg_stdv": 560.753173828125,
  "tsnr": 65.10015106201172
}