{
  "aor": 0.0070773180076628365,
  "aqi": 0.006310519731800766,
  "bids_meta": {
    "AcquisitionDateTime": "2016-05-02T19:28:8.000000",
    "ConversionSoftware": "dcm2niix",
    "ConversionSoftwareVersion": "v1.0.20170411 GCC4.8.4",
    "EchoTime": 0.04,
    "FlipAngle": 90,
    "ImageType": [
      "ORIGINAL",
      "PRIMARY",
      "EPI",
      "NONE"
    ],
    "MagneticFieldStrength": 3,
    "Manufacturer": "GE",
    "ManufacturersModelName": "DISCOVERY_MR750",
    "ProcedureStepDescription": "ActosHabla",
    "ProtocolName": "fMRI_ActosHabla_1",
    "RepetitionTime": 2,
    "ScanningSequence": "EP_GR",
    "SequenceVariant": "SS",
    "SeriesDescription": "fMRI_ActosHabla_1",
    "dataset": "unknown",
    "modality": "bold",
    "run_id": 1,
    "subject_id": "02",
    "task_id": "rah"
  },
  "dummy_trs": 0,
  "dvars_nstd": 20.695155628,
  "dvars_std": 0.9136469482692311,
  "dvars_vstd": 0.8782766855769232,
  "efc": 0.33721641272560315,
  "fber": 70606.96875,
  "fd_mean": 0.14729674442172513,
  "fd_num": 49,
  "fd_perc": 18.773946360153257,
  "fwhm_avg": 2.833375,
  "fwhm_x": 2.7233,
  "fwhm_y": 3.017025,
  "fwhm_z": 2.7598,
  "gcor": 0.034003,
  "gsr_x": -0.003440152620896697,
  "gsr_y": 0.0028579114004969597,
  "provenance": {
    "md5sum": "52683b665b8b2937f8bdae7f61312681",
    "settings": {
      "fd_thres": 0.2,
      "hmc_fsl": false
    },
    "software": "mriqc",
    "version": "0.15.2rc1",
    "webapi_port": null,
    "webapi_url": "https://mriqc.nimh.nih.gov/api/v1"
  },
  "size_t": 261,
  "size_x": 64,
  "size_y": 64,
  "size_z": 35,
  "snr": 3.253583597459119,
  "spacing_tr": 2.0,
  "spacing_x": 4.0,
  "spacing_y": 4.0,
  "spacing_z": 4.0,
  "summary_bg_k": 249.53033132648378,
  "summary_bg_mad": 9.651116371154785,
  "summary_bg_mean": 23.734270095825195,
  "summary_bg_median": 7.011494159698486,
  "summary_bg_n": 99328.0,
  "summary_bg_p05": 0.1072796881198883,
  "summary_bg_p95": 86.27586364746094,
  "summary_bg_stdv": 71.97185516357422,
  "summary_fg_k": 0.2705286279910122,
  "summary_fg_mad": 523.915283203125,
  "summary_fg_mean": 1839.9488525390625,
  "summary_fg_median": 1829.2030029296875,
  "summary_fg_n": 16767.0,
  "summary_fg_p05": 907.7808288574219,
  "summary_fg_p95": 2783.2427978515625,
  "summary_fg_stdv": 562.1950073242188,
  "tsnr": 37.81953430175781
}