{
  "aor": 0.003408117647058824,
  "aqi": 0.0029506874901960786,
  "bids_meta": {
    "AcquisitionDateTime": "2016-05-02T19:49:11.000000",
    "ConversionSoftware": "dcm2niix",
    "ConversionSoftwareVersion": "v1.0.20170411 GCC4.8.4",
    "EchoTime": 0.04,
    "FlipAngle": 90,
    "ImageType": [
      "ORIGINAL",
      "PRIMARY",
      "EPI",
      "NONE"
    ],
    "MagneticFieldStrength": 3,
    "Manufacturer": "GE",
    "ManufacturersModelName": "DISCOVERY_MR750",
    "ProcedureStepDescription": "ActosHabla",
    "ProtocolName": "fMRI_ActosHabla_3",
    "RepetitionTime": 2,
    "ScanningSequence": "EP_GR",
    "SequenceVariant": "SS",
    "SeriesDescription": "fMRI_ActosHabla_3",
    "dataset": "unknown",
    "modality": "bold",
    "run_id": 3,
    "subject_id": "02",
    "task_id": "rah"
  },
  "dummy_trs": 0,
  "dvars_nstd": 16.47165936011812,
  "dvars_std": 1.0983921222440947,
  "dvars_vstd": 0.9809707216535436,
  "efc": 0.33895689304726506,
  "fber": 68680.78125,
  "fd_mean": 0.07511276589328,
  "fd_num": 12,
  "fd_perc": 4.705882352941177,
  "fwhm_avg": 2.78065,
  "fwhm_x": 2.68015,
  "fwhm_y": 2.96745,
  "fwhm_z": 2.69435,
  "gcor": 0.0482017,
  "gsr_x": -0.0022303371224552393,
  "gsr_y": 0.00301847280934453,
  "provenance": {
    "md5sum": "ddaa2f23c795bda3bc0707df3c5c7c26",
    "settings": {
      "fd_thres": 0.2,
      "hmc_fsl": false
    },
    "software": "mriqc",
    "version": "0.15.2rc1",
    "webapi_port": null,
    "webapi_url": "https://mriqc.nimh.nih.gov/api/v1"
  },
  "size_t": 255,
  "size_x": 64,
  "size_y": 64,
  "size_z": 35,
  "snr": 3.251792326014251,
  "spacing_tr": 2.0,
  "spacing_x": 4.0,
  "spacing_y": 4.0,
  "spacing_z": 4.0,
  "summary_bg_k": 264.3802981048989,
  "summary_bg_mad": 9.779361724853516,
  "summary_bg_mean": 24.3261661529541,
  "summary_bg_median": 7.098039627075195,
  "summary_bg_n": 99233.0,
  "summary_bg_p05": 0.08627451211214066,
  "summary_bg_p95": 92.74274902343691,
  "summary_bg_stdv": 73.47537994384766,
  "summary_fg_k": 0.37515757822870244,
  "summary_fg_mad": 507.6314697265625,
  "summary_fg_mean": 1836.34033203125,
  "summary_fg_median": 1815.1256103515625,
  "summary_fg_n": 16780.0,
  "summary_fg_p05": 912.8814056396485,
  "summary_fg_p95": 2784.9824829101562,
  "summary_fg_stdv": 558.1757202148438,
  "tsnr": 63.479408264160156
}