{
  "aor": 0.0007368333333333334,
  "aqi": 0.002754432766666667,
  "bids_meta": {
    "AcquisitionDateTime": "2017-07-06T19:28:34.000000",
    "ConversionSoftware": "dcm2niix",
    "ConversionSoftwareVersion": "v1.0.20170411 GCC4.8.4",
    "EchoTime": 0.04,
    "FlipAngle": 90,
    "ImageType": [
      "ORIGINAL",
      "PRIMARY",
      "EPI",
      "NONE"
    ],
    "MagneticFieldStrength": 3,
    "Manufacturer": "GE",
    "ManufacturersModelName": "DISCOVERY_MR750",
    "ProcedureStepDescription": "CompMet",
    "ProtocolName": "fMRI_RestState",
    "RepetitionTime": 2,
    "ScanningSequence": "EP_GR",
    "SequenceVariant": "SS",
    "SeriesDescription": "fMRI_RestState",
    "dataset": "unknown",
    "modality": "bold",
    "subject_id": "73",
    "task_id": "rest"
  },
  "dummy_trs": 0,
  "dvars_nstd": 17.38913735729096,
  "dvars_std": 1.137227889765886,
  "dvars_vstd": 0.9643128191973246,
  "efc": 0.3698313884883205,
  "fber": 65790.59375,
  "fd_mean": 0.06010401822016907,
  "fd_num": 1,
  "fd_perc": 0.3333333333333333,
  "fwhm_avg": 2.851741666666667,
  "fwhm_x": 2.6893,
  "fwhm_y": 2.96205,
  "fwhm_z": 2.903875,
  "gcor": 0.109013,
  "gsr_x": -0.005120574496686459,
  "gsr_y": 0.01225263811647892,
  "provenance": {
    "md5sum": "545a891f59a72cb98461f6ca601daecd",
    "settings": {
      "fd_thres": 0.2,
      "hmc_fsl": false
    },
    "software": "mriqc",
    "version": "0.15.2rc1",
    "webapi_port": null,
    "webapi_url": "https://mriqc.nimh.nih.gov/api/v1"
  },
  "size_t": 300,
  "size_x": 64,
  "size_y": 64,
  "size_z": 34,
  "snr": 2.784704423345755,
  "spacing_tr": 2.0,
  "spacing_x": 4.0,
  "spacing_y": 4.0,
  "spacing_z": 4.0,
  "summary_bg_k": 512.5505545243997,
  "summary_bg_mad": 9.879073143005371,
  "summary_bg_mean": 27.38808822631836,
  "summary_bg_median": 7.243333339691162,
  "summary_bg_n": 91060.0,
  "summary_bg_p05": 0.14000000059604645,
  "summary_bg_p95": 100.73683815002443,
  "summary_bg_stdv": 104.24988555908203,
  "summary_fg_k": 0.2202377380970746,
  "summary_fg_mad": 617.1134643554688,
  "summary_fg_mean": 1955.2470703125,
  "summary_fg_median": 1893.3800048828125,
  "summary_fg_n": 20367.0,
  "summary_fg_p05": 862.7326782226562,
  "summary_fg_p95": 3174.141772460938,
  "summary_fg_stdv": 679.9046630859375,
  "tsnr": 58.89735794067383
}