{
  "aor": 0.0008918400000000001,
  "aqi": 0.00120668978,
  "bids_meta": {
    "AcquisitionDateTime": "2017-07-11T19:22:46.000000",
    "ConversionSoftware": "dcm2niix",
    "ConversionSoftwareVersion": "v1.0.20170411 GCC4.8.4",
    "EchoTime": 0.035,
    "FlipAngle": 90,
    "ImageType": [
      "ORIGINAL",
      "PRIMARY",
      "EPI",
      "NONE"
    ],
    "MagneticFieldStrength": 3,
    "Manufacturer": "GE",
    "ManufacturersModelName": "DISCOVERY_MR750",
    "ProcedureStepDescription": "CompMet",
    "ProtocolName": "fMRI_CompMet",
    "RepetitionTime": 2,
    "ScanningSequence": "EP_GR",
    "SequenceVariant": "SS",
    "SeriesDescription": "fMRI_CompMet",
    "dataset": "unknown",
    "modality": "bold",
    "run_id": 2,
    "subject_id": "74",
    "task_id": "cm"
  },
  "dummy_trs": 0,
  "dvars_nstd": 14.29592621293173,
  "dvars_std": 1.1579594428112443,
  "dvars_vstd": 0.992297007389558,
  "efc": 0.3506480480379591,
  "fber": 76281.84375,
  "fd_mean": 0.06490352696342083,
  "fd_num": 3,
  "fd_perc": 1.2,
  "fwhm_avg": 2.802583333333333,
  "fwhm_x": 2.6765,
  "fwhm_y": 2.9074,
  "fwhm_z": 2.82385,
  "gcor": 0.0290003,
  "gsr_x": -0.0040252190083265305,
  "gsr_y": 0.0015321355313062668,
  "provenance": {
    "md5sum": "b06d7de5ba83c9a80b30ee32cf7b367b",
    "settings": {
      "fd_thres": 0.2,
      "hmc_fsl": false
    },
    "software": "mriqc",
    "version": "0.15.2rc1",
    "webapi_port": null,
    "webapi_url": "https://mriqc.nimh.nih.gov/api/v1"
  },
  "size_t": 250,
  "size_x": 64,
  "size_y": 64,
  "size_z": 34,
  "snr": 3.1112468505570954,
  "spacing_tr": 2.0,
  "spacing_x": 4.0,
  "spacing_y": 4.0,
  "spacing_z": 4.0,
  "summary_bg_k": 121.3729369824379,
  "summary_bg_mad": 8.883752822875977,
  "summary_bg_mean": 28.36830711364746,
  "summary_bg_median": 7.0960001945495605,
  "summary_bg_n": 94939.0,
  "summary_bg_p05": 0.4400000274181366,
  "summary_bg_p95": 108.582402038574,
  "summary_bg_stdv": 92.37776184082031,
  "summary_fg_k": 0.5107337580068334,
  "summary_fg_mad": 563.2821655273438,
  "summary_fg_mean": 2047.7388916015625,
  "summary_fg_median": 2015.342041015625,
  "summary_fg_n": 17574.0,
  "summary_fg_p05": 982.5896667480471,
  "summary_fg_p95": 3180.154919433594,
  "summary_fg_stdv": 647.7418212890625,
  "tsnr": 95.61588287353516
}