{
  "aor": 0.0015204400000000003,
  "aqi": 0.0012861274839999998,
  "bids_meta": {
    "AcquisitionDateTime": "2017-07-11T19:12:5.000000",
    "ConversionSoftware": "dcm2niix",
    "ConversionSoftwareVersion": "v1.0.20170411 GCC4.8.4",
    "EchoTime": 0.035,
    "FlipAngle": 90,
    "ImageType": [
      "ORIGINAL",
      "PRIMARY",
      "EPI",
      "NONE"
    ],
    "MagneticFieldStrength": 3,
    "Manufacturer": "GE",
    "ManufacturersModelName": "DISCOVERY_MR750",
    "ProcedureStepDescription": "CompMet",
    "ProtocolName": "fMRI_CompMet",
    "RepetitionTime": 2,
    "ScanningSequence": "EP_GR",
    "SequenceVariant": "SS",
    "SeriesDescription": "fMRI_CompMet",
    "dataset": "unknown",
    "modality": "bold",
    "run_id": 1,
    "subject_id": "74",
    "task_id": "cm"
  },
  "dummy_trs": 0,
  "dvars_nstd": 14.57438334502008,
  "dvars_std": 1.1703380081124501,
  "dvars_vstd": 0.9992208434939759,
  "efc": 0.35095869197900986,
  "fber": 75944.0546875,
  "fd_mean": 0.06157045793507656,
  "fd_num": 1,
  "fd_perc": 0.4,
  "fwhm_avg": 2.815775,
  "fwhm_x": 2.700775,
  "fwhm_y": 2.924925,
  "fwhm_z": 2.821625,
  "gcor": 0.0244618,
  "gsr_x": -0.003979668021202087,
  "gsr_y": 0.0016407358925789595,
  "provenance": {
    "md5sum": "a068f1f8a766ed3a7a06cf0c129cf23d",
    "settings": {
      "fd_thres": 0.2,
      "hmc_fsl": false
    },
    "software": "mriqc",
    "version": "0.15.2rc1",
    "webapi_port": null,
    "webapi_url": "https://mriqc.nimh.nih.gov/api/v1"
  },
  "size_t": 250,
  "size_x": 64,
  "size_y": 64,
  "size_z": 34,
  "snr": 3.092045267397028,
  "spacing_tr": 2.0,
  "spacing_x": 4.0,
  "spacing_y": 4.0,
  "spacing_z": 4.0,
  "summary_bg_k": 134.04943606162058,
  "summary_bg_mad": 8.871891975402832,
  "summary_bg_mean": 28.07404136657715,
  "summary_bg_median": 7.092000484466553,
  "summary_bg_n": 94806.0,
  "summary_bg_p05": 0.4360000193119049,
  "summary_bg_p95": 107.67800712585449,
  "summary_bg_stdv": 91.8529281616211,
  "summary_fg_k": 0.4873533911937997,
  "summary_fg_mad": 564.0413208007812,
  "summary_fg_mean": 2037.4119873046875,
  "summary_fg_median": 2008.1160888671875,
  "summary_fg_n": 17649.0,
  "summary_fg_p05": 952.875244140625,
  "summary_fg_p95": 3157.055322265625,
  "summary_fg_stdv": 649.427490234375,
  "tsnr": 88.16012573242188
}