{
  "aor": 0.0007375333333333333,
  "aqi": 0.0025657074899999997,
  "bids_meta": {
    "AcquisitionDateTime": "2016-09-06T19:53:44.000000",
    "ConversionSoftware": "dcm2niix",
    "ConversionSoftwareVersion": "v1.0.20170411 GCC4.8.4",
    "EchoTime": 0.04,
    "FlipAngle": 90,
    "ImageType": [
      "ORIGINAL",
      "PRIMARY",
      "EPI",
      "NONE"
    ],
    "MagneticFieldStrength": 3,
    "Manufacturer": "GE",
    "ManufacturersModelName": "DISCOVERY_MR750",
    "ProcedureStepDescription": "MeditResp",
    "ProtocolName": "fMRI_RestSt",
    "RepetitionTime": 2,
    "ScanningSequence": "EP_GR",
    "SequenceVariant": "SS",
    "SeriesDescription": "fMRI_RestSt",
    "dataset": "unknown",
    "modality": "bold",
    "subject_id": "113",
    "task_id": "rest"
  },
  "dummy_trs": 0,
  "dvars_nstd": 15.20675093040134,
  "dvars_std": 1.02174204367893,
  "dvars_vstd": 0.9115391007692307,
  "efc": 0.3059524111038963,
  "fber": 107199.6796875,
  "fd_mean": 0.06905097402684263,
  "fd_num": 0,
  "fd_perc": 0.0,
  "fwhm_avg": 2.87205,
  "fwhm_x": 2.8375,
  "fwhm_y": 2.990475,
  "fwhm_z": 2.788175,
  "gcor": 0.0166357,
  "gsr_x": -0.003912568092346191,
  "gsr_y": 0.001163527718745172,
  "provenance": {
    "md5sum": "0725b142b96fc7df762eb508df4bce6c",
    "settings": {
      "fd_thres": 0.2,
      "hmc_fsl": false
    },
    "software": "mriqc",
    "version": "0.15.2rc1",
    "webapi_port": null,
    "webapi_url": "https://mriqc.nimh.nih.gov/api/v1"
  },
  "size_t": 300,
  "size_x": 64,
  "size_y": 64,
  "size_z": 34,
  "snr": 2.711706048506372,
  "spacing_tr": 2.0,
  "spacing_x": 4.0,
  "spacing_y": 4.0,
  "spacing_z": 4.0,
  "summary_bg_k": 331.4542038229771,
  "summary_bg_mad": 7.358649730682373,
  "summary_bg_mean": 17.98699188232422,
  "summary_bg_median": 5.610000133514404,
  "summary_bg_n": 99162.0,
  "summary_bg_p05": 0.1599999964237213,
  "summary_bg_p95": 69.39650077819825,
  "summary_bg_stdv": 50.50617980957031,
  "summary_fg_k": 0.4629168752033994,
  "summary_fg_mad": 597.3207397460938,
  "summary_fg_mean": 1871.9599609375,
  "summary_fg_median": 1857.086669921875,
  "summary_fg_n": 14421.0,
  "summary_fg_p05": 691.0,
  "summary_fg_p95": 3063.82666015625,
  "summary_fg_stdv": 684.8169555664062,
  "tsnr": 55.53752899169922
}