{
  "aor": 0.00737684,
  "aqi": 0.0018349879959999999,
  "bids_meta": {
    "AcquisitionDateTime": "2017-08-17T21:15:13.000000",
    "ConversionSoftware": "dcm2niix",
    "ConversionSoftwareVersion": "v1.0.20170411 GCC4.8.4",
    "EchoTime": 0.035,
    "FlipAngle": 90,
    "ImageType": [
      "ORIGINAL",
      "PRIMARY",
      "EPI",
      "NONE"
    ],
    "MagneticFieldStrength": 3,
    "Manufacturer": "GE",
    "ManufacturersModelName": "DISCOVERY_MR750",
    "ProtocolName": "fMRI_CompMet",
    "RepetitionTime": 2,
    "ScanningSequence": "EP_GR",
    "SequenceVariant": "SS",
    "SeriesDescription": "fMRI_CompMet",
    "dataset": "unknown",
    "modality": "bold",
    "run_id": 2,
    "subject_id": "83",
    "task_id": "cm"
  },
  "dummy_trs": 0,
  "dvars_nstd": 14.13427845815262,
  "dvars_std": 1.1487140702008036,
  "dvars_vstd": 1.0417269516465857,
  "efc": 0.3705430967351979,
  "fber": 71839.96875,
  "fd_mean": 0.08713542398402345,
  "fd_num": 10,
  "fd_perc": 4.0,
  "fwhm_avg": 2.949008333333333,
  "fwhm_x": 2.84265,
  "fwhm_y": 2.959725,
  "fwhm_z": 3.04465,
  "gcor": 0.0443768,
  "gsr_x": -0.0036721895448863506,
  "gsr_y": -0.00031637406209483743,
  "provenance": {
    "md5sum": "b59667a4e97d7603cfcdd4438b1ace88",
    "settings": {
      "fd_thres": 0.2,
      "hmc_fsl": false
    },
    "software": "mriqc",
    "version": "0.15.2rc1",
    "webapi_port": null,
    "webapi_url": "https://mriqc.nimh.nih.gov/api/v1"
  },
  "size_t": 250,
  "size_x": 64,
  "size_y": 64,
  "size_z": 34,
  "snr": 2.639213943993139,
  "spacing_tr": 2.0,
  "spacing_x": 4.0,
  "spacing_y": 4.0,
  "spacing_z": 4.0,
  "summary_bg_k": 73.67584347589967,
  "summary_bg_mad": 9.714010238647461,
  "summary_bg_mean": 31.967683792114258,
  "summary_bg_median": 7.4800004959106445,
  "summary_bg_n": 90986.0,
  "summary_bg_p05": 0.25200000405311584,
  "summary_bg_p95": 128.1090087890625,
  "summary_bg_stdv": 102.04120635986328,
  "summary_fg_k": 0.514427228928922,
  "summary_fg_mad": 676.8314819335938,
  "summary_fg_mean": 2206.673095703125,
  "summary_fg_median": 2110.744140625,
  "summary_fg_n": 20439.0,
  "summary_fg_p05": 970.697265625,
  "summary_fg_p95": 3668.3941162109354,
  "summary_fg_stdv": 799.7428588867188,
  "tsnr": 74.1686019897461
}