{
  "bids_meta": {
    "AcquisitionDateTime": "2016-05-03T21:16:50.000000",
    "ConversionSoftware": "dcm2niix",
    "ConversionSoftwareVersion": "v1.0.20170411 GCC4.8.4",
    "EchoTime": 0.00318,
    "FlipAngle": 12,
    "ImageType": [
      "DERIVED",
      "PRIMARY",
      "OTHER"
    ],
    "InversionTime": 0.45,
    "MagneticFieldStrength": 3,
    "Manufacturer": "GE",
    "ManufacturersModelName": "DISCOVERY_MR750",
    "ProcedureStepDescription": "ActosHabla",
    "ProtocolName": "PU:Sag_T1_FSPGR_BRAVO",
    "RepetitionTime": 0.008156,
    "ScanningSequence": "GR",
    "SequenceVariant": "SS_SP_SK",
    "SeriesDescription": "PU:Sag_T1_FSPGR_BRAVO",
    "dataset": "unknown",
    "modality": "T1w",
    "subject_id": "04"
  },
  "cjv": 0.3640660669564823,
  "cnr": 3.6078186422326555,
  "efc": 0.729270685859641,
  "fber": 17524.423828125,
  "fwhm_avg": 3.638256666666667,
  "fwhm_x": 3.64663,
  "fwhm_y": 3.91738,
  "fwhm_z": 3.35076,
  "icvs_csf": 0.203800117537979,
  "icvs_gm": 0.43390183641831753,
  "icvs_wm": 0.36229804604370347,
  "inu_med": 0.7888675928115845,
  "inu_range": 0.21870391964912406,
  "provenance": {
    "md5sum": "9223467e6f3b39b0198aa3a77dc93349",
    "settings": {
      "testing": false
    },
    "software": "mriqc",
    "version": "0.15.2rc1",
    "warnings": {
      "large_rot_frame": true,
      "small_air_mask": true
    },
    "webapi_port": null,
    "webapi_url": "https://mriqc.nimh.nih.gov/api/v1"
  },
  "qi_1": 0.0,
  "qi_2": 0.003615666731772318,
  "rpve_csf": 28.460458375077998,
  "rpve_gm": 14.537018925068374,
  "rpve_wm": 21.117256347995134,
  "size_x": 176,
  "size_y": 256,
  "size_z": 256,
  "snr_csf": 2.9505911098410635,
  "snr_gm": 10.82623701740633,
  "snr_total": 11.116965242677468,
  "snr_wm": 19.57406760078501,
  "snrd_csf": 43.64381564616744,
  "snrd_gm": 89.34346987071615,
  "snrd_total": 86.8934324821937,
  "snrd_wm": 127.6930119296975,
  "spacing_x": 1.0,
  "spacing_y": 1.0,
  "spacing_z": 1.0,
  "summary_bg_k": 34.90241022086573,
  "summary_bg_mad": 5.130616664886475,
  "summary_bg_mean": 8.589356422424316,
  "summary_bg_median": 3.4605484008789062,
  "summary_bg_n": 243580.0,
  "summary_bg_p05": 0.0,
  "summary_bg_p95": 32.43883552551269,
  "summary_bg_stdv": 11.953075408935547,
  "summary_csf_k": -0.6083964631533574,
  "summary_csf_mad": 127.8455810546875,
  "summary_csf_mean": 361.16363525390625,
  "summary_csf_median": 341.79095458984375,
  "summary_csf_n": 11377.0,
  "summary_csf_p05": 200.6104919433594,
  "summary_csf_p95": 559.4802490234375,
  "summary_csf_stdv": 115.83303833007812,
  "summary_gm_k": 0.37535215498526986,
  "summary_gm_mad": 60.72773742675781,
  "summary_gm_mean": 701.664794921875,
  "summary_gm_median": 699.6819458007812,
  "summary_gm_n": 27076.0,
  "summary_gm_p05": 598.0247802734375,
  "summary_gm_p95": 812.4176177978516,
  "summary_gm_stdv": 64.62716674804688,
  "summary_wm_k": 0.6520944831790962,
  "summary_wm_mad": 48.61205291748047,
  "summary_wm_mean": 1001.5154418945312,
  "summary_wm_median": 1000.011474609375,
  "summary_wm_n": 181937.0,
  "summary_wm_p05": 920.2415527343751,
  "summary_wm_p95": 1086.7485107421871,
  "summary_wm_stdv": 51.08844757080078,
  "tpm_overlap_csf": 0.21744048595428467,
  "tpm_overlap_gm": 0.514461100101471,
  "tpm_overlap_wm": 0.5733765959739685,
  "wm2max": 0.40509869385302194
}