{
  "bids_meta": {
    "AcquisitionMatrixPE": 256,
    "AcquisitionNumber": 1,
    "AcquisitionTime": "21:12:6.000000",
    "CoilString": "32Ch_Head",
    "ConversionSoftware": "dcm2niix",
    "ConversionSoftwareVersion": "v1.0.20190902",
    "Dcm2bidsVersion": "2.1.4",
    "DeviceSerialNumber": "000000000000GEHC",
    "EchoTime": 0.00318,
    "FlipAngle": 12,
    "ImageOrientationPatientDICOM": [
      0,
      1,
      0,
      0,
      0,
      -1
    ],
    "ImageType": [
      "ORIGINAL",
      "PRIMARY",
      "OTHER"
    ],
    "ImagingFrequency": 127.772,
    "InPlanePhaseEncodingDirectionDICOM": "ROW",
    "InstitutionName": "INSTITUTO_DE_NEUROBIOLOGIA",
    "InversionTime": 0.45,
    "MRAcquisitionType": "3D",
    "MagneticFieldStrength": 3,
    "Manufacturer": "GE",
    "ManufacturersModelName": "DISCOVERY_MR750",
    "Modality": "MR",
    "PatientPosition": "HFS",
    "PercentPhaseFOV": 100,
    "PixelBandwidth": 244.141,
    "ProcedureStepDescription": "verbos",
    "ProtocolName": "Sag_T1_FSPGR_BRAVO",
    "ReconMatrixPE": 256,
    "RepetitionTime": 0.008156,
    "SAR": 0.23832,
    "ScanOptions": "FAST_GEMS_EDR_GEMS_FILTERED_GEMS_ACC_GEMS",
    "ScanningSequence": "GR",
    "SequenceVariant": "SS_SP_SK",
    "SeriesDescription": "Sag_T1_FSPGR_BRAVO",
    "SeriesNumber": 15,
    "SliceThickness": 1,
    "SoftwareVersions": "24_LX_MR_Software_release:DV24.0_R02_1607.b",
    "SpacingBetweenSlices": 1,
    "StationName": "GEHCGEHC",
    "dataset": "unknown",
    "modality": "T1w",
    "subject_id": "136"
  },
  "cjv": 0.4827828378834483,
  "cnr": 2.643416646188541,
  "efc": 0.6068302599753764,
  "fber": 8171.02783203125,
  "fwhm_avg": 3.7932,
  "fwhm_x": 3.90185,
  "fwhm_y": 3.90112,
  "fwhm_z": 3.57663,
  "icvs_csf": 0.17616580208958868,
  "icvs_gm": 0.40268188851078723,
  "icvs_wm": 0.42115230939962406,
  "inu_med": 1.3073656558990479,
  "inu_range": 0.6851437151432034,
  "provenance": {
    "md5sum": "ca7dac51aaa3e8bd247b0f41fce2021c",
    "settings": {
      "testing": false
    },
    "software": "mriqc",
    "version": "0.15.2rc1",
    "warnings": {
      "large_rot_frame": true,
      "small_air_mask": false
    },
    "webapi_port": null,
    "webapi_url": "https://mriqc.nimh.nih.gov/api/v1"
  },
  "qi_1": 0.0,
  "qi_2": 0.0015193085862974087,
  "rpve_csf": 27.07120251294645,
  "rpve_gm": 12.264002808609469,
  "rpve_wm": 13.971962479758012,
  "size_x": 176,
  "size_y": 256,
  "size_z": 256,
  "snr_csf": 3.152994208618018,
  "snr_gm": 10.226793833050085,
  "snr_total": 9.188952158090945,
  "snr_wm": 14.187068432604734,
  "snrd_csf": 52.60330783103063,
  "snrd_gm": 114.85055894401424,
  "snrd_total": 108.14301695570578,
  "snrd_wm": 156.97518409207248,
  "spacing_x": 1.0,
  "spacing_y": 1.0,
  "spacing_z": 1.0,
  "summary_bg_k": 16.46528194459343,
  "summary_bg_mad": 4.173626899719238,
  "summary_bg_mean": 9.970762252807617,
  "summary_bg_median": 3.4595718383789062,
  "summary_bg_n": 1713320.0,
  "summary_bg_p05": 0.0,
  "summary_bg_p95": 39.01772060394285,
  "summary_bg_stdv": 14.81210708618164,
  "summary_csf_k": 9.002965539382421,
  "summary_csf_mad": 85.6600341796875,
  "summary_csf_mean": 357.0758361816406,
  "summary_csf_median": 335.1158447265625,
  "summary_csf_n": 18550.0,
  "summary_csf_p05": 224.01423416137698,
  "summary_csf_p95": 554.6400512695312,
  "summary_csf_stdv": 106.28208923339844,
  "summary_gm_k": 0.022887002466196904,
  "summary_gm_mad": 71.26978302001953,
  "summary_gm_mean": 728.4310913085938,
  "summary_gm_median": 731.6696166992188,
  "summary_gm_n": 16813.0,
  "summary_gm_p05": 606.0457397460938,
  "summary_gm_p95": 841.9673828125,
  "summary_gm_stdv": 71.54225158691406,
  "summary_wm_k": 3.2153149507849843,
  "summary_wm_mad": 58.28987121582031,
  "summary_wm_mean": 1010.2130126953125,
  "summary_wm_median": 1000.0297241210938,
  "summary_wm_n": 234292.0,
  "summary_wm_p05": 917.8199493408204,
  "summary_wm_p95": 1139.7912658691403,
  "summary_wm_stdv": 70.4886703491211,
  "tpm_overlap_csf": 0.21107079088687897,
  "tpm_overlap_gm": 0.46936339139938354,
  "tpm_overlap_wm": 0.5220484733581543,
  "wm2max": 0.329538851501196
}