{
  "aor": 0.0026938429752066113,
  "aqi": 0.0012594476363636366,
  "bids_meta": {
    "AcquisitionMatrixPE": 64,
    "AcquisitionNumber": 1,
    "AcquisitionTime": "18:45:2.000000",
    "BodyPartExamined": "HEAD",
    "CoilString": "32Ch_Head",
    "ConversionSoftware": "dcm2niix",
    "ConversionSoftwareVersion": "v1.0.20181125  (JP2:OpenJPEG) GCC7.3.0",
    "DeviceSerialNumber": "0002806034DVR750",
    "EchoTime": 0.04,
    "EffectiveEchoSpacing": 0.000372,
    "FlipAngle": 90,
    "ImageOrientationPatientDICOM": [
      1,
      0,
      0,
      0,
      1,
      0
    ],
    "ImageType": [
      "ORIGINAL",
      "PRIMARY",
      "EPI",
      "NONE"
    ],
    "ImagingFrequency": 127.772,
    "InPlanePhaseEncodingDirectionDICOM": "COL",
    "InstitutionName": "INSTITUTO_DE_NEUROBIOLOGIA",
    "MRAcquisitionType": "2D",
    "MagneticFieldStrength": 3,
    "Manufacturer": "GE",
    "ManufacturersModelName": "DISCOVERY_MR750",
    "Modality": "MR",
    "PatientPosition": "HFS",
    "PercentPhaseFOV": 100,
    "PhaseEncodingDirection": "j",
    "PhaseEncodingPolarityGE": "Flipped",
    "PixelBandwidth": 7812.5,
    "ProcedureStepDescription": "Emociones_AH",
    "ProtocolName": "fMRI_Jalil_1",
    "ReconMatrixPE": 64,
    "RepetitionTime": 2,
    "SAR": 0.187794,
    "ScanOptions": "EPI_GEMS_ACC_GEMS",
    "ScanningSequence": "EP_GR",
    "SequenceVariant": "SS",
    "SeriesDescription": "fMRI_Jalil_1",
    "SeriesNumber": 5,
    "SliceThickness": 4,
    "SliceTiming": [
      0,
      1.0285,
      0.0571001,
      1.0857,
      0.1142,
      1.1428,
      0.1714,
      1.2,
      0.2285,
      1.2571,
      0.2857,
      1.3143,
      0.3428,
      1.3714,
      0.4,
      1.4286,
      0.4571,
      1.4857,
      0.5142,
      1.5428,
      0.5714,
      1.6,
      0.6285,
      1.6571,
      0.6857,
      1.7143,
      0.7428,
      1.7714,
      0.8,
      1.8285,
      0.8571,
      1.8857,
      0.9143,
      1.9428,
      0.9714
    ],
    "SoftwareVersions": "27_LX_MR_Software_release:DV26.0_R03_1831.b",
    "SpacingBetweenSlices": 4,
    "StationName": "GEHCGEHC",
    "TaskName": "eah",
    "TotalReadoutTime": 0.023436,
    "dataset": "unknown",
    "modality": "bold",
    "run_id": 1,
    "subject_id": "44",
    "task_id": "eah"
  },
  "dummy_trs": 0,
  "dvars_nstd": 13.506136458796675,
  "dvars_std": 1.1021363354356843,
  "dvars_vstd": 1.0152199674273863,
  "efc": 0.3250795107112723,
  "fber": 97564.1640625,
  "fd_mean": 0.05824214007862807,
  "fd_num": 6,
  "fd_perc": 2.479338842975207,
  "fwhm_avg": 2.805858333333333,
  "fwhm_x": 2.720925,
  "fwhm_y": 2.93375,
  "fwhm_z": 2.7629,
  "gcor": 0.0765914,
  "gsr_x": -0.006935093551874161,
  "gsr_y": 0.0011529206531122327,
  "provenance": {
    "md5sum": "9cc5a0064afea0d8c46e9499ba43c87a",
    "settings": {
      "fd_thres": 0.2,
      "hmc_fsl": false
    },
    "software": "mriqc",
    "version": "0.15.2rc1",
    "webapi_port": null,
    "webapi_url": "https://mriqc.nimh.nih.gov/api/v1"
  },
  "size_t": 242,
  "size_x": 64,
  "size_y": 64,
  "size_z": 35,
  "snr": 2.998015433921282,
  "spacing_tr": 2.0,
  "spacing_x": 4.0,
  "spacing_y": 4.0,
  "spacing_z": 4.0,
  "summary_bg_k": 114.32321932897031,
  "summary_bg_mad": 8.58316421508789,
  "summary_bg_mean": 21.957595825195312,
  "summary_bg_median": 6.31818151473999,
  "summary_bg_n": 100185.0,
  "summary_bg_p05": 0.10330577939748764,
  "summary_bg_p95": 82.95371398925752,
  "summary_bg_stdv": 66.67781066894531,
  "summary_fg_k": 0.14804404810041438,
  "summary_fg_mad": 614.3485717773438,
  "summary_fg_mean": 2001.6507568359375,
  "summary_fg_median": 1976.078369140625,
  "summary_fg_n": 16237.0,
  "summary_fg_p05": 920.5387817382813,
  "summary_fg_p95": 3139.7353027343747,
  "summary_fg_stdv": 659.1085205078125,
  "tsnr": 74.52470397949219
}