{
  "aor": 0.00838388392857143,
  "aqi": 0.004546076830357142,
  "bids_meta": {
    "AcquisitionDateTime": "2017-01-09T18:55:10.000000",
    "ConversionSoftware": "dcm2niix",
    "ConversionSoftwareVersion": "v1.0.20170411 GCC4.8.4",
    "EchoTime": 0.04,
    "FlipAngle": 90,
    "ImageType": [
      "ORIGINAL",
      "PRIMARY",
      "EPI",
      "NONE"
    ],
    "MagneticFieldStrength": 3,
    "Manufacturer": "GE",
    "ManufacturersModelName": "DISCOVERY_MR750",
    "ProcedureStepDescription": "CompRefranes",
    "ProtocolName": "fMRI_Comprension_3",
    "RepetitionTime": 2,
    "ScanningSequence": "EP_GR",
    "SequenceVariant": "SS",
    "SeriesDescription": "fMRI_Comprension_3",
    "dataset": "unknown",
    "modality": "bold",
    "run_id": 3,
    "subject_id": "55",
    "task_id": "cr"
  },
  "dummy_trs": 0,
  "dvars_nstd": 22.285629046098673,
  "dvars_std": 1.1363414540807173,
  "dvars_vstd": 1.0586968056950674,
  "efc": 0.3651691056906249,
  "fber": 135476.234375,
  "fd_mean": 0.2134176634779077,
  "fd_num": 75,
  "fd_perc": 33.482142857142854,
  "fwhm_avg": 2.7826916666666666,
  "fwhm_x": 2.627825,
  "fwhm_y": 2.956025,
  "fwhm_z": 2.764225,
  "gcor": 0.0394669,
  "gsr_x": -0.00149079121183604,
  "gsr_y": 0.0014793531736359,
  "provenance": {
    "md5sum": "133c82d9050f88ca1ef0a9968ba8c172",
    "settings": {
      "fd_thres": 0.2,
      "hmc_fsl": false
    },
    "software": "mriqc",
    "version": "0.15.2rc1",
    "webapi_port": null,
    "webapi_url": "https://mriqc.nimh.nih.gov/api/v1"
  },
  "size_t": 224,
  "size_x": 64,
  "size_y": 64,
  "size_z": 34,
  "snr": 2.7336491928832904,
  "spacing_tr": 2.0,
  "spacing_x": 4.0,
  "spacing_y": 4.0,
  "spacing_z": 4.0,
  "summary_bg_k": 92.21206408840314,
  "summary_bg_mad": 6.62537956237793,
  "summary_bg_mean": 22.725990295410156,
  "summary_bg_median": 4.772321701049805,
  "summary_bg_n": 91965.0,
  "summary_bg_p05": 0.1294642984867096,
  "summary_bg_p95": 95.90982666015633,
  "summary_bg_stdv": 63.96996307373047,
  "summary_fg_k": 0.3089233687713997,
  "summary_fg_mad": 565.71533203125,
  "summary_fg_mean": 1767.0107421875,
  "summary_fg_median": 1724.622802734375,
  "summary_fg_n": 19878.0,
  "summary_fg_p05": 700.7906646728516,
  "summary_fg_p95": 2869.0055664062497,
  "summary_fg_stdv": 630.8707885742188,
  "tsnr": 42.800933837890625
}