{
  "aor": 0.002875244444444445,
  "aqi": 0.003724059422222222,
  "bids_meta": {
    "AcquisitionDateTime": "2017-01-09T19:07:42.000000",
    "ConversionSoftware": "dcm2niix",
    "ConversionSoftwareVersion": "v1.0.20170411 GCC4.8.4",
    "EchoTime": 0.04,
    "FlipAngle": 90,
    "ImageType": [
      "ORIGINAL",
      "PRIMARY",
      "EPI",
      "NONE"
    ],
    "MagneticFieldStrength": 3,
    "Manufacturer": "GE",
    "ManufacturersModelName": "DISCOVERY_MR750",
    "ProcedureStepDescription": "CompRefranes",
    "ProtocolName": "fMRI_Comprension_4",
    "RepetitionTime": 2,
    "ScanningSequence": "EP_GR",
    "SequenceVariant": "SS",
    "SeriesDescription": "fMRI_Comprension_4",
    "dataset": "unknown",
    "modality": "bold",
    "run_id": 4,
    "subject_id": "55",
    "task_id": "cr"
  },
  "dummy_trs": 0,
  "dvars_nstd": 19.28606130375001,
  "dvars_std": 1.0149521377678572,
  "dvars_vstd": 0.9479735054464292,
  "efc": 0.3646662977611468,
  "fber": 127875.34375,
  "fd_mean": 0.14811518032736132,
  "fd_num": 40,
  "fd_perc": 17.77777777777778,
  "fwhm_avg": 2.75435,
  "fwhm_x": 2.618575,
  "fwhm_y": 2.916625,
  "fwhm_z": 2.72785,
  "gcor": 0.0311504,
  "gsr_x": -0.0012359155807644129,
  "gsr_y": 0.001390894060023129,
  "provenance": {
    "md5sum": "3048efc41a247ec4d80cf20603ec61b7",
    "settings": {
      "fd_thres": 0.2,
      "hmc_fsl": false
    },
    "software": "mriqc",
    "version": "0.15.2rc1",
    "webapi_port": null,
    "webapi_url": "https://mriqc.nimh.nih.gov/api/v1"
  },
  "size_t": 225,
  "size_x": 64,
  "size_y": 64,
  "size_z": 34,
  "snr": 2.760167683206021,
  "spacing_tr": 2.0,
  "spacing_x": 4.0,
  "spacing_y": 4.0,
  "spacing_z": 4.0,
  "summary_bg_k": 99.60433071707465,
  "summary_bg_mad": 6.912221431732178,
  "summary_bg_mean": 23.283172607421875,
  "summary_bg_median": 5.004444599151611,
  "summary_bg_n": 92039.0,
  "summary_bg_p05": 0.15555556118488312,
  "summary_bg_p95": 96.13467178344716,
  "summary_bg_stdv": 66.69225311279297,
  "summary_fg_k": 0.37149700079471026,
  "summary_fg_mad": 564.6211547851562,
  "summary_fg_mean": 1804.359375,
  "summary_fg_median": 1760.0489501953125,
  "summary_fg_n": 19715.0,
  "summary_fg_p05": 724.1560119628907,
  "summary_fg_p95": 2921.13212890625,
  "summary_fg_stdv": 637.6439819335938,
  "tsnr": 48.25902557373047
}