{
  "aor": 0.0027278000000000003,
  "aqi": 0.002448246784,
  "bids_meta": {
    "AcquisitionDateTime": "2017-01-09T18:40:25.000000",
    "ConversionSoftware": "dcm2niix",
    "ConversionSoftwareVersion": "v1.0.20170411 GCC4.8.4",
    "EchoTime": 0.04,
    "FlipAngle": 90,
    "ImageType": [
      "ORIGINAL",
      "PRIMARY",
      "EPI",
      "NONE"
    ],
    "MagneticFieldStrength": 3,
    "Manufacturer": "GE",
    "ManufacturersModelName": "DISCOVERY_MR750",
    "ProcedureStepDescription": "CompRefranes",
    "ProtocolName": "fMRI_Comprension_2",
    "RepetitionTime": 2,
    "ScanningSequence": "EP_GR",
    "SequenceVariant": "SS",
    "SeriesDescription": "fMRI_Comprension_2",
    "dataset": "unknown",
    "modality": "bold",
    "run_id": 2,
    "subject_id": "55",
    "task_id": "cr"
  },
  "dummy_trs": 0,
  "dvars_nstd": 19.110749018835346,
  "dvars_std": 1.1305507312851406,
  "dvars_vstd": 1.0264929728112455,
  "efc": 0.36415128280624687,
  "fber": 209846.453125,
  "fd_mean": 0.13569941485783948,
  "fd_num": 37,
  "fd_perc": 14.8,
  "fwhm_avg": 2.743659195241161,
  "fwhm_x": 2.6071,
  "fwhm_y": 2.91255,
  "fwhm_z": 2.711327585723482,
  "gcor": 0.038513,
  "gsr_x": -0.0005309699336066842,
  "gsr_y": 0.00027926298207603395,
  "provenance": {
    "md5sum": "ad4d2a839112564767c4ef803e56588b",
    "settings": {
      "fd_thres": 0.2,
      "hmc_fsl": false
    },
    "software": "mriqc",
    "version": "0.15.2rc1",
    "webapi_port": null,
    "webapi_url": "https://mriqc.nimh.nih.gov/api/v1"
  },
  "size_t": 250,
  "size_x": 64,
  "size_y": 64,
  "size_z": 34,
  "snr": 2.801950300894997,
  "spacing_tr": 2.0,
  "spacing_x": 4.0,
  "spacing_y": 4.0,
  "spacing_z": 3.9999961853027344,
  "summary_bg_k": 99.85769162156579,
  "summary_bg_mad": 5.687262535095215,
  "summary_bg_mean": 22.856319427490234,
  "summary_bg_median": 3.948000192642212,
  "summary_bg_n": 92058.0,
  "summary_bg_p05": 0.012000000104308128,
  "summary_bg_p95": 95.68240776062004,
  "summary_bg_stdv": 68.40315246582031,
  "summary_fg_k": 0.3719737071171165,
  "summary_fg_mad": 562.994384765625,
  "summary_fg_mean": 1817.7015380859375,
  "summary_fg_median": 1775.8740234375,
  "summary_fg_n": 19738.0,
  "summary_fg_p05": 752.0204223632812,
  "summary_fg_p95": 2928.278088378906,
  "summary_fg_stdv": 633.783203125,
  "tsnr": 58.014869689941406
}