{
  "aor": 0.007801881533101045,
  "aqi": 0.0023474452404181187,
  "bids_meta": {
    "AcquisitionDateTime": "2017-01-09T18:18:21.000000",
    "ConversionSoftware": "dcm2niix",
    "ConversionSoftwareVersion": "v1.0.20170411 GCC4.8.4",
    "EchoTime": 0.04,
    "FlipAngle": 90,
    "ImageType": [
      "ORIGINAL",
      "PRIMARY",
      "EPI",
      "NONE"
    ],
    "MagneticFieldStrength": 3,
    "Manufacturer": "GE",
    "ManufacturersModelName": "DISCOVERY_MR750",
    "ProcedureStepDescription": "CompRefranes",
    "ProtocolName": "fMRI_Comprension_1",
    "RepetitionTime": 2,
    "ScanningSequence": "EP_GR",
    "SequenceVariant": "SS",
    "SeriesDescription": "fMRI_Comprension_1",
    "dataset": "unknown",
    "modality": "bold",
    "run_id": 1,
    "subject_id": "55",
    "task_id": "cr"
  },
  "dummy_trs": 0,
  "dvars_nstd": 17.78456400146853,
  "dvars_std": 1.1777171576573422,
  "dvars_vstd": 1.1105972569230766,
  "efc": 0.36656092753034686,
  "fber": 146302.140625,
  "fd_mean": 0.0944871981227022,
  "fd_num": 9,
  "fd_perc": 3.1358885017421603,
  "fwhm_avg": 2.722383333333333,
  "fwhm_x": 2.569725,
  "fwhm_y": 2.897575,
  "fwhm_z": 2.69985,
  "gcor": 0.022803,
  "gsr_x": -0.0013935957103967667,
  "gsr_y": 0.002284680726006627,
  "provenance": {
    "md5sum": "558df646968b3cb4b615f20e2b7ec4a2",
    "settings": {
      "fd_thres": 0.2,
      "hmc_fsl": false
    },
    "software": "mriqc",
    "version": "0.15.2rc1",
    "webapi_port": null,
    "webapi_url": "https://mriqc.nimh.nih.gov/api/v1"
  },
  "size_t": 287,
  "size_x": 64,
  "size_y": 64,
  "size_z": 34,
  "snr": 2.8482575818580376,
  "spacing_tr": 2.0,
  "spacing_x": 4.0,
  "spacing_y": 4.0,
  "spacing_z": 4.0,
  "summary_bg_k": 108.15165684666856,
  "summary_bg_mad": 6.596805095672607,
  "summary_bg_mean": 23.435497283935547,
  "summary_bg_median": 4.756097793579102,
  "summary_bg_n": 92023.0,
  "summary_bg_p05": 0.1463414579629898,
  "summary_bg_p95": 96.15888671874971,
  "summary_bg_stdv": 68.48145294189453,
  "summary_fg_k": 0.4545387288642515,
  "summary_fg_mad": 539.9202270507812,
  "summary_fg_mean": 1809.793701171875,
  "summary_fg_median": 1765.68994140625,
  "summary_fg_n": 19733.0,
  "summary_fg_p05": 768.3491088867188,
  "summary_fg_p95": 2895.032763671873,
  "summary_fg_stdv": 619.9036254882812,
  "tsnr": 60.457969665527344
}