{
  "aor": 0.003917528735632184,
  "aqi": 0.004058338505747126,
  "bids_meta": {
    "AcquisitionMatrixPE": 64,
    "AcquisitionNumber": 1,
    "AcquisitionTime": "19:12:34.000000",
    "CoilString": "32Ch_Head",
    "ConversionSoftware": "dcm2niix",
    "ConversionSoftwareVersion": "v1.0.20190902",
    "Dcm2bidsVersion": "2.1.4",
    "DeviceSerialNumber": "000000000000GEHC",
    "EchoTime": 0.04,
    "EffectiveEchoSpacing": 0.000372,
    "FlipAngle": 90,
    "ImageOrientationPatientDICOM": [
      1,
      0,
      0,
      0,
      1,
      0
    ],
    "ImageType": [
      "ORIGINAL",
      "PRIMARY",
      "EPI",
      "NONE"
    ],
    "ImagingFrequency": 127.772,
    "InPlanePhaseEncodingDirectionDICOM": "COL",
    "InstitutionName": "INSTITUTO_DE_NEUROBIOLOGIA",
    "MRAcquisitionType": "2D",
    "MagneticFieldStrength": 3,
    "Manufacturer": "GE",
    "ManufacturersModelName": "DISCOVERY_MR750",
    "Modality": "MR",
    "PatientPosition": "HFS",
    "PercentPhaseFOV": 100,
    "PhaseEncodingDirection": "j",
    "PhaseEncodingPolarityGE": "Flipped",
    "PixelBandwidth": 7812.5,
    "ProcedureStepDescription": "verbos",
    "ProtocolName": "fMRI_7",
    "ReconMatrixPE": 64,
    "RepetitionTime": 2,
    "SAR": 0.363107,
    "ScanOptions": "EPI_GEMS_ACC_GEMS",
    "ScanningSequence": "EP_GR",
    "SequenceVariant": "SS",
    "SeriesDescription": "fMRI_7",
    "SeriesNumber": 13,
    "SliceThickness": 4,
    "SliceTiming": [
      0,
      1.0285,
      0.0571001,
      1.0857,
      0.1142,
      1.1428,
      0.1714,
      1.2,
      0.2285,
      1.2571,
      0.2857,
      1.3143,
      0.3428,
      1.3714,
      0.4,
      1.4286,
      0.4571,
      1.4857,
      0.5142,
      1.5428,
      0.5714,
      1.6,
      0.6285,
      1.6571,
      0.6857,
      1.7143,
      0.7428,
      1.7714,
      0.8,
      1.8285,
      0.8571,
      1.8857,
      0.9143,
      1.9428,
      0.9714
    ],
    "SoftwareVersions": "24_LX_MR_Software_release:DV24.0_R02_1607.b",
    "SpacingBetweenSlices": 4,
    "StationName": "GEHCGEHC",
    "TotalReadoutTime": 0.023436,
    "dataset": "unknown",
    "modality": "bold",
    "run_id": 7,
    "subject_id": "132",
    "task_id": "verbs"
  },
  "dummy_trs": 0,
  "dvars_nstd": 17.147916297572262,
  "dvars_std": 1.0328950645086705,
  "dvars_vstd": 0.9778693018497115,
  "efc": 0.3415854943399645,
  "fber": 96053.390625,
  "fd_mean": 0.14501360585656783,
  "fd_num": 36,
  "fd_perc": 20.689655172413794,
  "fwhm_avg": 2.915825,
  "fwhm_x": 2.882575,
  "fwhm_y": 3.04305,
  "fwhm_z": 2.82185,
  "gcor": 0.0465285,
  "gsr_x": -0.013207398355007172,
  "gsr_y": 0.0012494323309510946,
  "provenance": {
    "md5sum": "a2988aeb2a15571b1f0b5c2d09c4f834",
    "settings": {
      "fd_thres": 0.2,
      "hmc_fsl": false
    },
    "software": "mriqc",
    "version": "0.15.2rc1",
    "webapi_port": null,
    "webapi_url": "https://mriqc.nimh.nih.gov/api/v1"
  },
  "size_t": 174,
  "size_x": 64,
  "size_y": 64,
  "size_z": 35,
  "snr": 2.5909746333196892,
  "spacing_tr": 2.0,
  "spacing_x": 4.0,
  "spacing_y": 4.0,
  "spacing_z": 4.0,
  "summary_bg_k": 75.20719351907512,
  "summary_bg_mad": 7.728277206420898,
  "summary_bg_mean": 30.44371223449707,
  "summary_bg_median": 5.839080333709717,
  "summary_bg_n": 98969.0,
  "summary_bg_p05": 0.26436781883239746,
  "summary_bg_p95": 119.37126159667937,
  "summary_bg_stdv": 99.92182159423828,
  "summary_fg_k": 0.7445168669156326,
  "summary_fg_mad": 570.7593383789062,
  "summary_fg_mean": 1873.701416015625,
  "summary_fg_median": 1808.7183837890625,
  "summary_fg_n": 17169.0,
  "summary_fg_p05": 745.5459716796875,
  "summary_fg_p95": 3149.9505371093746,
  "summary_fg_stdv": 698.0638427734375,
  "tsnr": 47.1583251953125
}