{
  "aor": 0.0021378823529411765,
  "aqi": 0.0025979336588235293,
  "bids_meta": {
    "AcquisitionDateTime": "2017-04-27T19:42:35.000000",
    "ConversionSoftware": "dcm2niix",
    "ConversionSoftwareVersion": "v1.0.20170411 GCC4.8.4",
    "EchoTime": 0.04,
    "FlipAngle": 90,
    "ImageType": [
      "ORIGINAL",
      "PRIMARY",
      "EPI",
      "NONE"
    ],
    "MagneticFieldStrength": 3,
    "Manufacturer": "GE",
    "ManufacturersModelName": "DISCOVERY_MR750",
    "ProcedureStepDescription": "ActosHabla",
    "ProtocolName": "fMRI_ActosHabla_3",
    "RepetitionTime": 2,
    "ScanningSequence": "EP_GR",
    "SequenceVariant": "SS",
    "SeriesDescription": "fMRI_ActosHabla_3",
    "dataset": "unknown",
    "modality": "bold",
    "run_id": 3,
    "subject_id": "20",
    "task_id": "rah"
  },
  "dummy_trs": 0,
  "dvars_nstd": 16.436666965275585,
  "dvars_std": 1.1285519750000008,
  "dvars_vstd": 1.0216299858267717,
  "efc": 0.3364955594703938,
  "fber": 51309.9296875,
  "fd_mean": 0.07702964592220321,
  "fd_num": 9,
  "fd_perc": 3.5294117647058822,
  "fwhm_avg": 2.8718083333333335,
  "fwhm_x": 2.79335,
  "fwhm_y": 3.0319,
  "fwhm_z": 2.790175,
  "gcor": 0.0339513,
  "gsr_x": 0.00041029942804016173,
  "gsr_y": 0.00197791145183146,
  "provenance": {
    "md5sum": "b2aeaec788f7ae368ddf378f35e82504",
    "settings": {
      "fd_thres": 0.2,
      "hmc_fsl": false
    },
    "software": "mriqc",
    "version": "0.15.2rc1",
    "webapi_port": null,
    "webapi_url": "https://mriqc.nimh.nih.gov/api/v1"
  },
  "size_t": 255,
  "size_x": 64,
  "size_y": 64,
  "size_z": 35,
  "snr": 2.827038042599295,
  "spacing_tr": 2.0,
  "spacing_x": 4.0,
  "spacing_y": 4.0,
  "spacing_z": 4.0,
  "summary_bg_k": 404.70533890039786,
  "summary_bg_mad": 10.804177284240723,
  "summary_bg_mean": 28.708473205566406,
  "summary_bg_median": 8.145645141601562,
  "summary_bg_n": 99449.0,
  "summary_bg_p05": 0.12858854234218603,
  "summary_bg_p95": 104.86126708984372,
  "summary_bg_stdv": 88.9059066772461,
  "summary_fg_k": 0.13626087364844564,
  "summary_fg_mad": 589.1818237304688,
  "summary_fg_mean": 1876.4334716796875,
  "summary_fg_median": 1857.4422607421875,
  "summary_fg_n": 16685.0,
  "summary_fg_p05": 744.4967041015625,
  "summary_fg_p95": 3002.1201660156253,
  "summary_fg_stdv": 657.0079956054688,
  "tsnr": 60.18901062011719
}