{
  "aor": 0.001785669291338583,
  "aqi": 0.0015670299763779528,
  "bids_meta": {
    "AcquisitionDateTime": "2017-04-27T19:32:55.000000",
    "ConversionSoftware": "dcm2niix",
    "ConversionSoftwareVersion": "v1.0.20170411 GCC4.8.4",
    "EchoTime": 0.04,
    "FlipAngle": 90,
    "ImageType": [
      "ORIGINAL",
      "PRIMARY",
      "EPI",
      "NONE"
    ],
    "MagneticFieldStrength": 3,
    "Manufacturer": "GE",
    "ManufacturersModelName": "DISCOVERY_MR750",
    "ProcedureStepDescription": "ActosHabla",
    "ProtocolName": "fMRI_ActosHabla_2",
    "RepetitionTime": 2,
    "ScanningSequence": "EP_GR",
    "SequenceVariant": "SS",
    "SeriesDescription": "fMRI_ActosHabla_2",
    "dataset": "unknown",
    "modality": "bold",
    "run_id": 2,
    "subject_id": "20",
    "task_id": "rah"
  },
  "dummy_trs": 0,
  "dvars_nstd": 15.004629843715419,
  "dvars_std": 1.0979411674308295,
  "dvars_vstd": 1.0182586165217393,
  "efc": 0.3352337743698901,
  "fber": 47419.39453125,
  "fd_mean": 0.060776859859164464,
  "fd_num": 3,
  "fd_perc": 1.1811023622047243,
  "fwhm_avg": 2.8668,
  "fwhm_x": 2.793,
  "fwhm_y": 3.057675,
  "fwhm_z": 2.749725,
  "gcor": 0.0534196,
  "gsr_x": 7.861478661652654e-05,
  "gsr_y": 0.002557244384661317,
  "provenance": {
    "md5sum": "ccd78ee80e6a7a5162e948e44eaf9953",
    "settings": {
      "fd_thres": 0.2,
      "hmc_fsl": false
    },
    "software": "mriqc",
    "version": "0.15.2rc1",
    "webapi_port": null,
    "webapi_url": "https://mriqc.nimh.nih.gov/api/v1"
  },
  "size_t": 254,
  "size_x": 64,
  "size_y": 64,
  "size_z": 35,
  "snr": 2.8063725284977283,
  "spacing_tr": 2.0,
  "spacing_x": 4.0,
  "spacing_y": 4.0,
  "spacing_z": 4.0,
  "summary_bg_k": 429.2181694308028,
  "summary_bg_mad": 10.897710800170898,
  "summary_bg_mean": 28.194927215576172,
  "summary_bg_median": 8.322834968566895,
  "summary_bg_n": 99558.0,
  "summary_bg_p05": 0.24803149700164795,
  "summary_bg_p95": 101.07539672851561,
  "summary_bg_stdv": 89.4347152709961,
  "summary_fg_k": 0.06104789198252503,
  "summary_fg_mad": 601.997802734375,
  "summary_fg_mean": 1847.0966796875,
  "summary_fg_median": 1841.216552734375,
  "summary_fg_n": 16598.0,
  "summary_fg_p05": 721.0769592285156,
  "summary_fg_p95": 2966.0258422851557,
  "summary_fg_stdv": 656.0643920898438,
  "tsnr": 72.91671752929688
}