{
  "aor": 0.001053256704980843,
  "aqi": 0.004023943984674329,
  "bids_meta": {
    "AcquisitionDateTime": "2017-04-27T19:20:59.000000",
    "ConversionSoftware": "dcm2niix",
    "ConversionSoftwareVersion": "v1.0.20170411 GCC4.8.4",
    "EchoTime": 0.04,
    "FlipAngle": 90,
    "ImageType": [
      "ORIGINAL",
      "PRIMARY",
      "EPI",
      "NONE"
    ],
    "MagneticFieldStrength": 3,
    "Manufacturer": "GE",
    "ManufacturersModelName": "DISCOVERY_MR750",
    "ProcedureStepDescription": "ActosHabla",
    "ProtocolName": "fMRI_ActosHabla_1",
    "RepetitionTime": 2,
    "ScanningSequence": "EP_GR",
    "SequenceVariant": "SS",
    "SeriesDescription": "fMRI_ActosHabla_1",
    "dataset": "unknown",
    "modality": "bold",
    "run_id": 1,
    "subject_id": "20",
    "task_id": "rah"
  },
  "dummy_trs": 0,
  "dvars_nstd": 14.141777676846147,
  "dvars_std": 0.940068129615385,
  "dvars_vstd": 0.9179927341153845,
  "efc": 0.3363114563675829,
  "fber": 45185.0859375,
  "fd_mean": 0.07180310674330391,
  "fd_num": 6,
  "fd_perc": 2.2988505747126435,
  "fwhm_avg": 2.873225,
  "fwhm_x": 2.7896,
  "fwhm_y": 3.058375,
  "fwhm_z": 2.7717,
  "gcor": 0.0322379,
  "gsr_x": 0.0013244937872514129,
  "gsr_y": 0.0016285879537463188,
  "provenance": {
    "md5sum": "6a6bba4d2cfae71d092f0f8dc507de18",
    "settings": {
      "fd_thres": 0.2,
      "hmc_fsl": false
    },
    "software": "mriqc",
    "version": "0.15.2rc1",
    "webapi_port": null,
    "webapi_url": "https://mriqc.nimh.nih.gov/api/v1"
  },
  "size_t": 261,
  "size_x": 64,
  "size_y": 64,
  "size_z": 35,
  "snr": 2.8584365940365775,
  "spacing_tr": 2.0,
  "spacing_x": 4.0,
  "spacing_y": 4.0,
  "spacing_z": 4.0,
  "summary_bg_k": 360.18149737609934,
  "summary_bg_mad": 11.088274955749512,
  "summary_bg_mean": 28.714824676513672,
  "summary_bg_median": 8.436781883239746,
  "summary_bg_n": 99695.0,
  "summary_bg_p05": 0.29118773341178894,
  "summary_bg_p95": 102.18237457275382,
  "summary_bg_stdv": 88.05052185058594,
  "summary_fg_k": 0.062352631731343866,
  "summary_fg_mad": 580.873291015625,
  "summary_fg_mean": 1813.36279296875,
  "summary_fg_median": 1818.5516357421875,
  "summary_fg_n": 16461.0,
  "summary_fg_p05": 721.6704711914062,
  "summary_fg_p95": 2901.337158203125,
  "summary_fg_stdv": 636.1856689453125,
  "tsnr": 51.479820251464844
}