{
  "aor": 0.0014539199999999998,
  "aqi": 0.00076333626,
  "bids_meta": {
    "AcquisitionDateTime": "2017-08-14T20:48:44.000000",
    "ConversionSoftware": "dcm2niix",
    "ConversionSoftwareVersion": "v1.0.20170411 GCC4.8.4",
    "EchoTime": 0.035,
    "FlipAngle": 90,
    "ImageType": [
      "ORIGINAL",
      "PRIMARY",
      "EPI",
      "NONE"
    ],
    "MagneticFieldStrength": 3,
    "Manufacturer": "GE",
    "ManufacturersModelName": "DISCOVERY_MR750",
    "ProcedureStepDescription": "CompMet",
    "ProtocolName": "fMRI_CompMet",
    "RepetitionTime": 2,
    "ScanningSequence": "EP_GR",
    "SequenceVariant": "SS",
    "SeriesDescription": "fMRI_CompMet",
    "dataset": "unknown",
    "modality": "bold",
    "run_id": 2,
    "subject_id": "70",
    "task_id": "cm"
  },
  "dummy_trs": 0,
  "dvars_nstd": 15.979515029879511,
  "dvars_std": 1.2325135648594372,
  "dvars_vstd": 1.015506540963855,
  "efc": 0.33400313366812734,
  "fber": 81025.4453125,
  "fd_mean": 0.06335429746578944,
  "fd_num": 3,
  "fd_perc": 1.2,
  "fwhm_avg": 3.015216666666667,
  "fwhm_x": 2.981525,
  "fwhm_y": 3.0301,
  "fwhm_z": 3.034025,
  "gcor": 0.0393563,
  "gsr_x": -0.004370982758700848,
  "gsr_y": 0.0034427635837346315,
  "provenance": {
    "md5sum": "a60b01ddebe7b973e487999181113b4a",
    "settings": {
      "fd_thres": 0.2,
      "hmc_fsl": false
    },
    "software": "mriqc",
    "version": "0.15.2rc1",
    "webapi_port": null,
    "webapi_url": "https://mriqc.nimh.nih.gov/api/v1"
  },
  "size_t": 250,
  "size_x": 64,
  "size_y": 64,
  "size_z": 34,
  "snr": 2.5433418441267555,
  "spacing_tr": 2.0,
  "spacing_x": 4.0,
  "spacing_y": 4.0,
  "spacing_z": 4.0,
  "summary_bg_k": 112.43365872752204,
  "summary_bg_mad": 8.800727844238281,
  "summary_bg_mean": 24.903087615966797,
  "summary_bg_median": 6.8560004234313965,
  "summary_bg_n": 95449.0,
  "summary_bg_p05": 0.3240000009536743,
  "summary_bg_p95": 99.09920349121083,
  "summary_bg_stdv": 72.74882507324219,
  "summary_fg_k": 0.5507267525383495,
  "summary_fg_mad": 634.6486206054688,
  "summary_fg_mean": 2124.337158203125,
  "summary_fg_median": 1997.0760498046875,
  "summary_fg_n": 16863.0,
  "summary_fg_p05": 953.4300659179688,
  "summary_fg_p95": 3638.9105224609375,
  "summary_fg_stdv": 785.1940307617188,
  "tsnr": 99.945556640625
}