{
  "aor": 0.019244920000000006,
  "aqi": 0.001695292108,
  "bids_meta": {
    "AcquisitionDateTime": "2017-08-14T20:38:39.000000",
    "ConversionSoftware": "dcm2niix",
    "ConversionSoftwareVersion": "v1.0.20170411 GCC4.8.4",
    "EchoTime": 0.035,
    "FlipAngle": 90,
    "ImageType": [
      "ORIGINAL",
      "PRIMARY",
      "EPI",
      "NONE"
    ],
    "MagneticFieldStrength": 3,
    "Manufacturer": "GE",
    "ManufacturersModelName": "DISCOVERY_MR750",
    "ProcedureStepDescription": "CompMet",
    "ProtocolName": "fMRI_CompMet",
    "RepetitionTime": 2,
    "ScanningSequence": "EP_GR",
    "SequenceVariant": "SS",
    "SeriesDescription": "fMRI_CompMet",
    "dataset": "unknown",
    "modality": "bold",
    "run_id": 1,
    "subject_id": "70",
    "task_id": "cm"
  },
  "dummy_trs": 0,
  "dvars_nstd": 13.54687618361446,
  "dvars_std": 1.1038778105220883,
  "dvars_vstd": 0.983895493453815,
  "efc": 0.3350579090412256,
  "fber": 81837.6328125,
  "fd_mean": 0.0514382832329743,
  "fd_num": 0,
  "fd_perc": 0.0,
  "fwhm_avg": 2.999966666666667,
  "fwhm_x": 2.950925,
  "fwhm_y": 3.0387,
  "fwhm_z": 3.010275,
  "gcor": 0.0551831,
  "gsr_x": -0.003975751809775829,
  "gsr_y": 0.002563031855970621,
  "provenance": {
    "md5sum": "7c748342f3dd89e1bd3df2f2fa76787a",
    "settings": {
      "fd_thres": 0.2,
      "hmc_fsl": false
    },
    "software": "mriqc",
    "version": "0.15.2rc1",
    "webapi_port": null,
    "webapi_url": "https://mriqc.nimh.nih.gov/api/v1"
  },
  "size_t": 250,
  "size_x": 64,
  "size_y": 64,
  "size_z": 34,
  "snr": 2.5889350340105763,
  "spacing_tr": 2.0,
  "spacing_x": 4.0,
  "spacing_y": 4.0,
  "spacing_z": 4.0,
  "summary_bg_k": 92.64828727266111,
  "summary_bg_mad": 8.806657791137695,
  "summary_bg_mean": 25.19207763671875,
  "summary_bg_median": 6.860000133514404,
  "summary_bg_n": 95459.0,
  "summary_bg_p05": 0.3240000009536743,
  "summary_bg_p95": 99.9800033569336,
  "summary_bg_stdv": 74.14523315429688,
  "summary_fg_k": 0.5452050100912222,
  "summary_fg_mad": 630.5360107421875,
  "summary_fg_mean": 2125.353515625,
  "summary_fg_median": 2010.2041015625,
  "summary_fg_n": 16866.0,
  "summary_fg_p05": 943.4790496826172,
  "summary_fg_p95": 3608.3952026367188,
  "summary_fg_stdv": 776.4368286132812,
  "tsnr": 62.29057693481445
}