{
  "aor": 0.0071140495867768605,
  "aqi": 0.00682756673553719,
  "bids_meta": {
    "AcquisitionMatrixPE": 64,
    "AcquisitionNumber": 1,
    "AcquisitionTime": "18:36:36.000000",
    "BodyPartExamined": "HEAD",
    "CoilString": "32Ch_Head",
    "ConversionSoftware": "dcm2niix",
    "ConversionSoftwareVersion": "v1.0.20181125  (JP2:OpenJPEG) GCC7.3.0",
    "DeviceSerialNumber": "0002806034DVR750",
    "EchoTime": 0.04,
    "EffectiveEchoSpacing": 0.000372,
    "FlipAngle": 90,
    "ImageOrientationPatientDICOM": [
      1,
      0,
      0,
      0,
      1,
      0
    ],
    "ImageType": [
      "ORIGINAL",
      "PRIMARY",
      "EPI",
      "NONE"
    ],
    "ImagingFrequency": 127.772,
    "InPlanePhaseEncodingDirectionDICOM": "COL",
    "InstitutionName": "INSTITUTO_DE_NEUROBIOLOGIA",
    "MRAcquisitionType": "2D",
    "MagneticFieldStrength": 3,
    "Manufacturer": "GE",
    "ManufacturersModelName": "DISCOVERY_MR750",
    "Modality": "MR",
    "PatientPosition": "HFS",
    "PercentPhaseFOV": 100,
    "PhaseEncodingDirection": "j",
    "PhaseEncodingPolarityGE": "Flipped",
    "PixelBandwidth": 7812.5,
    "ProcedureStepDescription": "Emociones_AH",
    "ProtocolName": "fMRI_Jalil_1",
    "ReconMatrixPE": 64,
    "RepetitionTime": 2,
    "SAR": 0.165208,
    "ScanOptions": "EPI_GEMS_ACC_GEMS",
    "ScanningSequence": "EP_GR",
    "SequenceVariant": "SS",
    "SeriesDescription": "fMRI_Jalil_1",
    "SeriesNumber": 5,
    "SliceThickness": 4,
    "SliceTiming": [
      0,
      1.0285,
      0.0571001,
      1.0857,
      0.1142,
      1.1428,
      0.1714,
      1.2,
      0.2285,
      1.2571,
      0.2857,
      1.3143,
      0.3428,
      1.3714,
      0.4,
      1.4286,
      0.4571,
      1.4857,
      0.5142,
      1.5428,
      0.5714,
      1.6,
      0.6285,
      1.6571,
      0.6857,
      1.7143,
      0.7428,
      1.7714,
      0.8,
      1.8285,
      0.8571,
      1.8857,
      0.9143,
      1.9428,
      0.9714
    ],
    "SoftwareVersions": "27_LX_MR_Software_release:DV26.0_R02_1810.b",
    "SpacingBetweenSlices": 4,
    "StationName": "GEHCGEHC",
    "TaskName": "eah",
    "TotalReadoutTime": 0.023436,
    "dataset": "unknown",
    "modality": "bold",
    "run_id": 1,
    "subject_id": "34",
    "task_id": "eah"
  },
  "dummy_trs": 0,
  "dvars_nstd": 24.25333480174275,
  "dvars_std": 0.8859878034854768,
  "dvars_vstd": 0.8947045108713699,
  "efc": 0.33142099367990724,
  "fber": 62659.38671875,
  "fd_mean": 0.2538939169986571,
  "fd_num": 90,
  "fd_perc": 37.1900826446281,
  "fwhm_avg": 2.776491666666667,
  "fwhm_x": 2.77375,
  "fwhm_y": 2.9248,
  "fwhm_z": 2.630925,
  "gcor": 0.0583617,
  "gsr_x": -0.0015002223663032055,
  "gsr_y": -0.002226480981335044,
  "provenance": {
    "md5sum": "52e5df1aec8f410c28c4c9ba7635c6ca",
    "settings": {
      "fd_thres": 0.2,
      "hmc_fsl": false
    },
    "software": "mriqc",
    "version": "0.15.2rc1",
    "webapi_port": null,
    "webapi_url": "https://mriqc.nimh.nih.gov/api/v1"
  },
  "size_t": 242,
  "size_x": 64,
  "size_y": 64,
  "size_z": 35,
  "snr": 3.1146319154203708,
  "spacing_tr": 2.0,
  "spacing_x": 4.0,
  "spacing_y": 4.0,
  "spacing_z": 4.0,
  "summary_bg_k": 118.09945666597964,
  "summary_bg_mad": 8.938498497009277,
  "summary_bg_mean": 24.890514373779297,
  "summary_bg_median": 6.8842973709106445,
  "summary_bg_n": 101208.0,
  "summary_bg_p05": 0.28512394428253174,
  "summary_bg_p95": 93.35392227172849,
  "summary_bg_stdv": 77.0275650024414,
  "summary_fg_k": 0.32650051721812856,
  "summary_fg_mad": 490.9036865234375,
  "summary_fg_mean": 1720.527099609375,
  "summary_fg_median": 1728.4317626953125,
  "summary_fg_n": 15782.0,
  "summary_fg_p05": 738.6036682128906,
  "summary_fg_p95": 2634.0995483398438,
  "summary_fg_stdv": 554.9217529296875,
  "tsnr": 35.824703216552734
}