{
  "aor": 0.009192333333333334,
  "aqi": 0.0046619886,
  "bids_meta": {
    "AcquisitionMatrixPE": 64,
    "AcquisitionNumber": 1,
    "AcquisitionTime": "18:23:27.000000",
    "BodyPartExamined": "HEAD",
    "CoilString": "32Ch_Head",
    "ConversionSoftware": "dcm2niix",
    "ConversionSoftwareVersion": "v1.0.20181125  (JP2:OpenJPEG) GCC7.3.0",
    "DeviceSerialNumber": "0002806034DVR750",
    "EchoTime": 0.04,
    "EffectiveEchoSpacing": 0.000372,
    "FlipAngle": 90,
    "ImageOrientationPatientDICOM": [
      1,
      0,
      0,
      0,
      1,
      0
    ],
    "ImageType": [
      "ORIGINAL",
      "PRIMARY",
      "EPI",
      "NONE"
    ],
    "ImagingFrequency": 127.772,
    "InPlanePhaseEncodingDirectionDICOM": "COL",
    "InstitutionName": "INSTITUTO_DE_NEUROBIOLOGIA",
    "MRAcquisitionType": "2D",
    "MagneticFieldStrength": 3,
    "Manufacturer": "GE",
    "ManufacturersModelName": "DISCOVERY_MR750",
    "Modality": "MR",
    "PatientPosition": "HFS",
    "PercentPhaseFOV": 100,
    "PhaseEncodingDirection": "j",
    "PhaseEncodingPolarityGE": "Flipped",
    "PixelBandwidth": 7812.5,
    "ProcedureStepDescription": "Emociones_AH",
    "ProtocolName": "fMRI_RestState",
    "ReconMatrixPE": 64,
    "RepetitionTime": 2,
    "SAR": 0.165208,
    "ScanOptions": "EPI_GEMS_ACC_GEMS",
    "ScanningSequence": "EP_GR",
    "SequenceVariant": "SS",
    "SeriesDescription": "fMRI_RestState",
    "SeriesNumber": 3,
    "SliceThickness": 4,
    "SliceTiming": [
      0,
      1.0285,
      0.0571001,
      1.0857,
      0.1142,
      1.1428,
      0.1714,
      1.2,
      0.2285,
      1.2571,
      0.2857,
      1.3143,
      0.3428,
      1.3714,
      0.4,
      1.4286,
      0.4571,
      1.4857,
      0.5142,
      1.5428,
      0.5714,
      1.6,
      0.6285,
      1.6571,
      0.6857,
      1.7143,
      0.7428,
      1.7714,
      0.8,
      1.8285,
      0.8571,
      1.8857,
      0.9143,
      1.9428,
      0.9714
    ],
    "SoftwareVersions": "27_LX_MR_Software_release:DV26.0_R02_1810.b",
    "SpacingBetweenSlices": 4,
    "StationName": "GEHCGEHC",
    "TaskName": "rest",
    "TotalReadoutTime": 0.023436,
    "dataset": "unknown",
    "modality": "bold",
    "subject_id": "34",
    "task_id": "rest"
  },
  "dummy_trs": 0,
  "dvars_nstd": 14.990496989130433,
  "dvars_std": 1.047707875183947,
  "dvars_vstd": 1.025652158695652,
  "efc": 0.3325029116781957,
  "fber": 66934.4453125,
  "fd_mean": 0.0869209559168997,
  "fd_num": 18,
  "fd_perc": 6.0,
  "fwhm_avg": 2.7352916666666665,
  "fwhm_x": 2.74225,
  "fwhm_y": 2.90665,
  "fwhm_z": 2.556975,
  "gcor": 0.0248903,
  "gsr_x": -0.0031382711604237556,
  "gsr_y": 0.002096409909427166,
  "provenance": {
    "md5sum": "1cdfaa529ba420c99a3632cb9933e63c",
    "settings": {
      "fd_thres": 0.2,
      "hmc_fsl": false
    },
    "software": "mriqc",
    "version": "0.15.2rc1",
    "webapi_port": null,
    "webapi_url": "https://mriqc.nimh.nih.gov/api/v1"
  },
  "size_t": 300,
  "size_x": 64,
  "size_y": 64,
  "size_z": 35,
  "snr": 3.189569068977883,
  "spacing_tr": 2.0,
  "spacing_x": 4.0,
  "spacing_y": 4.0,
  "spacing_z": 4.0,
  "summary_bg_k": 274.26387640424184,
  "summary_bg_mad": 8.658397674560547,
  "summary_bg_mean": 26.15797233581543,
  "summary_bg_median": 6.713333606719971,
  "summary_bg_n": 101101.0,
  "summary_bg_p05": 0.31333333253860474,
  "summary_bg_p95": 94.91000366210938,
  "summary_bg_stdv": 95.07445526123047,
  "summary_fg_k": 0.3074840473162479,
  "summary_fg_mad": 491.83355712890625,
  "summary_fg_mean": 1724.44287109375,
  "summary_fg_median": 1736.885009765625,
  "summary_fg_n": 15776.0,
  "summary_fg_p05": 747.9266662597656,
  "summary_fg_p95": 2607.9800415039062,
  "summary_fg_stdv": 544.5343627929688,
  "tsnr": 49.19923782348633
}