{
  "aor": 0.004683214285714285,
  "aqi": 0.0032549506651785715,
  "bids_meta": {
    "AcquisitionMatrixPE": 64,
    "AcquisitionNumber": 1,
    "AcquisitionTime": "18:45:57.000000",
    "BodyPartExamined": "HEAD",
    "CoilString": "32Ch_Head",
    "ConversionSoftware": "dcm2niix",
    "ConversionSoftwareVersion": "v1.0.20181125  (JP2:OpenJPEG) GCC7.3.0",
    "DeviceSerialNumber": "0002806034DVR750",
    "EchoTime": 0.04,
    "EffectiveEchoSpacing": 0.000372,
    "FlipAngle": 90,
    "ImageOrientationPatientDICOM": [
      1,
      0,
      0,
      0,
      1,
      0
    ],
    "ImageType": [
      "ORIGINAL",
      "PRIMARY",
      "EPI",
      "NONE"
    ],
    "ImagingFrequency": 127.772,
    "InPlanePhaseEncodingDirectionDICOM": "COL",
    "InstitutionName": "INSTITUTO_DE_NEUROBIOLOGIA",
    "MRAcquisitionType": "2D",
    "MagneticFieldStrength": 3,
    "Manufacturer": "GE",
    "ManufacturersModelName": "DISCOVERY_MR750",
    "Modality": "MR",
    "PatientPosition": "HFS",
    "PercentPhaseFOV": 100,
    "PhaseEncodingDirection": "j",
    "PhaseEncodingPolarityGE": "Flipped",
    "PixelBandwidth": 7812.5,
    "ProcedureStepDescription": "Emociones_AH",
    "ProtocolName": "fMRI_Jalil_2",
    "ReconMatrixPE": 64,
    "RepetitionTime": 2,
    "SAR": 0.165208,
    "ScanOptions": "EPI_GEMS_ACC_GEMS",
    "ScanningSequence": "EP_GR",
    "SequenceVariant": "SS",
    "SeriesDescription": "fMRI_Jalil_2",
    "SeriesNumber": 6,
    "SliceThickness": 4,
    "SliceTiming": [
      0,
      1.0285,
      0.0571001,
      1.0857,
      0.1142,
      1.1428,
      0.1714,
      1.2,
      0.2285,
      1.2571,
      0.2857,
      1.3143,
      0.3428,
      1.3714,
      0.4,
      1.4286,
      0.4571,
      1.4857,
      0.5142,
      1.5428,
      0.5714,
      1.6,
      0.6285,
      1.6571,
      0.6857,
      1.7143,
      0.7428,
      1.7714,
      0.8,
      1.8285,
      0.8571,
      1.8857,
      0.9143,
      1.9428,
      0.9714
    ],
    "SoftwareVersions": "27_LX_MR_Software_release:DV26.0_R02_1810.b",
    "SpacingBetweenSlices": 4,
    "StationName": "GEHCGEHC",
    "TaskName": "eah",
    "TotalReadoutTime": 0.023436,
    "dataset": "unknown",
    "modality": "bold",
    "run_id": 2,
    "subject_id": "34",
    "task_id": "eah"
  },
  "dummy_trs": 0,
  "dvars_nstd": 16.417273179417037,
  "dvars_std": 1.0127800105829592,
  "dvars_vstd": 0.9606879203587447,
  "efc": 0.3324770340591723,
  "fber": 68294.1015625,
  "fd_mean": 0.12884079783872882,
  "fd_num": 39,
  "fd_perc": 17.410714285714285,
  "fwhm_avg": 2.7544750000000007,
  "fwhm_x": 2.735625,
  "fwhm_y": 2.89625,
  "fwhm_z": 2.63155,
  "gcor": 0.0270927,
  "gsr_x": -0.0005747664836235344,
  "gsr_y": -0.001469134003855288,
  "provenance": {
    "md5sum": "a1ab90d66017567cfb24647f29d928b4",
    "settings": {
      "fd_thres": 0.2,
      "hmc_fsl": false
    },
    "software": "mriqc",
    "version": "0.15.2rc1",
    "webapi_port": null,
    "webapi_url": "https://mriqc.nimh.nih.gov/api/v1"
  },
  "size_t": 224,
  "size_x": 64,
  "size_y": 64,
  "size_z": 35,
  "snr": 3.1680880955378714,
  "spacing_tr": 2.0,
  "spacing_x": 4.0,
  "spacing_y": 4.0,
  "spacing_z": 4.0,
  "summary_bg_k": 124.6555310714156,
  "summary_bg_mad": 8.743382453918457,
  "summary_bg_mean": 25.20178985595703,
  "summary_bg_median": 6.745535850524902,
  "summary_bg_n": 101099.0,
  "summary_bg_p05": 0.2633928656578064,
  "summary_bg_p95": 97.15625762939453,
  "summary_bg_stdv": 78.91987609863281,
  "summary_fg_k": 0.29310772932772844,
  "summary_fg_mad": 492.93212890625,
  "summary_fg_mean": 1767.001220703125,
  "summary_fg_median": 1763.44873046875,
  "summary_fg_n": 15862.0,
  "summary_fg_p05": 799.7254577636719,
  "summary_fg_p95": 2706.088562011718,
  "summary_fg_stdv": 556.6111450195312,
  "tsnr": 55.19668960571289
}