{
  "aor": 0.006693188976377953,
  "aqi": 0.0019327908740157478,
  "bids_meta": {
    "AcquisitionMatrixPE": 64,
    "AcquisitionNumber": 1,
    "AcquisitionTime": "18:54:15.000000",
    "BodyPartExamined": "HEAD",
    "CoilString": "32Ch_Head",
    "ConversionSoftware": "dcm2niix",
    "ConversionSoftwareVersion": "v1.0.20181125  (JP2:OpenJPEG) GCC7.3.0",
    "DeviceSerialNumber": "0002806034DVR750",
    "EchoTime": 0.04,
    "EffectiveEchoSpacing": 0.000372,
    "FlipAngle": 90,
    "ImageOrientationPatientDICOM": [
      1,
      0,
      0,
      0,
      1,
      0
    ],
    "ImageType": [
      "ORIGINAL",
      "PRIMARY",
      "EPI",
      "NONE"
    ],
    "ImagingFrequency": 127.772,
    "InPlanePhaseEncodingDirectionDICOM": "COL",
    "InstitutionName": "INSTITUTO_DE_NEUROBIOLOGIA",
    "MRAcquisitionType": "2D",
    "MagneticFieldStrength": 3,
    "Manufacturer": "GE",
    "ManufacturersModelName": "DISCOVERY_MR750",
    "Modality": "MR",
    "PatientPosition": "HFS",
    "PercentPhaseFOV": 100,
    "PhaseEncodingDirection": "j",
    "PhaseEncodingPolarityGE": "Flipped",
    "PixelBandwidth": 7812.5,
    "ProcedureStepDescription": "Emociones_AH",
    "ProtocolName": "fMRI_Jalil_3",
    "ReconMatrixPE": 64,
    "RepetitionTime": 2,
    "SAR": 0.165208,
    "ScanOptions": "EPI_GEMS_ACC_GEMS",
    "ScanningSequence": "EP_GR",
    "SequenceVariant": "SS",
    "SeriesDescription": "fMRI_Jalil_3",
    "SeriesNumber": 7,
    "SliceThickness": 4,
    "SliceTiming": [
      0,
      1.0285,
      0.0571001,
      1.0857,
      0.1142,
      1.1428,
      0.1714,
      1.2,
      0.2285,
      1.2571,
      0.2857,
      1.3143,
      0.3428,
      1.3714,
      0.4,
      1.4286,
      0.4571,
      1.4857,
      0.5142,
      1.5428,
      0.5714,
      1.6,
      0.6285,
      1.6571,
      0.6857,
      1.7143,
      0.7428,
      1.7714,
      0.8,
      1.8285,
      0.8571,
      1.8857,
      0.9143,
      1.9428,
      0.9714
    ],
    "SoftwareVersions": "27_LX_MR_Software_release:DV26.0_R02_1810.b",
    "SpacingBetweenSlices": 4,
    "StationName": "GEHCGEHC",
    "TaskName": "eah",
    "TotalReadoutTime": 0.023436,
    "dataset": "unknown",
    "modality": "bold",
    "run_id": 3,
    "subject_id": "34",
    "task_id": "eah"
  },
  "dummy_trs": 0,
  "dvars_nstd": 15.978465532371535,
  "dvars_std": 1.070184930237153,
  "dvars_vstd": 1.01535313632411,
  "efc": 0.33272877740226364,
  "fber": 61196.4921875,
  "fd_mean": 0.08943549729632728,
  "fd_num": 21,
  "fd_perc": 8.26771653543307,
  "fwhm_avg": 2.730083333333333,
  "fwhm_x": 2.732425,
  "fwhm_y": 2.884425,
  "fwhm_z": 2.5734,
  "gcor": 0.0449784,
  "gsr_x": -0.0013473655562847853,
  "gsr_y": -0.0008929206524044275,
  "provenance": {
    "md5sum": "c1375a50a3d8e27ad013db37f7a2f4fe",
    "settings": {
      "fd_thres": 0.2,
      "hmc_fsl": false
    },
    "software": "mriqc",
    "version": "0.15.2rc1",
    "webapi_port": null,
    "webapi_url": "https://mriqc.nimh.nih.gov/api/v1"
  },
  "size_t": 254,
  "size_x": 64,
  "size_y": 64,
  "size_z": 35,
  "snr": 3.1365176002544835,
  "spacing_tr": 2.0,
  "spacing_x": 4.0,
  "spacing_y": 4.0,
  "spacing_z": 4.0,
  "summary_bg_k": 122.2469085731627,
  "summary_bg_mad": 9.088234901428223,
  "summary_bg_mean": 25.245704650878906,
  "summary_bg_median": 6.976377964019775,
  "summary_bg_n": 101135.0,
  "summary_bg_p05": 0.22440944612026215,
  "summary_bg_p95": 97.55865783691394,
  "summary_bg_stdv": 78.68400573730469,
  "summary_fg_k": 0.28318602075746524,
  "summary_fg_mad": 493.4437561035156,
  "summary_fg_mean": 1732.8006591796875,
  "summary_fg_median": 1734.090576171875,
  "summary_fg_n": 15867.0,
  "summary_fg_p05": 764.5503784179689,
  "summary_fg_p95": 2649.0160400390623,
  "summary_fg_stdv": 552.8538818359375,
  "tsnr": 66.70445251464844
}