{
  "aor": 0.016146933333333332,
  "aqi": 0.003634784006666666,
  "bids_meta": {
    "AcquisitionMatrixPE": 64,
    "AcquisitionNumber": 1,
    "AcquisitionTime": "19:04:5.000000",
    "BodyPartExamined": "HEAD",
    "CoilString": "32Ch_Head",
    "ConversionSoftware": "dcm2niix",
    "ConversionSoftwareVersion": "v1.0.20181125  (JP2:OpenJPEG) GCC7.3.0",
    "DeviceSerialNumber": "0002806034DVR750",
    "EchoTime": 0.04,
    "EffectiveEchoSpacing": 0.000372,
    "FlipAngle": 90,
    "ImageOrientationPatientDICOM": [
      1,
      0,
      0,
      0,
      1,
      0
    ],
    "ImageType": [
      "ORIGINAL",
      "PRIMARY",
      "EPI",
      "NONE"
    ],
    "ImagingFrequency": 127.772,
    "InPlanePhaseEncodingDirectionDICOM": "COL",
    "InstitutionName": "INSTITUTO_DE_NEUROBIOLOGIA",
    "MRAcquisitionType": "2D",
    "MagneticFieldStrength": 3,
    "Manufacturer": "GE",
    "ManufacturersModelName": "DISCOVERY_MR750",
    "Modality": "MR",
    "PatientPosition": "HFS",
    "PercentPhaseFOV": 100,
    "PhaseEncodingDirection": "j",
    "PhaseEncodingPolarityGE": "Flipped",
    "PixelBandwidth": 7812.5,
    "ProcedureStepDescription": "Emociones_AH",
    "ProtocolName": "fMRI_Jalil_4",
    "ReconMatrixPE": 64,
    "RepetitionTime": 2,
    "SAR": 0.165208,
    "ScanOptions": "EPI_GEMS_ACC_GEMS",
    "ScanningSequence": "EP_GR",
    "SequenceVariant": "SS",
    "SeriesDescription": "fMRI_Jalil_4",
    "SeriesNumber": 8,
    "SliceThickness": 4,
    "SliceTiming": [
      0,
      1.0285,
      0.0571001,
      1.0857,
      0.1142,
      1.1428,
      0.1714,
      1.2,
      0.2285,
      1.2571,
      0.2857,
      1.3143,
      0.3428,
      1.3714,
      0.4,
      1.4286,
      0.4571,
      1.4857,
      0.5142,
      1.5428,
      0.5714,
      1.6,
      0.6285,
      1.6571,
      0.6857,
      1.7143,
      0.7428,
      1.7714,
      0.8,
      1.8285,
      0.8571,
      1.8857,
      0.9143,
      1.9428,
      0.9714
    ],
    "SoftwareVersions": "27_LX_MR_Software_release:DV26.0_R02_1810.b",
    "SpacingBetweenSlices": 4,
    "StationName": "GEHCGEHC",
    "TaskName": "eah",
    "TotalReadoutTime": 0.023436,
    "dataset": "unknown",
    "modality": "bold",
    "run_id": 4,
    "subject_id": "34",
    "task_id": "eah"
  },
  "dummy_trs": 0,
  "dvars_nstd": 18.977839617382546,
  "dvars_std": 1.107981771812081,
  "dvars_vstd": 1.0842775259060404,
  "efc": 0.3338563681762052,
  "fber": 56078.6796875,
  "fd_mean": 0.14901767328241017,
  "fd_num": 27,
  "fd_perc": 18.0,
  "fwhm_avg": 2.7094,
  "fwhm_x": 2.717025,
  "fwhm_y": 2.867075,
  "fwhm_z": 2.5441,
  "gcor": 0.0397983,
  "gsr_x": -0.002109924564138055,
  "gsr_y": -0.0024066052865236998,
  "provenance": {
    "md5sum": "8838ebf9e1a7e9ac8f459a0c4d1e2f22",
    "settings": {
      "fd_thres": 0.2,
      "hmc_fsl": false
    },
    "software": "mriqc",
    "version": "0.15.2rc1",
    "webapi_port": null,
    "webapi_url": "https://mriqc.nimh.nih.gov/api/v1"
  },
  "size_t": 150,
  "size_x": 64,
  "size_y": 64,
  "size_z": 35,
  "snr": 3.1289352539481174,
  "spacing_tr": 2.0,
  "spacing_x": 4.0,
  "spacing_y": 4.0,
  "spacing_z": 4.0,
  "summary_bg_k": 132.32062106170025,
  "summary_bg_mad": 9.330510139465332,
  "summary_bg_mean": 26.689382553100586,
  "summary_bg_median": 7.126667022705078,
  "summary_bg_n": 101411.0,
  "summary_bg_p05": 0.24666666984558105,
  "summary_bg_p95": 101.80666732788086,
  "summary_bg_stdv": 85.50684356689453,
  "summary_fg_k": 0.2646821170055098,
  "summary_fg_mad": 489.45654296875,
  "summary_fg_mean": 1699.52685546875,
  "summary_fg_median": 1698.7867431640625,
  "summary_fg_n": 15699.0,
  "summary_fg_p05": 745.8473266601563,
  "summary_fg_p95": 2605.3480224609375,
  "summary_fg_stdv": 542.9107666015625,
  "tsnr": 50.24485778808594
}