{
  "aor": 0.0006807333333333334,
  "aqi": 0.0028616325,
  "bids_meta": {
    "AcquisitionDateTime": "2017-08-24T19:23:1.000000",
    "ConversionSoftware": "dcm2niix",
    "ConversionSoftwareVersion": "v1.0.20170411 GCC4.8.4",
    "EchoTime": 0.04,
    "FlipAngle": 90,
    "ImageType": [
      "ORIGINAL",
      "PRIMARY",
      "EPI",
      "NONE"
    ],
    "MagneticFieldStrength": 3,
    "Manufacturer": "GE",
    "ManufacturersModelName": "DISCOVERY_MR750",
    "ProtocolName": "fMRI_RestState",
    "RepetitionTime": 2,
    "ScanningSequence": "EP_GR",
    "SequenceVariant": "SS",
    "SeriesDescription": "fMRI_RestState",
    "dataset": "unknown",
    "modality": "bold",
    "subject_id": "91",
    "task_id": "rest"
  },
  "dummy_trs": 0,
  "dvars_nstd": 14.29792445943143,
  "dvars_std": 1.0174151981605348,
  "dvars_vstd": 0.9591838783946482,
  "efc": 0.3363178011061966,
  "fber": 65131.90625,
  "fd_mean": 0.0703819180589792,
  "fd_num": 0,
  "fd_perc": 0.0,
  "fwhm_avg": 2.786166666666667,
  "fwhm_x": 2.687675,
  "fwhm_y": 3.036925,
  "fwhm_z": 2.6339,
  "gcor": 0.0291282,
  "gsr_x": -0.011861227452754974,
  "gsr_y": 0.010775448754429817,
  "provenance": {
    "md5sum": "c12c08ff8eedaa12b7c78c11ab0ff28b",
    "settings": {
      "fd_thres": 0.2,
      "hmc_fsl": false
    },
    "software": "mriqc",
    "version": "0.15.2rc1",
    "webapi_port": null,
    "webapi_url": "https://mriqc.nimh.nih.gov/api/v1"
  },
  "size_t": 300,
  "size_x": 64,
  "size_y": 64,
  "size_z": 34,
  "snr": 2.9739694526888507,
  "spacing_tr": 2.0,
  "spacing_x": 4.0,
  "spacing_y": 4.0,
  "spacing_z": 4.0,
  "summary_bg_k": 153.82387782170827,
  "summary_bg_mad": 8.989511489868164,
  "summary_bg_mean": 23.332294464111328,
  "summary_bg_median": 6.673333644866943,
  "summary_bg_n": 96107.0,
  "summary_bg_p05": 0.15333333611488342,
  "summary_bg_p95": 94.63466720581053,
  "summary_bg_stdv": 68.06038665771484,
  "summary_fg_k": 0.225312939206745,
  "summary_fg_mad": 526.4276123046875,
  "summary_fg_mean": 1699.765380859375,
  "summary_fg_median": 1716.751708984375,
  "summary_fg_n": 16398.0,
  "summary_fg_p05": 680.3470336914063,
  "summary_fg_p95": 2646.8961669921873,
  "summary_fg_stdv": 577.2417602539062,
  "tsnr": 64.55103302001953
}