{
  "aor": 0.006606239999999999,
  "aqi": 0.003524422024,
  "bids_meta": {
    "AcquisitionDateTime": "2017-08-24T20:03:45.000000",
    "ConversionSoftware": "dcm2niix",
    "ConversionSoftwareVersion": "v1.0.20170411 GCC4.8.4",
    "EchoTime": 0.035,
    "FlipAngle": 90,
    "ImageType": [
      "ORIGINAL",
      "PRIMARY",
      "EPI",
      "NONE"
    ],
    "MagneticFieldStrength": 3,
    "Manufacturer": "GE",
    "ManufacturersModelName": "DISCOVERY_MR750",
    "ProcedureStepDescription": "CompMet",
    "ProtocolName": "fMRI_CompMet",
    "RepetitionTime": 2,
    "ScanningSequence": "EP_GR",
    "SequenceVariant": "SS",
    "SeriesDescription": "fMRI_CompMet",
    "dataset": "unknown",
    "modality": "bold",
    "run_id": 2,
    "subject_id": "91",
    "task_id": "cm"
  },
  "dummy_trs": 0,
  "dvars_nstd": 13.395678302008022,
  "dvars_std": 0.9605538099196788,
  "dvars_vstd": 0.9398281400000003,
  "efc": 0.3733131525039914,
  "fber": 78471.171875,
  "fd_mean": 0.06910846409407137,
  "fd_num": 5,
  "fd_perc": 2.0,
  "fwhm_avg": 2.9798500000000003,
  "fwhm_x": 2.8714,
  "fwhm_y": 3.0245,
  "fwhm_z": 3.04365,
  "gcor": 0.0114113,
  "gsr_x": -0.00885198824107647,
  "gsr_y": 0.010692954994738102,
  "provenance": {
    "md5sum": "2858928a8e7468882604f58ac8506097",
    "settings": {
      "fd_thres": 0.2,
      "hmc_fsl": false
    },
    "software": "mriqc",
    "version": "0.15.2rc1",
    "webapi_port": null,
    "webapi_url": "https://mriqc.nimh.nih.gov/api/v1"
  },
  "size_t": 250,
  "size_x": 64,
  "size_y": 64,
  "size_z": 34,
  "snr": 2.427537215442272,
  "spacing_tr": 2.0,
  "spacing_x": 4.0,
  "spacing_y": 4.0,
  "spacing_z": 4.0,
  "summary_bg_k": 81.5271805836266,
  "summary_bg_mad": 9.782210350036621,
  "summary_bg_mean": 39.551666259765625,
  "summary_bg_median": 6.926000595092773,
  "summary_bg_n": 91454.0,
  "summary_bg_p05": 0.09600000083446503,
  "summary_bg_p95": 189.79600524902344,
  "summary_bg_stdv": 116.71770477294922,
  "summary_fg_k": 0.5729549505875471,
  "summary_fg_mad": 722.9346923828125,
  "summary_fg_mean": 2075.828125,
  "summary_fg_median": 1987.38818359375,
  "summary_fg_n": 20310.0,
  "summary_fg_p05": 797.8168365478516,
  "summary_fg_p95": 3568.6899536132814,
  "summary_fg_stdv": 818.664794921875,
  "tsnr": 50.922508239746094
}