{
  "aor": 0.008831119999999998,
  "aqi": 0.00428643736,
  "bids_meta": {
    "AcquisitionDateTime": "2017-08-24T19:54:9.000000",
    "ConversionSoftware": "dcm2niix",
    "ConversionSoftwareVersion": "v1.0.20170411 GCC4.8.4",
    "EchoTime": 0.035,
    "FlipAngle": 90,
    "ImageType": [
      "ORIGINAL",
      "PRIMARY",
      "EPI",
      "NONE"
    ],
    "MagneticFieldStrength": 3,
    "Manufacturer": "GE",
    "ManufacturersModelName": "DISCOVERY_MR750",
    "ProcedureStepDescription": "CompMet",
    "ProtocolName": "fMRI_CompMet",
    "RepetitionTime": 2,
    "ScanningSequence": "EP_GR",
    "SequenceVariant": "SS",
    "SeriesDescription": "fMRI_CompMet",
    "dataset": "unknown",
    "modality": "bold",
    "run_id": 1,
    "subject_id": "91",
    "task_id": "cm"
  },
  "dummy_trs": 0,
  "dvars_nstd": 16.300785367469878,
  "dvars_std": 1.0109396821285141,
  "dvars_vstd": 0.9901997822489956,
  "efc": 0.3735002900701862,
  "fber": 81812.0703125,
  "fd_mean": 0.14376308021349873,
  "fd_num": 41,
  "fd_perc": 16.4,
  "fwhm_avg": 2.9831083333333335,
  "fwhm_x": 2.8387,
  "fwhm_y": 3.043275,
  "fwhm_z": 3.06735,
  "gcor": 0.0240668,
  "gsr_x": -0.008628842420876026,
  "gsr_y": 0.010963496752083302,
  "provenance": {
    "md5sum": "725596a1c8f6c1b45e5763574f829906",
    "settings": {
      "fd_thres": 0.2,
      "hmc_fsl": false
    },
    "software": "mriqc",
    "version": "0.15.2rc1",
    "webapi_port": null,
    "webapi_url": "https://mriqc.nimh.nih.gov/api/v1"
  },
  "size_t": 250,
  "size_x": 64,
  "size_y": 64,
  "size_z": 34,
  "snr": 2.5022822475940973,
  "spacing_tr": 2.0,
  "spacing_x": 4.0,
  "spacing_y": 4.0,
  "spacing_z": 4.0,
  "summary_bg_k": 75.67874686795965,
  "summary_bg_mad": 9.99867057800293,
  "summary_bg_mean": 39.79399108886719,
  "summary_bg_median": 7.048000335693359,
  "summary_bg_n": 91513.0,
  "summary_bg_p05": 0.08800000697374344,
  "summary_bg_p95": 185.7360137939452,
  "summary_bg_stdv": 117.28994750976562,
  "summary_fg_k": 0.6277451914061354,
  "summary_fg_mad": 712.3162841796875,
  "summary_fg_mean": 2123.718017578125,
  "summary_fg_median": 2033.89404296875,
  "summary_fg_n": 20192.0,
  "summary_fg_p05": 866.5518218994141,
  "summary_fg_p95": 3601.6189208984374,
  "summary_fg_stdv": 812.7954711914062,
  "tsnr": 45.210601806640625
}