{
  "aor": 0.0014614117647058825,
  "aqi": 0.0017024456352941176,
  "bids_meta": {
    "AcquisitionDateTime": "2016-05-18T18:41:47.000000",
    "ConversionSoftware": "dcm2niix",
    "ConversionSoftwareVersion": "v1.0.20170411 GCC4.8.4",
    "EchoTime": 0.04,
    "FlipAngle": 90,
    "ImageType": [
      "ORIGINAL",
      "PRIMARY",
      "EPI",
      "NONE"
    ],
    "MagneticFieldStrength": 3,
    "Manufacturer": "GE",
    "ManufacturersModelName": "DISCOVERY_MR750",
    "ProcedureStepDescription": "ActosHabla",
    "ProtocolName": "fMRI_ActosHabla_3",
    "RepetitionTime": 2,
    "ScanningSequence": "EP_GR",
    "SequenceVariant": "SS",
    "SeriesDescription": "fMRI_ActosHabla_3",
    "dataset": "unknown",
    "modality": "bold",
    "run_id": 3,
    "subject_id": "08",
    "task_id": "rah"
  },
  "dummy_trs": 0,
  "dvars_nstd": 15.287459929133862,
  "dvars_std": 1.0808389899999997,
  "dvars_vstd": 1.005033064251968,
  "efc": 0.3465789515805844,
  "fber": 87964.0078125,
  "fd_mean": 0.06435960656834902,
  "fd_num": 3,
  "fd_perc": 1.1764705882352942,
  "fwhm_avg": 2.7574583333333336,
  "fwhm_x": 2.659375,
  "fwhm_y": 3.03625,
  "fwhm_z": 2.57675,
  "gcor": 0.0300394,
  "gsr_x": -0.001385371433570981,
  "gsr_y": -0.000943120161537081,
  "provenance": {
    "md5sum": "860d9bfdf05dc37aa941286ab2839e26",
    "settings": {
      "fd_thres": 0.2,
      "hmc_fsl": false
    },
    "software": "mriqc",
    "version": "0.15.2rc1",
    "webapi_port": null,
    "webapi_url": "https://mriqc.nimh.nih.gov/api/v1"
  },
  "size_t": 255,
  "size_x": 64,
  "size_y": 64,
  "size_z": 35,
  "snr": 3.024038965086519,
  "spacing_tr": 2.0,
  "spacing_x": 4.0,
  "spacing_y": 4.0,
  "spacing_z": 4.0,
  "summary_bg_k": 201.815680824745,
  "summary_bg_mad": 8.163034439086914,
  "summary_bg_mean": 26.854623794555664,
  "summary_bg_median": 5.878431797027588,
  "summary_bg_n": 98257.0,
  "summary_bg_p05": 0.08235294371843338,
  "summary_bg_p95": 103.37883300781242,
  "summary_bg_stdv": 82.00342559814453,
  "summary_fg_k": 0.1270226048891061,
  "summary_fg_mad": 532.9111938476562,
  "summary_fg_mean": 1728.2655029296875,
  "summary_fg_median": 1712.423583984375,
  "summary_fg_n": 17485.0,
  "summary_fg_p05": 782.06201171875,
  "summary_fg_p95": 2673.7695312499995,
  "summary_fg_stdv": 566.254150390625,
  "tsnr": 72.68431854248047
}