{
  "aor": 0.001310689655172414,
  "aqi": 0.0021311752490421458,
  "bids_meta": {
    "AcquisitionDateTime": "2017-01-31T18:33:18.000000",
    "ConversionSoftware": "dcm2niix",
    "ConversionSoftwareVersion": "v1.0.20170411 GCC4.8.4",
    "EchoTime": 0.04,
    "FlipAngle": 90,
    "ImageType": [
      "ORIGINAL",
      "PRIMARY",
      "EPI",
      "NONE"
    ],
    "MagneticFieldStrength": 3,
    "Manufacturer": "GE",
    "ManufacturersModelName": "DISCOVERY_MR750",
    "ProcedureStepDescription": "ActosHabla",
    "ProtocolName": "fMRI_ActosHabla_1",
    "RepetitionTime": 2,
    "ScanningSequence": "EP_GR",
    "SequenceVariant": "SS",
    "SeriesDescription": "fMRI_ActosHabla_1",
    "dataset": "unknown",
    "modality": "bold",
    "run_id": 1,
    "subject_id": "12",
    "task_id": "rah"
  },
  "dummy_trs": 0,
  "dvars_nstd": 19.00282103865384,
  "dvars_std": 1.057354805846154,
  "dvars_vstd": 0.9851013327692304,
  "efc": 0.38205822626183394,
  "fber": 25534.21875,
  "fd_mean": 0.08989298286832953,
  "fd_num": 10,
  "fd_perc": 3.8314176245210727,
  "fwhm_avg": 2.8233833333333336,
  "fwhm_x": 2.760325,
  "fwhm_y": 3.010425,
  "fwhm_z": 2.6994,
  "gcor": 0.0557882,
  "gsr_x": -0.0020009514410048723,
  "gsr_y": -0.005711069796234369,
  "provenance": {
    "md5sum": "66e7ec999fe43d6855759a025624cd82",
    "settings": {
      "fd_thres": 0.2,
      "hmc_fsl": false
    },
    "software": "mriqc",
    "version": "0.15.2rc1",
    "webapi_port": null,
    "webapi_url": "https://mriqc.nimh.nih.gov/api/v1"
  },
  "size_t": 261,
  "size_x": 64,
  "size_y": 64,
  "size_z": 35,
  "snr": 2.739391028080894,
  "spacing_tr": 2.0,
  "spacing_x": 4.0,
  "spacing_y": 4.0,
  "spacing_z": 4.0,
  "summary_bg_k": 50.97133766746849,
  "summary_bg_mad": 14.576082229614258,
  "summary_bg_mean": 45.22084045410156,
  "summary_bg_median": 9.984674453735352,
  "summary_bg_n": 95978.0,
  "summary_bg_p05": 0.01149425283074379,
  "summary_bg_p95": 189.82662048339833,
  "summary_bg_stdv": 114.01757049560547,
  "summary_fg_k": 0.24110882930547284,
  "summary_fg_mad": 578.9989013671875,
  "summary_fg_mean": 1687.0804443359375,
  "summary_fg_median": 1669.5172119140625,
  "summary_fg_n": 19580.0,
  "summary_fg_p05": 687.7009155273438,
  "summary_fg_p95": 2715.0074096679687,
  "summary_fg_stdv": 609.4327392578125,
  "tsnr": 56.16533279418945
}