{
  "aor": 0.003042235294117647,
  "aqi": 0.005032989176470589,
  "bids_meta": {
    "AcquisitionDateTime": "2017-01-31T18:53:11.000000",
    "ConversionSoftware": "dcm2niix",
    "ConversionSoftwareVersion": "v1.0.20170411 GCC4.8.4",
    "EchoTime": 0.04,
    "FlipAngle": 90,
    "ImageType": [
      "ORIGINAL",
      "PRIMARY",
      "EPI",
      "NONE"
    ],
    "MagneticFieldStrength": 3,
    "Manufacturer": "GE",
    "ManufacturersModelName": "DISCOVERY_MR750",
    "ProcedureStepDescription": "ActosHabla",
    "ProtocolName": "fMRI_ActosHabla_3",
    "RepetitionTime": 2,
    "ScanningSequence": "EP_GR",
    "SequenceVariant": "SS",
    "SeriesDescription": "fMRI_ActosHabla_3",
    "dataset": "unknown",
    "modality": "bold",
    "run_id": 3,
    "subject_id": "12",
    "task_id": "rah"
  },
  "dummy_trs": 0,
  "dvars_nstd": 21.11785086330705,
  "dvars_std": 1.00941764555118,
  "dvars_vstd": 0.9450719433464572,
  "efc": 0.3834205077610844,
  "fber": 26434.083984375,
  "fd_mean": 0.15434704764379736,
  "fd_num": 57,
  "fd_perc": 22.352941176470587,
  "fwhm_avg": 2.89705,
  "fwhm_x": 2.823525,
  "fwhm_y": 3.050825,
  "fwhm_z": 2.8168,
  "gcor": 0.0525526,
  "gsr_x": -0.001348072662949562,
  "gsr_y": -0.0034810281358659267,
  "provenance": {
    "md5sum": "3118b9ddba162fc15c1f595f7fb3ad8a",
    "settings": {
      "fd_thres": 0.2,
      "hmc_fsl": false
    },
    "software": "mriqc",
    "version": "0.15.2rc1",
    "webapi_port": null,
    "webapi_url": "https://mriqc.nimh.nih.gov/api/v1"
  },
  "size_t": 255,
  "size_x": 64,
  "size_y": 64,
  "size_z": 35,
  "snr": 2.689520975830549,
  "spacing_tr": 2.0,
  "spacing_x": 4.0,
  "spacing_y": 4.0,
  "spacing_z": 4.0,
  "summary_bg_k": 52.97534518529945,
  "summary_bg_mad": 14.38996410369873,
  "summary_bg_mean": 45.73666763305664,
  "summary_bg_median": 9.878432273864746,
  "summary_bg_n": 95581.0,
  "summary_bg_p05": 0.019607843831181526,
  "summary_bg_p95": 195.28628540039062,
  "summary_bg_stdv": 115.84141540527344,
  "summary_fg_k": 0.3036259840230082,
  "summary_fg_mad": 583.26171875,
  "summary_fg_mean": 1693.65625,
  "summary_fg_median": 1671.9923095703125,
  "summary_fg_n": 19901.0,
  "summary_fg_p05": 677.11767578125,
  "summary_fg_p95": 2756.2041015625,
  "summary_fg_stdv": 621.653564453125,
  "tsnr": 39.33858108520508
}