{
  "aor": 0.002024685039370079,
  "aqi": 0.0022130446062992126,
  "bids_meta": {
    "AcquisitionDateTime": "2017-01-31T18:43:26.000000",
    "ConversionSoftware": "dcm2niix",
    "ConversionSoftwareVersion": "v1.0.20170411 GCC4.8.4",
    "EchoTime": 0.04,
    "FlipAngle": 90,
    "ImageType": [
      "ORIGINAL",
      "PRIMARY",
      "EPI",
      "NONE"
    ],
    "MagneticFieldStrength": 3,
    "Manufacturer": "GE",
    "ManufacturersModelName": "DISCOVERY_MR750",
    "ProcedureStepDescription": "ActosHabla",
    "ProtocolName": "fMRI_ActosHabla_2",
    "RepetitionTime": 2,
    "ScanningSequence": "EP_GR",
    "SequenceVariant": "SS",
    "SeriesDescription": "fMRI_ActosHabla_2",
    "dataset": "unknown",
    "modality": "bold",
    "run_id": 2,
    "subject_id": "12",
    "task_id": "rah"
  },
  "dummy_trs": 0,
  "dvars_nstd": 21.40905801288537,
  "dvars_std": 1.108883696047431,
  "dvars_vstd": 1.0110892643873517,
  "efc": 0.3827655025920573,
  "fber": 25779.416015625,
  "fd_mean": 0.13497412346991966,
  "fd_num": 38,
  "fd_perc": 14.960629921259843,
  "fwhm_avg": 2.8585333333333334,
  "fwhm_x": 2.793025,
  "fwhm_y": 3.03115,
  "fwhm_z": 2.751425,
  "gcor": 0.0506212,
  "gsr_x": -0.0017782680224627256,
  "gsr_y": -0.00494852801784873,
  "provenance": {
    "md5sum": "f4af276c9dde75db900e45a7ff0e9a9b",
    "settings": {
      "fd_thres": 0.2,
      "hmc_fsl": false
    },
    "software": "mriqc",
    "version": "0.15.2rc1",
    "webapi_port": null,
    "webapi_url": "https://mriqc.nimh.nih.gov/api/v1"
  },
  "size_t": 254,
  "size_x": 64,
  "size_y": 64,
  "size_z": 35,
  "snr": 2.704957571493043,
  "spacing_tr": 2.0,
  "spacing_x": 4.0,
  "spacing_y": 4.0,
  "spacing_z": 4.0,
  "summary_bg_k": 51.41576714249395,
  "summary_bg_mad": 14.621726989746094,
  "summary_bg_mean": 45.70857238769531,
  "summary_bg_median": 10.019684791564941,
  "summary_bg_n": 95758.0,
  "summary_bg_p05": 0.015748031437397003,
  "summary_bg_p95": 193.27342376708975,
  "summary_bg_stdv": 115.70182800292969,
  "summary_fg_k": 0.30716851660030153,
  "summary_fg_mad": 583.69873046875,
  "summary_fg_mean": 1696.2593994140625,
  "summary_fg_median": 1677.7657470703125,
  "summary_fg_n": 19788.0,
  "summary_fg_p05": 683.5913330078125,
  "summary_fg_p95": 2746.548059082031,
  "summary_fg_stdv": 620.2401733398438,
  "tsnr": 55.645511627197266
}