{
  "aor": 0.0010906,
  "aqi": 0.00088903628,
  "bids_meta": {
    "AcquisitionDateTime": "2017-08-23T19:47:1.000000",
    "ConversionSoftware": "dcm2niix",
    "ConversionSoftwareVersion": "v1.0.20170411 GCC4.8.4",
    "EchoTime": 0.035,
    "FlipAngle": 90,
    "ImageType": [
      "ORIGINAL",
      "PRIMARY",
      "EPI",
      "NONE"
    ],
    "MagneticFieldStrength": 3,
    "Manufacturer": "GE",
    "ManufacturersModelName": "DISCOVERY_MR750",
    "ProcedureStepDescription": "CompMet",
    "ProtocolName": "fMRI_CompMet",
    "RepetitionTime": 2,
    "ScanningSequence": "EP_GR",
    "SequenceVariant": "SS",
    "SeriesDescription": "fMRI_CompMet",
    "dataset": "unknown",
    "modality": "bold",
    "run_id": 2,
    "subject_id": "88",
    "task_id": "cm"
  },
  "dummy_trs": 0,
  "dvars_nstd": 17.846660069879515,
  "dvars_std": 1.2179231651807225,
  "dvars_vstd": 1.0228641266265062,
  "efc": 0.3411473367227936,
  "fber": 101118.9140625,
  "fd_mean": 0.09055559223590313,
  "fd_num": 7,
  "fd_perc": 2.8,
  "fwhm_avg": 2.8900916666666667,
  "fwhm_x": 2.730975,
  "fwhm_y": 2.944625,
  "fwhm_z": 2.994675,
  "gcor": 0.0482425,
  "gsr_x": -0.007799759041517973,
  "gsr_y": 0.0032038185745477676,
  "provenance": {
    "md5sum": "5e9a269573ccae71ab6c517b0ed503d7",
    "settings": {
      "fd_thres": 0.2,
      "hmc_fsl": false
    },
    "software": "mriqc",
    "version": "0.15.2rc1",
    "webapi_port": null,
    "webapi_url": "https://mriqc.nimh.nih.gov/api/v1"
  },
  "size_t": 250,
  "size_x": 64,
  "size_y": 64,
  "size_z": 34,
  "snr": 2.6010609985205497,
  "spacing_tr": 2.0,
  "spacing_x": 4.0,
  "spacing_y": 4.0,
  "spacing_z": 4.0,
  "summary_bg_k": 87.25526636782024,
  "summary_bg_mad": 7.881513595581055,
  "summary_bg_mean": 26.69710922241211,
  "summary_bg_median": 6.116000175476074,
  "summary_bg_n": 95153.0,
  "summary_bg_p05": 0.3400000035762787,
  "summary_bg_p95": 116.51120452880855,
  "summary_bg_stdv": 80.9867172241211,
  "summary_fg_k": 0.7411227912147988,
  "summary_fg_mad": 623.7129516601562,
  "summary_fg_mean": 2027.3017578125,
  "summary_fg_median": 1927.01806640625,
  "summary_fg_n": 17534.0,
  "summary_fg_p05": 954.5546417236328,
  "summary_fg_p95": 3449.9432861328123,
  "summary_fg_stdv": 740.8373413085938,
  "tsnr": 89.55178833007812
}