{
  "aor": 0.00101148,
  "aqi": 0.00108839118,
  "bids_meta": {
    "AcquisitionDateTime": "2017-08-23T19:37:17.000000",
    "ConversionSoftware": "dcm2niix",
    "ConversionSoftwareVersion": "v1.0.20170411 GCC4.8.4",
    "EchoTime": 0.035,
    "FlipAngle": 90,
    "ImageType": [
      "ORIGINAL",
      "PRIMARY",
      "EPI",
      "NONE"
    ],
    "MagneticFieldStrength": 3,
    "Manufacturer": "GE",
    "ManufacturersModelName": "DISCOVERY_MR750",
    "ProcedureStepDescription": "CompMet",
    "ProtocolName": "fMRI_CompMet",
    "RepetitionTime": 2,
    "ScanningSequence": "EP_GR",
    "SequenceVariant": "SS",
    "SeriesDescription": "fMRI_CompMet",
    "dataset": "unknown",
    "modality": "bold",
    "run_id": 1,
    "subject_id": "88",
    "task_id": "cm"
  },
  "dummy_trs": 0,
  "dvars_nstd": 17.155723181204817,
  "dvars_std": 1.177387324457832,
  "dvars_vstd": 0.9882008330522086,
  "efc": 0.3418157127911941,
  "fber": 101852.6796875,
  "fd_mean": 0.08556067714123292,
  "fd_num": 6,
  "fd_perc": 2.4,
  "fwhm_avg": 2.91185,
  "fwhm_x": 2.74645,
  "fwhm_y": 2.963625,
  "fwhm_z": 3.025475,
  "gcor": 0.0258491,
  "gsr_x": -0.007873865775763988,
  "gsr_y": 0.003268105909228325,
  "provenance": {
    "md5sum": "f688dd49a44e8f96061211ab4777696d",
    "settings": {
      "fd_thres": 0.2,
      "hmc_fsl": false
    },
    "software": "mriqc",
    "version": "0.15.2rc1",
    "webapi_port": null,
    "webapi_url": "https://mriqc.nimh.nih.gov/api/v1"
  },
  "size_t": 250,
  "size_x": 64,
  "size_y": 64,
  "size_z": 34,
  "snr": 2.61520310444835,
  "spacing_tr": 2.0,
  "spacing_x": 4.0,
  "spacing_y": 4.0,
  "spacing_z": 4.0,
  "summary_bg_k": 83.0986744770425,
  "summary_bg_mad": 7.875583648681641,
  "summary_bg_mean": 26.429880142211914,
  "summary_bg_median": 6.116000175476074,
  "summary_bg_n": 94984.0,
  "summary_bg_p05": 0.3400000035762787,
  "summary_bg_p95": 114.46800231933594,
  "summary_bg_stdv": 78.61396026611328,
  "summary_fg_k": 0.7177312443656398,
  "summary_fg_mad": 612.6470336914062,
  "summary_fg_mean": 2046.843505859375,
  "summary_fg_median": 1941.548095703125,
  "summary_fg_n": 17623.0,
  "summary_fg_p05": 970.4448547363281,
  "summary_fg_p95": 3474.0218261718746,
  "summary_fg_stdv": 742.3870849609375,
  "tsnr": 82.87567138671875
}