{
  "aor": 0.0026705333333333337,
  "aqi": 0.0032066180099999996,
  "bids_meta": {
    "AcquisitionMatrixPE": 64,
    "AcquisitionNumber": 1,
    "AcquisitionTime": "19:35:57.000000",
    "CoilString": "32Ch_Head",
    "ConversionSoftware": "dcm2niix",
    "ConversionSoftwareVersion": "v1.0.20190902",
    "Dcm2bidsVersion": "2.1.4",
    "DeviceSerialNumber": "000000000000GEHC",
    "EchoTime": 0.04,
    "EffectiveEchoSpacing": 0.000372,
    "FlipAngle": 90,
    "ImageOrientationPatientDICOM": [
      1,
      0,
      0,
      0,
      1,
      0
    ],
    "ImageType": [
      "ORIGINAL",
      "PRIMARY",
      "EPI",
      "NONE"
    ],
    "ImagingFrequency": 127.772,
    "InPlanePhaseEncodingDirectionDICOM": "COL",
    "InstitutionName": "INSTITUTO_DE_NEUROBIOLOGIA",
    "MRAcquisitionType": "2D",
    "MagneticFieldStrength": 3,
    "Manufacturer": "GE",
    "ManufacturersModelName": "DISCOVERY_MR750",
    "Modality": "MR",
    "PatientPosition": "HFS",
    "PercentPhaseFOV": 100,
    "PhaseEncodingDirection": "j",
    "PhaseEncodingPolarityGE": "Flipped",
    "PixelBandwidth": 7812.5,
    "ProcedureStepDescription": "verbos",
    "ProtocolName": "fMRI_RestState",
    "ReconMatrixPE": 64,
    "RepetitionTime": 2,
    "SAR": 0.355837,
    "ScanOptions": "EPI_GEMS_ACC_GEMS",
    "ScanningSequence": "EP_GR",
    "SequenceVariant": "SS",
    "SeriesDescription": "fMRI_RestState",
    "SeriesNumber": 12,
    "SliceThickness": 4,
    "SliceTiming": [
      0,
      1.0285,
      0.0571001,
      1.0857,
      0.1142,
      1.1428,
      0.1714,
      1.2,
      0.2285,
      1.2571,
      0.2857,
      1.3143,
      0.3428,
      1.3714,
      0.4,
      1.4286,
      0.4571,
      1.4857,
      0.5142,
      1.5428,
      0.5714,
      1.6,
      0.6285,
      1.6571,
      0.6857,
      1.7143,
      0.7428,
      1.7714,
      0.8,
      1.8285,
      0.8571,
      1.8857,
      0.9143,
      1.9428,
      0.9714
    ],
    "SoftwareVersions": "24_LX_MR_Software_release:DV24.0_R02_1607.b",
    "SpacingBetweenSlices": 4,
    "StationName": "GEHCGEHC",
    "TotalReadoutTime": 0.023436,
    "dataset": "unknown",
    "modality": "bold",
    "subject_id": "124",
    "task_id": "rest"
  },
  "dummy_trs": 0,
  "dvars_nstd": 19.125649184448157,
  "dvars_std": 1.084253804046823,
  "dvars_vstd": 0.9324436534448164,
  "efc": 0.32014774701778903,
  "fber": 73912.15625,
  "fd_mean": 0.06385383584151465,
  "fd_num": 2,
  "fd_perc": 0.6666666666666666,
  "fwhm_avg": 2.8000583333333338,
  "fwhm_x": 2.8381,
  "fwhm_y": 3.0228,
  "fwhm_z": 2.539275,
  "gcor": 0.0236854,
  "gsr_x": -0.011949483305215836,
  "gsr_y": 0.002651731250807643,
  "provenance": {
    "md5sum": "5b072f9201f84afe6d43868f18d6ba11",
    "settings": {
      "fd_thres": 0.2,
      "hmc_fsl": false
    },
    "software": "mriqc",
    "version": "0.15.2rc1",
    "webapi_port": null,
    "webapi_url": "https://mriqc.nimh.nih.gov/api/v1"
  },
  "size_t": 300,
  "size_x": 64,
  "size_y": 64,
  "size_z": 35,
  "snr": 2.7235954902125465,
  "spacing_tr": 2.0,
  "spacing_x": 4.0,
  "spacing_y": 4.0,
  "spacing_z": 4.0,
  "summary_bg_k": 208.455454601901,
  "summary_bg_mad": 7.363591194152832,
  "summary_bg_mean": 20.960487365722656,
  "summary_bg_median": 5.670000076293945,
  "summary_bg_n": 101314.0,
  "summary_bg_p05": 0.19333334267139435,
  "summary_bg_p95": 84.54466857910145,
  "summary_bg_stdv": 65.76470184326172,
  "summary_fg_k": -0.11343883087780604,
  "summary_fg_mad": 560.1073608398438,
  "summary_fg_mean": 1576.1458740234375,
  "summary_fg_median": 1561.20166015625,
  "summary_fg_n": 15512.0,
  "summary_fg_p05": 625.6421966552734,
  "summary_fg_p95": 2548.474499511718,
  "summary_fg_stdv": 573.1950073242188,
  "tsnr": 52.34889221191406
}