{
  "aor": 0.004005517241379311,
  "aqi": 0.0012336125057471263,
  "bids_meta": {
    "AcquisitionMatrixPE": 64,
    "AcquisitionNumber": 1,
    "AcquisitionTime": "19:08:43.000000",
    "CoilString": "32Ch_Head",
    "ConversionSoftware": "dcm2niix",
    "ConversionSoftwareVersion": "v1.0.20190902",
    "Dcm2bidsVersion": "2.1.4",
    "DeviceSerialNumber": "000000000000GEHC",
    "EchoTime": 0.04,
    "EffectiveEchoSpacing": 0.000372,
    "FlipAngle": 90,
    "ImageOrientationPatientDICOM": [
      1,
      0,
      0,
      0,
      1,
      0
    ],
    "ImageType": [
      "ORIGINAL",
      "PRIMARY",
      "EPI",
      "NONE"
    ],
    "ImagingFrequency": 127.772,
    "InPlanePhaseEncodingDirectionDICOM": "ROW",
    "InstitutionName": "INSTITUTO_DE_NEUROBIOLOGIA",
    "MRAcquisitionType": "2D",
    "MagneticFieldStrength": 3,
    "Manufacturer": "GE",
    "ManufacturersModelName": "DISCOVERY_MR750",
    "Modality": "MR",
    "PatientPosition": "HFS",
    "PercentPhaseFOV": 100,
    "PhaseEncodingDirection": "i-",
    "PhaseEncodingPolarityGE": "Flipped",
    "PixelBandwidth": 7812.5,
    "ProcedureStepDescription": "verbos",
    "ProtocolName": "fMRI_5",
    "ReconMatrixPE": 64,
    "RepetitionTime": 2,
    "SAR": 0.355837,
    "ScanOptions": "EPI_GEMS_ACC_GEMS",
    "ScanningSequence": "EP_GR",
    "SequenceVariant": "SS",
    "SeriesDescription": "fMRI_5",
    "SeriesNumber": 8,
    "SliceThickness": 4,
    "SliceTiming": [
      0,
      1.0285,
      0.0571001,
      1.0857,
      0.1142,
      1.1428,
      0.1714,
      1.2,
      0.2285,
      1.2571,
      0.2857,
      1.3143,
      0.3428,
      1.3714,
      0.4,
      1.4286,
      0.4571,
      1.4857,
      0.5142,
      1.5428,
      0.5714,
      1.6,
      0.6285,
      1.6571,
      0.6857,
      1.7143,
      0.7428,
      1.7714,
      0.8,
      1.8285,
      0.8571,
      1.8857,
      0.9143,
      1.9428,
      0.9714
    ],
    "SoftwareVersions": "24_LX_MR_Software_release:DV24.0_R02_1607.b",
    "SpacingBetweenSlices": 4,
    "StationName": "GEHCGEHC",
    "TotalReadoutTime": 0.023436,
    "dataset": "unknown",
    "modality": "bold",
    "run_id": 5,
    "subject_id": "124",
    "task_id": "verbs"
  },
  "dummy_trs": 0,
  "dvars_nstd": 19.515310601791896,
  "dvars_std": 1.280823950578034,
  "dvars_vstd": 1.0483535361271683,
  "efc": 0.32863261913397196,
  "fber": 45051.77734375,
  "fd_mean": 0.05094105451808195,
  "fd_num": 0,
  "fd_perc": 0.0,
  "fwhm_avg": 2.838233333333333,
  "fwhm_x": 2.86425,
  "fwhm_y": 3.033975,
  "fwhm_z": 2.616475,
  "gcor": 0.0693714,
  "gsr_x": -0.006168024148792028,
  "gsr_y": -0.0029926171991974115,
  "provenance": {
    "md5sum": "0506389d10a53a967b9a7f822c7e40d6",
    "settings": {
      "fd_thres": 0.2,
      "hmc_fsl": false
    },
    "software": "mriqc",
    "version": "0.15.2rc1",
    "webapi_port": null,
    "webapi_url": "https://mriqc.nimh.nih.gov/api/v1"
  },
  "size_t": 174,
  "size_x": 64,
  "size_y": 64,
  "size_z": 35,
  "snr": 2.6897425713646097,
  "spacing_tr": 2.0,
  "spacing_x": 4.0,
  "spacing_y": 4.0,
  "spacing_z": 4.0,
  "summary_bg_k": 155.18849279176035,
  "summary_bg_mad": 10.03738784790039,
  "summary_bg_mean": 25.154273986816406,
  "summary_bg_median": 7.494252681732178,
  "summary_bg_n": 100923.0,
  "summary_bg_p05": 0.12068965286016464,
  "summary_bg_p95": 104.37643661499007,
  "summary_bg_stdv": 67.10366821289062,
  "summary_fg_k": 0.025346653308512046,
  "summary_fg_mad": 567.155029296875,
  "summary_fg_mean": 1626.962646484375,
  "summary_fg_median": 1599.936767578125,
  "summary_fg_n": 15892.0,
  "summary_fg_p05": 649.2140869140626,
  "summary_fg_p95": 2652.5890380859373,
  "summary_fg_stdv": 594.8102416992188,
  "tsnr": 70.22561645507812
}