{
  "bids_meta": {
    "AcquisitionMatrixPE": 256,
    "AcquisitionNumber": 1,
    "AcquisitionTime": "20:37:13.000000",
    "BodyPartExamined": "HEAD",
    "CoilString": "32Ch_Head",
    "ConversionSoftware": "dcm2niix",
    "ConversionSoftwareVersion": "v1.0.20181125  (JP2:OpenJPEG) GCC7.3.0",
    "DeviceSerialNumber": "0002806034DVR750",
    "EchoTime": 0.003192,
    "FlipAngle": 12,
    "ImageOrientationPatientDICOM": [
      0,
      1,
      0,
      0,
      0,
      -1
    ],
    "ImageType": [
      "ORIGINAL",
      "PRIMARY",
      "OTHER"
    ],
    "ImagingFrequency": 127.772,
    "InPlanePhaseEncodingDirectionDICOM": "ROW",
    "InstitutionName": "INSTITUTO_DE_NEUROBIOLOGIA",
    "InversionTime": 0.45,
    "MRAcquisitionType": "3D",
    "MagneticFieldStrength": 3,
    "Manufacturer": "GE",
    "ManufacturersModelName": "DISCOVERY_MR750",
    "Modality": "MR",
    "PatientPosition": "HFS",
    "PercentPhaseFOV": 100,
    "PixelBandwidth": 244.141,
    "ProcedureStepDescription": "Emociones_AH",
    "ProtocolName": "Sag_T1_FSPGR_BRAVO",
    "ReconMatrixPE": 256,
    "RepetitionTime": 0.008184,
    "SAR": 0.138262,
    "ScanOptions": "FAST_GEMS_EDR_GEMS_FILTERED_GEMS_ACC_GEMS_IR_GEMS",
    "ScanningSequence": "GR",
    "SequenceVariant": "SS_SP_SK",
    "SeriesDescription": "Sag_T1_FSPGR_BRAVO",
    "SeriesNumber": 9,
    "SliceThickness": 1,
    "SoftwareVersions": "27_LX_MR_Software_release:DV26.0_R02_1810.b",
    "SpacingBetweenSlices": 1,
    "StationName": "GEHCGEHC",
    "dataset": "unknown",
    "modality": "T1w",
    "subject_id": "29"
  },
  "cjv": 0.43064161101726045,
  "cnr": 3.1388951053328698,
  "efc": 0.6519943698276452,
  "fber": 18816.748046875,
  "fwhm_avg": 3.5403366666666667,
  "fwhm_x": 3.55322,
  "fwhm_y": 3.63401,
  "fwhm_z": 3.43378,
  "icvs_csf": 0.20821008341853608,
  "icvs_gm": 0.42376072579091373,
  "icvs_wm": 0.3680291907905502,
  "inu_med": 1.4760031700134277,
  "inu_range": 0.42645737528800964,
  "provenance": {
    "md5sum": "0757ac107245ad6df0fe72a9d299ff67",
    "settings": {
      "testing": false
    },
    "software": "mriqc",
    "version": "0.15.2rc1",
    "warnings": {
      "large_rot_frame": true,
      "small_air_mask": false
    },
    "webapi_port": null,
    "webapi_url": "https://mriqc.nimh.nih.gov/api/v1"
  },
  "qi_1": 0.0,
  "qi_2": 0.0019065756352305227,
  "rpve_csf": 19.9004661566119,
  "rpve_gm": 10.440560033237924,
  "rpve_wm": 14.346026392502273,
  "size_x": 176,
  "size_y": 256,
  "size_z": 256,
  "snr_csf": 3.3218960646677935,
  "snr_gm": 11.41694153658976,
  "snr_total": 11.599407050178357,
  "snr_wm": 20.059383549277513,
  "snrd_csf": 64.09494004230923,
  "snrd_gm": 139.33611606192164,
  "snrd_total": 130.45094850103575,
  "snrd_wm": 187.92178939887634,
  "spacing_x": 1.0,
  "spacing_y": 1.0,
  "spacing_z": 1.0,
  "summary_bg_k": 19.56714484053332,
  "summary_bg_mad": 3.4862940311431885,
  "summary_bg_mean": 6.191518306732178,
  "summary_bg_median": 2.9367220401763916,
  "summary_bg_n": 1538888.0,
  "summary_bg_p05": 0.0,
  "summary_bg_p95": 22.750934410095212,
  "summary_bg_stdv": 9.033828735351562,
  "summary_csf_k": 4.574402616480548,
  "summary_csf_mad": 77.95787811279297,
  "summary_csf_mean": 361.7592468261719,
  "summary_csf_median": 341.079833984375,
  "summary_csf_n": 34585.0,
  "summary_csf_p05": 231.23465270996093,
  "summary_csf_p95": 563.6374633789061,
  "summary_csf_stdv": 102.67476654052734,
  "summary_gm_k": 0.3656633280613715,
  "summary_gm_mad": 61.978458404541016,
  "summary_gm_mean": 743.2265014648438,
  "summary_gm_median": 741.47412109375,
  "summary_gm_n": 29799.0,
  "summary_gm_p05": 639.6585754394532,
  "summary_gm_p95": 853.5341247558594,
  "summary_gm_stdv": 64.94398498535156,
  "summary_wm_k": 0.19840056640234094,
  "summary_wm_mad": 49.36289978027344,
  "summary_wm_mean": 1001.026123046875,
  "summary_wm_median": 1000.021728515625,
  "summary_wm_n": 266000.0,
  "summary_wm_p05": 921.2726684570313,
  "summary_wm_p95": 1083.9961975097656,
  "summary_wm_stdv": 49.852970123291016,
  "tpm_overlap_csf": 0.22380492091178894,
  "tpm_overlap_gm": 0.49447813630104065,
  "tpm_overlap_wm": 0.5439605712890625,
  "wm2max": 0.4445883320470258
}