{
  "aor": 0.0010976333333333334,
  "aqi": 0.0014028385566666663,
  "bids_meta": {
    "AcquisitionDateTime": "2016-09-18T13:14:13.000000",
    "ConversionSoftware": "dcm2niix",
    "ConversionSoftwareVersion": "v1.0.20170411 GCC4.8.4",
    "EchoTime": 0.04,
    "FlipAngle": 90,
    "ImageType": [
      "ORIGINAL",
      "PRIMARY",
      "EPI",
      "NONE"
    ],
    "MagneticFieldStrength": 3,
    "Manufacturer": "GE",
    "ManufacturersModelName": "DISCOVERY_MR750",
    "ProcedureStepDescription": "MeditResp",
    "ProtocolName": "fMRI_RestSt",
    "RepetitionTime": 2,
    "ScanningSequence": "EP_GR",
    "SequenceVariant": "SS",
    "SeriesDescription": "fMRI_RestSt",
    "dataset": "unknown",
    "modality": "bold",
    "subject_id": "119",
    "task_id": "rest"
  },
  "dummy_trs": 0,
  "dvars_nstd": 18.45036764692308,
  "dvars_std": 1.2286512372909693,
  "dvars_vstd": 0.9899950242809366,
  "efc": 0.35965616997433897,
  "fber": 108030.796875,
  "fd_mean": 0.05391385670854151,
  "fd_num": 2,
  "fd_perc": 0.6666666666666666,
  "fwhm_avg": 2.8719583333333336,
  "fwhm_x": 2.7086,
  "fwhm_y": 3.092325,
  "fwhm_z": 2.81495,
  "gcor": 0.0272435,
  "gsr_x": -0.010602307505905628,
  "gsr_y": 0.009500917978584766,
  "provenance": {
    "md5sum": "afbf4acc7599c2704692eac05c474355",
    "settings": {
      "fd_thres": 0.2,
      "hmc_fsl": false
    },
    "software": "mriqc",
    "version": "0.15.2rc1",
    "webapi_port": null,
    "webapi_url": "https://mriqc.nimh.nih.gov/api/v1"
  },
  "size_t": 300,
  "size_x": 64,
  "size_y": 64,
  "size_z": 34,
  "snr": 2.675014907080123,
  "spacing_tr": 2.0,
  "spacing_x": 4.0,
  "spacing_y": 4.0,
  "spacing_z": 4.0,
  "summary_bg_k": 95.94134800359528,
  "summary_bg_mad": 7.600808143615723,
  "summary_bg_mean": 26.401931762695312,
  "summary_bg_median": 5.383333683013916,
  "summary_bg_n": 92801.0,
  "summary_bg_p05": 0.05000000074505806,
  "summary_bg_p95": 112.29000091552734,
  "summary_bg_stdv": 79.6458511352539,
  "summary_fg_k": -0.28975555145530496,
  "summary_fg_mad": 700.0253295898438,
  "summary_fg_mean": 1797.8837890625,
  "summary_fg_median": 1817.955078125,
  "summary_fg_n": 18940.0,
  "summary_fg_p05": 636.247689819336,
  "summary_fg_p95": 2915.9153198242184,
  "summary_fg_stdv": 679.587646484375,
  "tsnr": 66.31255340576172
}