{
  "aor": 0.0008431599999999999,
  "aqi": 0.001381608076,
  "bids_meta": {
    "AcquisitionDateTime": "2017-06-28T20:24:47.000000",
    "ConversionSoftware": "dcm2niix",
    "ConversionSoftwareVersion": "v1.0.20170411 GCC4.8.4",
    "EchoTime": 0.035,
    "FlipAngle": 90,
    "ImageType": [
      "ORIGINAL",
      "PRIMARY",
      "EPI",
      "NONE"
    ],
    "MagneticFieldStrength": 3,
    "Manufacturer": "GE",
    "ManufacturersModelName": "DISCOVERY_MR750",
    "ProcedureStepDescription": "CompMet",
    "ProtocolName": "fMRI_CompMet_2",
    "RepetitionTime": 2,
    "ScanningSequence": "EP_GR",
    "SequenceVariant": "SS",
    "SeriesDescription": "fMRI_CompMet_2",
    "dataset": "unknown",
    "modality": "bold",
    "run_id": 2,
    "subject_id": "69",
    "task_id": "cm"
  },
  "dummy_trs": 0,
  "dvars_nstd": 15.483632504979921,
  "dvars_std": 1.1008206117269086,
  "dvars_vstd": 0.9741817832530122,
  "efc": 0.35919354580501633,
  "fber": 66556.21875,
  "fd_mean": 0.04512213923531465,
  "fd_num": 0,
  "fd_perc": 0.0,
  "fwhm_avg": 2.9774337965530377,
  "fwhm_x": 2.938375,
  "fwhm_y": 3.0796,
  "fwhm_z": 2.9143263896591134,
  "gcor": 0.0328532,
  "gsr_x": -0.009267760440707207,
  "gsr_y": 0.011105705052614212,
  "provenance": {
    "md5sum": "c7e874264cc5c7521ba68cf967592eef",
    "settings": {
      "fd_thres": 0.2,
      "hmc_fsl": false
    },
    "software": "mriqc",
    "version": "0.15.2rc1",
    "webapi_port": null,
    "webapi_url": "https://mriqc.nimh.nih.gov/api/v1"
  },
  "size_t": 250,
  "size_x": 64,
  "size_y": 64,
  "size_z": 34,
  "snr": 2.693888389963856,
  "spacing_tr": 2.0,
  "spacing_x": 4.0,
  "spacing_y": 4.0,
  "spacing_z": 3.999998092651367,
  "summary_bg_k": 165.37032508621343,
  "summary_bg_mad": 9.702149391174316,
  "summary_bg_mean": 29.47702407836914,
  "summary_bg_median": 6.944000244140625,
  "summary_bg_n": 93194.0,
  "summary_bg_p05": 0.10000000149011612,
  "summary_bg_p95": 120.34440689086892,
  "summary_bg_stdv": 86.18232727050781,
  "summary_fg_k": 0.5398481205220635,
  "summary_fg_mad": 581.84130859375,
  "summary_fg_mean": 1857.43017578125,
  "summary_fg_median": 1822.528076171875,
  "summary_fg_n": 18370.0,
  "summary_fg_p05": 749.6276336669922,
  "summary_fg_p95": 3037.6834716796875,
  "summary_fg_stdv": 676.5233764648438,
  "tsnr": 78.95945739746094
}