{
  "aor": 0.00160476,
  "aqi": 0.00124644812,
  "bids_meta": {
    "AcquisitionDateTime": "2017-07-13T18:30:49.000000",
    "ConversionSoftware": "dcm2niix",
    "ConversionSoftwareVersion": "v1.0.20170411 GCC4.8.4",
    "EchoTime": 0.035,
    "FlipAngle": 90,
    "ImageType": [
      "ORIGINAL",
      "PRIMARY",
      "EPI",
      "NONE"
    ],
    "MagneticFieldStrength": 3,
    "Manufacturer": "GE",
    "ManufacturersModelName": "DISCOVERY_MR750",
    "ProcedureStepDescription": "CompMet",
    "ProtocolName": "fMRI_CompMet",
    "RepetitionTime": 2,
    "ScanningSequence": "EP_GR",
    "SequenceVariant": "SS",
    "SeriesDescription": "fMRI_CompMet",
    "dataset": "unknown",
    "modality": "bold",
    "run_id": 2,
    "subject_id": "80",
    "task_id": "cm"
  },
  "dummy_trs": 0,
  "dvars_nstd": 13.447070202008035,
  "dvars_std": 1.1241644140963853,
  "dvars_vstd": 1.0085100157429714,
  "efc": 0.3881808675844726,
  "fber": 80072.359375,
  "fd_mean": 0.059261833798072684,
  "fd_num": 0,
  "fd_perc": 0.0,
  "fwhm_avg": 2.8857416666666666,
  "fwhm_x": 2.684975,
  "fwhm_y": 2.901425,
  "fwhm_z": 3.070825,
  "gcor": 0.0262096,
  "gsr_x": -0.0053666275925934315,
  "gsr_y": 0.007070349995046854,
  "provenance": {
    "md5sum": "9889c6e66f1aac34808df6a3f26d01f2",
    "settings": {
      "fd_thres": 0.2,
      "hmc_fsl": false
    },
    "software": "mriqc",
    "version": "0.15.2rc1",
    "webapi_port": null,
    "webapi_url": "https://mriqc.nimh.nih.gov/api/v1"
  },
  "size_t": 250,
  "size_x": 64,
  "size_y": 64,
  "size_z": 34,
  "snr": 2.658649039742064,
  "spacing_tr": 2.0,
  "spacing_x": 4.0,
  "spacing_y": 4.0,
  "spacing_z": 4.0,
  "summary_bg_k": 76.83936401229514,
  "summary_bg_mad": 10.212163925170898,
  "summary_bg_mean": 39.616065979003906,
  "summary_bg_median": 7.064000129699707,
  "summary_bg_n": 90710.0,
  "summary_bg_p05": 0.01600000075995922,
  "summary_bg_p95": 186.85721054077158,
  "summary_bg_stdv": 116.45221710205078,
  "summary_fg_k": 0.45523299958754926,
  "summary_fg_mad": 675.8056640625,
  "summary_fg_mean": 2071.868408203125,
  "summary_fg_median": 2002.89208984375,
  "summary_fg_n": 21047.0,
  "summary_fg_p05": 902.2532470703125,
  "summary_fg_p95": 3457.9961181640624,
  "summary_fg_stdv": 753.3316650390625,
  "tsnr": 86.7490234375
}