{
  "aor": 0.00061036,
  "aqi": 0.0009916029119999999,
  "bids_meta": {
    "AcquisitionDateTime": "2017-07-13T18:21:2.000000",
    "ConversionSoftware": "dcm2niix",
    "ConversionSoftwareVersion": "v1.0.20170411 GCC4.8.4",
    "EchoTime": 0.035,
    "FlipAngle": 90,
    "ImageType": [
      "ORIGINAL",
      "PRIMARY",
      "EPI",
      "NONE"
    ],
    "MagneticFieldStrength": 3,
    "Manufacturer": "GE",
    "ManufacturersModelName": "DISCOVERY_MR750",
    "ProcedureStepDescription": "CompMet",
    "ProtocolName": "fMRI_CompMet",
    "RepetitionTime": 2,
    "ScanningSequence": "EP_GR",
    "SequenceVariant": "SS",
    "SeriesDescription": "fMRI_CompMet",
    "dataset": "unknown",
    "modality": "bold",
    "run_id": 1,
    "subject_id": "80",
    "task_id": "cm"
  },
  "dummy_trs": 0,
  "dvars_nstd": 15.008389274136558,
  "dvars_std": 1.1536261467469877,
  "dvars_vstd": 0.9836682812048191,
  "efc": 0.3859435849546203,
  "fber": 83227.7109375,
  "fd_mean": 0.0612063323435458,
  "fd_num": 0,
  "fd_perc": 0.0,
  "fwhm_avg": 2.8903083333333335,
  "fwhm_x": 2.68535,
  "fwhm_y": 2.910425,
  "fwhm_z": 3.07515,
  "gcor": 0.0273489,
  "gsr_x": -0.005527064204216003,
  "gsr_y": 0.0062097045592963696,
  "provenance": {
    "md5sum": "7fee0a6b2041f5593cdc4ea023ff5806",
    "settings": {
      "fd_thres": 0.2,
      "hmc_fsl": false
    },
    "software": "mriqc",
    "version": "0.15.2rc1",
    "webapi_port": null,
    "webapi_url": "https://mriqc.nimh.nih.gov/api/v1"
  },
  "size_t": 250,
  "size_x": 64,
  "size_y": 64,
  "size_z": 34,
  "snr": 2.647725711030038,
  "spacing_tr": 2.0,
  "spacing_x": 4.0,
  "spacing_y": 4.0,
  "spacing_z": 4.0,
  "summary_bg_k": 76.55387540860463,
  "summary_bg_mad": 10.034252166748047,
  "summary_bg_mean": 37.86332702636719,
  "summary_bg_median": 6.936000347137451,
  "summary_bg_n": 90747.0,
  "summary_bg_p05": 0.012000000104308128,
  "summary_bg_p95": 177.08401031494128,
  "summary_bg_stdv": 111.630615234375,
  "summary_fg_k": 0.44149607302607663,
  "summary_fg_mad": 679.233642578125,
  "summary_fg_mean": 2082.217529296875,
  "summary_fg_median": 2009.5721435546875,
  "summary_fg_n": 20987.0,
  "summary_fg_p05": 907.0892272949219,
  "summary_fg_p95": 3483.17734375,
  "summary_fg_stdv": 758.96240234375,
  "tsnr": 91.83033752441406
}