{
  "aor": 0.0028912,
  "aqi": 0.00147433218,
  "bids_meta": {
    "AcquisitionDateTime": "2017-06-26T20:22:47.000000",
    "ConversionSoftware": "dcm2niix",
    "ConversionSoftwareVersion": "v1.0.20170411 GCC4.8.4",
    "EchoTime": 0.035,
    "FlipAngle": 90,
    "ImageType": [
      "ORIGINAL",
      "PRIMARY",
      "EPI",
      "NONE"
    ],
    "MagneticFieldStrength": 3,
    "Manufacturer": "GE",
    "ManufacturersModelName": "DISCOVERY_MR750",
    "ProcedureStepDescription": "CompMet",
    "ProtocolName": "fMRI_CompMet",
    "RepetitionTime": 2,
    "ScanningSequence": "EP_GR",
    "SequenceVariant": "SS",
    "SeriesDescription": "fMRI_CompMet",
    "dataset": "unknown",
    "modality": "bold",
    "run_id": 1,
    "subject_id": "67",
    "task_id": "cm"
  },
  "dummy_trs": 0,
  "dvars_nstd": 15.447247183493968,
  "dvars_std": 1.1350151395180716,
  "dvars_vstd": 1.0052017552610448,
  "efc": 0.35067610762580653,
  "fber": 99917.2890625,
  "fd_mean": 0.09600764541770239,
  "fd_num": 14,
  "fd_perc": 5.6,
  "fwhm_avg": 2.958441666666667,
  "fwhm_x": 2.822825,
  "fwhm_y": 3.07975,
  "fwhm_z": 2.97275,
  "gcor": 0.0603545,
  "gsr_x": -0.009706742130219936,
  "gsr_y": 0.006536856759339571,
  "provenance": {
    "md5sum": "d8996828461f129ea352f5cc458daa65",
    "settings": {
      "fd_thres": 0.2,
      "hmc_fsl": false
    },
    "software": "mriqc",
    "version": "0.15.2rc1",
    "webapi_port": null,
    "webapi_url": "https://mriqc.nimh.nih.gov/api/v1"
  },
  "size_t": 250,
  "size_x": 64,
  "size_y": 64,
  "size_z": 34,
  "snr": 2.6265120256994834,
  "spacing_tr": 2.0,
  "spacing_x": 4.0,
  "spacing_y": 4.0,
  "spacing_z": 4.0,
  "summary_bg_k": 111.72030548346468,
  "summary_bg_mad": 8.118730545043945,
  "summary_bg_mean": 22.55267333984375,
  "summary_bg_median": 6.12000036239624,
  "summary_bg_n": 93026.0,
  "summary_bg_p05": 0.15600000321865082,
  "summary_bg_p95": 95.0320053100586,
  "summary_bg_stdv": 67.24226379394531,
  "summary_fg_k": 0.9263937038535333,
  "summary_fg_mad": 615.1821899414062,
  "summary_fg_mean": 2072.566650390625,
  "summary_fg_median": 1975.22216796875,
  "summary_fg_n": 18956.0,
  "summary_fg_p05": 969.4470367431641,
  "summary_fg_p95": 3505.168212890625,
  "summary_fg_stdv": 752.0125732421875,
  "tsnr": 76.78410339355469
}