{
  "bids_meta": {
    "AcquisitionDateTime": "2016-05-03T22:02:32.000000",
    "ConversionSoftware": "dcm2niix",
    "ConversionSoftwareVersion": "v1.0.20170411 GCC4.8.4",
    "EchoTime": 0.00318,
    "FlipAngle": 12,
    "ImageType": [
      "DERIVED",
      "PRIMARY",
      "OTHER"
    ],
    "InversionTime": 0.45,
    "MagneticFieldStrength": 3,
    "Manufacturer": "GE",
    "ManufacturersModelName": "DISCOVERY_MR750",
    "ProcedureStepDescription": "ActosHabla",
    "ProtocolName": "PU:Sag_T1_FSPGR_BRAVO",
    "RepetitionTime": 0.008156,
    "ScanningSequence": "GR",
    "SequenceVariant": "SS_SP_SK",
    "SeriesDescription": "PU:Sag_T1_FSPGR_BRAVO",
    "dataset": "unknown",
    "modality": "T1w",
    "subject_id": "05"
  },
  "cjv": 0.39526371355138024,
  "cnr": 3.2565033307085476,
  "efc": 0.7180237329077103,
  "fber": 4880.56103515625,
  "fwhm_avg": 3.9267233333333333,
  "fwhm_x": 3.97436,
  "fwhm_y": 4.08318,
  "fwhm_z": 3.72263,
  "icvs_csf": 0.20731550081883635,
  "icvs_gm": 0.41457301058305807,
  "icvs_wm": 0.3781114885981056,
  "inu_med": 1.3410499095916748,
  "inu_range": 0.3705359101295471,
  "provenance": {
    "md5sum": "d965175e69b561689760e9bf0525d1a5",
    "settings": {
      "testing": false
    },
    "software": "mriqc",
    "version": "0.15.2rc1",
    "warnings": {
      "large_rot_frame": true,
      "small_air_mask": false
    },
    "webapi_port": null,
    "webapi_url": "https://mriqc.nimh.nih.gov/api/v1"
  },
  "qi_1": 0.0,
  "qi_2": 0.0018386363555606595,
  "rpve_csf": 25.53280418793959,
  "rpve_gm": 13.438743097759719,
  "rpve_wm": 18.100698744029717,
  "size_x": 176,
  "size_y": 256,
  "size_z": 256,
  "snr_csf": 3.3358522332644025,
  "snr_gm": 11.01771471218702,
  "snr_total": 12.15592303442562,
  "snr_wm": 22.11420215782543,
  "snrd_csf": 44.731690671202344,
  "snrd_gm": 95.76349117951665,
  "snrd_total": 90.42800722272864,
  "snrd_wm": 130.7888398174669,
  "spacing_x": 1.0,
  "spacing_y": 1.0,
  "spacing_z": 1.0,
  "summary_bg_k": 483.47911589394664,
  "summary_bg_mad": 5.009117126464844,
  "summary_bg_mean": 10.642698287963867,
  "summary_bg_median": 4.00352144241333,
  "summary_bg_n": 632543.0,
  "summary_bg_p05": 0.0,
  "summary_bg_p95": 39.53703842163087,
  "summary_bg_stdv": 17.365983963012695,
  "summary_csf_k": 0.42750608296289405,
  "summary_csf_mad": 93.1938705444336,
  "summary_csf_mean": 364.6125183105469,
  "summary_csf_median": 342.01470947265625,
  "summary_csf_n": 18279.0,
  "summary_csf_p05": 234.63719024658204,
  "summary_csf_p95": 558.0658813476562,
  "summary_csf_stdv": 102.52413177490234,
  "summary_gm_k": 0.23817931382939506,
  "summary_gm_mad": 63.07583999633789,
  "summary_gm_mean": 734.8389892578125,
  "summary_gm_median": 732.1995239257812,
  "summary_gm_n": 26641.0,
  "summary_gm_p05": 629.5767211914062,
  "summary_gm_p95": 850.0263061523438,
  "summary_gm_stdv": 66.455322265625,
  "summary_wm_k": 0.6012444157641608,
  "summary_wm_mad": 42.77611541748047,
  "summary_wm_mean": 1000.7410888671875,
  "summary_wm_median": 1000.0003662109375,
  "summary_wm_n": 228156.0,
  "summary_wm_p05": 927.8136444091797,
  "summary_wm_p95": 1075.4761657714844,
  "summary_wm_stdv": 45.2197265625,
  "tpm_overlap_csf": 0.2176850438117981,
  "tpm_overlap_gm": 0.49738746881484985,
  "tpm_overlap_wm": 0.5623656511306763,
  "wm2max": 0.44960912787599144
}