{
  "bids_meta": {
    "AcquisitionDateTime": "2017-01-31T19:58:37.000000",
    "ConversionSoftware": "dcm2niix",
    "ConversionSoftwareVersion": "v1.0.20170411 GCC4.8.4",
    "EchoTime": 0.00318,
    "FlipAngle": 12,
    "ImageType": [
      "DERIVED",
      "PRIMARY",
      "OTHER"
    ],
    "InversionTime": 0.45,
    "MagneticFieldStrength": 3,
    "Manufacturer": "GE",
    "ManufacturersModelName": "DISCOVERY_MR750",
    "ProcedureStepDescription": "ActosHabla",
    "ProtocolName": "PU:Sag_T1_FSPGR_BRAVO",
    "RepetitionTime": 0.008156,
    "ScanningSequence": "GR",
    "SequenceVariant": "SS_SP_SK",
    "SeriesDescription": "PU:Sag_T1_FSPGR_BRAVO",
    "dataset": "unknown",
    "modality": "T1w",
    "subject_id": "13"
  },
  "cjv": 0.39893655541626677,
  "cnr": 3.3374258609590006,
  "efc": 0.7414053788024779,
  "fber": 12186.6259765625,
  "fwhm_avg": 3.6471999999999998,
  "fwhm_x": 3.68374,
  "fwhm_y": 3.87147,
  "fwhm_z": 3.38639,
  "icvs_csf": 0.19806196641092205,
  "icvs_gm": 0.42724302797789,
  "icvs_wm": 0.374695005611188,
  "inu_med": 1.0025386810302734,
  "inu_range": 0.29281993210315704,
  "provenance": {
    "md5sum": "b06ae04dc764900f3d45435f9c6d6eec",
    "settings": {
      "testing": false
    },
    "software": "mriqc",
    "version": "0.15.2rc1",
    "warnings": {
      "large_rot_frame": true,
      "small_air_mask": false
    },
    "webapi_port": null,
    "webapi_url": "https://mriqc.nimh.nih.gov/api/v1"
  },
  "qi_1": 0.0,
  "qi_2": 0.002095859574630373,
  "rpve_csf": 28.730554670266933,
  "rpve_gm": 14.494719565239535,
  "rpve_wm": 20.185870380213814,
  "size_x": 176,
  "size_y": 256,
  "size_z": 256,
  "snr_csf": 3.23050737325431,
  "snr_gm": 10.007612585807653,
  "snr_total": 10.784734243433052,
  "snr_wm": 19.116082771237195,
  "snrd_csf": 52.12863760327249,
  "snrd_gm": 103.39316150582191,
  "snrd_total": 100.78348567438302,
  "snrd_wm": 146.82865791405462,
  "spacing_x": 1.0,
  "spacing_y": 1.0,
  "spacing_z": 1.0,
  "summary_bg_k": 27.049547013029148,
  "summary_bg_mad": 4.461963653564453,
  "summary_bg_mean": 8.908241271972656,
  "summary_bg_median": 3.0095486640930176,
  "summary_bg_n": 422076.0,
  "summary_bg_p05": 0.0,
  "summary_bg_p95": 35.55945873260498,
  "summary_bg_stdv": 13.014549255371094,
  "summary_csf_k": -0.28161764308225035,
  "summary_csf_mad": 122.74469757080078,
  "summary_csf_mean": 366.66864013671875,
  "summary_csf_median": 355.03460693359375,
  "summary_csf_n": 11001.0,
  "summary_csf_p05": 203.0795440673828,
  "summary_csf_p95": 547.0014038085938,
  "summary_csf_stdv": 109.89557647705078,
  "summary_gm_k": 0.16907584455558,
  "summary_gm_mad": 68.03519439697266,
  "summary_gm_mean": 705.5445556640625,
  "summary_gm_median": 704.1839599609375,
  "summary_gm_n": 23171.0,
  "summary_gm_p05": 591.0350341796875,
  "summary_gm_p95": 825.9126892089844,
  "summary_gm_stdv": 70.36331176757812,
  "summary_wm_k": 0.4730809289231521,
  "summary_wm_mad": 49.981361389160156,
  "summary_wm_mean": 1001.655029296875,
  "summary_wm_median": 1000.0118408203125,
  "summary_wm_n": 195087.0,
  "summary_wm_p05": 918.8722656250001,
  "summary_wm_p95": 1089.6502197265625,
  "summary_wm_stdv": 52.31245803833008,
  "tpm_overlap_csf": 0.21201087534427643,
  "tpm_overlap_gm": 0.5107686519622803,
  "tpm_overlap_wm": 0.5712985992431641,
  "wm2max": 0.45642217601550156
}