{
  "aor": 0.010333652173913042,
  "aqi": 0.0054733976956521735,
  "bids_meta": {
    "AcquisitionDateTime": "2017-01-12T18:42:15.000000",
    "ConversionSoftware": "dcm2niix",
    "ConversionSoftwareVersion": "v1.0.20170411 GCC4.8.4",
    "EchoTime": 0.04,
    "FlipAngle": 90,
    "ImageType": [
      "ORIGINAL",
      "PRIMARY",
      "EPI",
      "NONE"
    ],
    "MagneticFieldStrength": 3,
    "Manufacturer": "GE",
    "ManufacturersModelName": "DISCOVERY_MR750",
    "ProcedureStepDescription": "CompRefranes",
    "ProtocolName": "fMRI_Comprension_4",
    "RepetitionTime": 2,
    "ScanningSequence": "EP_GR",
    "SequenceVariant": "SS",
    "SeriesDescription": "fMRI_Comprension_4",
    "dataset": "unknown",
    "modality": "bold",
    "run_id": 4,
    "subject_id": "49",
    "task_id": "cr"
  },
  "dummy_trs": 0,
  "dvars_nstd": 23.84948905807858,
  "dvars_std": 1.0840567805240175,
  "dvars_vstd": 1.0397403403056766,
  "efc": 0.3326429064824382,
  "fber": 54592.70703125,
  "fd_mean": 0.19469733539322429,
  "fd_num": 53,
  "fd_perc": 23.043478260869566,
  "fwhm_avg": 2.649693719934012,
  "fwhm_x": 2.6002,
  "fwhm_y": 2.9166,
  "fwhm_z": 2.432281159802036,
  "gcor": 0.0368619,
  "gsr_x": -0.01096305437386036,
  "gsr_y": 0.0020471313036978245,
  "provenance": {
    "md5sum": "47cb0955af0f01475493bb6cea9762c4",
    "settings": {
      "fd_thres": 0.2,
      "hmc_fsl": false
    },
    "software": "mriqc",
    "version": "0.15.2rc1",
    "webapi_port": null,
    "webapi_url": "https://mriqc.nimh.nih.gov/api/v1"
  },
  "size_t": 230,
  "size_x": 64,
  "size_y": 64,
  "size_z": 34,
  "snr": 3.129637682245833,
  "spacing_tr": 2.0,
  "spacing_x": 4.0,
  "spacing_y": 4.0,
  "spacing_z": 3.999998092651367,
  "summary_bg_k": 166.13681080086454,
  "summary_bg_mad": 7.870683670043945,
  "summary_bg_mean": 23.903608322143555,
  "summary_bg_median": 6.065217018127441,
  "summary_bg_n": 98221.0,
  "summary_bg_p05": 0.19130434095859528,
  "summary_bg_p95": 87.64347076416016,
  "summary_bg_stdv": 80.16620635986328,
  "summary_fg_k": 0.3654989368393893,
  "summary_fg_mad": 427.7725830078125,
  "summary_fg_mean": 1440.78662109375,
  "summary_fg_median": 1446.454345703125,
  "summary_fg_n": 14980.0,
  "summary_fg_p05": 638.2038696289062,
  "summary_fg_p95": 2196.5850830078125,
  "summary_fg_stdv": 462.1640625,
  "tsnr": 38.71338653564453
}