{
  "aor": 0.002189196428571429,
  "aqi": 0.002234058258928571,
  "bids_meta": {
    "AcquisitionMatrixPE": 64,
    "AcquisitionNumber": 1,
    "AcquisitionTime": "18:55:13.000000",
    "BodyPartExamined": "HEAD",
    "CoilString": "32Ch_Head",
    "ConversionSoftware": "dcm2niix",
    "ConversionSoftwareVersion": "v1.0.20181125  (JP2:OpenJPEG) GCC7.3.0",
    "DeviceSerialNumber": "0002806034DVR750",
    "EchoTime": 0.04,
    "EffectiveEchoSpacing": 0.000372,
    "FlipAngle": 90,
    "ImageOrientationPatientDICOM": [
      1,
      0,
      0,
      0,
      1,
      0
    ],
    "ImageType": [
      "ORIGINAL",
      "PRIMARY",
      "EPI",
      "NONE"
    ],
    "ImagingFrequency": 127.772,
    "InPlanePhaseEncodingDirectionDICOM": "COL",
    "InstitutionName": "INSTITUTO_DE_NEUROBIOLOGIA",
    "MRAcquisitionType": "2D",
    "MagneticFieldStrength": 3,
    "Manufacturer": "GE",
    "ManufacturersModelName": "DISCOVERY_MR750",
    "Modality": "MR",
    "PatientPosition": "HFS",
    "PercentPhaseFOV": 100,
    "PhaseEncodingDirection": "j",
    "PhaseEncodingPolarityGE": "Flipped",
    "PixelBandwidth": 7812.5,
    "ProcedureStepDescription": "Emociones_AH",
    "ProtocolName": "fMRI_Jalil_2",
    "ReconMatrixPE": 64,
    "RepetitionTime": 2,
    "SAR": 0.164788,
    "ScanOptions": "EPI_GEMS_ACC_GEMS",
    "ScanningSequence": "EP_GR",
    "SequenceVariant": "SS",
    "SeriesDescription": "fMRI_Jalil_2",
    "SeriesNumber": 7,
    "SliceThickness": 4,
    "SliceTiming": [
      0,
      1.0285,
      0.0571001,
      1.0857,
      0.1142,
      1.1428,
      0.1714,
      1.2,
      0.2285,
      1.2571,
      0.2857,
      1.3143,
      0.3428,
      1.3714,
      0.4,
      1.4286,
      0.4571,
      1.4857,
      0.5142,
      1.5428,
      0.5714,
      1.6,
      0.6285,
      1.6571,
      0.6857,
      1.7143,
      0.7428,
      1.7714,
      0.8,
      1.8285,
      0.8571,
      1.8857,
      0.9143,
      1.9428,
      0.9714
    ],
    "SoftwareVersions": "27_LX_MR_Software_release:DV26.0_R02_1810.b",
    "SpacingBetweenSlices": 4,
    "StationName": "GEHCGEHC",
    "TaskName": "eah",
    "TotalReadoutTime": 0.023436,
    "dataset": "unknown",
    "modality": "bold",
    "run_id": 2,
    "subject_id": "33",
    "task_id": "eah"
  },
  "dummy_trs": 0,
  "dvars_nstd": 15.260383148295958,
  "dvars_std": 1.0434203007174891,
  "dvars_vstd": 0.9760715953811662,
  "efc": 0.33798033198686833,
  "fber": 58909.5859375,
  "fd_mean": 0.08439939332835932,
  "fd_num": 8,
  "fd_perc": 3.5714285714285716,
  "fwhm_avg": 2.8622916666666662,
  "fwhm_x": 2.7999,
  "fwhm_y": 2.93345,
  "fwhm_z": 2.853525,
  "gcor": 0.0296965,
  "gsr_x": -0.005555254407227039,
  "gsr_y": 0.004838468041270971,
  "provenance": {
    "md5sum": "0e86c2d120d3013c78f7f71e2daa6826",
    "settings": {
      "fd_thres": 0.2,
      "hmc_fsl": false
    },
    "software": "mriqc",
    "version": "0.15.2rc1",
    "webapi_port": null,
    "webapi_url": "https://mriqc.nimh.nih.gov/api/v1"
  },
  "size_t": 224,
  "size_x": 64,
  "size_y": 64,
  "size_z": 35,
  "snr": 2.898888794680531,
  "spacing_tr": 2.0,
  "spacing_x": 4.0,
  "spacing_y": 4.0,
  "spacing_z": 4.0,
  "summary_bg_k": 298.84046467618543,
  "summary_bg_mad": 9.557489395141602,
  "summary_bg_mean": 23.972919464111328,
  "summary_bg_median": 7.334821701049805,
  "summary_bg_n": 99109.0,
  "summary_bg_p05": 0.2410714328289032,
  "summary_bg_p95": 96.74643402099582,
  "summary_bg_stdv": 68.92826843261719,
  "summary_fg_k": 0.3529750638391169,
  "summary_fg_mad": 555.5787353515625,
  "summary_fg_mean": 1855.0755615234375,
  "summary_fg_median": 1819.114013671875,
  "summary_fg_n": 17226.0,
  "summary_fg_p05": 811.732177734375,
  "summary_fg_p95": 2979.4554443359375,
  "summary_fg_stdv": 627.5029296875,
  "tsnr": 62.94919967651367
}