{
  "aor": 0.003395731225296442,
  "aqi": 0.0020122552213438735,
  "bids_meta": {
    "AcquisitionMatrixPE": 64,
    "AcquisitionNumber": 1,
    "AcquisitionTime": "20:43:48.000000",
    "BodyPartExamined": "HEAD",
    "CoilString": "32Ch_Head",
    "ConversionSoftware": "dcm2niix",
    "ConversionSoftwareVersion": "v1.0.20181125  (JP2:OpenJPEG) GCC7.3.0",
    "DeviceSerialNumber": "0002806034DVR750",
    "EchoTime": 0.04,
    "EffectiveEchoSpacing": 0.000372,
    "FlipAngle": 90,
    "ImageOrientationPatientDICOM": [
      1,
      0,
      0,
      0,
      1,
      0
    ],
    "ImageType": [
      "ORIGINAL",
      "PRIMARY",
      "EPI",
      "NONE"
    ],
    "ImagingFrequency": 127.772,
    "InPlanePhaseEncodingDirectionDICOM": "COL",
    "InstitutionName": "INSTITUTO_DE_NEUROBIOLOGIA",
    "MRAcquisitionType": "2D",
    "MagneticFieldStrength": 3,
    "Manufacturer": "GE",
    "ManufacturersModelName": "DISCOVERY_MR750",
    "Modality": "MR",
    "PatientPosition": "HFS",
    "PercentPhaseFOV": 100,
    "PhaseEncodingDirection": "j",
    "PhaseEncodingPolarityGE": "Flipped",
    "PixelBandwidth": 7812.5,
    "ProcedureStepDescription": "Emociones_AH",
    "ProtocolName": "fMRI_Jalil_3",
    "ReconMatrixPE": 64,
    "RepetitionTime": 2,
    "SAR": 0.163021,
    "ScanOptions": "EPI_GEMS_ACC_GEMS",
    "ScanningSequence": "EP_GR",
    "SequenceVariant": "SS",
    "SeriesDescription": "fMRI_Jalil_3",
    "SeriesNumber": 9,
    "SliceThickness": 4,
    "SliceTiming": [
      0,
      1.0285,
      0.0571001,
      1.0857,
      0.1142,
      1.1428,
      0.1714,
      1.2,
      0.2285,
      1.2571,
      0.2857,
      1.3143,
      0.3428,
      1.3714,
      0.4,
      1.4286,
      0.4571,
      1.4857,
      0.5142,
      1.5428,
      0.5714,
      1.6,
      0.6285,
      1.6571,
      0.6857,
      1.7143,
      0.7428,
      1.7714,
      0.8,
      1.8285,
      0.8571,
      1.8857,
      0.9143,
      1.9428,
      0.9714
    ],
    "SoftwareVersions": "27_LX_MR_Software_release:DV26.0_R03_1831.b",
    "SpacingBetweenSlices": 4,
    "StationName": "GEHCGEHC",
    "TaskName": "eah",
    "TotalReadoutTime": 0.023436,
    "dataset": "unknown",
    "modality": "bold",
    "run_id": 3,
    "subject_id": "45",
    "task_id": "eah"
  },
  "dummy_trs": 1,
  "dvars_nstd": 15.111067132222233,
  "dvars_std": 1.0411329524206345,
  "dvars_vstd": 0.9821880895238098,
  "efc": 0.30432699079314285,
  "fber": 71050.4609375,
  "fd_mean": 0.08390144719025519,
  "fd_num": 10,
  "fd_perc": 3.952569169960474,
  "fwhm_avg": 2.9116666666666666,
  "fwhm_x": 2.88705,
  "fwhm_y": 2.943625,
  "fwhm_z": 2.904325,
  "gcor": 0.0271272,
  "gsr_x": -0.006363042164593935,
  "gsr_y": 0.0026104424614459276,
  "provenance": {
    "md5sum": "e33aa7adba62e114085eb92619c1639e",
    "settings": {
      "fd_thres": 0.2,
      "hmc_fsl": false
    },
    "software": "mriqc",
    "version": "0.15.2rc1",
    "webapi_port": null,
    "webapi_url": "https://mriqc.nimh.nih.gov/api/v1"
  },
  "size_t": 253,
  "size_x": 64,
  "size_y": 64,
  "size_z": 35,
  "snr": 2.538097497890404,
  "spacing_tr": 2.0,
  "spacing_x": 4.0,
  "spacing_y": 4.0,
  "spacing_z": 4.0,
  "summary_bg_k": 130.62821207055063,
  "summary_bg_mad": 8.432666778564453,
  "summary_bg_mean": 19.2172794342041,
  "summary_bg_median": 6.687747478485107,
  "summary_bg_n": 102852.0,
  "summary_bg_p05": 0.260869562625885,
  "summary_bg_p95": 74.49585037231444,
  "summary_bg_stdv": 51.16240310668945,
  "summary_fg_k": 0.7721013246719992,
  "summary_fg_mad": 556.4710083007812,
  "summary_fg_mean": 1873.47216796875,
  "summary_fg_median": 1784.146240234375,
  "summary_fg_n": 14500.0,
  "summary_fg_p05": 787.8607147216798,
  "summary_fg_p95": 3206.8714477539056,
  "summary_fg_stdv": 702.9220581054688,
  "tsnr": 61.571102142333984
}