{
  "aor": 0.0016624107142857146,
  "aqi": 0.0020310272053571427,
  "bids_meta": {
    "AcquisitionMatrixPE": 64,
    "AcquisitionNumber": 1,
    "AcquisitionTime": "20:35:15.000000",
    "BodyPartExamined": "HEAD",
    "CoilString": "32Ch_Head",
    "ConversionSoftware": "dcm2niix",
    "ConversionSoftwareVersion": "v1.0.20181125  (JP2:OpenJPEG) GCC7.3.0",
    "DeviceSerialNumber": "0002806034DVR750",
    "EchoTime": 0.04,
    "EffectiveEchoSpacing": 0.000372,
    "FlipAngle": 90,
    "ImageOrientationPatientDICOM": [
      1,
      0,
      0,
      0,
      1,
      0
    ],
    "ImageType": [
      "ORIGINAL",
      "PRIMARY",
      "EPI",
      "NONE"
    ],
    "ImagingFrequency": 127.772,
    "InPlanePhaseEncodingDirectionDICOM": "COL",
    "InstitutionName": "INSTITUTO_DE_NEUROBIOLOGIA",
    "MRAcquisitionType": "2D",
    "MagneticFieldStrength": 3,
    "Manufacturer": "GE",
    "ManufacturersModelName": "DISCOVERY_MR750",
    "Modality": "MR",
    "PatientPosition": "HFS",
    "PercentPhaseFOV": 100,
    "PhaseEncodingDirection": "j",
    "PhaseEncodingPolarityGE": "Flipped",
    "PixelBandwidth": 7812.5,
    "ProcedureStepDescription": "Emociones_AH",
    "ProtocolName": "fMRI_Jalil_2",
    "ReconMatrixPE": 64,
    "RepetitionTime": 2,
    "SAR": 0.163021,
    "ScanOptions": "EPI_GEMS_ACC_GEMS",
    "ScanningSequence": "EP_GR",
    "SequenceVariant": "SS",
    "SeriesDescription": "fMRI_Jalil_2",
    "SeriesNumber": 8,
    "SliceThickness": 4,
    "SliceTiming": [
      0,
      1.0285,
      0.0571001,
      1.0857,
      0.1142,
      1.1428,
      0.1714,
      1.2,
      0.2285,
      1.2571,
      0.2857,
      1.3143,
      0.3428,
      1.3714,
      0.4,
      1.4286,
      0.4571,
      1.4857,
      0.5142,
      1.5428,
      0.5714,
      1.6,
      0.6285,
      1.6571,
      0.6857,
      1.7143,
      0.7428,
      1.7714,
      0.8,
      1.8285,
      0.8571,
      1.8857,
      0.9143,
      1.9428,
      0.9714
    ],
    "SoftwareVersions": "27_LX_MR_Software_release:DV26.0_R03_1831.b",
    "SpacingBetweenSlices": 4,
    "StationName": "GEHCGEHC",
    "TaskName": "eah",
    "TotalReadoutTime": 0.023436,
    "dataset": "unknown",
    "modality": "bold",
    "run_id": 2,
    "subject_id": "45",
    "task_id": "eah"
  },
  "dummy_trs": 0,
  "dvars_nstd": 13.877693984439457,
  "dvars_std": 1.0071051824663675,
  "dvars_vstd": 0.9505981495964135,
  "efc": 0.30509558051660324,
  "fber": 75335.359375,
  "fd_mean": 0.07464467138237006,
  "fd_num": 6,
  "fd_perc": 2.6785714285714284,
  "fwhm_avg": 2.9133,
  "fwhm_x": 2.876625,
  "fwhm_y": 2.959925,
  "fwhm_z": 2.90335,
  "gcor": 0.0236339,
  "gsr_x": -0.005918311886489391,
  "gsr_y": 0.0026829498820006847,
  "provenance": {
    "md5sum": "4a5549caaeb416e51ea8cb4742db92b8",
    "settings": {
      "fd_thres": 0.2,
      "hmc_fsl": false
    },
    "software": "mriqc",
    "version": "0.15.2rc1",
    "webapi_port": null,
    "webapi_url": "https://mriqc.nimh.nih.gov/api/v1"
  },
  "size_t": 224,
  "size_x": 64,
  "size_y": 64,
  "size_z": 35,
  "snr": 2.567214778043793,
  "spacing_tr": 2.0,
  "spacing_x": 4.0,
  "spacing_y": 4.0,
  "spacing_z": 4.0,
  "summary_bg_k": 137.6972519976063,
  "summary_bg_mad": 8.333020210266113,
  "summary_bg_mean": 19.32386016845703,
  "summary_bg_median": 6.593750476837158,
  "summary_bg_n": 102808.0,
  "summary_bg_p05": 0.25,
  "summary_bg_p95": 74.14419937133783,
  "summary_bg_stdv": 52.15930938720703,
  "summary_fg_k": 0.7753392496452625,
  "summary_fg_mad": 552.2626953125,
  "summary_fg_mean": 1877.79296875,
  "summary_fg_median": 1794.85498046875,
  "summary_fg_n": 14568.0,
  "summary_fg_p05": 779.3203552246093,
  "summary_fg_p95": 3189.9730957031243,
  "summary_fg_stdv": 699.120849609375,
  "tsnr": 64.770751953125
}