{
  "aor": 0.003527666666666667,
  "aqi": 0.00275990679,
  "bids_meta": {
    "AcquisitionMatrixPE": 64,
    "AcquisitionNumber": 1,
    "AcquisitionTime": "20:11:47.000000",
    "BodyPartExamined": "HEAD",
    "CoilString": "32Ch_Head",
    "ConversionSoftware": "dcm2niix",
    "ConversionSoftwareVersion": "v1.0.20181125  (JP2:OpenJPEG) GCC7.3.0",
    "DeviceSerialNumber": "0002806034DVR750",
    "EchoTime": 0.04,
    "EffectiveEchoSpacing": 0.000372,
    "FlipAngle": 90,
    "ImageOrientationPatientDICOM": [
      1,
      0,
      0,
      0,
      1,
      0
    ],
    "ImageType": [
      "ORIGINAL",
      "PRIMARY",
      "EPI",
      "NONE"
    ],
    "ImagingFrequency": 127.772,
    "InPlanePhaseEncodingDirectionDICOM": "COL",
    "InstitutionName": "INSTITUTO_DE_NEUROBIOLOGIA",
    "MRAcquisitionType": "2D",
    "MagneticFieldStrength": 3,
    "Manufacturer": "GE",
    "ManufacturersModelName": "DISCOVERY_MR750",
    "Modality": "MR",
    "PatientPosition": "HFS",
    "PercentPhaseFOV": 100,
    "PhaseEncodingDirection": "j",
    "PhaseEncodingPolarityGE": "Flipped",
    "PixelBandwidth": 7812.5,
    "ProcedureStepDescription": "Emociones_AH",
    "ProtocolName": "fMRI_RestState",
    "ReconMatrixPE": 64,
    "RepetitionTime": 2,
    "SAR": 0.163021,
    "ScanOptions": "EPI_GEMS_ACC_GEMS",
    "ScanningSequence": "EP_GR",
    "SequenceVariant": "SS",
    "SeriesDescription": "fMRI_RestState",
    "SeriesNumber": 5,
    "SliceThickness": 4,
    "SliceTiming": [
      0,
      1.0285,
      0.0571001,
      1.0857,
      0.1142,
      1.1428,
      0.1714,
      1.2,
      0.2285,
      1.2571,
      0.2857,
      1.3143,
      0.3428,
      1.3714,
      0.4,
      1.4286,
      0.4571,
      1.4857,
      0.5142,
      1.5428,
      0.5714,
      1.6,
      0.6285,
      1.6571,
      0.6857,
      1.7143,
      0.7428,
      1.7714,
      0.8,
      1.8285,
      0.8571,
      1.8857,
      0.9143,
      1.9428,
      0.9714
    ],
    "SoftwareVersions": "27_LX_MR_Software_release:DV26.0_R03_1831.b",
    "SpacingBetweenSlices": 4,
    "StationName": "GEHCGEHC",
    "TaskName": "rest",
    "TotalReadoutTime": 0.023436,
    "dataset": "unknown",
    "modality": "bold",
    "subject_id": "45",
    "task_id": "rest"
  },
  "dummy_trs": 0,
  "dvars_nstd": 15.326226062374586,
  "dvars_std": 0.9837433566220732,
  "dvars_vstd": 0.9370129504682274,
  "efc": 0.3060128647225108,
  "fber": 83582.5703125,
  "fd_mean": 0.12324562181845962,
  "fd_num": 34,
  "fd_perc": 11.333333333333334,
  "fwhm_avg": 2.89105,
  "fwhm_x": 2.869875,
  "fwhm_y": 2.986025,
  "fwhm_z": 2.81725,
  "gcor": 0.0443033,
  "gsr_x": -0.006005823612213135,
  "gsr_y": 0.004271821118891239,
  "provenance": {
    "md5sum": "331067b6b5db6fbfc2ac6f2e6042a6e7",
    "settings": {
      "fd_thres": 0.2,
      "hmc_fsl": false
    },
    "software": "mriqc",
    "version": "0.15.2rc1",
    "webapi_port": null,
    "webapi_url": "https://mriqc.nimh.nih.gov/api/v1"
  },
  "size_t": 300,
  "size_x": 64,
  "size_y": 64,
  "size_z": 35,
  "snr": 2.684365238034607,
  "spacing_tr": 2.0,
  "spacing_x": 4.0,
  "spacing_y": 4.0,
  "spacing_z": 4.0,
  "summary_bg_k": 166.35836314766445,
  "summary_bg_mad": 8.080183029174805,
  "summary_bg_mean": 19.84800910949707,
  "summary_bg_median": 6.376667022705078,
  "summary_bg_n": 102741.0,
  "summary_bg_p05": 0.23000000417232513,
  "summary_bg_p95": 75.04666900634766,
  "summary_bg_stdv": 56.91320037841797,
  "summary_fg_k": 0.6372232604188701,
  "summary_fg_mad": 556.3440551757812,
  "summary_fg_mean": 1879.5869140625,
  "summary_fg_median": 1823.78173828125,
  "summary_fg_n": 14530.0,
  "summary_fg_p05": 751.9868469238281,
  "summary_fg_p95": 3110.669873046874,
  "summary_fg_stdv": 679.3855590820312,
  "tsnr": 51.39384078979492
}