{
  "aor": 0.009226066666666664,
  "aqi": 0.0060786068666666675,
  "bids_meta": {
    "AcquisitionMatrixPE": 64,
    "AcquisitionNumber": 1,
    "AcquisitionTime": "20:53:3.000000",
    "BodyPartExamined": "HEAD",
    "CoilString": "32Ch_Head",
    "ConversionSoftware": "dcm2niix",
    "ConversionSoftwareVersion": "v1.0.20181125  (JP2:OpenJPEG) GCC7.3.0",
    "DeviceSerialNumber": "0002806034DVR750",
    "EchoTime": 0.04,
    "EffectiveEchoSpacing": 0.000372,
    "FlipAngle": 90,
    "ImageOrientationPatientDICOM": [
      1,
      0,
      0,
      0,
      1,
      0
    ],
    "ImageType": [
      "ORIGINAL",
      "PRIMARY",
      "EPI",
      "NONE"
    ],
    "ImagingFrequency": 127.772,
    "InPlanePhaseEncodingDirectionDICOM": "COL",
    "InstitutionName": "INSTITUTO_DE_NEUROBIOLOGIA",
    "MRAcquisitionType": "2D",
    "MagneticFieldStrength": 3,
    "Manufacturer": "GE",
    "ManufacturersModelName": "DISCOVERY_MR750",
    "Modality": "MR",
    "PatientPosition": "HFS",
    "PercentPhaseFOV": 100,
    "PhaseEncodingDirection": "j",
    "PhaseEncodingPolarityGE": "Flipped",
    "PixelBandwidth": 7812.5,
    "ProcedureStepDescription": "Emociones_AH",
    "ProtocolName": "fMRI_Jalil_4",
    "ReconMatrixPE": 64,
    "RepetitionTime": 2,
    "SAR": 0.163021,
    "ScanOptions": "EPI_GEMS_ACC_GEMS",
    "ScanningSequence": "EP_GR",
    "SequenceVariant": "SS",
    "SeriesDescription": "fMRI_Jalil_4",
    "SeriesNumber": 10,
    "SliceThickness": 4,
    "SliceTiming": [
      0,
      1.0285,
      0.0571001,
      1.0857,
      0.1142,
      1.1428,
      0.1714,
      1.2,
      0.2285,
      1.2571,
      0.2857,
      1.3143,
      0.3428,
      1.3714,
      0.4,
      1.4286,
      0.4571,
      1.4857,
      0.5142,
      1.5428,
      0.5714,
      1.6,
      0.6285,
      1.6571,
      0.6857,
      1.7143,
      0.7428,
      1.7714,
      0.8,
      1.8285,
      0.8571,
      1.8857,
      0.9143,
      1.9428,
      0.9714
    ],
    "SoftwareVersions": "27_LX_MR_Software_release:DV26.0_R03_1831.b",
    "SpacingBetweenSlices": 4,
    "StationName": "GEHCGEHC",
    "TaskName": "eah",
    "TotalReadoutTime": 0.023436,
    "dataset": "unknown",
    "modality": "bold",
    "run_id": 4,
    "subject_id": "45",
    "task_id": "eah"
  },
  "dummy_trs": 0,
  "dvars_nstd": 18.361619014966443,
  "dvars_std": 0.8531676142953019,
  "dvars_vstd": 0.8710370402013422,
  "efc": 0.30531544523982734,
  "fber": 72050.5,
  "fd_mean": 0.17871507049166588,
  "fd_num": 22,
  "fd_perc": 14.666666666666666,
  "fwhm_avg": 2.9550083333333332,
  "fwhm_x": 2.913725,
  "fwhm_y": 3.0006,
  "fwhm_z": 2.9507,
  "gcor": 0.0200897,
  "gsr_x": -0.006034424528479576,
  "gsr_y": 0.0036188249941915274,
  "provenance": {
    "md5sum": "49fa6caebac500f0441fe7a39280b16a",
    "settings": {
      "fd_thres": 0.2,
      "hmc_fsl": false
    },
    "software": "mriqc",
    "version": "0.15.2rc1",
    "webapi_port": null,
    "webapi_url": "https://mriqc.nimh.nih.gov/api/v1"
  },
  "size_t": 150,
  "size_x": 64,
  "size_y": 64,
  "size_z": 35,
  "snr": 2.5660956556230947,
  "spacing_tr": 2.0,
  "spacing_x": 4.0,
  "spacing_y": 4.0,
  "spacing_z": 4.0,
  "summary_bg_k": 132.76101270180115,
  "summary_bg_mad": 8.490368843078613,
  "summary_bg_mean": 19.419692993164062,
  "summary_bg_median": 6.733333587646484,
  "summary_bg_n": 102797.0,
  "summary_bg_p05": 0.30000001192092896,
  "summary_bg_p95": 74.26933593749996,
  "summary_bg_stdv": 51.050865173339844,
  "summary_fg_k": 0.7428444058085071,
  "summary_fg_mad": 559.16845703125,
  "summary_fg_mean": 1891.186279296875,
  "summary_fg_median": 1805.0966796875,
  "summary_fg_n": 14590.0,
  "summary_fg_p05": 787.7896759033204,
  "summary_fg_p95": 3214.5754272460936,
  "summary_fg_stdv": 703.4168090820312,
  "tsnr": 41.518165588378906
}