{
  "aor": 0.004545743801652893,
  "aqi": 0.005315309669421488,
  "bids_meta": {
    "AcquisitionMatrixPE": 64,
    "AcquisitionNumber": 1,
    "AcquisitionTime": "20:26:21.000000",
    "BodyPartExamined": "HEAD",
    "CoilString": "32Ch_Head",
    "ConversionSoftware": "dcm2niix",
    "ConversionSoftwareVersion": "v1.0.20181125  (JP2:OpenJPEG) GCC7.3.0",
    "DeviceSerialNumber": "0002806034DVR750",
    "EchoTime": 0.04,
    "EffectiveEchoSpacing": 0.000372,
    "FlipAngle": 90,
    "ImageOrientationPatientDICOM": [
      1,
      0,
      0,
      0,
      1,
      0
    ],
    "ImageType": [
      "ORIGINAL",
      "PRIMARY",
      "EPI",
      "NONE"
    ],
    "ImagingFrequency": 127.772,
    "InPlanePhaseEncodingDirectionDICOM": "COL",
    "InstitutionName": "INSTITUTO_DE_NEUROBIOLOGIA",
    "MRAcquisitionType": "2D",
    "MagneticFieldStrength": 3,
    "Manufacturer": "GE",
    "ManufacturersModelName": "DISCOVERY_MR750",
    "Modality": "MR",
    "PatientPosition": "HFS",
    "PercentPhaseFOV": 100,
    "PhaseEncodingDirection": "j",
    "PhaseEncodingPolarityGE": "Flipped",
    "PixelBandwidth": 7812.5,
    "ProcedureStepDescription": "Emociones_AH",
    "ProtocolName": "fMRI_Jalil_1",
    "ReconMatrixPE": 64,
    "RepetitionTime": 2,
    "SAR": 0.163021,
    "ScanOptions": "EPI_GEMS_ACC_GEMS",
    "ScanningSequence": "EP_GR",
    "SequenceVariant": "SS",
    "SeriesDescription": "fMRI_Jalil_1",
    "SeriesNumber": 7,
    "SliceThickness": 4,
    "SliceTiming": [
      0,
      1.0285,
      0.0571001,
      1.0857,
      0.1142,
      1.1428,
      0.1714,
      1.2,
      0.2285,
      1.2571,
      0.2857,
      1.3143,
      0.3428,
      1.3714,
      0.4,
      1.4286,
      0.4571,
      1.4857,
      0.5142,
      1.5428,
      0.5714,
      1.6,
      0.6285,
      1.6571,
      0.6857,
      1.7143,
      0.7428,
      1.7714,
      0.8,
      1.8285,
      0.8571,
      1.8857,
      0.9143,
      1.9428,
      0.9714
    ],
    "SoftwareVersions": "27_LX_MR_Software_release:DV26.0_R03_1831.b",
    "SpacingBetweenSlices": 4,
    "StationName": "GEHCGEHC",
    "TaskName": "eah",
    "TotalReadoutTime": 0.023436,
    "dataset": "unknown",
    "modality": "bold",
    "run_id": 1,
    "subject_id": "45",
    "task_id": "eah"
  },
  "dummy_trs": 0,
  "dvars_nstd": 15.337718860746893,
  "dvars_std": 0.9112974810788386,
  "dvars_vstd": 0.8895013274273861,
  "efc": 0.30520085599294505,
  "fber": 73035.0625,
  "fd_mean": 0.11265145575365663,
  "fd_num": 23,
  "fd_perc": 9.50413223140496,
  "fwhm_avg": 2.972225,
  "fwhm_x": 2.9386,
  "fwhm_y": 3.0069,
  "fwhm_z": 2.971175,
  "gcor": 0.0414302,
  "gsr_x": -0.005862555466592312,
  "gsr_y": 0.002118493430316448,
  "provenance": {
    "md5sum": "98ae6dea2d6e362d3d3f0341340b2e6f",
    "settings": {
      "fd_thres": 0.2,
      "hmc_fsl": false
    },
    "software": "mriqc",
    "version": "0.15.2rc1",
    "webapi_port": null,
    "webapi_url": "https://mriqc.nimh.nih.gov/api/v1"
  },
  "size_t": 242,
  "size_x": 64,
  "size_y": 64,
  "size_z": 35,
  "snr": 2.5278704777060566,
  "spacing_tr": 2.0,
  "spacing_x": 4.0,
  "spacing_y": 4.0,
  "spacing_z": 4.0,
  "summary_bg_k": 128.23644062034379,
  "summary_bg_mad": 8.448382377624512,
  "summary_bg_mean": 19.43009376525879,
  "summary_bg_median": 6.644628047943115,
  "summary_bg_n": 102728.0,
  "summary_bg_p05": 0.28099173307418823,
  "summary_bg_p95": 75.388427734375,
  "summary_bg_stdv": 49.738765716552734,
  "summary_fg_k": 0.6893841723430967,
  "summary_fg_mad": 570.755859375,
  "summary_fg_mean": 1873.859375,
  "summary_fg_median": 1789.9503173828125,
  "summary_fg_n": 14758.0,
  "summary_fg_p05": 774.3419311523437,
  "summary_fg_p95": 3215.7499267578123,
  "summary_fg_stdv": 708.062255859375,
  "tsnr": 36.02843475341797
}