{
  "bids_meta": {
    "AcquisitionDateTime": "2017-02-09T18:49:53.000000",
    "ConversionSoftware": "dcm2niix",
    "ConversionSoftwareVersion": "v1.0.20170411 GCC4.8.4",
    "EchoTime": 0.00318,
    "FlipAngle": 12,
    "ImageType": [
      "DERIVED",
      "PRIMARY",
      "OTHER"
    ],
    "InversionTime": 0.45,
    "MagneticFieldStrength": 3,
    "Manufacturer": "GE",
    "ManufacturersModelName": "DISCOVERY_MR750",
    "ProcedureStepDescription": "ActosHabla",
    "ProtocolName": "PU:Sag_T1_FSPGR_BRAVO",
    "RepetitionTime": 0.008156,
    "ScanningSequence": "GR",
    "SequenceVariant": "SS_SP_SK",
    "SeriesDescription": "PU:Sag_T1_FSPGR_BRAVO",
    "dataset": "unknown",
    "modality": "T1w",
    "subject_id": "16"
  },
  "cjv": 0.4347988443177099,
  "cnr": 3.0272464977917095,
  "efc": 0.7215274860064758,
  "fber": 10884.57421875,
  "fwhm_avg": 3.7040899999999994,
  "fwhm_x": 3.75231,
  "fwhm_y": 3.8766,
  "fwhm_z": 3.48336,
  "icvs_csf": 0.19608393273668168,
  "icvs_gm": 0.4067003954717977,
  "icvs_wm": 0.39721567179152056,
  "inu_med": 1.4676158428192139,
  "inu_range": 0.42253395915031433,
  "provenance": {
    "md5sum": "8d62094d4ec232b5467c5f3559395f72",
    "settings": {
      "testing": false
    },
    "software": "mriqc",
    "version": "0.15.2rc1",
    "warnings": {
      "large_rot_frame": true,
      "small_air_mask": false
    },
    "webapi_port": null,
    "webapi_url": "https://mriqc.nimh.nih.gov/api/v1"
  },
  "qi_1": 0.0,
  "qi_2": 0.002091063973533948,
  "rpve_csf": 27.698579749635197,
  "rpve_gm": 14.122123812492006,
  "rpve_wm": 18.01528685245814,
  "size_x": 176,
  "size_y": 256,
  "size_z": 256,
  "snr_csf": 3.0335277578060102,
  "snr_gm": 10.718195434477112,
  "snr_total": 11.215959342774049,
  "snr_wm": 19.896154836039024,
  "snrd_csf": 68.70768529910232,
  "snrd_gm": 140.6169103359663,
  "snrd_total": 133.150327570702,
  "snrd_wm": 190.12638707703738,
  "spacing_x": 1.0,
  "spacing_y": 1.0,
  "spacing_z": 1.0,
  "summary_bg_k": 11.675621090681352,
  "summary_bg_mad": 3.4458277225494385,
  "summary_bg_mean": 7.174351692199707,
  "summary_bg_median": 2.3241753578186035,
  "summary_bg_n": 392946.0,
  "summary_bg_p05": 0.0,
  "summary_bg_p95": 28.73903465270996,
  "summary_bg_stdv": 10.581416130065918,
  "summary_csf_k": -0.34965931688639307,
  "summary_csf_mad": 129.78701782226562,
  "summary_csf_mean": 379.5343017578125,
  "summary_csf_median": 361.3825378417969,
  "summary_csf_n": 13937.0,
  "summary_csf_p05": 215.3081512451172,
  "summary_csf_p95": 584.566174316406,
  "summary_csf_stdv": 119.12519073486328,
  "summary_gm_k": 0.3459074699765323,
  "summary_gm_mad": 66.18894958496094,
  "summary_gm_mean": 741.3377685546875,
  "summary_gm_median": 739.604248046875,
  "summary_gm_n": 18586.0,
  "summary_gm_p05": 632.7713012695312,
  "summary_gm_p95": 859.2558898925781,
  "summary_gm_stdv": 69.00269317626953,
  "summary_wm_k": 1.0229454587055207,
  "summary_wm_mad": 47.03506851196289,
  "summary_wm_mean": 1002.4512939453125,
  "summary_wm_median": 1000.009765625,
  "summary_wm_n": 228403.0,
  "summary_wm_p05": 924.9334716796875,
  "summary_wm_p95": 1087.527978515625,
  "summary_wm_stdv": 50.261348724365234,
  "tpm_overlap_csf": 0.21697044372558594,
  "tpm_overlap_gm": 0.4989151358604431,
  "tpm_overlap_wm": 0.5664878487586975,
  "wm2max": 0.40980396035911787
}