{
  "aor": 0.0057493,
  "aqi": 0.002979966656666667,
  "bids_meta": {
    "AcquisitionDateTime": "2017-08-18T19:51:53.000000",
    "ConversionSoftware": "dcm2niix",
    "ConversionSoftwareVersion": "v1.0.20170411 GCC4.8.4",
    "EchoTime": 0.04,
    "FlipAngle": 90,
    "ImageType": [
      "ORIGINAL",
      "PRIMARY",
      "EPI",
      "NONE"
    ],
    "MagneticFieldStrength": 3,
    "Manufacturer": "GE",
    "ManufacturersModelName": "DISCOVERY_MR750",
    "ProcedureStepDescription": "CompMet",
    "ProtocolName": "fMRI_RestState",
    "RepetitionTime": 2,
    "ScanningSequence": "EP_GR",
    "SequenceVariant": "SS",
    "SeriesDescription": "fMRI_RestState",
    "dataset": "unknown",
    "modality": "bold",
    "subject_id": "87",
    "task_id": "rest"
  },
  "dummy_trs": 0,
  "dvars_nstd": 15.092894898528433,
  "dvars_std": 1.1202187618060195,
  "dvars_vstd": 1.0407713351170564,
  "efc": 0.3628004180224084,
  "fber": 59203.48046875,
  "fd_mean": 0.07113446702056221,
  "fd_num": 2,
  "fd_perc": 0.6666666666666666,
  "fwhm_avg": 2.854725,
  "fwhm_x": 2.79155,
  "fwhm_y": 3.02735,
  "fwhm_z": 2.745275,
  "gcor": 0.0656717,
  "gsr_x": -0.009649937972426414,
  "gsr_y": 0.012004292570054531,
  "provenance": {
    "md5sum": "c110d70c724155baa653e20126e87cec",
    "settings": {
      "fd_thres": 0.2,
      "hmc_fsl": false
    },
    "software": "mriqc",
    "version": "0.15.2rc1",
    "webapi_port": null,
    "webapi_url": "https://mriqc.nimh.nih.gov/api/v1"
  },
  "size_t": 300,
  "size_x": 64,
  "size_y": 64,
  "size_z": 34,
  "snr": 2.7747389912368217,
  "spacing_tr": 2.0,
  "spacing_x": 4.0,
  "spacing_y": 4.0,
  "spacing_z": 4.0,
  "summary_bg_k": 178.9684965101344,
  "summary_bg_mad": 9.888957977294922,
  "summary_bg_mean": 32.25109100341797,
  "summary_bg_median": 7.363333702087402,
  "summary_bg_n": 92917.0,
  "summary_bg_p05": 0.17000000178813934,
  "summary_bg_p95": 138.5753387451171,
  "summary_bg_stdv": 105.537109375,
  "summary_fg_k": 0.2693392452948684,
  "summary_fg_mad": 588.9637451171875,
  "summary_fg_mean": 1873.2987060546875,
  "summary_fg_median": 1841.070068359375,
  "summary_fg_n": 19035.0,
  "summary_fg_p05": 771.4483337402344,
  "summary_fg_p95": 3038.5338134765625,
  "summary_fg_stdv": 663.49365234375,
  "tsnr": 59.97483825683594
}