{
  "aor": 0.00709132,
  "aqi": 0.000981785272,
  "bids_meta": {
    "AcquisitionDateTime": "2017-08-16T20:40:46.000000",
    "ConversionSoftware": "dcm2niix",
    "ConversionSoftwareVersion": "v1.0.20170411 GCC4.8.4",
    "EchoTime": 0.035,
    "FlipAngle": 90,
    "ImageType": [
      "ORIGINAL",
      "PRIMARY",
      "EPI",
      "NONE"
    ],
    "MagneticFieldStrength": 3,
    "Manufacturer": "GE",
    "ManufacturersModelName": "DISCOVERY_MR750",
    "ProtocolName": "fMRI_CompMet",
    "RepetitionTime": 2,
    "ScanningSequence": "EP_GR",
    "SequenceVariant": "SS",
    "SeriesDescription": "fMRI_CompMet",
    "dataset": "unknown",
    "modality": "bold",
    "run_id": 2,
    "subject_id": "87",
    "task_id": "cm"
  },
  "dummy_trs": 0,
  "dvars_nstd": 15.302845223413652,
  "dvars_std": 1.2687706866666668,
  "dvars_vstd": 1.112362235301205,
  "efc": 0.3748286188070921,
  "fber": 72749.9375,
  "fd_mean": 0.046731870750017654,
  "fd_num": 1,
  "fd_perc": 0.4,
  "fwhm_avg": 2.8607666666666667,
  "fwhm_x": 2.7373,
  "fwhm_y": 2.927025,
  "fwhm_z": 2.917975,
  "gcor": 0.0651808,
  "gsr_x": -0.0014876462519168854,
  "gsr_y": 0.0014265519566833973,
  "provenance": {
    "md5sum": "c58deda8c36899d2ec3bddb2c75fb575",
    "settings": {
      "fd_thres": 0.2,
      "hmc_fsl": false
    },
    "software": "mriqc",
    "version": "0.15.2rc1",
    "webapi_port": null,
    "webapi_url": "https://mriqc.nimh.nih.gov/api/v1"
  },
  "size_t": 250,
  "size_x": 64,
  "size_y": 64,
  "size_z": 34,
  "snr": 2.661487886571009,
  "spacing_tr": 2.0,
  "spacing_x": 4.0,
  "spacing_y": 4.0,
  "spacing_z": 4.0,
  "summary_bg_k": 54.127838625525364,
  "summary_bg_mad": 10.348564147949219,
  "summary_bg_mean": 43.0781364440918,
  "summary_bg_median": 7.276000499725342,
  "summary_bg_n": 92236.0,
  "summary_bg_p05": 0.04000000283122063,
  "summary_bg_p95": 202.88600540161133,
  "summary_bg_stdv": 132.1842498779297,
  "summary_fg_k": 0.3189164248754719,
  "summary_fg_mad": 660.51708984375,
  "summary_fg_mean": 2066.791259765625,
  "summary_fg_median": 1986.796142578125,
  "summary_fg_n": 19482.0,
  "summary_fg_p05": 889.4302703857422,
  "summary_fg_p95": 3429.0271484375003,
  "summary_fg_stdv": 746.4791259765625,
  "tsnr": 89.87664794921875
}