{
  "aor": 0.006133279999999999,
  "aqi": 0.0009083031239999999,
  "bids_meta": {
    "AcquisitionDateTime": "2017-08-16T20:31:13.000000",
    "ConversionSoftware": "dcm2niix",
    "ConversionSoftwareVersion": "v1.0.20170411 GCC4.8.4",
    "EchoTime": 0.035,
    "FlipAngle": 90,
    "ImageType": [
      "ORIGINAL",
      "PRIMARY",
      "EPI",
      "NONE"
    ],
    "MagneticFieldStrength": 3,
    "Manufacturer": "GE",
    "ManufacturersModelName": "DISCOVERY_MR750",
    "ProtocolName": "fMRI_CompMet",
    "RepetitionTime": 2,
    "ScanningSequence": "EP_GR",
    "SequenceVariant": "SS",
    "SeriesDescription": "fMRI_CompMet",
    "dataset": "unknown",
    "modality": "bold",
    "run_id": 1,
    "subject_id": "87",
    "task_id": "cm"
  },
  "dummy_trs": 0,
  "dvars_nstd": 16.440944836265075,
  "dvars_std": 1.2921984607228911,
  "dvars_vstd": 1.1084332378313257,
  "efc": 0.3741083766895012,
  "fber": 76076.1953125,
  "fd_mean": 0.04257138362453781,
  "fd_num": 0,
  "fd_perc": 0.0,
  "fwhm_avg": 2.8735916666666665,
  "fwhm_x": 2.754675,
  "fwhm_y": 2.9292,
  "fwhm_z": 2.9369,
  "gcor": 0.0434268,
  "gsr_x": -0.0007567157153971493,
  "gsr_y": 0.0008115795208141208,
  "provenance": {
    "md5sum": "2b6102882068b4f24fee0e490fcd5400",
    "settings": {
      "fd_thres": 0.2,
      "hmc_fsl": false
    },
    "software": "mriqc",
    "version": "0.15.2rc1",
    "webapi_port": null,
    "webapi_url": "https://mriqc.nimh.nih.gov/api/v1"
  },
  "size_t": 250,
  "size_x": 64,
  "size_y": 64,
  "size_z": 34,
  "snr": 2.6516723061848757,
  "spacing_tr": 2.0,
  "spacing_x": 4.0,
  "spacing_y": 4.0,
  "spacing_z": 4.0,
  "summary_bg_k": 52.89416387989138,
  "summary_bg_mad": 10.105417251586914,
  "summary_bg_mean": 43.145748138427734,
  "summary_bg_median": 7.1080002784729,
  "summary_bg_n": 92232.0,
  "summary_bg_p05": 0.04000000283122063,
  "summary_bg_p95": 201.65081558227533,
  "summary_bg_stdv": 133.6924285888672,
  "summary_fg_k": 0.29965622218236954,
  "summary_fg_mad": 662.5424194335938,
  "summary_fg_mean": 2072.645263671875,
  "summary_fg_median": 1990.110107421875,
  "summary_fg_n": 19480.0,
  "summary_fg_p05": 899.0354705810546,
  "summary_fg_p95": 3450.182788085937,
  "summary_fg_stdv": 750.4920654296875,
  "tsnr": 89.75791931152344
}