{
  "bids_meta": {
    "AcquisitionDateTime": "2016-10-08T12:18:14.000000",
    "ConversionSoftware": "dcm2niix",
    "ConversionSoftwareVersion": "v1.0.20170411 GCC4.8.4",
    "EchoTime": 0.003336,
    "FlipAngle": 12,
    "ImageType": [
      "DERIVED",
      "PRIMARY",
      "OTHER"
    ],
    "InversionTime": 0.45,
    "MagneticFieldStrength": 3,
    "Manufacturer": "GE",
    "ManufacturersModelName": "DISCOVERY_MR750",
    "ProcedureStepDescription": "MeditResp",
    "ProtocolName": "PU:Sag_T1_FSPGR_BRAVO",
    "RepetitionTime": 0.008512,
    "ScanningSequence": "GR",
    "SequenceVariant": "SS_SP_SK",
    "SeriesDescription": "PU:Sag_T1_FSPGR_BRAVO",
    "dataset": "unknown",
    "modality": "T1w",
    "subject_id": "101"
  },
  "cjv": 0.39334614759610786,
  "cnr": 3.2026535731070758,
  "efc": 0.7152350048072049,
  "fber": 19216.873046875,
  "fwhm_avg": 3.7159633333333333,
  "fwhm_x": 3.74016,
  "fwhm_y": 3.8779,
  "fwhm_z": 3.52983,
  "icvs_csf": 0.19982312057773444,
  "icvs_gm": 0.43624094688933,
  "icvs_wm": 0.36393593253293555,
  "inu_med": 1.0084303617477417,
  "inu_range": 0.22117873430252066,
  "provenance": {
    "md5sum": "52a4a417aa3e8596da38e40ae1cf9dfa",
    "settings": {
      "testing": false
    },
    "software": "mriqc",
    "version": "0.15.2rc1",
    "warnings": {
      "large_rot_frame": true,
      "small_air_mask": false
    },
    "webapi_port": null,
    "webapi_url": "https://mriqc.nimh.nih.gov/api/v1"
  },
  "qi_1": 0.0,
  "qi_2": 0.0002598919389201787,
  "rpve_csf": 28.787294776870144,
  "rpve_gm": 14.474201261701262,
  "rpve_wm": 20.99562627239041,
  "size_x": 176,
  "size_y": 256,
  "size_z": 256,
  "snr_csf": 3.1723460466326325,
  "snr_gm": 12.069513627014427,
  "snr_total": 11.97224089911838,
  "snr_wm": 20.674863023708085,
  "snrd_csf": 51.40260575778848,
  "snrd_gm": 99.23789850794046,
  "snrd_total": 94.93266615261113,
  "snrd_wm": 134.15749419210442,
  "spacing_x": 1.0,
  "spacing_y": 1.0,
  "spacing_z": 1.0,
  "summary_bg_k": 46.28599384673859,
  "summary_bg_mad": 4.883365631103516,
  "summary_bg_mean": 11.459637641906738,
  "summary_bg_median": 3.2937800884246826,
  "summary_bg_n": 442220.0,
  "summary_bg_p05": 0.0,
  "summary_bg_p95": 45.371568489074676,
  "summary_bg_stdv": 22.577478408813477,
  "summary_csf_k": -0.8161227672699365,
  "summary_csf_mad": 145.15625,
  "summary_csf_mean": 397.0074157714844,
  "summary_csf_median": 383.15338134765625,
  "summary_csf_n": 14476.0,
  "summary_csf_p05": 225.55527877807617,
  "summary_csf_p95": 594.3764495849609,
  "summary_csf_stdv": 120.77501678466797,
  "summary_gm_k": 0.38251854136251984,
  "summary_gm_mad": 57.33229446411133,
  "summary_gm_mean": 743.37548828125,
  "summary_gm_median": 739.7161254882812,
  "summary_gm_n": 33117.0,
  "summary_gm_p05": 649.267529296875,
  "summary_gm_p95": 851.3054687499999,
  "summary_gm_stdv": 61.28705596923828,
  "summary_wm_k": 0.6134835905206879,
  "summary_wm_mad": 45.051597595214844,
  "summary_wm_mean": 999.3687744140625,
  "summary_wm_median": 1000.0056762695312,
  "summary_wm_n": 189466.0,
  "summary_wm_p05": 918.4940795898438,
  "summary_wm_p95": 1077.5062255859375,
  "summary_wm_stdv": 48.36806106567383,
  "tpm_overlap_csf": 0.23673047125339508,
  "tpm_overlap_gm": 0.5303782224655151,
  "tpm_overlap_wm": 0.5902429223060608,
  "wm2max": 0.45107339893622345
}