{
  "aor": 0.0015724553571428571,
  "aqi": 0.0021390711875,
  "bids_meta": {
    "AcquisitionDateTime": "2017-01-27T18:21:24.000000",
    "ConversionSoftware": "dcm2niix",
    "ConversionSoftwareVersion": "v1.0.20170411 GCC4.8.4",
    "EchoTime": 0.04,
    "FlipAngle": 90,
    "ImageType": [
      "ORIGINAL",
      "PRIMARY",
      "EPI",
      "NONE"
    ],
    "MagneticFieldStrength": 3,
    "Manufacturer": "GE",
    "ManufacturersModelName": "DISCOVERY_MR750",
    "ProcedureStepDescription": "CompRefranes",
    "ProtocolName": "fMRI_Comprension_4",
    "RepetitionTime": 2,
    "ScanningSequence": "EP_GR",
    "SequenceVariant": "SS",
    "SeriesDescription": "fMRI_Comprension_4",
    "dataset": "unknown",
    "modality": "bold",
    "run_id": 4,
    "subject_id": "59",
    "task_id": "cr"
  },
  "dummy_trs": 0,
  "dvars_nstd": 21.91538034112108,
  "dvars_std": 1.186223390358745,
  "dvars_vstd": 1.0104817663228698,
  "efc": 0.36636857021798747,
  "fber": 154338.328125,
  "fd_mean": 0.11767575510727307,
  "fd_num": 12,
  "fd_perc": 5.357142857142857,
  "fwhm_avg": 2.8821833333333333,
  "fwhm_x": 2.7552,
  "fwhm_y": 2.91175,
  "fwhm_z": 2.9796,
  "gcor": 0.0426919,
  "gsr_x": -0.005821306258440018,
  "gsr_y": 0.009791715070605278,
  "provenance": {
    "md5sum": "1161f731c5c57412f71406c7ea692be5",
    "settings": {
      "fd_thres": 0.2,
      "hmc_fsl": false
    },
    "software": "mriqc",
    "version": "0.15.2rc1",
    "webapi_port": null,
    "webapi_url": "https://mriqc.nimh.nih.gov/api/v1"
  },
  "size_t": 224,
  "size_x": 64,
  "size_y": 64,
  "size_z": 34,
  "snr": 2.5976926906761846,
  "spacing_tr": 2.0,
  "spacing_x": 4.0,
  "spacing_y": 4.0,
  "spacing_z": 4.0,
  "summary_bg_k": 175.74128924107626,
  "summary_bg_mad": 6.400341510772705,
  "summary_bg_mean": 26.86463737487793,
  "summary_bg_median": 4.526785850524902,
  "summary_bg_n": 91853.0,
  "summary_bg_p05": 0.0625,
  "summary_bg_p95": 126.60179138183588,
  "summary_bg_stdv": 82.89413452148438,
  "summary_fg_k": 0.565469661508974,
  "summary_fg_mad": 577.109619140625,
  "summary_fg_mean": 1847.443359375,
  "summary_fg_median": 1773.6787109375,
  "summary_fg_n": 19969.0,
  "summary_fg_p05": 784.5777099609375,
  "summary_fg_p95": 3126.819873046874,
  "summary_fg_stdv": 682.77294921875,
  "tsnr": 64.3927230834961
}