{
  "aor": 0.002605278969957082,
  "aqi": 0.0037289680257510728,
  "bids_meta": {
    "AcquisitionDateTime": "2017-01-27T18:12:8.000000",
    "ConversionSoftware": "dcm2niix",
    "ConversionSoftwareVersion": "v1.0.20170411 GCC4.8.4",
    "EchoTime": 0.04,
    "FlipAngle": 90,
    "ImageType": [
      "ORIGINAL",
      "PRIMARY",
      "EPI",
      "NONE"
    ],
    "MagneticFieldStrength": 3,
    "Manufacturer": "GE",
    "ManufacturersModelName": "DISCOVERY_MR750",
    "ProcedureStepDescription": "CompRefranes",
    "ProtocolName": "fMRI_Comprension_3",
    "RepetitionTime": 2,
    "ScanningSequence": "EP_GR",
    "SequenceVariant": "SS",
    "SeriesDescription": "fMRI_Comprension_3",
    "dataset": "unknown",
    "modality": "bold",
    "run_id": 3,
    "subject_id": "59",
    "task_id": "cr"
  },
  "dummy_trs": 0,
  "dvars_nstd": 22.85102763685344,
  "dvars_std": 1.1096063437068966,
  "dvars_vstd": 0.9793170692672402,
  "efc": 0.3654868473817512,
  "fber": 152327.09375,
  "fd_mean": 0.15824744320254377,
  "fd_num": 45,
  "fd_perc": 19.313304721030043,
  "fwhm_avg": 2.9090249999999997,
  "fwhm_x": 2.783125,
  "fwhm_y": 2.9179,
  "fwhm_z": 3.02605,
  "gcor": 0.0388812,
  "gsr_x": -0.005799352657049894,
  "gsr_y": 0.009813972748816013,
  "provenance": {
    "md5sum": "d5452655573209b6851c9793bbfe9357",
    "settings": {
      "fd_thres": 0.2,
      "hmc_fsl": false
    },
    "software": "mriqc",
    "version": "0.15.2rc1",
    "webapi_port": null,
    "webapi_url": "https://mriqc.nimh.nih.gov/api/v1"
  },
  "size_t": 233,
  "size_x": 64,
  "size_y": 64,
  "size_z": 34,
  "snr": 2.5731351185766433,
  "spacing_tr": 2.0,
  "spacing_x": 4.0,
  "spacing_y": 4.0,
  "spacing_z": 4.0,
  "summary_bg_k": 173.9559693806535,
  "summary_bg_mad": 6.426730632781982,
  "summary_bg_mean": 27.006025314331055,
  "summary_bg_median": 4.553647994995117,
  "summary_bg_n": 91918.0,
  "summary_bg_p05": 0.06866952776908875,
  "summary_bg_p95": 125.68325920104961,
  "summary_bg_stdv": 83.93997955322266,
  "summary_fg_k": 0.5356565700102305,
  "summary_fg_mad": 588.8093872070312,
  "summary_fg_mean": 1850.7674560546875,
  "summary_fg_median": 1783.008544921875,
  "summary_fg_n": 19953.0,
  "summary_fg_p05": 762.0274780273437,
  "summary_fg_p95": 3149.9175292968703,
  "summary_fg_stdv": 692.9149780273438,
  "tsnr": 49.64536666870117
}