{
  "aor": 0.002082987012987013,
  "aqi": 0.0022398547532467535,
  "bids_meta": {
    "AcquisitionDateTime": "2017-01-27T17:53:3.000000",
    "ConversionSoftware": "dcm2niix",
    "ConversionSoftwareVersion": "v1.0.20170411 GCC4.8.4",
    "EchoTime": 0.04,
    "FlipAngle": 90,
    "ImageType": [
      "ORIGINAL",
      "PRIMARY",
      "EPI",
      "NONE"
    ],
    "MagneticFieldStrength": 3,
    "Manufacturer": "GE",
    "ManufacturersModelName": "DISCOVERY_MR750",
    "ProcedureStepDescription": "CompRefranes",
    "ProtocolName": "fMRI_Comprension_1",
    "RepetitionTime": 2,
    "ScanningSequence": "EP_GR",
    "SequenceVariant": "SS",
    "SeriesDescription": "fMRI_Comprension_1",
    "dataset": "unknown",
    "modality": "bold",
    "run_id": 1,
    "subject_id": "59",
    "task_id": "cr"
  },
  "dummy_trs": 0,
  "dvars_nstd": 21.78831270465217,
  "dvars_std": 1.1919409321739132,
  "dvars_vstd": 1.0363974971739136,
  "efc": 0.3668277421742383,
  "fber": 152606.65625,
  "fd_mean": 0.10756891522484073,
  "fd_num": 14,
  "fd_perc": 6.0606060606060606,
  "fwhm_avg": 2.8684250000000002,
  "fwhm_x": 2.7396,
  "fwhm_y": 2.906975,
  "fwhm_z": 2.9587,
  "gcor": 0.0580039,
  "gsr_x": -0.00620855949819088,
  "gsr_y": 0.009976768866181374,
  "provenance": {
    "md5sum": "7a258360e307bd5e9137e17cc83641f7",
    "settings": {
      "fd_thres": 0.2,
      "hmc_fsl": false
    },
    "software": "mriqc",
    "version": "0.15.2rc1",
    "webapi_port": null,
    "webapi_url": "https://mriqc.nimh.nih.gov/api/v1"
  },
  "size_t": 231,
  "size_x": 64,
  "size_y": 64,
  "size_z": 34,
  "snr": 2.6264721620827034,
  "spacing_tr": 2.0,
  "spacing_x": 4.0,
  "spacing_y": 4.0,
  "spacing_z": 4.0,
  "summary_bg_k": 160.64883952872182,
  "summary_bg_mad": 6.5080461502075195,
  "summary_bg_mean": 27.882953643798828,
  "summary_bg_median": 4.610389709472656,
  "summary_bg_n": 92012.0,
  "summary_bg_p05": 0.06926406919956207,
  "summary_bg_p95": 131.56471786499023,
  "summary_bg_stdv": 86.7723388671875,
  "summary_fg_k": 0.4491460146965558,
  "summary_fg_mad": 595.4861450195312,
  "summary_fg_mean": 1858.7265625,
  "summary_fg_median": 1797.6103515625,
  "summary_fg_n": 19883.0,
  "summary_fg_p05": 774.3541015625,
  "summary_fg_p95": 3127.6277587890613,
  "summary_fg_stdv": 684.4028930664062,
  "tsnr": 61.290313720703125
}