{
  "aor": 0.0018425446428571425,
  "aqi": 0.002502269017857143,
  "bids_meta": {
    "AcquisitionDateTime": "2017-01-27T18:02:48.000000",
    "ConversionSoftware": "dcm2niix",
    "ConversionSoftwareVersion": "v1.0.20170411 GCC4.8.4",
    "EchoTime": 0.04,
    "FlipAngle": 90,
    "ImageType": [
      "ORIGINAL",
      "PRIMARY",
      "EPI",
      "NONE"
    ],
    "MagneticFieldStrength": 3,
    "Manufacturer": "GE",
    "ManufacturersModelName": "DISCOVERY_MR750",
    "ProcedureStepDescription": "CompRefranes",
    "ProtocolName": "fMRI_Comprension_2",
    "RepetitionTime": 2,
    "ScanningSequence": "EP_GR",
    "SequenceVariant": "SS",
    "SeriesDescription": "fMRI_Comprension_2",
    "dataset": "unknown",
    "modality": "bold",
    "run_id": 2,
    "subject_id": "59",
    "task_id": "cr"
  },
  "dummy_trs": 0,
  "dvars_nstd": 21.9306845386547,
  "dvars_std": 1.1609176970852018,
  "dvars_vstd": 1.0205344949775776,
  "efc": 0.3666338935058319,
  "fber": 156012.046875,
  "fd_mean": 0.13122919741332156,
  "fd_num": 27,
  "fd_perc": 12.053571428571429,
  "fwhm_avg": 2.8789166666666666,
  "fwhm_x": 2.75415,
  "fwhm_y": 2.907475,
  "fwhm_z": 2.975125,
  "gcor": 0.052477,
  "gsr_x": -0.0055347322486341,
  "gsr_y": 0.01046193577349186,
  "provenance": {
    "md5sum": "6d7454b8920dec36296df140adb73cb3",
    "settings": {
      "fd_thres": 0.2,
      "hmc_fsl": false
    },
    "software": "mriqc",
    "version": "0.15.2rc1",
    "webapi_port": null,
    "webapi_url": "https://mriqc.nimh.nih.gov/api/v1"
  },
  "size_t": 224,
  "size_x": 64,
  "size_y": 64,
  "size_z": 34,
  "snr": 2.621490899582573,
  "spacing_tr": 2.0,
  "spacing_x": 4.0,
  "spacing_y": 4.0,
  "spacing_z": 4.0,
  "summary_bg_k": 182.11417314763096,
  "summary_bg_mad": 6.400340557098389,
  "summary_bg_mean": 27.000822067260742,
  "summary_bg_median": 4.53125,
  "summary_bg_n": 91845.0,
  "summary_bg_p05": 0.0625,
  "summary_bg_p95": 127.30536499023448,
  "summary_bg_stdv": 84.4681396484375,
  "summary_fg_k": 0.5531162222857464,
  "summary_fg_mad": 574.197265625,
  "summary_fg_mean": 1851.222412109375,
  "summary_fg_median": 1783.102783203125,
  "summary_fg_n": 19971.0,
  "summary_fg_p05": 784.3527221679688,
  "summary_fg_p95": 3126.817138671875,
  "summary_fg_stdv": 680.1694946289062,
  "tsnr": 62.20392608642578
}