{
  "aor": 0.009736517857142857,
  "aqi": 0.006438270580357143,
  "bids_meta": {
    "AcquisitionDateTime": "2017-01-09T20:53:31.000000",
    "ConversionSoftware": "dcm2niix",
    "ConversionSoftwareVersion": "v1.0.20170411 GCC4.8.4",
    "EchoTime": 0.04,
    "FlipAngle": 90,
    "ImageType": [
      "ORIGINAL",
      "PRIMARY",
      "EPI",
      "NONE"
    ],
    "MagneticFieldStrength": 3,
    "Manufacturer": "GE",
    "ManufacturersModelName": "DISCOVERY_MR750",
    "ProcedureStepDescription": "CompRefranes",
    "ProtocolName": "fMRI_Comprension_3",
    "RepetitionTime": 2,
    "ScanningSequence": "EP_GR",
    "SequenceVariant": "SS",
    "SeriesDescription": "fMRI_Comprension_3",
    "dataset": "unknown",
    "modality": "bold",
    "run_id": 3,
    "subject_id": "54",
    "task_id": "cr"
  },
  "dummy_trs": 0,
  "dvars_nstd": 26.069935708699553,
  "dvars_std": 1.0658111011659188,
  "dvars_vstd": 1.0121755804035875,
  "efc": 0.35571100849361736,
  "fber": 76570.5625,
  "fd_mean": 0.18628100791772617,
  "fd_num": 46,
  "fd_perc": 20.535714285714285,
  "fwhm_avg": 2.85685,
  "fwhm_x": 2.7979,
  "fwhm_y": 2.900575,
  "fwhm_z": 2.872075,
  "gcor": 0.0191634,
  "gsr_x": 0.004330472555011511,
  "gsr_y": -0.0008428313303738832,
  "provenance": {
    "md5sum": "5326b2eca3937f67c35d05892836e342",
    "settings": {
      "fd_thres": 0.2,
      "hmc_fsl": false
    },
    "software": "mriqc",
    "version": "0.15.2rc1",
    "webapi_port": null,
    "webapi_url": "https://mriqc.nimh.nih.gov/api/v1"
  },
  "size_t": 224,
  "size_x": 64,
  "size_y": 64,
  "size_z": 34,
  "snr": 2.5972925793729,
  "spacing_tr": 2.0,
  "spacing_x": 4.0,
  "spacing_y": 4.0,
  "spacing_z": 4.0,
  "summary_bg_k": 97.5484466799642,
  "summary_bg_mad": 6.631997585296631,
  "summary_bg_mean": 20.435291290283203,
  "summary_bg_median": 4.901785850524902,
  "summary_bg_n": 93083.0,
  "summary_bg_p05": 0.15625,
  "summary_bg_p95": 76.7183036804199,
  "summary_bg_stdv": 63.67739486694336,
  "summary_fg_k": -0.1626076462108621,
  "summary_fg_mad": 522.733154296875,
  "summary_fg_mean": 1400.299560546875,
  "summary_fg_median": 1393.1763916015625,
  "summary_fg_n": 18858.0,
  "summary_fg_p05": 519.1299407958984,
  "summary_fg_p95": 2326.6649658203123,
  "summary_fg_stdv": 536.3814086914062,
  "tsnr": 33.15809631347656
}