{
  "aor": 0.014952951541850222,
  "aqi": 0.003612745942731277,
  "bids_meta": {
    "AcquisitionDateTime": "2017-01-09T20:34:35.000000",
    "ConversionSoftware": "dcm2niix",
    "ConversionSoftwareVersion": "v1.0.20170411 GCC4.8.4",
    "EchoTime": 0.04,
    "FlipAngle": 90,
    "ImageType": [
      "ORIGINAL",
      "PRIMARY",
      "EPI",
      "NONE"
    ],
    "MagneticFieldStrength": 3,
    "Manufacturer": "GE",
    "ManufacturersModelName": "DISCOVERY_MR750",
    "ProcedureStepDescription": "CompRefranes",
    "ProtocolName": "fMRI_Comprension_1",
    "RepetitionTime": 2,
    "ScanningSequence": "EP_GR",
    "SequenceVariant": "SS",
    "SeriesDescription": "fMRI_Comprension_1",
    "dataset": "unknown",
    "modality": "bold",
    "run_id": 1,
    "subject_id": "54",
    "task_id": "cr"
  },
  "dummy_trs": 0,
  "dvars_nstd": 22.68109601362832,
  "dvars_std": 1.1723161565044244,
  "dvars_vstd": 1.1407919582743362,
  "efc": 0.35574829239479255,
  "fber": 78159.484375,
  "fd_mean": 0.1237483215128502,
  "fd_num": 22,
  "fd_perc": 9.691629955947137,
  "fwhm_avg": 2.8608833333333337,
  "fwhm_x": 2.808675,
  "fwhm_y": 2.91695,
  "fwhm_z": 2.857025,
  "gcor": 0.0214675,
  "gsr_x": 0.0030911394860595465,
  "gsr_y": -0.002260996261611581,
  "provenance": {
    "md5sum": "9c0f1e729c8ab00899da20de306b6e13",
    "settings": {
      "fd_thres": 0.2,
      "hmc_fsl": false
    },
    "software": "mriqc",
    "version": "0.15.2rc1",
    "webapi_port": null,
    "webapi_url": "https://mriqc.nimh.nih.gov/api/v1"
  },
  "size_t": 227,
  "size_x": 64,
  "size_y": 64,
  "size_z": 34,
  "snr": 2.5686399432635874,
  "spacing_tr": 2.0,
  "spacing_x": 4.0,
  "spacing_y": 4.0,
  "spacing_z": 4.0,
  "summary_bg_k": 99.67806001052996,
  "summary_bg_mad": 6.857851028442383,
  "summary_bg_mean": 20.978248596191406,
  "summary_bg_median": 5.0132155418396,
  "summary_bg_n": 93203.0,
  "summary_bg_p05": 0.10572686791419983,
  "summary_bg_p95": 80.23964385986312,
  "summary_bg_stdv": 65.86018371582031,
  "summary_fg_k": -0.21572939158299675,
  "summary_fg_mad": 535.5526123046875,
  "summary_fg_mean": 1422.34130859375,
  "summary_fg_median": 1418.8502197265625,
  "summary_fg_n": 18971.0,
  "summary_fg_p05": 503.66517639160156,
  "summary_fg_p95": 2369.5020751953125,
  "summary_fg_stdv": 552.3595581054688,
  "tsnr": 43.807228088378906
}