{
  "bids_meta": {
    "AcquisitionDateTime": "2017-01-12T18:50:54.000000",
    "ConversionSoftware": "dcm2niix",
    "ConversionSoftwareVersion": "v1.0.20170411 GCC4.8.4",
    "EchoTime": 0.00318,
    "FlipAngle": 12,
    "ImageType": [
      "DERIVED",
      "PRIMARY",
      "OTHER"
    ],
    "InversionTime": 0.45,
    "MagneticFieldStrength": 3,
    "Manufacturer": "GE",
    "ManufacturersModelName": "DISCOVERY_MR750",
    "ProcedureStepDescription": "CompRefranes",
    "ProtocolName": "PU:Sag_T1_FSPGR_BRAVO",
    "RepetitionTime": 0.008156,
    "ScanningSequence": "GR",
    "SequenceVariant": "SS_SP_SK",
    "SeriesDescription": "PU:Sag_T1_FSPGR_BRAVO",
    "dataset": "unknown",
    "modality": "T1w",
    "subject_id": "49"
  },
  "cjv": 0.3877369284406972,
  "cnr": 3.1666161416718017,
  "efc": 0.725604490664977,
  "fber": 17565.53125,
  "fwhm_avg": 3.564306666666667,
  "fwhm_x": 3.60402,
  "fwhm_y": 3.71579,
  "fwhm_z": 3.37311,
  "icvs_csf": 0.20916964431742588,
  "icvs_gm": 0.4348829940033736,
  "icvs_wm": 0.3559473616792005,
  "inu_med": 1.6127593517303467,
  "inu_range": 0.40154662132263175,
  "provenance": {
    "md5sum": "78b0c3431b93793cda20daf660a1a811",
    "settings": {
      "testing": false
    },
    "software": "mriqc",
    "version": "0.15.2rc1",
    "warnings": {
      "large_rot_frame": true,
      "small_air_mask": false
    },
    "webapi_port": null,
    "webapi_url": "https://mriqc.nimh.nih.gov/api/v1"
  },
  "qi_1": 0.0010375978723931683,
  "qi_2": 0.00012942369769641172,
  "rpve_csf": 31.500614238797358,
  "rpve_gm": 16.06889386076583,
  "rpve_wm": 23.083664745282412,
  "size_x": 176,
  "size_y": 256,
  "size_z": 256,
  "snr_csf": 3.186612127444879,
  "snr_gm": 11.705046787738734,
  "snr_total": 11.234746535529737,
  "snr_wm": 18.8125806914056,
  "snrd_csf": 47.69079882461772,
  "snrd_gm": 103.99884879464261,
  "snrd_total": 98.53884624106509,
  "snrd_wm": 143.9268911039349,
  "spacing_x": 1.0,
  "spacing_y": 1.0,
  "spacing_z": 1.0,
  "summary_bg_k": 47.46336790254325,
  "summary_bg_mad": 4.551944732666016,
  "summary_bg_mean": 14.07142448425293,
  "summary_bg_median": 3.08528208732605,
  "summary_bg_n": 409318.0,
  "summary_bg_p05": 0.0,
  "summary_bg_p95": 53.631572532653784,
  "summary_bg_stdv": 32.231407165527344,
  "summary_csf_k": 0.3859011439199187,
  "summary_csf_mad": 97.61787414550781,
  "summary_csf_mean": 353.94610595703125,
  "summary_csf_median": 331.3598327636719,
  "summary_csf_n": 17577.0,
  "summary_csf_p05": 217.2927276611328,
  "summary_csf_p95": 547.289404296875,
  "summary_csf_stdv": 103.9820327758789,
  "summary_gm_k": 0.7955754738426686,
  "summary_gm_mad": 57.076114654541016,
  "summary_gm_mean": 725.0961303710938,
  "summary_gm_median": 722.5930786132812,
  "summary_gm_n": 18685.0,
  "summary_gm_p05": 628.100146484375,
  "summary_gm_p95": 830.85166015625,
  "summary_gm_stdv": 61.7318115234375,
  "summary_wm_k": 0.4824519642851728,
  "summary_wm_mad": 50.49123001098633,
  "summary_wm_mean": 1001.72412109375,
  "summary_wm_median": 1000.0166015625,
  "summary_wm_n": 147146.0,
  "summary_wm_p05": 917.6027984619141,
  "summary_wm_p95": 1092.40234375,
  "summary_wm_stdv": 53.156620025634766,
  "tpm_overlap_csf": 0.23418468236923218,
  "tpm_overlap_gm": 0.5277191400527954,
  "tpm_overlap_wm": 0.5828205943107605,
  "wm2max": 0.44428215820828476
}