{
  "aor": 0.0036741,
  "aqi": 0.008410207733333334,
  "bids_meta": {
    "AcquisitionMatrixPE": 64,
    "AcquisitionNumber": 1,
    "AcquisitionTime": "19:32:5.000000",
    "CoilString": "32Ch_Head",
    "ConversionSoftware": "dcm2niix",
    "ConversionSoftwareVersion": "v1.0.20190902",
    "Dcm2bidsVersion": "2.1.4",
    "DeviceSerialNumber": "000000000000GEHC",
    "EchoTime": 0.04,
    "EffectiveEchoSpacing": 0.000372,
    "FlipAngle": 90,
    "ImageOrientationPatientDICOM": [
      1,
      0,
      0,
      0,
      1,
      0
    ],
    "ImageType": [
      "ORIGINAL",
      "PRIMARY",
      "EPI",
      "NONE"
    ],
    "ImagingFrequency": 127.772,
    "InPlanePhaseEncodingDirectionDICOM": "COL",
    "InstitutionName": "INSTITUTO_DE_NEUROBIOLOGIA",
    "MRAcquisitionType": "2D",
    "MagneticFieldStrength": 3,
    "Manufacturer": "GE",
    "ManufacturersModelName": "DISCOVERY_MR750",
    "Modality": "MR",
    "PatientPosition": "HFS",
    "PercentPhaseFOV": 100,
    "PhaseEncodingDirection": "j",
    "PhaseEncodingPolarityGE": "Flipped",
    "PixelBandwidth": 7812.5,
    "ProcedureStepDescription": "verbos",
    "ProtocolName": "fMRI_RestState",
    "ReconMatrixPE": 64,
    "RepetitionTime": 2,
    "SAR": 0.356791,
    "ScanOptions": "EPI_GEMS_ACC_GEMS",
    "ScanningSequence": "EP_GR",
    "SequenceVariant": "SS",
    "SeriesDescription": "fMRI_RestState",
    "SeriesNumber": 14,
    "SliceThickness": 4,
    "SliceTiming": [
      0,
      1.0285,
      0.0571001,
      1.0857,
      0.1142,
      1.1428,
      0.1714,
      1.2,
      0.2285,
      1.2571,
      0.2857,
      1.3143,
      0.3428,
      1.3714,
      0.4,
      1.4286,
      0.4571,
      1.4857,
      0.5142,
      1.5428,
      0.5714,
      1.6,
      0.6285,
      1.6571,
      0.6857,
      1.7143,
      0.7428,
      1.7714,
      0.8,
      1.8285,
      0.8571,
      1.8857,
      0.9143,
      1.9428,
      0.9714
    ],
    "SoftwareVersions": "24_LX_MR_Software_release:DV24.0_R02_1607.b",
    "SpacingBetweenSlices": 4,
    "StationName": "GEHCGEHC",
    "TotalReadoutTime": 0.023436,
    "dataset": "unknown",
    "modality": "bold",
    "subject_id": "137",
    "task_id": "rest"
  },
  "dummy_trs": 0,
  "dvars_nstd": 22.326485723311038,
  "dvars_std": 0.9259215470903007,
  "dvars_vstd": 0.900467306287625,
  "efc": 0.31798241755946366,
  "fber": 57781.79296875,
  "fd_mean": 0.2180340895123837,
  "fd_num": 103,
  "fd_perc": 34.333333333333336,
  "fwhm_avg": 2.843275,
  "fwhm_x": 2.754525,
  "fwhm_y": 3.11095,
  "fwhm_z": 2.66435,
  "gcor": 0.0357877,
  "gsr_x": -0.009076663292944431,
  "gsr_y": 0.012132949195802212,
  "provenance": {
    "md5sum": "f49de3e1482dd8bd88fad9117e43d89c",
    "settings": {
      "fd_thres": 0.2,
      "hmc_fsl": false
    },
    "software": "mriqc",
    "version": "0.15.2rc1",
    "webapi_port": null,
    "webapi_url": "https://mriqc.nimh.nih.gov/api/v1"
  },
  "size_t": 300,
  "size_x": 64,
  "size_y": 64,
  "size_z": 35,
  "snr": 3.100301239084606,
  "spacing_tr": 2.0,
  "spacing_x": 4.0,
  "spacing_y": 4.0,
  "spacing_z": 4.0,
  "summary_bg_k": 792.3679821753274,
  "summary_bg_mad": 8.10489273071289,
  "summary_bg_mean": 21.486263275146484,
  "summary_bg_median": 6.706666946411133,
  "summary_bg_n": 101828.0,
  "summary_bg_p05": 0.4466666877269745,
  "summary_bg_p95": 73.23433761596675,
  "summary_bg_stdv": 93.6878662109375,
  "summary_fg_k": -0.030363812965940262,
  "summary_fg_mad": 513.8452758789062,
  "summary_fg_mean": 1608.737060546875,
  "summary_fg_median": 1651.510009765625,
  "summary_fg_n": 15013.0,
  "summary_fg_p05": 649.9660034179688,
  "summary_fg_p95": 2432.78603515625,
  "summary_fg_stdv": 532.6756591796875,
  "tsnr": 33.06768798828125
}