{
  "aor": 0.004904080459770115,
  "aqi": 0.002670584224137931,
  "bids_meta": {
    "AcquisitionMatrixPE": 64,
    "AcquisitionNumber": 1,
    "AcquisitionTime": "18:40:38.000000",
    "CoilString": "32Ch_Head",
    "ConversionSoftware": "dcm2niix",
    "ConversionSoftwareVersion": "v1.0.20190902",
    "Dcm2bidsVersion": "2.1.4",
    "DeviceSerialNumber": "000000000000GEHC",
    "EchoTime": 0.04,
    "EffectiveEchoSpacing": 0.000372,
    "FlipAngle": 90,
    "ImageOrientationPatientDICOM": [
      1,
      0,
      0,
      0,
      1,
      0
    ],
    "ImageType": [
      "ORIGINAL",
      "PRIMARY",
      "EPI",
      "NONE"
    ],
    "ImagingFrequency": 127.772,
    "InPlanePhaseEncodingDirectionDICOM": "COL",
    "InstitutionName": "INSTITUTO_DE_NEUROBIOLOGIA",
    "MRAcquisitionType": "2D",
    "MagneticFieldStrength": 3,
    "Manufacturer": "GE",
    "ManufacturersModelName": "DISCOVERY_MR750",
    "Modality": "MR",
    "PatientPosition": "HFS",
    "PercentPhaseFOV": 100,
    "PhaseEncodingDirection": "j",
    "PhaseEncodingPolarityGE": "Flipped",
    "PixelBandwidth": 7812.5,
    "ProcedureStepDescription": "verbos",
    "ProtocolName": "fMRI_3",
    "ReconMatrixPE": 64,
    "RepetitionTime": 2,
    "SAR": 0.356791,
    "ScanOptions": "EPI_GEMS_ACC_GEMS",
    "ScanningSequence": "EP_GR",
    "SequenceVariant": "SS",
    "SeriesDescription": "fMRI_3",
    "SeriesNumber": 7,
    "SliceThickness": 4,
    "SliceTiming": [
      0,
      1.0285,
      0.0571001,
      1.0857,
      0.1142,
      1.1428,
      0.1714,
      1.2,
      0.2285,
      1.2571,
      0.2857,
      1.3143,
      0.3428,
      1.3714,
      0.4,
      1.4286,
      0.4571,
      1.4857,
      0.5142,
      1.5428,
      0.5714,
      1.6,
      0.6285,
      1.6571,
      0.6857,
      1.7143,
      0.7428,
      1.7714,
      0.8,
      1.8285,
      0.8571,
      1.8857,
      0.9143,
      1.9428,
      0.9714
    ],
    "SoftwareVersions": "24_LX_MR_Software_release:DV24.0_R02_1607.b",
    "SpacingBetweenSlices": 4,
    "StationName": "GEHCGEHC",
    "TotalReadoutTime": 0.023436,
    "dataset": "unknown",
    "modality": "bold",
    "run_id": 3,
    "subject_id": "137",
    "task_id": "verbs"
  },
  "dummy_trs": 0,
  "dvars_nstd": 15.690562611791915,
  "dvars_std": 1.0751192319653173,
  "dvars_vstd": 1.028639666647399,
  "efc": 0.3158110056387445,
  "fber": 57884.31640625,
  "fd_mean": 0.09414735813634202,
  "fd_num": 10,
  "fd_perc": 5.747126436781609,
  "fwhm_avg": 2.8150250000000003,
  "fwhm_x": 2.749475,
  "fwhm_y": 3.08305,
  "fwhm_z": 2.61255,
  "gcor": 0.0553625,
  "gsr_x": -0.008035003207623959,
  "gsr_y": 0.006974688731133938,
  "provenance": {
    "md5sum": "9d4278679b97dbbb10bf4c23a5a7db6b",
    "settings": {
      "fd_thres": 0.2,
      "hmc_fsl": false
    },
    "software": "mriqc",
    "version": "0.15.2rc1",
    "webapi_port": null,
    "webapi_url": "https://mriqc.nimh.nih.gov/api/v1"
  },
  "size_t": 174,
  "size_x": 64,
  "size_y": 64,
  "size_z": 35,
  "snr": 3.021640395965524,
  "spacing_tr": 2.0,
  "spacing_x": 4.0,
  "spacing_y": 4.0,
  "spacing_z": 4.0,
  "summary_bg_k": 505.81813396335093,
  "summary_bg_mad": 8.094667434692383,
  "summary_bg_mean": 20.297605514526367,
  "summary_bg_median": 6.729885101318359,
  "summary_bg_n": 102020.0,
  "summary_bg_p05": 0.3448275923728943,
  "summary_bg_p95": 71.18563079833945,
  "summary_bg_stdv": 74.80847930908203,
  "summary_fg_k": 0.023273678755627802,
  "summary_fg_mad": 519.451904296875,
  "summary_fg_mean": 1623.53759765625,
  "summary_fg_median": 1664.086181640625,
  "summary_fg_n": 15042.0,
  "summary_fg_p05": 628.8703735351562,
  "summary_fg_p95": 2475.2272583007807,
  "summary_fg_stdv": 550.7044677734375,
  "tsnr": 63.727725982666016
}