{
  "aor": 0.0017892528735632184,
  "aqi": 0.002106593591954023,
  "bids_meta": {
    "AcquisitionMatrixPE": 64,
    "AcquisitionNumber": 1,
    "AcquisitionTime": "19:24:10.000000",
    "CoilString": "32Ch_Head",
    "ConversionSoftware": "dcm2niix",
    "ConversionSoftwareVersion": "v1.0.20190902",
    "Dcm2bidsVersion": "2.1.4",
    "DeviceSerialNumber": "000000000000GEHC",
    "EchoTime": 0.04,
    "EffectiveEchoSpacing": 0.000372,
    "FlipAngle": 90,
    "ImageOrientationPatientDICOM": [
      1,
      0,
      0,
      0,
      1,
      0
    ],
    "ImageType": [
      "ORIGINAL",
      "PRIMARY",
      "EPI",
      "NONE"
    ],
    "ImagingFrequency": 127.772,
    "InPlanePhaseEncodingDirectionDICOM": "COL",
    "InstitutionName": "INSTITUTO_DE_NEUROBIOLOGIA",
    "MRAcquisitionType": "2D",
    "MagneticFieldStrength": 3,
    "Manufacturer": "GE",
    "ManufacturersModelName": "DISCOVERY_MR750",
    "Modality": "MR",
    "PatientPosition": "HFS",
    "PercentPhaseFOV": 100,
    "PhaseEncodingDirection": "j",
    "PhaseEncodingPolarityGE": "Flipped",
    "PixelBandwidth": 7812.5,
    "ProcedureStepDescription": "verbos",
    "ProtocolName": "fMRI_8",
    "ReconMatrixPE": 64,
    "RepetitionTime": 2,
    "SAR": 0.356791,
    "ScanOptions": "EPI_GEMS_ACC_GEMS",
    "ScanningSequence": "EP_GR",
    "SequenceVariant": "SS",
    "SeriesDescription": "fMRI_8",
    "SeriesNumber": 13,
    "SliceThickness": 4,
    "SliceTiming": [
      0,
      1.0285,
      0.0571001,
      1.0857,
      0.1142,
      1.1428,
      0.1714,
      1.2,
      0.2285,
      1.2571,
      0.2857,
      1.3143,
      0.3428,
      1.3714,
      0.4,
      1.4286,
      0.4571,
      1.4857,
      0.5142,
      1.5428,
      0.5714,
      1.6,
      0.6285,
      1.6571,
      0.6857,
      1.7143,
      0.7428,
      1.7714,
      0.8,
      1.8285,
      0.8571,
      1.8857,
      0.9143,
      1.9428,
      0.9714
    ],
    "SoftwareVersions": "24_LX_MR_Software_release:DV24.0_R02_1607.b",
    "SpacingBetweenSlices": 4,
    "StationName": "GEHCGEHC",
    "TotalReadoutTime": 0.023436,
    "dataset": "unknown",
    "modality": "bold",
    "run_id": 8,
    "subject_id": "137",
    "task_id": "verbs"
  },
  "dummy_trs": 0,
  "dvars_nstd": 15.698401285780355,
  "dvars_std": 1.092374326242775,
  "dvars_vstd": 1.020302355722544,
  "efc": 0.3163951664131944,
  "fber": 54596.6640625,
  "fd_mean": 0.08020335149009952,
  "fd_num": 5,
  "fd_perc": 2.8735632183908044,
  "fwhm_avg": 2.7862833333333334,
  "fwhm_x": 2.73625,
  "fwhm_y": 3.05135,
  "fwhm_z": 2.57125,
  "gcor": 0.0414946,
  "gsr_x": -0.008936875499784946,
  "gsr_y": 0.006477631628513336,
  "provenance": {
    "md5sum": "4d375b799f6416a2f84bd67ff8a1a5ed",
    "settings": {
      "fd_thres": 0.2,
      "hmc_fsl": false
    },
    "software": "mriqc",
    "version": "0.15.2rc1",
    "webapi_port": null,
    "webapi_url": "https://mriqc.nimh.nih.gov/api/v1"
  },
  "size_t": 174,
  "size_x": 64,
  "size_y": 64,
  "size_z": 35,
  "snr": 3.0506320111219902,
  "spacing_tr": 2.0,
  "spacing_x": 4.0,
  "spacing_y": 4.0,
  "spacing_z": 4.0,
  "summary_bg_k": 448.7371817328342,
  "summary_bg_mad": 8.145792007446289,
  "summary_bg_mean": 20.627986907958984,
  "summary_bg_median": 6.787356376647949,
  "summary_bg_n": 102123.0,
  "summary_bg_p05": 0.36781609058380127,
  "summary_bg_p95": 71.99942550659176,
  "summary_bg_stdv": 75.49114990234375,
  "summary_fg_k": -0.030496848373763985,
  "summary_fg_mad": 512.72900390625,
  "summary_fg_mean": 1594.3133544921875,
  "summary_fg_median": 1641.5804443359375,
  "summary_fg_n": 14928.0,
  "summary_fg_p05": 617.3534393310547,
  "summary_fg_p95": 2428.039343261719,
  "summary_fg_stdv": 538.0935668945312,
  "tsnr": 78.46121215820312
}