{
  "aor": 0.001509306358381503,
  "aqi": 0.0025864888034682087,
  "bids_meta": {
    "AcquisitionMatrixPE": 64,
    "AcquisitionNumber": 1,
    "AcquisitionTime": "18:33:31.000000",
    "CoilString": "32Ch_Head",
    "ConversionSoftware": "dcm2niix",
    "ConversionSoftwareVersion": "v1.0.20190902",
    "Dcm2bidsVersion": "2.1.4",
    "DeviceSerialNumber": "000000000000GEHC",
    "EchoTime": 0.04,
    "EffectiveEchoSpacing": 0.000372,
    "FlipAngle": 90,
    "ImageOrientationPatientDICOM": [
      1,
      0,
      0,
      0,
      1,
      0
    ],
    "ImageType": [
      "ORIGINAL",
      "PRIMARY",
      "EPI",
      "NONE"
    ],
    "ImagingFrequency": 127.772,
    "InPlanePhaseEncodingDirectionDICOM": "COL",
    "InstitutionName": "INSTITUTO_DE_NEUROBIOLOGIA",
    "MRAcquisitionType": "2D",
    "MagneticFieldStrength": 3,
    "Manufacturer": "GE",
    "ManufacturersModelName": "DISCOVERY_MR750",
    "Modality": "MR",
    "PatientPosition": "HFS",
    "PercentPhaseFOV": 100,
    "PhaseEncodingDirection": "j",
    "PhaseEncodingPolarityGE": "Flipped",
    "PixelBandwidth": 7812.5,
    "ProcedureStepDescription": "verbos",
    "ProtocolName": "fMRI_2",
    "ReconMatrixPE": 64,
    "RepetitionTime": 2,
    "SAR": 0.356791,
    "ScanOptions": "EPI_GEMS_ACC_GEMS",
    "ScanningSequence": "EP_GR",
    "SequenceVariant": "SS",
    "SeriesDescription": "fMRI_2",
    "SeriesNumber": 6,
    "SliceThickness": 4,
    "SliceTiming": [
      0,
      1.0285,
      0.0571001,
      1.0857,
      0.1142,
      1.1428,
      0.1714,
      1.2,
      0.2285,
      1.2571,
      0.2857,
      1.3143,
      0.3428,
      1.3714,
      0.4,
      1.4286,
      0.4571,
      1.4857,
      0.5142,
      1.5428,
      0.5714,
      1.6,
      0.6285,
      1.6571,
      0.6857,
      1.7143,
      0.7428,
      1.7714,
      0.8,
      1.8285,
      0.8571,
      1.8857,
      0.9143,
      1.9428,
      0.9714
    ],
    "SoftwareVersions": "24_LX_MR_Software_release:DV24.0_R02_1607.b",
    "SpacingBetweenSlices": 4,
    "StationName": "GEHCGEHC",
    "TotalReadoutTime": 0.023436,
    "dataset": "unknown",
    "modality": "bold",
    "run_id": 2,
    "subject_id": "137",
    "task_id": "verbs"
  },
  "dummy_trs": 1,
  "dvars_nstd": 15.054296127674423,
  "dvars_std": 1.0078120353488376,
  "dvars_vstd": 0.9641156469767441,
  "efc": 0.3147632743375709,
  "fber": 55368.9765625,
  "fd_mean": 0.07008349273310363,
  "fd_num": 2,
  "fd_perc": 1.1560693641618498,
  "fwhm_avg": 2.7918,
  "fwhm_x": 2.738425,
  "fwhm_y": 3.083575,
  "fwhm_z": 2.5534,
  "gcor": 0.0471212,
  "gsr_x": -0.008808947168290615,
  "gsr_y": 0.005518926773220301,
  "provenance": {
    "md5sum": "ecd448ef947f34904d08904b54c7f57b",
    "settings": {
      "fd_thres": 0.2,
      "hmc_fsl": false
    },
    "software": "mriqc",
    "version": "0.15.2rc1",
    "webapi_port": null,
    "webapi_url": "https://mriqc.nimh.nih.gov/api/v1"
  },
  "size_t": 173,
  "size_x": 64,
  "size_y": 64,
  "size_z": 35,
  "snr": 3.026393053222558,
  "spacing_tr": 2.0,
  "spacing_x": 4.0,
  "spacing_y": 4.0,
  "spacing_z": 4.0,
  "summary_bg_k": 333.9533751416455,
  "summary_bg_mad": 8.055757522583008,
  "summary_bg_mean": 20.973222732543945,
  "summary_bg_median": 6.710982322692871,
  "summary_bg_n": 102463.0,
  "summary_bg_p05": 0.35260114073753357,
  "summary_bg_p95": 72.97629776000974,
  "summary_bg_stdv": 75.83330535888672,
  "summary_fg_k": -0.013616309251196501,
  "summary_fg_mad": 510.3494567871094,
  "summary_fg_mean": 1587.011474609375,
  "summary_fg_median": 1625.2542724609375,
  "summary_fg_n": 14733.0,
  "summary_fg_p05": 629.9086547851563,
  "summary_fg_p95": 2425.10859375,
  "summary_fg_stdv": 537.0086059570312,
  "tsnr": 60.67620849609375
}