{
  "aor": 0.004556781609195403,
  "aqi": 0.0022791207873563216,
  "bids_meta": {
    "AcquisitionMatrixPE": 64,
    "AcquisitionNumber": 1,
    "AcquisitionTime": "19:52:44.000000",
    "CoilString": "32Ch_Head",
    "ConversionSoftware": "dcm2niix",
    "ConversionSoftwareVersion": "v1.0.20190902",
    "Dcm2bidsVersion": "2.1.4",
    "DeviceSerialNumber": "000000000000GEHC",
    "EchoTime": 0.04,
    "EffectiveEchoSpacing": 0.000372,
    "FlipAngle": 90,
    "ImageOrientationPatientDICOM": [
      1,
      0,
      0,
      0,
      1,
      0
    ],
    "ImageType": [
      "ORIGINAL",
      "PRIMARY",
      "EPI",
      "NONE"
    ],
    "ImagingFrequency": 127.772,
    "InPlanePhaseEncodingDirectionDICOM": "COL",
    "InstitutionName": "INSTITUTO_DE_NEUROBIOLOGIA",
    "MRAcquisitionType": "2D",
    "MagneticFieldStrength": 3,
    "Manufacturer": "GE",
    "ManufacturersModelName": "DISCOVERY_MR750",
    "Modality": "MR",
    "PatientPosition": "HFS",
    "PercentPhaseFOV": 100,
    "PhaseEncodingDirection": "j",
    "PhaseEncodingPolarityGE": "Flipped",
    "PixelBandwidth": 7812.5,
    "ProcedureStepDescription": "verbos",
    "ProtocolName": "fMRI_1",
    "ReconMatrixPE": 64,
    "RepetitionTime": 2,
    "SAR": 0.365639,
    "ScanOptions": "EPI_GEMS_ACC_GEMS",
    "ScanningSequence": "EP_GR",
    "SequenceVariant": "SS",
    "SeriesDescription": "fMRI_1",
    "SeriesNumber": 4,
    "SliceThickness": 4,
    "SliceTiming": [
      0,
      1.0285,
      0.0571001,
      1.0857,
      0.1142,
      1.1428,
      0.1714,
      1.2,
      0.2285,
      1.2571,
      0.2857,
      1.3143,
      0.3428,
      1.3714,
      0.4,
      1.4286,
      0.4571,
      1.4857,
      0.5142,
      1.5428,
      0.5714,
      1.6,
      0.6285,
      1.6571,
      0.6857,
      1.7143,
      0.7428,
      1.7714,
      0.8,
      1.8285,
      0.8571,
      1.8857,
      0.9143,
      1.9428,
      0.9714
    ],
    "SoftwareVersions": "24_LX_MR_Software_release:DV24.0_R02_1607.b",
    "SpacingBetweenSlices": 4,
    "StationName": "GEHCGEHC",
    "TotalReadoutTime": 0.023436,
    "dataset": "unknown",
    "modality": "bold",
    "run_id": 1,
    "subject_id": "144",
    "task_id": "verbs"
  },
  "dummy_trs": 0,
  "dvars_nstd": 14.282364233063584,
  "dvars_std": 1.0042119619653174,
  "dvars_vstd": 1.026066328786127,
  "efc": 0.34052554380630345,
  "fber": 72878.6796875,
  "fd_mean": 0.08861877312407448,
  "fd_num": 8,
  "fd_perc": 4.597701149425287,
  "fwhm_avg": 2.9682416666666662,
  "fwhm_x": 2.809075,
  "fwhm_y": 3.0589,
  "fwhm_z": 3.03675,
  "gcor": 0.0164121,
  "gsr_x": -0.0009076750138774514,
  "gsr_y": 0.00684837531298399,
  "provenance": {
    "md5sum": "4354a112dd9ec6da0fa9d12b543b2f80",
    "settings": {
      "fd_thres": 0.2,
      "hmc_fsl": false
    },
    "software": "mriqc",
    "version": "0.15.2rc1",
    "webapi_port": null,
    "webapi_url": "https://mriqc.nimh.nih.gov/api/v1"
  },
  "size_t": 174,
  "size_x": 64,
  "size_y": 64,
  "size_z": 35,
  "snr": 2.3189386618978403,
  "spacing_tr": 2.0,
  "spacing_x": 4.0,
  "spacing_y": 4.0,
  "spacing_z": 4.0,
  "summary_bg_k": 112.53541514348593,
  "summary_bg_mad": 8.111708641052246,
  "summary_bg_mean": 21.441226959228516,
  "summary_bg_median": 6.2011494636535645,
  "summary_bg_n": 97084.0,
  "summary_bg_p05": 0.26436781883239746,
  "summary_bg_p95": 83.10258522033686,
  "summary_bg_stdv": 61.99137878417969,
  "summary_fg_k": 0.7780375220430464,
  "summary_fg_mad": 615.3736572265625,
  "summary_fg_mean": 1778.2890625,
  "summary_fg_median": 1688.798828125,
  "summary_fg_n": 18743.0,
  "summary_fg_p05": 672.4953735351562,
  "summary_fg_p95": 3150.7338378906225,
  "summary_fg_stdv": 728.2442626953125,
  "tsnr": 60.16620635986328
}