{
  "aor": 0.0071964,
  "aqi": 0.0044571041,
  "bids_meta": {
    "AcquisitionMatrixPE": 64,
    "AcquisitionNumber": 1,
    "AcquisitionTime": "20:55:13.000000",
    "CoilString": "32Ch_Head",
    "ConversionSoftware": "dcm2niix",
    "ConversionSoftwareVersion": "v1.0.20190902",
    "Dcm2bidsVersion": "2.1.4",
    "DeviceSerialNumber": "000000000000GEHC",
    "EchoTime": 0.04,
    "EffectiveEchoSpacing": 0.000372,
    "FlipAngle": 90,
    "ImageOrientationPatientDICOM": [
      1,
      0,
      0,
      0,
      1,
      0
    ],
    "ImageType": [
      "ORIGINAL",
      "PRIMARY",
      "EPI",
      "NONE"
    ],
    "ImagingFrequency": 127.772,
    "InPlanePhaseEncodingDirectionDICOM": "COL",
    "InstitutionName": "INSTITUTO_DE_NEUROBIOLOGIA",
    "MRAcquisitionType": "2D",
    "MagneticFieldStrength": 3,
    "Manufacturer": "GE",
    "ManufacturersModelName": "DISCOVERY_MR750",
    "Modality": "MR",
    "PatientPosition": "HFS",
    "PercentPhaseFOV": 100,
    "PhaseEncodingDirection": "j",
    "PhaseEncodingPolarityGE": "Flipped",
    "PixelBandwidth": 7812.5,
    "ProcedureStepDescription": "verbos",
    "ProtocolName": "fMRI_RestState",
    "ReconMatrixPE": 64,
    "RepetitionTime": 2,
    "SAR": 0.365639,
    "ScanOptions": "EPI_GEMS_ACC_GEMS",
    "ScanningSequence": "EP_GR",
    "SequenceVariant": "SS",
    "SeriesDescription": "fMRI_RestState",
    "SeriesNumber": 12,
    "SliceThickness": 4,
    "SliceTiming": [
      0,
      1.0285,
      0.0571001,
      1.0857,
      0.1142,
      1.1428,
      0.1714,
      1.2,
      0.2285,
      1.2571,
      0.2857,
      1.3143,
      0.3428,
      1.3714,
      0.4,
      1.4286,
      0.4571,
      1.4857,
      0.5142,
      1.5428,
      0.5714,
      1.6,
      0.6285,
      1.6571,
      0.6857,
      1.7143,
      0.7428,
      1.7714,
      0.8,
      1.8285,
      0.8571,
      1.8857,
      0.9143,
      1.9428,
      0.9714
    ],
    "SoftwareVersions": "24_LX_MR_Software_release:DV24.0_R02_1607.b",
    "SpacingBetweenSlices": 4,
    "StationName": "GEHCGEHC",
    "TotalReadoutTime": 0.023436,
    "dataset": "unknown",
    "modality": "bold",
    "subject_id": "144",
    "task_id": "rest"
  },
  "dummy_trs": 0,
  "dvars_nstd": 20.409828154113722,
  "dvars_std": 1.1045009179933118,
  "dvars_vstd": 1.0292213326086954,
  "efc": 0.34418479662854407,
  "fber": 61432.83984375,
  "fd_mean": 0.159042926434309,
  "fd_num": 58,
  "fd_perc": 19.333333333333332,
  "fwhm_avg": 2.9853,
  "fwhm_x": 2.84605,
  "fwhm_y": 3.11555,
  "fwhm_z": 2.9943,
  "gcor": 0.0706805,
  "gsr_x": -0.004572866018861532,
  "gsr_y": 0.016231244429945946,
  "provenance": {
    "md5sum": "0ea6aa5b6c11707dae36fafa49895b26",
    "settings": {
      "fd_thres": 0.2,
      "hmc_fsl": false
    },
    "software": "mriqc",
    "version": "0.15.2rc1",
    "webapi_port": null,
    "webapi_url": "https://mriqc.nimh.nih.gov/api/v1"
  },
  "size_t": 300,
  "size_x": 64,
  "size_y": 64,
  "size_z": 35,
  "snr": 2.3043024392814737,
  "spacing_tr": 2.0,
  "spacing_x": 4.0,
  "spacing_y": 4.0,
  "spacing_z": 4.0,
  "summary_bg_k": 195.28816443682314,
  "summary_bg_mad": 8.608977317810059,
  "summary_bg_mean": 24.17690658569336,
  "summary_bg_median": 6.503333568572998,
  "summary_bg_n": 97120.0,
  "summary_bg_p05": 0.2566666603088379,
  "summary_bg_p95": 94.23350410461427,
  "summary_bg_stdv": 67.6086654663086,
  "summary_fg_k": 0.7050293971990373,
  "summary_fg_mad": 591.37060546875,
  "summary_fg_mean": 1692.7855224609375,
  "summary_fg_median": 1615.6099853515625,
  "summary_fg_n": 18575.0,
  "summary_fg_p05": 594.5979919433594,
  "summary_fg_p95": 3019.4040771484374,
  "summary_fg_stdv": 701.1087036132812,
  "tsnr": 40.182579040527344
}