{
  "aor": 0.0025364942528735635,
  "aqi": 0.002454032936781609,
  "bids_meta": {
    "AcquisitionMatrixPE": 64,
    "AcquisitionNumber": 1,
    "AcquisitionTime": "20:18:2.000000",
    "CoilString": "32Ch_Head",
    "ConversionSoftware": "dcm2niix",
    "ConversionSoftwareVersion": "v1.0.20190902",
    "Dcm2bidsVersion": "2.1.4",
    "DeviceSerialNumber": "000000000000GEHC",
    "EchoTime": 0.04,
    "EffectiveEchoSpacing": 0.000372,
    "FlipAngle": 90,
    "ImageOrientationPatientDICOM": [
      1,
      0,
      0,
      0,
      1,
      0
    ],
    "ImageType": [
      "ORIGINAL",
      "PRIMARY",
      "EPI",
      "NONE"
    ],
    "ImagingFrequency": 127.772,
    "InPlanePhaseEncodingDirectionDICOM": "COL",
    "InstitutionName": "INSTITUTO_DE_NEUROBIOLOGIA",
    "MRAcquisitionType": "2D",
    "MagneticFieldStrength": 3,
    "Manufacturer": "GE",
    "ManufacturersModelName": "DISCOVERY_MR750",
    "Modality": "MR",
    "PatientPosition": "HFS",
    "PercentPhaseFOV": 100,
    "PhaseEncodingDirection": "j",
    "PhaseEncodingPolarityGE": "Flipped",
    "PixelBandwidth": 7812.5,
    "ProcedureStepDescription": "verbos",
    "ProtocolName": "fMRI_4",
    "ReconMatrixPE": 64,
    "RepetitionTime": 2,
    "SAR": 0.365639,
    "ScanOptions": "EPI_GEMS_ACC_GEMS",
    "ScanningSequence": "EP_GR",
    "SequenceVariant": "SS",
    "SeriesDescription": "fMRI_4",
    "SeriesNumber": 7,
    "SliceThickness": 4,
    "SliceTiming": [
      0,
      1.0285,
      0.0571001,
      1.0857,
      0.1142,
      1.1428,
      0.1714,
      1.2,
      0.2285,
      1.2571,
      0.2857,
      1.3143,
      0.3428,
      1.3714,
      0.4,
      1.4286,
      0.4571,
      1.4857,
      0.5142,
      1.5428,
      0.5714,
      1.6,
      0.6285,
      1.6571,
      0.6857,
      1.7143,
      0.7428,
      1.7714,
      0.8,
      1.8285,
      0.8571,
      1.8857,
      0.9143,
      1.9428,
      0.9714
    ],
    "SoftwareVersions": "24_LX_MR_Software_release:DV24.0_R02_1607.b",
    "SpacingBetweenSlices": 4,
    "StationName": "GEHCGEHC",
    "TotalReadoutTime": 0.023436,
    "dataset": "unknown",
    "modality": "bold",
    "run_id": 4,
    "subject_id": "144",
    "task_id": "verbs"
  },
  "dummy_trs": 0,
  "dvars_nstd": 18.067484590867053,
  "dvars_std": 1.070322420520232,
  "dvars_vstd": 1.0046997264739888,
  "efc": 0.3422760167447551,
  "fber": 56198.57421875,
  "fd_mean": 0.14988837132221638,
  "fd_num": 34,
  "fd_perc": 19.54022988505747,
  "fwhm_avg": 3.0082916666666666,
  "fwhm_x": 2.8884,
  "fwhm_y": 3.085825,
  "fwhm_z": 3.05065,
  "gcor": 0.0397254,
  "gsr_x": -0.003751829033717513,
  "gsr_y": 0.015589915215969086,
  "provenance": {
    "md5sum": "00395c147e9c18d6ee49472e950838ca",
    "settings": {
      "fd_thres": 0.2,
      "hmc_fsl": false
    },
    "software": "mriqc",
    "version": "0.15.2rc1",
    "webapi_port": null,
    "webapi_url": "https://mriqc.nimh.nih.gov/api/v1"
  },
  "size_t": 174,
  "size_x": 64,
  "size_y": 64,
  "size_z": 35,
  "snr": 2.178204454872232,
  "spacing_tr": 2.0,
  "spacing_x": 4.0,
  "spacing_y": 4.0,
  "spacing_z": 4.0,
  "summary_bg_k": 95.87881615545174,
  "summary_bg_mad": 8.563305854797363,
  "summary_bg_mean": 23.97862434387207,
  "summary_bg_median": 6.459770202636719,
  "summary_bg_n": 97157.0,
  "summary_bg_p05": 0.2586206793785095,
  "summary_bg_p95": 93.5195404052734,
  "summary_bg_stdv": 62.034820556640625,
  "summary_fg_k": 0.7736847508435623,
  "summary_fg_mad": 606.1159057617188,
  "summary_fg_mean": 1635.81005859375,
  "summary_fg_median": 1555.3936767578125,
  "summary_fg_n": 18564.0,
  "summary_fg_p05": 554.1327575683595,
  "summary_fg_p95": 2993.599194335937,
  "summary_fg_stdv": 714.05224609375,
  "tsnr": 49.573829650878906
}