{
  "bids_meta": {
    "AcquisitionMatrixPE": 256,
    "AcquisitionNumber": 1,
    "AcquisitionTime": "15:27:23.000000",
    "BodyPartExamined": "HEAD",
    "CoilString": "32Ch_Head",
    "ConversionSoftware": "dcm2niix",
    "ConversionSoftwareVersion": "v1.0.20181125  (JP2:OpenJPEG) GCC7.3.0",
    "DeviceSerialNumber": "0002806034DVR750",
    "EchoTime": 0.003192,
    "FlipAngle": 12,
    "ImageOrientationPatientDICOM": [
      0,
      1,
      0,
      0,
      0,
      -1
    ],
    "ImageType": [
      "ORIGINAL",
      "PRIMARY",
      "OTHER"
    ],
    "ImagingFrequency": 127.772,
    "InPlanePhaseEncodingDirectionDICOM": "ROW",
    "InstitutionName": "INSTITUTO_DE_NEUROBIOLOGIA",
    "InversionTime": 0.45,
    "MRAcquisitionType": "3D",
    "MagneticFieldStrength": 3,
    "Manufacturer": "GE",
    "ManufacturersModelName": "DISCOVERY_MR750",
    "Modality": "MR",
    "PatientPosition": "HFS",
    "PercentPhaseFOV": 100,
    "PixelBandwidth": 244.141,
    "ProcedureStepDescription": "Emociones_AH",
    "ProtocolName": "Sag_T1_FSPGR_BRAVO",
    "ReconMatrixPE": 256,
    "RepetitionTime": 0.008184,
    "SAR": 0.135786,
    "ScanOptions": "FAST_GEMS_EDR_GEMS_FILTERED_GEMS_ACC_GEMS_IR_GEMS",
    "ScanningSequence": "GR",
    "SequenceVariant": "SS_SP_SK",
    "SeriesDescription": "Sag_T1_FSPGR_BRAVO",
    "SeriesNumber": 9,
    "SliceThickness": 1,
    "SoftwareVersions": "27_LX_MR_Software_release:DV26.0_R03_1831.b",
    "SpacingBetweenSlices": 1,
    "StationName": "GEHCGEHC",
    "dataset": "unknown",
    "modality": "T1w",
    "subject_id": "46"
  },
  "cjv": 0.39686801321124016,
  "cnr": 3.3626600255374064,
  "efc": 0.5996453902091722,
  "fber": 27049.630859375,
  "fwhm_avg": 3.5927666666666664,
  "fwhm_x": 3.67841,
  "fwhm_y": 3.71097,
  "fwhm_z": 3.38892,
  "icvs_csf": 0.21183620863661284,
  "icvs_gm": 0.44436694503877744,
  "icvs_wm": 0.3437968463246097,
  "inu_med": 1.0525813102722168,
  "inu_range": 0.29312192201614373,
  "provenance": {
    "md5sum": "46135cfee2e4b93fdd2e834fa8599008",
    "settings": {
      "testing": false
    },
    "software": "mriqc",
    "version": "0.15.2rc1",
    "warnings": {
      "large_rot_frame": true,
      "small_air_mask": false
    },
    "webapi_port": null,
    "webapi_url": "https://mriqc.nimh.nih.gov/api/v1"
  },
  "qi_1": 5.080485474256968e-06,
  "qi_2": 0.003194680558733745,
  "rpve_csf": 27.098699958093714,
  "rpve_gm": 14.098678587619748,
  "rpve_wm": 21.72203420645457,
  "size_x": 176,
  "size_y": 256,
  "size_z": 256,
  "snr_csf": 3.133417674892391,
  "snr_gm": 11.741365165766322,
  "snr_total": 11.43814961450657,
  "snr_wm": 19.439666002860992,
  "snrd_csf": 59.831085358394894,
  "snrd_gm": 125.912623273895,
  "snrd_total": 119.6517715850831,
  "snrd_wm": 173.21160612295938,
  "spacing_x": 1.0,
  "spacing_y": 1.0,
  "spacing_z": 1.0,
  "summary_bg_k": 14.343131696000029,
  "summary_bg_mad": 3.782358169555664,
  "summary_bg_mean": 7.651622772216797,
  "summary_bg_median": 3.166491985321045,
  "summary_bg_n": 2084185.0,
  "summary_bg_p05": 0.0,
  "summary_bg_p95": 29.426966476440427,
  "summary_bg_stdv": 10.743890762329102,
  "summary_csf_k": 0.3358273789227626,
  "summary_csf_mad": 96.76902770996094,
  "summary_csf_mean": 375.45635986328125,
  "summary_csf_median": 345.42822265625,
  "summary_csf_n": 15946.0,
  "summary_csf_p05": 241.53729629516602,
  "summary_csf_p95": 582.7704315185547,
  "summary_csf_stdv": 110.23662567138672,
  "summary_gm_k": 0.32316953574682206,
  "summary_gm_mad": 59.07817840576172,
  "summary_gm_mean": 726.7586059570312,
  "summary_gm_median": 726.9427490234375,
  "summary_gm_n": 24318.0,
  "summary_gm_p05": 624.1603515625,
  "summary_gm_p95": 829.0440704345702,
  "summary_gm_stdv": 61.91169357299805,
  "summary_wm_k": 0.2823580665814265,
  "summary_wm_mad": 49.2967529296875,
  "summary_wm_mean": 1000.7589721679688,
  "summary_wm_median": 1000.0182495117188,
  "summary_wm_n": 170950.0,
  "summary_wm_p05": 917.0058166503907,
  "summary_wm_p95": 1086.756817626953,
  "summary_wm_stdv": 51.44200134277344,
  "tpm_overlap_csf": 0.2229733169078827,
  "tpm_overlap_gm": 0.5157846212387085,
  "tpm_overlap_wm": 0.5543169975280762,
  "wm2max": 0.43519568354788507
}