{
  "aor": 0.0105307,
  "aqi": 0.004606693903333334,
  "bids_meta": {
    "AcquisitionMatrixPE": 64,
    "AcquisitionNumber": 1,
    "AcquisitionTime": "18:46:24.000000",
    "BodyPartExamined": "HEAD",
    "CoilString": "32Ch_Head",
    "ConversionSoftware": "dcm2niix",
    "ConversionSoftwareVersion": "v1.0.20181125  (JP2:OpenJPEG) GCC7.3.0",
    "DeviceSerialNumber": "0002806034DVR750",
    "EchoTime": 0.04,
    "EffectiveEchoSpacing": 0.000372,
    "FlipAngle": 90,
    "ImageOrientationPatientDICOM": [
      1,
      0,
      0,
      0,
      1,
      0
    ],
    "ImageType": [
      "ORIGINAL",
      "PRIMARY",
      "EPI",
      "NONE"
    ],
    "ImagingFrequency": 127.772,
    "InPlanePhaseEncodingDirectionDICOM": "COL",
    "InstitutionName": "INSTITUTO_DE_NEUROBIOLOGIA",
    "MRAcquisitionType": "2D",
    "MagneticFieldStrength": 3,
    "Manufacturer": "GE",
    "ManufacturersModelName": "DISCOVERY_MR750",
    "Modality": "MR",
    "PatientPosition": "HFS",
    "PercentPhaseFOV": 100,
    "PhaseEncodingDirection": "j",
    "PhaseEncodingPolarityGE": "Flipped",
    "PixelBandwidth": 7812.5,
    "ProcedureStepDescription": "Emociones_AH",
    "ProtocolName": "fMRI_RestState",
    "ReconMatrixPE": 64,
    "RepetitionTime": 2,
    "SAR": 0.170123,
    "ScanOptions": "EPI_GEMS_ACC_GEMS",
    "ScanningSequence": "EP_GR",
    "SequenceVariant": "SS",
    "SeriesDescription": "fMRI_RestState",
    "SeriesNumber": 5,
    "SliceThickness": 4,
    "SliceTiming": [
      0,
      1.0285,
      0.0571001,
      1.0857,
      0.1142,
      1.1428,
      0.1714,
      1.2,
      0.2285,
      1.2571,
      0.2857,
      1.3143,
      0.3428,
      1.3714,
      0.4,
      1.4286,
      0.4571,
      1.4857,
      0.5142,
      1.5428,
      0.5714,
      1.6,
      0.6285,
      1.6571,
      0.6857,
      1.7143,
      0.7428,
      1.7714,
      0.8,
      1.8285,
      0.8571,
      1.8857,
      0.9143,
      1.9428,
      0.9714
    ],
    "SoftwareVersions": "27_LX_MR_Software_release:DV26.0_R02_1810.b",
    "SpacingBetweenSlices": 4,
    "StationName": "GEHCGEHC",
    "TaskName": "rest",
    "TotalReadoutTime": 0.023436,
    "dataset": "unknown",
    "modality": "bold",
    "subject_id": "28",
    "task_id": "rest"
  },
  "dummy_trs": 0,
  "dvars_nstd": 17.86813976789299,
  "dvars_std": 1.1461086279598658,
  "dvars_vstd": 1.0530641866555177,
  "efc": 0.3739671392779465,
  "fber": 68801.4296875,
  "fd_mean": 0.09152042609864339,
  "fd_num": 13,
  "fd_perc": 4.333333333333333,
  "fwhm_avg": 2.870041666666667,
  "fwhm_x": 2.7784,
  "fwhm_y": 2.94135,
  "fwhm_z": 2.890375,
  "gcor": 0.0337077,
  "gsr_x": -0.0061148363165557384,
  "gsr_y": 0.010872368700802326,
  "provenance": {
    "md5sum": "45f8729ec8e946af503167700cb4fb7f",
    "settings": {
      "fd_thres": 0.2,
      "hmc_fsl": false
    },
    "software": "mriqc",
    "version": "0.15.2rc1",
    "webapi_port": null,
    "webapi_url": "https://mriqc.nimh.nih.gov/api/v1"
  },
  "size_t": 300,
  "size_x": 64,
  "size_y": 64,
  "size_z": 35,
  "snr": 2.699012006921308,
  "spacing_tr": 2.0,
  "spacing_x": 4.0,
  "spacing_y": 4.0,
  "spacing_z": 4.0,
  "summary_bg_k": 216.45587059956515,
  "summary_bg_mad": 9.167424201965332,
  "summary_bg_mean": 35.38444137573242,
  "summary_bg_median": 6.833333492279053,
  "summary_bg_n": 95122.0,
  "summary_bg_p05": 0.20333333313465118,
  "summary_bg_p95": 153.79034271240198,
  "summary_bg_stdv": 122.2470703125,
  "summary_fg_k": 0.009820176276768677,
  "summary_fg_mad": 648.8756713867188,
  "summary_fg_mean": 1861.385498046875,
  "summary_fg_median": 1839.693359375,
  "summary_fg_n": 20428.0,
  "summary_fg_p05": 734.7190155029298,
  "summary_fg_p95": 3049.5058959960934,
  "summary_fg_stdv": 681.6006469726562,
  "tsnr": 44.056121826171875
}