{
  "aor": 0.004430748031496063,
  "aqi": 0.0020968096456692913,
  "bids_meta": {
    "AcquisitionMatrixPE": 64,
    "AcquisitionNumber": 1,
    "AcquisitionTime": "19:17:45.000000",
    "BodyPartExamined": "HEAD",
    "CoilString": "32Ch_Head",
    "ConversionSoftware": "dcm2niix",
    "ConversionSoftwareVersion": "v1.0.20181125  (JP2:OpenJPEG) GCC7.3.0",
    "DeviceSerialNumber": "0002806034DVR750",
    "EchoTime": 0.04,
    "EffectiveEchoSpacing": 0.000372,
    "FlipAngle": 90,
    "ImageOrientationPatientDICOM": [
      1,
      0,
      0,
      0,
      1,
      0
    ],
    "ImageType": [
      "ORIGINAL",
      "PRIMARY",
      "EPI",
      "NONE"
    ],
    "ImagingFrequency": 127.772,
    "InPlanePhaseEncodingDirectionDICOM": "COL",
    "InstitutionName": "INSTITUTO_DE_NEUROBIOLOGIA",
    "MRAcquisitionType": "2D",
    "MagneticFieldStrength": 3,
    "Manufacturer": "GE",
    "ManufacturersModelName": "DISCOVERY_MR750",
    "Modality": "MR",
    "PatientPosition": "HFS",
    "PercentPhaseFOV": 100,
    "PhaseEncodingDirection": "j",
    "PhaseEncodingPolarityGE": "Flipped",
    "PixelBandwidth": 7812.5,
    "ProcedureStepDescription": "Emociones_AH",
    "ProtocolName": "fMRI_Jalil_3",
    "ReconMatrixPE": 64,
    "RepetitionTime": 2,
    "SAR": 0.170344,
    "ScanOptions": "EPI_GEMS_ACC_GEMS",
    "ScanningSequence": "EP_GR",
    "SequenceVariant": "SS",
    "SeriesDescription": "fMRI_Jalil_3",
    "SeriesNumber": 9,
    "SliceThickness": 4,
    "SliceTiming": [
      0,
      1.0285,
      0.0571001,
      1.0857,
      0.1142,
      1.1428,
      0.1714,
      1.2,
      0.2285,
      1.2571,
      0.2857,
      1.3143,
      0.3428,
      1.3714,
      0.4,
      1.4286,
      0.4571,
      1.4857,
      0.5142,
      1.5428,
      0.5714,
      1.6,
      0.6285,
      1.6571,
      0.6857,
      1.7143,
      0.7428,
      1.7714,
      0.8,
      1.8285,
      0.8571,
      1.8857,
      0.9143,
      1.9428,
      0.9714
    ],
    "SoftwareVersions": "27_LX_MR_Software_release:DV26.0_R02_1810.b",
    "SpacingBetweenSlices": 4,
    "StationName": "GEHCGEHC",
    "TaskName": "eah",
    "TotalReadoutTime": 0.023436,
    "dataset": "unknown",
    "modality": "bold",
    "run_id": 3,
    "subject_id": "28",
    "task_id": "eah"
  },
  "dummy_trs": 0,
  "dvars_nstd": 17.649665380197643,
  "dvars_std": 1.1745677420158103,
  "dvars_vstd": 1.0120025822134386,
  "efc": 0.3749666996492696,
  "fber": 60560.2578125,
  "fd_mean": 0.0783833957152143,
  "fd_num": 10,
  "fd_perc": 3.937007874015748,
  "fwhm_avg": 2.8367500000000003,
  "fwhm_x": 2.764975,
  "fwhm_y": 2.90425,
  "fwhm_z": 2.841025,
  "gcor": 0.0317519,
  "gsr_x": -0.005202068481594324,
  "gsr_y": 0.006618103478103876,
  "provenance": {
    "md5sum": "4933f2536514eb7931a6e8db2a735f47",
    "settings": {
      "fd_thres": 0.2,
      "hmc_fsl": false
    },
    "software": "mriqc",
    "version": "0.15.2rc1",
    "webapi_port": null,
    "webapi_url": "https://mriqc.nimh.nih.gov/api/v1"
  },
  "size_t": 254,
  "size_x": 64,
  "size_y": 64,
  "size_z": 35,
  "snr": 2.682105960806996,
  "spacing_tr": 2.0,
  "spacing_x": 4.0,
  "spacing_y": 4.0,
  "spacing_z": 4.0,
  "summary_bg_k": 90.26076413749428,
  "summary_bg_mad": 9.63107681274414,
  "summary_bg_mean": 36.34092330932617,
  "summary_bg_median": 7.196850299835205,
  "summary_bg_n": 95261.0,
  "summary_bg_p05": 0.22834645211696625,
  "summary_bg_p95": 162.7283477783203,
  "summary_bg_stdv": 115.27108764648438,
  "summary_fg_k": 0.05902308277594415,
  "summary_fg_mad": 644.6051025390625,
  "summary_fg_mean": 1858.57275390625,
  "summary_fg_median": 1827.779541015625,
  "summary_fg_n": 20319.0,
  "summary_fg_p05": 748.0082397460938,
  "summary_fg_p95": 3051.1397460937496,
  "summary_fg_stdv": 681.4550170898438,
  "tsnr": 64.76981353759766
}