{
  "aor": 0.004182272727272728,
  "aqi": 0.0024040616735537187,
  "bids_meta": {
    "AcquisitionMatrixPE": 64,
    "AcquisitionNumber": 1,
    "AcquisitionTime": "18:59:34.000000",
    "BodyPartExamined": "HEAD",
    "CoilString": "32Ch_Head",
    "ConversionSoftware": "dcm2niix",
    "ConversionSoftwareVersion": "v1.0.20181125  (JP2:OpenJPEG) GCC7.3.0",
    "DeviceSerialNumber": "0002806034DVR750",
    "EchoTime": 0.04,
    "EffectiveEchoSpacing": 0.000372,
    "FlipAngle": 90,
    "ImageOrientationPatientDICOM": [
      1,
      0,
      0,
      0,
      1,
      0
    ],
    "ImageType": [
      "ORIGINAL",
      "PRIMARY",
      "EPI",
      "NONE"
    ],
    "ImagingFrequency": 127.772,
    "InPlanePhaseEncodingDirectionDICOM": "COL",
    "InstitutionName": "INSTITUTO_DE_NEUROBIOLOGIA",
    "MRAcquisitionType": "2D",
    "MagneticFieldStrength": 3,
    "Manufacturer": "GE",
    "ManufacturersModelName": "DISCOVERY_MR750",
    "Modality": "MR",
    "PatientPosition": "HFS",
    "PercentPhaseFOV": 100,
    "PhaseEncodingDirection": "j",
    "PhaseEncodingPolarityGE": "Flipped",
    "PixelBandwidth": 7812.5,
    "ProcedureStepDescription": "Emociones_AH",
    "ProtocolName": "fMRI_Jalil_1",
    "ReconMatrixPE": 64,
    "RepetitionTime": 2,
    "SAR": 0.170344,
    "ScanOptions": "EPI_GEMS_ACC_GEMS",
    "ScanningSequence": "EP_GR",
    "SequenceVariant": "SS",
    "SeriesDescription": "fMRI_Jalil_1",
    "SeriesNumber": 7,
    "SliceThickness": 4,
    "SliceTiming": [
      0,
      1.0285,
      0.0571001,
      1.0857,
      0.1142,
      1.1428,
      0.1714,
      1.2,
      0.2285,
      1.2571,
      0.2857,
      1.3143,
      0.3428,
      1.3714,
      0.4,
      1.4286,
      0.4571,
      1.4857,
      0.5142,
      1.5428,
      0.5714,
      1.6,
      0.6285,
      1.6571,
      0.6857,
      1.7143,
      0.7428,
      1.7714,
      0.8,
      1.8285,
      0.8571,
      1.8857,
      0.9143,
      1.9428,
      0.9714
    ],
    "SoftwareVersions": "27_LX_MR_Software_release:DV26.0_R02_1810.b",
    "SpacingBetweenSlices": 4,
    "StationName": "GEHCGEHC",
    "TaskName": "eah",
    "TotalReadoutTime": 0.023436,
    "dataset": "unknown",
    "modality": "bold",
    "run_id": 1,
    "subject_id": "28",
    "task_id": "eah"
  },
  "dummy_trs": 0,
  "dvars_nstd": 17.42555371331951,
  "dvars_std": 1.1499337600414938,
  "dvars_vstd": 1.0269603740248963,
  "efc": 0.3735221962923036,
  "fber": 61148.484375,
  "fd_mean": 0.06840610890335952,
  "fd_num": 9,
  "fd_perc": 3.71900826446281,
  "fwhm_avg": 2.8330583333333332,
  "fwhm_x": 2.767375,
  "fwhm_y": 2.903625,
  "fwhm_z": 2.828175,
  "gcor": 0.0347731,
  "gsr_x": -0.0059534702450037,
  "gsr_y": 0.005255991127341986,
  "provenance": {
    "md5sum": "12a1653c7bc0c2c58875c6987c256db3",
    "settings": {
      "fd_thres": 0.2,
      "hmc_fsl": false
    },
    "software": "mriqc",
    "version": "0.15.2rc1",
    "webapi_port": null,
    "webapi_url": "https://mriqc.nimh.nih.gov/api/v1"
  },
  "size_t": 242,
  "size_x": 64,
  "size_y": 64,
  "size_z": 35,
  "snr": 2.676131297550962,
  "spacing_tr": 2.0,
  "spacing_x": 4.0,
  "spacing_y": 4.0,
  "spacing_z": 4.0,
  "summary_bg_k": 89.01372175424768,
  "summary_bg_mad": 9.569523811340332,
  "summary_bg_mean": 34.87599182128906,
  "summary_bg_median": 7.13223123550415,
  "summary_bg_n": 95436.0,
  "summary_bg_p05": 0.21487602591514587,
  "summary_bg_p95": 156.02065658569336,
  "summary_bg_stdv": 107.65736389160156,
  "summary_fg_k": -0.00859439961176589,
  "summary_fg_mad": 653.35595703125,
  "summary_fg_mean": 1839.184814453125,
  "summary_fg_median": 1813.6900634765625,
  "summary_fg_n": 20235.0,
  "summary_fg_p05": 731.8214294433594,
  "summary_fg_p95": 3013.3506591796877,
  "summary_fg_stdv": 677.7116088867188,
  "tsnr": 58.20789337158203
}