{
  "aor": 0.006486800000000001,
  "aqi": 0.0016877693333333336,
  "bids_meta": {
    "AcquisitionMatrixPE": 64,
    "AcquisitionNumber": 1,
    "AcquisitionTime": "19:28:1.000000",
    "BodyPartExamined": "HEAD",
    "CoilString": "32Ch_Head",
    "ConversionSoftware": "dcm2niix",
    "ConversionSoftwareVersion": "v1.0.20181125  (JP2:OpenJPEG) GCC7.3.0",
    "DeviceSerialNumber": "0002806034DVR750",
    "EchoTime": 0.04,
    "EffectiveEchoSpacing": 0.000372,
    "FlipAngle": 90,
    "ImageOrientationPatientDICOM": [
      1,
      0,
      0,
      0,
      1,
      0
    ],
    "ImageType": [
      "ORIGINAL",
      "PRIMARY",
      "EPI",
      "NONE"
    ],
    "ImagingFrequency": 127.772,
    "InPlanePhaseEncodingDirectionDICOM": "COL",
    "InstitutionName": "INSTITUTO_DE_NEUROBIOLOGIA",
    "MRAcquisitionType": "2D",
    "MagneticFieldStrength": 3,
    "Manufacturer": "GE",
    "ManufacturersModelName": "DISCOVERY_MR750",
    "Modality": "MR",
    "PatientPosition": "HFS",
    "PercentPhaseFOV": 100,
    "PhaseEncodingDirection": "j",
    "PhaseEncodingPolarityGE": "Flipped",
    "PixelBandwidth": 7812.5,
    "ProcedureStepDescription": "Emociones_AH",
    "ProtocolName": "fMRI_Jalil_4",
    "ReconMatrixPE": 64,
    "RepetitionTime": 2,
    "SAR": 0.170344,
    "ScanOptions": "EPI_GEMS_ACC_GEMS",
    "ScanningSequence": "EP_GR",
    "SequenceVariant": "SS",
    "SeriesDescription": "fMRI_Jalil_4",
    "SeriesNumber": 10,
    "SliceThickness": 4,
    "SliceTiming": [
      0,
      1.0285,
      0.0571001,
      1.0857,
      0.1142,
      1.1428,
      0.1714,
      1.2,
      0.2285,
      1.2571,
      0.2857,
      1.3143,
      0.3428,
      1.3714,
      0.4,
      1.4286,
      0.4571,
      1.4857,
      0.5142,
      1.5428,
      0.5714,
      1.6,
      0.6285,
      1.6571,
      0.6857,
      1.7143,
      0.7428,
      1.7714,
      0.8,
      1.8285,
      0.8571,
      1.8857,
      0.9143,
      1.9428,
      0.9714
    ],
    "SoftwareVersions": "27_LX_MR_Software_release:DV26.0_R02_1810.b",
    "SpacingBetweenSlices": 4,
    "StationName": "GEHCGEHC",
    "TaskName": "eah",
    "TotalReadoutTime": 0.023436,
    "dataset": "unknown",
    "modality": "bold",
    "run_id": 4,
    "subject_id": "28",
    "task_id": "eah"
  },
  "dummy_trs": 0,
  "dvars_nstd": 18.768734164228178,
  "dvars_std": 1.2151337927516785,
  "dvars_vstd": 1.0932653443624154,
  "efc": 0.3762517284453494,
  "fber": 61018.3046875,
  "fd_mean": 0.11830465555971713,
  "fd_num": 16,
  "fd_perc": 10.666666666666666,
  "fwhm_avg": 2.841441666666667,
  "fwhm_x": 2.768125,
  "fwhm_y": 2.9082,
  "fwhm_z": 2.848,
  "gcor": 0.0402917,
  "gsr_x": -0.005463963840156794,
  "gsr_y": 0.008193066343665123,
  "provenance": {
    "md5sum": "a2bce06a0b09dcf2f0a2d04f1ba83968",
    "settings": {
      "fd_thres": 0.2,
      "hmc_fsl": false
    },
    "software": "mriqc",
    "version": "0.15.2rc1",
    "webapi_port": null,
    "webapi_url": "https://mriqc.nimh.nih.gov/api/v1"
  },
  "size_t": 150,
  "size_x": 64,
  "size_y": 64,
  "size_z": 35,
  "snr": 2.646080643198685,
  "spacing_tr": 2.0,
  "spacing_x": 4.0,
  "spacing_y": 4.0,
  "spacing_z": 4.0,
  "summary_bg_k": 92.61720241962942,
  "summary_bg_mad": 9.577610969543457,
  "summary_bg_mean": 36.75535202026367,
  "summary_bg_median": 7.113333702087402,
  "summary_bg_n": 95141.0,
  "summary_bg_p05": 0.1599999964237213,
  "summary_bg_p95": 165.12001037597656,
  "summary_bg_stdv": 116.15251159667969,
  "summary_fg_k": 0.03909436088552054,
  "summary_fg_mad": 655.2310791015625,
  "summary_fg_mean": 1840.88232421875,
  "summary_fg_median": 1812.8800048828125,
  "summary_fg_n": 20487.0,
  "summary_fg_p05": 727.8219970703125,
  "summary_fg_p95": 3042.7348388671876,
  "summary_fg_stdv": 685.1022338867188,
  "tsnr": 71.70829772949219
}