{
  "aor": 0.009982098214285712,
  "aqi": 0.0018619319910714285,
  "bids_meta": {
    "AcquisitionMatrixPE": 64,
    "AcquisitionNumber": 1,
    "AcquisitionTime": "19:08:30.000000",
    "BodyPartExamined": "HEAD",
    "CoilString": "32Ch_Head",
    "ConversionSoftware": "dcm2niix",
    "ConversionSoftwareVersion": "v1.0.20181125  (JP2:OpenJPEG) GCC7.3.0",
    "DeviceSerialNumber": "0002806034DVR750",
    "EchoTime": 0.04,
    "EffectiveEchoSpacing": 0.000372,
    "FlipAngle": 90,
    "ImageOrientationPatientDICOM": [
      1,
      0,
      0,
      0,
      1,
      0
    ],
    "ImageType": [
      "ORIGINAL",
      "PRIMARY",
      "EPI",
      "NONE"
    ],
    "ImagingFrequency": 127.772,
    "InPlanePhaseEncodingDirectionDICOM": "COL",
    "InstitutionName": "INSTITUTO_DE_NEUROBIOLOGIA",
    "MRAcquisitionType": "2D",
    "MagneticFieldStrength": 3,
    "Manufacturer": "GE",
    "ManufacturersModelName": "DISCOVERY_MR750",
    "Modality": "MR",
    "PatientPosition": "HFS",
    "PercentPhaseFOV": 100,
    "PhaseEncodingDirection": "j",
    "PhaseEncodingPolarityGE": "Flipped",
    "PixelBandwidth": 7812.5,
    "ProcedureStepDescription": "Emociones_AH",
    "ProtocolName": "fMRI_Jalil_2",
    "ReconMatrixPE": 64,
    "RepetitionTime": 2,
    "SAR": 0.170344,
    "ScanOptions": "EPI_GEMS_ACC_GEMS",
    "ScanningSequence": "EP_GR",
    "SequenceVariant": "SS",
    "SeriesDescription": "fMRI_Jalil_2",
    "SeriesNumber": 8,
    "SliceThickness": 4,
    "SliceTiming": [
      0,
      1.0285,
      0.0571001,
      1.0857,
      0.1142,
      1.1428,
      0.1714,
      1.2,
      0.2285,
      1.2571,
      0.2857,
      1.3143,
      0.3428,
      1.3714,
      0.4,
      1.4286,
      0.4571,
      1.4857,
      0.5142,
      1.5428,
      0.5714,
      1.6,
      0.6285,
      1.6571,
      0.6857,
      1.7143,
      0.7428,
      1.7714,
      0.8,
      1.8285,
      0.8571,
      1.8857,
      0.9143,
      1.9428,
      0.9714
    ],
    "SoftwareVersions": "27_LX_MR_Software_release:DV26.0_R02_1810.b",
    "SpacingBetweenSlices": 4,
    "StationName": "GEHCGEHC",
    "TaskName": "eah",
    "TotalReadoutTime": 0.023436,
    "dataset": "unknown",
    "modality": "bold",
    "run_id": 2,
    "subject_id": "28",
    "task_id": "eah"
  },
  "dummy_trs": 0,
  "dvars_nstd": 17.52104900793722,
  "dvars_std": 1.2029746653811653,
  "dvars_vstd": 1.0801656967264575,
  "efc": 0.37494709456958975,
  "fber": 60327.05859375,
  "fd_mean": 0.0847204453200422,
  "fd_num": 8,
  "fd_perc": 3.5714285714285716,
  "fwhm_avg": 2.8456083333333333,
  "fwhm_x": 2.768075,
  "fwhm_y": 2.913725,
  "fwhm_z": 2.855025,
  "gcor": 0.0411976,
  "gsr_x": -0.005113818217068911,
  "gsr_y": 0.006014106795191765,
  "provenance": {
    "md5sum": "a68a2e014ebbe8054a8efb2ec4143276",
    "settings": {
      "fd_thres": 0.2,
      "hmc_fsl": false
    },
    "software": "mriqc",
    "version": "0.15.2rc1",
    "webapi_port": null,
    "webapi_url": "https://mriqc.nimh.nih.gov/api/v1"
  },
  "size_t": 224,
  "size_x": 64,
  "size_y": 64,
  "size_z": 35,
  "snr": 2.6425937115811635,
  "spacing_tr": 2.0,
  "spacing_x": 4.0,
  "spacing_y": 4.0,
  "spacing_z": 4.0,
  "summary_bg_k": 82.79287566274232,
  "summary_bg_mad": 9.650152206420898,
  "summary_bg_mean": 35.59933853149414,
  "summary_bg_median": 7.1964287757873535,
  "summary_bg_n": 95230.0,
  "summary_bg_p05": 0.2410714328289032,
  "summary_bg_p95": 162.44442977905274,
  "summary_bg_stdv": 110.38076782226562,
  "summary_fg_k": 0.003423051212996686,
  "summary_fg_mad": 662.9483642578125,
  "summary_fg_mean": 1844.972412109375,
  "summary_fg_median": 1815.884033203125,
  "summary_fg_n": 20445.0,
  "summary_fg_p05": 711.5241577148438,
  "summary_fg_p95": 3038.3161621093745,
  "summary_fg_stdv": 687.1429443359375,
  "tsnr": 65.12545013427734
}