{
  "aor": 0.015300624999999998,
  "aqi": 0.005261336607142857,
  "bids_meta": {
    "AcquisitionMatrixPE": 64,
    "AcquisitionNumber": 1,
    "AcquisitionTime": "12:48:14.000000",
    "BodyPartExamined": "HEAD",
    "CoilString": "32Ch_Head",
    "ConversionSoftware": "dcm2niix",
    "ConversionSoftwareVersion": "v1.0.20181125  (JP2:OpenJPEG) GCC7.3.0",
    "DeviceSerialNumber": "0002806034DVR750",
    "EchoTime": 0.04,
    "EffectiveEchoSpacing": 0.000372,
    "FlipAngle": 90,
    "ImageOrientationPatientDICOM": [
      1,
      0,
      0,
      0,
      1,
      0
    ],
    "ImageType": [
      "ORIGINAL",
      "PRIMARY",
      "EPI",
      "NONE"
    ],
    "ImagingFrequency": 127.772,
    "InPlanePhaseEncodingDirectionDICOM": "COL",
    "InstitutionName": "INSTITUTO_DE_NEUROBIOLOGIA",
    "MRAcquisitionType": "2D",
    "MagneticFieldStrength": 3,
    "Manufacturer": "GE",
    "ManufacturersModelName": "DISCOVERY_MR750",
    "Modality": "MR",
    "PatientPosition": "HFS",
    "PercentPhaseFOV": 100,
    "PhaseEncodingDirection": "j",
    "PhaseEncodingPolarityGE": "Flipped",
    "PixelBandwidth": 7812.5,
    "ProcedureStepDescription": "Emociones_AH",
    "ProtocolName": "fMRI_Jalil_2",
    "ReconMatrixPE": 64,
    "RepetitionTime": 2,
    "SAR": 0.197791,
    "ScanOptions": "EPI_GEMS_ACC_GEMS",
    "ScanningSequence": "EP_GR",
    "SequenceVariant": "SS",
    "SeriesDescription": "fMRI_Jalil_2",
    "SeriesNumber": 7,
    "SliceThickness": 4,
    "SliceTiming": [
      0,
      1.0285,
      0.0571001,
      1.0857,
      0.1142,
      1.1428,
      0.1714,
      1.2,
      0.2285,
      1.2571,
      0.2857,
      1.3143,
      0.3428,
      1.3714,
      0.4,
      1.4286,
      0.4571,
      1.4857,
      0.5142,
      1.5428,
      0.5714,
      1.6,
      0.6285,
      1.6571,
      0.6857,
      1.7143,
      0.7428,
      1.7714,
      0.8,
      1.8285,
      0.8571,
      1.8857,
      0.9143,
      1.9428,
      0.9714
    ],
    "SoftwareVersions": "27_LX_MR_Software_release:DV26.0_R02_1810.b",
    "SpacingBetweenSlices": 4,
    "StationName": "GEHCGEHC",
    "TaskName": "eah",
    "TotalReadoutTime": 0.023436,
    "dataset": "unknown",
    "modality": "bold",
    "run_id": 2,
    "subject_id": "36",
    "task_id": "eah"
  },
  "dummy_trs": 0,
  "dvars_nstd": 27.757705213721984,
  "dvars_std": 1.1379646635874436,
  "dvars_vstd": 1.070132579865471,
  "efc": 0.33960168836870264,
  "fber": 60687.47265625,
  "fd_mean": 0.2927181367766093,
  "fd_num": 93,
  "fd_perc": 41.517857142857146,
  "fwhm_avg": 2.7832833333333333,
  "fwhm_x": 2.768075,
  "fwhm_y": 2.88845,
  "fwhm_z": 2.693325,
  "gcor": 0.0447188,
  "gsr_x": -0.0092756487429142,
  "gsr_y": 0.004584348760545254,
  "provenance": {
    "md5sum": "c80aea108ea6117d915f11931f268d13",
    "settings": {
      "fd_thres": 0.2,
      "hmc_fsl": false
    },
    "software": "mriqc",
    "version": "0.15.2rc1",
    "webapi_port": null,
    "webapi_url": "https://mriqc.nimh.nih.gov/api/v1"
  },
  "size_t": 224,
  "size_x": 64,
  "size_y": 64,
  "size_z": 35,
  "snr": 2.5919068833784684,
  "spacing_tr": 2.0,
  "spacing_x": 4.0,
  "spacing_y": 4.0,
  "spacing_z": 4.0,
  "summary_bg_k": 82.59502794353821,
  "summary_bg_mad": 9.425114631652832,
  "summary_bg_mean": 29.67156219482422,
  "summary_bg_median": 7.017857551574707,
  "summary_bg_n": 99647.0,
  "summary_bg_p05": 0.1875000149011612,
  "summary_bg_p95": 130.20536346435523,
  "summary_bg_stdv": 86.20745086669922,
  "summary_fg_k": 0.2990896682002382,
  "summary_fg_mad": 596.1119995117188,
  "summary_fg_mean": 1800.302001953125,
  "summary_fg_median": 1748.6251220703125,
  "summary_fg_n": 16753.0,
  "summary_fg_p05": 726.4670043945313,
  "summary_fg_p95": 3029.516162109375,
  "summary_fg_stdv": 674.6279907226562,
  "tsnr": 38.162269592285156
}