{
  "aor": 0.007584933333333332,
  "aqi": 0.005031322,
  "bids_meta": {
    "AcquisitionMatrixPE": 64,
    "AcquisitionNumber": 1,
    "AcquisitionTime": "13:06:48.000000",
    "BodyPartExamined": "HEAD",
    "CoilString": "32Ch_Head",
    "ConversionSoftware": "dcm2niix",
    "ConversionSoftwareVersion": "v1.0.20181125  (JP2:OpenJPEG) GCC7.3.0",
    "DeviceSerialNumber": "0002806034DVR750",
    "EchoTime": 0.04,
    "EffectiveEchoSpacing": 0.000372,
    "FlipAngle": 90,
    "ImageOrientationPatientDICOM": [
      1,
      0,
      0,
      0,
      1,
      0
    ],
    "ImageType": [
      "ORIGINAL",
      "PRIMARY",
      "EPI",
      "NONE"
    ],
    "ImagingFrequency": 127.772,
    "InPlanePhaseEncodingDirectionDICOM": "COL",
    "InstitutionName": "INSTITUTO_DE_NEUROBIOLOGIA",
    "MRAcquisitionType": "2D",
    "MagneticFieldStrength": 3,
    "Manufacturer": "GE",
    "ManufacturersModelName": "DISCOVERY_MR750",
    "Modality": "MR",
    "PatientPosition": "HFS",
    "PercentPhaseFOV": 100,
    "PhaseEncodingDirection": "j",
    "PhaseEncodingPolarityGE": "Flipped",
    "PixelBandwidth": 7812.5,
    "ProcedureStepDescription": "Emociones_AH",
    "ProtocolName": "fMRI_Jalil_4",
    "ReconMatrixPE": 64,
    "RepetitionTime": 2,
    "SAR": 0.197791,
    "ScanOptions": "EPI_GEMS_ACC_GEMS",
    "ScanningSequence": "EP_GR",
    "SequenceVariant": "SS",
    "SeriesDescription": "fMRI_Jalil_4",
    "SeriesNumber": 9,
    "SliceThickness": 4,
    "SliceTiming": [
      0,
      1.0285,
      0.0571001,
      1.0857,
      0.1142,
      1.1428,
      0.1714,
      1.2,
      0.2285,
      1.2571,
      0.2857,
      1.3143,
      0.3428,
      1.3714,
      0.4,
      1.4286,
      0.4571,
      1.4857,
      0.5142,
      1.5428,
      0.5714,
      1.6,
      0.6285,
      1.6571,
      0.6857,
      1.7143,
      0.7428,
      1.7714,
      0.8,
      1.8285,
      0.8571,
      1.8857,
      0.9143,
      1.9428,
      0.9714
    ],
    "SoftwareVersions": "27_LX_MR_Software_release:DV26.0_R02_1810.b",
    "SpacingBetweenSlices": 4,
    "StationName": "GEHCGEHC",
    "TaskName": "eah",
    "TotalReadoutTime": 0.023436,
    "dataset": "unknown",
    "modality": "bold",
    "run_id": 4,
    "subject_id": "36",
    "task_id": "eah"
  },
  "dummy_trs": 0,
  "dvars_nstd": 23.0654538685906,
  "dvars_std": 1.0905568561073826,
  "dvars_vstd": 1.0102216557718113,
  "efc": 0.3384103946627265,
  "fber": 63979.828125,
  "fd_mean": 0.260897470335654,
  "fd_num": 70,
  "fd_perc": 46.666666666666664,
  "fwhm_avg": 2.794591666666667,
  "fwhm_x": 2.7539,
  "fwhm_y": 2.87275,
  "fwhm_z": 2.757125,
  "gcor": 0.0361,
  "gsr_x": -0.007369521539658308,
  "gsr_y": 0.0053224340081214905,
  "provenance": {
    "md5sum": "deab57db4c5040221c412da2d8bd2f62",
    "settings": {
      "fd_thres": 0.2,
      "hmc_fsl": false
    },
    "software": "mriqc",
    "version": "0.15.2rc1",
    "webapi_port": null,
    "webapi_url": "https://mriqc.nimh.nih.gov/api/v1"
  },
  "size_t": 150,
  "size_x": 64,
  "size_y": 64,
  "size_z": 35,
  "snr": 2.590516869867593,
  "spacing_tr": 2.0,
  "spacing_x": 4.0,
  "spacing_y": 4.0,
  "spacing_z": 4.0,
  "summary_bg_k": 101.8247914792834,
  "summary_bg_mad": 9.320626258850098,
  "summary_bg_mean": 28.872957229614258,
  "summary_bg_median": 6.953333377838135,
  "summary_bg_n": 99335.0,
  "summary_bg_p05": 0.18666666746139526,
  "summary_bg_p95": 124.5340003967272,
  "summary_bg_stdv": 86.41984558105469,
  "summary_fg_k": 0.4028306258535612,
  "summary_fg_mad": 591.6077270507812,
  "summary_fg_mean": 1851.5814208984375,
  "summary_fg_median": 1783.6800537109375,
  "summary_fg_n": 16859.0,
  "summary_fg_p05": 784.7033630371094,
  "summary_fg_p95": 3150.254150390625,
  "summary_fg_stdv": 688.521728515625,
  "tsnr": 39.65910720825195
}