{
  "aor": 0.006906614173228346,
  "aqi": 0.0050541653937007875,
  "bids_meta": {
    "AcquisitionMatrixPE": 64,
    "AcquisitionNumber": 1,
    "AcquisitionTime": "12:56:41.000000",
    "BodyPartExamined": "HEAD",
    "CoilString": "32Ch_Head",
    "ConversionSoftware": "dcm2niix",
    "ConversionSoftwareVersion": "v1.0.20181125  (JP2:OpenJPEG) GCC7.3.0",
    "DeviceSerialNumber": "0002806034DVR750",
    "EchoTime": 0.04,
    "EffectiveEchoSpacing": 0.000372,
    "FlipAngle": 90,
    "ImageOrientationPatientDICOM": [
      1,
      0,
      0,
      0,
      1,
      0
    ],
    "ImageType": [
      "ORIGINAL",
      "PRIMARY",
      "EPI",
      "NONE"
    ],
    "ImagingFrequency": 127.772,
    "InPlanePhaseEncodingDirectionDICOM": "COL",
    "InstitutionName": "INSTITUTO_DE_NEUROBIOLOGIA",
    "MRAcquisitionType": "2D",
    "MagneticFieldStrength": 3,
    "Manufacturer": "GE",
    "ManufacturersModelName": "DISCOVERY_MR750",
    "Modality": "MR",
    "PatientPosition": "HFS",
    "PercentPhaseFOV": 100,
    "PhaseEncodingDirection": "j",
    "PhaseEncodingPolarityGE": "Flipped",
    "PixelBandwidth": 7812.5,
    "ProcedureStepDescription": "Emociones_AH",
    "ProtocolName": "fMRI_Jalil_3",
    "ReconMatrixPE": 64,
    "RepetitionTime": 2,
    "SAR": 0.197791,
    "ScanOptions": "EPI_GEMS_ACC_GEMS",
    "ScanningSequence": "EP_GR",
    "SequenceVariant": "SS",
    "SeriesDescription": "fMRI_Jalil_3",
    "SeriesNumber": 8,
    "SliceThickness": 4,
    "SliceTiming": [
      0,
      1.0285,
      0.0571001,
      1.0857,
      0.1142,
      1.1428,
      0.1714,
      1.2,
      0.2285,
      1.2571,
      0.2857,
      1.3143,
      0.3428,
      1.3714,
      0.4,
      1.4286,
      0.4571,
      1.4857,
      0.5142,
      1.5428,
      0.5714,
      1.6,
      0.6285,
      1.6571,
      0.6857,
      1.7143,
      0.7428,
      1.7714,
      0.8,
      1.8285,
      0.8571,
      1.8857,
      0.9143,
      1.9428,
      0.9714
    ],
    "SoftwareVersions": "27_LX_MR_Software_release:DV26.0_R02_1810.b",
    "SpacingBetweenSlices": 4,
    "StationName": "GEHCGEHC",
    "TaskName": "eah",
    "TotalReadoutTime": 0.023436,
    "dataset": "unknown",
    "modality": "bold",
    "run_id": 3,
    "subject_id": "36",
    "task_id": "eah"
  },
  "dummy_trs": 0,
  "dvars_nstd": 27.2466506089328,
  "dvars_std": 1.1253492315810283,
  "dvars_vstd": 1.0109537911462452,
  "efc": 0.338743816786534,
  "fber": 60549.3828125,
  "fd_mean": 0.27861113976924706,
  "fd_num": 125,
  "fd_perc": 49.21259842519685,
  "fwhm_avg": 2.7696166666666664,
  "fwhm_x": 2.747575,
  "fwhm_y": 2.86555,
  "fwhm_z": 2.695725,
  "gcor": 0.0284038,
  "gsr_x": -0.007852648384869099,
  "gsr_y": 0.00543968053534627,
  "provenance": {
    "md5sum": "9936b90ff35b556c3263896b94b00f88",
    "settings": {
      "fd_thres": 0.2,
      "hmc_fsl": false
    },
    "software": "mriqc",
    "version": "0.15.2rc1",
    "webapi_port": null,
    "webapi_url": "https://mriqc.nimh.nih.gov/api/v1"
  },
  "size_t": 254,
  "size_x": 64,
  "size_y": 64,
  "size_z": 35,
  "snr": 2.598859534316178,
  "spacing_tr": 2.0,
  "spacing_x": 4.0,
  "spacing_y": 4.0,
  "spacing_z": 4.0,
  "summary_bg_k": 85.02039681192393,
  "summary_bg_mad": 9.420945167541504,
  "summary_bg_mean": 28.432287216186523,
  "summary_bg_median": 7.003936767578125,
  "summary_bg_n": 99439.0,
  "summary_bg_p05": 0.17322835326194763,
  "summary_bg_p95": 122.9224380493163,
  "summary_bg_stdv": 82.0127944946289,
  "summary_fg_k": 0.3461590712957352,
  "summary_fg_mad": 588.730224609375,
  "summary_fg_mean": 1808.719970703125,
  "summary_fg_median": 1747.401611328125,
  "summary_fg_n": 16712.0,
  "summary_fg_p05": 752.31318359375,
  "summary_fg_p95": 3046.862390136718,
  "summary_fg_stdv": 672.3523559570312,
  "tsnr": 39.69213104248047
}