{
  "aor": 0.014441776859504133,
  "aqi": 0.008130934752066115,
  "bids_meta": {
    "AcquisitionMatrixPE": 64,
    "AcquisitionNumber": 1,
    "AcquisitionTime": "12:39:10.000000",
    "BodyPartExamined": "HEAD",
    "CoilString": "32Ch_Head",
    "ConversionSoftware": "dcm2niix",
    "ConversionSoftwareVersion": "v1.0.20181125  (JP2:OpenJPEG) GCC7.3.0",
    "DeviceSerialNumber": "0002806034DVR750",
    "EchoTime": 0.04,
    "EffectiveEchoSpacing": 0.000372,
    "FlipAngle": 90,
    "ImageOrientationPatientDICOM": [
      1,
      0,
      0,
      0,
      1,
      0
    ],
    "ImageType": [
      "ORIGINAL",
      "PRIMARY",
      "EPI",
      "NONE"
    ],
    "ImagingFrequency": 127.772,
    "InPlanePhaseEncodingDirectionDICOM": "COL",
    "InstitutionName": "INSTITUTO_DE_NEUROBIOLOGIA",
    "MRAcquisitionType": "2D",
    "MagneticFieldStrength": 3,
    "Manufacturer": "GE",
    "ManufacturersModelName": "DISCOVERY_MR750",
    "Modality": "MR",
    "PatientPosition": "HFS",
    "PercentPhaseFOV": 100,
    "PhaseEncodingDirection": "j",
    "PhaseEncodingPolarityGE": "Flipped",
    "PixelBandwidth": 7812.5,
    "ProcedureStepDescription": "Emociones_AH",
    "ProtocolName": "fMRI_Jalil_1",
    "ReconMatrixPE": 64,
    "RepetitionTime": 2,
    "SAR": 0.197791,
    "ScanOptions": "EPI_GEMS_ACC_GEMS",
    "ScanningSequence": "EP_GR",
    "SequenceVariant": "SS",
    "SeriesDescription": "fMRI_Jalil_1",
    "SeriesNumber": 6,
    "SliceThickness": 4,
    "SliceTiming": [
      0,
      1.0285,
      0.0571001,
      1.0857,
      0.1142,
      1.1428,
      0.1714,
      1.2,
      0.2285,
      1.2571,
      0.2857,
      1.3143,
      0.3428,
      1.3714,
      0.4,
      1.4286,
      0.4571,
      1.4857,
      0.5142,
      1.5428,
      0.5714,
      1.6,
      0.6285,
      1.6571,
      0.6857,
      1.7143,
      0.7428,
      1.7714,
      0.8,
      1.8285,
      0.8571,
      1.8857,
      0.9143,
      1.9428,
      0.9714
    ],
    "SoftwareVersions": "27_LX_MR_Software_release:DV26.0_R02_1810.b",
    "SpacingBetweenSlices": 4,
    "StationName": "GEHCGEHC",
    "TaskName": "eah",
    "TotalReadoutTime": 0.023436,
    "dataset": "unknown",
    "modality": "bold",
    "run_id": 1,
    "subject_id": "36",
    "task_id": "eah"
  },
  "dummy_trs": 0,
  "dvars_nstd": 23.990397809585076,
  "dvars_std": 0.8738515587966811,
  "dvars_vstd": 0.9104530610373449,
  "efc": 0.33987241225292447,
  "fber": 61618.23828125,
  "fd_mean": 0.2656412514016464,
  "fd_num": 64,
  "fd_perc": 26.446280991735538,
  "fwhm_avg": 2.8115666666666663,
  "fwhm_x": 2.771225,
  "fwhm_y": 2.915325,
  "fwhm_z": 2.74815,
  "gcor": 0.0739529,
  "gsr_x": -0.008538682945072651,
  "gsr_y": 0.0038626198656857014,
  "provenance": {
    "md5sum": "85e7801d1d8c04c7bd25dcde2fce8a56",
    "settings": {
      "fd_thres": 0.2,
      "hmc_fsl": false
    },
    "software": "mriqc",
    "version": "0.15.2rc1",
    "webapi_port": null,
    "webapi_url": "https://mriqc.nimh.nih.gov/api/v1"
  },
  "size_t": 242,
  "size_x": 64,
  "size_y": 64,
  "size_z": 35,
  "snr": 2.6283461206508885,
  "spacing_tr": 2.0,
  "spacing_x": 4.0,
  "spacing_y": 4.0,
  "spacing_z": 4.0,
  "summary_bg_k": 109.73795490296398,
  "summary_bg_mad": 9.483752250671387,
  "summary_bg_mean": 29.9963321685791,
  "summary_bg_median": 7.061983108520508,
  "summary_bg_n": 99673.0,
  "summary_bg_p05": 0.22727271914482117,
  "summary_bg_p95": 131.2041198730465,
  "summary_bg_stdv": 87.59481048583984,
  "summary_fg_k": 0.26329784238043086,
  "summary_fg_mad": 594.6060180664062,
  "summary_fg_mean": 1832.4676513671875,
  "summary_fg_median": 1782.4462890625,
  "summary_fg_n": 16754.0,
  "summary_fg_p05": 732.922705078125,
  "summary_fg_p95": 3066.38916015625,
  "summary_fg_stdv": 678.1424560546875,
  "tsnr": 29.84075164794922
}