{
  "aor": 0.007321099999999999,
  "aqi": 0.0067199425,
  "bids_meta": {
    "AcquisitionMatrixPE": 64,
    "AcquisitionNumber": 1,
    "AcquisitionTime": "12:26:22.000000",
    "BodyPartExamined": "HEAD",
    "CoilString": "32Ch_Head",
    "ConversionSoftware": "dcm2niix",
    "ConversionSoftwareVersion": "v1.0.20181125  (JP2:OpenJPEG) GCC7.3.0",
    "DeviceSerialNumber": "0002806034DVR750",
    "EchoTime": 0.04,
    "EffectiveEchoSpacing": 0.000372,
    "FlipAngle": 90,
    "ImageOrientationPatientDICOM": [
      1,
      0,
      0,
      0,
      1,
      0
    ],
    "ImageType": [
      "ORIGINAL",
      "PRIMARY",
      "EPI",
      "NONE"
    ],
    "ImagingFrequency": 127.772,
    "InPlanePhaseEncodingDirectionDICOM": "COL",
    "InstitutionName": "INSTITUTO_DE_NEUROBIOLOGIA",
    "MRAcquisitionType": "2D",
    "MagneticFieldStrength": 3,
    "Manufacturer": "GE",
    "ManufacturersModelName": "DISCOVERY_MR750",
    "Modality": "MR",
    "PatientPosition": "HFS",
    "PercentPhaseFOV": 100,
    "PhaseEncodingDirection": "j",
    "PhaseEncodingPolarityGE": "Flipped",
    "PixelBandwidth": 7812.5,
    "ProcedureStepDescription": "Emociones_AH",
    "ProtocolName": "fMRI_RestState",
    "ReconMatrixPE": 64,
    "RepetitionTime": 2,
    "SAR": 0.197012,
    "ScanOptions": "EPI_GEMS_ACC_GEMS",
    "ScanningSequence": "EP_GR",
    "SequenceVariant": "SS",
    "SeriesDescription": "fMRI_RestState",
    "SeriesNumber": 4,
    "SliceThickness": 4,
    "SliceTiming": [
      0,
      1.0285,
      0.0571001,
      1.0857,
      0.1142,
      1.1428,
      0.1714,
      1.2,
      0.2285,
      1.2571,
      0.2857,
      1.3143,
      0.3428,
      1.3714,
      0.4,
      1.4286,
      0.4571,
      1.4857,
      0.5142,
      1.5428,
      0.5714,
      1.6,
      0.6285,
      1.6571,
      0.6857,
      1.7143,
      0.7428,
      1.7714,
      0.8,
      1.8285,
      0.8571,
      1.8857,
      0.9143,
      1.9428,
      0.9714
    ],
    "SoftwareVersions": "27_LX_MR_Software_release:DV26.0_R02_1810.b",
    "SpacingBetweenSlices": 4,
    "StationName": "GEHCGEHC",
    "TaskName": "rest",
    "TotalReadoutTime": 0.023436,
    "dataset": "unknown",
    "modality": "bold",
    "subject_id": "36",
    "task_id": "rest"
  },
  "dummy_trs": 0,
  "dvars_nstd": 22.804992327993315,
  "dvars_std": 1.0312320445819398,
  "dvars_vstd": 1.0459438408361204,
  "efc": 0.3403212110852634,
  "fber": 62474.9453125,
  "fd_mean": 0.2017078672981346,
  "fd_num": 129,
  "fd_perc": 43.0,
  "fwhm_avg": 2.8144666666666667,
  "fwhm_x": 2.768975,
  "fwhm_y": 2.942125,
  "fwhm_z": 2.7323,
  "gcor": 0.049686,
  "gsr_x": -0.008608624339103699,
  "gsr_y": 0.006024898961186409,
  "provenance": {
    "md5sum": "92b75ad8c11149da47724bfd20d76ecb",
    "settings": {
      "fd_thres": 0.2,
      "hmc_fsl": false
    },
    "software": "mriqc",
    "version": "0.15.2rc1",
    "webapi_port": null,
    "webapi_url": "https://mriqc.nimh.nih.gov/api/v1"
  },
  "size_t": 300,
  "size_x": 64,
  "size_y": 64,
  "size_z": 35,
  "snr": 2.6121906248651894,
  "spacing_tr": 2.0,
  "spacing_x": 4.0,
  "spacing_y": 4.0,
  "spacing_z": 4.0,
  "summary_bg_k": 131.99975839089248,
  "summary_bg_mad": 9.320626258850098,
  "summary_bg_mean": 29.531034469604492,
  "summary_bg_median": 6.940000057220459,
  "summary_bg_n": 99453.0,
  "summary_bg_p05": 0.1899999976158142,
  "summary_bg_p95": 126.05866851806624,
  "summary_bg_stdv": 88.22933197021484,
  "summary_fg_k": 0.23300719286036387,
  "summary_fg_mad": 601.4671630859375,
  "summary_fg_mean": 1789.2489013671875,
  "summary_fg_median": 1745.413330078125,
  "summary_fg_n": 16850.0,
  "summary_fg_p05": 708.0848571777344,
  "summary_fg_p95": 3005.7525756835926,
  "summary_fg_stdv": 668.1600952148438,
  "tsnr": 32.21738815307617
}