{
  "bids_meta": {
    "AcquisitionDateTime": "2016-05-19T18:51:2.000000",
    "ConversionSoftware": "dcm2niix",
    "ConversionSoftwareVersion": "v1.0.20170411 GCC4.8.4",
    "EchoTime": 0.00318,
    "FlipAngle": 12,
    "ImageType": [
      "DERIVED",
      "PRIMARY",
      "OTHER"
    ],
    "InversionTime": 0.45,
    "MagneticFieldStrength": 3,
    "Manufacturer": "GE",
    "ManufacturersModelName": "DISCOVERY_MR750",
    "ProcedureStepDescription": "ActosHabla",
    "ProtocolName": "PU:Sag_T1_FSPGR_BRAVO",
    "RepetitionTime": 0.008156,
    "ScanningSequence": "GR",
    "SequenceVariant": "SS_SP_SK",
    "SeriesDescription": "PU:Sag_T1_FSPGR_BRAVO",
    "dataset": "unknown",
    "modality": "T1w",
    "subject_id": "09"
  },
  "cjv": 0.44689830014598203,
  "cnr": 2.910496070967063,
  "efc": 0.7243522772219152,
  "fber": 8251.271484375,
  "fwhm_avg": 3.7283000000000004,
  "fwhm_x": 3.75683,
  "fwhm_y": 3.87347,
  "fwhm_z": 3.5546,
  "icvs_csf": 0.20373475655027223,
  "icvs_gm": 0.4361551862598456,
  "icvs_wm": 0.36011005718988215,
  "inu_med": 0.8032174110412598,
  "inu_range": 0.2383099257946013,
  "provenance": {
    "md5sum": "3acbb5e3a9b628fe5c8cabadfcd13c6b",
    "settings": {
      "testing": false
    },
    "software": "mriqc",
    "version": "0.15.2rc1",
    "warnings": {
      "large_rot_frame": true,
      "small_air_mask": false
    },
    "webapi_port": null,
    "webapi_url": "https://mriqc.nimh.nih.gov/api/v1"
  },
  "qi_1": 0.0,
  "qi_2": 0.002810825485225987,
  "rpve_csf": 29.769176992806354,
  "rpve_gm": 14.882704759763273,
  "rpve_wm": 21.337482154855834,
  "size_x": 176,
  "size_y": 256,
  "size_z": 256,
  "snr_csf": 3.11042724506207,
  "snr_gm": 10.937572557534844,
  "snr_total": 10.434718242658633,
  "snr_wm": 17.256154925378986,
  "snrd_csf": 37.0104927209822,
  "snrd_gm": 70.08116464073251,
  "snrd_total": 67.45604892912829,
  "snrd_wm": 95.27648942567014,
  "spacing_x": 1.0,
  "spacing_y": 1.0,
  "spacing_z": 1.0,
  "summary_bg_k": 9.919527781243064,
  "summary_bg_mad": 6.876270294189453,
  "summary_bg_mean": 13.58521842956543,
  "summary_bg_median": 5.422920227050781,
  "summary_bg_n": 363132.0,
  "summary_bg_p05": 0.0,
  "summary_bg_p95": 53.70624885559082,
  "summary_bg_stdv": 19.360633850097656,
  "summary_csf_k": -0.8891629501957388,
  "summary_csf_mad": 155.0146026611328,
  "summary_csf_mean": 399.4461975097656,
  "summary_csf_median": 388.4598083496094,
  "summary_csf_n": 12535.0,
  "summary_csf_p05": 221.12761535644532,
  "summary_csf_p95": 595.865069580078,
  "summary_csf_stdv": 124.88455200195312,
  "summary_gm_k": 0.29361030223406503,
  "summary_gm_mad": 64.40433502197266,
  "summary_gm_mean": 737.8463134765625,
  "summary_gm_median": 735.5675048828125,
  "summary_gm_n": 13871.0,
  "summary_gm_p05": 631.1548156738281,
  "summary_gm_p95": 853.4916687011719,
  "summary_gm_stdv": 67.24901580810547,
  "summary_wm_k": 1.0740319334696347,
  "summary_wm_mad": 53.77727127075195,
  "summary_wm_mean": 1003.35009765625,
  "summary_wm_median": 1000.0160522460938,
  "summary_wm_n": 172240.0,
  "summary_wm_p05": 915.4120513916015,
  "summary_wm_p95": 1102.4411682128905,
  "summary_wm_stdv": 57.95109939575195,
  "tpm_overlap_csf": 0.22194868326187134,
  "tpm_overlap_gm": 0.5187329053878784,
  "tpm_overlap_wm": 0.5662071704864502,
  "wm2max": 0.386430047714179
}