{
  "aor": 0.0029831034482758617,
  "aqi": 0.0022333694022988503,
  "bids_meta": {
    "AcquisitionMatrixPE": 64,
    "AcquisitionNumber": 1,
    "AcquisitionTime": "18:42:17.000000",
    "CoilString": "32Ch_Head",
    "ConversionSoftware": "dcm2niix",
    "ConversionSoftwareVersion": "v1.0.20190902",
    "Dcm2bidsVersion": "2.1.4",
    "DeviceSerialNumber": "000000000000GEHC",
    "EchoTime": 0.04,
    "EffectiveEchoSpacing": 0.000372,
    "FlipAngle": 90,
    "ImageOrientationPatientDICOM": [
      1,
      0,
      0,
      0,
      1,
      0
    ],
    "ImageType": [
      "ORIGINAL",
      "PRIMARY",
      "EPI",
      "NONE"
    ],
    "ImagingFrequency": 127.772,
    "InPlanePhaseEncodingDirectionDICOM": "COL",
    "InstitutionName": "INSTITUTO_DE_NEUROBIOLOGIA",
    "MRAcquisitionType": "2D",
    "MagneticFieldStrength": 3,
    "Manufacturer": "GE",
    "ManufacturersModelName": "DISCOVERY_MR750",
    "Modality": "MR",
    "PatientPosition": "HFS",
    "PercentPhaseFOV": 100,
    "PhaseEncodingDirection": "j",
    "PhaseEncodingPolarityGE": "Flipped",
    "PixelBandwidth": 7812.5,
    "ProcedureStepDescription": "verbos",
    "ProtocolName": "fMRI_6",
    "ReconMatrixPE": 64,
    "RepetitionTime": 2,
    "SAR": 0.374905,
    "ScanOptions": "EPI_GEMS_ACC_GEMS",
    "ScanningSequence": "EP_GR",
    "SequenceVariant": "SS",
    "SeriesDescription": "fMRI_6",
    "SeriesNumber": 9,
    "SliceThickness": 4,
    "SliceTiming": [
      0,
      1.0285,
      0.0571001,
      1.0857,
      0.1142,
      1.1428,
      0.1714,
      1.2,
      0.2285,
      1.2571,
      0.2857,
      1.3143,
      0.3428,
      1.3714,
      0.4,
      1.4286,
      0.4571,
      1.4857,
      0.5142,
      1.5428,
      0.5714,
      1.6,
      0.6285,
      1.6571,
      0.6857,
      1.7143,
      0.7428,
      1.7714,
      0.8,
      1.8285,
      0.8571,
      1.8857,
      0.9143,
      1.9428,
      0.9714
    ],
    "SoftwareVersions": "24_LX_MR_Software_release:DV24.0_R02_1607.b",
    "SpacingBetweenSlices": 4,
    "StationName": "GEHCGEHC",
    "TotalReadoutTime": 0.023436,
    "dataset": "unknown",
    "modality": "bold",
    "run_id": 6,
    "subject_id": "134",
    "task_id": "verbs"
  },
  "dummy_trs": 0,
  "dvars_nstd": 18.99767793,
  "dvars_std": 1.0839012289595376,
  "dvars_vstd": 1.0141417843352603,
  "efc": 0.34561341498327636,
  "fber": 62472.73828125,
  "fd_mean": 0.12085891352188377,
  "fd_num": 22,
  "fd_perc": 12.64367816091954,
  "fwhm_avg": 2.8699999999999997,
  "fwhm_x": 2.7854,
  "fwhm_y": 2.936025,
  "fwhm_z": 2.888575,
  "gcor": 0.0333548,
  "gsr_x": -0.006144349928945303,
  "gsr_y": 0.005000932142138481,
  "provenance": {
    "md5sum": "1821e997b2eefa2def7e21d693bd81b6",
    "settings": {
      "fd_thres": 0.2,
      "hmc_fsl": false
    },
    "software": "mriqc",
    "version": "0.15.2rc1",
    "webapi_port": null,
    "webapi_url": "https://mriqc.nimh.nih.gov/api/v1"
  },
  "size_t": 174,
  "size_x": 64,
  "size_y": 64,
  "size_z": 35,
  "snr": 2.7492906768173575,
  "spacing_tr": 2.0,
  "spacing_x": 4.0,
  "spacing_y": 4.0,
  "spacing_z": 4.0,
  "summary_bg_k": 133.19951342020192,
  "summary_bg_mad": 8.1372709274292,
  "summary_bg_mean": 20.020326614379883,
  "summary_bg_median": 6.38505744934082,
  "summary_bg_n": 97800.0,
  "summary_bg_p05": 0.2816092073917389,
  "summary_bg_p95": 76.64540100097666,
  "summary_bg_stdv": 54.02482223510742,
  "summary_fg_k": 0.27970468281175576,
  "summary_fg_mad": 535.4793090820312,
  "summary_fg_mean": 1654.052978515625,
  "summary_fg_median": 1623.82177734375,
  "summary_fg_n": 18402.0,
  "summary_fg_p05": 685.9606567382813,
  "summary_fg_p95": 2705.390576171876,
  "summary_fg_stdv": 590.616943359375,
  "tsnr": 60.77989959716797
}