{
  "aor": 0.005130400000000001,
  "aqi": 0.004707800033333333,
  "bids_meta": {
    "AcquisitionDateTime": "2016-10-01T10:05:7.000000",
    "ConversionSoftware": "dcm2niix",
    "ConversionSoftwareVersion": "v1.0.20170411 GCC4.8.4",
    "EchoTime": 0.04,
    "FlipAngle": 90,
    "ImageType": [
      "ORIGINAL",
      "PRIMARY",
      "EPI",
      "NONE"
    ],
    "MagneticFieldStrength": 3,
    "Manufacturer": "GE",
    "ManufacturersModelName": "DISCOVERY_MR750",
    "ProcedureStepDescription": "MeditResp",
    "ProtocolName": "fMRI_RestSt",
    "RepetitionTime": 2,
    "ScanningSequence": "EP_GR",
    "SequenceVariant": "SS",
    "SeriesDescription": "fMRI_RestSt",
    "dataset": "unknown",
    "modality": "bold",
    "subject_id": "97",
    "task_id": "rest"
  },
  "dummy_trs": 0,
  "dvars_nstd": 23.350079335652175,
  "dvars_std": 1.0755409574247488,
  "dvars_vstd": 1.0278729505685609,
  "efc": 0.3716135589644944,
  "fber": 52544.046875,
  "fd_mean": 0.13468835252160555,
  "fd_num": 30,
  "fd_perc": 10.0,
  "fwhm_avg": 2.8534004476631805,
  "fwhm_x": 2.8277,
  "fwhm_y": 3.101775,
  "fwhm_z": 2.6307263429895413,
  "gcor": 0.0312299,
  "gsr_x": 0.002138955984264612,
  "gsr_y": 0.004984836094081402,
  "provenance": {
    "md5sum": "2515d230289661781e444cf8d49e8094",
    "settings": {
      "fd_thres": 0.2,
      "hmc_fsl": false
    },
    "software": "mriqc",
    "version": "0.15.2rc1",
    "webapi_port": null,
    "webapi_url": "https://mriqc.nimh.nih.gov/api/v1"
  },
  "size_t": 300,
  "size_x": 64,
  "size_y": 64,
  "size_z": 34,
  "snr": 2.5267197829764774,
  "spacing_tr": 2.0,
  "spacing_x": 4.0,
  "spacing_y": 4.0,
  "spacing_z": 3.999959945678711,
  "summary_bg_k": 109.40048126931168,
  "summary_bg_mad": 8.697933197021484,
  "summary_bg_mean": 28.958656311035156,
  "summary_bg_median": 6.3466668128967285,
  "summary_bg_n": 91724.0,
  "summary_bg_p05": 0.13333334028720856,
  "summary_bg_p95": 108.3898338317869,
  "summary_bg_stdv": 93.29252624511719,
  "summary_fg_k": 0.4741811796929234,
  "summary_fg_mad": 564.7874755859375,
  "summary_fg_mean": 1535.2813720703125,
  "summary_fg_median": 1525.4700927734375,
  "summary_fg_n": 19227.0,
  "summary_fg_p05": 533.8900024414063,
  "summary_fg_p95": 2545.1534179687505,
  "summary_fg_stdv": 603.7196655273438,
  "tsnr": 41.63402557373047
}