{
  "aor": 0.0033613666666666674,
  "aqi": 0.0069739737,
  "bids_meta": {
    "AcquisitionDateTime": "2016-09-01T18:17:27.000000",
    "ConversionSoftware": "dcm2niix",
    "ConversionSoftwareVersion": "v1.0.20170411 GCC4.8.4",
    "EchoTime": 0.04,
    "FlipAngle": 90,
    "ImageType": [
      "ORIGINAL",
      "PRIMARY",
      "EPI",
      "NONE"
    ],
    "MagneticFieldStrength": 3,
    "Manufacturer": "GE",
    "ManufacturersModelName": "DISCOVERY_MR750",
    "ProtocolName": "fMRI_RestSt",
    "RepetitionTime": 2,
    "ScanningSequence": "EP_GR",
    "SequenceVariant": "SS",
    "SeriesDescription": "fMRI_RestSt",
    "dataset": "unknown",
    "modality": "bold",
    "subject_id": "100",
    "task_id": "rest"
  },
  "dummy_trs": 0,
  "dvars_nstd": 17.231078658361195,
  "dvars_std": 1.070560992408027,
  "dvars_vstd": 0.918372449197324,
  "efc": 0.3444250611370702,
  "fber": 144044.03125,
  "fd_mean": 0.06006771879904924,
  "fd_num": 8,
  "fd_perc": 2.6666666666666665,
  "fwhm_avg": 2.88855,
  "fwhm_x": 2.72435,
  "fwhm_y": 3.170575,
  "fwhm_z": 2.770725,
  "gcor": 0.0264136,
  "gsr_x": -0.005136220715939999,
  "gsr_y": 0.005926643498241901,
  "provenance": {
    "md5sum": "3f860560adf3b39f180d6d58ee951622",
    "settings": {
      "fd_thres": 0.2,
      "hmc_fsl": false
    },
    "software": "mriqc",
    "version": "0.15.2rc1",
    "webapi_port": null,
    "webapi_url": "https://mriqc.nimh.nih.gov/api/v1"
  },
  "size_t": 300,
  "size_x": 64,
  "size_y": 64,
  "size_z": 34,
  "snr": 3.145597665282748,
  "spacing_tr": 2.0,
  "spacing_x": 4.0,
  "spacing_y": 4.0,
  "spacing_z": 4.0,
  "summary_bg_k": 750.1166201813796,
  "summary_bg_mad": 6.558043479919434,
  "summary_bg_mean": 17.685558319091797,
  "summary_bg_median": 4.9066667556762695,
  "summary_bg_n": 94586.0,
  "summary_bg_p05": 0.17000000178813934,
  "summary_bg_p95": 68.19500350952148,
  "summary_bg_stdv": 57.85879898071289,
  "summary_fg_k": 0.21678549053436047,
  "summary_fg_mad": 562.993408203125,
  "summary_fg_mean": 1848.7327880859375,
  "summary_fg_median": 1872.1767578125,
  "summary_fg_n": 18016.0,
  "summary_fg_p05": 836.8916778564453,
  "summary_fg_p95": 2805.8351440429688,
  "summary_fg_stdv": 595.1571044921875,
  "tsnr": 39.065223693847656
}