{
  "bids_meta": {
    "AcquisitionDateTime": "2016-09-18T13:38:35.000000",
    "ConversionSoftware": "dcm2niix",
    "ConversionSoftwareVersion": "v1.0.20170411 GCC4.8.4",
    "EchoTime": 0.00318,
    "FlipAngle": 12,
    "ImageType": [
      "DERIVED",
      "PRIMARY",
      "OTHER"
    ],
    "InversionTime": 0.45,
    "MagneticFieldStrength": 3,
    "Manufacturer": "GE",
    "ManufacturersModelName": "DISCOVERY_MR750",
    "ProcedureStepDescription": "MeditResp",
    "ProtocolName": "PU:Sag_T1_FSPGR_BRAVO",
    "RepetitionTime": 0.008156,
    "ScanningSequence": "GR",
    "SequenceVariant": "SS_SP_SK",
    "SeriesDescription": "PU:Sag_T1_FSPGR_BRAVO",
    "dataset": "unknown",
    "modality": "T1w",
    "subject_id": "119"
  },
  "cjv": 0.38168975039666075,
  "cnr": 3.4298451325778334,
  "efc": 0.7579612843801451,
  "fber": 8207.466796875,
  "fwhm_avg": 3.352816666666667,
  "fwhm_x": 3.35761,
  "fwhm_y": 3.52619,
  "fwhm_z": 3.17465,
  "icvs_csf": 0.18298208608719738,
  "icvs_gm": 0.470110545323082,
  "icvs_wm": 0.3469073685897206,
  "inu_med": 1.074297308921814,
  "inu_range": 0.2627926468849182,
  "provenance": {
    "md5sum": "3a058a83c796e7623077b4c6f3de7a31",
    "settings": {
      "testing": false
    },
    "software": "mriqc",
    "version": "0.15.2rc1",
    "warnings": {
      "large_rot_frame": true,
      "small_air_mask": false
    },
    "webapi_port": null,
    "webapi_url": "https://mriqc.nimh.nih.gov/api/v1"
  },
  "qi_1": 0.0,
  "qi_2": 0.0015062446768367237,
  "rpve_csf": 26.462289169161764,
  "rpve_gm": 11.800892059733732,
  "rpve_wm": 18.202125816414277,
  "size_x": 176,
  "size_y": 256,
  "size_z": 256,
  "snr_csf": 2.9242195364840984,
  "snr_gm": 11.27670784026022,
  "snr_total": 10.898651061887222,
  "snr_wm": 18.495025808917344,
  "snrd_csf": 82.09231026060742,
  "snrd_gm": 176.9032307231087,
  "snrd_total": 169.21977201597974,
  "snrd_wm": 248.66377506422307,
  "spacing_x": 1.0,
  "spacing_y": 1.0,
  "spacing_z": 1.0,
  "summary_bg_k": 11.042127902279441,
  "summary_bg_mad": 2.6346559524536133,
  "summary_bg_mean": 7.7029266357421875,
  "summary_bg_median": 1.7770484685897827,
  "summary_bg_n": 353385.0,
  "summary_bg_p05": 0.0,
  "summary_bg_p95": 36.0156867980957,
  "summary_bg_stdv": 13.272326469421387,
  "summary_csf_k": 1.213205364898112,
  "summary_csf_mad": 93.45420837402344,
  "summary_csf_mean": 354.7922668457031,
  "summary_csf_median": 330.1373596191406,
  "summary_csf_n": 10899.0,
  "summary_csf_p05": 209.16468353271483,
  "summary_csf_p95": 568.6117980957033,
  "summary_csf_stdv": 112.89241790771484,
  "summary_gm_k": 0.630622494191909,
  "summary_gm_mad": 58.1176643371582,
  "summary_gm_mean": 714.053466796875,
  "summary_gm_median": 711.423095703125,
  "summary_gm_n": 32723.0,
  "summary_gm_p05": 615.1100891113281,
  "summary_gm_p95": 823.8302917480469,
  "summary_gm_stdv": 63.08687210083008,
  "summary_wm_k": 0.2646989594513829,
  "summary_wm_mad": 52.033329010009766,
  "summary_wm_mean": 998.3788452148438,
  "summary_wm_median": 1000.0108642578125,
  "summary_wm_n": 192033.0,
  "summary_wm_p05": 905.7501953125001,
  "summary_wm_p95": 1084.181494140625,
  "summary_wm_stdv": 54.06903839111328,
  "tpm_overlap_csf": 0.2071891576051712,
  "tpm_overlap_gm": 0.5185766220092773,
  "tpm_overlap_wm": 0.531539797782898,
  "wm2max": 0.4343078018753767
}