{
  "bids_meta": {
    "AcquisitionMatrixPE": 256,
    "AcquisitionNumber": 1,
    "AcquisitionTime": "21:00:41.000000",
    "CoilString": "32Ch_Head",
    "ConversionSoftware": "dcm2niix",
    "ConversionSoftwareVersion": "v1.0.20190902",
    "Dcm2bidsVersion": "2.1.4",
    "DeviceSerialNumber": "000000000000GEHC",
    "EchoTime": 0.00318,
    "FlipAngle": 12,
    "ImageOrientationPatientDICOM": [
      0,
      1,
      0,
      0,
      0,
      -1
    ],
    "ImageType": [
      "ORIGINAL",
      "PRIMARY",
      "OTHER"
    ],
    "ImagingFrequency": 127.772,
    "InPlanePhaseEncodingDirectionDICOM": "ROW",
    "InstitutionName": "INSTITUTO_DE_NEUROBIOLOGIA",
    "InversionTime": 0.45,
    "MRAcquisitionType": "3D",
    "MagneticFieldStrength": 3,
    "Manufacturer": "GE",
    "ManufacturersModelName": "DISCOVERY_MR750",
    "Modality": "MR",
    "PatientPosition": "HFS",
    "PercentPhaseFOV": 100,
    "PixelBandwidth": 244.141,
    "ProcedureStepDescription": "verbos",
    "ProtocolName": "Sag_T1_FSPGR_BRAVO",
    "ReconMatrixPE": 256,
    "RepetitionTime": 0.008156,
    "SAR": 0.223894,
    "ScanOptions": "FAST_GEMS_EDR_GEMS_FILTERED_GEMS_ACC_GEMS",
    "ScanningSequence": "GR",
    "SequenceVariant": "SS_SP_SK",
    "SeriesDescription": "Sag_T1_FSPGR_BRAVO",
    "SeriesNumber": 13,
    "SliceThickness": 1,
    "SoftwareVersions": "24_LX_MR_Software_release:DV24.0_R02_1607.b",
    "SpacingBetweenSlices": 1,
    "StationName": "GEHCGEHC",
    "dataset": "unknown",
    "modality": "T1w",
    "subject_id": "142"
  },
  "cjv": 0.40643521325462767,
  "cnr": 2.8948425831912843,
  "efc": 0.5246988633117754,
  "fber": 19107.04296875,
  "fwhm_avg": 3.70591,
  "fwhm_x": 3.71663,
  "fwhm_y": 3.88104,
  "fwhm_z": 3.52006,
  "icvs_csf": 0.19377444649472153,
  "icvs_gm": 0.41091310083565435,
  "icvs_wm": 0.3953124526696241,
  "inu_med": 1.3960753679275513,
  "inu_range": 0.5701704382896424,
  "provenance": {
    "md5sum": "f429d69558401714fd8be0bb5a6fe84f",
    "settings": {
      "testing": false
    },
    "software": "mriqc",
    "version": "0.15.2rc1",
    "warnings": {
      "large_rot_frame": true,
      "small_air_mask": false
    },
    "webapi_port": null,
    "webapi_url": "https://mriqc.nimh.nih.gov/api/v1"
  },
  "qi_1": 7.766713394270202e-05,
  "qi_2": 0.0015692485772394265,
  "rpve_csf": 31.772818983531863,
  "rpve_gm": 15.409698329222572,
  "rpve_wm": 19.09757276456166,
  "size_x": 176,
  "size_y": 256,
  "size_z": 256,
  "snr_csf": 3.0566208940465955,
  "snr_gm": 9.543251606724052,
  "snr_total": 8.95281186516915,
  "snr_wm": 14.258563094736799,
  "snrd_csf": 71.74319246262912,
  "snrd_gm": 163.84457114108585,
  "snrd_total": 156.13633942630284,
  "snrd_wm": 232.82125467519353,
  "spacing_x": 1.0,
  "spacing_y": 1.0,
  "spacing_z": 1.0,
  "summary_bg_k": 14.099481975567926,
  "summary_bg_mad": 2.813922882080078,
  "summary_bg_mean": 6.852933406829834,
  "summary_bg_median": 2.4962778091430664,
  "summary_bg_n": 2112503.0,
  "summary_bg_p05": 0.0,
  "summary_bg_p95": 28.858797073364254,
  "summary_bg_stdv": 10.860645294189453,
  "summary_csf_k": 0.2954663998529834,
  "summary_csf_mad": 90.545654296875,
  "summary_csf_mean": 329.8641052246094,
  "summary_csf_median": 308.1492919921875,
  "summary_csf_n": 12915.0,
  "summary_csf_p05": 198.06793975830078,
  "summary_csf_p95": 524.4917602539062,
  "summary_csf_stdv": 100.80980682373047,
  "summary_gm_k": 0.2289156735697082,
  "summary_gm_mad": 69.2430648803711,
  "summary_gm_mean": 700.8163452148438,
  "summary_gm_median": 703.740478515625,
  "summary_gm_n": 10595.0,
  "summary_gm_p05": 573.9766967773437,
  "summary_gm_p95": 821.4765502929686,
  "summary_gm_stdv": 73.73873138427734,
  "summary_wm_k": 6.2304403906882495,
  "summary_wm_mad": 51.17013931274414,
  "summary_wm_mean": 1009.6744995117188,
  "summary_wm_median": 1000.0071411132812,
  "summary_wm_n": 171641.0,
  "summary_wm_p05": 921.728759765625,
  "summary_wm_p95": 1129.598876953125,
  "summary_wm_stdv": 70.13359069824219,
  "tpm_overlap_csf": 0.210056334733963,
  "tpm_overlap_gm": 0.4800512194633484,
  "tpm_overlap_wm": 0.5338290333747864,
  "wm2max": 0.3318977956081126
}