{
  "aor": 0.00157044,
  "aqi": 0.0012182332039999998,
  "bids_meta": {
    "AcquisitionDateTime": "2017-08-14T19:53:7.000000",
    "ConversionSoftware": "dcm2niix",
    "ConversionSoftwareVersion": "v1.0.20170411 GCC4.8.4",
    "EchoTime": 0.035,
    "FlipAngle": 90,
    "ImageType": [
      "ORIGINAL",
      "PRIMARY",
      "EPI",
      "NONE"
    ],
    "MagneticFieldStrength": 3,
    "Manufacturer": "GE",
    "ManufacturersModelName": "DISCOVERY_MR750",
    "ProcedureStepDescription": "CompMet",
    "ProtocolName": "fMRI_CompMet",
    "RepetitionTime": 2,
    "ScanningSequence": "EP_GR",
    "SequenceVariant": "SS",
    "SeriesDescription": "fMRI_CompMet",
    "dataset": "unknown",
    "modality": "bold",
    "run_id": 2,
    "subject_id": "84",
    "task_id": "cm"
  },
  "dummy_trs": 0,
  "dvars_nstd": 12.02415331481927,
  "dvars_std": 1.0167872877911641,
  "dvars_vstd": 0.9823821161044174,
  "efc": 0.32708163978314747,
  "fber": 66410.796875,
  "fd_mean": 0.07391582631432547,
  "fd_num": 1,
  "fd_perc": 0.4,
  "fwhm_avg": 2.9291916666666666,
  "fwhm_x": 2.843675,
  "fwhm_y": 3.121725,
  "fwhm_z": 2.822175,
  "gcor": 0.0409526,
  "gsr_x": -0.0088872155174613,
  "gsr_y": 0.0008171359077095985,
  "provenance": {
    "md5sum": "36d05932d106e3f9250400c181280053",
    "settings": {
      "fd_thres": 0.2,
      "hmc_fsl": false
    },
    "software": "mriqc",
    "version": "0.15.2rc1",
    "webapi_port": null,
    "webapi_url": "https://mriqc.nimh.nih.gov/api/v1"
  },
  "size_t": 250,
  "size_x": 64,
  "size_y": 64,
  "size_z": 34,
  "snr": 2.585552743968731,
  "spacing_tr": 2.0,
  "spacing_x": 4.0,
  "spacing_y": 4.0,
  "spacing_z": 4.0,
  "summary_bg_k": 160.0346073382823,
  "summary_bg_mad": 8.777005195617676,
  "summary_bg_mean": 31.12950325012207,
  "summary_bg_median": 6.984000205993652,
  "summary_bg_n": 97838.0,
  "summary_bg_p05": 0.4360000193119049,
  "summary_bg_p95": 127.62380523681611,
  "summary_bg_stdv": 109.38348388671875,
  "summary_fg_k": 0.43754880535314866,
  "summary_fg_mad": 620.8248291015625,
  "summary_fg_mean": 1896.4100341796875,
  "summary_fg_median": 1858.068115234375,
  "summary_fg_n": 15285.0,
  "summary_fg_p05": 695.7112548828125,
  "summary_fg_p95": 3169.5576660156244,
  "summary_fg_stdv": 718.6112670898438,
  "tsnr": 79.54698181152344
}