{
  "aor": 0.0045239600000000005,
  "aqi": 0.0043074696,
  "bids_meta": {
    "AcquisitionDateTime": "2017-06-27T20:29:5.000000",
    "ConversionSoftware": "dcm2niix",
    "ConversionSoftwareVersion": "v1.0.20170411 GCC4.8.4",
    "EchoTime": 0.035,
    "FlipAngle": 90,
    "ImageType": [
      "ORIGINAL",
      "PRIMARY",
      "EPI",
      "NONE"
    ],
    "MagneticFieldStrength": 3,
    "Manufacturer": "GE",
    "ManufacturersModelName": "DISCOVERY_MR750",
    "ProcedureStepDescription": "CompMet",
    "ProtocolName": "fMRI_CompMet",
    "RepetitionTime": 2,
    "ScanningSequence": "EP_GR",
    "SequenceVariant": "SS",
    "SeriesDescription": "fMRI_CompMet",
    "dataset": "unknown",
    "modality": "bold",
    "run_id": 1,
    "subject_id": "66",
    "task_id": "cm"
  },
  "dummy_trs": 0,
  "dvars_nstd": 16.555099330200797,
  "dvars_std": 0.9939741726506024,
  "dvars_vstd": 0.9475623002811246,
  "efc": 0.4022467026126416,
  "fber": 47969.87890625,
  "fd_mean": 0.11026090402810931,
  "fd_num": 24,
  "fd_perc": 9.6,
  "fwhm_avg": 2.874383333333333,
  "fwhm_x": 2.819125,
  "fwhm_y": 2.973225,
  "fwhm_z": 2.8308,
  "gcor": 0.0137115,
  "gsr_x": -0.0031727508176118135,
  "gsr_y": 0.010602918453514576,
  "provenance": {
    "md5sum": "15d207a042f07cb2cc3087e487e77064",
    "settings": {
      "fd_thres": 0.2,
      "hmc_fsl": false
    },
    "software": "mriqc",
    "version": "0.15.2rc1",
    "webapi_port": null,
    "webapi_url": "https://mriqc.nimh.nih.gov/api/v1"
  },
  "size_t": 250,
  "size_x": 64,
  "size_y": 64,
  "size_z": 34,
  "snr": 2.853194452960771,
  "spacing_tr": 2.0,
  "spacing_x": 4.0,
  "spacing_y": 4.0,
  "spacing_z": 4.0,
  "summary_bg_k": 122.43309645442284,
  "summary_bg_mad": 11.783722877502441,
  "summary_bg_mean": 45.75813674926758,
  "summary_bg_median": 8.432000160217285,
  "summary_bg_n": 89169.0,
  "summary_bg_p05": 0.1080000028014183,
  "summary_bg_p95": 219.01120910644522,
  "summary_bg_stdv": 136.17922973632812,
  "summary_fg_k": 0.3487181927832905,
  "summary_fg_mad": 635.309814453125,
  "summary_fg_mean": 1916.90576171875,
  "summary_fg_median": 1880.7060546875,
  "summary_fg_n": 22288.0,
  "summary_fg_p05": 884.0420318603516,
  "summary_fg_p95": 3070.352722167966,
  "summary_fg_stdv": 659.1432495117188,
  "tsnr": 47.27007293701172
}