{
  "aor": 0.005805599999999999,
  "aqi": 0.0036301786840000003,
  "bids_meta": {
    "AcquisitionDateTime": "2017-06-27T20:39:21.000000",
    "ConversionSoftware": "dcm2niix",
    "ConversionSoftwareVersion": "v1.0.20170411 GCC4.8.4",
    "EchoTime": 0.035,
    "FlipAngle": 90,
    "ImageType": [
      "ORIGINAL",
      "PRIMARY",
      "EPI",
      "NONE"
    ],
    "MagneticFieldStrength": 3,
    "Manufacturer": "GE",
    "ManufacturersModelName": "DISCOVERY_MR750",
    "ProcedureStepDescription": "CompMet",
    "ProtocolName": "fMRI_CompMet",
    "RepetitionTime": 2,
    "ScanningSequence": "EP_GR",
    "SequenceVariant": "SS",
    "SeriesDescription": "fMRI_CompMet",
    "dataset": "unknown",
    "modality": "bold",
    "run_id": 2,
    "subject_id": "66",
    "task_id": "cm"
  },
  "dummy_trs": 0,
  "dvars_nstd": 14.82573663971887,
  "dvars_std": 1.086445799437751,
  "dvars_vstd": 1.0017688530923698,
  "efc": 0.4021760565243408,
  "fber": 52162.1875,
  "fd_mean": 0.06488037350897619,
  "fd_num": 6,
  "fd_perc": 2.4,
  "fwhm_avg": 2.844225,
  "fwhm_x": 2.783775,
  "fwhm_y": 2.938125,
  "fwhm_z": 2.810775,
  "gcor": 0.0191141,
  "gsr_x": -0.0028702409472316504,
  "gsr_y": 0.009712747298181057,
  "provenance": {
    "md5sum": "fcb593120acb02aa4580fe44e00e3b1a",
    "settings": {
      "fd_thres": 0.2,
      "hmc_fsl": false
    },
    "software": "mriqc",
    "version": "0.15.2rc1",
    "webapi_port": null,
    "webapi_url": "https://mriqc.nimh.nih.gov/api/v1"
  },
  "size_t": 250,
  "size_x": 64,
  "size_y": 64,
  "size_z": 34,
  "snr": 2.8890650995809115,
  "spacing_tr": 2.0,
  "spacing_x": 4.0,
  "spacing_y": 4.0,
  "spacing_z": 4.0,
  "summary_bg_k": 110.26680669557351,
  "summary_bg_mad": 11.540576934814453,
  "summary_bg_mean": 45.11592102050781,
  "summary_bg_median": 8.244000434875488,
  "summary_bg_n": 89128.0,
  "summary_bg_p05": 0.08800000697374344,
  "summary_bg_p95": 217.9586074829101,
  "summary_bg_stdv": 133.57276916503906,
  "summary_fg_k": 0.40817370907511386,
  "summary_fg_mad": 616.1635131835938,
  "summary_fg_mean": 1943.2860107421875,
  "summary_fg_median": 1903.800048828125,
  "summary_fg_n": 22329.0,
  "summary_fg_p05": 895.4352416992188,
  "summary_fg_p95": 3100.666552734375,
  "summary_fg_stdv": 658.9527587890625,
  "tsnr": 57.89939498901367
}