{
  "aor": 0.0052279,
  "aqi": 0.008585635066666668,
  "bids_meta": {
    "AcquisitionDateTime": "2017-06-27T20:49:24.000000",
    "ConversionSoftware": "dcm2niix",
    "ConversionSoftwareVersion": "v1.0.20170411 GCC4.8.4",
    "EchoTime": 0.04,
    "FlipAngle": 90,
    "ImageType": [
      "ORIGINAL",
      "PRIMARY",
      "EPI",
      "NONE"
    ],
    "MagneticFieldStrength": 3,
    "Manufacturer": "GE",
    "ManufacturersModelName": "DISCOVERY_MR750",
    "ProcedureStepDescription": "CompMet",
    "ProtocolName": "fMRI_RestState",
    "RepetitionTime": 2,
    "ScanningSequence": "EP_GR",
    "SequenceVariant": "SS",
    "SeriesDescription": "fMRI_RestState",
    "dataset": "unknown",
    "modality": "bold",
    "subject_id": "66",
    "task_id": "rest"
  },
  "dummy_trs": 0,
  "dvars_nstd": 16.086460212441477,
  "dvars_std": 0.95551650103679,
  "dvars_vstd": 0.9001845911705685,
  "efc": 0.3937533470718205,
  "fber": 41740.7265625,
  "fd_mean": 0.060529167986243894,
  "fd_num": 3,
  "fd_perc": 1.0,
  "fwhm_avg": 2.7890083333333333,
  "fwhm_x": 2.7528,
  "fwhm_y": 2.91525,
  "fwhm_z": 2.698975,
  "gcor": 0.00981182,
  "gsr_x": -0.0029135344084352255,
  "gsr_y": 0.009061847813427448,
  "provenance": {
    "md5sum": "a6a79b7b15d3b10a11f57c97e0050540",
    "settings": {
      "fd_thres": 0.2,
      "hmc_fsl": false
    },
    "software": "mriqc",
    "version": "0.15.2rc1",
    "webapi_port": null,
    "webapi_url": "https://mriqc.nimh.nih.gov/api/v1"
  },
  "size_t": 300,
  "size_x": 64,
  "size_y": 64,
  "size_z": 34,
  "snr": 2.944302989032178,
  "spacing_tr": 2.0,
  "spacing_x": 4.0,
  "spacing_y": 4.0,
  "spacing_z": 4.0,
  "summary_bg_k": 142.29310624349935,
  "summary_bg_mad": 11.44568920135498,
  "summary_bg_mean": 36.05775833129883,
  "summary_bg_median": 8.25333309173584,
  "summary_bg_n": 89925.0,
  "summary_bg_p05": 0.11666666716337204,
  "summary_bg_p95": 158.99799804687538,
  "summary_bg_stdv": 105.2466049194336,
  "summary_fg_k": 0.19224905689373362,
  "summary_fg_mad": 559.97900390625,
  "summary_fg_mean": 1729.2742919921875,
  "summary_fg_median": 1714.635009765625,
  "summary_fg_n": 21724.0,
  "summary_fg_p05": 773.2707000732422,
  "summary_fg_p95": 2729.963122558593,
  "summary_fg_stdv": 582.3434448242188,
  "tsnr": 35.737335205078125
}