{
  "aor": 0.014202966666666665,
  "aqi": 0.003843745166666667,
  "bids_meta": {
    "AcquisitionMatrixPE": 64,
    "AcquisitionNumber": 1,
    "AcquisitionTime": "21:13:14.000000",
    "CoilString": "32Ch_Head",
    "ConversionSoftware": "dcm2niix",
    "ConversionSoftwareVersion": "v1.0.20190902",
    "Dcm2bidsVersion": "2.1.4",
    "DeviceSerialNumber": "000000000000GEHC",
    "EchoTime": 0.04,
    "EffectiveEchoSpacing": 0.000372,
    "FlipAngle": 90,
    "ImageOrientationPatientDICOM": [
      1,
      0,
      0,
      0,
      1,
      0
    ],
    "ImageType": [
      "ORIGINAL",
      "PRIMARY",
      "EPI",
      "NONE"
    ],
    "ImagingFrequency": 127.772,
    "InPlanePhaseEncodingDirectionDICOM": "COL",
    "InstitutionName": "INSTITUTO_DE_NEUROBIOLOGIA",
    "MRAcquisitionType": "2D",
    "MagneticFieldStrength": 3,
    "Manufacturer": "GE",
    "ManufacturersModelName": "DISCOVERY_MR750",
    "Modality": "MR",
    "PatientPosition": "HFS",
    "PercentPhaseFOV": 100,
    "PhaseEncodingDirection": "j",
    "PhaseEncodingPolarityGE": "Flipped",
    "PixelBandwidth": 7812.5,
    "ProcedureStepDescription": "verbos",
    "ProtocolName": "fMRI_RestState",
    "ReconMatrixPE": 64,
    "RepetitionTime": 2,
    "SAR": 0.370431,
    "ScanOptions": "EPI_GEMS_ACC_GEMS",
    "ScanningSequence": "EP_GR",
    "SequenceVariant": "SS",
    "SeriesDescription": "fMRI_RestState",
    "SeriesNumber": 13,
    "SliceThickness": 4,
    "SliceTiming": [
      0,
      1.0285,
      0.0571001,
      1.0857,
      0.1142,
      1.1428,
      0.1714,
      1.2,
      0.2285,
      1.2571,
      0.2857,
      1.3143,
      0.3428,
      1.3714,
      0.4,
      1.4286,
      0.4571,
      1.4857,
      0.5142,
      1.5428,
      0.5714,
      1.6,
      0.6285,
      1.6571,
      0.6857,
      1.7143,
      0.7428,
      1.7714,
      0.8,
      1.8285,
      0.8571,
      1.8857,
      0.9143,
      1.9428,
      0.9714
    ],
    "SoftwareVersions": "24_LX_MR_Software_release:DV24.0_R02_1607.b",
    "SpacingBetweenSlices": 4,
    "StationName": "GEHCGEHC",
    "TotalReadoutTime": 0.023436,
    "dataset": "unknown",
    "modality": "bold",
    "subject_id": "129",
    "task_id": "rest"
  },
  "dummy_trs": 0,
  "dvars_nstd": 20.334579158461555,
  "dvars_std": 1.2982815491973254,
  "dvars_vstd": 1.1968929396655514,
  "efc": 0.3432049499523007,
  "fber": 76062.90625,
  "fd_mean": 0.1180062605527049,
  "fd_num": 27,
  "fd_perc": 9.0,
  "fwhm_avg": 2.985516666666667,
  "fwhm_x": 2.9092,
  "fwhm_y": 3.0256,
  "fwhm_z": 3.02175,
  "gcor": 0.051024,
  "gsr_x": -0.005547509528696537,
  "gsr_y": 0.010381467640399933,
  "provenance": {
    "md5sum": "565289b337d5300094577a1ab46e4c94",
    "settings": {
      "fd_thres": 0.2,
      "hmc_fsl": false
    },
    "software": "mriqc",
    "version": "0.15.2rc1",
    "webapi_port": null,
    "webapi_url": "https://mriqc.nimh.nih.gov/api/v1"
  },
  "size_t": 300,
  "size_x": 64,
  "size_y": 64,
  "size_z": 35,
  "snr": 2.35650003465123,
  "spacing_tr": 2.0,
  "spacing_x": 4.0,
  "spacing_y": 4.0,
  "spacing_z": 4.0,
  "summary_bg_k": 150.78703134995658,
  "summary_bg_mad": 8.46071720123291,
  "summary_bg_mean": 26.622034072875977,
  "summary_bg_median": 6.253333568572998,
  "summary_bg_n": 97285.0,
  "summary_bg_p05": 0.14000000059604645,
  "summary_bg_p95": 100.54133453369144,
  "summary_bg_stdv": 88.02483367919922,
  "summary_fg_k": 1.506045879645451,
  "summary_fg_mad": 552.8575439453125,
  "summary_fg_mean": 1828.667236328125,
  "summary_fg_median": 1724.0567626953125,
  "summary_fg_n": 18009.0,
  "summary_fg_p05": 723.121337890625,
  "summary_fg_p95": 3230.798779296875,
  "summary_fg_stdv": 731.5972290039062,
  "tsnr": 49.246517181396484
}