{
  "aor": 0.003950689655172414,
  "aqi": 0.002019619189655173,
  "bids_meta": {
    "AcquisitionMatrixPE": 64,
    "AcquisitionNumber": 1,
    "AcquisitionTime": "20:24:38.000000",
    "CoilString": "32Ch_Head",
    "ConversionSoftware": "dcm2niix",
    "ConversionSoftwareVersion": "v1.0.20190902",
    "Dcm2bidsVersion": "2.1.4",
    "DeviceSerialNumber": "000000000000GEHC",
    "EchoTime": 0.04,
    "EffectiveEchoSpacing": 0.000372,
    "FlipAngle": 90,
    "ImageOrientationPatientDICOM": [
      1,
      0,
      0,
      0,
      1,
      0
    ],
    "ImageType": [
      "ORIGINAL",
      "PRIMARY",
      "EPI",
      "NONE"
    ],
    "ImagingFrequency": 127.772,
    "InPlanePhaseEncodingDirectionDICOM": "COL",
    "InstitutionName": "INSTITUTO_DE_NEUROBIOLOGIA",
    "MRAcquisitionType": "2D",
    "MagneticFieldStrength": 3,
    "Manufacturer": "GE",
    "ManufacturersModelName": "DISCOVERY_MR750",
    "Modality": "MR",
    "PatientPosition": "HFS",
    "PercentPhaseFOV": 100,
    "PhaseEncodingDirection": "j",
    "PhaseEncodingPolarityGE": "Flipped",
    "PixelBandwidth": 7812.5,
    "ProcedureStepDescription": "verbos",
    "ProtocolName": "fMRI_3",
    "ReconMatrixPE": 64,
    "RepetitionTime": 2,
    "SAR": 0.370431,
    "ScanOptions": "EPI_GEMS_ACC_GEMS",
    "ScanningSequence": "EP_GR",
    "SequenceVariant": "SS",
    "SeriesDescription": "fMRI_3",
    "SeriesNumber": 6,
    "SliceThickness": 4,
    "SliceTiming": [
      0,
      1.0285,
      0.0571001,
      1.0857,
      0.1142,
      1.1428,
      0.1714,
      1.2,
      0.2285,
      1.2571,
      0.2857,
      1.3143,
      0.3428,
      1.3714,
      0.4,
      1.4286,
      0.4571,
      1.4857,
      0.5142,
      1.5428,
      0.5714,
      1.6,
      0.6285,
      1.6571,
      0.6857,
      1.7143,
      0.7428,
      1.7714,
      0.8,
      1.8285,
      0.8571,
      1.8857,
      0.9143,
      1.9428,
      0.9714
    ],
    "SoftwareVersions": "24_LX_MR_Software_release:DV24.0_R02_1607.b",
    "SpacingBetweenSlices": 4,
    "StationName": "GEHCGEHC",
    "TotalReadoutTime": 0.023436,
    "dataset": "unknown",
    "modality": "bold",
    "run_id": 3,
    "subject_id": "129",
    "task_id": "verbs"
  },
  "dummy_trs": 0,
  "dvars_nstd": 15.446082495549133,
  "dvars_std": 1.1166786061271672,
  "dvars_vstd": 1.020646350693641,
  "efc": 0.3457298235381067,
  "fber": 66479.0078125,
  "fd_mean": 0.0741804216986223,
  "fd_num": 7,
  "fd_perc": 4.022988505747127,
  "fwhm_avg": 2.9489,
  "fwhm_x": 2.87995,
  "fwhm_y": 3.030875,
  "fwhm_z": 2.935875,
  "gcor": 0.0657344,
  "gsr_x": -0.007539267186075449,
  "gsr_y": 0.003241686150431633,
  "provenance": {
    "md5sum": "ba197e912ed079434dca1cf98d8b0212",
    "settings": {
      "fd_thres": 0.2,
      "hmc_fsl": false
    },
    "software": "mriqc",
    "version": "0.15.2rc1",
    "webapi_port": null,
    "webapi_url": "https://mriqc.nimh.nih.gov/api/v1"
  },
  "size_t": 174,
  "size_x": 64,
  "size_y": 64,
  "size_z": 35,
  "snr": 2.3717617704463727,
  "spacing_tr": 2.0,
  "spacing_x": 4.0,
  "spacing_y": 4.0,
  "spacing_z": 4.0,
  "summary_bg_k": 115.13646089587576,
  "summary_bg_mad": 8.929696083068848,
  "summary_bg_mean": 29.521678924560547,
  "summary_bg_median": 6.586206912994385,
  "summary_bg_n": 97930.0,
  "summary_bg_p05": 0.12643678486347198,
  "summary_bg_p95": 124.08936843872073,
  "summary_bg_stdv": 93.1241226196289,
  "summary_fg_k": 1.3047996871195995,
  "summary_fg_mad": 560.8923950195312,
  "summary_fg_mean": 1813.2891845703125,
  "summary_fg_median": 1721.5517578125,
  "summary_fg_n": 17859.0,
  "summary_fg_p05": 689.3109008789063,
  "summary_fg_p95": 3181.5402832031245,
  "summary_fg_stdv": 725.833251953125,
  "tsnr": 70.647705078125
}