{
  "aor": 0.0016111494252873562,
  "aqi": 0.001814295626436782,
  "bids_meta": {
    "AcquisitionMatrixPE": 64,
    "AcquisitionNumber": 1,
    "AcquisitionTime": "20:17:59.000000",
    "CoilString": "32Ch_Head",
    "ConversionSoftware": "dcm2niix",
    "ConversionSoftwareVersion": "v1.0.20190902",
    "Dcm2bidsVersion": "2.1.4",
    "DeviceSerialNumber": "000000000000GEHC",
    "EchoTime": 0.04,
    "EffectiveEchoSpacing": 0.000372,
    "FlipAngle": 90,
    "ImageOrientationPatientDICOM": [
      1,
      0,
      0,
      0,
      1,
      0
    ],
    "ImageType": [
      "ORIGINAL",
      "PRIMARY",
      "EPI",
      "NONE"
    ],
    "ImagingFrequency": 127.772,
    "InPlanePhaseEncodingDirectionDICOM": "COL",
    "InstitutionName": "INSTITUTO_DE_NEUROBIOLOGIA",
    "MRAcquisitionType": "2D",
    "MagneticFieldStrength": 3,
    "Manufacturer": "GE",
    "ManufacturersModelName": "DISCOVERY_MR750",
    "Modality": "MR",
    "PatientPosition": "HFS",
    "PercentPhaseFOV": 100,
    "PhaseEncodingDirection": "j",
    "PhaseEncodingPolarityGE": "Flipped",
    "PixelBandwidth": 7812.5,
    "ProcedureStepDescription": "verbos",
    "ProtocolName": "fMRI_2",
    "ReconMatrixPE": 64,
    "RepetitionTime": 2,
    "SAR": 0.370431,
    "ScanOptions": "EPI_GEMS_ACC_GEMS",
    "ScanningSequence": "EP_GR",
    "SequenceVariant": "SS",
    "SeriesDescription": "fMRI_2",
    "SeriesNumber": 5,
    "SliceThickness": 4,
    "SliceTiming": [
      0,
      1.0285,
      0.0571001,
      1.0857,
      0.1142,
      1.1428,
      0.1714,
      1.2,
      0.2285,
      1.2571,
      0.2857,
      1.3143,
      0.3428,
      1.3714,
      0.4,
      1.4286,
      0.4571,
      1.4857,
      0.5142,
      1.5428,
      0.5714,
      1.6,
      0.6285,
      1.6571,
      0.6857,
      1.7143,
      0.7428,
      1.7714,
      0.8,
      1.8285,
      0.8571,
      1.8857,
      0.9143,
      1.9428,
      0.9714
    ],
    "SoftwareVersions": "24_LX_MR_Software_release:DV24.0_R02_1607.b",
    "SpacingBetweenSlices": 4,
    "StationName": "GEHCGEHC",
    "TotalReadoutTime": 0.023436,
    "dataset": "unknown",
    "modality": "bold",
    "run_id": 2,
    "subject_id": "129",
    "task_id": "verbs"
  },
  "dummy_trs": 0,
  "dvars_nstd": 16.41802476843931,
  "dvars_std": 1.1662506186127168,
  "dvars_vstd": 1.0077815472254332,
  "efc": 0.3452940042460545,
  "fber": 68194.2265625,
  "fd_mean": 0.05438859366731578,
  "fd_num": 0,
  "fd_perc": 0.0,
  "fwhm_avg": 2.9483833333333336,
  "fwhm_x": 2.88495,
  "fwhm_y": 3.0281,
  "fwhm_z": 2.9321,
  "gcor": 0.0490341,
  "gsr_x": -0.00809601042419672,
  "gsr_y": 0.0028635989874601364,
  "provenance": {
    "md5sum": "25de61a88fa233590c6720f1a64763e1",
    "settings": {
      "fd_thres": 0.2,
      "hmc_fsl": false
    },
    "software": "mriqc",
    "version": "0.15.2rc1",
    "webapi_port": null,
    "webapi_url": "https://mriqc.nimh.nih.gov/api/v1"
  },
  "size_t": 174,
  "size_x": 64,
  "size_y": 64,
  "size_z": 35,
  "snr": 2.3644243852417017,
  "spacing_tr": 2.0,
  "spacing_x": 4.0,
  "spacing_y": 4.0,
  "spacing_z": 4.0,
  "summary_bg_k": 112.83013597756126,
  "summary_bg_mad": 8.835968971252441,
  "summary_bg_mean": 29.23612403869629,
  "summary_bg_median": 6.517241477966309,
  "summary_bg_n": 97973.0,
  "summary_bg_p05": 0.12643678486347198,
  "summary_bg_p95": 122.1551742553711,
  "summary_bg_stdv": 92.57923889160156,
  "summary_fg_k": 1.2782991943273263,
  "summary_fg_mad": 562.0255126953125,
  "summary_fg_mean": 1807.1048583984375,
  "summary_fg_median": 1716.22412109375,
  "summary_fg_n": 17873.0,
  "summary_fg_p05": 678.27470703125,
  "summary_fg_p95": 3175.222998046873,
  "summary_fg_stdv": 725.83251953125,
  "tsnr": 72.6753158569336
}