{
  "bids_meta": {
    "AcquisitionMatrixPE": 256,
    "AcquisitionNumber": 1,
    "AcquisitionTime": "19:06:2.000000",
    "BodyPartExamined": "HEAD",
    "CoilString": "32Ch_Head",
    "ConversionSoftware": "dcm2niix",
    "ConversionSoftwareVersion": "v1.0.20181125  (JP2:OpenJPEG) GCC7.3.0",
    "DeviceSerialNumber": "0002806034DVR750",
    "EchoTime": 0.003192,
    "FlipAngle": 12,
    "ImageOrientationPatientDICOM": [
      0,
      1,
      0,
      0,
      0,
      -1
    ],
    "ImageType": [
      "ORIGINAL",
      "PRIMARY",
      "OTHER"
    ],
    "ImagingFrequency": 127.772,
    "InPlanePhaseEncodingDirectionDICOM": "ROW",
    "InstitutionName": "INSTITUTO_DE_NEUROBIOLOGIA",
    "InversionTime": 0.45,
    "MRAcquisitionType": "3D",
    "MagneticFieldStrength": 3,
    "Manufacturer": "GE",
    "ManufacturersModelName": "DISCOVERY_MR750",
    "Modality": "MR",
    "PatientPosition": "HFS",
    "PercentPhaseFOV": 100,
    "PixelBandwidth": 244.141,
    "ProcedureStepDescription": "Emociones_AH",
    "ProtocolName": "Sag_T1_FSPGR_BRAVO",
    "ReconMatrixPE": 256,
    "RepetitionTime": 0.008184,
    "SAR": 0.120497,
    "ScanOptions": "FAST_GEMS_EDR_GEMS_FILTERED_GEMS_ACC_GEMS_IR_GEMS",
    "ScanningSequence": "GR",
    "SequenceVariant": "SS_SP_SK",
    "SeriesDescription": "Sag_T1_FSPGR_BRAVO",
    "SeriesNumber": 10,
    "SliceThickness": 1,
    "SoftwareVersions": "27_LX_MR_Software_release:DV26.0_R02_1810.b",
    "SpacingBetweenSlices": 1,
    "StationName": "GEHCGEHC",
    "dataset": "unknown",
    "modality": "T1w",
    "subject_id": "39"
  },
  "cjv": 0.4070166868095232,
  "cnr": 3.33885370704213,
  "efc": 0.6139488048160738,
  "fber": 28531.955078125,
  "fwhm_avg": 3.35337,
  "fwhm_x": 3.33491,
  "fwhm_y": 3.51704,
  "fwhm_z": 3.20816,
  "icvs_csf": 0.1960531915596065,
  "icvs_gm": 0.4578550130304918,
  "icvs_wm": 0.3460917954099017,
  "inu_med": 0.9826145172119141,
  "inu_range": 0.23195453286170964,
  "provenance": {
    "md5sum": "ae8820a331f9394d35e8ece852577853",
    "settings": {
      "testing": false
    },
    "software": "mriqc",
    "version": "0.15.2rc1",
    "warnings": {
      "large_rot_frame": true,
      "small_air_mask": false
    },
    "webapi_port": null,
    "webapi_url": "https://mriqc.nimh.nih.gov/api/v1"
  },
  "qi_1": 0.0,
  "qi_2": 0.0025364185934821206,
  "rpve_csf": 28.220224541897075,
  "rpve_gm": 13.502300627141825,
  "rpve_wm": 20.674512003347086,
  "size_x": 176,
  "size_y": 256,
  "size_z": 256,
  "snr_csf": 3.1786662258183767,
  "snr_gm": 11.438504916866632,
  "snr_total": 10.706954379881813,
  "snr_wm": 17.50369199696043,
  "snrd_csf": 51.7832067379707,
  "snrd_gm": 115.7920153666027,
  "snrd_total": 109.89194335885536,
  "snrd_wm": 162.10060797199264,
  "spacing_x": 1.0,
  "spacing_y": 1.0,
  "spacing_z": 1.0,
  "summary_bg_k": 51.78802091853156,
  "summary_bg_mad": 4.0416998863220215,
  "summary_bg_mean": 8.300223350524902,
  "summary_bg_median": 3.382641315460205,
  "summary_bg_n": 1935664.0,
  "summary_bg_p05": 0.0,
  "summary_bg_p95": 33.93832283020019,
  "summary_bg_stdv": 12.538415908813477,
  "summary_csf_k": 1.7031617326580184,
  "summary_csf_mad": 76.29495239257812,
  "summary_csf_mean": 343.4944763183594,
  "summary_csf_median": 319.4635314941406,
  "summary_csf_n": 15668.0,
  "summary_csf_p05": 222.72530059814454,
  "summary_csf_p95": 545.4348236083983,
  "summary_csf_stdv": 100.49917602539062,
  "summary_gm_k": 0.39869652838224434,
  "summary_gm_mad": 59.38444519042969,
  "summary_gm_mean": 714.8380737304688,
  "summary_gm_median": 714.349853515625,
  "summary_gm_n": 23960.0,
  "summary_gm_p05": 613.1481964111329,
  "summary_gm_p95": 818.597607421875,
  "summary_gm_stdv": 62.45002746582031,
  "summary_wm_k": 0.01742751479355631,
  "summary_wm_mad": 56.89585494995117,
  "summary_wm_mean": 1002.056640625,
  "summary_wm_median": 1000.0391235351562,
  "summary_wm_n": 164707.0,
  "summary_wm_p05": 911.311572265625,
  "summary_wm_p95": 1099.6098022460938,
  "summary_wm_stdv": 57.13286590576172,
  "tpm_overlap_csf": 0.21856360137462616,
  "tpm_overlap_gm": 0.5116766095161438,
  "tpm_overlap_wm": 0.5381956100463867,
  "wm2max": 0.4425276766633799
}