{
  "aor": 0.012350747126436783,
  "aqi": 0.004316833103448276,
  "bids_meta": {
    "AcquisitionMatrixPE": 64,
    "AcquisitionNumber": 1,
    "AcquisitionTime": "20:20:39.000000",
    "CoilString": "32Ch_Head",
    "ConversionSoftware": "dcm2niix",
    "ConversionSoftwareVersion": "v1.0.20190902",
    "Dcm2bidsVersion": "2.1.4",
    "DeviceSerialNumber": "000000000000GEHC",
    "EchoTime": 0.04,
    "EffectiveEchoSpacing": 0.000372,
    "FlipAngle": 90,
    "ImageOrientationPatientDICOM": [
      1,
      0,
      0,
      0,
      1,
      0
    ],
    "ImageType": [
      "ORIGINAL",
      "PRIMARY",
      "EPI",
      "NONE"
    ],
    "ImagingFrequency": 127.772,
    "InPlanePhaseEncodingDirectionDICOM": "COL",
    "InstitutionName": "INSTITUTO_DE_NEUROBIOLOGIA",
    "MRAcquisitionType": "2D",
    "MagneticFieldStrength": 3,
    "Manufacturer": "GE",
    "ManufacturersModelName": "DISCOVERY_MR750",
    "Modality": "MR",
    "PatientPosition": "HFS",
    "PercentPhaseFOV": 100,
    "PhaseEncodingDirection": "j",
    "PhaseEncodingPolarityGE": "Flipped",
    "PixelBandwidth": 7812.5,
    "ProcedureStepDescription": "verbos",
    "ProtocolName": "fMRI_7",
    "ReconMatrixPE": 64,
    "RepetitionTime": 2,
    "SAR": 0.354868,
    "ScanOptions": "EPI_GEMS_ACC_GEMS",
    "ScanningSequence": "EP_GR",
    "SequenceVariant": "SS",
    "SeriesDescription": "fMRI_7",
    "SeriesNumber": 10,
    "SliceThickness": 4,
    "SliceTiming": [
      0,
      1.0285,
      0.0571001,
      1.0857,
      0.1142,
      1.1428,
      0.1714,
      1.2,
      0.2285,
      1.2571,
      0.2857,
      1.3143,
      0.3428,
      1.3714,
      0.4,
      1.4286,
      0.4571,
      1.4857,
      0.5142,
      1.5428,
      0.5714,
      1.6,
      0.6285,
      1.6571,
      0.6857,
      1.7143,
      0.7428,
      1.7714,
      0.8,
      1.8285,
      0.8571,
      1.8857,
      0.9143,
      1.9428,
      0.9714
    ],
    "SoftwareVersions": "24_LX_MR_Software_release:DV24.0_R02_1607.b",
    "SpacingBetweenSlices": 4,
    "StationName": "GEHCGEHC",
    "TotalReadoutTime": 0.023436,
    "dataset": "unknown",
    "modality": "bold",
    "run_id": 7,
    "subject_id": "130",
    "task_id": "verbs"
  },
  "dummy_trs": 0,
  "dvars_nstd": 15.863018394450854,
  "dvars_std": 0.9684557712716761,
  "dvars_vstd": 0.9297531138728321,
  "efc": 0.3370643783196094,
  "fber": 83747.9765625,
  "fd_mean": 0.06776762404056799,
  "fd_num": 10,
  "fd_perc": 5.747126436781609,
  "fwhm_avg": 2.891741666666667,
  "fwhm_x": 2.823425,
  "fwhm_y": 3.13025,
  "fwhm_z": 2.72155,
  "gcor": 0.033955,
  "gsr_x": -0.007525608874857426,
  "gsr_y": 0.008130365051329136,
  "provenance": {
    "md5sum": "d345781ac497327ab9dad28cb5cb810d",
    "settings": {
      "fd_thres": 0.2,
      "hmc_fsl": false
    },
    "software": "mriqc",
    "version": "0.15.2rc1",
    "webapi_port": null,
    "webapi_url": "https://mriqc.nimh.nih.gov/api/v1"
  },
  "size_t": 174,
  "size_x": 64,
  "size_y": 64,
  "size_z": 35,
  "snr": 3.042938945990012,
  "spacing_tr": 2.0,
  "spacing_x": 4.0,
  "spacing_y": 4.0,
  "spacing_z": 4.0,
  "summary_bg_k": 169.93093622016025,
  "summary_bg_mad": 8.290643692016602,
  "summary_bg_mean": 20.365692138671875,
  "summary_bg_median": 6.143678188323975,
  "summary_bg_n": 98308.0,
  "summary_bg_p05": 0.1112068973481676,
  "summary_bg_p95": 71.27959785461422,
  "summary_bg_stdv": 64.19405364990234,
  "summary_fg_k": 0.10847769854037859,
  "summary_fg_mad": 571.7305908203125,
  "summary_fg_mean": 1794.2352294921875,
  "summary_fg_median": 1812.5948486328125,
  "summary_fg_n": 17418.0,
  "summary_fg_p05": 783.0134979248047,
  "summary_fg_p95": 2764.1134033203116,
  "summary_fg_stdv": 595.6553344726562,
  "tsnr": 47.30472946166992
}