{
  "aor": 0.035477109826589595,
  "aqi": 0.004474255549132947,
  "bids_meta": {
    "AcquisitionMatrixPE": 64,
    "AcquisitionNumber": 1,
    "AcquisitionTime": "20:13:33.000000",
    "CoilString": "32Ch_Head",
    "ConversionSoftware": "dcm2niix",
    "ConversionSoftwareVersion": "v1.0.20190902",
    "Dcm2bidsVersion": "2.1.4",
    "DeviceSerialNumber": "000000000000GEHC",
    "EchoTime": 0.04,
    "EffectiveEchoSpacing": 0.000372,
    "FlipAngle": 90,
    "ImageOrientationPatientDICOM": [
      1,
      0,
      0,
      0,
      1,
      0
    ],
    "ImageType": [
      "ORIGINAL",
      "PRIMARY",
      "EPI",
      "NONE"
    ],
    "ImagingFrequency": 127.772,
    "InPlanePhaseEncodingDirectionDICOM": "COL",
    "InstitutionName": "INSTITUTO_DE_NEUROBIOLOGIA",
    "MRAcquisitionType": "2D",
    "MagneticFieldStrength": 3,
    "Manufacturer": "GE",
    "ManufacturersModelName": "DISCOVERY_MR750",
    "Modality": "MR",
    "PatientPosition": "HFS",
    "PercentPhaseFOV": 100,
    "PhaseEncodingDirection": "j",
    "PhaseEncodingPolarityGE": "Flipped",
    "PixelBandwidth": 7812.5,
    "ProcedureStepDescription": "verbos",
    "ProtocolName": "fMRI_6",
    "ReconMatrixPE": 64,
    "RepetitionTime": 2,
    "SAR": 0.354868,
    "ScanOptions": "EPI_GEMS_ACC_GEMS",
    "ScanningSequence": "EP_GR",
    "SequenceVariant": "SS",
    "SeriesDescription": "fMRI_6",
    "SeriesNumber": 9,
    "SliceThickness": 4,
    "SliceTiming": [
      0,
      1.0285,
      0.0571001,
      1.0857,
      0.1142,
      1.1428,
      0.1714,
      1.2,
      0.2285,
      1.2571,
      0.2857,
      1.3143,
      0.3428,
      1.3714,
      0.4,
      1.4286,
      0.4571,
      1.4857,
      0.5142,
      1.5428,
      0.5714,
      1.6,
      0.6285,
      1.6571,
      0.6857,
      1.7143,
      0.7428,
      1.7714,
      0.8,
      1.8285,
      0.8571,
      1.8857,
      0.9143,
      1.9428,
      0.9714
    ],
    "SoftwareVersions": "24_LX_MR_Software_release:DV24.0_R02_1607.b",
    "SpacingBetweenSlices": 4,
    "StationName": "GEHCGEHC",
    "TotalReadoutTime": 0.023436,
    "dataset": "unknown",
    "modality": "bold",
    "run_id": 6,
    "subject_id": "130",
    "task_id": "verbs"
  },
  "dummy_trs": 1,
  "dvars_nstd": 16.313416314999998,
  "dvars_std": 0.9622565034302322,
  "dvars_vstd": 0.9582497741279075,
  "efc": 0.3386132882297181,
  "fber": 80528.6484375,
  "fd_mean": 0.09288433176657873,
  "fd_num": 14,
  "fd_perc": 8.092485549132949,
  "fwhm_avg": 2.907341666666667,
  "fwhm_x": 2.8361,
  "fwhm_y": 3.13175,
  "fwhm_z": 2.754175,
  "gcor": 0.0262691,
  "gsr_x": -0.008041169494390488,
  "gsr_y": 0.00915064662694931,
  "provenance": {
    "md5sum": "efcf794fb24c3d4b9dd766a5da0fa18b",
    "settings": {
      "fd_thres": 0.2,
      "hmc_fsl": false
    },
    "software": "mriqc",
    "version": "0.15.2rc1",
    "webapi_port": null,
    "webapi_url": "https://mriqc.nimh.nih.gov/api/v1"
  },
  "size_t": 173,
  "size_x": 64,
  "size_y": 64,
  "size_z": 35,
  "snr": 2.9385029589384954,
  "spacing_tr": 2.0,
  "spacing_x": 4.0,
  "spacing_y": 4.0,
  "spacing_z": 4.0,
  "summary_bg_k": 171.8573148636976,
  "summary_bg_mad": 8.312856674194336,
  "summary_bg_mean": 20.656940460205078,
  "summary_bg_median": 6.161849498748779,
  "summary_bg_n": 97949.0,
  "summary_bg_p05": 0.12138728052377701,
  "summary_bg_p95": 72.69479370117178,
  "summary_bg_stdv": 65.07538604736328,
  "summary_fg_k": 0.19478984015622913,
  "summary_fg_mad": 584.488037109375,
  "summary_fg_mean": 1764.7955322265625,
  "summary_fg_median": 1777.572265625,
  "summary_fg_n": 17631.0,
  "summary_fg_p05": 746.1416015625,
  "summary_fg_p95": 2744.0260009765625,
  "summary_fg_stdv": 604.9072875976562,
  "tsnr": 45.25986099243164
}