{
  "aor": 0.0010555172413793106,
  "aqi": 0.0014976254942528735,
  "bids_meta": {
    "AcquisitionMatrixPE": 64,
    "AcquisitionNumber": 1,
    "AcquisitionTime": "19:52:30.000000",
    "CoilString": "32Ch_Head",
    "ConversionSoftware": "dcm2niix",
    "ConversionSoftwareVersion": "v1.0.20190902",
    "Dcm2bidsVersion": "2.1.4",
    "DeviceSerialNumber": "000000000000GEHC",
    "EchoTime": 0.04,
    "EffectiveEchoSpacing": 0.000372,
    "FlipAngle": 90,
    "ImageOrientationPatientDICOM": [
      1,
      0,
      0,
      0,
      1,
      0
    ],
    "ImageType": [
      "ORIGINAL",
      "PRIMARY",
      "EPI",
      "NONE"
    ],
    "ImagingFrequency": 127.772,
    "InPlanePhaseEncodingDirectionDICOM": "COL",
    "InstitutionName": "INSTITUTO_DE_NEUROBIOLOGIA",
    "MRAcquisitionType": "2D",
    "MagneticFieldStrength": 3,
    "Manufacturer": "GE",
    "ManufacturersModelName": "DISCOVERY_MR750",
    "Modality": "MR",
    "PatientPosition": "HFS",
    "PercentPhaseFOV": 100,
    "PhaseEncodingDirection": "j",
    "PhaseEncodingPolarityGE": "Flipped",
    "PixelBandwidth": 7812.5,
    "ProcedureStepDescription": "verbos",
    "ProtocolName": "fMRI_3",
    "ReconMatrixPE": 64,
    "RepetitionTime": 2,
    "SAR": 0.354868,
    "ScanOptions": "EPI_GEMS_ACC_GEMS",
    "ScanningSequence": "EP_GR",
    "SequenceVariant": "SS",
    "SeriesDescription": "fMRI_3",
    "SeriesNumber": 6,
    "SliceThickness": 4,
    "SliceTiming": [
      0,
      1.0285,
      0.0571001,
      1.0857,
      0.1142,
      1.1428,
      0.1714,
      1.2,
      0.2285,
      1.2571,
      0.2857,
      1.3143,
      0.3428,
      1.3714,
      0.4,
      1.4286,
      0.4571,
      1.4857,
      0.5142,
      1.5428,
      0.5714,
      1.6,
      0.6285,
      1.6571,
      0.6857,
      1.7143,
      0.7428,
      1.7714,
      0.8,
      1.8285,
      0.8571,
      1.8857,
      0.9143,
      1.9428,
      0.9714
    ],
    "SoftwareVersions": "24_LX_MR_Software_release:DV24.0_R02_1607.b",
    "SpacingBetweenSlices": 4,
    "StationName": "GEHCGEHC",
    "TotalReadoutTime": 0.023436,
    "dataset": "unknown",
    "modality": "bold",
    "run_id": 3,
    "subject_id": "130",
    "task_id": "verbs"
  },
  "dummy_trs": 0,
  "dvars_nstd": 15.289908546705204,
  "dvars_std": 1.0535835856069369,
  "dvars_vstd": 0.967042433583815,
  "efc": 0.33918669607957896,
  "fber": 77351.84375,
  "fd_mean": 0.050412615080142664,
  "fd_num": 3,
  "fd_perc": 1.7241379310344827,
  "fwhm_avg": 2.876025,
  "fwhm_x": 2.79885,
  "fwhm_y": 3.131725,
  "fwhm_z": 2.6975,
  "gcor": 0.0376283,
  "gsr_x": -0.009087355807423592,
  "gsr_y": 0.005969224963337183,
  "provenance": {
    "md5sum": "8ea1e066df14f8225d9844a4b95fb836",
    "settings": {
      "fd_thres": 0.2,
      "hmc_fsl": false
    },
    "software": "mriqc",
    "version": "0.15.2rc1",
    "webapi_port": null,
    "webapi_url": "https://mriqc.nimh.nih.gov/api/v1"
  },
  "size_t": 174,
  "size_x": 64,
  "size_y": 64,
  "size_z": 35,
  "snr": 2.969875071609564,
  "spacing_tr": 2.0,
  "spacing_x": 4.0,
  "spacing_y": 4.0,
  "spacing_z": 4.0,
  "summary_bg_k": 146.36353448735244,
  "summary_bg_mad": 8.520702362060547,
  "summary_bg_mean": 22.08991813659668,
  "summary_bg_median": 6.339080333709717,
  "summary_bg_n": 98322.0,
  "summary_bg_p05": 0.14367815852165222,
  "summary_bg_p95": 80.59770202636719,
  "summary_bg_stdv": 71.24916076660156,
  "summary_fg_k": 0.23046960772570957,
  "summary_fg_mad": 572.4804077148438,
  "summary_fg_mean": 1775.1839599609375,
  "summary_fg_median": 1789.0804443359375,
  "summary_fg_n": 17474.0,
  "summary_fg_p05": 756.1227020263673,
  "summary_fg_p95": 2748.7685913085934,
  "summary_fg_stdv": 602.39208984375,
  "tsnr": 75.45905303955078
}