{
  "aor": 0.007837183908045976,
  "aqi": 0.0014072482816091956,
  "bids_meta": {
    "AcquisitionMatrixPE": 64,
    "AcquisitionNumber": 1,
    "AcquisitionTime": "19:59:52.000000",
    "CoilString": "32Ch_Head",
    "ConversionSoftware": "dcm2niix",
    "ConversionSoftwareVersion": "v1.0.20190902",
    "Dcm2bidsVersion": "2.1.4",
    "DeviceSerialNumber": "000000000000GEHC",
    "EchoTime": 0.04,
    "EffectiveEchoSpacing": 0.000372,
    "FlipAngle": 90,
    "ImageOrientationPatientDICOM": [
      1,
      0,
      0,
      0,
      1,
      0
    ],
    "ImageType": [
      "ORIGINAL",
      "PRIMARY",
      "EPI",
      "NONE"
    ],
    "ImagingFrequency": 127.772,
    "InPlanePhaseEncodingDirectionDICOM": "COL",
    "InstitutionName": "INSTITUTO_DE_NEUROBIOLOGIA",
    "MRAcquisitionType": "2D",
    "MagneticFieldStrength": 3,
    "Manufacturer": "GE",
    "ManufacturersModelName": "DISCOVERY_MR750",
    "Modality": "MR",
    "PatientPosition": "HFS",
    "PercentPhaseFOV": 100,
    "PhaseEncodingDirection": "j",
    "PhaseEncodingPolarityGE": "Flipped",
    "PixelBandwidth": 7812.5,
    "ProcedureStepDescription": "verbos",
    "ProtocolName": "fMRI_4",
    "ReconMatrixPE": 64,
    "RepetitionTime": 2,
    "SAR": 0.354868,
    "ScanOptions": "EPI_GEMS_ACC_GEMS",
    "ScanningSequence": "EP_GR",
    "SequenceVariant": "SS",
    "SeriesDescription": "fMRI_4",
    "SeriesNumber": 7,
    "SliceThickness": 4,
    "SliceTiming": [
      0,
      1.0285,
      0.0571001,
      1.0857,
      0.1142,
      1.1428,
      0.1714,
      1.2,
      0.2285,
      1.2571,
      0.2857,
      1.3143,
      0.3428,
      1.3714,
      0.4,
      1.4286,
      0.4571,
      1.4857,
      0.5142,
      1.5428,
      0.5714,
      1.6,
      0.6285,
      1.6571,
      0.6857,
      1.7143,
      0.7428,
      1.7714,
      0.8,
      1.8285,
      0.8571,
      1.8857,
      0.9143,
      1.9428,
      0.9714
    ],
    "SoftwareVersions": "24_LX_MR_Software_release:DV24.0_R02_1607.b",
    "SpacingBetweenSlices": 4,
    "StationName": "GEHCGEHC",
    "TotalReadoutTime": 0.023436,
    "dataset": "unknown",
    "modality": "bold",
    "run_id": 4,
    "subject_id": "130",
    "task_id": "verbs"
  },
  "dummy_trs": 0,
  "dvars_nstd": 15.752547225722543,
  "dvars_std": 1.1706538373410402,
  "dvars_vstd": 1.0911137586705209,
  "efc": 0.33895749043196444,
  "fber": 77247.453125,
  "fd_mean": 0.06683363040679703,
  "fd_num": 7,
  "fd_perc": 4.022988505747127,
  "fwhm_avg": 2.8835916666666663,
  "fwhm_x": 2.809375,
  "fwhm_y": 3.144425,
  "fwhm_z": 2.696975,
  "gcor": 0.041859,
  "gsr_x": -0.009051773697137833,
  "gsr_y": 0.006513399537652731,
  "provenance": {
    "md5sum": "aff0874ad75dac0cbf612e3b71f274f3",
    "settings": {
      "fd_thres": 0.2,
      "hmc_fsl": false
    },
    "software": "mriqc",
    "version": "0.15.2rc1",
    "webapi_port": null,
    "webapi_url": "https://mriqc.nimh.nih.gov/api/v1"
  },
  "size_t": 174,
  "size_x": 64,
  "size_y": 64,
  "size_z": 35,
  "snr": 2.9505479425588996,
  "spacing_tr": 2.0,
  "spacing_x": 4.0,
  "spacing_y": 4.0,
  "spacing_z": 4.0,
  "summary_bg_k": 145.48515459359353,
  "summary_bg_mad": 8.537744522094727,
  "summary_bg_mean": 21.97856903076172,
  "summary_bg_median": 6.344827651977539,
  "summary_bg_n": 98280.0,
  "summary_bg_p05": 0.13793103396892548,
  "summary_bg_p95": 80.27672576904303,
  "summary_bg_stdv": 70.1411361694336,
  "summary_fg_k": 0.18637955205406787,
  "summary_fg_mad": 579.5228271484375,
  "summary_fg_mean": 1776.0093994140625,
  "summary_fg_median": 1793.59765625,
  "summary_fg_n": 17470.0,
  "summary_fg_p05": 742.6522979736328,
  "summary_fg_p95": 2751.7980346679688,
  "summary_fg_stdv": 607.868896484375,
  "tsnr": 72.21369171142578
}