{
  "bids_meta": {
    "AcquisitionMatrixPE": 256,
    "AcquisitionNumber": 1,
    "AcquisitionTime": "20:12:12.000000",
    "BodyPartExamined": "HEAD",
    "CoilString": "32Ch_Head",
    "ConversionSoftware": "dcm2niix",
    "ConversionSoftwareVersion": "v1.0.20181125  (JP2:OpenJPEG) GCC7.3.0",
    "DeviceSerialNumber": "0002806034DVR750",
    "EchoTime": 0.003192,
    "FlipAngle": 12,
    "ImageOrientationPatientDICOM": [
      0,
      1,
      0,
      0,
      0,
      -1
    ],
    "ImageType": [
      "ORIGINAL",
      "PRIMARY",
      "OTHER"
    ],
    "ImagingFrequency": 127.772,
    "InPlanePhaseEncodingDirectionDICOM": "ROW",
    "InstitutionName": "INSTITUTO_DE_NEUROBIOLOGIA",
    "InversionTime": 0.45,
    "MRAcquisitionType": "3D",
    "MagneticFieldStrength": 3,
    "Manufacturer": "GE",
    "ManufacturersModelName": "DISCOVERY_MR750",
    "Modality": "MR",
    "PatientPosition": "HFS",
    "PercentPhaseFOV": 100,
    "PixelBandwidth": 244.141,
    "ProcedureStepDescription": "Emociones_AH",
    "ProtocolName": "Sag_T1_FSPGR_BRAVO",
    "ReconMatrixPE": 256,
    "RepetitionTime": 0.008184,
    "SAR": 0.148077,
    "ScanOptions": "FAST_GEMS_EDR_GEMS_FILTERED_GEMS_ACC_GEMS_IR_GEMS",
    "ScanningSequence": "GR",
    "SequenceVariant": "SS_SP_SK",
    "SeriesDescription": "Sag_T1_FSPGR_BRAVO",
    "SeriesNumber": 9,
    "SliceThickness": 1,
    "SoftwareVersions": "27_LX_MR_Software_release:DV26.0_R02_1810.b",
    "SpacingBetweenSlices": 1,
    "StationName": "GEHCGEHC",
    "dataset": "unknown",
    "modality": "T1w",
    "subject_id": "40"
  },
  "cjv": 0.4170895080320209,
  "cnr": 3.136335183983546,
  "efc": 0.6723455556351471,
  "fber": 12931.736328125,
  "fwhm_avg": 3.7069233333333336,
  "fwhm_x": 3.74148,
  "fwhm_y": 3.79814,
  "fwhm_z": 3.58115,
  "icvs_csf": 0.20310860135969883,
  "icvs_gm": 0.4405731161881774,
  "icvs_wm": 0.35631828245212377,
  "inu_med": 1.0068824291229248,
  "inu_range": 0.30857365429401407,
  "provenance": {
    "md5sum": "62bad949f2e28699cf8593ac9de98809",
    "settings": {
      "testing": false
    },
    "software": "mriqc",
    "version": "0.15.2rc1",
    "warnings": {
      "large_rot_frame": true,
      "small_air_mask": false
    },
    "webapi_port": null,
    "webapi_url": "https://mriqc.nimh.nih.gov/api/v1"
  },
  "qi_1": 0.0,
  "qi_2": 0.002243917816685867,
  "rpve_csf": 24.54973459001509,
  "rpve_gm": 12.440726598369718,
  "rpve_wm": 18.419535722436333,
  "size_x": 176,
  "size_y": 256,
  "size_z": 256,
  "snr_csf": 2.8324365248766683,
  "snr_gm": 11.306366597016698,
  "snr_total": 11.804360160523208,
  "snr_wm": 21.274277359676255,
  "snrd_csf": 43.190896416953414,
  "snrd_gm": 94.23813006837216,
  "snrd_total": 88.04494439424737,
  "snrd_wm": 126.70580669741658,
  "spacing_x": 1.0,
  "spacing_y": 1.0,
  "spacing_z": 1.0,
  "summary_bg_k": 15.003337566612931,
  "summary_bg_mad": 5.170619964599609,
  "summary_bg_mean": 8.539695739746094,
  "summary_bg_median": 4.183309555053711,
  "summary_bg_n": 1353091.0,
  "summary_bg_p05": 0.0,
  "summary_bg_p95": 31.010465621948242,
  "summary_bg_stdv": 11.773272514343262,
  "summary_csf_k": 0.7955599508798268,
  "summary_csf_mad": 101.9280014038086,
  "summary_csf_mean": 374.5345153808594,
  "summary_csf_median": 340.8812561035156,
  "summary_csf_n": 20677.0,
  "summary_csf_p05": 226.440234375,
  "summary_csf_p95": 599.4471557617189,
  "summary_csf_stdv": 120.3462142944336,
  "summary_gm_k": 0.2751125597933144,
  "summary_gm_mad": 63.15076446533203,
  "summary_gm_mean": 745.6439819335938,
  "summary_gm_median": 743.7681274414062,
  "summary_gm_n": 29781.0,
  "summary_gm_p05": 641.1414794921875,
  "summary_gm_p95": 857.8619384765625,
  "summary_gm_stdv": 65.78202056884766,
  "summary_wm_k": 0.697000804440576,
  "summary_wm_mad": 43.727989196777344,
  "summary_wm_mean": 1001.9325561523438,
  "summary_wm_median": 1000.01708984375,
  "summary_wm_n": 210634.0,
  "summary_wm_p05": 928.0067047119139,
  "summary_wm_p95": 1081.9740234375,
  "summary_wm_stdv": 47.00581359863281,
  "tpm_overlap_csf": 0.2243838757276535,
  "tpm_overlap_gm": 0.5181457996368408,
  "tpm_overlap_wm": 0.5666038393974304,
  "wm2max": 0.46032372086673357
}