{
  "aor": 0.0006392800000000001,
  "aqi": 0.00177218302,
  "bids_meta": {
    "AcquisitionDateTime": "2017-06-26T20:38:4.000000",
    "ConversionSoftware": "dcm2niix",
    "ConversionSoftwareVersion": "v1.0.20170411 GCC4.8.4",
    "EchoTime": 0.035,
    "FlipAngle": 90,
    "ImageType": [
      "ORIGINAL",
      "PRIMARY",
      "EPI",
      "NONE"
    ],
    "MagneticFieldStrength": 3,
    "Manufacturer": "GE",
    "ManufacturersModelName": "DISCOVERY_MR750",
    "ProcedureStepDescription": "CompMet",
    "ProtocolName": "fMRI_CompMet",
    "RepetitionTime": 2,
    "ScanningSequence": "EP_GR",
    "SequenceVariant": "SS",
    "SeriesDescription": "fMRI_CompMet",
    "dataset": "unknown",
    "modality": "bold",
    "run_id": 2,
    "subject_id": "67",
    "task_id": "cm"
  },
  "dummy_trs": 0,
  "dvars_nstd": 14.138443031767071,
  "dvars_std": 1.0418565415662653,
  "dvars_vstd": 0.9433290089156625,
  "efc": 0.3511808487946048,
  "fber": 97179.1796875,
  "fd_mean": 0.07290036778235667,
  "fd_num": 4,
  "fd_perc": 1.6,
  "fwhm_avg": 2.957966666666667,
  "fwhm_x": 2.8302,
  "fwhm_y": 3.077125,
  "fwhm_z": 2.966575,
  "gcor": 0.0397194,
  "gsr_x": -0.009654093533754349,
  "gsr_y": 0.006504944991320372,
  "provenance": {
    "md5sum": "9fcc5f8f78f8a232b6268930b26196c3",
    "settings": {
      "fd_thres": 0.2,
      "hmc_fsl": false
    },
    "software": "mriqc",
    "version": "0.15.2rc1",
    "webapi_port": null,
    "webapi_url": "https://mriqc.nimh.nih.gov/api/v1"
  },
  "size_t": 250,
  "size_x": 64,
  "size_y": 64,
  "size_z": 34,
  "snr": 2.619296154396322,
  "spacing_tr": 2.0,
  "spacing_x": 4.0,
  "spacing_y": 4.0,
  "spacing_z": 4.0,
  "summary_bg_k": 106.60334214333056,
  "summary_bg_mad": 8.136521339416504,
  "summary_bg_mean": 22.89209747314453,
  "summary_bg_median": 6.136000156402588,
  "summary_bg_n": 93031.0,
  "summary_bg_p05": 0.17600001394748688,
  "summary_bg_p95": 96.8080062866211,
  "summary_bg_stdv": 67.8541488647461,
  "summary_fg_k": 0.9452782944200178,
  "summary_fg_mad": 612.32080078125,
  "summary_fg_mean": 2049.4287109375,
  "summary_fg_median": 1957.4560546875,
  "summary_fg_n": 18970.0,
  "summary_fg_p05": 942.892056274414,
  "summary_fg_p95": 3475.1172241210934,
  "summary_fg_stdv": 747.3016967773438,
  "tsnr": 77.27008056640625
}