{
  "aor": 0.0026181333333333335,
  "aqi": 0.004778201033333333,
  "bids_meta": {
    "AcquisitionDateTime": "2017-06-28T20:34:23.000000",
    "ConversionSoftware": "dcm2niix",
    "ConversionSoftwareVersion": "v1.0.20170411 GCC4.8.4",
    "EchoTime": 0.04,
    "FlipAngle": 90,
    "ImageType": [
      "ORIGINAL",
      "PRIMARY",
      "EPI",
      "NONE"
    ],
    "MagneticFieldStrength": 3,
    "Manufacturer": "GE",
    "ManufacturersModelName": "DISCOVERY_MR750",
    "ProcedureStepDescription": "CompMet",
    "ProtocolName": "fMRI_RestState",
    "RepetitionTime": 2,
    "ScanningSequence": "EP_GR",
    "SequenceVariant": "SS",
    "SeriesDescription": "fMRI_RestState",
    "dataset": "unknown",
    "modality": "bold",
    "subject_id": "67",
    "task_id": "rest"
  },
  "dummy_trs": 0,
  "dvars_nstd": 17.408941482675594,
  "dvars_std": 1.017268039197324,
  "dvars_vstd": 0.924489903511705,
  "efc": 0.3535399807370386,
  "fber": 56000.16015625,
  "fd_mean": 0.06329336044059092,
  "fd_num": 0,
  "fd_perc": 0.0,
  "fwhm_avg": 2.9458837854268327,
  "fwhm_x": 2.88035,
  "fwhm_y": 3.112975,
  "fwhm_z": 2.844326356280497,
  "gcor": 0.017632,
  "gsr_x": -0.009836799465119839,
  "gsr_y": 0.01422503124922514,
  "provenance": {
    "md5sum": "7c34aeca3baa1ebe022f18aec57aa4d5",
    "settings": {
      "fd_thres": 0.2,
      "hmc_fsl": false
    },
    "software": "mriqc",
    "version": "0.15.2rc1",
    "webapi_port": null,
    "webapi_url": "https://mriqc.nimh.nih.gov/api/v1"
  },
  "size_t": 300,
  "size_x": 64,
  "size_y": 64,
  "size_z": 34,
  "snr": 2.6843438091806004,
  "spacing_tr": 2.0,
  "spacing_x": 4.0,
  "spacing_y": 4.0,
  "spacing_z": 3.999998092651367,
  "summary_bg_k": 298.25906676707075,
  "summary_bg_mad": 9.412053108215332,
  "summary_bg_mean": 26.296188354492188,
  "summary_bg_median": 6.7183332443237305,
  "summary_bg_n": 94024.0,
  "summary_bg_p05": 0.06000000238418579,
  "summary_bg_p95": 102.64233322143548,
  "summary_bg_stdv": 78.20763397216797,
  "summary_fg_k": 0.5181071849474197,
  "summary_fg_mad": 506.17022705078125,
  "summary_fg_mean": 1616.3890380859375,
  "summary_fg_median": 1591.22998046875,
  "summary_fg_n": 17857.0,
  "summary_fg_p05": 608.1146728515625,
  "summary_fg_p95": 2616.2327148437503,
  "summary_fg_stdv": 592.76513671875,
  "tsnr": 47.76323318481445
}