{
  "aor": 0.0021687401574803145,
  "aqi": 0.002620585748031496,
  "bids_meta": {
    "AcquisitionDateTime": "2017-05-04T19:23:52.000000",
    "ConversionSoftware": "dcm2niix",
    "ConversionSoftwareVersion": "v1.0.20170411 GCC4.8.4",
    "EchoTime": 0.04,
    "FlipAngle": 90,
    "ImageType": [
      "ORIGINAL",
      "PRIMARY",
      "EPI",
      "NONE"
    ],
    "MagneticFieldStrength": 3,
    "Manufacturer": "GE",
    "ManufacturersModelName": "DISCOVERY_MR750",
    "ProcedureStepDescription": "Actos_Habla",
    "ProtocolName": "fMRI_ActosHabla_2",
    "RepetitionTime": 2,
    "ScanningSequence": "EP_GR",
    "SequenceVariant": "SS",
    "SeriesDescription": "fMRI_ActosHabla_2",
    "dataset": "unknown",
    "modality": "bold",
    "run_id": 2,
    "subject_id": "22",
    "task_id": "rah"
  },
  "dummy_trs": 0,
  "dvars_nstd": 21.235208733873524,
  "dvars_std": 1.1933995363636363,
  "dvars_vstd": 1.0178429185375488,
  "efc": 0.38442666651795065,
  "fber": 42921.5703125,
  "fd_mean": 0.11553988226303508,
  "fd_num": 20,
  "fd_perc": 7.874015748031496,
  "fwhm_avg": 2.8537416666666666,
  "fwhm_x": 2.780225,
  "fwhm_y": 2.97595,
  "fwhm_z": 2.80505,
  "gcor": 0.0380806,
  "gsr_x": 0.008797996677458286,
  "gsr_y": -0.0008079556282609701,
  "provenance": {
    "md5sum": "940fedd1df18ddf4fa02a081627cae4f",
    "settings": {
      "fd_thres": 0.2,
      "hmc_fsl": false
    },
    "software": "mriqc",
    "version": "0.15.2rc1",
    "webapi_port": null,
    "webapi_url": "https://mriqc.nimh.nih.gov/api/v1"
  },
  "size_t": 254,
  "size_x": 64,
  "size_y": 64,
  "size_z": 35,
  "snr": 2.6751819997167194,
  "spacing_tr": 2.0,
  "spacing_x": 4.0,
  "spacing_y": 4.0,
  "spacing_z": 4.0,
  "summary_bg_k": 105.85994260774498,
  "summary_bg_mad": 11.411367416381836,
  "summary_bg_mean": 35.6517219543457,
  "summary_bg_median": 7.968503952026367,
  "summary_bg_n": 93833.0,
  "summary_bg_p05": 0.031496062874794006,
  "summary_bg_p95": 165.66929626464844,
  "summary_bg_stdv": 91.40663146972656,
  "summary_fg_k": -0.06865045780954082,
  "summary_fg_mad": 608.2230224609375,
  "summary_fg_mean": 1729.564697265625,
  "summary_fg_median": 1698.846435546875,
  "summary_fg_n": 21202.0,
  "summary_fg_p05": 659.6443145751953,
  "summary_fg_p95": 2801.0858764648438,
  "summary_fg_stdv": 635.0245971679688,
  "tsnr": 62.417362213134766
}