{
  "bids_meta": {
    "AcquisitionDateTime": "2016-10-01T12:32:10.000000",
    "ConversionSoftware": "dcm2niix",
    "ConversionSoftwareVersion": "v1.0.20170411 GCC4.8.4",
    "EchoTime": 0.00318,
    "FlipAngle": 12,
    "ImageType": [
      "DERIVED",
      "PRIMARY",
      "OTHER"
    ],
    "InversionTime": 0.45,
    "MagneticFieldStrength": 3,
    "Manufacturer": "GE",
    "ManufacturersModelName": "DISCOVERY_MR750",
    "ProcedureStepDescription": "MeditResp",
    "ProtocolName": "PU:Sag_T1_FSPGR_BRAVO",
    "RepetitionTime": 0.008156,
    "ScanningSequence": "GR",
    "SequenceVariant": "SS_SP_SK",
    "SeriesDescription": "PU:Sag_T1_FSPGR_BRAVO",
    "dataset": "unknown",
    "modality": "T1w",
    "subject_id": "112"
  },
  "cjv": 0.3798448084795264,
  "cnr": 3.3679079753121104,
  "efc": 0.7061916772385753,
  "fber": 2401.8154296875,
  "fwhm_avg": 3.6696266666666664,
  "fwhm_x": 3.72581,
  "fwhm_y": 3.80944,
  "fwhm_z": 3.47363,
  "icvs_csf": 0.19489879678450606,
  "icvs_gm": 0.44563861469457744,
  "icvs_wm": 0.3594625885209165,
  "inu_med": 1.4565632343292236,
  "inu_range": 0.26852715015411377,
  "provenance": {
    "md5sum": "c096d7c54fb43eeab87372b7f9b44abf",
    "settings": {
      "testing": false
    },
    "software": "mriqc",
    "version": "0.15.2rc1",
    "warnings": {
      "large_rot_frame": true,
      "small_air_mask": false
    },
    "webapi_port": null,
    "webapi_url": "https://mriqc.nimh.nih.gov/api/v1"
  },
  "qi_1": 0.0,
  "qi_2": 0.0023806897865555525,
  "rpve_csf": 29.281569930963947,
  "rpve_gm": 14.177670139918147,
  "rpve_wm": 20.812321538458747,
  "size_x": 176,
  "size_y": 256,
  "size_z": 256,
  "snr_csf": 3.556121415153845,
  "snr_gm": 12.073246086995711,
  "snr_total": 12.33013488247328,
  "snr_wm": 21.36103714527028,
  "snrd_csf": 76.78049882083135,
  "snrd_gm": 151.50520308441492,
  "snrd_total": 144.60739294069134,
  "snrd_wm": 205.53647691682775,
  "spacing_x": 1.0,
  "spacing_y": 1.0,
  "spacing_z": 1.0,
  "summary_bg_k": 10.18211611746335,
  "summary_bg_mad": 3.18746018409729,
  "summary_bg_mean": 9.08440113067627,
  "summary_bg_median": 3.152888059616089,
  "summary_bg_n": 426375.0,
  "summary_bg_p05": 0.0,
  "summary_bg_p95": 37.684385681152335,
  "summary_bg_stdv": 13.169772148132324,
  "summary_csf_k": -0.4956144113059988,
  "summary_csf_mad": 116.83218383789062,
  "summary_csf_mean": 391.4094543457031,
  "summary_csf_median": 373.5631103515625,
  "summary_csf_n": 17074.0,
  "summary_csf_p05": 245.52857131958007,
  "summary_csf_p95": 568.6376922607421,
  "summary_csf_stdv": 105.04483032226562,
  "summary_gm_k": 0.6154345560594812,
  "summary_gm_mad": 55.72350311279297,
  "summary_gm_mean": 739.7700805664062,
  "summary_gm_median": 737.1240844726562,
  "summary_gm_n": 25634.0,
  "summary_gm_p05": 643.3648254394532,
  "summary_gm_p95": 845.9525756835936,
  "summary_gm_stdv": 61.05315017700195,
  "summary_wm_k": 0.4698431180345257,
  "summary_wm_mad": 44.13026428222656,
  "summary_wm_mean": 1000.3176879882812,
  "summary_wm_median": 1000.0045166015625,
  "summary_wm_n": 181928.0,
  "summary_wm_p05": 923.0822357177735,
  "summary_wm_p95": 1076.9976379394532,
  "summary_wm_stdv": 46.81428909301758,
  "tpm_overlap_csf": 0.23565523326396942,
  "tpm_overlap_gm": 0.5265147686004639,
  "tpm_overlap_wm": 0.5662674307823181,
  "wm2max": 0.4340676231892045
}