{
  "aor": 0.001273125,
  "aqi": 0.0019544912544642856,
  "bids_meta": {
    "AcquisitionMatrixPE": 64,
    "AcquisitionNumber": 1,
    "AcquisitionTime": "18:37:20.000000",
    "BodyPartExamined": "HEAD",
    "CoilString": "32Ch_Head",
    "ConversionSoftware": "dcm2niix",
    "ConversionSoftwareVersion": "v1.0.20181125  (JP2:OpenJPEG) GCC7.3.0",
    "DeviceSerialNumber": "0002806034DVR750",
    "EchoTime": 0.04,
    "EffectiveEchoSpacing": 0.000372,
    "FlipAngle": 90,
    "ImageOrientationPatientDICOM": [
      1,
      0,
      0,
      0,
      1,
      0
    ],
    "ImageType": [
      "ORIGINAL",
      "PRIMARY",
      "EPI",
      "NONE"
    ],
    "ImagingFrequency": 127.772,
    "InPlanePhaseEncodingDirectionDICOM": "COL",
    "InstitutionName": "INSTITUTO_DE_NEUROBIOLOGIA",
    "MRAcquisitionType": "2D",
    "MagneticFieldStrength": 3,
    "Manufacturer": "GE",
    "ManufacturersModelName": "DISCOVERY_MR750",
    "Modality": "MR",
    "PatientPosition": "HFS",
    "PercentPhaseFOV": 100,
    "PhaseEncodingDirection": "j",
    "PhaseEncodingPolarityGE": "Flipped",
    "PixelBandwidth": 7812.5,
    "ProcedureStepDescription": "Emociones_AH",
    "ProtocolName": "fMRI_Jalil_2",
    "ReconMatrixPE": 64,
    "RepetitionTime": 2,
    "SAR": 0.169895,
    "ScanOptions": "EPI_GEMS_ACC_GEMS",
    "ScanningSequence": "EP_GR",
    "SequenceVariant": "SS",
    "SeriesDescription": "fMRI_Jalil_2",
    "SeriesNumber": 6,
    "SliceThickness": 4,
    "SliceTiming": [
      0,
      1.0285,
      0.0571001,
      1.0857,
      0.1142,
      1.1428,
      0.1714,
      1.2,
      0.2285,
      1.2571,
      0.2857,
      1.3143,
      0.3428,
      1.3714,
      0.4,
      1.4286,
      0.4571,
      1.4857,
      0.5142,
      1.5428,
      0.5714,
      1.6,
      0.6285,
      1.6571,
      0.6857,
      1.7143,
      0.7428,
      1.7714,
      0.8,
      1.8285,
      0.8571,
      1.8857,
      0.9143,
      1.9428,
      0.9714
    ],
    "SoftwareVersions": "27_LX_MR_Software_release:DV26.0_R02_1810.b",
    "SpacingBetweenSlices": 4,
    "StationName": "GEHCGEHC",
    "TaskName": "eah",
    "TotalReadoutTime": 0.023436,
    "dataset": "unknown",
    "modality": "bold",
    "run_id": 2,
    "subject_id": "35",
    "task_id": "eah"
  },
  "dummy_trs": 0,
  "dvars_nstd": 18.22988702605381,
  "dvars_std": 1.1612470246188333,
  "dvars_vstd": 0.9853475341255613,
  "efc": 0.33143128498904667,
  "fber": 95097.34375,
  "fd_mean": 0.10985201250231694,
  "fd_num": 18,
  "fd_perc": 8.035714285714286,
  "fwhm_avg": 2.734425,
  "fwhm_x": 2.690975,
  "fwhm_y": 2.83545,
  "fwhm_z": 2.67685,
  "gcor": 0.0376794,
  "gsr_x": -0.00500883674249053,
  "gsr_y": -0.0012439490528777242,
  "provenance": {
    "md5sum": "9fc77ac75ea1027f313f12d9568d8eeb",
    "settings": {
      "fd_thres": 0.2,
      "hmc_fsl": false
    },
    "software": "mriqc",
    "version": "0.15.2rc1",
    "webapi_port": null,
    "webapi_url": "https://mriqc.nimh.nih.gov/api/v1"
  },
  "size_t": 224,
  "size_x": 64,
  "size_y": 64,
  "size_z": 35,
  "snr": 2.9716263884106433,
  "spacing_tr": 2.0,
  "spacing_x": 4.0,
  "spacing_y": 4.0,
  "spacing_z": 4.0,
  "summary_bg_k": 133.53946212900297,
  "summary_bg_mad": 7.829993724822998,
  "summary_bg_mean": 19.75606918334961,
  "summary_bg_median": 5.986607551574707,
  "summary_bg_n": 99298.0,
  "summary_bg_p05": 0.2008928656578064,
  "summary_bg_p95": 70.11607360839844,
  "summary_bg_stdv": 61.30138397216797,
  "summary_fg_k": 0.7155316729684262,
  "summary_fg_mad": 522.93505859375,
  "summary_fg_mean": 1900.8505859375,
  "summary_fg_median": 1845.837158203125,
  "summary_fg_n": 16816.0,
  "summary_fg_p05": 906.5569763183594,
  "summary_fg_p95": 3021.6151733398438,
  "summary_fg_stdv": 621.1353759765625,
  "tsnr": 70.49459838867188
}