{
  "aor": 0.0015970247933884299,
  "aqi": 0.002288430950413223,
  "bids_meta": {
    "AcquisitionMatrixPE": 64,
    "AcquisitionNumber": 1,
    "AcquisitionTime": "18:28:32.000000",
    "BodyPartExamined": "HEAD",
    "CoilString": "32Ch_Head",
    "ConversionSoftware": "dcm2niix",
    "ConversionSoftwareVersion": "v1.0.20181125  (JP2:OpenJPEG) GCC7.3.0",
    "DeviceSerialNumber": "0002806034DVR750",
    "EchoTime": 0.04,
    "EffectiveEchoSpacing": 0.000372,
    "FlipAngle": 90,
    "ImageOrientationPatientDICOM": [
      1,
      0,
      0,
      0,
      1,
      0
    ],
    "ImageType": [
      "ORIGINAL",
      "PRIMARY",
      "EPI",
      "NONE"
    ],
    "ImagingFrequency": 127.772,
    "InPlanePhaseEncodingDirectionDICOM": "COL",
    "InstitutionName": "INSTITUTO_DE_NEUROBIOLOGIA",
    "MRAcquisitionType": "2D",
    "MagneticFieldStrength": 3,
    "Manufacturer": "GE",
    "ManufacturersModelName": "DISCOVERY_MR750",
    "Modality": "MR",
    "PatientPosition": "HFS",
    "PercentPhaseFOV": 100,
    "PhaseEncodingDirection": "j",
    "PhaseEncodingPolarityGE": "Flipped",
    "PixelBandwidth": 7812.5,
    "ProcedureStepDescription": "Emociones_AH",
    "ProtocolName": "fMRI_Jalil_1",
    "ReconMatrixPE": 64,
    "RepetitionTime": 2,
    "SAR": 0.169895,
    "ScanOptions": "EPI_GEMS_ACC_GEMS",
    "ScanningSequence": "EP_GR",
    "SequenceVariant": "SS",
    "SeriesDescription": "fMRI_Jalil_1",
    "SeriesNumber": 5,
    "SliceThickness": 4,
    "SliceTiming": [
      0,
      1.0285,
      0.0571001,
      1.0857,
      0.1142,
      1.1428,
      0.1714,
      1.2,
      0.2285,
      1.2571,
      0.2857,
      1.3143,
      0.3428,
      1.3714,
      0.4,
      1.4286,
      0.4571,
      1.4857,
      0.5142,
      1.5428,
      0.5714,
      1.6,
      0.6285,
      1.6571,
      0.6857,
      1.7143,
      0.7428,
      1.7714,
      0.8,
      1.8285,
      0.8571,
      1.8857,
      0.9143,
      1.9428,
      0.9714
    ],
    "SoftwareVersions": "27_LX_MR_Software_release:DV26.0_R02_1810.b",
    "SpacingBetweenSlices": 4,
    "StationName": "GEHCGEHC",
    "TaskName": "eah",
    "TotalReadoutTime": 0.023436,
    "dataset": "unknown",
    "modality": "bold",
    "run_id": 1,
    "subject_id": "35",
    "task_id": "eah"
  },
  "dummy_trs": 0,
  "dvars_nstd": 17.24170520190871,
  "dvars_std": 1.1281092722821568,
  "dvars_vstd": 0.979481534979253,
  "efc": 0.3311143995598722,
  "fber": 94552.0390625,
  "fd_mean": 0.09362363942794975,
  "fd_num": 16,
  "fd_perc": 6.6115702479338845,
  "fwhm_avg": 2.7304250000000003,
  "fwhm_x": 2.6942,
  "fwhm_y": 2.841825,
  "fwhm_z": 2.65525,
  "gcor": 0.0281508,
  "gsr_x": -0.005028547719120979,
  "gsr_y": -0.0012587921228259802,
  "provenance": {
    "md5sum": "a957694bac19444602033dd69506b180",
    "settings": {
      "fd_thres": 0.2,
      "hmc_fsl": false
    },
    "software": "mriqc",
    "version": "0.15.2rc1",
    "webapi_port": null,
    "webapi_url": "https://mriqc.nimh.nih.gov/api/v1"
  },
  "size_t": 242,
  "size_x": 64,
  "size_y": 64,
  "size_z": 35,
  "snr": 2.972782358632943,
  "spacing_tr": 2.0,
  "spacing_x": 4.0,
  "spacing_y": 4.0,
  "spacing_z": 4.0,
  "summary_bg_k": 135.70634243254162,
  "summary_bg_mad": 7.756092548370361,
  "summary_bg_mean": 19.669204711914062,
  "summary_bg_median": 5.9462809562683105,
  "summary_bg_n": 99280.0,
  "summary_bg_p05": 0.1942148655653,
  "summary_bg_p95": 69.1241691589355,
  "summary_bg_stdv": 61.35236358642578,
  "summary_fg_k": 0.72242547034215,
  "summary_fg_mad": 522.20068359375,
  "summary_fg_mean": 1889.04541015625,
  "summary_fg_median": 1837.8056640625,
  "summary_fg_n": 16769.0,
  "summary_fg_p05": 897.6974853515626,
  "summary_fg_p95": 3005.5594726562495,
  "summary_fg_stdv": 618.1921997070312,
  "tsnr": 64.89545440673828
}