{
  "aor": 0.0009207086614173228,
  "aqi": 0.0017005102047244096,
  "bids_meta": {
    "AcquisitionMatrixPE": 64,
    "AcquisitionNumber": 1,
    "AcquisitionTime": "18:45:32.000000",
    "BodyPartExamined": "HEAD",
    "CoilString": "32Ch_Head",
    "ConversionSoftware": "dcm2niix",
    "ConversionSoftwareVersion": "v1.0.20181125  (JP2:OpenJPEG) GCC7.3.0",
    "DeviceSerialNumber": "0002806034DVR750",
    "EchoTime": 0.04,
    "EffectiveEchoSpacing": 0.000372,
    "FlipAngle": 90,
    "ImageOrientationPatientDICOM": [
      1,
      0,
      0,
      0,
      1,
      0
    ],
    "ImageType": [
      "ORIGINAL",
      "PRIMARY",
      "EPI",
      "NONE"
    ],
    "ImagingFrequency": 127.772,
    "InPlanePhaseEncodingDirectionDICOM": "COL",
    "InstitutionName": "INSTITUTO_DE_NEUROBIOLOGIA",
    "MRAcquisitionType": "2D",
    "MagneticFieldStrength": 3,
    "Manufacturer": "GE",
    "ManufacturersModelName": "DISCOVERY_MR750",
    "Modality": "MR",
    "PatientPosition": "HFS",
    "PercentPhaseFOV": 100,
    "PhaseEncodingDirection": "j",
    "PhaseEncodingPolarityGE": "Flipped",
    "PixelBandwidth": 7812.5,
    "ProcedureStepDescription": "Emociones_AH",
    "ProtocolName": "fMRI_Jalil_3",
    "ReconMatrixPE": 64,
    "RepetitionTime": 2,
    "SAR": 0.169895,
    "ScanOptions": "EPI_GEMS_ACC_GEMS",
    "ScanningSequence": "EP_GR",
    "SequenceVariant": "SS",
    "SeriesDescription": "fMRI_Jalil_3",
    "SeriesNumber": 7,
    "SliceThickness": 4,
    "SliceTiming": [
      0,
      1.0285,
      0.0571001,
      1.0857,
      0.1142,
      1.1428,
      0.1714,
      1.2,
      0.2285,
      1.2571,
      0.2857,
      1.3143,
      0.3428,
      1.3714,
      0.4,
      1.4286,
      0.4571,
      1.4857,
      0.5142,
      1.5428,
      0.5714,
      1.6,
      0.6285,
      1.6571,
      0.6857,
      1.7143,
      0.7428,
      1.7714,
      0.8,
      1.8285,
      0.8571,
      1.8857,
      0.9143,
      1.9428,
      0.9714
    ],
    "SoftwareVersions": "27_LX_MR_Software_release:DV26.0_R02_1810.b",
    "SpacingBetweenSlices": 4,
    "StationName": "GEHCGEHC",
    "TaskName": "eah",
    "TotalReadoutTime": 0.023436,
    "dataset": "unknown",
    "modality": "bold",
    "run_id": 3,
    "subject_id": "35",
    "task_id": "eah"
  },
  "dummy_trs": 0,
  "dvars_nstd": 16.92068567011858,
  "dvars_std": 1.1577200596442694,
  "dvars_vstd": 0.9892285075889329,
  "efc": 0.33215409332145407,
  "fber": 98478.875,
  "fd_mean": 0.07857703767041851,
  "fd_num": 10,
  "fd_perc": 3.937007874015748,
  "fwhm_avg": 2.741941666666667,
  "fwhm_x": 2.689875,
  "fwhm_y": 2.8368,
  "fwhm_z": 2.69915,
  "gcor": 0.0315935,
  "gsr_x": -0.004736617207527161,
  "gsr_y": -0.0007226822199299932,
  "provenance": {
    "md5sum": "9bdd063844e5cbb415fadb87db3db65c",
    "settings": {
      "fd_thres": 0.2,
      "hmc_fsl": false
    },
    "software": "mriqc",
    "version": "0.15.2rc1",
    "webapi_port": null,
    "webapi_url": "https://mriqc.nimh.nih.gov/api/v1"
  },
  "size_t": 254,
  "size_x": 64,
  "size_y": 64,
  "size_z": 35,
  "snr": 2.9844067938877608,
  "spacing_tr": 2.0,
  "spacing_x": 4.0,
  "spacing_y": 4.0,
  "spacing_z": 4.0,
  "summary_bg_k": 135.60763546224223,
  "summary_bg_mad": 7.716536045074463,
  "summary_bg_mean": 19.56571388244629,
  "summary_bg_median": 5.897637844085693,
  "summary_bg_n": 99048.0,
  "summary_bg_p05": 0.17322835326194763,
  "summary_bg_p95": 69.86476440429685,
  "summary_bg_stdv": 60.938331604003906,
  "summary_fg_k": 0.6766112503122077,
  "summary_fg_mad": 519.6287231445312,
  "summary_fg_mean": 1908.685791015625,
  "summary_fg_median": 1853.6102294921875,
  "summary_fg_n": 16967.0,
  "summary_fg_p05": 922.3582763671875,
  "summary_fg_p95": 3046.1098144531243,
  "summary_fg_stdv": 621.080078125,
  "tsnr": 75.00373077392578
}