{
  "aor": 0.0024448000000000004,
  "aqi": 0.002473744133333333,
  "bids_meta": {
    "AcquisitionMatrixPE": 64,
    "AcquisitionNumber": 1,
    "AcquisitionTime": "18:54:59.000000",
    "BodyPartExamined": "HEAD",
    "CoilString": "32Ch_Head",
    "ConversionSoftware": "dcm2niix",
    "ConversionSoftwareVersion": "v1.0.20181125  (JP2:OpenJPEG) GCC7.3.0",
    "DeviceSerialNumber": "0002806034DVR750",
    "EchoTime": 0.04,
    "EffectiveEchoSpacing": 0.000372,
    "FlipAngle": 90,
    "ImageOrientationPatientDICOM": [
      1,
      0,
      0,
      0,
      1,
      0
    ],
    "ImageType": [
      "ORIGINAL",
      "PRIMARY",
      "EPI",
      "NONE"
    ],
    "ImagingFrequency": 127.772,
    "InPlanePhaseEncodingDirectionDICOM": "COL",
    "InstitutionName": "INSTITUTO_DE_NEUROBIOLOGIA",
    "MRAcquisitionType": "2D",
    "MagneticFieldStrength": 3,
    "Manufacturer": "GE",
    "ManufacturersModelName": "DISCOVERY_MR750",
    "Modality": "MR",
    "PatientPosition": "HFS",
    "PercentPhaseFOV": 100,
    "PhaseEncodingDirection": "j",
    "PhaseEncodingPolarityGE": "Flipped",
    "PixelBandwidth": 7812.5,
    "ProcedureStepDescription": "Emociones_AH",
    "ProtocolName": "fMRI_Jalil_4",
    "ReconMatrixPE": 64,
    "RepetitionTime": 2,
    "SAR": 0.169895,
    "ScanOptions": "EPI_GEMS_ACC_GEMS",
    "ScanningSequence": "EP_GR",
    "SequenceVariant": "SS",
    "SeriesDescription": "fMRI_Jalil_4",
    "SeriesNumber": 8,
    "SliceThickness": 4,
    "SliceTiming": [
      0,
      1.0285,
      0.0571001,
      1.0857,
      0.1142,
      1.1428,
      0.1714,
      1.2,
      0.2285,
      1.2571,
      0.2857,
      1.3143,
      0.3428,
      1.3714,
      0.4,
      1.4286,
      0.4571,
      1.4857,
      0.5142,
      1.5428,
      0.5714,
      1.6,
      0.6285,
      1.6571,
      0.6857,
      1.7143,
      0.7428,
      1.7714,
      0.8,
      1.8285,
      0.8571,
      1.8857,
      0.9143,
      1.9428,
      0.9714
    ],
    "SoftwareVersions": "27_LX_MR_Software_release:DV26.0_R02_1810.b",
    "SpacingBetweenSlices": 4,
    "StationName": "GEHCGEHC",
    "TaskName": "eah",
    "TotalReadoutTime": 0.023436,
    "dataset": "unknown",
    "modality": "bold",
    "run_id": 4,
    "subject_id": "35",
    "task_id": "eah"
  },
  "dummy_trs": 0,
  "dvars_nstd": 17.77053278711409,
  "dvars_std": 1.1324412271812083,
  "dvars_vstd": 0.9930131589261746,
  "efc": 0.33169682248792387,
  "fber": 103690.515625,
  "fd_mean": 0.1223940888873688,
  "fd_num": 16,
  "fd_perc": 10.666666666666666,
  "fwhm_avg": 2.7311083333333332,
  "fwhm_x": 2.689475,
  "fwhm_y": 2.81955,
  "fwhm_z": 2.6843,
  "gcor": 0.0404429,
  "gsr_x": -0.004565328359603882,
  "gsr_y": -0.0012259981594979763,
  "provenance": {
    "md5sum": "b727784f4fe98fd002e636f5d9d4c4ce",
    "settings": {
      "fd_thres": 0.2,
      "hmc_fsl": false
    },
    "software": "mriqc",
    "version": "0.15.2rc1",
    "webapi_port": null,
    "webapi_url": "https://mriqc.nimh.nih.gov/api/v1"
  },
  "size_t": 150,
  "size_x": 64,
  "size_y": 64,
  "size_z": 35,
  "snr": 3.002943687676998,
  "spacing_tr": 2.0,
  "spacing_x": 4.0,
  "spacing_y": 4.0,
  "spacing_z": 4.0,
  "summary_bg_k": 129.5711442440882,
  "summary_bg_mad": 7.551388263702393,
  "summary_bg_mean": 19.779348373413086,
  "summary_bg_median": 5.766666889190674,
  "summary_bg_n": 99263.0,
  "summary_bg_p05": 0.18666666746139526,
  "summary_bg_p95": 70.73867187499992,
  "summary_bg_stdv": 60.79757308959961,
  "summary_fg_k": 0.6897220813477509,
  "summary_fg_mad": 514.186279296875,
  "summary_fg_mean": 1913.805908203125,
  "summary_fg_median": 1853.0667724609375,
  "summary_fg_n": 16805.0,
  "summary_fg_p05": 934.6880249023438,
  "summary_fg_p95": 3038.01484375,
  "summary_fg_stdv": 617.0650634765625,
  "tsnr": 63.318458557128906
}