{
  "bids_meta": {
    "AcquisitionDateTime": "2017-07-12T19:22:39.000000",
    "ConversionSoftware": "dcm2niix",
    "ConversionSoftwareVersion": "v1.0.20170411 GCC4.8.4",
    "EchoTime": 0.00318,
    "FlipAngle": 12,
    "ImageType": [
      "DERIVED",
      "PRIMARY",
      "OTHER"
    ],
    "InversionTime": 0.45,
    "MagneticFieldStrength": 3,
    "Manufacturer": "GE",
    "ManufacturersModelName": "DISCOVERY_MR750",
    "ProcedureStepDescription": "CompMet",
    "ProtocolName": "PU:Sag_T1_FSPGR_BRAVO",
    "RepetitionTime": 0.008156,
    "ScanningSequence": "GR",
    "SequenceVariant": "SS_SP_SK",
    "SeriesDescription": "PU:Sag_T1_FSPGR_BRAVO",
    "dataset": "unknown",
    "modality": "T1w",
    "subject_id": "82"
  },
  "cjv": 0.3970531523931219,
  "cnr": 3.2503021831420598,
  "efc": 0.7383219861753993,
  "fber": 4278.08251953125,
  "fwhm_avg": 3.619963333333333,
  "fwhm_x": 3.63564,
  "fwhm_y": 3.80139,
  "fwhm_z": 3.42286,
  "icvs_csf": 0.18543532645514366,
  "icvs_gm": 0.4475596861437561,
  "icvs_wm": 0.36700498740110027,
  "inu_med": 0.9984647631645203,
  "inu_range": 0.31912662982940687,
  "provenance": {
    "md5sum": "0fc7a7bfd0130af2002159577174a58f",
    "settings": {
      "testing": false
    },
    "software": "mriqc",
    "version": "0.15.2rc1",
    "warnings": {
      "large_rot_frame": true,
      "small_air_mask": false
    },
    "webapi_port": null,
    "webapi_url": "https://mriqc.nimh.nih.gov/api/v1"
  },
  "qi_1": 0.0,
  "qi_2": 0.0032726797759502417,
  "rpve_csf": 26.021786214804433,
  "rpve_gm": 12.237634852135178,
  "rpve_wm": 17.93370736402263,
  "size_x": 176,
  "size_y": 256,
  "size_z": 256,
  "snr_csf": 2.4380982419334547,
  "snr_gm": 10.398893698908584,
  "snr_total": 10.578648732463657,
  "snr_wm": 18.89895425654893,
  "snrd_csf": 27.781502394026187,
  "snrd_gm": 59.76532277123608,
  "snrd_total": 57.11454636613549,
  "snrd_wm": 83.79681393314421,
  "spacing_x": 1.0,
  "spacing_y": 1.0,
  "spacing_z": 1.0,
  "summary_bg_k": 77.63315837349613,
  "summary_bg_mad": 7.818262577056885,
  "summary_bg_mean": 12.331178665161133,
  "summary_bg_median": 5.298856258392334,
  "summary_bg_n": 511873.0,
  "summary_bg_p05": 0.0,
  "summary_bg_p95": 44.69233474731445,
  "summary_bg_stdv": 16.774343490600586,
  "summary_csf_k": -0.9460520506970336,
  "summary_csf_mad": 157.09005737304688,
  "summary_csf_mean": 363.8858947753906,
  "summary_csf_median": 331.5387268066406,
  "summary_csf_n": 9687.0,
  "summary_csf_p05": 185.86727905273438,
  "summary_csf_p95": 581.5777770996093,
  "summary_csf_stdv": 135.97549438476562,
  "summary_gm_k": 0.3974062125927569,
  "summary_gm_mad": 64.6724624633789,
  "summary_gm_mean": 715.1484985351562,
  "summary_gm_median": 713.22705078125,
  "summary_gm_n": 30031.0,
  "summary_gm_p05": 605.183349609375,
  "summary_gm_p95": 832.2823486328125,
  "summary_gm_stdv": 68.58567810058594,
  "summary_wm_k": 0.8812760960289987,
  "summary_wm_mad": 49.197166442871094,
  "summary_wm_mean": 1001.8898315429688,
  "summary_wm_median": 1000.013916015625,
  "summary_wm_n": 220779.0,
  "summary_wm_p05": 918.9182861328125,
  "summary_wm_p95": 1090.84765625,
  "summary_wm_stdv": 52.913597106933594,
  "tpm_overlap_csf": 0.21681606769561768,
  "tpm_overlap_gm": 0.5222039222717285,
  "tpm_overlap_wm": 0.5700327754020691,
  "wm2max": 0.39091932955430947
}