{
  "bids_meta": {
    "AcquisitionMatrixPE": 256,
    "AcquisitionNumber": 1,
    "AcquisitionTime": "21:42:12.000000",
    "CoilString": "32Ch_Head",
    "ConversionSoftware": "dcm2niix",
    "ConversionSoftwareVersion": "v1.0.20190902",
    "Dcm2bidsVersion": "2.1.4",
    "DeviceSerialNumber": "000000000000GEHC",
    "EchoTime": 0.00318,
    "FlipAngle": 12,
    "ImageOrientationPatientDICOM": [
      0,
      1,
      0,
      0,
      0,
      -1
    ],
    "ImageType": [
      "ORIGINAL",
      "PRIMARY",
      "OTHER"
    ],
    "ImagingFrequency": 127.772,
    "InPlanePhaseEncodingDirectionDICOM": "ROW",
    "InstitutionName": "INSTITUTO_DE_NEUROBIOLOGIA",
    "InversionTime": 0.45,
    "MRAcquisitionType": "3D",
    "MagneticFieldStrength": 3,
    "Manufacturer": "GE",
    "ManufacturersModelName": "DISCOVERY_MR750",
    "Modality": "MR",
    "PatientPosition": "HFS",
    "PercentPhaseFOV": 100,
    "PixelBandwidth": 244.141,
    "ProcedureStepDescription": "verbos",
    "ProtocolName": "Sag_T1_FSPGR_BRAVO",
    "ReconMatrixPE": 256,
    "RepetitionTime": 0.008156,
    "SAR": 0.240095,
    "ScanOptions": "FAST_GEMS_EDR_GEMS_FILTERED_GEMS_ACC_GEMS",
    "ScanningSequence": "GR",
    "SequenceVariant": "SS_SP_SK",
    "SeriesDescription": "Sag_T1_FSPGR_BRAVO",
    "SeriesNumber": 15,
    "SliceThickness": 1,
    "SoftwareVersions": "24_LX_MR_Software_release:DV24.0_R02_1607.b",
    "SpacingBetweenSlices": 1,
    "StationName": "GEHCGEHC",
    "dataset": "unknown",
    "modality": "T1w",
    "subject_id": "127"
  },
  "cjv": 0.5043253105697667,
  "cnr": 2.5643736036430065,
  "efc": 0.5882617755013797,
  "fber": 16591.615234375,
  "fwhm_avg": 3.97876,
  "fwhm_x": 3.99699,
  "fwhm_y": 4.13622,
  "fwhm_z": 3.80307,
  "icvs_csf": 0.1911648977308484,
  "icvs_gm": 0.4074989824711492,
  "icvs_wm": 0.40133611979800243,
  "inu_med": 1.1356257200241089,
  "inu_range": 0.5743563890457148,
  "provenance": {
    "md5sum": "cd89e7c86fe5908c0a23db2862331ac5",
    "settings": {
      "testing": false
    },
    "software": "mriqc",
    "version": "0.15.2rc1",
    "warnings": {
      "large_rot_frame": true,
      "small_air_mask": false
    },
    "webapi_port": null,
    "webapi_url": "https://mriqc.nimh.nih.gov/api/v1"
  },
  "qi_1": 0.0001087262629179277,
  "qi_2": 0.0025047505591337636,
  "rpve_csf": 26.7863435865909,
  "rpve_gm": 12.678407895999982,
  "rpve_wm": 14.93202733223346,
  "size_x": 176,
  "size_y": 256,
  "size_z": 256,
  "snr_csf": 3.690717974837439,
  "snr_gm": 10.359174094127082,
  "snr_total": 9.221859920389624,
  "snr_wm": 13.615687692204348,
  "snrd_csf": 58.34436520363741,
  "snrd_gm": 125.14838135059834,
  "snrd_total": 117.86124575456239,
  "snrd_wm": 170.0909907094514,
  "spacing_x": 1.0,
  "spacing_y": 1.0,
  "spacing_z": 1.0,
  "summary_bg_k": 18.05761849259914,
  "summary_bg_mad": 3.8517236709594727,
  "summary_bg_mean": 8.834100723266602,
  "summary_bg_median": 3.289766550064087,
  "summary_bg_n": 1997537.0,
  "summary_bg_p05": 0.0,
  "summary_bg_p95": 35.82830352783202,
  "summary_bg_stdv": 13.348640441894531,
  "summary_csf_k": 1.6973380675757728,
  "summary_csf_mad": 78.08222961425781,
  "summary_csf_mean": 360.39141845703125,
  "summary_csf_median": 343.02227783203125,
  "summary_csf_n": 27880.0,
  "summary_csf_p05": 240.05279006958006,
  "summary_csf_p95": 541.6354095458984,
  "summary_csf_stdv": 92.94021606445312,
  "summary_gm_k": -0.02451374518500904,
  "summary_gm_mad": 70.56395721435547,
  "summary_gm_mean": 735.1441650390625,
  "summary_gm_median": 735.7811279296875,
  "summary_gm_n": 19329.0,
  "summary_gm_p05": 615.8487426757813,
  "summary_gm_p95": 852.730029296875,
  "summary_gm_stdv": 71.0251693725586,
  "summary_wm_k": 2.4383652707714116,
  "summary_wm_mad": 62.69378662109375,
  "summary_wm_mean": 1011.3575439453125,
  "summary_wm_median": 1000.0108642578125,
  "summary_wm_n": 206035.0,
  "summary_wm_p05": 915.2622253417969,
  "summary_wm_p95": 1150.0208129882812,
  "summary_wm_stdv": 73.4453125,
  "tpm_overlap_csf": 0.22087045013904572,
  "tpm_overlap_gm": 0.4744859039783478,
  "tpm_overlap_wm": 0.5279912352561951,
  "wm2max": 0.3489463116411567
}