{
  "aor": 0.010949285714285715,
  "aqi": 0.005468075625,
  "bids_meta": {
    "AcquisitionMatrixPE": 64,
    "AcquisitionNumber": 1,
    "AcquisitionTime": "19:21:20.000000",
    "BodyPartExamined": "BRAIN",
    "CoilString": "32Ch_Head",
    "ConversionSoftware": "dcm2niix",
    "ConversionSoftwareVersion": "v1.0.20181125  (JP2:OpenJPEG) GCC7.3.0",
    "DeviceSerialNumber": "0002806034DVR750",
    "EchoTime": 0.04,
    "EffectiveEchoSpacing": 0.000372,
    "FlipAngle": 90,
    "ImageOrientationPatientDICOM": [
      1,
      0,
      0,
      0,
      1,
      0
    ],
    "ImageType": [
      "ORIGINAL",
      "PRIMARY",
      "EPI",
      "NONE"
    ],
    "ImagingFrequency": 127.772,
    "InPlanePhaseEncodingDirectionDICOM": "COL",
    "InstitutionName": "INSTITUTO_DE_NEUROBIOLOGIA",
    "MRAcquisitionType": "2D",
    "MagneticFieldStrength": 3,
    "Manufacturer": "GE",
    "ManufacturersModelName": "DISCOVERY_MR750",
    "Modality": "MR",
    "PatientPosition": "HFS",
    "PercentPhaseFOV": 100,
    "PhaseEncodingDirection": "j",
    "PhaseEncodingPolarityGE": "Flipped",
    "PixelBandwidth": 7812.5,
    "ProcedureStepDescription": "Emociones_Ah",
    "ProtocolName": "fMRI_Jalil_2",
    "ReconMatrixPE": 64,
    "RepetitionTime": 2,
    "SAR": 0.180827,
    "ScanOptions": "EPI_GEMS_ACC_GEMS",
    "ScanningSequence": "EP_GR",
    "SequenceVariant": "SS",
    "SeriesDescription": "fMRI_Jalil_2",
    "SeriesNumber": 7,
    "SliceThickness": 4,
    "SliceTiming": [
      0,
      1.0285,
      0.0571001,
      1.0857,
      0.1142,
      1.1428,
      0.1714,
      1.2,
      0.2285,
      1.2571,
      0.2857,
      1.3143,
      0.3428,
      1.3714,
      0.4,
      1.4286,
      0.4571,
      1.4857,
      0.5142,
      1.5428,
      0.5714,
      1.6,
      0.6285,
      1.6571,
      0.6857,
      1.7143,
      0.7428,
      1.7714,
      0.8,
      1.8285,
      0.8571,
      1.8857,
      0.9143,
      1.9428,
      0.9714
    ],
    "SoftwareVersions": "27_LX_MR_Software_release:DV26.0_R02_1810.b",
    "SpacingBetweenSlices": 4,
    "StationName": "GEHCGEHC",
    "TaskName": "eah",
    "TotalReadoutTime": 0.023436,
    "dataset": "unknown",
    "modality": "bold",
    "run_id": 2,
    "subject_id": "25",
    "task_id": "eah"
  },
  "dummy_trs": 0,
  "dvars_nstd": 21.250941417982062,
  "dvars_std": 0.9899203171748874,
  "dvars_vstd": 0.9368346194170407,
  "efc": 0.3624634107372651,
  "fber": 53472.421875,
  "fd_mean": 0.19213369993295,
  "fd_num": 41,
  "fd_perc": 18.303571428571427,
  "fwhm_avg": 2.804975,
  "fwhm_x": 2.6804,
  "fwhm_y": 3.00165,
  "fwhm_z": 2.732875,
  "gcor": 0.0392193,
  "gsr_x": -0.003983513917773962,
  "gsr_y": 0.006472401786595583,
  "provenance": {
    "md5sum": "8ad0abf91bd34c4fca70b811e1f87e7b",
    "settings": {
      "fd_thres": 0.2,
      "hmc_fsl": false
    },
    "software": "mriqc",
    "version": "0.15.2rc1",
    "webapi_port": null,
    "webapi_url": "https://mriqc.nimh.nih.gov/api/v1"
  },
  "size_t": 224,
  "size_x": 64,
  "size_y": 64,
  "size_z": 35,
  "snr": 2.877462308562553,
  "spacing_tr": 2.0,
  "spacing_x": 4.0,
  "spacing_y": 4.0,
  "spacing_z": 4.0,
  "summary_bg_k": 104.34384194274132,
  "summary_bg_mad": 10.020803451538086,
  "summary_bg_mean": 40.97196578979492,
  "summary_bg_median": 7.441964626312256,
  "summary_bg_n": 98270.0,
  "summary_bg_p05": 0.3169642984867096,
  "summary_bg_p95": 201.00492477416995,
  "summary_bg_stdv": 122.63573455810547,
  "summary_fg_k": 0.22390942090700472,
  "summary_fg_mad": 564.97412109375,
  "summary_fg_mean": 1773.6875,
  "summary_fg_median": 1762.868408203125,
  "summary_fg_n": 17668.0,
  "summary_fg_p05": 739.2613983154297,
  "summary_fg_p95": 2815.778344726562,
  "summary_fg_stdv": 612.6295776367188,
  "tsnr": 36.34430694580078
}