{
  "aor": 0.009732362204724409,
  "aqi": 0.006110544448818897,
  "bids_meta": {
    "AcquisitionMatrixPE": 64,
    "AcquisitionNumber": 1,
    "AcquisitionTime": "19:30:16.000000",
    "BodyPartExamined": "BRAIN",
    "CoilString": "32Ch_Head",
    "ConversionSoftware": "dcm2niix",
    "ConversionSoftwareVersion": "v1.0.20181125  (JP2:OpenJPEG) GCC7.3.0",
    "DeviceSerialNumber": "0002806034DVR750",
    "EchoTime": 0.04,
    "EffectiveEchoSpacing": 0.000372,
    "FlipAngle": 90,
    "ImageOrientationPatientDICOM": [
      1,
      0,
      0,
      0,
      1,
      0
    ],
    "ImageType": [
      "ORIGINAL",
      "PRIMARY",
      "EPI",
      "NONE"
    ],
    "ImagingFrequency": 127.772,
    "InPlanePhaseEncodingDirectionDICOM": "COL",
    "InstitutionName": "INSTITUTO_DE_NEUROBIOLOGIA",
    "MRAcquisitionType": "2D",
    "MagneticFieldStrength": 3,
    "Manufacturer": "GE",
    "ManufacturersModelName": "DISCOVERY_MR750",
    "Modality": "MR",
    "PatientPosition": "HFS",
    "PercentPhaseFOV": 100,
    "PhaseEncodingDirection": "j",
    "PhaseEncodingPolarityGE": "Flipped",
    "PixelBandwidth": 7812.5,
    "ProcedureStepDescription": "Emociones_Ah",
    "ProtocolName": "fMRI_Jalil_3",
    "ReconMatrixPE": 64,
    "RepetitionTime": 2,
    "SAR": 0.180827,
    "ScanOptions": "EPI_GEMS_ACC_GEMS",
    "ScanningSequence": "EP_GR",
    "SequenceVariant": "SS",
    "SeriesDescription": "fMRI_Jalil_3",
    "SeriesNumber": 8,
    "SliceThickness": 4,
    "SliceTiming": [
      0,
      1.0285,
      0.0571001,
      1.0857,
      0.1142,
      1.1428,
      0.1714,
      1.2,
      0.2285,
      1.2571,
      0.2857,
      1.3143,
      0.3428,
      1.3714,
      0.4,
      1.4286,
      0.4571,
      1.4857,
      0.5142,
      1.5428,
      0.5714,
      1.6,
      0.6285,
      1.6571,
      0.6857,
      1.7143,
      0.7428,
      1.7714,
      0.8,
      1.8285,
      0.8571,
      1.8857,
      0.9143,
      1.9428,
      0.9714
    ],
    "SoftwareVersions": "27_LX_MR_Software_release:DV26.0_R02_1810.b",
    "SpacingBetweenSlices": 4,
    "StationName": "GEHCGEHC",
    "TaskName": "eah",
    "TotalReadoutTime": 0.023436,
    "dataset": "unknown",
    "modality": "bold",
    "run_id": 3,
    "subject_id": "25",
    "task_id": "eah"
  },
  "dummy_trs": 0,
  "dvars_nstd": 18.586010624071143,
  "dvars_std": 1.0080880781027666,
  "dvars_vstd": 0.9578301657707514,
  "efc": 0.3629636661153012,
  "fber": 51104.92578125,
  "fd_mean": 0.16018626933208183,
  "fd_num": 45,
  "fd_perc": 17.716535433070867,
  "fwhm_avg": 2.825816666666667,
  "fwhm_x": 2.69995,
  "fwhm_y": 3.00425,
  "fwhm_z": 2.77325,
  "gcor": 0.0236162,
  "gsr_x": -0.0035669803619384766,
  "gsr_y": 0.007626019883900881,
  "provenance": {
    "md5sum": "d05660bd611f1fa4c7bc47501167e2e5",
    "settings": {
      "fd_thres": 0.2,
      "hmc_fsl": false
    },
    "software": "mriqc",
    "version": "0.15.2rc1",
    "webapi_port": null,
    "webapi_url": "https://mriqc.nimh.nih.gov/api/v1"
  },
  "size_t": 254,
  "size_x": 64,
  "size_y": 64,
  "size_z": 35,
  "snr": 2.8503628285970355,
  "spacing_tr": 2.0,
  "spacing_x": 4.0,
  "spacing_y": 4.0,
  "spacing_z": 4.0,
  "summary_bg_k": 115.03837908994946,
  "summary_bg_mad": 10.319845199584961,
  "summary_bg_mean": 40.88837814331055,
  "summary_bg_median": 7.6299214363098145,
  "summary_bg_n": 98093.0,
  "summary_bg_p05": 0.28740158677101135,
  "summary_bg_p95": 195.16299743652309,
  "summary_bg_stdv": 121.91936492919922,
  "summary_fg_k": 0.2938231757292562,
  "summary_fg_mad": 555.993408203125,
  "summary_fg_mean": 1768.32177734375,
  "summary_fg_median": 1748.590576171875,
  "summary_fg_n": 17705.0,
  "summary_fg_p05": 741.0424926757813,
  "summary_fg_p95": 2820.4882812499986,
  "summary_fg_stdv": 613.4451293945312,
  "tsnr": 37.452964782714844
}