{
  "aor": 0.0036904666666666658,
  "aqi": 0.003386728333333333,
  "bids_meta": {
    "AcquisitionMatrixPE": 64,
    "AcquisitionNumber": 1,
    "AcquisitionTime": "19:40:15.000000",
    "BodyPartExamined": "BRAIN",
    "CoilString": "32Ch_Head",
    "ConversionSoftware": "dcm2niix",
    "ConversionSoftwareVersion": "v1.0.20181125  (JP2:OpenJPEG) GCC7.3.0",
    "DeviceSerialNumber": "0002806034DVR750",
    "EchoTime": 0.04,
    "EffectiveEchoSpacing": 0.000372,
    "FlipAngle": 90,
    "ImageOrientationPatientDICOM": [
      1,
      0,
      0,
      0,
      1,
      0
    ],
    "ImageType": [
      "ORIGINAL",
      "PRIMARY",
      "EPI",
      "NONE"
    ],
    "ImagingFrequency": 127.772,
    "InPlanePhaseEncodingDirectionDICOM": "COL",
    "InstitutionName": "INSTITUTO_DE_NEUROBIOLOGIA",
    "MRAcquisitionType": "2D",
    "MagneticFieldStrength": 3,
    "Manufacturer": "GE",
    "ManufacturersModelName": "DISCOVERY_MR750",
    "Modality": "MR",
    "PatientPosition": "HFS",
    "PercentPhaseFOV": 100,
    "PhaseEncodingDirection": "j",
    "PhaseEncodingPolarityGE": "Flipped",
    "PixelBandwidth": 7812.5,
    "ProcedureStepDescription": "Emociones_Ah",
    "ProtocolName": "fMRI_Jalil_4",
    "ReconMatrixPE": 64,
    "RepetitionTime": 2,
    "SAR": 0.180827,
    "ScanOptions": "EPI_GEMS_ACC_GEMS",
    "ScanningSequence": "EP_GR",
    "SequenceVariant": "SS",
    "SeriesDescription": "fMRI_Jalil_4",
    "SeriesNumber": 9,
    "SliceThickness": 4,
    "SliceTiming": [
      0,
      1.0285,
      0.0571001,
      1.0857,
      0.1142,
      1.1428,
      0.1714,
      1.2,
      0.2285,
      1.2571,
      0.2857,
      1.3143,
      0.3428,
      1.3714,
      0.4,
      1.4286,
      0.4571,
      1.4857,
      0.5142,
      1.5428,
      0.5714,
      1.6,
      0.6285,
      1.6571,
      0.6857,
      1.7143,
      0.7428,
      1.7714,
      0.8,
      1.8285,
      0.8571,
      1.8857,
      0.9143,
      1.9428,
      0.9714
    ],
    "SoftwareVersions": "27_LX_MR_Software_release:DV26.0_R02_1810.b",
    "SpacingBetweenSlices": 4,
    "StationName": "GEHCGEHC",
    "TaskName": "eah",
    "TotalReadoutTime": 0.023436,
    "dataset": "unknown",
    "modality": "bold",
    "run_id": 4,
    "subject_id": "25",
    "task_id": "eah"
  },
  "dummy_trs": 0,
  "dvars_nstd": 15.302595464832214,
  "dvars_std": 1.0182106874496646,
  "dvars_vstd": 0.9457578589261745,
  "efc": 0.3628199136335489,
  "fber": 52399.19921875,
  "fd_mean": 0.09597868413437532,
  "fd_num": 11,
  "fd_perc": 7.333333333333333,
  "fwhm_avg": 2.795291666666666,
  "fwhm_x": 2.680275,
  "fwhm_y": 2.98185,
  "fwhm_z": 2.72375,
  "gcor": 0.0215491,
  "gsr_x": -0.004188760183751583,
  "gsr_y": 0.0062926956452429295,
  "provenance": {
    "md5sum": "e81a24ac96c23f57c2dfa99cc12f32a3",
    "settings": {
      "fd_thres": 0.2,
      "hmc_fsl": false
    },
    "software": "mriqc",
    "version": "0.15.2rc1",
    "webapi_port": null,
    "webapi_url": "https://mriqc.nimh.nih.gov/api/v1"
  },
  "size_t": 150,
  "size_x": 64,
  "size_y": 64,
  "size_z": 35,
  "snr": 2.878255363699319,
  "spacing_tr": 2.0,
  "spacing_x": 4.0,
  "spacing_y": 4.0,
  "spacing_z": 4.0,
  "summary_bg_k": 97.72437341180316,
  "summary_bg_mad": 10.279376029968262,
  "summary_bg_mean": 41.194644927978516,
  "summary_bg_median": 7.586667060852051,
  "summary_bg_n": 98203.0,
  "summary_bg_p05": 0.25333333015441895,
  "summary_bg_p95": 202.94600524902302,
  "summary_bg_stdv": 123.16297149658203,
  "summary_fg_k": 0.29725965918952735,
  "summary_fg_mad": 558.2391967773438,
  "summary_fg_mean": 1790.2178955078125,
  "summary_fg_median": 1770.2900390625,
  "summary_fg_n": 17692.0,
  "summary_fg_p05": 756.9450103759766,
  "summary_fg_p95": 2852.1364257812506,
  "summary_fg_stdv": 615.0392456054688,
  "tsnr": 56.02091979980469
}