{
  "aor": 0.0038660330578512395,
  "aqi": 0.003152582586776859,
  "bids_meta": {
    "AcquisitionMatrixPE": 64,
    "AcquisitionNumber": 1,
    "AcquisitionTime": "19:12:15.000000",
    "BodyPartExamined": "BRAIN",
    "CoilString": "32Ch_Head",
    "ConversionSoftware": "dcm2niix",
    "ConversionSoftwareVersion": "v1.0.20181125  (JP2:OpenJPEG) GCC7.3.0",
    "DeviceSerialNumber": "0002806034DVR750",
    "EchoTime": 0.04,
    "EffectiveEchoSpacing": 0.000372,
    "FlipAngle": 90,
    "ImageOrientationPatientDICOM": [
      1,
      0,
      0,
      0,
      1,
      0
    ],
    "ImageType": [
      "ORIGINAL",
      "PRIMARY",
      "EPI",
      "NONE"
    ],
    "ImagingFrequency": 127.772,
    "InPlanePhaseEncodingDirectionDICOM": "COL",
    "InstitutionName": "INSTITUTO_DE_NEUROBIOLOGIA",
    "MRAcquisitionType": "2D",
    "MagneticFieldStrength": 3,
    "Manufacturer": "GE",
    "ManufacturersModelName": "DISCOVERY_MR750",
    "Modality": "MR",
    "PatientPosition": "HFS",
    "PercentPhaseFOV": 100,
    "PhaseEncodingDirection": "j",
    "PhaseEncodingPolarityGE": "Flipped",
    "PixelBandwidth": 7812.5,
    "ProcedureStepDescription": "Emociones_Ah",
    "ProtocolName": "fMRI_Jalil_1",
    "ReconMatrixPE": 64,
    "RepetitionTime": 2,
    "SAR": 0.180827,
    "ScanOptions": "EPI_GEMS_ACC_GEMS",
    "ScanningSequence": "EP_GR",
    "SequenceVariant": "SS",
    "SeriesDescription": "fMRI_Jalil_1",
    "SeriesNumber": 6,
    "SliceThickness": 4,
    "SliceTiming": [
      0,
      1.0285,
      0.0571001,
      1.0857,
      0.1142,
      1.1428,
      0.1714,
      1.2,
      0.2285,
      1.2571,
      0.2857,
      1.3143,
      0.3428,
      1.3714,
      0.4,
      1.4286,
      0.4571,
      1.4857,
      0.5142,
      1.5428,
      0.5714,
      1.6,
      0.6285,
      1.6571,
      0.6857,
      1.7143,
      0.7428,
      1.7714,
      0.8,
      1.8285,
      0.8571,
      1.8857,
      0.9143,
      1.9428,
      0.9714
    ],
    "SoftwareVersions": "27_LX_MR_Software_release:DV26.0_R02_1810.b",
    "SpacingBetweenSlices": 4,
    "StationName": "GEHCGEHC",
    "TaskName": "eah",
    "TotalReadoutTime": 0.023436,
    "dataset": "unknown",
    "modality": "bold",
    "run_id": 1,
    "subject_id": "25",
    "task_id": "eah"
  },
  "dummy_trs": 0,
  "dvars_nstd": 17.259051065643156,
  "dvars_std": 1.0853315260165983,
  "dvars_vstd": 0.9778099389626558,
  "efc": 0.36048715353629546,
  "fber": 52331.1875,
  "fd_mean": 0.1131473253309262,
  "fd_num": 21,
  "fd_perc": 8.677685950413224,
  "fwhm_avg": 2.776108333333333,
  "fwhm_x": 2.66215,
  "fwhm_y": 2.970675,
  "fwhm_z": 2.6955,
  "gcor": 0.0298351,
  "gsr_x": -0.0046830857172608376,
  "gsr_y": 0.006326479371637106,
  "provenance": {
    "md5sum": "fbe73521b0d89677f7f1570913f343f2",
    "settings": {
      "fd_thres": 0.2,
      "hmc_fsl": false
    },
    "software": "mriqc",
    "version": "0.15.2rc1",
    "webapi_port": null,
    "webapi_url": "https://mriqc.nimh.nih.gov/api/v1"
  },
  "size_t": 242,
  "size_x": 64,
  "size_y": 64,
  "size_z": 35,
  "snr": 2.9260611043930345,
  "spacing_tr": 2.0,
  "spacing_x": 4.0,
  "spacing_y": 4.0,
  "spacing_z": 4.0,
  "summary_bg_k": 115.14850924452749,
  "summary_bg_mad": 10.071892738342285,
  "summary_bg_mean": 39.44633102416992,
  "summary_bg_median": 7.433884143829346,
  "summary_bg_n": 98393.0,
  "summary_bg_p05": 0.24380163848400116,
  "summary_bg_p95": 190.65536193847635,
  "summary_bg_stdv": 119.42146301269531,
  "summary_fg_k": 0.0926066546849369,
  "summary_fg_mad": 566.82568359375,
  "summary_fg_mean": 1757.2991943359375,
  "summary_fg_median": 1749.52880859375,
  "summary_fg_n": 17489.0,
  "summary_fg_p05": 761.0462280273438,
  "summary_fg_p95": 2763.9841308593745,
  "summary_fg_stdv": 597.8955078125,
  "tsnr": 55.61955261230469
}