{
  "bids_meta": {
    "AcquisitionDateTime": "2017-04-27T19:52:21.000000",
    "ConversionSoftware": "dcm2niix",
    "ConversionSoftwareVersion": "v1.0.20170411 GCC4.8.4",
    "EchoTime": 0.00318,
    "FlipAngle": 12,
    "ImageType": [
      "DERIVED",
      "PRIMARY",
      "OTHER"
    ],
    "InversionTime": 0.45,
    "MagneticFieldStrength": 3,
    "Manufacturer": "GE",
    "ManufacturersModelName": "DISCOVERY_MR750",
    "ProcedureStepDescription": "ActosHabla",
    "ProtocolName": "PU:Sag_T1_FSPGR_BRAVO",
    "RepetitionTime": 0.008156,
    "ScanningSequence": "GR",
    "SequenceVariant": "SS_SP_SK",
    "SeriesDescription": "PU:Sag_T1_FSPGR_BRAVO",
    "dataset": "unknown",
    "modality": "T1w",
    "subject_id": "20"
  },
  "cjv": 0.35655780743639204,
  "cnr": 3.738887070421697,
  "efc": 0.7347851270380242,
  "fber": 10558.525390625,
  "fwhm_avg": 3.49767,
  "fwhm_x": 3.5316,
  "fwhm_y": 3.69826,
  "fwhm_z": 3.26315,
  "icvs_csf": 0.1814770705099573,
  "icvs_gm": 0.44624099088141733,
  "icvs_wm": 0.37228193860862535,
  "inu_med": 1.310741901397705,
  "inu_range": 0.24315966963767988,
  "provenance": {
    "md5sum": "8e1bef07810e7f8d75b8c53d8d93e81e",
    "settings": {
      "testing": false
    },
    "software": "mriqc",
    "version": "0.15.2rc1",
    "warnings": {
      "large_rot_frame": true,
      "small_air_mask": false
    },
    "webapi_port": null,
    "webapi_url": "https://mriqc.nimh.nih.gov/api/v1"
  },
  "qi_1": 0.0029252886157228176,
  "qi_2": 0.002564679341590134,
  "rpve_csf": 30.374132142421463,
  "rpve_gm": 14.058506152856538,
  "rpve_wm": 20.0035638465819,
  "size_x": 176,
  "size_y": 256,
  "size_z": 256,
  "snr_csf": 3.0827217550876655,
  "snr_gm": 11.172063460773606,
  "snr_total": 11.636683355425014,
  "snr_wm": 20.65526485041377,
  "snrd_csf": 45.286926390275106,
  "snrd_gm": 93.35542117370368,
  "snrd_total": 90.61680549558679,
  "snrd_wm": 133.2080689227816,
  "spacing_x": 1.0,
  "spacing_y": 1.0,
  "spacing_z": 1.0,
  "summary_bg_k": 5.4830078310469705,
  "summary_bg_mad": 4.918149948120117,
  "summary_bg_mean": 8.720102310180664,
  "summary_bg_median": 4.082622051239014,
  "summary_bg_n": 370192.0,
  "summary_bg_p05": 0.0,
  "summary_bg_p95": 31.817782020568877,
  "summary_bg_stdv": 11.134016990661621,
  "summary_csf_k": -0.39027564611000987,
  "summary_csf_mad": 125.08171844482422,
  "summary_csf_mean": 353.15557861328125,
  "summary_csf_median": 339.9718017578125,
  "summary_csf_n": 12141.0,
  "summary_csf_p05": 198.18287658691406,
  "summary_csf_p95": 538.478271484375,
  "summary_csf_stdv": 110.27845764160156,
  "summary_gm_k": 0.13125300065321843,
  "summary_gm_mad": 60.98902893066406,
  "summary_gm_mean": 702.1553955078125,
  "summary_gm_median": 700.8250122070312,
  "summary_gm_n": 30493.0,
  "summary_gm_p05": 600.2231811523437,
  "summary_gm_p95": 807.3562377929686,
  "summary_gm_stdv": 62.729103088378906,
  "summary_wm_k": 0.7080224071445365,
  "summary_wm_mad": 45.684627532958984,
  "summary_wm_mean": 1000.361572265625,
  "summary_wm_median": 1000.0013427734375,
  "summary_wm_n": 192366.0,
  "summary_wm_p05": 921.6016082763672,
  "summary_wm_p95": 1079.171875,
  "summary_wm_stdv": 48.41374588012695,
  "tpm_overlap_csf": 0.22657567262649536,
  "tpm_overlap_gm": 0.5208185315132141,
  "tpm_overlap_wm": 0.5634593367576599,
  "wm2max": 0.43642787629877083
}