{
  "aor": 0.0014965625,
  "aqi": 0.0014010160625,
  "bids_meta": {
    "AcquisitionMatrixPE": 64,
    "AcquisitionNumber": 1,
    "AcquisitionTime": "18:46:27.000000",
    "BodyPartExamined": "HEAD",
    "CoilString": "32Ch_Head",
    "ConversionSoftware": "dcm2niix",
    "ConversionSoftwareVersion": "v1.0.20181125  (JP2:OpenJPEG) GCC7.3.0",
    "DeviceSerialNumber": "0002806034DVR750",
    "EchoTime": 0.04,
    "EffectiveEchoSpacing": 0.000372,
    "FlipAngle": 90,
    "ImageOrientationPatientDICOM": [
      1,
      0,
      0,
      0,
      1,
      0
    ],
    "ImageType": [
      "ORIGINAL",
      "PRIMARY",
      "EPI",
      "NONE"
    ],
    "ImagingFrequency": 127.772,
    "InPlanePhaseEncodingDirectionDICOM": "COL",
    "InstitutionName": "INSTITUTO_DE_NEUROBIOLOGIA",
    "MRAcquisitionType": "2D",
    "MagneticFieldStrength": 3,
    "Manufacturer": "GE",
    "ManufacturersModelName": "DISCOVERY_MR750",
    "Modality": "MR",
    "PatientPosition": "HFS",
    "PercentPhaseFOV": 100,
    "PhaseEncodingDirection": "j",
    "PhaseEncodingPolarityGE": "Flipped",
    "PixelBandwidth": 7812.5,
    "ProcedureStepDescription": "Emociones_AH",
    "ProtocolName": "fMRI_Jalil_2",
    "ReconMatrixPE": 64,
    "RepetitionTime": 2,
    "SAR": 0.178342,
    "ScanOptions": "EPI_GEMS_ACC_GEMS",
    "ScanningSequence": "EP_GR",
    "SequenceVariant": "SS",
    "SeriesDescription": "fMRI_Jalil_2",
    "SeriesNumber": 7,
    "SliceThickness": 4,
    "SliceTiming": [
      0,
      1.0285,
      0.0571001,
      1.0857,
      0.1142,
      1.1428,
      0.1714,
      1.2,
      0.2285,
      1.2571,
      0.2857,
      1.3143,
      0.3428,
      1.3714,
      0.4,
      1.4286,
      0.4571,
      1.4857,
      0.5142,
      1.5428,
      0.5714,
      1.6,
      0.6285,
      1.6571,
      0.6857,
      1.7143,
      0.7428,
      1.7714,
      0.8,
      1.8285,
      0.8571,
      1.8857,
      0.9143,
      1.9428,
      0.9714
    ],
    "SoftwareVersions": "27_LX_MR_Software_release:DV26.0_R02_1810.b",
    "SpacingBetweenSlices": 4,
    "StationName": "GEHCGEHC",
    "TaskName": "eah",
    "TotalReadoutTime": 0.023436,
    "dataset": "unknown",
    "modality": "bold",
    "run_id": 2,
    "subject_id": "31",
    "task_id": "eah"
  },
  "dummy_trs": 0,
  "dvars_nstd": 13.611827199999992,
  "dvars_std": 1.0444592065919287,
  "dvars_vstd": 0.9585827066816144,
  "efc": 0.3791689208555523,
  "fber": 76437.171875,
  "fd_mean": 0.0607119649310601,
  "fd_num": 4,
  "fd_perc": 1.7857142857142858,
  "fwhm_avg": 2.798675,
  "fwhm_x": 2.67585,
  "fwhm_y": 2.888075,
  "fwhm_z": 2.8321,
  "gcor": 0.02077,
  "gsr_x": -0.009185189381241798,
  "gsr_y": 0.005535309202969074,
  "provenance": {
    "md5sum": "52b3ca7509603a1fca01dcd4b4bebbc2",
    "settings": {
      "fd_thres": 0.2,
      "hmc_fsl": false
    },
    "software": "mriqc",
    "version": "0.15.2rc1",
    "webapi_port": null,
    "webapi_url": "https://mriqc.nimh.nih.gov/api/v1"
  },
  "size_t": 224,
  "size_x": 64,
  "size_y": 64,
  "size_z": 35,
  "snr": 2.7695136200501733,
  "spacing_tr": 2.0,
  "spacing_x": 4.0,
  "spacing_y": 4.0,
  "spacing_z": 4.0,
  "summary_bg_k": 158.2174201368391,
  "summary_bg_mad": 8.716907501220703,
  "summary_bg_mean": 26.33265495300293,
  "summary_bg_median": 6.441964626312256,
  "summary_bg_n": 93137.0,
  "summary_bg_p05": 0.15625,
  "summary_bg_p95": 104.9250030517578,
  "summary_bg_stdv": 82.72016143798828,
  "summary_fg_k": 0.16062315144113537,
  "summary_fg_mad": 615.7531127929688,
  "summary_fg_mean": 1892.144287109375,
  "summary_fg_median": 1843.482177734375,
  "summary_fg_n": 21902.0,
  "summary_fg_p05": 824.5265808105469,
  "summary_fg_p95": 3090.7736816406255,
  "summary_fg_stdv": 665.6187133789062,
  "tsnr": 78.80928802490234
}