{
  "aor": 0.0021835826771653545,
  "aqi": 0.0020738061141732287,
  "bids_meta": {
    "AcquisitionMatrixPE": 64,
    "AcquisitionNumber": 1,
    "AcquisitionTime": "18:54:39.000000",
    "BodyPartExamined": "HEAD",
    "CoilString": "32Ch_Head",
    "ConversionSoftware": "dcm2niix",
    "ConversionSoftwareVersion": "v1.0.20181125  (JP2:OpenJPEG) GCC7.3.0",
    "DeviceSerialNumber": "0002806034DVR750",
    "EchoTime": 0.04,
    "EffectiveEchoSpacing": 0.000372,
    "FlipAngle": 90,
    "ImageOrientationPatientDICOM": [
      1,
      0,
      0,
      0,
      1,
      0
    ],
    "ImageType": [
      "ORIGINAL",
      "PRIMARY",
      "EPI",
      "NONE"
    ],
    "ImagingFrequency": 127.772,
    "InPlanePhaseEncodingDirectionDICOM": "COL",
    "InstitutionName": "INSTITUTO_DE_NEUROBIOLOGIA",
    "MRAcquisitionType": "2D",
    "MagneticFieldStrength": 3,
    "Manufacturer": "GE",
    "ManufacturersModelName": "DISCOVERY_MR750",
    "Modality": "MR",
    "PatientPosition": "HFS",
    "PercentPhaseFOV": 100,
    "PhaseEncodingDirection": "j",
    "PhaseEncodingPolarityGE": "Flipped",
    "PixelBandwidth": 7812.5,
    "ProcedureStepDescription": "Emociones_AH",
    "ProtocolName": "fMRI_Jalil_3",
    "ReconMatrixPE": 64,
    "RepetitionTime": 2,
    "SAR": 0.178342,
    "ScanOptions": "EPI_GEMS_ACC_GEMS",
    "ScanningSequence": "EP_GR",
    "SequenceVariant": "SS",
    "SeriesDescription": "fMRI_Jalil_3",
    "SeriesNumber": 8,
    "SliceThickness": 4,
    "SliceTiming": [
      0,
      1.0285,
      0.0571001,
      1.0857,
      0.1142,
      1.1428,
      0.1714,
      1.2,
      0.2285,
      1.2571,
      0.2857,
      1.3143,
      0.3428,
      1.3714,
      0.4,
      1.4286,
      0.4571,
      1.4857,
      0.5142,
      1.5428,
      0.5714,
      1.6,
      0.6285,
      1.6571,
      0.6857,
      1.7143,
      0.7428,
      1.7714,
      0.8,
      1.8285,
      0.8571,
      1.8857,
      0.9143,
      1.9428,
      0.9714
    ],
    "SoftwareVersions": "27_LX_MR_Software_release:DV26.0_R02_1810.b",
    "SpacingBetweenSlices": 4,
    "StationName": "GEHCGEHC",
    "TaskName": "eah",
    "TotalReadoutTime": 0.023436,
    "dataset": "unknown",
    "modality": "bold",
    "run_id": 3,
    "subject_id": "31",
    "task_id": "eah"
  },
  "dummy_trs": 0,
  "dvars_nstd": 14.227171419644277,
  "dvars_std": 1.0732557146640325,
  "dvars_vstd": 0.9794810333201582,
  "efc": 0.3798521660285504,
  "fber": 75792.234375,
  "fd_mean": 0.05686446780370153,
  "fd_num": 3,
  "fd_perc": 1.1811023622047243,
  "fwhm_avg": 2.814766666666667,
  "fwhm_x": 2.682675,
  "fwhm_y": 2.90965,
  "fwhm_z": 2.851975,
  "gcor": 0.041198,
  "gsr_x": -0.00928854662925005,
  "gsr_y": 0.006250392179936171,
  "provenance": {
    "md5sum": "ba64c6fd577488bdba432e601192838f",
    "settings": {
      "fd_thres": 0.2,
      "hmc_fsl": false
    },
    "software": "mriqc",
    "version": "0.15.2rc1",
    "webapi_port": null,
    "webapi_url": "https://mriqc.nimh.nih.gov/api/v1"
  },
  "size_t": 254,
  "size_x": 64,
  "size_y": 64,
  "size_z": 35,
  "snr": 2.7497634326665517,
  "spacing_tr": 2.0,
  "spacing_x": 4.0,
  "spacing_y": 4.0,
  "spacing_z": 4.0,
  "summary_bg_k": 179.95609577262977,
  "summary_bg_mad": 8.688399314880371,
  "summary_bg_mean": 26.429485321044922,
  "summary_bg_median": 6.450787544250488,
  "summary_bg_n": 92956.0,
  "summary_bg_p05": 0.16535432636737823,
  "summary_bg_p95": 105.24606323242188,
  "summary_bg_stdv": 84.05580139160156,
  "summary_fg_k": 0.15966303510646584,
  "summary_fg_mad": 618.679931640625,
  "summary_fg_mean": 1890.2803955078125,
  "summary_fg_median": 1839.001953125,
  "summary_fg_n": 22014.0,
  "summary_fg_p05": 824.2923156738282,
  "summary_fg_p95": 3089.7165649414064,
  "summary_fg_stdv": 668.7703247070312,
  "tsnr": 66.26152038574219
}