{
  "aor": 0.0037688429752066126,
  "aqi": 0.0016311232975206613,
  "bids_meta": {
    "AcquisitionMatrixPE": 64,
    "AcquisitionNumber": 1,
    "AcquisitionTime": "18:36:1.000000",
    "BodyPartExamined": "HEAD",
    "CoilString": "32Ch_Head",
    "ConversionSoftware": "dcm2niix",
    "ConversionSoftwareVersion": "v1.0.20181125  (JP2:OpenJPEG) GCC7.3.0",
    "DeviceSerialNumber": "0002806034DVR750",
    "EchoTime": 0.04,
    "EffectiveEchoSpacing": 0.000372,
    "FlipAngle": 90,
    "ImageOrientationPatientDICOM": [
      1,
      0,
      0,
      0,
      1,
      0
    ],
    "ImageType": [
      "ORIGINAL",
      "PRIMARY",
      "EPI",
      "NONE"
    ],
    "ImagingFrequency": 127.772,
    "InPlanePhaseEncodingDirectionDICOM": "COL",
    "InstitutionName": "INSTITUTO_DE_NEUROBIOLOGIA",
    "MRAcquisitionType": "2D",
    "MagneticFieldStrength": 3,
    "Manufacturer": "GE",
    "ManufacturersModelName": "DISCOVERY_MR750",
    "Modality": "MR",
    "PatientPosition": "HFS",
    "PercentPhaseFOV": 100,
    "PhaseEncodingDirection": "j",
    "PhaseEncodingPolarityGE": "Flipped",
    "PixelBandwidth": 7812.5,
    "ProcedureStepDescription": "Emociones_AH",
    "ProtocolName": "fMRI_Jalil_1",
    "ReconMatrixPE": 64,
    "RepetitionTime": 2,
    "SAR": 0.178342,
    "ScanOptions": "EPI_GEMS_ACC_GEMS",
    "ScanningSequence": "EP_GR",
    "SequenceVariant": "SS",
    "SeriesDescription": "fMRI_Jalil_1",
    "SeriesNumber": 5,
    "SliceThickness": 4,
    "SliceTiming": [
      0,
      1.0285,
      0.0571001,
      1.0857,
      0.1142,
      1.1428,
      0.1714,
      1.2,
      0.2285,
      1.2571,
      0.2857,
      1.3143,
      0.3428,
      1.3714,
      0.4,
      1.4286,
      0.4571,
      1.4857,
      0.5142,
      1.5428,
      0.5714,
      1.6,
      0.6285,
      1.6571,
      0.6857,
      1.7143,
      0.7428,
      1.7714,
      0.8,
      1.8285,
      0.8571,
      1.8857,
      0.9143,
      1.9428,
      0.9714
    ],
    "SoftwareVersions": "27_LX_MR_Software_release:DV26.0_R02_1810.b",
    "SpacingBetweenSlices": 4,
    "StationName": "GEHCGEHC",
    "TaskName": "eah",
    "TotalReadoutTime": 0.023436,
    "dataset": "unknown",
    "modality": "bold",
    "run_id": 1,
    "subject_id": "31",
    "task_id": "eah"
  },
  "dummy_trs": 0,
  "dvars_nstd": 13.831703736556006,
  "dvars_std": 1.0873680676348547,
  "dvars_vstd": 1.0027060779668049,
  "efc": 0.3789286635909992,
  "fber": 79894.671875,
  "fd_mean": 0.06707296249231609,
  "fd_num": 6,
  "fd_perc": 2.479338842975207,
  "fwhm_avg": 2.8225,
  "fwhm_x": 2.6968,
  "fwhm_y": 2.911225,
  "fwhm_z": 2.859475,
  "gcor": 0.0407457,
  "gsr_x": -0.00908158253878355,
  "gsr_y": 0.004886455833911896,
  "provenance": {
    "md5sum": "32e089a7813221e36004957db35717d3",
    "settings": {
      "fd_thres": 0.2,
      "hmc_fsl": false
    },
    "software": "mriqc",
    "version": "0.15.2rc1",
    "webapi_port": null,
    "webapi_url": "https://mriqc.nimh.nih.gov/api/v1"
  },
  "size_t": 242,
  "size_x": 64,
  "size_y": 64,
  "size_z": 35,
  "snr": 2.7579252986545146,
  "spacing_tr": 2.0,
  "spacing_x": 4.0,
  "spacing_y": 4.0,
  "spacing_z": 4.0,
  "summary_bg_k": 152.56407755637,
  "summary_bg_mad": 8.56478500366211,
  "summary_bg_mean": 25.890823364257812,
  "summary_bg_median": 6.338842868804932,
  "summary_bg_n": 93003.0,
  "summary_bg_p05": 0.14049586653709412,
  "summary_bg_p95": 102.77809753417952,
  "summary_bg_stdv": 81.91211700439453,
  "summary_fg_k": 0.14697622047157832,
  "summary_fg_mad": 623.446533203125,
  "summary_fg_mean": 1892.5355224609375,
  "summary_fg_median": 1849.04541015625,
  "summary_fg_n": 22014.0,
  "summary_fg_p05": 816.2340545654297,
  "summary_fg_p95": 3089.7551391601564,
  "summary_fg_stdv": 670.4327392578125,
  "tsnr": 71.32965850830078
}