{
  "aor": 0.004692766666666667,
  "aqi": 0.001648870743333333,
  "bids_meta": {
    "AcquisitionMatrixPE": 64,
    "AcquisitionNumber": 1,
    "AcquisitionTime": "18:23:25.000000",
    "BodyPartExamined": "HEAD",
    "CoilString": "32Ch_Head",
    "ConversionSoftware": "dcm2niix",
    "ConversionSoftwareVersion": "v1.0.20181125  (JP2:OpenJPEG) GCC7.3.0",
    "DeviceSerialNumber": "0002806034DVR750",
    "EchoTime": 0.04,
    "EffectiveEchoSpacing": 0.000372,
    "FlipAngle": 90,
    "ImageOrientationPatientDICOM": [
      1,
      0,
      0,
      0,
      1,
      0
    ],
    "ImageType": [
      "ORIGINAL",
      "PRIMARY",
      "EPI",
      "NONE"
    ],
    "ImagingFrequency": 127.772,
    "InPlanePhaseEncodingDirectionDICOM": "COL",
    "InstitutionName": "INSTITUTO_DE_NEUROBIOLOGIA",
    "MRAcquisitionType": "2D",
    "MagneticFieldStrength": 3,
    "Manufacturer": "GE",
    "ManufacturersModelName": "DISCOVERY_MR750",
    "Modality": "MR",
    "PatientPosition": "HFS",
    "PercentPhaseFOV": 100,
    "PhaseEncodingDirection": "j",
    "PhaseEncodingPolarityGE": "Flipped",
    "PixelBandwidth": 7812.5,
    "ProcedureStepDescription": "Emociones_AH",
    "ProtocolName": "fMRI_RestState",
    "ReconMatrixPE": 64,
    "RepetitionTime": 2,
    "SAR": 0.179024,
    "ScanOptions": "EPI_GEMS_ACC_GEMS",
    "ScanningSequence": "EP_GR",
    "SequenceVariant": "SS",
    "SeriesDescription": "fMRI_RestState",
    "SeriesNumber": 3,
    "SliceThickness": 4,
    "SliceTiming": [
      0,
      1.0285,
      0.0571001,
      1.0857,
      0.1142,
      1.1428,
      0.1714,
      1.2,
      0.2285,
      1.2571,
      0.2857,
      1.3143,
      0.3428,
      1.3714,
      0.4,
      1.4286,
      0.4571,
      1.4857,
      0.5142,
      1.5428,
      0.5714,
      1.6,
      0.6285,
      1.6571,
      0.6857,
      1.7143,
      0.7428,
      1.7714,
      0.8,
      1.8285,
      0.8571,
      1.8857,
      0.9143,
      1.9428,
      0.9714
    ],
    "SoftwareVersions": "27_LX_MR_Software_release:DV26.0_R02_1810.b",
    "SpacingBetweenSlices": 4,
    "StationName": "GEHCGEHC",
    "TaskName": "rest",
    "TotalReadoutTime": 0.023436,
    "dataset": "unknown",
    "modality": "bold",
    "subject_id": "31",
    "task_id": "rest"
  },
  "dummy_trs": 0,
  "dvars_nstd": 13.684116580401332,
  "dvars_std": 1.130027600602006,
  "dvars_vstd": 1.0304384811371237,
  "efc": 0.3793140853375032,
  "fber": 82069.5078125,
  "fd_mean": 0.0745383725680771,
  "fd_num": 4,
  "fd_perc": 1.3333333333333333,
  "fwhm_avg": 2.813725,
  "fwhm_x": 2.6808,
  "fwhm_y": 2.90305,
  "fwhm_z": 2.857325,
  "gcor": 0.0588189,
  "gsr_x": -0.009480670094490051,
  "gsr_y": 0.008832426741719246,
  "provenance": {
    "md5sum": "a0e26bfdecc46d833009f5a20622eaad",
    "settings": {
      "fd_thres": 0.2,
      "hmc_fsl": false
    },
    "software": "mriqc",
    "version": "0.15.2rc1",
    "webapi_port": null,
    "webapi_url": "https://mriqc.nimh.nih.gov/api/v1"
  },
  "size_t": 300,
  "size_x": 64,
  "size_y": 64,
  "size_z": 35,
  "snr": 2.7981724381280246,
  "spacing_tr": 2.0,
  "spacing_x": 4.0,
  "spacing_y": 4.0,
  "spacing_z": 4.0,
  "summary_bg_k": 363.4266491523844,
  "summary_bg_mad": 8.520020484924316,
  "summary_bg_mean": 27.24146842956543,
  "summary_bg_median": 6.309999942779541,
  "summary_bg_n": 93090.0,
  "summary_bg_p05": 0.14666667580604553,
  "summary_bg_p95": 103.46250305175786,
  "summary_bg_stdv": 99.11790466308594,
  "summary_fg_k": 0.17026513912481267,
  "summary_fg_mad": 613.8268432617188,
  "summary_fg_mean": 1900.38330078125,
  "summary_fg_median": 1857.4033203125,
  "summary_fg_n": 21985.0,
  "summary_fg_p05": 839.4100097656251,
  "summary_fg_p95": 3093.16865234375,
  "summary_fg_stdv": 663.7764892578125,
  "tsnr": 75.0455551147461
}