{
  "aor": 0.010035337837837837,
  "aqi": 0.0061497999324324325,
  "bids_meta": {
    "AcquisitionMatrixPE": 64,
    "AcquisitionNumber": 1,
    "AcquisitionTime": "19:04:46.000000",
    "BodyPartExamined": "HEAD",
    "CoilString": "32Ch_Head",
    "ConversionSoftware": "dcm2niix",
    "ConversionSoftwareVersion": "v1.0.20181125  (JP2:OpenJPEG) GCC7.3.0",
    "DeviceSerialNumber": "0002806034DVR750",
    "EchoTime": 0.04,
    "EffectiveEchoSpacing": 0.000372,
    "FlipAngle": 90,
    "ImageOrientationPatientDICOM": [
      1,
      0,
      0,
      0,
      1,
      0
    ],
    "ImageType": [
      "ORIGINAL",
      "PRIMARY",
      "EPI",
      "NONE"
    ],
    "ImagingFrequency": 127.772,
    "InPlanePhaseEncodingDirectionDICOM": "COL",
    "InstitutionName": "INSTITUTO_DE_NEUROBIOLOGIA",
    "MRAcquisitionType": "2D",
    "MagneticFieldStrength": 3,
    "Manufacturer": "GE",
    "ManufacturersModelName": "DISCOVERY_MR750",
    "Modality": "MR",
    "PatientPosition": "HFS",
    "PercentPhaseFOV": 100,
    "PhaseEncodingDirection": "j",
    "PhaseEncodingPolarityGE": "Flipped",
    "PixelBandwidth": 7812.5,
    "ProcedureStepDescription": "Emociones_AH",
    "ProtocolName": "fMRI_Jalil_4",
    "ReconMatrixPE": 64,
    "RepetitionTime": 2,
    "SAR": 0.178342,
    "ScanOptions": "EPI_GEMS_ACC_GEMS",
    "ScanningSequence": "EP_GR",
    "SequenceVariant": "SS",
    "SeriesDescription": "fMRI_Jalil_4",
    "SeriesNumber": 9,
    "SliceThickness": 4,
    "SliceTiming": [
      0,
      1.0285,
      0.0571001,
      1.0857,
      0.1142,
      1.1428,
      0.1714,
      1.2,
      0.2285,
      1.2571,
      0.2857,
      1.3143,
      0.3428,
      1.3714,
      0.4,
      1.4286,
      0.4571,
      1.4857,
      0.5142,
      1.5428,
      0.5714,
      1.6,
      0.6285,
      1.6571,
      0.6857,
      1.7143,
      0.7428,
      1.7714,
      0.8,
      1.8285,
      0.8571,
      1.8857,
      0.9143,
      1.9428,
      0.9714
    ],
    "SoftwareVersions": "27_LX_MR_Software_release:DV26.0_R02_1810.b",
    "SpacingBetweenSlices": 4,
    "StationName": "GEHCGEHC",
    "TaskName": "eah",
    "TotalReadoutTime": 0.023436,
    "dataset": "unknown",
    "modality": "bold",
    "run_id": 4,
    "subject_id": "31",
    "task_id": "eah"
  },
  "dummy_trs": 2,
  "dvars_nstd": 15.270390432585026,
  "dvars_std": 0.8459766165306125,
  "dvars_vstd": 0.8531415940136051,
  "efc": 0.3801489033010455,
  "fber": 72555.921875,
  "fd_mean": 0.10528632926344379,
  "fd_num": 11,
  "fd_perc": 7.4324324324324325,
  "fwhm_avg": 2.8104583333333335,
  "fwhm_x": 2.666125,
  "fwhm_y": 2.896975,
  "fwhm_z": 2.868275,
  "gcor": 0.0118825,
  "gsr_x": -0.009480701759457588,
  "gsr_y": 0.005558972246944904,
  "provenance": {
    "md5sum": "08c7c9763773575af4781ff9360087cd",
    "settings": {
      "fd_thres": 0.2,
      "hmc_fsl": false
    },
    "software": "mriqc",
    "version": "0.15.2rc1",
    "webapi_port": null,
    "webapi_url": "https://mriqc.nimh.nih.gov/api/v1"
  },
  "size_t": 148,
  "size_x": 64,
  "size_y": 64,
  "size_z": 35,
  "snr": 2.809354471043956,
  "spacing_tr": 2.0,
  "spacing_x": 4.0,
  "spacing_y": 4.0,
  "spacing_z": 4.0,
  "summary_bg_k": 150.6074778599023,
  "summary_bg_mad": 8.975754737854004,
  "summary_bg_mean": 27.1311092376709,
  "summary_bg_median": 6.675675868988037,
  "summary_bg_n": 93189.0,
  "summary_bg_p05": 0.20945946872234344,
  "summary_bg_p95": 108.371626281738,
  "summary_bg_stdv": 83.78929901123047,
  "summary_fg_k": 0.1550396641844034,
  "summary_fg_mad": 602.853271484375,
  "summary_fg_mean": 1907.3983154296875,
  "summary_fg_median": 1851.780517578125,
  "summary_fg_n": 21806.0,
  "summary_fg_p05": 875.0692901611328,
  "summary_fg_p95": 3107.8125610351562,
  "summary_fg_stdv": 659.1329345703125,
  "tsnr": 46.56978988647461
}