{
  "aor": 0.012735178571428571,
  "aqi": 0.0026642366607142853,
  "bids_meta": {
    "AcquisitionMatrixPE": 64,
    "AcquisitionNumber": 1,
    "AcquisitionTime": "18:18:0.000000",
    "BodyPartExamined": "HEAD",
    "CoilString": "32Ch_Head",
    "ConversionSoftware": "dcm2niix",
    "ConversionSoftwareVersion": "v1.0.20181125  (JP2:OpenJPEG) GCC7.3.0",
    "DeviceSerialNumber": "0002806034DVR750",
    "EchoTime": 0.04,
    "EffectiveEchoSpacing": 0.000372,
    "FlipAngle": 90,
    "ImageOrientationPatientDICOM": [
      1,
      0,
      0,
      0,
      1,
      0
    ],
    "ImageType": [
      "ORIGINAL",
      "PRIMARY",
      "EPI",
      "NONE"
    ],
    "ImagingFrequency": 127.772,
    "InPlanePhaseEncodingDirectionDICOM": "COL",
    "InstitutionName": "INSTITUTO_DE_NEUROBIOLOGIA",
    "MRAcquisitionType": "2D",
    "MagneticFieldStrength": 3,
    "Manufacturer": "GE",
    "ManufacturersModelName": "DISCOVERY_MR750",
    "Modality": "MR",
    "PatientPosition": "HFS",
    "PercentPhaseFOV": 100,
    "PhaseEncodingDirection": "j",
    "PhaseEncodingPolarityGE": "Flipped",
    "PixelBandwidth": 7812.5,
    "ProcedureStepDescription": "Emociones_AH",
    "ProtocolName": "fMRI_Jalil_2",
    "ReconMatrixPE": 64,
    "RepetitionTime": 2,
    "SAR": 0.179839,
    "ScanOptions": "EPI_GEMS_ACC_GEMS",
    "ScanningSequence": "EP_GR",
    "SequenceVariant": "SS",
    "SeriesDescription": "fMRI_Jalil_2",
    "SeriesNumber": 6,
    "SliceThickness": 4,
    "SliceTiming": [
      0,
      1.0285,
      0.0571001,
      1.0857,
      0.1142,
      1.1428,
      0.1714,
      1.2,
      0.2285,
      1.2571,
      0.2857,
      1.3143,
      0.3428,
      1.3714,
      0.4,
      1.4286,
      0.4571,
      1.4857,
      0.5142,
      1.5428,
      0.5714,
      1.6,
      0.6285,
      1.6571,
      0.6857,
      1.7143,
      0.7428,
      1.7714,
      0.8,
      1.8285,
      0.8571,
      1.8857,
      0.9143,
      1.9428,
      0.9714
    ],
    "SoftwareVersions": "27_LX_MR_Software_release:DV26.0_R03_1831.b",
    "SpacingBetweenSlices": 4,
    "StationName": "GEHCGEHC",
    "TaskName": "eah",
    "TotalReadoutTime": 0.023436,
    "dataset": "unknown",
    "modality": "bold",
    "run_id": 2,
    "subject_id": "43",
    "task_id": "eah"
  },
  "dummy_trs": 0,
  "dvars_nstd": 16.539952727264563,
  "dvars_std": 1.1248629181165921,
  "dvars_vstd": 1.0722134083856503,
  "efc": 0.32030146496248113,
  "fber": 96428.734375,
  "fd_mean": 0.13387877300865333,
  "fd_num": 26,
  "fd_perc": 11.607142857142858,
  "fwhm_avg": 2.7754083333333335,
  "fwhm_x": 2.70945,
  "fwhm_y": 2.925075,
  "fwhm_z": 2.6917,
  "gcor": 0.0587965,
  "gsr_x": -0.0075142402201890945,
  "gsr_y": 0.00198416062630713,
  "provenance": {
    "md5sum": "f8d84dc03f415cc4ba0a2bdbfe7a942c",
    "settings": {
      "fd_thres": 0.2,
      "hmc_fsl": false
    },
    "software": "mriqc",
    "version": "0.15.2rc1",
    "webapi_port": null,
    "webapi_url": "https://mriqc.nimh.nih.gov/api/v1"
  },
  "size_t": 224,
  "size_x": 64,
  "size_y": 64,
  "size_z": 35,
  "snr": 3.112763827409649,
  "spacing_tr": 2.0,
  "spacing_x": 4.0,
  "spacing_y": 4.0,
  "spacing_z": 4.0,
  "summary_bg_k": 109.6375449706415,
  "summary_bg_mad": 8.187406539916992,
  "summary_bg_mean": 19.537708282470703,
  "summary_bg_median": 6.647321701049805,
  "summary_bg_n": 100523.0,
  "summary_bg_p05": 0.3214285969734192,
  "summary_bg_p95": 74.94554061889643,
  "summary_bg_stdv": 54.035823822021484,
  "summary_fg_k": 0.29319358121832106,
  "summary_fg_mad": 618.1394653320312,
  "summary_fg_mean": 2106.3759765625,
  "summary_fg_median": 2091.817138671875,
  "summary_fg_n": 16157.0,
  "summary_fg_p05": 967.8259155273438,
  "summary_fg_p95": 3237.3144531249986,
  "summary_fg_stdv": 671.9920043945312,
  "tsnr": 55.634315490722656
}