{
  "aor": 0.006413543307086614,
  "aqi": 0.0038052448346456696,
  "bids_meta": {
    "AcquisitionMatrixPE": 64,
    "AcquisitionNumber": 1,
    "AcquisitionTime": "18:26:47.000000",
    "BodyPartExamined": "HEAD",
    "CoilString": "32Ch_Head",
    "ConversionSoftware": "dcm2niix",
    "ConversionSoftwareVersion": "v1.0.20181125  (JP2:OpenJPEG) GCC7.3.0",
    "DeviceSerialNumber": "0002806034DVR750",
    "EchoTime": 0.04,
    "EffectiveEchoSpacing": 0.000372,
    "FlipAngle": 90,
    "ImageOrientationPatientDICOM": [
      1,
      0,
      0,
      0,
      1,
      0
    ],
    "ImageType": [
      "ORIGINAL",
      "PRIMARY",
      "EPI",
      "NONE"
    ],
    "ImagingFrequency": 127.772,
    "InPlanePhaseEncodingDirectionDICOM": "COL",
    "InstitutionName": "INSTITUTO_DE_NEUROBIOLOGIA",
    "MRAcquisitionType": "2D",
    "MagneticFieldStrength": 3,
    "Manufacturer": "GE",
    "ManufacturersModelName": "DISCOVERY_MR750",
    "Modality": "MR",
    "PatientPosition": "HFS",
    "PercentPhaseFOV": 100,
    "PhaseEncodingDirection": "j",
    "PhaseEncodingPolarityGE": "Flipped",
    "PixelBandwidth": 7812.5,
    "ProcedureStepDescription": "Emociones_AH",
    "ProtocolName": "fMRI_Jalil_3",
    "ReconMatrixPE": 64,
    "RepetitionTime": 2,
    "SAR": 0.179839,
    "ScanOptions": "EPI_GEMS_ACC_GEMS",
    "ScanningSequence": "EP_GR",
    "SequenceVariant": "SS",
    "SeriesDescription": "fMRI_Jalil_3",
    "SeriesNumber": 7,
    "SliceThickness": 4,
    "SliceTiming": [
      0,
      1.0285,
      0.0571001,
      1.0857,
      0.1142,
      1.1428,
      0.1714,
      1.2,
      0.2285,
      1.2571,
      0.2857,
      1.3143,
      0.3428,
      1.3714,
      0.4,
      1.4286,
      0.4571,
      1.4857,
      0.5142,
      1.5428,
      0.5714,
      1.6,
      0.6285,
      1.6571,
      0.6857,
      1.7143,
      0.7428,
      1.7714,
      0.8,
      1.8285,
      0.8571,
      1.8857,
      0.9143,
      1.9428,
      0.9714
    ],
    "SoftwareVersions": "27_LX_MR_Software_release:DV26.0_R03_1831.b",
    "SpacingBetweenSlices": 4,
    "StationName": "GEHCGEHC",
    "TaskName": "eah",
    "TotalReadoutTime": 0.023436,
    "dataset": "unknown",
    "modality": "bold",
    "run_id": 3,
    "subject_id": "43",
    "task_id": "eah"
  },
  "dummy_trs": 0,
  "dvars_nstd": 16.397745750750982,
  "dvars_std": 1.0409498486956517,
  "dvars_vstd": 1.0152094144268775,
  "efc": 0.32093273766663255,
  "fber": 98380.8046875,
  "fd_mean": 0.113747547781383,
  "fd_num": 26,
  "fd_perc": 10.236220472440944,
  "fwhm_avg": 2.7984500000000003,
  "fwhm_x": 2.723875,
  "fwhm_y": 2.973225,
  "fwhm_z": 2.69825,
  "gcor": 0.0514156,
  "gsr_x": -0.007586000487208366,
  "gsr_y": 0.002700453856959939,
  "provenance": {
    "md5sum": "c23934b8de7c174754193236f79c78a9",
    "settings": {
      "fd_thres": 0.2,
      "hmc_fsl": false
    },
    "software": "mriqc",
    "version": "0.15.2rc1",
    "webapi_port": null,
    "webapi_url": "https://mriqc.nimh.nih.gov/api/v1"
  },
  "size_t": 254,
  "size_x": 64,
  "size_y": 64,
  "size_z": 35,
  "snr": 3.0899381821608096,
  "spacing_tr": 2.0,
  "spacing_x": 4.0,
  "spacing_y": 4.0,
  "spacing_z": 4.0,
  "summary_bg_k": 112.49528216164302,
  "summary_bg_mad": 7.990876197814941,
  "summary_bg_mean": 19.428171157836914,
  "summary_bg_median": 6.5,
  "summary_bg_n": 100389.0,
  "summary_bg_p05": 0.32283464074134827,
  "summary_bg_p95": 75.98818969726545,
  "summary_bg_stdv": 52.39977264404297,
  "summary_fg_k": 0.26792323857613454,
  "summary_fg_mad": 625.3197021484375,
  "summary_fg_mean": 2066.24951171875,
  "summary_fg_median": 2070.271728515625,
  "summary_fg_n": 16253.0,
  "summary_fg_p05": 910.9630126953125,
  "summary_fg_p95": 3175.8251953125,
  "summary_fg_stdv": 669.983642578125,
  "tsnr": 49.42913055419922
}