{
  "aor": 0.008537166666666669,
  "aqi": 0.009397398466666667,
  "bids_meta": {
    "AcquisitionMatrixPE": 64,
    "AcquisitionNumber": 1,
    "AcquisitionTime": "17:55:42.000000",
    "BodyPartExamined": "HEAD",
    "CoilString": "32Ch_Head",
    "ConversionSoftware": "dcm2niix",
    "ConversionSoftwareVersion": "v1.0.20181125  (JP2:OpenJPEG) GCC7.3.0",
    "DeviceSerialNumber": "0002806034DVR750",
    "EchoTime": 0.04,
    "EffectiveEchoSpacing": 0.000372,
    "FlipAngle": 90,
    "ImageOrientationPatientDICOM": [
      1,
      0,
      0,
      0,
      1,
      0
    ],
    "ImageType": [
      "ORIGINAL",
      "PRIMARY",
      "EPI",
      "NONE"
    ],
    "ImagingFrequency": 127.772,
    "InPlanePhaseEncodingDirectionDICOM": "COL",
    "InstitutionName": "INSTITUTO_DE_NEUROBIOLOGIA",
    "MRAcquisitionType": "2D",
    "MagneticFieldStrength": 3,
    "Manufacturer": "GE",
    "ManufacturersModelName": "DISCOVERY_MR750",
    "Modality": "MR",
    "PatientPosition": "HFS",
    "PercentPhaseFOV": 100,
    "PhaseEncodingDirection": "j",
    "PhaseEncodingPolarityGE": "Flipped",
    "PixelBandwidth": 7812.5,
    "ProcedureStepDescription": "Emociones_AH",
    "ProtocolName": "fMRI_RestState",
    "ReconMatrixPE": 64,
    "RepetitionTime": 2,
    "SAR": 0.179069,
    "ScanOptions": "EPI_GEMS_ACC_GEMS",
    "ScanningSequence": "EP_GR",
    "SequenceVariant": "SS",
    "SeriesDescription": "fMRI_RestState",
    "SeriesNumber": 3,
    "SliceThickness": 4,
    "SliceTiming": [
      0,
      1.0285,
      0.0571001,
      1.0857,
      0.1142,
      1.1428,
      0.1714,
      1.2,
      0.2285,
      1.2571,
      0.2857,
      1.3143,
      0.3428,
      1.3714,
      0.4,
      1.4286,
      0.4571,
      1.4857,
      0.5142,
      1.5428,
      0.5714,
      1.6,
      0.6285,
      1.6571,
      0.6857,
      1.7143,
      0.7428,
      1.7714,
      0.8,
      1.8285,
      0.8571,
      1.8857,
      0.9143,
      1.9428,
      0.9714
    ],
    "SoftwareVersions": "27_LX_MR_Software_release:DV26.0_R03_1831.b",
    "SpacingBetweenSlices": 4,
    "StationName": "GEHCGEHC",
    "TaskName": "rest",
    "TotalReadoutTime": 0.023436,
    "dataset": "unknown",
    "modality": "bold",
    "subject_id": "43",
    "task_id": "rest"
  },
  "dummy_trs": 0,
  "dvars_nstd": 14.866105044782612,
  "dvars_std": 0.9512404059531772,
  "dvars_vstd": 0.9411395551505017,
  "efc": 0.32434410299247785,
  "fber": 101464.25,
  "fd_mean": 0.09284671719050018,
  "fd_num": 21,
  "fd_perc": 7.0,
  "fwhm_avg": 2.850733333333334,
  "fwhm_x": 2.750825,
  "fwhm_y": 3.028725,
  "fwhm_z": 2.77265,
  "gcor": 0.0365619,
  "gsr_x": -0.008542785421013832,
  "gsr_y": 0.006994595751166344,
  "provenance": {
    "md5sum": "360a3f82c2376dad689963fa3e6393b5",
    "settings": {
      "fd_thres": 0.2,
      "hmc_fsl": false
    },
    "software": "mriqc",
    "version": "0.15.2rc1",
    "webapi_port": null,
    "webapi_url": "https://mriqc.nimh.nih.gov/api/v1"
  },
  "size_t": 300,
  "size_x": 64,
  "size_y": 64,
  "size_z": 35,
  "snr": 3.127488977141044,
  "spacing_tr": 2.0,
  "spacing_x": 4.0,
  "spacing_y": 4.0,
  "spacing_z": 4.0,
  "summary_bg_k": 275.6263563928614,
  "summary_bg_mad": 8.193849563598633,
  "summary_bg_mean": 21.323925018310547,
  "summary_bg_median": 6.586667060852051,
  "summary_bg_n": 100163.0,
  "summary_bg_p05": 0.3499999940395355,
  "summary_bg_p95": 86.19533691406242,
  "summary_bg_stdv": 60.9260368347168,
  "summary_fg_k": 0.23217938063435106,
  "summary_fg_mad": 623.9384765625,
  "summary_fg_mean": 2103.57177734375,
  "summary_fg_median": 2115.3466796875,
  "summary_fg_n": 16367.0,
  "summary_fg_p05": 910.3266845703125,
  "summary_fg_p95": 3203.4237304687495,
  "summary_fg_stdv": 676.3515625,
  "tsnr": 31.691486358642578
}