{
  "aor": 0.0037226033057851243,
  "aqi": 0.004190409834710744,
  "bids_meta": {
    "AcquisitionMatrixPE": 64,
    "AcquisitionNumber": 1,
    "AcquisitionTime": "18:08:56.000000",
    "BodyPartExamined": "HEAD",
    "CoilString": "32Ch_Head",
    "ConversionSoftware": "dcm2niix",
    "ConversionSoftwareVersion": "v1.0.20181125  (JP2:OpenJPEG) GCC7.3.0",
    "DeviceSerialNumber": "0002806034DVR750",
    "EchoTime": 0.04,
    "EffectiveEchoSpacing": 0.000372,
    "FlipAngle": 90,
    "ImageOrientationPatientDICOM": [
      1,
      0,
      0,
      0,
      1,
      0
    ],
    "ImageType": [
      "ORIGINAL",
      "PRIMARY",
      "EPI",
      "NONE"
    ],
    "ImagingFrequency": 127.772,
    "InPlanePhaseEncodingDirectionDICOM": "COL",
    "InstitutionName": "INSTITUTO_DE_NEUROBIOLOGIA",
    "MRAcquisitionType": "2D",
    "MagneticFieldStrength": 3,
    "Manufacturer": "GE",
    "ManufacturersModelName": "DISCOVERY_MR750",
    "Modality": "MR",
    "PatientPosition": "HFS",
    "PercentPhaseFOV": 100,
    "PhaseEncodingDirection": "j",
    "PhaseEncodingPolarityGE": "Flipped",
    "PixelBandwidth": 7812.5,
    "ProcedureStepDescription": "Emociones_AH",
    "ProtocolName": "fMRI_Jalil_1",
    "ReconMatrixPE": 64,
    "RepetitionTime": 2,
    "SAR": 0.179839,
    "ScanOptions": "EPI_GEMS_ACC_GEMS",
    "ScanningSequence": "EP_GR",
    "SequenceVariant": "SS",
    "SeriesDescription": "fMRI_Jalil_1",
    "SeriesNumber": 5,
    "SliceThickness": 4,
    "SliceTiming": [
      0,
      1.0285,
      0.0571001,
      1.0857,
      0.1142,
      1.1428,
      0.1714,
      1.2,
      0.2285,
      1.2571,
      0.2857,
      1.3143,
      0.3428,
      1.3714,
      0.4,
      1.4286,
      0.4571,
      1.4857,
      0.5142,
      1.5428,
      0.5714,
      1.6,
      0.6285,
      1.6571,
      0.6857,
      1.7143,
      0.7428,
      1.7714,
      0.8,
      1.8285,
      0.8571,
      1.8857,
      0.9143,
      1.9428,
      0.9714
    ],
    "SoftwareVersions": "27_LX_MR_Software_release:DV26.0_R03_1831.b",
    "SpacingBetweenSlices": 4,
    "StationName": "GEHCGEHC",
    "TaskName": "eah",
    "TotalReadoutTime": 0.023436,
    "dataset": "unknown",
    "modality": "bold",
    "run_id": 1,
    "subject_id": "43",
    "task_id": "eah"
  },
  "dummy_trs": 0,
  "dvars_nstd": 15.438154996597516,
  "dvars_std": 0.9956652837759332,
  "dvars_vstd": 0.942270218381743,
  "efc": 0.32038659228214367,
  "fber": 99201.1171875,
  "fd_mean": 0.10632050088489502,
  "fd_num": 21,
  "fd_perc": 8.677685950413224,
  "fwhm_avg": 2.789933333333334,
  "fwhm_x": 2.709375,
  "fwhm_y": 2.9493,
  "fwhm_z": 2.711125,
  "gcor": 0.037306,
  "gsr_x": -0.007828932255506516,
  "gsr_y": 0.0015719477087259293,
  "provenance": {
    "md5sum": "5de8e160aae54ea6b970143069e4f267",
    "settings": {
      "fd_thres": 0.2,
      "hmc_fsl": false
    },
    "software": "mriqc",
    "version": "0.15.2rc1",
    "webapi_port": null,
    "webapi_url": "https://mriqc.nimh.nih.gov/api/v1"
  },
  "size_t": 242,
  "size_x": 64,
  "size_y": 64,
  "size_z": 35,
  "snr": 3.1301109061266654,
  "spacing_tr": 2.0,
  "spacing_x": 4.0,
  "spacing_y": 4.0,
  "spacing_z": 4.0,
  "summary_bg_k": 104.02199880416197,
  "summary_bg_mad": 8.148185729980469,
  "summary_bg_mean": 19.78370475769043,
  "summary_bg_median": 6.615702152252197,
  "summary_bg_n": 100601.0,
  "summary_bg_p05": 0.3223140239715576,
  "summary_bg_p95": 75.25619506835938,
  "summary_bg_stdv": 53.95069122314453,
  "summary_fg_k": 0.27050063825251414,
  "summary_fg_mad": 620.107421875,
  "summary_fg_mean": 2113.278076171875,
  "summary_fg_median": 2109.041259765625,
  "summary_fg_n": 16073.0,
  "summary_fg_p05": 953.5545288085938,
  "summary_fg_p95": 3232.5205078125,
  "summary_fg_stdv": 673.770263671875,
  "tsnr": 49.75068283081055
}