{
  "aor": 0.008688733333333332,
  "aqi": 0.0034876264533333337,
  "bids_meta": {
    "AcquisitionMatrixPE": 64,
    "AcquisitionNumber": 1,
    "AcquisitionTime": "18:37:23.000000",
    "BodyPartExamined": "HEAD",
    "CoilString": "32Ch_Head",
    "ConversionSoftware": "dcm2niix",
    "ConversionSoftwareVersion": "v1.0.20181125  (JP2:OpenJPEG) GCC7.3.0",
    "DeviceSerialNumber": "0002806034DVR750",
    "EchoTime": 0.04,
    "EffectiveEchoSpacing": 0.000372,
    "FlipAngle": 90,
    "ImageOrientationPatientDICOM": [
      1,
      0,
      0,
      0,
      1,
      0
    ],
    "ImageType": [
      "ORIGINAL",
      "PRIMARY",
      "EPI",
      "NONE"
    ],
    "ImagingFrequency": 127.772,
    "InPlanePhaseEncodingDirectionDICOM": "COL",
    "InstitutionName": "INSTITUTO_DE_NEUROBIOLOGIA",
    "MRAcquisitionType": "2D",
    "MagneticFieldStrength": 3,
    "Manufacturer": "GE",
    "ManufacturersModelName": "DISCOVERY_MR750",
    "Modality": "MR",
    "PatientPosition": "HFS",
    "PercentPhaseFOV": 100,
    "PhaseEncodingDirection": "j",
    "PhaseEncodingPolarityGE": "Flipped",
    "PixelBandwidth": 7812.5,
    "ProcedureStepDescription": "Emociones_AH",
    "ProtocolName": "fMRI_Jalil_4",
    "ReconMatrixPE": 64,
    "RepetitionTime": 2,
    "SAR": 0.179839,
    "ScanOptions": "EPI_GEMS_ACC_GEMS",
    "ScanningSequence": "EP_GR",
    "SequenceVariant": "SS",
    "SeriesDescription": "fMRI_Jalil_4",
    "SeriesNumber": 8,
    "SliceThickness": 4,
    "SliceTiming": [
      0,
      1.0285,
      0.0571001,
      1.0857,
      0.1142,
      1.1428,
      0.1714,
      1.2,
      0.2285,
      1.2571,
      0.2857,
      1.3143,
      0.3428,
      1.3714,
      0.4,
      1.4286,
      0.4571,
      1.4857,
      0.5142,
      1.5428,
      0.5714,
      1.6,
      0.6285,
      1.6571,
      0.6857,
      1.7143,
      0.7428,
      1.7714,
      0.8,
      1.8285,
      0.8571,
      1.8857,
      0.9143,
      1.9428,
      0.9714
    ],
    "SoftwareVersions": "27_LX_MR_Software_release:DV26.0_R03_1831.b",
    "SpacingBetweenSlices": 4,
    "StationName": "GEHCGEHC",
    "TaskName": "eah",
    "TotalReadoutTime": 0.023436,
    "dataset": "unknown",
    "modality": "bold",
    "run_id": 4,
    "subject_id": "43",
    "task_id": "eah"
  },
  "dummy_trs": 0,
  "dvars_nstd": 16.834967517046977,
  "dvars_std": 1.1010801638926175,
  "dvars_vstd": 1.043095527315436,
  "efc": 0.3204264812877527,
  "fber": 92264.0625,
  "fd_mean": 0.14310517665906528,
  "fd_num": 30,
  "fd_perc": 20.0,
  "fwhm_avg": 2.768025,
  "fwhm_x": 2.69875,
  "fwhm_y": 2.92835,
  "fwhm_z": 2.676975,
  "gcor": 0.0525274,
  "gsr_x": -0.007661840878427029,
  "gsr_y": 0.002088400535285473,
  "provenance": {
    "md5sum": "130a52875513c4339ae9a2cc3fb6dbb6",
    "settings": {
      "fd_thres": 0.2,
      "hmc_fsl": false
    },
    "software": "mriqc",
    "version": "0.15.2rc1",
    "webapi_port": null,
    "webapi_url": "https://mriqc.nimh.nih.gov/api/v1"
  },
  "size_t": 150,
  "size_x": 64,
  "size_y": 64,
  "size_z": 35,
  "snr": 3.127972883310147,
  "spacing_tr": 2.0,
  "spacing_x": 4.0,
  "spacing_y": 4.0,
  "spacing_z": 4.0,
  "summary_bg_k": 105.60060772116755,
  "summary_bg_mad": 8.223501205444336,
  "summary_bg_mean": 19.591238021850586,
  "summary_bg_median": 6.673333644866943,
  "summary_bg_n": 100615.0,
  "summary_bg_p05": 0.3266666829586029,
  "summary_bg_p95": 74.29733581542953,
  "summary_bg_stdv": 53.58364486694336,
  "summary_fg_k": 0.2866377200205563,
  "summary_fg_mad": 612.2900390625,
  "summary_fg_mean": 2067.1611328125,
  "summary_fg_median": 2066.56005859375,
  "summary_fg_n": 16114.0,
  "summary_fg_p05": 941.497671508789,
  "summary_fg_p95": 3163.344396972656,
  "summary_fg_stdv": 660.6502075195312,
  "tsnr": 52.17181396484375
}