{
  "aor": 0.0024504597701149426,
  "aqi": 0.0010282243333333333,
  "bids_meta": {
    "AcquisitionMatrixPE": 64,
    "AcquisitionNumber": 1,
    "AcquisitionTime": "21:04:43.000000",
    "CoilString": "32Ch_Head",
    "ConversionSoftware": "dcm2niix",
    "ConversionSoftwareVersion": "v1.0.20190902",
    "Dcm2bidsVersion": "2.1.4",
    "DeviceSerialNumber": "000000000000GEHC",
    "EchoTime": 0.04,
    "EffectiveEchoSpacing": 0.000372,
    "FlipAngle": 90,
    "ImageOrientationPatientDICOM": [
      1,
      0,
      0,
      0,
      1,
      0
    ],
    "ImageType": [
      "ORIGINAL",
      "PRIMARY",
      "EPI",
      "NONE"
    ],
    "ImagingFrequency": 127.772,
    "InPlanePhaseEncodingDirectionDICOM": "COL",
    "InstitutionName": "INSTITUTO_DE_NEUROBIOLOGIA",
    "MRAcquisitionType": "2D",
    "MagneticFieldStrength": 3,
    "Manufacturer": "GE",
    "ManufacturersModelName": "DISCOVERY_MR750",
    "Modality": "MR",
    "PatientPosition": "HFS",
    "PercentPhaseFOV": 100,
    "PhaseEncodingDirection": "j",
    "PhaseEncodingPolarityGE": "Flipped",
    "PixelBandwidth": 7812.5,
    "ProcedureStepDescription": "verbos",
    "ProtocolName": "fMRI_8",
    "ReconMatrixPE": 64,
    "RepetitionTime": 2,
    "SAR": 0.378422,
    "ScanOptions": "EPI_GEMS_ACC_GEMS",
    "ScanningSequence": "EP_GR",
    "SequenceVariant": "SS",
    "SeriesDescription": "fMRI_8",
    "SeriesNumber": 11,
    "SliceThickness": 4,
    "SliceTiming": [
      0,
      1.0285,
      0.0571001,
      1.0857,
      0.1142,
      1.1428,
      0.1714,
      1.2,
      0.2285,
      1.2571,
      0.2857,
      1.3143,
      0.3428,
      1.3714,
      0.4,
      1.4286,
      0.4571,
      1.4857,
      0.5142,
      1.5428,
      0.5714,
      1.6,
      0.6285,
      1.6571,
      0.6857,
      1.7143,
      0.7428,
      1.7714,
      0.8,
      1.8285,
      0.8571,
      1.8857,
      0.9143,
      1.9428,
      0.9714
    ],
    "SoftwareVersions": "24_LX_MR_Software_release:DV24.0_R02_1607.b",
    "SpacingBetweenSlices": 4,
    "StationName": "GEHCGEHC",
    "TotalReadoutTime": 0.023436,
    "dataset": "unknown",
    "modality": "bold",
    "run_id": 6,
    "subject_id": "127",
    "task_id": "verbs"
  },
  "dummy_trs": 0,
  "dvars_nstd": 16.015419557167636,
  "dvars_std": 1.1543470636416184,
  "dvars_vstd": 1.0084832023699426,
  "efc": 0.3669430899825628,
  "fber": 65880.2890625,
  "fd_mean": 0.06747586597869544,
  "fd_num": 7,
  "fd_perc": 4.022988505747127,
  "fwhm_avg": 2.8769416666666667,
  "fwhm_x": 2.832975,
  "fwhm_y": 2.922075,
  "fwhm_z": 2.875775,
  "gcor": 0.124796,
  "gsr_x": 0.003596717258915305,
  "gsr_y": 0.0022595275659114122,
  "provenance": {
    "md5sum": "bfc4b6b534aaf23f4f72d9036c7f1ff7",
    "settings": {
      "fd_thres": 0.2,
      "hmc_fsl": false
    },
    "software": "mriqc",
    "version": "0.15.2rc1",
    "webapi_port": null,
    "webapi_url": "https://mriqc.nimh.nih.gov/api/v1"
  },
  "size_t": 174,
  "size_x": 64,
  "size_y": 64,
  "size_z": 35,
  "snr": 2.680886963106525,
  "spacing_tr": 2.0,
  "spacing_x": 4.0,
  "spacing_y": 4.0,
  "spacing_z": 4.0,
  "summary_bg_k": 81.62919805734145,
  "summary_bg_mad": 9.517624855041504,
  "summary_bg_mean": 30.121625900268555,
  "summary_bg_median": 6.844827651977539,
  "summary_bg_n": 95230.0,
  "summary_bg_p05": 0.08045977354049683,
  "summary_bg_p95": 134.0790199279786,
  "summary_bg_stdv": 85.69142150878906,
  "summary_fg_k": 0.06722532137555204,
  "summary_fg_mad": 624.5930786132812,
  "summary_fg_mean": 1836.259033203125,
  "summary_fg_median": 1790.2069091796875,
  "summary_fg_n": 20275.0,
  "summary_fg_p05": 754.9626281738282,
  "summary_fg_p95": 3012.3190429687497,
  "summary_fg_stdv": 667.7501831054688,
  "tsnr": 75.96932220458984
}