{
  "aor": 0.0026350574712643675,
  "aqi": 0.001348018459770115,
  "bids_meta": {
    "AcquisitionMatrixPE": 64,
    "AcquisitionNumber": 1,
    "AcquisitionTime": "20:58:6.000000",
    "CoilString": "32Ch_Head",
    "ConversionSoftware": "dcm2niix",
    "ConversionSoftwareVersion": "v1.0.20190902",
    "Dcm2bidsVersion": "2.1.4",
    "DeviceSerialNumber": "000000000000GEHC",
    "EchoTime": 0.04,
    "EffectiveEchoSpacing": 0.000372,
    "FlipAngle": 90,
    "ImageOrientationPatientDICOM": [
      1,
      0,
      0,
      0,
      1,
      0
    ],
    "ImageType": [
      "ORIGINAL",
      "PRIMARY",
      "EPI",
      "NONE"
    ],
    "ImagingFrequency": 127.772,
    "InPlanePhaseEncodingDirectionDICOM": "COL",
    "InstitutionName": "INSTITUTO_DE_NEUROBIOLOGIA",
    "MRAcquisitionType": "2D",
    "MagneticFieldStrength": 3,
    "Manufacturer": "GE",
    "ManufacturersModelName": "DISCOVERY_MR750",
    "Modality": "MR",
    "PatientPosition": "HFS",
    "PercentPhaseFOV": 100,
    "PhaseEncodingDirection": "j",
    "PhaseEncodingPolarityGE": "Flipped",
    "PixelBandwidth": 7812.5,
    "ProcedureStepDescription": "verbos",
    "ProtocolName": "fMRI_7",
    "ReconMatrixPE": 64,
    "RepetitionTime": 2,
    "SAR": 0.378422,
    "ScanOptions": "EPI_GEMS_ACC_GEMS",
    "ScanningSequence": "EP_GR",
    "SequenceVariant": "SS",
    "SeriesDescription": "fMRI_7",
    "SeriesNumber": 10,
    "SliceThickness": 4,
    "SliceTiming": [
      0,
      1.0285,
      0.0571001,
      1.0857,
      0.1142,
      1.1428,
      0.1714,
      1.2,
      0.2285,
      1.2571,
      0.2857,
      1.3143,
      0.3428,
      1.3714,
      0.4,
      1.4286,
      0.4571,
      1.4857,
      0.5142,
      1.5428,
      0.5714,
      1.6,
      0.6285,
      1.6571,
      0.6857,
      1.7143,
      0.7428,
      1.7714,
      0.8,
      1.8285,
      0.8571,
      1.8857,
      0.9143,
      1.9428,
      0.9714
    ],
    "SoftwareVersions": "24_LX_MR_Software_release:DV24.0_R02_1607.b",
    "SpacingBetweenSlices": 4,
    "StationName": "GEHCGEHC",
    "TotalReadoutTime": 0.023436,
    "dataset": "unknown",
    "modality": "bold",
    "run_id": 5,
    "subject_id": "127",
    "task_id": "verbs"
  },
  "dummy_trs": 0,
  "dvars_nstd": 15.026176673005766,
  "dvars_std": 1.0980238089017342,
  "dvars_vstd": 0.9882597399421965,
  "efc": 0.3668761557423816,
  "fber": 65650.1953125,
  "fd_mean": 0.056421194206350035,
  "fd_num": 6,
  "fd_perc": 3.4482758620689653,
  "fwhm_avg": 2.896333333333333,
  "fwhm_x": 2.849025,
  "fwhm_y": 2.93495,
  "fwhm_z": 2.905025,
  "gcor": 0.0352727,
  "gsr_x": 0.0041349297389388084,
  "gsr_y": 0.0013629695167765021,
  "provenance": {
    "md5sum": "549c59d296c88360be5b962600044f49",
    "settings": {
      "fd_thres": 0.2,
      "hmc_fsl": false
    },
    "software": "mriqc",
    "version": "0.15.2rc1",
    "webapi_port": null,
    "webapi_url": "https://mriqc.nimh.nih.gov/api/v1"
  },
  "size_t": 174,
  "size_x": 64,
  "size_y": 64,
  "size_z": 35,
  "snr": 2.6464144297339947,
  "spacing_tr": 2.0,
  "spacing_x": 4.0,
  "spacing_y": 4.0,
  "spacing_z": 4.0,
  "summary_bg_k": 74.43784103850852,
  "summary_bg_mad": 9.526144981384277,
  "summary_bg_mean": 30.09625244140625,
  "summary_bg_median": 6.856321811676025,
  "summary_bg_n": 95226.0,
  "summary_bg_p05": 0.08045977354049683,
  "summary_bg_p95": 133.59482955932617,
  "summary_bg_stdv": 84.9238052368164,
  "summary_fg_k": 0.06680174799783245,
  "summary_fg_mad": 625.692138671875,
  "summary_fg_mean": 1831.75390625,
  "summary_fg_median": 1782.97119140625,
  "summary_fg_n": 20354.0,
  "summary_fg_p05": 736.6534271240234,
  "summary_fg_p95": 3021.6867187499993,
  "summary_fg_stdv": 673.71435546875,
  "tsnr": 75.68871307373047
}