{
  "aor": 0.00251684,
  "aqi": 0.001119034056,
  "bids_meta": {
    "AcquisitionMatrixPE": 64,
    "AcquisitionNumber": 1,
    "AcquisitionTime": "21:11:58.000000",
    "CoilString": "32Ch_Head",
    "ConversionSoftware": "dcm2niix",
    "ConversionSoftwareVersion": "v1.0.20190902",
    "Dcm2bidsVersion": "2.1.4",
    "DeviceSerialNumber": "000000000000GEHC",
    "EchoTime": 0.04,
    "EffectiveEchoSpacing": 0.000372,
    "FlipAngle": 90,
    "ImageOrientationPatientDICOM": [
      1,
      0,
      0,
      0,
      1,
      0
    ],
    "ImageType": [
      "ORIGINAL",
      "PRIMARY",
      "EPI",
      "NONE"
    ],
    "ImagingFrequency": 127.772,
    "InPlanePhaseEncodingDirectionDICOM": "COL",
    "InstitutionName": "INSTITUTO_DE_NEUROBIOLOGIA",
    "MRAcquisitionType": "2D",
    "MagneticFieldStrength": 3,
    "Manufacturer": "GE",
    "ManufacturersModelName": "DISCOVERY_MR750",
    "Modality": "MR",
    "PatientPosition": "HFS",
    "PercentPhaseFOV": 100,
    "PhaseEncodingDirection": "j",
    "PhaseEncodingPolarityGE": "Flipped",
    "PixelBandwidth": 7812.5,
    "ProcedureStepDescription": "verbos",
    "ProtocolName": "fMRI_RestState",
    "ReconMatrixPE": 64,
    "RepetitionTime": 2,
    "SAR": 0.378422,
    "ScanOptions": "EPI_GEMS_ACC_GEMS",
    "ScanningSequence": "EP_GR",
    "SequenceVariant": "SS",
    "SeriesDescription": "fMRI_RestState",
    "SeriesNumber": 12,
    "SliceThickness": 4,
    "SliceTiming": [
      0,
      1.0285,
      0.0571001,
      1.0857,
      0.1142,
      1.1428,
      0.1714,
      1.2,
      0.2285,
      1.2571,
      0.2857,
      1.3143,
      0.3428,
      1.3714,
      0.4,
      1.4286,
      0.4571,
      1.4857,
      0.5142,
      1.5428,
      0.5714,
      1.6,
      0.6285,
      1.6571,
      0.6857,
      1.7143,
      0.7428,
      1.7714,
      0.8,
      1.8285,
      0.8571,
      1.8857,
      0.9143,
      1.9428,
      0.9714
    ],
    "SoftwareVersions": "24_LX_MR_Software_release:DV24.0_R02_1607.b",
    "SpacingBetweenSlices": 4,
    "StationName": "GEHCGEHC",
    "TotalReadoutTime": 0.023436,
    "dataset": "unknown",
    "modality": "bold",
    "subject_id": "127",
    "task_id": "rest"
  },
  "dummy_trs": 0,
  "dvars_nstd": 14.492193531927702,
  "dvars_std": 1.1185081080722887,
  "dvars_vstd": 1.0055884916465863,
  "efc": 0.36733022242161506,
  "fber": 64638.96875,
  "fd_mean": 0.057045500312545475,
  "fd_num": 5,
  "fd_perc": 2.0,
  "fwhm_avg": 2.8927333333333336,
  "fwhm_x": 2.8421,
  "fwhm_y": 2.9332,
  "fwhm_z": 2.9029,
  "gcor": 0.0447125,
  "gsr_x": 0.0031692441552877426,
  "gsr_y": 0.003329809755086899,
  "provenance": {
    "md5sum": "68538ec8c8f3b5b7476d06579fc83d13",
    "settings": {
      "fd_thres": 0.2,
      "hmc_fsl": false
    },
    "software": "mriqc",
    "version": "0.15.2rc1",
    "webapi_port": null,
    "webapi_url": "https://mriqc.nimh.nih.gov/api/v1"
  },
  "size_t": 250,
  "size_x": 64,
  "size_y": 64,
  "size_z": 35,
  "snr": 2.6415756486798556,
  "spacing_tr": 2.0,
  "spacing_x": 4.0,
  "spacing_y": 4.0,
  "spacing_z": 4.0,
  "summary_bg_k": 103.5154259576203,
  "summary_bg_mad": 9.559819221496582,
  "summary_bg_mean": 30.868717193603516,
  "summary_bg_median": 6.872000217437744,
  "summary_bg_n": 95187.0,
  "summary_bg_p05": 0.08400000631809235,
  "summary_bg_p95": 135.75840606689442,
  "summary_bg_stdv": 90.6374282836914,
  "summary_fg_k": 0.11193075777607175,
  "summary_fg_mad": 623.2861938476562,
  "summary_fg_mean": 1828.27001953125,
  "summary_fg_median": 1780.196044921875,
  "summary_fg_n": 20325.0,
  "summary_fg_p05": 736.4064086914062,
  "summary_fg_p95": 3022.1849121093746,
  "summary_fg_stdv": 673.8978881835938,
  "tsnr": 77.4515380859375
}