{
  "bids_meta": {
    "AcquisitionDateTime": "2017-08-23T19:31:19.000000",
    "ConversionSoftware": "dcm2niix",
    "ConversionSoftwareVersion": "v1.0.20170411 GCC4.8.4",
    "EchoTime": 0.00318,
    "FlipAngle": 12,
    "ImageType": [
      "DERIVED",
      "PRIMARY",
      "OTHER"
    ],
    "InversionTime": 0.45,
    "MagneticFieldStrength": 3,
    "Manufacturer": "GE",
    "ManufacturersModelName": "DISCOVERY_MR750",
    "ProcedureStepDescription": "CompMet",
    "ProtocolName": "PU:Sag_T1_FSPGR_BRAVO",
    "RepetitionTime": 0.008156,
    "ScanningSequence": "GR",
    "SequenceVariant": "SS_SP_SK",
    "SeriesDescription": "PU:Sag_T1_FSPGR_BRAVO",
    "dataset": "unknown",
    "modality": "T1w",
    "subject_id": "88"
  },
  "cjv": 0.40619561670357607,
  "cnr": 3.265265958455961,
  "efc": 0.7145783662669023,
  "fber": 3820.6787109375,
  "fwhm_avg": 3.7155166666666664,
  "fwhm_x": 3.70314,
  "fwhm_y": 3.95025,
  "fwhm_z": 3.49316,
  "icvs_csf": 0.205770829885393,
  "icvs_gm": 0.442639967368421,
  "icvs_wm": 0.35158920274618605,
  "inu_med": 0.8745203018188477,
  "inu_range": 0.33167634904384613,
  "provenance": {
    "md5sum": "9af0a0735daf8a0f345c030149dbf1eb",
    "settings": {
      "testing": false
    },
    "software": "mriqc",
    "version": "0.15.2rc1",
    "warnings": {
      "large_rot_frame": true,
      "small_air_mask": false
    },
    "webapi_port": null,
    "webapi_url": "https://mriqc.nimh.nih.gov/api/v1"
  },
  "qi_1": 0.0,
  "qi_2": 0.0011909065239253055,
  "rpve_csf": 22.255044299483984,
  "rpve_gm": 11.24181042981805,
  "rpve_wm": 16.72967871075201,
  "size_x": 176,
  "size_y": 256,
  "size_z": 256,
  "snr_csf": 2.8779243824540544,
  "snr_gm": 10.85961945625383,
  "snr_total": 10.957132159258597,
  "snr_wm": 19.133852639067907,
  "snrd_csf": 64.37094338825506,
  "snrd_gm": 138.35348209103307,
  "snrd_total": 131.56013240537132,
  "snrd_wm": 191.9559717368258,
  "spacing_x": 1.0,
  "spacing_y": 1.0,
  "spacing_z": 1.0,
  "summary_bg_k": 9.365820203591035,
  "summary_bg_mad": 3.412977933883667,
  "summary_bg_mean": 8.769726753234863,
  "summary_bg_median": 2.302018642425537,
  "summary_bg_n": 497930.0,
  "summary_bg_p05": 0.0,
  "summary_bg_p95": 36.969556999206546,
  "summary_bg_stdv": 13.31346321105957,
  "summary_csf_k": -0.015770719849490966,
  "summary_csf_mad": 104.13349151611328,
  "summary_csf_mean": 366.28814697265625,
  "summary_csf_median": 335.3448486328125,
  "summary_csf_n": 18769.0,
  "summary_csf_p05": 217.62588195800782,
  "summary_csf_p95": 580.5113525390623,
  "summary_csf_stdv": 116.52005767822266,
  "summary_gm_k": 0.24293874481658717,
  "summary_gm_mad": 62.897438049316406,
  "summary_gm_mean": 721.82861328125,
  "summary_gm_median": 720.761962890625,
  "summary_gm_n": 31180.0,
  "summary_gm_p05": 613.6465209960937,
  "summary_gm_p95": 833.1588470458985,
  "summary_gm_stdv": 66.36976623535156,
  "summary_wm_k": 0.3434052092420452,
  "summary_wm_mad": 50.531002044677734,
  "summary_wm_mean": 1000.9951171875,
  "summary_wm_median": 1000.0078125,
  "summary_wm_n": 220219.0,
  "summary_wm_p05": 916.8854736328125,
  "summary_wm_p95": 1087.8772827148437,
  "summary_wm_stdv": 52.26367950439453,
  "tpm_overlap_csf": 0.2072535902261734,
  "tpm_overlap_gm": 0.5025010108947754,
  "tpm_overlap_wm": 0.5372653007507324,
  "wm2max": 0.365217433370234
}