{
  "aor": 0.00597,
  "aqi": 0.0021154852633333337,
  "bids_meta": {
    "AcquisitionDateTime": "2017-08-24T20:14:35.000000",
    "ConversionSoftware": "dcm2niix",
    "ConversionSoftwareVersion": "v1.0.20170411 GCC4.8.4",
    "EchoTime": 0.04,
    "FlipAngle": 90,
    "ImageType": [
      "ORIGINAL",
      "PRIMARY",
      "EPI",
      "NONE"
    ],
    "MagneticFieldStrength": 3,
    "Manufacturer": "GE",
    "ManufacturersModelName": "DISCOVERY_MR750",
    "ProcedureStepDescription": "CompMet",
    "ProtocolName": "fMRI_RestState",
    "RepetitionTime": 2,
    "ScanningSequence": "EP_GR",
    "SequenceVariant": "SS",
    "SeriesDescription": "fMRI_RestState",
    "dataset": "unknown",
    "modality": "bold",
    "subject_id": "90",
    "task_id": "rest"
  },
  "dummy_trs": 0,
  "dvars_nstd": 14.696674416989973,
  "dvars_std": 1.122911160501672,
  "dvars_vstd": 1.0193245779933104,
  "efc": 0.3598047808426528,
  "fber": 72369.703125,
  "fd_mean": 0.05131844850567198,
  "fd_num": 0,
  "fd_perc": 0.0,
  "fwhm_avg": 2.917108333333333,
  "fwhm_x": 2.843825,
  "fwhm_y": 2.9958,
  "fwhm_z": 2.9117,
  "gcor": 0.0121001,
  "gsr_x": -0.009633200243115425,
  "gsr_y": 0.014520312659442425,
  "provenance": {
    "md5sum": "969d9e3458092b05fe35d57258f9592a",
    "settings": {
      "fd_thres": 0.2,
      "hmc_fsl": false
    },
    "software": "mriqc",
    "version": "0.15.2rc1",
    "webapi_port": null,
    "webapi_url": "https://mriqc.nimh.nih.gov/api/v1"
  },
  "size_t": 300,
  "size_x": 64,
  "size_y": 64,
  "size_z": 34,
  "snr": 2.4332801686752483,
  "spacing_tr": 2.0,
  "spacing_x": 4.0,
  "spacing_y": 4.0,
  "spacing_z": 4.0,
  "summary_bg_k": 352.2945664988039,
  "summary_bg_mad": 9.122945785522461,
  "summary_bg_mean": 31.89816665649414,
  "summary_bg_median": 6.516666889190674,
  "summary_bg_n": 92578.0,
  "summary_bg_p05": 0.0833333358168602,
  "summary_bg_p95": 134.1696723937987,
  "summary_bg_stdv": 114.50531005859375,
  "summary_fg_k": 0.39291657690238724,
  "summary_fg_mad": 667.5516357421875,
  "summary_fg_mean": 1869.7225341796875,
  "summary_fg_median": 1799.1033935546875,
  "summary_fg_n": 19295.0,
  "summary_fg_p05": 704.4943481445313,
  "summary_fg_p95": 3202.226342773437,
  "summary_fg_stdv": 739.3545532226562,
  "tsnr": 62.13101577758789
}