{
  "aor": 0.011061040000000001,
  "aqi": 0.0020006838040000003,
  "bids_meta": {
    "AcquisitionDateTime": "2017-08-24T19:12:43.000000",
    "ConversionSoftware": "dcm2niix",
    "ConversionSoftwareVersion": "v1.0.20170411 GCC4.8.4",
    "EchoTime": 0.035,
    "FlipAngle": 90,
    "ImageType": [
      "ORIGINAL",
      "PRIMARY",
      "EPI",
      "NONE"
    ],
    "MagneticFieldStrength": 3,
    "Manufacturer": "GE",
    "ManufacturersModelName": "DISCOVERY_MR750",
    "ProtocolName": "fMRI_CompMet",
    "RepetitionTime": 2,
    "ScanningSequence": "EP_GR",
    "SequenceVariant": "SS",
    "SeriesDescription": "fMRI_CompMet",
    "dataset": "unknown",
    "modality": "bold",
    "run_id": 2,
    "subject_id": "90",
    "task_id": "cm"
  },
  "dummy_trs": 0,
  "dvars_nstd": 13.192795875702814,
  "dvars_std": 1.0977696088353412,
  "dvars_vstd": 1.111526621566265,
  "efc": 0.34710798304793206,
  "fber": 87999.1875,
  "fd_mean": 0.07531566049240676,
  "fd_num": 0,
  "fd_perc": 0.0,
  "fwhm_avg": 2.790575,
  "fwhm_x": 2.649475,
  "fwhm_y": 3.020525,
  "fwhm_z": 2.701725,
  "gcor": 0.0505152,
  "gsr_x": -0.01213403232395649,
  "gsr_y": 0.011613329872488976,
  "provenance": {
    "md5sum": "a2324e4d4082218ce7fbec7ec2ceaeb2",
    "settings": {
      "fd_thres": 0.2,
      "hmc_fsl": false
    },
    "software": "mriqc",
    "version": "0.15.2rc1",
    "webapi_port": null,
    "webapi_url": "https://mriqc.nimh.nih.gov/api/v1"
  },
  "size_t": 250,
  "size_x": 64,
  "size_y": 64,
  "size_z": 34,
  "snr": 3.141979235615688,
  "spacing_tr": 2.0,
  "spacing_x": 4.0,
  "spacing_y": 4.0,
  "spacing_z": 4.0,
  "summary_bg_k": 121.49628413886686,
  "summary_bg_mad": 8.901544570922852,
  "summary_bg_mean": 28.02545928955078,
  "summary_bg_median": 6.564000129699707,
  "summary_bg_n": 94906.0,
  "summary_bg_p05": 0.15600000321865082,
  "summary_bg_p95": 125.78700828552246,
  "summary_bg_stdv": 81.77833557128906,
  "summary_fg_k": 0.41438502481072836,
  "summary_fg_mad": 562.4756469726562,
  "summary_fg_mean": 1973.763671875,
  "summary_fg_median": 1954.944091796875,
  "summary_fg_n": 17171.0,
  "summary_fg_p05": 910.8280334472656,
  "summary_fg_p95": 3025.7421875,
  "summary_fg_stdv": 622.183349609375,
  "tsnr": 61.735328674316406
}