{
  "aor": 0.00647086274509804,
  "aqi": 0.003404809215686275,
  "bids_meta": {
    "AcquisitionDateTime": "2016-05-03T21:52:22.000000",
    "ConversionSoftware": "dcm2niix",
    "ConversionSoftwareVersion": "v1.0.20170411 GCC4.8.4",
    "EchoTime": 0.04,
    "FlipAngle": 90,
    "ImageType": [
      "ORIGINAL",
      "PRIMARY",
      "EPI",
      "NONE"
    ],
    "MagneticFieldStrength": 3,
    "Manufacturer": "GE",
    "ManufacturersModelName": "DISCOVERY_MR750",
    "ProcedureStepDescription": "ActosHabla",
    "ProtocolName": "fMRI_ActosHabla_3",
    "RepetitionTime": 2,
    "ScanningSequence": "EP_GR",
    "SequenceVariant": "SS",
    "SeriesDescription": "fMRI_ActosHabla_3",
    "dataset": "unknown",
    "modality": "bold",
    "run_id": 3,
    "subject_id": "05",
    "task_id": "rah"
  },
  "dummy_trs": 0,
  "dvars_nstd": 16.68076052244094,
  "dvars_std": 1.0717055074409454,
  "dvars_vstd": 0.9975843920472439,
  "efc": 0.36438525162289065,
  "fber": 45923.72265625,
  "fd_mean": 0.08706840534231984,
  "fd_num": 13,
  "fd_perc": 5.098039215686274,
  "fwhm_avg": 2.82365,
  "fwhm_x": 2.6757,
  "fwhm_y": 2.950125,
  "fwhm_z": 2.845125,
  "gcor": 0.0320878,
  "gsr_x": 0.005937676876783371,
  "gsr_y": -0.004186375066637993,
  "provenance": {
    "md5sum": "2e92bbbd081791b7599c8d0b8141c728",
    "settings": {
      "fd_thres": 0.2,
      "hmc_fsl": false
    },
    "software": "mriqc",
    "version": "0.15.2rc1",
    "webapi_port": null,
    "webapi_url": "https://mriqc.nimh.nih.gov/api/v1"
  },
  "size_t": 255,
  "size_x": 64,
  "size_y": 64,
  "size_z": 35,
  "snr": 2.9377188857524876,
  "spacing_tr": 2.0,
  "spacing_x": 4.0,
  "spacing_y": 4.0,
  "spacing_z": 4.0,
  "summary_bg_k": 173.31718538941684,
  "summary_bg_mad": 11.430573463439941,
  "summary_bg_mean": 29.0821533203125,
  "summary_bg_median": 8.137255668640137,
  "summary_bg_n": 95823.0,
  "summary_bg_p05": 0.07058823853731155,
  "summary_bg_p95": 119.0741241455078,
  "summary_bg_stdv": 75.42053985595703,
  "summary_fg_k": 0.08703413148275851,
  "summary_fg_mad": 564.8075561523438,
  "summary_fg_mean": 1799.6500244140625,
  "summary_fg_median": 1773.6785888671875,
  "summary_fg_n": 19485.0,
  "summary_fg_p05": 784.00869140625,
  "summary_fg_p95": 2832.7374023437496,
  "summary_fg_stdv": 603.7449951171875,
  "tsnr": 55.901885986328125
}