{
  "aor": 0.00415748031496063,
  "aqi": 0.0021972100511811025,
  "bids_meta": {
    "AcquisitionDateTime": "2016-05-03T21:42:42.000000",
    "ConversionSoftware": "dcm2niix",
    "ConversionSoftwareVersion": "v1.0.20170411 GCC4.8.4",
    "EchoTime": 0.04,
    "FlipAngle": 90,
    "ImageType": [
      "ORIGINAL",
      "PRIMARY",
      "EPI",
      "NONE"
    ],
    "MagneticFieldStrength": 3,
    "Manufacturer": "GE",
    "ManufacturersModelName": "DISCOVERY_MR750",
    "ProcedureStepDescription": "ActosHabla",
    "ProtocolName": "fMRI_ActosHabla_2",
    "RepetitionTime": 2,
    "ScanningSequence": "EP_GR",
    "SequenceVariant": "SS",
    "SeriesDescription": "fMRI_ActosHabla_2",
    "dataset": "unknown",
    "modality": "bold",
    "run_id": 2,
    "subject_id": "05",
    "task_id": "rah"
  },
  "dummy_trs": 0,
  "dvars_nstd": 16.119266385849794,
  "dvars_std": 1.1511247716600783,
  "dvars_vstd": 1.0446315426877473,
  "efc": 0.36282007655664866,
  "fber": 45285.61328125,
  "fd_mean": 0.062312010758218336,
  "fd_num": 5,
  "fd_perc": 1.968503937007874,
  "fwhm_avg": 2.8095083333333335,
  "fwhm_x": 2.6552,
  "fwhm_y": 2.9535,
  "fwhm_z": 2.819825,
  "gcor": 0.0265579,
  "gsr_x": 0.004837307147681713,
  "gsr_y": -0.003365362761542201,
  "provenance": {
    "md5sum": "af62b974595face9dc2bf74b4866874e",
    "settings": {
      "fd_thres": 0.2,
      "hmc_fsl": false
    },
    "software": "mriqc",
    "version": "0.15.2rc1",
    "webapi_port": null,
    "webapi_url": "https://mriqc.nimh.nih.gov/api/v1"
  },
  "size_t": 254,
  "size_x": 64,
  "size_y": 64,
  "size_z": 35,
  "snr": 2.928385077496104,
  "spacing_tr": 2.0,
  "spacing_x": 4.0,
  "spacing_y": 4.0,
  "spacing_z": 4.0,
  "summary_bg_k": 227.21623249239533,
  "summary_bg_mad": 11.481411933898926,
  "summary_bg_mean": 28.60985565185547,
  "summary_bg_median": 8.177165031433105,
  "summary_bg_n": 95983.0,
  "summary_bg_p05": 0.06299212574958801,
  "summary_bg_p95": 114.4720489501953,
  "summary_bg_stdv": 77.38762664794922,
  "summary_fg_k": 0.08811188720926033,
  "summary_fg_mad": 562.7030029296875,
  "summary_fg_mean": 1801.6265869140625,
  "summary_fg_median": 1775.8876953125,
  "summary_fg_n": 19412.0,
  "summary_fg_p05": 783.6527465820313,
  "summary_fg_p95": 2833.5043579101566,
  "summary_fg_stdv": 606.4236450195312,
  "tsnr": 70.59949493408203
}