{
  "aor": 0.0020294509803921567,
  "aqi": 0.0015019482509803922,
  "bids_meta": {
    "AcquisitionDateTime": "2016-11-14T18:39:22.000000",
    "ConversionSoftware": "dcm2niix",
    "ConversionSoftwareVersion": "v1.0.20170411 GCC4.8.4",
    "EchoTime": 0.04,
    "FlipAngle": 90,
    "ImageType": [
      "ORIGINAL",
      "PRIMARY",
      "EPI",
      "NONE"
    ],
    "MagneticFieldStrength": 3,
    "Manufacturer": "GE",
    "ManufacturersModelName": "DISCOVERY_MR750",
    "ProcedureStepDescription": "ActosHabla",
    "ProtocolName": "fMRI_ActosHabla_3",
    "RepetitionTime": 2,
    "ScanningSequence": "EP_GR",
    "SequenceVariant": "SS",
    "SeriesDescription": "fMRI_ActosHabla_3",
    "dataset": "unknown",
    "modality": "bold",
    "run_id": 3,
    "subject_id": "10",
    "task_id": "rah"
  },
  "dummy_trs": 0,
  "dvars_nstd": 14.725310363622041,
  "dvars_std": 1.0936680701574808,
  "dvars_vstd": 1.0161575103149605,
  "efc": 0.40025298928184116,
  "fber": 33412.1171875,
  "fd_mean": 0.05147662662201942,
  "fd_num": 0,
  "fd_perc": 0.0,
  "fwhm_avg": 2.856458333333333,
  "fwhm_x": 2.704125,
  "fwhm_y": 3.008725,
  "fwhm_z": 2.856525,
  "gcor": 0.049071,
  "gsr_x": 0.022939102724194527,
  "gsr_y": -0.0022303941659629345,
  "provenance": {
    "md5sum": "fa2df0c6d2697e4ec423df21679a2aae",
    "settings": {
      "fd_thres": 0.2,
      "hmc_fsl": false
    },
    "software": "mriqc",
    "version": "0.15.2rc1",
    "webapi_port": null,
    "webapi_url": "https://mriqc.nimh.nih.gov/api/v1"
  },
  "size_t": 255,
  "size_x": 64,
  "size_y": 64,
  "size_z": 35,
  "snr": 2.5110462169467085,
  "spacing_tr": 2.0,
  "spacing_x": 4.0,
  "spacing_y": 4.0,
  "spacing_z": 4.0,
  "summary_bg_k": 48.89949868071634,
  "summary_bg_mad": 12.988759994506836,
  "summary_bg_mean": 50.69740676879883,
  "summary_bg_median": 9.003922462463379,
  "summary_bg_n": 91658.0,
  "summary_bg_p05": 0.02352941408753395,
  "summary_bg_p95": 243.17334594726543,
  "summary_bg_stdv": 137.01918029785156,
  "summary_fg_k": 0.031712196796152003,
  "summary_fg_mad": 700.1865234375,
  "summary_fg_mean": 1852.1065673828125,
  "summary_fg_median": 1779.678466796875,
  "summary_fg_n": 22560.0,
  "summary_fg_p05": 761.2331787109375,
  "summary_fg_p95": 3111.276647949219,
  "summary_fg_stdv": 708.72412109375,
  "tsnr": 72.28977966308594
}