{
  "aor": 0.003093359073359074,
  "aqi": 0.002667135714285714,
  "bids_meta": {
    "AcquisitionDateTime": "2016-11-14T18:18:15.000000",
    "ConversionSoftware": "dcm2niix",
    "ConversionSoftwareVersion": "v1.0.20170411 GCC4.8.4",
    "EchoTime": 0.04,
    "FlipAngle": 90,
    "ImageType": [
      "ORIGINAL",
      "PRIMARY",
      "EPI",
      "NONE"
    ],
    "MagneticFieldStrength": 3,
    "Manufacturer": "GE",
    "ManufacturersModelName": "DISCOVERY_MR750",
    "ProcedureStepDescription": "ActosHabla",
    "ProtocolName": "fMRI_ActosHabla_1",
    "RepetitionTime": 2,
    "ScanningSequence": "EP_GR",
    "SequenceVariant": "SS",
    "SeriesDescription": "fMRI_ActosHabla_1",
    "dataset": "unknown",
    "modality": "bold",
    "run_id": 1,
    "subject_id": "10",
    "task_id": "rah"
  },
  "dummy_trs": 2,
  "dvars_nstd": 18.737368938875978,
  "dvars_std": 1.1382268644961244,
  "dvars_vstd": 0.9942016098062021,
  "efc": 0.3984937184959986,
  "fber": 34910.85546875,
  "fd_mean": 0.06881341074456988,
  "fd_num": 3,
  "fd_perc": 1.1583011583011582,
  "fwhm_avg": 2.882391666666667,
  "fwhm_x": 2.719675,
  "fwhm_y": 3.0508,
  "fwhm_z": 2.8767,
  "gcor": 0.0454844,
  "gsr_x": 0.023695534095168114,
  "gsr_y": -0.004887756891548634,
  "provenance": {
    "md5sum": "e4580df1a93a016a71b8c9b1944c7f74",
    "settings": {
      "fd_thres": 0.2,
      "hmc_fsl": false
    },
    "software": "mriqc",
    "version": "0.15.2rc1",
    "webapi_port": null,
    "webapi_url": "https://mriqc.nimh.nih.gov/api/v1"
  },
  "size_t": 259,
  "size_x": 64,
  "size_y": 64,
  "size_z": 35,
  "snr": 2.5162229618073155,
  "spacing_tr": 2.0,
  "spacing_x": 4.0,
  "spacing_y": 4.0,
  "spacing_z": 4.0,
  "summary_bg_k": 51.48109282281145,
  "summary_bg_mad": 12.770986557006836,
  "summary_bg_mean": 49.71377182006836,
  "summary_bg_median": 8.857142448425293,
  "summary_bg_n": 91827.0,
  "summary_bg_p05": 0.03861003741621971,
  "summary_bg_p95": 231.54633331298822,
  "summary_bg_stdv": 135.15240478515625,
  "summary_fg_k": 0.009669307235850244,
  "summary_fg_mad": 704.6881713867188,
  "summary_fg_mean": 1852.233642578125,
  "summary_fg_median": 1785.5675048828125,
  "summary_fg_n": 22443.0,
  "summary_fg_p05": 759.0050170898437,
  "summary_fg_p95": 3104.822656249997,
  "summary_fg_stdv": 709.6063232421875,
  "tsnr": 57.15040588378906
}