{
  "aor": 0.003369724409448819,
  "aqi": 0.001804212720472441,
  "bids_meta": {
    "AcquisitionDateTime": "2016-11-14T18:28:52.000000",
    "ConversionSoftware": "dcm2niix",
    "ConversionSoftwareVersion": "v1.0.20170411 GCC4.8.4",
    "EchoTime": 0.04,
    "FlipAngle": 90,
    "ImageType": [
      "ORIGINAL",
      "PRIMARY",
      "EPI",
      "NONE"
    ],
    "MagneticFieldStrength": 3,
    "Manufacturer": "GE",
    "ManufacturersModelName": "DISCOVERY_MR750",
    "ProcedureStepDescription": "ActosHabla",
    "ProtocolName": "fMRI_ActosHabla_2",
    "RepetitionTime": 2,
    "ScanningSequence": "EP_GR",
    "SequenceVariant": "SS",
    "SeriesDescription": "fMRI_ActosHabla_2",
    "dataset": "unknown",
    "modality": "bold",
    "run_id": 2,
    "subject_id": "10",
    "task_id": "rah"
  },
  "dummy_trs": 0,
  "dvars_nstd": 16.49243470158102,
  "dvars_std": 1.134787559920949,
  "dvars_vstd": 1.0349647117391305,
  "efc": 0.39971219320579676,
  "fber": 35189.2578125,
  "fd_mean": 0.05748255912329961,
  "fd_num": 0,
  "fd_perc": 0.0,
  "fwhm_avg": 2.8564333333333334,
  "fwhm_x": 2.7031,
  "fwhm_y": 3.021125,
  "fwhm_z": 2.845075,
  "gcor": 0.0555804,
  "gsr_x": 0.023447347804903984,
  "gsr_y": -0.0029280397575348616,
  "provenance": {
    "md5sum": "2858cdbcbe6ccc5da45f7e264c2486bb",
    "settings": {
      "fd_thres": 0.2,
      "hmc_fsl": false
    },
    "software": "mriqc",
    "version": "0.15.2rc1",
    "webapi_port": null,
    "webapi_url": "https://mriqc.nimh.nih.gov/api/v1"
  },
  "size_t": 254,
  "size_x": 64,
  "size_y": 64,
  "size_z": 35,
  "snr": 2.5193949905702566,
  "spacing_tr": 2.0,
  "spacing_x": 4.0,
  "spacing_y": 4.0,
  "spacing_z": 4.0,
  "summary_bg_k": 49.68625771118963,
  "summary_bg_mad": 12.648815155029297,
  "summary_bg_mean": 49.83652877807617,
  "summary_bg_median": 8.759842872619629,
  "summary_bg_n": 91737.0,
  "summary_bg_p05": 0.031496062874794006,
  "summary_bg_p95": 237.79763488769504,
  "summary_bg_stdv": 133.89756774902344,
  "summary_fg_k": 0.03722269381339949,
  "summary_fg_mad": 695.4951782226562,
  "summary_fg_mean": 1841.239013671875,
  "summary_fg_median": 1771.07666015625,
  "summary_fg_n": 22522.0,
  "summary_fg_p05": 757.6494293212891,
  "summary_fg_p95": 3083.9093383789077,
  "summary_fg_stdv": 702.9613647460938,
  "tsnr": 65.04489135742188
}