{
  "aor": 0.0012531666666666668,
  "aqi": 0.0053057019,
  "bids_meta": {
    "AcquisitionDateTime": "2016-10-10T19:17:37.000000",
    "ConversionSoftware": "dcm2niix",
    "ConversionSoftwareVersion": "v1.0.20170411 GCC4.8.4",
    "EchoTime": 0.04,
    "FlipAngle": 90,
    "ImageType": [
      "ORIGINAL",
      "PRIMARY",
      "EPI",
      "NONE"
    ],
    "MagneticFieldStrength": 3,
    "Manufacturer": "GE",
    "ManufacturersModelName": "DISCOVERY_MR750",
    "ProcedureStepDescription": "MeditResp",
    "ProtocolName": "fMRI_RestSt",
    "RepetitionTime": 2,
    "ScanningSequence": "EP_GR",
    "SequenceVariant": "SS",
    "SeriesDescription": "fMRI_RestSt",
    "dataset": "unknown",
    "modality": "bold",
    "subject_id": "104",
    "task_id": "rest"
  },
  "dummy_trs": 0,
  "dvars_nstd": 16.164568381137123,
  "dvars_std": 0.9676204512040135,
  "dvars_vstd": 0.8720673367224071,
  "efc": 0.3360407679116127,
  "fber": 100651.65625,
  "fd_mean": 0.10091299560714997,
  "fd_num": 12,
  "fd_perc": 4.0,
  "fwhm_avg": 2.842575,
  "fwhm_x": 2.73635,
  "fwhm_y": 3.0117,
  "fwhm_z": 2.779675,
  "gcor": 0.0269032,
  "gsr_x": -0.0014042091788724065,
  "gsr_y": 0.0024125161580741405,
  "provenance": {
    "md5sum": "4865ec9110769bd3334023479b1ed847",
    "settings": {
      "fd_thres": 0.2,
      "hmc_fsl": false
    },
    "software": "mriqc",
    "version": "0.15.2rc1",
    "webapi_port": null,
    "webapi_url": "https://mriqc.nimh.nih.gov/api/v1"
  },
  "size_t": 300,
  "size_x": 64,
  "size_y": 64,
  "size_z": 34,
  "snr": 3.0150906058304567,
  "spacing_tr": 2.0,
  "spacing_x": 4.0,
  "spacing_y": 4.0,
  "spacing_z": 4.0,
  "summary_bg_k": 877.2744847245664,
  "summary_bg_mad": 7.422895431518555,
  "summary_bg_mean": 18.3612003326416,
  "summary_bg_median": 5.696666717529297,
  "summary_bg_n": 95243.0,
  "summary_bg_p05": 0.23666667938232422,
  "summary_bg_p95": 65.03566665649409,
  "summary_bg_stdv": 67.25212097167969,
  "summary_fg_k": 0.11971885486537515,
  "summary_fg_mad": 571.7384033203125,
  "summary_fg_mean": 1814.1260986328125,
  "summary_fg_median": 1814.143310546875,
  "summary_fg_n": 17036.0,
  "summary_fg_p05": 796.3516693115234,
  "summary_fg_p95": 2792.4376220703125,
  "summary_fg_stdv": 601.670166015625,
  "tsnr": 39.96135711669922
}