{
  "aor": 0.004719866666666667,
  "aqi": 0.002923095893333333,
  "bids_meta": {
    "AcquisitionDateTime": "2016-10-01T12:51:3.000000",
    "ConversionSoftware": "dcm2niix",
    "ConversionSoftwareVersion": "v1.0.20170411 GCC4.8.4",
    "EchoTime": 0.04,
    "FlipAngle": 90,
    "ImageType": [
      "ORIGINAL",
      "PRIMARY",
      "EPI",
      "NONE"
    ],
    "MagneticFieldStrength": 3,
    "Manufacturer": "GE",
    "ManufacturersModelName": "DISCOVERY_MR750",
    "ProcedureStepDescription": "MeditResp",
    "ProtocolName": "fMRI_RestSt",
    "RepetitionTime": 2,
    "ScanningSequence": "EP_GR",
    "SequenceVariant": "SS",
    "SeriesDescription": "fMRI_RestSt",
    "dataset": "unknown",
    "modality": "bold",
    "subject_id": "111",
    "task_id": "rest"
  },
  "dummy_trs": 0,
  "dvars_nstd": 15.538172217993308,
  "dvars_std": 1.1004598063879603,
  "dvars_vstd": 0.9930099018394654,
  "efc": 0.37280509721064414,
  "fber": 116485.4921875,
  "fd_mean": 0.06982697404933733,
  "fd_num": 14,
  "fd_perc": 4.666666666666667,
  "fwhm_avg": 2.8631666666666664,
  "fwhm_x": 2.78,
  "fwhm_y": 3.036825,
  "fwhm_z": 2.772675,
  "gcor": 0.0456145,
  "gsr_x": -0.006575586274266243,
  "gsr_y": 0.011052441783249378,
  "provenance": {
    "md5sum": "0ca9c8605f164bc7781dddfc88e6985d",
    "settings": {
      "fd_thres": 0.2,
      "hmc_fsl": false
    },
    "software": "mriqc",
    "version": "0.15.2rc1",
    "webapi_port": null,
    "webapi_url": "https://mriqc.nimh.nih.gov/api/v1"
  },
  "size_t": 300,
  "size_x": 64,
  "size_y": 64,
  "size_z": 34,
  "snr": 2.8151490731658213,
  "spacing_tr": 2.0,
  "spacing_x": 4.0,
  "spacing_y": 4.0,
  "spacing_z": 4.0,
  "summary_bg_k": 142.90084282096817,
  "summary_bg_mad": 7.131317615509033,
  "summary_bg_mean": 23.732112884521484,
  "summary_bg_median": 5.056666851043701,
  "summary_bg_n": 90724.0,
  "summary_bg_p05": 0.05000000074505806,
  "summary_bg_p95": 102.36516838073722,
  "summary_bg_stdv": 69.70263671875,
  "summary_fg_k": 0.5374825296145791,
  "summary_fg_mad": 575.7586059570312,
  "summary_fg_mean": 1796.7711181640625,
  "summary_fg_median": 1772.81005859375,
  "summary_fg_n": 20719.0,
  "summary_fg_p05": 756.5780029296875,
  "summary_fg_p95": 2870.752050781249,
  "summary_fg_stdv": 629.72412109375,
  "tsnr": 57.45602035522461
}