{
  "bids_meta": {
    "AcquisitionMatrixPE": 256,
    "AcquisitionNumber": 1,
    "AcquisitionTime": "21:09:35.000000",
    "CoilString": "32Ch_Head",
    "ConversionSoftware": "dcm2niix",
    "ConversionSoftwareVersion": "v1.0.20190902",
    "Dcm2bidsVersion": "2.1.4",
    "DeviceSerialNumber": "000000000000GEHC",
    "EchoTime": 0.00318,
    "FlipAngle": 12,
    "ImageOrientationPatientDICOM": [
      0,
      1,
      0,
      0,
      0,
      -1
    ],
    "ImageType": [
      "ORIGINAL",
      "PRIMARY",
      "OTHER"
    ],
    "ImagingFrequency": 127.772,
    "InPlanePhaseEncodingDirectionDICOM": "ROW",
    "InstitutionName": "INSTITUTO_DE_NEUROBIOLOGIA",
    "InversionTime": 0.45,
    "MRAcquisitionType": "3D",
    "MagneticFieldStrength": 3,
    "Manufacturer": "GE",
    "ManufacturersModelName": "DISCOVERY_MR750",
    "Modality": "MR",
    "PatientPosition": "HFS",
    "PercentPhaseFOV": 100,
    "PixelBandwidth": 244.141,
    "ProcedureStepDescription": "verbos",
    "ProtocolName": "Sag_T1_FSPGR_BRAVO",
    "ReconMatrixPE": 256,
    "RepetitionTime": 0.008156,
    "SAR": 0.235025,
    "ScanOptions": "FAST_GEMS_EDR_GEMS_FILTERED_GEMS_ACC_GEMS",
    "ScanningSequence": "GR",
    "SequenceVariant": "SS_SP_SK",
    "SeriesDescription": "Sag_T1_FSPGR_BRAVO",
    "SeriesNumber": 13,
    "SliceThickness": 1,
    "SoftwareVersions": "24_LX_MR_Software_release:DV24.0_R02_1607.b",
    "SpacingBetweenSlices": 1,
    "StationName": "GEHCGEHC",
    "dataset": "unknown",
    "modality": "T1w",
    "subject_id": "146"
  },
  "cjv": 0.44890052068576797,
  "cnr": 2.6055872648837473,
  "efc": 0.5690768681836782,
  "fber": 11215.3740234375,
  "fwhm_avg": 3.8307199999999995,
  "fwhm_x": 3.74478,
  "fwhm_y": 3.97333,
  "fwhm_z": 3.77405,
  "icvs_csf": 0.17257999706252297,
  "icvs_gm": 0.41177498193817663,
  "icvs_wm": 0.4156450209993004,
  "inu_med": 1.3220010995864868,
  "inu_range": 0.705625921487808,
  "provenance": {
    "md5sum": "32d58c1c2db32052d2113d15de81eec0",
    "settings": {
      "testing": false
    },
    "software": "mriqc",
    "version": "0.15.2rc1",
    "warnings": {
      "large_rot_frame": true,
      "small_air_mask": false
    },
    "webapi_port": null,
    "webapi_url": "https://mriqc.nimh.nih.gov/api/v1"
  },
  "qi_1": 0.004862458986711028,
  "qi_2": 0.0026155578329943594,
  "rpve_csf": 25.81146242119191,
  "rpve_gm": 11.143603377029162,
  "rpve_wm": 12.878778442681396,
  "size_x": 176,
  "size_y": 256,
  "size_z": 256,
  "snr_csf": 2.666339507451378,
  "snr_gm": 9.926211635211923,
  "snr_total": 7.791274769234955,
  "snr_wm": 10.781273165041567,
  "snrd_csf": 59.86787781387701,
  "snrd_gm": 130.71799123972642,
  "snrd_total": 126.1870759500041,
  "snrd_wm": 187.97535879640887,
  "spacing_x": 1.0,
  "spacing_y": 1.0,
  "spacing_z": 1.0,
  "summary_bg_k": 16.443783024356097,
  "summary_bg_mad": 3.4853317737579346,
  "summary_bg_mean": 7.5067830085754395,
  "summary_bg_median": 2.357607841491699,
  "summary_bg_n": 1986680.0,
  "summary_bg_p05": 0.0,
  "summary_bg_p95": 32.087537765502894,
  "summary_bg_stdv": 12.463626861572266,
  "summary_csf_k": 6.178148356052494,
  "summary_csf_mad": 97.58529663085938,
  "summary_csf_mean": 343.9681701660156,
  "summary_csf_median": 318.4976806640625,
  "summary_csf_n": 18602.0,
  "summary_csf_p05": 195.7225616455078,
  "summary_csf_p95": 566.7462280273437,
  "summary_csf_stdv": 119.44807434082031,
  "summary_gm_k": 0.11340053439361064,
  "summary_gm_mad": 68.51823425292969,
  "summary_gm_mean": 694.6162719726562,
  "summary_gm_median": 695.4209594726562,
  "summary_gm_n": 24187.0,
  "summary_gm_p05": 577.40947265625,
  "summary_gm_p95": 808.1009216308595,
  "summary_gm_stdv": 70.05760192871094,
  "summary_wm_k": 4.100060881347157,
  "summary_wm_mad": 68.22123718261719,
  "summary_wm_mean": 1018.0073852539062,
  "summary_wm_median": 1000.0307006835938,
  "summary_wm_n": 233655.0,
  "summary_wm_p05": 907.4857971191407,
  "summary_wm_p95": 1200.93134765625,
  "summary_wm_stdv": 92.75607299804688,
  "tpm_overlap_csf": 0.21368825435638428,
  "tpm_overlap_gm": 0.4712502062320709,
  "tpm_overlap_wm": 0.5236811637878418,
  "wm2max": 0.2932755067635423
}