{
  "aor": 0.005702664092664093,
  "aqi": 0.004648012007722008,
  "bids_meta": {
    "AcquisitionDateTime": "2016-05-16T19:03:8.000000",
    "ConversionSoftware": "dcm2niix",
    "ConversionSoftwareVersion": "v1.0.20170411 GCC4.8.4",
    "EchoTime": 0.04,
    "FlipAngle": 90,
    "ImageType": [
      "ORIGINAL",
      "PRIMARY",
      "EPI",
      "NONE"
    ],
    "MagneticFieldStrength": 3,
    "Manufacturer": "GE",
    "ManufacturersModelName": "DISCOVERY_MR750",
    "ProcedureStepDescription": "ActosHabla",
    "ProtocolName": "fMRI_ActosHabla_1",
    "RepetitionTime": 2,
    "ScanningSequence": "EP_GR",
    "SequenceVariant": "SS",
    "SeriesDescription": "fMRI_ActosHabla_1",
    "dataset": "unknown",
    "modality": "bold",
    "run_id": 1,
    "subject_id": "06",
    "task_id": "rah"
  },
  "dummy_trs": 2,
  "dvars_nstd": 18.78246443399225,
  "dvars_std": 1.018858864806202,
  "dvars_vstd": 0.9632547880620149,
  "efc": 0.36241404503801583,
  "fber": 62314.26953125,
  "fd_mean": 0.16797644959169913,
  "fd_num": 50,
  "fd_perc": 19.305019305019304,
  "fwhm_avg": 2.8998666666666666,
  "fwhm_x": 2.759,
  "fwhm_y": 2.950975,
  "fwhm_z": 2.989625,
  "gcor": 0.0202581,
  "gsr_x": -8.584262832300738e-05,
  "gsr_y": -0.0011745319934561849,
  "provenance": {
    "md5sum": "6c8b7b2dc89a6bc02320bb527b88b8a1",
    "settings": {
      "fd_thres": 0.2,
      "hmc_fsl": false
    },
    "software": "mriqc",
    "version": "0.15.2rc1",
    "webapi_port": null,
    "webapi_url": "https://mriqc.nimh.nih.gov/api/v1"
  },
  "size_t": 259,
  "size_x": 64,
  "size_y": 64,
  "size_z": 35,
  "snr": 2.6342428606899757,
  "spacing_tr": 2.0,
  "spacing_x": 4.0,
  "spacing_y": 4.0,
  "spacing_z": 4.0,
  "summary_bg_k": 78.5208758091229,
  "summary_bg_mad": 9.868749618530273,
  "summary_bg_mean": 24.95665740966797,
  "summary_bg_median": 6.969111919403076,
  "summary_bg_n": 95234.0,
  "summary_bg_p05": 0.06949806958436966,
  "summary_bg_p95": 104.38262138366679,
  "summary_bg_stdv": 58.89088439941406,
  "summary_fg_k": 0.4948421624141659,
  "summary_fg_mad": 597.0250244140625,
  "summary_fg_mean": 1814.1944580078125,
  "summary_fg_median": 1765.474853515625,
  "summary_fg_n": 20134.0,
  "summary_fg_p05": 778.349819946289,
  "summary_fg_p95": 3048.2035888671867,
  "summary_fg_stdv": 670.1853637695312,
  "tsnr": 42.126487731933594
}